{
  "aor": 0.0009578010471204188,
  "aqi": 0.007012843089005235,
  "bids_meta": {
    "AcquisitionMatrixPE": 90,
    "AcquisitionNumber": 1,
    "AcquisitionTime": "",
    "BandwidthPerPixelPhaseEncode": 21.786,
    "BaseResolution": 90,
    "BodyPartExamined": "BRAIN",
    "ConsistencyInfo": "N4_VE11C_LATEST_20160120",
    "ConversionSoftware": "dcm2niix",
    "ConversionSoftwareVersion": "v1.0.20210317",
    "DerivedVendorReportedEchoSpacing": 0.000510012,
    "DeviceSerialNumber": "66093",
    "DwellTime": 2e-06,
    "EchoTime": 0.03,
    "EchoTrainLength": 90,
    "EffectiveEchoSpacing": 0.000510012,
    "FlipAngle": 52,
    "ImageComments": "Unaliased MB6/PE3/LB",
    "ImageOrientationPatientDICOM": [
      0.999457,
      0.00384753,
      0.0327356,
      6.90378e-08,
      0.993163,
      -0.116732
    ],
    "ImageType": [
      "ORIGINAL",
      "PRIMARY",
      "M",
      "MB",
      "ND",
      "MOSAIC"
    ],
    "ImagingFrequency": 123.259,
    "InPlanePhaseEncodingDirectionDICOM": "COL",
    "InstitutionAddress": "",
    "InstitutionName": "",
    "InstitutionalDepartmentName": "",
    "MRAcquisitionType": "2D",
    "MagneticFieldStrength": 3,
    "Manufacturer": "Siemens",
    "ManufacturersModelName": "Prisma",
    "Modality": "MR",
    "MultibandAccelerationFactor": 6,
    "PartialFourier": 1,
    "PatientPosition": "HFS",
    "PercentPhaseFOV": 100,
    "PercentSampling": 100,
    "PhaseEncodingDirection": "j-",
    "PhaseEncodingSteps": 90,
    "PhaseResolution": 1,
    "PixelBandwidth": 2780,
    "ProtocolName": "BOLD_2p4_MB6_P1_TE30_TR800_AP",
    "PulseSequenceDetails": "%CustomerSeq%\\cmrr_mbep2d_bold",
    "ReceiveCoilActiveElements": "HEA;HEP",
    "ReceiveCoilName": "Head_32",
    "ReconMatrixPE": 90,
    "RepetitionTime": 0.8,
    "SAR": 0.100845,
    "ScanOptions": "FS",
    "ScanningSequence": "EP",
    "SequenceName": "epfid2d1_90",
    "SequenceVariant": "SK\\SS",
    "SeriesDescription": "BOLD_2p4_MB6_P1_TE30_TR800_AP",
    "SeriesNumber": 15,
    "ShimSetting": [
      4968,
      -11397,
      -1314,
      476,
      72,
      93,
      -128,
      61
    ],
    "SliceThickness": 2.4,
    "SliceTiming": [
      0,
      0.545,
      0.3125,
      0.0775,
      0.6225,
      0.39,
      0.155,
      0.7025,
      0.4675,
      0.2325,
      0,
      0.545,
      0.3125,
      0.0775,
      0.6225,
      0.39,
      0.155,
      0.7025,
      0.4675,
      0.2325,
      0,
      0.545,
      0.3125,
      0.0775,
      0.6225,
      0.39,
      0.155,
      0.7025,
      0.4675,
      0.2325,
      0,
      0.545,
      0.3125,
      0.0775,
      0.6225,
      0.39,
      0.155,
      0.7025,
      0.4675,
      0.2325,
      0,
      0.545,
      0.3125,
      0.0775,
      0.6225,
      0.39,
      0.155,
      0.7025,
      0.4675,
      0.2325,
      0,
      0.545,
      0.3125,
      0.0775,
      0.6225,
      0.39,
      0.155,
      0.7025,
      0.4675,
      0.2325
    ],
    "SoftwareVersions": "syngo MR E11",
    "SpacingBetweenSlices": 2.4,
    "StationName": "",
    "TaskName": "WG",
    "TotalReadoutTime": 0.045391,
    "TxRefAmp": 270.049,
    "VendorReportedEchoSpacing": 0.00051,
    "WipMemBlock": "6d2e7698-1f07-43d7-b754-0f06f2c7877e||Sequence: R016 ve11c/master r/e634e98; Dec 19 2017 11:00:25 by eja",
    "dataset": "ds004073",
    "modality": "bold",
    "subject_id": "OXF27",
    "task_id": "WG"
  },
  "dummy_trs": 2,
  "dvars_nstd": 34.67222689912589,
  "dvars_std": 1.0507780031818181,
  "dvars_vstd": 1.0082721852447554,
  "efc": 0.5397201951967017,
  "fber": 485.67437744140625,
  "fd_mean": 0.12670583010644973,
  "fd_num": 72,
  "fd_perc": 12.565445026178011,
  "fwhm_avg": 2.974252767226686,
  "fwhm_x": 2.632979062041479,
  "fwhm_y": 3.0393082125620756,
  "fwhm_z": 3.2504710270765043,
  "gcor": 0.0107946,
  "gsr_x": -0.002172809327021241,
  "gsr_y": 0.07980277389287949,
  "provenance": {
    "md5sum": "ef1fdb17e691a316eb443398779b8eaf",
    "settings": {
      "fd_thres": 0.2,
      "testing": false
    },
    "software": "mriqc",
    "version": "23.0.0",
    "webapi_port": null,
    "webapi_url": "https://mriqc.nimh.nih.gov/api/v1"
  },
  "size_t": 573,
  "size_x": 90,
  "size_y": 90,
  "size_z": 60,
  "snr": 2.286691749310416,
  "spacing_tr": 0.800000011920929,
  "spacing_x": 2.4000000953674316,
  "spacing_y": 2.4000000953674316,
  "spacing_z": 2.3999998569488525,
  "summary_bg_k": 21.564470711109514,
  "summary_bg_mad": 115.27814218211972,
  "summary_bg_mean": 355.68994140625,
  "summary_bg_median": 152.72862243652344,
  "summary_bg_n": 310020.0,
  "summary_bg_p05": 56.36474609375,
  "summary_bg_p95": 1489.4960449218725,
  "summary_bg_stdv": 581.29150390625,
  "summary_fg_k": 1.5471846007102128,
  "summary_fg_mad": 1252.6073959815722,
  "summary_fg_mean": 3842.0078125,
  "summary_fg_median": 3469.2529296875,
  "summary_fg_n": 94762.0,
  "summary_fg_p05": 2043.3450439453125,
  "summary_fg_p95": 6907.1423828125,
  "summary_fg_stdv": 1517.141357421875,
  "tsnr": 38.27691596955992
}