{
  "aor": 0.0004616433566433566,
  "aqi": 0.008848741486013985,
  "bids_meta": {
    "AcquisitionMatrixPE": 90,
    "AcquisitionNumber": 1,
    "AcquisitionTime": "",
    "BandwidthPerPixelPhaseEncode": 21.786,
    "BaseResolution": 90,
    "BodyPartExamined": "BRAIN",
    "ConsistencyInfo": "N4_VE11C_LATEST_20160120",
    "ConversionSoftware": "dcm2niix",
    "ConversionSoftwareVersion": "v1.0.20210317",
    "DerivedVendorReportedEchoSpacing": 0.000510012,
    "DeviceSerialNumber": "66093",
    "DwellTime": 2e-06,
    "EchoTime": 0.03,
    "EchoTrainLength": 90,
    "EffectiveEchoSpacing": 0.000510012,
    "FlipAngle": 52,
    "ImageComments": "Unaliased MB6/PE3/LB",
    "ImageOrientationPatientDICOM": [
      0.999457,
      0.00384753,
      0.0327356,
      6.90378e-08,
      0.993163,
      -0.116732
    ],
    "ImageType": [
      "ORIGINAL",
      "PRIMARY",
      "M",
      "MB",
      "ND",
      "MOSAIC"
    ],
    "ImagingFrequency": 123.259,
    "InPlanePhaseEncodingDirectionDICOM": "COL",
    "InstitutionAddress": "",
    "InstitutionName": "",
    "InstitutionalDepartmentName": "",
    "MRAcquisitionType": "2D",
    "MagneticFieldStrength": 3,
    "Manufacturer": "Siemens",
    "ManufacturersModelName": "Prisma",
    "Modality": "MR",
    "MultibandAccelerationFactor": 6,
    "PartialFourier": 1,
    "PatientPosition": "HFS",
    "PercentPhaseFOV": 100,
    "PercentSampling": 100,
    "PhaseEncodingDirection": "j-",
    "PhaseEncodingSteps": 90,
    "PhaseResolution": 1,
    "PixelBandwidth": 2780,
    "ProtocolName": "BOLD_2p4_MB6_P1_TE30_TR800_AP",
    "PulseSequenceDetails": "%CustomerSeq%\\cmrr_mbep2d_bold",
    "ReceiveCoilActiveElements": "HEA;HEP",
    "ReceiveCoilName": "Head_32",
    "ReconMatrixPE": 90,
    "RepetitionTime": 0.8,
    "SAR": 0.100845,
    "ScanOptions": "FS",
    "ScanningSequence": "EP",
    "SequenceName": "epfid2d1_90",
    "SequenceVariant": "SK\\SS",
    "SeriesDescription": "BOLD_2p4_MB6_P1_TE30_TR800_AP",
    "SeriesNumber": 7,
    "ShimSetting": [
      4968,
      -11397,
      -1314,
      476,
      72,
      93,
      -128,
      61
    ],
    "SliceThickness": 2.4,
    "SliceTiming": [
      0,
      0.5475,
      0.3125,
      0.0775,
      0.625,
      0.39,
      0.1575,
      0.7025,
      0.4675,
      0.235,
      0,
      0.5475,
      0.3125,
      0.0775,
      0.625,
      0.39,
      0.1575,
      0.7025,
      0.4675,
      0.235,
      0,
      0.5475,
      0.3125,
      0.0775,
      0.625,
      0.39,
      0.1575,
      0.7025,
      0.4675,
      0.235,
      0,
      0.5475,
      0.3125,
      0.0775,
      0.625,
      0.39,
      0.1575,
      0.7025,
      0.4675,
      0.235,
      0,
      0.5475,
      0.3125,
      0.0775,
      0.625,
      0.39,
      0.1575,
      0.7025,
      0.4675,
      0.235,
      0,
      0.5475,
      0.3125,
      0.0775,
      0.625,
      0.39,
      0.1575,
      0.7025,
      0.4675,
      0.235
    ],
    "SoftwareVersions": "syngo MR E11",
    "SpacingBetweenSlices": 2.4,
    "StationName": "",
    "TaskName": "PD",
    "TotalReadoutTime": 0.045391,
    "TxRefAmp": 270.049,
    "VendorReportedEchoSpacing": 0.00051,
    "WipMemBlock": "b57b51d9-a58e-462d-8a56-82d1eaced423||Sequence: R016 ve11c/master r/e634e98; Dec 19 2017 11:00:25 by eja",
    "dataset": "ds004073",
    "modality": "bold",
    "subject_id": "OXF27",
    "task_id": "PD"
  },
  "dummy_trs": 3,
  "dvars_nstd": 36.13106402574431,
  "dvars_std": 1.0561531873905419,
  "dvars_vstd": 0.9947072155866891,
  "efc": 0.5408825547785602,
  "fber": 472.7194519042969,
  "fd_mean": 0.16032955449258882,
  "fd_num": 158,
  "fd_perc": 27.622377622377623,
  "fwhm_avg": 2.994912489518447,
  "fwhm_x": 2.6465290615030503,
  "fwhm_y": 3.060845711706252,
  "fwhm_z": 3.277362695346039,
  "gcor": 0.0100159,
  "gsr_x": -0.0052246698178350925,
  "gsr_y": 0.08296604454517365,
  "provenance": {
    "md5sum": "ef74f9a1698da31f6812da27ddbeeaea",
    "settings": {
      "fd_thres": 0.2,
      "testing": false
    },
    "software": "mriqc",
    "version": "23.0.0",
    "webapi_port": null,
    "webapi_url": "https://mriqc.nimh.nih.gov/api/v1"
  },
  "size_t": 572,
  "size_x": 90,
  "size_y": 90,
  "size_z": 60,
  "snr": 2.287532506635061,
  "spacing_tr": 0.800000011920929,
  "spacing_x": 2.4000000953674316,
  "spacing_y": 2.4000000953674316,
  "spacing_z": 2.3999998569488525,
  "summary_bg_k": 22.478934601715444,
  "summary_bg_mad": 121.15996877671952,
  "summary_bg_mean": 360.92327880859375,
  "summary_bg_median": 155.75,
  "summary_bg_n": 309592.0,
  "summary_bg_p05": 56.0874137878418,
  "summary_bg_p95": 1486.8882629394548,
  "summary_bg_stdv": 589.2152099609375,
  "summary_fg_k": 1.608631524990387,
  "summary_fg_mad": 1258.8845658236924,
  "summary_fg_mean": 3861.907470703125,
  "summary_fg_median": 3489.9072265625,
  "summary_fg_n": 94989.0,
  "summary_fg_p05": 2055.530322265625,
  "summary_fg_p95": 6917.71767578125,
  "summary_fg_stdv": 1525.61279296875,
  "tsnr": 36.061357432510704
}