{
  "aor": 0.0007399475524475525,
  "aqi": 0.005420980751748251,
  "bids_meta": {
    "AcquisitionMatrixPE": 90,
    "AcquisitionNumber": 1,
    "AcquisitionTime": "",
    "BandwidthPerPixelPhaseEncode": 21.786,
    "BaseResolution": 90,
    "BodyPartExamined": "BRAIN",
    "ConsistencyInfo": "N4_VE11C_LATEST_20160120",
    "ConversionSoftware": "dcm2niix",
    "ConversionSoftwareVersion": "v1.0.20210317",
    "DerivedVendorReportedEchoSpacing": 0.000510012,
    "DeviceSerialNumber": "66093",
    "DwellTime": 2e-06,
    "EchoTime": 0.03,
    "EchoTrainLength": 90,
    "EffectiveEchoSpacing": 0.000510012,
    "FlipAngle": 52,
    "ImageComments": "Unaliased MB6/PE3/LB",
    "ImageOrientationPatientDICOM": [
      0.999457,
      0.00384753,
      0.0327356,
      6.90378e-08,
      0.993163,
      -0.116732
    ],
    "ImageType": [
      "ORIGINAL",
      "PRIMARY",
      "M",
      "MB",
      "ND",
      "MOSAIC"
    ],
    "ImagingFrequency": 123.259,
    "InPlanePhaseEncodingDirectionDICOM": "COL",
    "InstitutionAddress": "",
    "InstitutionName": "",
    "InstitutionalDepartmentName": "",
    "MRAcquisitionType": "2D",
    "MagneticFieldStrength": 3,
    "Manufacturer": "Siemens",
    "ManufacturersModelName": "Prisma",
    "Modality": "MR",
    "MultibandAccelerationFactor": 6,
    "PartialFourier": 1,
    "PatientPosition": "HFS",
    "PercentPhaseFOV": 100,
    "PercentSampling": 100,
    "PhaseEncodingDirection": "j-",
    "PhaseEncodingSteps": 90,
    "PhaseResolution": 1,
    "PixelBandwidth": 2780,
    "ProtocolName": "BOLD_2p4_MB6_P1_TE30_TR800_AP",
    "PulseSequenceDetails": "%CustomerSeq%\\cmrr_mbep2d_bold",
    "ReceiveCoilActiveElements": "HEA;HEP",
    "ReceiveCoilName": "Head_32",
    "ReconMatrixPE": 90,
    "RepetitionTime": 0.8,
    "SAR": 0.100845,
    "ScanOptions": "FS",
    "ScanningSequence": "EP",
    "SequenceName": "epfid2d1_90",
    "SequenceVariant": "SK\\SS",
    "SeriesDescription": "BOLD_2p4_MB6_P1_TE30_TR800_AP",
    "SeriesNumber": 19,
    "ShimSetting": [
      4968,
      -11397,
      -1314,
      476,
      72,
      93,
      -128,
      61
    ],
    "SliceThickness": 2.4,
    "SliceTiming": [
      0,
      0.5475,
      0.3125,
      0.08,
      0.625,
      0.39,
      0.1575,
      0.7025,
      0.47,
      0.235,
      0,
      0.5475,
      0.3125,
      0.08,
      0.625,
      0.39,
      0.1575,
      0.7025,
      0.47,
      0.235,
      0,
      0.5475,
      0.3125,
      0.08,
      0.625,
      0.39,
      0.1575,
      0.7025,
      0.47,
      0.235,
      0,
      0.5475,
      0.3125,
      0.08,
      0.625,
      0.39,
      0.1575,
      0.7025,
      0.47,
      0.235,
      0,
      0.5475,
      0.3125,
      0.08,
      0.625,
      0.39,
      0.1575,
      0.7025,
      0.47,
      0.235,
      0,
      0.5475,
      0.3125,
      0.08,
      0.625,
      0.39,
      0.1575,
      0.7025,
      0.47,
      0.235
    ],
    "SoftwareVersions": "syngo MR E11",
    "SpacingBetweenSlices": 2.4,
    "StationName": "",
    "TaskName": "SD",
    "TotalReadoutTime": 0.045391,
    "TxRefAmp": 270.049,
    "VendorReportedEchoSpacing": 0.00051,
    "WipMemBlock": "95868293-1dac-4fcf-9b51-9786f14c323e||Sequence: R016 ve11c/master r/e634e98; Dec 19 2017 11:00:25 by eja",
    "dataset": "ds004073",
    "modality": "bold",
    "subject_id": "OXF27",
    "task_id": "SD"
  },
  "dummy_trs": 3,
  "dvars_nstd": 32.31922283942206,
  "dvars_std": 1.03356826658494,
  "dvars_vstd": 1.0065849826444833,
  "efc": 0.5388967011441148,
  "fber": 494.76983642578125,
  "fd_mean": 0.1096665245974253,
  "fd_num": 27,
  "fd_perc": 4.72027972027972,
  "fwhm_avg": 2.9693861007656834,
  "fwhm_x": 2.625437395674491,
  "fwhm_y": 3.0318790461906175,
  "fwhm_z": 3.2508418604319407,
  "gcor": 0.00812566,
  "gsr_x": -0.001410916680470109,
  "gsr_y": 0.07959607243537903,
  "provenance": {
    "md5sum": "e4db3d22640bfdfd8760da7ba1c5ae48",
    "settings": {
      "fd_thres": 0.2,
      "testing": false
    },
    "software": "mriqc",
    "version": "23.0.0",
    "webapi_port": null,
    "webapi_url": "https://mriqc.nimh.nih.gov/api/v1"
  },
  "size_t": 572,
  "size_x": 90,
  "size_y": 90,
  "size_z": 60,
  "snr": 2.2834270249800146,
  "spacing_tr": 0.800000011920929,
  "spacing_x": 2.4000000953674316,
  "spacing_y": 2.4000000953674316,
  "spacing_z": 2.3999998569488525,
  "summary_bg_k": 21.24874047503007,
  "summary_bg_mad": 113.93227165014744,
  "summary_bg_mean": 355.507568359375,
  "summary_bg_median": 151.25,
  "summary_bg_n": 310970.0,
  "summary_bg_p05": 55.902095794677734,
  "summary_bg_p95": 1491.1650207519522,
  "summary_bg_stdv": 582.5776977539062,
  "summary_fg_k": 1.5310252820206216,
  "summary_fg_mad": 1245.5465753086257,
  "summary_fg_mean": 3828.117431640625,
  "summary_fg_median": 3454.576904296875,
  "summary_fg_n": 94441.0,
  "summary_fg_p05": 2044.902099609375,
  "summary_fg_p95": 6882.30419921875,
  "summary_fg_stdv": 1512.88330078125,
  "tsnr": 40.60694835148752
}