{
  "aor": 0.0007403478260869565,
  "aqi": 0.04205828660869565,
  "bids_meta": {
    "AcquisitionMatrixPE": 94,
    "AcquisitionNumber": 7,
    "AcquisitionTime": "",
    "BodyPartExamined": "BRAIN",
    "CoilString": "MULTI COIL",
    "ConversionSoftware": "dcm2niix",
    "ConversionSoftwareVersion": "v1.0.20210317",
    "DeviceSerialNumber": "45128",
    "EchoTime": 0.030001,
    "EchoTrainLength": 47,
    "EstimatedEffectiveEchoSpacing": 0.000389556,
    "EstimatedTotalReadoutTime": 0.0370078,
    "FlipAngle": 52,
    "ImageOrientationPatientDICOM": [
      0.997836,
      1.0887e-10,
      0.065745,
      0.00263511,
      0.999196,
      -0.039994
    ],
    "ImageType": [
      "ORIGINAL",
      "PRIMARY",
      "M",
      "FFE",
      "M",
      "FFE"
    ],
    "ImagingFrequency": 127.764,
    "InPlanePhaseEncodingDirectionDICOM": "COL",
    "InstitutionAddress": "",
    "InstitutionName": "",
    "InstitutionalDepartmentName": "",
    "MRAcquisitionType": "2D",
    "MagneticFieldStrength": 3,
    "Manufacturer": "Philips",
    "ManufacturersModelName": "Ingenia Elition X",
    "Modality": "MR",
    "ParallelReductionFactorInPlane": 2,
    "ParallelReductionOutOfPlane": 6,
    "PatientPosition": "HFS",
    "PercentPhaseFOV": 100,
    "PercentSampling": 100,
    "PhaseEncodingAxis": "j",
    "PhaseEncodingSteps": 94,
    "PhilipsRWVIntercept": 0,
    "PhilipsRWVSlope": 0.898413,
    "PhilipsRescaleIntercept": 0,
    "PhilipsRescaleSlope": 0.898413,
    "PhilipsScaleSlope": 0.0162807,
    "PixelBandwidth": 1820,
    "ProcedureStepDescription": "COLA",
    "ProtocolName": "COLA_R4",
    "ReconMatrixPE": 96,
    "RepetitionTime": 0.8,
    "SAR": 0.081862,
    "ScanOptions": "FS",
    "ScanningSequence": "GR",
    "SequenceVariant": "SK",
    "SeriesDescription": "COLA_R4",
    "SeriesNumber": 701,
    "SliceThickness": 2.4,
    "SoftwareVersions": "5.6.1\\5.6.1.3",
    "SpacingBetweenSlices": 2.4,
    "StationName": "",
    "TaskName": "WG",
    "UsePhilipsFloatNotDisplayScaling": 1,
    "WaterFatShift": 16.4181,
    "dataset": "ds004073",
    "modality": "bold",
    "subject_id": "BAN17",
    "task_id": "WG"
  },
  "dummy_trs": 0,
  "dvars_nstd": 80.9673432806098,
  "dvars_std": 1.1595186868815326,
  "dvars_vstd": 1.0210142881358872,
  "efc": 0.44558029969300383,
  "fber": 687737.5,
  "fd_mean": 0.22282657615620483,
  "fd_num": 254,
  "fd_perc": 44.17391304347826,
  "fwhm_avg": 2.0996481027588962,
  "fwhm_x": 2.2116188559709253,
  "fwhm_y": 2.1698630284988742,
  "fwhm_z": 1.917462423806889,
  "gcor": 0.0102519,
  "gsr_x": -0.014729003421962261,
  "gsr_y": 0.03517943248152733,
  "provenance": {
    "md5sum": "6166edf20864c8080910cb7cd03587a5",
    "settings": {
      "fd_thres": 0.2,
      "testing": false
    },
    "software": "mriqc",
    "version": "23.0.0",
    "webapi_port": null,
    "webapi_url": "https://mriqc.nimh.nih.gov/api/v1"
  },
  "size_t": 575,
  "size_x": 96,
  "size_y": 96,
  "size_z": 60,
  "snr": 5.320277105844721,
  "spacing_tr": 0.8000001907348633,
  "spacing_x": 2.3958332538604736,
  "spacing_y": 2.3958332538604736,
  "spacing_z": 2.4000000953674316,
  "summary_bg_k": 22.70223809135075,
  "summary_bg_mad": 145.9521534529152,
  "summary_bg_mean": 3261.524658203125,
  "summary_bg_median": 99.4079818725586,
  "summary_bg_n": 400935.0,
  "summary_bg_p05": 0.657378649711609,
  "summary_bg_p95": 16443.19082031249,
  "summary_bg_stdv": 7082.99951171875,
  "summary_fg_k": 0.9888176922375229,
  "summary_fg_mad": 13867.728341729126,
  "summary_fg_mean": 78766.375,
  "summary_fg_median": 78538.71875,
  "summary_fg_n": 81544.0,
  "summary_fg_p05": 55878.8978515625,
  "summary_fg_p95": 103163.346484375,
  "summary_fg_stdv": 14762.0576171875,
  "tsnr": 20.417509078979492
}