{
  "aor": 0.0007977391304347827,
  "aqi": 0.040462454782608695,
  "bids_meta": {
    "AcquisitionMatrixPE": 94,
    "AcquisitionNumber": 8,
    "AcquisitionTime": "",
    "BodyPartExamined": "BRAIN",
    "CoilString": "MULTI COIL",
    "ConversionSoftware": "dcm2niix",
    "ConversionSoftwareVersion": "v1.0.20210317",
    "DeviceSerialNumber": "45128",
    "EchoTime": 0.030001,
    "EchoTrainLength": 47,
    "EstimatedEffectiveEchoSpacing": 0.000389556,
    "EstimatedTotalReadoutTime": 0.0370078,
    "FlipAngle": 52,
    "ImageOrientationPatientDICOM": [
      0.997836,
      1.0887e-10,
      0.065745,
      0.00263511,
      0.999196,
      -0.039994
    ],
    "ImageType": [
      "ORIGINAL",
      "PRIMARY",
      "M",
      "FFE",
      "M",
      "FFE"
    ],
    "ImagingFrequency": 127.764,
    "InPlanePhaseEncodingDirectionDICOM": "COL",
    "InstitutionAddress": "",
    "InstitutionName": "",
    "InstitutionalDepartmentName": "",
    "MRAcquisitionType": "2D",
    "MagneticFieldStrength": 3,
    "Manufacturer": "Philips",
    "ManufacturersModelName": "Ingenia Elition X",
    "Modality": "MR",
    "ParallelReductionFactorInPlane": 2,
    "ParallelReductionOutOfPlane": 6,
    "PatientPosition": "HFS",
    "PercentPhaseFOV": 100,
    "PercentSampling": 100,
    "PhaseEncodingAxis": "j",
    "PhaseEncodingSteps": 94,
    "PhilipsRWVIntercept": 0,
    "PhilipsRWVSlope": 1.0569,
    "PhilipsRescaleIntercept": 0,
    "PhilipsRescaleSlope": 1.0569,
    "PhilipsScaleSlope": 0.0166556,
    "PixelBandwidth": 1820,
    "ProcedureStepDescription": "COLA",
    "ProtocolName": "COLA_R5",
    "ReconMatrixPE": 96,
    "RepetitionTime": 0.8,
    "SAR": 0.081862,
    "ScanOptions": "FS",
    "ScanningSequence": "GR",
    "SequenceVariant": "SK",
    "SeriesDescription": "COLA_R5",
    "SeriesNumber": 801,
    "SliceThickness": 2.4,
    "SoftwareVersions": "5.6.1\\5.6.1.3",
    "SpacingBetweenSlices": 2.4,
    "StationName": "",
    "TaskName": "SG",
    "UsePhilipsFloatNotDisplayScaling": 1,
    "WaterFatShift": 16.4181,
    "dataset": "ds004073",
    "modality": "bold",
    "subject_id": "BAN17",
    "task_id": "SG"
  },
  "dummy_trs": 0,
  "dvars_nstd": 81.23748159900704,
  "dvars_std": 1.1664242481358882,
  "dvars_vstd": 1.0232023491463413,
  "efc": 0.4468275672108817,
  "fber": 687851.9375,
  "fd_mean": 0.1975876702571324,
  "fd_num": 211,
  "fd_perc": 36.69565217391305,
  "fwhm_avg": 2.0708910032281596,
  "fwhm_x": 2.1897141595921448,
  "fwhm_y": 2.1243005922049014,
  "fwhm_z": 1.8986582578874327,
  "gcor": 0.00311655,
  "gsr_x": -0.016057085245847702,
  "gsr_y": 0.037300314754247665,
  "provenance": {
    "md5sum": "2d93e766179e13686f4f371ca4ced8bc",
    "settings": {
      "fd_thres": 0.2,
      "testing": false
    },
    "software": "mriqc",
    "version": "23.0.0",
    "webapi_port": null,
    "webapi_url": "https://mriqc.nimh.nih.gov/api/v1"
  },
  "size_t": 575,
  "size_x": 96,
  "size_y": 96,
  "size_z": 60,
  "snr": 5.338817220915774,
  "spacing_tr": 0.8000001907348633,
  "spacing_x": 2.3958332538604736,
  "spacing_y": 2.3958332538604736,
  "spacing_z": 2.4000000953674316,
  "summary_bg_k": 23.034772421643442,
  "summary_bg_mad": 145.5496780853488,
  "summary_bg_mean": 3301.236083984375,
  "summary_bg_median": 98.91432189941406,
  "summary_bg_n": 400974.0,
  "summary_bg_p05": 0.5106924325227737,
  "summary_bg_p95": 16681.05312499998,
  "summary_bg_stdv": 7178.82373046875,
  "summary_fg_k": 1.1083461561413275,
  "summary_fg_mad": 13465.694109672717,
  "summary_fg_mean": 77956.546875,
  "summary_fg_median": 77936.28125,
  "summary_fg_n": 81572.0,
  "summary_fg_p05": 55006.735546875,
  "summary_fg_p95": 101800.07226562497,
  "summary_fg_stdv": 14597.953125,
  "tsnr": 21.225261688232422
}