{
  "aor": 0.0010246341463414634,
  "aqi": 0.04318157752613241,
  "bids_meta": {
    "AcquisitionMatrixPE": 94,
    "AcquisitionNumber": 3,
    "AcquisitionTime": "",
    "BodyPartExamined": "BRAIN",
    "CoilString": "MULTI COIL",
    "ConversionSoftware": "dcm2niix",
    "ConversionSoftwareVersion": "v1.0.20210317",
    "DeviceSerialNumber": "45128",
    "EchoTime": 0.030001,
    "EchoTrainLength": 47,
    "EstimatedEffectiveEchoSpacing": 0.000389556,
    "EstimatedTotalReadoutTime": 0.0370078,
    "FlipAngle": 52,
    "ImageOrientationPatientDICOM": [
      0.997836,
      1.0887e-10,
      0.065745,
      0.00263511,
      0.999196,
      -0.039994
    ],
    "ImageType": [
      "ORIGINAL",
      "PRIMARY",
      "M",
      "FFE",
      "M",
      "FFE"
    ],
    "ImagingFrequency": 127.764,
    "InPlanePhaseEncodingDirectionDICOM": "COL",
    "InstitutionAddress": "",
    "InstitutionName": "",
    "InstitutionalDepartmentName": "",
    "MRAcquisitionType": "2D",
    "MagneticFieldStrength": 3,
    "Manufacturer": "Philips",
    "ManufacturersModelName": "Ingenia Elition X",
    "Modality": "MR",
    "ParallelReductionFactorInPlane": 2,
    "ParallelReductionOutOfPlane": 6,
    "PatientPosition": "HFS",
    "PercentPhaseFOV": 100,
    "PercentSampling": 100,
    "PhaseEncodingAxis": "j",
    "PhaseEncodingSteps": 94,
    "PhilipsRWVIntercept": 0,
    "PhilipsRWVSlope": 0.965324,
    "PhilipsRescaleIntercept": 0,
    "PhilipsRescaleSlope": 0.965324,
    "PhilipsScaleSlope": 0.0164175,
    "PixelBandwidth": 1820,
    "ProcedureStepDescription": "COLA",
    "ProtocolName": "COLA_R2",
    "ReconMatrixPE": 96,
    "RepetitionTime": 0.8,
    "SAR": 0.081862,
    "ScanOptions": "FS",
    "ScanningSequence": "GR",
    "SequenceVariant": "SK",
    "SeriesDescription": "COLA_R2",
    "SeriesNumber": 301,
    "SliceThickness": 2.4,
    "SoftwareVersions": "5.6.1\\5.6.1.3",
    "SpacingBetweenSlices": 2.4,
    "StationName": "",
    "TaskName": "SD",
    "UsePhilipsFloatNotDisplayScaling": 1,
    "WaterFatShift": 16.4181,
    "dataset": "ds004073",
    "modality": "bold",
    "subject_id": "BAN17",
    "task_id": "SD"
  },
  "dummy_trs": 1,
  "dvars_nstd": 79.21411391115183,
  "dvars_std": 1.1529001380279236,
  "dvars_vstd": 1.01851835408377,
  "efc": 0.4418796638699639,
  "fber": 780180.625,
  "fd_mean": 0.18218669767064902,
  "fd_num": 138,
  "fd_perc": 24.041811846689896,
  "fwhm_avg": 2.169439702982783,
  "fwhm_x": 2.278046684261378,
  "fwhm_y": 2.266518336052881,
  "fwhm_z": 1.9637540886340898,
  "gcor": 0.0040533,
  "gsr_x": -0.014312565326690674,
  "gsr_y": 0.034458428621292114,
  "provenance": {
    "md5sum": "7b32caf9764aaf9dfb37d25e7c8f9800",
    "settings": {
      "fd_thres": 0.2,
      "testing": false
    },
    "software": "mriqc",
    "version": "23.0.0",
    "webapi_port": null,
    "webapi_url": "https://mriqc.nimh.nih.gov/api/v1"
  },
  "size_t": 574,
  "size_x": 96,
  "size_y": 96,
  "size_z": 60,
  "snr": 5.263891149982528,
  "spacing_tr": 0.8000001907348633,
  "spacing_x": 2.3958332538604736,
  "spacing_y": 2.3958332538604736,
  "spacing_z": 2.4000000953674316,
  "summary_bg_k": 23.855934262673802,
  "summary_bg_mad": 138.59891992310082,
  "summary_bg_mean": 3105.785400390625,
  "summary_bg_median": 94.230712890625,
  "summary_bg_n": 401112.0,
  "summary_bg_p05": 0.5374799638986588,
  "summary_bg_p95": 15529.841552734355,
  "summary_bg_stdv": 6717.2900390625,
  "summary_fg_k": 0.740349854120085,
  "summary_fg_mad": 14449.105319490467,
  "summary_fg_mean": 79493.4453125,
  "summary_fg_median": 79424.03125,
  "summary_fg_n": 81347.0,
  "summary_fg_p05": 55746.04296875,
  "summary_fg_p95": 104390.7890625,
  "summary_fg_stdv": 15088.37109375,
  "tsnr": 19.727893829345703
}