{
  "aor": 0.0010334031413612565,
  "aqi": 0.040801153926701576,
  "bids_meta": {
    "AcquisitionMatrixPE": 94,
    "AcquisitionNumber": 4,
    "AcquisitionTime": "",
    "BodyPartExamined": "BRAIN",
    "CoilString": "MULTI COIL",
    "ConversionSoftware": "dcm2niix",
    "ConversionSoftwareVersion": "v1.0.20210317",
    "DeviceSerialNumber": "45128",
    "EchoTime": 0.030001,
    "EchoTrainLength": 47,
    "EstimatedEffectiveEchoSpacing": 0.000389556,
    "EstimatedTotalReadoutTime": 0.0370078,
    "FlipAngle": 52,
    "ImageOrientationPatientDICOM": [
      0.997836,
      1.0887e-10,
      0.065745,
      0.00263511,
      0.999196,
      -0.039994
    ],
    "ImageType": [
      "ORIGINAL",
      "PRIMARY",
      "M",
      "FFE",
      "M",
      "FFE"
    ],
    "ImagingFrequency": 127.764,
    "InPlanePhaseEncodingDirectionDICOM": "COL",
    "InstitutionAddress": "",
    "InstitutionName": "",
    "InstitutionalDepartmentName": "",
    "MRAcquisitionType": "2D",
    "MagneticFieldStrength": 3,
    "Manufacturer": "Philips",
    "ManufacturersModelName": "Ingenia Elition X",
    "Modality": "MR",
    "ParallelReductionFactorInPlane": 2,
    "ParallelReductionOutOfPlane": 6,
    "PatientPosition": "HFS",
    "PercentPhaseFOV": 100,
    "PercentSampling": 100,
    "PhaseEncodingAxis": "j",
    "PhaseEncodingSteps": 94,
    "PhilipsRWVIntercept": 0,
    "PhilipsRWVSlope": 0.925031,
    "PhilipsRescaleIntercept": 0,
    "PhilipsRescaleSlope": 0.925031,
    "PhilipsScaleSlope": 0.0160318,
    "PixelBandwidth": 1820,
    "ProcedureStepDescription": "COLA",
    "ProtocolName": "COLA_R3",
    "ReconMatrixPE": 96,
    "RepetitionTime": 0.8,
    "SAR": 0.081862,
    "ScanOptions": "FS",
    "ScanningSequence": "GR",
    "SequenceVariant": "SK",
    "SeriesDescription": "COLA_R3",
    "SeriesNumber": 401,
    "SliceThickness": 2.4,
    "SoftwareVersions": "5.6.1\\5.6.1.3",
    "SpacingBetweenSlices": 2.4,
    "StationName": "",
    "TaskName": "SC",
    "UsePhilipsFloatNotDisplayScaling": 1,
    "WaterFatShift": 16.4181,
    "dataset": "ds004073",
    "modality": "bold",
    "subject_id": "BAN17",
    "task_id": "SC"
  },
  "dummy_trs": 2,
  "dvars_nstd": 80.42496909288452,
  "dvars_std": 1.1682781705069927,
  "dvars_vstd": 1.0277892969580424,
  "efc": 0.4439611411673867,
  "fber": 728527.4375,
  "fd_mean": 0.17079304361936817,
  "fd_num": 131,
  "fd_perc": 22.862129144851657,
  "fwhm_avg": 2.133887900171051,
  "fwhm_x": 2.251216770327917,
  "fwhm_y": 2.1990345077273994,
  "fwhm_z": 1.9514124224578373,
  "gcor": 0.00323228,
  "gsr_x": -0.01487870141863823,
  "gsr_y": 0.03517947345972061,
  "provenance": {
    "md5sum": "6c81dc03ab7eba7a750d67a92d250f7b",
    "settings": {
      "fd_thres": 0.2,
      "testing": false
    },
    "software": "mriqc",
    "version": "23.0.0",
    "webapi_port": null,
    "webapi_url": "https://mriqc.nimh.nih.gov/api/v1"
  },
  "size_t": 573,
  "size_x": 96,
  "size_y": 96,
  "size_z": 60,
  "snr": 5.238865447702079,
  "spacing_tr": 0.8000001907348633,
  "spacing_x": 2.3958332538604736,
  "spacing_y": 2.3958332538604736,
  "spacing_z": 2.4000000953674316,
  "summary_bg_k": 23.54527519522502,
  "summary_bg_mad": 143.46677078162497,
  "summary_bg_mean": 3196.81982421875,
  "summary_bg_median": 97.50533294677734,
  "summary_bg_n": 400955.0,
  "summary_bg_p05": 0.5132917702198029,
  "summary_bg_p95": 16102.524218749992,
  "summary_bg_stdv": 6968.83740234375,
  "summary_fg_k": 1.032886687422108,
  "summary_fg_mad": 14052.034330017103,
  "summary_fg_mean": 78910.5234375,
  "summary_fg_median": 78749.7109375,
  "summary_fg_n": 81654.0,
  "summary_fg_p05": 55527.20546875,
  "summary_fg_p95": 103782.97851562497,
  "summary_fg_stdv": 15031.7333984375,
  "tsnr": 20.31134033203125
}