{
  "aor": 0.0005493565217391305,
  "aqi": 0.04167260330434783,
  "bids_meta": {
    "AcquisitionMatrixPE": 94,
    "AcquisitionNumber": 2,
    "AcquisitionTime": "",
    "BodyPartExamined": "BRAIN",
    "CoilString": "MULTI COIL",
    "ConversionSoftware": "dcm2niix",
    "ConversionSoftwareVersion": "v1.0.20210317",
    "DeviceSerialNumber": "45128",
    "EchoTime": 0.030001,
    "EchoTrainLength": 47,
    "EstimatedEffectiveEchoSpacing": 0.000389556,
    "EstimatedTotalReadoutTime": 0.0370078,
    "FlipAngle": 52,
    "ImageOrientationPatientDICOM": [
      0.997836,
      1.0887e-10,
      0.065745,
      0.00263511,
      0.999196,
      -0.039994
    ],
    "ImageType": [
      "ORIGINAL",
      "PRIMARY",
      "M",
      "FFE",
      "M",
      "FFE"
    ],
    "ImagingFrequency": 127.764,
    "InPlanePhaseEncodingDirectionDICOM": "COL",
    "InstitutionAddress": "",
    "InstitutionName": "",
    "InstitutionalDepartmentName": "",
    "MRAcquisitionType": "2D",
    "MagneticFieldStrength": 3,
    "Manufacturer": "Philips",
    "ManufacturersModelName": "Ingenia Elition X",
    "Modality": "MR",
    "ParallelReductionFactorInPlane": 2,
    "ParallelReductionOutOfPlane": 6,
    "PatientPosition": "HFS",
    "PercentPhaseFOV": 100,
    "PercentSampling": 100,
    "PhaseEncodingAxis": "j",
    "PhaseEncodingSteps": 94,
    "PhilipsRWVIntercept": 0,
    "PhilipsRWVSlope": 0.893529,
    "PhilipsRescaleIntercept": 0,
    "PhilipsRescaleSlope": 0.893529,
    "PhilipsScaleSlope": 0.0163442,
    "PixelBandwidth": 1820,
    "ProcedureStepDescription": "COLA",
    "ProtocolName": "COLA_R1",
    "ReconMatrixPE": 96,
    "RepetitionTime": 0.8,
    "SAR": 0.081862,
    "ScanOptions": "FS",
    "ScanningSequence": "GR",
    "SequenceVariant": "SK",
    "SeriesDescription": "COLA_R1",
    "SeriesNumber": 201,
    "SliceThickness": 2.4,
    "SoftwareVersions": "5.6.1\\5.6.1.3",
    "SpacingBetweenSlices": 2.4,
    "StationName": "",
    "TaskName": "PD",
    "UsePhilipsFloatNotDisplayScaling": 1,
    "WaterFatShift": 16.4181,
    "dataset": "ds004073",
    "modality": "bold",
    "subject_id": "BAN17",
    "task_id": "PD"
  },
  "dummy_trs": 0,
  "dvars_nstd": 77.94413436994775,
  "dvars_std": 1.1275905023867603,
  "dvars_vstd": 1.0019908522299643,
  "efc": 0.43607098355906987,
  "fber": 959315.5625,
  "fd_mean": 0.1627719206279815,
  "fd_num": 142,
  "fd_perc": 24.695652173913043,
  "fwhm_avg": 2.2508765903939207,
  "fwhm_x": 2.3689086003188624,
  "fwhm_y": 2.347396251779183,
  "fwhm_z": 2.0363249190837176,
  "gcor": 0.024519,
  "gsr_x": -0.0114600770175457,
  "gsr_y": 0.0304166991263628,
  "provenance": {
    "md5sum": "561ae31304a71445a201f94694a63592",
    "settings": {
      "fd_thres": 0.2,
      "testing": false
    },
    "software": "mriqc",
    "version": "23.0.0",
    "webapi_port": null,
    "webapi_url": "https://mriqc.nimh.nih.gov/api/v1"
  },
  "size_t": 575,
  "size_x": 96,
  "size_y": 96,
  "size_z": 60,
  "snr": 4.967540837431406,
  "spacing_tr": 0.8000001907348633,
  "spacing_x": 2.3958332538604736,
  "spacing_y": 2.3958332538604736,
  "spacing_z": 2.4000000953674316,
  "summary_bg_k": 25.796982791233955,
  "summary_bg_mad": 126.70394748763084,
  "summary_bg_mean": 2901.29052734375,
  "summary_bg_median": 86.1595230102539,
  "summary_bg_n": 401487.0,
  "summary_bg_p05": 0.4662619143724442,
  "summary_bg_p95": 14359.994531249995,
  "summary_bg_stdv": 6327.474609375,
  "summary_fg_k": 0.7422362097844863,
  "summary_fg_mad": 15308.157476816143,
  "summary_fg_mean": 80329.3125,
  "summary_fg_median": 79809.4921875,
  "summary_fg_n": 81251.0,
  "summary_fg_p05": 55640.78125,
  "summary_fg_p95": 107194.93359375,
  "summary_fg_stdv": 16066.0986328125,
  "tsnr": 19.005859375
}