{
  "bids_meta": {
    "AcquisitionMatrixPE": 250,
    "AcquisitionNumber": 7,
    "AcquisitionTime": "",
    "BodyPartExamined": "BRAIN",
    "CoilString": "MULTI COIL",
    "ConversionSoftware": "dcm2niix",
    "ConversionSoftwareVersion": "v1.0.20210317",
    "DeviceSerialNumber": "45128",
    "EchoTime": 0.003478,
    "EchoTrainLength": 560,
    "EstimatedEffectiveEchoSpacing": 4.97191e-06,
    "EstimatedTotalReadoutTime": 0.00126784,
    "FlipAngle": 8,
    "ImageOrientationPatientDICOM": [
      0.999849,
      0.000820331,
      0.0173676,
      0.000696882,
      0.996193,
      -0.0871729
    ],
    "ImageType": [
      "ORIGINAL",
      "PRIMARY",
      "M",
      "FFE",
      "M",
      "FFE"
    ],
    "ImagingFrequency": 127.764,
    "InPlanePhaseEncodingDirectionDICOM": "COL",
    "InstitutionAddress": "",
    "InstitutionName": "",
    "InstitutionalDepartmentName": "",
    "MRAcquisitionType": "3D",
    "MagneticFieldStrength": 3,
    "Manufacturer": "Philips",
    "ManufacturersModelName": "Ingenia Elition X",
    "Modality": "MR",
    "ParallelReductionFactorInPlane": 1.73205,
    "ParallelReductionOutOfPlane": 1.73205,
    "PatientPosition": "HFS",
    "PercentPhaseFOV": 100,
    "PercentSampling": 77.9165,
    "PhaseEncodingAxis": "j",
    "PhaseEncodingSteps": 250,
    "PhilipsRWVIntercept": 0,
    "PhilipsRWVSlope": 1,
    "PhilipsRescaleIntercept": 0,
    "PhilipsRescaleSlope": 1,
    "PhilipsScaleSlope": 0.000442354,
    "PixelBandwidth": 787,
    "ProtocolName": "sT1W_1MM_COMBO",
    "ReconMatrixPE": 256,
    "RepetitionTime": 0.0123327,
    "SAR": 0.0170603,
    "ScanOptions": "FC",
    "ScanningSequence": "GR",
    "SequenceVariant": "MP",
    "SeriesDescription": "sT1W_1MM_COMBO",
    "SeriesNumber": 702,
    "SliceThickness": 2,
    "SoftwareVersions": "5.6.1\\5.6.1.2",
    "SpacingBetweenSlices": 1,
    "StationName": "",
    "UsePhilipsFloatNotDisplayScaling": 1,
    "WaterFatShift": 0.551729,
    "dataset": "ds004073",
    "modality": "T1w",
    "subject_id": "BAN03"
  },
  "cjv": 0.2483083717885957,
  "cnr": 5.245352406638131,
  "efc": 0.7145560931579279,
  "fber": 12976.371053776242,
  "fwhm_avg": 5.592970613333333,
  "fwhm_x": 5.18687744,
  "fwhm_y": 5.681254399999999,
  "fwhm_z": 5.91078,
  "icvs_csf": 0.26614672902926684,
  "icvs_gm": 0.40520249211843995,
  "icvs_wm": 0.3286507788522932,
  "inu_med": 0.5027030110359192,
  "inu_range": 0.14262237250804904,
  "provenance": {
    "md5sum": "7cc595746543840d266c30c4dd1db292",
    "settings": {
      "testing": false
    },
    "software": "mriqc",
    "version": "23.0.0",
    "warnings": {
      "large_rot_frame": true,
      "small_air_mask": true
    },
    "webapi_port": null,
    "webapi_url": "https://mriqc.nimh.nih.gov/api/v1"
  },
  "qi_1": 0.00037476819294961954,
  "qi_2": 0.003338700744855909,
  "rpve_csf": 22.935980919445267,
  "rpve_gm": 14.42374693052145,
  "rpve_wm": 22.09178457826039,
  "size_x": 256,
  "size_y": 256,
  "size_z": 170,
  "snr_csf": 1.3997523056845524,
  "snr_gm": 10.598725054852338,
  "snr_total": 16.219241816763397,
  "snr_wm": 36.659248089753305,
  "snrd_csf": 16.869011525858717,
  "snrd_gm": 74.53141982523839,
  "snrd_total": 68.82370175816139,
  "snrd_wm": 115.07067392338705,
  "spacing_x": 0.9765625,
  "spacing_y": 0.9765625,
  "spacing_z": 1.0,
  "summary_bg_k": 79.2042623656994,
  "summary_bg_mad": 0.0,
  "summary_bg_mean": 2.68389217940076,
  "summary_bg_median": 0.0,
  "summary_bg_n": 295382.0,
  "summary_bg_p05": 0.0,
  "summary_bg_p95": 13.515156012028456,
  "summary_bg_stdv": 5.693454572751893,
  "summary_csf_k": -0.6766913469973259,
  "summary_csf_mad": 113.43624989995371,
  "summary_csf_mean": 170.48245437014057,
  "summary_csf_median": 146.5999306552112,
  "summary_csf_n": 50347.0,
  "summary_csf_p05": 40.56573063880205,
  "summary_csf_p95": 360.8972169868648,
  "summary_csf_stdv": 104.73172586123724,
  "summary_gm_k": 0.4855395433123797,
  "summary_gm_mad": 62.21569744247991,
  "summary_gm_mean": 648.5532075937876,
  "summary_gm_median": 647.7143584415317,
  "summary_gm_n": 38911.0,
  "summary_gm_p05": 551.8013284821063,
  "summary_gm_p95": 747.6495150402188,
  "summary_gm_stdv": 61.11169334161736,
  "summary_wm_k": 0.46459099882212973,
  "summary_wm_mad": 25.26480036172168,
  "summary_wm_mean": 999.0121889121153,
  "summary_wm_median": 1000.0202318765223,
  "summary_wm_n": 164063.0,
  "summary_wm_p05": 951.8560252189636,
  "summary_wm_p95": 1042.2880211435258,
  "summary_wm_stdv": 27.27871509399497,
  "tpm_overlap_csf": 0.15885450990330457,
  "tpm_overlap_gm": 0.49158637963940577,
  "tpm_overlap_wm": 0.5355626546028751,
  "wm2max": 0.8709916524010377
}