{
  "aor": 0.0005549739130434782,
  "aqi": 0.034990387130434786,
  "bids_meta": {
    "AcquisitionMatrixPE": 94,
    "AcquisitionNumber": 4,
    "AcquisitionTime": "",
    "BodyPartExamined": "BRAIN",
    "CoilString": "MULTI COIL",
    "ConversionSoftware": "dcm2niix",
    "ConversionSoftwareVersion": "v1.0.20210317",
    "DeviceSerialNumber": "45128",
    "EchoTime": 0.030001,
    "EchoTrainLength": 47,
    "EstimatedEffectiveEchoSpacing": 0.000388665,
    "EstimatedTotalReadoutTime": 0.0369232,
    "FlipAngle": 52,
    "ImageOrientationPatientDICOM": [
      0.999849,
      -0.00222702,
      0.0172438,
      0.000696882,
      0.996099,
      0.088238
    ],
    "ImageType": [
      "ORIGINAL",
      "PRIMARY",
      "M",
      "FFE",
      "M",
      "FFE"
    ],
    "ImagingFrequency": 127.764,
    "InPlanePhaseEncodingDirectionDICOM": "COL",
    "InstitutionAddress": "",
    "InstitutionName": "",
    "InstitutionalDepartmentName": "",
    "MRAcquisitionType": "2D",
    "MagneticFieldStrength": 3,
    "Manufacturer": "Philips",
    "ManufacturersModelName": "Ingenia Elition X",
    "Modality": "MR",
    "ParallelReductionFactorInPlane": 2,
    "ParallelReductionOutOfPlane": 6,
    "PatientPosition": "HFS",
    "PercentPhaseFOV": 100,
    "PercentSampling": 100,
    "PhaseEncodingAxis": "j",
    "PhaseEncodingSteps": 94,
    "PhilipsRWVIntercept": 0,
    "PhilipsRWVSlope": 0.907937,
    "PhilipsRescaleIntercept": 0,
    "PhilipsRescaleSlope": 0.907937,
    "PhilipsScaleSlope": 0.0164548,
    "PixelBandwidth": 1849,
    "ProtocolName": "COLA_R3",
    "ReconMatrixPE": 96,
    "RepetitionTime": 0.8,
    "SAR": 0.0818677,
    "ScanOptions": "FS",
    "ScanningSequence": "GR",
    "SequenceVariant": "SK",
    "SeriesDescription": "COLA_R3",
    "SeriesNumber": 401,
    "SliceThickness": 2.4,
    "SoftwareVersions": "5.6.1\\5.6.1.3",
    "SpacingBetweenSlices": 2.4,
    "StationName": "",
    "TaskName": "WC",
    "UsePhilipsFloatNotDisplayScaling": 1,
    "WaterFatShift": 16.3806,
    "dataset": "ds004073",
    "modality": "bold",
    "subject_id": "BAN10",
    "task_id": "WC"
  },
  "dummy_trs": 0,
  "dvars_nstd": 73.33384539770044,
  "dvars_std": 1.1272266456445998,
  "dvars_vstd": 1.0178444785714273,
  "efc": 0.40770881939138964,
  "fber": 4941754.0,
  "fd_mean": 0.23581793256014968,
  "fd_num": 330,
  "fd_perc": 57.391304347826086,
  "fwhm_avg": 2.380546118289019,
  "fwhm_x": 2.3679736437661094,
  "fwhm_y": 2.6148731302169512,
  "fwhm_z": 2.1587915808839964,
  "gcor": 0.00446099,
  "gsr_x": -0.01540752500295639,
  "gsr_y": 0.023579612374305725,
  "provenance": {
    "md5sum": "363ebd03482ca161d9d6a6aac51f7204",
    "settings": {
      "fd_thres": 0.2,
      "testing": false
    },
    "software": "mriqc",
    "version": "23.0.0",
    "webapi_port": null,
    "webapi_url": "https://mriqc.nimh.nih.gov/api/v1"
  },
  "size_t": 575,
  "size_x": 96,
  "size_y": 96,
  "size_z": 60,
  "snr": 5.1713217319277,
  "spacing_tr": 0.8000001907348633,
  "spacing_x": 2.3958332538604736,
  "spacing_y": 2.3958332538604736,
  "spacing_z": 2.4000000953674316,
  "summary_bg_k": 25.548397560894987,
  "summary_bg_mad": 51.12748596249198,
  "summary_bg_mean": 1942.5240478515625,
  "summary_bg_median": 34.88328170776367,
  "summary_bg_n": 406397.0,
  "summary_bg_p05": 0.26647572517395024,
  "summary_bg_p95": 10363.765039062493,
  "summary_bg_stdv": 4582.96142578125,
  "summary_fg_k": 1.2466033144305388,
  "summary_fg_mad": 14176.543959296992,
  "summary_fg_mean": 80008.8671875,
  "summary_fg_median": 79493.171875,
  "summary_fg_n": 76704.0,
  "summary_fg_p05": 56495.44609375,
  "summary_fg_p95": 105084.57539062497,
  "summary_fg_stdv": 15371.8251953125,
  "tsnr": 21.56079864501953
}