{
  "aor": 0.0010191478260869566,
  "aqi": 0.03618811060869565,
  "bids_meta": {
    "AcquisitionMatrixPE": 94,
    "AcquisitionNumber": 8,
    "AcquisitionTime": "",
    "BodyPartExamined": "BRAIN",
    "CoilString": "MULTI COIL",
    "ConversionSoftware": "dcm2niix",
    "ConversionSoftwareVersion": "v1.0.20210317",
    "DeviceSerialNumber": "45128",
    "EchoTime": 0.030001,
    "EchoTrainLength": 47,
    "EstimatedEffectiveEchoSpacing": 0.000388665,
    "EstimatedTotalReadoutTime": 0.0369232,
    "FlipAngle": 52,
    "ImageOrientationPatientDICOM": [
      0.999849,
      -0.00222702,
      0.0172438,
      0.000696882,
      0.996099,
      0.088238
    ],
    "ImageType": [
      "ORIGINAL",
      "PRIMARY",
      "M",
      "FFE",
      "M",
      "FFE"
    ],
    "ImagingFrequency": 127.764,
    "InPlanePhaseEncodingDirectionDICOM": "COL",
    "InstitutionAddress": "",
    "InstitutionName": "",
    "InstitutionalDepartmentName": "",
    "MRAcquisitionType": "2D",
    "MagneticFieldStrength": 3,
    "Manufacturer": "Philips",
    "ManufacturersModelName": "Ingenia Elition X",
    "Modality": "MR",
    "ParallelReductionFactorInPlane": 2,
    "ParallelReductionOutOfPlane": 6,
    "PatientPosition": "HFS",
    "PercentPhaseFOV": 100,
    "PercentSampling": 100,
    "PhaseEncodingAxis": "j",
    "PhaseEncodingSteps": 94,
    "PhilipsRWVIntercept": 0,
    "PhilipsRWVSlope": 0.92967,
    "PhilipsRescaleIntercept": 0,
    "PhilipsRescaleSlope": 0.92967,
    "PhilipsScaleSlope": 0.0163359,
    "PixelBandwidth": 1849,
    "ProtocolName": "COLA_R5",
    "ReconMatrixPE": 96,
    "RepetitionTime": 0.8,
    "SAR": 0.0818677,
    "ScanOptions": "FS",
    "ScanningSequence": "GR",
    "SequenceVariant": "SK",
    "SeriesDescription": "COLA_R5",
    "SeriesNumber": 801,
    "SliceThickness": 2.4,
    "SoftwareVersions": "5.6.1\\5.6.1.3",
    "SpacingBetweenSlices": 2.4,
    "StationName": "",
    "TaskName": "SG",
    "UsePhilipsFloatNotDisplayScaling": 1,
    "WaterFatShift": 16.3806,
    "dataset": "ds004073",
    "modality": "bold",
    "subject_id": "BAN10",
    "task_id": "SG"
  },
  "dummy_trs": 0,
  "dvars_nstd": 74.5364270493206,
  "dvars_std": 1.1370594402961685,
  "dvars_vstd": 1.0291805010627175,
  "efc": 0.40954873388908647,
  "fber": 4075082.0,
  "fd_mean": 0.2941724456461037,
  "fd_num": 369,
  "fd_perc": 64.17391304347827,
  "fwhm_avg": 2.428846867701461,
  "fwhm_x": 2.4135319061469005,
  "fwhm_y": 2.673808784345835,
  "fwhm_z": 2.199199912611647,
  "gcor": 0.0098715,
  "gsr_x": -0.015662461519241333,
  "gsr_y": 0.025539683178067207,
  "provenance": {
    "md5sum": "d74f6177214081f11f3f3f3ac9e0e5e5",
    "settings": {
      "fd_thres": 0.2,
      "testing": false
    },
    "software": "mriqc",
    "version": "23.0.0",
    "webapi_port": null,
    "webapi_url": "https://mriqc.nimh.nih.gov/api/v1"
  },
  "size_t": 575,
  "size_x": 96,
  "size_y": 96,
  "size_z": 60,
  "snr": 5.075816686728928,
  "spacing_tr": 0.8000001907348633,
  "spacing_x": 2.3958332538604736,
  "spacing_y": 2.3958332538604736,
  "spacing_z": 2.4000000953674316,
  "summary_bg_k": 24.302929488343082,
  "summary_bg_mad": 55.84399183297536,
  "summary_bg_mean": 1990.9461669921875,
  "summary_bg_median": 38.142051696777344,
  "summary_bg_n": 405833.0,
  "summary_bg_p05": 0.30498180985450746,
  "summary_bg_p95": 10619.677343749992,
  "summary_bg_stdv": 4655.24609375,
  "summary_fg_k": 1.3413638523968334,
  "summary_fg_mad": 14398.181408133749,
  "summary_fg_mean": 80169.359375,
  "summary_fg_median": 79555.421875,
  "summary_fg_n": 77068.0,
  "summary_fg_p05": 56353.7794921875,
  "summary_fg_p95": 105736.88671874999,
  "summary_fg_stdv": 15673.3212890625,
  "tsnr": 20.803133010864258
}