{
  "aor": 0.000425304347826087,
  "aqi": 0.04415079617391304,
  "bids_meta": {
    "AcquisitionMatrixPE": 94,
    "AcquisitionNumber": 2,
    "AcquisitionTime": "",
    "BodyPartExamined": "BRAIN",
    "CoilString": "MULTI COIL",
    "ConversionSoftware": "dcm2niix",
    "ConversionSoftwareVersion": "v1.0.20210317",
    "DeviceSerialNumber": "45128",
    "EchoTime": 0.030001,
    "EchoTrainLength": 47,
    "EstimatedEffectiveEchoSpacing": 0.000388665,
    "EstimatedTotalReadoutTime": 0.0369232,
    "FlipAngle": 52,
    "ImageOrientationPatientDICOM": [
      0.999849,
      -0.00222702,
      0.0172438,
      0.000696882,
      0.996099,
      0.088238
    ],
    "ImageType": [
      "ORIGINAL",
      "PRIMARY",
      "M",
      "FFE",
      "M",
      "FFE"
    ],
    "ImagingFrequency": 127.764,
    "InPlanePhaseEncodingDirectionDICOM": "COL",
    "InstitutionAddress": "",
    "InstitutionName": "",
    "InstitutionalDepartmentName": "",
    "MRAcquisitionType": "2D",
    "MagneticFieldStrength": 3,
    "Manufacturer": "Philips",
    "ManufacturersModelName": "Ingenia Elition X",
    "Modality": "MR",
    "ParallelReductionFactorInPlane": 2,
    "ParallelReductionOutOfPlane": 6,
    "PatientPosition": "HFS",
    "PercentPhaseFOV": 100,
    "PercentSampling": 100,
    "PhaseEncodingAxis": "j",
    "PhaseEncodingSteps": 94,
    "PhilipsRWVIntercept": 0,
    "PhilipsRWVSlope": 1.03565,
    "PhilipsRescaleIntercept": 0,
    "PhilipsRescaleSlope": 1.03565,
    "PhilipsScaleSlope": 0.0161372,
    "PixelBandwidth": 1849,
    "ProtocolName": "COLA_R1",
    "ReconMatrixPE": 96,
    "RepetitionTime": 0.8,
    "SAR": 0.0818677,
    "ScanOptions": "FS",
    "ScanningSequence": "GR",
    "SequenceVariant": "SK",
    "SeriesDescription": "COLA_R1",
    "SeriesNumber": 201,
    "SliceThickness": 2.4,
    "SoftwareVersions": "5.6.1\\5.6.1.3",
    "SpacingBetweenSlices": 2.4,
    "StationName": "",
    "TaskName": "SD",
    "UsePhilipsFloatNotDisplayScaling": 1,
    "WaterFatShift": 16.3806,
    "dataset": "ds004073",
    "modality": "bold",
    "subject_id": "BAN10",
    "task_id": "SD"
  },
  "dummy_trs": 0,
  "dvars_nstd": 73.58491364583618,
  "dvars_std": 1.0923821669163758,
  "dvars_vstd": 0.9978102880487801,
  "efc": 0.40745022379480766,
  "fber": 4410731.0,
  "fd_mean": 0.25524426708544534,
  "fd_num": 316,
  "fd_perc": 54.95652173913044,
  "fwhm_avg": 2.456715641670784,
  "fwhm_x": 2.462041125147318,
  "fwhm_y": 2.7129392204264504,
  "fwhm_z": 2.1951665794385837,
  "gcor": 0.00528135,
  "gsr_x": -0.016022605821490288,
  "gsr_y": 0.022349290549755096,
  "provenance": {
    "md5sum": "ee8e815d49a0eaa197ebddaf4739367d",
    "settings": {
      "fd_thres": 0.2,
      "testing": false
    },
    "software": "mriqc",
    "version": "23.0.0",
    "webapi_port": null,
    "webapi_url": "https://mriqc.nimh.nih.gov/api/v1"
  },
  "size_t": 575,
  "size_x": 96,
  "size_y": 96,
  "size_z": 60,
  "snr": 4.802271826405336,
  "spacing_tr": 0.8000001907348633,
  "spacing_x": 2.3958332538604736,
  "spacing_y": 2.3958332538604736,
  "spacing_z": 2.4000000953674316,
  "summary_bg_k": 24.37050254264229,
  "summary_bg_mad": 55.02959936212896,
  "summary_bg_mean": 1985.2142333984375,
  "summary_bg_median": 37.53538513183594,
  "summary_bg_n": 406110.0,
  "summary_bg_p05": 0.2734710767865181,
  "summary_bg_p95": 10440.953027343745,
  "summary_bg_stdv": 4595.5908203125,
  "summary_fg_k": 0.8340299345401911,
  "summary_fg_mad": 15794.398881751735,
  "summary_fg_mean": 81550.9140625,
  "summary_fg_median": 80987.8125,
  "summary_fg_n": 76736.0,
  "summary_fg_p05": 55283.78125,
  "summary_fg_p95": 109454.3984375,
  "summary_fg_stdv": 16864.369140625,
  "tsnr": 18.274320602416992
}