{
  "aor": 0.0005682434782608697,
  "aqi": 0.03615037617391304,
  "bids_meta": {
    "AcquisitionMatrixPE": 94,
    "AcquisitionNumber": 3,
    "AcquisitionTime": "",
    "BodyPartExamined": "BRAIN",
    "CoilString": "MULTI COIL",
    "ConversionSoftware": "dcm2niix",
    "ConversionSoftwareVersion": "v1.0.20210317",
    "DeviceSerialNumber": "45128",
    "EchoTime": 0.030001,
    "EchoTrainLength": 47,
    "EstimatedEffectiveEchoSpacing": 0.000388665,
    "EstimatedTotalReadoutTime": 0.0369232,
    "FlipAngle": 52,
    "ImageOrientationPatientDICOM": [
      0.999849,
      -0.00222702,
      0.0172438,
      0.000696882,
      0.996099,
      0.088238
    ],
    "ImageType": [
      "ORIGINAL",
      "PRIMARY",
      "M",
      "FFE",
      "M",
      "FFE"
    ],
    "ImagingFrequency": 127.764,
    "InPlanePhaseEncodingDirectionDICOM": "COL",
    "InstitutionAddress": "",
    "InstitutionName": "",
    "InstitutionalDepartmentName": "",
    "MRAcquisitionType": "2D",
    "MagneticFieldStrength": 3,
    "Manufacturer": "Philips",
    "ManufacturersModelName": "Ingenia Elition X",
    "Modality": "MR",
    "ParallelReductionFactorInPlane": 2,
    "ParallelReductionOutOfPlane": 6,
    "PatientPosition": "HFS",
    "PercentPhaseFOV": 100,
    "PercentSampling": 100,
    "PhaseEncodingAxis": "j",
    "PhaseEncodingSteps": 94,
    "PhilipsRWVIntercept": 0,
    "PhilipsRWVSlope": 0.892796,
    "PhilipsRescaleIntercept": 0,
    "PhilipsRescaleSlope": 0.892796,
    "PhilipsScaleSlope": 0.0164119,
    "PixelBandwidth": 1849,
    "ProtocolName": "COLA_R2",
    "ReconMatrixPE": 96,
    "RepetitionTime": 0.8,
    "SAR": 0.0818677,
    "ScanOptions": "FS",
    "ScanningSequence": "GR",
    "SequenceVariant": "SK",
    "SeriesDescription": "COLA_R2",
    "SeriesNumber": 301,
    "SliceThickness": 2.4,
    "SoftwareVersions": "5.6.1\\5.6.1.3",
    "SpacingBetweenSlices": 2.4,
    "StationName": "",
    "TaskName": "WG",
    "UsePhilipsFloatNotDisplayScaling": 1,
    "WaterFatShift": 16.3806,
    "dataset": "ds004073",
    "modality": "bold",
    "subject_id": "BAN10",
    "task_id": "WG"
  },
  "dummy_trs": 0,
  "dvars_nstd": 73.86127276541818,
  "dvars_std": 1.1226143944250864,
  "dvars_vstd": 1.0168707227700342,
  "efc": 0.40769593306257296,
  "fber": 5384657.5,
  "fd_mean": 0.2579516210558548,
  "fd_num": 364,
  "fd_perc": 63.30434782608695,
  "fwhm_avg": 2.398793109000572,
  "fwhm_x": 2.3872070357084536,
  "fwhm_y": 2.6408390441217517,
  "fwhm_z": 2.1683332471715113,
  "gcor": 0.00669322,
  "gsr_x": -0.015542816370725632,
  "gsr_y": 0.023903677240014076,
  "provenance": {
    "md5sum": "5d7295192a3b0ce8dd92e31c73a4fe46",
    "settings": {
      "fd_thres": 0.2,
      "testing": false
    },
    "software": "mriqc",
    "version": "23.0.0",
    "webapi_port": null,
    "webapi_url": "https://mriqc.nimh.nih.gov/api/v1"
  },
  "size_t": 575,
  "size_x": 96,
  "size_y": 96,
  "size_z": 60,
  "snr": 5.103354233218115,
  "spacing_tr": 0.8000001907348633,
  "spacing_x": 2.3958332538604736,
  "spacing_y": 2.3958332538604736,
  "spacing_z": 2.4000000953674316,
  "summary_bg_k": 25.21270323311405,
  "summary_bg_mad": 49.068714311502134,
  "summary_bg_mean": 1929.2855224609375,
  "summary_bg_median": 33.40109634399414,
  "summary_bg_n": 406131.0,
  "summary_bg_p05": 0.1990172564983368,
  "summary_bg_p95": 10274.84130859375,
  "summary_bg_stdv": 4538.357421875,
  "summary_fg_k": 1.2365531182023393,
  "summary_fg_mad": 14450.217271154346,
  "summary_fg_mean": 80210.0,
  "summary_fg_median": 79658.859375,
  "summary_fg_n": 76828.0,
  "summary_fg_p05": 56380.3541015625,
  "summary_fg_p95": 105696.105078125,
  "summary_fg_stdv": 15609.0166015625,
  "tsnr": 21.006324768066406
}