{
  "aor": 0.00036560975609756095,
  "aqi": 0.004135008745644599,
  "bids_meta": {
    "AcquisitionMatrixPE": 90,
    "AcquisitionNumber": 1,
    "AcquisitionTime": "",
    "BandwidthPerPixelPhaseEncode": 21.786,
    "BaseResolution": 90,
    "BodyPartExamined": "BRAIN",
    "ConsistencyInfo": "N4_VE11C_LATEST_20160120",
    "ConversionSoftware": "dcm2niix",
    "ConversionSoftwareVersion": "v1.0.20210317",
    "DerivedVendorReportedEchoSpacing": 0.000510012,
    "DeviceSerialNumber": "66093",
    "DwellTime": 2e-06,
    "EchoTime": 0.03,
    "EchoTrainLength": 90,
    "EffectiveEchoSpacing": 0.000510012,
    "FlipAngle": 52,
    "ImageComments": "Unaliased MB6/PE3/LB",
    "ImageOrientationPatientDICOM": [
      0.999567,
      0.00419688,
      0.029112,
      1.50087e-09,
      0.989768,
      -0.142688
    ],
    "ImageType": [
      "ORIGINAL",
      "PRIMARY",
      "M",
      "MB",
      "ND",
      "MOSAIC"
    ],
    "ImagingFrequency": 123.26,
    "InPlanePhaseEncodingDirectionDICOM": "COL",
    "InstitutionAddress": "",
    "InstitutionName": "",
    "InstitutionalDepartmentName": "",
    "MRAcquisitionType": "2D",
    "MagneticFieldStrength": 3,
    "Manufacturer": "Siemens",
    "ManufacturersModelName": "Prisma",
    "Modality": "MR",
    "MultibandAccelerationFactor": 6,
    "PartialFourier": 1,
    "PatientPosition": "HFS",
    "PercentPhaseFOV": 100,
    "PercentSampling": 100,
    "PhaseEncodingDirection": "j-",
    "PhaseEncodingSteps": 90,
    "PhaseResolution": 1,
    "PixelBandwidth": 2780,
    "ProtocolName": "BOLD_2p4_MB6_P1_TE30_TR800_AP",
    "PulseSequenceDetails": "%CustomerSeq%\\cmrr_mbep2d_bold",
    "ReceiveCoilActiveElements": "HEA;HEP",
    "ReceiveCoilName": "Head_32",
    "ReconMatrixPE": 90,
    "RepetitionTime": 0.8,
    "SAR": 0.0870516,
    "ScanOptions": "FS",
    "ScanningSequence": "EP",
    "SequenceName": "epfid2d1_90",
    "SequenceVariant": "SK\\SS",
    "SeriesDescription": "BOLD_2p4_MB6_P1_TE30_TR800_AP",
    "SeriesNumber": 19,
    "ShimSetting": [
      4939,
      -11443,
      -1321,
      370,
      -40,
      -83,
      -101,
      57
    ],
    "SliceThickness": 2.4,
    "SliceTiming": [
      0,
      0.5475,
      0.3125,
      0.0775,
      0.625,
      0.39,
      0.1575,
      0.7025,
      0.4675,
      0.235,
      0,
      0.5475,
      0.3125,
      0.0775,
      0.625,
      0.39,
      0.1575,
      0.7025,
      0.4675,
      0.235,
      0,
      0.5475,
      0.3125,
      0.0775,
      0.625,
      0.39,
      0.1575,
      0.7025,
      0.4675,
      0.235,
      0,
      0.5475,
      0.3125,
      0.0775,
      0.625,
      0.39,
      0.1575,
      0.7025,
      0.4675,
      0.235,
      0,
      0.5475,
      0.3125,
      0.0775,
      0.625,
      0.39,
      0.1575,
      0.7025,
      0.4675,
      0.235,
      0,
      0.5475,
      0.3125,
      0.0775,
      0.625,
      0.39,
      0.1575,
      0.7025,
      0.4675,
      0.235
    ],
    "SoftwareVersions": "syngo MR E11",
    "SpacingBetweenSlices": 2.4,
    "StationName": "",
    "TaskName": "PD",
    "TotalReadoutTime": 0.045391,
    "TxRefAmp": 247.49,
    "VendorReportedEchoSpacing": 0.00051,
    "WipMemBlock": "268df623-c444-4e58-adc2-557df7218ab7||Sequence: R016 ve11c/master r/e634e98; Dec 19 2017 11:00:25 by eja",
    "dataset": "ds004073",
    "modality": "bold",
    "subject_id": "OXF26",
    "task_id": "PD"
  },
  "dummy_trs": 1,
  "dvars_nstd": 31.371326090296673,
  "dvars_std": 1.0624520492495626,
  "dvars_vstd": 1.0040643795113438,
  "efc": 0.5359664102902818,
  "fber": 621.94921875,
  "fd_mean": 0.11471129665645086,
  "fd_num": 45,
  "fd_perc": 7.839721254355401,
  "fwhm_avg": 3.027380542880524,
  "fwhm_x": 2.684787393316134,
  "fwhm_y": 3.1472707082720315,
  "fwhm_z": 3.2500835270534076,
  "gcor": 0.0130693,
  "gsr_x": -0.001465759938582778,
  "gsr_y": 0.08779922872781754,
  "provenance": {
    "md5sum": "ba149a7e9fdcf7118246eeb9708d4497",
    "settings": {
      "fd_thres": 0.2,
      "testing": false
    },
    "software": "mriqc",
    "version": "23.0.0",
    "webapi_port": null,
    "webapi_url": "https://mriqc.nimh.nih.gov/api/v1"
  },
  "size_t": 574,
  "size_x": 90,
  "size_y": 90,
  "size_z": 60,
  "snr": 2.6159394921386854,
  "spacing_tr": 0.800000011920929,
  "spacing_x": 2.4000000953674316,
  "spacing_y": 2.4000000953674316,
  "spacing_z": 2.3999998569488525,
  "summary_bg_k": 23.13569685706218,
  "summary_bg_mad": 107.47057398140078,
  "summary_bg_mean": 337.4085693359375,
  "summary_bg_median": 145.40243530273438,
  "summary_bg_n": 314748.0,
  "summary_bg_p05": 59.745643615722656,
  "summary_bg_p95": 1349.307025146484,
  "summary_bg_stdv": 545.6652221679688,
  "summary_fg_k": 1.2684177098675127,
  "summary_fg_mad": 1225.0688560923816,
  "summary_fg_mean": 3989.719970703125,
  "summary_fg_median": 3726.92333984375,
  "summary_fg_n": 93083.0,
  "summary_fg_p05": 2157.6861572265625,
  "summary_fg_p95": 6823.911865234372,
  "summary_fg_stdv": 1424.690185546875,
  "tsnr": 44.04478853056207
}