{
  "aor": 0.0006010471204188481,
  "aqi": 0.004932361902268761,
  "bids_meta": {
    "AcquisitionMatrixPE": 90,
    "AcquisitionNumber": 1,
    "AcquisitionTime": "",
    "BandwidthPerPixelPhaseEncode": 21.786,
    "BaseResolution": 90,
    "BodyPartExamined": "BRAIN",
    "ConsistencyInfo": "N4_VE11C_LATEST_20160120",
    "ConversionSoftware": "dcm2niix",
    "ConversionSoftwareVersion": "v1.0.20210317",
    "DerivedVendorReportedEchoSpacing": 0.000510012,
    "DeviceSerialNumber": "66093",
    "DwellTime": 2e-06,
    "EchoTime": 0.03,
    "EchoTrainLength": 90,
    "EffectiveEchoSpacing": 0.000510012,
    "FlipAngle": 52,
    "ImageComments": "Unaliased MB6/PE3/LB",
    "ImageOrientationPatientDICOM": [
      0.999567,
      0.00419688,
      0.029112,
      1.50087e-09,
      0.989768,
      -0.142688
    ],
    "ImageType": [
      "ORIGINAL",
      "PRIMARY",
      "M",
      "MB",
      "ND",
      "MOSAIC"
    ],
    "ImagingFrequency": 123.26,
    "InPlanePhaseEncodingDirectionDICOM": "COL",
    "InstitutionAddress": "",
    "InstitutionName": "",
    "InstitutionalDepartmentName": "",
    "MRAcquisitionType": "2D",
    "MagneticFieldStrength": 3,
    "Manufacturer": "Siemens",
    "ManufacturersModelName": "Prisma",
    "Modality": "MR",
    "MultibandAccelerationFactor": 6,
    "PartialFourier": 1,
    "PatientPosition": "HFS",
    "PercentPhaseFOV": 100,
    "PercentSampling": 100,
    "PhaseEncodingDirection": "j-",
    "PhaseEncodingSteps": 90,
    "PhaseResolution": 1,
    "PixelBandwidth": 2780,
    "ProtocolName": "BOLD_2p4_MB6_P1_TE30_TR800_AP",
    "PulseSequenceDetails": "%CustomerSeq%\\cmrr_mbep2d_bold",
    "ReceiveCoilActiveElements": "HEA;HEP",
    "ReceiveCoilName": "Head_32",
    "ReconMatrixPE": 90,
    "RepetitionTime": 0.8,
    "SAR": 0.0870516,
    "ScanOptions": "FS",
    "ScanningSequence": "EP",
    "SequenceName": "epfid2d1_90",
    "SequenceVariant": "SK\\SS",
    "SeriesDescription": "BOLD_2p4_MB6_P1_TE30_TR800_AP",
    "SeriesNumber": 9,
    "ShimSetting": [
      4939,
      -11443,
      -1321,
      370,
      -40,
      -83,
      -101,
      57
    ],
    "SliceThickness": 2.4,
    "SliceTiming": [
      0,
      0.545,
      0.31,
      0.0775,
      0.6225,
      0.39,
      0.155,
      0.7,
      0.4675,
      0.2325,
      0,
      0.545,
      0.31,
      0.0775,
      0.6225,
      0.39,
      0.155,
      0.7,
      0.4675,
      0.2325,
      0,
      0.545,
      0.31,
      0.0775,
      0.6225,
      0.39,
      0.155,
      0.7,
      0.4675,
      0.2325,
      0,
      0.545,
      0.31,
      0.0775,
      0.6225,
      0.39,
      0.155,
      0.7,
      0.4675,
      0.2325,
      0,
      0.545,
      0.31,
      0.0775,
      0.6225,
      0.39,
      0.155,
      0.7,
      0.4675,
      0.2325,
      0,
      0.545,
      0.31,
      0.0775,
      0.6225,
      0.39,
      0.155,
      0.7,
      0.4675,
      0.2325
    ],
    "SoftwareVersions": "syngo MR E11",
    "SpacingBetweenSlices": 2.4,
    "StationName": "",
    "TaskName": "WG",
    "TotalReadoutTime": 0.045391,
    "TxRefAmp": 247.49,
    "VendorReportedEchoSpacing": 0.00051,
    "WipMemBlock": "f8ce05c6-5ad2-40a3-b3a1-0c71bf3b1901||Sequence: R016 ve11c/master r/e634e98; Dec 19 2017 11:00:25 by eja",
    "dataset": "ds004073",
    "modality": "bold",
    "subject_id": "OXF26",
    "task_id": "WG"
  },
  "dummy_trs": 2,
  "dvars_nstd": 32.47534263720275,
  "dvars_std": 1.0626089876748257,
  "dvars_vstd": 1.0038644136188817,
  "efc": 0.5354936567705181,
  "fber": 632.8143920898438,
  "fd_mean": 0.13924435008510166,
  "fd_num": 103,
  "fd_perc": 17.975567190226876,
  "fwhm_avg": 3.0244152651143366,
  "fwhm_x": 2.6859332266039364,
  "fwhm_y": 3.1404373752102304,
  "fwhm_z": 3.246875193528843,
  "gcor": 0.00897266,
  "gsr_x": -0.0026004037354141474,
  "gsr_y": 0.08775290101766586,
  "provenance": {
    "md5sum": "8b743a08cf24792c9ac2806b5f89bc93",
    "settings": {
      "fd_thres": 0.2,
      "testing": false
    },
    "software": "mriqc",
    "version": "23.0.0",
    "webapi_port": null,
    "webapi_url": "https://mriqc.nimh.nih.gov/api/v1"
  },
  "size_t": 573,
  "size_x": 90,
  "size_y": 90,
  "size_z": 60,
  "snr": 2.6304009801783432,
  "spacing_tr": 0.800000011920929,
  "spacing_x": 2.4000000953674316,
  "spacing_y": 2.4000000953674316,
  "spacing_z": 2.3999998569488525,
  "summary_bg_k": 23.48184694762702,
  "summary_bg_mad": 108.30758048441255,
  "summary_bg_mean": 333.96746826171875,
  "summary_bg_median": 144.73995971679688,
  "summary_bg_n": 314571.0,
  "summary_bg_p05": 59.00349044799805,
  "summary_bg_p95": 1326.4293212890625,
  "summary_bg_stdv": 538.462158203125,
  "summary_fg_k": 1.2642570920877727,
  "summary_fg_mad": 1225.261963583488,
  "summary_fg_mean": 3997.486083984375,
  "summary_fg_median": 3735.57666015625,
  "summary_fg_n": 93254.0,
  "summary_fg_p05": 2164.2866333007814,
  "summary_fg_p95": 6798.393774414062,
  "summary_fg_stdv": 1420.147216796875,
  "tsnr": 41.58383421134204
}