{
  "bids_meta": {
    "AcquisitionMatrixPE": 94,
    "AcquisitionNumber": 4,
    "AcquisitionTime": "",
    "BodyPartExamined": "BRAIN",
    "CoilString": "MULTI COIL",
    "ConversionSoftware": "dcm2niix",
    "ConversionSoftwareVersion": "v1.0.20210317",
    "DeviceSerialNumber": "45128",
    "EchoTime": 0.03,
    "EchoTrainLength": 47,
    "EstimatedEffectiveEchoSpacing": 0.000388467,
    "EstimatedTotalReadoutTime": 0.0369044,
    "FlipAngle": 52,
    "ImageOrientationPatientDICOM": [
      0.999849,
      -4.72661e-12,
      0.017387,
      0.000696882,
      0.999196,
      -0.0400747
    ],
    "ImageType": [
      "ORIGINAL",
      "PRIMARY",
      "M",
      "FFE",
      "M",
      "FFE"
    ],
    "ImagingFrequency": 127.764,
    "InPlanePhaseEncodingDirectionDICOM": "COL",
    "InstitutionAddress": "",
    "InstitutionName": "",
    "InstitutionalDepartmentName": "",
    "MRAcquisitionType": "2D",
    "MagneticFieldStrength": 3,
    "Manufacturer": "Philips",
    "ManufacturersModelName": "Ingenia Elition X",
    "Modality": "MR",
    "ParallelReductionFactorInPlane": 2,
    "ParallelReductionOutOfPlane": 6,
    "PatientPosition": "HFS",
    "PercentPhaseFOV": 100,
    "PercentSampling": 100,
    "PhaseEncodingAxis": "j",
    "PhaseEncodingSteps": 94,
    "PhilipsRWVIntercept": 0,
    "PhilipsRWVSlope": 0.967033,
    "PhilipsRescaleIntercept": 0,
    "PhilipsRescaleSlope": 0.967033,
    "PhilipsScaleSlope": 0.0162893,
    "PixelBandwidth": 1850,
    "ProcedureStepDescription": "COLA",
    "ProtocolName": "COLA_R3",
    "ReconMatrixPE": 96,
    "RepetitionTime": 0.8,
    "SAR": 0.0818667,
    "ScanOptions": "FS",
    "ScanningSequence": "GR",
    "SequenceVariant": "SK",
    "SeriesDescription": "COLA_R3",
    "SeriesNumber": 401,
    "SliceThickness": 2.4,
    "SoftwareVersions": "5.6.1\\5.6.1.3",
    "SpacingBetweenSlices": 2.4,
    "StationName": "",
    "UsePhilipsFloatNotDisplayScaling": 1,
    "WaterFatShift": 16.3723,
    "dataset": "ds004073",
    "modality": "T1w",
    "subject_id": "BAN21"
  },
  "cjv": 0.21220349703568372,
  "cnr": 6.153781273528126,
  "efc": 0.7134359523691903,
  "fber": 9901.55353635514,
  "fwhm_avg": 5.725326880000001,
  "fwhm_x": 5.4164992000000005,
  "fwhm_y": 5.79206144,
  "fwhm_z": 5.96742,
  "icvs_csf": 0.2438051414009355,
  "icvs_gm": 0.4425852975553528,
  "icvs_wm": 0.3136095610437117,
  "inu_med": 0.5647981762886047,
  "inu_range": 0.1898064196109771,
  "provenance": {
    "md5sum": "f4ef354ad97083f10e58563e6655532b",
    "settings": {
      "testing": false
    },
    "software": "mriqc",
    "version": "23.0.0",
    "warnings": {
      "large_rot_frame": true,
      "small_air_mask": false
    },
    "webapi_port": null,
    "webapi_url": "https://mriqc.nimh.nih.gov/api/v1"
  },
  "qi_1": 0.0,
  "qi_2": 7.997588209172926e-07,
  "rpve_csf": 22.740403352422028,
  "rpve_gm": 12.665714183497652,
  "rpve_wm": 20.56505522320657,
  "size_x": 256,
  "size_y": 256,
  "size_z": 170,
  "snr_csf": 1.144618254878835,
  "snr_gm": 10.915562578236695,
  "snr_total": 14.308954196351344,
  "snr_wm": 30.8666817559385,
  "snrd_csf": 7.29347055487993,
  "snrd_gm": 43.344095655742116,
  "snrd_total": 40.86778103501601,
  "snrd_wm": 71.96577689442599,
  "spacing_x": 0.9765625,
  "spacing_y": 0.9765625,
  "spacing_z": 1.0,
  "summary_bg_k": 86.62764213372526,
  "summary_bg_mad": 0.0,
  "summary_bg_mean": 4.223992295393392,
  "summary_bg_median": 0.0,
  "summary_bg_n": 401882.0,
  "summary_bg_p05": 0.0,
  "summary_bg_p95": 22.671467550098896,
  "summary_bg_stdv": 9.103443412507369,
  "summary_csf_k": 1.0453806355234194,
  "summary_csf_mad": 79.54212808930109,
  "summary_csf_mean": 127.17989543601477,
  "summary_csf_median": 101.34637073613703,
  "summary_csf_n": 56236.0,
  "summary_csf_p05": 28.927605820354074,
  "summary_csf_p95": 308.40255124727264,
  "summary_csf_stdv": 88.54084688869605,
  "summary_gm_k": -0.046679708108867235,
  "summary_gm_mad": 56.85047598754776,
  "summary_gm_mean": 603.1044559491519,
  "summary_gm_median": 602.2875878494233,
  "summary_gm_n": 56267.0,
  "summary_gm_p05": 514.7998678097501,
  "summary_gm_p95": 693.3151669921352,
  "summary_gm_stdv": 55.17647225774022,
  "summary_wm_k": 1.4516124593069755,
  "summary_wm_mad": 27.545481428331573,
  "summary_wm_mean": 995.9241570184339,
  "summary_wm_median": 999.9999658018351,
  "summary_wm_n": 161838.0,
  "summary_wm_p05": 934.8092657886446,
  "summary_wm_p95": 1040.964115653187,
  "summary_wm_stdv": 32.3972911696449,
  "tpm_overlap_csf": 0.14273113735092136,
  "tpm_overlap_gm": 0.501778905403392,
  "tpm_overlap_wm": 0.5202333564843976,
  "wm2max": 0.8513627094754035
}