{
  "aor": 0.0009307504363001745,
  "aqi": 0.006413072233856893,
  "bids_meta": {
    "AcquisitionMatrixPE": 90,
    "AcquisitionNumber": 1,
    "AcquisitionTime": "",
    "BandwidthPerPixelPhaseEncode": 21.786,
    "BaseResolution": 90,
    "BodyPartExamined": "BRAIN",
    "ConsistencyInfo": "N4_VE11C_LATEST_20160120",
    "ConversionSoftware": "dcm2niix",
    "ConversionSoftwareVersion": "v1.0.20210317",
    "DerivedVendorReportedEchoSpacing": 0.000510012,
    "DeviceSerialNumber": "66093",
    "DwellTime": 2e-06,
    "EchoTime": 0.03,
    "EchoTrainLength": 90,
    "EffectiveEchoSpacing": 0.000510012,
    "FlipAngle": 52,
    "ImageComments": "Unaliased MB6/PE3/LB",
    "ImageOrientationPatientDICOM": [
      0.999986,
      0.00102525,
      0.00513102,
      2.29006e-08,
      0.980615,
      -0.195946
    ],
    "ImageType": [
      "ORIGINAL",
      "PRIMARY",
      "M",
      "MB",
      "ND",
      "MOSAIC"
    ],
    "ImagingFrequency": 123.26,
    "InPlanePhaseEncodingDirectionDICOM": "COL",
    "InstitutionAddress": "",
    "InstitutionName": "",
    "InstitutionalDepartmentName": "",
    "MRAcquisitionType": "2D",
    "MagneticFieldStrength": 3,
    "Manufacturer": "Siemens",
    "ManufacturersModelName": "Prisma",
    "Modality": "MR",
    "MultibandAccelerationFactor": 6,
    "PartialFourier": 1,
    "PatientPosition": "HFS",
    "PercentPhaseFOV": 100,
    "PercentSampling": 100,
    "PhaseEncodingDirection": "j-",
    "PhaseEncodingSteps": 90,
    "PhaseResolution": 1,
    "PixelBandwidth": 2780,
    "ProtocolName": "BOLD_2p4_MB6_P1_TE30_TR800_AP",
    "PulseSequenceDetails": "%CustomerSeq%\\cmrr_mbep2d_bold",
    "ReceiveCoilActiveElements": "HEA;HEP",
    "ReceiveCoilName": "Head_32",
    "ReconMatrixPE": 90,
    "RepetitionTime": 0.8,
    "SAR": 0.0761487,
    "ScanOptions": "FS",
    "ScanningSequence": "EP",
    "SequenceName": "epfid2d1_90",
    "SequenceVariant": "SK\\SS",
    "SeriesDescription": "BOLD_2p4_MB6_P1_TE30_TR800_AP",
    "SeriesNumber": 7,
    "ShimSetting": [
      4966,
      -11402,
      -1340,
      360,
      62,
      168,
      78,
      51
    ],
    "SliceThickness": 2.4,
    "SliceTiming": [
      0,
      0.545,
      0.3125,
      0.0775,
      0.625,
      0.39,
      0.155,
      0.7025,
      0.4675,
      0.235,
      0,
      0.545,
      0.3125,
      0.0775,
      0.625,
      0.39,
      0.155,
      0.7025,
      0.4675,
      0.235,
      0,
      0.545,
      0.3125,
      0.0775,
      0.625,
      0.39,
      0.155,
      0.7025,
      0.4675,
      0.235,
      0,
      0.545,
      0.3125,
      0.0775,
      0.625,
      0.39,
      0.155,
      0.7025,
      0.4675,
      0.235,
      0,
      0.545,
      0.3125,
      0.0775,
      0.625,
      0.39,
      0.155,
      0.7025,
      0.4675,
      0.235,
      0,
      0.545,
      0.3125,
      0.0775,
      0.625,
      0.39,
      0.155,
      0.7025,
      0.4675,
      0.235
    ],
    "SoftwareVersions": "syngo MR E11",
    "SpacingBetweenSlices": 2.4,
    "StationName": "",
    "TaskName": "SC",
    "TotalReadoutTime": 0.045391,
    "TxRefAmp": 236.421,
    "VendorReportedEchoSpacing": 0.00051,
    "WipMemBlock": "60416398-0928-4b68-88dc-d819995e9f91||Sequence: R016 ve11c/master r/e634e98; Dec 19 2017 11:00:25 by eja",
    "dataset": "ds004073",
    "modality": "bold",
    "subject_id": "OXF06",
    "task_id": "SC"
  },
  "dummy_trs": 2,
  "dvars_nstd": 33.534443175,
  "dvars_std": 1.0618142486888105,
  "dvars_vstd": 1.0052344110664326,
  "efc": 0.521206529749951,
  "fber": 882.4586791992188,
  "fd_mean": 0.10980690550471979,
  "fd_num": 41,
  "fd_perc": 7.155322862129145,
  "fwhm_avg": 2.982360992602733,
  "fwhm_x": 2.691537393047913,
  "fwhm_y": 3.1102540430762753,
  "fwhm_z": 3.14529154168401,
  "gcor": 0.0201097,
  "gsr_x": -0.01735416240990162,
  "gsr_y": 0.08374577015638351,
  "provenance": {
    "md5sum": "16d7c9ac256df2b1c6490c15a783c1f5",
    "settings": {
      "fd_thres": 0.2,
      "testing": false
    },
    "software": "mriqc",
    "version": "23.0.0",
    "webapi_port": null,
    "webapi_url": "https://mriqc.nimh.nih.gov/api/v1"
  },
  "size_t": 573,
  "size_x": 90,
  "size_y": 90,
  "size_z": 60,
  "snr": 2.89392517417626,
  "spacing_tr": 0.800000011920929,
  "spacing_x": 2.4000000953674316,
  "spacing_y": 2.4000000953674316,
  "spacing_z": 2.4000000953674316,
  "summary_bg_k": 18.61426520442071,
  "summary_bg_mad": 78.67624155376109,
  "summary_bg_mean": 281.8868408203125,
  "summary_bg_median": 118.1012191772461,
  "summary_bg_n": 323872.0,
  "summary_bg_p05": 58.99476623535156,
  "summary_bg_p95": 1115.349481201172,
  "summary_bg_stdv": 422.77996826171875,
  "summary_fg_k": 0.7770174987788439,
  "summary_fg_mad": 1124.184941999034,
  "summary_fg_mean": 3825.40576171875,
  "summary_fg_median": 3598.7451171875,
  "summary_fg_n": 87452.0,
  "summary_fg_p05": 2203.2520385742187,
  "summary_fg_p95": 6243.861572265624,
  "summary_fg_stdv": 1243.54443359375,
  "tsnr": 38.11677741073072
}