{
  "aor": 0.0009897038327526132,
  "aqi": 0.0068389670383275265,
  "bids_meta": {
    "AcquisitionMatrixPE": 90,
    "AcquisitionNumber": 1,
    "AcquisitionTime": "",
    "BandwidthPerPixelPhaseEncode": 21.786,
    "BaseResolution": 90,
    "BodyPartExamined": "BRAIN",
    "ConsistencyInfo": "N4_VE11C_LATEST_20160120",
    "ConversionSoftware": "dcm2niix",
    "ConversionSoftwareVersion": "v1.0.20210317",
    "DerivedVendorReportedEchoSpacing": 0.000510012,
    "DeviceSerialNumber": "66093",
    "DwellTime": 2e-06,
    "EchoTime": 0.03,
    "EchoTrainLength": 90,
    "EffectiveEchoSpacing": 0.000510012,
    "FlipAngle": 52,
    "ImageComments": "Unaliased MB6/PE3/LB",
    "ImageOrientationPatientDICOM": [
      0.999986,
      0.00102525,
      0.00513102,
      2.29006e-08,
      0.980615,
      -0.195946
    ],
    "ImageType": [
      "ORIGINAL",
      "PRIMARY",
      "M",
      "MB",
      "ND",
      "MOSAIC"
    ],
    "ImagingFrequency": 123.26,
    "InPlanePhaseEncodingDirectionDICOM": "COL",
    "InstitutionAddress": "",
    "InstitutionName": "",
    "InstitutionalDepartmentName": "",
    "MRAcquisitionType": "2D",
    "MagneticFieldStrength": 3,
    "Manufacturer": "Siemens",
    "ManufacturersModelName": "Prisma",
    "Modality": "MR",
    "MultibandAccelerationFactor": 6,
    "PartialFourier": 1,
    "PatientPosition": "HFS",
    "PercentPhaseFOV": 100,
    "PercentSampling": 100,
    "PhaseEncodingDirection": "j-",
    "PhaseEncodingSteps": 90,
    "PhaseResolution": 1,
    "PixelBandwidth": 2780,
    "ProtocolName": "BOLD_2p4_MB6_P1_TE30_TR800_AP",
    "PulseSequenceDetails": "%CustomerSeq%\\cmrr_mbep2d_bold",
    "ReceiveCoilActiveElements": "HEA;HEP",
    "ReceiveCoilName": "Head_32",
    "ReconMatrixPE": 90,
    "RepetitionTime": 0.8,
    "SAR": 0.0761487,
    "ScanOptions": "FS",
    "ScanningSequence": "EP",
    "SequenceName": "epfid2d1_90",
    "SequenceVariant": "SK\\SS",
    "SeriesDescription": "BOLD_2p4_MB6_P1_TE30_TR800_AP",
    "SeriesNumber": 17,
    "ShimSetting": [
      4966,
      -11402,
      -1340,
      360,
      62,
      168,
      78,
      51
    ],
    "SliceThickness": 2.4,
    "SliceTiming": [
      0,
      0.545,
      0.3125,
      0.0775,
      0.625,
      0.39,
      0.155,
      0.7025,
      0.4675,
      0.235,
      0,
      0.545,
      0.3125,
      0.0775,
      0.625,
      0.39,
      0.155,
      0.7025,
      0.4675,
      0.235,
      0,
      0.545,
      0.3125,
      0.0775,
      0.625,
      0.39,
      0.155,
      0.7025,
      0.4675,
      0.235,
      0,
      0.545,
      0.3125,
      0.0775,
      0.625,
      0.39,
      0.155,
      0.7025,
      0.4675,
      0.235,
      0,
      0.545,
      0.3125,
      0.0775,
      0.625,
      0.39,
      0.155,
      0.7025,
      0.4675,
      0.235,
      0,
      0.545,
      0.3125,
      0.0775,
      0.625,
      0.39,
      0.155,
      0.7025,
      0.4675,
      0.235
    ],
    "SoftwareVersions": "syngo MR E11",
    "SpacingBetweenSlices": 2.4,
    "StationName": "",
    "TaskName": "WC",
    "TotalReadoutTime": 0.045391,
    "TxRefAmp": 236.421,
    "VendorReportedEchoSpacing": 0.00051,
    "WipMemBlock": "378b4602-73d1-4e03-a41f-ee6f8b6eeb85||Sequence: R016 ve11c/master r/e634e98; Dec 19 2017 11:00:25 by eja",
    "dataset": "ds004073",
    "modality": "bold",
    "subject_id": "OXF06",
    "task_id": "WC"
  },
  "dummy_trs": 1,
  "dvars_nstd": 35.231804939214676,
  "dvars_std": 1.066125559197208,
  "dvars_vstd": 0.995658757486911,
  "efc": 0.5227509755947278,
  "fber": 852.9469604492188,
  "fd_mean": 0.13180881632199673,
  "fd_num": 79,
  "fd_perc": 13.763066202090592,
  "fwhm_avg": 2.996792936473703,
  "fwhm_x": 2.7349540579893565,
  "fwhm_y": 3.1205832093324974,
  "fwhm_z": 3.134841542099256,
  "gcor": 0.0174881,
  "gsr_x": -0.015476396307349205,
  "gsr_y": 0.07620100677013397,
  "provenance": {
    "md5sum": "4a88e9f113dacce6ad2d3a08c018f753",
    "settings": {
      "fd_thres": 0.2,
      "testing": false
    },
    "software": "mriqc",
    "version": "23.0.0",
    "webapi_port": null,
    "webapi_url": "https://mriqc.nimh.nih.gov/api/v1"
  },
  "size_t": 574,
  "size_x": 90,
  "size_y": 90,
  "size_z": 60,
  "snr": 2.871814789473969,
  "spacing_tr": 0.800000011920929,
  "spacing_x": 2.4000000953674316,
  "spacing_y": 2.4000000953674316,
  "spacing_z": 2.4000000953674316,
  "summary_bg_k": 16.54044982342693,
  "summary_bg_mad": 80.12768098302121,
  "summary_bg_mean": 280.9710388183594,
  "summary_bg_median": 120.20906066894531,
  "summary_bg_n": 321944.0,
  "summary_bg_p05": 60.040069580078125,
  "summary_bg_p95": 1105.8062744140614,
  "summary_bg_stdv": 409.5865783691406,
  "summary_fg_k": 0.7451474116270469,
  "summary_fg_mad": 1149.137977091646,
  "summary_fg_mean": 3850.205810546875,
  "summary_fg_median": 3622.013916015625,
  "summary_fg_n": 87929.0,
  "summary_fg_p05": 2199.001806640625,
  "summary_fg_p95": 6294.771484374999,
  "summary_fg_stdv": 1261.2210693359375,
  "tsnr": 36.87589488085359
}