{
  "aor": 0.0005177622377622378,
  "aqi": 0.00834631687062937,
  "bids_meta": {
    "AcquisitionMatrixPE": 90,
    "AcquisitionNumber": 1,
    "AcquisitionTime": "",
    "BandwidthPerPixelPhaseEncode": 21.786,
    "BaseResolution": 90,
    "BodyPartExamined": "BRAIN",
    "ConsistencyInfo": "N4_VE11C_LATEST_20160120",
    "ConversionSoftware": "dcm2niix",
    "ConversionSoftwareVersion": "v1.0.20210317",
    "DerivedVendorReportedEchoSpacing": 0.000510012,
    "DeviceSerialNumber": "66093",
    "DwellTime": 2e-06,
    "EchoTime": 0.03,
    "EchoTrainLength": 90,
    "EffectiveEchoSpacing": 0.000510012,
    "FlipAngle": 52,
    "ImageComments": "Unaliased MB6/PE3/LB",
    "ImageOrientationPatientDICOM": [
      0.999986,
      0.00102525,
      0.00513102,
      2.29006e-08,
      0.980615,
      -0.195946
    ],
    "ImageType": [
      "ORIGINAL",
      "PRIMARY",
      "M",
      "MB",
      "ND",
      "MOSAIC"
    ],
    "ImagingFrequency": 123.26,
    "InPlanePhaseEncodingDirectionDICOM": "COL",
    "InstitutionAddress": "",
    "InstitutionName": "",
    "InstitutionalDepartmentName": "",
    "MRAcquisitionType": "2D",
    "MagneticFieldStrength": 3,
    "Manufacturer": "Siemens",
    "ManufacturersModelName": "Prisma",
    "Modality": "MR",
    "MultibandAccelerationFactor": 6,
    "PartialFourier": 1,
    "PatientPosition": "HFS",
    "PercentPhaseFOV": 100,
    "PercentSampling": 100,
    "PhaseEncodingDirection": "j-",
    "PhaseEncodingSteps": 90,
    "PhaseResolution": 1,
    "PixelBandwidth": 2780,
    "ProtocolName": "BOLD_2p4_MB6_P1_TE30_TR800_AP",
    "PulseSequenceDetails": "%CustomerSeq%\\cmrr_mbep2d_bold",
    "ReceiveCoilActiveElements": "HEA;HEP",
    "ReceiveCoilName": "Head_32",
    "ReconMatrixPE": 90,
    "RepetitionTime": 0.8,
    "SAR": 0.0761487,
    "ScanOptions": "FS",
    "ScanningSequence": "EP",
    "SequenceName": "epfid2d1_90",
    "SequenceVariant": "SK\\SS",
    "SeriesDescription": "BOLD_2p4_MB6_P1_TE30_TR800_AP",
    "SeriesNumber": 5,
    "ShimSetting": [
      4966,
      -11402,
      -1340,
      360,
      62,
      168,
      78,
      51
    ],
    "SliceThickness": 2.4,
    "SliceTiming": [
      0,
      0.5475,
      0.3125,
      0.08,
      0.625,
      0.39,
      0.1575,
      0.7025,
      0.47,
      0.235,
      0,
      0.5475,
      0.3125,
      0.08,
      0.625,
      0.39,
      0.1575,
      0.7025,
      0.47,
      0.235,
      0,
      0.5475,
      0.3125,
      0.08,
      0.625,
      0.39,
      0.1575,
      0.7025,
      0.47,
      0.235,
      0,
      0.5475,
      0.3125,
      0.08,
      0.625,
      0.39,
      0.1575,
      0.7025,
      0.47,
      0.235,
      0,
      0.5475,
      0.3125,
      0.08,
      0.625,
      0.39,
      0.1575,
      0.7025,
      0.47,
      0.235,
      0,
      0.5475,
      0.3125,
      0.08,
      0.625,
      0.39,
      0.1575,
      0.7025,
      0.47,
      0.235
    ],
    "SoftwareVersions": "syngo MR E11",
    "SpacingBetweenSlices": 2.4,
    "StationName": "",
    "TaskName": "WG",
    "TotalReadoutTime": 0.045391,
    "TxRefAmp": 236.421,
    "VendorReportedEchoSpacing": 0.00051,
    "WipMemBlock": "d3a4b479-ec1e-4654-bfd4-088e4f7325a0||Sequence: R016 ve11c/master r/e634e98; Dec 19 2017 11:00:25 by eja",
    "dataset": "ds004073",
    "modality": "bold",
    "subject_id": "OXF06",
    "task_id": "WG"
  },
  "dummy_trs": 3,
  "dvars_nstd": 34.98584559588439,
  "dvars_std": 1.0374631076882674,
  "dvars_vstd": 0.981727949579685,
  "efc": 0.5218464961575605,
  "fber": 899.2218017578125,
  "fd_mean": 0.14851048691994456,
  "fd_num": 107,
  "fd_perc": 18.706293706293707,
  "fwhm_avg": 2.9740498818218755,
  "fwhm_x": 2.681079060130157,
  "fwhm_y": 3.1029290433673444,
  "fwhm_z": 3.138141541968125,
  "gcor": 0.0151617,
  "gsr_x": -0.017421981319785118,
  "gsr_y": 0.08437880873680115,
  "provenance": {
    "md5sum": "8c96eda31a19a3e05af41342146f04c2",
    "settings": {
      "fd_thres": 0.2,
      "testing": false
    },
    "software": "mriqc",
    "version": "23.0.0",
    "webapi_port": null,
    "webapi_url": "https://mriqc.nimh.nih.gov/api/v1"
  },
  "size_t": 572,
  "size_x": 90,
  "size_y": 90,
  "size_z": 60,
  "snr": 2.9068921277374824,
  "spacing_tr": 0.800000011920929,
  "spacing_x": 2.4000000953674316,
  "spacing_y": 2.4000000953674316,
  "spacing_z": 2.4000000953674316,
  "summary_bg_k": 18.814284648324428,
  "summary_bg_mad": 79.03929087631018,
  "summary_bg_mean": 280.4460144042969,
  "summary_bg_median": 117.28321838378906,
  "summary_bg_n": 323414.0,
  "summary_bg_p05": 58.01398468017578,
  "summary_bg_p95": 1105.4811767578103,
  "summary_bg_stdv": 417.9128723144531,
  "summary_fg_k": 0.7820950770059207,
  "summary_fg_mad": 1120.7900869679393,
  "summary_fg_mean": 3834.673095703125,
  "summary_fg_median": 3606.4248046875,
  "summary_fg_n": 87549.0,
  "summary_fg_p05": 2214.795751953125,
  "summary_fg_p95": 6241.9380859375,
  "summary_fg_stdv": 1240.63916015625,
  "tsnr": 35.05939000740182
}