{
  "aor": 0.0021202260869565216,
  "aqi": 0.05597827547826087,
  "bids_meta": {
    "AcquisitionMatrixPE": 94,
    "AcquisitionNumber": 4,
    "AcquisitionTime": "",
    "BodyPartExamined": "BRAIN",
    "CoilString": "MULTI COIL",
    "ConversionSoftware": "dcm2niix",
    "ConversionSoftwareVersion": "v1.0.20210317",
    "DeviceSerialNumber": "45128",
    "EchoTime": 0.03,
    "EchoTrainLength": 47,
    "EstimatedEffectiveEchoSpacing": 0.000388368,
    "EstimatedTotalReadoutTime": 0.036895,
    "FlipAngle": 52,
    "ImageOrientationPatientDICOM": [
      0.999849,
      0.000378587,
      0.0173829,
      0.000696882,
      0.998087,
      -0.0618219
    ],
    "ImageType": [
      "ORIGINAL",
      "PRIMARY",
      "M",
      "FFE",
      "M",
      "FFE"
    ],
    "ImagingFrequency": 127.764,
    "InPlanePhaseEncodingDirectionDICOM": "COL",
    "InstitutionAddress": "",
    "InstitutionName": "",
    "InstitutionalDepartmentName": "",
    "MRAcquisitionType": "2D",
    "MagneticFieldStrength": 3,
    "Manufacturer": "Philips",
    "ManufacturersModelName": "Ingenia Elition X",
    "Modality": "MR",
    "ParallelReductionFactorInPlane": 2,
    "ParallelReductionOutOfPlane": 6,
    "PatientPosition": "HFS",
    "PercentPhaseFOV": 100,
    "PercentSampling": 100,
    "PhaseEncodingAxis": "j",
    "PhaseEncodingSteps": 94,
    "PhilipsRWVIntercept": 0,
    "PhilipsRWVSlope": 0.988278,
    "PhilipsRescaleIntercept": 0,
    "PhilipsRescaleSlope": 0.988278,
    "PhilipsScaleSlope": 0.0162582,
    "PixelBandwidth": 1851,
    "ProcedureStepDescription": "COLA",
    "ProtocolName": "COLA_R3",
    "ReconMatrixPE": 96,
    "RepetitionTime": 0.8,
    "SAR": 0.0818666,
    "ScanOptions": "FS",
    "ScanningSequence": "GR",
    "SequenceVariant": "SK",
    "SeriesDescription": "COLA_R3",
    "SeriesNumber": 401,
    "SliceThickness": 2.4,
    "SoftwareVersions": "5.6.1\\5.6.1.2",
    "SpacingBetweenSlices": 2.4,
    "StationName": "",
    "TaskName": "WG",
    "UsePhilipsFloatNotDisplayScaling": 1,
    "WaterFatShift": 16.3681,
    "dataset": "ds004073",
    "modality": "bold",
    "subject_id": "BAN05",
    "task_id": "WG"
  },
  "dummy_trs": 0,
  "dvars_nstd": 84.1386754637456,
  "dvars_std": 1.12443383945993,
  "dvars_vstd": 1.035289103013938,
  "efc": 0.44944729082061396,
  "fber": 1386562.0,
  "fd_mean": 0.4100493500107897,
  "fd_num": 336,
  "fd_perc": 58.43478260869565,
  "fwhm_avg": 2.2124903600543107,
  "fwhm_x": 2.1640738109155344,
  "fwhm_y": 2.4536265161725423,
  "fwhm_z": 2.0197707530748548,
  "gcor": 0.0142716,
  "gsr_x": -0.01365940272808075,
  "gsr_y": 0.04119716212153435,
  "provenance": {
    "md5sum": "853e7164633d52d2fafafe89536bd7a9",
    "settings": {
      "fd_thres": 0.2,
      "testing": false
    },
    "software": "mriqc",
    "version": "23.0.0",
    "webapi_port": null,
    "webapi_url": "https://mriqc.nimh.nih.gov/api/v1"
  },
  "size_t": 575,
  "size_x": 96,
  "size_y": 96,
  "size_z": 60,
  "snr": 5.298609730793597,
  "spacing_tr": 0.8000001907348633,
  "spacing_x": 2.3958332538604736,
  "spacing_y": 2.3958332538604736,
  "spacing_z": 2.4000000953674316,
  "summary_bg_k": 27.422897089134054,
  "summary_bg_mad": 96.64808421698312,
  "summary_bg_mean": 2706.105224609375,
  "summary_bg_median": 66.5184555053711,
  "summary_bg_n": 393325.0,
  "summary_bg_p05": 0.9588190197944642,
  "summary_bg_p95": 13829.56367187499,
  "summary_bg_stdv": 6001.04833984375,
  "summary_fg_k": 0.7971535081314451,
  "summary_fg_mad": 13492.601023372627,
  "summary_fg_mean": 76315.4296875,
  "summary_fg_median": 76168.9453125,
  "summary_fg_n": 88206.0,
  "summary_fg_p05": 53616.2470703125,
  "summary_fg_p95": 100466.107421875,
  "summary_fg_stdv": 14375.1884765625,
  "tsnr": 16.514816284179688
}