{
  "aor": 0.003462904347826087,
  "aqi": 0.060640341043478256,
  "bids_meta": {
    "AcquisitionMatrixPE": 94,
    "AcquisitionNumber": 10,
    "AcquisitionTime": "",
    "BodyPartExamined": "BRAIN",
    "CoilString": "MULTI COIL",
    "ConversionSoftware": "dcm2niix",
    "ConversionSoftwareVersion": "v1.0.20210317",
    "DeviceSerialNumber": "45128",
    "EchoTime": 0.03,
    "EchoTrainLength": 47,
    "EstimatedEffectiveEchoSpacing": 0.000388368,
    "EstimatedTotalReadoutTime": 0.036895,
    "FlipAngle": 52,
    "ImageOrientationPatientDICOM": [
      0.999849,
      0.000378587,
      0.0173829,
      0.000696882,
      0.998087,
      -0.0618219
    ],
    "ImageType": [
      "ORIGINAL",
      "PRIMARY",
      "M",
      "FFE",
      "M",
      "FFE"
    ],
    "ImagingFrequency": 127.764,
    "InPlanePhaseEncodingDirectionDICOM": "COL",
    "InstitutionAddress": "",
    "InstitutionName": "",
    "InstitutionalDepartmentName": "",
    "MRAcquisitionType": "2D",
    "MagneticFieldStrength": 3,
    "Manufacturer": "Philips",
    "ManufacturersModelName": "Ingenia Elition X",
    "Modality": "MR",
    "ParallelReductionFactorInPlane": 2,
    "ParallelReductionOutOfPlane": 6,
    "PatientPosition": "HFS",
    "PercentPhaseFOV": 100,
    "PercentSampling": 100,
    "PhaseEncodingAxis": "j",
    "PhaseEncodingSteps": 94,
    "PhilipsRWVIntercept": 0,
    "PhilipsRWVSlope": 1.02515,
    "PhilipsRescaleIntercept": 0,
    "PhilipsRescaleSlope": 1.02515,
    "PhilipsScaleSlope": 0.0162987,
    "PixelBandwidth": 1851,
    "ProcedureStepDescription": "COLA",
    "ProtocolName": "COLA_R6",
    "ReconMatrixPE": 96,
    "RepetitionTime": 0.8,
    "SAR": 0.0818666,
    "ScanOptions": "FS",
    "ScanningSequence": "GR",
    "SequenceVariant": "SK",
    "SeriesDescription": "COLA_R6",
    "SeriesNumber": 1001,
    "SliceThickness": 2.4,
    "SoftwareVersions": "5.6.1\\5.6.1.2",
    "SpacingBetweenSlices": 2.4,
    "StationName": "",
    "TaskName": "SG",
    "UsePhilipsFloatNotDisplayScaling": 1,
    "WaterFatShift": 16.3681,
    "dataset": "ds004073",
    "modality": "bold",
    "subject_id": "BAN05",
    "task_id": "SG"
  },
  "dummy_trs": 0,
  "dvars_nstd": 84.5618844645297,
  "dvars_std": 1.1451325211324042,
  "dvars_vstd": 1.0587705607839724,
  "efc": 0.44958742654285194,
  "fber": 1354365.875,
  "fd_mean": 0.5410431325660013,
  "fd_num": 414,
  "fd_perc": 72.0,
  "fwhm_avg": 2.2231192914060034,
  "fwhm_x": 2.200779203437447,
  "fwhm_y": 2.3925162532758715,
  "fwhm_z": 2.076062417504691,
  "gcor": 0.0110748,
  "gsr_x": -0.013217427767813206,
  "gsr_y": 0.045175984501838684,
  "provenance": {
    "md5sum": "3a2d386b0b68eef131bf947dba365176",
    "settings": {
      "fd_thres": 0.2,
      "testing": false
    },
    "software": "mriqc",
    "version": "23.0.0",
    "webapi_port": null,
    "webapi_url": "https://mriqc.nimh.nih.gov/api/v1"
  },
  "size_t": 575,
  "size_x": 96,
  "size_y": 96,
  "size_z": 60,
  "snr": 5.186990246814924,
  "spacing_tr": 0.8000001907348633,
  "spacing_x": 2.3958332538604736,
  "spacing_y": 2.3958332538604736,
  "spacing_z": 2.4000000953674316,
  "summary_bg_k": 24.805539552410423,
  "summary_bg_mad": 96.57657425824866,
  "summary_bg_mean": 2746.3828125,
  "summary_bg_median": 66.81416320800781,
  "summary_bg_n": 393778.0,
  "summary_bg_p05": 1.1844139635562898,
  "summary_bg_p95": 13938.870458984362,
  "summary_bg_stdv": 6064.7900390625,
  "summary_fg_k": 0.8711815773781582,
  "summary_fg_mad": 13460.308093800802,
  "summary_fg_mean": 76191.953125,
  "summary_fg_median": 75793.5625,
  "summary_fg_n": 88074.0,
  "summary_fg_p05": 53649.402148437504,
  "summary_fg_p95": 101306.29960937492,
  "summary_fg_stdv": 14612.16015625,
  "tsnr": 15.603302001953125
}