{
  "aor": 0.002750904347826087,
  "aqi": 0.011626266730434784,
  "bids_meta": {
    "AcquisitionMatrixPE": 90,
    "AcquisitionNumber": 1,
    "AcquisitionTime": "",
    "BandwidthPerPixelPhaseEncode": 21.786,
    "BaseResolution": 90,
    "BodyPartExamined": "BRAIN",
    "ConsistencyInfo": "N4_VE11C_LATEST_20160120",
    "ConversionSoftware": "dcm2niix",
    "ConversionSoftwareVersion": "v1.0.20210317",
    "DerivedVendorReportedEchoSpacing": 0.000510012,
    "DeviceSerialNumber": "66093",
    "DwellTime": 2e-06,
    "EchoTime": 0.03,
    "EchoTrainLength": 90,
    "EffectiveEchoSpacing": 0.000510012,
    "FlipAngle": 52,
    "ImageComments": "Unaliased MB6/PE3/LB",
    "ImageOrientationPatientDICOM": [
      0.999994,
      7.31501e-05,
      -0.00349149,
      -1.26794e-08,
      0.999781,
      0.0209428
    ],
    "ImageType": [
      "ORIGINAL",
      "PRIMARY",
      "M",
      "MB",
      "ND",
      "MOSAIC"
    ],
    "ImagingFrequency": 123.26,
    "InPlanePhaseEncodingDirectionDICOM": "COL",
    "InstitutionAddress": "",
    "InstitutionName": "",
    "InstitutionalDepartmentName": "",
    "MRAcquisitionType": "2D",
    "MagneticFieldStrength": 3,
    "Manufacturer": "Siemens",
    "ManufacturersModelName": "Prisma",
    "Modality": "MR",
    "MultibandAccelerationFactor": 6,
    "PartialFourier": 1,
    "PatientPosition": "HFS",
    "PercentPhaseFOV": 100,
    "PercentSampling": 100,
    "PhaseEncodingDirection": "j-",
    "PhaseEncodingSteps": 90,
    "PhaseResolution": 1,
    "PixelBandwidth": 2780,
    "ProtocolName": "BOLD_2p4_MB6_P1_TE30_TR800_AP",
    "PulseSequenceDetails": "%CustomerSeq%\\cmrr_mbep2d_bold",
    "ReceiveCoilActiveElements": "HEA;HEP",
    "ReceiveCoilName": "Head_32",
    "ReconMatrixPE": 90,
    "RepetitionTime": 0.8,
    "SAR": 0.0654133,
    "ScanOptions": "FS",
    "ScanningSequence": "EP",
    "SequenceName": "epfid2d1_90",
    "SequenceVariant": "SK\\SS",
    "SeriesDescription": "BOLD_2p4_MB6_P1_TE30_TR800_AP",
    "SeriesNumber": 17,
    "ShimSetting": [
      4918,
      -11447,
      -1350,
      639,
      -66,
      88,
      98,
      83
    ],
    "SliceThickness": 2.4,
    "SliceTiming": [
      0,
      0.545,
      0.31,
      0.0775,
      0.6225,
      0.39,
      0.155,
      0.7,
      0.4675,
      0.2325,
      0,
      0.545,
      0.31,
      0.0775,
      0.6225,
      0.39,
      0.155,
      0.7,
      0.4675,
      0.2325,
      0,
      0.545,
      0.31,
      0.0775,
      0.6225,
      0.39,
      0.155,
      0.7,
      0.4675,
      0.2325,
      0,
      0.545,
      0.31,
      0.0775,
      0.6225,
      0.39,
      0.155,
      0.7,
      0.4675,
      0.2325,
      0,
      0.545,
      0.31,
      0.0775,
      0.6225,
      0.39,
      0.155,
      0.7,
      0.4675,
      0.2325,
      0,
      0.545,
      0.31,
      0.0775,
      0.6225,
      0.39,
      0.155,
      0.7,
      0.4675,
      0.2325
    ],
    "SoftwareVersions": "syngo MR E11",
    "SpacingBetweenSlices": 2.4,
    "StationName": "",
    "TaskName": "SG",
    "TotalReadoutTime": 0.045391,
    "TxRefAmp": 231.048,
    "VendorReportedEchoSpacing": 0.00051,
    "WipMemBlock": "8b2e08ea-b444-4b99-a196-f846d1bb43f0||Sequence: R016 ve11c/master r/e634e98; Dec 19 2017 11:00:25 by eja",
    "dataset": "ds004073",
    "modality": "bold",
    "subject_id": "OXF02",
    "task_id": "SG"
  },
  "dummy_trs": 0,
  "dvars_nstd": 42.0835682441289,
  "dvars_std": 1.0592728501742157,
  "dvars_vstd": 0.9853209544773517,
  "efc": 0.43158887344369345,
  "fber": 2433.943115234375,
  "fd_mean": 0.2898817618281237,
  "fd_num": 207,
  "fd_perc": 36.0,
  "fwhm_avg": 3.111263765258375,
  "fwhm_x": 2.8909248851249663,
  "fwhm_y": 3.1345873754426887,
  "fwhm_z": 3.3082790352074687,
  "gcor": 0.018209,
  "gsr_x": -0.017572995275259018,
  "gsr_y": 0.06091386079788208,
  "provenance": {
    "md5sum": "2d9beceb4a2a7cbc65068a020f650921",
    "settings": {
      "fd_thres": 0.2,
      "testing": false
    },
    "software": "mriqc",
    "version": "23.0.0",
    "webapi_port": null,
    "webapi_url": "https://mriqc.nimh.nih.gov/api/v1"
  },
  "size_t": 575,
  "size_x": 90,
  "size_y": 90,
  "size_z": 60,
  "snr": 2.7172862271399603,
  "spacing_tr": 0.800000011920929,
  "spacing_x": 2.4000000953674316,
  "spacing_y": 2.4000000953674316,
  "spacing_z": 2.4000000953674316,
  "summary_bg_k": 30.942045742827453,
  "summary_bg_mad": 28.215852650435544,
  "summary_bg_mean": 174.852783203125,
  "summary_bg_median": 70.9634780883789,
  "summary_bg_n": 358385.0,
  "summary_bg_p05": 47.37739181518555,
  "summary_bg_p95": 699.1965332031248,
  "summary_bg_stdv": 320.90277099609375,
  "summary_fg_k": 2.4775082637072545,
  "summary_fg_mad": 927.4360987639498,
  "summary_fg_mean": 3846.1572265625,
  "summary_fg_median": 3523.320068359375,
  "summary_fg_n": 62689.0,
  "summary_fg_p05": 2337.088330078125,
  "summary_fg_p95": 6479.464453125,
  "summary_fg_stdv": 1296.62158203125,
  "tsnr": 31.20157906692475
}