{
  "aor": 0.0020425174825174828,
  "aqi": 0.006227187132867133,
  "bids_meta": {
    "AcquisitionMatrixPE": 90,
    "AcquisitionNumber": 1,
    "AcquisitionTime": "",
    "BandwidthPerPixelPhaseEncode": 21.786,
    "BaseResolution": 90,
    "BodyPartExamined": "BRAIN",
    "ConsistencyInfo": "N4_VE11C_LATEST_20160120",
    "ConversionSoftware": "dcm2niix",
    "ConversionSoftwareVersion": "v1.0.20210317",
    "DerivedVendorReportedEchoSpacing": 0.000510012,
    "DeviceSerialNumber": "66093",
    "DwellTime": 2e-06,
    "EchoTime": 0.03,
    "EchoTrainLength": 90,
    "EffectiveEchoSpacing": 0.000510012,
    "FlipAngle": 52,
    "ImageComments": "Unaliased MB6/PE3/LB",
    "ImageOrientationPatientDICOM": [
      0.999994,
      7.31501e-05,
      -0.00349149,
      -1.26794e-08,
      0.999781,
      0.0209428
    ],
    "ImageType": [
      "ORIGINAL",
      "PRIMARY",
      "M",
      "MB",
      "ND",
      "MOSAIC"
    ],
    "ImagingFrequency": 123.26,
    "InPlanePhaseEncodingDirectionDICOM": "COL",
    "InstitutionAddress": "",
    "InstitutionName": "",
    "InstitutionalDepartmentName": "",
    "MRAcquisitionType": "2D",
    "MagneticFieldStrength": 3,
    "Manufacturer": "Siemens",
    "ManufacturersModelName": "Prisma",
    "Modality": "MR",
    "MultibandAccelerationFactor": 6,
    "PartialFourier": 1,
    "PatientPosition": "HFS",
    "PercentPhaseFOV": 100,
    "PercentSampling": 100,
    "PhaseEncodingDirection": "j-",
    "PhaseEncodingSteps": 90,
    "PhaseResolution": 1,
    "PixelBandwidth": 2780,
    "ProtocolName": "BOLD_2p4_MB6_P1_TE30_TR800_AP",
    "PulseSequenceDetails": "%CustomerSeq%\\cmrr_mbep2d_bold",
    "ReceiveCoilActiveElements": "HEA;HEP",
    "ReceiveCoilName": "Head_32",
    "ReconMatrixPE": 90,
    "RepetitionTime": 0.8,
    "SAR": 0.0654133,
    "ScanOptions": "FS",
    "ScanningSequence": "EP",
    "SequenceName": "epfid2d1_90",
    "SequenceVariant": "SK\\SS",
    "SeriesDescription": "BOLD_2p4_MB6_P1_TE30_TR800_AP",
    "SeriesNumber": 21,
    "ShimSetting": [
      4918,
      -11447,
      -1350,
      639,
      -66,
      88,
      98,
      83
    ],
    "SliceThickness": 2.4,
    "SliceTiming": [
      0,
      0.5475,
      0.3125,
      0.08,
      0.625,
      0.39,
      0.1575,
      0.7025,
      0.47,
      0.235,
      0,
      0.5475,
      0.3125,
      0.08,
      0.625,
      0.39,
      0.1575,
      0.7025,
      0.47,
      0.235,
      0,
      0.5475,
      0.3125,
      0.08,
      0.625,
      0.39,
      0.1575,
      0.7025,
      0.47,
      0.235,
      0,
      0.5475,
      0.3125,
      0.08,
      0.625,
      0.39,
      0.1575,
      0.7025,
      0.47,
      0.235,
      0,
      0.5475,
      0.3125,
      0.08,
      0.625,
      0.39,
      0.1575,
      0.7025,
      0.47,
      0.235,
      0,
      0.5475,
      0.3125,
      0.08,
      0.625,
      0.39,
      0.1575,
      0.7025,
      0.47,
      0.235
    ],
    "SoftwareVersions": "syngo MR E11",
    "SpacingBetweenSlices": 2.4,
    "StationName": "",
    "TaskName": "PD",
    "TotalReadoutTime": 0.045391,
    "TxRefAmp": 231.048,
    "VendorReportedEchoSpacing": 0.00051,
    "WipMemBlock": "5d8a0f1e-0607-4425-a97d-d27775bb1c19||Sequence: R016 ve11c/master r/e634e98; Dec 19 2017 11:00:25 by eja",
    "dataset": "ds004073",
    "modality": "bold",
    "subject_id": "OXF02",
    "task_id": "PD"
  },
  "dummy_trs": 3,
  "dvars_nstd": 36.70247130063046,
  "dvars_std": 1.108672237635727,
  "dvars_vstd": 0.9995431234676007,
  "efc": 0.4328976379116793,
  "fber": 2394.375244140625,
  "fd_mean": 0.17647047023635798,
  "fd_num": 120,
  "fd_perc": 20.97902097902098,
  "fwhm_avg": 3.0596721006417766,
  "fwhm_x": 2.8500832200812014,
  "fwhm_y": 3.08060404425446,
  "fwhm_z": 3.248329037589668,
  "gcor": 0.0108714,
  "gsr_x": -0.019173607230186462,
  "gsr_y": 0.0602656714618206,
  "provenance": {
    "md5sum": "5bb0bb813b2bcde256bdafc97b92b1a4",
    "settings": {
      "fd_thres": 0.2,
      "testing": false
    },
    "software": "mriqc",
    "version": "23.0.0",
    "webapi_port": null,
    "webapi_url": "https://mriqc.nimh.nih.gov/api/v1"
  },
  "size_t": 572,
  "size_x": 90,
  "size_y": 90,
  "size_z": 60,
  "snr": 2.7231658447619123,
  "spacing_tr": 0.800000011920929,
  "spacing_x": 2.4000000953674316,
  "spacing_y": 2.4000000953674316,
  "spacing_z": 2.4000000953674316,
  "summary_bg_k": 30.735752570864022,
  "summary_bg_mad": 29.309909747132767,
  "summary_bg_mean": 178.00535583496094,
  "summary_bg_median": 71.83216857910156,
  "summary_bg_n": 358135.0,
  "summary_bg_p05": 47.30769348144531,
  "summary_bg_p95": 721.3518920898431,
  "summary_bg_stdv": 326.0246276855469,
  "summary_fg_k": 2.5634126141311127,
  "summary_fg_mad": 924.2576978653419,
  "summary_fg_mean": 3840.386474609375,
  "summary_fg_median": 3523.18701171875,
  "summary_fg_n": 62823.0,
  "summary_fg_p05": 2328.4658203125,
  "summary_fg_p95": 6473.651513671874,
  "summary_fg_stdv": 1293.773193359375,
  "tsnr": 41.17643297009636
}