{
  "aor": 0.0029567190226876087,
  "aqi": 0.008552841780104712,
  "bids_meta": {
    "AcquisitionMatrixPE": 90,
    "AcquisitionNumber": 1,
    "AcquisitionTime": "",
    "BandwidthPerPixelPhaseEncode": 21.786,
    "BaseResolution": 90,
    "BodyPartExamined": "BRAIN",
    "ConsistencyInfo": "N4_VE11C_LATEST_20160120",
    "ConversionSoftware": "dcm2niix",
    "ConversionSoftwareVersion": "v1.0.20210317",
    "DerivedVendorReportedEchoSpacing": 0.000510012,
    "DeviceSerialNumber": "66093",
    "DwellTime": 2e-06,
    "EchoTime": 0.03,
    "EchoTrainLength": 90,
    "EffectiveEchoSpacing": 0.000510012,
    "FlipAngle": 52,
    "ImageComments": "Unaliased MB6/PE3/LB",
    "ImageOrientationPatientDICOM": [
      0.999986,
      0.00156468,
      0.00499302,
      3.19557e-08,
      0.954241,
      -0.29904
    ],
    "ImageType": [
      "ORIGINAL",
      "PRIMARY",
      "M",
      "MB",
      "ND",
      "MOSAIC"
    ],
    "ImagingFrequency": 123.259,
    "InPlanePhaseEncodingDirectionDICOM": "COL",
    "InstitutionAddress": "",
    "InstitutionName": "",
    "InstitutionalDepartmentName": "",
    "MRAcquisitionType": "2D",
    "MagneticFieldStrength": 3,
    "Manufacturer": "Siemens",
    "ManufacturersModelName": "Prisma",
    "Modality": "MR",
    "MultibandAccelerationFactor": 6,
    "PartialFourier": 1,
    "PatientPosition": "HFS",
    "PercentPhaseFOV": 100,
    "PercentSampling": 100,
    "PhaseEncodingDirection": "j-",
    "PhaseEncodingSteps": 90,
    "PhaseResolution": 1,
    "PixelBandwidth": 2780,
    "ProtocolName": "BOLD_2p4_MB6_P1_TE30_TR800_AP",
    "PulseSequenceDetails": "%CustomerSeq%\\cmrr_mbep2d_bold",
    "ReceiveCoilActiveElements": "HEA;HEP",
    "ReceiveCoilName": "Head_32",
    "ReconMatrixPE": 90,
    "RepetitionTime": 0.8,
    "SAR": 0.0788199,
    "ScanOptions": "FS",
    "ScanningSequence": "EP",
    "SequenceName": "epfid2d1_90",
    "SequenceVariant": "SK\\SS",
    "SeriesDescription": "BOLD_2p4_MB6_P1_TE30_TR800_AP",
    "SeriesNumber": 19,
    "ShimSetting": [
      4954,
      -11369,
      -1324,
      549,
      30,
      124,
      -45,
      48
    ],
    "SliceThickness": 2.4,
    "SliceTiming": [
      0,
      0.5475,
      0.3125,
      0.08,
      0.625,
      0.39,
      0.1575,
      0.7025,
      0.47,
      0.235,
      0,
      0.5475,
      0.3125,
      0.08,
      0.625,
      0.39,
      0.1575,
      0.7025,
      0.47,
      0.235,
      0,
      0.5475,
      0.3125,
      0.08,
      0.625,
      0.39,
      0.1575,
      0.7025,
      0.47,
      0.235,
      0,
      0.5475,
      0.3125,
      0.08,
      0.625,
      0.39,
      0.1575,
      0.7025,
      0.47,
      0.235,
      0,
      0.5475,
      0.3125,
      0.08,
      0.625,
      0.39,
      0.1575,
      0.7025,
      0.47,
      0.235,
      0,
      0.5475,
      0.3125,
      0.08,
      0.625,
      0.39,
      0.1575,
      0.7025,
      0.47,
      0.235
    ],
    "SoftwareVersions": "syngo MR E11",
    "SpacingBetweenSlices": 2.4,
    "StationName": "",
    "TaskName": "SG",
    "TotalReadoutTime": 0.045391,
    "TxRefAmp": 259.3,
    "VendorReportedEchoSpacing": 0.00051,
    "WipMemBlock": "97315269-9d9b-4922-ab70-c6e539b49bda||Sequence: R016 ve11c/master r/e634e98; Dec 19 2017 11:00:25 by eja",
    "dataset": "ds004073",
    "modality": "bold",
    "subject_id": "OXF20",
    "task_id": "SG"
  },
  "dummy_trs": 2,
  "dvars_nstd": 37.71816946575175,
  "dvars_std": 1.0490634380769246,
  "dvars_vstd": 1.0156952751923074,
  "efc": 0.5233128986231413,
  "fber": 596.174560546875,
  "fd_mean": 0.2522247577504363,
  "fd_num": 201,
  "fd_perc": 35.07853403141361,
  "fwhm_avg": 2.9208790506013607,
  "fwhm_x": 2.6940748929470817,
  "fwhm_y": 3.09020404387299,
  "fwhm_z": 2.978358214984011,
  "gcor": 0.0164534,
  "gsr_x": -0.005453905556350946,
  "gsr_y": 0.10398714989423752,
  "provenance": {
    "md5sum": "958ed95f6dd6ac1f9b721df1817b5ac6",
    "settings": {
      "fd_thres": 0.2,
      "testing": false
    },
    "software": "mriqc",
    "version": "23.0.0",
    "webapi_port": null,
    "webapi_url": "https://mriqc.nimh.nih.gov/api/v1"
  },
  "size_t": 573,
  "size_x": 90,
  "size_y": 90,
  "size_z": 60,
  "snr": 2.4499955200867998,
  "spacing_tr": 0.800000011920929,
  "spacing_x": 2.4000000953674316,
  "spacing_y": 2.4000000953674316,
  "spacing_z": 2.4000000953674316,
  "summary_bg_k": 19.78432883781573,
  "summary_bg_mad": 103.61526753040928,
  "summary_bg_mean": 337.0810546875,
  "summary_bg_median": 144.7740020751953,
  "summary_bg_n": 324664.0,
  "summary_bg_p05": 64.74869537353516,
  "summary_bg_p95": 1348.3196472167945,
  "summary_bg_stdv": 510.6912536621094,
  "summary_fg_k": 0.9959044761912756,
  "summary_fg_mad": 1337.0860414349468,
  "summary_fg_mean": 3991.5556640625,
  "summary_fg_median": 3662.72509765625,
  "summary_fg_n": 83736.0,
  "summary_fg_p05": 2109.908447265625,
  "summary_fg_p95": 6846.4486083984375,
  "summary_fg_stdv": 1494.983642578125,
  "tsnr": 31.47588337457273
}