{
  "aor": 0.0013874912891986065,
  "aqi": 0.009908786289198607,
  "bids_meta": {
    "AcquisitionMatrixPE": 90,
    "AcquisitionNumber": 1,
    "AcquisitionTime": "",
    "BandwidthPerPixelPhaseEncode": 21.786,
    "BaseResolution": 90,
    "BodyPartExamined": "BRAIN",
    "ConsistencyInfo": "N4_VE11C_LATEST_20160120",
    "ConversionSoftware": "dcm2niix",
    "ConversionSoftwareVersion": "v1.0.20210317",
    "DerivedVendorReportedEchoSpacing": 0.000510012,
    "DeviceSerialNumber": "66093",
    "DwellTime": 2e-06,
    "EchoTime": 0.03,
    "EchoTrainLength": 90,
    "EffectiveEchoSpacing": 0.000510012,
    "FlipAngle": 52,
    "ImageComments": "Unaliased MB6/PE3/LB",
    "ImageOrientationPatientDICOM": [
      0.999994,
      7.31501e-05,
      -0.00349149,
      -1.26794e-08,
      0.999781,
      0.0209428
    ],
    "ImageType": [
      "ORIGINAL",
      "PRIMARY",
      "M",
      "MB",
      "ND",
      "MOSAIC"
    ],
    "ImagingFrequency": 123.26,
    "InPlanePhaseEncodingDirectionDICOM": "COL",
    "InstitutionAddress": "",
    "InstitutionName": "",
    "InstitutionalDepartmentName": "",
    "MRAcquisitionType": "2D",
    "MagneticFieldStrength": 3,
    "Manufacturer": "Siemens",
    "ManufacturersModelName": "Prisma",
    "Modality": "MR",
    "MultibandAccelerationFactor": 6,
    "PartialFourier": 1,
    "PatientPosition": "HFS",
    "PercentPhaseFOV": 100,
    "PercentSampling": 100,
    "PhaseEncodingDirection": "j-",
    "PhaseEncodingSteps": 90,
    "PhaseResolution": 1,
    "PixelBandwidth": 2780,
    "ProtocolName": "BOLD_2p4_MB6_P1_TE30_TR800_AP",
    "PulseSequenceDetails": "%CustomerSeq%\\cmrr_mbep2d_bold",
    "ReceiveCoilActiveElements": "HEA;HEP",
    "ReceiveCoilName": "Head_32",
    "ReconMatrixPE": 90,
    "RepetitionTime": 0.8,
    "SAR": 0.0654133,
    "ScanOptions": "FS",
    "ScanningSequence": "EP",
    "SequenceName": "epfid2d1_90",
    "SequenceVariant": "SK\\SS",
    "SeriesDescription": "BOLD_2p4_MB6_P1_TE30_TR800_AP",
    "SeriesNumber": 13,
    "ShimSetting": [
      4918,
      -11447,
      -1350,
      639,
      -66,
      88,
      98,
      83
    ],
    "SliceThickness": 2.4,
    "SliceTiming": [
      0,
      0.545,
      0.31,
      0.0775,
      0.6225,
      0.39,
      0.155,
      0.7,
      0.4675,
      0.2325,
      0,
      0.545,
      0.31,
      0.0775,
      0.6225,
      0.39,
      0.155,
      0.7,
      0.4675,
      0.2325,
      0,
      0.545,
      0.31,
      0.0775,
      0.6225,
      0.39,
      0.155,
      0.7,
      0.4675,
      0.2325,
      0,
      0.545,
      0.31,
      0.0775,
      0.6225,
      0.39,
      0.155,
      0.7,
      0.4675,
      0.2325,
      0,
      0.545,
      0.31,
      0.0775,
      0.6225,
      0.39,
      0.155,
      0.7,
      0.4675,
      0.2325,
      0,
      0.545,
      0.31,
      0.0775,
      0.6225,
      0.39,
      0.155,
      0.7,
      0.4675,
      0.2325
    ],
    "SoftwareVersions": "syngo MR E11",
    "SpacingBetweenSlices": 2.4,
    "StationName": "",
    "TaskName": "WC",
    "TotalReadoutTime": 0.045391,
    "TxRefAmp": 231.048,
    "VendorReportedEchoSpacing": 0.00051,
    "WipMemBlock": "de611305-c375-4f40-a39c-29072a30a711||Sequence: R016 ve11c/master r/e634e98; Dec 19 2017 11:00:25 by eja",
    "dataset": "ds004073",
    "modality": "bold",
    "subject_id": "OXF02",
    "task_id": "WC"
  },
  "dummy_trs": 1,
  "dvars_nstd": 35.865797019668406,
  "dvars_std": 1.0443737016230359,
  "dvars_vstd": 0.9626021534729492,
  "efc": 0.4319657175879269,
  "fber": 2446.142333984375,
  "fd_mean": 0.16231396170232446,
  "fd_num": 128,
  "fd_perc": 22.299651567944252,
  "fwhm_avg": 3.0377304348469933,
  "fwhm_x": 2.8426957203747545,
  "fwhm_y": 3.0884248772770215,
  "fwhm_z": 3.182070706889204,
  "gcor": 0.0108672,
  "gsr_x": -0.01971883326768875,
  "gsr_y": 0.06056252866983414,
  "provenance": {
    "md5sum": "baa0edb8aa0edb5436d71d2d640c1671",
    "settings": {
      "fd_thres": 0.2,
      "testing": false
    },
    "software": "mriqc",
    "version": "23.0.0",
    "webapi_port": null,
    "webapi_url": "https://mriqc.nimh.nih.gov/api/v1"
  },
  "size_t": 574,
  "size_x": 90,
  "size_y": 90,
  "size_z": 60,
  "snr": 2.7651008595790336,
  "spacing_tr": 0.800000011920929,
  "spacing_x": 2.4000000953674316,
  "spacing_y": 2.4000000953674316,
  "spacing_z": 2.4000000953674316,
  "summary_bg_k": 30.63794805606358,
  "summary_bg_mad": 28.923655175169113,
  "summary_bg_mean": 174.7196807861328,
  "summary_bg_median": 71.12020874023438,
  "summary_bg_n": 358423.0,
  "summary_bg_p05": 46.43205642700195,
  "summary_bg_p95": 701.5494812011691,
  "summary_bg_stdv": 319.5689392089844,
  "summary_fg_k": 2.6783480572591003,
  "summary_fg_mad": 911.8238920040416,
  "summary_fg_mean": 3832.34619140625,
  "summary_fg_median": 3520.289306640625,
  "summary_fg_n": 62877.0,
  "summary_fg_p05": 2337.202392578125,
  "summary_fg_p95": 6386.72763671875,
  "summary_fg_stdv": 1273.1041259765625,
  "tsnr": 36.99425485229585
}