{
  "aor": 0.005902944250871081,
  "aqi": 0.010975832142857144,
  "bids_meta": {
    "AcquisitionMatrixPE": 90,
    "AcquisitionNumber": 1,
    "AcquisitionTime": "",
    "BandwidthPerPixelPhaseEncode": 21.786,
    "BaseResolution": 90,
    "BodyPartExamined": "BRAIN",
    "ConsistencyInfo": "N4_VE11C_LATEST_20160120",
    "ConversionSoftware": "dcm2niix",
    "ConversionSoftwareVersion": "v1.0.20210317",
    "DerivedVendorReportedEchoSpacing": 0.000510012,
    "DeviceSerialNumber": "66093",
    "DwellTime": 2e-06,
    "EchoTime": 0.03,
    "EchoTrainLength": 90,
    "EffectiveEchoSpacing": 0.000510012,
    "FlipAngle": 52,
    "ImageComments": "Unaliased MB6/PE3/LB",
    "ImageOrientationPatientDICOM": [
      0.999994,
      7.31501e-05,
      -0.00349149,
      -1.26794e-08,
      0.999781,
      0.0209428
    ],
    "ImageType": [
      "ORIGINAL",
      "PRIMARY",
      "M",
      "MB",
      "ND",
      "MOSAIC"
    ],
    "ImagingFrequency": 123.26,
    "InPlanePhaseEncodingDirectionDICOM": "COL",
    "InstitutionAddress": "",
    "InstitutionName": "",
    "InstitutionalDepartmentName": "",
    "MRAcquisitionType": "2D",
    "MagneticFieldStrength": 3,
    "Manufacturer": "Siemens",
    "ManufacturersModelName": "Prisma",
    "Modality": "MR",
    "MultibandAccelerationFactor": 6,
    "PartialFourier": 1,
    "PatientPosition": "HFS",
    "PercentPhaseFOV": 100,
    "PercentSampling": 100,
    "PhaseEncodingDirection": "j-",
    "PhaseEncodingSteps": 90,
    "PhaseResolution": 1,
    "PixelBandwidth": 2780,
    "ProtocolName": "BOLD_2p4_MB6_P1_TE30_TR800_AP",
    "PulseSequenceDetails": "%CustomerSeq%\\cmrr_mbep2d_bold",
    "ReceiveCoilActiveElements": "HEA;HEP",
    "ReceiveCoilName": "Head_32",
    "ReconMatrixPE": 90,
    "RepetitionTime": 0.8,
    "SAR": 0.0654133,
    "ScanOptions": "FS",
    "ScanningSequence": "EP",
    "SequenceName": "epfid2d1_90",
    "SequenceVariant": "SK\\SS",
    "SeriesDescription": "BOLD_2p4_MB6_P1_TE30_TR800_AP",
    "SeriesNumber": 19,
    "ShimSetting": [
      4918,
      -11447,
      -1350,
      639,
      -66,
      88,
      98,
      83
    ],
    "SliceThickness": 2.4,
    "SliceTiming": [
      0,
      0.5475,
      0.3125,
      0.08,
      0.625,
      0.39,
      0.1575,
      0.7025,
      0.47,
      0.235,
      0,
      0.5475,
      0.3125,
      0.08,
      0.625,
      0.39,
      0.1575,
      0.7025,
      0.47,
      0.235,
      0,
      0.5475,
      0.3125,
      0.08,
      0.625,
      0.39,
      0.1575,
      0.7025,
      0.47,
      0.235,
      0,
      0.5475,
      0.3125,
      0.08,
      0.625,
      0.39,
      0.1575,
      0.7025,
      0.47,
      0.235,
      0,
      0.5475,
      0.3125,
      0.08,
      0.625,
      0.39,
      0.1575,
      0.7025,
      0.47,
      0.235,
      0,
      0.5475,
      0.3125,
      0.08,
      0.625,
      0.39,
      0.1575,
      0.7025,
      0.47,
      0.235
    ],
    "SoftwareVersions": "syngo MR E11",
    "SpacingBetweenSlices": 2.4,
    "StationName": "",
    "TaskName": "SC",
    "TotalReadoutTime": 0.045391,
    "TxRefAmp": 231.048,
    "VendorReportedEchoSpacing": 0.00051,
    "WipMemBlock": "aad60744-1678-40cc-80ce-ff8ae1a5277b||Sequence: R016 ve11c/master r/e634e98; Dec 19 2017 11:00:25 by eja",
    "dataset": "ds004073",
    "modality": "bold",
    "subject_id": "OXF02",
    "task_id": "SC"
  },
  "dummy_trs": 1,
  "dvars_nstd": 41.064655074188536,
  "dvars_std": 1.077443897521815,
  "dvars_vstd": 1.0000075310122154,
  "efc": 0.4324717425140374,
  "fber": 2409.505126953125,
  "fd_mean": 0.2755173206018392,
  "fd_num": 135,
  "fd_perc": 23.519163763066203,
  "fwhm_avg": 3.1261332091119605,
  "fwhm_x": 2.903708217950335,
  "fwhm_y": 3.1469748749504536,
  "fwhm_z": 3.327716534435092,
  "gcor": 0.012996,
  "gsr_x": -0.018132537603378296,
  "gsr_y": 0.060192424803972244,
  "provenance": {
    "md5sum": "7e89c0437c04a62c56278eab651433c3",
    "settings": {
      "fd_thres": 0.2,
      "testing": false
    },
    "software": "mriqc",
    "version": "23.0.0",
    "webapi_port": null,
    "webapi_url": "https://mriqc.nimh.nih.gov/api/v1"
  },
  "size_t": 574,
  "size_x": 90,
  "size_y": 90,
  "size_z": 60,
  "snr": 2.7204077178941763,
  "spacing_tr": 0.800000011920929,
  "spacing_x": 2.4000000953674316,
  "spacing_y": 2.4000000953674316,
  "spacing_z": 2.4000000953674316,
  "summary_bg_k": 30.642560143210098,
  "summary_bg_mad": 29.00243877847029,
  "summary_bg_mean": 175.3544921875,
  "summary_bg_median": 71.36324310302734,
  "summary_bg_n": 357892.0,
  "summary_bg_p05": 47.182143402099605,
  "summary_bg_p95": 702.1928680419923,
  "summary_bg_stdv": 319.7652893066406,
  "summary_fg_k": 2.5018198530548412,
  "summary_fg_mad": 927.148156853593,
  "summary_fg_mean": 3839.8876953125,
  "summary_fg_median": 3523.291015625,
  "summary_fg_n": 63026.0,
  "summary_fg_p05": 2314.4177856445312,
  "summary_fg_p95": 6478.4071044921875,
  "summary_fg_stdv": 1295.1231689453125,
  "tsnr": 31.83934330753982
}