{
  "aor": 0.0015058115183246073,
  "aqi": 0.006245245183246074,
  "bids_meta": {
    "AcquisitionMatrixPE": 90,
    "AcquisitionNumber": 1,
    "AcquisitionTime": "",
    "BandwidthPerPixelPhaseEncode": 21.786,
    "BaseResolution": 90,
    "BodyPartExamined": "BRAIN",
    "ConsistencyInfo": "N4_VE11C_LATEST_20160120",
    "ConversionSoftware": "dcm2niix",
    "ConversionSoftwareVersion": "v1.0.20210317",
    "DerivedVendorReportedEchoSpacing": 0.000510012,
    "DeviceSerialNumber": "66093",
    "DwellTime": 2e-06,
    "EchoTime": 0.03,
    "EchoTrainLength": 90,
    "EffectiveEchoSpacing": 0.000510012,
    "FlipAngle": 52,
    "ImageComments": "Unaliased MB6/PE3/LB",
    "ImageOrientationPatientDICOM": [
      0.999994,
      7.31501e-05,
      -0.00349149,
      -1.26794e-08,
      0.999781,
      0.0209428
    ],
    "ImageType": [
      "ORIGINAL",
      "PRIMARY",
      "M",
      "MB",
      "ND",
      "MOSAIC"
    ],
    "ImagingFrequency": 123.26,
    "InPlanePhaseEncodingDirectionDICOM": "COL",
    "InstitutionAddress": "",
    "InstitutionName": "",
    "InstitutionalDepartmentName": "",
    "MRAcquisitionType": "2D",
    "MagneticFieldStrength": 3,
    "Manufacturer": "Siemens",
    "ManufacturersModelName": "Prisma",
    "Modality": "MR",
    "MultibandAccelerationFactor": 6,
    "PartialFourier": 1,
    "PatientPosition": "HFS",
    "PercentPhaseFOV": 100,
    "PercentSampling": 100,
    "PhaseEncodingDirection": "j-",
    "PhaseEncodingSteps": 90,
    "PhaseResolution": 1,
    "PixelBandwidth": 2780,
    "ProtocolName": "BOLD_2p4_MB6_P1_TE30_TR800_AP",
    "PulseSequenceDetails": "%CustomerSeq%\\cmrr_mbep2d_bold",
    "ReceiveCoilActiveElements": "HEA;HEP",
    "ReceiveCoilName": "Head_32",
    "ReconMatrixPE": 90,
    "RepetitionTime": 0.8,
    "SAR": 0.0654133,
    "ScanOptions": "FS",
    "ScanningSequence": "EP",
    "SequenceName": "epfid2d1_90",
    "SequenceVariant": "SK\\SS",
    "SeriesDescription": "BOLD_2p4_MB6_P1_TE30_TR800_AP",
    "SeriesNumber": 23,
    "ShimSetting": [
      4918,
      -11447,
      -1350,
      639,
      -66,
      88,
      98,
      83
    ],
    "SliceThickness": 2.4,
    "SliceTiming": [
      0,
      0.5475,
      0.3125,
      0.08,
      0.625,
      0.39,
      0.1575,
      0.7025,
      0.47,
      0.235,
      0,
      0.5475,
      0.3125,
      0.08,
      0.625,
      0.39,
      0.1575,
      0.7025,
      0.47,
      0.235,
      0,
      0.5475,
      0.3125,
      0.08,
      0.625,
      0.39,
      0.1575,
      0.7025,
      0.47,
      0.235,
      0,
      0.5475,
      0.3125,
      0.08,
      0.625,
      0.39,
      0.1575,
      0.7025,
      0.47,
      0.235,
      0,
      0.5475,
      0.3125,
      0.08,
      0.625,
      0.39,
      0.1575,
      0.7025,
      0.47,
      0.235,
      0,
      0.5475,
      0.3125,
      0.08,
      0.625,
      0.39,
      0.1575,
      0.7025,
      0.47,
      0.235
    ],
    "SoftwareVersions": "syngo MR E11",
    "SpacingBetweenSlices": 2.4,
    "StationName": "",
    "TaskName": "SD",
    "TotalReadoutTime": 0.045391,
    "TxRefAmp": 231.048,
    "VendorReportedEchoSpacing": 0.00051,
    "WipMemBlock": "de6819af-90ad-432c-a1a1-da7fc6000cf6||Sequence: R016 ve11c/master r/e634e98; Dec 19 2017 11:00:25 by eja",
    "dataset": "ds004073",
    "modality": "bold",
    "subject_id": "OXF02",
    "task_id": "SD"
  },
  "dummy_trs": 2,
  "dvars_nstd": 36.212625913479044,
  "dvars_std": 1.0855163054720278,
  "dvars_vstd": 0.9843715865034964,
  "efc": 0.4328310950989857,
  "fber": 2384.84765625,
  "fd_mean": 0.14661135294965966,
  "fd_num": 69,
  "fd_perc": 12.041884816753926,
  "fwhm_avg": 3.0866790440130614,
  "fwhm_x": 2.8678623860413874,
  "fwhm_y": 3.110429043069321,
  "fwhm_z": 3.2817457029284753,
  "gcor": 0.0104072,
  "gsr_x": -0.018881523981690407,
  "gsr_y": 0.06144896149635315,
  "provenance": {
    "md5sum": "717ea8c174e9193b4f09603a59d83abe",
    "settings": {
      "fd_thres": 0.2,
      "testing": false
    },
    "software": "mriqc",
    "version": "23.0.0",
    "webapi_port": null,
    "webapi_url": "https://mriqc.nimh.nih.gov/api/v1"
  },
  "size_t": 573,
  "size_x": 90,
  "size_y": 90,
  "size_z": 60,
  "snr": 2.6927805932374174,
  "spacing_tr": 0.800000011920929,
  "spacing_x": 2.4000000953674316,
  "spacing_y": 2.4000000953674316,
  "spacing_z": 2.4000000953674316,
  "summary_bg_k": 31.0070059896007,
  "summary_bg_mad": 28.75938598939147,
  "summary_bg_mean": 178.25564575195312,
  "summary_bg_median": 71.70156860351562,
  "summary_bg_n": 358067.0,
  "summary_bg_p05": 47.586387634277344,
  "summary_bg_p95": 722.0146545410169,
  "summary_bg_stdv": 328.4962158203125,
  "summary_fg_k": 2.5813644611728055,
  "summary_fg_mad": 928.6573633843691,
  "summary_fg_mean": 3844.775634765625,
  "summary_fg_median": 3517.92333984375,
  "summary_fg_n": 62752.0,
  "summary_fg_p05": 2330.9743896484374,
  "summary_fg_p95": 6515.250366210936,
  "summary_fg_stdv": 1306.4173583984375,
  "tsnr": 41.55180633475538
}