{
  "bids_meta": {
    "AcquisitionMatrixPE": 250,
    "AcquisitionNumber": 6,
    "AcquisitionTime": "",
    "BodyPartExamined": "BRAIN",
    "CoilString": "MULTI COIL",
    "ConversionSoftware": "dcm2niix",
    "ConversionSoftwareVersion": "v1.0.20210317",
    "DeviceSerialNumber": "45128",
    "EchoTime": 0.003494,
    "EchoTrainLength": 560,
    "EstimatedEffectiveEchoSpacing": 4.97191e-06,
    "EstimatedTotalReadoutTime": 0.00126784,
    "FlipAngle": 8,
    "ImageOrientationPatientDICOM": [
      0.99907,
      9.78719e-13,
      0.0431282,
      0.00172861,
      0.999196,
      -0.0400434
    ],
    "ImageType": [
      "ORIGINAL",
      "PRIMARY",
      "M",
      "FFE",
      "M",
      "FFE"
    ],
    "ImagingFrequency": 127.764,
    "InPlanePhaseEncodingDirectionDICOM": "COL",
    "InstitutionAddress": "",
    "InstitutionName": "",
    "InstitutionalDepartmentName": "",
    "MRAcquisitionType": "3D",
    "MagneticFieldStrength": 3,
    "Manufacturer": "Philips",
    "ManufacturersModelName": "Ingenia Elition X",
    "Modality": "MR",
    "ParallelReductionFactorInPlane": 1.73205,
    "ParallelReductionOutOfPlane": 1.73205,
    "PatientPosition": "HFS",
    "PercentPhaseFOV": 100,
    "PercentSampling": 77.9165,
    "PhaseEncodingAxis": "j",
    "PhaseEncodingSteps": 250,
    "PhilipsRWVIntercept": 0,
    "PhilipsRWVSlope": 1,
    "PhilipsRescaleIntercept": 0,
    "PhilipsRescaleSlope": 1,
    "PhilipsScaleSlope": 0.000594562,
    "PixelBandwidth": 787,
    "ProtocolName": "sT1W_1MM_COMBO",
    "ReconMatrixPE": 256,
    "RepetitionTime": 0.0123477,
    "SAR": 0.0170603,
    "ScanOptions": "FC",
    "ScanningSequence": "GR",
    "SequenceVariant": "MP",
    "SeriesDescription": "sT1W_1MM_COMBO",
    "SeriesNumber": 602,
    "SliceThickness": 2,
    "SoftwareVersions": "5.6.1\\5.6.1.3",
    "SpacingBetweenSlices": 1,
    "StationName": "",
    "UsePhilipsFloatNotDisplayScaling": 1,
    "WaterFatShift": 0.551728,
    "dataset": "ds004073",
    "modality": "T1w",
    "subject_id": "BAN16"
  },
  "cjv": 0.24495771362700947,
  "cnr": 5.361762169339514,
  "efc": 0.7375818710633086,
  "fber": -1.0,
  "fwhm_avg": 5.54703744,
  "fwhm_x": 5.17786624,
  "fwhm_y": 5.62116608,
  "fwhm_z": 5.84208,
  "icvs_csf": 0.2724525855601841,
  "icvs_gm": 0.4054563963580384,
  "icvs_wm": 0.3220910180817775,
  "inu_med": 0.560064435005188,
  "inu_range": 0.18964859843254084,
  "provenance": {
    "md5sum": "cceb4e8817a78617305e0f8d6f43f617",
    "settings": {
      "testing": false
    },
    "software": "mriqc",
    "version": "23.0.0",
    "warnings": {
      "large_rot_frame": true,
      "small_air_mask": false
    },
    "webapi_port": null,
    "webapi_url": "https://mriqc.nimh.nih.gov/api/v1"
  },
  "qi_1": 0.0,
  "qi_2": 1.1624497566551886e-06,
  "rpve_csf": 17.34154155036174,
  "rpve_gm": 11.076093011008599,
  "rpve_wm": 17.24586116600097,
  "size_x": 256,
  "size_y": 256,
  "size_z": 170,
  "snr_csf": 1.3954196912332637,
  "snr_gm": 10.652562896543476,
  "snr_total": 14.930120056085258,
  "snr_wm": 32.74237758047904,
  "snrd_csf": 11.780561707435844,
  "snrd_gm": 60.573938868367506,
  "snrd_total": 55.7782584607717,
  "snrd_wm": 94.98027480651176,
  "spacing_x": 0.9765625,
  "spacing_y": 0.9765625,
  "spacing_z": 1.0,
  "summary_bg_k": 700.1984898919928,
  "summary_bg_mad": 0.0,
  "summary_bg_mean": 2.816078936333043,
  "summary_bg_median": 0.0,
  "summary_bg_n": 332288.0,
  "summary_bg_p05": 0.0,
  "summary_bg_p95": 15.620689570903778,
  "summary_bg_stdv": 6.897605092157558,
  "summary_csf_k": 0.451851451235477,
  "summary_csf_mad": 84.42434614170386,
  "summary_csf_mean": 144.79570305659936,
  "summary_csf_median": 124.03167099505663,
  "summary_csf_n": 66730.0,
  "summary_csf_p05": 35.65592184662819,
  "summary_csf_p95": 318.113432972785,
  "summary_csf_stdv": 88.88418474825421,
  "summary_gm_k": 0.061905491413276614,
  "summary_gm_mad": 61.0448123424918,
  "summary_gm_mean": 637.8777127894539,
  "summary_gm_median": 637.7528545055538,
  "summary_gm_n": 50456.0,
  "summary_gm_p05": 541.5243130456656,
  "summary_gm_p95": 735.3874702644534,
  "summary_gm_stdv": 59.86789665330553,
  "summary_wm_k": 0.6051427704797661,
  "summary_wm_mad": 27.690430340924117,
  "summary_wm_mean": 999.7586998128502,
  "summary_wm_median": 1000.0000414568931,
  "summary_wm_n": 204959.0,
  "summary_wm_p05": 948.4687448833138,
  "summary_wm_p95": 1050.2579122502357,
  "summary_wm_stdv": 30.541386296202294,
  "tpm_overlap_csf": 0.15996268306168876,
  "tpm_overlap_gm": 0.47225078883786703,
  "tpm_overlap_wm": 0.5204026777792224,
  "wm2max": 0.9034552845528455
}