{
  "bids_meta": {
    "AcquisitionMatrixPE": 250,
    "AcquisitionNumber": 6,
    "AcquisitionTime": "",
    "BodyPartExamined": "BRAIN",
    "CoilString": "MULTI COIL",
    "ConversionSoftware": "dcm2niix",
    "ConversionSoftwareVersion": "v1.0.20210317",
    "DeviceSerialNumber": "45128",
    "EchoTime": 0.00348,
    "EchoTrainLength": 560,
    "EstimatedEffectiveEchoSpacing": 4.97191e-06,
    "EstimatedTotalReadoutTime": 0.00126784,
    "FlipAngle": 8,
    "ImageOrientationPatientDICOM": [
      0.999849,
      0.00154567,
      0.0173181,
      0.000696882,
      0.991678,
      -0.128743
    ],
    "ImageType": [
      "ORIGINAL",
      "PRIMARY",
      "M",
      "FFE",
      "M",
      "FFE"
    ],
    "ImagingFrequency": 127.764,
    "InPlanePhaseEncodingDirectionDICOM": "COL",
    "InstitutionAddress": "",
    "InstitutionName": "",
    "InstitutionalDepartmentName": "",
    "MRAcquisitionType": "3D",
    "MagneticFieldStrength": 3,
    "Manufacturer": "Philips",
    "ManufacturersModelName": "Ingenia Elition X",
    "Modality": "MR",
    "ParallelReductionFactorInPlane": 1.73205,
    "ParallelReductionOutOfPlane": 1.73205,
    "PatientPosition": "HFS",
    "PercentPhaseFOV": 100,
    "PercentSampling": 77.9165,
    "PhaseEncodingAxis": "j",
    "PhaseEncodingSteps": 250,
    "PhilipsRWVIntercept": 0,
    "PhilipsRWVSlope": 1,
    "PhilipsRescaleIntercept": 0,
    "PhilipsRescaleSlope": 1,
    "PhilipsScaleSlope": 0.000547099,
    "PixelBandwidth": 787,
    "ProcedureStepDescription": "COLA",
    "ProtocolName": "sT1W_1MM_COMBO",
    "ReconMatrixPE": 256,
    "RepetitionTime": 0.0123603,
    "SAR": 0.0170603,
    "ScanOptions": "FC",
    "ScanningSequence": "GR",
    "SequenceVariant": "MP",
    "SeriesDescription": "sT1W_1MM_COMBO",
    "SeriesNumber": 602,
    "SliceThickness": 2,
    "SoftwareVersions": "5.6.1\\5.6.1.3",
    "SpacingBetweenSlices": 1,
    "StationName": "",
    "UsePhilipsFloatNotDisplayScaling": 1,
    "WaterFatShift": 0.551729,
    "dataset": "ds004073",
    "modality": "T1w",
    "subject_id": "BAN13"
  },
  "cjv": 0.22039665792718055,
  "cnr": 5.900179276137829,
  "efc": 0.7433406941022566,
  "fber": -1.0,
  "fwhm_avg": 5.73999896,
  "fwhm_x": 5.36675328,
  "fwhm_y": 5.9342336,
  "fwhm_z": 5.91901,
  "icvs_csf": 0.25354673410966955,
  "icvs_gm": 0.4151282794898251,
  "icvs_wm": 0.3313249864005054,
  "inu_med": 0.47013959288597107,
  "inu_range": 0.1519644558429718,
  "provenance": {
    "md5sum": "ef9403131baf768eb6bc2da20cdab027",
    "settings": {
      "testing": false
    },
    "software": "mriqc",
    "version": "23.0.0",
    "warnings": {
      "large_rot_frame": true,
      "small_air_mask": false
    },
    "webapi_port": null,
    "webapi_url": "https://mriqc.nimh.nih.gov/api/v1"
  },
  "qi_1": 0.0,
  "qi_2": 6.146750611355905e-07,
  "rpve_csf": 16.426983721739234,
  "rpve_gm": 9.95718294179643,
  "rpve_wm": 15.585531547689548,
  "size_x": 256,
  "size_y": 256,
  "size_z": 170,
  "snr_csf": 1.607197567903384,
  "snr_gm": 11.506355467260565,
  "snr_total": 16.773819672193213,
  "snr_wm": 37.207905981415685,
  "snrd_csf": 15.067250839650663,
  "snrd_gm": 61.76593744924232,
  "snrd_total": 58.01127282364081,
  "snrd_wm": 97.20063018202943,
  "spacing_x": 0.9765625,
  "spacing_y": 0.9765625,
  "spacing_z": 1.0,
  "summary_bg_k": 111.65781723218049,
  "summary_bg_mad": 0.0,
  "summary_bg_mean": 2.559510797841592,
  "summary_bg_median": 0.0,
  "summary_bg_n": 335514.0,
  "summary_bg_p05": 0.0,
  "summary_bg_p95": 15.37841647490859,
  "summary_bg_stdv": 6.7401935887449955,
  "summary_csf_k": -0.27016950071332646,
  "summary_csf_mad": 102.00295286105344,
  "summary_csf_mean": 172.38632451661275,
  "summary_csf_median": 155.01533346250653,
  "summary_csf_n": 59856.0,
  "summary_csf_p05": 45.172699339687824,
  "summary_csf_p95": 350.1667669825256,
  "summary_csf_stdv": 96.44989617368923,
  "summary_gm_k": 0.7526763752322121,
  "summary_gm_mad": 56.35302227365178,
  "summary_gm_mean": 638.1374882480815,
  "summary_gm_median": 635.4621352106333,
  "summary_gm_n": 60107.0,
  "summary_gm_p05": 553.5110686682165,
  "summary_gm_p95": 729.7472737729549,
  "summary_gm_stdv": 55.2265963715273,
  "summary_wm_k": 0.7708683412065604,
  "summary_wm_mad": 23.994838105918866,
  "summary_wm_mean": 1000.0216461905271,
  "summary_wm_median": 1000.022383697331,
  "summary_wm_n": 241967.0,
  "summary_wm_p05": 954.7601448148489,
  "summary_wm_p95": 1044.0982236377895,
  "summary_wm_stdv": 26.87655461586419,
  "tpm_overlap_csf": 0.15778149897595903,
  "tpm_overlap_gm": 0.48535719596092236,
  "tpm_overlap_wm": 0.525692084738288,
  "wm2max": 0.8573512196058111
}