{
  "aor": 0.00024399650959860383,
  "aqi": 0.0060669199476439785,
  "bids_meta": {
    "AcquisitionMatrixPE": 90,
    "AcquisitionNumber": 1,
    "AcquisitionTime": "",
    "BandwidthPerPixelPhaseEncode": 21.786,
    "BaseResolution": 90,
    "BodyPartExamined": "BRAIN",
    "ConsistencyInfo": "N4_VE11C_LATEST_20160120",
    "ConversionSoftware": "dcm2niix",
    "ConversionSoftwareVersion": "v1.0.20210317",
    "DerivedVendorReportedEchoSpacing": 0.000510012,
    "DeviceSerialNumber": "66093",
    "DwellTime": 2e-06,
    "EchoTime": 0.03,
    "EchoTrainLength": 90,
    "EffectiveEchoSpacing": 0.000510012,
    "FlipAngle": 52,
    "ImageComments": "Unaliased MB6/PE3/LB",
    "ImageOrientationPatientDICOM": [
      0.999882,
      0.00387358,
      0.0148694,
      2.97801e-08,
      0.967702,
      -0.252095
    ],
    "ImageType": [
      "ORIGINAL",
      "PRIMARY",
      "M",
      "MB",
      "ND",
      "MOSAIC"
    ],
    "ImagingFrequency": 123.26,
    "InPlanePhaseEncodingDirectionDICOM": "COL",
    "InstitutionAddress": "",
    "InstitutionName": "",
    "InstitutionalDepartmentName": "",
    "MRAcquisitionType": "2D",
    "MagneticFieldStrength": 3,
    "Manufacturer": "Siemens",
    "ManufacturersModelName": "Prisma",
    "Modality": "MR",
    "MultibandAccelerationFactor": 6,
    "PartialFourier": 1,
    "PatientPosition": "HFS",
    "PercentPhaseFOV": 100,
    "PercentSampling": 100,
    "PhaseEncodingDirection": "j-",
    "PhaseEncodingSteps": 90,
    "PhaseResolution": 1,
    "PixelBandwidth": 2780,
    "ProtocolName": "BOLD_2p4_MB6_P1_TE30_TR800_AP",
    "PulseSequenceDetails": "%CustomerSeq%\\cmrr_mbep2d_bold",
    "ReceiveCoilActiveElements": "HEA;HEP",
    "ReceiveCoilName": "Head_32",
    "ReconMatrixPE": 90,
    "RepetitionTime": 0.8,
    "SAR": 0.0806971,
    "ScanOptions": "FS",
    "ScanningSequence": "EP",
    "SequenceName": "epfid2d1_90",
    "SequenceVariant": "SK\\SS",
    "SeriesDescription": "BOLD_2p4_MB6_P1_TE30_TR800_AP",
    "SeriesNumber": 9,
    "ShimSetting": [
      4951,
      -11393,
      -1318,
      516,
      17,
      -125,
      -132,
      11
    ],
    "SliceThickness": 2.4,
    "SliceTiming": [
      0,
      0.545,
      0.3125,
      0.0775,
      0.625,
      0.39,
      0.155,
      0.7025,
      0.4675,
      0.235,
      0,
      0.545,
      0.3125,
      0.0775,
      0.625,
      0.39,
      0.155,
      0.7025,
      0.4675,
      0.235,
      0,
      0.545,
      0.3125,
      0.0775,
      0.625,
      0.39,
      0.155,
      0.7025,
      0.4675,
      0.235,
      0,
      0.545,
      0.3125,
      0.0775,
      0.625,
      0.39,
      0.155,
      0.7025,
      0.4675,
      0.235,
      0,
      0.545,
      0.3125,
      0.0775,
      0.625,
      0.39,
      0.155,
      0.7025,
      0.4675,
      0.235,
      0,
      0.545,
      0.3125,
      0.0775,
      0.625,
      0.39,
      0.155,
      0.7025,
      0.4675,
      0.235
    ],
    "SoftwareVersions": "syngo MR E11",
    "SpacingBetweenSlices": 2.4,
    "StationName": "",
    "TaskName": "SC",
    "TotalReadoutTime": 0.045391,
    "TxRefAmp": 255.166,
    "VendorReportedEchoSpacing": 0.00051,
    "WipMemBlock": "1337a244-2132-4a5a-809e-e4327d7a63de||Sequence: R016 ve11c/master r/e634e98; Dec 19 2017 11:00:25 by eja",
    "dataset": "ds004073",
    "modality": "bold",
    "subject_id": "OXF07",
    "task_id": "SC"
  },
  "dummy_trs": 2,
  "dvars_nstd": 32.236921087150314,
  "dvars_std": 0.9961725970104883,
  "dvars_vstd": 0.9862532741958039,
  "efc": 0.5243661900417504,
  "fber": 893.2440795898438,
  "fd_mean": 0.13490620602053366,
  "fd_num": 108,
  "fd_perc": 18.848167539267017,
  "fwhm_avg": 3.066970819375285,
  "fwhm_x": 2.774466556419271,
  "fwhm_y": 3.16759987413089,
  "fwhm_z": 3.258846027575693,
  "gcor": 0.00714827,
  "gsr_x": -0.019511278718709946,
  "gsr_y": 0.1369612067937851,
  "provenance": {
    "md5sum": "b5e49eda77a982512fed1f6b1a8b4598",
    "settings": {
      "fd_thres": 0.2,
      "testing": false
    },
    "software": "mriqc",
    "version": "23.0.0",
    "webapi_port": null,
    "webapi_url": "https://mriqc.nimh.nih.gov/api/v1"
  },
  "size_t": 573,
  "size_x": 90,
  "size_y": 90,
  "size_z": 60,
  "snr": 2.522905680791785,
  "spacing_tr": 0.800000011920929,
  "spacing_x": 2.4000000953674316,
  "spacing_y": 2.4000000953674316,
  "spacing_z": 2.3999998569488525,
  "summary_bg_k": 21.37978246700377,
  "summary_bg_mad": 77.63867903088835,
  "summary_bg_mean": 290.88134765625,
  "summary_bg_median": 109.61431121826172,
  "summary_bg_n": 319827.0,
  "summary_bg_p05": 52.382198333740234,
  "summary_bg_p95": 1199.9272216796887,
  "summary_bg_stdv": 479.25885009765625,
  "summary_fg_k": 1.538437866455567,
  "summary_fg_mad": 1061.7022713784859,
  "summary_fg_mean": 3583.747314453125,
  "summary_fg_median": 3314.07421875,
  "summary_fg_n": 91940.0,
  "summary_fg_p05": 1939.696112060547,
  "summary_fg_p95": 6254.63232421875,
  "summary_fg_stdv": 1313.5870361328125,
  "tsnr": 37.682338615413755
}