{
  "aor": 0.0003228321678321678,
  "aqi": 0.005446781118881119,
  "bids_meta": {
    "AcquisitionMatrixPE": 90,
    "AcquisitionNumber": 1,
    "AcquisitionTime": "",
    "BandwidthPerPixelPhaseEncode": 21.786,
    "BaseResolution": 90,
    "BodyPartExamined": "BRAIN",
    "ConsistencyInfo": "N4_VE11C_LATEST_20160120",
    "ConversionSoftware": "dcm2niix",
    "ConversionSoftwareVersion": "v1.0.20210317",
    "DerivedVendorReportedEchoSpacing": 0.000510012,
    "DeviceSerialNumber": "66093",
    "DwellTime": 2e-06,
    "EchoTime": 0.03,
    "EchoTrainLength": 90,
    "EffectiveEchoSpacing": 0.000510012,
    "FlipAngle": 52,
    "ImageComments": "Unaliased MB6/PE3/LB",
    "ImageOrientationPatientDICOM": [
      0.999882,
      0.00387358,
      0.0148694,
      2.97801e-08,
      0.967702,
      -0.252095
    ],
    "ImageType": [
      "ORIGINAL",
      "PRIMARY",
      "M",
      "MB",
      "ND",
      "MOSAIC"
    ],
    "ImagingFrequency": 123.26,
    "InPlanePhaseEncodingDirectionDICOM": "COL",
    "InstitutionAddress": "",
    "InstitutionName": "",
    "InstitutionalDepartmentName": "",
    "MRAcquisitionType": "2D",
    "MagneticFieldStrength": 3,
    "Manufacturer": "Siemens",
    "ManufacturersModelName": "Prisma",
    "Modality": "MR",
    "MultibandAccelerationFactor": 6,
    "PartialFourier": 1,
    "PatientPosition": "HFS",
    "PercentPhaseFOV": 100,
    "PercentSampling": 100,
    "PhaseEncodingDirection": "j-",
    "PhaseEncodingSteps": 90,
    "PhaseResolution": 1,
    "PixelBandwidth": 2780,
    "ProtocolName": "BOLD_2p4_MB6_P1_TE30_TR800_AP",
    "PulseSequenceDetails": "%CustomerSeq%\\cmrr_mbep2d_bold",
    "ReceiveCoilActiveElements": "HEA;HEP",
    "ReceiveCoilName": "Head_32",
    "ReconMatrixPE": 90,
    "RepetitionTime": 0.8,
    "SAR": 0.0806971,
    "ScanOptions": "FS",
    "ScanningSequence": "EP",
    "SequenceName": "epfid2d1_90",
    "SequenceVariant": "SK\\SS",
    "SeriesDescription": "BOLD_2p4_MB6_P1_TE30_TR800_AP",
    "SeriesNumber": 15,
    "ShimSetting": [
      4951,
      -11393,
      -1318,
      516,
      17,
      -125,
      -132,
      11
    ],
    "SliceThickness": 2.4,
    "SliceTiming": [
      0,
      0.545,
      0.31,
      0.0775,
      0.6225,
      0.3875,
      0.155,
      0.7,
      0.4675,
      0.2325,
      0,
      0.545,
      0.31,
      0.0775,
      0.6225,
      0.3875,
      0.155,
      0.7,
      0.4675,
      0.2325,
      0,
      0.545,
      0.31,
      0.0775,
      0.6225,
      0.3875,
      0.155,
      0.7,
      0.4675,
      0.2325,
      0,
      0.545,
      0.31,
      0.0775,
      0.6225,
      0.3875,
      0.155,
      0.7,
      0.4675,
      0.2325,
      0,
      0.545,
      0.31,
      0.0775,
      0.6225,
      0.3875,
      0.155,
      0.7,
      0.4675,
      0.2325,
      0,
      0.545,
      0.31,
      0.0775,
      0.6225,
      0.3875,
      0.155,
      0.7,
      0.4675,
      0.2325
    ],
    "SoftwareVersions": "syngo MR E11",
    "SpacingBetweenSlices": 2.4,
    "StationName": "",
    "TaskName": "PD",
    "TotalReadoutTime": 0.045391,
    "TxRefAmp": 255.166,
    "VendorReportedEchoSpacing": 0.00051,
    "WipMemBlock": "46ac51ed-7035-439b-8bf7-ff496ab8a6c6||Sequence: R016 ve11c/master r/e634e98; Dec 19 2017 11:00:25 by eja",
    "dataset": "ds004073",
    "modality": "bold",
    "subject_id": "OXF07",
    "task_id": "PD"
  },
  "dummy_trs": 3,
  "dvars_nstd": 32.411740759019274,
  "dvars_std": 1.0054150438879161,
  "dvars_vstd": 0.9924552582136603,
  "efc": 0.520333075096837,
  "fber": 938.0760498046875,
  "fd_mean": 0.12967448038413765,
  "fd_num": 93,
  "fd_perc": 16.25874125874126,
  "fwhm_avg": 3.107690264377805,
  "fwhm_x": 2.81437488816679,
  "fwhm_y": 3.1841332068072474,
  "fwhm_z": 3.3245626981593785,
  "gcor": 0.00893262,
  "gsr_x": -0.015360625460743904,
  "gsr_y": 0.13782963156700134,
  "provenance": {
    "md5sum": "b4ebfb145d18afbd9df9c8819fad0aec",
    "settings": {
      "fd_thres": 0.2,
      "testing": false
    },
    "software": "mriqc",
    "version": "23.0.0",
    "webapi_port": null,
    "webapi_url": "https://mriqc.nimh.nih.gov/api/v1"
  },
  "size_t": 572,
  "size_x": 90,
  "size_y": 90,
  "size_z": 60,
  "snr": 2.492748718756551,
  "spacing_tr": 0.800000011920929,
  "spacing_x": 2.4000000953674316,
  "spacing_y": 2.4000000953674316,
  "spacing_z": 2.3999998569488525,
  "summary_bg_k": 22.29844523995154,
  "summary_bg_mad": 72.84967659504468,
  "summary_bg_mean": 282.6019287109375,
  "summary_bg_median": 105.01573181152344,
  "summary_bg_n": 321354.0,
  "summary_bg_p05": 51.45917778015137,
  "summary_bg_p95": 1192.3630676269522,
  "summary_bg_stdv": 480.7301940917969,
  "summary_fg_k": 1.5326773711108412,
  "summary_fg_mad": 1053.8228704035007,
  "summary_fg_mean": 3558.822021484375,
  "summary_fg_median": 3278.5498046875,
  "summary_fg_n": 90860.0,
  "summary_fg_p05": 1941.1528015136719,
  "summary_fg_p95": 6267.61572265625,
  "summary_fg_stdv": 1315.2275390625,
  "tsnr": 39.783893182873726
}