{
  "bids_meta": {
    "AcquisitionMatrixPE": 250,
    "AcquisitionNumber": 5,
    "AcquisitionTime": "",
    "BodyPartExamined": "BRAIN",
    "CoilString": "MULTI COIL",
    "ConversionSoftware": "dcm2niix",
    "ConversionSoftwareVersion": "v1.0.20210317",
    "DeviceSerialNumber": "45128",
    "EchoTime": 0.003472,
    "EchoTrainLength": 560,
    "EstimatedEffectiveEchoSpacing": 4.9719e-06,
    "EstimatedTotalReadoutTime": 0.00126784,
    "FlipAngle": 8,
    "ImageOrientationPatientDICOM": [
      1,
      -4.48504e-12,
      -7.88012e-05,
      -3.1584e-06,
      0.999196,
      -0.0400807
    ],
    "ImageType": [
      "ORIGINAL",
      "PRIMARY",
      "M",
      "FFE",
      "M",
      "FFE"
    ],
    "ImagingFrequency": 127.764,
    "InPlanePhaseEncodingDirectionDICOM": "COL",
    "InstitutionAddress": "",
    "InstitutionName": "",
    "InstitutionalDepartmentName": "",
    "MRAcquisitionType": "3D",
    "MagneticFieldStrength": 3,
    "Manufacturer": "Philips",
    "ManufacturersModelName": "Ingenia Elition X",
    "Modality": "MR",
    "ParallelReductionFactorInPlane": 1.73205,
    "ParallelReductionOutOfPlane": 1.73205,
    "PatientPosition": "HFS",
    "PercentPhaseFOV": 100,
    "PercentSampling": 77.9165,
    "PhaseEncodingAxis": "j",
    "PhaseEncodingSteps": 250,
    "PhilipsRWVIntercept": 0,
    "PhilipsRWVSlope": 1,
    "PhilipsRescaleIntercept": 0,
    "PhilipsRescaleSlope": 1,
    "PhilipsScaleSlope": 0.000662861,
    "PixelBandwidth": 787,
    "ProcedureStepDescription": "COLA",
    "ProtocolName": "sT1W_1MM_COMBO",
    "ReconMatrixPE": 256,
    "RepetitionTime": 0.0122747,
    "SAR": 0.0170603,
    "ScanOptions": "FC",
    "ScanningSequence": "GR",
    "SequenceVariant": "MP",
    "SeriesDescription": "sT1W_1MM_COMBO",
    "SeriesNumber": 502,
    "SliceThickness": 2,
    "SoftwareVersions": "5.6.1\\5.6.1.3",
    "SpacingBetweenSlices": 1,
    "StationName": "",
    "UsePhilipsFloatNotDisplayScaling": 1,
    "WaterFatShift": 0.551729,
    "dataset": "ds004073",
    "modality": "T1w",
    "subject_id": "BAN22"
  },
  "cjv": 0.2281175567430405,
  "cnr": 5.641527264405213,
  "efc": 0.750226631403003,
  "fber": 5030.210457918676,
  "fwhm_avg": 5.566906986666666,
  "fwhm_x": 5.11507456,
  "fwhm_y": 5.7892864,
  "fwhm_z": 5.79636,
  "icvs_csf": 0.27047639794218203,
  "icvs_gm": 0.40861872934958016,
  "icvs_wm": 0.3209048727082378,
  "inu_med": 0.529474139213562,
  "inu_range": 0.16851100176572792,
  "provenance": {
    "md5sum": "3f3d8c79506b67eb223b8a26413124ec",
    "settings": {
      "testing": false
    },
    "software": "mriqc",
    "version": "23.0.0",
    "warnings": {
      "large_rot_frame": true,
      "small_air_mask": true
    },
    "webapi_port": null,
    "webapi_url": "https://mriqc.nimh.nih.gov/api/v1"
  },
  "qi_1": 0.0,
  "qi_2": 2.6488208627436886e-06,
  "rpve_csf": 16.922903264474368,
  "rpve_gm": 10.721028990142997,
  "rpve_wm": 17.08730118258983,
  "size_x": 256,
  "size_y": 256,
  "size_z": 170,
  "snr_csf": 1.4007415164935664,
  "snr_gm": 10.928549387824415,
  "snr_total": 15.924536899402264,
  "snr_wm": 35.444319793888816,
  "snrd_csf": 12.85143636365738,
  "snrd_gm": 68.19182067824747,
  "snrd_total": 62.849755988582864,
  "snrd_wm": 107.50601092384375,
  "spacing_x": 0.9765625,
  "spacing_y": 0.9765625,
  "spacing_z": 1.0,
  "summary_bg_k": 17.160985199010014,
  "summary_bg_mad": 0.0,
  "summary_bg_mean": 2.336404724195196,
  "summary_bg_median": 0.0,
  "summary_bg_n": 233006.0,
  "summary_bg_p05": 0.0,
  "summary_bg_p95": 15.194777145981789,
  "summary_bg_stdv": 6.093951536860071,
  "summary_csf_k": 1.0386589265429125,
  "summary_csf_mad": 71.93505787698277,
  "summary_csf_mean": 141.6284388585745,
  "summary_csf_median": 119.54156474769115,
  "summary_csf_n": 72150.0,
  "summary_csf_p05": 38.44518220201135,
  "summary_csf_p95": 313.37979935109615,
  "summary_csf_stdv": 85.34103895213386,
  "summary_gm_k": 0.12028862572533372,
  "summary_gm_mad": 58.820971194059574,
  "summary_gm_mean": 634.4774575866156,
  "summary_gm_median": 634.3070701360703,
  "summary_gm_n": 48964.0,
  "summary_gm_p05": 540.2831469029188,
  "summary_gm_p95": 728.2311590909958,
  "summary_gm_stdv": 58.04069417755808,
  "summary_wm_k": 0.8291587776815303,
  "summary_wm_mad": 24.600013619659542,
  "summary_wm_mean": 999.611678651981,
  "summary_wm_median": 1000.0000312775373,
  "summary_wm_n": 207625.0,
  "summary_wm_p05": 951.3208372145891,
  "summary_wm_p95": 1045.4445947259665,
  "summary_wm_stdv": 28.213198303755842,
  "tpm_overlap_csf": 0.1610701643059126,
  "tpm_overlap_gm": 0.4703201563383318,
  "tpm_overlap_wm": 0.5182037555771781,
  "wm2max": 0.8979310097532989
}