{
  "aor": 0.0022225913043478263,
  "aqi": 0.061258224695652175,
  "bids_meta": {
    "AcquisitionMatrixPE": 94,
    "AcquisitionNumber": 9,
    "AcquisitionTime": "",
    "BodyPartExamined": "BRAIN",
    "CoilString": "MULTI COIL",
    "ConversionSoftware": "dcm2niix",
    "ConversionSoftwareVersion": "v1.0.20210317",
    "DeviceSerialNumber": "45128",
    "EchoTime": 0.03,
    "EchoTrainLength": 47,
    "EstimatedEffectiveEchoSpacing": 0.000388467,
    "EstimatedTotalReadoutTime": 0.0369044,
    "FlipAngle": 52,
    "ImageOrientationPatientDICOM": [
      0.999849,
      -0.00183124,
      0.0172903,
      0.000696882,
      0.99786,
      0.0653864
    ],
    "ImageType": [
      "ORIGINAL",
      "PRIMARY",
      "M",
      "FFE",
      "M",
      "FFE"
    ],
    "ImagingFrequency": 127.764,
    "InPlanePhaseEncodingDirectionDICOM": "COL",
    "InstitutionAddress": "",
    "InstitutionName": "",
    "InstitutionalDepartmentName": "",
    "MRAcquisitionType": "2D",
    "MagneticFieldStrength": 3,
    "Manufacturer": "Philips",
    "ManufacturersModelName": "Ingenia Elition X",
    "Modality": "MR",
    "ParallelReductionFactorInPlane": 2,
    "ParallelReductionOutOfPlane": 6,
    "PatientPosition": "HFS",
    "PercentPhaseFOV": 100,
    "PercentSampling": 100,
    "PhaseEncodingAxis": "j",
    "PhaseEncodingSteps": 94,
    "PhilipsRWVIntercept": 0,
    "PhilipsRWVSlope": 1.30232,
    "PhilipsRescaleIntercept": 0,
    "PhilipsRescaleSlope": 1.30232,
    "PhilipsScaleSlope": 0.0166458,
    "PixelBandwidth": 1850,
    "ProcedureStepDescription": "COLA",
    "ProtocolName": "COLA_R6",
    "ReconMatrixPE": 96,
    "RepetitionTime": 0.8,
    "SAR": 0.0818672,
    "ScanOptions": "FS",
    "ScanningSequence": "GR",
    "SequenceVariant": "SK",
    "SeriesDescription": "COLA_R6",
    "SeriesNumber": 901,
    "SliceThickness": 2.4,
    "SoftwareVersions": "5.6.1\\5.6.1.2",
    "SpacingBetweenSlices": 2.4,
    "StationName": "",
    "TaskName": "WC",
    "UsePhilipsFloatNotDisplayScaling": 1,
    "WaterFatShift": 16.3723,
    "dataset": "ds004073",
    "modality": "bold",
    "subject_id": "BAN04",
    "task_id": "WC"
  },
  "dummy_trs": 0,
  "dvars_nstd": 84.04128823623698,
  "dvars_std": 1.141880977944251,
  "dvars_vstd": 1.057170471202091,
  "efc": 0.4035379194685646,
  "fber": 7019542.5,
  "fd_mean": 0.3745188086251508,
  "fd_num": 403,
  "fd_perc": 70.08695652173913,
  "fwhm_avg": 2.150787563736627,
  "fwhm_x": 2.194059203214536,
  "fwhm_y": 2.255611900908492,
  "fwhm_z": 2.002691587086853,
  "gcor": 0.0254241,
  "gsr_x": -0.01596851646900177,
  "gsr_y": 0.0242579597979784,
  "provenance": {
    "md5sum": "889e45411376787c3911d5150b4f2580",
    "settings": {
      "fd_thres": 0.2,
      "testing": false
    },
    "software": "mriqc",
    "version": "23.0.0",
    "webapi_port": null,
    "webapi_url": "https://mriqc.nimh.nih.gov/api/v1"
  },
  "size_t": 575,
  "size_x": 96,
  "size_y": 96,
  "size_z": 60,
  "snr": 5.749135336724172,
  "spacing_tr": 0.8000001907348633,
  "spacing_x": 2.3958332538604736,
  "spacing_y": 2.3958332538604736,
  "spacing_z": 2.4000000953674316,
  "summary_bg_k": 50.71631100554056,
  "summary_bg_mad": 35.515226578261625,
  "summary_bg_mean": 1729.6182861328125,
  "summary_bg_median": 24.228445053100586,
  "summary_bg_n": 413795.0,
  "summary_bg_p05": 0.2198725536465645,
  "summary_bg_p95": 8863.3095703125,
  "summary_bg_stdv": 4236.4130859375,
  "summary_fg_k": 1.5816989956689893,
  "summary_fg_mad": 9396.339044674214,
  "summary_fg_mean": 61956.91015625,
  "summary_fg_median": 61712.22265625,
  "summary_fg_n": 71545.0,
  "summary_fg_p05": 45182.71015625,
  "summary_fg_p95": 79600.953125,
  "summary_fg_stdv": 10734.099609375,
  "tsnr": 17.374101638793945
}