{
  "aor": 0.0006325043478260869,
  "aqi": 0.05379787217391305,
  "bids_meta": {
    "AcquisitionMatrixPE": 94,
    "AcquisitionNumber": 7,
    "AcquisitionTime": "",
    "BodyPartExamined": "BRAIN",
    "CoilString": "MULTI COIL",
    "ConversionSoftware": "dcm2niix",
    "ConversionSoftwareVersion": "v1.0.20210317",
    "DeviceSerialNumber": "45128",
    "EchoTime": 0.03,
    "EchoTrainLength": 47,
    "EstimatedEffectiveEchoSpacing": 0.000388467,
    "EstimatedTotalReadoutTime": 0.0369044,
    "FlipAngle": 52,
    "ImageOrientationPatientDICOM": [
      0.999849,
      -0.00183124,
      0.0172903,
      0.000696882,
      0.99786,
      0.0653864
    ],
    "ImageType": [
      "ORIGINAL",
      "PRIMARY",
      "M",
      "FFE",
      "M",
      "FFE"
    ],
    "ImagingFrequency": 127.764,
    "InPlanePhaseEncodingDirectionDICOM": "COL",
    "InstitutionAddress": "",
    "InstitutionName": "",
    "InstitutionalDepartmentName": "",
    "MRAcquisitionType": "2D",
    "MagneticFieldStrength": 3,
    "Manufacturer": "Philips",
    "ManufacturersModelName": "Ingenia Elition X",
    "Modality": "MR",
    "ParallelReductionFactorInPlane": 2,
    "ParallelReductionOutOfPlane": 6,
    "PatientPosition": "HFS",
    "PercentPhaseFOV": 100,
    "PercentSampling": 100,
    "PhaseEncodingAxis": "j",
    "PhaseEncodingSteps": 94,
    "PhilipsRWVIntercept": 0,
    "PhilipsRWVSlope": 1.32015,
    "PhilipsRescaleIntercept": 0,
    "PhilipsRescaleSlope": 1.32015,
    "PhilipsScaleSlope": 0.0164436,
    "PixelBandwidth": 1850,
    "ProcedureStepDescription": "COLA",
    "ProtocolName": "COLA_R4",
    "ReconMatrixPE": 96,
    "RepetitionTime": 0.8,
    "SAR": 0.0818672,
    "ScanOptions": "FS",
    "ScanningSequence": "GR",
    "SequenceVariant": "SK",
    "SeriesDescription": "COLA_R4",
    "SeriesNumber": 701,
    "SliceThickness": 2.4,
    "SoftwareVersions": "5.6.1\\5.6.1.2",
    "SpacingBetweenSlices": 2.4,
    "StationName": "",
    "TaskName": "SD",
    "UsePhilipsFloatNotDisplayScaling": 1,
    "WaterFatShift": 16.3723,
    "dataset": "ds004073",
    "modality": "bold",
    "subject_id": "BAN04",
    "task_id": "SD"
  },
  "dummy_trs": 0,
  "dvars_nstd": 86.57099253965156,
  "dvars_std": 1.1159108184494786,
  "dvars_vstd": 1.0204512789372817,
  "efc": 0.3994526552838683,
  "fber": 11384519.0,
  "fd_mean": 0.2584339090737706,
  "fd_num": 340,
  "fd_perc": 59.130434782608695,
  "fwhm_avg": 2.213595258358561,
  "fwhm_x": 2.2501357268137965,
  "fwhm_y": 2.359229295649961,
  "fwhm_z": 2.031420752611925,
  "gcor": 0.00666826,
  "gsr_x": -0.014101102016866207,
  "gsr_y": 0.020513199269771576,
  "provenance": {
    "md5sum": "3a137b1e9ef9319fce0eb496f84f4997",
    "settings": {
      "fd_thres": 0.2,
      "testing": false
    },
    "software": "mriqc",
    "version": "23.0.0",
    "webapi_port": null,
    "webapi_url": "https://mriqc.nimh.nih.gov/api/v1"
  },
  "size_t": 575,
  "size_x": 96,
  "size_y": 96,
  "size_z": 60,
  "snr": 5.624542088586116,
  "spacing_tr": 0.8000001907348633,
  "spacing_x": 2.3958332538604736,
  "spacing_y": 2.3958332538604736,
  "spacing_z": 2.4000000953674316,
  "summary_bg_k": 80.03520930515437,
  "summary_bg_mad": 28.11564014475169,
  "summary_bg_mean": 1596.5703125,
  "summary_bg_median": 19.115543365478516,
  "summary_bg_n": 412881.0,
  "summary_bg_p05": 0.15139766037464142,
  "summary_bg_p95": 7866.35498046875,
  "summary_bg_stdv": 4111.3896484375,
  "summary_fg_k": 1.51697363437036,
  "summary_fg_mad": 9839.556028198565,
  "summary_fg_mean": 62487.03515625,
  "summary_fg_median": 62187.296875,
  "summary_fg_n": 72043.0,
  "summary_fg_p05": 45597.97578125,
  "summary_fg_p95": 80891.72812499995,
  "summary_fg_stdv": 11056.3427734375,
  "tsnr": 18.299287796020508
}