{
  "aor": 0.0006425739130434783,
  "aqi": 0.05058973582608696,
  "bids_meta": {
    "AcquisitionMatrixPE": 94,
    "AcquisitionNumber": 3,
    "AcquisitionTime": "",
    "BodyPartExamined": "BRAIN",
    "CoilString": "MULTI COIL",
    "ConversionSoftware": "dcm2niix",
    "ConversionSoftwareVersion": "v1.0.20210317",
    "DeviceSerialNumber": "45128",
    "EchoTime": 0.03,
    "EchoTrainLength": 47,
    "EstimatedEffectiveEchoSpacing": 0.000388467,
    "EstimatedTotalReadoutTime": 0.0369044,
    "FlipAngle": 52,
    "ImageOrientationPatientDICOM": [
      0.999849,
      -0.00183124,
      0.0172903,
      0.000696882,
      0.99786,
      0.0653864
    ],
    "ImageType": [
      "ORIGINAL",
      "PRIMARY",
      "M",
      "FFE",
      "M",
      "FFE"
    ],
    "ImagingFrequency": 127.764,
    "InPlanePhaseEncodingDirectionDICOM": "COL",
    "InstitutionAddress": "",
    "InstitutionName": "",
    "InstitutionalDepartmentName": "",
    "MRAcquisitionType": "2D",
    "MagneticFieldStrength": 3,
    "Manufacturer": "Philips",
    "ManufacturersModelName": "Ingenia Elition X",
    "Modality": "MR",
    "ParallelReductionFactorInPlane": 2,
    "ParallelReductionOutOfPlane": 6,
    "PatientPosition": "HFS",
    "PercentPhaseFOV": 100,
    "PercentSampling": 100,
    "PhaseEncodingAxis": "j",
    "PhaseEncodingSteps": 94,
    "PhilipsRWVIntercept": 0,
    "PhilipsRWVSlope": 1.3116,
    "PhilipsRescaleIntercept": 0,
    "PhilipsRescaleSlope": 1.3116,
    "PhilipsScaleSlope": 0.0165067,
    "PixelBandwidth": 1850,
    "ProcedureStepDescription": "COLA",
    "ProtocolName": "COLA_R2",
    "ReconMatrixPE": 96,
    "RepetitionTime": 0.8,
    "SAR": 0.0818672,
    "ScanOptions": "FS",
    "ScanningSequence": "GR",
    "SequenceVariant": "SK",
    "SeriesDescription": "COLA_R2",
    "SeriesNumber": 301,
    "SliceThickness": 2.4,
    "SoftwareVersions": "5.6.1\\5.6.1.2",
    "SpacingBetweenSlices": 2.4,
    "StationName": "",
    "TaskName": "SG",
    "UsePhilipsFloatNotDisplayScaling": 1,
    "WaterFatShift": 16.3723,
    "dataset": "ds004073",
    "modality": "bold",
    "subject_id": "BAN04",
    "task_id": "SG"
  },
  "dummy_trs": 0,
  "dvars_nstd": 87.89954695217772,
  "dvars_std": 1.1233477795818825,
  "dvars_vstd": 1.0230465652787455,
  "efc": 0.3987950304186672,
  "fber": 9759237.0,
  "fd_mean": 0.3100888999421368,
  "fd_num": 398,
  "fd_perc": 69.21739130434783,
  "fwhm_avg": 2.2426715968234467,
  "fwhm_x": 2.2745990319731018,
  "fwhm_y": 2.3946783403041123,
  "fwhm_z": 2.058737418193125,
  "gcor": 0.00349515,
  "gsr_x": -0.013594734482467175,
  "gsr_y": 0.017728036269545555,
  "provenance": {
    "md5sum": "18ff1df31d41a3a6e75b580ccad0b31d",
    "settings": {
      "fd_thres": 0.2,
      "testing": false
    },
    "software": "mriqc",
    "version": "23.0.0",
    "webapi_port": null,
    "webapi_url": "https://mriqc.nimh.nih.gov/api/v1"
  },
  "size_t": 575,
  "size_x": 96,
  "size_y": 96,
  "size_z": 60,
  "snr": 5.520064705959786,
  "spacing_tr": 0.8000001907348633,
  "spacing_x": 2.3958332538604736,
  "spacing_y": 2.3958332538604736,
  "spacing_z": 2.4000000953674316,
  "summary_bg_k": 64.29755848154423,
  "summary_bg_mad": 30.682664779438923,
  "summary_bg_mean": 1593.6943359375,
  "summary_bg_median": 20.868633270263672,
  "summary_bg_n": 412984.0,
  "summary_bg_p05": 0.16293168663978577,
  "summary_bg_p95": 7833.871386718725,
  "summary_bg_stdv": 4033.763427734375,
  "summary_fg_k": 1.3599391857440057,
  "summary_fg_mad": 10286.253652087455,
  "summary_fg_mean": 62941.546875,
  "summary_fg_median": 62643.80078125,
  "summary_fg_n": 71941.0,
  "summary_fg_p05": 45461.16015625,
  "summary_fg_p95": 81721.4296875,
  "summary_fg_stdv": 11348.302734375,
  "tsnr": 18.24591827392578
}