{
  "aor": 0.0005634260869565217,
  "aqi": 0.04703832017391304,
  "bids_meta": {
    "AcquisitionMatrixPE": 94,
    "AcquisitionNumber": 2,
    "AcquisitionTime": "",
    "BodyPartExamined": "BRAIN",
    "CoilString": "MULTI COIL",
    "ConversionSoftware": "dcm2niix",
    "ConversionSoftwareVersion": "v1.0.20210317",
    "DeviceSerialNumber": "45128",
    "EchoTime": 0.03,
    "EchoTrainLength": 47,
    "EstimatedEffectiveEchoSpacing": 0.000388467,
    "EstimatedTotalReadoutTime": 0.0369044,
    "FlipAngle": 52,
    "ImageOrientationPatientDICOM": [
      0.999849,
      -0.00183124,
      0.0172903,
      0.000696882,
      0.99786,
      0.0653864
    ],
    "ImageType": [
      "ORIGINAL",
      "PRIMARY",
      "M",
      "FFE",
      "M",
      "FFE"
    ],
    "ImagingFrequency": 127.764,
    "InPlanePhaseEncodingDirectionDICOM": "COL",
    "InstitutionAddress": "",
    "InstitutionName": "",
    "InstitutionalDepartmentName": "",
    "MRAcquisitionType": "2D",
    "MagneticFieldStrength": 3,
    "Manufacturer": "Philips",
    "ManufacturersModelName": "Ingenia Elition X",
    "Modality": "MR",
    "ParallelReductionFactorInPlane": 2,
    "ParallelReductionOutOfPlane": 6,
    "PatientPosition": "HFS",
    "PercentPhaseFOV": 100,
    "PercentSampling": 100,
    "PhaseEncodingAxis": "j",
    "PhaseEncodingSteps": 94,
    "PhilipsRWVIntercept": 0,
    "PhilipsRWVSlope": 1.31868,
    "PhilipsRescaleIntercept": 0,
    "PhilipsRescaleSlope": 1.31868,
    "PhilipsScaleSlope": 0.0164105,
    "PixelBandwidth": 1850,
    "ProcedureStepDescription": "COLA",
    "ProtocolName": "COLA_R1",
    "ReconMatrixPE": 96,
    "RepetitionTime": 0.8,
    "SAR": 0.0818672,
    "ScanOptions": "FS",
    "ScanningSequence": "GR",
    "SequenceVariant": "SK",
    "SeriesDescription": "COLA_R1",
    "SeriesNumber": 201,
    "SliceThickness": 2.4,
    "SoftwareVersions": "5.6.1\\5.6.1.2",
    "SpacingBetweenSlices": 2.4,
    "StationName": "",
    "TaskName": "SC",
    "UsePhilipsFloatNotDisplayScaling": 1,
    "WaterFatShift": 16.3723,
    "dataset": "ds004073",
    "modality": "bold",
    "subject_id": "BAN04",
    "task_id": "SC"
  },
  "dummy_trs": 0,
  "dvars_nstd": 88.23504261170739,
  "dvars_std": 1.1225154905052275,
  "dvars_vstd": 1.0187327231184664,
  "efc": 0.3999191701820132,
  "fber": 8088832.5,
  "fd_mean": 0.39303955910407956,
  "fd_num": 485,
  "fd_perc": 84.34782608695652,
  "fwhm_avg": 2.297654131337795,
  "fwhm_x": 2.3354672079052206,
  "fwhm_y": 2.4524286030893276,
  "fwhm_z": 2.1050665830188358,
  "gcor": 0.00734887,
  "gsr_x": -0.014476621523499489,
  "gsr_y": 0.016694771125912666,
  "provenance": {
    "md5sum": "aeaa9213d9fd3aab96c7e8dc06914102",
    "settings": {
      "fd_thres": 0.2,
      "testing": false
    },
    "software": "mriqc",
    "version": "23.0.0",
    "webapi_port": null,
    "webapi_url": "https://mriqc.nimh.nih.gov/api/v1"
  },
  "size_t": 575,
  "size_x": 96,
  "size_y": 96,
  "size_z": 60,
  "snr": 5.2797151041201245,
  "spacing_tr": 0.8000001907348633,
  "spacing_x": 2.3958332538604736,
  "spacing_y": 2.3958332538604736,
  "spacing_z": 2.4000000953674316,
  "summary_bg_k": 56.355375513885406,
  "summary_bg_mad": 32.99962420213729,
  "summary_bg_mean": 1632.388427734375,
  "summary_bg_median": 22.475370407104492,
  "summary_bg_n": 412495.0,
  "summary_bg_p05": 0.17994147688150405,
  "summary_bg_p95": 8116.970898437494,
  "summary_bg_stdv": 4076.275634765625,
  "summary_fg_k": 1.097282874917255,
  "summary_fg_mad": 11065.45957196572,
  "summary_fg_mean": 62946.921875,
  "summary_fg_median": 62655.7578125,
  "summary_fg_n": 71997.0,
  "summary_fg_p05": 44646.946093750004,
  "summary_fg_p95": 82718.30781249999,
  "summary_fg_stdv": 11867.1787109375,
  "tsnr": 17.89108657836914
}