{
  "aor": 0.0006423304347826087,
  "aqi": 0.04957740817391304,
  "bids_meta": {
    "AcquisitionMatrixPE": 94,
    "AcquisitionNumber": 4,
    "AcquisitionTime": "",
    "BodyPartExamined": "BRAIN",
    "CoilString": "MULTI COIL",
    "ConversionSoftware": "dcm2niix",
    "ConversionSoftwareVersion": "v1.0.20210317",
    "DeviceSerialNumber": "45128",
    "EchoTime": 0.03,
    "EchoTrainLength": 47,
    "EstimatedEffectiveEchoSpacing": 0.000388467,
    "EstimatedTotalReadoutTime": 0.0369044,
    "FlipAngle": 52,
    "ImageOrientationPatientDICOM": [
      0.999849,
      -0.00183124,
      0.0172903,
      0.000696882,
      0.99786,
      0.0653864
    ],
    "ImageType": [
      "ORIGINAL",
      "PRIMARY",
      "M",
      "FFE",
      "M",
      "FFE"
    ],
    "ImagingFrequency": 127.764,
    "InPlanePhaseEncodingDirectionDICOM": "COL",
    "InstitutionAddress": "",
    "InstitutionName": "",
    "InstitutionalDepartmentName": "",
    "MRAcquisitionType": "2D",
    "MagneticFieldStrength": 3,
    "Manufacturer": "Philips",
    "ManufacturersModelName": "Ingenia Elition X",
    "Modality": "MR",
    "ParallelReductionFactorInPlane": 2,
    "ParallelReductionOutOfPlane": 6,
    "PatientPosition": "HFS",
    "PercentPhaseFOV": 100,
    "PercentSampling": 100,
    "PhaseEncodingAxis": "j",
    "PhaseEncodingSteps": 94,
    "PhilipsRWVIntercept": 0,
    "PhilipsRWVSlope": 1.35238,
    "PhilipsRescaleIntercept": 0,
    "PhilipsRescaleSlope": 1.35238,
    "PhilipsScaleSlope": 0.0164175,
    "PixelBandwidth": 1850,
    "ProcedureStepDescription": "COLA",
    "ProtocolName": "COLA_R3",
    "ReconMatrixPE": 96,
    "RepetitionTime": 0.8,
    "SAR": 0.0818672,
    "ScanOptions": "FS",
    "ScanningSequence": "GR",
    "SequenceVariant": "SK",
    "SeriesDescription": "COLA_R3",
    "SeriesNumber": 401,
    "SliceThickness": 2.4,
    "SoftwareVersions": "5.6.1\\5.6.1.2",
    "SpacingBetweenSlices": 2.4,
    "StationName": "",
    "TaskName": "PD",
    "UsePhilipsFloatNotDisplayScaling": 1,
    "WaterFatShift": 16.3723,
    "dataset": "ds004073",
    "modality": "bold",
    "subject_id": "BAN04",
    "task_id": "PD"
  },
  "dummy_trs": 0,
  "dvars_nstd": 87.13780530069694,
  "dvars_std": 1.1181334720905929,
  "dvars_vstd": 1.022997571463414,
  "efc": 0.3974516740905376,
  "fber": 9413885.0,
  "fd_mean": 0.3270417111334214,
  "fd_num": 437,
  "fd_perc": 76.0,
  "fwhm_avg": 2.2410613768847933,
  "fwhm_x": 2.2745489450149186,
  "fwhm_y": 2.3866686009079845,
  "fwhm_z": 2.061966584731476,
  "gcor": 0.00192599,
  "gsr_x": -0.013120695948600769,
  "gsr_y": 0.018583230674266815,
  "provenance": {
    "md5sum": "620b962bde4bb350ee42f11f1a48c00a",
    "settings": {
      "fd_thres": 0.2,
      "testing": false
    },
    "software": "mriqc",
    "version": "23.0.0",
    "webapi_port": null,
    "webapi_url": "https://mriqc.nimh.nih.gov/api/v1"
  },
  "size_t": 575,
  "size_x": 96,
  "size_y": 96,
  "size_z": 60,
  "snr": 5.541812248376722,
  "spacing_tr": 0.8000001907348633,
  "spacing_x": 2.3958332538604736,
  "spacing_y": 2.3958332538604736,
  "spacing_z": 2.4000000953674316,
  "summary_bg_k": 64.73373012065272,
  "summary_bg_mad": 31.02032019331405,
  "summary_bg_mean": 1558.115234375,
  "summary_bg_median": 21.096851348876953,
  "summary_bg_n": 413288.0,
  "summary_bg_p05": 0.14788335263729097,
  "summary_bg_p95": 7656.843286132797,
  "summary_bg_stdv": 3931.382080078125,
  "summary_fg_k": 1.4146775469570265,
  "summary_fg_mad": 10197.67396094666,
  "summary_fg_mean": 63180.72265625,
  "summary_fg_median": 62941.34375,
  "summary_fg_n": 71779.0,
  "summary_fg_p05": 45654.046875,
  "summary_fg_p95": 82129.41406249999,
  "summary_fg_stdv": 11357.458984375,
  "tsnr": 18.651498794555664
}