{
  "aor": 0.0004996160558464222,
  "aqi": 0.004123449808027923,
  "bids_meta": {
    "AcquisitionMatrixPE": 90,
    "AcquisitionNumber": 1,
    "AcquisitionTime": "",
    "BandwidthPerPixelPhaseEncode": 21.786,
    "BaseResolution": 90,
    "BodyPartExamined": "BRAIN",
    "ConsistencyInfo": "N4_VE11C_LATEST_20160120",
    "ConversionSoftware": "dcm2niix",
    "ConversionSoftwareVersion": "v1.0.20210317",
    "DerivedVendorReportedEchoSpacing": 0.000510012,
    "DeviceSerialNumber": "66093",
    "DwellTime": 2e-06,
    "EchoTime": 0.03,
    "EchoTrainLength": 90,
    "EffectiveEchoSpacing": 0.000510012,
    "FlipAngle": 52,
    "ImageComments": "Unaliased MB6/PE3/LB",
    "ImageOrientationPatientDICOM": [
      0.999567,
      0.00419688,
      0.029112,
      1.50087e-09,
      0.989768,
      -0.142688
    ],
    "ImageType": [
      "ORIGINAL",
      "PRIMARY",
      "M",
      "MB",
      "ND",
      "MOSAIC"
    ],
    "ImagingFrequency": 123.26,
    "InPlanePhaseEncodingDirectionDICOM": "COL",
    "InstitutionAddress": "",
    "InstitutionName": "",
    "InstitutionalDepartmentName": "",
    "MRAcquisitionType": "2D",
    "MagneticFieldStrength": 3,
    "Manufacturer": "Siemens",
    "ManufacturersModelName": "Prisma",
    "Modality": "MR",
    "MultibandAccelerationFactor": 6,
    "PartialFourier": 1,
    "PatientPosition": "HFS",
    "PercentPhaseFOV": 100,
    "PercentSampling": 100,
    "PhaseEncodingDirection": "j-",
    "PhaseEncodingSteps": 90,
    "PhaseResolution": 1,
    "PixelBandwidth": 2780,
    "ProtocolName": "BOLD_2p4_MB6_P1_TE30_TR800_AP",
    "PulseSequenceDetails": "%CustomerSeq%\\cmrr_mbep2d_bold",
    "ReceiveCoilActiveElements": "HEA;HEP",
    "ReceiveCoilName": "Head_32",
    "ReconMatrixPE": 90,
    "RepetitionTime": 0.8,
    "SAR": 0.0870516,
    "ScanOptions": "FS",
    "ScanningSequence": "EP",
    "SequenceName": "epfid2d1_90",
    "SequenceVariant": "SK\\SS",
    "SeriesDescription": "BOLD_2p4_MB6_P1_TE30_TR800_AP",
    "SeriesNumber": 17,
    "ShimSetting": [
      4939,
      -11443,
      -1321,
      370,
      -40,
      -83,
      -101,
      57
    ],
    "SliceThickness": 2.4,
    "SliceTiming": [
      0,
      0.545,
      0.31,
      0.0775,
      0.6225,
      0.39,
      0.155,
      0.7,
      0.4675,
      0.2325,
      0,
      0.545,
      0.31,
      0.0775,
      0.6225,
      0.39,
      0.155,
      0.7,
      0.4675,
      0.2325,
      0,
      0.545,
      0.31,
      0.0775,
      0.6225,
      0.39,
      0.155,
      0.7,
      0.4675,
      0.2325,
      0,
      0.545,
      0.31,
      0.0775,
      0.6225,
      0.39,
      0.155,
      0.7,
      0.4675,
      0.2325,
      0,
      0.545,
      0.31,
      0.0775,
      0.6225,
      0.39,
      0.155,
      0.7,
      0.4675,
      0.2325,
      0,
      0.545,
      0.31,
      0.0775,
      0.6225,
      0.39,
      0.155,
      0.7,
      0.4675,
      0.2325
    ],
    "SoftwareVersions": "syngo MR E11",
    "SpacingBetweenSlices": 2.4,
    "StationName": "",
    "TaskName": "SC",
    "TotalReadoutTime": 0.045391,
    "TxRefAmp": 247.49,
    "VendorReportedEchoSpacing": 0.00051,
    "WipMemBlock": "e6ae6ee3-f743-49fd-bb4f-07706cb3a0e3||Sequence: R016 ve11c/master r/e634e98; Dec 19 2017 11:00:25 by eja",
    "dataset": "ds004073",
    "modality": "bold",
    "subject_id": "OXF26",
    "task_id": "SC"
  },
  "dummy_trs": 2,
  "dvars_nstd": 31.305781841276264,
  "dvars_std": 1.0650402454545458,
  "dvars_vstd": 1.0074106289510483,
  "efc": 0.5362743580175141,
  "fber": 618.8223876953125,
  "fd_mean": 0.11484347659162654,
  "fd_num": 40,
  "fd_perc": 6.980802792321117,
  "fwhm_avg": 3.032331931882552,
  "fwhm_x": 2.6811498934606752,
  "fwhm_y": 3.156404041242439,
  "fwhm_z": 3.259441860944541,
  "gcor": 0.0134488,
  "gsr_x": -0.0027457678224891424,
  "gsr_y": 0.08890378475189209,
  "provenance": {
    "md5sum": "0b4b82bf8964241f32bb452693723d13",
    "settings": {
      "fd_thres": 0.2,
      "testing": false
    },
    "software": "mriqc",
    "version": "23.0.0",
    "webapi_port": null,
    "webapi_url": "https://mriqc.nimh.nih.gov/api/v1"
  },
  "size_t": 573,
  "size_x": 90,
  "size_y": 90,
  "size_z": 60,
  "snr": 2.611015222836194,
  "spacing_tr": 0.800000011920929,
  "spacing_x": 2.4000000953674316,
  "spacing_y": 2.4000000953674316,
  "spacing_z": 2.3999998569488525,
  "summary_bg_k": 22.624566362241293,
  "summary_bg_mad": 107.67366940096612,
  "summary_bg_mean": 335.74725341796875,
  "summary_bg_median": 145.59686279296875,
  "summary_bg_n": 314197.0,
  "summary_bg_p05": 59.858638763427734,
  "summary_bg_p95": 1342.2928710937504,
  "summary_bg_stdv": 540.5311889648438,
  "summary_fg_k": 1.2717059372124435,
  "summary_fg_mad": 1225.649083474282,
  "summary_fg_mean": 3988.692626953125,
  "summary_fg_median": 3722.867431640625,
  "summary_fg_n": 93229.0,
  "summary_fg_p05": 2155.2461425781253,
  "summary_fg_p95": 6826.802050781247,
  "summary_fg_stdv": 1425.82373046875,
  "tsnr": 44.3090609991923
}