{
  "aor": 0.0019655846422338566,
  "aqi": 0.0055943475916230365,
  "bids_meta": {
    "AcquisitionMatrixPE": 90,
    "AcquisitionNumber": 1,
    "AcquisitionTime": "",
    "BandwidthPerPixelPhaseEncode": 21.786,
    "BaseResolution": 90,
    "BodyPartExamined": "BRAIN",
    "ConsistencyInfo": "N4_VE11C_LATEST_20160120",
    "ConversionSoftware": "dcm2niix",
    "ConversionSoftwareVersion": "v1.0.20210317",
    "DerivedVendorReportedEchoSpacing": 0.000510012,
    "DeviceSerialNumber": "66093",
    "DwellTime": 2e-06,
    "EchoTime": 0.03,
    "EchoTrainLength": 90,
    "EffectiveEchoSpacing": 0.000510012,
    "FlipAngle": 52,
    "ImageComments": "Unaliased MB6/PE3/LB",
    "ImageOrientationPatientDICOM": [
      0.999567,
      0.00419688,
      0.029112,
      1.50087e-09,
      0.989768,
      -0.142688
    ],
    "ImageType": [
      "ORIGINAL",
      "PRIMARY",
      "M",
      "MB",
      "ND",
      "MOSAIC"
    ],
    "ImagingFrequency": 123.26,
    "InPlanePhaseEncodingDirectionDICOM": "COL",
    "InstitutionAddress": "",
    "InstitutionName": "",
    "InstitutionalDepartmentName": "",
    "MRAcquisitionType": "2D",
    "MagneticFieldStrength": 3,
    "Manufacturer": "Siemens",
    "ManufacturersModelName": "Prisma",
    "Modality": "MR",
    "MultibandAccelerationFactor": 6,
    "PartialFourier": 1,
    "PatientPosition": "HFS",
    "PercentPhaseFOV": 100,
    "PercentSampling": 100,
    "PhaseEncodingDirection": "j-",
    "PhaseEncodingSteps": 90,
    "PhaseResolution": 1,
    "PixelBandwidth": 2780,
    "ProtocolName": "BOLD_2p4_MB6_P1_TE30_TR800_AP",
    "PulseSequenceDetails": "%CustomerSeq%\\cmrr_mbep2d_bold",
    "ReceiveCoilActiveElements": "HEA;HEP",
    "ReceiveCoilName": "Head_32",
    "ReconMatrixPE": 90,
    "RepetitionTime": 0.8,
    "SAR": 0.0870516,
    "ScanOptions": "FS",
    "ScanningSequence": "EP",
    "SequenceName": "epfid2d1_90",
    "SequenceVariant": "SK\\SS",
    "SeriesDescription": "BOLD_2p4_MB6_P1_TE30_TR800_AP",
    "SeriesNumber": 7,
    "ShimSetting": [
      4939,
      -11443,
      -1321,
      370,
      -40,
      -83,
      -101,
      57
    ],
    "SliceThickness": 2.4,
    "SliceTiming": [
      0,
      0.545,
      0.3125,
      0.0775,
      0.6225,
      0.39,
      0.155,
      0.7025,
      0.4675,
      0.2325,
      0,
      0.545,
      0.3125,
      0.0775,
      0.6225,
      0.39,
      0.155,
      0.7025,
      0.4675,
      0.2325,
      0,
      0.545,
      0.3125,
      0.0775,
      0.6225,
      0.39,
      0.155,
      0.7025,
      0.4675,
      0.2325,
      0,
      0.545,
      0.3125,
      0.0775,
      0.6225,
      0.39,
      0.155,
      0.7025,
      0.4675,
      0.2325,
      0,
      0.545,
      0.3125,
      0.0775,
      0.6225,
      0.39,
      0.155,
      0.7025,
      0.4675,
      0.2325,
      0,
      0.545,
      0.3125,
      0.0775,
      0.6225,
      0.39,
      0.155,
      0.7025,
      0.4675,
      0.2325
    ],
    "SoftwareVersions": "syngo MR E11",
    "SpacingBetweenSlices": 2.4,
    "StationName": "",
    "TaskName": "WC",
    "TotalReadoutTime": 0.045391,
    "TxRefAmp": 247.49,
    "VendorReportedEchoSpacing": 0.00051,
    "WipMemBlock": "69a2acee-e127-4eca-80fd-098da021db5a||Sequence: R016 ve11c/master r/e634e98; Dec 19 2017 11:00:25 by eja",
    "dataset": "ds004073",
    "modality": "bold",
    "subject_id": "OXF26",
    "task_id": "WC"
  },
  "dummy_trs": 2,
  "dvars_nstd": 30.212522793723785,
  "dvars_std": 1.053726403776224,
  "dvars_vstd": 1.0186184314160833,
  "efc": 0.5354728487687995,
  "fber": 633.5043334960938,
  "fd_mean": 0.11371811063905392,
  "fd_num": 25,
  "fd_perc": 4.363001745200698,
  "fwhm_avg": 3.0219235987730944,
  "fwhm_x": 2.6633373941684804,
  "fwhm_y": 3.1487207082144137,
  "fwhm_z": 3.2537126939363894,
  "gcor": 0.00807867,
  "gsr_x": -0.003427586518228054,
  "gsr_y": 0.08874442428350449,
  "provenance": {
    "md5sum": "513648c180233f552cf4b50c6dee9934",
    "settings": {
      "fd_thres": 0.2,
      "testing": false
    },
    "software": "mriqc",
    "version": "23.0.0",
    "webapi_port": null,
    "webapi_url": "https://mriqc.nimh.nih.gov/api/v1"
  },
  "size_t": 573,
  "size_x": 90,
  "size_y": 90,
  "size_z": 60,
  "snr": 2.628813742137514,
  "spacing_tr": 0.800000011920929,
  "spacing_x": 2.4000000953674316,
  "spacing_y": 2.4000000953674316,
  "spacing_z": 2.3999998569488525,
  "summary_bg_k": 22.70882389034987,
  "summary_bg_mad": 106.55072309783226,
  "summary_bg_mean": 330.0476989746094,
  "summary_bg_median": 143.411865234375,
  "summary_bg_n": 314389.0,
  "summary_bg_p05": 59.0593376159668,
  "summary_bg_p95": 1311.1825683593747,
  "summary_bg_stdv": 529.0531616210938,
  "summary_fg_k": 1.2640025238548258,
  "summary_fg_mad": 1217.9360046964168,
  "summary_fg_mean": 3976.001708984375,
  "summary_fg_median": 3713.26708984375,
  "summary_fg_n": 93463.0,
  "summary_fg_p05": 2155.4272705078124,
  "summary_fg_p95": 6771.689941406249,
  "summary_fg_stdv": 1412.5181884765625,
  "tsnr": 41.57853749510832
}