{
  "aor": 0.00047567190226876084,
  "aqi": 0.005488778865619547,
  "bids_meta": {
    "AcquisitionMatrixPE": 90,
    "AcquisitionNumber": 1,
    "AcquisitionTime": "",
    "BandwidthPerPixelPhaseEncode": 21.786,
    "BaseResolution": 90,
    "BodyPartExamined": "BRAIN",
    "ConsistencyInfo": "N4_VE11C_LATEST_20160120",
    "ConversionSoftware": "dcm2niix",
    "ConversionSoftwareVersion": "v1.0.20210317",
    "DerivedVendorReportedEchoSpacing": 0.000510012,
    "DeviceSerialNumber": "66093",
    "DwellTime": 2e-06,
    "EchoTime": 0.03,
    "EchoTrainLength": 90,
    "EffectiveEchoSpacing": 0.000510012,
    "FlipAngle": 52,
    "ImageComments": "Unaliased MB6/PE3/LB",
    "ImageOrientationPatientDICOM": [
      0.999567,
      0.00419688,
      0.029112,
      1.50087e-09,
      0.989768,
      -0.142688
    ],
    "ImageType": [
      "ORIGINAL",
      "PRIMARY",
      "M",
      "MB",
      "ND",
      "MOSAIC"
    ],
    "ImagingFrequency": 123.26,
    "InPlanePhaseEncodingDirectionDICOM": "COL",
    "InstitutionAddress": "",
    "InstitutionName": "",
    "InstitutionalDepartmentName": "",
    "MRAcquisitionType": "2D",
    "MagneticFieldStrength": 3,
    "Manufacturer": "Siemens",
    "ManufacturersModelName": "Prisma",
    "Modality": "MR",
    "MultibandAccelerationFactor": 6,
    "PartialFourier": 1,
    "PatientPosition": "HFS",
    "PercentPhaseFOV": 100,
    "PercentSampling": 100,
    "PhaseEncodingDirection": "j-",
    "PhaseEncodingSteps": 90,
    "PhaseResolution": 1,
    "PixelBandwidth": 2780,
    "ProtocolName": "BOLD_2p4_MB6_P1_TE30_TR800_AP",
    "PulseSequenceDetails": "%CustomerSeq%\\cmrr_mbep2d_bold",
    "ReceiveCoilActiveElements": "HEA;HEP",
    "ReceiveCoilName": "Head_32",
    "ReconMatrixPE": 90,
    "RepetitionTime": 0.8,
    "SAR": 0.0870516,
    "ScanOptions": "FS",
    "ScanningSequence": "EP",
    "SequenceName": "epfid2d1_90",
    "SequenceVariant": "SK\\SS",
    "SeriesDescription": "BOLD_2p4_MB6_P1_TE30_TR800_AP",
    "SeriesNumber": 15,
    "ShimSetting": [
      4939,
      -11443,
      -1321,
      370,
      -40,
      -83,
      -101,
      57
    ],
    "SliceThickness": 2.4,
    "SliceTiming": [
      0,
      0.5475,
      0.3125,
      0.08,
      0.625,
      0.39,
      0.1575,
      0.7025,
      0.47,
      0.235,
      0,
      0.5475,
      0.3125,
      0.08,
      0.625,
      0.39,
      0.1575,
      0.7025,
      0.47,
      0.235,
      0,
      0.5475,
      0.3125,
      0.08,
      0.625,
      0.39,
      0.1575,
      0.7025,
      0.47,
      0.235,
      0,
      0.5475,
      0.3125,
      0.08,
      0.625,
      0.39,
      0.1575,
      0.7025,
      0.47,
      0.235,
      0,
      0.5475,
      0.3125,
      0.08,
      0.625,
      0.39,
      0.1575,
      0.7025,
      0.47,
      0.235,
      0,
      0.5475,
      0.3125,
      0.08,
      0.625,
      0.39,
      0.1575,
      0.7025,
      0.47,
      0.235
    ],
    "SoftwareVersions": "syngo MR E11",
    "SpacingBetweenSlices": 2.4,
    "StationName": "",
    "TaskName": "SG",
    "TotalReadoutTime": 0.045391,
    "TxRefAmp": 247.49,
    "VendorReportedEchoSpacing": 0.00051,
    "WipMemBlock": "dc6ce1b8-bf8b-4798-a1f8-a4b451ca67fc||Sequence: R016 ve11c/master r/e634e98; Dec 19 2017 11:00:25 by eja",
    "dataset": "ds004073",
    "modality": "bold",
    "subject_id": "OXF26",
    "task_id": "SG"
  },
  "dummy_trs": 2,
  "dvars_nstd": 32.646451176538456,
  "dvars_std": 1.0508265643531463,
  "dvars_vstd": 0.9948766647552446,
  "efc": 0.5363633670531429,
  "fber": 625.41552734375,
  "fd_mean": 0.13626243431895388,
  "fd_num": 104,
  "fd_perc": 18.150087260034905,
  "fwhm_avg": 3.018570820442815,
  "fwhm_x": 2.6749790603725487,
  "fwhm_y": 3.1477290415871524,
  "fwhm_z": 3.2330043593687434,
  "gcor": 0.0102142,
  "gsr_x": -0.003182079875841737,
  "gsr_y": 0.08904387056827545,
  "provenance": {
    "md5sum": "9d432d6cb0b9357cb90bc6cc54960b17",
    "settings": {
      "fd_thres": 0.2,
      "testing": false
    },
    "software": "mriqc",
    "version": "23.0.0",
    "webapi_port": null,
    "webapi_url": "https://mriqc.nimh.nih.gov/api/v1"
  },
  "size_t": 573,
  "size_x": 90,
  "size_y": 90,
  "size_z": 60,
  "snr": 2.619411140038634,
  "spacing_tr": 0.800000011920929,
  "spacing_x": 2.4000000953674316,
  "spacing_y": 2.4000000953674316,
  "spacing_z": 2.3999998569488525,
  "summary_bg_k": 22.62936810576716,
  "summary_bg_mad": 107.6219199415113,
  "summary_bg_mean": 334.76025390625,
  "summary_bg_median": 144.95114135742188,
  "summary_bg_n": 313995.0,
  "summary_bg_p05": 59.5828971862793,
  "summary_bg_p95": 1336.3673461914054,
  "summary_bg_stdv": 537.5531616210938,
  "summary_fg_k": 1.2509317339928216,
  "summary_fg_mad": 1225.7238289230422,
  "summary_fg_mean": 3993.357177734375,
  "summary_fg_median": 3728.24267578125,
  "summary_fg_n": 93376.0,
  "summary_fg_p05": 2155.8817138671875,
  "summary_fg_p95": 6819.464599609375,
  "summary_fg_stdv": 1423.3056640625,
  "tsnr": 40.542672467185184
}