{
  "aor": 0.0033959265734265737,
  "aqi": 0.006886786975524476,
  "bids_meta": {
    "AcquisitionMatrixPE": 90,
    "AcquisitionNumber": 1,
    "AcquisitionTime": "",
    "BandwidthPerPixelPhaseEncode": 21.786,
    "BaseResolution": 90,
    "BodyPartExamined": "BRAIN",
    "ConsistencyInfo": "N4_VE11C_LATEST_20160120",
    "ConversionSoftware": "dcm2niix",
    "ConversionSoftwareVersion": "v1.0.20210317",
    "DerivedVendorReportedEchoSpacing": 0.000510012,
    "DeviceSerialNumber": "66093",
    "DwellTime": 2e-06,
    "EchoTime": 0.03,
    "EchoTrainLength": 90,
    "EffectiveEchoSpacing": 0.000510012,
    "FlipAngle": 52,
    "ImageComments": "Unaliased MB6/PE3/LB",
    "ImageOrientationPatientDICOM": [
      1,
      0,
      0,
      0,
      0.997185,
      0.0749787
    ],
    "ImageType": [
      "ORIGINAL",
      "PRIMARY",
      "M",
      "MB",
      "ND",
      "MOSAIC"
    ],
    "ImagingFrequency": 123.259,
    "InPlanePhaseEncodingDirectionDICOM": "COL",
    "InstitutionAddress": "",
    "InstitutionName": "",
    "InstitutionalDepartmentName": "",
    "MRAcquisitionType": "2D",
    "MagneticFieldStrength": 3,
    "Manufacturer": "Siemens",
    "ManufacturersModelName": "Prisma",
    "Modality": "MR",
    "MultibandAccelerationFactor": 6,
    "PartialFourier": 1,
    "PatientPosition": "HFS",
    "PercentPhaseFOV": 100,
    "PercentSampling": 100,
    "PhaseEncodingDirection": "j-",
    "PhaseEncodingSteps": 90,
    "PhaseResolution": 1,
    "PixelBandwidth": 2780,
    "ProtocolName": "BOLD_2p4_MB6_P1_TE30_TR800_AP",
    "PulseSequenceDetails": "%CustomerSeq%\\cmrr_mbep2d_bold",
    "ReceiveCoilActiveElements": "HEA;HEP",
    "ReceiveCoilName": "Head_32",
    "ReconMatrixPE": 90,
    "RepetitionTime": 0.8,
    "SAR": 0.0772496,
    "ScanOptions": "FS",
    "ScanningSequence": "EP",
    "SequenceName": "epfid2d1_90",
    "SequenceVariant": "SK\\SS",
    "SeriesDescription": "BOLD_2p4_MB6_P1_TE30_TR800_AP",
    "SeriesNumber": 17,
    "ShimSetting": [
      4949,
      -11403,
      -1398,
      463,
      -4,
      -16,
      52,
      28
    ],
    "SliceThickness": 2.4,
    "SliceTiming": [
      0,
      0.545,
      0.31,
      0.0775,
      0.6225,
      0.3875,
      0.155,
      0.7,
      0.4675,
      0.2325,
      0,
      0.545,
      0.31,
      0.0775,
      0.6225,
      0.3875,
      0.155,
      0.7,
      0.4675,
      0.2325,
      0,
      0.545,
      0.31,
      0.0775,
      0.6225,
      0.3875,
      0.155,
      0.7,
      0.4675,
      0.2325,
      0,
      0.545,
      0.31,
      0.0775,
      0.6225,
      0.3875,
      0.155,
      0.7,
      0.4675,
      0.2325,
      0,
      0.545,
      0.31,
      0.0775,
      0.6225,
      0.3875,
      0.155,
      0.7,
      0.4675,
      0.2325,
      0,
      0.545,
      0.31,
      0.0775,
      0.6225,
      0.3875,
      0.155,
      0.7,
      0.4675,
      0.2325
    ],
    "SoftwareVersions": "syngo MR E11",
    "SpacingBetweenSlices": 2.4,
    "StationName": "",
    "TaskName": "WC",
    "TotalReadoutTime": 0.045391,
    "TxRefAmp": 229.069,
    "VendorReportedEchoSpacing": 0.00051,
    "WipMemBlock": "e4086a09-96dc-4cec-9229-b99aaba4bcbf||Sequence: R016 ve11c/master r/e634e98; Dec 19 2017 11:00:25 by eja",
    "dataset": "ds004073",
    "modality": "bold",
    "subject_id": "OXF12",
    "task_id": "WC"
  },
  "dummy_trs": 3,
  "dvars_nstd": 29.95953836112085,
  "dvars_std": 1.0286354213835383,
  "dvars_vstd": 1.0004804996322239,
  "efc": 0.459083892927829,
  "fber": 1823.79248046875,
  "fd_mean": 0.08608442076113992,
  "fd_num": 12,
  "fd_perc": 2.097902097902098,
  "fwhm_avg": 2.8717387747762424,
  "fwhm_x": 2.7388498911678836,
  "fwhm_y": 2.9319790501602867,
  "fwhm_z": 2.9443873830005574,
  "gcor": 0.0181365,
  "gsr_x": -0.01833963952958584,
  "gsr_y": 0.058502502739429474,
  "provenance": {
    "md5sum": "fcc46f5ff15bffd42daa4b831fc4c052",
    "settings": {
      "fd_thres": 0.2,
      "testing": false
    },
    "software": "mriqc",
    "version": "23.0.0",
    "webapi_port": null,
    "webapi_url": "https://mriqc.nimh.nih.gov/api/v1"
  },
  "size_t": 572,
  "size_x": 90,
  "size_y": 90,
  "size_z": 60,
  "snr": 2.7193419423443936,
  "spacing_tr": 0.800000011920929,
  "spacing_x": 2.4000000953674316,
  "spacing_y": 2.4000000953674316,
  "spacing_z": 2.4000000953674316,
  "summary_bg_k": 26.88854686548208,
  "summary_bg_mad": 46.75380983323935,
  "summary_bg_mean": 211.37135314941406,
  "summary_bg_median": 88.06993103027344,
  "summary_bg_n": 345355.0,
  "summary_bg_p05": 52.134613037109375,
  "summary_bg_p95": 845.5347656249992,
  "summary_bg_stdv": 359.10089111328125,
  "summary_fg_k": 1.7362728575541198,
  "summary_fg_mad": 1175.5350652972288,
  "summary_fg_mean": 4000.933349609375,
  "summary_fg_median": 3731.208984375,
  "summary_fg_n": 72132.0,
  "summary_fg_p05": 2259.0430908203125,
  "summary_fg_p95": 6661.165454101558,
  "summary_fg_stdv": 1372.0904541015625,
  "tsnr": 36.32019079476595
}