{
  "aor": 0.000981048951048951,
  "aqi": 0.0040912960839160845,
  "bids_meta": {
    "AcquisitionMatrixPE": 90,
    "AcquisitionNumber": 1,
    "AcquisitionTime": "",
    "BandwidthPerPixelPhaseEncode": 21.786,
    "BaseResolution": 90,
    "BodyPartExamined": "BRAIN",
    "ConsistencyInfo": "N4_VE11C_LATEST_20160120",
    "ConversionSoftware": "dcm2niix",
    "ConversionSoftwareVersion": "v1.0.20210317",
    "DerivedVendorReportedEchoSpacing": 0.000510012,
    "DeviceSerialNumber": "66093",
    "DwellTime": 2e-06,
    "EchoTime": 0.03,
    "EchoTrainLength": 90,
    "EffectiveEchoSpacing": 0.000510012,
    "FlipAngle": 52,
    "ImageComments": "Unaliased MB6/PE3/LB",
    "ImageOrientationPatientDICOM": [
      0.999986,
      0.000836544,
      0.00516514,
      2.25344e-08,
      0.987136,
      -0.159881
    ],
    "ImageType": [
      "ORIGINAL",
      "PRIMARY",
      "M",
      "MB",
      "ND",
      "MOSAIC"
    ],
    "ImagingFrequency": 123.259,
    "InPlanePhaseEncodingDirectionDICOM": "COL",
    "InstitutionAddress": "",
    "InstitutionName": "",
    "InstitutionalDepartmentName": "",
    "MRAcquisitionType": "2D",
    "MagneticFieldStrength": 3,
    "Manufacturer": "Siemens",
    "ManufacturersModelName": "Prisma",
    "Modality": "MR",
    "MultibandAccelerationFactor": 6,
    "PartialFourier": 1,
    "PatientPosition": "HFS",
    "PercentPhaseFOV": 100,
    "PercentSampling": 100,
    "PhaseEncodingDirection": "j-",
    "PhaseEncodingSteps": 90,
    "PhaseResolution": 1,
    "PixelBandwidth": 2780,
    "ProtocolName": "BOLD_2p4_MB6_P1_TE30_TR800_AP",
    "PulseSequenceDetails": "%CustomerSeq%\\cmrr_mbep2d_bold",
    "ReceiveCoilActiveElements": "HEA;HEP",
    "ReceiveCoilName": "Head_32",
    "ReconMatrixPE": 90,
    "RepetitionTime": 0.8,
    "SAR": 0.0767784,
    "ScanOptions": "FS",
    "ScanningSequence": "EP",
    "SequenceName": "epfid2d1_90",
    "SequenceVariant": "SK\\SS",
    "SeriesDescription": "BOLD_2p4_MB6_P1_TE30_TR800_AP",
    "SeriesNumber": 9,
    "ShimSetting": [
      4945,
      -11401,
      -1391,
      606,
      -35,
      75,
      79,
      19
    ],
    "SliceThickness": 2.4,
    "SliceTiming": [
      0,
      0.545,
      0.3125,
      0.0775,
      0.625,
      0.39,
      0.155,
      0.7025,
      0.4675,
      0.235,
      0,
      0.545,
      0.3125,
      0.0775,
      0.625,
      0.39,
      0.155,
      0.7025,
      0.4675,
      0.235,
      0,
      0.545,
      0.3125,
      0.0775,
      0.625,
      0.39,
      0.155,
      0.7025,
      0.4675,
      0.235,
      0,
      0.545,
      0.3125,
      0.0775,
      0.625,
      0.39,
      0.155,
      0.7025,
      0.4675,
      0.235,
      0,
      0.545,
      0.3125,
      0.0775,
      0.625,
      0.39,
      0.155,
      0.7025,
      0.4675,
      0.235,
      0,
      0.545,
      0.3125,
      0.0775,
      0.625,
      0.39,
      0.155,
      0.7025,
      0.4675,
      0.235
    ],
    "SoftwareVersions": "syngo MR E11",
    "SpacingBetweenSlices": 2.4,
    "StationName": "",
    "TaskName": "WC",
    "TotalReadoutTime": 0.045391,
    "TxRefAmp": 231.521,
    "VendorReportedEchoSpacing": 0.00051,
    "WipMemBlock": "01e295f8-b47b-4f44-ac84-a084c7db9d0a||Sequence: R016 ve11c/master r/e634e98; Dec 19 2017 11:00:25 by eja",
    "dataset": "ds004073",
    "modality": "bold",
    "subject_id": "OXF25",
    "task_id": "WC"
  },
  "dummy_trs": 3,
  "dvars_nstd": 30.209642333520147,
  "dvars_std": 1.074352600490368,
  "dvars_vstd": 1.0085207860070042,
  "efc": 0.47969708039887543,
  "fber": 1460.053955078125,
  "fd_mean": 0.08192461500434173,
  "fd_num": 7,
  "fd_perc": 1.2237762237762237,
  "fwhm_avg": 3.2057220948382708,
  "fwhm_x": 2.951224882728859,
  "fwhm_y": 3.312899868357187,
  "fwhm_z": 3.353041533428767,
  "gcor": 0.0215595,
  "gsr_x": -0.016644001007080078,
  "gsr_y": 0.05751774460077286,
  "provenance": {
    "md5sum": "31a45a1cf5a010469d3993c1fb28e771",
    "settings": {
      "fd_thres": 0.2,
      "testing": false
    },
    "software": "mriqc",
    "version": "23.0.0",
    "webapi_port": null,
    "webapi_url": "https://mriqc.nimh.nih.gov/api/v1"
  },
  "size_t": 572,
  "size_x": 90,
  "size_y": 90,
  "size_z": 60,
  "snr": 2.625985542852881,
  "spacing_tr": 0.800000011920929,
  "spacing_x": 2.4000000953674316,
  "spacing_y": 2.4000000953674316,
  "spacing_z": 2.4000000953674316,
  "summary_bg_k": 24.890984077573357,
  "summary_bg_mad": 55.62349751343789,
  "summary_bg_mean": 224.18130493164062,
  "summary_bg_median": 96.99300384521484,
  "summary_bg_n": 332659.0,
  "summary_bg_p05": 55.09440612792969,
  "summary_bg_p95": 887.1926696777343,
  "summary_bg_stdv": 349.28948974609375,
  "summary_fg_k": 1.248052307900549,
  "summary_fg_mad": 1211.0422301474548,
  "summary_fg_mean": 4082.065673828125,
  "summary_fg_median": 3774.50537109375,
  "summary_fg_n": 79840.0,
  "summary_fg_p05": 2284.8749389648438,
  "summary_fg_p95": 6995.664770507813,
  "summary_fg_stdv": 1437.358154296875,
  "tsnr": 45.8869274466997
}