{
  "aor": 0.0007217421602787456,
  "aqi": 0.005055822700348432,
  "bids_meta": {
    "AcquisitionMatrixPE": 90,
    "AcquisitionNumber": 1,
    "AcquisitionTime": "",
    "BandwidthPerPixelPhaseEncode": 21.786,
    "BaseResolution": 90,
    "BodyPartExamined": "BRAIN",
    "ConsistencyInfo": "N4_VE11C_LATEST_20160120",
    "ConversionSoftware": "dcm2niix",
    "ConversionSoftwareVersion": "v1.0.20210317",
    "DerivedVendorReportedEchoSpacing": 0.000510012,
    "DeviceSerialNumber": "66093",
    "DwellTime": 2e-06,
    "EchoTime": 0.03,
    "EchoTrainLength": 90,
    "EffectiveEchoSpacing": 0.000510012,
    "FlipAngle": 52,
    "ImageComments": "Unaliased MB6/PE3/LB",
    "ImageOrientationPatientDICOM": [
      0.999986,
      0.000836544,
      0.00516514,
      2.25344e-08,
      0.987136,
      -0.159881
    ],
    "ImageType": [
      "ORIGINAL",
      "PRIMARY",
      "M",
      "MB",
      "ND",
      "MOSAIC"
    ],
    "ImagingFrequency": 123.259,
    "InPlanePhaseEncodingDirectionDICOM": "COL",
    "InstitutionAddress": "",
    "InstitutionName": "",
    "InstitutionalDepartmentName": "",
    "MRAcquisitionType": "2D",
    "MagneticFieldStrength": 3,
    "Manufacturer": "Siemens",
    "ManufacturersModelName": "Prisma",
    "Modality": "MR",
    "MultibandAccelerationFactor": 6,
    "PartialFourier": 1,
    "PatientPosition": "HFS",
    "PercentPhaseFOV": 100,
    "PercentSampling": 100,
    "PhaseEncodingDirection": "j-",
    "PhaseEncodingSteps": 90,
    "PhaseResolution": 1,
    "PixelBandwidth": 2780,
    "ProtocolName": "BOLD_2p4_MB6_P1_TE30_TR800_AP",
    "PulseSequenceDetails": "%CustomerSeq%\\cmrr_mbep2d_bold",
    "ReceiveCoilActiveElements": "HEA;HEP",
    "ReceiveCoilName": "Head_32",
    "ReconMatrixPE": 90,
    "RepetitionTime": 0.8,
    "SAR": 0.0767784,
    "ScanOptions": "FS",
    "ScanningSequence": "EP",
    "SequenceName": "epfid2d1_90",
    "SequenceVariant": "SK\\SS",
    "SeriesDescription": "BOLD_2p4_MB6_P1_TE30_TR800_AP",
    "SeriesNumber": 15,
    "ShimSetting": [
      4945,
      -11401,
      -1391,
      606,
      -35,
      75,
      79,
      19
    ],
    "SliceThickness": 2.4,
    "SliceTiming": [
      0,
      0.5475,
      0.3125,
      0.08,
      0.625,
      0.39,
      0.1575,
      0.7025,
      0.47,
      0.235,
      0,
      0.5475,
      0.3125,
      0.08,
      0.625,
      0.39,
      0.1575,
      0.7025,
      0.47,
      0.235,
      0,
      0.5475,
      0.3125,
      0.08,
      0.625,
      0.39,
      0.1575,
      0.7025,
      0.47,
      0.235,
      0,
      0.5475,
      0.3125,
      0.08,
      0.625,
      0.39,
      0.1575,
      0.7025,
      0.47,
      0.235,
      0,
      0.5475,
      0.3125,
      0.08,
      0.625,
      0.39,
      0.1575,
      0.7025,
      0.47,
      0.235,
      0,
      0.5475,
      0.3125,
      0.08,
      0.625,
      0.39,
      0.1575,
      0.7025,
      0.47,
      0.235
    ],
    "SoftwareVersions": "syngo MR E11",
    "SpacingBetweenSlices": 2.4,
    "StationName": "",
    "TaskName": "SD",
    "TotalReadoutTime": 0.045391,
    "TxRefAmp": 231.521,
    "VendorReportedEchoSpacing": 0.00051,
    "WipMemBlock": "82053318-a774-48e9-82ef-d4037a3df61e||Sequence: R016 ve11c/master r/e634e98; Dec 19 2017 11:00:25 by eja",
    "dataset": "ds004073",
    "modality": "bold",
    "subject_id": "OXF25",
    "task_id": "SD"
  },
  "dummy_trs": 1,
  "dvars_nstd": 29.918038482844647,
  "dvars_std": 1.037821442495638,
  "dvars_vstd": 0.985451321239093,
  "efc": 0.4812866726535505,
  "fber": 1435.07958984375,
  "fd_mean": 0.10384691683017534,
  "fd_num": 22,
  "fd_perc": 3.832752613240418,
  "fwhm_avg": 3.2184304276666205,
  "fwhm_x": 2.946716549574671,
  "fwhm_y": 3.3208873680397923,
  "fwhm_z": 3.3876873653853985,
  "gcor": 0.016287,
  "gsr_x": -0.01763221248984337,
  "gsr_y": 0.057435017079114914,
  "provenance": {
    "md5sum": "0b196fa14b9c5756d1f53055ad1c5947",
    "settings": {
      "fd_thres": 0.2,
      "testing": false
    },
    "software": "mriqc",
    "version": "23.0.0",
    "webapi_port": null,
    "webapi_url": "https://mriqc.nimh.nih.gov/api/v1"
  },
  "size_t": 574,
  "size_x": 90,
  "size_y": 90,
  "size_z": 60,
  "snr": 2.6135294266478524,
  "spacing_tr": 0.800000011920929,
  "spacing_x": 2.4000000953674316,
  "spacing_y": 2.4000000953674316,
  "spacing_z": 2.4000000953674316,
  "summary_bg_k": 23.9986225889878,
  "summary_bg_mad": 57.26099180255435,
  "summary_bg_mean": 229.5889129638672,
  "summary_bg_median": 98.6742172241211,
  "summary_bg_n": 332105.0,
  "summary_bg_p05": 55.764808654785156,
  "summary_bg_p95": 917.10244140625,
  "summary_bg_stdv": 355.0003662109375,
  "summary_fg_k": 1.2327181493637465,
  "summary_fg_mad": 1241.3861676183174,
  "summary_fg_mean": 4125.4921875,
  "summary_fg_median": 3813.804931640625,
  "summary_fg_n": 79720.0,
  "summary_fg_p05": 2293.0416259765625,
  "summary_fg_p95": 7070.40642089844,
  "summary_fg_stdv": 1459.2454833984375,
  "tsnr": 43.11030815751292
}