{
  "aor": 0.00016139616055846424,
  "aqi": 0.005106876282722513,
  "bids_meta": {
    "AcquisitionMatrixPE": 90,
    "AcquisitionNumber": 1,
    "AcquisitionTime": "",
    "BandwidthPerPixelPhaseEncode": 21.786,
    "BaseResolution": 90,
    "BodyPartExamined": "BRAIN",
    "ConsistencyInfo": "N4_VE11C_LATEST_20160120",
    "ConversionSoftware": "dcm2niix",
    "ConversionSoftwareVersion": "v1.0.20210317",
    "DerivedVendorReportedEchoSpacing": 0.000510012,
    "DeviceSerialNumber": "66093",
    "DwellTime": 2e-06,
    "EchoTime": 0.03,
    "EchoTrainLength": 90,
    "EffectiveEchoSpacing": 0.000510012,
    "FlipAngle": 52,
    "ImageComments": "Unaliased MB6/PE3/LB",
    "ImageOrientationPatientDICOM": [
      0.999684,
      0.00777362,
      0.0239168,
      2.21992e-08,
      0.951026,
      -0.30911
    ],
    "ImageType": [
      "ORIGINAL",
      "PRIMARY",
      "M",
      "MB",
      "ND",
      "MOSAIC"
    ],
    "ImagingFrequency": 123.259,
    "InPlanePhaseEncodingDirectionDICOM": "COL",
    "InstitutionAddress": "",
    "InstitutionName": "",
    "InstitutionalDepartmentName": "",
    "MRAcquisitionType": "2D",
    "MagneticFieldStrength": 3,
    "Manufacturer": "Siemens",
    "ManufacturersModelName": "Prisma",
    "Modality": "MR",
    "MultibandAccelerationFactor": 6,
    "PartialFourier": 1,
    "PatientPosition": "HFS",
    "PercentPhaseFOV": 100,
    "PercentSampling": 100,
    "PhaseEncodingDirection": "j-",
    "PhaseEncodingSteps": 90,
    "PhaseResolution": 1,
    "PixelBandwidth": 2780,
    "ProtocolName": "BOLD_2p4_MB6_P1_TE30_TR800_AP",
    "PulseSequenceDetails": "%CustomerSeq%\\cmrr_mbep2d_bold",
    "ReceiveCoilActiveElements": "HEA;HEP",
    "ReceiveCoilName": "Head_32",
    "ReconMatrixPE": 90,
    "RepetitionTime": 0.8,
    "SAR": 0.0756752,
    "ScanOptions": "FS",
    "ScanningSequence": "EP",
    "SequenceName": "epfid2d1_90",
    "SequenceVariant": "SK\\SS",
    "SeriesDescription": "BOLD_2p4_MB6_P1_TE30_TR800_AP",
    "SeriesNumber": 5,
    "ShimSetting": [
      4968,
      -11338,
      -1392,
      606,
      104,
      -105,
      -93,
      -7
    ],
    "SliceThickness": 2.4,
    "SliceTiming": [
      0,
      0.5475,
      0.3125,
      0.08,
      0.625,
      0.39,
      0.1575,
      0.7025,
      0.47,
      0.235,
      0,
      0.5475,
      0.3125,
      0.08,
      0.625,
      0.39,
      0.1575,
      0.7025,
      0.47,
      0.235,
      0,
      0.5475,
      0.3125,
      0.08,
      0.625,
      0.39,
      0.1575,
      0.7025,
      0.47,
      0.235,
      0,
      0.5475,
      0.3125,
      0.08,
      0.625,
      0.39,
      0.1575,
      0.7025,
      0.47,
      0.235,
      0,
      0.5475,
      0.3125,
      0.08,
      0.625,
      0.39,
      0.1575,
      0.7025,
      0.47,
      0.235,
      0,
      0.5475,
      0.3125,
      0.08,
      0.625,
      0.39,
      0.1575,
      0.7025,
      0.47,
      0.235
    ],
    "SoftwareVersions": "syngo MR E11",
    "SpacingBetweenSlices": 2.4,
    "StationName": "",
    "TaskName": "SD",
    "TotalReadoutTime": 0.045391,
    "TxRefAmp": 251.122,
    "VendorReportedEchoSpacing": 0.00051,
    "WipMemBlock": "a9a60813-41f5-4bdc-932f-799581d23ac8||Sequence: R016 ve11c/master r/e634e98; Dec 19 2017 11:00:25 by eja",
    "dataset": "ds004073",
    "modality": "bold",
    "subject_id": "OXF10",
    "task_id": "SD"
  },
  "dummy_trs": 2,
  "dvars_nstd": 34.19876830236013,
  "dvars_std": 1.0403810390559447,
  "dvars_vstd": 0.9838784438461534,
  "efc": 0.5192860421260455,
  "fber": 807.8767700195312,
  "fd_mean": 0.11683644142031616,
  "fd_num": 101,
  "fd_perc": 17.62652705061082,
  "fwhm_avg": 3.12920404232327,
  "fwhm_x": 2.8386290538696826,
  "fwhm_y": 3.190091539903818,
  "fwhm_z": 3.3588915331963087,
  "gcor": 0.00838635,
  "gsr_x": -0.005763979163020849,
  "gsr_y": 0.09100775420665741,
  "provenance": {
    "md5sum": "555bc59002d394fb8e87edfa1220c86f",
    "settings": {
      "fd_thres": 0.2,
      "testing": false
    },
    "software": "mriqc",
    "version": "23.0.0",
    "webapi_port": null,
    "webapi_url": "https://mriqc.nimh.nih.gov/api/v1"
  },
  "size_t": 573,
  "size_x": 90,
  "size_y": 90,
  "size_z": 60,
  "snr": 2.444998210972186,
  "spacing_tr": 0.800000011920929,
  "spacing_x": 2.4000000953674316,
  "spacing_y": 2.4000000953674316,
  "spacing_z": 2.4000000953674316,
  "summary_bg_k": 22.689047565196987,
  "summary_bg_mad": 82.31417765232777,
  "summary_bg_mean": 295.9344482421875,
  "summary_bg_median": 116.98080444335938,
  "summary_bg_n": 320692.0,
  "summary_bg_p05": 53.757415771484375,
  "summary_bg_p95": 1270.0227783203127,
  "summary_bg_stdv": 514.09814453125,
  "summary_fg_k": 2.2077875732812116,
  "summary_fg_mad": 1074.5499824245667,
  "summary_fg_mean": 3695.938720703125,
  "summary_fg_median": 3383.177978515625,
  "summary_fg_n": 89731.0,
  "summary_fg_p05": 2038.0139770507812,
  "summary_fg_p95": 6533.675537109375,
  "summary_fg_stdv": 1383.7061767578125,
  "tsnr": 39.803639547666535
}