{
  "aor": 0.0003745644599303136,
  "aqi": 0.0038774441289198603,
  "bids_meta": {
    "AcquisitionMatrixPE": 90,
    "AcquisitionNumber": 1,
    "AcquisitionTime": "",
    "BandwidthPerPixelPhaseEncode": 21.786,
    "BaseResolution": 90,
    "BodyPartExamined": "BRAIN",
    "ConsistencyInfo": "N4_VE11C_LATEST_20160120",
    "ConversionSoftware": "dcm2niix",
    "ConversionSoftwareVersion": "v1.0.20210317",
    "DerivedVendorReportedEchoSpacing": 0.000510012,
    "DeviceSerialNumber": "66093",
    "DwellTime": 2e-06,
    "EchoTime": 0.03,
    "EchoTrainLength": 90,
    "EffectiveEchoSpacing": 0.000510012,
    "FlipAngle": 52,
    "ImageComments": "Unaliased MB6/PE3/LB",
    "ImageOrientationPatientDICOM": [
      0.999684,
      0.00777362,
      0.0239168,
      2.21992e-08,
      0.951026,
      -0.30911
    ],
    "ImageType": [
      "ORIGINAL",
      "PRIMARY",
      "M",
      "MB",
      "ND",
      "MOSAIC"
    ],
    "ImagingFrequency": 123.26,
    "InPlanePhaseEncodingDirectionDICOM": "COL",
    "InstitutionAddress": "",
    "InstitutionName": "",
    "InstitutionalDepartmentName": "",
    "MRAcquisitionType": "2D",
    "MagneticFieldStrength": 3,
    "Manufacturer": "Siemens",
    "ManufacturersModelName": "Prisma",
    "Modality": "MR",
    "MultibandAccelerationFactor": 6,
    "PartialFourier": 1,
    "PatientPosition": "HFS",
    "PercentPhaseFOV": 100,
    "PercentSampling": 100,
    "PhaseEncodingDirection": "j-",
    "PhaseEncodingSteps": 90,
    "PhaseResolution": 1,
    "PixelBandwidth": 2780,
    "ProtocolName": "BOLD_2p4_MB6_P1_TE30_TR800_AP",
    "PulseSequenceDetails": "%CustomerSeq%\\cmrr_mbep2d_bold",
    "ReceiveCoilActiveElements": "HEA;HEP",
    "ReceiveCoilName": "Head_32",
    "ReconMatrixPE": 90,
    "RepetitionTime": 0.8,
    "SAR": 0.0756752,
    "ScanOptions": "FS",
    "ScanningSequence": "EP",
    "SequenceName": "epfid2d1_90",
    "SequenceVariant": "SK\\SS",
    "SeriesDescription": "BOLD_2p4_MB6_P1_TE30_TR800_AP",
    "SeriesNumber": 19,
    "ShimSetting": [
      4968,
      -11338,
      -1392,
      606,
      104,
      -105,
      -93,
      -7
    ],
    "SliceThickness": 2.4,
    "SliceTiming": [
      0,
      0.545,
      0.31,
      0.0775,
      0.6225,
      0.39,
      0.155,
      0.7,
      0.4675,
      0.2325,
      0,
      0.545,
      0.31,
      0.0775,
      0.6225,
      0.39,
      0.155,
      0.7,
      0.4675,
      0.2325,
      0,
      0.545,
      0.31,
      0.0775,
      0.6225,
      0.39,
      0.155,
      0.7,
      0.4675,
      0.2325,
      0,
      0.545,
      0.31,
      0.0775,
      0.6225,
      0.39,
      0.155,
      0.7,
      0.4675,
      0.2325,
      0,
      0.545,
      0.31,
      0.0775,
      0.6225,
      0.39,
      0.155,
      0.7,
      0.4675,
      0.2325,
      0,
      0.545,
      0.31,
      0.0775,
      0.6225,
      0.39,
      0.155,
      0.7,
      0.4675,
      0.2325
    ],
    "SoftwareVersions": "syngo MR E11",
    "SpacingBetweenSlices": 2.4,
    "StationName": "",
    "TaskName": "SC",
    "TotalReadoutTime": 0.045391,
    "TxRefAmp": 251.122,
    "VendorReportedEchoSpacing": 0.00051,
    "WipMemBlock": "a2f65059-9005-460e-9980-04cf7cd3eb01||Sequence: R016 ve11c/master r/e634e98; Dec 19 2017 11:00:25 by eja",
    "dataset": "ds004073",
    "modality": "bold",
    "subject_id": "OXF10",
    "task_id": "SC"
  },
  "dummy_trs": 1,
  "dvars_nstd": 33.967225512286255,
  "dvars_std": 1.0573999097382196,
  "dvars_vstd": 1.0035758448342067,
  "efc": 0.5192665179084948,
  "fber": 774.6203002929688,
  "fd_mean": 0.0989550784979228,
  "fd_num": 37,
  "fd_perc": 6.445993031358885,
  "fwhm_avg": 3.1094109875542197,
  "fwhm_x": 2.810799888308847,
  "fwhm_y": 3.1797082069830815,
  "fwhm_z": 3.33772486737073,
  "gcor": 0.0119694,
  "gsr_x": -0.002452414482831955,
  "gsr_y": 0.08773011714220047,
  "provenance": {
    "md5sum": "ae3afc6508a20b04d267147e0063cd38",
    "settings": {
      "fd_thres": 0.2,
      "testing": false
    },
    "software": "mriqc",
    "version": "23.0.0",
    "webapi_port": null,
    "webapi_url": "https://mriqc.nimh.nih.gov/api/v1"
  },
  "size_t": 574,
  "size_x": 90,
  "size_y": 90,
  "size_z": 60,
  "snr": 2.4011155066619736,
  "spacing_tr": 0.800000011920929,
  "spacing_x": 2.4000000953674316,
  "spacing_y": 2.4000000953674316,
  "spacing_z": 2.4000000953674316,
  "summary_bg_k": 22.276679159630135,
  "summary_bg_mad": 83.75928272152349,
  "summary_bg_mean": 301.58673095703125,
  "summary_bg_median": 119.26306915283203,
  "summary_bg_n": 321051.0,
  "summary_bg_p05": 54.1916389465332,
  "summary_bg_p95": 1301.1280517578125,
  "summary_bg_stdv": 524.8553466796875,
  "summary_fg_k": 2.1930226188655295,
  "summary_fg_mad": 1077.872625750927,
  "summary_fg_mean": 3703.835205078125,
  "summary_fg_median": 3377.933837890625,
  "summary_fg_n": 89242.0,
  "summary_fg_p05": 2041.5837158203126,
  "summary_fg_p95": 6621.575903320311,
  "summary_fg_stdv": 1406.8106689453125,
  "tsnr": 43.273201254196465
}