{
  "aor": 0.001430087260034904,
  "aqi": 0.006167786143106457,
  "bids_meta": {
    "AcquisitionMatrixPE": 90,
    "AcquisitionNumber": 1,
    "AcquisitionTime": "",
    "BandwidthPerPixelPhaseEncode": 21.786,
    "BaseResolution": 90,
    "BodyPartExamined": "BRAIN",
    "ConsistencyInfo": "N4_VE11C_LATEST_20160120",
    "ConversionSoftware": "dcm2niix",
    "ConversionSoftwareVersion": "v1.0.20210317",
    "DerivedVendorReportedEchoSpacing": 0.000510012,
    "DeviceSerialNumber": "66093",
    "DwellTime": 2e-06,
    "EchoTime": 0.03,
    "EchoTrainLength": 90,
    "EffectiveEchoSpacing": 0.000510012,
    "FlipAngle": 52,
    "ImageComments": "Unaliased MB6/PE3/LB",
    "ImageOrientationPatientDICOM": [
      0.999684,
      0.00777362,
      0.0239168,
      2.21992e-08,
      0.951026,
      -0.30911
    ],
    "ImageType": [
      "ORIGINAL",
      "PRIMARY",
      "M",
      "MB",
      "ND",
      "MOSAIC"
    ],
    "ImagingFrequency": 123.26,
    "InPlanePhaseEncodingDirectionDICOM": "COL",
    "InstitutionAddress": "",
    "InstitutionName": "",
    "InstitutionalDepartmentName": "",
    "MRAcquisitionType": "2D",
    "MagneticFieldStrength": 3,
    "Manufacturer": "Siemens",
    "ManufacturersModelName": "Prisma",
    "Modality": "MR",
    "MultibandAccelerationFactor": 6,
    "PartialFourier": 1,
    "PatientPosition": "HFS",
    "PercentPhaseFOV": 100,
    "PercentSampling": 100,
    "PhaseEncodingDirection": "j-",
    "PhaseEncodingSteps": 90,
    "PhaseResolution": 1,
    "PixelBandwidth": 2780,
    "ProtocolName": "BOLD_2p4_MB6_P1_TE30_TR800_AP",
    "PulseSequenceDetails": "%CustomerSeq%\\cmrr_mbep2d_bold",
    "ReceiveCoilActiveElements": "HEA;HEP",
    "ReceiveCoilName": "Head_32",
    "ReconMatrixPE": 90,
    "RepetitionTime": 0.8,
    "SAR": 0.0756752,
    "ScanOptions": "FS",
    "ScanningSequence": "EP",
    "SequenceName": "epfid2d1_90",
    "SequenceVariant": "SK\\SS",
    "SeriesDescription": "BOLD_2p4_MB6_P1_TE30_TR800_AP",
    "SeriesNumber": 15,
    "ShimSetting": [
      4968,
      -11338,
      -1392,
      606,
      104,
      -105,
      -93,
      -7
    ],
    "SliceThickness": 2.4,
    "SliceTiming": [
      0,
      0.545,
      0.31,
      0.0775,
      0.6225,
      0.39,
      0.155,
      0.7,
      0.4675,
      0.2325,
      0,
      0.545,
      0.31,
      0.0775,
      0.6225,
      0.39,
      0.155,
      0.7,
      0.4675,
      0.2325,
      0,
      0.545,
      0.31,
      0.0775,
      0.6225,
      0.39,
      0.155,
      0.7,
      0.4675,
      0.2325,
      0,
      0.545,
      0.31,
      0.0775,
      0.6225,
      0.39,
      0.155,
      0.7,
      0.4675,
      0.2325,
      0,
      0.545,
      0.31,
      0.0775,
      0.6225,
      0.39,
      0.155,
      0.7,
      0.4675,
      0.2325,
      0,
      0.545,
      0.31,
      0.0775,
      0.6225,
      0.39,
      0.155,
      0.7,
      0.4675,
      0.2325
    ],
    "SoftwareVersions": "syngo MR E11",
    "SpacingBetweenSlices": 2.4,
    "StationName": "",
    "TaskName": "WG",
    "TotalReadoutTime": 0.045391,
    "TxRefAmp": 251.122,
    "VendorReportedEchoSpacing": 0.00051,
    "WipMemBlock": "f9381304-de92-4fe9-a36e-d1f9482e6864||Sequence: R016 ve11c/master r/e634e98; Dec 19 2017 11:00:25 by eja",
    "dataset": "ds004073",
    "modality": "bold",
    "subject_id": "OXF10",
    "task_id": "WG"
  },
  "dummy_trs": 2,
  "dvars_nstd": 37.29426086195806,
  "dvars_std": 1.0643931137237752,
  "dvars_vstd": 1.009694657342658,
  "efc": 0.5206214451155116,
  "fber": 760.9131469726562,
  "fd_mean": 0.14350198759318797,
  "fd_num": 125,
  "fd_perc": 21.81500872600349,
  "fwhm_avg": 3.1045304321926,
  "fwhm_x": 2.8112248882919597,
  "fwhm_y": 3.177870707056097,
  "fwhm_z": 3.324495701229743,
  "gcor": 0.0126631,
  "gsr_x": -0.0041650026105344296,
  "gsr_y": 0.08963581919670105,
  "provenance": {
    "md5sum": "3f4d9259c151c851b16a6dd24edbddd7",
    "settings": {
      "fd_thres": 0.2,
      "testing": false
    },
    "software": "mriqc",
    "version": "23.0.0",
    "webapi_port": null,
    "webapi_url": "https://mriqc.nimh.nih.gov/api/v1"
  },
  "size_t": 573,
  "size_x": 90,
  "size_y": 90,
  "size_z": 60,
  "snr": 2.4212067295240396,
  "spacing_tr": 0.800000011920929,
  "spacing_x": 2.4000000953674316,
  "spacing_y": 2.4000000953674316,
  "spacing_z": 2.4000000953674316,
  "summary_bg_k": 22.024095741110795,
  "summary_bg_mad": 85.49025406701912,
  "summary_bg_mean": 303.54986572265625,
  "summary_bg_median": 120.49826049804688,
  "summary_bg_n": 320820.0,
  "summary_bg_p05": 53.67190170288086,
  "summary_bg_p95": 1308.0785156249983,
  "summary_bg_stdv": 525.4291381835938,
  "summary_fg_k": 2.1869953728077896,
  "summary_fg_mad": 1079.9658602796426,
  "summary_fg_mean": 3699.369873046875,
  "summary_fg_median": 3380.9423828125,
  "summary_fg_n": 89442.0,
  "summary_fg_p05": 2038.2393371582032,
  "summary_fg_p95": 6570.4174072265605,
  "summary_fg_stdv": 1396.3795166015625,
  "tsnr": 37.9410759313032
}