{
  "aor": 0.00019747386759581882,
  "aqi": 0.004242305540069686,
  "bids_meta": {
    "AcquisitionMatrixPE": 90,
    "AcquisitionNumber": 1,
    "AcquisitionTime": "",
    "BandwidthPerPixelPhaseEncode": 21.786,
    "BaseResolution": 90,
    "BodyPartExamined": "BRAIN",
    "ConsistencyInfo": "N4_VE11C_LATEST_20160120",
    "ConversionSoftware": "dcm2niix",
    "ConversionSoftwareVersion": "v1.0.20210317",
    "DerivedVendorReportedEchoSpacing": 0.000510012,
    "DeviceSerialNumber": "66093",
    "DwellTime": 2e-06,
    "EchoTime": 0.03,
    "EchoTrainLength": 90,
    "EffectiveEchoSpacing": 0.000510012,
    "FlipAngle": 52,
    "ImageComments": "Unaliased MB6/PE3/LB",
    "ImageOrientationPatientDICOM": [
      0.999684,
      0.00777362,
      0.0239168,
      2.21992e-08,
      0.951026,
      -0.30911
    ],
    "ImageType": [
      "ORIGINAL",
      "PRIMARY",
      "M",
      "MB",
      "ND",
      "MOSAIC"
    ],
    "ImagingFrequency": 123.26,
    "InPlanePhaseEncodingDirectionDICOM": "COL",
    "InstitutionAddress": "",
    "InstitutionName": "",
    "InstitutionalDepartmentName": "",
    "MRAcquisitionType": "2D",
    "MagneticFieldStrength": 3,
    "Manufacturer": "Siemens",
    "ManufacturersModelName": "Prisma",
    "Modality": "MR",
    "MultibandAccelerationFactor": 6,
    "PartialFourier": 1,
    "PatientPosition": "HFS",
    "PercentPhaseFOV": 100,
    "PercentSampling": 100,
    "PhaseEncodingDirection": "j-",
    "PhaseEncodingSteps": 90,
    "PhaseResolution": 1,
    "PixelBandwidth": 2780,
    "ProtocolName": "BOLD_2p4_MB6_P1_TE30_TR800_AP",
    "PulseSequenceDetails": "%CustomerSeq%\\cmrr_mbep2d_bold",
    "ReceiveCoilActiveElements": "HEA;HEP",
    "ReceiveCoilName": "Head_32",
    "ReconMatrixPE": 90,
    "RepetitionTime": 0.8,
    "SAR": 0.0756752,
    "ScanOptions": "FS",
    "ScanningSequence": "EP",
    "SequenceName": "epfid2d1_90",
    "SequenceVariant": "SK\\SS",
    "SeriesDescription": "BOLD_2p4_MB6_P1_TE30_TR800_AP",
    "SeriesNumber": 9,
    "ShimSetting": [
      4968,
      -11338,
      -1392,
      606,
      104,
      -105,
      -93,
      -7
    ],
    "SliceThickness": 2.4,
    "SliceTiming": [
      0,
      0.545,
      0.31,
      0.0775,
      0.6225,
      0.3875,
      0.155,
      0.7,
      0.4675,
      0.2325,
      0,
      0.545,
      0.31,
      0.0775,
      0.6225,
      0.3875,
      0.155,
      0.7,
      0.4675,
      0.2325,
      0,
      0.545,
      0.31,
      0.0775,
      0.6225,
      0.3875,
      0.155,
      0.7,
      0.4675,
      0.2325,
      0,
      0.545,
      0.31,
      0.0775,
      0.6225,
      0.3875,
      0.155,
      0.7,
      0.4675,
      0.2325,
      0,
      0.545,
      0.31,
      0.0775,
      0.6225,
      0.3875,
      0.155,
      0.7,
      0.4675,
      0.2325,
      0,
      0.545,
      0.31,
      0.0775,
      0.6225,
      0.3875,
      0.155,
      0.7,
      0.4675,
      0.2325
    ],
    "SoftwareVersions": "syngo MR E11",
    "SpacingBetweenSlices": 2.4,
    "StationName": "",
    "TaskName": "WC",
    "TotalReadoutTime": 0.045391,
    "TxRefAmp": 251.122,
    "VendorReportedEchoSpacing": 0.00051,
    "WipMemBlock": "0bace7a8-6eab-4e79-8928-8163a1616bd0||Sequence: R016 ve11c/master r/e634e98; Dec 19 2017 11:00:25 by eja",
    "dataset": "ds004073",
    "modality": "bold",
    "subject_id": "OXF10",
    "task_id": "WC"
  },
  "dummy_trs": 1,
  "dvars_nstd": 34.42090838034905,
  "dvars_std": 1.0636828767713777,
  "dvars_vstd": 1.0009649955671895,
  "efc": 0.5204725261520559,
  "fber": 778.489990234375,
  "fd_mean": 0.10813318619902454,
  "fd_num": 103,
  "fd_perc": 17.94425087108014,
  "fwhm_avg": 3.1020193211812717,
  "fwhm_x": 2.8262915543599307,
  "fwhm_y": 3.1539582080062942,
  "fwhm_z": 3.325808201177589,
  "gcor": 0.00932092,
  "gsr_x": -0.004860030487179756,
  "gsr_y": 0.09055155515670776,
  "provenance": {
    "md5sum": "f5144620a1ae893473786a097b742014",
    "settings": {
      "fd_thres": 0.2,
      "testing": false
    },
    "software": "mriqc",
    "version": "23.0.0",
    "webapi_port": null,
    "webapi_url": "https://mriqc.nimh.nih.gov/api/v1"
  },
  "size_t": 574,
  "size_x": 90,
  "size_y": 90,
  "size_z": 60,
  "snr": 2.433048978400625,
  "spacing_tr": 0.800000011920929,
  "spacing_x": 2.4000000953674316,
  "spacing_y": 2.4000000953674316,
  "spacing_z": 2.4000000953674316,
  "summary_bg_k": 22.01408680368012,
  "summary_bg_mad": 83.92974487539982,
  "summary_bg_mean": 302.9587097167969,
  "summary_bg_median": 119.34146118164062,
  "summary_bg_n": 320839.0,
  "summary_bg_p05": 54.27874755859375,
  "summary_bg_p95": 1309.5122314453122,
  "summary_bg_stdv": 525.786865234375,
  "summary_fg_k": 2.212317391993378,
  "summary_fg_mad": 1079.2310745121702,
  "summary_fg_mean": 3704.957763671875,
  "summary_fg_median": 3389.00341796875,
  "summary_fg_n": 89464.0,
  "summary_fg_p05": 2044.8527038574218,
  "summary_fg_p95": 6562.116601562498,
  "summary_fg_stdv": 1392.8961181640625,
  "tsnr": 43.102683406323195
}