{
  "aor": 0.0015260070052539407,
  "aqi": 0.009608058598949212,
  "bids_meta": {
    "AcquisitionMatrixPE": 90,
    "AcquisitionNumber": 1,
    "AcquisitionTime": "",
    "BandwidthPerPixelPhaseEncode": 21.786,
    "BaseResolution": 90,
    "BodyPartExamined": "BRAIN",
    "ConsistencyInfo": "N4_VE11C_LATEST_20160120",
    "ConversionSoftware": "dcm2niix",
    "ConversionSoftwareVersion": "v1.0.20210317",
    "DerivedVendorReportedEchoSpacing": 0.000510012,
    "DeviceSerialNumber": "66093",
    "DwellTime": 2e-06,
    "EchoTime": 0.03,
    "EchoTrainLength": 90,
    "EffectiveEchoSpacing": 0.000510012,
    "FlipAngle": 52,
    "ImageComments": "Unaliased MB6/PE3/LB",
    "ImageOrientationPatientDICOM": [
      0.999986,
      0.000628653,
      0.00519455,
      -4.57628e-08,
      0.992757,
      -0.120136
    ],
    "ImageType": [
      "ORIGINAL",
      "PRIMARY",
      "M",
      "MB",
      "ND",
      "MOSAIC"
    ],
    "ImagingFrequency": 123.259,
    "InPlanePhaseEncodingDirectionDICOM": "COL",
    "InstitutionAddress": "",
    "InstitutionName": "",
    "InstitutionalDepartmentName": "",
    "MRAcquisitionType": "2D",
    "MagneticFieldStrength": 3,
    "Manufacturer": "Siemens",
    "ManufacturersModelName": "Prisma",
    "Modality": "MR",
    "MultibandAccelerationFactor": 6,
    "PartialFourier": 1,
    "PatientPosition": "HFS",
    "PercentPhaseFOV": 100,
    "PercentSampling": 100,
    "PhaseEncodingDirection": "j-",
    "PhaseEncodingSteps": 90,
    "PhaseResolution": 1,
    "PixelBandwidth": 2780,
    "ProtocolName": "BOLD_2p4_MB6_P1_TE30_TR800_AP",
    "PulseSequenceDetails": "%CustomerSeq%\\cmrr_mbep2d_bold",
    "ReceiveCoilActiveElements": "HEA;HEP",
    "ReceiveCoilName": "Head_32",
    "ReconMatrixPE": 90,
    "RepetitionTime": 0.8,
    "SAR": 0.0820165,
    "ScanOptions": "FS",
    "ScanningSequence": "EP",
    "SequenceName": "epfid2d1_90",
    "SequenceVariant": "SK\\SS",
    "SeriesDescription": "BOLD_2p4_MB6_P1_TE30_TR800_AP",
    "SeriesNumber": 31,
    "ShimSetting": [
      4969,
      -11437,
      -1308,
      515,
      147,
      20,
      13,
      0
    ],
    "SliceThickness": 2.4,
    "SliceTiming": [
      0,
      0.545,
      0.3125,
      0.0775,
      0.6225,
      0.39,
      0.155,
      0.7025,
      0.4675,
      0.2325,
      0,
      0.545,
      0.3125,
      0.0775,
      0.6225,
      0.39,
      0.155,
      0.7025,
      0.4675,
      0.2325,
      0,
      0.545,
      0.3125,
      0.0775,
      0.6225,
      0.39,
      0.155,
      0.7025,
      0.4675,
      0.2325,
      0,
      0.545,
      0.3125,
      0.0775,
      0.6225,
      0.39,
      0.155,
      0.7025,
      0.4675,
      0.2325,
      0,
      0.545,
      0.3125,
      0.0775,
      0.6225,
      0.39,
      0.155,
      0.7025,
      0.4675,
      0.2325,
      0,
      0.545,
      0.3125,
      0.0775,
      0.6225,
      0.39,
      0.155,
      0.7025,
      0.4675,
      0.2325
    ],
    "SoftwareVersions": "syngo MR E11",
    "SpacingBetweenSlices": 2.4,
    "StationName": "",
    "TaskName": "SC",
    "TotalReadoutTime": 0.045391,
    "TxRefAmp": 241.074,
    "VendorReportedEchoSpacing": 0.00051,
    "WipMemBlock": "48df6f3c-c5b0-4e55-b790-b261959c5347||Sequence: R016 ve11c/master r/e634e98; Dec 19 2017 11:00:25 by eja",
    "dataset": "ds004073",
    "modality": "bold",
    "subject_id": "OXF01",
    "task_id": "SC"
  },
  "dummy_trs": 4,
  "dvars_nstd": 32.472280023666706,
  "dvars_std": 1.004329233736842,
  "dvars_vstd": 0.9957989513333337,
  "efc": 0.4974847658987791,
  "fber": 982.601318359375,
  "fd_mean": 0.20451135947582014,
  "fd_num": 249,
  "fd_perc": 43.6077057793345,
  "fwhm_avg": 2.972377659666101,
  "fwhm_x": 2.775016556397416,
  "fwhm_y": 3.0226540465571863,
  "fwhm_z": 3.1194623760437024,
  "gcor": 0.00634373,
  "gsr_x": -0.018971774727106094,
  "gsr_y": 0.09066972136497498,
  "provenance": {
    "md5sum": "51d9fb810c9be5d16bae7551326b6563",
    "settings": {
      "fd_thres": 0.2,
      "testing": false
    },
    "software": "mriqc",
    "version": "23.0.0",
    "webapi_port": null,
    "webapi_url": "https://mriqc.nimh.nih.gov/api/v1"
  },
  "size_t": 571,
  "size_x": 90,
  "size_y": 90,
  "size_z": 60,
  "snr": 2.7742996864261116,
  "spacing_tr": 0.800000011920929,
  "spacing_x": 2.4000000953674316,
  "spacing_y": 2.4000000953674316,
  "spacing_z": 2.4000000953674316,
  "summary_bg_k": 17.226144479555664,
  "summary_bg_mad": 80.18385318316386,
  "summary_bg_mean": 282.900634765625,
  "summary_bg_median": 112.52801513671875,
  "summary_bg_n": 341088.0,
  "summary_bg_p05": 52.546409606933594,
  "summary_bg_p95": 1122.679443359375,
  "summary_bg_stdv": 436.8006286621094,
  "summary_fg_k": 1.4597037879511587,
  "summary_fg_mad": 1007.0088728382922,
  "summary_fg_mean": 3791.570068359375,
  "summary_fg_median": 3500.49658203125,
  "summary_fg_n": 76308.0,
  "summary_fg_p05": 2252.2822021484376,
  "summary_fg_p95": 6361.4061279296875,
  "summary_fg_stdv": 1261.7503662109375,
  "tsnr": 32.99072666047141
}