{
  "aor": 0.0004507167832167832,
  "aqi": 0.007460328671328671,
  "bids_meta": {
    "AcquisitionMatrixPE": 90,
    "AcquisitionNumber": 1,
    "AcquisitionTime": "",
    "BandwidthPerPixelPhaseEncode": 21.786,
    "BaseResolution": 90,
    "BodyPartExamined": "BRAIN",
    "ConsistencyInfo": "N4_VE11C_LATEST_20160120",
    "ConversionSoftware": "dcm2niix",
    "ConversionSoftwareVersion": "v1.0.20210317",
    "DerivedVendorReportedEchoSpacing": 0.000510012,
    "DeviceSerialNumber": "66093",
    "DwellTime": 2e-06,
    "EchoTime": 0.03,
    "EchoTrainLength": 90,
    "EffectiveEchoSpacing": 0.000510012,
    "FlipAngle": 52,
    "ImageComments": "Unaliased MB6/PE3/LB",
    "ImageOrientationPatientDICOM": [
      0.999986,
      0.000628653,
      0.00519455,
      -4.57628e-08,
      0.992757,
      -0.120136
    ],
    "ImageType": [
      "ORIGINAL",
      "PRIMARY",
      "M",
      "MB",
      "ND",
      "MOSAIC"
    ],
    "ImagingFrequency": 123.259,
    "InPlanePhaseEncodingDirectionDICOM": "COL",
    "InstitutionAddress": "",
    "InstitutionName": "",
    "InstitutionalDepartmentName": "",
    "MRAcquisitionType": "2D",
    "MagneticFieldStrength": 3,
    "Manufacturer": "Siemens",
    "ManufacturersModelName": "Prisma",
    "Modality": "MR",
    "MultibandAccelerationFactor": 6,
    "PartialFourier": 1,
    "PatientPosition": "HFS",
    "PercentPhaseFOV": 100,
    "PercentSampling": 100,
    "PhaseEncodingDirection": "j-",
    "PhaseEncodingSteps": 90,
    "PhaseResolution": 1,
    "PixelBandwidth": 2780,
    "ProtocolName": "BOLD_2p4_MB6_P1_TE30_TR800_AP",
    "PulseSequenceDetails": "%CustomerSeq%\\cmrr_mbep2d_bold",
    "ReceiveCoilActiveElements": "HEA;HEP",
    "ReceiveCoilName": "Head_32",
    "ReconMatrixPE": 90,
    "RepetitionTime": 0.8,
    "SAR": 0.0820165,
    "ScanOptions": "FS",
    "ScanningSequence": "EP",
    "SequenceName": "epfid2d1_90",
    "SequenceVariant": "SK\\SS",
    "SeriesDescription": "BOLD_2p4_MB6_P1_TE30_TR800_AP",
    "SeriesNumber": 21,
    "ShimSetting": [
      4969,
      -11437,
      -1308,
      515,
      147,
      20,
      13,
      0
    ],
    "SliceThickness": 2.4,
    "SliceTiming": [
      0,
      0.545,
      0.3125,
      0.0775,
      0.6225,
      0.39,
      0.155,
      0.7,
      0.4675,
      0.2325,
      0,
      0.545,
      0.3125,
      0.0775,
      0.6225,
      0.39,
      0.155,
      0.7,
      0.4675,
      0.2325,
      0,
      0.545,
      0.3125,
      0.0775,
      0.6225,
      0.39,
      0.155,
      0.7,
      0.4675,
      0.2325,
      0,
      0.545,
      0.3125,
      0.0775,
      0.6225,
      0.39,
      0.155,
      0.7,
      0.4675,
      0.2325,
      0,
      0.545,
      0.3125,
      0.0775,
      0.6225,
      0.39,
      0.155,
      0.7,
      0.4675,
      0.2325,
      0,
      0.545,
      0.3125,
      0.0775,
      0.6225,
      0.39,
      0.155,
      0.7,
      0.4675,
      0.2325
    ],
    "SoftwareVersions": "syngo MR E11",
    "SpacingBetweenSlices": 2.4,
    "StationName": "",
    "TaskName": "SD",
    "TotalReadoutTime": 0.045391,
    "TxRefAmp": 241.074,
    "VendorReportedEchoSpacing": 0.00051,
    "WipMemBlock": "e9daee31-b15d-4326-881e-d83026933101||Sequence: R016 ve11c/master r/e634e98; Dec 19 2017 11:00:25 by eja",
    "dataset": "ds004073",
    "modality": "bold",
    "subject_id": "OXF01",
    "task_id": "SD"
  },
  "dummy_trs": 3,
  "dvars_nstd": 33.90725168534149,
  "dvars_std": 1.0056528745709286,
  "dvars_vstd": 0.9801711562171628,
  "efc": 0.496685877709407,
  "fber": 999.0471801757812,
  "fd_mean": 0.1948207491641818,
  "fd_num": 274,
  "fd_perc": 47.9020979020979,
  "fwhm_avg": 2.943698494139042,
  "fwhm_x": 2.782491556100386,
  "fwhm_y": 3.0096123804087487,
  "fwhm_z": 3.0389915459079924,
  "gcor": 0.00655505,
  "gsr_x": -0.020124828442931175,
  "gsr_y": 0.0906657800078392,
  "provenance": {
    "md5sum": "b57db6eb8e72f74ca3e93dff49b55b0a",
    "settings": {
      "fd_thres": 0.2,
      "testing": false
    },
    "software": "mriqc",
    "version": "23.0.0",
    "webapi_port": null,
    "webapi_url": "https://mriqc.nimh.nih.gov/api/v1"
  },
  "size_t": 572,
  "size_x": 90,
  "size_y": 90,
  "size_z": 60,
  "snr": 2.766082826279731,
  "spacing_tr": 0.800000011920929,
  "spacing_x": 2.4000000953674316,
  "spacing_y": 2.4000000953674316,
  "spacing_z": 2.4000000953674316,
  "summary_bg_k": 17.711257553608053,
  "summary_bg_mad": 77.77051855540765,
  "summary_bg_mean": 280.6549377441406,
  "summary_bg_median": 111.29981994628906,
  "summary_bg_n": 341568.0,
  "summary_bg_p05": 54.103145599365234,
  "summary_bg_p95": 1116.4263183593732,
  "summary_bg_stdv": 432.1090393066406,
  "summary_fg_k": 1.485346191316724,
  "summary_fg_mad": 1009.5755555363935,
  "summary_fg_mean": 3783.805419921875,
  "summary_fg_median": 3496.248046875,
  "summary_fg_n": 75956.0,
  "summary_fg_p05": 2237.5096435546875,
  "summary_fg_p95": 6354.99853515625,
  "summary_fg_stdv": 1263.9625244140625,
  "tsnr": 36.19570638646837
}