{
  "aor": 0.0034775130434782607,
  "aqi": 0.05389830017391304,
  "bids_meta": {
    "AcquisitionMatrixPE": 94,
    "AcquisitionNumber": 10,
    "AcquisitionTime": "",
    "BodyPartExamined": "BRAIN",
    "CoilString": "MULTI COIL",
    "ConversionSoftware": "dcm2niix",
    "ConversionSoftwareVersion": "v1.0.20210317",
    "DeviceSerialNumber": "45128",
    "EchoTime": 0.03,
    "EchoTrainLength": 47,
    "EstimatedEffectiveEchoSpacing": 0.000388467,
    "EstimatedTotalReadoutTime": 0.0369044,
    "FlipAngle": 52,
    "ImageOrientationPatientDICOM": [
      0.999849,
      -4.72661e-12,
      0.017387,
      0.000696882,
      0.999196,
      -0.0400747
    ],
    "ImageType": [
      "ORIGINAL",
      "PRIMARY",
      "M",
      "FFE",
      "M",
      "FFE"
    ],
    "ImagingFrequency": 127.764,
    "InPlanePhaseEncodingDirectionDICOM": "COL",
    "InstitutionAddress": "",
    "InstitutionName": "",
    "InstitutionalDepartmentName": "",
    "MRAcquisitionType": "2D",
    "MagneticFieldStrength": 3,
    "Manufacturer": "Philips",
    "ManufacturersModelName": "Ingenia Elition X",
    "Modality": "MR",
    "ParallelReductionFactorInPlane": 2,
    "ParallelReductionOutOfPlane": 6,
    "PatientPosition": "HFS",
    "PercentPhaseFOV": 100,
    "PercentSampling": 100,
    "PhaseEncodingAxis": "j",
    "PhaseEncodingSteps": 94,
    "PhilipsRWVIntercept": 0,
    "PhilipsRWVSlope": 1.13089,
    "PhilipsRescaleIntercept": 0,
    "PhilipsRescaleSlope": 1.13089,
    "PhilipsScaleSlope": 0.0166662,
    "PixelBandwidth": 1850,
    "ProcedureStepDescription": "COLA",
    "ProtocolName": "COLA_R6",
    "ReconMatrixPE": 96,
    "RepetitionTime": 0.8,
    "SAR": 0.0818667,
    "ScanOptions": "FS",
    "ScanningSequence": "GR",
    "SequenceVariant": "SK",
    "SeriesDescription": "COLA_R6",
    "SeriesNumber": 1001,
    "SliceThickness": 2.4,
    "SoftwareVersions": "5.6.1\\5.6.1.3",
    "SpacingBetweenSlices": 2.4,
    "StationName": "",
    "TaskName": "SC",
    "UsePhilipsFloatNotDisplayScaling": 1,
    "WaterFatShift": 16.3723,
    "dataset": "ds004073",
    "modality": "bold",
    "subject_id": "BAN19",
    "task_id": "SC"
  },
  "dummy_trs": 0,
  "dvars_nstd": 88.11469660904186,
  "dvars_std": 1.0906201369337978,
  "dvars_vstd": 1.047069702491291,
  "efc": 0.41449139827936776,
  "fber": 2125097.5,
  "fd_mean": 0.43783409431255227,
  "fd_num": 398,
  "fd_perc": 69.21739130434783,
  "fwhm_avg": 2.2566114742308048,
  "fwhm_x": 2.3475757300460063,
  "fwhm_y": 2.3690087742352284,
  "fwhm_z": 2.0532499184111788,
  "gcor": 0.00960248,
  "gsr_x": -0.020231163129210472,
  "gsr_y": 0.05134109780192375,
  "provenance": {
    "md5sum": "37f05be8e3a4d5b68125042629b4e2f6",
    "settings": {
      "fd_thres": 0.2,
      "testing": false
    },
    "software": "mriqc",
    "version": "23.0.0",
    "webapi_port": null,
    "webapi_url": "https://mriqc.nimh.nih.gov/api/v1"
  },
  "size_t": 575,
  "size_x": 96,
  "size_y": 96,
  "size_z": 60,
  "snr": 4.026496665123729,
  "spacing_tr": 0.8000001907348633,
  "spacing_x": 2.3958332538604736,
  "spacing_y": 2.3958332538604736,
  "spacing_z": 2.4000000953674316,
  "summary_bg_k": 23.95186565649994,
  "summary_bg_mad": 68.85196519326519,
  "summary_bg_mean": 2083.142333984375,
  "summary_bg_median": 47.09058380126953,
  "summary_bg_n": 409788.0,
  "summary_bg_p05": 0.5144281327724458,
  "summary_bg_p95": 10137.897998046861,
  "summary_bg_stdv": 4476.36474609375,
  "summary_fg_k": 0.5839912107590064,
  "summary_fg_mad": 15773.468708245175,
  "summary_fg_mean": 67127.53125,
  "summary_fg_median": 65776.53125,
  "summary_fg_n": 75996.0,
  "summary_fg_p05": 43072.78515625,
  "summary_fg_p95": 95503.22265625,
  "summary_fg_stdv": 16335.8134765625,
  "tsnr": 13.317434310913086
}