{
  "aor": 0.0009953391304347826,
  "aqi": 0.04507850904347826,
  "bids_meta": {
    "AcquisitionMatrixPE": 94,
    "AcquisitionNumber": 3,
    "AcquisitionTime": "",
    "BodyPartExamined": "BRAIN",
    "CoilString": "MULTI COIL",
    "ConversionSoftware": "dcm2niix",
    "ConversionSoftwareVersion": "v1.0.20210317",
    "DeviceSerialNumber": "45128",
    "EchoTime": 0.03,
    "EchoTrainLength": 47,
    "EstimatedEffectiveEchoSpacing": 0.000388467,
    "EstimatedTotalReadoutTime": 0.0369044,
    "FlipAngle": 52,
    "ImageOrientationPatientDICOM": [
      0.999849,
      -4.72661e-12,
      0.017387,
      0.000696882,
      0.999196,
      -0.0400747
    ],
    "ImageType": [
      "ORIGINAL",
      "PRIMARY",
      "M",
      "FFE",
      "M",
      "FFE"
    ],
    "ImagingFrequency": 127.764,
    "InPlanePhaseEncodingDirectionDICOM": "COL",
    "InstitutionAddress": "",
    "InstitutionName": "",
    "InstitutionalDepartmentName": "",
    "MRAcquisitionType": "2D",
    "MagneticFieldStrength": 3,
    "Manufacturer": "Philips",
    "ManufacturersModelName": "Ingenia Elition X",
    "Modality": "MR",
    "ParallelReductionFactorInPlane": 2,
    "ParallelReductionOutOfPlane": 6,
    "PatientPosition": "HFS",
    "PercentPhaseFOV": 100,
    "PercentSampling": 100,
    "PhaseEncodingAxis": "j",
    "PhaseEncodingSteps": 94,
    "PhilipsRWVIntercept": 0,
    "PhilipsRWVSlope": 1.21148,
    "PhilipsRescaleIntercept": 0,
    "PhilipsRescaleSlope": 1.21148,
    "PhilipsScaleSlope": 0.0163694,
    "PixelBandwidth": 1850,
    "ProcedureStepDescription": "COLA",
    "ProtocolName": "COLA_R2",
    "ReconMatrixPE": 96,
    "RepetitionTime": 0.8,
    "SAR": 0.0818667,
    "ScanOptions": "FS",
    "ScanningSequence": "GR",
    "SequenceVariant": "SK",
    "SeriesDescription": "COLA_R2",
    "SeriesNumber": 301,
    "SliceThickness": 2.4,
    "SoftwareVersions": "5.6.1\\5.6.1.3",
    "SpacingBetweenSlices": 2.4,
    "StationName": "",
    "TaskName": "SG",
    "UsePhilipsFloatNotDisplayScaling": 1,
    "WaterFatShift": 16.3723,
    "dataset": "ds004073",
    "modality": "bold",
    "subject_id": "BAN19",
    "task_id": "SG"
  },
  "dummy_trs": 0,
  "dvars_nstd": 85.95743458456454,
  "dvars_std": 1.109058966916377,
  "dvars_vstd": 1.0275601037979096,
  "efc": 0.42493933076832696,
  "fber": 2720296.0,
  "fd_mean": 0.36461743427945625,
  "fd_num": 409,
  "fd_perc": 71.1304347826087,
  "fwhm_avg": 2.16250493432391,
  "fwhm_x": 2.200670681694717,
  "fwhm_y": 2.31021503315453,
  "fwhm_z": 1.9766290881224835,
  "gcor": 0.00659592,
  "gsr_x": -0.024228844791650772,
  "gsr_y": 0.03397496044635773,
  "provenance": {
    "md5sum": "12cb07fe6ece12dbcb4d88971b90a54c",
    "settings": {
      "fd_thres": 0.2,
      "testing": false
    },
    "software": "mriqc",
    "version": "23.0.0",
    "webapi_port": null,
    "webapi_url": "https://mriqc.nimh.nih.gov/api/v1"
  },
  "size_t": 575,
  "size_x": 96,
  "size_y": 96,
  "size_z": 60,
  "snr": 4.8065722074388475,
  "spacing_tr": 0.8000001907348633,
  "spacing_x": 2.3958332538604736,
  "spacing_y": 2.3958332538604736,
  "spacing_z": 2.4000000953674316,
  "summary_bg_k": 33.848333014506764,
  "summary_bg_mad": 61.24607049497128,
  "summary_bg_mean": 2206.690185546875,
  "summary_bg_median": 41.93610382080078,
  "summary_bg_n": 403790.0,
  "summary_bg_p05": 0.49573034048080444,
  "summary_bg_p95": 10850.241503906249,
  "summary_bg_stdv": 5164.43896484375,
  "summary_fg_k": 0.7630844943228725,
  "summary_fg_mad": 13789.208338297489,
  "summary_fg_mean": 69599.390625,
  "summary_fg_median": 68291.21875,
  "summary_fg_n": 80051.0,
  "summary_fg_p05": 49346.177734375,
  "summary_fg_p95": 94392.53125,
  "summary_fg_stdv": 14207.794921875,
  "tsnr": 17.306591033935547
}