{
  "aor": 0.005319426086956521,
  "aqi": 0.050428924695652175,
  "bids_meta": {
    "AcquisitionMatrixPE": 94,
    "AcquisitionNumber": 9,
    "AcquisitionTime": "",
    "BodyPartExamined": "BRAIN",
    "CoilString": "MULTI COIL",
    "ConversionSoftware": "dcm2niix",
    "ConversionSoftwareVersion": "v1.0.20210317",
    "DeviceSerialNumber": "45128",
    "EchoTime": 0.03,
    "EchoTrainLength": 47,
    "EstimatedEffectiveEchoSpacing": 0.000388467,
    "EstimatedTotalReadoutTime": 0.0369044,
    "FlipAngle": 52,
    "ImageOrientationPatientDICOM": [
      0.999849,
      -4.72661e-12,
      0.017387,
      0.000696882,
      0.999196,
      -0.0400747
    ],
    "ImageType": [
      "ORIGINAL",
      "PRIMARY",
      "M",
      "FFE",
      "M",
      "FFE"
    ],
    "ImagingFrequency": 127.764,
    "InPlanePhaseEncodingDirectionDICOM": "COL",
    "InstitutionAddress": "",
    "InstitutionName": "",
    "InstitutionalDepartmentName": "",
    "MRAcquisitionType": "2D",
    "MagneticFieldStrength": 3,
    "Manufacturer": "Philips",
    "ManufacturersModelName": "Ingenia Elition X",
    "Modality": "MR",
    "ParallelReductionFactorInPlane": 2,
    "ParallelReductionOutOfPlane": 6,
    "PatientPosition": "HFS",
    "PercentPhaseFOV": 100,
    "PercentSampling": 100,
    "PhaseEncodingAxis": "j",
    "PhaseEncodingSteps": 94,
    "PhilipsRWVIntercept": 0,
    "PhilipsRWVSlope": 1.05104,
    "PhilipsRescaleIntercept": 0,
    "PhilipsRescaleSlope": 1.05104,
    "PhilipsScaleSlope": 0.0166845,
    "PixelBandwidth": 1850,
    "ProcedureStepDescription": "COLA",
    "ProtocolName": "COLA_R5",
    "ReconMatrixPE": 96,
    "RepetitionTime": 0.8,
    "SAR": 0.0818667,
    "ScanOptions": "FS",
    "ScanningSequence": "GR",
    "SequenceVariant": "SK",
    "SeriesDescription": "COLA_R5",
    "SeriesNumber": 901,
    "SliceThickness": 2.4,
    "SoftwareVersions": "5.6.1\\5.6.1.3",
    "SpacingBetweenSlices": 2.4,
    "StationName": "",
    "TaskName": "PD",
    "UsePhilipsFloatNotDisplayScaling": 1,
    "WaterFatShift": 16.3723,
    "dataset": "ds004073",
    "modality": "bold",
    "subject_id": "BAN19",
    "task_id": "PD"
  },
  "dummy_trs": 0,
  "dvars_nstd": 90.87544047120213,
  "dvars_std": 1.123374550958188,
  "dvars_vstd": 1.0757057100871084,
  "efc": 0.4147535692735405,
  "fber": 1856654.625,
  "fd_mean": 0.4952209215197286,
  "fd_num": 379,
  "fd_perc": 65.91304347826087,
  "fwhm_avg": 2.2888169627373762,
  "fwhm_x": 2.3863513835061574,
  "fwhm_y": 2.4069162537535376,
  "fwhm_z": 2.073183250952433,
  "gcor": 0.00833945,
  "gsr_x": -0.020288269966840744,
  "gsr_y": 0.05246856063604355,
  "provenance": {
    "md5sum": "81530882a006c572a01b5809d6c93be8",
    "settings": {
      "fd_thres": 0.2,
      "testing": false
    },
    "software": "mriqc",
    "version": "23.0.0",
    "webapi_port": null,
    "webapi_url": "https://mriqc.nimh.nih.gov/api/v1"
  },
  "size_t": 575,
  "size_x": 96,
  "size_y": 96,
  "size_z": 60,
  "snr": 3.8510607566557207,
  "spacing_tr": 0.8000001907348633,
  "spacing_x": 2.3958332538604736,
  "spacing_y": 2.3958332538604736,
  "spacing_z": 2.4000000953674316,
  "summary_bg_k": 22.9132535447665,
  "summary_bg_mad": 73.18885391669087,
  "summary_bg_mean": 2098.926025390625,
  "summary_bg_median": 50.040130615234375,
  "summary_bg_n": 409555.0,
  "summary_bg_p05": 0.5279634773731232,
  "summary_bg_p95": 10157.9044921875,
  "summary_bg_stdv": 4450.7734375,
  "summary_fg_k": 0.535760620083372,
  "summary_fg_mad": 16534.420088308092,
  "summary_fg_mean": 66759.109375,
  "summary_fg_median": 65493.1484375,
  "summary_fg_n": 76213.0,
  "summary_fg_p05": 41640.160937500004,
  "summary_fg_p95": 96519.6921875,
  "summary_fg_stdv": 17006.41015625,
  "tsnr": 13.145474433898926
}