{
  "aor": 0.0016876521739130435,
  "aqi": 0.04443835182608696,
  "bids_meta": {
    "AcquisitionMatrixPE": 94,
    "AcquisitionNumber": 4,
    "AcquisitionTime": "",
    "BodyPartExamined": "BRAIN",
    "CoilString": "MULTI COIL",
    "ConversionSoftware": "dcm2niix",
    "ConversionSoftwareVersion": "v1.0.20210317",
    "DeviceSerialNumber": "45128",
    "EchoTime": 0.03,
    "EchoTrainLength": 47,
    "EstimatedEffectiveEchoSpacing": 0.000388467,
    "EstimatedTotalReadoutTime": 0.0369044,
    "FlipAngle": 52,
    "ImageOrientationPatientDICOM": [
      0.999849,
      -4.72661e-12,
      0.017387,
      0.000696882,
      0.999196,
      -0.0400747
    ],
    "ImageType": [
      "ORIGINAL",
      "PRIMARY",
      "M",
      "FFE",
      "M",
      "FFE"
    ],
    "ImagingFrequency": 127.764,
    "InPlanePhaseEncodingDirectionDICOM": "COL",
    "InstitutionAddress": "",
    "InstitutionName": "",
    "InstitutionalDepartmentName": "",
    "MRAcquisitionType": "2D",
    "MagneticFieldStrength": 3,
    "Manufacturer": "Philips",
    "ManufacturersModelName": "Ingenia Elition X",
    "Modality": "MR",
    "ParallelReductionFactorInPlane": 2,
    "ParallelReductionOutOfPlane": 6,
    "PatientPosition": "HFS",
    "PercentPhaseFOV": 100,
    "PercentSampling": 100,
    "PhaseEncodingAxis": "j",
    "PhaseEncodingSteps": 94,
    "PhilipsRWVIntercept": 0,
    "PhilipsRWVSlope": 1.13333,
    "PhilipsRescaleIntercept": 0,
    "PhilipsRescaleSlope": 1.13333,
    "PhilipsScaleSlope": 0.0166354,
    "PixelBandwidth": 1850,
    "ProcedureStepDescription": "COLA",
    "ProtocolName": "COLA_R3",
    "ReconMatrixPE": 96,
    "RepetitionTime": 0.8,
    "SAR": 0.0818667,
    "ScanOptions": "FS",
    "ScanningSequence": "GR",
    "SequenceVariant": "SK",
    "SeriesDescription": "COLA_R3",
    "SeriesNumber": 401,
    "SliceThickness": 2.4,
    "SoftwareVersions": "5.6.1\\5.6.1.3",
    "SpacingBetweenSlices": 2.4,
    "StationName": "",
    "TaskName": "SD",
    "UsePhilipsFloatNotDisplayScaling": 1,
    "WaterFatShift": 16.3723,
    "dataset": "ds004073",
    "modality": "bold",
    "subject_id": "BAN19",
    "task_id": "SD"
  },
  "dummy_trs": 0,
  "dvars_nstd": 88.75246037344958,
  "dvars_std": 1.1049232636933788,
  "dvars_vstd": 1.0378251535191638,
  "efc": 0.4209784357956594,
  "fber": 2405159.25,
  "fd_mean": 0.35128706036010476,
  "fd_num": 376,
  "fd_perc": 65.3913043478261,
  "fwhm_avg": 2.2101616347694875,
  "fwhm_x": 2.2505656398715357,
  "fwhm_y": 2.3366985122938906,
  "fwhm_z": 2.0432207521430352,
  "gcor": 0.00774752,
  "gsr_x": -0.02199297770857811,
  "gsr_y": 0.04316728562116623,
  "provenance": {
    "md5sum": "a3f79edaf34837256b6677f95a8e0bf3",
    "settings": {
      "fd_thres": 0.2,
      "testing": false
    },
    "software": "mriqc",
    "version": "23.0.0",
    "webapi_port": null,
    "webapi_url": "https://mriqc.nimh.nih.gov/api/v1"
  },
  "size_t": 575,
  "size_x": 96,
  "size_y": 96,
  "size_z": 60,
  "snr": 4.4403425113953885,
  "spacing_tr": 0.8000001907348633,
  "spacing_x": 2.3958332538604736,
  "spacing_y": 2.3958332538604736,
  "spacing_z": 2.4000000953674316,
  "summary_bg_k": 29.36798181297481,
  "summary_bg_mad": 64.76924739521806,
  "summary_bg_mean": 2077.542724609375,
  "summary_bg_median": 44.22465896606445,
  "summary_bg_n": 405408.0,
  "summary_bg_p05": 0.48180194050073627,
  "summary_bg_p95": 10300.989013671868,
  "summary_bg_stdv": 4722.81591796875,
  "summary_fg_k": 0.7222858920591815,
  "summary_fg_mad": 14357.670460796067,
  "summary_fg_mean": 67903.6796875,
  "summary_fg_median": 66429.0703125,
  "summary_fg_n": 79288.0,
  "summary_fg_p05": 46621.6861328125,
  "summary_fg_p95": 94155.83281249997,
  "summary_fg_stdv": 14960.25390625,
  "tsnr": 15.742918968200684
}