{
  "aor": 0.000361859649122807,
  "aqi": 0.008230044842105263,
  "bids_meta": {
    "AcquisitionMatrixPE": 90,
    "AcquisitionNumber": 1,
    "AcquisitionTime": "",
    "BandwidthPerPixelPhaseEncode": 21.786,
    "BaseResolution": 90,
    "BodyPartExamined": "BRAIN",
    "ConsistencyInfo": "N4_VE11C_LATEST_20160120",
    "ConversionSoftware": "dcm2niix",
    "ConversionSoftwareVersion": "v1.0.20210317",
    "DerivedVendorReportedEchoSpacing": 0.000510012,
    "DeviceSerialNumber": "66093",
    "DwellTime": 2e-06,
    "EchoTime": 0.03,
    "EchoTrainLength": 90,
    "EffectiveEchoSpacing": 0.000510012,
    "FlipAngle": 52,
    "ImageComments": "Unaliased MB6/PE3/LB",
    "ImageOrientationPatientDICOM": [
      0.999882,
      0.00402176,
      0.0148008,
      -3.13737e-08,
      0.965009,
      -0.262216
    ],
    "ImageType": [
      "ORIGINAL",
      "PRIMARY",
      "M",
      "MB",
      "ND",
      "MOSAIC"
    ],
    "ImagingFrequency": 123.26,
    "InPlanePhaseEncodingDirectionDICOM": "COL",
    "InstitutionAddress": "",
    "InstitutionName": "",
    "InstitutionalDepartmentName": "",
    "MRAcquisitionType": "2D",
    "MagneticFieldStrength": 3,
    "Manufacturer": "Siemens",
    "ManufacturersModelName": "Prisma",
    "Modality": "MR",
    "MultibandAccelerationFactor": 6,
    "PartialFourier": 1,
    "PatientPosition": "HFS",
    "PercentPhaseFOV": 100,
    "PercentSampling": 100,
    "PhaseEncodingDirection": "j-",
    "PhaseEncodingSteps": 90,
    "PhaseResolution": 1,
    "PixelBandwidth": 2780,
    "ProtocolName": "BOLD_2p4_MB6_P1_TE30_TR800_AP",
    "PulseSequenceDetails": "%CustomerSeq%\\cmrr_mbep2d_bold",
    "ReceiveCoilActiveElements": "HEA;HEP",
    "ReceiveCoilName": "Head_32",
    "ReconMatrixPE": 90,
    "RepetitionTime": 0.8,
    "SAR": 0.0883559,
    "ScanOptions": "FS",
    "ScanningSequence": "EP",
    "SequenceName": "epfid2d1_90",
    "SequenceVariant": "SK\\SS",
    "SeriesDescription": "BOLD_2p4_MB6_P1_TE30_TR800_AP",
    "SeriesNumber": 17,
    "ShimSetting": [
      4961,
      -11391,
      -1404,
      544,
      94,
      1,
      -59,
      25
    ],
    "SliceThickness": 2.4,
    "SliceTiming": [
      0,
      0.545,
      0.31,
      0.0775,
      0.6225,
      0.39,
      0.155,
      0.7,
      0.4675,
      0.2325,
      0,
      0.545,
      0.31,
      0.0775,
      0.6225,
      0.39,
      0.155,
      0.7,
      0.4675,
      0.2325,
      0,
      0.545,
      0.31,
      0.0775,
      0.6225,
      0.39,
      0.155,
      0.7,
      0.4675,
      0.2325,
      0,
      0.545,
      0.31,
      0.0775,
      0.6225,
      0.39,
      0.155,
      0.7,
      0.4675,
      0.2325,
      0,
      0.545,
      0.31,
      0.0775,
      0.6225,
      0.39,
      0.155,
      0.7,
      0.4675,
      0.2325,
      0,
      0.545,
      0.31,
      0.0775,
      0.6225,
      0.39,
      0.155,
      0.7,
      0.4675,
      0.2325
    ],
    "SoftwareVersions": "syngo MR E11",
    "SpacingBetweenSlices": 2.4,
    "StationName": "",
    "TaskName": "SC",
    "TotalReadoutTime": 0.045391,
    "TxRefAmp": 236.192,
    "VendorReportedEchoSpacing": 0.00051,
    "WipMemBlock": "4848782a-8817-44c7-ad3c-f6f66580dbfe||Sequence: R016 ve11c/master r/e634e98; Dec 19 2017 11:00:25 by eja",
    "dataset": "ds004073",
    "modality": "bold",
    "subject_id": "OXF18",
    "task_id": "SC"
  },
  "dummy_trs": 5,
  "dvars_nstd": 30.978264652478032,
  "dvars_std": 0.9719319745869948,
  "dvars_vstd": 0.9559708507029877,
  "efc": 0.5113486185810467,
  "fber": 893.3653564453125,
  "fd_mean": 0.13951978402291065,
  "fd_num": 125,
  "fd_perc": 21.92982456140351,
  "fwhm_avg": 3.0532484897859167,
  "fwhm_x": 2.84878738679936,
  "fwhm_y": 3.1245790425070505,
  "fwhm_z": 3.1863790400513397,
  "gcor": 0.0163214,
  "gsr_x": -0.017859386280179024,
  "gsr_y": 0.09057542681694031,
  "provenance": {
    "md5sum": "557845246d54418b9924a4edecb9500d",
    "settings": {
      "fd_thres": 0.2,
      "testing": false
    },
    "software": "mriqc",
    "version": "23.0.0",
    "webapi_port": null,
    "webapi_url": "https://mriqc.nimh.nih.gov/api/v1"
  },
  "size_t": 570,
  "size_x": 90,
  "size_y": 90,
  "size_z": 60,
  "snr": 2.5002942076971952,
  "spacing_tr": 0.800000011920929,
  "spacing_x": 2.4000000953674316,
  "spacing_y": 2.4000000953674316,
  "spacing_z": 2.4000000953674316,
  "summary_bg_k": 15.993006911966823,
  "summary_bg_mad": 81.42608340426077,
  "summary_bg_mean": 289.2753601074219,
  "summary_bg_median": 119.95614624023438,
  "summary_bg_n": 326062.0,
  "summary_bg_p05": 59.43868637084961,
  "summary_bg_p95": 1178.2058471679695,
  "summary_bg_stdv": 435.2726745605469,
  "summary_fg_k": 0.961751756947141,
  "summary_fg_mad": 1274.5854536245022,
  "summary_fg_mean": 3895.914306640625,
  "summary_fg_median": 3594.521240234375,
  "summary_fg_n": 87589.0,
  "summary_fg_p05": 2100.33720703125,
  "summary_fg_p95": 6706.405078124993,
  "summary_fg_stdv": 1437.631103515625,
  "tsnr": 32.54818476201035
}