{
  "aor": 0.00026089005235602094,
  "aqi": 0.0033814545549738216,
  "bids_meta": {
    "AcquisitionMatrixPE": 90,
    "AcquisitionNumber": 1,
    "AcquisitionTime": "",
    "BandwidthPerPixelPhaseEncode": 21.786,
    "BaseResolution": 90,
    "BodyPartExamined": "BRAIN",
    "ConsistencyInfo": "N4_VE11C_LATEST_20160120",
    "ConversionSoftware": "dcm2niix",
    "ConversionSoftwareVersion": "v1.0.20210317",
    "DerivedVendorReportedEchoSpacing": 0.000510012,
    "DeviceSerialNumber": "66093",
    "DwellTime": 2e-06,
    "EchoTime": 0.03,
    "EchoTrainLength": 90,
    "EffectiveEchoSpacing": 0.000510012,
    "FlipAngle": 52,
    "ImageComments": "Unaliased MB6/PE3/LB",
    "ImageOrientationPatientDICOM": [
      0.999882,
      0.00402176,
      0.0148008,
      -3.13737e-08,
      0.965009,
      -0.262216
    ],
    "ImageType": [
      "ORIGINAL",
      "PRIMARY",
      "M",
      "MB",
      "ND",
      "MOSAIC"
    ],
    "ImagingFrequency": 123.26,
    "InPlanePhaseEncodingDirectionDICOM": "COL",
    "InstitutionAddress": "",
    "InstitutionName": "",
    "InstitutionalDepartmentName": "",
    "MRAcquisitionType": "2D",
    "MagneticFieldStrength": 3,
    "Manufacturer": "Siemens",
    "ManufacturersModelName": "Prisma",
    "Modality": "MR",
    "MultibandAccelerationFactor": 6,
    "PartialFourier": 1,
    "PatientPosition": "HFS",
    "PercentPhaseFOV": 100,
    "PercentSampling": 100,
    "PhaseEncodingDirection": "j-",
    "PhaseEncodingSteps": 90,
    "PhaseResolution": 1,
    "PixelBandwidth": 2780,
    "ProtocolName": "BOLD_2p4_MB6_P1_TE30_TR800_AP",
    "PulseSequenceDetails": "%CustomerSeq%\\cmrr_mbep2d_bold",
    "ReceiveCoilActiveElements": "HEA;HEP",
    "ReceiveCoilName": "Head_32",
    "ReconMatrixPE": 90,
    "RepetitionTime": 0.8,
    "SAR": 0.0883559,
    "ScanOptions": "FS",
    "ScanningSequence": "EP",
    "SequenceName": "epfid2d1_90",
    "SequenceVariant": "SK\\SS",
    "SeriesDescription": "BOLD_2p4_MB6_P1_TE30_TR800_AP",
    "SeriesNumber": 5,
    "ShimSetting": [
      4961,
      -11391,
      -1404,
      544,
      94,
      1,
      -59,
      25
    ],
    "SliceThickness": 2.4,
    "SliceTiming": [
      0,
      0.5475,
      0.3125,
      0.08,
      0.625,
      0.39,
      0.1575,
      0.7025,
      0.47,
      0.235,
      0,
      0.5475,
      0.3125,
      0.08,
      0.625,
      0.39,
      0.1575,
      0.7025,
      0.47,
      0.235,
      0,
      0.5475,
      0.3125,
      0.08,
      0.625,
      0.39,
      0.1575,
      0.7025,
      0.47,
      0.235,
      0,
      0.5475,
      0.3125,
      0.08,
      0.625,
      0.39,
      0.1575,
      0.7025,
      0.47,
      0.235,
      0,
      0.5475,
      0.3125,
      0.08,
      0.625,
      0.39,
      0.1575,
      0.7025,
      0.47,
      0.235,
      0,
      0.5475,
      0.3125,
      0.08,
      0.625,
      0.39,
      0.1575,
      0.7025,
      0.47,
      0.235
    ],
    "SoftwareVersions": "syngo MR E11",
    "SpacingBetweenSlices": 2.4,
    "StationName": "",
    "TaskName": "WC",
    "TotalReadoutTime": 0.045391,
    "TxRefAmp": 236.192,
    "VendorReportedEchoSpacing": 0.00051,
    "WipMemBlock": "b642eabd-ff0f-4eb0-b752-b3bd3b3e9f89||Sequence: R016 ve11c/master r/e634e98; Dec 19 2017 11:00:25 by eja",
    "dataset": "ds004073",
    "modality": "bold",
    "subject_id": "OXF18",
    "task_id": "WC"
  },
  "dummy_trs": 2,
  "dvars_nstd": 31.01196975305944,
  "dvars_std": 1.0453682862412599,
  "dvars_vstd": 0.9993527192482514,
  "efc": 0.5087584235496461,
  "fber": 961.604736328125,
  "fd_mean": 0.11554955293602669,
  "fd_num": 52,
  "fd_perc": 9.075043630017452,
  "fwhm_avg": 3.03744015708075,
  "fwhm_x": 2.8351582206742676,
  "fwhm_y": 3.1108207097204246,
  "fwhm_z": 3.166341540847558,
  "gcor": 0.0142681,
  "gsr_x": -0.018825940787792206,
  "gsr_y": 0.09083744883537292,
  "provenance": {
    "md5sum": "52045badfd7e2c2865734a9ea7e74bc4",
    "settings": {
      "fd_thres": 0.2,
      "testing": false
    },
    "software": "mriqc",
    "version": "23.0.0",
    "webapi_port": null,
    "webapi_url": "https://mriqc.nimh.nih.gov/api/v1"
  },
  "size_t": 573,
  "size_x": 90,
  "size_y": 90,
  "size_z": 60,
  "snr": 2.5414614005736094,
  "spacing_tr": 0.800000011920929,
  "spacing_x": 2.4000000953674316,
  "spacing_y": 2.4000000953674316,
  "spacing_z": 2.4000000953674316,
  "summary_bg_k": 17.752299558299924,
  "summary_bg_mad": 76.78999920718645,
  "summary_bg_mean": 281.01910400390625,
  "summary_bg_median": 115.7469482421875,
  "summary_bg_n": 325946.0,
  "summary_bg_p05": 58.81369972229004,
  "summary_bg_p95": 1133.5606994628906,
  "summary_bg_stdv": 428.5423583984375,
  "summary_fg_k": 0.9194351809439949,
  "summary_fg_mad": 1274.5555916413414,
  "summary_fg_mean": 3941.2138671875,
  "summary_fg_median": 3637.3193359375,
  "summary_fg_n": 87206.0,
  "summary_fg_p05": 2162.6736450195312,
  "summary_fg_p95": 6743.0086669921875,
  "summary_fg_stdv": 1431.183837890625,
  "tsnr": 45.1874515414238
}