{
  "bids_meta": {
    "AcquisitionMatrixPE": 174,
    "AcquisitionNumber": 1,
    "AcquisitionTime": "",
    "BaseResolution": 192,
    "BodyPartExamined": "BRAIN",
    "ConsistencyInfo": "N4_VE11C_LATEST_20160120",
    "ConversionSoftware": "dcm2niix",
    "ConversionSoftwareVersion": "v1.0.20210317",
    "DeviceSerialNumber": "66093",
    "DwellTime": 1.3e-05,
    "EchoTime": 0.00397,
    "FlipAngle": 8,
    "ImageOrientationPatientDICOM": [
      0.999567,
      0.00419688,
      0.029112,
      8.098e-12,
      0.989768,
      -0.142688
    ],
    "ImageType": [
      "ORIGINAL",
      "PRIMARY",
      "M",
      "ND",
      "NORM"
    ],
    "ImagingFrequency": 123.26,
    "InPlanePhaseEncodingDirectionDICOM": "ROW",
    "InstitutionAddress": "",
    "InstitutionName": "",
    "InstitutionalDepartmentName": "",
    "InversionTime": 0.904,
    "MRAcquisitionType": "3D",
    "MagneticFieldStrength": 3,
    "Manufacturer": "Siemens",
    "ManufacturersModelName": "Prisma",
    "Modality": "MR",
    "PartialFourier": 1,
    "PatientPosition": "HFS",
    "PercentPhaseFOV": 90.625,
    "PercentSampling": 100,
    "PhaseEncodingSteps": 174,
    "PhaseResolution": 1,
    "PixelBandwidth": 200,
    "ProtocolName": "t1_mpr_ax_1mm_iso_32ch_v2",
    "PulseSequenceDetails": "%SiemensSeq%\\tfl",
    "ReceiveCoilActiveElements": "HEA;HEP",
    "ReceiveCoilName": "Head_32",
    "ReconMatrixPE": 174,
    "RepetitionTime": 1.9,
    "SAR": 0.0542152,
    "ScanOptions": "IR\\WE",
    "ScanningSequence": "GR\\IR",
    "SequenceName": "*tfl3d1_16",
    "SequenceVariant": "SK\\SP\\MP",
    "SeriesDescription": "t1_mpr_ax_1mm_iso_32ch_v2",
    "SeriesNumber": 13,
    "ShimSetting": [
      4934,
      -11464,
      -1344,
      317,
      -65,
      -206,
      -75,
      68
    ],
    "SliceThickness": 1,
    "SoftwareVersions": "syngo MR E11",
    "StationName": "",
    "TxRefAmp": 247.49,
    "dataset": "ds004073",
    "modality": "T1w",
    "subject_id": "OXF26"
  },
  "cjv": 0.2913656142439089,
  "cnr": 4.611987819511557,
  "efc": 0.6004218748315876,
  "fber": -1.0,
  "fwhm_avg": 4.470743333333334,
  "fwhm_x": 4.3231,
  "fwhm_y": 4.75768,
  "fwhm_z": 4.33145,
  "icvs_csf": 0.1819461750672498,
  "icvs_gm": 0.4770085979082218,
  "icvs_wm": 0.3410452270245284,
  "inu_med": 0.38860005140304565,
  "inu_range": 0.17152049243450163,
  "provenance": {
    "md5sum": "03f72e6060c50e1161e76e7832a10dfd",
    "settings": {
      "testing": false
    },
    "software": "mriqc",
    "version": "23.0.0",
    "warnings": {
      "large_rot_frame": true,
      "small_air_mask": false
    },
    "webapi_port": null,
    "webapi_url": "https://mriqc.nimh.nih.gov/api/v1"
  },
  "qi_1": 0.0,
  "qi_2": 0.017044507632537117,
  "rpve_csf": 14.598573152977167,
  "rpve_gm": 6.224910668810085,
  "rpve_wm": 9.639358483444635,
  "size_x": 174,
  "size_y": 192,
  "size_z": 192,
  "snr_csf": 2.5092272875887125,
  "snr_gm": 16.415863680049345,
  "snr_total": 16.534802015972872,
  "snr_wm": 30.679315080280556,
  "snrd_csf": 38.549841491882354,
  "snrd_gm": 93.23176693448114,
  "snrd_total": 85.81642765928785,
  "snrd_wm": 125.66767455150006,
  "spacing_x": 1.0,
  "spacing_y": 1.0,
  "spacing_z": 1.0,
  "summary_bg_k": 2330.2455570416623,
  "summary_bg_mad": 0.0,
  "summary_bg_mean": 2.541458722695982,
  "summary_bg_median": 0.0,
  "summary_bg_n": 1605810.0,
  "summary_bg_p05": 0.0,
  "summary_bg_p95": 12.778169978410006,
  "summary_bg_stdv": 5.21336390351789,
  "summary_csf_k": 0.326054252920732,
  "summary_csf_mad": 102.99835406990852,
  "summary_csf_mean": 302.55005937724604,
  "summary_csf_median": 306.76718942821026,
  "summary_csf_n": 27865.0,
  "summary_csf_p05": 77.56189734488726,
  "summary_csf_p95": 509.37293266877526,
  "summary_csf_stdv": 122.25344685630745,
  "summary_gm_k": 0.234822189690032,
  "summary_gm_mad": 44.3061772261377,
  "summary_gm_mean": 741.5914268714461,
  "summary_gm_median": 741.9082932919264,
  "summary_gm_n": 64787.0,
  "summary_gm_p05": 667.0842498354614,
  "summary_gm_p95": 815.0240252539515,
  "summary_gm_stdv": 45.19424515091299,
  "summary_wm_k": 0.7283508089333046,
  "summary_wm_mad": 30.899506220972555,
  "summary_wm_mean": 1000.0179515648781,
  "summary_wm_median": 1000.02277135849,
  "summary_wm_n": 196339.0,
  "summary_wm_p05": 946.723452731967,
  "summary_wm_p95": 1052.5248779542744,
  "summary_wm_stdv": 32.59591102554399,
  "tpm_overlap_csf": 0.1653991206193846,
  "tpm_overlap_gm": 0.47817334104795134,
  "tpm_overlap_wm": 0.4916598923444338,
  "wm2max": 0.9040813805032741
}