{
  "aor": 0.001515759162303665,
  "aqi": 0.0055716624607329845,
  "bids_meta": {
    "AcquisitionMatrixPE": 90,
    "AcquisitionNumber": 1,
    "AcquisitionTime": "",
    "BandwidthPerPixelPhaseEncode": 21.786,
    "BaseResolution": 90,
    "BodyPartExamined": "BRAIN",
    "ConsistencyInfo": "N4_VE11C_LATEST_20160120",
    "ConversionSoftware": "dcm2niix",
    "ConversionSoftwareVersion": "v1.0.20210317",
    "DerivedVendorReportedEchoSpacing": 0.000510012,
    "DeviceSerialNumber": "66093",
    "DwellTime": 2e-06,
    "EchoTime": 0.03,
    "EchoTrainLength": 90,
    "EffectiveEchoSpacing": 0.000510012,
    "FlipAngle": 52,
    "ImageComments": "Unaliased MB6/PE3/LB",
    "ImageOrientationPatientDICOM": [
      0.999946,
      -0.000710018,
      -0.0104148,
      -1.20981e-08,
      0.997684,
      -0.0680176
    ],
    "ImageType": [
      "ORIGINAL",
      "PRIMARY",
      "M",
      "MB",
      "ND",
      "MOSAIC"
    ],
    "ImagingFrequency": 123.259,
    "InPlanePhaseEncodingDirectionDICOM": "COL",
    "InstitutionAddress": "",
    "InstitutionName": "",
    "InstitutionalDepartmentName": "",
    "MRAcquisitionType": "2D",
    "MagneticFieldStrength": 3,
    "Manufacturer": "Siemens",
    "ManufacturersModelName": "Prisma",
    "Modality": "MR",
    "MultibandAccelerationFactor": 6,
    "PartialFourier": 1,
    "PatientPosition": "HFS",
    "PercentPhaseFOV": 100,
    "PercentSampling": 100,
    "PhaseEncodingDirection": "j-",
    "PhaseEncodingSteps": 90,
    "PhaseResolution": 1,
    "PixelBandwidth": 2780,
    "ProtocolName": "BOLD_2p4_MB6_P1_TE30_TR800_AP",
    "PulseSequenceDetails": "%CustomerSeq%\\cmrr_mbep2d_bold",
    "ReceiveCoilActiveElements": "HEA;HEP",
    "ReceiveCoilName": "Head_32",
    "ReconMatrixPE": 90,
    "RepetitionTime": 0.8,
    "SAR": 0.0778696,
    "ScanOptions": "FS",
    "ScanningSequence": "EP",
    "SequenceName": "epfid2d1_90",
    "SequenceVariant": "SK\\SS",
    "SeriesDescription": "BOLD_2p4_MB6_P1_TE30_TR800_AP",
    "SeriesNumber": 9,
    "ShimSetting": [
      4960,
      -11410,
      -1360,
      420,
      95,
      29,
      3,
      83
    ],
    "SliceThickness": 2.4,
    "SliceTiming": [
      0,
      0.545,
      0.3125,
      0.0775,
      0.6225,
      0.39,
      0.155,
      0.7025,
      0.4675,
      0.2325,
      0,
      0.545,
      0.3125,
      0.0775,
      0.6225,
      0.39,
      0.155,
      0.7025,
      0.4675,
      0.2325,
      0,
      0.545,
      0.3125,
      0.0775,
      0.6225,
      0.39,
      0.155,
      0.7025,
      0.4675,
      0.2325,
      0,
      0.545,
      0.3125,
      0.0775,
      0.6225,
      0.39,
      0.155,
      0.7025,
      0.4675,
      0.2325,
      0,
      0.545,
      0.3125,
      0.0775,
      0.6225,
      0.39,
      0.155,
      0.7025,
      0.4675,
      0.2325,
      0,
      0.545,
      0.3125,
      0.0775,
      0.6225,
      0.39,
      0.155,
      0.7025,
      0.4675,
      0.2325
    ],
    "SoftwareVersions": "syngo MR E11",
    "SpacingBetweenSlices": 2.4,
    "StationName": "",
    "TaskName": "SG",
    "TotalReadoutTime": 0.045391,
    "TxRefAmp": 241.453,
    "VendorReportedEchoSpacing": 0.00051,
    "WipMemBlock": "aef222e8-fe1d-4a4b-9f3c-6ee69ddd561e||Sequence: R016 ve11c/master r/e634e98; Dec 19 2017 11:00:25 by eja",
    "dataset": "ds004073",
    "modality": "bold",
    "subject_id": "OXF14",
    "task_id": "SG"
  },
  "dummy_trs": 2,
  "dvars_nstd": 35.76844657531472,
  "dvars_std": 1.110713661293705,
  "dvars_vstd": 1.0124386899475528,
  "efc": 0.5127574647231079,
  "fber": 956.3125610351562,
  "fd_mean": 0.16274632150606547,
  "fd_num": 142,
  "fd_perc": 24.781849912739965,
  "fwhm_avg": 2.994704148654647,
  "fwhm_x": 2.8910707184525046,
  "fwhm_y": 3.043341545735139,
  "fwhm_z": 3.049700181776296,
  "gcor": 0.0170185,
  "gsr_x": -0.021808205172419548,
  "gsr_y": 0.075718455016613,
  "provenance": {
    "md5sum": "b378b8d07e1b72f872cce87da15f5280",
    "settings": {
      "fd_thres": 0.2,
      "testing": false
    },
    "software": "mriqc",
    "version": "23.0.0",
    "webapi_port": null,
    "webapi_url": "https://mriqc.nimh.nih.gov/api/v1"
  },
  "size_t": 573,
  "size_x": 90,
  "size_y": 90,
  "size_z": 60,
  "snr": 2.4843917447977697,
  "spacing_tr": 0.800000011920929,
  "spacing_x": 2.4000000953674316,
  "spacing_y": 2.4000000953674316,
  "spacing_z": 2.3999998569488525,
  "summary_bg_k": 25.079378742626623,
  "summary_bg_mad": 81.29731491323699,
  "summary_bg_mean": 299.28955078125,
  "summary_bg_median": 126.77137756347656,
  "summary_bg_n": 318361.0,
  "summary_bg_p05": 64.65794372558594,
  "summary_bg_p95": 1196.071533203125,
  "summary_bg_stdv": 491.390380859375,
  "summary_fg_k": 1.1830728719788173,
  "summary_fg_mad": 1450.4893657413222,
  "summary_fg_mean": 4386.6591796875,
  "summary_fg_median": 4038.5751953125,
  "summary_fg_n": 91646.0,
  "summary_fg_p05": 2371.037109375,
  "summary_fg_p95": 7527.4293212890625,
  "summary_fg_stdv": 1625.5701904296875,
  "tsnr": 39.27226928353775
}