{
  "aor": 0.0014889391304347824,
  "aqi": 0.04916927808695652,
  "bids_meta": {
    "AcquisitionMatrixPE": 94,
    "AcquisitionNumber": 7,
    "AcquisitionTime": "",
    "BodyPartExamined": "BRAIN",
    "CoilString": "MULTI COIL",
    "ConversionSoftware": "dcm2niix",
    "ConversionSoftwareVersion": "v1.0.20210317",
    "DeviceSerialNumber": "45128",
    "EchoTime": 0.03,
    "EchoTrainLength": 47,
    "EstimatedEffectiveEchoSpacing": 0.000388467,
    "EstimatedTotalReadoutTime": 0.0369044,
    "FlipAngle": 52,
    "ImageOrientationPatientDICOM": [
      0.999849,
      -4.72661e-12,
      0.017387,
      0.000696882,
      0.999196,
      -0.0400747
    ],
    "ImageType": [
      "ORIGINAL",
      "PRIMARY",
      "M",
      "FFE",
      "M",
      "FFE"
    ],
    "ImagingFrequency": 127.764,
    "InPlanePhaseEncodingDirectionDICOM": "COL",
    "InstitutionAddress": "",
    "InstitutionName": "",
    "InstitutionalDepartmentName": "",
    "MRAcquisitionType": "2D",
    "MagneticFieldStrength": 3,
    "Manufacturer": "Philips",
    "ManufacturersModelName": "Ingenia Elition X",
    "Modality": "MR",
    "ParallelReductionFactorInPlane": 2,
    "ParallelReductionOutOfPlane": 6,
    "PatientPosition": "HFS",
    "PercentPhaseFOV": 100,
    "PercentSampling": 100,
    "PhaseEncodingAxis": "j",
    "PhaseEncodingSteps": 94,
    "PhilipsRWVIntercept": 0,
    "PhilipsRWVSlope": 2.91233,
    "PhilipsRescaleIntercept": 0,
    "PhilipsRescaleSlope": 2.91233,
    "PhilipsScaleSlope": 0.0167911,
    "PixelBandwidth": 1850,
    "ProcedureStepDescription": "COLA",
    "ProtocolName": "COLA_R2",
    "ReconMatrixPE": 96,
    "RepetitionTime": 0.8,
    "SAR": 0.0818667,
    "ScanOptions": "FS",
    "ScanningSequence": "GR",
    "SequenceVariant": "SK",
    "SeriesDescription": "COLA_R2",
    "SeriesNumber": 701,
    "SliceThickness": 2.4,
    "SoftwareVersions": "5.6.1\\5.6.1.3",
    "SpacingBetweenSlices": 2.4,
    "StationName": "",
    "TaskName": "PD",
    "UsePhilipsFloatNotDisplayScaling": 1,
    "WaterFatShift": 16.3723,
    "dataset": "ds004073",
    "modality": "bold",
    "subject_id": "BAN20",
    "task_id": "PD"
  },
  "dummy_trs": 0,
  "dvars_nstd": 83.04379870569679,
  "dvars_std": 1.1116127910975617,
  "dvars_vstd": 1.0280714791289207,
  "efc": 0.38782265662476284,
  "fber": 2947302.0,
  "fd_mean": 0.25823598783536866,
  "fd_num": 288,
  "fd_perc": 50.08695652173913,
  "fwhm_avg": 1.9472722809323828,
  "fwhm_x": 2.1628341587005004,
  "fwhm_y": 1.9460285862913904,
  "fwhm_z": 1.7329540978052578,
  "gcor": 0.00336966,
  "gsr_x": -0.01681884564459324,
  "gsr_y": 0.016401519998908043,
  "provenance": {
    "md5sum": "748207cbcbce777b350a2da00f797359",
    "settings": {
      "fd_thres": 0.2,
      "testing": false
    },
    "software": "mriqc",
    "version": "23.0.0",
    "webapi_port": null,
    "webapi_url": "https://mriqc.nimh.nih.gov/api/v1"
  },
  "size_t": 575,
  "size_x": 96,
  "size_y": 96,
  "size_z": 60,
  "snr": 4.991640538596342,
  "spacing_tr": 0.8000001907348633,
  "spacing_x": 2.3958332538604736,
  "spacing_y": 2.3958332538604736,
  "spacing_z": 2.4000000953674316,
  "summary_bg_k": 25.379375601262325,
  "summary_bg_mad": 60.48917612742612,
  "summary_bg_mean": 2111.8955078125,
  "summary_bg_median": 41.101463317871094,
  "summary_bg_n": 428002.0,
  "summary_bg_p05": 0.2835442781448364,
  "summary_bg_p95": 9942.45034179687,
  "summary_bg_stdv": 4319.583984375,
  "summary_fg_k": 2.66308362586675,
  "summary_fg_mad": 11789.534117550767,
  "summary_fg_mean": 65728.734375,
  "summary_fg_median": 65456.55078125,
  "summary_fg_n": 59056.0,
  "summary_fg_p05": 45639.6240234375,
  "summary_fg_p95": 86528.38671875,
  "summary_fg_stdv": 13113.123046875,
  "tsnr": 17.420574188232422
}