{
  "aor": 0.0006156695652173912,
  "aqi": 0.05075483113043478,
  "bids_meta": {
    "AcquisitionMatrixPE": 94,
    "AcquisitionNumber": 2,
    "AcquisitionTime": "",
    "BodyPartExamined": "BRAIN",
    "CoilString": "MULTI COIL",
    "ConversionSoftware": "dcm2niix",
    "ConversionSoftwareVersion": "v1.0.20210317",
    "DeviceSerialNumber": "45128",
    "EchoTime": 0.03,
    "EchoTrainLength": 47,
    "EstimatedEffectiveEchoSpacing": 0.000388467,
    "EstimatedTotalReadoutTime": 0.0369044,
    "FlipAngle": 52,
    "ImageOrientationPatientDICOM": [
      0.999849,
      -4.72661e-12,
      0.017387,
      0.000696882,
      0.999196,
      -0.0400747
    ],
    "ImageType": [
      "ORIGINAL",
      "PRIMARY",
      "M",
      "FFE",
      "M",
      "FFE"
    ],
    "ImagingFrequency": 127.764,
    "InPlanePhaseEncodingDirectionDICOM": "COL",
    "InstitutionAddress": "",
    "InstitutionName": "",
    "InstitutionalDepartmentName": "",
    "MRAcquisitionType": "2D",
    "MagneticFieldStrength": 3,
    "Manufacturer": "Philips",
    "ManufacturersModelName": "Ingenia Elition X",
    "Modality": "MR",
    "ParallelReductionFactorInPlane": 2,
    "ParallelReductionOutOfPlane": 6,
    "PatientPosition": "HFS",
    "PercentPhaseFOV": 100,
    "PercentSampling": 100,
    "PhaseEncodingAxis": "j",
    "PhaseEncodingSteps": 94,
    "PhilipsRWVIntercept": 0,
    "PhilipsRWVSlope": 1.89866,
    "PhilipsRescaleIntercept": 0,
    "PhilipsRescaleSlope": 1.89866,
    "PhilipsScaleSlope": 0.0165528,
    "PixelBandwidth": 1850,
    "ProcedureStepDescription": "COLA",
    "ProtocolName": "COLA_R1",
    "ReconMatrixPE": 96,
    "RepetitionTime": 0.8,
    "SAR": 0.0818667,
    "ScanOptions": "FS",
    "ScanningSequence": "GR",
    "SequenceVariant": "SK",
    "SeriesDescription": "COLA_R1",
    "SeriesNumber": 201,
    "SliceThickness": 2.4,
    "SoftwareVersions": "5.6.1\\5.6.1.3",
    "SpacingBetweenSlices": 2.4,
    "StationName": "",
    "TaskName": "SD",
    "UsePhilipsFloatNotDisplayScaling": 1,
    "WaterFatShift": 16.3723,
    "dataset": "ds004073",
    "modality": "bold",
    "subject_id": "BAN20",
    "task_id": "SD"
  },
  "dummy_trs": 0,
  "dvars_nstd": 80.0426134778397,
  "dvars_std": 1.0775310400522657,
  "dvars_vstd": 1.0091497569512198,
  "efc": 0.3885164575614205,
  "fber": 4324121.0,
  "fd_mean": 0.25943568457675437,
  "fd_num": 332,
  "fd_perc": 57.73913043478261,
  "fwhm_avg": 1.935286851660534,
  "fwhm_x": 2.187965289968915,
  "fwhm_y": 1.9292744987791146,
  "fwhm_z": 1.6886207662335728,
  "gcor": 0.0035828,
  "gsr_x": -0.016171496361494064,
  "gsr_y": 0.01735188066959381,
  "provenance": {
    "md5sum": "2e5f1e8df31ec5493dbb76ceb027728e",
    "settings": {
      "fd_thres": 0.2,
      "testing": false
    },
    "software": "mriqc",
    "version": "23.0.0",
    "webapi_port": null,
    "webapi_url": "https://mriqc.nimh.nih.gov/api/v1"
  },
  "size_t": 575,
  "size_x": 96,
  "size_y": 96,
  "size_z": 60,
  "snr": 4.8994363299813495,
  "spacing_tr": 0.8000001907348633,
  "spacing_x": 2.3958332538604736,
  "spacing_y": 2.3958332538604736,
  "spacing_z": 2.4000000953674316,
  "summary_bg_k": 41.20622001831547,
  "summary_bg_mad": 53.2878770575946,
  "summary_bg_mean": 2105.16650390625,
  "summary_bg_median": 36.161712646484375,
  "summary_bg_n": 426589.0,
  "summary_bg_p05": 0.23324644565582275,
  "summary_bg_p95": 9735.450976562483,
  "summary_bg_stdv": 4506.94677734375,
  "summary_fg_k": 2.938160384623419,
  "summary_fg_mad": 12032.510034645664,
  "summary_fg_mean": 66050.5390625,
  "summary_fg_median": 65658.2421875,
  "summary_fg_n": 60055.0,
  "summary_fg_p05": 46008.24296875,
  "summary_fg_p95": 87447.73749999999,
  "summary_fg_stdv": 13401.0712890625,
  "tsnr": 17.109153747558594
}