{
  "aor": 0.00032252189141856395,
  "aqi": 0.005200762872154116,
  "bids_meta": {
    "AcquisitionMatrixPE": 90,
    "AcquisitionNumber": 1,
    "AcquisitionTime": "",
    "BandwidthPerPixelPhaseEncode": 21.786,
    "BaseResolution": 90,
    "BodyPartExamined": "BRAIN",
    "ConsistencyInfo": "N4_VE11C_LATEST_20160120",
    "ConversionSoftware": "dcm2niix",
    "ConversionSoftwareVersion": "v1.0.20210317",
    "DerivedVendorReportedEchoSpacing": 0.000510012,
    "DeviceSerialNumber": "66093",
    "DwellTime": 2e-06,
    "EchoTime": 0.03,
    "EchoTrainLength": 90,
    "EffectiveEchoSpacing": 0.000510012,
    "FlipAngle": 52,
    "ImageComments": "Unaliased MB6/PE3/LB",
    "ImageOrientationPatientDICOM": [
      0.999986,
      0.000319377,
      0.00522269,
      5.37751e-08,
      0.998135,
      -0.061048
    ],
    "ImageType": [
      "ORIGINAL",
      "PRIMARY",
      "M",
      "MB",
      "ND",
      "MOSAIC"
    ],
    "ImagingFrequency": 123.259,
    "InPlanePhaseEncodingDirectionDICOM": "COL",
    "InstitutionAddress": "",
    "InstitutionName": "",
    "InstitutionalDepartmentName": "",
    "MRAcquisitionType": "2D",
    "MagneticFieldStrength": 3,
    "Manufacturer": "Siemens",
    "ManufacturersModelName": "Prisma",
    "Modality": "MR",
    "MultibandAccelerationFactor": 6,
    "PartialFourier": 1,
    "PatientPosition": "HFS",
    "PercentPhaseFOV": 100,
    "PercentSampling": 100,
    "PhaseEncodingDirection": "j-",
    "PhaseEncodingSteps": 90,
    "PhaseResolution": 1,
    "PixelBandwidth": 2780,
    "ProtocolName": "BOLD_2p4_MB6_P1_TE30_TR800_AP",
    "PulseSequenceDetails": "%CustomerSeq%\\cmrr_mbep2d_bold",
    "ReceiveCoilActiveElements": "HEA;HEP",
    "ReceiveCoilName": "Head_32",
    "ReconMatrixPE": 90,
    "RepetitionTime": 0.8,
    "SAR": 0.0806704,
    "ScanOptions": "FS",
    "ScanningSequence": "EP",
    "SequenceName": "epfid2d1_90",
    "SequenceVariant": "SK\\SS",
    "SeriesDescription": "BOLD_2p4_MB6_P1_TE30_TR800_AP",
    "SeriesNumber": 15,
    "ShimSetting": [
      4926,
      -11439,
      -1388,
      337,
      -55,
      -152,
      39,
      17
    ],
    "SliceThickness": 2.4,
    "SliceTiming": [
      0,
      0.5475,
      0.3125,
      0.0775,
      0.625,
      0.39,
      0.1575,
      0.7025,
      0.4675,
      0.235,
      0,
      0.5475,
      0.3125,
      0.0775,
      0.625,
      0.39,
      0.1575,
      0.7025,
      0.4675,
      0.235,
      0,
      0.5475,
      0.3125,
      0.0775,
      0.625,
      0.39,
      0.1575,
      0.7025,
      0.4675,
      0.235,
      0,
      0.5475,
      0.3125,
      0.0775,
      0.625,
      0.39,
      0.1575,
      0.7025,
      0.4675,
      0.235,
      0,
      0.5475,
      0.3125,
      0.0775,
      0.625,
      0.39,
      0.1575,
      0.7025,
      0.4675,
      0.235,
      0,
      0.5475,
      0.3125,
      0.0775,
      0.625,
      0.39,
      0.1575,
      0.7025,
      0.4675,
      0.235
    ],
    "SoftwareVersions": "syngo MR E11",
    "SpacingBetweenSlices": 2.4,
    "StationName": "",
    "TaskName": "PD",
    "TotalReadoutTime": 0.045391,
    "TxRefAmp": 241.216,
    "VendorReportedEchoSpacing": 0.00051,
    "WipMemBlock": "0c3790ff-b6fc-4a0a-96b2-861cd642a1c5||Sequence: R016 ve11c/master r/e634e98; Dec 19 2017 11:00:25 by eja",
    "dataset": "ds004073",
    "modality": "bold",
    "subject_id": "OXF21",
    "task_id": "PD"
  },
  "dummy_trs": 4,
  "dvars_nstd": 31.37665107447364,
  "dvars_std": 1.076440643000001,
  "dvars_vstd": 0.9766269585614037,
  "efc": 0.49061999751691926,
  "fber": 1393.0523681640625,
  "fd_mean": 0.12066743519782389,
  "fd_num": 55,
  "fd_perc": 9.632224168126095,
  "fwhm_avg": 3.2261305403102125,
  "fwhm_x": 3.001033214082988,
  "fwhm_y": 3.2663957035384295,
  "fwhm_z": 3.4109627033092207,
  "gcor": 0.0108255,
  "gsr_x": -0.02430965192615986,
  "gsr_y": 0.08133482933044434,
  "provenance": {
    "md5sum": "8f6bbeef292fef8b48c5e7b576f43f7f",
    "settings": {
      "fd_thres": 0.2,
      "testing": false
    },
    "software": "mriqc",
    "version": "23.0.0",
    "webapi_port": null,
    "webapi_url": "https://mriqc.nimh.nih.gov/api/v1"
  },
  "size_t": 571,
  "size_x": 90,
  "size_y": 90,
  "size_z": 60,
  "snr": 2.3765186988977676,
  "spacing_tr": 0.800000011920929,
  "spacing_x": 2.4000000953674316,
  "spacing_y": 2.4000000953674316,
  "spacing_z": 2.3999998569488525,
  "summary_bg_k": 27.907590239296653,
  "summary_bg_mad": 64.72427622241503,
  "summary_bg_mean": 270.2663269042969,
  "summary_bg_median": 108.49824523925781,
  "summary_bg_n": 325802.0,
  "summary_bg_p05": 59.523643493652344,
  "summary_bg_p95": 1064.6481750488285,
  "summary_bg_stdv": 458.0409240722656,
  "summary_fg_k": 1.1497423232690158,
  "summary_fg_mad": 1556.446921264551,
  "summary_fg_mean": 4469.27197265625,
  "summary_fg_median": 4090.14892578125,
  "summary_fg_n": 88814.0,
  "summary_fg_p05": 2317.3704345703127,
  "summary_fg_p95": 7802.159350585934,
  "summary_fg_stdv": 1721.0577392578125,
  "tsnr": 41.89816765137948
}