{
  "bids_meta": {
    "AcquisitionMatrixPE": 250,
    "AcquisitionNumber": 6,
    "AcquisitionTime": "",
    "BodyPartExamined": "BRAIN",
    "CoilString": "MULTI COIL",
    "ConversionSoftware": "dcm2niix",
    "ConversionSoftwareVersion": "v1.0.20210317",
    "DeviceSerialNumber": "45128",
    "EchoTime": 0.003475,
    "EchoTrainLength": 560,
    "EstimatedEffectiveEchoSpacing": 4.97191e-06,
    "EstimatedTotalReadoutTime": 0.00126784,
    "FlipAngle": 8,
    "ImageOrientationPatientDICOM": [
      0.999849,
      -4.72661e-12,
      0.017387,
      0.000696882,
      0.999196,
      -0.0400747
    ],
    "ImageType": [
      "ORIGINAL",
      "PRIMARY",
      "M",
      "FFE",
      "M",
      "FFE"
    ],
    "ImagingFrequency": 127.764,
    "InPlanePhaseEncodingDirectionDICOM": "COL",
    "InstitutionAddress": "",
    "InstitutionName": "",
    "InstitutionalDepartmentName": "",
    "MRAcquisitionType": "3D",
    "MagneticFieldStrength": 3,
    "Manufacturer": "Philips",
    "ManufacturersModelName": "Ingenia Elition X",
    "Modality": "MR",
    "ParallelReductionFactorInPlane": 1.73205,
    "ParallelReductionOutOfPlane": 1.73205,
    "PatientPosition": "HFS",
    "PercentPhaseFOV": 100,
    "PercentSampling": 77.9165,
    "PhaseEncodingAxis": "j",
    "PhaseEncodingSteps": 250,
    "PhilipsRWVIntercept": 0,
    "PhilipsRWVSlope": 1,
    "PhilipsRescaleIntercept": 0,
    "PhilipsRescaleSlope": 1,
    "PhilipsScaleSlope": 0.00061058,
    "PixelBandwidth": 787,
    "ProcedureStepDescription": "COLA",
    "ProtocolName": "sT1W_1MM_COMBO",
    "ReconMatrixPE": 256,
    "RepetitionTime": 0.0122991,
    "SAR": 0.0170603,
    "ScanOptions": "FC",
    "ScanningSequence": "GR",
    "SequenceVariant": "MP",
    "SeriesDescription": "sT1W_1MM_COMBO",
    "SeriesNumber": 602,
    "SliceThickness": 2,
    "SoftwareVersions": "5.6.1\\5.6.1.3",
    "SpacingBetweenSlices": 1,
    "StationName": "",
    "UsePhilipsFloatNotDisplayScaling": 1,
    "WaterFatShift": 0.551728,
    "dataset": "ds004073",
    "modality": "T1w",
    "subject_id": "BAN15"
  },
  "cjv": 0.2647974138994818,
  "cnr": 4.877721569356192,
  "efc": 0.739533639185555,
  "fber": 3525.09375625,
  "fwhm_avg": 5.61017368,
  "fwhm_x": 5.135216639999999,
  "fwhm_y": 5.8310144,
  "fwhm_z": 5.86429,
  "icvs_csf": 0.27921321688207124,
  "icvs_gm": 0.3784342774656797,
  "icvs_wm": 0.3423525056522491,
  "inu_med": 0.44407595694065094,
  "inu_range": 0.11340809613466263,
  "provenance": {
    "md5sum": "7b446100b96b8f5ef6210d32dd052efd",
    "settings": {
      "testing": false
    },
    "software": "mriqc",
    "version": "23.0.0",
    "warnings": {
      "large_rot_frame": true,
      "small_air_mask": false
    },
    "webapi_port": null,
    "webapi_url": "https://mriqc.nimh.nih.gov/api/v1"
  },
  "qi_1": 0.0,
  "qi_2": 8.082720817159947e-07,
  "rpve_csf": 18.221554067668404,
  "rpve_gm": 12.25768614887434,
  "rpve_wm": 17.366496008739023,
  "size_x": 256,
  "size_y": 256,
  "size_z": 170,
  "snr_csf": 1.2753980068589044,
  "snr_gm": 11.115243408663526,
  "snr_total": 16.172239481241242,
  "snr_wm": 36.126077028201294,
  "snrd_csf": 10.359954937533441,
  "snrd_gm": 52.47892381566333,
  "snrd_total": 46.94725807578239,
  "snrd_wm": 78.0028954741504,
  "spacing_x": 0.9765625,
  "spacing_y": 0.9765625,
  "spacing_z": 1.0,
  "summary_bg_k": 397.8639426706593,
  "summary_bg_mad": 0.0,
  "summary_bg_mean": 3.7224300424719563,
  "summary_bg_median": 0.0,
  "summary_bg_n": 347442.0,
  "summary_bg_p05": 0.0,
  "summary_bg_p95": 19.257358701899648,
  "summary_bg_stdv": 8.399040890072673,
  "summary_csf_k": -0.18000184244016149,
  "summary_csf_mad": 100.44842897360631,
  "summary_csf_mean": 160.72008874522132,
  "summary_csf_median": 132.81766230612993,
  "summary_csf_n": 78189.0,
  "summary_csf_p05": 37.65304578654468,
  "summary_csf_p95": 362.102467995137,
  "summary_csf_stdv": 104.13754157673381,
  "summary_gm_k": -0.04991973753355339,
  "summary_gm_mad": 62.31605435437422,
  "summary_gm_mean": 673.0817200421405,
  "summary_gm_median": 672.7952026398852,
  "summary_gm_n": 40382.0,
  "summary_gm_p05": 575.3762127030641,
  "summary_gm_p95": 771.6770304385573,
  "summary_gm_stdv": 60.528307610345806,
  "summary_wm_k": 0.8700239263378853,
  "summary_wm_mad": 24.33222813646364,
  "summary_wm_mean": 999.8364961203125,
  "summary_wm_median": 1000.0200090110302,
  "summary_wm_n": 220173.0,
  "summary_wm_p05": 953.6901304274797,
  "summary_wm_p95": 1045.828876849264,
  "summary_wm_stdv": 27.68132662843176,
  "tpm_overlap_csf": 0.16310938374324932,
  "tpm_overlap_gm": 0.46341244693002975,
  "tpm_overlap_wm": 0.5352681957230063,
  "wm2max": 0.8787858646314508
}