{
  "bids_meta": {
    "AcquisitionMatrixPE": 250,
    "AcquisitionNumber": 5,
    "AcquisitionTime": "",
    "BodyPartExamined": "BRAIN",
    "CoilString": "MULTI COIL",
    "ConversionSoftware": "dcm2niix",
    "ConversionSoftwareVersion": "v1.0.20210317",
    "DeviceSerialNumber": "45128",
    "EchoTime": 0.003475,
    "EchoTrainLength": 560,
    "EstimatedEffectiveEchoSpacing": 4.97191e-06,
    "EstimatedTotalReadoutTime": 0.00126784,
    "FlipAngle": 8,
    "ImageOrientationPatientDICOM": [
      0.999849,
      -0.00126438,
      0.0173409,
      0.000696882,
      0.999465,
      0.0326929
    ],
    "ImageType": [
      "ORIGINAL",
      "PRIMARY",
      "M",
      "FFE",
      "M",
      "FFE"
    ],
    "ImagingFrequency": 127.764,
    "InPlanePhaseEncodingDirectionDICOM": "COL",
    "InstitutionAddress": "",
    "InstitutionName": "",
    "InstitutionalDepartmentName": "",
    "MRAcquisitionType": "3D",
    "MagneticFieldStrength": 3,
    "Manufacturer": "Philips",
    "ManufacturersModelName": "Ingenia Elition X",
    "Modality": "MR",
    "ParallelReductionFactorInPlane": 1.73205,
    "ParallelReductionOutOfPlane": 1.73205,
    "PatientPosition": "HFS",
    "PercentPhaseFOV": 100,
    "PercentSampling": 77.9165,
    "PhaseEncodingAxis": "j",
    "PhaseEncodingSteps": 250,
    "PhilipsRWVIntercept": 0,
    "PhilipsRWVSlope": 1,
    "PhilipsRescaleIntercept": 0,
    "PhilipsRescaleSlope": 1,
    "PhilipsScaleSlope": 0.000800226,
    "PixelBandwidth": 787,
    "ProcedureStepDescription": "COLA",
    "ProtocolName": "sT1W_1MM_COMBO",
    "ReconMatrixPE": 256,
    "RepetitionTime": 0.0122941,
    "SAR": 0.0170603,
    "ScanOptions": "FC",
    "ScanningSequence": "GR",
    "SequenceVariant": "MP",
    "SeriesDescription": "sT1W_1MM_COMBO",
    "SeriesNumber": 502,
    "SliceThickness": 2,
    "SoftwareVersions": "5.6.1\\5.6.1.3",
    "SpacingBetweenSlices": 1,
    "StationName": "",
    "UsePhilipsFloatNotDisplayScaling": 1,
    "WaterFatShift": 0.551728,
    "dataset": "ds004073",
    "modality": "T1w",
    "subject_id": "BAN08"
  },
  "cjv": 0.23771968132478855,
  "cnr": 5.604921522613199,
  "efc": 0.7185533053442877,
  "fber": 16471.931618442402,
  "fwhm_avg": 5.512209973333333,
  "fwhm_x": 4.95597568,
  "fwhm_y": 5.8007142400000005,
  "fwhm_z": 5.77994,
  "icvs_csf": 0.2729446629301438,
  "icvs_gm": 0.41331571025815306,
  "icvs_wm": 0.31373962681170314,
  "inu_med": 0.530979335308075,
  "inu_range": 0.173537141084671,
  "provenance": {
    "md5sum": "ecbd96c79fa0e20c569f357a3c3e2dc6",
    "settings": {
      "testing": false
    },
    "software": "mriqc",
    "version": "23.0.0",
    "warnings": {
      "large_rot_frame": true,
      "small_air_mask": false
    },
    "webapi_port": null,
    "webapi_url": "https://mriqc.nimh.nih.gov/api/v1"
  },
  "qi_1": 0.0012328870104160576,
  "qi_2": 1.9522024347605977e-06,
  "rpve_csf": 20.38076048770407,
  "rpve_gm": 12.784016289310083,
  "rpve_wm": 20.016676405726205,
  "size_x": 256,
  "size_y": 256,
  "size_z": 170,
  "snr_csf": 1.6117296101079,
  "snr_gm": 10.732116902537705,
  "snr_total": 14.516633539088252,
  "snr_wm": 31.20605410461915,
  "snrd_csf": 14.997620362049151,
  "snrd_gm": 66.21316436247005,
  "snrd_total": 62.35182825167729,
  "snrd_wm": 105.84470003051267,
  "spacing_x": 0.9765625,
  "spacing_y": 0.9765625,
  "spacing_z": 1.0,
  "summary_bg_k": 12.544007939032097,
  "summary_bg_mad": 0.0,
  "summary_bg_mean": 3.684404058321404,
  "summary_bg_median": 0.0,
  "summary_bg_n": 404505.0,
  "summary_bg_p05": 0.0,
  "summary_bg_p95": 16.082625348120928,
  "summary_bg_stdv": 6.189600651245764,
  "summary_csf_k": -0.09203238991750196,
  "summary_csf_mad": 89.70998038160371,
  "summary_csf_mean": 158.57815497875703,
  "summary_csf_median": 141.69458567723632,
  "summary_csf_n": 72032.0,
  "summary_csf_p05": 46.40127286687493,
  "summary_csf_p95": 328.50211642310023,
  "summary_csf_stdv": 87.91400321254454,
  "summary_gm_k": -0.1051799700820677,
  "summary_gm_mad": 60.549461563452894,
  "summary_gm_mean": 624.2334799917861,
  "summary_gm_median": 625.5690345689654,
  "summary_gm_n": 42919.0,
  "summary_gm_p05": 527.7849546819925,
  "summary_gm_p95": 716.0976817388088,
  "summary_gm_stdv": 58.28875630230011,
  "summary_wm_k": 0.908325825187374,
  "summary_wm_mad": 28.460157012474703,
  "summary_wm_mean": 996.4022370171986,
  "summary_wm_median": 1000.0000369995832,
  "summary_wm_n": 165014.0,
  "summary_wm_p05": 937.3014174848795,
  "summary_wm_p95": 1043.159018240869,
  "summary_wm_stdv": 32.0449680564043,
  "tpm_overlap_csf": 0.13832480013773735,
  "tpm_overlap_gm": 0.47616677853017664,
  "tpm_overlap_wm": 0.4830538881832862,
  "wm2max": 0.9378927017883035
}