{
  "aor": 0.00022682373472949385,
  "aqi": 0.005176713158813264,
  "bids_meta": {
    "AcquisitionMatrixPE": 90,
    "AcquisitionNumber": 1,
    "AcquisitionTime": "",
    "BandwidthPerPixelPhaseEncode": 21.786,
    "BaseResolution": 90,
    "BodyPartExamined": "BRAIN",
    "ConsistencyInfo": "N4_VE11C_LATEST_20160120",
    "ConversionSoftware": "dcm2niix",
    "ConversionSoftwareVersion": "v1.0.20210317",
    "DerivedVendorReportedEchoSpacing": 0.000510012,
    "DeviceSerialNumber": "66093",
    "DwellTime": 2e-06,
    "EchoTime": 0.03,
    "EchoTrainLength": 90,
    "EffectiveEchoSpacing": 0.000510012,
    "FlipAngle": 52,
    "ImageComments": "Unaliased MB6/PE3/LB",
    "ImageOrientationPatientDICOM": [
      0.999882,
      0.00387358,
      0.0148694,
      2.97801e-08,
      0.967702,
      -0.252095
    ],
    "ImageType": [
      "ORIGINAL",
      "PRIMARY",
      "M",
      "MB",
      "ND",
      "MOSAIC"
    ],
    "ImagingFrequency": 123.26,
    "InPlanePhaseEncodingDirectionDICOM": "COL",
    "InstitutionAddress": "",
    "InstitutionName": "",
    "InstitutionalDepartmentName": "",
    "MRAcquisitionType": "2D",
    "MagneticFieldStrength": 3,
    "Manufacturer": "Siemens",
    "ManufacturersModelName": "Prisma",
    "Modality": "MR",
    "MultibandAccelerationFactor": 6,
    "PartialFourier": 1,
    "PatientPosition": "HFS",
    "PercentPhaseFOV": 100,
    "PercentSampling": 100,
    "PhaseEncodingDirection": "j-",
    "PhaseEncodingSteps": 90,
    "PhaseResolution": 1,
    "PixelBandwidth": 2780,
    "ProtocolName": "BOLD_2p4_MB6_P1_TE30_TR800_AP",
    "PulseSequenceDetails": "%CustomerSeq%\\cmrr_mbep2d_bold",
    "ReceiveCoilActiveElements": "HEA;HEP",
    "ReceiveCoilName": "Head_32",
    "ReconMatrixPE": 90,
    "RepetitionTime": 0.8,
    "SAR": 0.0806971,
    "ScanOptions": "FS",
    "ScanningSequence": "EP",
    "SequenceName": "epfid2d1_90",
    "SequenceVariant": "SK\\SS",
    "SeriesDescription": "BOLD_2p4_MB6_P1_TE30_TR800_AP",
    "SeriesNumber": 5,
    "ShimSetting": [
      4951,
      -11393,
      -1318,
      516,
      17,
      -125,
      -132,
      11
    ],
    "SliceThickness": 2.4,
    "SliceTiming": [
      0,
      0.545,
      0.31,
      0.0775,
      0.6225,
      0.39,
      0.155,
      0.7,
      0.4675,
      0.2325,
      0,
      0.545,
      0.31,
      0.0775,
      0.6225,
      0.39,
      0.155,
      0.7,
      0.4675,
      0.2325,
      0,
      0.545,
      0.31,
      0.0775,
      0.6225,
      0.39,
      0.155,
      0.7,
      0.4675,
      0.2325,
      0,
      0.545,
      0.31,
      0.0775,
      0.6225,
      0.39,
      0.155,
      0.7,
      0.4675,
      0.2325,
      0,
      0.545,
      0.31,
      0.0775,
      0.6225,
      0.39,
      0.155,
      0.7,
      0.4675,
      0.2325,
      0,
      0.545,
      0.31,
      0.0775,
      0.6225,
      0.39,
      0.155,
      0.7,
      0.4675,
      0.2325
    ],
    "SoftwareVersions": "syngo MR E11",
    "SpacingBetweenSlices": 2.4,
    "StationName": "",
    "TaskName": "SD",
    "TotalReadoutTime": 0.045391,
    "TxRefAmp": 255.166,
    "VendorReportedEchoSpacing": 0.00051,
    "WipMemBlock": "d14b0051-22d7-4b7c-b2ae-651f518c7820||Sequence: R016 ve11c/master r/e634e98; Dec 19 2017 11:00:25 by eja",
    "dataset": "ds004073",
    "modality": "bold",
    "subject_id": "OXF07",
    "task_id": "SD"
  },
  "dummy_trs": 2,
  "dvars_nstd": 31.256881687150297,
  "dvars_std": 0.9961578786888111,
  "dvars_vstd": 0.9859305120279723,
  "efc": 0.5264725589149407,
  "fber": 868.8573608398438,
  "fd_mean": 0.12311775399738505,
  "fd_num": 79,
  "fd_perc": 13.787085514834207,
  "fwhm_avg": 3.0583944306888036,
  "fwhm_x": 2.764579056812165,
  "fwhm_y": 3.155937374594316,
  "fwhm_z": 3.254666860659929,
  "gcor": 0.00408076,
  "gsr_x": -0.021459005773067474,
  "gsr_y": 0.13337701559066772,
  "provenance": {
    "md5sum": "5b9180d7ab6d32085ffd98a226006633",
    "settings": {
      "fd_thres": 0.2,
      "testing": false
    },
    "software": "mriqc",
    "version": "23.0.0",
    "webapi_port": null,
    "webapi_url": "https://mriqc.nimh.nih.gov/api/v1"
  },
  "size_t": 573,
  "size_x": 90,
  "size_y": 90,
  "size_z": 60,
  "snr": 2.5756750536105066,
  "spacing_tr": 0.800000011920929,
  "spacing_x": 2.4000000953674316,
  "spacing_y": 2.4000000953674316,
  "spacing_z": 2.3999998569488525,
  "summary_bg_k": 22.99455058994002,
  "summary_bg_mad": 79.85611791797388,
  "summary_bg_mean": 295.4832763671875,
  "summary_bg_median": 112.12740325927734,
  "summary_bg_n": 319318.0,
  "summary_bg_p05": 53.06980895996094,
  "summary_bg_p95": 1212.7592529296846,
  "summary_bg_stdv": 486.3766784667969,
  "summary_fg_k": 1.4434911133263082,
  "summary_fg_mad": 1076.7467384949061,
  "summary_fg_mean": 3620.422607421875,
  "summary_fg_median": 3363.6650390625,
  "summary_fg_n": 91933.0,
  "summary_fg_p05": 1967.49287109375,
  "summary_fg_p95": 6228.135058593749,
  "summary_fg_stdv": 1305.92822265625,
  "tsnr": 40.22638063831255
}