{
  "aor": 0.0011788850174216027,
  "aqi": 0.0065299135365853665,
  "bids_meta": {
    "AcquisitionMatrixPE": 90,
    "AcquisitionNumber": 1,
    "AcquisitionTime": "",
    "BandwidthPerPixelPhaseEncode": 21.786,
    "BaseResolution": 90,
    "BodyPartExamined": "BRAIN",
    "ConsistencyInfo": "N4_VE11C_LATEST_20160120",
    "ConversionSoftware": "dcm2niix",
    "ConversionSoftwareVersion": "v1.0.20210317",
    "DerivedVendorReportedEchoSpacing": 0.000510012,
    "DeviceSerialNumber": "66093",
    "DwellTime": 2e-06,
    "EchoTime": 0.03,
    "EchoTrainLength": 90,
    "EffectiveEchoSpacing": 0.000510012,
    "FlipAngle": 52,
    "ImageComments": "Unaliased MB6/PE3/LB",
    "ImageOrientationPatientDICOM": [
      0.999882,
      0.00387358,
      0.0148694,
      2.97801e-08,
      0.967702,
      -0.252095
    ],
    "ImageType": [
      "ORIGINAL",
      "PRIMARY",
      "M",
      "MB",
      "ND",
      "MOSAIC"
    ],
    "ImagingFrequency": 123.26,
    "InPlanePhaseEncodingDirectionDICOM": "COL",
    "InstitutionAddress": "",
    "InstitutionName": "",
    "InstitutionalDepartmentName": "",
    "MRAcquisitionType": "2D",
    "MagneticFieldStrength": 3,
    "Manufacturer": "Siemens",
    "ManufacturersModelName": "Prisma",
    "Modality": "MR",
    "MultibandAccelerationFactor": 6,
    "PartialFourier": 1,
    "PatientPosition": "HFS",
    "PercentPhaseFOV": 100,
    "PercentSampling": 100,
    "PhaseEncodingDirection": "j-",
    "PhaseEncodingSteps": 90,
    "PhaseResolution": 1,
    "PixelBandwidth": 2780,
    "ProtocolName": "BOLD_2p4_MB6_P1_TE30_TR800_AP",
    "PulseSequenceDetails": "%CustomerSeq%\\cmrr_mbep2d_bold",
    "ReceiveCoilActiveElements": "HEA;HEP",
    "ReceiveCoilName": "Head_32",
    "ReconMatrixPE": 90,
    "RepetitionTime": 0.8,
    "SAR": 0.0806971,
    "ScanOptions": "FS",
    "ScanningSequence": "EP",
    "SequenceName": "epfid2d1_90",
    "SequenceVariant": "SK\\SS",
    "SeriesDescription": "BOLD_2p4_MB6_P1_TE30_TR800_AP",
    "SeriesNumber": 17,
    "ShimSetting": [
      4951,
      -11393,
      -1318,
      516,
      17,
      -125,
      -132,
      11
    ],
    "SliceThickness": 2.4,
    "SliceTiming": [
      0,
      0.545,
      0.3125,
      0.0775,
      0.625,
      0.39,
      0.155,
      0.7025,
      0.4675,
      0.235,
      0,
      0.545,
      0.3125,
      0.0775,
      0.625,
      0.39,
      0.155,
      0.7025,
      0.4675,
      0.235,
      0,
      0.545,
      0.3125,
      0.0775,
      0.625,
      0.39,
      0.155,
      0.7025,
      0.4675,
      0.235,
      0,
      0.545,
      0.3125,
      0.0775,
      0.625,
      0.39,
      0.155,
      0.7025,
      0.4675,
      0.235,
      0,
      0.545,
      0.3125,
      0.0775,
      0.625,
      0.39,
      0.155,
      0.7025,
      0.4675,
      0.235,
      0,
      0.545,
      0.3125,
      0.0775,
      0.625,
      0.39,
      0.155,
      0.7025,
      0.4675,
      0.235
    ],
    "SoftwareVersions": "syngo MR E11",
    "SpacingBetweenSlices": 2.4,
    "StationName": "",
    "TaskName": "WG",
    "TotalReadoutTime": 0.045391,
    "TxRefAmp": 255.166,
    "VendorReportedEchoSpacing": 0.00051,
    "WipMemBlock": "25061cfc-2160-47ed-9350-603380d9e8e4||Sequence: R016 ve11c/master r/e634e98; Dec 19 2017 11:00:25 by eja",
    "dataset": "ds004073",
    "modality": "bold",
    "subject_id": "OXF07",
    "task_id": "WG"
  },
  "dummy_trs": 1,
  "dvars_nstd": 36.16871851434551,
  "dvars_std": 1.0455214347120425,
  "dvars_vstd": 1.0126560040837702,
  "efc": 0.5210719463763681,
  "fber": 924.6043701171875,
  "fd_mean": 0.17595895839663536,
  "fd_num": 202,
  "fd_perc": 35.19163763066202,
  "fwhm_avg": 3.111422208306531,
  "fwhm_x": 2.82037072126187,
  "fwhm_y": 3.2004290394930424,
  "fwhm_z": 3.313466864164682,
  "gcor": 0.00921384,
  "gsr_x": -0.015448668971657753,
  "gsr_y": 0.13790932297706604,
  "provenance": {
    "md5sum": "c78108c02d83df821b161a536c69367f",
    "settings": {
      "fd_thres": 0.2,
      "testing": false
    },
    "software": "mriqc",
    "version": "23.0.0",
    "webapi_port": null,
    "webapi_url": "https://mriqc.nimh.nih.gov/api/v1"
  },
  "size_t": 574,
  "size_x": 90,
  "size_y": 90,
  "size_z": 60,
  "snr": 2.4842661094723173,
  "spacing_tr": 0.800000011920929,
  "spacing_x": 2.4000000953674316,
  "spacing_y": 2.4000000953674316,
  "spacing_z": 2.3999998569488525,
  "summary_bg_k": 21.860576881378723,
  "summary_bg_mad": 74.15465091485108,
  "summary_bg_mean": 286.2082824707031,
  "summary_bg_median": 106.18205261230469,
  "summary_bg_n": 321348.0,
  "summary_bg_p05": 51.254356384277344,
  "summary_bg_p95": 1202.6254272460912,
  "summary_bg_stdv": 484.1575927734375,
  "summary_fg_k": 1.5601134335572366,
  "summary_fg_mad": 1052.2059797516295,
  "summary_fg_mean": 3557.882080078125,
  "summary_fg_median": 3276.84326171875,
  "summary_fg_n": 90905.0,
  "summary_fg_p05": 1932.7250732421874,
  "summary_fg_p95": 6268.941113281251,
  "summary_fg_stdv": 1319.031494140625,
  "tsnr": 37.38332836423069
}