{
  "aor": 0.00026909249563699826,
  "aqi": 0.005440910436300175,
  "bids_meta": {
    "AcquisitionMatrixPE": 90,
    "AcquisitionNumber": 1,
    "AcquisitionTime": "",
    "BandwidthPerPixelPhaseEncode": 21.786,
    "BaseResolution": 90,
    "BodyPartExamined": "BRAIN",
    "ConsistencyInfo": "N4_VE11C_LATEST_20160120",
    "ConversionSoftware": "dcm2niix",
    "ConversionSoftwareVersion": "v1.0.20210317",
    "DerivedVendorReportedEchoSpacing": 0.000510012,
    "DeviceSerialNumber": "66093",
    "DwellTime": 2e-06,
    "EchoTime": 0.03,
    "EchoTrainLength": 90,
    "EffectiveEchoSpacing": 0.000510012,
    "FlipAngle": 52,
    "ImageComments": "Unaliased MB6/PE3/LB",
    "ImageOrientationPatientDICOM": [
      0.999882,
      0.00387358,
      0.0148694,
      2.97801e-08,
      0.967702,
      -0.252095
    ],
    "ImageType": [
      "ORIGINAL",
      "PRIMARY",
      "M",
      "MB",
      "ND",
      "MOSAIC"
    ],
    "ImagingFrequency": 123.26,
    "InPlanePhaseEncodingDirectionDICOM": "COL",
    "InstitutionAddress": "",
    "InstitutionName": "",
    "InstitutionalDepartmentName": "",
    "MRAcquisitionType": "2D",
    "MagneticFieldStrength": 3,
    "Manufacturer": "Siemens",
    "ManufacturersModelName": "Prisma",
    "Modality": "MR",
    "MultibandAccelerationFactor": 6,
    "PartialFourier": 1,
    "PatientPosition": "HFS",
    "PercentPhaseFOV": 100,
    "PercentSampling": 100,
    "PhaseEncodingDirection": "j-",
    "PhaseEncodingSteps": 90,
    "PhaseResolution": 1,
    "PixelBandwidth": 2780,
    "ProtocolName": "BOLD_2p4_MB6_P1_TE30_TR800_AP",
    "PulseSequenceDetails": "%CustomerSeq%\\cmrr_mbep2d_bold",
    "ReceiveCoilActiveElements": "HEA;HEP",
    "ReceiveCoilName": "Head_32",
    "ReconMatrixPE": 90,
    "RepetitionTime": 0.8,
    "SAR": 0.0806971,
    "ScanOptions": "FS",
    "ScanningSequence": "EP",
    "SequenceName": "epfid2d1_90",
    "SequenceVariant": "SK\\SS",
    "SeriesDescription": "BOLD_2p4_MB6_P1_TE30_TR800_AP",
    "SeriesNumber": 7,
    "ShimSetting": [
      4951,
      -11393,
      -1318,
      516,
      17,
      -125,
      -132,
      11
    ],
    "SliceThickness": 2.4,
    "SliceTiming": [
      0,
      0.5475,
      0.3125,
      0.08,
      0.625,
      0.39,
      0.1575,
      0.7025,
      0.47,
      0.235,
      0,
      0.5475,
      0.3125,
      0.08,
      0.625,
      0.39,
      0.1575,
      0.7025,
      0.47,
      0.235,
      0,
      0.5475,
      0.3125,
      0.08,
      0.625,
      0.39,
      0.1575,
      0.7025,
      0.47,
      0.235,
      0,
      0.5475,
      0.3125,
      0.08,
      0.625,
      0.39,
      0.1575,
      0.7025,
      0.47,
      0.235,
      0,
      0.5475,
      0.3125,
      0.08,
      0.625,
      0.39,
      0.1575,
      0.7025,
      0.47,
      0.235,
      0,
      0.5475,
      0.3125,
      0.08,
      0.625,
      0.39,
      0.1575,
      0.7025,
      0.47,
      0.235
    ],
    "SoftwareVersions": "syngo MR E11",
    "SpacingBetweenSlices": 2.4,
    "StationName": "",
    "TaskName": "WC",
    "TotalReadoutTime": 0.045391,
    "TxRefAmp": 255.166,
    "VendorReportedEchoSpacing": 0.00051,
    "WipMemBlock": "8c488b22-7f89-4363-a605-44abaa9125bb||Sequence: R016 ve11c/master r/e634e98; Dec 19 2017 11:00:25 by eja",
    "dataset": "ds004073",
    "modality": "bold",
    "subject_id": "OXF07",
    "task_id": "WC"
  },
  "dummy_trs": 2,
  "dvars_nstd": 31.187027687867133,
  "dvars_std": 1.0025657006992996,
  "dvars_vstd": 0.9940778056643353,
  "efc": 0.5252304442416624,
  "fber": 884.0896606445312,
  "fd_mean": 0.11811635420305973,
  "fd_num": 59,
  "fd_perc": 10.296684118673648,
  "fwhm_avg": 3.0590041529920717,
  "fwhm_x": 2.7562415571434675,
  "fwhm_y": 3.1629248743166576,
  "fwhm_z": 3.2578460275160888,
  "gcor": 0.00682812,
  "gsr_x": -0.020547647029161453,
  "gsr_y": 0.1348048895597458,
  "provenance": {
    "md5sum": "3c537c469daf2dc0369bc78343ba656d",
    "settings": {
      "fd_thres": 0.2,
      "testing": false
    },
    "software": "mriqc",
    "version": "23.0.0",
    "webapi_port": null,
    "webapi_url": "https://mriqc.nimh.nih.gov/api/v1"
  },
  "size_t": 573,
  "size_x": 90,
  "size_y": 90,
  "size_z": 60,
  "snr": 2.5444114710846537,
  "spacing_tr": 0.800000011920929,
  "spacing_x": 2.4000000953674316,
  "spacing_y": 2.4000000953674316,
  "spacing_z": 2.3999998569488525,
  "summary_bg_k": 22.300960098210926,
  "summary_bg_mad": 78.44983625472655,
  "summary_bg_mean": 292.1460876464844,
  "summary_bg_median": 110.47469329833984,
  "summary_bg_n": 319628.0,
  "summary_bg_p05": 52.596858978271484,
  "summary_bg_p95": 1199.448266601562,
  "summary_bg_stdv": 482.04876708984375,
  "summary_fg_k": 1.506213183827283,
  "summary_fg_mad": 1069.5798625363097,
  "summary_fg_mean": 3601.512451171875,
  "summary_fg_median": 3335.8447265625,
  "summary_fg_n": 91797.0,
  "summary_fg_p05": 1957.480322265625,
  "summary_fg_p95": 6245.5974609375,
  "summary_fg_stdv": 1311.04052734375,
  "tsnr": 39.54981346707791
}