{
  "bids_meta": {
    "AcquisitionMatrixPE": 174,
    "AcquisitionNumber": 1,
    "AcquisitionTime": "",
    "BaseResolution": 192,
    "BodyPartExamined": "BRAIN",
    "ConsistencyInfo": "N4_VE11C_LATEST_20160120",
    "ConversionSoftware": "dcm2niix",
    "ConversionSoftwareVersion": "v1.0.20210317",
    "DeviceSerialNumber": "66093",
    "DwellTime": 1.3e-05,
    "EchoTime": 0.00397,
    "FlipAngle": 8,
    "ImageOrientationPatientDICOM": [
      0.999684,
      0.00777364,
      0.0239168,
      3.94258e-10,
      0.951026,
      -0.30911
    ],
    "ImageType": [
      "ORIGINAL",
      "PRIMARY",
      "M",
      "ND",
      "NORM"
    ],
    "ImagingFrequency": 123.26,
    "InPlanePhaseEncodingDirectionDICOM": "ROW",
    "InstitutionAddress": "",
    "InstitutionName": "",
    "InstitutionalDepartmentName": "",
    "InversionTime": 0.904,
    "MRAcquisitionType": "3D",
    "MagneticFieldStrength": 3,
    "Manufacturer": "Siemens",
    "ManufacturersModelName": "Prisma",
    "Modality": "MR",
    "PartialFourier": 1,
    "PatientPosition": "HFS",
    "PercentPhaseFOV": 90.625,
    "PercentSampling": 100,
    "PhaseEncodingSteps": 174,
    "PhaseResolution": 1,
    "PixelBandwidth": 200,
    "ProtocolName": "t1_mpr_ax_1mm_iso_32ch_v2",
    "PulseSequenceDetails": "%SiemensSeq%\\tfl",
    "ReceiveCoilActiveElements": "HEA;HEP",
    "ReceiveCoilName": "Head_32",
    "ReconMatrixPE": 174,
    "RepetitionTime": 1.9,
    "SAR": 0.0471301,
    "ScanOptions": "IR\\WE",
    "ScanningSequence": "GR\\IR",
    "SequenceName": "*tfl3d1_16",
    "SequenceVariant": "SK\\SP\\MP",
    "SeriesDescription": "t1_mpr_ax_1mm_iso_32ch_v2",
    "SeriesNumber": 13,
    "ShimSetting": [
      4961,
      -11358,
      -1413,
      562,
      80,
      -269,
      -51,
      -26
    ],
    "SliceThickness": 1,
    "SoftwareVersions": "syngo MR E11",
    "StationName": "",
    "TxRefAmp": 251.122,
    "dataset": "ds004073",
    "modality": "T1w",
    "subject_id": "OXF10"
  },
  "cjv": 0.3376399066869603,
  "cnr": 3.9980226670690855,
  "efc": 0.5835592373718936,
  "fber": 35832.26297577855,
  "fwhm_avg": 4.34045,
  "fwhm_x": 4.19072,
  "fwhm_y": 4.57505,
  "fwhm_z": 4.25558,
  "icvs_csf": 0.19322431951110763,
  "icvs_gm": 0.441166236567205,
  "icvs_wm": 0.36560944392168737,
  "inu_med": 0.3138759881258011,
  "inu_range": 0.10675634443759918,
  "provenance": {
    "md5sum": "78c09a8fe3caaa1f0adf190c56b00c47",
    "settings": {
      "testing": false
    },
    "software": "mriqc",
    "version": "23.0.0",
    "warnings": {
      "large_rot_frame": true,
      "small_air_mask": false
    },
    "webapi_port": null,
    "webapi_url": "https://mriqc.nimh.nih.gov/api/v1"
  },
  "qi_1": 0.0,
  "qi_2": 0.048573861766375674,
  "rpve_csf": 14.142990048806638,
  "rpve_gm": 6.691097301181936,
  "rpve_wm": 9.4748575169612,
  "size_x": 174,
  "size_y": 192,
  "size_z": 192,
  "snr_csf": 2.3957459090533524,
  "snr_gm": 14.302029449619596,
  "snr_total": 16.396459092812464,
  "snr_wm": 32.49160191976444,
  "snrd_csf": 54.93707746646829,
  "snrd_gm": 141.58292724098393,
  "snrd_total": 128.04044727835137,
  "snrd_wm": 187.6013371276019,
  "spacing_x": 1.0,
  "spacing_y": 1.0,
  "spacing_z": 1.0,
  "summary_bg_k": 677.6632498231232,
  "summary_bg_mad": 3.4923790127353436,
  "summary_bg_mean": 3.6897389640245453,
  "summary_bg_median": 2.3555738478899,
  "summary_bg_n": 1820009.0,
  "summary_bg_p05": 0.0,
  "summary_bg_p95": 15.173821536824107,
  "summary_bg_stdv": 5.720886173137797,
  "summary_csf_k": 0.5626186382392762,
  "summary_csf_mad": 95.22553441391703,
  "summary_csf_mean": 296.44093163782117,
  "summary_csf_median": 292.85671863891184,
  "summary_csf_n": 30122.0,
  "summary_csf_p05": 78.36209000647068,
  "summary_csf_p95": 507.54666360290713,
  "summary_csf_stdv": 122.23827924128896,
  "summary_gm_k": -0.0003186705434505832,
  "summary_gm_mad": 52.822232567622066,
  "summary_gm_mean": 753.7376553985397,
  "summary_gm_median": 754.7454906459898,
  "summary_gm_n": 47666.0,
  "summary_gm_p05": 665.9648938081227,
  "summary_gm_p95": 838.9327184804715,
  "summary_gm_stdv": 52.77136201135928,
  "summary_wm_k": 0.6473604826302224,
  "summary_wm_mad": 30.00535635108449,
  "summary_wm_mean": 1000.7392534433988,
  "summary_wm_median": 1000.0588771216571,
  "summary_wm_n": 216830.0,
  "summary_wm_p05": 952.0248004067689,
  "summary_wm_p95": 1050.9589020181447,
  "summary_wm_stdv": 30.77892476643107,
  "tpm_overlap_csf": 0.15323995116469577,
  "tpm_overlap_gm": 0.4580482877579709,
  "tpm_overlap_wm": 0.4925222260213673,
  "wm2max": 0.904179607773538
}