{
  "bids_meta": {
    "AcquisitionMatrixPE": 250,
    "AcquisitionNumber": 6,
    "AcquisitionTime": "",
    "BodyPartExamined": "BRAIN",
    "CoilString": "MULTI COIL",
    "ConversionSoftware": "dcm2niix",
    "ConversionSoftwareVersion": "v1.0.20210317",
    "DeviceSerialNumber": "45128",
    "EchoTime": 0.00348,
    "EchoTrainLength": 560,
    "EstimatedEffectiveEchoSpacing": 4.97191e-06,
    "EstimatedTotalReadoutTime": 0.00126784,
    "FlipAngle": 8,
    "ImageOrientationPatientDICOM": [
      0.999692,
      -5.00829e-11,
      -0.0248119,
      -0.000994479,
      0.999196,
      -0.0400684
    ],
    "ImageType": [
      "ORIGINAL",
      "PRIMARY",
      "M",
      "FFE",
      "M",
      "FFE"
    ],
    "ImagingFrequency": 127.764,
    "InPlanePhaseEncodingDirectionDICOM": "COL",
    "InstitutionAddress": "",
    "InstitutionName": "",
    "InstitutionalDepartmentName": "",
    "MRAcquisitionType": "3D",
    "MagneticFieldStrength": 3,
    "Manufacturer": "Philips",
    "ManufacturersModelName": "Ingenia Elition X",
    "Modality": "MR",
    "ParallelReductionFactorInPlane": 1.73205,
    "ParallelReductionOutOfPlane": 1.73205,
    "PatientPosition": "HFS",
    "PercentPhaseFOV": 100,
    "PercentSampling": 77.9165,
    "PhaseEncodingAxis": "j",
    "PhaseEncodingSteps": 250,
    "PhilipsRWVIntercept": 0,
    "PhilipsRWVSlope": 1,
    "PhilipsRescaleIntercept": 0,
    "PhilipsRescaleSlope": 1,
    "PhilipsScaleSlope": 0.000779526,
    "PixelBandwidth": 787,
    "ProcedureStepDescription": "COLA",
    "ProtocolName": "sT1W_1MM_COMBO",
    "ReconMatrixPE": 256,
    "RepetitionTime": 0.0123135,
    "SAR": 0.0170603,
    "ScanOptions": "FC",
    "ScanningSequence": "GR",
    "SequenceVariant": "MP",
    "SeriesDescription": "sT1W_1MM_COMBO",
    "SeriesNumber": 602,
    "SliceThickness": 2,
    "SoftwareVersions": "5.6.1\\5.6.1.3",
    "SpacingBetweenSlices": 1,
    "StationName": "",
    "UsePhilipsFloatNotDisplayScaling": 1,
    "WaterFatShift": 0.551729,
    "dataset": "ds004073",
    "modality": "T1w",
    "subject_id": "BAN12"
  },
  "cjv": 0.21284153589792637,
  "cnr": 6.062894672181166,
  "efc": 0.7289744125358922,
  "fber": 2536.0942597722374,
  "fwhm_avg": 5.419191813333334,
  "fwhm_x": 5.03885824,
  "fwhm_y": 5.5644672,
  "fwhm_z": 5.65425,
  "icvs_csf": 0.24964838571109607,
  "icvs_gm": 0.4427058146482742,
  "icvs_wm": 0.3076457996406297,
  "inu_med": 0.5839295387268066,
  "inu_range": 0.18911063075065604,
  "provenance": {
    "md5sum": "bcff127ce4bc889fe4c917ae90de7507",
    "settings": {
      "testing": false
    },
    "software": "mriqc",
    "version": "23.0.0",
    "warnings": {
      "large_rot_frame": true,
      "small_air_mask": true
    },
    "webapi_port": null,
    "webapi_url": "https://mriqc.nimh.nih.gov/api/v1"
  },
  "qi_1": 0.0,
  "qi_2": 1.2790248173363412e-06,
  "rpve_csf": 25.80488328163989,
  "rpve_gm": 14.606554132758843,
  "rpve_wm": 23.65504534239113,
  "size_x": 256,
  "size_y": 256,
  "size_z": 170,
  "snr_csf": 1.295814412110325,
  "snr_gm": 11.870196120384167,
  "snr_total": 14.129774571751218,
  "snr_wm": 29.223313182759163,
  "snrd_csf": 12.029176953225607,
  "snrd_gm": 61.24397959638621,
  "snrd_total": 57.37761921170233,
  "snrd_wm": 98.85970108549519,
  "spacing_x": 0.9765625,
  "spacing_y": 0.9765625,
  "spacing_z": 1.0,
  "summary_bg_k": 30.458097343127207,
  "summary_bg_mad": 0.0,
  "summary_bg_mean": 3.3421427744780763,
  "summary_bg_median": 0.0,
  "summary_bg_n": 271407.0,
  "summary_bg_p05": 0.0,
  "summary_bg_p95": 16.141236305236816,
  "summary_bg_stdv": 6.626931022149447,
  "summary_csf_k": 0.09475761196504173,
  "summary_csf_mad": 91.90700665696049,
  "summary_csf_mean": 142.35293384442565,
  "summary_csf_median": 121.67928071506321,
  "summary_csf_n": 44092.0,
  "summary_csf_p05": 27.280370734632015,
  "summary_csf_p95": 326.96512135490775,
  "summary_csf_stdv": 93.90071582479692,
  "summary_gm_k": -0.07270134594238487,
  "summary_gm_mad": 52.84769733521105,
  "summary_gm_mean": 620.0518982068525,
  "summary_gm_median": 619.5040121525526,
  "summary_gm_n": 43556.0,
  "summary_gm_p05": 536.1181331928819,
  "summary_gm_p95": 706.620450284332,
  "summary_gm_stdv": 52.189272548518815,
  "summary_wm_k": 1.332420453924196,
  "summary_wm_mad": 28.137659607131827,
  "summary_wm_mean": 996.5133516575662,
  "summary_wm_median": 1000.0000304728746,
  "summary_wm_n": 127462.0,
  "summary_wm_p05": 931.7360519319773,
  "summary_wm_p95": 1046.0277746245265,
  "summary_wm_stdv": 34.21912161271537,
  "tpm_overlap_csf": 0.15630184340301959,
  "tpm_overlap_gm": 0.5054768425902396,
  "tpm_overlap_wm": 0.5173604861342315,
  "wm2max": 0.8742395799181356
}