{
  "aor": 0.0025494434782608695,
  "aqi": 0.008577288852173914,
  "bids_meta": {
    "AcquisitionMatrixPE": 90,
    "AcquisitionNumber": 1,
    "AcquisitionTime": "",
    "BandwidthPerPixelPhaseEncode": 21.786,
    "BaseResolution": 90,
    "BodyPartExamined": "BRAIN",
    "ConsistencyInfo": "N4_VE11C_LATEST_20160120",
    "ConversionSoftware": "dcm2niix",
    "ConversionSoftwareVersion": "v1.0.20210317",
    "DerivedVendorReportedEchoSpacing": 0.000510012,
    "DeviceSerialNumber": "66093",
    "DwellTime": 2e-06,
    "EchoTime": 0.03,
    "EchoTrainLength": 90,
    "EffectiveEchoSpacing": 0.000510012,
    "FlipAngle": 52,
    "ImageComments": "Unaliased MB6/PE3/LB",
    "ImageOrientationPatientDICOM": [
      0.999999,
      -0.000178799,
      -0.00170123,
      -4.63032e-09,
      0.994522,
      -0.104527
    ],
    "ImageType": [
      "ORIGINAL",
      "PRIMARY",
      "M",
      "MB",
      "ND",
      "MOSAIC"
    ],
    "ImagingFrequency": 123.259,
    "InPlanePhaseEncodingDirectionDICOM": "COL",
    "InstitutionAddress": "",
    "InstitutionName": "",
    "InstitutionalDepartmentName": "",
    "MRAcquisitionType": "2D",
    "MagneticFieldStrength": 3,
    "Manufacturer": "Siemens",
    "ManufacturersModelName": "Prisma",
    "Modality": "MR",
    "MultibandAccelerationFactor": 6,
    "PartialFourier": 1,
    "PatientPosition": "HFS",
    "PercentPhaseFOV": 100,
    "PercentSampling": 100,
    "PhaseEncodingDirection": "j-",
    "PhaseEncodingSteps": 90,
    "PhaseResolution": 1,
    "PixelBandwidth": 2780,
    "ProtocolName": "BOLD_2p4_MB6_P1_TE30_TR800_AP",
    "PulseSequenceDetails": "%CustomerSeq%\\cmrr_mbep2d_bold",
    "ReceiveCoilActiveElements": "HEA;HEP",
    "ReceiveCoilName": "Head_32",
    "ReconMatrixPE": 90,
    "RepetitionTime": 0.8,
    "SAR": 0.0728945,
    "ScanOptions": "FS",
    "ScanningSequence": "EP",
    "SequenceName": "epfid2d1_90",
    "SequenceVariant": "SK\\SS",
    "SeriesDescription": "BOLD_2p4_MB6_P1_TE30_TR800_AP",
    "SeriesNumber": 17,
    "ShimSetting": [
      4969,
      -11426,
      -1381,
      453,
      42,
      55,
      -121,
      -25
    ],
    "SliceThickness": 2.4,
    "SliceTiming": [
      0,
      0.5475,
      0.3125,
      0.0775,
      0.625,
      0.39,
      0.1575,
      0.7025,
      0.4675,
      0.235,
      0,
      0.5475,
      0.3125,
      0.0775,
      0.625,
      0.39,
      0.1575,
      0.7025,
      0.4675,
      0.235,
      0,
      0.5475,
      0.3125,
      0.0775,
      0.625,
      0.39,
      0.1575,
      0.7025,
      0.4675,
      0.235,
      0,
      0.5475,
      0.3125,
      0.0775,
      0.625,
      0.39,
      0.1575,
      0.7025,
      0.4675,
      0.235,
      0,
      0.5475,
      0.3125,
      0.0775,
      0.625,
      0.39,
      0.1575,
      0.7025,
      0.4675,
      0.235,
      0,
      0.5475,
      0.3125,
      0.0775,
      0.625,
      0.39,
      0.1575,
      0.7025,
      0.4675,
      0.235
    ],
    "SoftwareVersions": "syngo MR E11",
    "SpacingBetweenSlices": 2.4,
    "StationName": "",
    "TaskName": "PD",
    "TotalReadoutTime": 0.045391,
    "TxRefAmp": 269.752,
    "VendorReportedEchoSpacing": 0.00051,
    "WipMemBlock": "1fe748ea-9a99-44e4-97a2-957deba275d1||Sequence: R016 ve11c/master r/e634e98; Dec 19 2017 11:00:25 by eja",
    "dataset": "ds004073",
    "modality": "bold",
    "subject_id": "OXF13",
    "task_id": "PD"
  },
  "dummy_trs": 0,
  "dvars_nstd": 42.76471057585367,
  "dvars_std": 1.1177479466724736,
  "dvars_vstd": 1.022648377212545,
  "efc": 0.5845461939630737,
  "fber": 404.05364990234375,
  "fd_mean": 0.23839283833286218,
  "fd_num": 199,
  "fd_perc": 34.608695652173914,
  "fwhm_avg": 2.9776165483468158,
  "fwhm_x": 2.63321239536554,
  "fwhm_y": 3.102816543371815,
  "fwhm_z": 3.1968207063030913,
  "gcor": 0.00729115,
  "gsr_x": -0.01120630744844675,
  "gsr_y": 0.11879334598779678,
  "provenance": {
    "md5sum": "ff6512d81da1cb6c585f556ee968140a",
    "settings": {
      "fd_thres": 0.2,
      "testing": false
    },
    "software": "mriqc",
    "version": "23.0.0",
    "webapi_port": null,
    "webapi_url": "https://mriqc.nimh.nih.gov/api/v1"
  },
  "size_t": 575,
  "size_x": 90,
  "size_y": 90,
  "size_z": 60,
  "snr": 2.543098296735915,
  "spacing_tr": 0.800000011920929,
  "spacing_x": 2.4000000953674316,
  "spacing_y": 2.4000000953674316,
  "spacing_z": 2.4000000953674316,
  "summary_bg_k": 16.781554972040638,
  "summary_bg_mad": 129.34480467606073,
  "summary_bg_mean": 420.66839599609375,
  "summary_bg_median": 169.9600067138672,
  "summary_bg_n": 291586.0,
  "summary_bg_p05": 63.005218505859375,
  "summary_bg_p95": 1805.5491943359375,
  "summary_bg_stdv": 651.5918579101562,
  "summary_fg_k": 1.1759521232366525,
  "summary_fg_mad": 1305.5861737431865,
  "summary_fg_mean": 3788.772705078125,
  "summary_fg_median": 3513.400146484375,
  "summary_fg_n": 111274.0,
  "summary_fg_p05": 2062.1116577148437,
  "summary_fg_p95": 6352.108154296875,
  "summary_fg_stdv": 1381.5369873046875,
  "tsnr": 34.39756295806728
}