{
  "aor": 0.0012369298245614034,
  "aqi": 0.012113887228070176,
  "bids_meta": {
    "AcquisitionMatrixPE": 90,
    "AcquisitionNumber": 1,
    "AcquisitionTime": "",
    "BandwidthPerPixelPhaseEncode": 21.786,
    "BaseResolution": 90,
    "BodyPartExamined": "BRAIN",
    "ConsistencyInfo": "N4_VE11C_LATEST_20160120",
    "ConversionSoftware": "dcm2niix",
    "ConversionSoftwareVersion": "v1.0.20210317",
    "DerivedVendorReportedEchoSpacing": 0.000510012,
    "DeviceSerialNumber": "66093",
    "DwellTime": 2e-06,
    "EchoTime": 0.03,
    "EchoTrainLength": 90,
    "EffectiveEchoSpacing": 0.000510012,
    "FlipAngle": 52,
    "ImageComments": "Unaliased MB6/PE3/LB",
    "ImageOrientationPatientDICOM": [
      0.999999,
      -0.000178799,
      -0.00170123,
      -4.63032e-09,
      0.994522,
      -0.104527
    ],
    "ImageType": [
      "ORIGINAL",
      "PRIMARY",
      "M",
      "MB",
      "ND",
      "MOSAIC"
    ],
    "ImagingFrequency": 123.259,
    "InPlanePhaseEncodingDirectionDICOM": "COL",
    "InstitutionAddress": "",
    "InstitutionName": "",
    "InstitutionalDepartmentName": "",
    "MRAcquisitionType": "2D",
    "MagneticFieldStrength": 3,
    "Manufacturer": "Siemens",
    "ManufacturersModelName": "Prisma",
    "Modality": "MR",
    "MultibandAccelerationFactor": 6,
    "PartialFourier": 1,
    "PatientPosition": "HFS",
    "PercentPhaseFOV": 100,
    "PercentSampling": 100,
    "PhaseEncodingDirection": "j-",
    "PhaseEncodingSteps": 90,
    "PhaseResolution": 1,
    "PixelBandwidth": 2780,
    "ProtocolName": "BOLD_2p4_MB6_P1_TE30_TR800_AP",
    "PulseSequenceDetails": "%CustomerSeq%\\cmrr_mbep2d_bold",
    "ReceiveCoilActiveElements": "HEA;HEP",
    "ReceiveCoilName": "Head_32",
    "ReconMatrixPE": 90,
    "RepetitionTime": 0.8,
    "SAR": 0.0728945,
    "ScanOptions": "FS",
    "ScanningSequence": "EP",
    "SequenceName": "epfid2d1_90",
    "SequenceVariant": "SK\\SS",
    "SeriesDescription": "BOLD_2p4_MB6_P1_TE30_TR800_AP",
    "SeriesNumber": 19,
    "ShimSetting": [
      4969,
      -11426,
      -1381,
      453,
      42,
      55,
      -121,
      -25
    ],
    "SliceThickness": 2.4,
    "SliceTiming": [
      0,
      0.5475,
      0.3125,
      0.08,
      0.625,
      0.39,
      0.1575,
      0.7025,
      0.47,
      0.235,
      0,
      0.5475,
      0.3125,
      0.08,
      0.625,
      0.39,
      0.1575,
      0.7025,
      0.47,
      0.235,
      0,
      0.5475,
      0.3125,
      0.08,
      0.625,
      0.39,
      0.1575,
      0.7025,
      0.47,
      0.235,
      0,
      0.5475,
      0.3125,
      0.08,
      0.625,
      0.39,
      0.1575,
      0.7025,
      0.47,
      0.235,
      0,
      0.5475,
      0.3125,
      0.08,
      0.625,
      0.39,
      0.1575,
      0.7025,
      0.47,
      0.235,
      0,
      0.5475,
      0.3125,
      0.08,
      0.625,
      0.39,
      0.1575,
      0.7025,
      0.47,
      0.235
    ],
    "SoftwareVersions": "syngo MR E11",
    "SpacingBetweenSlices": 2.4,
    "StationName": "",
    "TaskName": "SG",
    "TotalReadoutTime": 0.045391,
    "TxRefAmp": 269.752,
    "VendorReportedEchoSpacing": 0.00051,
    "WipMemBlock": "51fd2b84-10af-4453-a460-3d95a6421acc||Sequence: R016 ve11c/master r/e634e98; Dec 19 2017 11:00:25 by eja",
    "dataset": "ds004073",
    "modality": "bold",
    "subject_id": "OXF13",
    "task_id": "SG"
  },
  "dummy_trs": 5,
  "dvars_nstd": 44.46105433773285,
  "dvars_std": 1.0623055157469254,
  "dvars_vstd": 0.9863902016344459,
  "efc": 0.5862962592387141,
  "fber": 391.14324951171875,
  "fd_mean": 0.27137458457704106,
  "fd_num": 259,
  "fd_perc": 45.43859649122807,
  "fwhm_avg": 2.9908221033776297,
  "fwhm_x": 2.6487790614136433,
  "fwhm_y": 3.125720709128352,
  "fwhm_z": 3.1979665395908934,
  "gcor": 0.0184946,
  "gsr_x": -0.011259067803621292,
  "gsr_y": 0.11759528517723083,
  "provenance": {
    "md5sum": "41c709809ed0029fabd4be2d51a02363",
    "settings": {
      "fd_thres": 0.2,
      "testing": false
    },
    "software": "mriqc",
    "version": "23.0.0",
    "webapi_port": null,
    "webapi_url": "https://mriqc.nimh.nih.gov/api/v1"
  },
  "size_t": 570,
  "size_x": 90,
  "size_y": 90,
  "size_z": 60,
  "snr": 2.543340114995302,
  "spacing_tr": 0.800000011920929,
  "spacing_x": 2.4000000953674316,
  "spacing_y": 2.4000000953674316,
  "spacing_z": 2.4000000953674316,
  "summary_bg_k": 16.82299552059857,
  "summary_bg_mad": 132.14407150209877,
  "summary_bg_mean": 426.7961730957031,
  "summary_bg_median": 172.99473571777344,
  "summary_bg_n": 290942.0,
  "summary_bg_p05": 64.10710525512695,
  "summary_bg_p95": 1822.8508605957031,
  "summary_bg_stdv": 658.9397583007812,
  "summary_fg_k": 1.1846432373448996,
  "summary_fg_mad": 1310.498198500567,
  "summary_fg_mean": 3797.40234375,
  "summary_fg_median": 3522.85107421875,
  "summary_fg_n": 111550.0,
  "summary_fg_p05": 2064.976318359375,
  "summary_fg_p95": 6364.9854980468735,
  "summary_fg_stdv": 1385.12158203125,
  "tsnr": 30.11556256224867
}