{
  "aor": 0.0015245183887915936,
  "aqi": 0.006997728581436078,
  "bids_meta": {
    "AcquisitionMatrixPE": 90,
    "AcquisitionNumber": 1,
    "AcquisitionTime": "",
    "BandwidthPerPixelPhaseEncode": 21.786,
    "BaseResolution": 90,
    "BodyPartExamined": "BRAIN",
    "ConsistencyInfo": "N4_VE11C_LATEST_20160120",
    "ConversionSoftware": "dcm2niix",
    "ConversionSoftwareVersion": "v1.0.20210317",
    "DerivedVendorReportedEchoSpacing": 0.000510012,
    "DeviceSerialNumber": "66093",
    "DwellTime": 2e-06,
    "EchoTime": 0.03,
    "EchoTrainLength": 90,
    "EffectiveEchoSpacing": 0.000510012,
    "FlipAngle": 52,
    "ImageComments": "Unaliased MB6/PE3/LB",
    "ImageOrientationPatientDICOM": [
      0.999999,
      -0.000178799,
      -0.00170123,
      -4.63032e-09,
      0.994522,
      -0.104527
    ],
    "ImageType": [
      "ORIGINAL",
      "PRIMARY",
      "M",
      "MB",
      "ND",
      "MOSAIC"
    ],
    "ImagingFrequency": 123.259,
    "InPlanePhaseEncodingDirectionDICOM": "COL",
    "InstitutionAddress": "",
    "InstitutionName": "",
    "InstitutionalDepartmentName": "",
    "MRAcquisitionType": "2D",
    "MagneticFieldStrength": 3,
    "Manufacturer": "Siemens",
    "ManufacturersModelName": "Prisma",
    "Modality": "MR",
    "MultibandAccelerationFactor": 6,
    "PartialFourier": 1,
    "PatientPosition": "HFS",
    "PercentPhaseFOV": 100,
    "PercentSampling": 100,
    "PhaseEncodingDirection": "j-",
    "PhaseEncodingSteps": 90,
    "PhaseResolution": 1,
    "PixelBandwidth": 2780,
    "ProtocolName": "BOLD_2p4_MB6_P1_TE30_TR800_AP",
    "PulseSequenceDetails": "%CustomerSeq%\\cmrr_mbep2d_bold",
    "ReceiveCoilActiveElements": "HEA;HEP",
    "ReceiveCoilName": "Head_32",
    "ReconMatrixPE": 90,
    "RepetitionTime": 0.8,
    "SAR": 0.0728945,
    "ScanOptions": "FS",
    "ScanningSequence": "EP",
    "SequenceName": "epfid2d1_90",
    "SequenceVariant": "SK\\SS",
    "SeriesDescription": "BOLD_2p4_MB6_P1_TE30_TR800_AP",
    "SeriesNumber": 7,
    "ShimSetting": [
      4969,
      -11426,
      -1381,
      453,
      42,
      55,
      -121,
      -25
    ],
    "SliceThickness": 2.4,
    "SliceTiming": [
      0,
      0.545,
      0.3125,
      0.0775,
      0.6225,
      0.39,
      0.155,
      0.7025,
      0.4675,
      0.2325,
      0,
      0.545,
      0.3125,
      0.0775,
      0.6225,
      0.39,
      0.155,
      0.7025,
      0.4675,
      0.2325,
      0,
      0.545,
      0.3125,
      0.0775,
      0.6225,
      0.39,
      0.155,
      0.7025,
      0.4675,
      0.2325,
      0,
      0.545,
      0.3125,
      0.0775,
      0.6225,
      0.39,
      0.155,
      0.7025,
      0.4675,
      0.2325,
      0,
      0.545,
      0.3125,
      0.0775,
      0.6225,
      0.39,
      0.155,
      0.7025,
      0.4675,
      0.2325,
      0,
      0.545,
      0.3125,
      0.0775,
      0.6225,
      0.39,
      0.155,
      0.7025,
      0.4675,
      0.2325
    ],
    "SoftwareVersions": "syngo MR E11",
    "SpacingBetweenSlices": 2.4,
    "StationName": "",
    "TaskName": "SC",
    "TotalReadoutTime": 0.045391,
    "TxRefAmp": 269.752,
    "VendorReportedEchoSpacing": 0.00051,
    "WipMemBlock": "2020ac88-0b60-44b7-9535-c4d3a4faf876||Sequence: R016 ve11c/master r/e634e98; Dec 19 2017 11:00:25 by eja",
    "dataset": "ds004073",
    "modality": "bold",
    "subject_id": "OXF13",
    "task_id": "SC"
  },
  "dummy_trs": 4,
  "dvars_nstd": 39.34507738085961,
  "dvars_std": 1.1215823725087721,
  "dvars_vstd": 1.0195465254035099,
  "efc": 0.5843329788092179,
  "fber": 412.7265319824219,
  "fd_mean": 0.14113340202291932,
  "fd_num": 67,
  "fd_perc": 11.733800350262698,
  "fwhm_avg": 2.9444609941087436,
  "fwhm_x": 2.62934156218602,
  "fwhm_y": 3.111429043029585,
  "fwhm_z": 3.0926123771106253,
  "gcor": 0.0136715,
  "gsr_x": -0.015670862048864365,
  "gsr_y": 0.11221873760223389,
  "provenance": {
    "md5sum": "b48c16971e053229408ec39371279f45",
    "settings": {
      "fd_thres": 0.2,
      "testing": false
    },
    "software": "mriqc",
    "version": "23.0.0",
    "webapi_port": null,
    "webapi_url": "https://mriqc.nimh.nih.gov/api/v1"
  },
  "size_t": 571,
  "size_x": 90,
  "size_y": 90,
  "size_z": 60,
  "snr": 2.55854796839896,
  "spacing_tr": 0.800000011920929,
  "spacing_x": 2.4000000953674316,
  "spacing_y": 2.4000000953674316,
  "spacing_z": 2.4000000953674316,
  "summary_bg_k": 17.672158402271638,
  "summary_bg_mad": 129.22007433957802,
  "summary_bg_mean": 420.6398620605469,
  "summary_bg_median": 171.1698760986328,
  "summary_bg_n": 290913.0,
  "summary_bg_p05": 64.98108215332032,
  "summary_bg_p95": 1760.445874023436,
  "summary_bg_stdv": 645.0879516601562,
  "summary_fg_k": 1.2026494089406352,
  "summary_fg_mad": 1315.5693061864222,
  "summary_fg_mean": 3837.836669921875,
  "summary_fg_median": 3566.36669921875,
  "summary_fg_n": 111496.0,
  "summary_fg_p05": 2092.0691528320312,
  "summary_fg_p95": 6421.280517578125,
  "summary_fg_stdv": 1393.8963623046875,
  "tsnr": 36.97973253991222
}