{
  "aor": 0.0005188869565217393,
  "aqi": 0.042483008869565214,
  "bids_meta": {
    "AcquisitionMatrixPE": 94,
    "AcquisitionNumber": 2,
    "AcquisitionTime": "",
    "BodyPartExamined": "BRAIN",
    "CoilString": "MULTI COIL",
    "ConversionSoftware": "dcm2niix",
    "ConversionSoftwareVersion": "v1.0.20210317",
    "DeviceSerialNumber": "45128",
    "EchoTime": 0.03,
    "EchoTrainLength": 47,
    "EstimatedEffectiveEchoSpacing": 0.000388467,
    "EstimatedTotalReadoutTime": 0.0369044,
    "FlipAngle": 52,
    "ImageOrientationPatientDICOM": [
      0.999849,
      0.00165984,
      0.0173076,
      0.000696882,
      0.990807,
      -0.13528
    ],
    "ImageType": [
      "ORIGINAL",
      "PRIMARY",
      "M",
      "FFE",
      "M",
      "FFE"
    ],
    "ImagingFrequency": 127.764,
    "InPlanePhaseEncodingDirectionDICOM": "COL",
    "InstitutionAddress": "",
    "InstitutionName": "",
    "InstitutionalDepartmentName": "",
    "MRAcquisitionType": "2D",
    "MagneticFieldStrength": 3,
    "Manufacturer": "Philips",
    "ManufacturersModelName": "Ingenia Elition X",
    "Modality": "MR",
    "ParallelReductionFactorInPlane": 2,
    "ParallelReductionOutOfPlane": 6,
    "PatientPosition": "HFS",
    "PercentPhaseFOV": 100,
    "PercentSampling": 100,
    "PhaseEncodingAxis": "j",
    "PhaseEncodingSteps": 94,
    "PhilipsRWVIntercept": 0,
    "PhilipsRWVSlope": 1.13236,
    "PhilipsRescaleIntercept": 0,
    "PhilipsRescaleSlope": 1.13236,
    "PhilipsScaleSlope": 0.0161421,
    "PixelBandwidth": 1850,
    "ProcedureStepDescription": "COLA",
    "ProtocolName": "COLA_R1",
    "ReconMatrixPE": 96,
    "RepetitionTime": 0.8,
    "SAR": 0.0819311,
    "ScanOptions": "FS",
    "ScanningSequence": "GR",
    "SequenceVariant": "SK",
    "SeriesDescription": "COLA_R1",
    "SeriesNumber": 201,
    "SliceThickness": 2.4,
    "SoftwareVersions": "5.6.1\\5.6.1.3",
    "SpacingBetweenSlices": 2.4,
    "StationName": "",
    "TaskName": "SD",
    "UsePhilipsFloatNotDisplayScaling": 1,
    "WaterFatShift": 16.3723,
    "dataset": "ds004073",
    "modality": "bold",
    "subject_id": "BAN23",
    "task_id": "SD"
  },
  "dummy_trs": 0,
  "dvars_nstd": 87.17560788729969,
  "dvars_std": 1.1005187558362368,
  "dvars_vstd": 1.014323389773519,
  "efc": 0.46953332824422445,
  "fber": 262515.4375,
  "fd_mean": 0.3823011622497108,
  "fd_num": 436,
  "fd_perc": 75.82608695652173,
  "fwhm_avg": 2.1433341451157895,
  "fwhm_x": 2.2198247692866038,
  "fwhm_y": 2.2863360758406954,
  "fwhm_z": 1.92384159022007,
  "gcor": 0.00671903,
  "gsr_x": -0.022098809480667114,
  "gsr_y": 0.022211506962776184,
  "provenance": {
    "md5sum": "b0060288f25519a3a6c3a9b2fc4ec875",
    "settings": {
      "fd_thres": 0.2,
      "testing": false
    },
    "software": "mriqc",
    "version": "23.0.0",
    "webapi_port": null,
    "webapi_url": "https://mriqc.nimh.nih.gov/api/v1"
  },
  "size_t": 575,
  "size_x": 96,
  "size_y": 96,
  "size_z": 60,
  "snr": 4.770579107198804,
  "spacing_tr": 0.8000001907348633,
  "spacing_x": 2.3958332538604736,
  "spacing_y": 2.3958332538604736,
  "spacing_z": 2.4000000953674316,
  "summary_bg_k": 15.479616768112631,
  "summary_bg_mad": 199.36408285042438,
  "summary_bg_mean": 3401.782470703125,
  "summary_bg_median": 135.3096466064453,
  "summary_bg_n": 392821.0,
  "summary_bg_p05": 0.932896077632904,
  "summary_bg_p95": 16805.03125,
  "summary_bg_stdv": 6691.84033203125,
  "summary_fg_k": 0.7175478102399766,
  "summary_fg_mad": 13614.863583665096,
  "summary_fg_mean": 69081.328125,
  "summary_fg_median": 69247.375,
  "summary_fg_n": 87136.0,
  "summary_fg_p05": 45523.00390625,
  "summary_fg_p95": 92793.22265625,
  "summary_fg_stdv": 14515.423828125,
  "tsnr": 16.901004791259766
}