{
  "aor": 0.0006110782608695652,
  "aqi": 0.042286553739130435,
  "bids_meta": {
    "AcquisitionMatrixPE": 94,
    "AcquisitionNumber": 4,
    "AcquisitionTime": "",
    "BodyPartExamined": "BRAIN",
    "CoilString": "MULTI COIL",
    "ConversionSoftware": "dcm2niix",
    "ConversionSoftwareVersion": "v1.0.20210317",
    "DeviceSerialNumber": "45128",
    "EchoTime": 0.03,
    "EchoTrainLength": 47,
    "EstimatedEffectiveEchoSpacing": 0.000388467,
    "EstimatedTotalReadoutTime": 0.0369044,
    "FlipAngle": 52,
    "ImageOrientationPatientDICOM": [
      0.999849,
      0.00165984,
      0.0173076,
      0.000696882,
      0.990807,
      -0.13528
    ],
    "ImageType": [
      "ORIGINAL",
      "PRIMARY",
      "M",
      "FFE",
      "M",
      "FFE"
    ],
    "ImagingFrequency": 127.764,
    "InPlanePhaseEncodingDirectionDICOM": "COL",
    "InstitutionAddress": "",
    "InstitutionName": "",
    "InstitutionalDepartmentName": "",
    "MRAcquisitionType": "2D",
    "MagneticFieldStrength": 3,
    "Manufacturer": "Philips",
    "ManufacturersModelName": "Ingenia Elition X",
    "Modality": "MR",
    "ParallelReductionFactorInPlane": 2,
    "ParallelReductionOutOfPlane": 6,
    "PatientPosition": "HFS",
    "PercentPhaseFOV": 100,
    "PercentSampling": 100,
    "PhaseEncodingAxis": "j",
    "PhaseEncodingSteps": 94,
    "PhilipsRWVIntercept": 0,
    "PhilipsRWVSlope": 1.08767,
    "PhilipsRescaleIntercept": 0,
    "PhilipsRescaleSlope": 1.08767,
    "PhilipsScaleSlope": 0.0161868,
    "PixelBandwidth": 1850,
    "ProcedureStepDescription": "COLA",
    "ProtocolName": "COLA_R3",
    "ReconMatrixPE": 96,
    "RepetitionTime": 0.8,
    "SAR": 0.0819311,
    "ScanOptions": "FS",
    "ScanningSequence": "GR",
    "SequenceVariant": "SK",
    "SeriesDescription": "COLA_R3",
    "SeriesNumber": 401,
    "SliceThickness": 2.4,
    "SoftwareVersions": "5.6.1\\5.6.1.3",
    "SpacingBetweenSlices": 2.4,
    "StationName": "",
    "TaskName": "PD",
    "UsePhilipsFloatNotDisplayScaling": 1,
    "WaterFatShift": 16.3723,
    "dataset": "ds004073",
    "modality": "bold",
    "subject_id": "BAN23",
    "task_id": "PD"
  },
  "dummy_trs": 0,
  "dvars_nstd": 85.50588646341463,
  "dvars_std": 1.1068409401045298,
  "dvars_vstd": 1.0188014026306613,
  "efc": 0.46850013765709353,
  "fber": 290105.8125,
  "fd_mean": 0.34649135112256746,
  "fd_num": 425,
  "fd_perc": 73.91304347826087,
  "fwhm_avg": 2.1157181563941854,
  "fwhm_x": 2.1852689420533866,
  "fwhm_y": 2.24286477005087,
  "fwhm_z": 1.9190207570782996,
  "gcor": 0.00595168,
  "gsr_x": -0.018633320927619934,
  "gsr_y": 0.024147765710949898,
  "provenance": {
    "md5sum": "725073e83af8745b9d80394dc8e317fa",
    "settings": {
      "fd_thres": 0.2,
      "testing": false
    },
    "software": "mriqc",
    "version": "23.0.0",
    "webapi_port": null,
    "webapi_url": "https://mriqc.nimh.nih.gov/api/v1"
  },
  "size_t": 575,
  "size_x": 96,
  "size_y": 96,
  "size_z": 60,
  "snr": 4.996843513424405,
  "spacing_tr": 0.8000001907348633,
  "spacing_x": 2.3958332538604736,
  "spacing_y": 2.3958332538604736,
  "spacing_z": 2.4000000953674316,
  "summary_bg_k": 15.830180376637252,
  "summary_bg_mad": 189.2214313728694,
  "summary_bg_mean": 3317.33935546875,
  "summary_bg_median": 128.35610961914062,
  "summary_bg_n": 393053.0,
  "summary_bg_p05": 0.807018268108368,
  "summary_bg_p95": 16139.39492187498,
  "summary_bg_stdv": 6510.4443359375,
  "summary_fg_k": 0.8243333973278597,
  "summary_fg_mad": 12730.711434093313,
  "summary_fg_mean": 68821.015625,
  "summary_fg_median": 69071.1640625,
  "summary_fg_n": 87127.0,
  "summary_fg_p05": 46148.11875,
  "summary_fg_p95": 91042.29453125,
  "summary_fg_stdv": 13822.8798828125,
  "tsnr": 17.816781997680664
}