{
  "aor": 0.0006012869565217391,
  "aqi": 0.03226053286956522,
  "bids_meta": {
    "AcquisitionMatrixPE": 94,
    "AcquisitionNumber": 3,
    "AcquisitionTime": "",
    "BodyPartExamined": "BRAIN",
    "CoilString": "MULTI COIL",
    "ConversionSoftware": "dcm2niix",
    "ConversionSoftwareVersion": "v1.0.20210317",
    "DeviceSerialNumber": "45128",
    "EchoTime": 0.03,
    "EchoTrainLength": 47,
    "EstimatedEffectiveEchoSpacing": 0.000388467,
    "EstimatedTotalReadoutTime": 0.0369044,
    "FlipAngle": 52,
    "ImageOrientationPatientDICOM": [
      0.999849,
      -4.72661e-12,
      0.017387,
      0.000696882,
      0.999196,
      -0.0400747
    ],
    "ImageType": [
      "ORIGINAL",
      "PRIMARY",
      "M",
      "FFE",
      "M",
      "FFE"
    ],
    "ImagingFrequency": 127.764,
    "InPlanePhaseEncodingDirectionDICOM": "COL",
    "InstitutionAddress": "",
    "InstitutionName": "",
    "InstitutionalDepartmentName": "",
    "MRAcquisitionType": "2D",
    "MagneticFieldStrength": 3,
    "Manufacturer": "Philips",
    "ManufacturersModelName": "Ingenia Elition X",
    "Modality": "MR",
    "ParallelReductionFactorInPlane": 2,
    "ParallelReductionOutOfPlane": 6,
    "PatientPosition": "HFS",
    "PercentPhaseFOV": 100,
    "PercentSampling": 100,
    "PhaseEncodingAxis": "j",
    "PhaseEncodingSteps": 94,
    "PhilipsRWVIntercept": 0,
    "PhilipsRWVSlope": 1.15507,
    "PhilipsRescaleIntercept": 0,
    "PhilipsRescaleSlope": 1.15507,
    "PhilipsScaleSlope": 0.0167495,
    "PixelBandwidth": 1850,
    "ProcedureStepDescription": "COLA",
    "ProtocolName": "COLA_R2",
    "ReconMatrixPE": 96,
    "RepetitionTime": 0.8,
    "SAR": 0.0818667,
    "ScanOptions": "FS",
    "ScanningSequence": "GR",
    "SequenceVariant": "SK",
    "SeriesDescription": "COLA_R2",
    "SeriesNumber": 301,
    "SliceThickness": 2.4,
    "SoftwareVersions": "5.6.1\\5.6.1.3",
    "SpacingBetweenSlices": 2.4,
    "StationName": "",
    "TaskName": "SD",
    "UsePhilipsFloatNotDisplayScaling": 1,
    "WaterFatShift": 16.3722,
    "dataset": "ds004073",
    "modality": "bold",
    "subject_id": "BAN15",
    "task_id": "SD"
  },
  "dummy_trs": 0,
  "dvars_nstd": 88.89148608479097,
  "dvars_std": 1.1059900465679446,
  "dvars_vstd": 1.0198864504006966,
  "efc": 0.4701622506120997,
  "fber": 491316.375,
  "fd_mean": 0.25526391400712745,
  "fd_num": 333,
  "fd_perc": 57.91304347826087,
  "fwhm_avg": 2.1257035805644295,
  "fwhm_x": 2.116361809332866,
  "fwhm_y": 2.288986510711222,
  "fwhm_z": 1.971762421649201,
  "gcor": 0.00336813,
  "gsr_x": -0.016721783205866814,
  "gsr_y": 0.026024051010608673,
  "provenance": {
    "md5sum": "2c2d4fd0e11335b223cececd7d20aa8b",
    "settings": {
      "fd_thres": 0.2,
      "testing": false
    },
    "software": "mriqc",
    "version": "23.0.0",
    "webapi_port": null,
    "webapi_url": "https://mriqc.nimh.nih.gov/api/v1"
  },
  "size_t": 575,
  "size_x": 96,
  "size_y": 96,
  "size_z": 60,
  "snr": 4.362289830603375,
  "spacing_tr": 0.8000001907348633,
  "spacing_x": 2.3958332538604736,
  "spacing_y": 2.3958332538604736,
  "spacing_z": 2.4000000953674316,
  "summary_bg_k": 16.448646115041072,
  "summary_bg_mad": 129.72347953403687,
  "summary_bg_mean": 3200.379150390625,
  "summary_bg_median": 87.91032409667969,
  "summary_bg_n": 395413.0,
  "summary_bg_p05": 0.5714729309082033,
  "summary_bg_p95": 16011.186328124964,
  "summary_bg_stdv": 6266.70654296875,
  "summary_fg_k": 0.8108741054550874,
  "summary_fg_mad": 12759.40789500228,
  "summary_fg_mean": 59434.45703125,
  "summary_fg_median": 58420.59765625,
  "summary_fg_n": 85003.0,
  "summary_fg_p05": 39644.5421875,
  "summary_fg_p95": 82284.80781249997,
  "summary_fg_stdv": 13392.107421875,
  "tsnr": 17.688520431518555
}