{
  "aor": 0.0006375130434782608,
  "aqi": 0.0340304747826087,
  "bids_meta": {
    "AcquisitionMatrixPE": 94,
    "AcquisitionNumber": 2,
    "AcquisitionTime": "",
    "BodyPartExamined": "BRAIN",
    "CoilString": "MULTI COIL",
    "ConversionSoftware": "dcm2niix",
    "ConversionSoftwareVersion": "v1.0.20210317",
    "DeviceSerialNumber": "45128",
    "EchoTime": 0.03,
    "EchoTrainLength": 47,
    "EstimatedEffectiveEchoSpacing": 0.000388467,
    "EstimatedTotalReadoutTime": 0.0369044,
    "FlipAngle": 52,
    "ImageOrientationPatientDICOM": [
      0.999849,
      -4.72661e-12,
      0.017387,
      0.000696882,
      0.999196,
      -0.0400747
    ],
    "ImageType": [
      "ORIGINAL",
      "PRIMARY",
      "M",
      "FFE",
      "M",
      "FFE"
    ],
    "ImagingFrequency": 127.764,
    "InPlanePhaseEncodingDirectionDICOM": "COL",
    "InstitutionAddress": "",
    "InstitutionName": "",
    "InstitutionalDepartmentName": "",
    "MRAcquisitionType": "2D",
    "MagneticFieldStrength": 3,
    "Manufacturer": "Philips",
    "ManufacturersModelName": "Ingenia Elition X",
    "Modality": "MR",
    "ParallelReductionFactorInPlane": 2,
    "ParallelReductionOutOfPlane": 6,
    "PatientPosition": "HFS",
    "PercentPhaseFOV": 100,
    "PercentSampling": 100,
    "PhaseEncodingAxis": "j",
    "PhaseEncodingSteps": 94,
    "PhilipsRWVIntercept": 0,
    "PhilipsRWVSlope": 1.1641,
    "PhilipsRescaleIntercept": 0,
    "PhilipsRescaleSlope": 1.1641,
    "PhilipsScaleSlope": 0.0167115,
    "PixelBandwidth": 1850,
    "ProcedureStepDescription": "COLA",
    "ProtocolName": "COLA_R1",
    "ReconMatrixPE": 96,
    "RepetitionTime": 0.8,
    "SAR": 0.0818667,
    "ScanOptions": "FS",
    "ScanningSequence": "GR",
    "SequenceVariant": "SK",
    "SeriesDescription": "COLA_R1",
    "SeriesNumber": 201,
    "SliceThickness": 2.4,
    "SoftwareVersions": "5.6.1\\5.6.1.3",
    "SpacingBetweenSlices": 2.4,
    "StationName": "",
    "TaskName": "WC",
    "UsePhilipsFloatNotDisplayScaling": 1,
    "WaterFatShift": 16.3722,
    "dataset": "ds004073",
    "modality": "bold",
    "subject_id": "BAN15",
    "task_id": "WC"
  },
  "dummy_trs": 0,
  "dvars_nstd": 89.61048087679438,
  "dvars_std": 1.0999455089721264,
  "dvars_vstd": 1.02096035672474,
  "efc": 0.4689513826280278,
  "fber": 478926.09375,
  "fd_mean": 0.2606589671885111,
  "fd_num": 356,
  "fd_perc": 61.91304347826087,
  "fwhm_avg": 2.2018262163805304,
  "fwhm_x": 2.1682101588788294,
  "fwhm_y": 2.3842519051756454,
  "fwhm_z": 2.0530165850871174,
  "gcor": 0.00525307,
  "gsr_x": -0.01737983524799347,
  "gsr_y": 0.026155488565564156,
  "provenance": {
    "md5sum": "d723277289a235d5f01730f3346ce7d9",
    "settings": {
      "fd_thres": 0.2,
      "testing": false
    },
    "software": "mriqc",
    "version": "23.0.0",
    "webapi_port": null,
    "webapi_url": "https://mriqc.nimh.nih.gov/api/v1"
  },
  "size_t": 575,
  "size_x": 96,
  "size_y": 96,
  "size_z": 60,
  "snr": 4.180365017468599,
  "spacing_tr": 0.8000001907348633,
  "spacing_x": 2.3958332538604736,
  "spacing_y": 2.3958332538604736,
  "spacing_z": 2.4000000953674316,
  "summary_bg_k": 17.600613568763073,
  "summary_bg_mad": 129.12163862277595,
  "summary_bg_mean": 3080.395751953125,
  "summary_bg_median": 87.51730346679688,
  "summary_bg_n": 393810.0,
  "summary_bg_p05": 0.5635957121849061,
  "summary_bg_p95": 15338.448193359369,
  "summary_bg_stdv": 6035.2685546875,
  "summary_fg_k": 0.9525528844443572,
  "summary_fg_mad": 13206.826550048216,
  "summary_fg_mean": 59434.12890625,
  "summary_fg_median": 58470.1875,
  "summary_fg_n": 85850.0,
  "summary_fg_p05": 38770.6818359375,
  "summary_fg_p95": 82996.73515625001,
  "summary_fg_stdv": 13986.7802734375,
  "tsnr": 16.809066772460938
}