{
  "aor": 0.001230886956521739,
  "aqi": 0.04005205947826087,
  "bids_meta": {
    "AcquisitionMatrixPE": 94,
    "AcquisitionNumber": 9,
    "AcquisitionTime": "",
    "BodyPartExamined": "BRAIN",
    "CoilString": "MULTI COIL",
    "ConversionSoftware": "dcm2niix",
    "ConversionSoftwareVersion": "v1.0.20210317",
    "DeviceSerialNumber": "45128",
    "EchoTime": 0.03,
    "EchoTrainLength": 47,
    "EstimatedEffectiveEchoSpacing": 0.000388665,
    "EstimatedTotalReadoutTime": 0.0369232,
    "FlipAngle": 52,
    "ImageOrientationPatientDICOM": [
      0.999649,
      -4.57797e-11,
      0.0265015,
      0.0010622,
      0.999196,
      -0.0400666
    ],
    "ImageType": [
      "ORIGINAL",
      "PRIMARY",
      "M",
      "FFE",
      "M",
      "FFE"
    ],
    "ImagingFrequency": 127.764,
    "InPlanePhaseEncodingDirectionDICOM": "COL",
    "InstitutionAddress": "",
    "InstitutionName": "",
    "InstitutionalDepartmentName": "",
    "MRAcquisitionType": "2D",
    "MagneticFieldStrength": 3,
    "Manufacturer": "Philips",
    "ManufacturersModelName": "Ingenia Elition X",
    "Modality": "MR",
    "ParallelReductionFactorInPlane": 2,
    "ParallelReductionOutOfPlane": 6,
    "PatientPosition": "HFS",
    "PercentPhaseFOV": 100,
    "PercentSampling": 100,
    "PhaseEncodingAxis": "j",
    "PhaseEncodingSteps": 94,
    "PhilipsRWVIntercept": 0,
    "PhilipsRWVSlope": 1.12894,
    "PhilipsRescaleIntercept": 0,
    "PhilipsRescaleSlope": 1.12894,
    "PhilipsScaleSlope": 0.0165579,
    "PixelBandwidth": 1843,
    "ProcedureStepDescription": "COLA",
    "ProtocolName": "COLA_R5",
    "ReconMatrixPE": 96,
    "RepetitionTime": 0.8,
    "SAR": 0.0818667,
    "ScanOptions": "FS",
    "ScanningSequence": "GR",
    "SequenceVariant": "SK",
    "SeriesDescription": "COLA_R5",
    "SeriesNumber": 901,
    "SliceThickness": 2.4,
    "SoftwareVersions": "5.6.1\\5.6.1.3",
    "SpacingBetweenSlices": 2.4,
    "StationName": "",
    "TaskName": "WG",
    "UsePhilipsFloatNotDisplayScaling": 1,
    "WaterFatShift": 16.3806,
    "dataset": "ds004073",
    "modality": "bold",
    "subject_id": "BAN18",
    "task_id": "WG"
  },
  "dummy_trs": 0,
  "dvars_nstd": 89.4488296377352,
  "dvars_std": 1.1214810933797896,
  "dvars_vstd": 1.031513327386759,
  "efc": 0.45526029140359686,
  "fber": 1791471.5,
  "fd_mean": 0.39666945353074956,
  "fd_num": 421,
  "fd_perc": 73.21739130434783,
  "fwhm_avg": 2.256589882645676,
  "fwhm_x": 2.282921814857875,
  "fwhm_y": 2.4419520810026776,
  "fwhm_z": 2.0448957520764766,
  "gcor": 0.0123905,
  "gsr_x": -0.02341533824801445,
  "gsr_y": 0.02193870209157467,
  "provenance": {
    "md5sum": "9ecaf0a8bef62839d4430e0bb4bebe25",
    "settings": {
      "fd_thres": 0.2,
      "testing": false
    },
    "software": "mriqc",
    "version": "23.0.0",
    "webapi_port": null,
    "webapi_url": "https://mriqc.nimh.nih.gov/api/v1"
  },
  "size_t": 575,
  "size_x": 96,
  "size_y": 96,
  "size_z": 60,
  "snr": 4.464664437959958,
  "spacing_tr": 0.8000001907348633,
  "spacing_x": 2.3958332538604736,
  "spacing_y": 2.3958332538604736,
  "spacing_z": 2.4000000953674316,
  "summary_bg_k": 18.17573003044728,
  "summary_bg_mad": 69.06226932755548,
  "summary_bg_mean": 2594.15625,
  "summary_bg_median": 47.066017150878906,
  "summary_bg_n": 392174.0,
  "summary_bg_p05": 0.4240696176886559,
  "summary_bg_p95": 13582.573144531249,
  "summary_bg_stdv": 5630.88671875,
  "summary_fg_k": 0.5674350284784633,
  "summary_fg_mad": 13406.11782443144,
  "summary_fg_mean": 63185.3359375,
  "summary_fg_median": 62158.375,
  "summary_fg_n": 88011.0,
  "summary_fg_p05": 42506.50390625,
  "summary_fg_p95": 87174.85546875,
  "summary_fg_stdv": 13922.2158203125,
  "tsnr": 16.642356872558594
}