{
  "bids_meta": {
    "AcquisitionMatrixPE": 250,
    "AcquisitionNumber": 6,
    "AcquisitionTime": "",
    "BodyPartExamined": "BRAIN",
    "CoilString": "MULTI COIL",
    "ConversionSoftware": "dcm2niix",
    "ConversionSoftwareVersion": "v1.0.20210317",
    "DeviceSerialNumber": "45128",
    "EchoTime": 0.003475,
    "EchoTrainLength": 560,
    "EstimatedEffectiveEchoSpacing": 4.97191e-06,
    "EstimatedTotalReadoutTime": 0.00126784,
    "FlipAngle": 8,
    "ImageOrientationPatientDICOM": [
      0.999849,
      -4.72661e-12,
      0.017387,
      0.000696882,
      0.999196,
      -0.0400747
    ],
    "ImageType": [
      "ORIGINAL",
      "PRIMARY",
      "M",
      "FFE",
      "M",
      "FFE"
    ],
    "ImagingFrequency": 127.764,
    "InPlanePhaseEncodingDirectionDICOM": "COL",
    "InstitutionAddress": "",
    "InstitutionName": "",
    "InstitutionalDepartmentName": "",
    "MRAcquisitionType": "3D",
    "MagneticFieldStrength": 3,
    "Manufacturer": "Philips",
    "ManufacturersModelName": "Ingenia Elition X",
    "Modality": "MR",
    "ParallelReductionFactorInPlane": 1.73205,
    "ParallelReductionOutOfPlane": 1.73205,
    "PatientPosition": "HFS",
    "PercentPhaseFOV": 100,
    "PercentSampling": 77.9165,
    "PhaseEncodingAxis": "j",
    "PhaseEncodingSteps": 250,
    "PhilipsRWVIntercept": 0,
    "PhilipsRWVSlope": 1,
    "PhilipsRescaleIntercept": 0,
    "PhilipsRescaleSlope": 1,
    "PhilipsScaleSlope": 0.000391168,
    "PixelBandwidth": 787,
    "ProcedureStepDescription": "COLA",
    "ProtocolName": "sT1W_1MM_COMBO",
    "ReconMatrixPE": 256,
    "RepetitionTime": 0.0122991,
    "SAR": 0.0170603,
    "ScanOptions": "FC",
    "ScanningSequence": "GR",
    "SequenceVariant": "MP",
    "SeriesDescription": "sT1W_1MM_COMBO",
    "SeriesNumber": 602,
    "SliceThickness": 2,
    "SoftwareVersions": "5.6.1\\5.6.1.3",
    "SpacingBetweenSlices": 1,
    "StationName": "",
    "UsePhilipsFloatNotDisplayScaling": 1,
    "WaterFatShift": 0.551729,
    "dataset": "ds004073",
    "modality": "T1w",
    "subject_id": "BAN19"
  },
  "cjv": 0.24012291186643783,
  "cnr": 5.532030112771143,
  "efc": 0.7046818484585645,
  "fber": 10828.061331653013,
  "fwhm_avg": 6.015307173333333,
  "fwhm_x": 5.41386752,
  "fwhm_y": 6.344704,
  "fwhm_z": 6.28735,
  "icvs_csf": 0.2716113108700174,
  "icvs_gm": 0.391506400406337,
  "icvs_wm": 0.3368822887236456,
  "inu_med": 0.5485051274299622,
  "inu_range": 0.17736268043518066,
  "provenance": {
    "md5sum": "8811164681eaa6a8eca262b810c0ca74",
    "settings": {
      "testing": false
    },
    "software": "mriqc",
    "version": "23.0.0",
    "warnings": {
      "large_rot_frame": true,
      "small_air_mask": false
    },
    "webapi_port": null,
    "webapi_url": "https://mriqc.nimh.nih.gov/api/v1"
  },
  "qi_1": 0.0,
  "qi_2": 8.965870621957986e-07,
  "rpve_csf": 20.210243021568782,
  "rpve_gm": 12.978475510390052,
  "rpve_wm": 18.419089513521435,
  "size_x": 256,
  "size_y": 256,
  "size_z": 170,
  "snr_csf": 1.3895044088123656,
  "snr_gm": 11.868805817755813,
  "snr_total": 14.3328246097141,
  "snr_wm": 29.740163602574125,
  "snrd_csf": 6.229051473596247,
  "snrd_gm": 35.47245883658784,
  "snrd_total": 32.32611242289277,
  "snrd_wm": 55.276826958494205,
  "spacing_x": 0.9765625,
  "spacing_y": 0.9765625,
  "spacing_z": 1.0,
  "summary_bg_k": 41.11807902115221,
  "summary_bg_mad": 0.0,
  "summary_bg_mean": 6.2298078502848595,
  "summary_bg_median": 0.0,
  "summary_bg_n": 595537.0,
  "summary_bg_p05": 0.0,
  "summary_bg_p95": 26.11641051620245,
  "summary_bg_stdv": 11.85191801829138,
  "summary_csf_k": 0.4477228303755143,
  "summary_csf_mad": 69.75921844068719,
  "summary_csf_mean": 136.29749705778323,
  "summary_csf_median": 112.68830032460392,
  "summary_csf_n": 86576.0,
  "summary_csf_p05": 42.58401066251099,
  "summary_csf_p95": 299.246823227033,
  "summary_csf_stdv": 81.09916658226969,
  "summary_gm_k": -0.09101177883624123,
  "summary_gm_mad": 56.06506923696242,
  "summary_gm_mean": 641.5219958836144,
  "summary_gm_median": 641.723882291466,
  "summary_gm_n": 45661.0,
  "summary_gm_p05": 553.4361532256007,
  "summary_gm_p95": 728.986564528197,
  "summary_gm_stdv": 54.06751656911565,
  "summary_wm_k": 0.7197989097409012,
  "summary_wm_mad": 29.96524325157626,
  "summary_wm_mean": 999.5340375833324,
  "summary_wm_median": 1000.0000327005982,
  "summary_wm_n": 197821.0,
  "summary_wm_p05": 941.9511850941926,
  "summary_wm_p95": 1053.9264093637466,
  "summary_wm_stdv": 33.6244789545558,
  "tpm_overlap_csf": 0.1452437671590123,
  "tpm_overlap_gm": 0.4556190031478525,
  "tpm_overlap_wm": 0.47904538456207585,
  "wm2max": 0.7767104557176732
}