{
  "bids_meta": {
    "AcquisitionMatrixPE": 174,
    "AcquisitionNumber": 1,
    "AcquisitionTime": "",
    "BaseResolution": 192,
    "BodyPartExamined": "BRAIN",
    "ConsistencyInfo": "N4_VE11C_LATEST_20160120",
    "ConversionSoftware": "dcm2niix",
    "ConversionSoftwareVersion": "v1.0.20210317",
    "DeviceSerialNumber": "66093",
    "DwellTime": 1.3e-05,
    "EchoTime": 0.00397,
    "FlipAngle": 8,
    "ImageOrientationPatientDICOM": [
      0.999946,
      -0.00071003,
      -0.0104148,
      -3.1792e-11,
      0.997684,
      -0.0680176
    ],
    "ImageType": [
      "ORIGINAL",
      "PRIMARY",
      "M",
      "ND",
      "NORM"
    ],
    "ImagingFrequency": 123.259,
    "InPlanePhaseEncodingDirectionDICOM": "ROW",
    "InstitutionAddress": "",
    "InstitutionName": "",
    "InstitutionalDepartmentName": "",
    "InversionTime": 0.904,
    "MRAcquisitionType": "3D",
    "MagneticFieldStrength": 3,
    "Manufacturer": "Siemens",
    "ManufacturersModelName": "Prisma",
    "Modality": "MR",
    "PartialFourier": 1,
    "PatientPosition": "HFS",
    "PercentPhaseFOV": 90.625,
    "PercentSampling": 100,
    "PhaseEncodingSteps": 174,
    "PhaseResolution": 1,
    "PixelBandwidth": 200,
    "ProtocolName": "t1_mpr_ax_1mm_iso_32ch_v2",
    "PulseSequenceDetails": "%SiemensSeq%\\tfl",
    "ReceiveCoilActiveElements": "HEA;HEP",
    "ReceiveCoilName": "Head_32",
    "ReconMatrixPE": 174,
    "RepetitionTime": 1.9,
    "SAR": 0.0484967,
    "ScanOptions": "IR\\WE",
    "ScanningSequence": "GR\\IR",
    "SequenceName": "*tfl3d1_16",
    "SequenceVariant": "SK\\SP\\MP",
    "SeriesDescription": "t1_mpr_ax_1mm_iso_32ch_v2",
    "SeriesNumber": 13,
    "ShimSetting": [
      4954,
      -11433,
      -1382,
      335,
      81,
      -112,
      26,
      82
    ],
    "SliceThickness": 1,
    "SoftwareVersions": "syngo MR E11",
    "StationName": "",
    "TxRefAmp": 241.453,
    "dataset": "ds004073",
    "modality": "T1w",
    "subject_id": "OXF14"
  },
  "cjv": 0.3209373074552474,
  "cnr": 4.143356425599674,
  "efc": 0.5949816515118628,
  "fber": 21679.86428551849,
  "fwhm_avg": 4.54417,
  "fwhm_x": 4.23198,
  "fwhm_y": 4.87584,
  "fwhm_z": 4.52469,
  "icvs_csf": 0.2253980922887214,
  "icvs_gm": 0.4357206000277694,
  "icvs_wm": 0.33888130768350916,
  "inu_med": 0.3701760470867157,
  "inu_range": 0.13429266214370728,
  "provenance": {
    "md5sum": "6ffca787ebf6ba58476adbf93a3c0f03",
    "settings": {
      "testing": false
    },
    "software": "mriqc",
    "version": "23.0.0",
    "warnings": {
      "large_rot_frame": true,
      "small_air_mask": false
    },
    "webapi_port": null,
    "webapi_url": "https://mriqc.nimh.nih.gov/api/v1"
  },
  "qi_1": 0.0,
  "qi_2": 0.035060017060302276,
  "rpve_csf": 12.132421995586157,
  "rpve_gm": 6.474185049946046,
  "rpve_wm": 9.652839907821608,
  "size_x": 174,
  "size_y": 192,
  "size_z": 192,
  "snr_csf": 2.6302038226399227,
  "snr_gm": 13.475648197972001,
  "snr_total": 16.494829358988564,
  "snr_wm": 33.37863605635378,
  "snrd_csf": 51.20045142563256,
  "snrd_gm": 131.15225991243315,
  "snrd_total": 119.86734622927462,
  "snrd_wm": 177.24932734975812,
  "spacing_x": 1.0,
  "spacing_y": 1.0,
  "spacing_z": 1.0,
  "summary_bg_k": 12.549828661391443,
  "summary_bg_mad": 3.696280272612204,
  "summary_bg_mean": 3.529172496731218,
  "summary_bg_median": 2.4931031577289104,
  "summary_bg_n": 1382899.0,
  "summary_bg_p05": 0.0,
  "summary_bg_p95": 13.425973562523723,
  "summary_bg_stdv": 5.226860260622065,
  "summary_csf_k": 0.1948599623448839,
  "summary_csf_mad": 94.46722860659716,
  "summary_csf_mean": 285.46205613537126,
  "summary_csf_median": 288.873001947999,
  "summary_csf_n": 59224.0,
  "summary_csf_p05": 94.02268548123538,
  "summary_csf_p95": 474.5683166552335,
  "summary_csf_stdv": 109.82820442817089,
  "summary_gm_k": 0.05287769666432984,
  "summary_gm_mad": 55.201825054913414,
  "summary_gm_mean": 738.7074846903854,
  "summary_gm_median": 739.9611913226545,
  "summary_gm_n": 55082.0,
  "summary_gm_p05": 646.0202469285578,
  "summary_gm_p95": 825.6248288803733,
  "summary_gm_stdv": 54.91049213483485,
  "summary_wm_k": 0.9298149830685571,
  "summary_wm_mad": 28.267454871698252,
  "summary_wm_mean": 1000.9752084631249,
  "summary_wm_median": 1000.040895326063,
  "summary_wm_n": 205936.0,
  "summary_wm_p05": 953.7550047338009,
  "summary_wm_p95": 1050.1481817420572,
  "summary_wm_stdv": 29.960435339438774,
  "tpm_overlap_csf": 0.17109893656047984,
  "tpm_overlap_gm": 0.4836349786816891,
  "tpm_overlap_wm": 0.5033947422189772,
  "wm2max": 0.908090554833921
}