{
  "bids_meta": {
    "AcquisitionMatrixPE": 250,
    "AcquisitionNumber": 6,
    "AcquisitionTime": "",
    "BodyPartExamined": "BRAIN",
    "CoilString": "MULTI COIL",
    "ConversionSoftware": "dcm2niix",
    "ConversionSoftwareVersion": "v1.0.20210317",
    "DeviceSerialNumber": "45128",
    "EchoTime": 0.003481,
    "EchoTrainLength": 560,
    "EstimatedEffectiveEchoSpacing": 4.97191e-06,
    "EstimatedTotalReadoutTime": 0.00126784,
    "FlipAngle": 8,
    "ImageOrientationPatientDICOM": [
      0.999849,
      0.00200682,
      0.0172708,
      0.000696882,
      0.987893,
      -0.155135
    ],
    "ImageType": [
      "ORIGINAL",
      "PRIMARY",
      "M",
      "FFE",
      "M",
      "FFE"
    ],
    "ImagingFrequency": 127.764,
    "InPlanePhaseEncodingDirectionDICOM": "COL",
    "InstitutionAddress": "",
    "InstitutionName": "",
    "InstitutionalDepartmentName": "",
    "MRAcquisitionType": "3D",
    "MagneticFieldStrength": 3,
    "Manufacturer": "Philips",
    "ManufacturersModelName": "Ingenia Elition X",
    "Modality": "MR",
    "ParallelReductionFactorInPlane": 1.73205,
    "ParallelReductionOutOfPlane": 1.73205,
    "PatientPosition": "HFS",
    "PercentPhaseFOV": 100,
    "PercentSampling": 77.9165,
    "PhaseEncodingAxis": "j",
    "PhaseEncodingSteps": 250,
    "PhilipsRWVIntercept": 0,
    "PhilipsRWVSlope": 1,
    "PhilipsRescaleIntercept": 0,
    "PhilipsRescaleSlope": 1,
    "PhilipsScaleSlope": 0.000582215,
    "PixelBandwidth": 787,
    "ProtocolName": "sT1W_1MM_COMBO",
    "ReconMatrixPE": 256,
    "RepetitionTime": 0.0123768,
    "SAR": 0.0170603,
    "ScanOptions": "FC",
    "ScanningSequence": "GR",
    "SequenceVariant": "MP",
    "SeriesDescription": "sT1W_1MM_COMBO",
    "SeriesNumber": 602,
    "SliceThickness": 2,
    "SoftwareVersions": "5.6.1\\5.6.1.3",
    "SpacingBetweenSlices": 1,
    "StationName": "",
    "UsePhilipsFloatNotDisplayScaling": 1,
    "WaterFatShift": 0.551729,
    "dataset": "ds004073",
    "modality": "T1w",
    "subject_id": "BAN14"
  },
  "cjv": 0.23610916298806667,
  "cnr": 5.612218176174344,
  "efc": 0.741187004726058,
  "fber": -1.0,
  "fwhm_avg": 5.6331384,
  "fwhm_x": 5.26529536,
  "fwhm_y": 5.73481984,
  "fwhm_z": 5.8993,
  "icvs_csf": 0.24627932694832555,
  "icvs_gm": 0.4241326862591651,
  "icvs_wm": 0.32958798679250934,
  "inu_med": 0.563904881477356,
  "inu_range": 0.22337161898612973,
  "provenance": {
    "md5sum": "306b42923be318e3b0f96598e15e7a0c",
    "settings": {
      "testing": false
    },
    "software": "mriqc",
    "version": "23.0.0",
    "warnings": {
      "large_rot_frame": true,
      "small_air_mask": false
    },
    "webapi_port": null,
    "webapi_url": "https://mriqc.nimh.nih.gov/api/v1"
  },
  "qi_1": 0.0,
  "qi_2": 2.5121366373038535e-06,
  "rpve_csf": 18.626204629493554,
  "rpve_gm": 10.80629786544679,
  "rpve_wm": 16.80967874850428,
  "size_x": 256,
  "size_y": 256,
  "size_z": 170,
  "snr_csf": 1.3063199983386424,
  "snr_gm": 11.517241518052764,
  "snr_total": 15.021486969918435,
  "snr_wm": 32.2408993933639,
  "snrd_csf": 17.866930335967268,
  "snrd_gm": 82.26306217310079,
  "snrd_total": 76.14231178077931,
  "snrd_wm": 128.2969428332699,
  "spacing_x": 0.9765625,
  "spacing_y": 0.9765625,
  "spacing_z": 1.0,
  "summary_bg_k": 401.3580771218599,
  "summary_bg_mad": 0.0,
  "summary_bg_mean": 2.76480155646799,
  "summary_bg_median": 0.0,
  "summary_bg_n": 360807.0,
  "summary_bg_p05": 0.0,
  "summary_bg_p95": 14.13338209502399,
  "summary_bg_stdv": 5.1065242009993295,
  "summary_csf_k": -0.36714882511422475,
  "summary_csf_mad": 106.98558806191797,
  "summary_csf_mean": 166.39147751704428,
  "summary_csf_median": 139.2655211314559,
  "summary_csf_n": 58971.0,
  "summary_csf_p05": 40.12501648440957,
  "summary_csf_p95": 370.11076201684773,
  "summary_csf_stdv": 106.60813621998582,
  "summary_gm_k": -0.012797839714975723,
  "summary_gm_mad": 56.98515797247063,
  "summary_gm_mean": 641.7647890370805,
  "summary_gm_median": 641.2074154866859,
  "summary_gm_n": 58540.0,
  "summary_gm_p05": 552.21307050623,
  "summary_gm_p95": 732.8905502315611,
  "summary_gm_stdv": 55.673221560710196,
  "summary_wm_k": 0.6767481380611962,
  "summary_wm_mad": 27.734480472102298,
  "summary_wm_mean": 998.8808791840244,
  "summary_wm_median": 1000.0229623820633,
  "summary_wm_n": 206707.0,
  "summary_wm_p05": 944.2248294930905,
  "summary_wm_p95": 1047.8696315232664,
  "summary_wm_stdv": 31.01714165103784,
  "tpm_overlap_csf": 0.16347973424360154,
  "tpm_overlap_gm": 0.4863975959217693,
  "tpm_overlap_wm": 0.5280301027156797,
  "wm2max": 0.8949468358595726
}