{
  "aor": 0.0006704,
  "aqi": 0.039135064,
  "bids_meta": {
    "AcquisitionMatrixPE": 94,
    "AcquisitionNumber": 3,
    "AcquisitionTime": "",
    "BodyPartExamined": "BRAIN",
    "CoilString": "MULTI COIL",
    "ConversionSoftware": "dcm2niix",
    "ConversionSoftwareVersion": "v1.0.20210317",
    "DeviceSerialNumber": "45128",
    "EchoTime": 0.03,
    "EchoTrainLength": 47,
    "EstimatedEffectiveEchoSpacing": 0.000388368,
    "EstimatedTotalReadoutTime": 0.036895,
    "FlipAngle": 52,
    "ImageOrientationPatientDICOM": [
      0.999849,
      0.00119826,
      0.0173456,
      0.000696882,
      0.994059,
      -0.108841
    ],
    "ImageType": [
      "ORIGINAL",
      "PRIMARY",
      "M",
      "FFE",
      "M",
      "FFE"
    ],
    "ImagingFrequency": 127.764,
    "InPlanePhaseEncodingDirectionDICOM": "COL",
    "InstitutionAddress": "",
    "InstitutionName": "",
    "InstitutionalDepartmentName": "",
    "MRAcquisitionType": "2D",
    "MagneticFieldStrength": 3,
    "Manufacturer": "Philips",
    "ManufacturersModelName": "Ingenia Elition X",
    "Modality": "MR",
    "ParallelReductionFactorInPlane": 2,
    "ParallelReductionOutOfPlane": 6,
    "PatientPosition": "HFS",
    "PercentPhaseFOV": 100,
    "PercentSampling": 100,
    "PhaseEncodingAxis": "j",
    "PhaseEncodingSteps": 94,
    "PhilipsRWVIntercept": 0,
    "PhilipsRWVSlope": 1.34969,
    "PhilipsRescaleIntercept": 0,
    "PhilipsRescaleSlope": 1.34969,
    "PhilipsScaleSlope": 0.0159922,
    "PixelBandwidth": 1851,
    "ProcedureStepDescription": "COLA",
    "ProtocolName": "COLA_R2",
    "ReconMatrixPE": 96,
    "RepetitionTime": 0.8,
    "SAR": 0.0819308,
    "ScanOptions": "FS",
    "ScanningSequence": "GR",
    "SequenceVariant": "SK",
    "SeriesDescription": "COLA_R2",
    "SeriesNumber": 301,
    "SliceThickness": 2.4,
    "SoftwareVersions": "5.6.1\\5.6.1.3",
    "SpacingBetweenSlices": 2.4,
    "StationName": "",
    "TaskName": "WC",
    "UsePhilipsFloatNotDisplayScaling": 1,
    "WaterFatShift": 16.3681,
    "dataset": "ds004073",
    "modality": "bold",
    "subject_id": "BAN09",
    "task_id": "WC"
  },
  "dummy_trs": 0,
  "dvars_nstd": 87.53419098554006,
  "dvars_std": 1.0821232946864103,
  "dvars_vstd": 1.0235218645818824,
  "efc": 0.45012497763896325,
  "fber": 1276161.625,
  "fd_mean": 0.18114663114726315,
  "fd_num": 207,
  "fd_perc": 36.0,
  "fwhm_avg": 2.209879549276344,
  "fwhm_x": 2.2874880758789087,
  "fwhm_y": 2.35952981739906,
  "fwhm_z": 1.9826207545510626,
  "gcor": 0.002784,
  "gsr_x": -0.012362266890704632,
  "gsr_y": 0.01840430684387684,
  "provenance": {
    "md5sum": "83d0c70b6913acf546a54659a71a3efb",
    "settings": {
      "fd_thres": 0.2,
      "testing": false
    },
    "software": "mriqc",
    "version": "23.0.0",
    "webapi_port": null,
    "webapi_url": "https://mriqc.nimh.nih.gov/api/v1"
  },
  "size_t": 575,
  "size_x": 96,
  "size_y": 96,
  "size_z": 60,
  "snr": 4.637706596477923,
  "spacing_tr": 0.8000001907348633,
  "spacing_x": 2.3958332538604736,
  "spacing_y": 2.3958332538604736,
  "spacing_z": 2.4000000953674316,
  "summary_bg_k": 25.273414424075394,
  "summary_bg_mad": 86.37225540389568,
  "summary_bg_mean": 2714.999755859375,
  "summary_bg_median": 58.40742111206055,
  "summary_bg_n": 399967.0,
  "summary_bg_p05": 0.1984308347105981,
  "summary_bg_p95": 13346.875195312496,
  "summary_bg_stdv": 5436.3974609375,
  "summary_fg_k": 0.2452394680991934,
  "summary_fg_mad": 13300.033581706923,
  "summary_fg_mean": 62158.0703125,
  "summary_fg_median": 62467.203125,
  "summary_fg_n": 81326.0,
  "summary_fg_p05": 39701.5927734375,
  "summary_fg_p95": 83565.6484375,
  "summary_fg_stdv": 13469.333984375,
  "tsnr": 16.39680290222168
}