{
  "aor": 0.000678,
  "aqi": 0.043909035826086955,
  "bids_meta": {
    "AcquisitionMatrixPE": 94,
    "AcquisitionNumber": 5,
    "AcquisitionTime": "",
    "BodyPartExamined": "BRAIN",
    "CoilString": "MULTI COIL",
    "ConversionSoftware": "dcm2niix",
    "ConversionSoftwareVersion": "v1.0.20210317",
    "DeviceSerialNumber": "45128",
    "EchoTime": 0.03,
    "EchoTrainLength": 47,
    "EstimatedEffectiveEchoSpacing": 0.000388368,
    "EstimatedTotalReadoutTime": 0.036895,
    "FlipAngle": 52,
    "ImageOrientationPatientDICOM": [
      0.999849,
      0.00119826,
      0.0173456,
      0.000696882,
      0.994059,
      -0.108841
    ],
    "ImageType": [
      "ORIGINAL",
      "PRIMARY",
      "M",
      "FFE",
      "M",
      "FFE"
    ],
    "ImagingFrequency": 127.764,
    "InPlanePhaseEncodingDirectionDICOM": "COL",
    "InstitutionAddress": "",
    "InstitutionName": "",
    "InstitutionalDepartmentName": "",
    "MRAcquisitionType": "2D",
    "MagneticFieldStrength": 3,
    "Manufacturer": "Philips",
    "ManufacturersModelName": "Ingenia Elition X",
    "Modality": "MR",
    "ParallelReductionFactorInPlane": 2,
    "ParallelReductionOutOfPlane": 6,
    "PatientPosition": "HFS",
    "PercentPhaseFOV": 100,
    "PercentSampling": 100,
    "PhaseEncodingAxis": "j",
    "PhaseEncodingSteps": 94,
    "PhilipsRWVIntercept": 0,
    "PhilipsRWVSlope": 1.28132,
    "PhilipsRescaleIntercept": 0,
    "PhilipsRescaleSlope": 1.28132,
    "PhilipsScaleSlope": 0.0162385,
    "PixelBandwidth": 1851,
    "ProcedureStepDescription": "COLA",
    "ProtocolName": "COLA_R3",
    "ReconMatrixPE": 96,
    "RepetitionTime": 0.8,
    "SAR": 0.0819308,
    "ScanOptions": "FS",
    "ScanningSequence": "GR",
    "SequenceVariant": "SK",
    "SeriesDescription": "COLA_R3",
    "SeriesNumber": 501,
    "SliceThickness": 2.4,
    "SoftwareVersions": "5.6.1\\5.6.1.3",
    "SpacingBetweenSlices": 2.4,
    "StationName": "",
    "TaskName": "SG",
    "UsePhilipsFloatNotDisplayScaling": 1,
    "WaterFatShift": 16.3681,
    "dataset": "ds004073",
    "modality": "bold",
    "subject_id": "BAN09",
    "task_id": "SG"
  },
  "dummy_trs": 0,
  "dvars_nstd": 90.97522621287457,
  "dvars_std": 1.0826958955052264,
  "dvars_vstd": 1.0202171327526142,
  "efc": 0.4603417259128697,
  "fber": 427875.65625,
  "fd_mean": 0.23654791524979943,
  "fd_num": 278,
  "fd_perc": 48.34782608695652,
  "fwhm_avg": 2.226486575423242,
  "fwhm_x": 2.2994129458396895,
  "fwhm_y": 2.3573468608049097,
  "fwhm_z": 2.0226999196251265,
  "gcor": 0.00582336,
  "gsr_x": -0.018260758370161057,
  "gsr_y": 0.013802696950733662,
  "provenance": {
    "md5sum": "6dbc498c3534c77a13af3893d8316ad7",
    "settings": {
      "fd_thres": 0.2,
      "testing": false
    },
    "software": "mriqc",
    "version": "23.0.0",
    "webapi_port": null,
    "webapi_url": "https://mriqc.nimh.nih.gov/api/v1"
  },
  "size_t": 575,
  "size_x": 96,
  "size_y": 96,
  "size_z": 60,
  "snr": 4.481746924061275,
  "spacing_tr": 0.8000001907348633,
  "spacing_x": 2.3958332538604736,
  "spacing_y": 2.3958332538604736,
  "spacing_z": 2.4000000953674316,
  "summary_bg_k": 15.871881450928075,
  "summary_bg_mad": 151.4858221709809,
  "summary_bg_mean": 3142.37548828125,
  "summary_bg_median": 102.49504852294922,
  "summary_bg_n": 398891.0,
  "summary_bg_p05": 0.4472888559103012,
  "summary_bg_p95": 15051.79638671875,
  "summary_bg_stdv": 5881.78662109375,
  "summary_fg_k": 0.21446063467729504,
  "summary_fg_mad": 14304.765885538063,
  "summary_fg_mean": 64088.51171875,
  "summary_fg_median": 64101.2109375,
  "summary_fg_n": 81985.0,
  "summary_fg_p05": 40929.16171875,
  "summary_fg_p95": 87276.64375000002,
  "summary_fg_stdv": 14302.6416015625,
  "tsnr": 14.91598892211914
}