{
  "aor": 0.0006743652173913043,
  "aqi": 0.037526703652173914,
  "bids_meta": {
    "AcquisitionMatrixPE": 94,
    "AcquisitionNumber": 8,
    "AcquisitionTime": "",
    "BodyPartExamined": "BRAIN",
    "CoilString": "MULTI COIL",
    "ConversionSoftware": "dcm2niix",
    "ConversionSoftwareVersion": "v1.0.20210317",
    "DeviceSerialNumber": "45128",
    "EchoTime": 0.03,
    "EchoTrainLength": 47,
    "EstimatedEffectiveEchoSpacing": 0.000388368,
    "EstimatedTotalReadoutTime": 0.036895,
    "FlipAngle": 52,
    "ImageOrientationPatientDICOM": [
      0.999849,
      0.00119826,
      0.0173456,
      0.000696882,
      0.994059,
      -0.108841
    ],
    "ImageType": [
      "ORIGINAL",
      "PRIMARY",
      "M",
      "FFE",
      "M",
      "FFE"
    ],
    "ImagingFrequency": 127.764,
    "InPlanePhaseEncodingDirectionDICOM": "COL",
    "InstitutionAddress": "",
    "InstitutionName": "",
    "InstitutionalDepartmentName": "",
    "MRAcquisitionType": "2D",
    "MagneticFieldStrength": 3,
    "Manufacturer": "Philips",
    "ManufacturersModelName": "Ingenia Elition X",
    "Modality": "MR",
    "ParallelReductionFactorInPlane": 2,
    "ParallelReductionOutOfPlane": 6,
    "PatientPosition": "HFS",
    "PercentPhaseFOV": 100,
    "PercentSampling": 100,
    "PhaseEncodingAxis": "j",
    "PhaseEncodingSteps": 94,
    "PhilipsRWVIntercept": 0,
    "PhilipsRWVSlope": 1.29621,
    "PhilipsRescaleIntercept": 0,
    "PhilipsRescaleSlope": 1.29621,
    "PhilipsScaleSlope": 0.0162003,
    "PixelBandwidth": 1851,
    "ProcedureStepDescription": "COLA",
    "ProtocolName": "COLA_R4",
    "ReconMatrixPE": 96,
    "RepetitionTime": 0.8,
    "SAR": 0.0819308,
    "ScanOptions": "FS",
    "ScanningSequence": "GR",
    "SequenceVariant": "SK",
    "SeriesDescription": "COLA_R4",
    "SeriesNumber": 801,
    "SliceThickness": 2.4,
    "SoftwareVersions": "5.6.1\\5.6.1.3",
    "SpacingBetweenSlices": 2.4,
    "StationName": "",
    "TaskName": "SC",
    "UsePhilipsFloatNotDisplayScaling": 1,
    "WaterFatShift": 16.3681,
    "dataset": "ds004073",
    "modality": "bold",
    "subject_id": "BAN09",
    "task_id": "SC"
  },
  "dummy_trs": 0,
  "dvars_nstd": 87.53879474017424,
  "dvars_std": 1.0824524903135881,
  "dvars_vstd": 1.0238071063937293,
  "efc": 0.4587748079187176,
  "fber": 538844.1875,
  "fd_mean": 0.165953033265105,
  "fd_num": 175,
  "fd_perc": 30.434782608695652,
  "fwhm_avg": 2.157929622956755,
  "fwhm_x": 2.219269638833407,
  "fwhm_y": 2.2934776412949818,
  "fwhm_z": 1.9610415887418753,
  "gcor": 0.00366827,
  "gsr_x": -0.01795332133769989,
  "gsr_y": 0.016006505116820335,
  "provenance": {
    "md5sum": "cceed48b10761999e8b9f19fbf7ce13b",
    "settings": {
      "fd_thres": 0.2,
      "testing": false
    },
    "software": "mriqc",
    "version": "23.0.0",
    "webapi_port": null,
    "webapi_url": "https://mriqc.nimh.nih.gov/api/v1"
  },
  "size_t": 575,
  "size_x": 96,
  "size_y": 96,
  "size_z": 60,
  "snr": 4.595018022452383,
  "spacing_tr": 0.8000001907348633,
  "spacing_x": 2.3958332538604736,
  "spacing_y": 2.3958332538604736,
  "spacing_z": 2.4000000953674316,
  "summary_bg_k": 19.542690977986098,
  "summary_bg_mad": 134.28070011984067,
  "summary_bg_mean": 3077.3310546875,
  "summary_bg_median": 90.73446655273438,
  "summary_bg_n": 399862.0,
  "summary_bg_p05": 0.23113622292876249,
  "summary_bg_p95": 14716.378808593743,
  "summary_bg_stdv": 5887.8173828125,
  "summary_fg_k": 0.27289403372983667,
  "summary_fg_mad": 13663.259542410964,
  "summary_fg_mean": 63063.16796875,
  "summary_fg_median": 63155.734375,
  "summary_fg_n": 81244.0,
  "summary_fg_p05": 40609.3771484375,
  "summary_fg_p95": 85054.78007812498,
  "summary_fg_stdv": 13744.30859375,
  "tsnr": 16.4532470703125
}