{
  "aor": 0.0006252,
  "aqi": 0.03576569634782609,
  "bids_meta": {
    "AcquisitionMatrixPE": 94,
    "AcquisitionNumber": 2,
    "AcquisitionTime": "",
    "BodyPartExamined": "BRAIN",
    "CoilString": "MULTI COIL",
    "ConversionSoftware": "dcm2niix",
    "ConversionSoftwareVersion": "v1.0.20210317",
    "DeviceSerialNumber": "45128",
    "EchoTime": 0.03,
    "EchoTrainLength": 47,
    "EstimatedEffectiveEchoSpacing": 0.000388368,
    "EstimatedTotalReadoutTime": 0.036895,
    "FlipAngle": 52,
    "ImageOrientationPatientDICOM": [
      0.999849,
      0.00119826,
      0.0173456,
      0.000696882,
      0.994059,
      -0.108841
    ],
    "ImageType": [
      "ORIGINAL",
      "PRIMARY",
      "M",
      "FFE",
      "M",
      "FFE"
    ],
    "ImagingFrequency": 127.764,
    "InPlanePhaseEncodingDirectionDICOM": "COL",
    "InstitutionAddress": "",
    "InstitutionName": "",
    "InstitutionalDepartmentName": "",
    "MRAcquisitionType": "2D",
    "MagneticFieldStrength": 3,
    "Manufacturer": "Philips",
    "ManufacturersModelName": "Ingenia Elition X",
    "Modality": "MR",
    "ParallelReductionFactorInPlane": 2,
    "ParallelReductionOutOfPlane": 6,
    "PatientPosition": "HFS",
    "PercentPhaseFOV": 100,
    "PercentSampling": 100,
    "PhaseEncodingAxis": "j",
    "PhaseEncodingSteps": 94,
    "PhilipsRWVIntercept": 0,
    "PhilipsRWVSlope": 1.33333,
    "PhilipsRescaleIntercept": 0,
    "PhilipsRescaleSlope": 1.33333,
    "PhilipsScaleSlope": 0.0158436,
    "PixelBandwidth": 1851,
    "ProcedureStepDescription": "COLA",
    "ProtocolName": "COLA_R1",
    "ReconMatrixPE": 96,
    "RepetitionTime": 0.8,
    "SAR": 0.0819308,
    "ScanOptions": "FS",
    "ScanningSequence": "GR",
    "SequenceVariant": "SK",
    "SeriesDescription": "COLA_R1",
    "SeriesNumber": 201,
    "SliceThickness": 2.4,
    "SoftwareVersions": "5.6.1\\5.6.1.3",
    "SpacingBetweenSlices": 2.4,
    "StationName": "",
    "TaskName": "SD",
    "UsePhilipsFloatNotDisplayScaling": 1,
    "WaterFatShift": 16.3681,
    "dataset": "ds004073",
    "modality": "bold",
    "subject_id": "BAN09",
    "task_id": "SD"
  },
  "dummy_trs": 0,
  "dvars_nstd": 87.76117930949486,
  "dvars_std": 1.0772310839372818,
  "dvars_vstd": 1.021954712700348,
  "efc": 0.44839801094432463,
  "fber": 1284988.0,
  "fd_mean": 0.15838092439915602,
  "fd_num": 152,
  "fd_perc": 26.434782608695652,
  "fwhm_avg": 2.2555126368005958,
  "fwhm_x": 2.3453134691013986,
  "fwhm_y": 2.399678688296067,
  "fwhm_z": 2.021545753004322,
  "gcor": 0.00137254,
  "gsr_x": -0.011970672756433487,
  "gsr_y": 0.017787912860512733,
  "provenance": {
    "md5sum": "f94f87bdc4a9226d15663b40764136cb",
    "settings": {
      "fd_thres": 0.2,
      "testing": false
    },
    "software": "mriqc",
    "version": "23.0.0",
    "webapi_port": null,
    "webapi_url": "https://mriqc.nimh.nih.gov/api/v1"
  },
  "size_t": 575,
  "size_x": 96,
  "size_y": 96,
  "size_z": 60,
  "snr": 4.410788601636767,
  "spacing_tr": 0.8000001907348633,
  "spacing_x": 2.3958332538604736,
  "spacing_y": 2.3958332538604736,
  "spacing_z": 2.4000000953674316,
  "summary_bg_k": 27.969981875910577,
  "summary_bg_mad": 86.32249267829923,
  "summary_bg_mean": 2698.53759765625,
  "summary_bg_median": 58.355770111083984,
  "summary_bg_n": 400147.0,
  "summary_bg_p05": 0.1640312165021897,
  "summary_bg_p95": 13195.888085937464,
  "summary_bg_stdv": 5411.8876953125,
  "summary_fg_k": 0.10424708699400087,
  "summary_fg_mad": 14219.759497400464,
  "summary_fg_mean": 62392.04296875,
  "summary_fg_median": 62727.72265625,
  "summary_fg_n": 81243.0,
  "summary_fg_p05": 38744.72421875,
  "summary_fg_p95": 85123.046875,
  "summary_fg_stdv": 14221.3427734375,
  "tsnr": 16.222562789916992
}