{
  "aor": 0.000665383275261324,
  "aqi": 0.044923106271777,
  "bids_meta": {
    "AcquisitionMatrixPE": 94,
    "AcquisitionNumber": 10,
    "AcquisitionTime": "",
    "BodyPartExamined": "BRAIN",
    "CoilString": "MULTI COIL",
    "ConversionSoftware": "dcm2niix",
    "ConversionSoftwareVersion": "v1.0.20210317",
    "DeviceSerialNumber": "45128",
    "EchoTime": 0.03,
    "EchoTrainLength": 47,
    "EstimatedEffectiveEchoSpacing": 0.000388368,
    "EstimatedTotalReadoutTime": 0.036895,
    "FlipAngle": 52,
    "ImageOrientationPatientDICOM": [
      0.999849,
      0.00119826,
      0.0173456,
      0.000696882,
      0.994059,
      -0.108841
    ],
    "ImageType": [
      "ORIGINAL",
      "PRIMARY",
      "M",
      "FFE",
      "M",
      "FFE"
    ],
    "ImagingFrequency": 127.764,
    "InPlanePhaseEncodingDirectionDICOM": "COL",
    "InstitutionAddress": "",
    "InstitutionName": "",
    "InstitutionalDepartmentName": "",
    "MRAcquisitionType": "2D",
    "MagneticFieldStrength": 3,
    "Manufacturer": "Philips",
    "ManufacturersModelName": "Ingenia Elition X",
    "Modality": "MR",
    "ParallelReductionFactorInPlane": 2,
    "ParallelReductionOutOfPlane": 6,
    "PatientPosition": "HFS",
    "PercentPhaseFOV": 100,
    "PercentSampling": 100,
    "PhaseEncodingAxis": "j",
    "PhaseEncodingSteps": 94,
    "PhilipsRWVIntercept": 0,
    "PhilipsRWVSlope": 1.35409,
    "PhilipsRescaleIntercept": 0,
    "PhilipsRescaleSlope": 1.35409,
    "PhilipsScaleSlope": 0.0163081,
    "PixelBandwidth": 1851,
    "ProcedureStepDescription": "COLA",
    "ProtocolName": "COLA_R6",
    "ReconMatrixPE": 96,
    "RepetitionTime": 0.8,
    "SAR": 0.0819308,
    "ScanOptions": "FS",
    "ScanningSequence": "GR",
    "SequenceVariant": "SK",
    "SeriesDescription": "COLA_R6",
    "SeriesNumber": 1001,
    "SliceThickness": 2.4,
    "SoftwareVersions": "5.6.1\\5.6.1.3",
    "SpacingBetweenSlices": 2.4,
    "StationName": "",
    "TaskName": "WG",
    "UsePhilipsFloatNotDisplayScaling": 1,
    "WaterFatShift": 16.3681,
    "dataset": "ds004073",
    "modality": "bold",
    "subject_id": "BAN09",
    "task_id": "WG"
  },
  "dummy_trs": 1,
  "dvars_nstd": 89.3618680544503,
  "dvars_std": 1.0839422013612552,
  "dvars_vstd": 1.0265590669633504,
  "efc": 0.4557384511730616,
  "fber": 514814.71875,
  "fd_mean": 0.23727929025265804,
  "fd_num": 275,
  "fd_perc": 47.90940766550523,
  "fwhm_avg": 2.1401933838841307,
  "fwhm_x": 2.198629638148752,
  "fwhm_y": 2.2874964237052726,
  "fwhm_z": 1.9344540897983675,
  "gcor": 0.00927329,
  "gsr_x": -0.015406462363898754,
  "gsr_y": 0.018838796764612198,
  "provenance": {
    "md5sum": "aca3300d708d24238be0af7b8011f487",
    "settings": {
      "fd_thres": 0.2,
      "testing": false
    },
    "software": "mriqc",
    "version": "23.0.0",
    "webapi_port": null,
    "webapi_url": "https://mriqc.nimh.nih.gov/api/v1"
  },
  "size_t": 574,
  "size_x": 96,
  "size_y": 96,
  "size_z": 60,
  "snr": 4.739923091213171,
  "spacing_tr": 0.8000001907348633,
  "spacing_x": 2.3958332538604736,
  "spacing_y": 2.3958332538604736,
  "spacing_z": 2.4000000953674316,
  "summary_bg_k": 20.82372010172431,
  "summary_bg_mad": 138.73910959317337,
  "summary_bg_mean": 2977.9775390625,
  "summary_bg_median": 93.86946105957031,
  "summary_bg_n": 401250.0,
  "summary_bg_p05": 0.44845730513334275,
  "summary_bg_p95": 14067.133984375,
  "summary_bg_stdv": 5629.822265625,
  "summary_fg_k": 0.35195793610647774,
  "summary_fg_mad": 13044.186244961133,
  "summary_fg_mean": 63118.3984375,
  "summary_fg_median": 63660.3125,
  "summary_fg_n": 80408.0,
  "summary_fg_p05": 40385.2251953125,
  "summary_fg_p95": 84073.54335937499,
  "summary_fg_stdv": 13430.580078125,
  "tsnr": 15.426753997802734
}