{
  "aor": 0.00048560000000000004,
  "aqi": 0.03827607582608696,
  "bids_meta": {
    "AcquisitionMatrixPE": 94,
    "AcquisitionNumber": 3,
    "AcquisitionTime": "",
    "BodyPartExamined": "BRAIN",
    "CoilString": "MULTI COIL",
    "ConversionSoftware": "dcm2niix",
    "ConversionSoftwareVersion": "v1.0.20210317",
    "DeviceSerialNumber": "45128",
    "EchoTime": 0.03,
    "EchoTrainLength": 47,
    "EstimatedEffectiveEchoSpacing": 0.000388368,
    "EstimatedTotalReadoutTime": 0.036895,
    "FlipAngle": 52,
    "ImageOrientationPatientDICOM": [
      0.999849,
      0.000605103,
      0.0173764,
      0.000696882,
      0.997196,
      -0.0748245
    ],
    "ImageType": [
      "ORIGINAL",
      "PRIMARY",
      "M",
      "FFE",
      "M",
      "FFE"
    ],
    "ImagingFrequency": 127.764,
    "InPlanePhaseEncodingDirectionDICOM": "COL",
    "InstitutionAddress": "",
    "InstitutionName": "",
    "InstitutionalDepartmentName": "",
    "MRAcquisitionType": "2D",
    "MagneticFieldStrength": 3,
    "Manufacturer": "Philips",
    "ManufacturersModelName": "Ingenia Elition X",
    "Modality": "MR",
    "ParallelReductionFactorInPlane": 2,
    "ParallelReductionOutOfPlane": 6,
    "PatientPosition": "HFS",
    "PercentPhaseFOV": 100,
    "PercentSampling": 100,
    "PhaseEncodingAxis": "j",
    "PhaseEncodingSteps": 94,
    "PhilipsRWVIntercept": 0,
    "PhilipsRWVSlope": 1.27839,
    "PhilipsRescaleIntercept": 0,
    "PhilipsRescaleSlope": 1.27839,
    "PhilipsScaleSlope": 0.0160548,
    "PixelBandwidth": 1851,
    "ProcedureStepDescription": "COLA",
    "ProtocolName": "COLA_R6",
    "ReconMatrixPE": 96,
    "RepetitionTime": 0.8,
    "SAR": 0.0818665,
    "ScanOptions": "FS",
    "ScanningSequence": "GR",
    "SequenceVariant": "SK",
    "SeriesDescription": "COLA_R6",
    "SeriesNumber": 301,
    "SliceThickness": 2.4,
    "SoftwareVersions": "5.6.1\\5.6.1.2",
    "SpacingBetweenSlices": 2.4,
    "StationName": "",
    "TaskName": "PD",
    "UsePhilipsFloatNotDisplayScaling": 1,
    "WaterFatShift": 16.3681,
    "dataset": "ds004073",
    "modality": "bold",
    "subject_id": "BAN02",
    "task_id": "PD"
  },
  "dummy_trs": 0,
  "dvars_nstd": 75.52687975245644,
  "dvars_std": 1.119107992682928,
  "dvars_vstd": 1.0128232350348434,
  "efc": 0.4314389070053362,
  "fber": 2425058.25,
  "fd_mean": 0.42738977946797885,
  "fd_num": 474,
  "fd_perc": 82.43478260869566,
  "fwhm_avg": 2.223055705981168,
  "fwhm_x": 2.224040421600356,
  "fwhm_y": 2.4321767763305924,
  "fwhm_z": 2.0129499200125567,
  "gcor": 0.0107964,
  "gsr_x": -0.02185867540538311,
  "gsr_y": 0.014462524093687534,
  "provenance": {
    "md5sum": "62ac84f818e7c1efd308f454cebcfd31",
    "settings": {
      "fd_thres": 0.2,
      "testing": false
    },
    "software": "mriqc",
    "version": "23.0.0",
    "webapi_port": null,
    "webapi_url": "https://mriqc.nimh.nih.gov/api/v1"
  },
  "size_t": 575,
  "size_x": 96,
  "size_y": 96,
  "size_z": 60,
  "snr": 5.711928631105997,
  "spacing_tr": 0.8000001907348633,
  "spacing_x": 2.3958332538604736,
  "spacing_y": 2.3958332538604736,
  "spacing_z": 2.4000000953674316,
  "summary_bg_k": 37.62684381021017,
  "summary_bg_mad": 64.09863435971397,
  "summary_bg_mean": 2317.6611328125,
  "summary_bg_median": 43.69769287109375,
  "summary_bg_n": 401712.0,
  "summary_bg_p05": 0.36426045149564745,
  "summary_bg_p95": 11528.74868164061,
  "summary_bg_stdv": 5505.3857421875,
  "summary_fg_k": 0.9366641377512286,
  "summary_fg_mad": 11869.9305394152,
  "summary_fg_mean": 69874.4453125,
  "summary_fg_median": 69632.875,
  "summary_fg_n": 80584.0,
  "summary_fg_p05": 51118.6314453125,
  "summary_fg_p95": 89705.89570312499,
  "summary_fg_stdv": 12190.7060546875,
  "tsnr": 21.747055053710938
}