{
  "aor": 0.0005200869565217392,
  "aqi": 0.03509762573913044,
  "bids_meta": {
    "AcquisitionMatrixPE": 94,
    "AcquisitionNumber": 3,
    "AcquisitionTime": "",
    "BodyPartExamined": "BRAIN",
    "CoilString": "MULTI COIL",
    "ConversionSoftware": "dcm2niix",
    "ConversionSoftwareVersion": "v1.0.20210317",
    "DeviceSerialNumber": "45128",
    "EchoTime": 0.03,
    "EchoTrainLength": 47,
    "EstimatedEffectiveEchoSpacing": 0.000388467,
    "EstimatedTotalReadoutTime": 0.0369044,
    "FlipAngle": 52,
    "ImageOrientationPatientDICOM": [
      0.999849,
      0.00163241,
      0.0173102,
      0.000696882,
      0.99102,
      -0.133709
    ],
    "ImageType": [
      "ORIGINAL",
      "PRIMARY",
      "M",
      "FFE",
      "M",
      "FFE"
    ],
    "ImagingFrequency": 127.764,
    "InPlanePhaseEncodingDirectionDICOM": "COL",
    "InstitutionAddress": "",
    "InstitutionName": "",
    "InstitutionalDepartmentName": "",
    "MRAcquisitionType": "2D",
    "MagneticFieldStrength": 3,
    "Manufacturer": "Philips",
    "ManufacturersModelName": "Ingenia Elition X",
    "Modality": "MR",
    "ParallelReductionFactorInPlane": 2,
    "ParallelReductionOutOfPlane": 6,
    "PatientPosition": "HFS",
    "PercentPhaseFOV": 100,
    "PercentSampling": 100,
    "PhaseEncodingAxis": "j",
    "PhaseEncodingSteps": 94,
    "PhilipsRWVIntercept": 0,
    "PhilipsRWVSlope": 1.2359,
    "PhilipsRescaleIntercept": 0,
    "PhilipsRescaleSlope": 1.2359,
    "PhilipsScaleSlope": 0.0159382,
    "PixelBandwidth": 1850,
    "ProcedureStepDescription": "COLA",
    "ProtocolName": "COLA_R2",
    "ReconMatrixPE": 96,
    "RepetitionTime": 0.8,
    "SAR": 0.0819311,
    "ScanOptions": "FS",
    "ScanningSequence": "GR",
    "SequenceVariant": "SK",
    "SeriesDescription": "COLA_R2",
    "SeriesNumber": 301,
    "SliceThickness": 2.4,
    "SoftwareVersions": "5.6.1\\5.6.1.2",
    "SpacingBetweenSlices": 2.4,
    "StationName": "",
    "TaskName": "SC",
    "UsePhilipsFloatNotDisplayScaling": 1,
    "WaterFatShift": 16.3723,
    "dataset": "ds004073",
    "modality": "bold",
    "subject_id": "BAN02",
    "task_id": "SC"
  },
  "dummy_trs": 0,
  "dvars_nstd": 74.5575901787979,
  "dvars_std": 1.1222596372125435,
  "dvars_vstd": 1.0132726871602789,
  "efc": 0.4249137070855932,
  "fber": 2344699.25,
  "fd_mean": 0.40472865864183644,
  "fd_num": 479,
  "fd_perc": 83.30434782608695,
  "fwhm_avg": 2.2786289916996534,
  "fwhm_x": 2.312886337590967,
  "fwhm_y": 2.4627673860409742,
  "fwhm_z": 2.0602332514670194,
  "gcor": 0.00527124,
  "gsr_x": -0.02012832835316658,
  "gsr_y": 0.015597846359014511,
  "provenance": {
    "md5sum": "6e41fc3fa35276fce416f07bc5af3f98",
    "settings": {
      "fd_thres": 0.2,
      "testing": false
    },
    "software": "mriqc",
    "version": "23.0.0",
    "webapi_port": null,
    "webapi_url": "https://mriqc.nimh.nih.gov/api/v1"
  },
  "size_t": 575,
  "size_x": 96,
  "size_y": 96,
  "size_z": 60,
  "snr": 5.439405689218975,
  "spacing_tr": 0.8000001907348633,
  "spacing_x": 2.3958332538604736,
  "spacing_y": 2.3958332538604736,
  "spacing_z": 2.4000000953674316,
  "summary_bg_k": 47.710350460123934,
  "summary_bg_mad": 63.795316426564696,
  "summary_bg_mean": 2067.523681640625,
  "summary_bg_median": 43.491485595703125,
  "summary_bg_n": 401758.0,
  "summary_bg_p05": 0.3091234788298607,
  "summary_bg_p95": 10408.43056640619,
  "summary_bg_stdv": 5115.81201171875,
  "summary_fg_k": 0.7912157075826536,
  "summary_fg_mad": 12336.675146035952,
  "summary_fg_mean": 69375.296875,
  "summary_fg_median": 68906.8515625,
  "summary_fg_n": 80420.0,
  "summary_fg_p05": 49987.872265625,
  "summary_fg_p95": 90300.04453125001,
  "summary_fg_stdv": 12668.005859375,
  "tsnr": 22.226198196411133
}