{
  "aor": 0.0004814086956521739,
  "aqi": 0.03993301773913043,
  "bids_meta": {
    "AcquisitionMatrixPE": 94,
    "AcquisitionNumber": 2,
    "AcquisitionTime": "",
    "BodyPartExamined": "BRAIN",
    "CoilString": "MULTI COIL",
    "ConversionSoftware": "dcm2niix",
    "ConversionSoftwareVersion": "v1.0.20210317",
    "DeviceSerialNumber": "45128",
    "EchoTime": 0.03,
    "EchoTrainLength": 47,
    "EstimatedEffectiveEchoSpacing": 0.000388368,
    "EstimatedTotalReadoutTime": 0.036895,
    "FlipAngle": 52,
    "ImageOrientationPatientDICOM": [
      0.999849,
      0.000605103,
      0.0173764,
      0.000696882,
      0.997196,
      -0.0748245
    ],
    "ImageType": [
      "ORIGINAL",
      "PRIMARY",
      "M",
      "FFE",
      "M",
      "FFE"
    ],
    "ImagingFrequency": 127.764,
    "InPlanePhaseEncodingDirectionDICOM": "COL",
    "InstitutionAddress": "",
    "InstitutionName": "",
    "InstitutionalDepartmentName": "",
    "MRAcquisitionType": "2D",
    "MagneticFieldStrength": 3,
    "Manufacturer": "Philips",
    "ManufacturersModelName": "Ingenia Elition X",
    "Modality": "MR",
    "ParallelReductionFactorInPlane": 2,
    "ParallelReductionOutOfPlane": 6,
    "PatientPosition": "HFS",
    "PercentPhaseFOV": 100,
    "PercentSampling": 100,
    "PhaseEncodingAxis": "j",
    "PhaseEncodingSteps": 94,
    "PhilipsRWVIntercept": 0,
    "PhilipsRWVSlope": 1.27741,
    "PhilipsRescaleIntercept": 0,
    "PhilipsRescaleSlope": 1.27741,
    "PhilipsScaleSlope": 0.0158768,
    "PixelBandwidth": 1851,
    "ProcedureStepDescription": "COLA",
    "ProtocolName": "COLA_R5",
    "ReconMatrixPE": 96,
    "RepetitionTime": 0.8,
    "SAR": 0.0804705,
    "ScanOptions": "FS",
    "ScanningSequence": "GR",
    "SequenceVariant": "SK",
    "SeriesDescription": "COLA_R5",
    "SeriesNumber": 201,
    "SliceThickness": 2.4,
    "SoftwareVersions": "5.6.1\\5.6.1.2",
    "SpacingBetweenSlices": 2.4,
    "StationName": "",
    "TaskName": "WG",
    "UsePhilipsFloatNotDisplayScaling": 1,
    "WaterFatShift": 16.3681,
    "dataset": "ds004073",
    "modality": "bold",
    "subject_id": "BAN02",
    "task_id": "WG"
  },
  "dummy_trs": 0,
  "dvars_nstd": 73.61970494763062,
  "dvars_std": 1.1275875966202082,
  "dvars_vstd": 1.0144569180487801,
  "efc": 0.4313899439216627,
  "fber": 2117392.75,
  "fd_mean": 0.21386120149161908,
  "fd_num": 289,
  "fd_perc": 50.26086956521739,
  "fwhm_avg": 2.1922217829015267,
  "fwhm_x": 2.201772594774747,
  "fwhm_y": 2.3886261661903103,
  "fwhm_z": 1.9862665877395236,
  "gcor": 0.00405278,
  "gsr_x": -0.02160244807600975,
  "gsr_y": 0.014741754159331322,
  "provenance": {
    "md5sum": "d3629aab1fc054d8e0e545dca92908fd",
    "settings": {
      "fd_thres": 0.2,
      "testing": false
    },
    "software": "mriqc",
    "version": "23.0.0",
    "webapi_port": null,
    "webapi_url": "https://mriqc.nimh.nih.gov/api/v1"
  },
  "size_t": 575,
  "size_x": 96,
  "size_y": 96,
  "size_z": 60,
  "snr": 5.842791321442404,
  "spacing_tr": 0.800000011920929,
  "spacing_x": 2.3958332538604736,
  "spacing_y": 2.3958332538604736,
  "spacing_z": 2.4000000953674316,
  "summary_bg_k": 39.936975147709546,
  "summary_bg_mad": 69.06401156377564,
  "summary_bg_mean": 2320.781494140625,
  "summary_bg_median": 47.08909225463867,
  "summary_bg_n": 401652.0,
  "summary_bg_p05": 0.38804706037044523,
  "summary_bg_p95": 11525.01875,
  "summary_bg_stdv": 5555.2451171875,
  "summary_fg_k": 0.9993847558939919,
  "summary_fg_mad": 11715.26790837496,
  "summary_fg_mean": 70590.859375,
  "summary_fg_median": 70360.5,
  "summary_fg_n": 80466.0,
  "summary_fg_p05": 52072.177734375,
  "summary_fg_p95": 90204.0,
  "summary_fg_stdv": 12042.2001953125,
  "tsnr": 21.75957489013672
}