{
  "aor": 0.000561411149825784,
  "aqi": 0.029626516027874562,
  "bids_meta": {
    "AcquisitionMatrixPE": 94,
    "AcquisitionNumber": 7,
    "AcquisitionTime": "",
    "BodyPartExamined": "BRAIN",
    "CoilString": "MULTI COIL",
    "ConversionSoftware": "dcm2niix",
    "ConversionSoftwareVersion": "v1.0.20210317",
    "DeviceSerialNumber": "45128",
    "EchoTime": 0.03,
    "EchoTrainLength": 47,
    "EstimatedEffectiveEchoSpacing": 0.000388467,
    "EstimatedTotalReadoutTime": 0.0369044,
    "FlipAngle": 52,
    "ImageOrientationPatientDICOM": [
      0.999849,
      0.00163241,
      0.0173102,
      0.000696882,
      0.99102,
      -0.133709
    ],
    "ImageType": [
      "ORIGINAL",
      "PRIMARY",
      "M",
      "FFE",
      "M",
      "FFE"
    ],
    "ImagingFrequency": 127.764,
    "InPlanePhaseEncodingDirectionDICOM": "COL",
    "InstitutionAddress": "",
    "InstitutionName": "",
    "InstitutionalDepartmentName": "",
    "MRAcquisitionType": "2D",
    "MagneticFieldStrength": 3,
    "Manufacturer": "Philips",
    "ManufacturersModelName": "Ingenia Elition X",
    "Modality": "MR",
    "ParallelReductionFactorInPlane": 2,
    "ParallelReductionOutOfPlane": 6,
    "PatientPosition": "HFS",
    "PercentPhaseFOV": 100,
    "PercentSampling": 100,
    "PhaseEncodingAxis": "j",
    "PhaseEncodingSteps": 94,
    "PhilipsRWVIntercept": 0,
    "PhilipsRWVSlope": 1.30501,
    "PhilipsRescaleIntercept": 0,
    "PhilipsRescaleSlope": 1.30501,
    "PhilipsScaleSlope": 0.0160683,
    "PixelBandwidth": 1850,
    "ProcedureStepDescription": "COLA",
    "ProtocolName": "COLA_R4",
    "ReconMatrixPE": 96,
    "RepetitionTime": 0.8,
    "SAR": 0.0860339,
    "ScanOptions": "FS",
    "ScanningSequence": "GR",
    "SequenceVariant": "SK",
    "SeriesDescription": "COLA_R4",
    "SeriesNumber": 701,
    "SliceThickness": 2.4,
    "SoftwareVersions": "5.6.1\\5.6.1.2",
    "SpacingBetweenSlices": 2.4,
    "StationName": "",
    "TaskName": "WC",
    "UsePhilipsFloatNotDisplayScaling": 1,
    "WaterFatShift": 16.3723,
    "dataset": "ds004073",
    "modality": "bold",
    "subject_id": "BAN02",
    "task_id": "WC"
  },
  "dummy_trs": 1,
  "dvars_nstd": 75.39437133888312,
  "dvars_std": 1.1275123517452006,
  "dvars_vstd": 1.0195719149389182,
  "efc": 0.4248872888700614,
  "fber": 2205201.75,
  "fd_mean": 0.27060349887774376,
  "fd_num": 374,
  "fd_perc": 65.15679442508711,
  "fwhm_avg": 2.390053763859717,
  "fwhm_x": 2.4600167772540806,
  "fwhm_y": 2.5648404329051284,
  "fwhm_z": 2.1453040814199413,
  "gcor": 0.0034555,
  "gsr_x": -0.02054794318974018,
  "gsr_y": 0.014613540843129158,
  "provenance": {
    "md5sum": "66f3e64894d42b1528f9ea3e51451583",
    "settings": {
      "fd_thres": 0.2,
      "testing": false
    },
    "software": "mriqc",
    "version": "23.0.0",
    "webapi_port": null,
    "webapi_url": "https://mriqc.nimh.nih.gov/api/v1"
  },
  "size_t": 574,
  "size_x": 96,
  "size_y": 96,
  "size_z": 60,
  "snr": 4.743381959244259,
  "spacing_tr": 0.8000003099441528,
  "spacing_x": 2.3958332538604736,
  "spacing_y": 2.3958332538604736,
  "spacing_z": 2.4000000953674316,
  "summary_bg_k": 41.25327407691768,
  "summary_bg_mad": 65.34652693137319,
  "summary_bg_mean": 2130.512451171875,
  "summary_bg_median": 44.45318603515625,
  "summary_bg_n": 402127.0,
  "summary_bg_p05": 0.22743098437786102,
  "summary_bg_p95": 10803.765234374998,
  "summary_bg_stdv": 5164.5771484375,
  "summary_fg_k": 0.47210829746156735,
  "summary_fg_mad": 14243.550629875546,
  "summary_fg_mean": 68821.59375,
  "summary_fg_median": 68309.9296875,
  "summary_fg_n": 80200.0,
  "summary_fg_p05": 46576.20625,
  "summary_fg_p95": 92832.56796875001,
  "summary_fg_stdv": 14401.0126953125,
  "tsnr": 21.33578109741211
}