{
  "aor": 0.0005080347826086957,
  "aqi": 0.03456190469565218,
  "bids_meta": {
    "AcquisitionMatrixPE": 94,
    "AcquisitionNumber": 4,
    "AcquisitionTime": "",
    "BodyPartExamined": "BRAIN",
    "CoilString": "MULTI COIL",
    "ConversionSoftware": "dcm2niix",
    "ConversionSoftwareVersion": "v1.0.20210317",
    "DeviceSerialNumber": "45128",
    "EchoTime": 0.03,
    "EchoTrainLength": 47,
    "EstimatedEffectiveEchoSpacing": 0.000388467,
    "EstimatedTotalReadoutTime": 0.0369044,
    "FlipAngle": 52,
    "ImageOrientationPatientDICOM": [
      0.999849,
      0.00163241,
      0.0173102,
      0.000696882,
      0.99102,
      -0.133709
    ],
    "ImageType": [
      "ORIGINAL",
      "PRIMARY",
      "M",
      "FFE",
      "M",
      "FFE"
    ],
    "ImagingFrequency": 127.764,
    "InPlanePhaseEncodingDirectionDICOM": "COL",
    "InstitutionAddress": "",
    "InstitutionName": "",
    "InstitutionalDepartmentName": "",
    "MRAcquisitionType": "2D",
    "MagneticFieldStrength": 3,
    "Manufacturer": "Philips",
    "ManufacturersModelName": "Ingenia Elition X",
    "Modality": "MR",
    "ParallelReductionFactorInPlane": 2,
    "ParallelReductionOutOfPlane": 6,
    "PatientPosition": "HFS",
    "PercentPhaseFOV": 100,
    "PercentSampling": 100,
    "PhaseEncodingAxis": "j",
    "PhaseEncodingSteps": 94,
    "PhilipsRWVIntercept": 0,
    "PhilipsRWVSlope": 1.26862,
    "PhilipsRescaleIntercept": 0,
    "PhilipsRescaleSlope": 1.26862,
    "PhilipsScaleSlope": 0.0160062,
    "PixelBandwidth": 1850,
    "ProcedureStepDescription": "COLA",
    "ProtocolName": "COLA_R3",
    "ReconMatrixPE": 96,
    "RepetitionTime": 0.8,
    "SAR": 0.0819311,
    "ScanOptions": "FS",
    "ScanningSequence": "GR",
    "SequenceVariant": "SK",
    "SeriesDescription": "COLA_R3",
    "SeriesNumber": 401,
    "SliceThickness": 2.4,
    "SoftwareVersions": "5.6.1\\5.6.1.2",
    "SpacingBetweenSlices": 2.4,
    "StationName": "",
    "TaskName": "SG",
    "UsePhilipsFloatNotDisplayScaling": 1,
    "WaterFatShift": 16.3723,
    "dataset": "ds004073",
    "modality": "bold",
    "subject_id": "BAN02",
    "task_id": "SG"
  },
  "dummy_trs": 0,
  "dvars_nstd": 74.39815385672478,
  "dvars_std": 1.1305215456794429,
  "dvars_vstd": 1.0152268310975605,
  "efc": 0.4264582291865031,
  "fber": 2123230.75,
  "fd_mean": 0.3339381473415661,
  "fd_num": 412,
  "fd_perc": 71.65217391304348,
  "fwhm_avg": 2.2723446702435606,
  "fwhm_x": 2.2981315544928362,
  "fwhm_y": 2.459015038090417,
  "fwhm_z": 2.0598874181474285,
  "gcor": 0.00770311,
  "gsr_x": -0.021190030500292778,
  "gsr_y": 0.015413022600114346,
  "provenance": {
    "md5sum": "fc9ea73902268a67c27123ea366ff354",
    "settings": {
      "fd_thres": 0.2,
      "testing": false
    },
    "software": "mriqc",
    "version": "23.0.0",
    "webapi_port": null,
    "webapi_url": "https://mriqc.nimh.nih.gov/api/v1"
  },
  "size_t": 575,
  "size_x": 96,
  "size_y": 96,
  "size_z": 60,
  "snr": 5.385131815279949,
  "spacing_tr": 0.8000001907348633,
  "spacing_x": 2.3958332538604736,
  "spacing_y": 2.3958332538604736,
  "spacing_z": 2.4000000953674316,
  "summary_bg_k": 45.966667381536936,
  "summary_bg_mad": 66.34965182824182,
  "summary_bg_mean": 2132.778076171875,
  "summary_bg_median": 45.249515533447266,
  "summary_bg_n": 401926.0,
  "summary_bg_p05": 0.3454499989748001,
  "summary_bg_p95": 10766.727294921875,
  "summary_bg_stdv": 5239.92041015625,
  "summary_fg_k": 0.7371581192168581,
  "summary_fg_mad": 12519.863391245137,
  "summary_fg_mean": 69038.78125,
  "summary_fg_median": 68544.3984375,
  "summary_fg_n": 80352.0,
  "summary_fg_p05": 49679.0603515625,
  "summary_fg_p95": 90078.92109374999,
  "summary_fg_stdv": 12728.3740234375,
  "tsnr": 22.1807861328125
}