{
  "aor": 0.000556,
  "aqi": 0.03277913565217391,
  "bids_meta": {
    "AcquisitionMatrixPE": 94,
    "AcquisitionNumber": 2,
    "AcquisitionTime": "",
    "BodyPartExamined": "BRAIN",
    "CoilString": "MULTI COIL",
    "ConversionSoftware": "dcm2niix",
    "ConversionSoftwareVersion": "v1.0.20210317",
    "DeviceSerialNumber": "45128",
    "EchoTime": 0.03,
    "EchoTrainLength": 47,
    "EstimatedEffectiveEchoSpacing": 0.000388467,
    "EstimatedTotalReadoutTime": 0.0369044,
    "FlipAngle": 52,
    "ImageOrientationPatientDICOM": [
      0.999849,
      0.00163241,
      0.0173102,
      0.000696882,
      0.99102,
      -0.133709
    ],
    "ImageType": [
      "ORIGINAL",
      "PRIMARY",
      "M",
      "FFE",
      "M",
      "FFE"
    ],
    "ImagingFrequency": 127.764,
    "InPlanePhaseEncodingDirectionDICOM": "COL",
    "InstitutionAddress": "",
    "InstitutionName": "",
    "InstitutionalDepartmentName": "",
    "MRAcquisitionType": "2D",
    "MagneticFieldStrength": 3,
    "Manufacturer": "Philips",
    "ManufacturersModelName": "Ingenia Elition X",
    "Modality": "MR",
    "ParallelReductionFactorInPlane": 2,
    "ParallelReductionOutOfPlane": 6,
    "PatientPosition": "HFS",
    "PercentPhaseFOV": 100,
    "PercentSampling": 100,
    "PhaseEncodingAxis": "j",
    "PhaseEncodingSteps": 94,
    "PhilipsRWVIntercept": 0,
    "PhilipsRWVSlope": 1.28523,
    "PhilipsRescaleIntercept": 0,
    "PhilipsRescaleSlope": 1.28523,
    "PhilipsScaleSlope": 0.0160393,
    "PixelBandwidth": 1850,
    "ProcedureStepDescription": "COLA",
    "ProtocolName": "COLA_R1",
    "ReconMatrixPE": 96,
    "RepetitionTime": 0.8,
    "SAR": 0.0819311,
    "ScanOptions": "FS",
    "ScanningSequence": "GR",
    "SequenceVariant": "SK",
    "SeriesDescription": "COLA_R1",
    "SeriesNumber": 201,
    "SliceThickness": 2.4,
    "SoftwareVersions": "5.6.1\\5.6.1.2",
    "SpacingBetweenSlices": 2.4,
    "StationName": "",
    "TaskName": "SD",
    "UsePhilipsFloatNotDisplayScaling": 1,
    "WaterFatShift": 16.3723,
    "dataset": "ds004073",
    "modality": "bold",
    "subject_id": "BAN02",
    "task_id": "SD"
  },
  "dummy_trs": 0,
  "dvars_nstd": 74.21568185358873,
  "dvars_std": 1.1247016989372822,
  "dvars_vstd": 1.0153023485017427,
  "efc": 0.424190284973062,
  "fber": 2463587.75,
  "fd_mean": 0.3582993290081062,
  "fd_num": 449,
  "fd_perc": 78.08695652173913,
  "fwhm_avg": 2.293095001458985,
  "fwhm_x": 2.3233753814171627,
  "fwhm_y": 2.4799430387846257,
  "fwhm_z": 2.0759665841751658,
  "gcor": 0.00475362,
  "gsr_x": -0.020277801901102066,
  "gsr_y": 0.016367986798286438,
  "provenance": {
    "md5sum": "dd1b3c6c8d3ce9624c93056ccb10865e",
    "settings": {
      "fd_thres": 0.2,
      "testing": false
    },
    "software": "mriqc",
    "version": "23.0.0",
    "webapi_port": null,
    "webapi_url": "https://mriqc.nimh.nih.gov/api/v1"
  },
  "size_t": 575,
  "size_x": 96,
  "size_y": 96,
  "size_z": 60,
  "snr": 5.239372257918966,
  "spacing_tr": 0.8000001907348633,
  "spacing_x": 2.3958332538604736,
  "spacing_y": 2.3958332538604736,
  "spacing_z": 2.4000000953674316,
  "summary_bg_k": 47.370594854803194,
  "summary_bg_mad": 62.265361442240916,
  "summary_bg_mean": 2054.998779296875,
  "summary_bg_median": 42.41972351074219,
  "summary_bg_n": 401884.0,
  "summary_bg_p05": 0.26939307898283005,
  "summary_bg_p95": 10387.551611328108,
  "summary_bg_stdv": 5095.22021484375,
  "summary_fg_k": 0.6631509227398453,
  "summary_fg_mad": 12899.05917858015,
  "summary_fg_mean": 69161.78125,
  "summary_fg_median": 68563.4453125,
  "summary_fg_n": 80394.0,
  "summary_fg_p05": 49228.942578125,
  "summary_fg_p95": 90829.15742187494,
  "summary_fg_stdv": 13086.11328125,
  "tsnr": 22.20987319946289
}