{
  "aor": 0.0003335826086956521,
  "aqi": 0.046545568173913046,
  "bids_meta": {
    "AcquisitionMatrixPE": 94,
    "AcquisitionNumber": 2,
    "AcquisitionTime": "",
    "BodyPartExamined": "BRAIN",
    "CoilString": "MULTI COIL",
    "ConversionSoftware": "dcm2niix",
    "ConversionSoftwareVersion": "v1.0.20210317",
    "DeviceSerialNumber": "45128",
    "EchoTime": 0.03,
    "EchoTrainLength": 47,
    "EstimatedEffectiveEchoSpacing": 0.000388467,
    "EstimatedTotalReadoutTime": 0.0369044,
    "FlipAngle": 52,
    "ImageOrientationPatientDICOM": [
      0.999849,
      -4.72661e-12,
      0.017387,
      0.000696882,
      0.999196,
      -0.0400747
    ],
    "ImageType": [
      "ORIGINAL",
      "PRIMARY",
      "M",
      "FFE",
      "M",
      "FFE"
    ],
    "ImagingFrequency": 127.764,
    "InPlanePhaseEncodingDirectionDICOM": "COL",
    "InstitutionAddress": "",
    "InstitutionName": "",
    "InstitutionalDepartmentName": "",
    "MRAcquisitionType": "2D",
    "MagneticFieldStrength": 3,
    "Manufacturer": "Philips",
    "ManufacturersModelName": "Ingenia Elition X",
    "Modality": "MR",
    "ParallelReductionFactorInPlane": 2,
    "ParallelReductionOutOfPlane": 6,
    "PatientPosition": "HFS",
    "PercentPhaseFOV": 100,
    "PercentSampling": 100,
    "PhaseEncodingAxis": "j",
    "PhaseEncodingSteps": 94,
    "PhilipsRWVIntercept": 0,
    "PhilipsRWVSlope": 1.00855,
    "PhilipsRescaleIntercept": 0,
    "PhilipsRescaleSlope": 1.00855,
    "PhilipsScaleSlope": 0.0163475,
    "PixelBandwidth": 1850,
    "ProcedureStepDescription": "COLA",
    "ProtocolName": "COLA_R1",
    "ReconMatrixPE": 96,
    "RepetitionTime": 0.8,
    "SAR": 0.0818667,
    "ScanOptions": "FS",
    "ScanningSequence": "GR",
    "SequenceVariant": "SK",
    "SeriesDescription": "COLA_R1",
    "SeriesNumber": 201,
    "SliceThickness": 2.4,
    "SoftwareVersions": "5.6.1\\5.6.1.3",
    "SpacingBetweenSlices": 2.4,
    "StationName": "",
    "TaskName": "PD",
    "UsePhilipsFloatNotDisplayScaling": 1,
    "WaterFatShift": 16.3723,
    "dataset": "ds004073",
    "modality": "bold",
    "subject_id": "BAN21",
    "task_id": "PD"
  },
  "dummy_trs": 0,
  "dvars_nstd": 70.19302509059239,
  "dvars_std": 1.0910586632752621,
  "dvars_vstd": 0.9742368284668987,
  "efc": 0.40549840431834994,
  "fber": 3352514.5,
  "fd_mean": 0.1669184197152386,
  "fd_num": 166,
  "fd_perc": 28.869565217391305,
  "fwhm_avg": 2.180108649631149,
  "fwhm_x": 2.2519889442665746,
  "fwhm_y": 2.3013162502506503,
  "fwhm_z": 1.9870207543762224,
  "gcor": 0.0593005,
  "gsr_x": -0.016419552266597748,
  "gsr_y": 0.01964663900434971,
  "provenance": {
    "md5sum": "f0227f17e51e90d8eb2cab4212916321",
    "settings": {
      "fd_thres": 0.2,
      "testing": false
    },
    "software": "mriqc",
    "version": "23.0.0",
    "webapi_port": null,
    "webapi_url": "https://mriqc.nimh.nih.gov/api/v1"
  },
  "size_t": 575,
  "size_x": 96,
  "size_y": 96,
  "size_z": 60,
  "snr": 5.2684974073048965,
  "spacing_tr": 0.8000001907348633,
  "spacing_x": 2.3958332538604736,
  "spacing_y": 2.3958332538604736,
  "spacing_z": 2.4000000953674316,
  "summary_bg_k": 38.62444170292653,
  "summary_bg_mad": 65.24993401582688,
  "summary_bg_mean": 2140.4375,
  "summary_bg_median": 44.393150329589844,
  "summary_bg_n": 409462.0,
  "summary_bg_p05": 0.27699933201074606,
  "summary_bg_p95": 10248.26625976562,
  "summary_bg_stdv": 5306.4169921875,
  "summary_fg_k": 0.6337725599828743,
  "summary_fg_mad": 15100.477337927037,
  "summary_fg_mean": 82998.5390625,
  "summary_fg_median": 82059.1875,
  "summary_fg_n": 74611.0,
  "summary_fg_p05": 59888.861328125,
  "summary_fg_p95": 109936.78515625,
  "summary_fg_stdv": 15575.33984375,
  "tsnr": 17.3648681640625
}