{
  "aor": 0.0006888695652173913,
  "aqi": 0.039675215304347825,
  "bids_meta": {
    "AcquisitionMatrixPE": 94,
    "AcquisitionNumber": 4,
    "AcquisitionTime": "",
    "BodyPartExamined": "BRAIN",
    "CoilString": "MULTI COIL",
    "ConversionSoftware": "dcm2niix",
    "ConversionSoftwareVersion": "v1.0.20210317",
    "DeviceSerialNumber": "45128",
    "EchoTime": 0.03,
    "EchoTrainLength": 47,
    "EstimatedEffectiveEchoSpacing": 0.000388467,
    "EstimatedTotalReadoutTime": 0.0369044,
    "FlipAngle": 52,
    "ImageOrientationPatientDICOM": [
      0.999849,
      -4.72661e-12,
      0.017387,
      0.000696882,
      0.999196,
      -0.0400747
    ],
    "ImageType": [
      "ORIGINAL",
      "PRIMARY",
      "M",
      "FFE",
      "M",
      "FFE"
    ],
    "ImagingFrequency": 127.764,
    "InPlanePhaseEncodingDirectionDICOM": "COL",
    "InstitutionAddress": "",
    "InstitutionName": "",
    "InstitutionalDepartmentName": "",
    "MRAcquisitionType": "2D",
    "MagneticFieldStrength": 3,
    "Manufacturer": "Philips",
    "ManufacturersModelName": "Ingenia Elition X",
    "Modality": "MR",
    "ParallelReductionFactorInPlane": 2,
    "ParallelReductionOutOfPlane": 6,
    "PatientPosition": "HFS",
    "PercentPhaseFOV": 100,
    "PercentSampling": 100,
    "PhaseEncodingAxis": "j",
    "PhaseEncodingSteps": 94,
    "PhilipsRWVIntercept": 0,
    "PhilipsRWVSlope": 0.967033,
    "PhilipsRescaleIntercept": 0,
    "PhilipsRescaleSlope": 0.967033,
    "PhilipsScaleSlope": 0.0162893,
    "PixelBandwidth": 1850,
    "ProcedureStepDescription": "COLA",
    "ProtocolName": "COLA_R3",
    "ReconMatrixPE": 96,
    "RepetitionTime": 0.8,
    "SAR": 0.0818667,
    "ScanOptions": "FS",
    "ScanningSequence": "GR",
    "SequenceVariant": "SK",
    "SeriesDescription": "COLA_R3",
    "SeriesNumber": 401,
    "SliceThickness": 2.4,
    "SoftwareVersions": "5.6.1\\5.6.1.3",
    "SpacingBetweenSlices": 2.4,
    "StationName": "",
    "TaskName": "SG",
    "UsePhilipsFloatNotDisplayScaling": 1,
    "WaterFatShift": 16.3723,
    "dataset": "ds004073",
    "modality": "bold",
    "subject_id": "BAN21",
    "task_id": "SG"
  },
  "dummy_trs": 0,
  "dvars_nstd": 66.79767627914634,
  "dvars_std": 1.1100468909233443,
  "dvars_vstd": 1.0131186011324058,
  "efc": 0.40411658763696967,
  "fber": 3834389.0,
  "fd_mean": 0.19918283794865524,
  "fd_num": 206,
  "fd_perc": 35.82608695652174,
  "fwhm_avg": 2.069704329221983,
  "fwhm_x": 2.1226769399771297,
  "fwhm_y": 2.1855652898893037,
  "fwhm_z": 1.900870757799516,
  "gcor": 0.00508482,
  "gsr_x": -0.014921133406460285,
  "gsr_y": 0.02615957148373127,
  "provenance": {
    "md5sum": "34123ddc86983ee6a27101fe28782a17",
    "settings": {
      "fd_thres": 0.2,
      "testing": false
    },
    "software": "mriqc",
    "version": "23.0.0",
    "webapi_port": null,
    "webapi_url": "https://mriqc.nimh.nih.gov/api/v1"
  },
  "size_t": 575,
  "size_x": 96,
  "size_y": 96,
  "size_z": 60,
  "snr": 5.805929225531582,
  "spacing_tr": 0.8000001907348633,
  "spacing_x": 2.3958332538604736,
  "spacing_y": 2.3958332538604736,
  "spacing_z": 2.4000000953674316,
  "summary_bg_k": 39.50347069618504,
  "summary_bg_mad": 64.07557861021067,
  "summary_bg_mean": 2136.98291015625,
  "summary_bg_median": 43.60206604003906,
  "summary_bg_n": 410668.0,
  "summary_bg_p05": 0.27780056148767474,
  "summary_bg_p95": 10109.477099609374,
  "summary_bg_stdv": 5287.79296875,
  "summary_fg_k": 0.8737803243745996,
  "summary_fg_mad": 14018.942185186865,
  "summary_fg_mean": 84763.6171875,
  "summary_fg_median": 84400.703125,
  "summary_fg_n": 74339.0,
  "summary_fg_p05": 62291.9984375,
  "summary_fg_p95": 108842.48671874999,
  "summary_fg_stdv": 14536.88671875,
  "tsnr": 21.52075958251953
}