{
  "aor": 0.00027465968586387434,
  "aqi": 0.0038760801221640485,
  "bids_meta": {
    "AcquisitionMatrixPE": 90,
    "AcquisitionNumber": 1,
    "AcquisitionTime": "",
    "BandwidthPerPixelPhaseEncode": 21.786,
    "BaseResolution": 90,
    "BodyPartExamined": "BRAIN",
    "ConsistencyInfo": "N4_VE11C_LATEST_20160120",
    "ConversionSoftware": "dcm2niix",
    "ConversionSoftwareVersion": "v1.0.20210317",
    "DerivedVendorReportedEchoSpacing": 0.000510012,
    "DeviceSerialNumber": "66093",
    "DwellTime": 2e-06,
    "EchoTime": 0.03,
    "EchoTrainLength": 90,
    "EffectiveEchoSpacing": 0.000510012,
    "FlipAngle": 52,
    "ImageComments": "Unaliased MB6/PE3/LB",
    "ImageOrientationPatientDICOM": [
      0.999986,
      0.00156468,
      0.00499302,
      3.19557e-08,
      0.954241,
      -0.29904
    ],
    "ImageType": [
      "ORIGINAL",
      "PRIMARY",
      "M",
      "MB",
      "ND",
      "MOSAIC"
    ],
    "ImagingFrequency": 123.259,
    "InPlanePhaseEncodingDirectionDICOM": "COL",
    "InstitutionAddress": "",
    "InstitutionName": "",
    "InstitutionalDepartmentName": "",
    "MRAcquisitionType": "2D",
    "MagneticFieldStrength": 3,
    "Manufacturer": "Siemens",
    "ManufacturersModelName": "Prisma",
    "Modality": "MR",
    "MultibandAccelerationFactor": 6,
    "PartialFourier": 1,
    "PatientPosition": "HFS",
    "PercentPhaseFOV": 100,
    "PercentSampling": 100,
    "PhaseEncodingDirection": "j-",
    "PhaseEncodingSteps": 90,
    "PhaseResolution": 1,
    "PixelBandwidth": 2780,
    "ProtocolName": "BOLD_2p4_MB6_P1_TE30_TR800_AP",
    "PulseSequenceDetails": "%CustomerSeq%\\cmrr_mbep2d_bold",
    "ReceiveCoilActiveElements": "HEA;HEP",
    "ReceiveCoilName": "Head_32",
    "ReconMatrixPE": 90,
    "RepetitionTime": 0.8,
    "SAR": 0.0788199,
    "ScanOptions": "FS",
    "ScanningSequence": "EP",
    "SequenceName": "epfid2d1_90",
    "SequenceVariant": "SK\\SS",
    "SeriesDescription": "BOLD_2p4_MB6_P1_TE30_TR800_AP",
    "SeriesNumber": 9,
    "ShimSetting": [
      4954,
      -11369,
      -1324,
      549,
      30,
      124,
      -45,
      48
    ],
    "SliceThickness": 2.4,
    "SliceTiming": [
      0,
      0.545,
      0.3125,
      0.0775,
      0.625,
      0.39,
      0.155,
      0.7025,
      0.4675,
      0.235,
      0,
      0.545,
      0.3125,
      0.0775,
      0.625,
      0.39,
      0.155,
      0.7025,
      0.4675,
      0.235,
      0,
      0.545,
      0.3125,
      0.0775,
      0.625,
      0.39,
      0.155,
      0.7025,
      0.4675,
      0.235,
      0,
      0.545,
      0.3125,
      0.0775,
      0.625,
      0.39,
      0.155,
      0.7025,
      0.4675,
      0.235,
      0,
      0.545,
      0.3125,
      0.0775,
      0.625,
      0.39,
      0.155,
      0.7025,
      0.4675,
      0.235,
      0,
      0.545,
      0.3125,
      0.0775,
      0.625,
      0.39,
      0.155,
      0.7025,
      0.4675,
      0.235
    ],
    "SoftwareVersions": "syngo MR E11",
    "SpacingBetweenSlices": 2.4,
    "StationName": "",
    "TaskName": "SC",
    "TotalReadoutTime": 0.045391,
    "TxRefAmp": 259.3,
    "VendorReportedEchoSpacing": 0.00051,
    "WipMemBlock": "0dd1142a-20e0-4151-b73a-e784d1d22a03||Sequence: R016 ve11c/master r/e634e98; Dec 19 2017 11:00:25 by eja",
    "dataset": "ds004073",
    "modality": "bold",
    "subject_id": "OXF20",
    "task_id": "SC"
  },
  "dummy_trs": 2,
  "dvars_nstd": 30.96914594138111,
  "dvars_std": 1.0250421434440555,
  "dvars_vstd": 0.9968053329370635,
  "efc": 0.5197346177106504,
  "fber": 651.83984375,
  "fd_mean": 0.11228291758297891,
  "fd_num": 39,
  "fd_perc": 6.806282722513089,
  "fwhm_avg": 2.922551272757135,
  "fwhm_x": 2.68279989339511,
  "fwhm_y": 3.080633210919968,
  "fwhm_z": 3.004220713956328,
  "gcor": 0.0100535,
  "gsr_x": -0.006337884813547134,
  "gsr_y": 0.10251684486865997,
  "provenance": {
    "md5sum": "565daf895dd9ab3112dcf9768942dc78",
    "settings": {
      "fd_thres": 0.2,
      "testing": false
    },
    "software": "mriqc",
    "version": "23.0.0",
    "webapi_port": null,
    "webapi_url": "https://mriqc.nimh.nih.gov/api/v1"
  },
  "size_t": 573,
  "size_x": 90,
  "size_y": 90,
  "size_z": 60,
  "snr": 2.446480460762416,
  "spacing_tr": 0.800000011920929,
  "spacing_x": 2.4000000953674316,
  "spacing_y": 2.4000000953674316,
  "spacing_z": 2.4000000953674316,
  "summary_bg_k": 20.452796215240266,
  "summary_bg_mad": 98.78841729318073,
  "summary_bg_mean": 328.6213684082031,
  "summary_bg_median": 139.4729461669922,
  "summary_bg_n": 324825.0,
  "summary_bg_p05": 63.951133728027344,
  "summary_bg_p95": 1313.868090820312,
  "summary_bg_stdv": 501.11383056640625,
  "summary_fg_k": 0.8814714295750679,
  "summary_fg_mad": 1348.5340398885078,
  "summary_fg_mean": 4008.487548828125,
  "summary_fg_median": 3676.466796875,
  "summary_fg_n": 84060.0,
  "summary_fg_p05": 2105.7618774414063,
  "summary_fg_p95": 6892.611425781251,
  "summary_fg_stdv": 1502.74853515625,
  "tsnr": 42.18697859707754
}