{
  "aor": 0.00040869109947643976,
  "aqi": 0.00504360144851658,
  "bids_meta": {
    "AcquisitionMatrixPE": 90,
    "AcquisitionNumber": 1,
    "AcquisitionTime": "",
    "BandwidthPerPixelPhaseEncode": 21.786,
    "BaseResolution": 90,
    "BodyPartExamined": "BRAIN",
    "ConsistencyInfo": "N4_VE11C_LATEST_20160120",
    "ConversionSoftware": "dcm2niix",
    "ConversionSoftwareVersion": "v1.0.20210317",
    "DerivedVendorReportedEchoSpacing": 0.000510012,
    "DeviceSerialNumber": "66093",
    "DwellTime": 2e-06,
    "EchoTime": 0.03,
    "EchoTrainLength": 90,
    "EffectiveEchoSpacing": 0.000510012,
    "FlipAngle": 52,
    "ImageComments": "Unaliased MB6/PE3/LB",
    "ImageOrientationPatientDICOM": [
      0.999986,
      0.00156468,
      0.00499302,
      3.19557e-08,
      0.954241,
      -0.29904
    ],
    "ImageType": [
      "ORIGINAL",
      "PRIMARY",
      "M",
      "MB",
      "ND",
      "MOSAIC"
    ],
    "ImagingFrequency": 123.259,
    "InPlanePhaseEncodingDirectionDICOM": "COL",
    "InstitutionAddress": "",
    "InstitutionName": "",
    "InstitutionalDepartmentName": "",
    "MRAcquisitionType": "2D",
    "MagneticFieldStrength": 3,
    "Manufacturer": "Siemens",
    "ManufacturersModelName": "Prisma",
    "Modality": "MR",
    "MultibandAccelerationFactor": 6,
    "PartialFourier": 1,
    "PatientPosition": "HFS",
    "PercentPhaseFOV": 100,
    "PercentSampling": 100,
    "PhaseEncodingDirection": "j-",
    "PhaseEncodingSteps": 90,
    "PhaseResolution": 1,
    "PixelBandwidth": 2780,
    "ProtocolName": "BOLD_2p4_MB6_P1_TE30_TR800_AP",
    "PulseSequenceDetails": "%CustomerSeq%\\cmrr_mbep2d_bold",
    "ReceiveCoilActiveElements": "HEA;HEP",
    "ReceiveCoilName": "Head_32",
    "ReconMatrixPE": 90,
    "RepetitionTime": 0.8,
    "SAR": 0.0788199,
    "ScanOptions": "FS",
    "ScanningSequence": "EP",
    "SequenceName": "epfid2d1_90",
    "SequenceVariant": "SK\\SS",
    "SeriesDescription": "BOLD_2p4_MB6_P1_TE30_TR800_AP",
    "SeriesNumber": 7,
    "ShimSetting": [
      4954,
      -11369,
      -1324,
      549,
      30,
      124,
      -45,
      48
    ],
    "SliceThickness": 2.4,
    "SliceTiming": [
      0,
      0.5475,
      0.3125,
      0.08,
      0.625,
      0.39,
      0.1575,
      0.7025,
      0.47,
      0.235,
      0,
      0.5475,
      0.3125,
      0.08,
      0.625,
      0.39,
      0.1575,
      0.7025,
      0.47,
      0.235,
      0,
      0.5475,
      0.3125,
      0.08,
      0.625,
      0.39,
      0.1575,
      0.7025,
      0.47,
      0.235,
      0,
      0.5475,
      0.3125,
      0.08,
      0.625,
      0.39,
      0.1575,
      0.7025,
      0.47,
      0.235,
      0,
      0.5475,
      0.3125,
      0.08,
      0.625,
      0.39,
      0.1575,
      0.7025,
      0.47,
      0.235,
      0,
      0.5475,
      0.3125,
      0.08,
      0.625,
      0.39,
      0.1575,
      0.7025,
      0.47,
      0.235
    ],
    "SoftwareVersions": "syngo MR E11",
    "SpacingBetweenSlices": 2.4,
    "StationName": "",
    "TaskName": "WC",
    "TotalReadoutTime": 0.045391,
    "TxRefAmp": 259.3,
    "VendorReportedEchoSpacing": 0.00051,
    "WipMemBlock": "027faa9d-ae8c-4711-9449-82840726f69e||Sequence: R016 ve11c/master r/e634e98; Dec 19 2017 11:00:25 by eja",
    "dataset": "ds004073",
    "modality": "bold",
    "subject_id": "OXF20",
    "task_id": "WC"
  },
  "dummy_trs": 2,
  "dvars_nstd": 30.209169618094425,
  "dvars_std": 0.9982285323601412,
  "dvars_vstd": 0.9831015032517467,
  "efc": 0.5194253327082433,
  "fber": 672.3109741210938,
  "fd_mean": 0.11586558397683974,
  "fd_num": 51,
  "fd_perc": 8.900523560209423,
  "fwhm_avg": 2.899473495896386,
  "fwhm_x": 2.676145726992856,
  "fwhm_y": 3.0728957112274284,
  "fwhm_z": 2.949379049468873,
  "gcor": 0.0104685,
  "gsr_x": -0.00746897840872407,
  "gsr_y": 0.10226156562566757,
  "provenance": {
    "md5sum": "a3ade179aac9ddf02b50602f612f9edb",
    "settings": {
      "fd_thres": 0.2,
      "testing": false
    },
    "software": "mriqc",
    "version": "23.0.0",
    "webapi_port": null,
    "webapi_url": "https://mriqc.nimh.nih.gov/api/v1"
  },
  "size_t": 573,
  "size_x": 90,
  "size_y": 90,
  "size_z": 60,
  "snr": 2.4484926894444876,
  "spacing_tr": 0.800000011920929,
  "spacing_x": 2.4000000953674316,
  "spacing_y": 2.4000000953674316,
  "spacing_z": 2.4000000953674316,
  "summary_bg_k": 20.90995724358296,
  "summary_bg_mad": 99.14289260692836,
  "summary_bg_mean": 327.406982421875,
  "summary_bg_median": 137.9354248046875,
  "summary_bg_n": 324690.0,
  "summary_bg_p05": 62.56370162963867,
  "summary_bg_p95": 1300.0256713867182,
  "summary_bg_stdv": 499.5188903808594,
  "summary_fg_k": 0.9155332999505719,
  "summary_fg_mad": 1346.2882377730982,
  "summary_fg_mean": 4015.134033203125,
  "summary_fg_median": 3681.518310546875,
  "summary_fg_n": 84245.0,
  "summary_fg_p05": 2113.1103515625,
  "summary_fg_p95": 6894.7416015625,
  "summary_fg_stdv": 1503.57666015625,
  "tsnr": 39.82750759832561
}