{
  "aor": 0.0021573821989528796,
  "aqi": 0.008763777643979058,
  "bids_meta": {
    "AcquisitionMatrixPE": 90,
    "AcquisitionNumber": 1,
    "AcquisitionTime": "",
    "BandwidthPerPixelPhaseEncode": 21.786,
    "BaseResolution": 90,
    "BodyPartExamined": "BRAIN",
    "ConsistencyInfo": "N4_VE11C_LATEST_20160120",
    "ConversionSoftware": "dcm2niix",
    "ConversionSoftwareVersion": "v1.0.20210317",
    "DerivedVendorReportedEchoSpacing": 0.000510012,
    "DeviceSerialNumber": "66093",
    "DwellTime": 2e-06,
    "EchoTime": 0.03,
    "EchoTrainLength": 90,
    "EffectiveEchoSpacing": 0.000510012,
    "FlipAngle": 52,
    "ImageComments": "Unaliased MB6/PE3/LB",
    "ImageOrientationPatientDICOM": [
      0.999986,
      0.00156468,
      0.00499302,
      3.19557e-08,
      0.954241,
      -0.29904
    ],
    "ImageType": [
      "ORIGINAL",
      "PRIMARY",
      "M",
      "MB",
      "ND",
      "MOSAIC"
    ],
    "ImagingFrequency": 123.259,
    "InPlanePhaseEncodingDirectionDICOM": "COL",
    "InstitutionAddress": "",
    "InstitutionName": "",
    "InstitutionalDepartmentName": "",
    "MRAcquisitionType": "2D",
    "MagneticFieldStrength": 3,
    "Manufacturer": "Siemens",
    "ManufacturersModelName": "Prisma",
    "Modality": "MR",
    "MultibandAccelerationFactor": 6,
    "PartialFourier": 1,
    "PatientPosition": "HFS",
    "PercentPhaseFOV": 100,
    "PercentSampling": 100,
    "PhaseEncodingDirection": "j-",
    "PhaseEncodingSteps": 90,
    "PhaseResolution": 1,
    "PixelBandwidth": 2780,
    "ProtocolName": "BOLD_2p4_MB6_P1_TE30_TR800_AP",
    "PulseSequenceDetails": "%CustomerSeq%\\cmrr_mbep2d_bold",
    "ReceiveCoilActiveElements": "HEA;HEP",
    "ReceiveCoilName": "Head_32",
    "ReconMatrixPE": 90,
    "RepetitionTime": 0.8,
    "SAR": 0.0788199,
    "ScanOptions": "FS",
    "ScanningSequence": "EP",
    "SequenceName": "epfid2d1_90",
    "SequenceVariant": "SK\\SS",
    "SeriesDescription": "BOLD_2p4_MB6_P1_TE30_TR800_AP",
    "SeriesNumber": 15,
    "ShimSetting": [
      4954,
      -11369,
      -1324,
      549,
      30,
      124,
      -45,
      48
    ],
    "SliceThickness": 2.4,
    "SliceTiming": [
      0,
      0.5475,
      0.3125,
      0.08,
      0.625,
      0.39,
      0.1575,
      0.7025,
      0.4675,
      0.235,
      0,
      0.5475,
      0.3125,
      0.08,
      0.625,
      0.39,
      0.1575,
      0.7025,
      0.4675,
      0.235,
      0,
      0.5475,
      0.3125,
      0.08,
      0.625,
      0.39,
      0.1575,
      0.7025,
      0.4675,
      0.235,
      0,
      0.5475,
      0.3125,
      0.08,
      0.625,
      0.39,
      0.1575,
      0.7025,
      0.4675,
      0.235,
      0,
      0.5475,
      0.3125,
      0.08,
      0.625,
      0.39,
      0.1575,
      0.7025,
      0.4675,
      0.235,
      0,
      0.5475,
      0.3125,
      0.08,
      0.625,
      0.39,
      0.1575,
      0.7025,
      0.4675,
      0.235
    ],
    "SoftwareVersions": "syngo MR E11",
    "SpacingBetweenSlices": 2.4,
    "StationName": "",
    "TaskName": "WG",
    "TotalReadoutTime": 0.045391,
    "TxRefAmp": 259.3,
    "VendorReportedEchoSpacing": 0.00051,
    "WipMemBlock": "3ca1e370-2f9d-40a0-873e-9ab3e37b8263||Sequence: R016 ve11c/master r/e634e98; Dec 19 2017 11:00:25 by eja",
    "dataset": "ds004073",
    "modality": "bold",
    "subject_id": "OXF20",
    "task_id": "WG"
  },
  "dummy_trs": 2,
  "dvars_nstd": 37.51197468145107,
  "dvars_std": 1.0401216706993015,
  "dvars_vstd": 1.002760218286713,
  "efc": 0.5222151026867178,
  "fber": 618.8055419921875,
  "fd_mean": 0.25307978856989555,
  "fd_num": 250,
  "fd_perc": 43.63001745200698,
  "fwhm_avg": 2.919363772883795,
  "fwhm_x": 2.6911665597293153,
  "fwhm_y": 3.1103498764058,
  "fwhm_z": 2.9565748825162697,
  "gcor": 0.0183177,
  "gsr_x": -0.007959065027534962,
  "gsr_y": 0.10346557199954987,
  "provenance": {
    "md5sum": "2d6bf201a8ae45e24aef8ae8ba7975de",
    "settings": {
      "fd_thres": 0.2,
      "testing": false
    },
    "software": "mriqc",
    "version": "23.0.0",
    "webapi_port": null,
    "webapi_url": "https://mriqc.nimh.nih.gov/api/v1"
  },
  "size_t": 573,
  "size_x": 90,
  "size_y": 90,
  "size_z": 60,
  "snr": 2.447829865339177,
  "spacing_tr": 0.800000011920929,
  "spacing_x": 2.4000000953674316,
  "spacing_y": 2.4000000953674316,
  "spacing_z": 2.4000000953674316,
  "summary_bg_k": 19.01153244587175,
  "summary_bg_mad": 103.95681396281115,
  "summary_bg_mean": 334.6672668457031,
  "summary_bg_median": 144.37957763671875,
  "summary_bg_n": 323732.0,
  "summary_bg_p05": 64.498344039917,
  "summary_bg_p95": 1328.6420593261723,
  "summary_bg_stdv": 499.90228271484375,
  "summary_fg_k": 0.9228712981792895,
  "summary_fg_mad": 1363.001718275634,
  "summary_fg_mean": 4029.756103515625,
  "summary_fg_median": 3702.591796875,
  "summary_fg_n": 84028.0,
  "summary_fg_p05": 2108.271411132813,
  "summary_fg_p95": 6927.871166992187,
  "summary_fg_stdv": 1512.5927734375,
  "tsnr": 31.208574943244457
}