{
  "aor": 0.0011706282722513091,
  "aqi": 0.006802010418848167,
  "bids_meta": {
    "AcquisitionMatrixPE": 90,
    "AcquisitionNumber": 1,
    "AcquisitionTime": "",
    "BandwidthPerPixelPhaseEncode": 21.786,
    "BaseResolution": 90,
    "BodyPartExamined": "BRAIN",
    "ConsistencyInfo": "N4_VE11C_LATEST_20160120",
    "ConversionSoftware": "dcm2niix",
    "ConversionSoftwareVersion": "v1.0.20210317",
    "DerivedVendorReportedEchoSpacing": 0.000510012,
    "DeviceSerialNumber": "66093",
    "DwellTime": 2e-06,
    "EchoTime": 0.03,
    "EchoTrainLength": 90,
    "EffectiveEchoSpacing": 0.000510012,
    "FlipAngle": 52,
    "ImageComments": "Unaliased MB6/PE3/LB",
    "ImageOrientationPatientDICOM": [
      0.999986,
      0.00156468,
      0.00499302,
      3.19557e-08,
      0.954241,
      -0.29904
    ],
    "ImageType": [
      "ORIGINAL",
      "PRIMARY",
      "M",
      "MB",
      "ND",
      "MOSAIC"
    ],
    "ImagingFrequency": 123.259,
    "InPlanePhaseEncodingDirectionDICOM": "COL",
    "InstitutionAddress": "",
    "InstitutionName": "",
    "InstitutionalDepartmentName": "",
    "MRAcquisitionType": "2D",
    "MagneticFieldStrength": 3,
    "Manufacturer": "Siemens",
    "ManufacturersModelName": "Prisma",
    "Modality": "MR",
    "MultibandAccelerationFactor": 6,
    "PartialFourier": 1,
    "PatientPosition": "HFS",
    "PercentPhaseFOV": 100,
    "PercentSampling": 100,
    "PhaseEncodingDirection": "j-",
    "PhaseEncodingSteps": 90,
    "PhaseResolution": 1,
    "PixelBandwidth": 2780,
    "ProtocolName": "BOLD_2p4_MB6_P1_TE30_TR800_AP",
    "PulseSequenceDetails": "%CustomerSeq%\\cmrr_mbep2d_bold",
    "ReceiveCoilActiveElements": "HEA;HEP",
    "ReceiveCoilName": "Head_32",
    "ReconMatrixPE": 90,
    "RepetitionTime": 0.8,
    "SAR": 0.0788199,
    "ScanOptions": "FS",
    "ScanningSequence": "EP",
    "SequenceName": "epfid2d1_90",
    "SequenceVariant": "SK\\SS",
    "SeriesDescription": "BOLD_2p4_MB6_P1_TE30_TR800_AP",
    "SeriesNumber": 17,
    "ShimSetting": [
      4954,
      -11369,
      -1324,
      549,
      30,
      124,
      -45,
      48
    ],
    "SliceThickness": 2.4,
    "SliceTiming": [
      0,
      0.545,
      0.3125,
      0.0775,
      0.6225,
      0.39,
      0.155,
      0.7,
      0.4675,
      0.2325,
      0,
      0.545,
      0.3125,
      0.0775,
      0.6225,
      0.39,
      0.155,
      0.7,
      0.4675,
      0.2325,
      0,
      0.545,
      0.3125,
      0.0775,
      0.6225,
      0.39,
      0.155,
      0.7,
      0.4675,
      0.2325,
      0,
      0.545,
      0.3125,
      0.0775,
      0.6225,
      0.39,
      0.155,
      0.7,
      0.4675,
      0.2325,
      0,
      0.545,
      0.3125,
      0.0775,
      0.6225,
      0.39,
      0.155,
      0.7,
      0.4675,
      0.2325,
      0,
      0.545,
      0.3125,
      0.0775,
      0.6225,
      0.39,
      0.155,
      0.7,
      0.4675,
      0.2325
    ],
    "SoftwareVersions": "syngo MR E11",
    "SpacingBetweenSlices": 2.4,
    "StationName": "",
    "TaskName": "SD",
    "TotalReadoutTime": 0.045391,
    "TxRefAmp": 259.3,
    "VendorReportedEchoSpacing": 0.00051,
    "WipMemBlock": "66bfbee2-9571-49a5-ad2d-08403accd691||Sequence: R016 ve11c/master r/e634e98; Dec 19 2017 11:00:25 by eja",
    "dataset": "ds004073",
    "modality": "bold",
    "subject_id": "OXF20",
    "task_id": "SD"
  },
  "dummy_trs": 2,
  "dvars_nstd": 31.80480745267484,
  "dvars_std": 1.008977873199299,
  "dvars_vstd": 0.9907952769230773,
  "efc": 0.5227232137621008,
  "fber": 628.4752807617188,
  "fd_mean": 0.14355570393626227,
  "fd_num": 120,
  "fd_perc": 20.94240837696335,
  "fwhm_avg": 2.8993943292328646,
  "fwhm_x": 2.6742582270678588,
  "fwhm_y": 3.0635957115969776,
  "fwhm_z": 2.960329049033759,
  "gcor": 0.0130279,
  "gsr_x": -0.0060883392579853535,
  "gsr_y": 0.10392028093338013,
  "provenance": {
    "md5sum": "c13783f5811cf170d604ddbe2c869a50",
    "settings": {
      "fd_thres": 0.2,
      "testing": false
    },
    "software": "mriqc",
    "version": "23.0.0",
    "webapi_port": null,
    "webapi_url": "https://mriqc.nimh.nih.gov/api/v1"
  },
  "size_t": 573,
  "size_x": 90,
  "size_y": 90,
  "size_z": 60,
  "snr": 2.4483846305966948,
  "spacing_tr": 0.800000011920929,
  "spacing_x": 2.4000000953674316,
  "spacing_y": 2.4000000953674316,
  "spacing_z": 2.4000000953674316,
  "summary_bg_k": 18.868005036926778,
  "summary_bg_mad": 104.02538341050845,
  "summary_bg_mean": 337.2925109863281,
  "summary_bg_median": 142.4136199951172,
  "summary_bg_n": 324763.0,
  "summary_bg_p05": 62.79755783081055,
  "summary_bg_p95": 1349.8145141601535,
  "summary_bg_stdv": 508.8002624511719,
  "summary_fg_k": 1.0601247424984015,
  "summary_fg_mad": 1331.7774857375339,
  "summary_fg_mean": 3993.254150390625,
  "summary_fg_median": 3663.420654296875,
  "summary_fg_n": 83781.0,
  "summary_fg_p05": 2105.666748046875,
  "summary_fg_p95": 6858.7451171875,
  "summary_fg_stdv": 1496.2513427734375,
  "tsnr": 34.222554333508015
}