{
  "aor": 0.0018840909090909093,
  "aqi": 0.005017571276223776,
  "bids_meta": {
    "AcquisitionMatrixPE": 90,
    "AcquisitionNumber": 1,
    "AcquisitionTime": "",
    "BandwidthPerPixelPhaseEncode": 21.786,
    "BaseResolution": 90,
    "BodyPartExamined": "BRAIN",
    "ConsistencyInfo": "N4_VE11C_LATEST_20160120",
    "ConversionSoftware": "dcm2niix",
    "ConversionSoftwareVersion": "v1.0.20210317",
    "DerivedVendorReportedEchoSpacing": 0.000510012,
    "DeviceSerialNumber": "66093",
    "DwellTime": 2e-06,
    "EchoTime": 0.03,
    "EchoTrainLength": 90,
    "EffectiveEchoSpacing": 0.000510012,
    "FlipAngle": 52,
    "ImageComments": "Unaliased MB6/PE3/LB",
    "ImageOrientationPatientDICOM": [
      0.999986,
      8.21422e-05,
      0.0052318,
      4.29203e-08,
      0.999877,
      -0.0157068
    ],
    "ImageType": [
      "ORIGINAL",
      "PRIMARY",
      "M",
      "MB",
      "ND",
      "MOSAIC"
    ],
    "ImagingFrequency": 123.26,
    "InPlanePhaseEncodingDirectionDICOM": "COL",
    "InstitutionAddress": "",
    "InstitutionName": "",
    "InstitutionalDepartmentName": "",
    "MRAcquisitionType": "2D",
    "MagneticFieldStrength": 3,
    "Manufacturer": "Siemens",
    "ManufacturersModelName": "Prisma",
    "Modality": "MR",
    "MultibandAccelerationFactor": 6,
    "PartialFourier": 1,
    "PatientPosition": "HFS",
    "PercentPhaseFOV": 100,
    "PercentSampling": 100,
    "PhaseEncodingDirection": "j-",
    "PhaseEncodingSteps": 90,
    "PhaseResolution": 1,
    "PixelBandwidth": 2780,
    "ProtocolName": "BOLD_2p4_MB6_P1_TE30_TR800_AP",
    "PulseSequenceDetails": "%CustomerSeq%\\cmrr_mbep2d_bold",
    "ReceiveCoilActiveElements": "HEA;HEP",
    "ReceiveCoilName": "Head_32",
    "ReconMatrixPE": 90,
    "RepetitionTime": 0.8,
    "SAR": 0.085834,
    "ScanOptions": "FS",
    "ScanningSequence": "EP",
    "SequenceName": "epfid2d1_90",
    "SequenceVariant": "SK\\SS",
    "SeriesDescription": "BOLD_2p4_MB6_P1_TE30_TR800_AP",
    "SeriesNumber": 7,
    "ShimSetting": [
      4952,
      -11447,
      -1402,
      396,
      41,
      -84,
      22,
      14
    ],
    "SliceThickness": 2.4,
    "SliceTiming": [
      0,
      0.545,
      0.3125,
      0.0775,
      0.625,
      0.39,
      0.155,
      0.7025,
      0.4675,
      0.235,
      0,
      0.545,
      0.3125,
      0.0775,
      0.625,
      0.39,
      0.155,
      0.7025,
      0.4675,
      0.235,
      0,
      0.545,
      0.3125,
      0.0775,
      0.625,
      0.39,
      0.155,
      0.7025,
      0.4675,
      0.235,
      0,
      0.545,
      0.3125,
      0.0775,
      0.625,
      0.39,
      0.155,
      0.7025,
      0.4675,
      0.235,
      0,
      0.545,
      0.3125,
      0.0775,
      0.625,
      0.39,
      0.155,
      0.7025,
      0.4675,
      0.235,
      0,
      0.545,
      0.3125,
      0.0775,
      0.625,
      0.39,
      0.155,
      0.7025,
      0.4675,
      0.235
    ],
    "SoftwareVersions": "syngo MR E11",
    "SpacingBetweenSlices": 2.4,
    "StationName": "",
    "TaskName": "SD",
    "TotalReadoutTime": 0.045391,
    "TxRefAmp": 240.884,
    "VendorReportedEchoSpacing": 0.00051,
    "WipMemBlock": "022cfec4-20f0-4624-b36c-53d84a98ddc5||Sequence: R016 ve11c/master r/e634e98; Dec 19 2017 11:00:25 by eja",
    "dataset": "ds004073",
    "modality": "bold",
    "subject_id": "OXF19",
    "task_id": "SD"
  },
  "dummy_trs": 3,
  "dvars_nstd": 29.350649758528903,
  "dvars_std": 1.0418875406830117,
  "dvars_vstd": 0.999415599632223,
  "efc": 0.5002970555911956,
  "fber": 945.3505249023438,
  "fd_mean": 0.09379784822990542,
  "fd_num": 4,
  "fd_perc": 0.6993006993006993,
  "fwhm_avg": 3.203738868436666,
  "fwhm_x": 3.0690707113794207,
  "fwhm_y": 3.315295701595318,
  "fwhm_z": 3.2268501923352595,
  "gcor": 0.00526067,
  "gsr_x": -0.017622755840420723,
  "gsr_y": 0.0665251687169075,
  "provenance": {
    "md5sum": "2570e64179c68485821f680eba90c74e",
    "settings": {
      "fd_thres": 0.2,
      "testing": false
    },
    "software": "mriqc",
    "version": "23.0.0",
    "webapi_port": null,
    "webapi_url": "https://mriqc.nimh.nih.gov/api/v1"
  },
  "size_t": 572,
  "size_x": 90,
  "size_y": 90,
  "size_z": 60,
  "snr": 2.2637563110966936,
  "spacing_tr": 0.800000011920929,
  "spacing_x": 2.4000000953674316,
  "spacing_y": 2.4000000953674316,
  "spacing_z": 2.3999998569488525,
  "summary_bg_k": 23.28579993576241,
  "summary_bg_mad": 85.67988897144757,
  "summary_bg_mean": 281.6980895996094,
  "summary_bg_median": 125.80069732666016,
  "summary_bg_n": 321702.0,
  "summary_bg_p05": 61.11538314819336,
  "summary_bg_p95": 1115.9515380859377,
  "summary_bg_stdv": 425.7898864746094,
  "summary_fg_k": 1.198922920180478,
  "summary_fg_mad": 1538.552354082576,
  "summary_fg_mean": 4352.05517578125,
  "summary_fg_median": 3949.416015625,
  "summary_fg_n": 89581.0,
  "summary_fg_p05": 2217.447509765625,
  "summary_fg_p95": 7744.4140625,
  "summary_fg_stdv": 1744.6197509765625,
  "tsnr": 40.40459805401042
}