{
  "aor": 0.0005453671328671329,
  "aqi": 0.003959257045454545,
  "bids_meta": {
    "AcquisitionMatrixPE": 90,
    "AcquisitionNumber": 1,
    "AcquisitionTime": "",
    "BandwidthPerPixelPhaseEncode": 21.786,
    "BaseResolution": 90,
    "BodyPartExamined": "BRAIN",
    "ConsistencyInfo": "N4_VE11C_LATEST_20160120",
    "ConversionSoftware": "dcm2niix",
    "ConversionSoftwareVersion": "v1.0.20210317",
    "DerivedVendorReportedEchoSpacing": 0.000510012,
    "DeviceSerialNumber": "66093",
    "DwellTime": 2e-06,
    "EchoTime": 0.03,
    "EchoTrainLength": 90,
    "EffectiveEchoSpacing": 0.000510012,
    "FlipAngle": 52,
    "ImageComments": "Unaliased MB6/PE3/LB",
    "ImageOrientationPatientDICOM": [
      0.999986,
      0.000836544,
      0.00516514,
      2.25344e-08,
      0.987136,
      -0.159881
    ],
    "ImageType": [
      "ORIGINAL",
      "PRIMARY",
      "M",
      "MB",
      "ND",
      "MOSAIC"
    ],
    "ImagingFrequency": 123.259,
    "InPlanePhaseEncodingDirectionDICOM": "COL",
    "InstitutionAddress": "",
    "InstitutionName": "",
    "InstitutionalDepartmentName": "",
    "MRAcquisitionType": "2D",
    "MagneticFieldStrength": 3,
    "Manufacturer": "Siemens",
    "ManufacturersModelName": "Prisma",
    "Modality": "MR",
    "MultibandAccelerationFactor": 6,
    "PartialFourier": 1,
    "PatientPosition": "HFS",
    "PercentPhaseFOV": 100,
    "PercentSampling": 100,
    "PhaseEncodingDirection": "j-",
    "PhaseEncodingSteps": 90,
    "PhaseResolution": 1,
    "PixelBandwidth": 2780,
    "ProtocolName": "BOLD_2p4_MB6_P1_TE30_TR800_AP",
    "PulseSequenceDetails": "%CustomerSeq%\\cmrr_mbep2d_bold",
    "ReceiveCoilActiveElements": "HEA;HEP",
    "ReceiveCoilName": "Head_32",
    "ReconMatrixPE": 90,
    "RepetitionTime": 0.8,
    "SAR": 0.0767784,
    "ScanOptions": "FS",
    "ScanningSequence": "EP",
    "SequenceName": "epfid2d1_90",
    "SequenceVariant": "SK\\SS",
    "SeriesDescription": "BOLD_2p4_MB6_P1_TE30_TR800_AP",
    "SeriesNumber": 5,
    "ShimSetting": [
      4945,
      -11401,
      -1391,
      606,
      -35,
      75,
      79,
      19
    ],
    "SliceThickness": 2.4,
    "SliceTiming": [
      0,
      0.5475,
      0.3125,
      0.08,
      0.625,
      0.39,
      0.1575,
      0.7025,
      0.47,
      0.235,
      0,
      0.5475,
      0.3125,
      0.08,
      0.625,
      0.39,
      0.1575,
      0.7025,
      0.47,
      0.235,
      0,
      0.5475,
      0.3125,
      0.08,
      0.625,
      0.39,
      0.1575,
      0.7025,
      0.47,
      0.235,
      0,
      0.5475,
      0.3125,
      0.08,
      0.625,
      0.39,
      0.1575,
      0.7025,
      0.47,
      0.235,
      0,
      0.5475,
      0.3125,
      0.08,
      0.625,
      0.39,
      0.1575,
      0.7025,
      0.47,
      0.235,
      0,
      0.5475,
      0.3125,
      0.08,
      0.625,
      0.39,
      0.1575,
      0.7025,
      0.47,
      0.235
    ],
    "SoftwareVersions": "syngo MR E11",
    "SpacingBetweenSlices": 2.4,
    "StationName": "",
    "TaskName": "PD",
    "TotalReadoutTime": 0.045391,
    "TxRefAmp": 231.521,
    "VendorReportedEchoSpacing": 0.00051,
    "WipMemBlock": "e5e4c7c1-1a5c-47f5-90de-5721eec4ae20||Sequence: R016 ve11c/master r/e634e98; Dec 19 2017 11:00:25 by eja",
    "dataset": "ds004073",
    "modality": "bold",
    "subject_id": "OXF25",
    "task_id": "PD"
  },
  "dummy_trs": 3,
  "dvars_nstd": 29.22641171584941,
  "dvars_std": 1.0449396675481604,
  "dvars_vstd": 0.9957491579509636,
  "efc": 0.4793565031573801,
  "fber": 1485.053955078125,
  "fd_mean": 0.0885731600068769,
  "fd_num": 2,
  "fd_perc": 0.34965034965034963,
  "fwhm_avg": 3.2130012612156897,
  "fwhm_x": 2.9616040489830953,
  "fwhm_y": 3.335820700779728,
  "fwhm_z": 3.341579033884246,
  "gcor": 0.0107619,
  "gsr_x": -0.016547393053770065,
  "gsr_y": 0.05751151964068413,
  "provenance": {
    "md5sum": "6115b249b1c18ef8a49cbc3f1faccaf2",
    "settings": {
      "fd_thres": 0.2,
      "testing": false
    },
    "software": "mriqc",
    "version": "23.0.0",
    "webapi_port": null,
    "webapi_url": "https://mriqc.nimh.nih.gov/api/v1"
  },
  "size_t": 572,
  "size_x": 90,
  "size_y": 90,
  "size_z": 60,
  "snr": 2.646261360454157,
  "spacing_tr": 0.800000011920929,
  "spacing_x": 2.4000000953674316,
  "spacing_y": 2.4000000953674316,
  "spacing_z": 2.4000000953674316,
  "summary_bg_k": 25.68171625045048,
  "summary_bg_mad": 54.874425501748924,
  "summary_bg_mean": 221.47117614746094,
  "summary_bg_median": 96.05944061279297,
  "summary_bg_n": 332629.0,
  "summary_bg_p05": 55.03146743774414,
  "summary_bg_p95": 872.8807617187474,
  "summary_bg_stdv": 344.9383850097656,
  "summary_fg_k": 1.2172821576956006,
  "summary_fg_mad": 1204.860437669733,
  "summary_fg_mean": 4073.835693359375,
  "summary_fg_median": 3769.349609375,
  "summary_fg_n": 79911.0,
  "summary_fg_p05": 2290.5838623046875,
  "summary_fg_p95": 6956.5244140625,
  "summary_fg_stdv": 1424.396728515625,
  "tsnr": 46.49095507338643
}