{
  "aor": 0.00063301393728223,
  "aqi": 0.003870286289198606,
  "bids_meta": {
    "AcquisitionMatrixPE": 90,
    "AcquisitionNumber": 1,
    "AcquisitionTime": "",
    "BandwidthPerPixelPhaseEncode": 21.786,
    "BaseResolution": 90,
    "BodyPartExamined": "BRAIN",
    "ConsistencyInfo": "N4_VE11C_LATEST_20160120",
    "ConversionSoftware": "dcm2niix",
    "ConversionSoftwareVersion": "v1.0.20210317",
    "DerivedVendorReportedEchoSpacing": 0.000510012,
    "DeviceSerialNumber": "66093",
    "DwellTime": 2e-06,
    "EchoTime": 0.03,
    "EchoTrainLength": 90,
    "EffectiveEchoSpacing": 0.000510012,
    "FlipAngle": 52,
    "ImageComments": "Unaliased MB6/PE3/LB",
    "ImageOrientationPatientDICOM": [
      0.999986,
      0.000836544,
      0.00516514,
      2.25344e-08,
      0.987136,
      -0.159881
    ],
    "ImageType": [
      "ORIGINAL",
      "PRIMARY",
      "M",
      "MB",
      "ND",
      "MOSAIC"
    ],
    "ImagingFrequency": 123.259,
    "InPlanePhaseEncodingDirectionDICOM": "COL",
    "InstitutionAddress": "",
    "InstitutionName": "",
    "InstitutionalDepartmentName": "",
    "MRAcquisitionType": "2D",
    "MagneticFieldStrength": 3,
    "Manufacturer": "Siemens",
    "ManufacturersModelName": "Prisma",
    "Modality": "MR",
    "MultibandAccelerationFactor": 6,
    "PartialFourier": 1,
    "PatientPosition": "HFS",
    "PercentPhaseFOV": 100,
    "PercentSampling": 100,
    "PhaseEncodingDirection": "j-",
    "PhaseEncodingSteps": 90,
    "PhaseResolution": 1,
    "PixelBandwidth": 2780,
    "ProtocolName": "BOLD_2p4_MB6_P1_TE30_TR800_AP",
    "PulseSequenceDetails": "%CustomerSeq%\\cmrr_mbep2d_bold",
    "ReceiveCoilActiveElements": "HEA;HEP",
    "ReceiveCoilName": "Head_32",
    "ReconMatrixPE": 90,
    "RepetitionTime": 0.8,
    "SAR": 0.0767784,
    "ScanOptions": "FS",
    "ScanningSequence": "EP",
    "SequenceName": "epfid2d1_90",
    "SequenceVariant": "SK\\SS",
    "SeriesDescription": "BOLD_2p4_MB6_P1_TE30_TR800_AP",
    "SeriesNumber": 19,
    "ShimSetting": [
      4945,
      -11401,
      -1391,
      606,
      -35,
      75,
      79,
      19
    ],
    "SliceThickness": 2.4,
    "SliceTiming": [
      0,
      0.545,
      0.31,
      0.0775,
      0.6225,
      0.39,
      0.155,
      0.7,
      0.4675,
      0.2325,
      0,
      0.545,
      0.31,
      0.0775,
      0.6225,
      0.39,
      0.155,
      0.7,
      0.4675,
      0.2325,
      0,
      0.545,
      0.31,
      0.0775,
      0.6225,
      0.39,
      0.155,
      0.7,
      0.4675,
      0.2325,
      0,
      0.545,
      0.31,
      0.0775,
      0.6225,
      0.39,
      0.155,
      0.7,
      0.4675,
      0.2325,
      0,
      0.545,
      0.31,
      0.0775,
      0.6225,
      0.39,
      0.155,
      0.7,
      0.4675,
      0.2325,
      0,
      0.545,
      0.31,
      0.0775,
      0.6225,
      0.39,
      0.155,
      0.7,
      0.4675,
      0.2325
    ],
    "SoftwareVersions": "syngo MR E11",
    "SpacingBetweenSlices": 2.4,
    "StationName": "",
    "TaskName": "SC",
    "TotalReadoutTime": 0.045391,
    "TxRefAmp": 231.521,
    "VendorReportedEchoSpacing": 0.00051,
    "WipMemBlock": "8b22e3fc-3d4c-4bab-af48-05b0d6a4aedb||Sequence: R016 ve11c/master r/e634e98; Dec 19 2017 11:00:25 by eja",
    "dataset": "ds004073",
    "modality": "bold",
    "subject_id": "OXF25",
    "task_id": "SC"
  },
  "dummy_trs": 1,
  "dvars_nstd": 29.076641632233827,
  "dvars_std": 1.0546610807853396,
  "dvars_vstd": 1.0086148569109945,
  "efc": 0.4816806339200203,
  "fber": 1414.4422607421875,
  "fd_mean": 0.09865222326573311,
  "fd_num": 12,
  "fd_perc": 2.0905923344947737,
  "fwhm_avg": 3.2408915378852075,
  "fwhm_x": 2.992574881085758,
  "fwhm_y": 3.329445701033048,
  "fwhm_z": 3.400654031536816,
  "gcor": 0.0155093,
  "gsr_x": -0.016764089465141296,
  "gsr_y": 0.05759274587035179,
  "provenance": {
    "md5sum": "42f24d72333cc905222be0bc8deb1b89",
    "settings": {
      "fd_thres": 0.2,
      "testing": false
    },
    "software": "mriqc",
    "version": "23.0.0",
    "webapi_port": null,
    "webapi_url": "https://mriqc.nimh.nih.gov/api/v1"
  },
  "size_t": 574,
  "size_x": 90,
  "size_y": 90,
  "size_z": 60,
  "snr": 2.6069047732297923,
  "spacing_tr": 0.800000011920929,
  "spacing_x": 2.4000000953674316,
  "spacing_y": 2.4000000953674316,
  "spacing_z": 2.4000000953674316,
  "summary_bg_k": 26.054169116345346,
  "summary_bg_mad": 57.32814733059442,
  "summary_bg_mean": 230.3184051513672,
  "summary_bg_median": 98.9947738647461,
  "summary_bg_n": 331776.0,
  "summary_bg_p05": 56.02787399291992,
  "summary_bg_p95": 919.4625549316406,
  "summary_bg_stdv": 358.5557556152344,
  "summary_fg_k": 1.2123352929330773,
  "summary_fg_mad": 1244.4766114028878,
  "summary_fg_mean": 4118.28759765625,
  "summary_fg_median": 3805.7666015625,
  "summary_fg_n": 79597.0,
  "summary_fg_p05": 2283.988525390625,
  "summary_fg_p95": 7060.693749999998,
  "summary_fg_stdv": 1459.8702392578125,
  "tsnr": 46.19484717864543
}