{
  "aor": 0.0009834260869565218,
  "aqi": 0.004570067895652174,
  "bids_meta": {
    "AcquisitionMatrixPE": 90,
    "AcquisitionNumber": 1,
    "AcquisitionTime": "",
    "BandwidthPerPixelPhaseEncode": 21.786,
    "BaseResolution": 90,
    "BodyPartExamined": "BRAIN",
    "ConsistencyInfo": "N4_VE11C_LATEST_20160120",
    "ConversionSoftware": "dcm2niix",
    "ConversionSoftwareVersion": "v1.0.20210317",
    "DerivedVendorReportedEchoSpacing": 0.000510012,
    "DeviceSerialNumber": "66093",
    "DwellTime": 2e-06,
    "EchoTime": 0.03,
    "EchoTrainLength": 90,
    "EffectiveEchoSpacing": 0.000510012,
    "FlipAngle": 52,
    "ImageComments": "Unaliased MB6/PE3/LB",
    "ImageOrientationPatientDICOM": [
      0.999986,
      0.000836544,
      0.00516514,
      2.25344e-08,
      0.987136,
      -0.159881
    ],
    "ImageType": [
      "ORIGINAL",
      "PRIMARY",
      "M",
      "MB",
      "ND",
      "MOSAIC"
    ],
    "ImagingFrequency": 123.259,
    "InPlanePhaseEncodingDirectionDICOM": "COL",
    "InstitutionAddress": "",
    "InstitutionName": "",
    "InstitutionalDepartmentName": "",
    "MRAcquisitionType": "2D",
    "MagneticFieldStrength": 3,
    "Manufacturer": "Siemens",
    "ManufacturersModelName": "Prisma",
    "Modality": "MR",
    "MultibandAccelerationFactor": 6,
    "PartialFourier": 1,
    "PatientPosition": "HFS",
    "PercentPhaseFOV": 100,
    "PercentSampling": 100,
    "PhaseEncodingDirection": "j-",
    "PhaseEncodingSteps": 90,
    "PhaseResolution": 1,
    "PixelBandwidth": 2780,
    "ProtocolName": "BOLD_2p4_MB6_P1_TE30_TR800_AP",
    "PulseSequenceDetails": "%CustomerSeq%\\cmrr_mbep2d_bold",
    "ReceiveCoilActiveElements": "HEA;HEP",
    "ReceiveCoilName": "Head_32",
    "ReconMatrixPE": 90,
    "RepetitionTime": 0.8,
    "SAR": 0.0767784,
    "ScanOptions": "FS",
    "ScanningSequence": "EP",
    "SequenceName": "epfid2d1_90",
    "SequenceVariant": "SK\\SS",
    "SeriesDescription": "BOLD_2p4_MB6_P1_TE30_TR800_AP",
    "SeriesNumber": 17,
    "ShimSetting": [
      4945,
      -11401,
      -1391,
      606,
      -35,
      75,
      79,
      19
    ],
    "SliceThickness": 2.4,
    "SliceTiming": [
      0,
      0.545,
      0.3125,
      0.0775,
      0.6225,
      0.39,
      0.155,
      0.7025,
      0.4675,
      0.2325,
      0,
      0.545,
      0.3125,
      0.0775,
      0.6225,
      0.39,
      0.155,
      0.7025,
      0.4675,
      0.2325,
      0,
      0.545,
      0.3125,
      0.0775,
      0.6225,
      0.39,
      0.155,
      0.7025,
      0.4675,
      0.2325,
      0,
      0.545,
      0.3125,
      0.0775,
      0.6225,
      0.39,
      0.155,
      0.7025,
      0.4675,
      0.2325,
      0,
      0.545,
      0.3125,
      0.0775,
      0.6225,
      0.39,
      0.155,
      0.7025,
      0.4675,
      0.2325,
      0,
      0.545,
      0.3125,
      0.0775,
      0.6225,
      0.39,
      0.155,
      0.7025,
      0.4675,
      0.2325
    ],
    "SoftwareVersions": "syngo MR E11",
    "SpacingBetweenSlices": 2.4,
    "StationName": "",
    "TaskName": "WG",
    "TotalReadoutTime": 0.045391,
    "TxRefAmp": 231.521,
    "VendorReportedEchoSpacing": 0.00051,
    "WipMemBlock": "3be6838b-3bf2-4f70-9043-abf463da8f7f||Sequence: R016 ve11c/master r/e634e98; Dec 19 2017 11:00:25 by eja",
    "dataset": "ds004073",
    "modality": "bold",
    "subject_id": "OXF25",
    "task_id": "WG"
  },
  "dummy_trs": 0,
  "dvars_nstd": 31.100093183571403,
  "dvars_std": 1.0756733120731712,
  "dvars_vstd": 1.0165239878222996,
  "efc": 0.48150384614192354,
  "fber": 1419.2003173828125,
  "fd_mean": 0.12887093802188504,
  "fd_num": 82,
  "fd_perc": 14.26086956521739,
  "fwhm_avg": 3.19941792842211,
  "fwhm_x": 2.9436665496958674,
  "fwhm_y": 3.3096040351548184,
  "fwhm_z": 3.3449832004156432,
  "gcor": 0.0217975,
  "gsr_x": -0.01799655333161354,
  "gsr_y": 0.05778112635016441,
  "provenance": {
    "md5sum": "8b829a93957d0fecb44eb475b38a1d64",
    "settings": {
      "fd_thres": 0.2,
      "testing": false
    },
    "software": "mriqc",
    "version": "23.0.0",
    "webapi_port": null,
    "webapi_url": "https://mriqc.nimh.nih.gov/api/v1"
  },
  "size_t": 575,
  "size_x": 90,
  "size_y": 90,
  "size_z": 60,
  "snr": 2.629497825647415,
  "spacing_tr": 0.800000011920929,
  "spacing_x": 2.4000000953674316,
  "spacing_y": 2.4000000953674316,
  "spacing_z": 2.4000000953674316,
  "summary_bg_k": 25.42862713148816,
  "summary_bg_mad": 58.33201897587452,
  "summary_bg_mean": 227.8202667236328,
  "summary_bg_median": 98.97391510009766,
  "summary_bg_n": 331611.0,
  "summary_bg_p05": 54.81565475463867,
  "summary_bg_p95": 902.3104553222656,
  "summary_bg_stdv": 350.9382629394531,
  "summary_fg_k": 1.1932055971382471,
  "summary_fg_mad": 1237.8749413437533,
  "summary_fg_mean": 4119.9619140625,
  "summary_fg_median": 3812.29150390625,
  "summary_fg_n": 79682.0,
  "summary_fg_p05": 2296.0030151367187,
  "summary_fg_p95": 7047.027587890624,
  "summary_fg_stdv": 1449.8082275390625,
  "tsnr": 43.208973817527294
}