{
  "aor": 0.0005820173913043479,
  "aqi": 0.03601105530434783,
  "bids_meta": {
    "AcquisitionMatrixPE": 94,
    "AcquisitionNumber": 9,
    "AcquisitionTime": "",
    "BodyPartExamined": "BRAIN",
    "CoilString": "MULTI COIL",
    "ConversionSoftware": "dcm2niix",
    "ConversionSoftwareVersion": "v1.0.20210317",
    "DeviceSerialNumber": "45128",
    "EchoTime": 0.03,
    "EchoTrainLength": 47,
    "EstimatedEffectiveEchoSpacing": 0.000388467,
    "EstimatedTotalReadoutTime": 0.0369044,
    "FlipAngle": 52,
    "ImageOrientationPatientDICOM": [
      0.999849,
      -4.72661e-12,
      0.017387,
      0.000696882,
      0.999196,
      -0.0400747
    ],
    "ImageType": [
      "ORIGINAL",
      "PRIMARY",
      "M",
      "FFE",
      "M",
      "FFE"
    ],
    "ImagingFrequency": 127.764,
    "InPlanePhaseEncodingDirectionDICOM": "COL",
    "InstitutionAddress": "",
    "InstitutionName": "",
    "InstitutionalDepartmentName": "",
    "MRAcquisitionType": "2D",
    "MagneticFieldStrength": 3,
    "Manufacturer": "Philips",
    "ManufacturersModelName": "Ingenia Elition X",
    "Modality": "MR",
    "ParallelReductionFactorInPlane": 2,
    "ParallelReductionOutOfPlane": 6,
    "PatientPosition": "HFS",
    "PercentPhaseFOV": 100,
    "PercentSampling": 100,
    "PhaseEncodingAxis": "j",
    "PhaseEncodingSteps": 94,
    "PhilipsRWVIntercept": 0,
    "PhilipsRWVSlope": 1.22564,
    "PhilipsRescaleIntercept": 0,
    "PhilipsRescaleSlope": 1.22564,
    "PhilipsScaleSlope": 0.0155383,
    "PixelBandwidth": 1850,
    "ProcedureStepDescription": "COLA",
    "ProtocolName": "COLA_R6",
    "ReconMatrixPE": 96,
    "RepetitionTime": 0.8,
    "SAR": 0.0818667,
    "ScanOptions": "FS",
    "ScanningSequence": "GR",
    "SequenceVariant": "SK",
    "SeriesDescription": "COLA_R6",
    "SeriesNumber": 901,
    "SliceThickness": 2.4,
    "SoftwareVersions": "5.6.1\\5.6.1.2",
    "SpacingBetweenSlices": 2.4,
    "StationName": "",
    "TaskName": "WG",
    "UsePhilipsFloatNotDisplayScaling": 1,
    "WaterFatShift": 16.3723,
    "dataset": "ds004073",
    "modality": "bold",
    "subject_id": "BAN01",
    "task_id": "WG"
  },
  "dummy_trs": 0,
  "dvars_nstd": 68.78202244266548,
  "dvars_std": 1.124516151898955,
  "dvars_vstd": 1.0184744713763072,
  "efc": 0.40766648569074904,
  "fber": 5582806.5,
  "fd_mean": 0.15673442136253352,
  "fd_num": 161,
  "fd_perc": 28.0,
  "fwhm_avg": 2.1617595043021276,
  "fwhm_x": 2.147378158187805,
  "fwhm_y": 2.3594046000036024,
  "fwhm_z": 1.9784957547149755,
  "gcor": 0.0102888,
  "gsr_x": -0.021263577044010162,
  "gsr_y": 0.02599162794649601,
  "provenance": {
    "md5sum": "65bac50ffbb81d8c1d7c4c633380c3e7",
    "settings": {
      "fd_thres": 0.2,
      "testing": false
    },
    "software": "mriqc",
    "version": "23.0.0",
    "webapi_port": null,
    "webapi_url": "https://mriqc.nimh.nih.gov/api/v1"
  },
  "size_t": 575,
  "size_x": 96,
  "size_y": 96,
  "size_z": 60,
  "snr": 5.676937281505758,
  "spacing_tr": 0.8000001907348633,
  "spacing_x": 2.3958332538604736,
  "spacing_y": 2.3958332538604736,
  "spacing_z": 2.4000000953674316,
  "summary_bg_k": 33.94463725418752,
  "summary_bg_mad": 44.269061282822896,
  "summary_bg_mean": 1920.3343505859375,
  "summary_bg_median": 30.272340774536133,
  "summary_bg_n": 409632.0,
  "summary_bg_p05": 0.30770463347435,
  "summary_bg_p95": 9997.170751953114,
  "summary_bg_stdv": 4780.4765625,
  "summary_fg_k": 1.1271330756735294,
  "summary_fg_mad": 11891.069203858737,
  "summary_fg_mean": 70605.78125,
  "summary_fg_median": 70076.046875,
  "summary_fg_n": 74418.0,
  "summary_fg_p05": 52332.5541015625,
  "summary_fg_p95": 91048.05976562499,
  "summary_fg_stdv": 12343.9052734375,
  "tsnr": 22.712539672851562
}