{
  "aor": 0.0005713913043478261,
  "aqi": 0.035101008869565214,
  "bids_meta": {
    "AcquisitionMatrixPE": 94,
    "AcquisitionNumber": 7,
    "AcquisitionTime": "",
    "BodyPartExamined": "BRAIN",
    "CoilString": "MULTI COIL",
    "ConversionSoftware": "dcm2niix",
    "ConversionSoftwareVersion": "v1.0.20210317",
    "DeviceSerialNumber": "45128",
    "EchoTime": 0.03,
    "EchoTrainLength": 47,
    "EstimatedEffectiveEchoSpacing": 0.000388467,
    "EstimatedTotalReadoutTime": 0.0369044,
    "FlipAngle": 52,
    "ImageOrientationPatientDICOM": [
      0.999849,
      -4.72661e-12,
      0.017387,
      0.000696882,
      0.999196,
      -0.0400747
    ],
    "ImageType": [
      "ORIGINAL",
      "PRIMARY",
      "M",
      "FFE",
      "M",
      "FFE"
    ],
    "ImagingFrequency": 127.764,
    "InPlanePhaseEncodingDirectionDICOM": "COL",
    "InstitutionAddress": "",
    "InstitutionName": "",
    "InstitutionalDepartmentName": "",
    "MRAcquisitionType": "2D",
    "MagneticFieldStrength": 3,
    "Manufacturer": "Philips",
    "ManufacturersModelName": "Ingenia Elition X",
    "Modality": "MR",
    "ParallelReductionFactorInPlane": 2,
    "ParallelReductionOutOfPlane": 6,
    "PatientPosition": "HFS",
    "PercentPhaseFOV": 100,
    "PercentSampling": 100,
    "PhaseEncodingAxis": "j",
    "PhaseEncodingSteps": 94,
    "PhilipsRWVIntercept": 0,
    "PhilipsRWVSlope": 1.24615,
    "PhilipsRescaleIntercept": 0,
    "PhilipsRescaleSlope": 1.24615,
    "PhilipsScaleSlope": 0.0157712,
    "PixelBandwidth": 1850,
    "ProcedureStepDescription": "COLA",
    "ProtocolName": "COLA_R4",
    "ReconMatrixPE": 96,
    "RepetitionTime": 0.8,
    "SAR": 0.0818667,
    "ScanOptions": "FS",
    "ScanningSequence": "GR",
    "SequenceVariant": "SK",
    "SeriesDescription": "COLA_R4",
    "SeriesNumber": 701,
    "SliceThickness": 2.4,
    "SoftwareVersions": "5.6.1\\5.6.1.2",
    "SpacingBetweenSlices": 2.4,
    "StationName": "",
    "TaskName": "SG",
    "UsePhilipsFloatNotDisplayScaling": 1,
    "WaterFatShift": 16.3723,
    "dataset": "ds004073",
    "modality": "bold",
    "subject_id": "BAN01",
    "task_id": "SG"
  },
  "dummy_trs": 0,
  "dvars_nstd": 70.10738448566202,
  "dvars_std": 1.1292136666898958,
  "dvars_vstd": 1.0187647029268294,
  "efc": 0.4085508006948645,
  "fber": 4204226.5,
  "fd_mean": 0.1608377682729652,
  "fd_num": 164,
  "fd_perc": 28.52173913043478,
  "fwhm_avg": 2.16757904542937,
  "fwhm_x": 2.157687723747178,
  "fwhm_y": 2.3612619913695623,
  "fwhm_z": 1.9837874211713704,
  "gcor": 0.0213405,
  "gsr_x": -0.021956633776426315,
  "gsr_y": 0.025995125994086266,
  "provenance": {
    "md5sum": "0411f5cb1d8ab5cfdaaedfba9342c527",
    "settings": {
      "fd_thres": 0.2,
      "testing": false
    },
    "software": "mriqc",
    "version": "23.0.0",
    "webapi_port": null,
    "webapi_url": "https://mriqc.nimh.nih.gov/api/v1"
  },
  "size_t": 575,
  "size_x": 96,
  "size_y": 96,
  "size_z": 60,
  "snr": 5.48808199078573,
  "spacing_tr": 0.8000001907348633,
  "spacing_x": 2.3958332538604736,
  "spacing_y": 2.3958332538604736,
  "spacing_z": 2.4000000953674316,
  "summary_bg_k": 33.91649626061861,
  "summary_bg_mad": 51.56037094197643,
  "summary_bg_mean": 1964.0107421875,
  "summary_bg_median": 35.26063537597656,
  "summary_bg_n": 409197.0,
  "summary_bg_p05": 0.33051021099090583,
  "summary_bg_p95": 10269.204687499961,
  "summary_bg_stdv": 4861.439453125,
  "summary_fg_k": 1.0800933084214197,
  "summary_fg_mad": 12443.839487642312,
  "summary_fg_mean": 71503.75,
  "summary_fg_median": 70840.4921875,
  "summary_fg_n": 74639.0,
  "summary_fg_p05": 52552.204296875,
  "summary_fg_p95": 93048.22421875,
  "summary_fg_stdv": 12907.9736328125,
  "tsnr": 22.606685638427734
}