{
  "aor": 0.0005257391304347827,
  "aqi": 0.036797563826086954,
  "bids_meta": {
    "AcquisitionMatrixPE": 94,
    "AcquisitionNumber": 3,
    "AcquisitionTime": "",
    "BodyPartExamined": "BRAIN",
    "CoilString": "MULTI COIL",
    "ConversionSoftware": "dcm2niix",
    "ConversionSoftwareVersion": "v1.0.20210317",
    "DeviceSerialNumber": "45128",
    "EchoTime": 0.03,
    "EchoTrainLength": 47,
    "EstimatedEffectiveEchoSpacing": 0.000388467,
    "EstimatedTotalReadoutTime": 0.0369044,
    "FlipAngle": 52,
    "ImageOrientationPatientDICOM": [
      0.999849,
      -4.72661e-12,
      0.017387,
      0.000696882,
      0.999196,
      -0.0400747
    ],
    "ImageType": [
      "ORIGINAL",
      "PRIMARY",
      "M",
      "FFE",
      "M",
      "FFE"
    ],
    "ImagingFrequency": 127.764,
    "InPlanePhaseEncodingDirectionDICOM": "COL",
    "InstitutionAddress": "",
    "InstitutionName": "",
    "InstitutionalDepartmentName": "",
    "MRAcquisitionType": "2D",
    "MagneticFieldStrength": 3,
    "Manufacturer": "Philips",
    "ManufacturersModelName": "Ingenia Elition X",
    "Modality": "MR",
    "ParallelReductionFactorInPlane": 2,
    "ParallelReductionOutOfPlane": 6,
    "PatientPosition": "HFS",
    "PercentPhaseFOV": 100,
    "PercentSampling": 100,
    "PhaseEncodingAxis": "j",
    "PhaseEncodingSteps": 94,
    "PhilipsRWVIntercept": 0,
    "PhilipsRWVSlope": 1.27692,
    "PhilipsRescaleIntercept": 0,
    "PhilipsRescaleSlope": 1.27692,
    "PhilipsScaleSlope": 0.0156164,
    "PixelBandwidth": 1850,
    "ProcedureStepDescription": "COLA",
    "ProtocolName": "COLA_R2",
    "ReconMatrixPE": 96,
    "RepetitionTime": 0.8,
    "SAR": 0.0818667,
    "ScanOptions": "FS",
    "ScanningSequence": "GR",
    "SequenceVariant": "SK",
    "SeriesDescription": "COLA_R2",
    "SeriesNumber": 301,
    "SliceThickness": 2.4,
    "SoftwareVersions": "5.6.1\\5.6.1.2",
    "SpacingBetweenSlices": 2.4,
    "StationName": "",
    "TaskName": "SD",
    "UsePhilipsFloatNotDisplayScaling": 1,
    "WaterFatShift": 16.3723,
    "dataset": "ds004073",
    "modality": "bold",
    "subject_id": "BAN01",
    "task_id": "SD"
  },
  "dummy_trs": 0,
  "dvars_nstd": 68.42470965226485,
  "dvars_std": 1.1217190751219515,
  "dvars_vstd": 1.0164727993728215,
  "efc": 0.4068345353638482,
  "fber": 5334256.0,
  "fd_mean": 0.13255258300027536,
  "fd_num": 103,
  "fd_perc": 17.91304347826087,
  "fwhm_avg": 2.127700035608992,
  "fwhm_x": 2.1168251136960605,
  "fwhm_y": 2.330395903389173,
  "fwhm_z": 1.935879089741743,
  "gcor": 0.0117691,
  "gsr_x": -0.021408557891845703,
  "gsr_y": 0.02528676576912403,
  "provenance": {
    "md5sum": "656b21091eab5ba2f6822b6d0c2b0131",
    "settings": {
      "fd_thres": 0.2,
      "testing": false
    },
    "software": "mriqc",
    "version": "23.0.0",
    "webapi_port": null,
    "webapi_url": "https://mriqc.nimh.nih.gov/api/v1"
  },
  "size_t": 575,
  "size_x": 96,
  "size_y": 96,
  "size_z": 60,
  "snr": 5.704807742235229,
  "spacing_tr": 0.8000001907348633,
  "spacing_x": 2.3958332538604736,
  "spacing_y": 2.3958332538604736,
  "spacing_z": 2.4000000953674316,
  "summary_bg_k": 35.907369819935596,
  "summary_bg_mad": 46.3358827098088,
  "summary_bg_mean": 1912.04833984375,
  "summary_bg_median": 31.670013427734375,
  "summary_bg_n": 409399.0,
  "summary_bg_p05": 0.30709913074970246,
  "summary_bg_p95": 9933.68867187499,
  "summary_bg_stdv": 4757.27197265625,
  "summary_fg_k": 1.2452625581014738,
  "summary_fg_mad": 11981.264699761106,
  "summary_fg_mean": 72207.859375,
  "summary_fg_median": 71701.546875,
  "summary_fg_n": 74480.0,
  "summary_fg_p05": 53516.7681640625,
  "summary_fg_p95": 92819.566796875,
  "summary_fg_stdv": 12568.533203125,
  "tsnr": 22.80502700805664
}