{
  "bids_meta": {
    "AcquisitionMatrixPE": 250,
    "AcquisitionNumber": 6,
    "AcquisitionTime": "",
    "BodyPartExamined": "BRAIN",
    "CoilString": "MULTI COIL",
    "ConversionSoftware": "dcm2niix",
    "ConversionSoftwareVersion": "v1.0.20210317",
    "DeviceSerialNumber": "45128",
    "EchoTime": 0.003481,
    "EchoTrainLength": 560,
    "EstimatedEffectiveEchoSpacing": 4.97191e-06,
    "EstimatedTotalReadoutTime": 0.00126784,
    "FlipAngle": 8,
    "ImageOrientationPatientDICOM": [
      0.999649,
      -4.57797e-11,
      0.0265015,
      0.0010622,
      0.999196,
      -0.0400666
    ],
    "ImageType": [
      "ORIGINAL",
      "PRIMARY",
      "M",
      "FFE",
      "M",
      "FFE"
    ],
    "ImagingFrequency": 127.764,
    "InPlanePhaseEncodingDirectionDICOM": "COL",
    "InstitutionAddress": "",
    "InstitutionName": "",
    "InstitutionalDepartmentName": "",
    "MRAcquisitionType": "3D",
    "MagneticFieldStrength": 3,
    "Manufacturer": "Philips",
    "ManufacturersModelName": "Ingenia Elition X",
    "Modality": "MR",
    "ParallelReductionFactorInPlane": 1.73205,
    "ParallelReductionOutOfPlane": 1.73205,
    "PatientPosition": "HFS",
    "PercentPhaseFOV": 100,
    "PercentSampling": 77.9165,
    "PhaseEncodingAxis": "j",
    "PhaseEncodingSteps": 250,
    "PhilipsRWVIntercept": 0,
    "PhilipsRWVSlope": 1,
    "PhilipsRescaleIntercept": 0,
    "PhilipsRescaleSlope": 1,
    "PhilipsScaleSlope": 0.000713369,
    "PixelBandwidth": 787,
    "ProcedureStepDescription": "COLA",
    "ProtocolName": "sT1W_1MM_COMBO",
    "ReconMatrixPE": 256,
    "RepetitionTime": 0.0123157,
    "SAR": 0.0170603,
    "ScanOptions": "FC",
    "ScanningSequence": "GR",
    "SequenceVariant": "MP",
    "SeriesDescription": "sT1W_1MM_COMBO",
    "SeriesNumber": 602,
    "SliceThickness": 2,
    "SoftwareVersions": "5.6.1\\5.6.1.3",
    "SpacingBetweenSlices": 1,
    "StationName": "",
    "UsePhilipsFloatNotDisplayScaling": 1,
    "WaterFatShift": 0.551728,
    "dataset": "ds004073",
    "modality": "T1w",
    "subject_id": "BAN18"
  },
  "cjv": 0.2458205250474525,
  "cnr": 5.272688014268525,
  "efc": 0.7544036493942237,
  "fber": 11548.138216447134,
  "fwhm_avg": 5.458946399999999,
  "fwhm_x": 5.019781119999999,
  "fwhm_y": 5.62551808,
  "fwhm_z": 5.73154,
  "icvs_csf": 0.29778492845177734,
  "icvs_gm": 0.38657794696447784,
  "icvs_wm": 0.3156371245837448,
  "inu_med": 0.5149361491203308,
  "inu_range": 0.16365082561969757,
  "provenance": {
    "md5sum": "503c4247aa10b688b707ae521d426764",
    "settings": {
      "testing": false
    },
    "software": "mriqc",
    "version": "23.0.0",
    "warnings": {
      "large_rot_frame": true,
      "small_air_mask": true
    },
    "webapi_port": null,
    "webapi_url": "https://mriqc.nimh.nih.gov/api/v1"
  },
  "qi_1": 0.0,
  "qi_2": 1.8708241616763482e-06,
  "rpve_csf": 16.493579826501207,
  "rpve_gm": 11.583048450838984,
  "rpve_wm": 17.882682395004775,
  "size_x": 256,
  "size_y": 256,
  "size_z": 170,
  "snr_csf": 1.5192420673759097,
  "snr_gm": 11.62333433087151,
  "snr_total": 16.424420817734866,
  "snr_wm": 36.13068605495718,
  "snrd_csf": 18.609974552189346,
  "snrd_gm": 83.30460259952989,
  "snrd_total": 75.78342421450243,
  "snrd_wm": 125.43569549178804,
  "spacing_x": 0.9765625,
  "spacing_y": 0.9765625,
  "spacing_z": 1.0,
  "summary_bg_k": 1746.9449777624657,
  "summary_bg_mad": 0.0,
  "summary_bg_mean": 1.6157690848404562,
  "summary_bg_median": 0.0,
  "summary_bg_n": 258558.0,
  "summary_bg_p05": 0.0,
  "summary_bg_p95": 9.762786582112312,
  "summary_bg_stdv": 5.222993278613919,
  "summary_csf_k": -0.2533630648711669,
  "summary_csf_mad": 97.76999619370272,
  "summary_csf_mean": 169.36607108128038,
  "summary_csf_median": 148.36570216715336,
  "summary_csf_n": 75499.0,
  "summary_csf_p05": 44.55678488314152,
  "summary_csf_p95": 356.6589496433735,
  "summary_csf_stdv": 97.65706386265856,
  "summary_gm_k": 0.09243513176822171,
  "summary_gm_mad": 57.22973706434617,
  "summary_gm_mean": 664.0248649276443,
  "summary_gm_median": 664.135559335351,
  "summary_gm_n": 52838.0,
  "summary_gm_p05": 570.9664420612156,
  "summary_gm_p95": 756.728528931737,
  "summary_gm_stdv": 57.13758683704331,
  "summary_wm_k": 0.5281209966179059,
  "summary_wm_mad": 25.337661955847853,
  "summary_wm_mean": 999.9846260151004,
  "summary_wm_median": 1000.0204452872276,
  "summary_wm_n": 202440.0,
  "summary_wm_p05": 953.3964875638485,
  "summary_wm_p95": 1045.8052536398172,
  "summary_wm_stdv": 27.677802016960626,
  "tpm_overlap_csf": 0.16159545967044178,
  "tpm_overlap_gm": 0.4725756552961272,
  "tpm_overlap_wm": 0.5200114875356795,
  "wm2max": 0.93064894002019
}