{
  "bids_meta": {
    "AcquisitionMatrixPE": 174,
    "AcquisitionNumber": 1,
    "AcquisitionTime": "",
    "BaseResolution": 192,
    "BodyPartExamined": "BRAIN",
    "ConsistencyInfo": "N4_VE11C_LATEST_20160120",
    "ConversionSoftware": "dcm2niix",
    "ConversionSoftwareVersion": "v1.0.20210317",
    "DeviceSerialNumber": "66093",
    "DwellTime": 1.3e-05,
    "EchoTime": 0.00397,
    "FlipAngle": 8,
    "ImageOrientationPatientDICOM": [
      0.999986,
      0.00156471,
      0.00499301,
      -1.9331e-11,
      0.954241,
      -0.29904
    ],
    "ImageType": [
      "ORIGINAL",
      "PRIMARY",
      "M",
      "ND",
      "NORM"
    ],
    "ImagingFrequency": 123.259,
    "InPlanePhaseEncodingDirectionDICOM": "ROW",
    "InstitutionAddress": "",
    "InstitutionName": "",
    "InstitutionalDepartmentName": "",
    "InversionTime": 0.904,
    "MRAcquisitionType": "3D",
    "MagneticFieldStrength": 3,
    "Manufacturer": "Siemens",
    "ManufacturersModelName": "Prisma",
    "Modality": "MR",
    "PartialFourier": 1,
    "PatientPosition": "HFS",
    "PercentPhaseFOV": 90.625,
    "PercentSampling": 100,
    "PhaseEncodingSteps": 174,
    "PhaseResolution": 1,
    "PixelBandwidth": 200,
    "ProtocolName": "t1_mpr_ax_1mm_iso_32ch_v2",
    "PulseSequenceDetails": "%SiemensSeq%\\tfl",
    "ReceiveCoilActiveElements": "HEA;HEP",
    "ReceiveCoilName": "Head_32",
    "ReconMatrixPE": 174,
    "RepetitionTime": 1.9,
    "SAR": 0.0490886,
    "ScanOptions": "IR\\WE",
    "ScanningSequence": "GR\\IR",
    "SequenceName": "*tfl3d1_16",
    "SequenceVariant": "SK\\SP\\MP",
    "SeriesDescription": "t1_mpr_ax_1mm_iso_32ch_v2",
    "SeriesNumber": 13,
    "ShimSetting": [
      4951,
      -11421,
      -1350,
      480,
      33,
      -134,
      34,
      49
    ],
    "SliceThickness": 1,
    "SoftwareVersions": "syngo MR E11",
    "StationName": "",
    "TxRefAmp": 259.3,
    "dataset": "ds004073",
    "modality": "T1w",
    "subject_id": "OXF20"
  },
  "cjv": 0.32244181025314184,
  "cnr": 4.166760157652162,
  "efc": 0.5782200676108028,
  "fber": 21918.98990546387,
  "fwhm_avg": 4.881426666666666,
  "fwhm_x": 4.59599,
  "fwhm_y": 5.32089,
  "fwhm_z": 4.7274,
  "icvs_csf": 0.25001466905925757,
  "icvs_gm": 0.41216923834102964,
  "icvs_wm": 0.3378160925997128,
  "inu_med": 0.3780892491340637,
  "inu_range": 0.13338044136762617,
  "provenance": {
    "md5sum": "d4cd68a848310727074f1c14b2c248fc",
    "settings": {
      "testing": false
    },
    "software": "mriqc",
    "version": "23.0.0",
    "warnings": {
      "large_rot_frame": true,
      "small_air_mask": false
    },
    "webapi_port": null,
    "webapi_url": "https://mriqc.nimh.nih.gov/api/v1"
  },
  "qi_1": 0.0,
  "qi_2": 0.008998939477717417,
  "rpve_csf": 12.44041676967207,
  "rpve_gm": 7.32509715396713,
  "rpve_wm": 10.370735990764345,
  "size_x": 174,
  "size_y": 192,
  "size_z": 192,
  "snr_csf": 2.3719992603177777,
  "snr_gm": 12.997875043153526,
  "snr_total": 16.21535660791487,
  "snr_wm": 33.276195520273305,
  "snrd_csf": 30.426543961194774,
  "snrd_gm": 84.6765785384433,
  "snrd_total": 76.88702725956833,
  "snrd_wm": 115.55795927906692,
  "spacing_x": 1.0,
  "spacing_y": 1.0,
  "spacing_z": 1.0,
  "summary_bg_k": 1477.048361606958,
  "summary_bg_mad": 0.0,
  "summary_bg_mean": 2.7197395186152615,
  "summary_bg_median": 0.0,
  "summary_bg_n": 1531061.0,
  "summary_bg_p05": 0.0,
  "summary_bg_p95": 10.711837759241462,
  "summary_bg_stdv": 5.66955367877789,
  "summary_csf_k": 0.40436503933314416,
  "summary_csf_mad": 94.35929046599867,
  "summary_csf_mean": 266.0318099324377,
  "summary_csf_median": 263.3114634566009,
  "summary_csf_n": 74755.0,
  "summary_csf_p05": 69.10799899883568,
  "summary_csf_p95": 462.475272529386,
  "summary_csf_stdv": 111.00749763832005,
  "summary_gm_k": 0.06439202845841052,
  "summary_gm_mad": 56.44137251258505,
  "summary_gm_mean": 732.1730097631428,
  "summary_gm_median": 732.7915337309241,
  "summary_gm_n": 41265.0,
  "summary_gm_p05": 640.2819878906012,
  "summary_gm_p95": 824.4590155426413,
  "summary_gm_stdv": 56.37711180876868,
  "summary_wm_k": 0.18247694436482442,
  "summary_wm_mad": 29.730434903748503,
  "summary_wm_mean": 999.7961672753988,
  "summary_wm_median": 1000.0391569491476,
  "summary_wm_n": 185273.0,
  "summary_wm_p05": 950.3377963770181,
  "summary_wm_p95": 1048.3579658836125,
  "summary_wm_stdv": 30.052607952441544,
  "tpm_overlap_csf": 0.1599474986337431,
  "tpm_overlap_gm": 0.47777120019992597,
  "tpm_overlap_wm": 0.5123631085948949,
  "wm2max": 0.923323111604483
}