{
  "aor": 0.0005897739130434782,
  "aqi": 0.041843373739130434,
  "bids_meta": {
    "AcquisitionMatrixPE": 94,
    "AcquisitionNumber": 4,
    "AcquisitionTime": "",
    "BodyPartExamined": "BRAIN",
    "CoilString": "MULTI COIL",
    "ConversionSoftware": "dcm2niix",
    "ConversionSoftwareVersion": "v1.0.20210317",
    "DeviceSerialNumber": "45128",
    "EchoTime": 0.03,
    "EchoTrainLength": 47,
    "EstimatedEffectiveEchoSpacing": 0.000388467,
    "EstimatedTotalReadoutTime": 0.0369044,
    "FlipAngle": 52,
    "ImageOrientationPatientDICOM": [
      0.999849,
      -4.72661e-12,
      0.017387,
      0.000696882,
      0.999196,
      -0.0400747
    ],
    "ImageType": [
      "ORIGINAL",
      "PRIMARY",
      "M",
      "FFE",
      "M",
      "FFE"
    ],
    "ImagingFrequency": 127.764,
    "InPlanePhaseEncodingDirectionDICOM": "COL",
    "InstitutionAddress": "",
    "InstitutionName": "",
    "InstitutionalDepartmentName": "",
    "MRAcquisitionType": "2D",
    "MagneticFieldStrength": 3,
    "Manufacturer": "Philips",
    "ManufacturersModelName": "Ingenia Elition X",
    "Modality": "MR",
    "ParallelReductionFactorInPlane": 2,
    "ParallelReductionOutOfPlane": 6,
    "PatientPosition": "HFS",
    "PercentPhaseFOV": 100,
    "PercentSampling": 100,
    "PhaseEncodingAxis": "j",
    "PhaseEncodingSteps": 94,
    "PhilipsRWVIntercept": 0,
    "PhilipsRWVSlope": 1.1602,
    "PhilipsRescaleIntercept": 0,
    "PhilipsRescaleSlope": 1.1602,
    "PhilipsScaleSlope": 0.0162527,
    "PixelBandwidth": 1850,
    "ProcedureStepDescription": "COLA",
    "ProtocolName": "COLA_R3",
    "ReconMatrixPE": 96,
    "RepetitionTime": 0.8,
    "SAR": 0.0818667,
    "ScanOptions": "FS",
    "ScanningSequence": "GR",
    "SequenceVariant": "SK",
    "SeriesDescription": "COLA_R3",
    "SeriesNumber": 401,
    "SliceThickness": 2.4,
    "SoftwareVersions": "5.6.1\\5.6.1.3",
    "SpacingBetweenSlices": 2.4,
    "StationName": "",
    "TaskName": "SD",
    "UsePhilipsFloatNotDisplayScaling": 1,
    "WaterFatShift": 16.3723,
    "dataset": "ds004073",
    "modality": "bold",
    "subject_id": "BAN12",
    "task_id": "SD"
  },
  "dummy_trs": 0,
  "dvars_nstd": 68.88964654994777,
  "dvars_std": 1.1171915115331024,
  "dvars_vstd": 1.0170013167770036,
  "efc": 0.3848201171813195,
  "fber": 3035635.0,
  "fd_mean": 0.22385545784027172,
  "fd_num": 276,
  "fd_perc": 48.0,
  "fwhm_avg": 1.971753887100456,
  "fwhm_x": 2.0165259799342277,
  "fwhm_y": 2.1277524184063594,
  "fwhm_z": 1.770983262960781,
  "gcor": 0.00612502,
  "gsr_x": -0.020900072529911995,
  "gsr_y": 0.015028067864477634,
  "provenance": {
    "md5sum": "ba16da0a6d5f46d1f81a2caca38402e6",
    "settings": {
      "fd_thres": 0.2,
      "testing": false
    },
    "software": "mriqc",
    "version": "23.0.0",
    "webapi_port": null,
    "webapi_url": "https://mriqc.nimh.nih.gov/api/v1"
  },
  "size_t": 575,
  "size_x": 96,
  "size_y": 96,
  "size_z": 60,
  "snr": 6.260577137505076,
  "spacing_tr": 0.8000001907348633,
  "spacing_x": 2.3958332538604736,
  "spacing_y": 2.3958332538604736,
  "spacing_z": 2.4000000953674316,
  "summary_bg_k": 44.86398361040526,
  "summary_bg_mad": 68.83478297648053,
  "summary_bg_mean": 2242.309814453125,
  "summary_bg_median": 47.13103103637695,
  "summary_bg_n": 424115.0,
  "summary_bg_p05": 0.3672980070114136,
  "summary_bg_p95": 11489.547070312496,
  "summary_bg_stdv": 5766.33935546875,
  "summary_fg_k": 1.411153420745121,
  "summary_fg_mad": 11622.88325763433,
  "summary_fg_mean": 80017.5703125,
  "summary_fg_median": 80014.6875,
  "summary_fg_n": 62354.0,
  "summary_fg_p05": 60011.3537109375,
  "summary_fg_p95": 100526.917578125,
  "summary_fg_stdv": 12780.6181640625,
  "tsnr": 22.47772216796875
}