{
  "aor": 0.0008535304347826087,
  "aqi": 0.04313397008695652,
  "bids_meta": {
    "AcquisitionMatrixPE": 94,
    "AcquisitionNumber": 2,
    "AcquisitionTime": "",
    "BodyPartExamined": "BRAIN",
    "CoilString": "MULTI COIL",
    "ConversionSoftware": "dcm2niix",
    "ConversionSoftwareVersion": "v1.0.20210317",
    "DeviceSerialNumber": "45128",
    "EchoTime": 0.03,
    "EchoTrainLength": 47,
    "EstimatedEffectiveEchoSpacing": 0.000388467,
    "EstimatedTotalReadoutTime": 0.0369044,
    "FlipAngle": 52,
    "ImageOrientationPatientDICOM": [
      0.999849,
      -4.72661e-12,
      0.017387,
      0.000696882,
      0.999196,
      -0.0400747
    ],
    "ImageType": [
      "ORIGINAL",
      "PRIMARY",
      "M",
      "FFE",
      "M",
      "FFE"
    ],
    "ImagingFrequency": 127.764,
    "InPlanePhaseEncodingDirectionDICOM": "COL",
    "InstitutionAddress": "",
    "InstitutionName": "",
    "InstitutionalDepartmentName": "",
    "MRAcquisitionType": "2D",
    "MagneticFieldStrength": 3,
    "Manufacturer": "Philips",
    "ManufacturersModelName": "Ingenia Elition X",
    "Modality": "MR",
    "ParallelReductionFactorInPlane": 2,
    "ParallelReductionOutOfPlane": 6,
    "PatientPosition": "HFS",
    "PercentPhaseFOV": 100,
    "PercentSampling": 100,
    "PhaseEncodingAxis": "j",
    "PhaseEncodingSteps": 94,
    "PhilipsRWVIntercept": 0,
    "PhilipsRWVSlope": 1.04713,
    "PhilipsRescaleIntercept": 0,
    "PhilipsRescaleSlope": 1.04713,
    "PhilipsScaleSlope": 0.0164821,
    "PixelBandwidth": 1850,
    "ProcedureStepDescription": "COLA",
    "ProtocolName": "COLA_R1",
    "ReconMatrixPE": 96,
    "RepetitionTime": 0.8,
    "SAR": 0.0818667,
    "ScanOptions": "FS",
    "ScanningSequence": "GR",
    "SequenceVariant": "SK",
    "SeriesDescription": "COLA_R1",
    "SeriesNumber": 201,
    "SliceThickness": 2.4,
    "SoftwareVersions": "5.6.1\\5.6.1.3",
    "SpacingBetweenSlices": 2.4,
    "StationName": "",
    "TaskName": "SG",
    "UsePhilipsFloatNotDisplayScaling": 1,
    "WaterFatShift": 16.3723,
    "dataset": "ds004073",
    "modality": "bold",
    "subject_id": "BAN12",
    "task_id": "SG"
  },
  "dummy_trs": 0,
  "dvars_nstd": 72.71379246172467,
  "dvars_std": 1.1153315397909402,
  "dvars_vstd": 1.0208871995121944,
  "efc": 0.38444586740433634,
  "fber": 2726369.25,
  "fd_mean": 0.3484889226003914,
  "fd_num": 401,
  "fd_perc": 69.73913043478261,
  "fwhm_avg": 2.03686631100639,
  "fwhm_x": 2.0882713736184617,
  "fwhm_y": 2.211873464675023,
  "fwhm_z": 1.8104540947256844,
  "gcor": 0.00665395,
  "gsr_x": -0.022022726014256477,
  "gsr_y": 0.014199321158230305,
  "provenance": {
    "md5sum": "15243506836ad437fdf79eaafda471ff",
    "settings": {
      "fd_thres": 0.2,
      "testing": false
    },
    "software": "mriqc",
    "version": "23.0.0",
    "webapi_port": null,
    "webapi_url": "https://mriqc.nimh.nih.gov/api/v1"
  },
  "size_t": 575,
  "size_x": 96,
  "size_y": 96,
  "size_z": 60,
  "snr": 5.654111684590802,
  "spacing_tr": 0.8000001907348633,
  "spacing_x": 2.3958332538604736,
  "spacing_y": 2.3958332538604736,
  "spacing_z": 2.4000000953674316,
  "summary_bg_k": 45.961480908938256,
  "summary_bg_mad": 70.71240536186481,
  "summary_bg_mean": 2233.75341796875,
  "summary_bg_median": 48.716426849365234,
  "summary_bg_n": 424109.0,
  "summary_bg_p05": 0.5565602779388428,
  "summary_bg_p95": 11448.130859374947,
  "summary_bg_stdv": 5662.1396484375,
  "summary_fg_k": 1.1249427555681741,
  "summary_fg_mad": 12826.05549785604,
  "summary_fg_mean": 79370.09375,
  "summary_fg_median": 79199.484375,
  "summary_fg_n": 62280.0,
  "summary_fg_p05": 57449.58828125,
  "summary_fg_p95": 102290.7671875,
  "summary_fg_stdv": 14007.3017578125,
  "tsnr": 20.20147132873535
}