{
  "aor": 0.0015694782608695651,
  "aqi": 0.04741402678260869,
  "bids_meta": {
    "AcquisitionMatrixPE": 94,
    "AcquisitionNumber": 7,
    "AcquisitionTime": "",
    "BodyPartExamined": "BRAIN",
    "CoilString": "MULTI COIL",
    "ConversionSoftware": "dcm2niix",
    "ConversionSoftwareVersion": "v1.0.20210317",
    "DeviceSerialNumber": "45128",
    "EchoTime": 0.03,
    "EchoTrainLength": 47,
    "EstimatedEffectiveEchoSpacing": 0.000388467,
    "EstimatedTotalReadoutTime": 0.0369044,
    "FlipAngle": 52,
    "ImageOrientationPatientDICOM": [
      0.999849,
      -4.72661e-12,
      0.017387,
      0.000696882,
      0.999196,
      -0.0400747
    ],
    "ImageType": [
      "ORIGINAL",
      "PRIMARY",
      "M",
      "FFE",
      "M",
      "FFE"
    ],
    "ImagingFrequency": 127.764,
    "InPlanePhaseEncodingDirectionDICOM": "COL",
    "InstitutionAddress": "",
    "InstitutionName": "",
    "InstitutionalDepartmentName": "",
    "MRAcquisitionType": "2D",
    "MagneticFieldStrength": 3,
    "Manufacturer": "Philips",
    "ManufacturersModelName": "Ingenia Elition X",
    "Modality": "MR",
    "ParallelReductionFactorInPlane": 2,
    "ParallelReductionOutOfPlane": 6,
    "PatientPosition": "HFS",
    "PercentPhaseFOV": 100,
    "PercentSampling": 100,
    "PhaseEncodingAxis": "j",
    "PhaseEncodingSteps": 94,
    "PhilipsRWVIntercept": 0,
    "PhilipsRWVSlope": 1.03272,
    "PhilipsRescaleIntercept": 0,
    "PhilipsRescaleSlope": 1.03272,
    "PhilipsScaleSlope": 0.0165042,
    "PixelBandwidth": 1850,
    "ProcedureStepDescription": "COLA",
    "ProtocolName": "COLA_R4",
    "ReconMatrixPE": 96,
    "RepetitionTime": 0.8,
    "SAR": 0.0818667,
    "ScanOptions": "FS",
    "ScanningSequence": "GR",
    "SequenceVariant": "SK",
    "SeriesDescription": "COLA_R4",
    "SeriesNumber": 701,
    "SliceThickness": 2.4,
    "SoftwareVersions": "5.6.1\\5.6.1.3",
    "SpacingBetweenSlices": 2.4,
    "StationName": "",
    "TaskName": "PD",
    "UsePhilipsFloatNotDisplayScaling": 1,
    "WaterFatShift": 16.3723,
    "dataset": "ds004073",
    "modality": "bold",
    "subject_id": "BAN12",
    "task_id": "PD"
  },
  "dummy_trs": 0,
  "dvars_nstd": 72.8443475784495,
  "dvars_std": 1.1361199456620223,
  "dvars_vstd": 1.0358001702787463,
  "efc": 0.3872588362880194,
  "fber": 2804239.25,
  "fd_mean": 0.32329376659112863,
  "fd_num": 319,
  "fd_perc": 55.47826086956522,
  "fwhm_avg": 1.997530976585761,
  "fwhm_x": 2.0369906762652414,
  "fwhm_y": 2.154098158410716,
  "fwhm_z": 1.8015040950813257,
  "gcor": 0.043535,
  "gsr_x": -0.02198163978755474,
  "gsr_y": 0.015425085090100765,
  "provenance": {
    "md5sum": "e33582cd4bd21ef2a879d5d1f0c761ee",
    "settings": {
      "fd_thres": 0.2,
      "testing": false
    },
    "software": "mriqc",
    "version": "23.0.0",
    "webapi_port": null,
    "webapi_url": "https://mriqc.nimh.nih.gov/api/v1"
  },
  "size_t": 575,
  "size_x": 96,
  "size_y": 96,
  "size_z": 60,
  "snr": 6.145311946840764,
  "spacing_tr": 0.8000001907348633,
  "spacing_x": 2.3958332538604736,
  "spacing_y": 2.3958332538604736,
  "spacing_z": 2.4000000953674316,
  "summary_bg_k": 43.7060083847814,
  "summary_bg_mad": 68.21613489062402,
  "summary_bg_mean": 2260.039794921875,
  "summary_bg_median": 47.05409622192383,
  "summary_bg_n": 423914.0,
  "summary_bg_p05": 0.557915472984314,
  "summary_bg_p95": 11770.690820312486,
  "summary_bg_stdv": 5753.5634765625,
  "summary_fg_k": 1.2941806070083173,
  "summary_fg_mad": 11578.625264845972,
  "summary_fg_mean": 77475.546875,
  "summary_fg_median": 77064.5390625,
  "summary_fg_n": 62463.0,
  "summary_fg_p05": 58552.30390625,
  "summary_fg_p95": 98340.421875,
  "summary_fg_stdv": 12540.2783203125,
  "tsnr": 20.297666549682617
}