{
  "aor": 0.001125791304347826,
  "aqi": 0.042750998434782604,
  "bids_meta": {
    "AcquisitionMatrixPE": 94,
    "AcquisitionNumber": 8,
    "AcquisitionTime": "",
    "BodyPartExamined": "BRAIN",
    "CoilString": "MULTI COIL",
    "ConversionSoftware": "dcm2niix",
    "ConversionSoftwareVersion": "v1.0.20210317",
    "DeviceSerialNumber": "45128",
    "EchoTime": 0.03,
    "EchoTrainLength": 47,
    "EstimatedEffectiveEchoSpacing": 0.000388467,
    "EstimatedTotalReadoutTime": 0.0369044,
    "FlipAngle": 52,
    "ImageOrientationPatientDICOM": [
      0.999849,
      -4.72661e-12,
      0.017387,
      0.000696882,
      0.999196,
      -0.0400747
    ],
    "ImageType": [
      "ORIGINAL",
      "PRIMARY",
      "M",
      "FFE",
      "M",
      "FFE"
    ],
    "ImagingFrequency": 127.764,
    "InPlanePhaseEncodingDirectionDICOM": "COL",
    "InstitutionAddress": "",
    "InstitutionName": "",
    "InstitutionalDepartmentName": "",
    "MRAcquisitionType": "2D",
    "MagneticFieldStrength": 3,
    "Manufacturer": "Philips",
    "ManufacturersModelName": "Ingenia Elition X",
    "Modality": "MR",
    "ParallelReductionFactorInPlane": 2,
    "ParallelReductionOutOfPlane": 6,
    "PatientPosition": "HFS",
    "PercentPhaseFOV": 100,
    "PercentSampling": 100,
    "PhaseEncodingAxis": "j",
    "PhaseEncodingSteps": 94,
    "PhilipsRWVIntercept": 0,
    "PhilipsRWVSlope": 1.20244,
    "PhilipsRescaleIntercept": 0,
    "PhilipsRescaleSlope": 1.20244,
    "PhilipsScaleSlope": 0.0164294,
    "PixelBandwidth": 1850,
    "ProcedureStepDescription": "COLA",
    "ProtocolName": "COLA_R5",
    "ReconMatrixPE": 96,
    "RepetitionTime": 0.8,
    "SAR": 0.0818667,
    "ScanOptions": "FS",
    "ScanningSequence": "GR",
    "SequenceVariant": "SK",
    "SeriesDescription": "COLA_R5",
    "SeriesNumber": 801,
    "SliceThickness": 2.4,
    "SoftwareVersions": "5.6.1\\5.6.1.3",
    "SpacingBetweenSlices": 2.4,
    "StationName": "",
    "TaskName": "WC",
    "UsePhilipsFloatNotDisplayScaling": 1,
    "WaterFatShift": 16.3723,
    "dataset": "ds004073",
    "modality": "bold",
    "subject_id": "BAN12",
    "task_id": "WC"
  },
  "dummy_trs": 0,
  "dvars_nstd": 69.49638411881537,
  "dvars_std": 1.1247868495296154,
  "dvars_vstd": 1.027602849965157,
  "efc": 0.38450093845889405,
  "fber": 3630201.0,
  "fd_mean": 0.24099525468739508,
  "fd_num": 236,
  "fd_perc": 41.04347826086956,
  "fwhm_avg": 2.0011474572855517,
  "fwhm_x": 2.032562154379211,
  "fwhm_y": 2.165405289220571,
  "fwhm_z": 1.8054749282568723,
  "gcor": 0.0119153,
  "gsr_x": -0.0202459916472435,
  "gsr_y": 0.016324270516633987,
  "provenance": {
    "md5sum": "e768cb1140ea58f21eb3258418167f2c",
    "settings": {
      "fd_thres": 0.2,
      "testing": false
    },
    "software": "mriqc",
    "version": "23.0.0",
    "webapi_port": null,
    "webapi_url": "https://mriqc.nimh.nih.gov/api/v1"
  },
  "size_t": 575,
  "size_x": 96,
  "size_y": 96,
  "size_z": 60,
  "snr": 6.1971540243737735,
  "spacing_tr": 0.8000001907348633,
  "spacing_x": 2.3958332538604736,
  "spacing_y": 2.3958332538604736,
  "spacing_z": 2.4000000953674316,
  "summary_bg_k": 51.34133386083724,
  "summary_bg_mad": 62.03998496858948,
  "summary_bg_mean": 2223.76318359375,
  "summary_bg_median": 42.75860595703125,
  "summary_bg_n": 423940.0,
  "summary_bg_p05": 0.4773099094629288,
  "summary_bg_p95": 11407.722753906242,
  "summary_bg_stdv": 5755.23583984375,
  "summary_fg_k": 1.4223689210386103,
  "summary_fg_mad": 11609.701997285429,
  "summary_fg_mean": 79862.3984375,
  "summary_fg_median": 79739.140625,
  "summary_fg_n": 62474.0,
  "summary_fg_p05": 59898.9328125,
  "summary_fg_p95": 100800.63007812499,
  "summary_fg_stdv": 12866.955078125,
  "tsnr": 22.10817527770996
}