{
  "aor": 0.0008045217391304348,
  "aqi": 0.04516882817391304,
  "bids_meta": {
    "AcquisitionMatrixPE": 94,
    "AcquisitionNumber": 9,
    "AcquisitionTime": "",
    "BodyPartExamined": "BRAIN",
    "CoilString": "MULTI COIL",
    "ConversionSoftware": "dcm2niix",
    "ConversionSoftwareVersion": "v1.0.20210317",
    "DeviceSerialNumber": "45128",
    "EchoTime": 0.03,
    "EchoTrainLength": 47,
    "EstimatedEffectiveEchoSpacing": 0.000388467,
    "EstimatedTotalReadoutTime": 0.0369044,
    "FlipAngle": 52,
    "ImageOrientationPatientDICOM": [
      0.999849,
      -4.72661e-12,
      0.017387,
      0.000696882,
      0.999196,
      -0.0400747
    ],
    "ImageType": [
      "ORIGINAL",
      "PRIMARY",
      "M",
      "FFE",
      "M",
      "FFE"
    ],
    "ImagingFrequency": 127.764,
    "InPlanePhaseEncodingDirectionDICOM": "COL",
    "InstitutionAddress": "",
    "InstitutionName": "",
    "InstitutionalDepartmentName": "",
    "MRAcquisitionType": "2D",
    "MagneticFieldStrength": 3,
    "Manufacturer": "Philips",
    "ManufacturersModelName": "Ingenia Elition X",
    "Modality": "MR",
    "ParallelReductionFactorInPlane": 2,
    "ParallelReductionOutOfPlane": 6,
    "PatientPosition": "HFS",
    "PercentPhaseFOV": 100,
    "PercentSampling": 100,
    "PhaseEncodingAxis": "j",
    "PhaseEncodingSteps": 94,
    "PhilipsRWVIntercept": 0,
    "PhilipsRWVSlope": 1.18803,
    "PhilipsRescaleIntercept": 0,
    "PhilipsRescaleSlope": 1.18803,
    "PhilipsScaleSlope": 0.0163851,
    "PixelBandwidth": 1850,
    "ProcedureStepDescription": "COLA",
    "ProtocolName": "COLA_R6",
    "ReconMatrixPE": 96,
    "RepetitionTime": 0.8,
    "SAR": 0.0818667,
    "ScanOptions": "FS",
    "ScanningSequence": "GR",
    "SequenceVariant": "SK",
    "SeriesDescription": "COLA_R6",
    "SeriesNumber": 901,
    "SliceThickness": 2.4,
    "SoftwareVersions": "5.6.1\\5.6.1.3",
    "SpacingBetweenSlices": 2.4,
    "StationName": "",
    "TaskName": "WG",
    "UsePhilipsFloatNotDisplayScaling": 1,
    "WaterFatShift": 16.3723,
    "dataset": "ds004073",
    "modality": "bold",
    "subject_id": "BAN12",
    "task_id": "WG"
  },
  "dummy_trs": 0,
  "dvars_nstd": 71.30492385195123,
  "dvars_std": 1.12771417674216,
  "dvars_vstd": 1.0254673255749132,
  "efc": 0.38518071092583794,
  "fber": 3246334.0,
  "fd_mean": 0.30830421107290135,
  "fd_num": 365,
  "fd_perc": 63.47826086956522,
  "fwhm_avg": 1.9838739136799532,
  "fwhm_x": 2.017723893017442,
  "fwhm_y": 2.146760419036879,
  "fwhm_z": 1.787137428985539,
  "gcor": 0.0135186,
  "gsr_x": -0.020397217944264412,
  "gsr_y": 0.01622854918241501,
  "provenance": {
    "md5sum": "b6e7cd8f5620f829313bf0fe4f4d2200",
    "settings": {
      "fd_thres": 0.2,
      "testing": false
    },
    "software": "mriqc",
    "version": "23.0.0",
    "webapi_port": null,
    "webapi_url": "https://mriqc.nimh.nih.gov/api/v1"
  },
  "size_t": 575,
  "size_x": 96,
  "size_y": 96,
  "size_z": 60,
  "snr": 6.3019833547672075,
  "spacing_tr": 0.8000001907348633,
  "spacing_x": 2.3958332538604736,
  "spacing_y": 2.3958332538604736,
  "spacing_z": 2.4000000953674316,
  "summary_bg_k": 52.071502973477074,
  "summary_bg_mad": 65.41682498422145,
  "summary_bg_mean": 2226.60009765625,
  "summary_bg_median": 45.04936218261719,
  "summary_bg_n": 423920.0,
  "summary_bg_p05": 0.502321508526802,
  "summary_bg_p95": 11439.974316406238,
  "summary_bg_stdv": 5728.51953125,
  "summary_fg_k": 1.4667114755378838,
  "summary_fg_mad": 11467.366392893975,
  "summary_fg_mean": 79508.078125,
  "summary_fg_median": 79401.625,
  "summary_fg_n": 62520.0,
  "summary_fg_p05": 59979.7068359375,
  "summary_fg_p95": 100116.18085937496,
  "summary_fg_stdv": 12599.365234375,
  "tsnr": 21.61909294128418
}