{
  "aor": 0.0006720695652173913,
  "aqi": 0.04196920469565218,
  "bids_meta": {
    "AcquisitionMatrixPE": 94,
    "AcquisitionNumber": 3,
    "AcquisitionTime": "",
    "BodyPartExamined": "BRAIN",
    "CoilString": "MULTI COIL",
    "ConversionSoftware": "dcm2niix",
    "ConversionSoftwareVersion": "v1.0.20210317",
    "DeviceSerialNumber": "45128",
    "EchoTime": 0.03,
    "EchoTrainLength": 47,
    "EstimatedEffectiveEchoSpacing": 0.000388467,
    "EstimatedTotalReadoutTime": 0.0369044,
    "FlipAngle": 52,
    "ImageOrientationPatientDICOM": [
      0.999849,
      -4.72661e-12,
      0.017387,
      0.000696882,
      0.999196,
      -0.0400747
    ],
    "ImageType": [
      "ORIGINAL",
      "PRIMARY",
      "M",
      "FFE",
      "M",
      "FFE"
    ],
    "ImagingFrequency": 127.764,
    "InPlanePhaseEncodingDirectionDICOM": "COL",
    "InstitutionAddress": "",
    "InstitutionName": "",
    "InstitutionalDepartmentName": "",
    "MRAcquisitionType": "2D",
    "MagneticFieldStrength": 3,
    "Manufacturer": "Philips",
    "ManufacturersModelName": "Ingenia Elition X",
    "Modality": "MR",
    "ParallelReductionFactorInPlane": 2,
    "ParallelReductionOutOfPlane": 6,
    "PatientPosition": "HFS",
    "PercentPhaseFOV": 100,
    "PercentSampling": 100,
    "PhaseEncodingAxis": "j",
    "PhaseEncodingSteps": 94,
    "PhilipsRWVIntercept": 0,
    "PhilipsRWVSlope": 1.12063,
    "PhilipsRescaleIntercept": 0,
    "PhilipsRescaleSlope": 1.12063,
    "PhilipsScaleSlope": 0.016498,
    "PixelBandwidth": 1850,
    "ProcedureStepDescription": "COLA",
    "ProtocolName": "COLA_R2",
    "ReconMatrixPE": 96,
    "RepetitionTime": 0.8,
    "SAR": 0.0818667,
    "ScanOptions": "FS",
    "ScanningSequence": "GR",
    "SequenceVariant": "SK",
    "SeriesDescription": "COLA_R2",
    "SeriesNumber": 301,
    "SliceThickness": 2.4,
    "SoftwareVersions": "5.6.1\\5.6.1.3",
    "SpacingBetweenSlices": 2.4,
    "StationName": "",
    "TaskName": "SC",
    "UsePhilipsFloatNotDisplayScaling": 1,
    "WaterFatShift": 16.3723,
    "dataset": "ds004073",
    "modality": "bold",
    "subject_id": "BAN12",
    "task_id": "SC"
  },
  "dummy_trs": 0,
  "dvars_nstd": 70.10936570904187,
  "dvars_std": 1.1184265186585371,
  "dvars_vstd": 1.0196133981881534,
  "efc": 0.3852194443997379,
  "fber": 3102027.75,
  "fd_mean": 0.2501089613659188,
  "fd_num": 324,
  "fd_perc": 56.34782608695652,
  "fwhm_avg": 2.012006152929738,
  "fwhm_x": 2.0342567631310757,
  "fwhm_y": 2.181136768003274,
  "fwhm_z": 1.8206249276548654,
  "gcor": 0.0114885,
  "gsr_x": -0.021311882883310318,
  "gsr_y": 0.014103679917752743,
  "provenance": {
    "md5sum": "6594c560ce2f09171a01b05d9d4dd029",
    "settings": {
      "fd_thres": 0.2,
      "testing": false
    },
    "software": "mriqc",
    "version": "23.0.0",
    "webapi_port": null,
    "webapi_url": "https://mriqc.nimh.nih.gov/api/v1"
  },
  "size_t": 575,
  "size_x": 96,
  "size_y": 96,
  "size_z": 60,
  "snr": 6.0650554586155225,
  "spacing_tr": 0.8000001907348633,
  "spacing_x": 2.3958332538604736,
  "spacing_y": 2.3958332538604736,
  "spacing_z": 2.4000000953674316,
  "summary_bg_k": 42.82229754426545,
  "summary_bg_mad": 66.17736653542995,
  "summary_bg_mean": 2206.4521484375,
  "summary_bg_median": 45.395050048828125,
  "summary_bg_n": 423686.0,
  "summary_bg_p05": 0.399996854364872,
  "summary_bg_p95": 11353.97265625,
  "summary_bg_stdv": 5649.38134765625,
  "summary_fg_k": 1.3232381630834107,
  "summary_fg_mad": 11839.308433046652,
  "summary_fg_mean": 78733.6328125,
  "summary_fg_median": 78604.9609375,
  "summary_fg_n": 62584.0,
  "summary_fg_p05": 58542.06328125,
  "summary_fg_p95": 99926.69765624999,
  "summary_fg_stdv": 12960.2001953125,
  "tsnr": 21.756458282470703
}