{
  "bids_meta": {
    "AcquisitionMatrixPE": 250,
    "AcquisitionNumber": 6,
    "AcquisitionTime": "",
    "BodyPartExamined": "BRAIN",
    "CoilString": "MULTI COIL",
    "ConversionSoftware": "dcm2niix",
    "ConversionSoftwareVersion": "v1.0.20210317",
    "DeviceSerialNumber": "45128",
    "EchoTime": 0.00348,
    "EchoTrainLength": 560,
    "EstimatedEffectiveEchoSpacing": 4.97191e-06,
    "EstimatedTotalReadoutTime": 0.00126784,
    "FlipAngle": 8,
    "ImageOrientationPatientDICOM": [
      0.999849,
      0.00165984,
      0.0173076,
      0.000696882,
      0.990807,
      -0.13528
    ],
    "ImageType": [
      "ORIGINAL",
      "PRIMARY",
      "M",
      "FFE",
      "M",
      "FFE"
    ],
    "ImagingFrequency": 127.764,
    "InPlanePhaseEncodingDirectionDICOM": "COL",
    "InstitutionAddress": "",
    "InstitutionName": "",
    "InstitutionalDepartmentName": "",
    "MRAcquisitionType": "3D",
    "MagneticFieldStrength": 3,
    "Manufacturer": "Philips",
    "ManufacturersModelName": "Ingenia Elition X",
    "Modality": "MR",
    "ParallelReductionFactorInPlane": 1.73205,
    "ParallelReductionOutOfPlane": 1.73205,
    "PatientPosition": "HFS",
    "PercentPhaseFOV": 100,
    "PercentSampling": 77.9165,
    "PhaseEncodingAxis": "j",
    "PhaseEncodingSteps": 250,
    "PhilipsRWVIntercept": 0,
    "PhilipsRWVSlope": 1,
    "PhilipsRescaleIntercept": 0,
    "PhilipsRescaleSlope": 1,
    "PhilipsScaleSlope": 0.000660559,
    "PixelBandwidth": 787,
    "ProcedureStepDescription": "COLA",
    "ProtocolName": "sT1W_1MM_COMBO",
    "ReconMatrixPE": 256,
    "RepetitionTime": 0.0123644,
    "SAR": 0.0170603,
    "ScanOptions": "FC",
    "ScanningSequence": "GR",
    "SequenceVariant": "MP",
    "SeriesDescription": "sT1W_1MM_COMBO",
    "SeriesNumber": 602,
    "SliceThickness": 2,
    "SoftwareVersions": "5.6.1\\5.6.1.3",
    "SpacingBetweenSlices": 1,
    "StationName": "",
    "UsePhilipsFloatNotDisplayScaling": 1,
    "WaterFatShift": 0.551729,
    "dataset": "ds004073",
    "modality": "T1w",
    "subject_id": "BAN23"
  },
  "cjv": 0.2324432585132267,
  "cnr": 5.665745621396694,
  "efc": 0.7398925154857623,
  "fber": 9336.184162466214,
  "fwhm_avg": 5.64039344,
  "fwhm_x": 5.28314368,
  "fwhm_y": 5.7534566400000005,
  "fwhm_z": 5.88458,
  "icvs_csf": 0.26560441608373325,
  "icvs_gm": 0.4250635926524542,
  "icvs_wm": 0.30933199126381256,
  "inu_med": 0.569736659526825,
  "inu_range": 0.1735659599304199,
  "provenance": {
    "md5sum": "4cf4005a0b6b3aa6871ffccc1edb2f5f",
    "settings": {
      "testing": false
    },
    "software": "mriqc",
    "version": "23.0.0",
    "warnings": {
      "large_rot_frame": true,
      "small_air_mask": false
    },
    "webapi_port": null,
    "webapi_url": "https://mriqc.nimh.nih.gov/api/v1"
  },
  "qi_1": 0.0,
  "qi_2": 1.3241801011341483e-06,
  "rpve_csf": 18.017701573110077,
  "rpve_gm": 11.011247499325775,
  "rpve_wm": 18.071943868778725,
  "size_x": 256,
  "size_y": 256,
  "size_z": 170,
  "snr_csf": 1.1542547496047675,
  "snr_gm": 10.922730347138682,
  "snr_total": 15.220290476128206,
  "snr_wm": 33.58388633164117,
  "snrd_csf": 8.77630882220388,
  "snrd_gm": 50.90919610486695,
  "snrd_total": 46.84936205829587,
  "snrd_wm": 80.86258124781679,
  "spacing_x": 0.9765625,
  "spacing_y": 0.9765625,
  "spacing_z": 1.0,
  "summary_bg_k": 36.91608499045435,
  "summary_bg_mad": 0.0,
  "summary_bg_mean": 4.126547141490926,
  "summary_bg_median": 0.0,
  "summary_bg_n": 411725.0,
  "summary_bg_p05": 0.0,
  "summary_bg_p95": 20.31814830377698,
  "summary_bg_stdv": 8.10184904577882,
  "summary_csf_k": 0.19667361706843645,
  "summary_csf_mad": 87.4647849537126,
  "summary_csf_mean": 135.41949518792728,
  "summary_csf_median": 108.53362636640668,
  "summary_csf_n": 71287.0,
  "summary_csf_p05": 27.73069889098406,
  "summary_csf_p95": 322.37447967007756,
  "summary_csf_stdv": 94.028519403303,
  "summary_gm_k": -0.04632456220114767,
  "summary_gm_mad": 59.82361200018556,
  "summary_gm_mean": 628.5660819138081,
  "summary_gm_median": 629.5767139233649,
  "summary_gm_n": 61437.0,
  "summary_gm_p05": 534.6021332591772,
  "summary_gm_p95": 720.2222016826272,
  "summary_gm_stdv": 57.63866452208444,
  "summary_wm_k": 0.8863183909625802,
  "summary_wm_mad": 26.278793125587583,
  "summary_wm_mean": 998.9981022611829,
  "summary_wm_median": 1000.0000407882035,
  "summary_wm_n": 197089.0,
  "summary_wm_p05": 947.846723433584,
  "summary_wm_p95": 1046.6807312630117,
  "summary_wm_stdv": 29.77611030435714,
  "tpm_overlap_csf": 0.15062700195621115,
  "tpm_overlap_gm": 0.4779269969845279,
  "tpm_overlap_wm": 0.5053865060490669,
  "wm2max": 0.8835224709978892
}