{
  "aor": 0.0010398603839441537,
  "aqi": 0.007900216317626527,
  "bids_meta": {
    "AcquisitionMatrixPE": 90,
    "AcquisitionNumber": 1,
    "AcquisitionTime": "",
    "BandwidthPerPixelPhaseEncode": 21.786,
    "BaseResolution": 90,
    "BodyPartExamined": "BRAIN",
    "ConsistencyInfo": "N4_VE11C_LATEST_20160120",
    "ConversionSoftware": "dcm2niix",
    "ConversionSoftwareVersion": "v1.0.20210317",
    "DerivedVendorReportedEchoSpacing": 0.000510012,
    "DeviceSerialNumber": "66093",
    "DwellTime": 2e-06,
    "EchoTime": 0.03,
    "EchoTrainLength": 90,
    "EffectiveEchoSpacing": 0.000510012,
    "FlipAngle": 52,
    "ImageComments": "Unaliased MB6/PE3/LB",
    "ImageOrientationPatientDICOM": [
      0.999986,
      0.000962529,
      0.00514316,
      -1.5099e-08,
      0.982935,
      -0.183951
    ],
    "ImageType": [
      "ORIGINAL",
      "PRIMARY",
      "M",
      "MB",
      "ND",
      "MOSAIC"
    ],
    "ImagingFrequency": 123.259,
    "InPlanePhaseEncodingDirectionDICOM": "COL",
    "InstitutionAddress": "",
    "InstitutionName": "",
    "InstitutionalDepartmentName": "",
    "MRAcquisitionType": "2D",
    "MagneticFieldStrength": 3,
    "Manufacturer": "Siemens",
    "ManufacturersModelName": "Prisma",
    "Modality": "MR",
    "MultibandAccelerationFactor": 6,
    "PartialFourier": 1,
    "PatientPosition": "HFS",
    "PercentPhaseFOV": 100,
    "PercentSampling": 100,
    "PhaseEncodingDirection": "j-",
    "PhaseEncodingSteps": 90,
    "PhaseResolution": 1,
    "PixelBandwidth": 2780,
    "ProtocolName": "BOLD_2p4_MB6_P1_TE30_TR800_AP",
    "PulseSequenceDetails": "%CustomerSeq%\\cmrr_mbep2d_bold",
    "ReceiveCoilActiveElements": "HEA;HEP",
    "ReceiveCoilName": "Head_32",
    "ReconMatrixPE": 90,
    "RepetitionTime": 0.8,
    "SAR": 0.0676554,
    "ScanOptions": "FS",
    "ScanningSequence": "EP",
    "SequenceName": "epfid2d1_90",
    "SequenceVariant": "SK\\SS",
    "SeriesDescription": "BOLD_2p4_MB6_P1_TE30_TR800_AP",
    "SeriesNumber": 19,
    "ShimSetting": [
      4941,
      -11433,
      -1377,
      385,
      58,
      22,
      133,
      17
    ],
    "SliceThickness": 2.4,
    "SliceTiming": [
      0,
      0.545,
      0.3125,
      0.0775,
      0.625,
      0.39,
      0.155,
      0.7025,
      0.4675,
      0.235,
      0,
      0.545,
      0.3125,
      0.0775,
      0.625,
      0.39,
      0.155,
      0.7025,
      0.4675,
      0.235,
      0,
      0.545,
      0.3125,
      0.0775,
      0.625,
      0.39,
      0.155,
      0.7025,
      0.4675,
      0.235,
      0,
      0.545,
      0.3125,
      0.0775,
      0.625,
      0.39,
      0.155,
      0.7025,
      0.4675,
      0.235,
      0,
      0.545,
      0.3125,
      0.0775,
      0.625,
      0.39,
      0.155,
      0.7025,
      0.4675,
      0.235,
      0,
      0.545,
      0.3125,
      0.0775,
      0.625,
      0.39,
      0.155,
      0.7025,
      0.4675,
      0.235
    ],
    "SoftwareVersions": "syngo MR E11",
    "SpacingBetweenSlices": 2.4,
    "StationName": "",
    "TaskName": "WG",
    "TotalReadoutTime": 0.045391,
    "TxRefAmp": 243.617,
    "VendorReportedEchoSpacing": 0.00051,
    "WipMemBlock": "8513f011-58ee-4c2e-8262-068e35b4d513||Sequence: R016 ve11c/master r/e634e98; Dec 19 2017 11:00:25 by eja",
    "dataset": "ds004073",
    "modality": "bold",
    "subject_id": "OXF24",
    "task_id": "WG"
  },
  "dummy_trs": 2,
  "dvars_nstd": 34.58918852241258,
  "dvars_std": 1.0438986144755251,
  "dvars_vstd": 0.9961276209090911,
  "efc": 0.521239105773207,
  "fber": 816.570068359375,
  "fd_mean": 0.14361604764356603,
  "fd_num": 119,
  "fd_perc": 20.767888307155324,
  "fwhm_avg": 2.9733693262933625,
  "fwhm_x": 2.727412391622369,
  "fwhm_y": 3.050154045464434,
  "fwhm_z": 3.142541541793285,
  "gcor": 0.0135692,
  "gsr_x": -0.029793253168463707,
  "gsr_y": 0.10754568874835968,
  "provenance": {
    "md5sum": "edf9d6f028686b90e0e1868eee36c694",
    "settings": {
      "fd_thres": 0.2,
      "testing": false
    },
    "software": "mriqc",
    "version": "23.0.0",
    "webapi_port": null,
    "webapi_url": "https://mriqc.nimh.nih.gov/api/v1"
  },
  "size_t": 573,
  "size_x": 90,
  "size_y": 90,
  "size_z": 60,
  "snr": 2.8328682936090193,
  "spacing_tr": 0.800000011920929,
  "spacing_x": 2.4000000953674316,
  "spacing_y": 2.4000000953674316,
  "spacing_z": 2.4000000953674316,
  "summary_bg_k": 25.839409707953127,
  "summary_bg_mad": 84.2314696745753,
  "summary_bg_mean": 299.4542236328125,
  "summary_bg_median": 122.92321014404297,
  "summary_bg_n": 324553.0,
  "summary_bg_p05": 60.867366790771484,
  "summary_bg_p95": 1150.3700195312472,
  "summary_bg_stdv": 467.02093505859375,
  "summary_fg_k": 1.001923167813147,
  "summary_fg_mad": 1109.595643898671,
  "summary_fg_mean": 3877.73876953125,
  "summary_fg_median": 3632.4599609375,
  "summary_fg_n": 85826.0,
  "summary_fg_p05": 2212.013916015625,
  "summary_fg_p95": 6396.599365234375,
  "summary_fg_stdv": 1282.2476806640625,
  "tsnr": 36.36358792800456
}