{
  "aor": 0.001215716783216783,
  "aqi": 0.005477002744755245,
  "bids_meta": {
    "AcquisitionMatrixPE": 90,
    "AcquisitionNumber": 1,
    "AcquisitionTime": "",
    "BandwidthPerPixelPhaseEncode": 21.786,
    "BaseResolution": 90,
    "BodyPartExamined": "BRAIN",
    "ConsistencyInfo": "N4_VE11C_LATEST_20160120",
    "ConversionSoftware": "dcm2niix",
    "ConversionSoftwareVersion": "v1.0.20210317",
    "DerivedVendorReportedEchoSpacing": 0.000510012,
    "DeviceSerialNumber": "66093",
    "DwellTime": 2e-06,
    "EchoTime": 0.03,
    "EchoTrainLength": 90,
    "EffectiveEchoSpacing": 0.000510012,
    "FlipAngle": 52,
    "ImageComments": "Unaliased MB6/PE3/LB",
    "ImageOrientationPatientDICOM": [
      0.999986,
      0.000962529,
      0.00514316,
      -1.5099e-08,
      0.982935,
      -0.183951
    ],
    "ImageType": [
      "ORIGINAL",
      "PRIMARY",
      "M",
      "MB",
      "ND",
      "MOSAIC"
    ],
    "ImagingFrequency": 123.259,
    "InPlanePhaseEncodingDirectionDICOM": "COL",
    "InstitutionAddress": "",
    "InstitutionName": "",
    "InstitutionalDepartmentName": "",
    "MRAcquisitionType": "2D",
    "MagneticFieldStrength": 3,
    "Manufacturer": "Siemens",
    "ManufacturersModelName": "Prisma",
    "Modality": "MR",
    "MultibandAccelerationFactor": 6,
    "PartialFourier": 1,
    "PatientPosition": "HFS",
    "PercentPhaseFOV": 100,
    "PercentSampling": 100,
    "PhaseEncodingDirection": "j-",
    "PhaseEncodingSteps": 90,
    "PhaseResolution": 1,
    "PixelBandwidth": 2780,
    "ProtocolName": "BOLD_2p4_MB6_P1_TE30_TR800_AP",
    "PulseSequenceDetails": "%CustomerSeq%\\cmrr_mbep2d_bold",
    "ReceiveCoilActiveElements": "HEA;HEP",
    "ReceiveCoilName": "Head_32",
    "ReconMatrixPE": 90,
    "RepetitionTime": 0.8,
    "SAR": 0.0676554,
    "ScanOptions": "FS",
    "ScanningSequence": "EP",
    "SequenceName": "epfid2d1_90",
    "SequenceVariant": "SK\\SS",
    "SeriesDescription": "BOLD_2p4_MB6_P1_TE30_TR800_AP",
    "SeriesNumber": 5,
    "ShimSetting": [
      4941,
      -11433,
      -1377,
      385,
      58,
      22,
      133,
      17
    ],
    "SliceThickness": 2.4,
    "SliceTiming": [
      0,
      0.545,
      0.3125,
      0.0775,
      0.625,
      0.39,
      0.155,
      0.7025,
      0.4675,
      0.235,
      0,
      0.545,
      0.3125,
      0.0775,
      0.625,
      0.39,
      0.155,
      0.7025,
      0.4675,
      0.235,
      0,
      0.545,
      0.3125,
      0.0775,
      0.625,
      0.39,
      0.155,
      0.7025,
      0.4675,
      0.235,
      0,
      0.545,
      0.3125,
      0.0775,
      0.625,
      0.39,
      0.155,
      0.7025,
      0.4675,
      0.235,
      0,
      0.545,
      0.3125,
      0.0775,
      0.625,
      0.39,
      0.155,
      0.7025,
      0.4675,
      0.235,
      0,
      0.545,
      0.3125,
      0.0775,
      0.625,
      0.39,
      0.155,
      0.7025,
      0.4675,
      0.235
    ],
    "SoftwareVersions": "syngo MR E11",
    "SpacingBetweenSlices": 2.4,
    "StationName": "",
    "TaskName": "SG",
    "TotalReadoutTime": 0.045391,
    "TxRefAmp": 243.617,
    "VendorReportedEchoSpacing": 0.00051,
    "WipMemBlock": "50c2405b-fa0d-4118-9d1c-8f0894ec849b||Sequence: R016 ve11c/master r/e634e98; Dec 19 2017 11:00:25 by eja",
    "dataset": "ds004073",
    "modality": "bold",
    "subject_id": "OXF24",
    "task_id": "SG"
  },
  "dummy_trs": 3,
  "dvars_nstd": 33.30109716842385,
  "dvars_std": 1.0600999950087568,
  "dvars_vstd": 1.0135043289141856,
  "efc": 0.5187193049070031,
  "fber": 867.1300659179688,
  "fd_mean": 0.1319174917480393,
  "fd_num": 95,
  "fd_perc": 16.60839160839161,
  "fwhm_avg": 2.959402660181681,
  "fwhm_x": 2.7184957253100186,
  "fwhm_y": 3.0330290461449207,
  "fwhm_z": 3.126683209090105,
  "gcor": 0.0132289,
  "gsr_x": -0.02966940775513649,
  "gsr_y": 0.10601087659597397,
  "provenance": {
    "md5sum": "93d3aa41bf3fec92dcce92a013cd9cf8",
    "settings": {
      "fd_thres": 0.2,
      "testing": false
    },
    "software": "mriqc",
    "version": "23.0.0",
    "webapi_port": null,
    "webapi_url": "https://mriqc.nimh.nih.gov/api/v1"
  },
  "size_t": 572,
  "size_x": 90,
  "size_y": 90,
  "size_z": 60,
  "snr": 2.866909628420958,
  "spacing_tr": 0.800000011920929,
  "spacing_x": 2.4000000953674316,
  "spacing_y": 2.4000000953674316,
  "spacing_z": 2.4000000953674316,
  "summary_bg_k": 30.836207058206867,
  "summary_bg_mad": 78.83451572019204,
  "summary_bg_mean": 284.2366638183594,
  "summary_bg_median": 117.81468200683594,
  "summary_bg_n": 324069.0,
  "summary_bg_p05": 60.17482376098633,
  "summary_bg_p95": 1076.0937255859371,
  "summary_bg_stdv": 450.5341491699219,
  "summary_fg_k": 0.9333822889004892,
  "summary_fg_mad": 1090.5965453031777,
  "summary_fg_mean": 3835.983642578125,
  "summary_fg_median": 3593.015625,
  "summary_fg_n": 86010.0,
  "summary_fg_p05": 2201.237646484375,
  "summary_fg_p95": 6273.622167968751,
  "summary_fg_stdv": 1253.2640380859375,
  "tsnr": 40.11450676759705
}