{
  "aor": 0.0006753739130434783,
  "aqi": 0.04273004730434782,
  "bids_meta": {
    "AcquisitionMatrixPE": 94,
    "AcquisitionNumber": 9,
    "AcquisitionTime": "",
    "BodyPartExamined": "BRAIN",
    "CoilString": "MULTI COIL",
    "ConversionSoftware": "dcm2niix",
    "ConversionSoftwareVersion": "v1.0.20210317",
    "DeviceSerialNumber": "45128",
    "EchoTime": 0.03,
    "EchoTrainLength": 47,
    "EstimatedEffectiveEchoSpacing": 0.000388467,
    "EstimatedTotalReadoutTime": 0.0369044,
    "FlipAngle": 52,
    "ImageOrientationPatientDICOM": [
      0.999849,
      0.00165984,
      0.0173076,
      0.000696882,
      0.990807,
      -0.13528
    ],
    "ImageType": [
      "ORIGINAL",
      "PRIMARY",
      "M",
      "FFE",
      "M",
      "FFE"
    ],
    "ImagingFrequency": 127.764,
    "InPlanePhaseEncodingDirectionDICOM": "COL",
    "InstitutionAddress": "",
    "InstitutionName": "",
    "InstitutionalDepartmentName": "",
    "MRAcquisitionType": "2D",
    "MagneticFieldStrength": 3,
    "Manufacturer": "Philips",
    "ManufacturersModelName": "Ingenia Elition X",
    "Modality": "MR",
    "ParallelReductionFactorInPlane": 2,
    "ParallelReductionOutOfPlane": 6,
    "PatientPosition": "HFS",
    "PercentPhaseFOV": 100,
    "PercentSampling": 100,
    "PhaseEncodingAxis": "j",
    "PhaseEncodingSteps": 94,
    "PhilipsRWVIntercept": 0,
    "PhilipsRWVSlope": 1.0906,
    "PhilipsRescaleIntercept": 0,
    "PhilipsRescaleSlope": 1.0906,
    "PhilipsScaleSlope": 0.0163075,
    "PixelBandwidth": 1850,
    "ProcedureStepDescription": "COLA",
    "ProtocolName": "COLA_R6",
    "ReconMatrixPE": 96,
    "RepetitionTime": 0.8,
    "SAR": 0.0819311,
    "ScanOptions": "FS",
    "ScanningSequence": "GR",
    "SequenceVariant": "SK",
    "SeriesDescription": "COLA_R6",
    "SeriesNumber": 901,
    "SliceThickness": 2.4,
    "SoftwareVersions": "5.6.1\\5.6.1.3",
    "SpacingBetweenSlices": 2.4,
    "StationName": "",
    "TaskName": "WC",
    "UsePhilipsFloatNotDisplayScaling": 1,
    "WaterFatShift": 16.3723,
    "dataset": "ds004073",
    "modality": "bold",
    "subject_id": "BAN23",
    "task_id": "WC"
  },
  "dummy_trs": 0,
  "dvars_nstd": 84.20004097003479,
  "dvars_std": 1.1059929386236929,
  "dvars_vstd": 1.021976911254354,
  "efc": 0.4684787349298488,
  "fber": 324041.75,
  "fd_mean": 0.32766684495075993,
  "fd_num": 401,
  "fd_perc": 69.73913043478261,
  "fwhm_avg": 2.0926896320734527,
  "fwhm_x": 2.1636564195973413,
  "fwhm_y": 2.2199875519006995,
  "fwhm_z": 1.8944249247223168,
  "gcor": 0.00361998,
  "gsr_x": -0.018321232870221138,
  "gsr_y": 0.02625373750925064,
  "provenance": {
    "md5sum": "b0011484b7bd6234254da86bdefc4c6a",
    "settings": {
      "fd_thres": 0.2,
      "testing": false
    },
    "software": "mriqc",
    "version": "23.0.0",
    "webapi_port": null,
    "webapi_url": "https://mriqc.nimh.nih.gov/api/v1"
  },
  "size_t": 575,
  "size_x": 96,
  "size_y": 96,
  "size_z": 60,
  "snr": 5.16350286279177,
  "spacing_tr": 0.8000001907348633,
  "spacing_x": 2.3958332538604736,
  "spacing_y": 2.3958332538604736,
  "spacing_z": 2.4000000953674316,
  "summary_bg_k": 16.91293884527947,
  "summary_bg_mad": 177.13441908818896,
  "summary_bg_mean": 3272.741943359375,
  "summary_bg_median": 120.44741821289062,
  "summary_bg_n": 393263.0,
  "summary_bg_p05": 1.0433130502700807,
  "summary_bg_p95": 15860.9322265625,
  "summary_bg_stdv": 6396.7900390625,
  "summary_fg_k": 0.8571990512254075,
  "summary_fg_mad": 12178.025125826021,
  "summary_fg_mean": 68096.5390625,
  "summary_fg_median": 68438.7109375,
  "summary_fg_n": 86971.0,
  "summary_fg_p05": 46375.25390625,
  "summary_fg_p95": 89432.6484375,
  "summary_fg_stdv": 13254.2421875,
  "tsnr": 18.312244415283203
}