{
  "aor": 0.0007119304347826087,
  "aqi": 0.04212067113043478,
  "bids_meta": {
    "AcquisitionMatrixPE": 94,
    "AcquisitionNumber": 8,
    "AcquisitionTime": "",
    "BodyPartExamined": "BRAIN",
    "CoilString": "MULTI COIL",
    "ConversionSoftware": "dcm2niix",
    "ConversionSoftwareVersion": "v1.0.20210317",
    "DeviceSerialNumber": "45128",
    "EchoTime": 0.03,
    "EchoTrainLength": 47,
    "EstimatedEffectiveEchoSpacing": 0.000388467,
    "EstimatedTotalReadoutTime": 0.0369044,
    "FlipAngle": 52,
    "ImageOrientationPatientDICOM": [
      0.999849,
      0.00165984,
      0.0173076,
      0.000696882,
      0.990807,
      -0.13528
    ],
    "ImageType": [
      "ORIGINAL",
      "PRIMARY",
      "M",
      "FFE",
      "M",
      "FFE"
    ],
    "ImagingFrequency": 127.764,
    "InPlanePhaseEncodingDirectionDICOM": "COL",
    "InstitutionAddress": "",
    "InstitutionName": "",
    "InstitutionalDepartmentName": "",
    "MRAcquisitionType": "2D",
    "MagneticFieldStrength": 3,
    "Manufacturer": "Philips",
    "ManufacturersModelName": "Ingenia Elition X",
    "Modality": "MR",
    "ParallelReductionFactorInPlane": 2,
    "ParallelReductionOutOfPlane": 6,
    "PatientPosition": "HFS",
    "PercentPhaseFOV": 100,
    "PercentSampling": 100,
    "PhaseEncodingAxis": "j",
    "PhaseEncodingSteps": 94,
    "PhilipsRWVIntercept": 0,
    "PhilipsRWVSlope": 1.14286,
    "PhilipsRescaleIntercept": 0,
    "PhilipsRescaleSlope": 1.14286,
    "PhilipsScaleSlope": 0.0163473,
    "PixelBandwidth": 1850,
    "ProcedureStepDescription": "COLA",
    "ProtocolName": "COLA_R5",
    "ReconMatrixPE": 96,
    "RepetitionTime": 0.8,
    "SAR": 0.0819311,
    "ScanOptions": "FS",
    "ScanningSequence": "GR",
    "SequenceVariant": "SK",
    "SeriesDescription": "COLA_R5",
    "SeriesNumber": 801,
    "SliceThickness": 2.4,
    "SoftwareVersions": "5.6.1\\5.6.1.3",
    "SpacingBetweenSlices": 2.4,
    "StationName": "",
    "TaskName": "SG",
    "UsePhilipsFloatNotDisplayScaling": 1,
    "WaterFatShift": 16.3723,
    "dataset": "ds004073",
    "modality": "bold",
    "subject_id": "BAN23",
    "task_id": "SG"
  },
  "dummy_trs": 0,
  "dvars_nstd": 85.05965629609751,
  "dvars_std": 1.1124754066202092,
  "dvars_vstd": 1.0236635741289197,
  "efc": 0.4693383201006282,
  "fber": 302828.90625,
  "fd_mean": 0.30047876075900076,
  "fd_num": 384,
  "fd_perc": 66.78260869565217,
  "fwhm_avg": 2.117485004449303,
  "fwhm_x": 2.1883158986761972,
  "fwhm_y": 2.2521308573147603,
  "fwhm_z": 1.9120082573569515,
  "gcor": 0.00509677,
  "gsr_x": -0.019475355744361877,
  "gsr_y": 0.025867706164717674,
  "provenance": {
    "md5sum": "c688124dbd51b1c3937ea1476b834564",
    "settings": {
      "fd_thres": 0.2,
      "testing": false
    },
    "software": "mriqc",
    "version": "23.0.0",
    "webapi_port": null,
    "webapi_url": "https://mriqc.nimh.nih.gov/api/v1"
  },
  "size_t": 575,
  "size_x": 96,
  "size_y": 96,
  "size_z": 60,
  "snr": 5.027540802124286,
  "spacing_tr": 0.8000001907348633,
  "spacing_x": 2.3958332538604736,
  "spacing_y": 2.3958332538604736,
  "spacing_z": 2.4000000953674316,
  "summary_bg_k": 16.057985676667727,
  "summary_bg_mad": 182.56989718358813,
  "summary_bg_mean": 3274.077880859375,
  "summary_bg_median": 123.87238311767578,
  "summary_bg_n": 392868.0,
  "summary_bg_p05": 0.8251771837472917,
  "summary_bg_p95": 15889.175048828123,
  "summary_bg_stdv": 6313.8310546875,
  "summary_fg_k": 0.831534015486397,
  "summary_fg_mad": 12534.976088468535,
  "summary_fg_mean": 67671.578125,
  "summary_fg_median": 68052.9375,
  "summary_fg_n": 87094.0,
  "summary_fg_p05": 45391.60546875,
  "summary_fg_p95": 89378.640234375,
  "summary_fg_stdv": 13535.951171875,
  "tsnr": 18.256444931030273
}