{
  "aor": 0.0005984347826086956,
  "aqi": 0.042568575478260866,
  "bids_meta": {
    "AcquisitionMatrixPE": 94,
    "AcquisitionNumber": 3,
    "AcquisitionTime": "",
    "BodyPartExamined": "BRAIN",
    "CoilString": "MULTI COIL",
    "ConversionSoftware": "dcm2niix",
    "ConversionSoftwareVersion": "v1.0.20210317",
    "DeviceSerialNumber": "45128",
    "EchoTime": 0.03,
    "EchoTrainLength": 47,
    "EstimatedEffectiveEchoSpacing": 0.000388467,
    "EstimatedTotalReadoutTime": 0.0369044,
    "FlipAngle": 52,
    "ImageOrientationPatientDICOM": [
      0.999849,
      0.00165984,
      0.0173076,
      0.000696882,
      0.990807,
      -0.13528
    ],
    "ImageType": [
      "ORIGINAL",
      "PRIMARY",
      "M",
      "FFE",
      "M",
      "FFE"
    ],
    "ImagingFrequency": 127.764,
    "InPlanePhaseEncodingDirectionDICOM": "COL",
    "InstitutionAddress": "",
    "InstitutionName": "",
    "InstitutionalDepartmentName": "",
    "MRAcquisitionType": "2D",
    "MagneticFieldStrength": 3,
    "Manufacturer": "Philips",
    "ManufacturersModelName": "Ingenia Elition X",
    "Modality": "MR",
    "ParallelReductionFactorInPlane": 2,
    "ParallelReductionOutOfPlane": 6,
    "PatientPosition": "HFS",
    "PercentPhaseFOV": 100,
    "PercentSampling": 100,
    "PhaseEncodingAxis": "j",
    "PhaseEncodingSteps": 94,
    "PhilipsRWVIntercept": 0,
    "PhilipsRWVSlope": 1.15604,
    "PhilipsRescaleIntercept": 0,
    "PhilipsRescaleSlope": 1.15604,
    "PhilipsScaleSlope": 0.016211,
    "PixelBandwidth": 1850,
    "ProcedureStepDescription": "COLA",
    "ProtocolName": "COLA_R2",
    "ReconMatrixPE": 96,
    "RepetitionTime": 0.8,
    "SAR": 0.0819311,
    "ScanOptions": "FS",
    "ScanningSequence": "GR",
    "SequenceVariant": "SK",
    "SeriesDescription": "COLA_R2",
    "SeriesNumber": 301,
    "SliceThickness": 2.4,
    "SoftwareVersions": "5.6.1\\5.6.1.3",
    "SpacingBetweenSlices": 2.4,
    "StationName": "",
    "TaskName": "SC",
    "UsePhilipsFloatNotDisplayScaling": 1,
    "WaterFatShift": 16.3723,
    "dataset": "ds004073",
    "modality": "bold",
    "subject_id": "BAN23",
    "task_id": "SC"
  },
  "dummy_trs": 0,
  "dvars_nstd": 86.59346065456442,
  "dvars_std": 1.1089528298954707,
  "dvars_vstd": 1.0188189312543559,
  "efc": 0.4692596613536314,
  "fber": 287197.875,
  "fd_mean": 0.3704829609504711,
  "fd_num": 456,
  "fd_perc": 79.30434782608695,
  "fwhm_avg": 2.1392263238111813,
  "fwhm_x": 2.2146449430278263,
  "fwhm_y": 2.282800771375599,
  "fwhm_z": 1.920233257030119,
  "gcor": 0.00711958,
  "gsr_x": -0.019846202805638313,
  "gsr_y": 0.025287063792347908,
  "provenance": {
    "md5sum": "268db20e7709366ea374cd66f2cf9dde",
    "settings": {
      "fd_thres": 0.2,
      "testing": false
    },
    "software": "mriqc",
    "version": "23.0.0",
    "webapi_port": null,
    "webapi_url": "https://mriqc.nimh.nih.gov/api/v1"
  },
  "size_t": 575,
  "size_x": 96,
  "size_y": 96,
  "size_z": 60,
  "snr": 4.940098651172959,
  "spacing_tr": 0.8000001907348633,
  "spacing_x": 2.3958332538604736,
  "spacing_y": 2.3958332538604736,
  "spacing_z": 2.4000000953674316,
  "summary_bg_k": 16.2590716527803,
  "summary_bg_mad": 189.14425234745426,
  "summary_bg_mean": 3338.506103515625,
  "summary_bg_median": 128.51893615722656,
  "summary_bg_n": 392776.0,
  "summary_bg_p05": 1.0352276265621185,
  "summary_bg_p95": 16258.940673828125,
  "summary_bg_stdv": 6569.4677734375,
  "summary_fg_k": 0.7911170296322285,
  "summary_fg_mad": 12816.32012938218,
  "summary_fg_mean": 68536.8515625,
  "summary_fg_median": 68857.125,
  "summary_fg_n": 87259.0,
  "summary_fg_p05": 45406.914843750004,
  "summary_fg_p95": 91039.61953124998,
  "summary_fg_stdv": 13938.3310546875,
  "tsnr": 17.64075469970703
}