{
  "aor": 0.0006510086956521738,
  "aqi": 0.0445457787826087,
  "bids_meta": {
    "AcquisitionMatrixPE": 94,
    "AcquisitionNumber": 7,
    "AcquisitionTime": "",
    "BodyPartExamined": "BRAIN",
    "CoilString": "MULTI COIL",
    "ConversionSoftware": "dcm2niix",
    "ConversionSoftwareVersion": "v1.0.20210317",
    "DeviceSerialNumber": "45128",
    "EchoTime": 0.03,
    "EchoTrainLength": 47,
    "EstimatedEffectiveEchoSpacing": 0.000388467,
    "EstimatedTotalReadoutTime": 0.0369044,
    "FlipAngle": 52,
    "ImageOrientationPatientDICOM": [
      0.999849,
      0.00165984,
      0.0173076,
      0.000696882,
      0.990807,
      -0.13528
    ],
    "ImageType": [
      "ORIGINAL",
      "PRIMARY",
      "M",
      "FFE",
      "M",
      "FFE"
    ],
    "ImagingFrequency": 127.764,
    "InPlanePhaseEncodingDirectionDICOM": "COL",
    "InstitutionAddress": "",
    "InstitutionName": "",
    "InstitutionalDepartmentName": "",
    "MRAcquisitionType": "2D",
    "MagneticFieldStrength": 3,
    "Manufacturer": "Philips",
    "ManufacturersModelName": "Ingenia Elition X",
    "Modality": "MR",
    "ParallelReductionFactorInPlane": 2,
    "ParallelReductionOutOfPlane": 6,
    "PatientPosition": "HFS",
    "PercentPhaseFOV": 100,
    "PercentSampling": 100,
    "PhaseEncodingAxis": "j",
    "PhaseEncodingSteps": 94,
    "PhilipsRWVIntercept": 0,
    "PhilipsRWVSlope": 1.14969,
    "PhilipsRescaleIntercept": 0,
    "PhilipsRescaleSlope": 1.14969,
    "PhilipsScaleSlope": 0.0162611,
    "PixelBandwidth": 1850,
    "ProcedureStepDescription": "COLA",
    "ProtocolName": "COLA_R4",
    "ReconMatrixPE": 96,
    "RepetitionTime": 0.8,
    "SAR": 0.0819311,
    "ScanOptions": "FS",
    "ScanningSequence": "GR",
    "SequenceVariant": "SK",
    "SeriesDescription": "COLA_R4",
    "SeriesNumber": 701,
    "SliceThickness": 2.4,
    "SoftwareVersions": "5.6.1\\5.6.1.3",
    "SpacingBetweenSlices": 2.4,
    "StationName": "",
    "TaskName": "WG",
    "UsePhilipsFloatNotDisplayScaling": 1,
    "WaterFatShift": 16.3723,
    "dataset": "ds004073",
    "modality": "bold",
    "subject_id": "BAN23",
    "task_id": "WG"
  },
  "dummy_trs": 0,
  "dvars_nstd": 86.5205694323345,
  "dvars_std": 1.1106901482229967,
  "dvars_vstd": 1.0219883990243894,
  "efc": 0.4686204100593828,
  "fber": 316958.875,
  "fd_mean": 0.3489037081245371,
  "fd_num": 440,
  "fd_perc": 76.52173913043478,
  "fwhm_avg": 2.1161371518193817,
  "fwhm_x": 2.1822428549964856,
  "fwhm_y": 2.2571145096539875,
  "fwhm_z": 1.9090540908076727,
  "gcor": 0.00730012,
  "gsr_x": -0.018387261778116226,
  "gsr_y": 0.0235514584928751,
  "provenance": {
    "md5sum": "481c9405286fa4b4feef8ff1b1545d19",
    "settings": {
      "fd_thres": 0.2,
      "testing": false
    },
    "software": "mriqc",
    "version": "23.0.0",
    "webapi_port": null,
    "webapi_url": "https://mriqc.nimh.nih.gov/api/v1"
  },
  "size_t": 575,
  "size_x": 96,
  "size_y": 96,
  "size_z": 60,
  "snr": 5.034672064208312,
  "spacing_tr": 0.8000001907348633,
  "spacing_x": 2.3958332538604736,
  "spacing_y": 2.3958332538604736,
  "spacing_z": 2.4000000953674316,
  "summary_bg_k": 16.093611265571123,
  "summary_bg_mad": 178.12876250563892,
  "summary_bg_mean": 3270.87646484375,
  "summary_bg_median": 120.96650695800781,
  "summary_bg_n": 393009.0,
  "summary_bg_p05": 0.8946203589439392,
  "summary_bg_p95": 15927.914843749997,
  "summary_bg_stdv": 6378.00537109375,
  "summary_fg_k": 0.8167706722297989,
  "summary_fg_mad": 12620.04907787767,
  "summary_fg_mean": 68036.65625,
  "summary_fg_median": 68299.9765625,
  "summary_fg_n": 87079.0,
  "summary_fg_p05": 45832.165234375,
  "summary_fg_p95": 89804.85937499999,
  "summary_fg_stdv": 13565.845703125,
  "tsnr": 17.45920753479004
}