{
  "aor": 0.0027492160278745643,
  "aqi": 0.010043017177700347,
  "bids_meta": {
    "AcquisitionMatrixPE": 90,
    "AcquisitionNumber": 1,
    "AcquisitionTime": "",
    "BandwidthPerPixelPhaseEncode": 21.786,
    "BaseResolution": 90,
    "BodyPartExamined": "BRAIN",
    "ConsistencyInfo": "N4_VE11C_LATEST_20160120",
    "ConversionSoftware": "dcm2niix",
    "ConversionSoftwareVersion": "v1.0.20210317",
    "DerivedVendorReportedEchoSpacing": 0.000510012,
    "DeviceSerialNumber": "66093",
    "DwellTime": 2e-06,
    "EchoTime": 0.03,
    "EchoTrainLength": 90,
    "EffectiveEchoSpacing": 0.000510012,
    "FlipAngle": 52,
    "ImageComments": "Unaliased MB6/PE3/LB",
    "ImageOrientationPatientDICOM": [
      0.999986,
      0.0013189,
      0.0050635,
      3.57386e-08,
      0.967709,
      -0.252069
    ],
    "ImageType": [
      "ORIGINAL",
      "PRIMARY",
      "M",
      "MB",
      "ND",
      "MOSAIC"
    ],
    "ImagingFrequency": 123.26,
    "InPlanePhaseEncodingDirectionDICOM": "COL",
    "InstitutionAddress": "",
    "InstitutionName": "",
    "InstitutionalDepartmentName": "",
    "MRAcquisitionType": "2D",
    "MagneticFieldStrength": 3,
    "Manufacturer": "Siemens",
    "ManufacturersModelName": "Prisma",
    "Modality": "MR",
    "MultibandAccelerationFactor": 6,
    "PartialFourier": 1,
    "PatientPosition": "HFS",
    "PercentPhaseFOV": 100,
    "PercentSampling": 100,
    "PhaseEncodingDirection": "j-",
    "PhaseEncodingSteps": 90,
    "PhaseResolution": 1,
    "PixelBandwidth": 2780,
    "ProtocolName": "BOLD_2p4_MB6_P1_TE30_TR800_AP",
    "PulseSequenceDetails": "%CustomerSeq%\\cmrr_mbep2d_bold",
    "ReceiveCoilActiveElements": "HEA;HEP",
    "ReceiveCoilName": "Head_32",
    "ReconMatrixPE": 90,
    "RepetitionTime": 0.8,
    "SAR": 0.0888674,
    "ScanOptions": "FS",
    "ScanningSequence": "EP",
    "SequenceName": "epfid2d1_90",
    "SequenceVariant": "SK\\SS",
    "SeriesDescription": "BOLD_2p4_MB6_P1_TE30_TR800_AP",
    "SeriesNumber": 5,
    "ShimSetting": [
      4964,
      -11431,
      -1311,
      429,
      29,
      -211,
      -20,
      30
    ],
    "SliceThickness": 2.4,
    "SliceTiming": [
      0,
      0.5475,
      0.3125,
      0.0775,
      0.625,
      0.39,
      0.1575,
      0.7025,
      0.4675,
      0.235,
      0,
      0.5475,
      0.3125,
      0.0775,
      0.625,
      0.39,
      0.1575,
      0.7025,
      0.4675,
      0.235,
      0,
      0.5475,
      0.3125,
      0.0775,
      0.625,
      0.39,
      0.1575,
      0.7025,
      0.4675,
      0.235,
      0,
      0.5475,
      0.3125,
      0.0775,
      0.625,
      0.39,
      0.1575,
      0.7025,
      0.4675,
      0.235,
      0,
      0.5475,
      0.3125,
      0.0775,
      0.625,
      0.39,
      0.1575,
      0.7025,
      0.4675,
      0.235,
      0,
      0.5475,
      0.3125,
      0.0775,
      0.625,
      0.39,
      0.1575,
      0.7025,
      0.4675,
      0.235
    ],
    "SoftwareVersions": "syngo MR E11",
    "SpacingBetweenSlices": 2.4,
    "StationName": "",
    "TaskName": "PD",
    "TotalReadoutTime": 0.045391,
    "TxRefAmp": 273.76,
    "VendorReportedEchoSpacing": 0.00051,
    "WipMemBlock": "40f049f8-092c-44c9-8ecd-80472978a8ce||Sequence: R016 ve11c/master r/e634e98; Dec 19 2017 11:00:25 by eja",
    "dataset": "ds004073",
    "modality": "bold",
    "subject_id": "OXF17",
    "task_id": "PD"
  },
  "dummy_trs": 1,
  "dvars_nstd": 36.851199830750474,
  "dvars_std": 1.0327963871902288,
  "dvars_vstd": 0.9901968594764402,
  "efc": 0.5286681507877877,
  "fber": 632.1182250976562,
  "fd_mean": 0.26056875690274667,
  "fd_num": 256,
  "fd_perc": 44.599303135888505,
  "fwhm_avg": 3.079592933183527,
  "fwhm_x": 2.8659957194488954,
  "fwhm_y": 3.2006457061510996,
  "fwhm_z": 3.172137373950586,
  "gcor": 0.0288289,
  "gsr_x": -0.021819312125444412,
  "gsr_y": 0.08376826345920563,
  "provenance": {
    "md5sum": "cd25daebc15c4163c55ba5492c8497ee",
    "settings": {
      "fd_thres": 0.2,
      "testing": false
    },
    "software": "mriqc",
    "version": "23.0.0",
    "webapi_port": null,
    "webapi_url": "https://mriqc.nimh.nih.gov/api/v1"
  },
  "size_t": 574,
  "size_x": 90,
  "size_y": 90,
  "size_z": 60,
  "snr": 2.1893930505752985,
  "spacing_tr": 0.800000011920929,
  "spacing_x": 2.4000000953674316,
  "spacing_y": 2.4000000953674316,
  "spacing_z": 2.4000000953674316,
  "summary_bg_k": 19.06199868108504,
  "summary_bg_mad": 109.48267214450527,
  "summary_bg_mean": 348.0185241699219,
  "summary_bg_median": 152.00347900390625,
  "summary_bg_n": 308905.0,
  "summary_bg_p05": 67.28083648681641,
  "summary_bg_p95": 1394.5728759765625,
  "summary_bg_stdv": 516.5953369140625,
  "summary_fg_k": 1.7437781404676667,
  "summary_fg_mad": 1551.390835061134,
  "summary_fg_mean": 4354.2314453125,
  "summary_fg_median": 3949.72998046875,
  "summary_fg_n": 97357.0,
  "summary_fg_p05": 2157.52783203125,
  "summary_fg_p95": 7864.844433593749,
  "summary_fg_stdv": 1804.0203857421875,
  "tsnr": 29.420196875114925
}