{
  "aor": 0.001308815331010453,
  "aqi": 0.006584163902439024,
  "bids_meta": {
    "AcquisitionMatrixPE": 90,
    "AcquisitionNumber": 1,
    "AcquisitionTime": "",
    "BandwidthPerPixelPhaseEncode": 21.786,
    "BaseResolution": 90,
    "BodyPartExamined": "BRAIN",
    "ConsistencyInfo": "N4_VE11C_LATEST_20160120",
    "ConversionSoftware": "dcm2niix",
    "ConversionSoftwareVersion": "v1.0.20210317",
    "DerivedVendorReportedEchoSpacing": 0.000510012,
    "DeviceSerialNumber": "66093",
    "DwellTime": 2e-06,
    "EchoTime": 0.03,
    "EchoTrainLength": 90,
    "EffectiveEchoSpacing": 0.000510012,
    "FlipAngle": 52,
    "ImageComments": "Unaliased MB6/PE3/LB",
    "ImageOrientationPatientDICOM": [
      0.999749,
      0.00408154,
      0.0220165,
      -3.78873e-08,
      0.983247,
      -0.182278
    ],
    "ImageType": [
      "ORIGINAL",
      "PRIMARY",
      "M",
      "MB",
      "ND",
      "MOSAIC"
    ],
    "ImagingFrequency": 123.26,
    "InPlanePhaseEncodingDirectionDICOM": "COL",
    "InstitutionAddress": "",
    "InstitutionName": "",
    "InstitutionalDepartmentName": "",
    "MRAcquisitionType": "2D",
    "MagneticFieldStrength": 3,
    "Manufacturer": "Siemens",
    "ManufacturersModelName": "Prisma",
    "Modality": "MR",
    "MultibandAccelerationFactor": 6,
    "PartialFourier": 1,
    "PatientPosition": "HFS",
    "PercentPhaseFOV": 100,
    "PercentSampling": 100,
    "PhaseEncodingDirection": "j-",
    "PhaseEncodingSteps": 90,
    "PhaseResolution": 1,
    "PixelBandwidth": 2780,
    "ProtocolName": "BOLD_2p4_MB6_P1_TE30_TR800_AP",
    "PulseSequenceDetails": "%CustomerSeq%\\cmrr_mbep2d_bold",
    "ReceiveCoilActiveElements": "HEA;HEP",
    "ReceiveCoilName": "Head_32",
    "ReconMatrixPE": 90,
    "RepetitionTime": 0.8,
    "SAR": 0.0862229,
    "ScanOptions": "FS",
    "ScanningSequence": "EP",
    "SequenceName": "epfid2d1_90",
    "SequenceVariant": "SK\\SS",
    "SeriesDescription": "BOLD_2p4_MB6_P1_TE30_TR800_AP",
    "SeriesNumber": 7,
    "ShimSetting": [
      4972,
      -11439,
      -1295,
      460,
      71,
      -221,
      -18,
      14
    ],
    "SliceThickness": 2.4,
    "SliceTiming": [
      0,
      0.545,
      0.3125,
      0.0775,
      0.625,
      0.39,
      0.155,
      0.7025,
      0.4675,
      0.235,
      0,
      0.545,
      0.3125,
      0.0775,
      0.625,
      0.39,
      0.155,
      0.7025,
      0.4675,
      0.235,
      0,
      0.545,
      0.3125,
      0.0775,
      0.625,
      0.39,
      0.155,
      0.7025,
      0.4675,
      0.235,
      0,
      0.545,
      0.3125,
      0.0775,
      0.625,
      0.39,
      0.155,
      0.7025,
      0.4675,
      0.235,
      0,
      0.545,
      0.3125,
      0.0775,
      0.625,
      0.39,
      0.155,
      0.7025,
      0.4675,
      0.235,
      0,
      0.545,
      0.3125,
      0.0775,
      0.625,
      0.39,
      0.155,
      0.7025,
      0.4675,
      0.235
    ],
    "SoftwareVersions": "syngo MR E11",
    "SpacingBetweenSlices": 2.4,
    "StationName": "",
    "TaskName": "SG",
    "TotalReadoutTime": 0.045391,
    "TxRefAmp": 272.146,
    "VendorReportedEchoSpacing": 0.00051,
    "WipMemBlock": "e8149826-7f78-4e57-abe9-8f9b7b70508f||Sequence: R016 ve11c/master r/e634e98; Dec 19 2017 11:00:25 by eja",
    "dataset": "ds004073",
    "modality": "bold",
    "subject_id": "OXF17",
    "task_id": "SG"
  },
  "dummy_trs": 1,
  "dvars_nstd": 34.76799843062824,
  "dvars_std": 1.044094706806284,
  "dvars_vstd": 0.9905179124432816,
  "efc": 0.527303488217499,
  "fber": 686.3838500976562,
  "fd_mean": 0.19969097303636982,
  "fd_num": 204,
  "fd_perc": 35.54006968641115,
  "fwhm_avg": 3.0060194266592806,
  "fwhm_x": 2.80561238851498,
  "fwhm_y": 3.142316541802226,
  "fwhm_z": 3.070129349660636,
  "gcor": 0.0165189,
  "gsr_x": -0.022559547796845436,
  "gsr_y": 0.08676740527153015,
  "provenance": {
    "md5sum": "2a54a8fad78cb5c21e27e9f24904f8c3",
    "settings": {
      "fd_thres": 0.2,
      "testing": false
    },
    "software": "mriqc",
    "version": "23.0.0",
    "webapi_port": null,
    "webapi_url": "https://mriqc.nimh.nih.gov/api/v1"
  },
  "size_t": 574,
  "size_x": 90,
  "size_y": 90,
  "size_z": 60,
  "snr": 2.2745241279482715,
  "spacing_tr": 0.800000011920929,
  "spacing_x": 2.4000000953674316,
  "spacing_y": 2.4000000953674316,
  "spacing_z": 2.3999998569488525,
  "summary_bg_k": 21.482576992521043,
  "summary_bg_mad": 100.3623474101865,
  "summary_bg_mean": 328.73443603515625,
  "summary_bg_median": 142.2526092529297,
  "summary_bg_n": 310025.0,
  "summary_bg_p05": 65.5243911743164,
  "summary_bg_p95": 1300.5690429687493,
  "summary_bg_stdv": 495.87890625,
  "summary_fg_k": 1.6286266679106376,
  "summary_fg_mad": 1482.7777707702444,
  "summary_fg_mean": 4256.67822265625,
  "summary_fg_median": 3885.009521484375,
  "summary_fg_n": 96474.0,
  "summary_fg_p05": 2149.689306640625,
  "summary_fg_p95": 7565.703613281241,
  "summary_fg_stdv": 1708.044921875,
  "tsnr": 35.19210845546331
}