{
  "aor": 0.001735043630017452,
  "aqi": 0.00881746729493892,
  "bids_meta": {
    "AcquisitionMatrixPE": 90,
    "AcquisitionNumber": 1,
    "AcquisitionTime": "",
    "BandwidthPerPixelPhaseEncode": 21.786,
    "BaseResolution": 90,
    "BodyPartExamined": "BRAIN",
    "ConsistencyInfo": "N4_VE11C_LATEST_20160120",
    "ConversionSoftware": "dcm2niix",
    "ConversionSoftwareVersion": "v1.0.20210317",
    "DerivedVendorReportedEchoSpacing": 0.000510012,
    "DeviceSerialNumber": "66093",
    "DwellTime": 2e-06,
    "EchoTime": 0.03,
    "EchoTrainLength": 90,
    "EffectiveEchoSpacing": 0.000510012,
    "FlipAngle": 52,
    "ImageComments": "Unaliased MB6/PE3/LB",
    "ImageOrientationPatientDICOM": [
      0.999986,
      0.0013189,
      0.0050635,
      3.57386e-08,
      0.967709,
      -0.252069
    ],
    "ImageType": [
      "ORIGINAL",
      "PRIMARY",
      "M",
      "MB",
      "ND",
      "MOSAIC"
    ],
    "ImagingFrequency": 123.26,
    "InPlanePhaseEncodingDirectionDICOM": "COL",
    "InstitutionAddress": "",
    "InstitutionName": "",
    "InstitutionalDepartmentName": "",
    "MRAcquisitionType": "2D",
    "MagneticFieldStrength": 3,
    "Manufacturer": "Siemens",
    "ManufacturersModelName": "Prisma",
    "Modality": "MR",
    "MultibandAccelerationFactor": 6,
    "PartialFourier": 1,
    "PatientPosition": "HFS",
    "PercentPhaseFOV": 100,
    "PercentSampling": 100,
    "PhaseEncodingDirection": "j-",
    "PhaseEncodingSteps": 90,
    "PhaseResolution": 1,
    "PixelBandwidth": 2780,
    "ProtocolName": "BOLD_2p4_MB6_P1_TE30_TR800_AP",
    "PulseSequenceDetails": "%CustomerSeq%\\cmrr_mbep2d_bold",
    "ReceiveCoilActiveElements": "HEA;HEP",
    "ReceiveCoilName": "Head_32",
    "ReconMatrixPE": 90,
    "RepetitionTime": 0.8,
    "SAR": 0.0888674,
    "ScanOptions": "FS",
    "ScanningSequence": "EP",
    "SequenceName": "epfid2d1_90",
    "SequenceVariant": "SK\\SS",
    "SeriesDescription": "BOLD_2p4_MB6_P1_TE30_TR800_AP",
    "SeriesNumber": 3,
    "ShimSetting": [
      4964,
      -11431,
      -1311,
      429,
      29,
      -211,
      -20,
      30
    ],
    "SliceThickness": 2.4,
    "SliceTiming": [
      0,
      0.545,
      0.31,
      0.0775,
      0.6225,
      0.39,
      0.155,
      0.7,
      0.4675,
      0.2325,
      0,
      0.545,
      0.31,
      0.0775,
      0.6225,
      0.39,
      0.155,
      0.7,
      0.4675,
      0.2325,
      0,
      0.545,
      0.31,
      0.0775,
      0.6225,
      0.39,
      0.155,
      0.7,
      0.4675,
      0.2325,
      0,
      0.545,
      0.31,
      0.0775,
      0.6225,
      0.39,
      0.155,
      0.7,
      0.4675,
      0.2325,
      0,
      0.545,
      0.31,
      0.0775,
      0.6225,
      0.39,
      0.155,
      0.7,
      0.4675,
      0.2325,
      0,
      0.545,
      0.31,
      0.0775,
      0.6225,
      0.39,
      0.155,
      0.7,
      0.4675,
      0.2325
    ],
    "SoftwareVersions": "syngo MR E11",
    "SpacingBetweenSlices": 2.4,
    "StationName": "",
    "TaskName": "WG",
    "TotalReadoutTime": 0.045391,
    "TxRefAmp": 273.76,
    "VendorReportedEchoSpacing": 0.00051,
    "WipMemBlock": "c635b8e7-0bbc-42b5-99ba-2fc1d64e874e||Sequence: R016 ve11c/master r/e634e98; Dec 19 2017 11:00:25 by eja",
    "dataset": "ds004073",
    "modality": "bold",
    "subject_id": "OXF17",
    "task_id": "WG"
  },
  "dummy_trs": 2,
  "dvars_nstd": 39.86332033372372,
  "dvars_std": 1.0662507594055943,
  "dvars_vstd": 0.9930293198076913,
  "efc": 0.5275243525853541,
  "fber": 640.3453369140625,
  "fd_mean": 0.2661272180699222,
  "fd_num": 285,
  "fd_perc": 49.738219895287955,
  "fwhm_avg": 3.079890155393939,
  "fwhm_x": 2.871674885889892,
  "fwhm_y": 3.229712371662761,
  "fwhm_z": 3.1382832086291628,
  "gcor": 0.0178069,
  "gsr_x": -0.02211444266140461,
  "gsr_y": 0.0841146931052208,
  "provenance": {
    "md5sum": "84b8deb8ebaf5a4fe8b7ec3a908887f0",
    "settings": {
      "fd_thres": 0.2,
      "testing": false
    },
    "software": "mriqc",
    "version": "23.0.0",
    "webapi_port": null,
    "webapi_url": "https://mriqc.nimh.nih.gov/api/v1"
  },
  "size_t": 573,
  "size_x": 90,
  "size_y": 90,
  "size_z": 60,
  "snr": 2.1803844793334917,
  "spacing_tr": 0.800000011920929,
  "spacing_x": 2.4000000953674316,
  "spacing_y": 2.4000000953674316,
  "spacing_z": 2.4000000953674316,
  "summary_bg_k": 20.004559862056418,
  "summary_bg_mad": 107.00092642805336,
  "summary_bg_mean": 346.816162109375,
  "summary_bg_median": 150.62652587890625,
  "summary_bg_n": 308660.0,
  "summary_bg_p05": 67.541015625,
  "summary_bg_p95": 1397.4212646484373,
  "summary_bg_stdv": 521.650390625,
  "summary_fg_k": 1.721522150399939,
  "summary_fg_mad": 1585.9494747371427,
  "summary_fg_mean": 4394.2529296875,
  "summary_fg_median": 3986.15087890625,
  "summary_fg_n": 97122.0,
  "summary_fg_p05": 2166.692236328125,
  "summary_fg_p95": 7938.371801757811,
  "summary_fg_stdv": 1828.177734375,
  "tsnr": 31.576697747514118
}