{
  "aor": 0.0006516404886561955,
  "aqi": 0.006640143612565444,
  "bids_meta": {
    "AcquisitionMatrixPE": 90,
    "AcquisitionNumber": 1,
    "AcquisitionTime": "",
    "BandwidthPerPixelPhaseEncode": 21.786,
    "BaseResolution": 90,
    "BodyPartExamined": "BRAIN",
    "ConsistencyInfo": "N4_VE11C_LATEST_20160120",
    "ConversionSoftware": "dcm2niix",
    "ConversionSoftwareVersion": "v1.0.20210317",
    "DerivedVendorReportedEchoSpacing": 0.000510012,
    "DeviceSerialNumber": "66093",
    "DwellTime": 2e-06,
    "EchoTime": 0.03,
    "EchoTrainLength": 90,
    "EffectiveEchoSpacing": 0.000510012,
    "FlipAngle": 52,
    "ImageComments": "Unaliased MB6/PE3/LB",
    "ImageOrientationPatientDICOM": [
      0.999749,
      0.00408154,
      0.0220165,
      -3.78873e-08,
      0.983247,
      -0.182278
    ],
    "ImageType": [
      "ORIGINAL",
      "PRIMARY",
      "M",
      "MB",
      "ND",
      "MOSAIC"
    ],
    "ImagingFrequency": 123.259,
    "InPlanePhaseEncodingDirectionDICOM": "COL",
    "InstitutionAddress": "",
    "InstitutionName": "",
    "InstitutionalDepartmentName": "",
    "MRAcquisitionType": "2D",
    "MagneticFieldStrength": 3,
    "Manufacturer": "Siemens",
    "ManufacturersModelName": "Prisma",
    "Modality": "MR",
    "MultibandAccelerationFactor": 6,
    "PartialFourier": 1,
    "PatientPosition": "HFS",
    "PercentPhaseFOV": 100,
    "PercentSampling": 100,
    "PhaseEncodingDirection": "j-",
    "PhaseEncodingSteps": 90,
    "PhaseResolution": 1,
    "PixelBandwidth": 2780,
    "ProtocolName": "BOLD_2p4_MB6_P1_TE30_TR800_AP",
    "PulseSequenceDetails": "%CustomerSeq%\\cmrr_mbep2d_bold",
    "ReceiveCoilActiveElements": "HEA;HEP",
    "ReceiveCoilName": "Head_32",
    "ReconMatrixPE": 90,
    "RepetitionTime": 0.8,
    "SAR": 0.0862229,
    "ScanOptions": "FS",
    "ScanningSequence": "EP",
    "SequenceName": "epfid2d1_90",
    "SequenceVariant": "SK\\SS",
    "SeriesDescription": "BOLD_2p4_MB6_P1_TE30_TR800_AP",
    "SeriesNumber": 5,
    "ShimSetting": [
      4972,
      -11439,
      -1295,
      460,
      71,
      -221,
      -18,
      14
    ],
    "SliceThickness": 2.4,
    "SliceTiming": [
      0,
      0.545,
      0.3125,
      0.0775,
      0.625,
      0.39,
      0.155,
      0.7025,
      0.4675,
      0.235,
      0,
      0.545,
      0.3125,
      0.0775,
      0.625,
      0.39,
      0.155,
      0.7025,
      0.4675,
      0.235,
      0,
      0.545,
      0.3125,
      0.0775,
      0.625,
      0.39,
      0.155,
      0.7025,
      0.4675,
      0.235,
      0,
      0.545,
      0.3125,
      0.0775,
      0.625,
      0.39,
      0.155,
      0.7025,
      0.4675,
      0.235,
      0,
      0.545,
      0.3125,
      0.0775,
      0.625,
      0.39,
      0.155,
      0.7025,
      0.4675,
      0.235,
      0,
      0.545,
      0.3125,
      0.0775,
      0.625,
      0.39,
      0.155,
      0.7025,
      0.4675,
      0.235
    ],
    "SoftwareVersions": "syngo MR E11",
    "SpacingBetweenSlices": 2.4,
    "StationName": "",
    "TaskName": "SC",
    "TotalReadoutTime": 0.045391,
    "TxRefAmp": 272.146,
    "VendorReportedEchoSpacing": 0.00051,
    "WipMemBlock": "558e8556-dad8-4467-8f97-5531c7ffad28||Sequence: R016 ve11c/master r/e634e98; Dec 19 2017 11:00:25 by eja",
    "dataset": "ds004073",
    "modality": "bold",
    "subject_id": "OXF17",
    "task_id": "SC"
  },
  "dummy_trs": 2,
  "dvars_nstd": 32.327670267377634,
  "dvars_std": 1.0388567753496505,
  "dvars_vstd": 0.9865420305419581,
  "efc": 0.5265710358588064,
  "fber": 697.5913696289062,
  "fd_mean": 0.17693767578213407,
  "fd_num": 212,
  "fd_perc": 36.99825479930192,
  "fwhm_avg": 3.0174291488406624,
  "fwhm_x": 2.8135165548675634,
  "fwhm_y": 3.1561832079178807,
  "fwhm_z": 3.0825876837365436,
  "gcor": 0.0154464,
  "gsr_x": -0.023057639598846436,
  "gsr_y": 0.08676134049892426,
  "provenance": {
    "md5sum": "fd3642e4dad7e2ebbe6f887e51b02b07",
    "settings": {
      "fd_thres": 0.2,
      "testing": false
    },
    "software": "mriqc",
    "version": "23.0.0",
    "webapi_port": null,
    "webapi_url": "https://mriqc.nimh.nih.gov/api/v1"
  },
  "size_t": 573,
  "size_x": 90,
  "size_y": 90,
  "size_z": 60,
  "snr": 2.253626042860572,
  "spacing_tr": 0.800000011920929,
  "spacing_x": 2.4000000953674316,
  "spacing_y": 2.4000000953674316,
  "spacing_z": 2.3999998569488525,
  "summary_bg_k": 22.11240783801816,
  "summary_bg_mad": 98.18812356350473,
  "summary_bg_mean": 325.09881591796875,
  "summary_bg_median": 140.62828063964844,
  "summary_bg_n": 309095.0,
  "summary_bg_p05": 65.50436401367188,
  "summary_bg_p95": 1282.4631835937496,
  "summary_bg_stdv": 490.66015625,
  "summary_fg_k": 1.5971731888877088,
  "summary_fg_mad": 1490.8665675907876,
  "summary_fg_mean": 4269.880859375,
  "summary_fg_median": 3889.001708984375,
  "summary_fg_n": 97013.0,
  "summary_fg_p05": 2141.479296875,
  "summary_fg_p95": 7626.606054687497,
  "summary_fg_stdv": 1725.6552734375,
  "tsnr": 38.231347602559254
}