{
  "aor": 0.0028258987783595113,
  "aqi": 0.005379913507853403,
  "bids_meta": {
    "AcquisitionMatrixPE": 90,
    "AcquisitionNumber": 1,
    "AcquisitionTime": "",
    "BandwidthPerPixelPhaseEncode": 21.786,
    "BaseResolution": 90,
    "BodyPartExamined": "BRAIN",
    "ConsistencyInfo": "N4_VE11C_LATEST_20160120",
    "ConversionSoftware": "dcm2niix",
    "ConversionSoftwareVersion": "v1.0.20210317",
    "DerivedVendorReportedEchoSpacing": 0.000510012,
    "DeviceSerialNumber": "66093",
    "DwellTime": 2e-06,
    "EchoTime": 0.03,
    "EchoTrainLength": 90,
    "EffectiveEchoSpacing": 0.000510012,
    "FlipAngle": 52,
    "ImageComments": "Unaliased MB6/PE3/LB",
    "ImageOrientationPatientDICOM": [
      0.999749,
      0.00408154,
      0.0220165,
      -3.78873e-08,
      0.983247,
      -0.182278
    ],
    "ImageType": [
      "ORIGINAL",
      "PRIMARY",
      "M",
      "MB",
      "ND",
      "MOSAIC"
    ],
    "ImagingFrequency": 123.26,
    "InPlanePhaseEncodingDirectionDICOM": "COL",
    "InstitutionAddress": "",
    "InstitutionName": "",
    "InstitutionalDepartmentName": "",
    "MRAcquisitionType": "2D",
    "MagneticFieldStrength": 3,
    "Manufacturer": "Siemens",
    "ManufacturersModelName": "Prisma",
    "Modality": "MR",
    "MultibandAccelerationFactor": 6,
    "PartialFourier": 1,
    "PatientPosition": "HFS",
    "PercentPhaseFOV": 100,
    "PercentSampling": 100,
    "PhaseEncodingDirection": "j-",
    "PhaseEncodingSteps": 90,
    "PhaseResolution": 1,
    "PixelBandwidth": 2780,
    "ProtocolName": "BOLD_2p4_MB6_P1_TE30_TR800_AP",
    "PulseSequenceDetails": "%CustomerSeq%\\cmrr_mbep2d_bold",
    "ReceiveCoilActiveElements": "HEA;HEP",
    "ReceiveCoilName": "Head_32",
    "ReconMatrixPE": 90,
    "RepetitionTime": 0.8,
    "SAR": 0.0862229,
    "ScanOptions": "FS",
    "ScanningSequence": "EP",
    "SequenceName": "epfid2d1_90",
    "SequenceVariant": "SK\\SS",
    "SeriesDescription": "BOLD_2p4_MB6_P1_TE30_TR800_AP",
    "SeriesNumber": 15,
    "ShimSetting": [
      4972,
      -11439,
      -1295,
      460,
      71,
      -221,
      -18,
      14
    ],
    "SliceThickness": 2.4,
    "SliceTiming": [
      0,
      0.545,
      0.3125,
      0.0775,
      0.625,
      0.39,
      0.155,
      0.7025,
      0.4675,
      0.235,
      0,
      0.545,
      0.3125,
      0.0775,
      0.625,
      0.39,
      0.155,
      0.7025,
      0.4675,
      0.235,
      0,
      0.545,
      0.3125,
      0.0775,
      0.625,
      0.39,
      0.155,
      0.7025,
      0.4675,
      0.235,
      0,
      0.545,
      0.3125,
      0.0775,
      0.625,
      0.39,
      0.155,
      0.7025,
      0.4675,
      0.235,
      0,
      0.545,
      0.3125,
      0.0775,
      0.625,
      0.39,
      0.155,
      0.7025,
      0.4675,
      0.235,
      0,
      0.545,
      0.3125,
      0.0775,
      0.625,
      0.39,
      0.155,
      0.7025,
      0.4675,
      0.235
    ],
    "SoftwareVersions": "syngo MR E11",
    "SpacingBetweenSlices": 2.4,
    "StationName": "",
    "TaskName": "WC",
    "TotalReadoutTime": 0.045391,
    "TxRefAmp": 272.146,
    "VendorReportedEchoSpacing": 0.00051,
    "WipMemBlock": "5b1b425a-3af3-4977-a63d-d3a61b2600e4||Sequence: R016 ve11c/master r/e634e98; Dec 19 2017 11:00:25 by eja",
    "dataset": "ds004073",
    "modality": "bold",
    "subject_id": "OXF17",
    "task_id": "WC"
  },
  "dummy_trs": 2,
  "dvars_nstd": 30.792795238164345,
  "dvars_std": 1.0663331909790215,
  "dvars_vstd": 1.0376689191258748,
  "efc": 0.5299992744966947,
  "fber": 697.7672119140625,
  "fd_mean": 0.13839663190976464,
  "fd_num": 125,
  "fd_perc": 21.81500872600349,
  "fwhm_avg": 3.0321208168842797,
  "fwhm_x": 2.803441555267908,
  "fwhm_y": 3.151120708119046,
  "fwhm_z": 3.141800187265884,
  "gcor": 0.0177203,
  "gsr_x": -0.018689675256609917,
  "gsr_y": 0.08810602128505707,
  "provenance": {
    "md5sum": "21b8ad131cd9173f5dadf388ab7e128a",
    "settings": {
      "fd_thres": 0.2,
      "testing": false
    },
    "software": "mriqc",
    "version": "23.0.0",
    "webapi_port": null,
    "webapi_url": "https://mriqc.nimh.nih.gov/api/v1"
  },
  "size_t": 573,
  "size_x": 90,
  "size_y": 90,
  "size_z": 60,
  "snr": 2.2768078137578436,
  "spacing_tr": 0.800000011920929,
  "spacing_x": 2.4000000953674316,
  "spacing_y": 2.4000000953674316,
  "spacing_z": 2.3999998569488525,
  "summary_bg_k": 19.963284760843592,
  "summary_bg_mad": 95.96810003128579,
  "summary_bg_mean": 325.8074645996094,
  "summary_bg_median": 138.09075927734375,
  "summary_bg_n": 309076.0,
  "summary_bg_p05": 64.71204376220703,
  "summary_bg_p95": 1317.2224731445312,
  "summary_bg_stdv": 496.24212646484375,
  "summary_fg_k": 1.7164708374559687,
  "summary_fg_mad": 1427.082457449576,
  "summary_fg_mean": 4160.5732421875,
  "summary_fg_median": 3794.9921875,
  "summary_fg_n": 97942.0,
  "summary_fg_p05": 2107.3320190429686,
  "summary_fg_p95": 7403.32578125,
  "summary_fg_stdv": 1666.79541015625,
  "tsnr": 39.08184445509687
}