{
  "aor": 0.0005184,
  "aqi": 0.03629580486956522,
  "bids_meta": {
    "AcquisitionMatrixPE": 94,
    "AcquisitionNumber": 9,
    "AcquisitionTime": "",
    "BodyPartExamined": "BRAIN",
    "CoilString": "MULTI COIL",
    "ConversionSoftware": "dcm2niix",
    "ConversionSoftwareVersion": "v1.0.20210317",
    "DeviceSerialNumber": "45128",
    "EchoTime": 0.03,
    "EchoTrainLength": 47,
    "EstimatedEffectiveEchoSpacing": 0.000388467,
    "EstimatedTotalReadoutTime": 0.0369044,
    "FlipAngle": 52,
    "ImageOrientationPatientDICOM": [
      0.999849,
      -4.72661e-12,
      0.017387,
      0.000696882,
      0.999196,
      -0.0400747
    ],
    "ImageType": [
      "ORIGINAL",
      "PRIMARY",
      "M",
      "FFE",
      "M",
      "FFE"
    ],
    "ImagingFrequency": 127.764,
    "InPlanePhaseEncodingDirectionDICOM": "COL",
    "InstitutionAddress": "",
    "InstitutionName": "",
    "InstitutionalDepartmentName": "",
    "MRAcquisitionType": "2D",
    "MagneticFieldStrength": 3,
    "Manufacturer": "Philips",
    "ManufacturersModelName": "Ingenia Elition X",
    "Modality": "MR",
    "ParallelReductionFactorInPlane": 2,
    "ParallelReductionOutOfPlane": 6,
    "PatientPosition": "HFS",
    "PercentPhaseFOV": 100,
    "PercentSampling": 100,
    "PhaseEncodingAxis": "j",
    "PhaseEncodingSteps": 94,
    "PhilipsRWVIntercept": 0,
    "PhilipsRWVSlope": 1.05348,
    "PhilipsRescaleIntercept": 0,
    "PhilipsRescaleSlope": 1.05348,
    "PhilipsScaleSlope": 0.0164777,
    "PixelBandwidth": 1850,
    "ProcedureStepDescription": "COLA",
    "ProtocolName": "COLA_R6",
    "ReconMatrixPE": 96,
    "RepetitionTime": 0.8,
    "SAR": 0.0818667,
    "ScanOptions": "FS",
    "ScanningSequence": "GR",
    "SequenceVariant": "SK",
    "SeriesDescription": "COLA_R6",
    "SeriesNumber": 901,
    "SliceThickness": 2.4,
    "SoftwareVersions": "5.6.1\\5.6.1.3",
    "SpacingBetweenSlices": 2.4,
    "StationName": "",
    "TaskName": "SC",
    "UsePhilipsFloatNotDisplayScaling": 1,
    "WaterFatShift": 16.3723,
    "dataset": "ds004073",
    "modality": "bold",
    "subject_id": "BAN21",
    "task_id": "SC"
  },
  "dummy_trs": 0,
  "dvars_nstd": 65.94954493980832,
  "dvars_std": 1.119070875714285,
  "dvars_vstd": 1.0120664308013936,
  "efc": 0.4056962181558889,
  "fber": 3398124.75,
  "fd_mean": 0.15045363059424907,
  "fd_num": 149,
  "fd_perc": 25.91304347826087,
  "fwhm_avg": 2.0791927321478756,
  "fwhm_x": 2.133558331642427,
  "fwhm_y": 2.1714449415948267,
  "fwhm_z": 1.9325749232063723,
  "gcor": 0.00724413,
  "gsr_x": -0.015617866069078445,
  "gsr_y": 0.028691740706562996,
  "provenance": {
    "md5sum": "f4909be218075e8521fbc5e9b8b4d33f",
    "settings": {
      "fd_thres": 0.2,
      "testing": false
    },
    "software": "mriqc",
    "version": "23.0.0",
    "webapi_port": null,
    "webapi_url": "https://mriqc.nimh.nih.gov/api/v1"
  },
  "size_t": 575,
  "size_x": 96,
  "size_y": 96,
  "size_z": 60,
  "snr": 5.675352922391173,
  "spacing_tr": 0.8000001907348633,
  "spacing_x": 2.3958332538604736,
  "spacing_y": 2.3958332538604736,
  "spacing_z": 2.4000000953674316,
  "summary_bg_k": 35.981299815733465,
  "summary_bg_mad": 68.0638166840092,
  "summary_bg_mean": 2226.40234375,
  "summary_bg_median": 46.29817199707031,
  "summary_bg_n": 410712.0,
  "summary_bg_p05": 0.284112411737442,
  "summary_bg_p95": 10726.63466796875,
  "summary_bg_stdv": 5493.78125,
  "summary_fg_k": 1.1792172177177136,
  "summary_fg_mad": 14021.362996621769,
  "summary_fg_mean": 84734.734375,
  "summary_fg_median": 84217.3828125,
  "summary_fg_n": 74417.0,
  "summary_fg_p05": 62360.7125,
  "summary_fg_p95": 109190.84687499999,
  "summary_fg_stdv": 14839.044921875,
  "tsnr": 22.731822967529297
}