{
  "aor": 0.0006690260869565217,
  "aqi": 0.03446550765217391,
  "bids_meta": {
    "AcquisitionMatrixPE": 94,
    "AcquisitionNumber": 3,
    "AcquisitionTime": "",
    "BodyPartExamined": "BRAIN",
    "CoilString": "MULTI COIL",
    "ConversionSoftware": "dcm2niix",
    "ConversionSoftwareVersion": "v1.0.20210317",
    "DeviceSerialNumber": "45128",
    "EchoTime": 0.03,
    "EchoTrainLength": 47,
    "EstimatedEffectiveEchoSpacing": 0.000388467,
    "EstimatedTotalReadoutTime": 0.0369044,
    "FlipAngle": 52,
    "ImageOrientationPatientDICOM": [
      0.999849,
      -4.72661e-12,
      0.017387,
      0.000696882,
      0.999196,
      -0.0400747
    ],
    "ImageType": [
      "ORIGINAL",
      "PRIMARY",
      "M",
      "FFE",
      "M",
      "FFE"
    ],
    "ImagingFrequency": 127.764,
    "InPlanePhaseEncodingDirectionDICOM": "COL",
    "InstitutionAddress": "",
    "InstitutionName": "",
    "InstitutionalDepartmentName": "",
    "MRAcquisitionType": "2D",
    "MagneticFieldStrength": 3,
    "Manufacturer": "Philips",
    "ManufacturersModelName": "Ingenia Elition X",
    "Modality": "MR",
    "ParallelReductionFactorInPlane": 2,
    "ParallelReductionOutOfPlane": 6,
    "PatientPosition": "HFS",
    "PercentPhaseFOV": 100,
    "PercentSampling": 100,
    "PhaseEncodingAxis": "j",
    "PhaseEncodingSteps": 94,
    "PhilipsRWVIntercept": 0,
    "PhilipsRWVSlope": 1.02149,
    "PhilipsRescaleIntercept": 0,
    "PhilipsRescaleSlope": 1.02149,
    "PhilipsScaleSlope": 0.0164645,
    "PixelBandwidth": 1850,
    "ProcedureStepDescription": "COLA",
    "ProtocolName": "COLA_R2",
    "ReconMatrixPE": 96,
    "RepetitionTime": 0.8,
    "SAR": 0.0818667,
    "ScanOptions": "FS",
    "ScanningSequence": "GR",
    "SequenceVariant": "SK",
    "SeriesDescription": "COLA_R2",
    "SeriesNumber": 301,
    "SliceThickness": 2.4,
    "SoftwareVersions": "5.6.1\\5.6.1.3",
    "SpacingBetweenSlices": 2.4,
    "StationName": "",
    "TaskName": "SD",
    "UsePhilipsFloatNotDisplayScaling": 1,
    "WaterFatShift": 16.3723,
    "dataset": "ds004073",
    "modality": "bold",
    "subject_id": "BAN21",
    "task_id": "SD"
  },
  "dummy_trs": 0,
  "dvars_nstd": 65.85438647918122,
  "dvars_std": 1.1115794441289188,
  "dvars_vstd": 1.0192303995121945,
  "efc": 0.40101003888444503,
  "fber": 4562890.0,
  "fd_mean": 0.15809574999646858,
  "fd_num": 160,
  "fd_perc": 27.82608695652174,
  "fwhm_avg": 2.0920819743629298,
  "fwhm_x": 2.1489600712837573,
  "fwhm_y": 2.20465259487028,
  "fwhm_z": 1.922633256934752,
  "gcor": 0.00776401,
  "gsr_x": -0.013084582053124905,
  "gsr_y": 0.02443668060004711,
  "provenance": {
    "md5sum": "6ba6863b38713722efb187d73f637421",
    "settings": {
      "fd_thres": 0.2,
      "testing": false
    },
    "software": "mriqc",
    "version": "23.0.0",
    "webapi_port": null,
    "webapi_url": "https://mriqc.nimh.nih.gov/api/v1"
  },
  "size_t": 575,
  "size_x": 96,
  "size_y": 96,
  "size_z": 60,
  "snr": 5.794900476817741,
  "spacing_tr": 0.8000001907348633,
  "spacing_x": 2.3958332538604736,
  "spacing_y": 2.3958332538604736,
  "spacing_z": 2.4000000953674316,
  "summary_bg_k": 44.94459104670793,
  "summary_bg_mad": 58.38612822305228,
  "summary_bg_mean": 2014.0672607421875,
  "summary_bg_median": 39.71684265136719,
  "summary_bg_n": 410861.0,
  "summary_bg_p05": 0.23348084092140198,
  "summary_bg_p95": 9469.5322265625,
  "summary_bg_stdv": 5133.0693359375,
  "summary_fg_k": 0.960766307069234,
  "summary_fg_mad": 13747.266911475544,
  "summary_fg_mean": 84304.09375,
  "summary_fg_median": 83952.6640625,
  "summary_fg_n": 74203.0,
  "summary_fg_p05": 61810.50078125,
  "summary_fg_p95": 108274.88124999998,
  "summary_fg_stdv": 14487.2373046875,
  "tsnr": 22.934818267822266
}