{
  "aor": 0.0008050086956521738,
  "aqi": 0.03658241826086957,
  "bids_meta": {
    "AcquisitionMatrixPE": 94,
    "AcquisitionNumber": 7,
    "AcquisitionTime": "",
    "BodyPartExamined": "BRAIN",
    "CoilString": "MULTI COIL",
    "ConversionSoftware": "dcm2niix",
    "ConversionSoftwareVersion": "v1.0.20210317",
    "DeviceSerialNumber": "45128",
    "EchoTime": 0.03,
    "EchoTrainLength": 47,
    "EstimatedEffectiveEchoSpacing": 0.000388467,
    "EstimatedTotalReadoutTime": 0.0369044,
    "FlipAngle": 52,
    "ImageOrientationPatientDICOM": [
      0.999849,
      -4.72661e-12,
      0.017387,
      0.000696882,
      0.999196,
      -0.0400747
    ],
    "ImageType": [
      "ORIGINAL",
      "PRIMARY",
      "M",
      "FFE",
      "M",
      "FFE"
    ],
    "ImagingFrequency": 127.764,
    "InPlanePhaseEncodingDirectionDICOM": "COL",
    "InstitutionAddress": "",
    "InstitutionName": "",
    "InstitutionalDepartmentName": "",
    "MRAcquisitionType": "2D",
    "MagneticFieldStrength": 3,
    "Manufacturer": "Philips",
    "ManufacturersModelName": "Ingenia Elition X",
    "Modality": "MR",
    "ParallelReductionFactorInPlane": 2,
    "ParallelReductionOutOfPlane": 6,
    "PatientPosition": "HFS",
    "PercentPhaseFOV": 100,
    "PercentSampling": 100,
    "PhaseEncodingAxis": "j",
    "PhaseEncodingSteps": 94,
    "PhilipsRWVIntercept": 0,
    "PhilipsRWVSlope": 1.02906,
    "PhilipsRescaleIntercept": 0,
    "PhilipsRescaleSlope": 1.02906,
    "PhilipsScaleSlope": 0.016446,
    "PixelBandwidth": 1850,
    "ProcedureStepDescription": "COLA",
    "ProtocolName": "COLA_R4",
    "ReconMatrixPE": 96,
    "RepetitionTime": 0.8,
    "SAR": 0.0818667,
    "ScanOptions": "FS",
    "ScanningSequence": "GR",
    "SequenceVariant": "SK",
    "SeriesDescription": "COLA_R4",
    "SeriesNumber": 701,
    "SliceThickness": 2.4,
    "SoftwareVersions": "5.6.1\\5.6.1.3",
    "SpacingBetweenSlices": 2.4,
    "StationName": "",
    "TaskName": "WC",
    "UsePhilipsFloatNotDisplayScaling": 1,
    "WaterFatShift": 16.3723,
    "dataset": "ds004073",
    "modality": "bold",
    "subject_id": "BAN21",
    "task_id": "WC"
  },
  "dummy_trs": 0,
  "dvars_nstd": 64.72952191447733,
  "dvars_std": 1.12074758587108,
  "dvars_vstd": 1.0240399993728222,
  "efc": 0.4042245447808908,
  "fber": 4365984.5,
  "fd_mean": 0.13791409596704157,
  "fd_num": 97,
  "fd_perc": 16.869565217391305,
  "fwhm_avg": 2.0699045969329437,
  "fwhm_x": 2.1206525920838923,
  "fwhm_y": 2.171252941588458,
  "fwhm_z": 1.91780825712648,
  "gcor": 0.00487371,
  "gsr_x": -0.01485596876591444,
  "gsr_y": 0.02688445895910263,
  "provenance": {
    "md5sum": "e9394281ab74656ee2ea5ae41eda250e",
    "settings": {
      "fd_thres": 0.2,
      "testing": false
    },
    "software": "mriqc",
    "version": "23.0.0",
    "webapi_port": null,
    "webapi_url": "https://mriqc.nimh.nih.gov/api/v1"
  },
  "size_t": 575,
  "size_x": 96,
  "size_y": 96,
  "size_z": 60,
  "snr": 5.8242190934275495,
  "spacing_tr": 0.8000001907348633,
  "spacing_x": 2.3958332538604736,
  "spacing_y": 2.3958332538604736,
  "spacing_z": 2.4000000953674316,
  "summary_bg_k": 39.01090848611165,
  "summary_bg_mad": 59.86826172719151,
  "summary_bg_mean": 2132.024169921875,
  "summary_bg_median": 40.64674377441406,
  "summary_bg_n": 410542.0,
  "summary_bg_p05": 0.20633678659796717,
  "summary_bg_p95": 10185.319482421868,
  "summary_bg_stdv": 5330.26220703125,
  "summary_fg_k": 1.0434792832993365,
  "summary_fg_mad": 13680.39344344006,
  "summary_fg_mean": 84233.28125,
  "summary_fg_median": 83871.046875,
  "summary_fg_n": 74504.0,
  "summary_fg_p05": 62226.8330078125,
  "summary_fg_p95": 107841.83320312499,
  "summary_fg_stdv": 14400.296875,
  "tsnr": 22.870765686035156
}