{
  "aor": 0.0013161739130434784,
  "aqi": 0.049264486782608696,
  "bids_meta": {
    "AcquisitionMatrixPE": 94,
    "AcquisitionNumber": 8,
    "AcquisitionTime": "",
    "BodyPartExamined": "BRAIN",
    "CoilString": "MULTI COIL",
    "ConversionSoftware": "dcm2niix",
    "ConversionSoftwareVersion": "v1.0.20210317",
    "DeviceSerialNumber": "45128",
    "EchoTime": 0.03,
    "EchoTrainLength": 47,
    "EstimatedEffectiveEchoSpacing": 0.000388467,
    "EstimatedTotalReadoutTime": 0.0369044,
    "FlipAngle": 52,
    "ImageOrientationPatientDICOM": [
      0.999849,
      -4.72661e-12,
      0.017387,
      0.000696882,
      0.999196,
      -0.0400747
    ],
    "ImageType": [
      "ORIGINAL",
      "PRIMARY",
      "M",
      "FFE",
      "M",
      "FFE"
    ],
    "ImagingFrequency": 127.764,
    "InPlanePhaseEncodingDirectionDICOM": "COL",
    "InstitutionAddress": "",
    "InstitutionName": "",
    "InstitutionalDepartmentName": "",
    "MRAcquisitionType": "2D",
    "MagneticFieldStrength": 3,
    "Manufacturer": "Philips",
    "ManufacturersModelName": "Ingenia Elition X",
    "Modality": "MR",
    "ParallelReductionFactorInPlane": 2,
    "ParallelReductionOutOfPlane": 6,
    "PatientPosition": "HFS",
    "PercentPhaseFOV": 100,
    "PercentSampling": 100,
    "PhaseEncodingAxis": "j",
    "PhaseEncodingSteps": 94,
    "PhilipsRWVIntercept": 0,
    "PhilipsRWVSlope": 1.00757,
    "PhilipsRescaleIntercept": 0,
    "PhilipsRescaleSlope": 1.00757,
    "PhilipsScaleSlope": 0.0164497,
    "PixelBandwidth": 1850,
    "ProcedureStepDescription": "COLA",
    "ProtocolName": "COLA_R5",
    "ReconMatrixPE": 96,
    "RepetitionTime": 0.8,
    "SAR": 0.0818667,
    "ScanOptions": "FS",
    "ScanningSequence": "GR",
    "SequenceVariant": "SK",
    "SeriesDescription": "COLA_R5",
    "SeriesNumber": 801,
    "SliceThickness": 2.4,
    "SoftwareVersions": "5.6.1\\5.6.1.3",
    "SpacingBetweenSlices": 2.4,
    "StationName": "",
    "TaskName": "WG",
    "UsePhilipsFloatNotDisplayScaling": 1,
    "WaterFatShift": 16.3723,
    "dataset": "ds004073",
    "modality": "bold",
    "subject_id": "BAN21",
    "task_id": "WG"
  },
  "dummy_trs": 0,
  "dvars_nstd": 67.79033742628918,
  "dvars_std": 1.1258695135714274,
  "dvars_vstd": 1.023667508240416,
  "efc": 0.4082149616128321,
  "fber": 3122087.75,
  "fd_mean": 0.1890947780684544,
  "fd_num": 186,
  "fd_perc": 32.34782608695652,
  "fwhm_avg": 1.9887624148933858,
  "fwhm_x": 2.037629284982077,
  "fwhm_y": 2.0853871996097464,
  "fwhm_z": 1.843270760088334,
  "gcor": 0.00754352,
  "gsr_x": -0.016898740082979202,
  "gsr_y": 0.02829340100288391,
  "provenance": {
    "md5sum": "210e6ff125de935cc290d2d2e76b6269",
    "settings": {
      "fd_thres": 0.2,
      "testing": false
    },
    "software": "mriqc",
    "version": "23.0.0",
    "webapi_port": null,
    "webapi_url": "https://mriqc.nimh.nih.gov/api/v1"
  },
  "size_t": 575,
  "size_x": 96,
  "size_y": 96,
  "size_z": 60,
  "snr": 6.005579228988931,
  "spacing_tr": 0.8000001907348633,
  "spacing_x": 2.3958332538604736,
  "spacing_y": 2.3958332538604736,
  "spacing_z": 2.4000000953674316,
  "summary_bg_k": 35.53098538401084,
  "summary_bg_mad": 70.23844544193281,
  "summary_bg_mean": 2272.05712890625,
  "summary_bg_median": 47.84027099609375,
  "summary_bg_n": 410524.0,
  "summary_bg_p05": 0.32939545810222626,
  "summary_bg_p95": 10865.12368164061,
  "summary_bg_stdv": 5499.97265625,
  "summary_fg_k": 1.0401491768069446,
  "summary_fg_mad": 13311.196533957584,
  "summary_fg_mean": 84000.28125,
  "summary_fg_median": 83884.78125,
  "summary_fg_n": 74484.0,
  "summary_fg_p05": 62403.684765625,
  "summary_fg_p95": 106863.27031249998,
  "summary_fg_stdv": 13967.71484375,
  "tsnr": 20.19194221496582
}