{
  "aor": 0.001536457242582897,
  "aqi": 0.0051661076090750435,
  "bids_meta": {
    "AcquisitionMatrixPE": 90,
    "AcquisitionNumber": 1,
    "AcquisitionTime": "",
    "BandwidthPerPixelPhaseEncode": 21.786,
    "BaseResolution": 90,
    "BodyPartExamined": "BRAIN",
    "ConsistencyInfo": "N4_VE11C_LATEST_20160120",
    "ConversionSoftware": "dcm2niix",
    "ConversionSoftwareVersion": "v1.0.20210317",
    "DerivedVendorReportedEchoSpacing": 0.000510012,
    "DeviceSerialNumber": "66093",
    "DwellTime": 2e-06,
    "EchoTime": 0.03,
    "EchoTrainLength": 90,
    "EffectiveEchoSpacing": 0.000510012,
    "FlipAngle": 52,
    "ImageComments": "Unaliased MB6/PE3/LB",
    "ImageOrientationPatientDICOM": [
      1,
      0,
      0,
      0,
      0.997185,
      0.0749787
    ],
    "ImageType": [
      "ORIGINAL",
      "PRIMARY",
      "M",
      "MB",
      "ND",
      "MOSAIC"
    ],
    "ImagingFrequency": 123.259,
    "InPlanePhaseEncodingDirectionDICOM": "COL",
    "InstitutionAddress": "",
    "InstitutionName": "",
    "InstitutionalDepartmentName": "",
    "MRAcquisitionType": "2D",
    "MagneticFieldStrength": 3,
    "Manufacturer": "Siemens",
    "ManufacturersModelName": "Prisma",
    "Modality": "MR",
    "MultibandAccelerationFactor": 6,
    "PartialFourier": 1,
    "PatientPosition": "HFS",
    "PercentPhaseFOV": 100,
    "PercentSampling": 100,
    "PhaseEncodingDirection": "j-",
    "PhaseEncodingSteps": 90,
    "PhaseResolution": 1,
    "PixelBandwidth": 2780,
    "ProtocolName": "BOLD_2p4_MB6_P1_TE30_TR800_AP",
    "PulseSequenceDetails": "%CustomerSeq%\\cmrr_mbep2d_bold",
    "ReceiveCoilActiveElements": "HEA;HEP",
    "ReceiveCoilName": "Head_32",
    "ReconMatrixPE": 90,
    "RepetitionTime": 0.8,
    "SAR": 0.0772496,
    "ScanOptions": "FS",
    "ScanningSequence": "EP",
    "SequenceName": "epfid2d1_90",
    "SequenceVariant": "SK\\SS",
    "SeriesDescription": "BOLD_2p4_MB6_P1_TE30_TR800_AP",
    "SeriesNumber": 5,
    "ShimSetting": [
      4949,
      -11403,
      -1398,
      463,
      -4,
      -16,
      52,
      28
    ],
    "SliceThickness": 2.4,
    "SliceTiming": [
      0,
      0.5475,
      0.3125,
      0.0775,
      0.625,
      0.39,
      0.1575,
      0.7025,
      0.4675,
      0.235,
      0,
      0.5475,
      0.3125,
      0.0775,
      0.625,
      0.39,
      0.1575,
      0.7025,
      0.4675,
      0.235,
      0,
      0.5475,
      0.3125,
      0.0775,
      0.625,
      0.39,
      0.1575,
      0.7025,
      0.4675,
      0.235,
      0,
      0.5475,
      0.3125,
      0.0775,
      0.625,
      0.39,
      0.1575,
      0.7025,
      0.4675,
      0.235,
      0,
      0.5475,
      0.3125,
      0.0775,
      0.625,
      0.39,
      0.1575,
      0.7025,
      0.4675,
      0.235,
      0,
      0.5475,
      0.3125,
      0.0775,
      0.625,
      0.39,
      0.1575,
      0.7025,
      0.4675,
      0.235
    ],
    "SoftwareVersions": "syngo MR E11",
    "SpacingBetweenSlices": 2.4,
    "StationName": "",
    "TaskName": "SG",
    "TotalReadoutTime": 0.045391,
    "TxRefAmp": 229.069,
    "VendorReportedEchoSpacing": 0.00051,
    "WipMemBlock": "9f2b99da-0d7a-4a07-8085-651be087e571||Sequence: R016 ve11c/master r/e634e98; Dec 19 2017 11:00:25 by eja",
    "dataset": "ds004073",
    "modality": "bold",
    "subject_id": "OXF12",
    "task_id": "SG"
  },
  "dummy_trs": 2,
  "dvars_nstd": 31.60246755354896,
  "dvars_std": 1.068682074807692,
  "dvars_vstd": 1.0060583167832153,
  "efc": 0.45588614703905384,
  "fber": 1960.3427734375,
  "fd_mean": 0.11799604062071459,
  "fd_num": 66,
  "fd_perc": 11.518324607329843,
  "fwhm_avg": 2.834741554024158,
  "fwhm_x": 2.7175040586827572,
  "fwhm_y": 2.89792071818031,
  "fwhm_z": 2.888799885209406,
  "gcor": 0.00578312,
  "gsr_x": -0.01730424538254738,
  "gsr_y": 0.06113264709711075,
  "provenance": {
    "md5sum": "7058b48e7d31ea2533fac5a957eece40",
    "settings": {
      "fd_thres": 0.2,
      "testing": false
    },
    "software": "mriqc",
    "version": "23.0.0",
    "webapi_port": null,
    "webapi_url": "https://mriqc.nimh.nih.gov/api/v1"
  },
  "size_t": 573,
  "size_x": 90,
  "size_y": 90,
  "size_z": 60,
  "snr": 2.756506130031018,
  "spacing_tr": 0.800000011920929,
  "spacing_x": 2.4000000953674316,
  "spacing_y": 2.4000000953674316,
  "spacing_z": 2.4000000953674316,
  "summary_bg_k": 29.59728007803097,
  "summary_bg_mad": 43.27231546122784,
  "summary_bg_mean": 195.99526977539062,
  "summary_bg_median": 83.58464050292969,
  "summary_bg_n": 345050.0,
  "summary_bg_p05": 48.97731399536133,
  "summary_bg_p95": 749.6931274414055,
  "summary_bg_stdv": 329.73895263671875,
  "summary_fg_k": 1.7397720138354122,
  "summary_fg_mad": 1150.27399932377,
  "summary_fg_mean": 3972.260009765625,
  "summary_fg_median": 3708.93115234375,
  "summary_fg_n": 72520.0,
  "summary_fg_p05": 2257.7733520507813,
  "summary_fg_p95": 6560.213208007813,
  "summary_fg_stdv": 1345.5096435546875,
  "tsnr": 40.78664330358151
}