{
  "aor": 0.0014266202090592332,
  "aqi": 0.003941776777003484,
  "bids_meta": {
    "AcquisitionMatrixPE": 90,
    "AcquisitionNumber": 1,
    "AcquisitionTime": "",
    "BandwidthPerPixelPhaseEncode": 21.786,
    "BaseResolution": 90,
    "BodyPartExamined": "BRAIN",
    "ConsistencyInfo": "N4_VE11C_LATEST_20160120",
    "ConversionSoftware": "dcm2niix",
    "ConversionSoftwareVersion": "v1.0.20210317",
    "DerivedVendorReportedEchoSpacing": 0.000510012,
    "DeviceSerialNumber": "66093",
    "DwellTime": 2e-06,
    "EchoTime": 0.03,
    "EchoTrainLength": 90,
    "EffectiveEchoSpacing": 0.000510012,
    "FlipAngle": 52,
    "ImageComments": "Unaliased MB6/PE3/LB",
    "ImageOrientationPatientDICOM": [
      1,
      0,
      0,
      0,
      0.997185,
      0.0749787
    ],
    "ImageType": [
      "ORIGINAL",
      "PRIMARY",
      "M",
      "MB",
      "ND",
      "MOSAIC"
    ],
    "ImagingFrequency": 123.259,
    "InPlanePhaseEncodingDirectionDICOM": "COL",
    "InstitutionAddress": "",
    "InstitutionName": "",
    "InstitutionalDepartmentName": "",
    "MRAcquisitionType": "2D",
    "MagneticFieldStrength": 3,
    "Manufacturer": "Siemens",
    "ManufacturersModelName": "Prisma",
    "Modality": "MR",
    "MultibandAccelerationFactor": 6,
    "PartialFourier": 1,
    "PatientPosition": "HFS",
    "PercentPhaseFOV": 100,
    "PercentSampling": 100,
    "PhaseEncodingDirection": "j-",
    "PhaseEncodingSteps": 90,
    "PhaseResolution": 1,
    "PixelBandwidth": 2780,
    "ProtocolName": "BOLD_2p4_MB6_P1_TE30_TR800_AP",
    "PulseSequenceDetails": "%CustomerSeq%\\cmrr_mbep2d_bold",
    "ReceiveCoilActiveElements": "HEA;HEP",
    "ReceiveCoilName": "Head_32",
    "ReconMatrixPE": 90,
    "RepetitionTime": 0.8,
    "SAR": 0.0772496,
    "ScanOptions": "FS",
    "ScanningSequence": "EP",
    "SequenceName": "epfid2d1_90",
    "SequenceVariant": "SK\\SS",
    "SeriesDescription": "BOLD_2p4_MB6_P1_TE30_TR800_AP",
    "SeriesNumber": 15,
    "ShimSetting": [
      4949,
      -11403,
      -1398,
      463,
      -4,
      -16,
      52,
      28
    ],
    "SliceThickness": 2.4,
    "SliceTiming": [
      0,
      0.5475,
      0.3125,
      0.08,
      0.625,
      0.39,
      0.1575,
      0.7025,
      0.47,
      0.235,
      0,
      0.5475,
      0.3125,
      0.08,
      0.625,
      0.39,
      0.1575,
      0.7025,
      0.47,
      0.235,
      0,
      0.5475,
      0.3125,
      0.08,
      0.625,
      0.39,
      0.1575,
      0.7025,
      0.47,
      0.235,
      0,
      0.5475,
      0.3125,
      0.08,
      0.625,
      0.39,
      0.1575,
      0.7025,
      0.47,
      0.235,
      0,
      0.5475,
      0.3125,
      0.08,
      0.625,
      0.39,
      0.1575,
      0.7025,
      0.47,
      0.235,
      0,
      0.5475,
      0.3125,
      0.08,
      0.625,
      0.39,
      0.1575,
      0.7025,
      0.47,
      0.235
    ],
    "SoftwareVersions": "syngo MR E11",
    "SpacingBetweenSlices": 2.4,
    "StationName": "",
    "TaskName": "SC",
    "TotalReadoutTime": 0.045391,
    "TxRefAmp": 229.069,
    "VendorReportedEchoSpacing": 0.00051,
    "WipMemBlock": "d340d673-48e2-4b53-a2e6-548ee743bc62||Sequence: R016 ve11c/master r/e634e98; Dec 19 2017 11:00:25 by eja",
    "dataset": "ds004073",
    "modality": "bold",
    "subject_id": "OXF12",
    "task_id": "SC"
  },
  "dummy_trs": 1,
  "dvars_nstd": 30.61486777467716,
  "dvars_std": 1.0678820837521819,
  "dvars_vstd": 1.004558252914486,
  "efc": 0.45824103513071235,
  "fber": 1822.3392333984375,
  "fd_mean": 0.07823927884061184,
  "fd_num": 12,
  "fd_perc": 2.0905923344947737,
  "fwhm_avg": 2.879774885568027,
  "fwhm_x": 2.742974891003971,
  "fwhm_y": 2.9100332176990023,
  "fwhm_z": 2.9863165480011085,
  "gcor": 0.00882625,
  "gsr_x": -0.018653955310583115,
  "gsr_y": 0.05850716307759285,
  "provenance": {
    "md5sum": "032bcbf98a7ad75f703c9d309bf41dbb",
    "settings": {
      "fd_thres": 0.2,
      "testing": false
    },
    "software": "mriqc",
    "version": "23.0.0",
    "webapi_port": null,
    "webapi_url": "https://mriqc.nimh.nih.gov/api/v1"
  },
  "size_t": 574,
  "size_x": 90,
  "size_y": 90,
  "size_z": 60,
  "snr": 2.7021529174298093,
  "spacing_tr": 0.800000011920929,
  "spacing_x": 2.4000000953674316,
  "spacing_y": 2.4000000953674316,
  "spacing_z": 2.4000000953674316,
  "summary_bg_k": 27.09867510481084,
  "summary_bg_mad": 46.895688187325014,
  "summary_bg_mean": 209.8045654296875,
  "summary_bg_median": 87.8153305053711,
  "summary_bg_n": 345385.0,
  "summary_bg_p05": 51.69686508178711,
  "summary_bg_p95": 832.367932128906,
  "summary_bg_stdv": 357.5914001464844,
  "summary_fg_k": 1.6727298954244647,
  "summary_fg_mad": 1199.4820230298956,
  "summary_fg_mean": 4033.164306640625,
  "summary_fg_median": 3762.529541015625,
  "summary_fg_n": 72289.0,
  "summary_fg_p05": 2255.66591796875,
  "summary_fg_p95": 6716.546582031248,
  "summary_fg_stdv": 1392.4095458984375,
  "tsnr": 44.55510176997632
}