{
  "aor": 0.0022733913043478265,
  "aqi": 0.014465137947826086,
  "bids_meta": {
    "AcquisitionMatrixPE": 90,
    "AcquisitionNumber": 1,
    "AcquisitionTime": "",
    "BandwidthPerPixelPhaseEncode": 21.786,
    "BaseResolution": 90,
    "BodyPartExamined": "BRAIN",
    "ConsistencyInfo": "N4_VE11C_LATEST_20160120",
    "ConversionSoftware": "dcm2niix",
    "ConversionSoftwareVersion": "v1.0.20210317",
    "DerivedVendorReportedEchoSpacing": 0.000510012,
    "DeviceSerialNumber": "66093",
    "DwellTime": 2e-06,
    "EchoTime": 0.03,
    "EchoTrainLength": 90,
    "EffectiveEchoSpacing": 0.000510012,
    "FlipAngle": 52,
    "ImageComments": "Unaliased MB6/PE3/LB",
    "ImageOrientationPatientDICOM": [
      0.999986,
      0.000710124,
      0.00518404,
      -1.48591e-09,
      0.990748,
      -0.135715
    ],
    "ImageType": [
      "ORIGINAL",
      "PRIMARY",
      "M",
      "MB",
      "ND",
      "MOSAIC"
    ],
    "ImagingFrequency": 123.26,
    "InPlanePhaseEncodingDirectionDICOM": "COL",
    "InstitutionAddress": "",
    "InstitutionName": "",
    "InstitutionalDepartmentName": "",
    "MRAcquisitionType": "2D",
    "MagneticFieldStrength": 3,
    "Manufacturer": "Siemens",
    "ManufacturersModelName": "Prisma",
    "Modality": "MR",
    "MultibandAccelerationFactor": 6,
    "PartialFourier": 1,
    "PatientPosition": "HFS",
    "PercentPhaseFOV": 100,
    "PercentSampling": 100,
    "PhaseEncodingDirection": "j-",
    "PhaseEncodingSteps": 90,
    "PhaseResolution": 1,
    "PixelBandwidth": 2780,
    "ProtocolName": "BOLD_2p4_MB6_P1_TE30_TR800_AP",
    "PulseSequenceDetails": "%CustomerSeq%\\cmrr_mbep2d_bold",
    "ReceiveCoilActiveElements": "HEA;HEP",
    "ReceiveCoilName": "Head_32",
    "ReconMatrixPE": 90,
    "RepetitionTime": 0.8,
    "SAR": 0.0757932,
    "ScanOptions": "FS",
    "ScanningSequence": "EP",
    "SequenceName": "epfid2d1_90",
    "SequenceVariant": "SK\\SS",
    "SeriesDescription": "BOLD_2p4_MB6_P1_TE30_TR800_AP",
    "SeriesNumber": 19,
    "ShimSetting": [
      4971,
      -11389,
      -1380,
      544,
      71,
      96,
      -106,
      56
    ],
    "SliceThickness": 2.4,
    "SliceTiming": [
      0,
      0.5475,
      0.3125,
      0.0775,
      0.625,
      0.39,
      0.1575,
      0.7025,
      0.4675,
      0.235,
      0,
      0.5475,
      0.3125,
      0.0775,
      0.625,
      0.39,
      0.1575,
      0.7025,
      0.4675,
      0.235,
      0,
      0.5475,
      0.3125,
      0.0775,
      0.625,
      0.39,
      0.1575,
      0.7025,
      0.4675,
      0.235,
      0,
      0.5475,
      0.3125,
      0.0775,
      0.625,
      0.39,
      0.1575,
      0.7025,
      0.4675,
      0.235,
      0,
      0.5475,
      0.3125,
      0.0775,
      0.625,
      0.39,
      0.1575,
      0.7025,
      0.4675,
      0.235,
      0,
      0.5475,
      0.3125,
      0.0775,
      0.625,
      0.39,
      0.1575,
      0.7025,
      0.4675,
      0.235
    ],
    "SoftwareVersions": "syngo MR E11",
    "SpacingBetweenSlices": 2.4,
    "StationName": "",
    "TaskName": "WG",
    "TotalReadoutTime": 0.045391,
    "TxRefAmp": 240.031,
    "VendorReportedEchoSpacing": 0.00051,
    "WipMemBlock": "b782f051-e371-42e4-9361-97c53da9ac73||Sequence: R016 ve11c/master r/e634e98; Dec 19 2017 11:00:25 by eja",
    "dataset": "ds004073",
    "modality": "bold",
    "subject_id": "OXF03",
    "task_id": "WG"
  },
  "dummy_trs": 0,
  "dvars_nstd": 44.558414445662,
  "dvars_std": 1.1031482926306622,
  "dvars_vstd": 1.01191404087108,
  "efc": 0.5353974799399529,
  "fber": 646.2373657226562,
  "fd_mean": 0.18068593579886685,
  "fd_num": 180,
  "fd_perc": 31.304347826086957,
  "fwhm_avg": 2.9564332158552324,
  "fwhm_x": 2.636616561896938,
  "fwhm_y": 3.056695711871159,
  "fwhm_z": 3.1759873737976005,
  "gcor": 0.0156198,
  "gsr_x": -0.016774112358689308,
  "gsr_y": 0.10378115624189377,
  "provenance": {
    "md5sum": "7382ca256deb51dc7d8c9ef34cb29d72",
    "settings": {
      "fd_thres": 0.2,
      "testing": false
    },
    "software": "mriqc",
    "version": "23.0.0",
    "webapi_port": null,
    "webapi_url": "https://mriqc.nimh.nih.gov/api/v1"
  },
  "size_t": 575,
  "size_x": 90,
  "size_y": 90,
  "size_z": 60,
  "snr": 2.4403055941148404,
  "spacing_tr": 0.800000011920929,
  "spacing_x": 2.4000000953674316,
  "spacing_y": 2.4000000953674316,
  "spacing_z": 2.4000000953674316,
  "summary_bg_k": 24.348743539978305,
  "summary_bg_mad": 87.84740518327541,
  "summary_bg_mean": 302.470458984375,
  "summary_bg_median": 127.81912994384766,
  "summary_bg_n": 307807.0,
  "summary_bg_p05": 58.52521896362305,
  "summary_bg_p95": 1226.9690551757815,
  "summary_bg_stdv": 495.8236999511719,
  "summary_fg_k": 1.7513988917095418,
  "summary_fg_mad": 1144.5095506834352,
  "summary_fg_mean": 3669.38525390625,
  "summary_fg_median": 3390.100830078125,
  "summary_fg_n": 91193.0,
  "summary_fg_p05": 1945.7082275390626,
  "summary_fg_p95": 6410.383203124993,
  "summary_fg_stdv": 1389.2039794921875,
  "tsnr": 27.866931341588497
}