{
  "aor": 0.001172129144851658,
  "aqi": 0.01308335994764398,
  "bids_meta": {
    "AcquisitionMatrixPE": 90,
    "AcquisitionNumber": 1,
    "AcquisitionTime": "",
    "BandwidthPerPixelPhaseEncode": 21.786,
    "BaseResolution": 90,
    "BodyPartExamined": "BRAIN",
    "ConsistencyInfo": "N4_VE11C_LATEST_20160120",
    "ConversionSoftware": "dcm2niix",
    "ConversionSoftwareVersion": "v1.0.20210317",
    "DerivedVendorReportedEchoSpacing": 0.000510012,
    "DeviceSerialNumber": "66093",
    "DwellTime": 2e-06,
    "EchoTime": 0.03,
    "EchoTrainLength": 90,
    "EffectiveEchoSpacing": 0.000510012,
    "FlipAngle": 52,
    "ImageComments": "Unaliased MB6/PE3/LB",
    "ImageOrientationPatientDICOM": [
      0.999986,
      0.000710124,
      0.00518404,
      -1.48591e-09,
      0.990748,
      -0.135715
    ],
    "ImageType": [
      "ORIGINAL",
      "PRIMARY",
      "M",
      "MB",
      "ND",
      "MOSAIC"
    ],
    "ImagingFrequency": 123.26,
    "InPlanePhaseEncodingDirectionDICOM": "COL",
    "InstitutionAddress": "",
    "InstitutionName": "",
    "InstitutionalDepartmentName": "",
    "MRAcquisitionType": "2D",
    "MagneticFieldStrength": 3,
    "Manufacturer": "Siemens",
    "ManufacturersModelName": "Prisma",
    "Modality": "MR",
    "MultibandAccelerationFactor": 6,
    "PartialFourier": 1,
    "PatientPosition": "HFS",
    "PercentPhaseFOV": 100,
    "PercentSampling": 100,
    "PhaseEncodingDirection": "j-",
    "PhaseEncodingSteps": 90,
    "PhaseResolution": 1,
    "PixelBandwidth": 2780,
    "ProtocolName": "BOLD_2p4_MB6_P1_TE30_TR800_AP",
    "PulseSequenceDetails": "%CustomerSeq%\\cmrr_mbep2d_bold",
    "ReceiveCoilActiveElements": "HEA;HEP",
    "ReceiveCoilName": "Head_32",
    "ReconMatrixPE": 90,
    "RepetitionTime": 0.8,
    "SAR": 0.0757932,
    "ScanOptions": "FS",
    "ScanningSequence": "EP",
    "SequenceName": "epfid2d1_90",
    "SequenceVariant": "SK\\SS",
    "SeriesDescription": "BOLD_2p4_MB6_P1_TE30_TR800_AP",
    "SeriesNumber": 7,
    "ShimSetting": [
      4971,
      -11389,
      -1380,
      544,
      71,
      96,
      -106,
      56
    ],
    "SliceThickness": 2.4,
    "SliceTiming": [
      0,
      0.545,
      0.3125,
      0.0775,
      0.6225,
      0.39,
      0.155,
      0.7025,
      0.4675,
      0.2325,
      0,
      0.545,
      0.3125,
      0.0775,
      0.6225,
      0.39,
      0.155,
      0.7025,
      0.4675,
      0.2325,
      0,
      0.545,
      0.3125,
      0.0775,
      0.6225,
      0.39,
      0.155,
      0.7025,
      0.4675,
      0.2325,
      0,
      0.545,
      0.3125,
      0.0775,
      0.6225,
      0.39,
      0.155,
      0.7025,
      0.4675,
      0.2325,
      0,
      0.545,
      0.3125,
      0.0775,
      0.6225,
      0.39,
      0.155,
      0.7025,
      0.4675,
      0.2325,
      0,
      0.545,
      0.3125,
      0.0775,
      0.6225,
      0.39,
      0.155,
      0.7025,
      0.4675,
      0.2325
    ],
    "SoftwareVersions": "syngo MR E11",
    "SpacingBetweenSlices": 2.4,
    "StationName": "",
    "TaskName": "SG",
    "TotalReadoutTime": 0.045391,
    "TxRefAmp": 240.031,
    "VendorReportedEchoSpacing": 0.00051,
    "WipMemBlock": "74430c0f-2d11-4296-beda-7d08c49f0e94||Sequence: R016 ve11c/master r/e634e98; Dec 19 2017 11:00:25 by eja",
    "dataset": "ds004073",
    "modality": "bold",
    "subject_id": "OXF03",
    "task_id": "SG"
  },
  "dummy_trs": 2,
  "dvars_nstd": 42.17413048641611,
  "dvars_std": 1.0629333554195777,
  "dvars_vstd": 0.9784782436188805,
  "efc": 0.5351494956315545,
  "fber": 649.352783203125,
  "fd_mean": 0.14497811209150616,
  "fd_num": 109,
  "fd_perc": 19.022687609075042,
  "fwhm_avg": 2.9967818253630334,
  "fwhm_x": 2.6878582265274433,
  "fwhm_y": 3.114187376253312,
  "fwhm_z": 3.1882998733083454,
  "gcor": 0.0196828,
  "gsr_x": -0.016724184155464172,
  "gsr_y": 0.10196828097105026,
  "provenance": {
    "md5sum": "424b2238f18c03e06642706a87c9772e",
    "settings": {
      "fd_thres": 0.2,
      "testing": false
    },
    "software": "mriqc",
    "version": "23.0.0",
    "webapi_port": null,
    "webapi_url": "https://mriqc.nimh.nih.gov/api/v1"
  },
  "size_t": 573,
  "size_x": 90,
  "size_y": 90,
  "size_z": 60,
  "snr": 2.442162460142474,
  "spacing_tr": 0.800000011920929,
  "spacing_x": 2.4000000953674316,
  "spacing_y": 2.4000000953674316,
  "spacing_z": 2.4000000953674316,
  "summary_bg_k": 25.763089604315336,
  "summary_bg_mad": 85.17071388016248,
  "summary_bg_mean": 301.490966796875,
  "summary_bg_median": 127.42146301269531,
  "summary_bg_n": 307444.0,
  "summary_bg_p05": 61.87434768676758,
  "summary_bg_p95": 1203.5586059570307,
  "summary_bg_stdv": 493.1771545410156,
  "summary_fg_k": 1.69058406135,
  "summary_fg_mad": 1159.3587385281555,
  "summary_fg_mean": 3692.144287109375,
  "summary_fg_median": 3413.45556640625,
  "summary_fg_n": 91353.0,
  "summary_fg_p05": 1958.2921386718751,
  "summary_fg_p95": 6457.226562499996,
  "summary_fg_stdv": 1397.7108154296875,
  "tsnr": 28.72571986960247
}