{
  "aor": 0.001069738675958188,
  "aqi": 0.007258693310104529,
  "bids_meta": {
    "AcquisitionMatrixPE": 90,
    "AcquisitionNumber": 1,
    "AcquisitionTime": "",
    "BandwidthPerPixelPhaseEncode": 21.786,
    "BaseResolution": 90,
    "BodyPartExamined": "BRAIN",
    "ConsistencyInfo": "N4_VE11C_LATEST_20160120",
    "ConversionSoftware": "dcm2niix",
    "ConversionSoftwareVersion": "v1.0.20210317",
    "DerivedVendorReportedEchoSpacing": 0.000510012,
    "DeviceSerialNumber": "66093",
    "DwellTime": 2e-06,
    "EchoTime": 0.03,
    "EchoTrainLength": 90,
    "EffectiveEchoSpacing": 0.000510012,
    "FlipAngle": 52,
    "ImageComments": "Unaliased MB6/PE3/LB",
    "ImageOrientationPatientDICOM": [
      0.999986,
      0.000710124,
      0.00518404,
      -1.48591e-09,
      0.990748,
      -0.135715
    ],
    "ImageType": [
      "ORIGINAL",
      "PRIMARY",
      "M",
      "MB",
      "ND",
      "MOSAIC"
    ],
    "ImagingFrequency": 123.26,
    "InPlanePhaseEncodingDirectionDICOM": "COL",
    "InstitutionAddress": "",
    "InstitutionName": "",
    "InstitutionalDepartmentName": "",
    "MRAcquisitionType": "2D",
    "MagneticFieldStrength": 3,
    "Manufacturer": "Siemens",
    "ManufacturersModelName": "Prisma",
    "Modality": "MR",
    "MultibandAccelerationFactor": 6,
    "PartialFourier": 1,
    "PatientPosition": "HFS",
    "PercentPhaseFOV": 100,
    "PercentSampling": 100,
    "PhaseEncodingDirection": "j-",
    "PhaseEncodingSteps": 90,
    "PhaseResolution": 1,
    "PixelBandwidth": 2780,
    "ProtocolName": "BOLD_2p4_MB6_P1_TE30_TR800_AP",
    "PulseSequenceDetails": "%CustomerSeq%\\cmrr_mbep2d_bold",
    "ReceiveCoilActiveElements": "HEA;HEP",
    "ReceiveCoilName": "Head_32",
    "ReconMatrixPE": 90,
    "RepetitionTime": 0.8,
    "SAR": 0.0757932,
    "ScanOptions": "FS",
    "ScanningSequence": "EP",
    "SequenceName": "epfid2d1_90",
    "SequenceVariant": "SK\\SS",
    "SeriesDescription": "BOLD_2p4_MB6_P1_TE30_TR800_AP",
    "SeriesNumber": 11,
    "ShimSetting": [
      4971,
      -11389,
      -1380,
      544,
      71,
      96,
      -106,
      56
    ],
    "SliceThickness": 2.4,
    "SliceTiming": [
      0,
      0.5475,
      0.3125,
      0.08,
      0.625,
      0.39,
      0.1575,
      0.7025,
      0.4675,
      0.235,
      0,
      0.5475,
      0.3125,
      0.08,
      0.625,
      0.39,
      0.1575,
      0.7025,
      0.4675,
      0.235,
      0,
      0.5475,
      0.3125,
      0.08,
      0.625,
      0.39,
      0.1575,
      0.7025,
      0.4675,
      0.235,
      0,
      0.5475,
      0.3125,
      0.08,
      0.625,
      0.39,
      0.1575,
      0.7025,
      0.4675,
      0.235,
      0,
      0.5475,
      0.3125,
      0.08,
      0.625,
      0.39,
      0.1575,
      0.7025,
      0.4675,
      0.235,
      0,
      0.5475,
      0.3125,
      0.08,
      0.625,
      0.39,
      0.1575,
      0.7025,
      0.4675,
      0.235
    ],
    "SoftwareVersions": "syngo MR E11",
    "SpacingBetweenSlices": 2.4,
    "StationName": "",
    "TaskName": "PD",
    "TotalReadoutTime": 0.045391,
    "TxRefAmp": 240.031,
    "VendorReportedEchoSpacing": 0.00051,
    "WipMemBlock": "044ce1af-0930-4f93-a2ba-decdb4cf9737||Sequence: R016 ve11c/master r/e634e98; Dec 19 2017 11:00:25 by eja",
    "dataset": "ds004073",
    "modality": "bold",
    "subject_id": "OXF03",
    "task_id": "PD"
  },
  "dummy_trs": 1,
  "dvars_nstd": 35.63985658816761,
  "dvars_std": 1.055987872164048,
  "dvars_vstd": 1.0011441772425833,
  "efc": 0.5355269816678718,
  "fber": 652.20849609375,
  "fd_mean": 0.08556863954025655,
  "fd_num": 12,
  "fd_perc": 2.0905923344947737,
  "fwhm_avg": 2.9469693273424045,
  "fwhm_x": 2.6334248953570962,
  "fwhm_y": 3.051708212069344,
  "fwhm_z": 3.155774874600773,
  "gcor": 0.00806643,
  "gsr_x": -0.020088788121938705,
  "gsr_y": 0.11889778822660446,
  "provenance": {
    "md5sum": "159e9b6374a9f93b5e0a4bee74a6f289",
    "settings": {
      "fd_thres": 0.2,
      "testing": false
    },
    "software": "mriqc",
    "version": "23.0.0",
    "webapi_port": null,
    "webapi_url": "https://mriqc.nimh.nih.gov/api/v1"
  },
  "size_t": 574,
  "size_x": 90,
  "size_y": 90,
  "size_z": 60,
  "snr": 2.4518185013479425,
  "spacing_tr": 0.800000011920929,
  "spacing_x": 2.4000000953674316,
  "spacing_y": 2.4000000953674316,
  "spacing_z": 2.4000000953674316,
  "summary_bg_k": 24.851818495419245,
  "summary_bg_mad": 83.46224082425277,
  "summary_bg_mean": 316.1435241699219,
  "summary_bg_median": 126.14982604980469,
  "summary_bg_n": 310855.0,
  "summary_bg_p05": 61.93031311035156,
  "summary_bg_p95": 1300.4090820312492,
  "summary_bg_stdv": 541.4616088867188,
  "summary_fg_k": 1.6697862282886007,
  "summary_fg_mad": 1142.9208931792798,
  "summary_fg_mean": 3653.464599609375,
  "summary_fg_median": 3381.838134765625,
  "summary_fg_n": 90339.0,
  "summary_fg_p05": 1936.4931884765624,
  "summary_fg_p95": 6388.083642578114,
  "summary_fg_stdv": 1379.3106689453125,
  "tsnr": 36.65036100859288
}