{
  "aor": 0.0023106806282722514,
  "aqi": 0.009412534904013961,
  "bids_meta": {
    "AcquisitionMatrixPE": 90,
    "AcquisitionNumber": 1,
    "AcquisitionTime": "",
    "BandwidthPerPixelPhaseEncode": 21.786,
    "BaseResolution": 90,
    "BodyPartExamined": "BRAIN",
    "ConsistencyInfo": "N4_VE11C_LATEST_20160120",
    "ConversionSoftware": "dcm2niix",
    "ConversionSoftwareVersion": "v1.0.20210317",
    "DerivedVendorReportedEchoSpacing": 0.000510012,
    "DeviceSerialNumber": "66093",
    "DwellTime": 2e-06,
    "EchoTime": 0.03,
    "EchoTrainLength": 90,
    "EffectiveEchoSpacing": 0.000510012,
    "FlipAngle": 52,
    "ImageComments": "Unaliased MB6/PE3/LB",
    "ImageOrientationPatientDICOM": [
      0.999999,
      -0.000178799,
      -0.00170123,
      -4.63032e-09,
      0.994522,
      -0.104527
    ],
    "ImageType": [
      "ORIGINAL",
      "PRIMARY",
      "M",
      "MB",
      "ND",
      "MOSAIC"
    ],
    "ImagingFrequency": 123.259,
    "InPlanePhaseEncodingDirectionDICOM": "COL",
    "InstitutionAddress": "",
    "InstitutionName": "",
    "InstitutionalDepartmentName": "",
    "MRAcquisitionType": "2D",
    "MagneticFieldStrength": 3,
    "Manufacturer": "Siemens",
    "ManufacturersModelName": "Prisma",
    "Modality": "MR",
    "MultibandAccelerationFactor": 6,
    "PartialFourier": 1,
    "PatientPosition": "HFS",
    "PercentPhaseFOV": 100,
    "PercentSampling": 100,
    "PhaseEncodingDirection": "j-",
    "PhaseEncodingSteps": 90,
    "PhaseResolution": 1,
    "PixelBandwidth": 2780,
    "ProtocolName": "BOLD_2p4_MB6_P1_TE30_TR800_AP",
    "PulseSequenceDetails": "%CustomerSeq%\\cmrr_mbep2d_bold",
    "ReceiveCoilActiveElements": "HEA;HEP",
    "ReceiveCoilName": "Head_32",
    "ReconMatrixPE": 90,
    "RepetitionTime": 0.8,
    "SAR": 0.0728945,
    "ScanOptions": "FS",
    "ScanningSequence": "EP",
    "SequenceName": "epfid2d1_90",
    "SequenceVariant": "SK\\SS",
    "SeriesDescription": "BOLD_2p4_MB6_P1_TE30_TR800_AP",
    "SeriesNumber": 11,
    "ShimSetting": [
      4969,
      -11426,
      -1381,
      453,
      42,
      55,
      -121,
      -25
    ],
    "SliceThickness": 2.4,
    "SliceTiming": [
      0,
      0.545,
      0.3125,
      0.0775,
      0.6225,
      0.39,
      0.155,
      0.7025,
      0.4675,
      0.2325,
      0,
      0.545,
      0.3125,
      0.0775,
      0.6225,
      0.39,
      0.155,
      0.7025,
      0.4675,
      0.2325,
      0,
      0.545,
      0.3125,
      0.0775,
      0.6225,
      0.39,
      0.155,
      0.7025,
      0.4675,
      0.2325,
      0,
      0.545,
      0.3125,
      0.0775,
      0.6225,
      0.39,
      0.155,
      0.7025,
      0.4675,
      0.2325,
      0,
      0.545,
      0.3125,
      0.0775,
      0.6225,
      0.39,
      0.155,
      0.7025,
      0.4675,
      0.2325,
      0,
      0.545,
      0.3125,
      0.0775,
      0.6225,
      0.39,
      0.155,
      0.7025,
      0.4675,
      0.2325
    ],
    "SoftwareVersions": "syngo MR E11",
    "SpacingBetweenSlices": 2.4,
    "StationName": "",
    "TaskName": "SD",
    "TotalReadoutTime": 0.045391,
    "TxRefAmp": 269.752,
    "VendorReportedEchoSpacing": 0.00051,
    "WipMemBlock": "d67d6dc0-1e61-446e-a26c-414588be2960||Sequence: R016 ve11c/master r/e634e98; Dec 19 2017 11:00:25 by eja",
    "dataset": "ds004073",
    "modality": "bold",
    "subject_id": "OXF13",
    "task_id": "SD"
  },
  "dummy_trs": 2,
  "dvars_nstd": 42.11416799375876,
  "dvars_std": 1.113999802325175,
  "dvars_vstd": 1.0160199352447554,
  "efc": 0.5843901606956885,
  "fber": 406.5538330078125,
  "fd_mean": 0.1975355340547085,
  "fd_num": 146,
  "fd_perc": 25.479930191972077,
  "fwhm_avg": 2.947937382859493,
  "fwhm_x": 2.642537394994998,
  "fwhm_y": 3.095137377010291,
  "fwhm_z": 3.10613737657319,
  "gcor": 0.00643609,
  "gsr_x": -0.014870496466755867,
  "gsr_y": 0.11490433663129807,
  "provenance": {
    "md5sum": "82e293b555d594e5c1b54d6946b4a168",
    "settings": {
      "fd_thres": 0.2,
      "testing": false
    },
    "software": "mriqc",
    "version": "23.0.0",
    "webapi_port": null,
    "webapi_url": "https://mriqc.nimh.nih.gov/api/v1"
  },
  "size_t": 573,
  "size_x": 90,
  "size_y": 90,
  "size_z": 60,
  "snr": 2.5427080927828136,
  "spacing_tr": 0.800000011920929,
  "spacing_x": 2.4000000953674316,
  "spacing_y": 2.4000000953674316,
  "spacing_z": 2.4000000953674316,
  "summary_bg_k": 17.19608502199557,
  "summary_bg_mad": 128.54135897003312,
  "summary_bg_mean": 420.3121032714844,
  "summary_bg_median": 170.94241333007812,
  "summary_bg_n": 291137.0,
  "summary_bg_p05": 64.82303924560547,
  "summary_bg_p95": 1774.4230468750018,
  "summary_bg_stdv": 644.285400390625,
  "summary_fg_k": 1.1616065658240462,
  "summary_fg_mad": 1316.7371812005845,
  "summary_fg_mean": 3817.307373046875,
  "summary_fg_median": 3542.1240234375,
  "summary_fg_n": 111563.0,
  "summary_fg_p05": 2076.162060546875,
  "summary_fg_p95": 6398.135839843749,
  "summary_fg_stdv": 1393.0455322265625,
  "tsnr": 34.23897652514279
}