{
  "aor": 0.0014387762237762238,
  "aqi": 0.00792964624125874,
  "bids_meta": {
    "AcquisitionMatrixPE": 90,
    "AcquisitionNumber": 1,
    "AcquisitionTime": "",
    "BandwidthPerPixelPhaseEncode": 21.786,
    "BaseResolution": 90,
    "BodyPartExamined": "BRAIN",
    "ConsistencyInfo": "N4_VE11C_LATEST_20160120",
    "ConversionSoftware": "dcm2niix",
    "ConversionSoftwareVersion": "v1.0.20210317",
    "DerivedVendorReportedEchoSpacing": 0.000510012,
    "DeviceSerialNumber": "66093",
    "DwellTime": 2e-06,
    "EchoTime": 0.03,
    "EchoTrainLength": 90,
    "EffectiveEchoSpacing": 0.000510012,
    "FlipAngle": 52,
    "ImageComments": "Unaliased MB6/PE3/LB",
    "ImageOrientationPatientDICOM": [
      0.999999,
      -0.000178799,
      -0.00170123,
      -4.63032e-09,
      0.994522,
      -0.104527
    ],
    "ImageType": [
      "ORIGINAL",
      "PRIMARY",
      "M",
      "MB",
      "ND",
      "MOSAIC"
    ],
    "ImagingFrequency": 123.259,
    "InPlanePhaseEncodingDirectionDICOM": "COL",
    "InstitutionAddress": "",
    "InstitutionName": "",
    "InstitutionalDepartmentName": "",
    "MRAcquisitionType": "2D",
    "MagneticFieldStrength": 3,
    "Manufacturer": "Siemens",
    "ManufacturersModelName": "Prisma",
    "Modality": "MR",
    "MultibandAccelerationFactor": 6,
    "PartialFourier": 1,
    "PatientPosition": "HFS",
    "PercentPhaseFOV": 100,
    "PercentSampling": 100,
    "PhaseEncodingDirection": "j-",
    "PhaseEncodingSteps": 90,
    "PhaseResolution": 1,
    "PixelBandwidth": 2780,
    "ProtocolName": "BOLD_2p4_MB6_P1_TE30_TR800_AP",
    "PulseSequenceDetails": "%CustomerSeq%\\cmrr_mbep2d_bold",
    "ReceiveCoilActiveElements": "HEA;HEP",
    "ReceiveCoilName": "Head_32",
    "ReconMatrixPE": 90,
    "RepetitionTime": 0.8,
    "SAR": 0.0728945,
    "ScanOptions": "FS",
    "ScanningSequence": "EP",
    "SequenceName": "epfid2d1_90",
    "SequenceVariant": "SK\\SS",
    "SeriesDescription": "BOLD_2p4_MB6_P1_TE30_TR800_AP",
    "SeriesNumber": 5,
    "ShimSetting": [
      4969,
      -11426,
      -1381,
      453,
      42,
      55,
      -121,
      -25
    ],
    "SliceThickness": 2.4,
    "SliceTiming": [
      0,
      0.545,
      0.3125,
      0.0775,
      0.6225,
      0.39,
      0.155,
      0.7025,
      0.4675,
      0.235,
      0,
      0.545,
      0.3125,
      0.0775,
      0.6225,
      0.39,
      0.155,
      0.7025,
      0.4675,
      0.235,
      0,
      0.545,
      0.3125,
      0.0775,
      0.6225,
      0.39,
      0.155,
      0.7025,
      0.4675,
      0.235,
      0,
      0.545,
      0.3125,
      0.0775,
      0.6225,
      0.39,
      0.155,
      0.7025,
      0.4675,
      0.235,
      0,
      0.545,
      0.3125,
      0.0775,
      0.6225,
      0.39,
      0.155,
      0.7025,
      0.4675,
      0.235,
      0,
      0.545,
      0.3125,
      0.0775,
      0.6225,
      0.39,
      0.155,
      0.7025,
      0.4675,
      0.235
    ],
    "SoftwareVersions": "syngo MR E11",
    "SpacingBetweenSlices": 2.4,
    "StationName": "",
    "TaskName": "WG",
    "TotalReadoutTime": 0.045391,
    "TxRefAmp": 269.752,
    "VendorReportedEchoSpacing": 0.00051,
    "WipMemBlock": "d6d09a69-9d4b-489a-960c-1987f3ab290c||Sequence: R016 ve11c/master r/e634e98; Dec 19 2017 11:00:25 by eja",
    "dataset": "ds004073",
    "modality": "bold",
    "subject_id": "OXF13",
    "task_id": "WG"
  },
  "dummy_trs": 3,
  "dvars_nstd": 42.662087148266224,
  "dvars_std": 1.1173921263747815,
  "dvars_vstd": 1.0078105409982492,
  "efc": 0.5830327194113432,
  "fber": 416.92388916015625,
  "fd_mean": 0.18451949727351363,
  "fd_num": 162,
  "fd_perc": 28.321678321678323,
  "fwhm_avg": 2.989909603413889,
  "fwhm_x": 2.659695727646521,
  "fwhm_y": 3.1369123753503017,
  "fwhm_z": 3.1731207072448453,
  "gcor": 0.0112673,
  "gsr_x": -0.017482152208685875,
  "gsr_y": 0.11273672431707382,
  "provenance": {
    "md5sum": "5dc0d38d84b8d0f62eb837fab622b643",
    "settings": {
      "fd_thres": 0.2,
      "testing": false
    },
    "software": "mriqc",
    "version": "23.0.0",
    "webapi_port": null,
    "webapi_url": "https://mriqc.nimh.nih.gov/api/v1"
  },
  "size_t": 572,
  "size_x": 90,
  "size_y": 90,
  "size_z": 60,
  "snr": 2.549762600994798,
  "spacing_tr": 0.800000011920929,
  "spacing_x": 2.4000000953674316,
  "spacing_y": 2.4000000953674316,
  "spacing_z": 2.4000000953674316,
  "summary_bg_k": 17.90339417152693,
  "summary_bg_mad": 126.62252294751988,
  "summary_bg_mean": 411.67047119140625,
  "summary_bg_median": 169.36363220214844,
  "summary_bg_n": 290661.0,
  "summary_bg_p05": 65.2989501953125,
  "summary_bg_p95": 1719.1258544921875,
  "summary_bg_stdv": 631.7594604492188,
  "summary_fg_k": 1.1468280943392566,
  "summary_fg_mad": 1323.1046609190516,
  "summary_fg_mean": 3839.392578125,
  "summary_fg_median": 3568.846923828125,
  "summary_fg_n": 112064.0,
  "summary_fg_p05": 2077.11533203125,
  "summary_fg_p95": 6430.0377441406235,
  "summary_fg_stdv": 1399.671875,
  "tsnr": 36.00927182054147
}