{
  "aor": 0.0002765679442508711,
  "aqi": 0.0032917364459930315,
  "bids_meta": {
    "AcquisitionMatrixPE": 90,
    "AcquisitionNumber": 1,
    "AcquisitionTime": "",
    "BandwidthPerPixelPhaseEncode": 21.786,
    "BaseResolution": 90,
    "BodyPartExamined": "BRAIN",
    "ConsistencyInfo": "N4_VE11C_LATEST_20160120",
    "ConversionSoftware": "dcm2niix",
    "ConversionSoftwareVersion": "v1.0.20210317",
    "DerivedVendorReportedEchoSpacing": 0.000510012,
    "DeviceSerialNumber": "66093",
    "DwellTime": 2e-06,
    "EchoTime": 0.03,
    "EchoTrainLength": 90,
    "EffectiveEchoSpacing": 0.000510012,
    "FlipAngle": 52,
    "ImageComments": "Unaliased MB6/PE3/LB",
    "ImageOrientationPatientDICOM": [
      0.999986,
      0.000346851,
      0.00522094,
      -7.86609e-08,
      0.997801,
      -0.0662734
    ],
    "ImageType": [
      "ORIGINAL",
      "PRIMARY",
      "M",
      "MB",
      "ND",
      "MOSAIC"
    ],
    "ImagingFrequency": 123.26,
    "InPlanePhaseEncodingDirectionDICOM": "COL",
    "InstitutionAddress": "",
    "InstitutionName": "",
    "InstitutionalDepartmentName": "",
    "MRAcquisitionType": "2D",
    "MagneticFieldStrength": 3,
    "Manufacturer": "Siemens",
    "ManufacturersModelName": "Prisma",
    "Modality": "MR",
    "MultibandAccelerationFactor": 6,
    "PartialFourier": 1,
    "PatientPosition": "HFS",
    "PercentPhaseFOV": 100,
    "PercentSampling": 100,
    "PhaseEncodingDirection": "j-",
    "PhaseEncodingSteps": 90,
    "PhaseResolution": 1,
    "PixelBandwidth": 2780,
    "ProtocolName": "BOLD_2p4_MB6_P1_TE30_TR800_AP",
    "PulseSequenceDetails": "%CustomerSeq%\\cmrr_mbep2d_bold",
    "ReceiveCoilActiveElements": "HEA;HEP",
    "ReceiveCoilName": "Head_32",
    "ReconMatrixPE": 90,
    "RepetitionTime": 0.8,
    "SAR": 0.0828002,
    "ScanOptions": "FS",
    "ScanningSequence": "EP",
    "SequenceName": "epfid2d1_90",
    "SequenceVariant": "SK\\SS",
    "SeriesDescription": "BOLD_2p4_MB6_P1_TE30_TR800_AP",
    "SeriesNumber": 15,
    "ShimSetting": [
      4969,
      -11480,
      -1340,
      533,
      86,
      -40,
      -41,
      65
    ],
    "SliceThickness": 2.4,
    "SliceTiming": [
      0,
      0.5475,
      0.3125,
      0.0775,
      0.625,
      0.39,
      0.1575,
      0.7025,
      0.4675,
      0.235,
      0,
      0.5475,
      0.3125,
      0.0775,
      0.625,
      0.39,
      0.1575,
      0.7025,
      0.4675,
      0.235,
      0,
      0.5475,
      0.3125,
      0.0775,
      0.625,
      0.39,
      0.1575,
      0.7025,
      0.4675,
      0.235,
      0,
      0.5475,
      0.3125,
      0.0775,
      0.625,
      0.39,
      0.1575,
      0.7025,
      0.4675,
      0.235,
      0,
      0.5475,
      0.3125,
      0.0775,
      0.625,
      0.39,
      0.1575,
      0.7025,
      0.4675,
      0.235,
      0,
      0.5475,
      0.3125,
      0.0775,
      0.625,
      0.39,
      0.1575,
      0.7025,
      0.4675,
      0.235
    ],
    "SoftwareVersions": "syngo MR E11",
    "SpacingBetweenSlices": 2.4,
    "StationName": "",
    "TaskName": "SC",
    "TotalReadoutTime": 0.045391,
    "TxRefAmp": 240.354,
    "VendorReportedEchoSpacing": 0.00051,
    "WipMemBlock": "8859477f-146d-498f-912d-0396228040be||Sequence: R016 ve11c/master r/e634e98; Dec 19 2017 11:00:25 by eja",
    "dataset": "ds004073",
    "modality": "bold",
    "subject_id": "OXF09",
    "task_id": "SC"
  },
  "dummy_trs": 1,
  "dvars_nstd": 28.0543033073124,
  "dvars_std": 1.0922034503315867,
  "dvars_vstd": 1.0045263712565453,
  "efc": 0.4944926929318744,
  "fber": 913.4409790039062,
  "fd_mean": 0.053789472970820526,
  "fd_num": 1,
  "fd_perc": 0.17421602787456447,
  "fwhm_avg": 3.0962637658544208,
  "fwhm_x": 2.868483219350051,
  "fwhm_y": 3.2164332055237606,
  "fwhm_z": 3.203874872689451,
  "gcor": 0.0131542,
  "gsr_x": -0.013454279862344265,
  "gsr_y": 0.06775478273630142,
  "provenance": {
    "md5sum": "3a34a00fc0e162e41a2121b0d6f74a8c",
    "settings": {
      "fd_thres": 0.2,
      "testing": false
    },
    "software": "mriqc",
    "version": "23.0.0",
    "webapi_port": null,
    "webapi_url": "https://mriqc.nimh.nih.gov/api/v1"
  },
  "size_t": 574,
  "size_x": 90,
  "size_y": 90,
  "size_z": 60,
  "snr": 2.6666409735868006,
  "spacing_tr": 0.800000011920929,
  "spacing_x": 2.4000000953674316,
  "spacing_y": 2.4000000953674316,
  "spacing_z": 2.4000000953674316,
  "summary_bg_k": 27.840826004927603,
  "summary_bg_mad": 96.39755833229593,
  "summary_bg_mean": 321.18017578125,
  "summary_bg_median": 137.435546875,
  "summary_bg_n": 338393.0,
  "summary_bg_p05": 63.69512176513672,
  "summary_bg_p95": 1269.588159179687,
  "summary_bg_stdv": 511.7434387207031,
  "summary_fg_k": 0.2663708101331319,
  "summary_fg_mad": 1566.064289659496,
  "summary_fg_mean": 4489.41064453125,
  "summary_fg_median": 4217.1669921875,
  "summary_fg_n": 77278.0,
  "summary_fg_p05": 2347.5968017578125,
  "summary_fg_p95": 7419.235815429687,
  "summary_fg_stdv": 1581.442626953125,
  "tsnr": 52.62071782583371
}