{
  "aor": 0.0007094066317626527,
  "aqi": 0.005130387452006981,
  "bids_meta": {
    "AcquisitionMatrixPE": 90,
    "AcquisitionNumber": 1,
    "AcquisitionTime": "",
    "BandwidthPerPixelPhaseEncode": 21.786,
    "BaseResolution": 90,
    "BodyPartExamined": "BRAIN",
    "ConsistencyInfo": "N4_VE11C_LATEST_20160120",
    "ConversionSoftware": "dcm2niix",
    "ConversionSoftwareVersion": "v1.0.20210317",
    "DerivedVendorReportedEchoSpacing": 0.000510012,
    "DeviceSerialNumber": "66093",
    "DwellTime": 2e-06,
    "EchoTime": 0.03,
    "EchoTrainLength": 90,
    "EffectiveEchoSpacing": 0.000510012,
    "FlipAngle": 52,
    "ImageComments": "Unaliased MB6/PE3/LB",
    "ImageOrientationPatientDICOM": [
      0.999986,
      0.000953546,
      0.00514483,
      -9.95321e-09,
      0.983255,
      -0.182235
    ],
    "ImageType": [
      "ORIGINAL",
      "PRIMARY",
      "M",
      "MB",
      "ND",
      "MOSAIC"
    ],
    "ImagingFrequency": 123.26,
    "InPlanePhaseEncodingDirectionDICOM": "COL",
    "InstitutionAddress": "",
    "InstitutionName": "",
    "InstitutionalDepartmentName": "",
    "MRAcquisitionType": "2D",
    "MagneticFieldStrength": 3,
    "Manufacturer": "Siemens",
    "ManufacturersModelName": "Prisma",
    "Modality": "MR",
    "MultibandAccelerationFactor": 6,
    "PartialFourier": 1,
    "PatientPosition": "HFS",
    "PercentPhaseFOV": 100,
    "PercentSampling": 100,
    "PhaseEncodingDirection": "j-",
    "PhaseEncodingSteps": 90,
    "PhaseResolution": 1,
    "PixelBandwidth": 2780,
    "ProtocolName": "BOLD_2p4_MB6_P1_TE30_TR800_AP",
    "PulseSequenceDetails": "%CustomerSeq%\\cmrr_mbep2d_bold",
    "ReceiveCoilActiveElements": "HEA;HEP",
    "ReceiveCoilName": "Head_32",
    "ReconMatrixPE": 90,
    "RepetitionTime": 0.8,
    "SAR": 0.0789759,
    "ScanOptions": "FS",
    "ScanningSequence": "EP",
    "SequenceName": "epfid2d1_90",
    "SequenceVariant": "SK\\SS",
    "SeriesDescription": "BOLD_2p4_MB6_P1_TE30_TR800_AP",
    "SeriesNumber": 11,
    "ShimSetting": [
      4942,
      -11439,
      -1333,
      492,
      72,
      -138,
      -110,
      19
    ],
    "SliceThickness": 2.4,
    "SliceTiming": [
      0,
      0.545,
      0.31,
      0.0775,
      0.6225,
      0.39,
      0.155,
      0.7,
      0.4675,
      0.2325,
      0,
      0.545,
      0.31,
      0.0775,
      0.6225,
      0.39,
      0.155,
      0.7,
      0.4675,
      0.2325,
      0,
      0.545,
      0.31,
      0.0775,
      0.6225,
      0.39,
      0.155,
      0.7,
      0.4675,
      0.2325,
      0,
      0.545,
      0.31,
      0.0775,
      0.6225,
      0.39,
      0.155,
      0.7,
      0.4675,
      0.2325,
      0,
      0.545,
      0.31,
      0.0775,
      0.6225,
      0.39,
      0.155,
      0.7,
      0.4675,
      0.2325,
      0,
      0.545,
      0.31,
      0.0775,
      0.6225,
      0.39,
      0.155,
      0.7,
      0.4675,
      0.2325
    ],
    "SoftwareVersions": "syngo MR E11",
    "SpacingBetweenSlices": 2.4,
    "StationName": "",
    "TaskName": "WG",
    "TotalReadoutTime": 0.045391,
    "TxRefAmp": 260.215,
    "VendorReportedEchoSpacing": 0.00051,
    "WipMemBlock": "1a8175b4-ef1b-4d34-98fe-60de53b0ccbf||Sequence: R016 ve11c/master r/e634e98; Dec 19 2017 11:00:25 by eja",
    "dataset": "ds004073",
    "modality": "bold",
    "subject_id": "OXF04",
    "task_id": "WG"
  },
  "dummy_trs": 2,
  "dvars_nstd": 37.44472285916085,
  "dvars_std": 1.134273845506992,
  "dvars_vstd": 1.0079806575699313,
  "efc": 0.5266717594249656,
  "fber": 620.1519775390625,
  "fd_mean": 0.11768432514634132,
  "fd_num": 77,
  "fd_perc": 13.43804537521815,
  "fwhm_avg": 3.035954046028692,
  "fwhm_x": 2.768904056640305,
  "fwhm_y": 3.129820708965432,
  "fwhm_z": 3.209137372480338,
  "gcor": 0.0232894,
  "gsr_x": -0.010479101911187172,
  "gsr_y": 0.08014187961816788,
  "provenance": {
    "md5sum": "28fce3f3d748517063bba516d281cf14",
    "settings": {
      "fd_thres": 0.2,
      "testing": false
    },
    "software": "mriqc",
    "version": "23.0.0",
    "webapi_port": null,
    "webapi_url": "https://mriqc.nimh.nih.gov/api/v1"
  },
  "size_t": 573,
  "size_x": 90,
  "size_y": 90,
  "size_z": 60,
  "snr": 2.280180105615257,
  "spacing_tr": 0.800000011920929,
  "spacing_x": 2.4000000953674316,
  "spacing_y": 2.4000000953674316,
  "spacing_z": 2.4000000953674316,
  "summary_bg_k": 22.91473245392663,
  "summary_bg_mad": 109.67633954779618,
  "summary_bg_mean": 346.58929443359375,
  "summary_bg_median": 149.5706787109375,
  "summary_bg_n": 314478.0,
  "summary_bg_p05": 63.80453872680664,
  "summary_bg_p95": 1369.5576721191396,
  "summary_bg_stdv": 538.7393188476562,
  "summary_fg_k": 1.0728180019288276,
  "summary_fg_mad": 1531.7065396883872,
  "summary_fg_mean": 4267.17529296875,
  "summary_fg_median": 3894.773193359375,
  "summary_fg_n": 91557.0,
  "summary_fg_p05": 2171.805908203125,
  "summary_fg_p95": 7573.4142578125,
  "summary_fg_stdv": 1708.089599609375,
  "tsnr": 40.021097094751894
}