{
  "aor": 0.002464250871080139,
  "aqi": 0.005239168379790941,
  "bids_meta": {
    "AcquisitionMatrixPE": 90,
    "AcquisitionNumber": 1,
    "AcquisitionTime": "",
    "BandwidthPerPixelPhaseEncode": 21.786,
    "BaseResolution": 90,
    "BodyPartExamined": "BRAIN",
    "ConsistencyInfo": "N4_VE11C_LATEST_20160120",
    "ConversionSoftware": "dcm2niix",
    "ConversionSoftwareVersion": "v1.0.20210317",
    "DerivedVendorReportedEchoSpacing": 0.000510012,
    "DeviceSerialNumber": "66093",
    "DwellTime": 2e-06,
    "EchoTime": 0.03,
    "EchoTrainLength": 90,
    "EffectiveEchoSpacing": 0.000510012,
    "FlipAngle": 52,
    "ImageComments": "Unaliased MB6/PE3/LB",
    "ImageOrientationPatientDICOM": [
      0.999986,
      0.000953546,
      0.00514483,
      -9.95321e-09,
      0.983255,
      -0.182235
    ],
    "ImageType": [
      "ORIGINAL",
      "PRIMARY",
      "M",
      "MB",
      "ND",
      "MOSAIC"
    ],
    "ImagingFrequency": 123.26,
    "InPlanePhaseEncodingDirectionDICOM": "COL",
    "InstitutionAddress": "",
    "InstitutionName": "",
    "InstitutionalDepartmentName": "",
    "MRAcquisitionType": "2D",
    "MagneticFieldStrength": 3,
    "Manufacturer": "Siemens",
    "ManufacturersModelName": "Prisma",
    "Modality": "MR",
    "MultibandAccelerationFactor": 6,
    "PartialFourier": 1,
    "PatientPosition": "HFS",
    "PercentPhaseFOV": 100,
    "PercentSampling": 100,
    "PhaseEncodingDirection": "j-",
    "PhaseEncodingSteps": 90,
    "PhaseResolution": 1,
    "PixelBandwidth": 2780,
    "ProtocolName": "BOLD_2p4_MB6_P1_TE30_TR800_AP",
    "PulseSequenceDetails": "%CustomerSeq%\\cmrr_mbep2d_bold",
    "ReceiveCoilActiveElements": "HEA;HEP",
    "ReceiveCoilName": "Head_32",
    "ReconMatrixPE": 90,
    "RepetitionTime": 0.8,
    "SAR": 0.0789759,
    "ScanOptions": "FS",
    "ScanningSequence": "EP",
    "SequenceName": "epfid2d1_90",
    "SequenceVariant": "SK\\SS",
    "SeriesDescription": "BOLD_2p4_MB6_P1_TE30_TR800_AP",
    "SeriesNumber": 21,
    "ShimSetting": [
      4942,
      -11439,
      -1333,
      492,
      72,
      -138,
      -110,
      19
    ],
    "SliceThickness": 2.4,
    "SliceTiming": [
      0,
      0.545,
      0.31,
      0.0775,
      0.6225,
      0.39,
      0.155,
      0.7,
      0.4675,
      0.2325,
      0,
      0.545,
      0.31,
      0.0775,
      0.6225,
      0.39,
      0.155,
      0.7,
      0.4675,
      0.2325,
      0,
      0.545,
      0.31,
      0.0775,
      0.6225,
      0.39,
      0.155,
      0.7,
      0.4675,
      0.2325,
      0,
      0.545,
      0.31,
      0.0775,
      0.6225,
      0.39,
      0.155,
      0.7,
      0.4675,
      0.2325,
      0,
      0.545,
      0.31,
      0.0775,
      0.6225,
      0.39,
      0.155,
      0.7,
      0.4675,
      0.2325,
      0,
      0.545,
      0.31,
      0.0775,
      0.6225,
      0.39,
      0.155,
      0.7,
      0.4675,
      0.2325
    ],
    "SoftwareVersions": "syngo MR E11",
    "SpacingBetweenSlices": 2.4,
    "StationName": "",
    "TaskName": "SG",
    "TotalReadoutTime": 0.045391,
    "TxRefAmp": 260.215,
    "VendorReportedEchoSpacing": 0.00051,
    "WipMemBlock": "95c512b9-e537-4351-8904-a00d70080f28||Sequence: R016 ve11c/master r/e634e98; Dec 19 2017 11:00:25 by eja",
    "dataset": "ds004073",
    "modality": "bold",
    "subject_id": "OXF04",
    "task_id": "SG"
  },
  "dummy_trs": 1,
  "dvars_nstd": 36.967187818202454,
  "dvars_std": 1.1431031253752184,
  "dvars_vstd": 1.0302986643804533,
  "efc": 0.5270193974793834,
  "fber": 611.126220703125,
  "fd_mean": 0.1271590632386941,
  "fd_num": 109,
  "fd_perc": 18.989547038327526,
  "fwhm_avg": 3.0577582118289386,
  "fwhm_x": 2.805179055198866,
  "fwhm_y": 3.1555873746082237,
  "fwhm_z": 3.2125082056797263,
  "gcor": 0.0170409,
  "gsr_x": -0.009558544494211674,
  "gsr_y": 0.07816308736801147,
  "provenance": {
    "md5sum": "60b8b3cc35519689fe33b707bcc05e05",
    "settings": {
      "fd_thres": 0.2,
      "testing": false
    },
    "software": "mriqc",
    "version": "23.0.0",
    "webapi_port": null,
    "webapi_url": "https://mriqc.nimh.nih.gov/api/v1"
  },
  "size_t": 574,
  "size_x": 90,
  "size_y": 90,
  "size_z": 60,
  "snr": 2.2509492896487053,
  "spacing_tr": 0.800000011920929,
  "spacing_x": 2.4000000953674316,
  "spacing_y": 2.4000000953674316,
  "spacing_z": 2.4000000953674316,
  "summary_bg_k": 22.04025175224321,
  "summary_bg_mad": 114.88617537474084,
  "summary_bg_mean": 360.6361083984375,
  "summary_bg_median": 153.820556640625,
  "summary_bg_n": 315009.0,
  "summary_bg_p05": 64.46341705322266,
  "summary_bg_p95": 1428.3714843749988,
  "summary_bg_stdv": 560.6431884765625,
  "summary_fg_k": 1.1107338154889055,
  "summary_fg_mad": 1569.174279469408,
  "summary_fg_mean": 4334.03662109375,
  "summary_fg_median": 3944.7275390625,
  "summary_fg_n": 91246.0,
  "summary_fg_p05": 2194.2360229492188,
  "summary_fg_p95": 7727.6773681640625,
  "summary_fg_stdv": 1752.4632568359375,
  "tsnr": 39.04164959676564
}