{
  "aor": 0.0005360347826086956,
  "aqi": 0.033499873565217386,
  "bids_meta": {
    "AcquisitionMatrixPE": 94,
    "AcquisitionNumber": 8,
    "AcquisitionTime": "",
    "BodyPartExamined": "BRAIN",
    "CoilString": "MULTI COIL",
    "ConversionSoftware": "dcm2niix",
    "ConversionSoftwareVersion": "v1.0.20210317",
    "DeviceSerialNumber": "45128",
    "EchoTime": 0.03,
    "EchoTrainLength": 47,
    "EstimatedEffectiveEchoSpacing": 0.000388467,
    "EstimatedTotalReadoutTime": 0.0369044,
    "FlipAngle": 52,
    "ImageOrientationPatientDICOM": [
      0.999849,
      -4.72661e-12,
      0.017387,
      0.000696882,
      0.999196,
      -0.0400747
    ],
    "ImageType": [
      "ORIGINAL",
      "PRIMARY",
      "M",
      "FFE",
      "M",
      "FFE"
    ],
    "ImagingFrequency": 127.764,
    "InPlanePhaseEncodingDirectionDICOM": "COL",
    "InstitutionAddress": "",
    "InstitutionName": "",
    "InstitutionalDepartmentName": "",
    "MRAcquisitionType": "2D",
    "MagneticFieldStrength": 3,
    "Manufacturer": "Philips",
    "ManufacturersModelName": "Ingenia Elition X",
    "Modality": "MR",
    "ParallelReductionFactorInPlane": 2,
    "ParallelReductionOutOfPlane": 6,
    "PatientPosition": "HFS",
    "PercentPhaseFOV": 100,
    "PercentSampling": 100,
    "PhaseEncodingAxis": "j",
    "PhaseEncodingSteps": 94,
    "PhilipsRWVIntercept": 0,
    "PhilipsRWVSlope": 1.25665,
    "PhilipsRescaleIntercept": 0,
    "PhilipsRescaleSlope": 1.25665,
    "PhilipsScaleSlope": 0.0156781,
    "PixelBandwidth": 1850,
    "ProcedureStepDescription": "COLA",
    "ProtocolName": "COLA_R5",
    "ReconMatrixPE": 96,
    "RepetitionTime": 0.8,
    "SAR": 0.0818667,
    "ScanOptions": "FS",
    "ScanningSequence": "GR",
    "SequenceVariant": "SK",
    "SeriesDescription": "COLA_R5",
    "SeriesNumber": 801,
    "SliceThickness": 2.4,
    "SoftwareVersions": "5.6.1\\5.6.1.2",
    "SpacingBetweenSlices": 2.4,
    "StationName": "",
    "TaskName": "SC",
    "UsePhilipsFloatNotDisplayScaling": 1,
    "WaterFatShift": 16.3723,
    "dataset": "ds004073",
    "modality": "bold",
    "subject_id": "BAN01",
    "task_id": "SC"
  },
  "dummy_trs": 0,
  "dvars_nstd": 69.38303863055754,
  "dvars_std": 1.129404387665506,
  "dvars_vstd": 1.016445737595819,
  "efc": 0.4074636067066231,
  "fber": 4062027.25,
  "fd_mean": 0.1326472920746958,
  "fd_num": 88,
  "fd_perc": 15.304347826086957,
  "fwhm_avg": 2.1551079754000666,
  "fwhm_x": 2.1467478972973333,
  "fwhm_y": 2.352592773690689,
  "fwhm_z": 1.9659832552121774,
  "gcor": 0.0150258,
  "gsr_x": -0.021329203620553017,
  "gsr_y": 0.025660254061222076,
  "provenance": {
    "md5sum": "cbab1a7167f007b287875cf30fa03ac9",
    "settings": {
      "fd_thres": 0.2,
      "testing": false
    },
    "software": "mriqc",
    "version": "23.0.0",
    "webapi_port": null,
    "webapi_url": "https://mriqc.nimh.nih.gov/api/v1"
  },
  "size_t": 575,
  "size_x": 96,
  "size_y": 96,
  "size_z": 60,
  "snr": 5.546988150686508,
  "spacing_tr": 0.8000001907348633,
  "spacing_x": 2.3958332538604736,
  "spacing_y": 2.3958332538604736,
  "spacing_z": 2.4000000953674316,
  "summary_bg_k": 33.288264210346945,
  "summary_bg_mad": 53.342923534672664,
  "summary_bg_mean": 1965.317138671875,
  "summary_bg_median": 36.42372512817383,
  "summary_bg_n": 409425.0,
  "summary_bg_p05": 0.28926787376403806,
  "summary_bg_p95": 10292.593749999996,
  "summary_bg_stdv": 4853.71240234375,
  "summary_fg_k": 1.0819100589799548,
  "summary_fg_mad": 12569.157019302987,
  "summary_fg_mean": 72825.140625,
  "summary_fg_median": 72261.625,
  "summary_fg_n": 74510.0,
  "summary_fg_p05": 53611.3845703125,
  "summary_fg_p95": 94443.716796875,
  "summary_fg_stdv": 13027.0947265625,
  "tsnr": 23.28936004638672
}