{
  "aor": 0.0005386782608695652,
  "aqi": 0.033416595304347825,
  "bids_meta": {
    "AcquisitionMatrixPE": 94,
    "AcquisitionNumber": 4,
    "AcquisitionTime": "",
    "BodyPartExamined": "BRAIN",
    "CoilString": "MULTI COIL",
    "ConversionSoftware": "dcm2niix",
    "ConversionSoftwareVersion": "v1.0.20210317",
    "DeviceSerialNumber": "45128",
    "EchoTime": 0.03,
    "EchoTrainLength": 47,
    "EstimatedEffectiveEchoSpacing": 0.000388467,
    "EstimatedTotalReadoutTime": 0.0369044,
    "FlipAngle": 52,
    "ImageOrientationPatientDICOM": [
      0.999849,
      -4.72661e-12,
      0.017387,
      0.000696882,
      0.999196,
      -0.0400747
    ],
    "ImageType": [
      "ORIGINAL",
      "PRIMARY",
      "M",
      "FFE",
      "M",
      "FFE"
    ],
    "ImagingFrequency": 127.764,
    "InPlanePhaseEncodingDirectionDICOM": "COL",
    "InstitutionAddress": "",
    "InstitutionName": "",
    "InstitutionalDepartmentName": "",
    "MRAcquisitionType": "2D",
    "MagneticFieldStrength": 3,
    "Manufacturer": "Philips",
    "ManufacturersModelName": "Ingenia Elition X",
    "Modality": "MR",
    "ParallelReductionFactorInPlane": 2,
    "ParallelReductionOutOfPlane": 6,
    "PatientPosition": "HFS",
    "PercentPhaseFOV": 100,
    "PercentSampling": 100,
    "PhaseEncodingAxis": "j",
    "PhaseEncodingSteps": 94,
    "PhilipsRWVIntercept": 0,
    "PhilipsRWVSlope": 1.35336,
    "PhilipsRescaleIntercept": 0,
    "PhilipsRescaleSlope": 1.35336,
    "PhilipsScaleSlope": 0.0154058,
    "PixelBandwidth": 1850,
    "ProcedureStepDescription": "COLA",
    "ProtocolName": "COLA_R3",
    "ReconMatrixPE": 96,
    "RepetitionTime": 0.8,
    "SAR": 0.0818667,
    "ScanOptions": "FS",
    "ScanningSequence": "GR",
    "SequenceVariant": "SK",
    "SeriesDescription": "COLA_R3",
    "SeriesNumber": 401,
    "SliceThickness": 2.4,
    "SoftwareVersions": "5.6.1\\5.6.1.2",
    "SpacingBetweenSlices": 2.4,
    "StationName": "",
    "TaskName": "WC",
    "UsePhilipsFloatNotDisplayScaling": 1,
    "WaterFatShift": 16.3723,
    "dataset": "ds004073",
    "modality": "bold",
    "subject_id": "BAN01",
    "task_id": "WC"
  },
  "dummy_trs": 0,
  "dvars_nstd": 67.37893117196863,
  "dvars_std": 1.119803677857143,
  "dvars_vstd": 1.015914448327526,
  "efc": 0.4067168948514521,
  "fber": 6163849.5,
  "fd_mean": 0.1356290743906316,
  "fd_num": 104,
  "fd_perc": 18.08695652173913,
  "fwhm_avg": 2.169455499813783,
  "fwhm_x": 2.1655513761819383,
  "fwhm_y": 2.3679110350683805,
  "fwhm_z": 1.974904088191029,
  "gcor": 0.014489,
  "gsr_x": -0.021432355046272278,
  "gsr_y": 0.02601134404540062,
  "provenance": {
    "md5sum": "34adb55ae4f286be20ebf3d53f87a492",
    "settings": {
      "fd_thres": 0.2,
      "testing": false
    },
    "software": "mriqc",
    "version": "23.0.0",
    "webapi_port": null,
    "webapi_url": "https://mriqc.nimh.nih.gov/api/v1"
  },
  "size_t": 575,
  "size_x": 96,
  "size_y": 96,
  "size_z": 60,
  "snr": 5.541179526185604,
  "spacing_tr": 0.8000001907348633,
  "spacing_x": 2.3958332538604736,
  "spacing_y": 2.3958332538604736,
  "spacing_z": 2.4000000953674316,
  "summary_bg_k": 35.60702126967508,
  "summary_bg_mad": 41.71645309446956,
  "summary_bg_mean": 1845.9981689453125,
  "summary_bg_median": 28.420734405517578,
  "summary_bg_n": 409380.0,
  "summary_bg_p05": 0.219292514026165,
  "summary_bg_p95": 9693.504199218749,
  "summary_bg_stdv": 4553.7890625,
  "summary_fg_k": 1.1140425761074368,
  "summary_fg_mad": 11964.924222575506,
  "summary_fg_mean": 69609.015625,
  "summary_fg_median": 69052.09375,
  "summary_fg_n": 74535.0,
  "summary_fg_p05": 51221.771484375,
  "summary_fg_p95": 90264.09296875002,
  "summary_fg_stdv": 12461.5400390625,
  "tsnr": 23.32508087158203
}