{
  "aor": 0.0005019130434782609,
  "aqi": 0.034365560521739134,
  "bids_meta": {
    "AcquisitionMatrixPE": 94,
    "AcquisitionNumber": 2,
    "AcquisitionTime": "",
    "BodyPartExamined": "BRAIN",
    "CoilString": "MULTI COIL",
    "ConversionSoftware": "dcm2niix",
    "ConversionSoftwareVersion": "v1.0.20210317",
    "DeviceSerialNumber": "45128",
    "EchoTime": 0.03,
    "EchoTrainLength": 47,
    "EstimatedEffectiveEchoSpacing": 0.000388467,
    "EstimatedTotalReadoutTime": 0.0369044,
    "FlipAngle": 52,
    "ImageOrientationPatientDICOM": [
      0.999849,
      -4.72661e-12,
      0.017387,
      0.000696882,
      0.999196,
      -0.0400747
    ],
    "ImageType": [
      "ORIGINAL",
      "PRIMARY",
      "M",
      "FFE",
      "M",
      "FFE"
    ],
    "ImagingFrequency": 127.764,
    "InPlanePhaseEncodingDirectionDICOM": "COL",
    "InstitutionAddress": "",
    "InstitutionName": "",
    "InstitutionalDepartmentName": "",
    "MRAcquisitionType": "2D",
    "MagneticFieldStrength": 3,
    "Manufacturer": "Philips",
    "ManufacturersModelName": "Ingenia Elition X",
    "Modality": "MR",
    "ParallelReductionFactorInPlane": 2,
    "ParallelReductionOutOfPlane": 6,
    "PatientPosition": "HFS",
    "PercentPhaseFOV": 100,
    "PercentSampling": 100,
    "PhaseEncodingAxis": "j",
    "PhaseEncodingSteps": 94,
    "PhilipsRWVIntercept": 0,
    "PhilipsRWVSlope": 1.10061,
    "PhilipsRescaleIntercept": 0,
    "PhilipsRescaleSlope": 1.10061,
    "PhilipsScaleSlope": 0.0155682,
    "PixelBandwidth": 1850,
    "ProcedureStepDescription": "COLA",
    "ProtocolName": "COLA_R1",
    "ReconMatrixPE": 96,
    "RepetitionTime": 0.8,
    "SAR": 0.0818667,
    "ScanOptions": "FS",
    "ScanningSequence": "GR",
    "SequenceVariant": "SK",
    "SeriesDescription": "COLA_R1",
    "SeriesNumber": 201,
    "SliceThickness": 2.4,
    "SoftwareVersions": "5.6.1\\5.6.1.2",
    "SpacingBetweenSlices": 2.4,
    "StationName": "",
    "TaskName": "PD",
    "UsePhilipsFloatNotDisplayScaling": 1,
    "WaterFatShift": 16.3723,
    "dataset": "ds004073",
    "modality": "bold",
    "subject_id": "BAN01",
    "task_id": "PD"
  },
  "dummy_trs": 0,
  "dvars_nstd": 69.16301465452963,
  "dvars_std": 1.1211139455574914,
  "dvars_vstd": 1.0146440776829266,
  "efc": 0.406995279280533,
  "fber": 4181291.0,
  "fd_mean": 0.13324704110242844,
  "fd_num": 93,
  "fd_perc": 16.17391304347826,
  "fwhm_avg": 2.1619350990479376,
  "fwhm_x": 2.1569614628535216,
  "fwhm_y": 2.3724480786971407,
  "fwhm_z": 1.9563957555931508,
  "gcor": 0.0104915,
  "gsr_x": -0.022031690925359726,
  "gsr_y": 0.024563569575548172,
  "provenance": {
    "md5sum": "a90d7e3a36d5d74863a26cc65dfc15b8",
    "settings": {
      "fd_thres": 0.2,
      "testing": false
    },
    "software": "mriqc",
    "version": "23.0.0",
    "webapi_port": null,
    "webapi_url": "https://mriqc.nimh.nih.gov/api/v1"
  },
  "size_t": 575,
  "size_x": 96,
  "size_y": 96,
  "size_z": 60,
  "snr": 5.464808547736247,
  "spacing_tr": 0.8000001907348633,
  "spacing_x": 2.3958332538604736,
  "spacing_y": 2.3958332538604736,
  "spacing_z": 2.4000000953674316,
  "summary_bg_k": 35.75855425055275,
  "summary_bg_mad": 52.608449315559874,
  "summary_bg_mean": 1933.113525390625,
  "summary_bg_median": 35.81208419799805,
  "summary_bg_n": 409231.0,
  "summary_bg_p05": 0.21462277323007584,
  "summary_bg_p95": 10022.533203125,
  "summary_bg_stdv": 4811.2021484375,
  "summary_fg_k": 1.0048421665021712,
  "summary_fg_mad": 12585.705987425565,
  "summary_fg_mean": 72355.1953125,
  "summary_fg_median": 71693.40625,
  "summary_fg_n": 74446.0,
  "summary_fg_p05": 52897.3388671875,
  "summary_fg_p95": 94270.138671875,
  "summary_fg_stdv": 13119.0185546875,
  "tsnr": 22.66936683654785
}