{
  "aor": 0.0017490608695652176,
  "aqi": 0.041206403999999995,
  "bids_meta": {
    "AcquisitionMatrixPE": 94,
    "AcquisitionNumber": 9,
    "AcquisitionTime": "",
    "BodyPartExamined": "BRAIN",
    "CoilString": "MULTI COIL",
    "ConversionSoftware": "dcm2niix",
    "ConversionSoftwareVersion": "v1.0.20210317",
    "DeviceSerialNumber": "45128",
    "EchoTime": 0.03,
    "EchoTrainLength": 47,
    "EstimatedEffectiveEchoSpacing": 0.000388368,
    "EstimatedTotalReadoutTime": 0.036895,
    "FlipAngle": 52,
    "ImageOrientationPatientDICOM": [
      0.999849,
      0.000378587,
      0.0173829,
      0.000696882,
      0.998087,
      -0.0618219
    ],
    "ImageType": [
      "ORIGINAL",
      "PRIMARY",
      "M",
      "FFE",
      "M",
      "FFE"
    ],
    "ImagingFrequency": 127.764,
    "InPlanePhaseEncodingDirectionDICOM": "COL",
    "InstitutionAddress": "",
    "InstitutionName": "",
    "InstitutionalDepartmentName": "",
    "MRAcquisitionType": "2D",
    "MagneticFieldStrength": 3,
    "Manufacturer": "Philips",
    "ManufacturersModelName": "Ingenia Elition X",
    "Modality": "MR",
    "ParallelReductionFactorInPlane": 2,
    "ParallelReductionOutOfPlane": 6,
    "PatientPosition": "HFS",
    "PercentPhaseFOV": 100,
    "PercentSampling": 100,
    "PhaseEncodingAxis": "j",
    "PhaseEncodingSteps": 94,
    "PhilipsRWVIntercept": 0,
    "PhilipsRWVSlope": 1.07473,
    "PhilipsRescaleIntercept": 0,
    "PhilipsRescaleSlope": 1.07473,
    "PhilipsScaleSlope": 0.016401,
    "PixelBandwidth": 1851,
    "ProcedureStepDescription": "COLA",
    "ProtocolName": "COLA_R5",
    "ReconMatrixPE": 96,
    "RepetitionTime": 0.8,
    "SAR": 0.0818666,
    "ScanOptions": "FS",
    "ScanningSequence": "GR",
    "SequenceVariant": "SK",
    "SeriesDescription": "COLA_R5",
    "SeriesNumber": 901,
    "SliceThickness": 2.4,
    "SoftwareVersions": "5.6.1\\5.6.1.2",
    "SpacingBetweenSlices": 2.4,
    "StationName": "",
    "TaskName": "WC",
    "UsePhilipsFloatNotDisplayScaling": 1,
    "WaterFatShift": 16.3681,
    "dataset": "ds004073",
    "modality": "bold",
    "subject_id": "BAN05",
    "task_id": "WC"
  },
  "dummy_trs": 0,
  "dvars_nstd": 80.62113430283974,
  "dvars_std": 1.1370674023693397,
  "dvars_vstd": 1.042575747473867,
  "efc": 0.4506474326119136,
  "fber": 1783522.25,
  "fd_mean": 0.2222072203880421,
  "fd_num": 211,
  "fd_perc": 36.69565217391305,
  "fwhm_avg": 2.25260328499882,
  "fwhm_x": 2.228151726084559,
  "fwhm_y": 2.4478832116342035,
  "fwhm_z": 2.081774917277697,
  "gcor": 0.0133538,
  "gsr_x": -0.01424429938197136,
  "gsr_y": 0.044287409633398056,
  "provenance": {
    "md5sum": "4df7bff3990ed976db91ccc59c1ebf1b",
    "settings": {
      "fd_thres": 0.2,
      "testing": false
    },
    "software": "mriqc",
    "version": "23.0.0",
    "webapi_port": null,
    "webapi_url": "https://mriqc.nimh.nih.gov/api/v1"
  },
  "size_t": 575,
  "size_x": 96,
  "size_y": 96,
  "size_z": 60,
  "snr": 5.079712718025385,
  "spacing_tr": 0.8000001907348633,
  "spacing_x": 2.3958332538604736,
  "spacing_y": 2.3958332538604736,
  "spacing_z": 2.4000000953674316,
  "summary_bg_k": 26.95553540560604,
  "summary_bg_mad": 84.9673306395769,
  "summary_bg_mean": 2714.203369140625,
  "summary_bg_median": 57.83176803588867,
  "summary_bg_n": 392813.0,
  "summary_bg_p05": 0.4591091752052308,
  "summary_bg_p95": 13913.7375,
  "summary_bg_stdv": 6047.7080078125,
  "summary_fg_k": 0.8762815728132947,
  "summary_fg_mad": 13523.000160266909,
  "summary_fg_mean": 75044.078125,
  "summary_fg_median": 74463.4921875,
  "summary_fg_n": 88649.0,
  "summary_fg_p05": 52839.2578125,
  "summary_fg_p95": 100574.025,
  "summary_fg_stdv": 14658.9140625,
  "tsnr": 18.928281784057617
}