{
  "aor": 0.0006520521739130436,
  "aqi": 0.056034020521739135,
  "bids_meta": {
    "AcquisitionMatrixPE": 94,
    "AcquisitionNumber": 2,
    "AcquisitionTime": "",
    "BodyPartExamined": "BRAIN",
    "CoilString": "MULTI COIL",
    "ConversionSoftware": "dcm2niix",
    "ConversionSoftwareVersion": "v1.0.20210317",
    "DeviceSerialNumber": "45128",
    "EchoTime": 0.03,
    "EchoTrainLength": 47,
    "EstimatedEffectiveEchoSpacing": 0.000388368,
    "EstimatedTotalReadoutTime": 0.036895,
    "FlipAngle": 52,
    "ImageOrientationPatientDICOM": [
      0.999849,
      0.000378587,
      0.0173829,
      0.000696882,
      0.998087,
      -0.0618219
    ],
    "ImageType": [
      "ORIGINAL",
      "PRIMARY",
      "M",
      "FFE",
      "M",
      "FFE"
    ],
    "ImagingFrequency": 127.764,
    "InPlanePhaseEncodingDirectionDICOM": "COL",
    "InstitutionAddress": "",
    "InstitutionName": "",
    "InstitutionalDepartmentName": "",
    "MRAcquisitionType": "2D",
    "MagneticFieldStrength": 3,
    "Manufacturer": "Philips",
    "ManufacturersModelName": "Ingenia Elition X",
    "Modality": "MR",
    "ParallelReductionFactorInPlane": 2,
    "ParallelReductionOutOfPlane": 6,
    "PatientPosition": "HFS",
    "PercentPhaseFOV": 100,
    "PercentSampling": 100,
    "PhaseEncodingAxis": "j",
    "PhaseEncodingSteps": 94,
    "PhilipsRWVIntercept": 0,
    "PhilipsRWVSlope": 1.08718,
    "PhilipsRescaleIntercept": 0,
    "PhilipsRescaleSlope": 1.08718,
    "PhilipsScaleSlope": 0.016017,
    "PixelBandwidth": 1851,
    "ProcedureStepDescription": "COLA",
    "ProtocolName": "COLA_R1",
    "ReconMatrixPE": 96,
    "RepetitionTime": 0.8,
    "SAR": 0.0818666,
    "ScanOptions": "FS",
    "ScanningSequence": "GR",
    "SequenceVariant": "SK",
    "SeriesDescription": "COLA_R1",
    "SeriesNumber": 201,
    "SliceThickness": 2.4,
    "SoftwareVersions": "5.6.1\\5.6.1.2",
    "SpacingBetweenSlices": 2.4,
    "StationName": "",
    "TaskName": "SC",
    "UsePhilipsFloatNotDisplayScaling": 1,
    "WaterFatShift": 16.3681,
    "dataset": "ds004073",
    "modality": "bold",
    "subject_id": "BAN05",
    "task_id": "SC"
  },
  "dummy_trs": 0,
  "dvars_nstd": 80.47284721083625,
  "dvars_std": 1.0741792890069684,
  "dvars_vstd": 0.9958925757142849,
  "efc": 0.4449825130791481,
  "fber": 1995722.375,
  "fd_mean": 0.237279076121402,
  "fd_num": 307,
  "fd_perc": 53.391304347826086,
  "fwhm_avg": 2.2902116049690484,
  "fwhm_x": 2.2575152053194527,
  "fwhm_y": 2.5264946925027165,
  "fwhm_z": 2.0866249170849756,
  "gcor": 0.0118038,
  "gsr_x": -0.010918153449892998,
  "gsr_y": 0.036983922123909,
  "provenance": {
    "md5sum": "3488e7a0f815df8bedd831da3ed1210c",
    "settings": {
      "fd_thres": 0.2,
      "testing": false
    },
    "software": "mriqc",
    "version": "23.0.0",
    "webapi_port": null,
    "webapi_url": "https://mriqc.nimh.nih.gov/api/v1"
  },
  "size_t": 575,
  "size_x": 96,
  "size_y": 96,
  "size_z": 60,
  "snr": 4.927912509369262,
  "spacing_tr": 0.8000001907348633,
  "spacing_x": 2.3958332538604736,
  "spacing_y": 2.3958332538604736,
  "spacing_z": 2.4000000953674316,
  "summary_bg_k": 30.523474637551224,
  "summary_bg_mad": 82.00860858234424,
  "summary_bg_mean": 2614.056640625,
  "summary_bg_median": 55.958984375,
  "summary_bg_n": 394043.0,
  "summary_bg_p05": 0.47963798344135317,
  "summary_bg_p95": 13214.444726562499,
  "summary_bg_stdv": 5882.3955078125,
  "summary_fg_k": 0.5406675502261398,
  "summary_fg_mad": 14936.516590239098,
  "summary_fg_mean": 76909.9765625,
  "summary_fg_median": 76600.390625,
  "summary_fg_n": 87576.0,
  "summary_fg_p05": 52433.6123046875,
  "summary_fg_p95": 102787.048828125,
  "summary_fg_stdv": 15544.09765625,
  "tsnr": 16.070064544677734
}