{
  "aor": 0.002738034782608696,
  "aqi": 0.04911361947826087,
  "bids_meta": {
    "AcquisitionMatrixPE": 94,
    "AcquisitionNumber": 8,
    "AcquisitionTime": "",
    "BodyPartExamined": "BRAIN",
    "CoilString": "MULTI COIL",
    "ConversionSoftware": "dcm2niix",
    "ConversionSoftwareVersion": "v1.0.20210317",
    "DeviceSerialNumber": "45128",
    "EchoTime": 0.03,
    "EchoTrainLength": 47,
    "EstimatedEffectiveEchoSpacing": 0.000388368,
    "EstimatedTotalReadoutTime": 0.036895,
    "FlipAngle": 52,
    "ImageOrientationPatientDICOM": [
      0.999849,
      0.000378587,
      0.0173829,
      0.000696882,
      0.998087,
      -0.0618219
    ],
    "ImageType": [
      "ORIGINAL",
      "PRIMARY",
      "M",
      "FFE",
      "M",
      "FFE"
    ],
    "ImagingFrequency": 127.764,
    "InPlanePhaseEncodingDirectionDICOM": "COL",
    "InstitutionAddress": "",
    "InstitutionName": "",
    "InstitutionalDepartmentName": "",
    "MRAcquisitionType": "2D",
    "MagneticFieldStrength": 3,
    "Manufacturer": "Philips",
    "ManufacturersModelName": "Ingenia Elition X",
    "Modality": "MR",
    "ParallelReductionFactorInPlane": 2,
    "ParallelReductionOutOfPlane": 6,
    "PatientPosition": "HFS",
    "PercentPhaseFOV": 100,
    "PercentSampling": 100,
    "PhaseEncodingAxis": "j",
    "PhaseEncodingSteps": 94,
    "PhilipsRWVIntercept": 0,
    "PhilipsRWVSlope": 1.1558,
    "PhilipsRescaleIntercept": 0,
    "PhilipsRescaleSlope": 1.1558,
    "PhilipsScaleSlope": 0.0163507,
    "PixelBandwidth": 1851,
    "ProcedureStepDescription": "COLA",
    "ProtocolName": "COLA_R4",
    "ReconMatrixPE": 96,
    "RepetitionTime": 0.8,
    "SAR": 0.0818666,
    "ScanOptions": "FS",
    "ScanningSequence": "GR",
    "SequenceVariant": "SK",
    "SeriesDescription": "COLA_R4",
    "SeriesNumber": 801,
    "SliceThickness": 2.4,
    "SoftwareVersions": "5.6.1\\5.6.1.2",
    "SpacingBetweenSlices": 2.4,
    "StationName": "",
    "TaskName": "SD",
    "UsePhilipsFloatNotDisplayScaling": 1,
    "WaterFatShift": 16.3681,
    "dataset": "ds004073",
    "modality": "bold",
    "subject_id": "BAN05",
    "task_id": "SD"
  },
  "dummy_trs": 0,
  "dvars_nstd": 80.78076401813587,
  "dvars_std": 1.1357531601393727,
  "dvars_vstd": 1.0401593514111491,
  "efc": 0.4503373661875146,
  "fber": 1569785.75,
  "fd_mean": 0.19772018497649657,
  "fd_num": 142,
  "fd_perc": 24.695652173913043,
  "fwhm_avg": 2.27226071742191,
  "fwhm_x": 2.25398824868072,
  "fwhm_y": 2.456489820615348,
  "fwhm_z": 2.1063040829696624,
  "gcor": 0.027205,
  "gsr_x": -0.01459323987364769,
  "gsr_y": 0.044338393956422806,
  "provenance": {
    "md5sum": "569c87813a1ab5c177b85fc2e7094814",
    "settings": {
      "fd_thres": 0.2,
      "testing": false
    },
    "software": "mriqc",
    "version": "23.0.0",
    "webapi_port": null,
    "webapi_url": "https://mriqc.nimh.nih.gov/api/v1"
  },
  "size_t": 575,
  "size_x": 96,
  "size_y": 96,
  "size_z": 60,
  "snr": 5.08829308554395,
  "spacing_tr": 0.8000001907348633,
  "spacing_x": 2.3958332538604736,
  "spacing_y": 2.3958332538604736,
  "spacing_z": 2.4000000953674316,
  "summary_bg_k": 28.227895172897902,
  "summary_bg_mad": 89.1443241376846,
  "summary_bg_mean": 2684.2685546875,
  "summary_bg_median": 60.82706069946289,
  "summary_bg_n": 392736.0,
  "summary_bg_p05": 0.5328699499368668,
  "summary_bg_p95": 13856.7275390625,
  "summary_bg_stdv": 6012.990234375,
  "summary_fg_k": 0.9698106751778051,
  "summary_fg_mad": 13344.41029850106,
  "summary_fg_mean": 74807.7265625,
  "summary_fg_median": 73978.4296875,
  "summary_fg_n": 88645.0,
  "summary_fg_p05": 53294.9453125,
  "summary_fg_p95": 100597.07812500001,
  "summary_fg_stdv": 14538.8662109375,
  "tsnr": 17.441547393798828
}