{
  "aor": 0.0010276521739130435,
  "aqi": 0.03841740991304348,
  "bids_meta": {
    "AcquisitionMatrixPE": 94,
    "AcquisitionNumber": 3,
    "AcquisitionTime": "",
    "BodyPartExamined": "BRAIN",
    "CoilString": "MULTI COIL",
    "ConversionSoftware": "dcm2niix",
    "ConversionSoftwareVersion": "v1.0.20210317",
    "DeviceSerialNumber": "45128",
    "EchoTime": 0.03,
    "EchoTrainLength": 47,
    "EstimatedEffectiveEchoSpacing": 0.000388368,
    "EstimatedTotalReadoutTime": 0.036895,
    "FlipAngle": 52,
    "ImageOrientationPatientDICOM": [
      0.999849,
      0.000378587,
      0.0173829,
      0.000696882,
      0.998087,
      -0.0618219
    ],
    "ImageType": [
      "ORIGINAL",
      "PRIMARY",
      "M",
      "FFE",
      "M",
      "FFE"
    ],
    "ImagingFrequency": 127.764,
    "InPlanePhaseEncodingDirectionDICOM": "COL",
    "InstitutionAddress": "",
    "InstitutionName": "",
    "InstitutionalDepartmentName": "",
    "MRAcquisitionType": "2D",
    "MagneticFieldStrength": 3,
    "Manufacturer": "Philips",
    "ManufacturersModelName": "Ingenia Elition X",
    "Modality": "MR",
    "ParallelReductionFactorInPlane": 2,
    "ParallelReductionOutOfPlane": 6,
    "PatientPosition": "HFS",
    "PercentPhaseFOV": 100,
    "PercentSampling": 100,
    "PhaseEncodingAxis": "j",
    "PhaseEncodingSteps": 94,
    "PhilipsRWVIntercept": 0,
    "PhilipsRWVSlope": 1.03565,
    "PhilipsRescaleIntercept": 0,
    "PhilipsRescaleSlope": 1.03565,
    "PhilipsScaleSlope": 0.0159758,
    "PixelBandwidth": 1851,
    "ProcedureStepDescription": "COLA",
    "ProtocolName": "COLA_R2",
    "ReconMatrixPE": 96,
    "RepetitionTime": 0.8,
    "SAR": 0.0818666,
    "ScanOptions": "FS",
    "ScanningSequence": "GR",
    "SequenceVariant": "SK",
    "SeriesDescription": "COLA_R2",
    "SeriesNumber": 301,
    "SliceThickness": 2.4,
    "SoftwareVersions": "5.6.1\\5.6.1.2",
    "SpacingBetweenSlices": 2.4,
    "StationName": "",
    "TaskName": "PD",
    "UsePhilipsFloatNotDisplayScaling": 1,
    "WaterFatShift": 16.3681,
    "dataset": "ds004073",
    "modality": "bold",
    "subject_id": "BAN05",
    "task_id": "PD"
  },
  "dummy_trs": 0,
  "dvars_nstd": 79.1812383939721,
  "dvars_std": 1.1240527674564473,
  "dvars_vstd": 1.029138432264809,
  "efc": 0.4481136178609593,
  "fber": 1760928.5,
  "fd_mean": 0.18514090680333367,
  "fd_num": 202,
  "fd_perc": 35.130434782608695,
  "fwhm_avg": 2.2490774593672325,
  "fwhm_x": 2.2101329428781575,
  "fwhm_y": 2.478874517010051,
  "fwhm_z": 2.0582249182134897,
  "gcor": 0.0123575,
  "gsr_x": -0.012784315273165703,
  "gsr_y": 0.040270984172821045,
  "provenance": {
    "md5sum": "2887b8d027fb81a715675f367e182ccd",
    "settings": {
      "fd_thres": 0.2,
      "testing": false
    },
    "software": "mriqc",
    "version": "23.0.0",
    "webapi_port": null,
    "webapi_url": "https://mriqc.nimh.nih.gov/api/v1"
  },
  "size_t": 575,
  "size_x": 96,
  "size_y": 96,
  "size_z": 60,
  "snr": 5.1489170608493975,
  "spacing_tr": 0.8000001907348633,
  "spacing_x": 2.3958332538604736,
  "spacing_y": 2.3958332538604736,
  "spacing_z": 2.4000000953674316,
  "summary_bg_k": 28.098905583558267,
  "summary_bg_mad": 87.62179702563265,
  "summary_bg_mean": 2703.299072265625,
  "summary_bg_median": 59.642112731933594,
  "summary_bg_n": 392986.0,
  "summary_bg_p05": 0.39988644421100616,
  "summary_bg_p95": 13954.732421875,
  "summary_bg_stdv": 6121.67626953125,
  "summary_fg_k": 0.7253528384479155,
  "summary_fg_mad": 14213.359983918244,
  "summary_fg_mean": 77449.6328125,
  "summary_fg_median": 77169.890625,
  "summary_fg_n": 88531.0,
  "summary_fg_p05": 54238.82421875,
  "summary_fg_p95": 102734.64453125,
  "summary_fg_stdv": 14987.51171875,
  "tsnr": 19.646526336669922
}