{
  "bids_meta": {
    "AcquisitionMatrixPE": 174,
    "AcquisitionNumber": 1,
    "AcquisitionTime": "",
    "BaseResolution": 192,
    "BodyPartExamined": "BRAIN",
    "ConsistencyInfo": "N4_VE11C_LATEST_20160120",
    "ConversionSoftware": "dcm2niix",
    "ConversionSoftwareVersion": "v1.0.20210317",
    "DeviceSerialNumber": "66093",
    "DwellTime": 1.3e-05,
    "EchoTime": 0.00397,
    "FlipAngle": 8,
    "ImageOrientationPatientDICOM": [
      0.995736,
      0.00484843,
      0.0921201,
      -1.51053e-10,
      0.998618,
      -0.0525588
    ],
    "ImageType": [
      "ORIGINAL",
      "PRIMARY",
      "M",
      "ND",
      "NORM"
    ],
    "ImagingFrequency": 123.259,
    "InPlanePhaseEncodingDirectionDICOM": "ROW",
    "InstitutionAddress": "",
    "InstitutionName": "",
    "InstitutionalDepartmentName": "",
    "InversionTime": 0.904,
    "MRAcquisitionType": "3D",
    "MagneticFieldStrength": 3,
    "Manufacturer": "Siemens",
    "ManufacturersModelName": "Prisma",
    "Modality": "MR",
    "PartialFourier": 1,
    "PatientPosition": "HFS",
    "PercentPhaseFOV": 90.625,
    "PercentSampling": 100,
    "PhaseEncodingSteps": 174,
    "PhaseResolution": 1,
    "PixelBandwidth": 200,
    "ProtocolName": "t1_mpr_ax_1mm_iso_32ch_v2",
    "PulseSequenceDetails": "%SiemensSeq%\\tfl",
    "ReceiveCoilActiveElements": "HEA;HEP",
    "ReceiveCoilName": "Head_32",
    "ReconMatrixPE": 174,
    "RepetitionTime": 1.9,
    "SAR": 0.0506134,
    "ScanOptions": "IR\\WE",
    "ScanningSequence": "GR\\IR",
    "SequenceName": "*tfl3d1_16",
    "SequenceVariant": "SK\\SP\\MP",
    "SeriesDescription": "t1_mpr_ax_1mm_iso_32ch_v2",
    "SeriesNumber": 14,
    "ShimSetting": [
      4958,
      -11377,
      -1299,
      547,
      13,
      62,
      -53,
      21
    ],
    "SliceThickness": 1,
    "SoftwareVersions": "syngo MR E11",
    "StationName": "",
    "TxRefAmp": 242.422,
    "dataset": "ds004073",
    "modality": "T1w",
    "subject_id": "OXF08"
  },
  "cjv": 0.33683571843945115,
  "cnr": 4.037591559482145,
  "efc": 0.5753290371347443,
  "fber": 21493.75220543279,
  "fwhm_avg": 4.57589,
  "fwhm_x": 4.21736,
  "fwhm_y": 5.04212,
  "fwhm_z": 4.46819,
  "icvs_csf": 0.21650189265888647,
  "icvs_gm": 0.4238689556387146,
  "icvs_wm": 0.3596291517023989,
  "inu_med": 0.3890075087547302,
  "inu_range": 0.1571326792240143,
  "provenance": {
    "md5sum": "a3982761fab3531ca4e0dc9b13923146",
    "settings": {
      "testing": false
    },
    "software": "mriqc",
    "version": "23.0.0",
    "warnings": {
      "large_rot_frame": true,
      "small_air_mask": false
    },
    "webapi_port": null,
    "webapi_url": "https://mriqc.nimh.nih.gov/api/v1"
  },
  "qi_1": 0.0,
  "qi_2": 0.014664216054094384,
  "rpve_csf": 12.76100594698115,
  "rpve_gm": 6.712064220528277,
  "rpve_wm": 9.288131828172355,
  "size_x": 174,
  "size_y": 192,
  "size_z": 192,
  "snr_csf": 2.254192291201264,
  "snr_gm": 13.748629383504381,
  "snr_total": 15.244940065404549,
  "snr_wm": 29.731998521508004,
  "snrd_csf": 38.70274013386454,
  "snrd_gm": 105.12307061303474,
  "snrd_total": 95.16898066029667,
  "snrd_wm": 141.68113123399075,
  "spacing_x": 1.0,
  "spacing_y": 1.0,
  "spacing_z": 1.0,
  "summary_bg_k": 10.948783703020199,
  "summary_bg_mad": 4.624204027118384,
  "summary_bg_mean": 4.7338655704990344,
  "summary_bg_median": 3.1189782191067934,
  "summary_bg_n": 1889749.0,
  "summary_bg_p05": 0.0,
  "summary_bg_p95": 17.60136752948165,
  "summary_bg_stdv": 6.367454853394981,
  "summary_csf_k": 0.4695082507242869,
  "summary_csf_mad": 99.25839217445193,
  "summary_csf_mean": 274.3558259968254,
  "summary_csf_median": 273.178786566481,
  "summary_csf_n": 46760.0,
  "summary_csf_p05": 60.154560811817646,
  "summary_csf_p95": 483.68001720122993,
  "summary_csf_stdv": 121.18569766373564,
  "summary_gm_k": -0.024784749382465776,
  "summary_gm_mad": 54.695203046871576,
  "summary_gm_mean": 741.2930627454462,
  "summary_gm_median": 741.9989584945142,
  "summary_gm_n": 40171.0,
  "summary_gm_p05": 651.7869833800942,
  "summary_gm_p95": 828.8237629951909,
  "summary_gm_stdv": 53.96826856225253,
  "summary_wm_k": 0.6215059360839996,
  "summary_wm_mad": 32.22216054565294,
  "summary_wm_mean": 1000.5200896790807,
  "summary_wm_median": 1000.0397743415087,
  "summary_wm_n": 215434.0,
  "summary_wm_p05": 946.6595547571778,
  "summary_wm_p95": 1056.0224534589797,
  "summary_wm_stdv": 33.6350566083426,
  "tpm_overlap_csf": 0.16347786662155786,
  "tpm_overlap_gm": 0.46690362155787846,
  "tpm_overlap_wm": 0.5024386356807415,
  "wm2max": 0.8870152067804973
}