{
  "aor": 0.0005811304347826087,
  "aqi": 0.041214952347826087,
  "bids_meta": {
    "AcquisitionMatrixPE": 94,
    "AcquisitionNumber": 9,
    "AcquisitionTime": "",
    "BodyPartExamined": "BRAIN",
    "CoilString": "MULTI COIL",
    "ConversionSoftware": "dcm2niix",
    "ConversionSoftwareVersion": "v1.0.20210317",
    "DeviceSerialNumber": "45128",
    "EchoTime": 0.03,
    "EchoTrainLength": 47,
    "EstimatedEffectiveEchoSpacing": 0.000388368,
    "EstimatedTotalReadoutTime": 0.036895,
    "FlipAngle": 52,
    "ImageOrientationPatientDICOM": [
      0.999849,
      0.000559546,
      0.017378,
      0.000696882,
      0.997389,
      -0.0722099
    ],
    "ImageType": [
      "ORIGINAL",
      "PRIMARY",
      "M",
      "FFE",
      "M",
      "FFE"
    ],
    "ImagingFrequency": 127.764,
    "InPlanePhaseEncodingDirectionDICOM": "COL",
    "InstitutionAddress": "",
    "InstitutionName": "",
    "InstitutionalDepartmentName": "",
    "MRAcquisitionType": "2D",
    "MagneticFieldStrength": 3,
    "Manufacturer": "Philips",
    "ManufacturersModelName": "Ingenia Elition X",
    "Modality": "MR",
    "ParallelReductionFactorInPlane": 2,
    "ParallelReductionOutOfPlane": 6,
    "PatientPosition": "HFS",
    "PercentPhaseFOV": 100,
    "PercentSampling": 100,
    "PhaseEncodingAxis": "j",
    "PhaseEncodingSteps": 94,
    "PhilipsRWVIntercept": 0,
    "PhilipsRWVSlope": 1.11209,
    "PhilipsRescaleIntercept": 0,
    "PhilipsRescaleSlope": 1.11209,
    "PhilipsScaleSlope": 0.0164259,
    "PixelBandwidth": 1851,
    "ProtocolName": "COLA_R4",
    "ReconMatrixPE": 96,
    "RepetitionTime": 0.8,
    "SAR": 0.0818665,
    "ScanOptions": "FS",
    "ScanningSequence": "GR",
    "SequenceVariant": "SK",
    "SeriesDescription": "COLA_R4",
    "SeriesNumber": 901,
    "SliceThickness": 2.4,
    "SoftwareVersions": "5.6.1\\5.6.1.2",
    "SpacingBetweenSlices": 2.4,
    "StationName": "",
    "TaskName": "WG",
    "UsePhilipsFloatNotDisplayScaling": 1,
    "WaterFatShift": 16.3681,
    "dataset": "ds004073",
    "modality": "bold",
    "subject_id": "BAN03",
    "task_id": "WG"
  },
  "dummy_trs": 0,
  "dvars_nstd": 75.49302908599307,
  "dvars_std": 1.0873961594599302,
  "dvars_vstd": 1.017438303693379,
  "efc": 0.3816779634277868,
  "fber": 9957999.0,
  "fd_mean": 0.27056281572375646,
  "fd_num": 340,
  "fd_perc": 59.130434782608695,
  "fwhm_avg": 2.2519809426065702,
  "fwhm_x": 2.2984153805892076,
  "fwhm_y": 2.401410862266569,
  "fwhm_z": 2.0561165849639345,
  "gcor": 0.00793642,
  "gsr_x": -0.020447373390197754,
  "gsr_y": 0.018179981037974358,
  "provenance": {
    "md5sum": "b4d8d456f7f2e4bc8a8683c0de8bac11",
    "settings": {
      "fd_thres": 0.2,
      "testing": false
    },
    "software": "mriqc",
    "version": "23.0.0",
    "webapi_port": null,
    "webapi_url": "https://mriqc.nimh.nih.gov/api/v1"
  },
  "size_t": 575,
  "size_x": 96,
  "size_y": 96,
  "size_z": 60,
  "snr": 5.266291202159017,
  "spacing_tr": 0.8000001907348633,
  "spacing_x": 2.3958332538604736,
  "spacing_y": 2.3958332538604736,
  "spacing_z": 2.4000000953674316,
  "summary_bg_k": 62.63315171776593,
  "summary_bg_mad": 33.97493290294166,
  "summary_bg_mean": 1746.26171875,
  "summary_bg_median": 23.209665298461914,
  "summary_bg_n": 420102.0,
  "summary_bg_p05": 0.1829353116452694,
  "summary_bg_p95": 9122.942773437495,
  "summary_bg_stdv": 4499.31005859375,
  "summary_fg_k": 1.128685898337685,
  "summary_fg_mad": 12848.804175646233,
  "summary_fg_mean": 73755.5546875,
  "summary_fg_median": 73127.078125,
  "summary_fg_n": 65069.0,
  "summary_fg_p05": 52801.94765625,
  "summary_fg_p95": 97244.7265625,
  "summary_fg_stdv": 13885.771484375,
  "tsnr": 19.01036834716797
}