{
  "aor": 0.0008450260869565218,
  "aqi": 0.042009177913043476,
  "bids_meta": {
    "AcquisitionMatrixPE": 94,
    "AcquisitionNumber": 2,
    "AcquisitionTime": "",
    "BodyPartExamined": "BRAIN",
    "CoilString": "MULTI COIL",
    "ConversionSoftware": "dcm2niix",
    "ConversionSoftwareVersion": "v1.0.20210317",
    "DeviceSerialNumber": "45128",
    "EchoTime": 0.03,
    "EchoTrainLength": 47,
    "EstimatedEffectiveEchoSpacing": 0.000388368,
    "EstimatedTotalReadoutTime": 0.036895,
    "FlipAngle": 52,
    "ImageOrientationPatientDICOM": [
      0.999849,
      0.000559546,
      0.017378,
      0.000696882,
      0.997389,
      -0.0722099
    ],
    "ImageType": [
      "ORIGINAL",
      "PRIMARY",
      "M",
      "FFE",
      "M",
      "FFE"
    ],
    "ImagingFrequency": 127.764,
    "InPlanePhaseEncodingDirectionDICOM": "COL",
    "InstitutionAddress": "",
    "InstitutionName": "",
    "InstitutionalDepartmentName": "",
    "MRAcquisitionType": "2D",
    "MagneticFieldStrength": 3,
    "Manufacturer": "Philips",
    "ManufacturersModelName": "Ingenia Elition X",
    "Modality": "MR",
    "ParallelReductionFactorInPlane": 2,
    "ParallelReductionOutOfPlane": 6,
    "PatientPosition": "HFS",
    "PercentPhaseFOV": 100,
    "PercentSampling": 100,
    "PhaseEncodingAxis": "j",
    "PhaseEncodingSteps": 94,
    "PhilipsRWVIntercept": 0,
    "PhilipsRWVSlope": 1.04103,
    "PhilipsRescaleIntercept": 0,
    "PhilipsRescaleSlope": 1.04103,
    "PhilipsScaleSlope": 0.0165507,
    "PixelBandwidth": 1851,
    "ProtocolName": "COLA_R1",
    "ReconMatrixPE": 96,
    "RepetitionTime": 0.8,
    "SAR": 0.0818665,
    "ScanOptions": "FS",
    "ScanningSequence": "GR",
    "SequenceVariant": "SK",
    "SeriesDescription": "COLA_R1",
    "SeriesNumber": 201,
    "SliceThickness": 2.4,
    "SoftwareVersions": "5.6.1\\5.6.1.2",
    "SpacingBetweenSlices": 2.4,
    "StationName": "",
    "TaskName": "SG",
    "UsePhilipsFloatNotDisplayScaling": 1,
    "WaterFatShift": 16.3681,
    "dataset": "ds004073",
    "modality": "bold",
    "subject_id": "BAN03",
    "task_id": "SG"
  },
  "dummy_trs": 0,
  "dvars_nstd": 75.71813566114986,
  "dvars_std": 1.0943637252264813,
  "dvars_vstd": 1.019285033693379,
  "efc": 0.37917506096850273,
  "fber": 7734703.5,
  "fd_mean": 0.454982023122025,
  "fd_num": 405,
  "fd_perc": 70.43478260869566,
  "fwhm_avg": 2.241106041610066,
  "fwhm_x": 2.282299901793767,
  "fwhm_y": 2.3984974708655806,
  "fwhm_z": 2.0425207521708506,
  "gcor": 0.019226,
  "gsr_x": -0.019842682406306267,
  "gsr_y": 0.015238838270306587,
  "provenance": {
    "md5sum": "d6939edafdfb5949760ba5fa2db31db5",
    "settings": {
      "fd_thres": 0.2,
      "testing": false
    },
    "software": "mriqc",
    "version": "23.0.0",
    "webapi_port": null,
    "webapi_url": "https://mriqc.nimh.nih.gov/api/v1"
  },
  "size_t": 575,
  "size_x": 96,
  "size_y": 96,
  "size_z": 60,
  "snr": 5.38749909718167,
  "spacing_tr": 0.8000001907348633,
  "spacing_x": 2.3958332538604736,
  "spacing_y": 2.3958332538604736,
  "spacing_z": 2.4000000953674316,
  "summary_bg_k": 56.76269261162898,
  "summary_bg_mad": 39.857226842173155,
  "summary_bg_mean": 1716.5079345703125,
  "summary_bg_median": 27.220996856689453,
  "summary_bg_n": 420869.0,
  "summary_bg_p05": 0.19892943203449248,
  "summary_bg_p95": 8829.229296874992,
  "summary_bg_stdv": 4408.01904296875,
  "summary_fg_k": 1.0257466126073407,
  "summary_fg_mad": 13084.257044765196,
  "summary_fg_mean": 74812.484375,
  "summary_fg_median": 74348.984375,
  "summary_fg_n": 64526.0,
  "summary_fg_p05": 53767.953125,
  "summary_fg_p95": 97658.5703125,
  "summary_fg_stdv": 13800.1708984375,
  "tsnr": 18.72145652770996
}