{
  "aor": 0.0007178608695652173,
  "aqi": 0.036652328869565216,
  "bids_meta": {
    "AcquisitionMatrixPE": 94,
    "AcquisitionNumber": 11,
    "AcquisitionTime": "",
    "BodyPartExamined": "BRAIN",
    "CoilString": "MULTI COIL",
    "ConversionSoftware": "dcm2niix",
    "ConversionSoftwareVersion": "v1.0.20210317",
    "DeviceSerialNumber": "45128",
    "EchoTime": 0.03,
    "EchoTrainLength": 47,
    "EstimatedEffectiveEchoSpacing": 0.000388368,
    "EstimatedTotalReadoutTime": 0.036895,
    "FlipAngle": 52,
    "ImageOrientationPatientDICOM": [
      0.999849,
      0.000559546,
      0.017378,
      0.000696882,
      0.997389,
      -0.0722099
    ],
    "ImageType": [
      "ORIGINAL",
      "PRIMARY",
      "M",
      "FFE",
      "M",
      "FFE"
    ],
    "ImagingFrequency": 127.764,
    "InPlanePhaseEncodingDirectionDICOM": "COL",
    "InstitutionAddress": "",
    "InstitutionName": "",
    "InstitutionalDepartmentName": "",
    "MRAcquisitionType": "2D",
    "MagneticFieldStrength": 3,
    "Manufacturer": "Philips",
    "ManufacturersModelName": "Ingenia Elition X",
    "Modality": "MR",
    "ParallelReductionFactorInPlane": 2,
    "ParallelReductionOutOfPlane": 6,
    "PatientPosition": "HFS",
    "PercentPhaseFOV": 100,
    "PercentSampling": 100,
    "PhaseEncodingAxis": "j",
    "PhaseEncodingSteps": 94,
    "PhilipsRWVIntercept": 0,
    "PhilipsRWVSlope": 1.0757,
    "PhilipsRescaleIntercept": 0,
    "PhilipsRescaleSlope": 1.0757,
    "PhilipsScaleSlope": 0.0164215,
    "PixelBandwidth": 1851,
    "ProtocolName": "COLA_R6",
    "ReconMatrixPE": 96,
    "RepetitionTime": 0.8,
    "SAR": 0.0818665,
    "ScanOptions": "FS",
    "ScanningSequence": "GR",
    "SequenceVariant": "SK",
    "SeriesDescription": "COLA_R6",
    "SeriesNumber": 1101,
    "SliceThickness": 2.4,
    "SoftwareVersions": "5.6.1\\5.6.1.2",
    "SpacingBetweenSlices": 2.4,
    "StationName": "",
    "TaskName": "SD",
    "UsePhilipsFloatNotDisplayScaling": 1,
    "WaterFatShift": 16.3681,
    "dataset": "ds004073",
    "modality": "bold",
    "subject_id": "BAN03",
    "task_id": "SD"
  },
  "dummy_trs": 0,
  "dvars_nstd": 73.46926058451211,
  "dvars_std": 1.0963654924390245,
  "dvars_vstd": 1.0236884577526133,
  "efc": 0.38186716155029804,
  "fber": 13635152.0,
  "fd_mean": 0.1955879761186188,
  "fd_num": 232,
  "fd_perc": 40.34782608695652,
  "fwhm_avg": 2.232308949477755,
  "fwhm_x": 2.265470683844216,
  "fwhm_y": 2.386752079171623,
  "fwhm_z": 2.044704085417426,
  "gcor": 0.0159642,
  "gsr_x": -0.020123327150940895,
  "gsr_y": 0.019783930853009224,
  "provenance": {
    "md5sum": "b54f6f2df58b84dcf57f34410bab6efa",
    "settings": {
      "fd_thres": 0.2,
      "testing": false
    },
    "software": "mriqc",
    "version": "23.0.0",
    "webapi_port": null,
    "webapi_url": "https://mriqc.nimh.nih.gov/api/v1"
  },
  "size_t": 575,
  "size_x": 96,
  "size_y": 96,
  "size_z": 60,
  "snr": 5.402642904595112,
  "spacing_tr": 0.8000001907348633,
  "spacing_x": 2.3958332538604736,
  "spacing_y": 2.3958332538604736,
  "spacing_z": 2.4000000953674316,
  "summary_bg_k": 66.95563960803172,
  "summary_bg_mad": 29.41176133917927,
  "summary_bg_mean": 1736.7462158203125,
  "summary_bg_median": 20.026657104492188,
  "summary_bg_n": 420015.0,
  "summary_bg_p05": 0.13979332596063615,
  "summary_bg_p95": 9127.352636718746,
  "summary_bg_stdv": 4462.5908203125,
  "summary_fg_k": 1.0656378057912645,
  "summary_fg_mad": 12759.604803109425,
  "summary_fg_mean": 73716.53125,
  "summary_fg_median": 73255.3125,
  "summary_fg_n": 65314.0,
  "summary_fg_p05": 53101.2505859375,
  "summary_fg_p95": 96350.50820312499,
  "summary_fg_stdv": 13559.05859375,
  "tsnr": 20.376800537109375
}