{
  "aor": 0.008974017391304347,
  "aqi": 0.059352209913043484,
  "bids_meta": {
    "AcquisitionMatrixPE": 94,
    "AcquisitionNumber": 4,
    "AcquisitionTime": "",
    "BodyPartExamined": "BRAIN",
    "CoilString": "MULTI COIL",
    "ConversionSoftware": "dcm2niix",
    "ConversionSoftwareVersion": "v1.0.20210317",
    "DeviceSerialNumber": "45128",
    "EchoTime": 0.03,
    "EchoTrainLength": 47,
    "EstimatedEffectiveEchoSpacing": 0.000388368,
    "EstimatedTotalReadoutTime": 0.036895,
    "FlipAngle": 52,
    "ImageOrientationPatientDICOM": [
      0.999849,
      0.000559546,
      0.017378,
      0.000696882,
      0.997389,
      -0.0722099
    ],
    "ImageType": [
      "ORIGINAL",
      "PRIMARY",
      "M",
      "FFE",
      "M",
      "FFE"
    ],
    "ImagingFrequency": 127.764,
    "InPlanePhaseEncodingDirectionDICOM": "COL",
    "InstitutionAddress": "",
    "InstitutionName": "",
    "InstitutionalDepartmentName": "",
    "MRAcquisitionType": "2D",
    "MagneticFieldStrength": 3,
    "Manufacturer": "Philips",
    "ManufacturersModelName": "Ingenia Elition X",
    "Modality": "MR",
    "ParallelReductionFactorInPlane": 2,
    "ParallelReductionOutOfPlane": 6,
    "PatientPosition": "HFS",
    "PercentPhaseFOV": 100,
    "PercentSampling": 100,
    "PhaseEncodingAxis": "j",
    "PhaseEncodingSteps": 94,
    "PhilipsRWVIntercept": 0,
    "PhilipsRWVSlope": 1.00024,
    "PhilipsRescaleIntercept": 0,
    "PhilipsRescaleSlope": 1.00024,
    "PhilipsScaleSlope": 0.0164067,
    "PixelBandwidth": 1851,
    "ProtocolName": "COLA_R2",
    "ReconMatrixPE": 96,
    "RepetitionTime": 0.8,
    "SAR": 0.0818665,
    "ScanOptions": "FS",
    "ScanningSequence": "GR",
    "SequenceVariant": "SK",
    "SeriesDescription": "COLA_R2",
    "SeriesNumber": 401,
    "SliceThickness": 2.4,
    "SoftwareVersions": "5.6.1\\5.6.1.2",
    "SpacingBetweenSlices": 2.4,
    "StationName": "",
    "TaskName": "WC",
    "UsePhilipsFloatNotDisplayScaling": 1,
    "WaterFatShift": 16.3681,
    "dataset": "ds004073",
    "modality": "bold",
    "subject_id": "BAN03",
    "task_id": "WC"
  },
  "dummy_trs": 0,
  "dvars_nstd": 77.20809028721257,
  "dvars_std": 1.0382730333623698,
  "dvars_vstd": 1.0123635560104527,
  "efc": 0.3820993389313483,
  "fber": 3586695.5,
  "fd_mean": 0.45678206814350053,
  "fd_num": 293,
  "fd_perc": 50.95652173913044,
  "fwhm_avg": 2.2763782564088646,
  "fwhm_x": 2.3161712072651475,
  "fwhm_y": 2.4150136453264865,
  "fwhm_z": 2.09794991663496,
  "gcor": 0.400294,
  "gsr_x": -0.021412815898656845,
  "gsr_y": 0.0166599340736866,
  "provenance": {
    "md5sum": "2239418dbfc53df87e0d4e971de45586",
    "settings": {
      "fd_thres": 0.2,
      "testing": false
    },
    "software": "mriqc",
    "version": "23.0.0",
    "webapi_port": null,
    "webapi_url": "https://mriqc.nimh.nih.gov/api/v1"
  },
  "size_t": 575,
  "size_x": 96,
  "size_y": 96,
  "size_z": 60,
  "snr": 5.250507485189563,
  "spacing_tr": 0.8000001907348633,
  "spacing_x": 2.3958332538604736,
  "spacing_y": 2.3958332538604736,
  "spacing_z": 2.4000000953674316,
  "summary_bg_k": 58.67930022958832,
  "summary_bg_mad": 58.70439716358211,
  "summary_bg_mean": 1871.590576171875,
  "summary_bg_median": 40.71078109741211,
  "summary_bg_n": 420045.0,
  "summary_bg_p05": 0.6338457345962525,
  "summary_bg_p95": 9763.360351562495,
  "summary_bg_stdv": 4785.52294921875,
  "summary_fg_k": 0.92205136026578,
  "summary_fg_mad": 14174.435884267556,
  "summary_fg_mean": 78459.421875,
  "summary_fg_median": 77559.8984375,
  "summary_fg_n": 65006.0,
  "summary_fg_p05": 56512.1044921875,
  "summary_fg_p95": 103597.3671875,
  "summary_fg_stdv": 14771.7724609375,
  "tsnr": 10.987842559814453
}