{
  "aor": 0.001239513043478261,
  "aqi": 0.049122420173913044,
  "bids_meta": {
    "AcquisitionMatrixPE": 94,
    "AcquisitionNumber": 10,
    "AcquisitionTime": "",
    "BodyPartExamined": "BRAIN",
    "CoilString": "MULTI COIL",
    "ConversionSoftware": "dcm2niix",
    "ConversionSoftwareVersion": "v1.0.20210317",
    "DeviceSerialNumber": "45128",
    "EchoTime": 0.03,
    "EchoTrainLength": 47,
    "EstimatedEffectiveEchoSpacing": 0.000388467,
    "EstimatedTotalReadoutTime": 0.0369044,
    "FlipAngle": 52,
    "ImageOrientationPatientDICOM": [
      0.999849,
      -4.72661e-12,
      0.017387,
      0.000696882,
      0.999196,
      -0.0400747
    ],
    "ImageType": [
      "ORIGINAL",
      "PRIMARY",
      "M",
      "FFE",
      "M",
      "FFE"
    ],
    "ImagingFrequency": 127.764,
    "InPlanePhaseEncodingDirectionDICOM": "COL",
    "InstitutionAddress": "",
    "InstitutionName": "",
    "InstitutionalDepartmentName": "",
    "MRAcquisitionType": "2D",
    "MagneticFieldStrength": 3,
    "Manufacturer": "Philips",
    "ManufacturersModelName": "Ingenia Elition X",
    "Modality": "MR",
    "ParallelReductionFactorInPlane": 2,
    "ParallelReductionOutOfPlane": 6,
    "PatientPosition": "HFS",
    "PercentPhaseFOV": 100,
    "PercentSampling": 100,
    "PhaseEncodingAxis": "j",
    "PhaseEncodingSteps": 94,
    "PhilipsRWVIntercept": 0,
    "PhilipsRWVSlope": 3.26593,
    "PhilipsRescaleIntercept": 0,
    "PhilipsRescaleSlope": 3.26593,
    "PhilipsScaleSlope": 0.0168381,
    "PixelBandwidth": 1850,
    "ProcedureStepDescription": "COLA",
    "ProtocolName": "COLA_R5",
    "ReconMatrixPE": 96,
    "RepetitionTime": 0.8,
    "SAR": 0.0818667,
    "ScanOptions": "FS",
    "ScanningSequence": "GR",
    "SequenceVariant": "SK",
    "SeriesDescription": "COLA_R5",
    "SeriesNumber": 1001,
    "SliceThickness": 2.4,
    "SoftwareVersions": "5.6.1\\5.6.1.3",
    "SpacingBetweenSlices": 2.4,
    "StationName": "",
    "TaskName": "SC",
    "UsePhilipsFloatNotDisplayScaling": 1,
    "WaterFatShift": 16.3723,
    "dataset": "ds004073",
    "modality": "bold",
    "subject_id": "BAN20",
    "task_id": "SC"
  },
  "dummy_trs": 0,
  "dvars_nstd": 84.91857886240417,
  "dvars_std": 1.1125756260801392,
  "dvars_vstd": 1.0302983227700344,
  "efc": 0.39242977988281097,
  "fber": 3367875.75,
  "fd_mean": 0.23186902172609772,
  "fd_num": 264,
  "fd_perc": 45.91304347826087,
  "fwhm_avg": 1.8614171666947934,
  "fwhm_x": 2.09085919979126,
  "fwhm_y": 1.8483673656605384,
  "fwhm_z": 1.645024934632582,
  "gcor": 0.00395891,
  "gsr_x": -0.016542956233024597,
  "gsr_y": 0.018705245107412338,
  "provenance": {
    "md5sum": "1567452be02f67966af19da2a8bc9d27",
    "settings": {
      "fd_thres": 0.2,
      "testing": false
    },
    "software": "mriqc",
    "version": "23.0.0",
    "webapi_port": null,
    "webapi_url": "https://mriqc.nimh.nih.gov/api/v1"
  },
  "size_t": 575,
  "size_x": 96,
  "size_y": 96,
  "size_z": 60,
  "snr": 5.008560182673071,
  "spacing_tr": 0.8000001907348633,
  "spacing_x": 2.3958332538604736,
  "spacing_y": 2.3958332538604736,
  "spacing_z": 2.4000000953674316,
  "summary_bg_k": 26.48150024812518,
  "summary_bg_mad": 56.514143776023744,
  "summary_bg_mean": 2136.777099609375,
  "summary_bg_median": 38.401451110839844,
  "summary_bg_n": 426806.0,
  "summary_bg_p05": 0.30412885546684265,
  "summary_bg_p95": 9979.18359375,
  "summary_bg_stdv": 4358.94921875,
  "summary_fg_k": 3.1329787171369237,
  "summary_fg_mad": 11062.558073092787,
  "summary_fg_mean": 64204.22265625,
  "summary_fg_median": 63822.11328125,
  "summary_fg_n": 60180.0,
  "summary_fg_p05": 44880.5626953125,
  "summary_fg_p95": 84586.385546875,
  "summary_fg_stdv": 12742.5009765625,
  "tsnr": 17.46026611328125
}