{
  "aor": 0.0008805739130434781,
  "aqi": 0.046482664695652175,
  "bids_meta": {
    "AcquisitionMatrixPE": 94,
    "AcquisitionNumber": 9,
    "AcquisitionTime": "",
    "BodyPartExamined": "BRAIN",
    "CoilString": "MULTI COIL",
    "ConversionSoftware": "dcm2niix",
    "ConversionSoftwareVersion": "v1.0.20210317",
    "DeviceSerialNumber": "45128",
    "EchoTime": 0.03,
    "EchoTrainLength": 47,
    "EstimatedEffectiveEchoSpacing": 0.000388467,
    "EstimatedTotalReadoutTime": 0.0369044,
    "FlipAngle": 52,
    "ImageOrientationPatientDICOM": [
      0.999849,
      -4.72661e-12,
      0.017387,
      0.000696882,
      0.999196,
      -0.0400747
    ],
    "ImageType": [
      "ORIGINAL",
      "PRIMARY",
      "M",
      "FFE",
      "M",
      "FFE"
    ],
    "ImagingFrequency": 127.764,
    "InPlanePhaseEncodingDirectionDICOM": "COL",
    "InstitutionAddress": "",
    "InstitutionName": "",
    "InstitutionalDepartmentName": "",
    "MRAcquisitionType": "2D",
    "MagneticFieldStrength": 3,
    "Manufacturer": "Philips",
    "ManufacturersModelName": "Ingenia Elition X",
    "Modality": "MR",
    "ParallelReductionFactorInPlane": 2,
    "ParallelReductionOutOfPlane": 6,
    "PatientPosition": "HFS",
    "PercentPhaseFOV": 100,
    "PercentSampling": 100,
    "PhaseEncodingAxis": "j",
    "PhaseEncodingSteps": 94,
    "PhilipsRWVIntercept": 0,
    "PhilipsRWVSlope": 3.40147,
    "PhilipsRescaleIntercept": 0,
    "PhilipsRescaleSlope": 3.40147,
    "PhilipsScaleSlope": 0.0167224,
    "PixelBandwidth": 1850,
    "ProcedureStepDescription": "COLA",
    "ProtocolName": "COLA_R4",
    "ReconMatrixPE": 96,
    "RepetitionTime": 0.8,
    "SAR": 0.0818667,
    "ScanOptions": "FS",
    "ScanningSequence": "GR",
    "SequenceVariant": "SK",
    "SeriesDescription": "COLA_R4",
    "SeriesNumber": 901,
    "SliceThickness": 2.4,
    "SoftwareVersions": "5.6.1\\5.6.1.3",
    "SpacingBetweenSlices": 2.4,
    "StationName": "",
    "TaskName": "SG",
    "UsePhilipsFloatNotDisplayScaling": 1,
    "WaterFatShift": 16.3723,
    "dataset": "ds004073",
    "modality": "bold",
    "subject_id": "BAN20",
    "task_id": "SG"
  },
  "dummy_trs": 0,
  "dvars_nstd": 84.3703618064459,
  "dvars_std": 1.1062283537282231,
  "dvars_vstd": 1.0269361663763066,
  "efc": 0.39153940656611114,
  "fber": 3934510.75,
  "fd_mean": 0.22187613390229216,
  "fd_num": 270,
  "fd_perc": 46.95652173913044,
  "fwhm_avg": 1.8892130924063693,
  "fwhm_x": 2.118528070274289,
  "fwhm_y": 1.8904571061871438,
  "fwhm_z": 1.6586541007576745,
  "gcor": 0.00711932,
  "gsr_x": -0.016248727217316628,
  "gsr_y": 0.018861692398786545,
  "provenance": {
    "md5sum": "c2d305f922440a7c1cade074e1fe6528",
    "settings": {
      "fd_thres": 0.2,
      "testing": false
    },
    "software": "mriqc",
    "version": "23.0.0",
    "webapi_port": null,
    "webapi_url": "https://mriqc.nimh.nih.gov/api/v1"
  },
  "size_t": 575,
  "size_x": 96,
  "size_y": 96,
  "size_z": 60,
  "snr": 5.043080171173134,
  "spacing_tr": 0.8000001907348633,
  "spacing_x": 2.3958332538604736,
  "spacing_y": 2.3958332538604736,
  "spacing_z": 2.4000000953674316,
  "summary_bg_k": 26.09107063274391,
  "summary_bg_mad": 53.52089797624286,
  "summary_bg_mean": 2117.980712890625,
  "summary_bg_median": 36.281944274902344,
  "summary_bg_n": 426579.0,
  "summary_bg_p05": 0.19559779763221743,
  "summary_bg_p95": 9895.468749999998,
  "summary_bg_stdv": 4305.18798828125,
  "summary_fg_k": 2.9981250873992495,
  "summary_fg_mad": 11357.75807419305,
  "summary_fg_mean": 64898.87109375,
  "summary_fg_median": 64697.5078125,
  "summary_fg_n": 60290.0,
  "summary_fg_p05": 45184.764453125,
  "summary_fg_p95": 85291.68593749999,
  "summary_fg_stdv": 12828.8603515625,
  "tsnr": 17.927438735961914
}