{
  "aor": 0.0007431304347826087,
  "aqi": 0.04024496991304347,
  "bids_meta": {
    "AcquisitionMatrixPE": 94,
    "AcquisitionNumber": 8,
    "AcquisitionTime": "",
    "BodyPartExamined": "BRAIN",
    "CoilString": "MULTI COIL",
    "ConversionSoftware": "dcm2niix",
    "ConversionSoftwareVersion": "v1.0.20210317",
    "DeviceSerialNumber": "45128",
    "EchoTime": 0.03,
    "EchoTrainLength": 47,
    "EstimatedEffectiveEchoSpacing": 0.000388467,
    "EstimatedTotalReadoutTime": 0.0369044,
    "FlipAngle": 52,
    "ImageOrientationPatientDICOM": [
      0.999849,
      -4.72661e-12,
      0.017387,
      0.000696882,
      0.999196,
      -0.0400747
    ],
    "ImageType": [
      "ORIGINAL",
      "PRIMARY",
      "M",
      "FFE",
      "M",
      "FFE"
    ],
    "ImagingFrequency": 127.764,
    "InPlanePhaseEncodingDirectionDICOM": "COL",
    "InstitutionAddress": "",
    "InstitutionName": "",
    "InstitutionalDepartmentName": "",
    "MRAcquisitionType": "2D",
    "MagneticFieldStrength": 3,
    "Manufacturer": "Philips",
    "ManufacturersModelName": "Ingenia Elition X",
    "Modality": "MR",
    "ParallelReductionFactorInPlane": 2,
    "ParallelReductionOutOfPlane": 6,
    "PatientPosition": "HFS",
    "PercentPhaseFOV": 100,
    "PercentSampling": 100,
    "PhaseEncodingAxis": "j",
    "PhaseEncodingSteps": 94,
    "PhilipsRWVIntercept": 0,
    "PhilipsRWVSlope": 3.22125,
    "PhilipsRescaleIntercept": 0,
    "PhilipsRescaleSlope": 3.22125,
    "PhilipsScaleSlope": 0.0168986,
    "PixelBandwidth": 1850,
    "ProcedureStepDescription": "COLA",
    "ProtocolName": "COLA_R3",
    "ReconMatrixPE": 96,
    "RepetitionTime": 0.8,
    "SAR": 0.0818667,
    "ScanOptions": "FS",
    "ScanningSequence": "GR",
    "SequenceVariant": "SK",
    "SeriesDescription": "COLA_R3",
    "SeriesNumber": 801,
    "SliceThickness": 2.4,
    "SoftwareVersions": "5.6.1\\5.6.1.3",
    "SpacingBetweenSlices": 2.4,
    "StationName": "",
    "TaskName": "WC",
    "UsePhilipsFloatNotDisplayScaling": 1,
    "WaterFatShift": 16.3723,
    "dataset": "ds004073",
    "modality": "bold",
    "subject_id": "BAN20",
    "task_id": "WC"
  },
  "dummy_trs": 0,
  "dvars_nstd": 81.19910630290951,
  "dvars_std": 1.099663377317074,
  "dvars_vstd": 1.0233976240069684,
  "efc": 0.3904622187252939,
  "fber": 4513779.5,
  "fd_mean": 0.1885985122259849,
  "fd_num": 202,
  "fd_perc": 35.130434782608695,
  "fwhm_avg": 1.9183674163841256,
  "fwhm_x": 2.1375402448179908,
  "fwhm_y": 1.9317162379905448,
  "fwhm_z": 1.6858457663438413,
  "gcor": 0.0021055,
  "gsr_x": -0.01674140989780426,
  "gsr_y": 0.017439596354961395,
  "provenance": {
    "md5sum": "86e80b6088b2af96aadfeae5d49b3966",
    "settings": {
      "fd_thres": 0.2,
      "testing": false
    },
    "software": "mriqc",
    "version": "23.0.0",
    "webapi_port": null,
    "webapi_url": "https://mriqc.nimh.nih.gov/api/v1"
  },
  "size_t": 575,
  "size_x": 96,
  "size_y": 96,
  "size_z": 60,
  "snr": 4.89514650288494,
  "spacing_tr": 0.8000001907348633,
  "spacing_x": 2.3958332538604736,
  "spacing_y": 2.3958332538604736,
  "spacing_z": 2.4000000953674316,
  "summary_bg_k": 26.912413594359418,
  "summary_bg_mad": 50.068654807238985,
  "summary_bg_mean": 2124.110107421875,
  "summary_bg_median": 33.94441223144531,
  "summary_bg_n": 426902.0,
  "summary_bg_p05": 0.18716770112514497,
  "summary_bg_p95": 10055.265380859371,
  "summary_bg_stdv": 4364.03125,
  "summary_fg_k": 2.386466975799074,
  "summary_fg_mad": 11965.874014621735,
  "summary_fg_mean": 64808.484375,
  "summary_fg_median": 64537.93359375,
  "summary_fg_n": 60067.0,
  "summary_fg_p05": 44470.658984375,
  "summary_fg_p95": 85916.6140625,
  "summary_fg_stdv": 13183.9560546875,
  "tsnr": 18.452627182006836
}