{
  "aor": 0.0008592347826086956,
  "aqi": 0.044992139826086956,
  "bids_meta": {
    "AcquisitionMatrixPE": 94,
    "AcquisitionNumber": 11,
    "AcquisitionTime": "",
    "BodyPartExamined": "BRAIN",
    "CoilString": "MULTI COIL",
    "ConversionSoftware": "dcm2niix",
    "ConversionSoftwareVersion": "v1.0.20210317",
    "DeviceSerialNumber": "45128",
    "EchoTime": 0.03,
    "EchoTrainLength": 47,
    "EstimatedEffectiveEchoSpacing": 0.000388467,
    "EstimatedTotalReadoutTime": 0.0369044,
    "FlipAngle": 52,
    "ImageOrientationPatientDICOM": [
      0.999849,
      -4.72661e-12,
      0.017387,
      0.000696882,
      0.999196,
      -0.0400747
    ],
    "ImageType": [
      "ORIGINAL",
      "PRIMARY",
      "M",
      "FFE",
      "M",
      "FFE"
    ],
    "ImagingFrequency": 127.764,
    "InPlanePhaseEncodingDirectionDICOM": "COL",
    "InstitutionAddress": "",
    "InstitutionName": "",
    "InstitutionalDepartmentName": "",
    "MRAcquisitionType": "2D",
    "MagneticFieldStrength": 3,
    "Manufacturer": "Philips",
    "ManufacturersModelName": "Ingenia Elition X",
    "Modality": "MR",
    "ParallelReductionFactorInPlane": 2,
    "ParallelReductionOutOfPlane": 6,
    "PatientPosition": "HFS",
    "PercentPhaseFOV": 100,
    "PercentSampling": 100,
    "PhaseEncodingAxis": "j",
    "PhaseEncodingSteps": 94,
    "PhilipsRWVIntercept": 0,
    "PhilipsRWVSlope": 2.92943,
    "PhilipsRescaleIntercept": 0,
    "PhilipsRescaleSlope": 2.92943,
    "PhilipsScaleSlope": 0.0167937,
    "PixelBandwidth": 1850,
    "ProcedureStepDescription": "COLA",
    "ProtocolName": "COLA_R6",
    "ReconMatrixPE": 96,
    "RepetitionTime": 0.8,
    "SAR": 0.0818667,
    "ScanOptions": "FS",
    "ScanningSequence": "GR",
    "SequenceVariant": "SK",
    "SeriesDescription": "COLA_R6",
    "SeriesNumber": 1101,
    "SliceThickness": 2.4,
    "SoftwareVersions": "5.6.1\\5.6.1.3",
    "SpacingBetweenSlices": 2.4,
    "StationName": "",
    "TaskName": "WG",
    "UsePhilipsFloatNotDisplayScaling": 1,
    "WaterFatShift": 16.3723,
    "dataset": "ds004073",
    "modality": "bold",
    "subject_id": "BAN20",
    "task_id": "WG"
  },
  "dummy_trs": 0,
  "dvars_nstd": 86.40439083336236,
  "dvars_std": 1.1109591365679439,
  "dvars_vstd": 1.0265864300871081,
  "efc": 0.3927404918651083,
  "fber": 2819346.0,
  "fd_mean": 0.24111470306971405,
  "fd_num": 297,
  "fd_perc": 51.65217391304348,
  "fwhm_avg": 1.8724766743675698,
  "fwhm_x": 2.124258853073082,
  "fwhm_y": 1.8505962352996905,
  "fwhm_z": 1.6425749347299363,
  "gcor": 0.00300366,
  "gsr_x": -0.01628783531486988,
  "gsr_y": 0.017255259677767754,
  "provenance": {
    "md5sum": "53d6893418b940c49088ff0d02cbfe59",
    "settings": {
      "fd_thres": 0.2,
      "testing": false
    },
    "software": "mriqc",
    "version": "23.0.0",
    "webapi_port": null,
    "webapi_url": "https://mriqc.nimh.nih.gov/api/v1"
  },
  "size_t": 575,
  "size_x": 96,
  "size_y": 96,
  "size_z": 60,
  "snr": 4.895886178700061,
  "spacing_tr": 0.8000001907348633,
  "spacing_x": 2.3958332538604736,
  "spacing_y": 2.3958332538604736,
  "spacing_z": 2.4000000953674316,
  "summary_bg_k": 25.82091828033444,
  "summary_bg_mad": 62.20928744323695,
  "summary_bg_mean": 2159.59326171875,
  "summary_bg_median": 42.232765197753906,
  "summary_bg_n": 426661.0,
  "summary_bg_p05": 0.26511967182159424,
  "summary_bg_p95": 10127.4267578125,
  "summary_bg_stdv": 4382.02880859375,
  "summary_fg_k": 3.1848951727111574,
  "summary_fg_mad": 11620.476924736719,
  "summary_fg_mean": 64524.578125,
  "summary_fg_median": 64242.40625,
  "summary_fg_n": 60182.0,
  "summary_fg_p05": 44624.67578125,
  "summary_fg_p95": 85190.49375,
  "summary_fg_stdv": 13121.6025390625,
  "tsnr": 17.968721389770508
}