{
  "aor": 0.00040330434782608694,
  "aqi": 0.07040985547826087,
  "bids_meta": {
    "AcquisitionMatrixPE": 94,
    "AcquisitionNumber": 7,
    "AcquisitionTime": "",
    "BodyPartExamined": "BRAIN",
    "CoilString": "MULTI COIL",
    "ConversionSoftware": "dcm2niix",
    "ConversionSoftwareVersion": "v1.0.20210317",
    "DeviceSerialNumber": "45128",
    "EchoTime": 0.030001,
    "EchoTrainLength": 47,
    "EstimatedEffectiveEchoSpacing": 0.000388665,
    "EstimatedTotalReadoutTime": 0.0369232,
    "FlipAngle": 52,
    "ImageOrientationPatientDICOM": [
      0.999849,
      -0.00126438,
      0.0173409,
      0.000696882,
      0.999465,
      0.0326929
    ],
    "ImageType": [
      "ORIGINAL",
      "PRIMARY",
      "M",
      "FFE",
      "M",
      "FFE"
    ],
    "ImagingFrequency": 127.764,
    "InPlanePhaseEncodingDirectionDICOM": "COL",
    "InstitutionAddress": "",
    "InstitutionName": "",
    "InstitutionalDepartmentName": "",
    "MRAcquisitionType": "2D",
    "MagneticFieldStrength": 3,
    "Manufacturer": "Philips",
    "ManufacturersModelName": "Ingenia Elition X",
    "Modality": "MR",
    "ParallelReductionFactorInPlane": 2,
    "ParallelReductionOutOfPlane": 6,
    "PatientPosition": "HFS",
    "PercentPhaseFOV": 100,
    "PercentSampling": 100,
    "PhaseEncodingAxis": "j",
    "PhaseEncodingSteps": 94,
    "PhilipsRWVIntercept": 0,
    "PhilipsRWVSlope": 1.45421,
    "PhilipsRescaleIntercept": 0,
    "PhilipsRescaleSlope": 1.45421,
    "PhilipsScaleSlope": 0.016147,
    "PixelBandwidth": 1846,
    "ProcedureStepDescription": "COLA",
    "ProtocolName": "COLA_R3",
    "ReconMatrixPE": 96,
    "RepetitionTime": 0.8,
    "SAR": 0.0818083,
    "ScanOptions": "FS",
    "ScanningSequence": "GR",
    "SequenceVariant": "SK",
    "SeriesDescription": "COLA_R3",
    "SeriesNumber": 701,
    "SliceThickness": 2.4,
    "SoftwareVersions": "5.6.1\\5.6.1.3",
    "SpacingBetweenSlices": 2.4,
    "StationName": "",
    "TaskName": "SD",
    "UsePhilipsFloatNotDisplayScaling": 1,
    "WaterFatShift": 16.3806,
    "dataset": "ds004073",
    "modality": "bold",
    "subject_id": "BAN08",
    "task_id": "SD"
  },
  "dummy_trs": 0,
  "dvars_nstd": 88.36072144181188,
  "dvars_std": 1.000355041114983,
  "dvars_vstd": 0.9433301589895465,
  "efc": 0.41469427726349367,
  "fber": 4513923.0,
  "fd_mean": 0.27621737798887164,
  "fd_num": 310,
  "fd_perc": 53.91304347826087,
  "fwhm_avg": 2.619770630089569,
  "fwhm_x": 2.6913016544913138,
  "fwhm_y": 2.77069783103803,
  "fwhm_z": 2.3973124047393637,
  "gcor": 0.0137578,
  "gsr_x": -0.0342651903629303,
  "gsr_y": 0.0078115607611835,
  "provenance": {
    "md5sum": "180867176205b5dc7f80dee59bffe83a",
    "settings": {
      "fd_thres": 0.2,
      "testing": false
    },
    "software": "mriqc",
    "version": "23.0.0",
    "webapi_port": null,
    "webapi_url": "https://mriqc.nimh.nih.gov/api/v1"
  },
  "size_t": 575,
  "size_x": 96,
  "size_y": 96,
  "size_z": 60,
  "snr": 4.414231140164939,
  "spacing_tr": 0.8000001907348633,
  "spacing_x": 2.3958332538604736,
  "spacing_y": 2.3958332538604736,
  "spacing_z": 2.4000000953674316,
  "summary_bg_k": 20.79246883591088,
  "summary_bg_mad": 44.90086701780721,
  "summary_bg_mean": 2379.4970703125,
  "summary_bg_median": 30.754619598388672,
  "summary_bg_n": 410057.0,
  "summary_bg_p05": 0.32016775012016296,
  "summary_bg_p95": 13630.087109374992,
  "summary_bg_stdv": 6011.20458984375,
  "summary_fg_k": 0.1308223113235134,
  "summary_fg_mad": 15579.172529227033,
  "summary_fg_mean": 68997.7421875,
  "summary_fg_median": 68343.0390625,
  "summary_fg_n": 73625.0,
  "summary_fg_p05": 44890.95703125,
  "summary_fg_p95": 95378.73437500001,
  "summary_fg_stdv": 15482.328125,
  "tsnr": 12.427838325500488
}