{
  "bids_meta": {
    "AcquisitionMatrixPE": 174,
    "AcquisitionNumber": 1,
    "AcquisitionTime": "",
    "BaseResolution": 192,
    "BodyPartExamined": "BRAIN",
    "ConsistencyInfo": "N4_VE11C_LATEST_20160120",
    "ConversionSoftware": "dcm2niix",
    "ConversionSoftwareVersion": "v1.0.20210317",
    "DeviceSerialNumber": "66093",
    "DwellTime": 1.3e-05,
    "EchoTime": 0.00397,
    "FlipAngle": 8,
    "ImageOrientationPatientDICOM": [
      0.999986,
      8.21851e-05,
      0.0052318,
      2.787e-12,
      0.999877,
      -0.0157068
    ],
    "ImageType": [
      "ORIGINAL",
      "PRIMARY",
      "M",
      "ND",
      "NORM"
    ],
    "ImagingFrequency": 123.26,
    "InPlanePhaseEncodingDirectionDICOM": "ROW",
    "InstitutionAddress": "",
    "InstitutionName": "",
    "InstitutionalDepartmentName": "",
    "InversionTime": 0.904,
    "MRAcquisitionType": "3D",
    "MagneticFieldStrength": 3,
    "Manufacturer": "Siemens",
    "ManufacturersModelName": "Prisma",
    "Modality": "MR",
    "PartialFourier": 1,
    "PatientPosition": "HFS",
    "PercentPhaseFOV": 90.625,
    "PercentSampling": 100,
    "PhaseEncodingSteps": 174,
    "PhaseResolution": 1,
    "PixelBandwidth": 200,
    "ProtocolName": "t1_mpr_ax_1mm_iso_32ch_v2",
    "PulseSequenceDetails": "%SiemensSeq%\\tfl",
    "ReceiveCoilActiveElements": "HEA;HEP",
    "ReceiveCoilName": "Head_32",
    "ReconMatrixPE": 174,
    "RepetitionTime": 1.9,
    "SAR": 0.053457,
    "ScanOptions": "IR\\WE",
    "ScanningSequence": "GR\\IR",
    "SequenceName": "*tfl3d1_16",
    "SequenceVariant": "SK\\SP\\MP",
    "SeriesDescription": "t1_mpr_ax_1mm_iso_32ch_v2",
    "SeriesNumber": 13,
    "ShimSetting": [
      4960,
      -11477,
      -1372,
      430,
      74,
      -258,
      18,
      11
    ],
    "SliceThickness": 1,
    "SoftwareVersions": "syngo MR E11",
    "StationName": "",
    "TxRefAmp": 240.884,
    "dataset": "ds004073",
    "modality": "T1w",
    "subject_id": "OXF19"
  },
  "cjv": 0.3199329003439365,
  "cnr": 4.2596587831591455,
  "efc": 0.5780815387248555,
  "fber": 20584.155923734383,
  "fwhm_avg": 4.60831,
  "fwhm_x": 4.33879,
  "fwhm_y": 5.00828,
  "fwhm_z": 4.47786,
  "icvs_csf": 0.22479655355504924,
  "icvs_gm": 0.43422777968516224,
  "icvs_wm": 0.3409756667597885,
  "inu_med": 0.3566288650035858,
  "inu_range": 0.12560683488845825,
  "provenance": {
    "md5sum": "d00a8f72c9ecff82cea9425e8f875b7d",
    "settings": {
      "testing": false
    },
    "software": "mriqc",
    "version": "23.0.0",
    "warnings": {
      "large_rot_frame": true,
      "small_air_mask": false
    },
    "webapi_port": null,
    "webapi_url": "https://mriqc.nimh.nih.gov/api/v1"
  },
  "qi_1": 0.0,
  "qi_2": 0.03645955163218653,
  "rpve_csf": 13.431851873814042,
  "rpve_gm": 7.032643407661495,
  "rpve_wm": 10.245033599446769,
  "size_x": 174,
  "size_y": 192,
  "size_z": 192,
  "snr_csf": 2.4051517788161516,
  "snr_gm": 13.574911839662853,
  "snr_total": 17.20109943064544,
  "snr_wm": 35.623234673457304,
  "snrd_csf": 43.45358721655358,
  "snrd_gm": 115.45224494140231,
  "snrd_total": 105.07278062722446,
  "snrd_wm": 156.3125097237175,
  "spacing_x": 1.0,
  "spacing_y": 1.0,
  "spacing_z": 1.0,
  "summary_bg_k": 11.780066899915763,
  "summary_bg_mad": 0.0,
  "summary_bg_mean": 2.907897166022374,
  "summary_bg_median": 0.0,
  "summary_bg_n": 1345224.0,
  "summary_bg_p05": 0.0,
  "summary_bg_p95": 11.35712768882513,
  "summary_bg_stdv": 4.191361915167076,
  "summary_csf_k": 0.32564366673378675,
  "summary_csf_mad": 105.30403014863221,
  "summary_csf_mean": 269.6782399843704,
  "summary_csf_median": 278.00273429602385,
  "summary_csf_n": 65424.0,
  "summary_csf_p05": 79.00906839035451,
  "summary_csf_p95": 469.7416645493357,
  "summary_csf_stdv": 115.585474527205,
  "summary_gm_k": -0.1821334054802426,
  "summary_gm_mad": 56.92742897912709,
  "summary_gm_mean": 739.115858621733,
  "summary_gm_median": 738.6280818283558,
  "summary_gm_n": 52236.0,
  "summary_gm_p05": 651.6818625479937,
  "summary_gm_p95": 828.1617510691285,
  "summary_gm_stdv": 54.410740961922215,
  "summary_wm_k": 0.8027002792282367,
  "summary_wm_mad": 26.706695076627526,
  "summary_wm_mean": 1000.2342880238591,
  "summary_wm_median": 1000.0395339354873,
  "summary_wm_n": 187345.0,
  "summary_wm_p05": 955.1443143934011,
  "summary_wm_p95": 1045.823572166264,
  "summary_wm_stdv": 28.072601326644882,
  "tpm_overlap_csf": 0.17284999866382747,
  "tpm_overlap_gm": 0.48211128382304014,
  "tpm_overlap_wm": 0.5008061252877082,
  "wm2max": 0.9199949122360722
}