{
  "aor": 0.003525252173913044,
  "aqi": 0.01053453667826087,
  "bids_meta": {
    "AcquisitionMatrixPE": 90,
    "AcquisitionNumber": 1,
    "AcquisitionTime": "",
    "BandwidthPerPixelPhaseEncode": 21.786,
    "BaseResolution": 90,
    "BodyPartExamined": "BRAIN",
    "ConsistencyInfo": "N4_VE11C_LATEST_20160120",
    "ConversionSoftware": "dcm2niix",
    "ConversionSoftwareVersion": "v1.0.20210317",
    "DerivedVendorReportedEchoSpacing": 0.000510012,
    "DeviceSerialNumber": "66093",
    "DwellTime": 2e-06,
    "EchoTime": 0.03,
    "EchoTrainLength": 90,
    "EffectiveEchoSpacing": 0.000510012,
    "FlipAngle": 52,
    "ImageComments": "Unaliased MB6/PE3/LB",
    "ImageOrientationPatientDICOM": [
      0.995736,
      0.00484845,
      0.0921201,
      -1.6458e-08,
      0.998618,
      -0.0525588
    ],
    "ImageType": [
      "ORIGINAL",
      "PRIMARY",
      "M",
      "MB",
      "ND",
      "MOSAIC"
    ],
    "ImagingFrequency": 123.259,
    "InPlanePhaseEncodingDirectionDICOM": "COL",
    "InstitutionAddress": "",
    "InstitutionName": "",
    "InstitutionalDepartmentName": "",
    "MRAcquisitionType": "2D",
    "MagneticFieldStrength": 3,
    "Manufacturer": "Siemens",
    "ManufacturersModelName": "Prisma",
    "Modality": "MR",
    "MultibandAccelerationFactor": 6,
    "PartialFourier": 1,
    "PatientPosition": "HFS",
    "PercentPhaseFOV": 100,
    "PercentSampling": 100,
    "PhaseEncodingDirection": "j-",
    "PhaseEncodingSteps": 90,
    "PhaseResolution": 1,
    "PixelBandwidth": 2780,
    "ProtocolName": "BOLD_2p4_MB6_P1_TE30_TR800_AP",
    "PulseSequenceDetails": "%CustomerSeq%\\cmrr_mbep2d_bold",
    "ReceiveCoilActiveElements": "HEA;HEP",
    "ReceiveCoilName": "Head_32",
    "ReconMatrixPE": 90,
    "RepetitionTime": 0.8,
    "SAR": 0.0812683,
    "ScanOptions": "FS",
    "ScanningSequence": "EP",
    "SequenceName": "epfid2d1_90",
    "SequenceVariant": "SK\\SS",
    "SeriesDescription": "BOLD_2p4_MB6_P1_TE30_TR800_AP",
    "SeriesNumber": 18,
    "ShimSetting": [
      4966,
      -11337,
      -1284,
      556,
      37,
      240,
      -54,
      46
    ],
    "SliceThickness": 2.4,
    "SliceTiming": [
      0,
      0.5475,
      0.3125,
      0.0775,
      0.625,
      0.39,
      0.1575,
      0.7025,
      0.4675,
      0.235,
      0,
      0.5475,
      0.3125,
      0.0775,
      0.625,
      0.39,
      0.1575,
      0.7025,
      0.4675,
      0.235,
      0,
      0.5475,
      0.3125,
      0.0775,
      0.625,
      0.39,
      0.1575,
      0.7025,
      0.4675,
      0.235,
      0,
      0.5475,
      0.3125,
      0.0775,
      0.625,
      0.39,
      0.1575,
      0.7025,
      0.4675,
      0.235,
      0,
      0.5475,
      0.3125,
      0.0775,
      0.625,
      0.39,
      0.1575,
      0.7025,
      0.4675,
      0.235,
      0,
      0.5475,
      0.3125,
      0.0775,
      0.625,
      0.39,
      0.1575,
      0.7025,
      0.4675,
      0.235
    ],
    "SoftwareVersions": "syngo MR E11",
    "SpacingBetweenSlices": 2.4,
    "StationName": "",
    "TaskName": "PD",
    "TotalReadoutTime": 0.045391,
    "TxRefAmp": 242.422,
    "VendorReportedEchoSpacing": 0.00051,
    "WipMemBlock": "d5800abf-9064-48b8-a310-a770279b33f8||Sequence: R016 ve11c/master r/e634e98; Dec 19 2017 11:00:25 by eja",
    "dataset": "ds004073",
    "modality": "bold",
    "subject_id": "OXF08",
    "task_id": "PD"
  },
  "dummy_trs": 0,
  "dvars_nstd": 35.23557700512198,
  "dvars_std": 1.0159762802439019,
  "dvars_vstd": 0.9953132563066199,
  "efc": 0.516894245239565,
  "fber": 897.5282592773438,
  "fd_mean": 0.23336672532490532,
  "fd_num": 145,
  "fd_perc": 25.217391304347824,
  "fwhm_avg": 3.1268193201958074,
  "fwhm_x": 2.860383219671916,
  "fwhm_y": 3.167104040817259,
  "fwhm_z": 3.352970700098248,
  "gcor": 0.0141227,
  "gsr_x": -0.01953275315463543,
  "gsr_y": 0.1145605593919754,
  "provenance": {
    "md5sum": "af2d30eb8baad7939f2901446cc90494",
    "settings": {
      "fd_thres": 0.2,
      "testing": false
    },
    "software": "mriqc",
    "version": "23.0.0",
    "webapi_port": null,
    "webapi_url": "https://mriqc.nimh.nih.gov/api/v1"
  },
  "size_t": 575,
  "size_x": 90,
  "size_y": 90,
  "size_z": 60,
  "snr": 2.3525961407524285,
  "spacing_tr": 0.800000011920929,
  "spacing_x": 2.4000000953674316,
  "spacing_y": 2.4000000953674316,
  "spacing_z": 2.4000000953674316,
  "summary_bg_k": 19.40708439391392,
  "summary_bg_mad": 95.00515287656471,
  "summary_bg_mean": 344.46258544921875,
  "summary_bg_median": 126.37043762207031,
  "summary_bg_n": 322067.0,
  "summary_bg_p05": 55.31704521179199,
  "summary_bg_p95": 1483.1497680664068,
  "summary_bg_stdv": 582.7714233398438,
  "summary_fg_k": 2.138633879360662,
  "summary_fg_mad": 1344.2713775285881,
  "summary_fg_mean": 4257.4814453125,
  "summary_fg_median": 3890.97216796875,
  "summary_fg_n": 88557.0,
  "summary_fg_p05": 2294.721875,
  "summary_fg_p95": 7619.89482421875,
  "summary_fg_stdv": 1653.8963623046875,
  "tsnr": 31.82773895491846
}