{
  "aor": 0.0011353135888501741,
  "aqi": 0.006339349216027875,
  "bids_meta": {
    "AcquisitionMatrixPE": 90,
    "AcquisitionNumber": 1,
    "AcquisitionTime": "",
    "BandwidthPerPixelPhaseEncode": 21.786,
    "BaseResolution": 90,
    "BodyPartExamined": "BRAIN",
    "ConsistencyInfo": "N4_VE11C_LATEST_20160120",
    "ConversionSoftware": "dcm2niix",
    "ConversionSoftwareVersion": "v1.0.20210317",
    "DerivedVendorReportedEchoSpacing": 0.000510012,
    "DeviceSerialNumber": "66093",
    "DwellTime": 2e-06,
    "EchoTime": 0.03,
    "EchoTrainLength": 90,
    "EffectiveEchoSpacing": 0.000510012,
    "FlipAngle": 52,
    "ImageComments": "Unaliased MB6/PE3/LB",
    "ImageOrientationPatientDICOM": [
      0.995736,
      0.00484845,
      0.0921201,
      -1.6458e-08,
      0.998618,
      -0.0525588
    ],
    "ImageType": [
      "ORIGINAL",
      "PRIMARY",
      "M",
      "MB",
      "ND",
      "MOSAIC"
    ],
    "ImagingFrequency": 123.259,
    "InPlanePhaseEncodingDirectionDICOM": "COL",
    "InstitutionAddress": "",
    "InstitutionName": "",
    "InstitutionalDepartmentName": "",
    "MRAcquisitionType": "2D",
    "MagneticFieldStrength": 3,
    "Manufacturer": "Siemens",
    "ManufacturersModelName": "Prisma",
    "Modality": "MR",
    "MultibandAccelerationFactor": 6,
    "PartialFourier": 1,
    "PatientPosition": "HFS",
    "PercentPhaseFOV": 100,
    "PercentSampling": 100,
    "PhaseEncodingDirection": "j-",
    "PhaseEncodingSteps": 90,
    "PhaseResolution": 1,
    "PixelBandwidth": 2780,
    "ProtocolName": "BOLD_2p4_MB6_P1_TE30_TR800_AP",
    "PulseSequenceDetails": "%CustomerSeq%\\cmrr_mbep2d_bold",
    "ReceiveCoilActiveElements": "HEA;HEP",
    "ReceiveCoilName": "Head_32",
    "ReconMatrixPE": 90,
    "RepetitionTime": 0.8,
    "SAR": 0.0812683,
    "ScanOptions": "FS",
    "ScanningSequence": "EP",
    "SequenceName": "epfid2d1_90",
    "SequenceVariant": "SK\\SS",
    "SeriesDescription": "BOLD_2p4_MB6_P1_TE30_TR800_AP",
    "SeriesNumber": 6,
    "ShimSetting": [
      4966,
      -11337,
      -1284,
      556,
      37,
      240,
      -54,
      46
    ],
    "SliceThickness": 2.4,
    "SliceTiming": [
      0,
      0.5475,
      0.3125,
      0.08,
      0.625,
      0.39,
      0.1575,
      0.7025,
      0.47,
      0.235,
      0,
      0.5475,
      0.3125,
      0.08,
      0.625,
      0.39,
      0.1575,
      0.7025,
      0.47,
      0.235,
      0,
      0.5475,
      0.3125,
      0.08,
      0.625,
      0.39,
      0.1575,
      0.7025,
      0.47,
      0.235,
      0,
      0.5475,
      0.3125,
      0.08,
      0.625,
      0.39,
      0.1575,
      0.7025,
      0.47,
      0.235,
      0,
      0.5475,
      0.3125,
      0.08,
      0.625,
      0.39,
      0.1575,
      0.7025,
      0.47,
      0.235,
      0,
      0.5475,
      0.3125,
      0.08,
      0.625,
      0.39,
      0.1575,
      0.7025,
      0.47,
      0.235
    ],
    "SoftwareVersions": "syngo MR E11",
    "SpacingBetweenSlices": 2.4,
    "StationName": "",
    "TaskName": "WC",
    "TotalReadoutTime": 0.045391,
    "TxRefAmp": 242.422,
    "VendorReportedEchoSpacing": 0.00051,
    "WipMemBlock": "740e68cb-fde0-4b1b-a3d8-0cb1398d7e48||Sequence: R016 ve11c/master r/e634e98; Dec 19 2017 11:00:25 by eja",
    "dataset": "ds004073",
    "modality": "bold",
    "subject_id": "OXF08",
    "task_id": "WC"
  },
  "dummy_trs": 1,
  "dvars_nstd": 30.871872144589904,
  "dvars_std": 1.0259678626701578,
  "dvars_vstd": 0.9994004980802785,
  "efc": 0.5148950188533725,
  "fber": 953.5145874023438,
  "fd_mean": 0.1310496316597766,
  "fd_num": 62,
  "fd_perc": 10.801393728222996,
  "fwhm_avg": 3.112645709647906,
  "fwhm_x": 2.8622540529309095,
  "fwhm_y": 3.1383582086261828,
  "fwhm_z": 3.3373248673866245,
  "gcor": 0.0118681,
  "gsr_x": -0.022921064868569374,
  "gsr_y": 0.11247304081916809,
  "provenance": {
    "md5sum": "bf66cd911cffa2b28087fdd6843f60cb",
    "settings": {
      "fd_thres": 0.2,
      "testing": false
    },
    "software": "mriqc",
    "version": "23.0.0",
    "webapi_port": null,
    "webapi_url": "https://mriqc.nimh.nih.gov/api/v1"
  },
  "size_t": 574,
  "size_x": 90,
  "size_y": 90,
  "size_z": 60,
  "snr": 2.3508743412042756,
  "spacing_tr": 0.800000011920929,
  "spacing_x": 2.4000000953674316,
  "spacing_y": 2.4000000953674316,
  "spacing_z": 2.4000000953674316,
  "summary_bg_k": 20.12856709016823,
  "summary_bg_mad": 86.82263014978274,
  "summary_bg_mean": 332.0160217285156,
  "summary_bg_median": 122.69163513183594,
  "summary_bg_n": 320907.0,
  "summary_bg_p05": 57.977352142333984,
  "summary_bg_p95": 1401.284716796876,
  "summary_bg_stdv": 554.6614990234375,
  "summary_fg_k": 2.1463729346834404,
  "summary_fg_mad": 1348.4202023890643,
  "summary_fg_mean": 4270.0654296875,
  "summary_fg_median": 3898.49560546875,
  "summary_fg_n": 88936.0,
  "summary_fg_p05": 2292.1468505859375,
  "summary_fg_p95": 7596.0545654296875,
  "summary_fg_stdv": 1658.3079833984375,
  "tsnr": 40.11005596281029
}