{
  "aor": 0.0012202086956521739,
  "aqi": 0.014617207739130432,
  "bids_meta": {
    "AcquisitionMatrixPE": 90,
    "AcquisitionNumber": 1,
    "AcquisitionTime": "",
    "BandwidthPerPixelPhaseEncode": 21.786,
    "BaseResolution": 90,
    "BodyPartExamined": "BRAIN",
    "ConsistencyInfo": "N4_VE11C_LATEST_20160120",
    "ConversionSoftware": "dcm2niix",
    "ConversionSoftwareVersion": "v1.0.20210317",
    "DerivedVendorReportedEchoSpacing": 0.000510012,
    "DeviceSerialNumber": "66093",
    "DwellTime": 2e-06,
    "EchoTime": 0.03,
    "EchoTrainLength": 90,
    "EffectiveEchoSpacing": 0.000510012,
    "FlipAngle": 52,
    "ImageComments": "Unaliased MB6/PE3/LB",
    "ImageOrientationPatientDICOM": [
      0.995736,
      0.00484845,
      0.0921201,
      -1.6458e-08,
      0.998618,
      -0.0525588
    ],
    "ImageType": [
      "ORIGINAL",
      "PRIMARY",
      "M",
      "MB",
      "ND",
      "MOSAIC"
    ],
    "ImagingFrequency": 123.259,
    "InPlanePhaseEncodingDirectionDICOM": "COL",
    "InstitutionAddress": "",
    "InstitutionName": "",
    "InstitutionalDepartmentName": "",
    "MRAcquisitionType": "2D",
    "MagneticFieldStrength": 3,
    "Manufacturer": "Siemens",
    "ManufacturersModelName": "Prisma",
    "Modality": "MR",
    "MultibandAccelerationFactor": 6,
    "PartialFourier": 1,
    "PatientPosition": "HFS",
    "PercentPhaseFOV": 100,
    "PercentSampling": 100,
    "PhaseEncodingDirection": "j-",
    "PhaseEncodingSteps": 90,
    "PhaseResolution": 1,
    "PixelBandwidth": 2780,
    "ProtocolName": "BOLD_2p4_MB6_P1_TE30_TR800_AP",
    "PulseSequenceDetails": "%CustomerSeq%\\cmrr_mbep2d_bold",
    "ReceiveCoilActiveElements": "HEA;HEP",
    "ReceiveCoilName": "Head_32",
    "ReconMatrixPE": 90,
    "RepetitionTime": 0.8,
    "SAR": 0.0812683,
    "ScanOptions": "FS",
    "ScanningSequence": "EP",
    "SequenceName": "epfid2d1_90",
    "SequenceVariant": "SK\\SS",
    "SeriesDescription": "BOLD_2p4_MB6_P1_TE30_TR800_AP",
    "SeriesNumber": 20,
    "ShimSetting": [
      4966,
      -11337,
      -1284,
      556,
      37,
      240,
      -54,
      46
    ],
    "SliceThickness": 2.4,
    "SliceTiming": [
      0,
      0.545,
      0.3125,
      0.0775,
      0.625,
      0.39,
      0.155,
      0.7025,
      0.4675,
      0.235,
      0,
      0.545,
      0.3125,
      0.0775,
      0.625,
      0.39,
      0.155,
      0.7025,
      0.4675,
      0.235,
      0,
      0.545,
      0.3125,
      0.0775,
      0.625,
      0.39,
      0.155,
      0.7025,
      0.4675,
      0.235,
      0,
      0.545,
      0.3125,
      0.0775,
      0.625,
      0.39,
      0.155,
      0.7025,
      0.4675,
      0.235,
      0,
      0.545,
      0.3125,
      0.0775,
      0.625,
      0.39,
      0.155,
      0.7025,
      0.4675,
      0.235,
      0,
      0.545,
      0.3125,
      0.0775,
      0.625,
      0.39,
      0.155,
      0.7025,
      0.4675,
      0.235
    ],
    "SoftwareVersions": "syngo MR E11",
    "SpacingBetweenSlices": 2.4,
    "StationName": "",
    "TaskName": "WG",
    "TotalReadoutTime": 0.045391,
    "TxRefAmp": 242.422,
    "VendorReportedEchoSpacing": 0.00051,
    "WipMemBlock": "bb5d3e18-1817-4d96-89d4-775a243cba0b||Sequence: R016 ve11c/master r/e634e98; Dec 19 2017 11:00:25 by eja",
    "dataset": "ds004073",
    "modality": "bold",
    "subject_id": "OXF08",
    "task_id": "WG"
  },
  "dummy_trs": 0,
  "dvars_nstd": 43.34909223414634,
  "dvars_std": 1.020718267055749,
  "dvars_vstd": 0.9663275552090593,
  "efc": 0.5169415847807497,
  "fber": 881.055908203125,
  "fd_mean": 0.30449807402228396,
  "fd_num": 263,
  "fd_perc": 45.73913043478261,
  "fwhm_avg": 3.104473487750418,
  "fwhm_x": 2.864866552827098,
  "fwhm_y": 3.1483082082308047,
  "fwhm_z": 3.3002457021933513,
  "gcor": 0.0290813,
  "gsr_x": -0.018277078866958618,
  "gsr_y": 0.11162113398313522,
  "provenance": {
    "md5sum": "724d9edd3371c5399b4b9f0a75af0ad3",
    "settings": {
      "fd_thres": 0.2,
      "testing": false
    },
    "software": "mriqc",
    "version": "23.0.0",
    "webapi_port": null,
    "webapi_url": "https://mriqc.nimh.nih.gov/api/v1"
  },
  "size_t": 575,
  "size_x": 90,
  "size_y": 90,
  "size_z": 60,
  "snr": 2.3456074625484535,
  "spacing_tr": 0.800000011920929,
  "spacing_x": 2.4000000953674316,
  "spacing_y": 2.4000000953674316,
  "spacing_z": 2.4000000953674316,
  "summary_bg_k": 18.871262879905498,
  "summary_bg_mad": 93.49160844028017,
  "summary_bg_mean": 343.7117919921875,
  "summary_bg_median": 127.33304595947266,
  "summary_bg_n": 322198.0,
  "summary_bg_p05": 57.40174102783203,
  "summary_bg_p95": 1481.5296997070302,
  "summary_bg_stdv": 577.37841796875,
  "summary_fg_k": 2.214507881110749,
  "summary_fg_mad": 1334.0222019626467,
  "summary_fg_mean": 4221.107421875,
  "summary_fg_median": 3856.59130859375,
  "summary_fg_n": 88450.0,
  "summary_fg_p05": 2265.550244140625,
  "summary_fg_p95": 7563.680346679692,
  "summary_fg_stdv": 1644.1666259765625,
  "tsnr": 28.07712695002556
}