{
  "aor": 0.002571324041811847,
  "aqi": 0.01031189594076655,
  "bids_meta": {
    "AcquisitionMatrixPE": 90,
    "AcquisitionNumber": 1,
    "AcquisitionTime": "",
    "BandwidthPerPixelPhaseEncode": 21.786,
    "BaseResolution": 90,
    "BodyPartExamined": "BRAIN",
    "ConsistencyInfo": "N4_VE11C_LATEST_20160120",
    "ConversionSoftware": "dcm2niix",
    "ConversionSoftwareVersion": "v1.0.20210317",
    "DerivedVendorReportedEchoSpacing": 0.000510012,
    "DeviceSerialNumber": "66093",
    "DwellTime": 2e-06,
    "EchoTime": 0.03,
    "EchoTrainLength": 90,
    "EffectiveEchoSpacing": 0.000510012,
    "FlipAngle": 52,
    "ImageComments": "Unaliased MB6/PE3/LB",
    "ImageOrientationPatientDICOM": [
      0.995736,
      0.00484845,
      0.0921201,
      -1.6458e-08,
      0.998618,
      -0.0525588
    ],
    "ImageType": [
      "ORIGINAL",
      "PRIMARY",
      "M",
      "MB",
      "ND",
      "MOSAIC"
    ],
    "ImagingFrequency": 123.259,
    "InPlanePhaseEncodingDirectionDICOM": "COL",
    "InstitutionAddress": "",
    "InstitutionName": "",
    "InstitutionalDepartmentName": "",
    "MRAcquisitionType": "2D",
    "MagneticFieldStrength": 3,
    "Manufacturer": "Siemens",
    "ManufacturersModelName": "Prisma",
    "Modality": "MR",
    "MultibandAccelerationFactor": 6,
    "PartialFourier": 1,
    "PatientPosition": "HFS",
    "PercentPhaseFOV": 100,
    "PercentSampling": 100,
    "PhaseEncodingDirection": "j-",
    "PhaseEncodingSteps": 90,
    "PhaseResolution": 1,
    "PixelBandwidth": 2780,
    "ProtocolName": "BOLD_2p4_MB6_P1_TE30_TR800_AP",
    "PulseSequenceDetails": "%CustomerSeq%\\cmrr_mbep2d_bold",
    "ReceiveCoilActiveElements": "HEA;HEP",
    "ReceiveCoilName": "Head_32",
    "ReconMatrixPE": 90,
    "RepetitionTime": 0.8,
    "SAR": 0.0812683,
    "ScanOptions": "FS",
    "ScanningSequence": "EP",
    "SequenceName": "epfid2d1_90",
    "SequenceVariant": "SK\\SS",
    "SeriesDescription": "BOLD_2p4_MB6_P1_TE30_TR800_AP",
    "SeriesNumber": 8,
    "ShimSetting": [
      4966,
      -11337,
      -1284,
      556,
      37,
      240,
      -54,
      46
    ],
    "SliceThickness": 2.4,
    "SliceTiming": [
      0,
      0.545,
      0.31,
      0.0775,
      0.6225,
      0.39,
      0.155,
      0.7,
      0.4675,
      0.2325,
      0,
      0.545,
      0.31,
      0.0775,
      0.6225,
      0.39,
      0.155,
      0.7,
      0.4675,
      0.2325,
      0,
      0.545,
      0.31,
      0.0775,
      0.6225,
      0.39,
      0.155,
      0.7,
      0.4675,
      0.2325,
      0,
      0.545,
      0.31,
      0.0775,
      0.6225,
      0.39,
      0.155,
      0.7,
      0.4675,
      0.2325,
      0,
      0.545,
      0.31,
      0.0775,
      0.6225,
      0.39,
      0.155,
      0.7,
      0.4675,
      0.2325,
      0,
      0.545,
      0.31,
      0.0775,
      0.6225,
      0.39,
      0.155,
      0.7,
      0.4675,
      0.2325
    ],
    "SoftwareVersions": "syngo MR E11",
    "SpacingBetweenSlices": 2.4,
    "StationName": "",
    "TaskName": "SC",
    "TotalReadoutTime": 0.045391,
    "TxRefAmp": 242.422,
    "VendorReportedEchoSpacing": 0.00051,
    "WipMemBlock": "d84451c7-f770-4f3e-9e3e-9b45e9a8ce32||Sequence: R016 ve11c/master r/e634e98; Dec 19 2017 11:00:25 by eja",
    "dataset": "ds004073",
    "modality": "bold",
    "subject_id": "OXF08",
    "task_id": "SC"
  },
  "dummy_trs": 1,
  "dvars_nstd": 34.20566450317626,
  "dvars_std": 1.0290390646247813,
  "dvars_vstd": 1.0041580838045385,
  "efc": 0.5154851316424688,
  "fber": 960.626708984375,
  "fd_mean": 0.20855885966819807,
  "fd_num": 151,
  "fd_perc": 26.306620209059233,
  "fwhm_avg": 3.121649875956779,
  "fwhm_x": 2.8540832199222557,
  "fwhm_y": 3.1437832084106123,
  "fwhm_z": 3.367083199537468,
  "gcor": 0.0188703,
  "gsr_x": -0.02122969552874565,
  "gsr_y": 0.11601392924785614,
  "provenance": {
    "md5sum": "731b88d9728e5fffa2fa40462a03b9e9",
    "settings": {
      "fd_thres": 0.2,
      "testing": false
    },
    "software": "mriqc",
    "version": "23.0.0",
    "webapi_port": null,
    "webapi_url": "https://mriqc.nimh.nih.gov/api/v1"
  },
  "size_t": 574,
  "size_x": 90,
  "size_y": 90,
  "size_z": 60,
  "snr": 2.3640236953441973,
  "spacing_tr": 0.800000011920929,
  "spacing_x": 2.4000000953674316,
  "spacing_y": 2.4000000953674316,
  "spacing_z": 2.4000000953674316,
  "summary_bg_k": 20.168656096842188,
  "summary_bg_mad": 86.10974882564038,
  "summary_bg_mean": 329.7580261230469,
  "summary_bg_median": 121.31185150146484,
  "summary_bg_n": 321411.0,
  "summary_bg_p05": 57.19076728820801,
  "summary_bg_p95": 1396.8545532226562,
  "summary_bg_stdv": 554.1924438476562,
  "summary_fg_k": 2.105675925102874,
  "summary_fg_mad": 1330.5193008470246,
  "summary_fg_mean": 4230.7158203125,
  "summary_fg_median": 3866.3544921875,
  "summary_fg_n": 88962.0,
  "summary_fg_p05": 2286.2318115234375,
  "summary_fg_p95": 7546.214282226562,
  "summary_fg_stdv": 1635.4881591796875,
  "tsnr": 32.420061911223456
}