{
  "bids_meta": {
    "AcquisitionMatrixPE": 250,
    "AcquisitionNumber": 6,
    "AcquisitionTime": "",
    "BodyPartExamined": "BRAIN",
    "CoilString": "MULTI COIL",
    "ConversionSoftware": "dcm2niix",
    "ConversionSoftwareVersion": "v1.0.20210317",
    "DeviceSerialNumber": "45128",
    "EchoTime": 0.003476,
    "EchoTrainLength": 560,
    "EstimatedEffectiveEchoSpacing": 4.97191e-06,
    "EstimatedTotalReadoutTime": 0.00126784,
    "FlipAngle": 8,
    "ImageOrientationPatientDICOM": [
      0.999849,
      -0.00183124,
      0.0172903,
      0.000696882,
      0.99786,
      0.0653864
    ],
    "ImageType": [
      "ORIGINAL",
      "PRIMARY",
      "M",
      "FFE",
      "M",
      "FFE"
    ],
    "ImagingFrequency": 127.764,
    "InPlanePhaseEncodingDirectionDICOM": "COL",
    "InstitutionAddress": "",
    "InstitutionName": "",
    "InstitutionalDepartmentName": "",
    "MRAcquisitionType": "3D",
    "MagneticFieldStrength": 3,
    "Manufacturer": "Philips",
    "ManufacturersModelName": "Ingenia Elition X",
    "Modality": "MR",
    "ParallelReductionFactorInPlane": 1.73205,
    "ParallelReductionOutOfPlane": 1.73205,
    "PatientPosition": "HFS",
    "PercentPhaseFOV": 100,
    "PercentSampling": 77.9165,
    "PhaseEncodingAxis": "j",
    "PhaseEncodingSteps": 250,
    "PhilipsRWVIntercept": 0,
    "PhilipsRWVSlope": 1,
    "PhilipsRescaleIntercept": 0,
    "PhilipsRescaleSlope": 1,
    "PhilipsScaleSlope": 0.000555079,
    "PixelBandwidth": 787,
    "ProcedureStepDescription": "COLA",
    "ProtocolName": "sT1W_1MM_COMBO",
    "ReconMatrixPE": 256,
    "RepetitionTime": 0.0123164,
    "SAR": 0.0170603,
    "ScanOptions": "FC",
    "ScanningSequence": "GR",
    "SequenceVariant": "MP",
    "SeriesDescription": "sT1W_1MM_COMBO",
    "SeriesNumber": 602,
    "SliceThickness": 2,
    "SoftwareVersions": "5.6.1\\5.6.1.2",
    "SpacingBetweenSlices": 1,
    "StationName": "",
    "UsePhilipsFloatNotDisplayScaling": 1,
    "WaterFatShift": 0.551728,
    "dataset": "ds004073",
    "modality": "T1w",
    "subject_id": "BAN04"
  },
  "cjv": 0.24970529737450173,
  "cnr": 5.387492177066631,
  "efc": 0.7342218016267366,
  "fber": 12492.360946745563,
  "fwhm_avg": 5.559817786666666,
  "fwhm_x": 5.14653184,
  "fwhm_y": 5.70929152,
  "fwhm_z": 5.82363,
  "icvs_csf": 0.2536326540356558,
  "icvs_gm": 0.42211366010508894,
  "icvs_wm": 0.3242536858592552,
  "inu_med": 0.5787596106529236,
  "inu_range": 0.2318454086780548,
  "provenance": {
    "md5sum": "3c4efa286fc61f4533860444be75250a",
    "settings": {
      "testing": false
    },
    "software": "mriqc",
    "version": "23.0.0",
    "warnings": {
      "large_rot_frame": true,
      "small_air_mask": true
    },
    "webapi_port": null,
    "webapi_url": "https://mriqc.nimh.nih.gov/api/v1"
  },
  "qi_1": 0.0,
  "qi_2": 8.259746124364988e-07,
  "rpve_csf": 22.409822006045996,
  "rpve_gm": 13.171252201200524,
  "rpve_wm": 20.244325726179024,
  "size_x": 256,
  "size_y": 256,
  "size_z": 170,
  "snr_csf": 1.30986067778849,
  "snr_gm": 10.910179935325809,
  "snr_total": 14.294935048172398,
  "snr_wm": 30.6647645314029,
  "snrd_csf": 12.628289549353683,
  "snrd_gm": 72.11995729974572,
  "snrd_total": 65.93250574585177,
  "snrd_wm": 113.0492703884559,
  "spacing_x": 0.9765625,
  "spacing_y": 0.9765625,
  "spacing_z": 1.0,
  "summary_bg_k": 65.17307754355518,
  "summary_bg_mad": 0.0,
  "summary_bg_mean": 3.291842486539964,
  "summary_bg_median": 0.0,
  "summary_bg_n": 297091.0,
  "summary_bg_p05": 0.0,
  "summary_bg_p95": 15.40188580751419,
  "summary_bg_stdv": 5.795270512017055,
  "summary_csf_k": 0.955389084504938,
  "summary_csf_mad": 71.38393419754941,
  "summary_csf_mean": 135.42582386720014,
  "summary_csf_median": 111.70857556164265,
  "summary_csf_n": 63364.0,
  "summary_csf_p05": 37.295688934624195,
  "summary_csf_p95": 311.15850642323494,
  "summary_csf_stdv": 85.2821189073202,
  "summary_gm_k": 0.601073397028324,
  "summary_gm_mad": 60.68216928987296,
  "summary_gm_mean": 637.2195773082548,
  "summary_gm_median": 637.9658676683903,
  "summary_gm_n": 48621.0,
  "summary_gm_p05": 542.0071797072887,
  "summary_gm_p95": 730.0853100419044,
  "summary_gm_stdv": 58.47376586054259,
  "summary_wm_k": 0.6880448664879317,
  "summary_wm_mad": 29.72527546673426,
  "summary_wm_mean": 999.3326847283123,
  "summary_wm_median": 1000.0224427878857,
  "summary_wm_n": 163048.0,
  "summary_wm_p05": 944.1849938035011,
  "summary_wm_p95": 1051.5940633416176,
  "summary_wm_stdv": 32.61135023908792,
  "tpm_overlap_csf": 0.15924923745560904,
  "tpm_overlap_gm": 0.4831856332597216,
  "tpm_overlap_wm": 0.5015129350775931,
  "wm2max": 0.8376304654442878
}