{
  "aor": 0.001270382608695652,
  "aqi": 0.04249745130434782,
  "bids_meta": {
    "AcquisitionMatrixPE": 94,
    "AcquisitionNumber": 7,
    "AcquisitionTime": "",
    "BodyPartExamined": "BRAIN",
    "CoilString": "MULTI COIL",
    "ConversionSoftware": "dcm2niix",
    "ConversionSoftwareVersion": "v1.0.20210317",
    "DeviceSerialNumber": "45128",
    "EchoTime": 0.03,
    "EchoTrainLength": 47,
    "EstimatedEffectiveEchoSpacing": 0.000387577,
    "EstimatedTotalReadoutTime": 0.0368198,
    "FlipAngle": 52,
    "ImageOrientationPatientDICOM": [
      1,
      -4.48504e-12,
      -7.88012e-05,
      -3.1584e-06,
      0.999196,
      -0.0400807
    ],
    "ImageType": [
      "ORIGINAL",
      "PRIMARY",
      "M",
      "FFE",
      "M",
      "FFE"
    ],
    "ImagingFrequency": 127.764,
    "InPlanePhaseEncodingDirectionDICOM": "COL",
    "InstitutionAddress": "",
    "InstitutionName": "",
    "InstitutionalDepartmentName": "",
    "MRAcquisitionType": "2D",
    "MagneticFieldStrength": 3,
    "Manufacturer": "Philips",
    "ManufacturersModelName": "Ingenia Elition X",
    "Modality": "MR",
    "ParallelReductionFactorInPlane": 2,
    "ParallelReductionOutOfPlane": 6,
    "PatientPosition": "HFS",
    "PercentPhaseFOV": 100,
    "PercentSampling": 100,
    "PhaseEncodingAxis": "j",
    "PhaseEncodingSteps": 94,
    "PhilipsRWVIntercept": 0,
    "PhilipsRWVSlope": 0.795849,
    "PhilipsRescaleIntercept": 0,
    "PhilipsRescaleSlope": 0.795849,
    "PhilipsScaleSlope": 0.0165403,
    "PixelBandwidth": 1863,
    "ProcedureStepDescription": "COLA",
    "ProtocolName": "COLA_R4",
    "ReconMatrixPE": 96,
    "RepetitionTime": 0.8,
    "SAR": 0.0818072,
    "ScanOptions": "FS",
    "ScanningSequence": "GR",
    "SequenceVariant": "SK",
    "SeriesDescription": "COLA_R4",
    "SeriesNumber": 701,
    "SliceThickness": 2.4,
    "SoftwareVersions": "5.6.1\\5.6.1.3",
    "SpacingBetweenSlices": 2.4,
    "StationName": "",
    "TaskName": "SC",
    "UsePhilipsFloatNotDisplayScaling": 1,
    "WaterFatShift": 16.3348,
    "dataset": "ds004073",
    "modality": "bold",
    "subject_id": "BAN22",
    "task_id": "SC"
  },
  "dummy_trs": 0,
  "dvars_nstd": 77.98877094022642,
  "dvars_std": 1.1467021210975614,
  "dvars_vstd": 1.026773931062717,
  "efc": 0.459380837810352,
  "fber": 871138.5,
  "fd_mean": 0.24780343430462531,
  "fd_num": 271,
  "fd_perc": 47.130434782608695,
  "fwhm_avg": 2.086244788092792,
  "fwhm_x": 2.1452578102913837,
  "fwhm_y": 2.1872974638598057,
  "fwhm_z": 1.9261790901271865,
  "gcor": 0.0168328,
  "gsr_x": -0.01993560791015625,
  "gsr_y": 0.04225974157452583,
  "provenance": {
    "md5sum": "177511637e29e5adee67985c033915ac",
    "settings": {
      "fd_thres": 0.2,
      "testing": false
    },
    "software": "mriqc",
    "version": "23.0.0",
    "webapi_port": null,
    "webapi_url": "https://mriqc.nimh.nih.gov/api/v1"
  },
  "size_t": 575,
  "size_x": 96,
  "size_y": 96,
  "size_z": 60,
  "snr": 5.107792550839375,
  "spacing_tr": 0.8000001907348633,
  "spacing_x": 2.3958332538604736,
  "spacing_y": 2.3958332538604736,
  "spacing_z": 2.4000000953674316,
  "summary_bg_k": 20.052349464131034,
  "summary_bg_mad": 116.33754092669888,
  "summary_bg_mean": 2940.879638671875,
  "summary_bg_median": 79.66069030761719,
  "summary_bg_n": 390466.0,
  "summary_bg_p05": 0.8599072247743607,
  "summary_bg_p95": 15077.662109375,
  "summary_bg_stdv": 6347.8876953125,
  "summary_fg_k": 1.4870626288385242,
  "summary_fg_mad": 12817.513160854884,
  "summary_fg_mean": 73160.9765625,
  "summary_fg_median": 72346.171875,
  "summary_fg_n": 90255.0,
  "summary_fg_p05": 52479.871484375,
  "summary_fg_p95": 96899.49609375001,
  "summary_fg_stdv": 14163.8037109375,
  "tsnr": 19.73937225341797
}