{
  "aor": 0.0009105739130434782,
  "aqi": 0.04221487704347826,
  "bids_meta": {
    "AcquisitionMatrixPE": 94,
    "AcquisitionNumber": 4,
    "AcquisitionTime": "",
    "BodyPartExamined": "BRAIN",
    "CoilString": "MULTI COIL",
    "ConversionSoftware": "dcm2niix",
    "ConversionSoftwareVersion": "v1.0.20210317",
    "DeviceSerialNumber": "45128",
    "EchoTime": 0.03,
    "EchoTrainLength": 47,
    "EstimatedEffectiveEchoSpacing": 0.000387577,
    "EstimatedTotalReadoutTime": 0.0368198,
    "FlipAngle": 52,
    "ImageOrientationPatientDICOM": [
      1,
      -4.48504e-12,
      -7.88012e-05,
      -3.1584e-06,
      0.999196,
      -0.0400807
    ],
    "ImageType": [
      "ORIGINAL",
      "PRIMARY",
      "M",
      "FFE",
      "M",
      "FFE"
    ],
    "ImagingFrequency": 127.764,
    "InPlanePhaseEncodingDirectionDICOM": "COL",
    "InstitutionAddress": "",
    "InstitutionName": "",
    "InstitutionalDepartmentName": "",
    "MRAcquisitionType": "2D",
    "MagneticFieldStrength": 3,
    "Manufacturer": "Philips",
    "ManufacturersModelName": "Ingenia Elition X",
    "Modality": "MR",
    "ParallelReductionFactorInPlane": 2,
    "ParallelReductionOutOfPlane": 6,
    "PatientPosition": "HFS",
    "PercentPhaseFOV": 100,
    "PercentSampling": 100,
    "PhaseEncodingAxis": "j",
    "PhaseEncodingSteps": 94,
    "PhilipsRWVIntercept": 0,
    "PhilipsRWVSlope": 0.971429,
    "PhilipsRescaleIntercept": 0,
    "PhilipsRescaleSlope": 0.971429,
    "PhilipsScaleSlope": 0.0164864,
    "PixelBandwidth": 1863,
    "ProcedureStepDescription": "COLA",
    "ProtocolName": "COLA_R3",
    "ReconMatrixPE": 96,
    "RepetitionTime": 0.8,
    "SAR": 0.0818072,
    "ScanOptions": "FS",
    "ScanningSequence": "GR",
    "SequenceVariant": "SK",
    "SeriesDescription": "COLA_R3",
    "SeriesNumber": 401,
    "SliceThickness": 2.4,
    "SoftwareVersions": "5.6.1\\5.6.1.3",
    "SpacingBetweenSlices": 2.4,
    "StationName": "",
    "TaskName": "SD",
    "UsePhilipsFloatNotDisplayScaling": 1,
    "WaterFatShift": 16.3348,
    "dataset": "ds004073",
    "modality": "bold",
    "subject_id": "BAN22",
    "task_id": "SD"
  },
  "dummy_trs": 0,
  "dvars_nstd": 78.1948888162195,
  "dvars_std": 1.1443109304529615,
  "dvars_vstd": 1.0186846000174223,
  "efc": 0.4599316476725291,
  "fber": 910799.0,
  "fd_mean": 0.23003398229170252,
  "fd_num": 238,
  "fd_perc": 41.391304347826086,
  "fwhm_avg": 2.098823800247011,
  "fwhm_x": 2.1609350282027213,
  "fwhm_y": 2.195353116300935,
  "fwhm_z": 1.9401832562373775,
  "gcor": 0.0146127,
  "gsr_x": -0.02090010978281498,
  "gsr_y": 0.04263727366924286,
  "provenance": {
    "md5sum": "eeaec4990c535e0f517dae82edb6e35e",
    "settings": {
      "fd_thres": 0.2,
      "testing": false
    },
    "software": "mriqc",
    "version": "23.0.0",
    "webapi_port": null,
    "webapi_url": "https://mriqc.nimh.nih.gov/api/v1"
  },
  "size_t": 575,
  "size_x": 96,
  "size_y": 96,
  "size_z": 60,
  "snr": 5.082129842376744,
  "spacing_tr": 0.8000001907348633,
  "spacing_x": 2.3958332538604736,
  "spacing_y": 2.3958332538604736,
  "spacing_z": 2.4000000953674316,
  "summary_bg_k": 19.685616556530306,
  "summary_bg_mad": 112.33024359149323,
  "summary_bg_mean": 2962.620361328125,
  "summary_bg_median": 76.99801635742188,
  "summary_bg_n": 390280.0,
  "summary_bg_p05": 0.8912778407335282,
  "summary_bg_p95": 15197.997802734373,
  "summary_bg_stdv": 6399.47900390625,
  "summary_fg_k": 1.4299928398896027,
  "summary_fg_mad": 13052.175501837806,
  "summary_fg_mean": 73021.6640625,
  "summary_fg_median": 72084.2421875,
  "summary_fg_n": 90240.0,
  "summary_fg_p05": 52330.652734375,
  "summary_fg_p95": 96852.04921875,
  "summary_fg_stdv": 14183.7861328125,
  "tsnr": 19.767154693603516
}