{
  "bids_meta": {
    "AcquisitionMatrixPE": 174,
    "AcquisitionNumber": 1,
    "AcquisitionTime": "",
    "BaseResolution": 192,
    "BodyPartExamined": "BRAIN",
    "ConsistencyInfo": "N4_VE11C_LATEST_20160120",
    "ConversionSoftware": "dcm2niix",
    "ConversionSoftwareVersion": "v1.0.20210317",
    "DeviceSerialNumber": "66093",
    "DwellTime": 1.3e-05,
    "EchoTime": 0.00397,
    "FlipAngle": 8,
    "ImageOrientationPatientDICOM": [
      0.999986,
      0.000127837,
      0.00523089,
      -1.048e-11,
      0.999701,
      -0.0244317
    ],
    "ImageType": [
      "ORIGINAL",
      "PRIMARY",
      "M",
      "ND",
      "NORM"
    ],
    "ImagingFrequency": 123.26,
    "InPlanePhaseEncodingDirectionDICOM": "ROW",
    "InstitutionAddress": "",
    "InstitutionName": "",
    "InstitutionalDepartmentName": "",
    "InversionTime": 0.904,
    "MRAcquisitionType": "3D",
    "MagneticFieldStrength": 3,
    "Manufacturer": "Siemens",
    "ManufacturersModelName": "Prisma",
    "Modality": "MR",
    "PartialFourier": 1,
    "PatientPosition": "HFS",
    "PercentPhaseFOV": 90.625,
    "PercentSampling": 100,
    "PhaseEncodingSteps": 174,
    "PhaseResolution": 1,
    "PixelBandwidth": 200,
    "ProtocolName": "t1_mpr_ax_1mm_iso_32ch_v2",
    "PulseSequenceDetails": "%SiemensSeq%\\tfl",
    "ReceiveCoilActiveElements": "HEA;HEP",
    "ReceiveCoilName": "Head_32",
    "ReconMatrixPE": 174,
    "RepetitionTime": 1.9,
    "SAR": 0.0515675,
    "ScanOptions": "IR\\WE",
    "ScanningSequence": "GR\\IR",
    "SequenceName": "*tfl3d1_16",
    "SequenceVariant": "SK\\SP\\MP",
    "SeriesDescription": "t1_mpr_ax_1mm_iso_32ch_v2",
    "SeriesNumber": 13,
    "ShimSetting": [
      4967,
      -11528,
      -1362,
      365,
      76,
      -282,
      -39,
      39
    ],
    "SliceThickness": 1,
    "SoftwareVersions": "syngo MR E11",
    "StationName": "",
    "TxRefAmp": 240.354,
    "dataset": "ds004073",
    "modality": "T1w",
    "subject_id": "OXF09"
  },
  "cjv": 0.3134677187726459,
  "cnr": 4.271732915243946,
  "efc": 0.5716638338718592,
  "fber": 17919.1006091212,
  "fwhm_avg": 4.6540099999999995,
  "fwhm_x": 4.40251,
  "fwhm_y": 5.06738,
  "fwhm_z": 4.49214,
  "icvs_csf": 0.18748770445602586,
  "icvs_gm": 0.4673647991897462,
  "icvs_wm": 0.3451474963542279,
  "inu_med": 0.3825521767139435,
  "inu_range": 0.14665375649929047,
  "provenance": {
    "md5sum": "24d479baee261c9574ee32798c2edc79",
    "settings": {
      "testing": false
    },
    "software": "mriqc",
    "version": "23.0.0",
    "warnings": {
      "large_rot_frame": true,
      "small_air_mask": false
    },
    "webapi_port": null,
    "webapi_url": "https://mriqc.nimh.nih.gov/api/v1"
  },
  "qi_1": 0.0,
  "qi_2": 0.015183049253175141,
  "rpve_csf": 16.715662174965786,
  "rpve_gm": 7.2081307161024,
  "rpve_wm": 10.769067713844592,
  "size_x": 174,
  "size_y": 192,
  "size_z": 192,
  "snr_csf": 2.292579721402113,
  "snr_gm": 14.998011241193739,
  "snr_total": 15.83027904118129,
  "snr_wm": 30.200246160948023,
  "snrd_csf": 46.590728823520514,
  "snrd_gm": 115.20875820620122,
  "snrd_total": 105.51727179207133,
  "snrd_wm": 154.75232834649228,
  "spacing_x": 1.0,
  "spacing_y": 1.0,
  "spacing_z": 1.0,
  "summary_bg_k": 14.756437529688949,
  "summary_bg_mad": 0.0,
  "summary_bg_mean": 2.9227607745928177,
  "summary_bg_median": 0.0,
  "summary_bg_n": 1377343.0,
  "summary_bg_p05": 0.0,
  "summary_bg_p95": 11.370319612324238,
  "summary_bg_stdv": 4.233617015367216,
  "summary_csf_k": -0.5404878383077545,
  "summary_csf_mad": 139.1919636609872,
  "summary_csf_mean": 292.5977970246195,
  "summary_csf_median": 301.0782217346132,
  "summary_csf_n": 40567.0,
  "summary_csf_p05": 68.64536405950786,
  "summary_csf_p95": 497.0339178534224,
  "summary_csf_stdv": 131.32564509098412,
  "summary_gm_k": 0.01891792752949817,
  "summary_gm_mad": 49.962619656136354,
  "summary_gm_mean": 744.4847380324147,
  "summary_gm_median": 744.5010826159269,
  "summary_gm_n": 63965.0,
  "summary_gm_p05": 662.8700293991715,
  "summary_gm_p95": 825.0107870709151,
  "summary_gm_stdv": 49.63959894569492,
  "summary_wm_k": 1.2735752772174607,
  "summary_wm_mad": 30.140335417925186,
  "summary_wm_mean": 1001.9255886805187,
  "summary_wm_median": 1000.0392139032483,
  "summary_wm_n": 176362.0,
  "summary_wm_p05": 952.6171395201236,
  "summary_wm_p95": 1060.3019078485668,
  "summary_wm_stdv": 33.11351746540901,
  "tpm_overlap_csf": 0.14793009328513557,
  "tpm_overlap_gm": 0.4840697355774641,
  "tpm_overlap_wm": 0.5043083594368025,
  "wm2max": 0.9015428662319072
}