{
  "aor": 0.0030798429319371734,
  "aqi": 0.007682780052356021,
  "bids_meta": {
    "AcquisitionMatrixPE": 90,
    "AcquisitionNumber": 1,
    "AcquisitionTime": "",
    "BandwidthPerPixelPhaseEncode": 21.786,
    "BaseResolution": 90,
    "BodyPartExamined": "BRAIN",
    "ConsistencyInfo": "N4_VE11C_LATEST_20160120",
    "ConversionSoftware": "dcm2niix",
    "ConversionSoftwareVersion": "v1.0.20210317",
    "DerivedVendorReportedEchoSpacing": 0.000510012,
    "DeviceSerialNumber": "66093",
    "DwellTime": 2e-06,
    "EchoTime": 0.03,
    "EchoTrainLength": 90,
    "EffectiveEchoSpacing": 0.000510012,
    "FlipAngle": 52,
    "ImageComments": "Unaliased MB6/PE3/LB",
    "ImageOrientationPatientDICOM": [
      0.999986,
      0.000926581,
      0.00514975,
      2.14052e-09,
      0.984196,
      -0.177084
    ],
    "ImageType": [
      "ORIGINAL",
      "PRIMARY",
      "M",
      "MB",
      "ND",
      "MOSAIC"
    ],
    "ImagingFrequency": 123.259,
    "InPlanePhaseEncodingDirectionDICOM": "COL",
    "InstitutionAddress": "",
    "InstitutionName": "",
    "InstitutionalDepartmentName": "",
    "MRAcquisitionType": "2D",
    "MagneticFieldStrength": 3,
    "Manufacturer": "Siemens",
    "ManufacturersModelName": "Prisma",
    "Modality": "MR",
    "MultibandAccelerationFactor": 6,
    "PartialFourier": 1,
    "PatientPosition": "HFS",
    "PercentPhaseFOV": 100,
    "PercentSampling": 100,
    "PhaseEncodingDirection": "j-",
    "PhaseEncodingSteps": 90,
    "PhaseResolution": 1,
    "PixelBandwidth": 2780,
    "ProtocolName": "BOLD_2p4_MB6_P1_TE30_TR800_AP",
    "PulseSequenceDetails": "%CustomerSeq%\\cmrr_mbep2d_bold",
    "ReceiveCoilActiveElements": "HEA;HEP",
    "ReceiveCoilName": "Head_32",
    "ReconMatrixPE": 90,
    "RepetitionTime": 0.8,
    "SAR": 0.100053,
    "ScanOptions": "FS",
    "ScanningSequence": "EP",
    "SequenceName": "epfid2d1_90",
    "SequenceVariant": "SK\\SS",
    "SeriesDescription": "BOLD_2p4_MB6_P1_TE30_TR800_AP",
    "SeriesNumber": 5,
    "ShimSetting": [
      4970,
      -11424,
      -1301,
      493,
      -20,
      -100,
      13,
      109
    ],
    "SliceThickness": 2.4,
    "SliceTiming": [
      0,
      0.545,
      0.3125,
      0.0775,
      0.6225,
      0.39,
      0.155,
      0.7,
      0.4675,
      0.2325,
      0,
      0.545,
      0.3125,
      0.0775,
      0.6225,
      0.39,
      0.155,
      0.7,
      0.4675,
      0.2325,
      0,
      0.545,
      0.3125,
      0.0775,
      0.6225,
      0.39,
      0.155,
      0.7,
      0.4675,
      0.2325,
      0,
      0.545,
      0.3125,
      0.0775,
      0.6225,
      0.39,
      0.155,
      0.7,
      0.4675,
      0.2325,
      0,
      0.545,
      0.3125,
      0.0775,
      0.6225,
      0.39,
      0.155,
      0.7,
      0.4675,
      0.2325,
      0,
      0.545,
      0.3125,
      0.0775,
      0.6225,
      0.39,
      0.155,
      0.7,
      0.4675,
      0.2325
    ],
    "SoftwareVersions": "syngo MR E11",
    "SpacingBetweenSlices": 2.4,
    "StationName": "",
    "TaskName": "WG",
    "TotalReadoutTime": 0.045391,
    "TxRefAmp": 271.506,
    "VendorReportedEchoSpacing": 0.00051,
    "WipMemBlock": "569fec93-0a7e-4cf5-aaef-2549864dc91e||Sequence: R016 ve11c/master r/e634e98; Dec 19 2017 11:00:25 by eja",
    "dataset": "ds004073",
    "modality": "bold",
    "subject_id": "OXF16",
    "task_id": "WG"
  },
  "dummy_trs": 2,
  "dvars_nstd": 39.76747551837411,
  "dvars_std": 1.1105973310489512,
  "dvars_vstd": 1.02980228541958,
  "efc": 0.5191473934359315,
  "fber": 647.587158203125,
  "fd_mean": 0.26840892002389294,
  "fd_num": 330,
  "fd_perc": 57.59162303664922,
  "fwhm_avg": 3.123979042530893,
  "fwhm_x": 2.8614248862971907,
  "fwhm_y": 3.283674869518484,
  "fwhm_z": 3.226837371777003,
  "gcor": 0.0116642,
  "gsr_x": -0.004533388651907444,
  "gsr_y": 0.09195519983768463,
  "provenance": {
    "md5sum": "c7fc1c679af51cec773ee6147ab12a7a",
    "settings": {
      "fd_thres": 0.2,
      "testing": false
    },
    "software": "mriqc",
    "version": "23.0.0",
    "webapi_port": null,
    "webapi_url": "https://mriqc.nimh.nih.gov/api/v1"
  },
  "size_t": 573,
  "size_x": 90,
  "size_y": 90,
  "size_z": 60,
  "snr": 2.1113092913611964,
  "spacing_tr": 0.800000011920929,
  "spacing_x": 2.4000000953674316,
  "spacing_y": 2.4000000953674316,
  "spacing_z": 2.4000000953674316,
  "summary_bg_k": 21.83838425727013,
  "summary_bg_mad": 114.33631898707776,
  "summary_bg_mean": 401.2220153808594,
  "summary_bg_median": 154.75567626953125,
  "summary_bg_n": 320215.0,
  "summary_bg_p05": 68.52007293701172,
  "summary_bg_p95": 1669.2259887695304,
  "summary_bg_stdv": 661.2962646484375,
  "summary_fg_k": 2.004015409704553,
  "summary_fg_mad": 1695.4901062762376,
  "summary_fg_mean": 4543.16357421875,
  "summary_fg_median": 4098.4404296875,
  "summary_fg_n": 88630.0,
  "summary_fg_p05": 2217.3435668945312,
  "summary_fg_p95": 8235.813525390626,
  "summary_fg_stdv": 1941.17333984375,
  "tsnr": 34.68002799618989
}