{
  "aor": 0.0007364160839160839,
  "aqi": 0.004350300384615385,
  "bids_meta": {
    "AcquisitionMatrixPE": 90,
    "AcquisitionNumber": 1,
    "AcquisitionTime": "",
    "BandwidthPerPixelPhaseEncode": 21.786,
    "BaseResolution": 90,
    "BodyPartExamined": "BRAIN",
    "ConsistencyInfo": "N4_VE11C_LATEST_20160120",
    "ConversionSoftware": "dcm2niix",
    "ConversionSoftwareVersion": "v1.0.20210317",
    "DerivedVendorReportedEchoSpacing": 0.000510012,
    "DeviceSerialNumber": "66093",
    "DwellTime": 2e-06,
    "EchoTime": 0.03,
    "EchoTrainLength": 90,
    "EffectiveEchoSpacing": 0.000510012,
    "FlipAngle": 52,
    "ImageComments": "Unaliased MB6/PE3/LB",
    "ImageOrientationPatientDICOM": [
      0.999986,
      0.000926581,
      0.00514975,
      2.14052e-09,
      0.984196,
      -0.177084
    ],
    "ImageType": [
      "ORIGINAL",
      "PRIMARY",
      "M",
      "MB",
      "ND",
      "MOSAIC"
    ],
    "ImagingFrequency": 123.259,
    "InPlanePhaseEncodingDirectionDICOM": "COL",
    "InstitutionAddress": "",
    "InstitutionName": "",
    "InstitutionalDepartmentName": "",
    "MRAcquisitionType": "2D",
    "MagneticFieldStrength": 3,
    "Manufacturer": "Siemens",
    "ManufacturersModelName": "Prisma",
    "Modality": "MR",
    "MultibandAccelerationFactor": 6,
    "PartialFourier": 1,
    "PatientPosition": "HFS",
    "PercentPhaseFOV": 100,
    "PercentSampling": 100,
    "PhaseEncodingDirection": "j-",
    "PhaseEncodingSteps": 90,
    "PhaseResolution": 1,
    "PixelBandwidth": 2780,
    "ProtocolName": "BOLD_2p4_MB6_P1_TE30_TR800_AP",
    "PulseSequenceDetails": "%CustomerSeq%\\cmrr_mbep2d_bold",
    "ReceiveCoilActiveElements": "HEA;HEP",
    "ReceiveCoilName": "Head_32",
    "ReconMatrixPE": 90,
    "RepetitionTime": 0.8,
    "SAR": 0.100053,
    "ScanOptions": "FS",
    "ScanningSequence": "EP",
    "SequenceName": "epfid2d1_90",
    "SequenceVariant": "SK\\SS",
    "SeriesDescription": "BOLD_2p4_MB6_P1_TE30_TR800_AP",
    "SeriesNumber": 7,
    "ShimSetting": [
      4970,
      -11424,
      -1301,
      493,
      -20,
      -100,
      13,
      109
    ],
    "SliceThickness": 2.4,
    "SliceTiming": [
      0,
      0.545,
      0.3125,
      0.0775,
      0.6225,
      0.39,
      0.155,
      0.7025,
      0.4675,
      0.2325,
      0,
      0.545,
      0.3125,
      0.0775,
      0.6225,
      0.39,
      0.155,
      0.7025,
      0.4675,
      0.2325,
      0,
      0.545,
      0.3125,
      0.0775,
      0.6225,
      0.39,
      0.155,
      0.7025,
      0.4675,
      0.2325,
      0,
      0.545,
      0.3125,
      0.0775,
      0.6225,
      0.39,
      0.155,
      0.7025,
      0.4675,
      0.2325,
      0,
      0.545,
      0.3125,
      0.0775,
      0.6225,
      0.39,
      0.155,
      0.7025,
      0.4675,
      0.2325,
      0,
      0.545,
      0.3125,
      0.0775,
      0.6225,
      0.39,
      0.155,
      0.7025,
      0.4675,
      0.2325
    ],
    "SoftwareVersions": "syngo MR E11",
    "SpacingBetweenSlices": 2.4,
    "StationName": "",
    "TaskName": "SC",
    "TotalReadoutTime": 0.045391,
    "TxRefAmp": 271.506,
    "VendorReportedEchoSpacing": 0.00051,
    "WipMemBlock": "876b9eef-00db-4e55-9a3f-4def17809507||Sequence: R016 ve11c/master r/e634e98; Dec 19 2017 11:00:25 by eja",
    "dataset": "ds004073",
    "modality": "bold",
    "subject_id": "OXF16",
    "task_id": "SC"
  },
  "dummy_trs": 3,
  "dvars_nstd": 33.20814765698774,
  "dvars_std": 1.0514506190718027,
  "dvars_vstd": 0.9960467597022774,
  "efc": 0.5207225431187197,
  "fber": 629.5418090820312,
  "fd_mean": 0.17543986108921836,
  "fd_num": 242,
  "fd_perc": 42.30769230769231,
  "fwhm_avg": 3.0560790452289965,
  "fwhm_x": 2.811845721600623,
  "fwhm_y": 3.2289082050280493,
  "fwhm_z": 3.1274832090583162,
  "gcor": 0.00913736,
  "gsr_x": -0.004313294775784016,
  "gsr_y": 0.09124087542295456,
  "provenance": {
    "md5sum": "40283bf063be2c156627c023b3df7a55",
    "settings": {
      "fd_thres": 0.2,
      "testing": false
    },
    "software": "mriqc",
    "version": "23.0.0",
    "webapi_port": null,
    "webapi_url": "https://mriqc.nimh.nih.gov/api/v1"
  },
  "size_t": 572,
  "size_x": 90,
  "size_y": 90,
  "size_z": 60,
  "snr": 2.104615201214627,
  "spacing_tr": 0.800000011920929,
  "spacing_x": 2.4000000953674316,
  "spacing_y": 2.4000000953674316,
  "spacing_z": 2.4000000953674316,
  "summary_bg_k": 21.098073716677003,
  "summary_bg_mad": 115.95401274531429,
  "summary_bg_mean": 405.9752502441406,
  "summary_bg_median": 156.93531799316406,
  "summary_bg_n": 319469.0,
  "summary_bg_p05": 69.18181610107422,
  "summary_bg_p95": 1695.067431640625,
  "summary_bg_stdv": 667.667724609375,
  "summary_fg_k": 1.9853641794684345,
  "summary_fg_mad": 1695.393100076394,
  "summary_fg_mean": 4522.18115234375,
  "summary_fg_median": 4084.083984375,
  "summary_fg_n": 88976.0,
  "summary_fg_p05": 2194.0462646484375,
  "summary_fg_p95": 8222.236083984375,
  "summary_fg_stdv": 1940.5262451171875,
  "tsnr": 43.21900617983192
}