{
  "aor": 0.0006855478260869565,
  "aqi": 0.029849603652173914,
  "bids_meta": {
    "AcquisitionMatrixPE": 94,
    "AcquisitionNumber": 2,
    "AcquisitionTime": "",
    "BodyPartExamined": "BRAIN",
    "CoilString": "MULTI COIL",
    "ConversionSoftware": "dcm2niix",
    "ConversionSoftwareVersion": "v1.0.20210317",
    "DeviceSerialNumber": "45128",
    "EchoTime": 0.03,
    "EchoTrainLength": 47,
    "EstimatedEffectiveEchoSpacing": 0.000388467,
    "EstimatedTotalReadoutTime": 0.0369044,
    "FlipAngle": 52,
    "ImageOrientationPatientDICOM": [
      0.999849,
      -4.72661e-12,
      0.017387,
      0.000696882,
      0.999196,
      -0.0400747
    ],
    "ImageType": [
      "ORIGINAL",
      "PRIMARY",
      "M",
      "FFE",
      "M",
      "FFE"
    ],
    "ImagingFrequency": 127.764,
    "InPlanePhaseEncodingDirectionDICOM": "COL",
    "InstitutionAddress": "",
    "InstitutionName": "",
    "InstitutionalDepartmentName": "",
    "MRAcquisitionType": "2D",
    "MagneticFieldStrength": 3,
    "Manufacturer": "Philips",
    "ManufacturersModelName": "Ingenia Elition X",
    "Modality": "MR",
    "ParallelReductionFactorInPlane": 2,
    "ParallelReductionOutOfPlane": 6,
    "PatientPosition": "HFS",
    "PercentPhaseFOV": 100,
    "PercentSampling": 100,
    "PhaseEncodingAxis": "j",
    "PhaseEncodingSteps": 94,
    "PhilipsRWVIntercept": 0,
    "PhilipsRWVSlope": 1.10965,
    "PhilipsRescaleIntercept": 0,
    "PhilipsRescaleSlope": 1.10965,
    "PhilipsScaleSlope": 0.016673,
    "PixelBandwidth": 1850,
    "ProcedureStepDescription": "COLA",
    "ProtocolName": "COLA_R1",
    "ReconMatrixPE": 96,
    "RepetitionTime": 0.8,
    "SAR": 0.0818667,
    "ScanOptions": "FS",
    "ScanningSequence": "GR",
    "SequenceVariant": "SK",
    "SeriesDescription": "COLA_R1",
    "SeriesNumber": 201,
    "SliceThickness": 2.4,
    "SoftwareVersions": "5.6.1\\5.6.1.3",
    "SpacingBetweenSlices": 2.4,
    "StationName": "",
    "TaskName": "SD",
    "UsePhilipsFloatNotDisplayScaling": 1,
    "WaterFatShift": 16.3723,
    "dataset": "ds004073",
    "modality": "bold",
    "subject_id": "BAN11",
    "task_id": "SD"
  },
  "dummy_trs": 0,
  "dvars_nstd": 81.47231195709071,
  "dvars_std": 1.112007577456446,
  "dvars_vstd": 1.020088159163762,
  "efc": 0.4304146549121822,
  "fber": 6429071.0,
  "fd_mean": 0.15960868419726346,
  "fd_num": 138,
  "fd_perc": 24.0,
  "fwhm_avg": 2.3592571312664297,
  "fwhm_x": 2.412780601774153,
  "fwhm_y": 2.5722950418480597,
  "fwhm_z": 2.0926957501770755,
  "gcor": 0.00313831,
  "gsr_x": -0.019200503826141357,
  "gsr_y": 0.030738025903701782,
  "provenance": {
    "md5sum": "5ddc22033b2595635bcf20744b09d88f",
    "settings": {
      "fd_thres": 0.2,
      "testing": false
    },
    "software": "mriqc",
    "version": "23.0.0",
    "webapi_port": null,
    "webapi_url": "https://mriqc.nimh.nih.gov/api/v1"
  },
  "size_t": 575,
  "size_x": 96,
  "size_y": 96,
  "size_z": 60,
  "snr": 4.246657132032123,
  "spacing_tr": 0.8000001907348633,
  "spacing_x": 2.3958332538604736,
  "spacing_y": 2.3958332538604736,
  "spacing_z": 2.4000000953674316,
  "summary_bg_k": 39.13838589564637,
  "summary_bg_mad": 39.19050862510487,
  "summary_bg_mean": 1878.9635009765625,
  "summary_bg_median": 26.650665283203125,
  "summary_bg_n": 393436.0,
  "summary_bg_p05": 0.18044998869299889,
  "summary_bg_p95": 9798.4541015625,
  "summary_bg_stdv": 4665.54736328125,
  "summary_fg_k": 0.34647864654527494,
  "summary_fg_mad": 16241.942052218366,
  "summary_fg_mean": 69092.2265625,
  "summary_fg_median": 68286.296875,
  "summary_fg_n": 88429.0,
  "summary_fg_p05": 44895.129687500004,
  "summary_fg_p95": 96344.2,
  "summary_fg_stdv": 16079.9208984375,
  "tsnr": 18.437801361083984
}