{
  "aor": 0.00048575916230366486,
  "aqi": 0.030532770331588133,
  "bids_meta": {
    "AcquisitionMatrixPE": 94,
    "AcquisitionNumber": 8,
    "AcquisitionTime": "",
    "BodyPartExamined": "BRAIN",
    "CoilString": "MULTI COIL",
    "ConversionSoftware": "dcm2niix",
    "ConversionSoftwareVersion": "v1.0.20210317",
    "DeviceSerialNumber": "45128",
    "EchoTime": 0.03,
    "EchoTrainLength": 47,
    "EstimatedEffectiveEchoSpacing": 0.000388467,
    "EstimatedTotalReadoutTime": 0.0369044,
    "FlipAngle": 52,
    "ImageOrientationPatientDICOM": [
      0.999849,
      -4.72661e-12,
      0.017387,
      0.000696882,
      0.999196,
      -0.0400747
    ],
    "ImageType": [
      "ORIGINAL",
      "PRIMARY",
      "M",
      "FFE",
      "M",
      "FFE"
    ],
    "ImagingFrequency": 127.764,
    "InPlanePhaseEncodingDirectionDICOM": "COL",
    "InstitutionAddress": "",
    "InstitutionName": "",
    "InstitutionalDepartmentName": "",
    "MRAcquisitionType": "2D",
    "MagneticFieldStrength": 3,
    "Manufacturer": "Philips",
    "ManufacturersModelName": "Ingenia Elition X",
    "Modality": "MR",
    "ParallelReductionFactorInPlane": 2,
    "ParallelReductionOutOfPlane": 6,
    "PatientPosition": "HFS",
    "PercentPhaseFOV": 100,
    "PercentSampling": 100,
    "PhaseEncodingAxis": "j",
    "PhaseEncodingSteps": 94,
    "PhilipsRWVIntercept": 0,
    "PhilipsRWVSlope": 1.16215,
    "PhilipsRescaleIntercept": 0,
    "PhilipsRescaleSlope": 1.16215,
    "PhilipsScaleSlope": 0.0164724,
    "PixelBandwidth": 1850,
    "ProcedureStepDescription": "COLA",
    "ProtocolName": "COLA_R5",
    "ReconMatrixPE": 96,
    "RepetitionTime": 0.8,
    "SAR": 0.0818667,
    "ScanOptions": "FS",
    "ScanningSequence": "GR",
    "SequenceVariant": "SK",
    "SeriesDescription": "COLA_R5",
    "SeriesNumber": 801,
    "SliceThickness": 2.4,
    "SoftwareVersions": "5.6.1\\5.6.1.3",
    "SpacingBetweenSlices": 2.4,
    "StationName": "",
    "TaskName": "SG",
    "UsePhilipsFloatNotDisplayScaling": 1,
    "WaterFatShift": 16.3723,
    "dataset": "ds004073",
    "modality": "bold",
    "subject_id": "BAN11",
    "task_id": "SG"
  },
  "dummy_trs": 2,
  "dvars_nstd": 81.8674267722902,
  "dvars_std": 1.1246688497727269,
  "dvars_vstd": 1.0123146334440565,
  "efc": 0.4372971462995022,
  "fber": 3810838.0,
  "fd_mean": 0.1876466649865841,
  "fd_num": 207,
  "fd_perc": 36.12565445026178,
  "fwhm_avg": 2.335758504471778,
  "fwhm_x": 2.423357297777169,
  "fwhm_y": 2.573689128850825,
  "fwhm_z": 2.01022908678734,
  "gcor": 0.0102738,
  "gsr_x": -0.02237807773053646,
  "gsr_y": 0.0323830209672451,
  "provenance": {
    "md5sum": "c57e2932a62d3497c21545f2207ddb50",
    "settings": {
      "fd_thres": 0.2,
      "testing": false
    },
    "software": "mriqc",
    "version": "23.0.0",
    "webapi_port": null,
    "webapi_url": "https://mriqc.nimh.nih.gov/api/v1"
  },
  "size_t": 573,
  "size_x": 96,
  "size_y": 96,
  "size_z": 60,
  "snr": 4.203210013378112,
  "spacing_tr": 0.8000001907348633,
  "spacing_x": 2.3958332538604736,
  "spacing_y": 2.3958332538604736,
  "spacing_z": 2.4000000953674316,
  "summary_bg_k": 28.096185473560112,
  "summary_bg_mad": 50.9704815400982,
  "summary_bg_mean": 2165.986083984375,
  "summary_bg_median": 34.71307373046875,
  "summary_bg_n": 392406.0,
  "summary_bg_p05": 0.24041349440813065,
  "summary_bg_p95": 11776.630126953125,
  "summary_bg_stdv": 5245.396484375,
  "summary_fg_k": 0.4726029332721313,
  "summary_fg_mad": 15991.98168873473,
  "summary_fg_mean": 69515.765625,
  "summary_fg_median": 68728.3046875,
  "summary_fg_n": 88946.0,
  "summary_fg_p05": 44742.6826171875,
  "summary_fg_p95": 97666.486328125,
  "summary_fg_stdv": 16351.29296875,
  "tsnr": 18.694515228271484
}