{
  "aor": 0.000518904347826087,
  "aqi": 0.031537043826086956,
  "bids_meta": {
    "AcquisitionMatrixPE": 94,
    "AcquisitionNumber": 3,
    "AcquisitionTime": "",
    "BodyPartExamined": "BRAIN",
    "CoilString": "MULTI COIL",
    "ConversionSoftware": "dcm2niix",
    "ConversionSoftwareVersion": "v1.0.20210317",
    "DeviceSerialNumber": "45128",
    "EchoTime": 0.03,
    "EchoTrainLength": 47,
    "EstimatedEffectiveEchoSpacing": 0.000388467,
    "EstimatedTotalReadoutTime": 0.0369044,
    "FlipAngle": 52,
    "ImageOrientationPatientDICOM": [
      0.999849,
      -4.72661e-12,
      0.017387,
      0.000696882,
      0.999196,
      -0.0400747
    ],
    "ImageType": [
      "ORIGINAL",
      "PRIMARY",
      "M",
      "FFE",
      "M",
      "FFE"
    ],
    "ImagingFrequency": 127.764,
    "InPlanePhaseEncodingDirectionDICOM": "COL",
    "InstitutionAddress": "",
    "InstitutionName": "",
    "InstitutionalDepartmentName": "",
    "MRAcquisitionType": "2D",
    "MagneticFieldStrength": 3,
    "Manufacturer": "Philips",
    "ManufacturersModelName": "Ingenia Elition X",
    "Modality": "MR",
    "ParallelReductionFactorInPlane": 2,
    "ParallelReductionOutOfPlane": 6,
    "PatientPosition": "HFS",
    "PercentPhaseFOV": 100,
    "PercentSampling": 100,
    "PhaseEncodingAxis": "j",
    "PhaseEncodingSteps": 94,
    "PhilipsRWVIntercept": 0,
    "PhilipsRWVSlope": 1.13455,
    "PhilipsRescaleIntercept": 0,
    "PhilipsRescaleSlope": 1.13455,
    "PhilipsScaleSlope": 0.0165727,
    "PixelBandwidth": 1850,
    "ProcedureStepDescription": "COLA",
    "ProtocolName": "COLA_R2",
    "ReconMatrixPE": 96,
    "RepetitionTime": 0.8,
    "SAR": 0.0818667,
    "ScanOptions": "FS",
    "ScanningSequence": "GR",
    "SequenceVariant": "SK",
    "SeriesDescription": "COLA_R2",
    "SeriesNumber": 301,
    "SliceThickness": 2.4,
    "SoftwareVersions": "5.6.1\\5.6.1.3",
    "SpacingBetweenSlices": 2.4,
    "StationName": "",
    "TaskName": "WC",
    "UsePhilipsFloatNotDisplayScaling": 1,
    "WaterFatShift": 16.3723,
    "dataset": "ds004073",
    "modality": "bold",
    "subject_id": "BAN11",
    "task_id": "WC"
  },
  "dummy_trs": 0,
  "dvars_nstd": 81.41812374376312,
  "dvars_std": 1.1091926029442507,
  "dvars_vstd": 1.0135013691637629,
  "efc": 0.4324813340362432,
  "fber": 4928492.0,
  "fd_mean": 0.18442063887114457,
  "fd_num": 202,
  "fd_perc": 35.130434782608695,
  "fwhm_avg": 2.3430803700325047,
  "fwhm_x": 2.38385120951018,
  "fwhm_y": 2.5597816501286266,
  "fwhm_z": 2.0856082504587077,
  "gcor": 0.00481212,
  "gsr_x": -0.019176259636878967,
  "gsr_y": 0.030029671266674995,
  "provenance": {
    "md5sum": "8be12aa2aa1e5c028360b5455171d23d",
    "settings": {
      "fd_thres": 0.2,
      "testing": false
    },
    "software": "mriqc",
    "version": "23.0.0",
    "webapi_port": null,
    "webapi_url": "https://mriqc.nimh.nih.gov/api/v1"
  },
  "size_t": 575,
  "size_x": 96,
  "size_y": 96,
  "size_z": 60,
  "snr": 4.3982086215169325,
  "spacing_tr": 0.8000001907348633,
  "spacing_x": 2.3958332538604736,
  "spacing_y": 2.3958332538604736,
  "spacing_z": 2.4000000953674316,
  "summary_bg_k": 37.490900197788406,
  "summary_bg_mad": 45.181425395528876,
  "summary_bg_mean": 1916.8365478515625,
  "summary_bg_median": 30.836584091186523,
  "summary_bg_n": 392891.0,
  "summary_bg_p05": 0.26249927282333374,
  "summary_bg_p95": 10042.556640625,
  "summary_bg_stdv": 4781.662109375,
  "summary_fg_k": 0.34729654866480253,
  "summary_fg_mad": 15685.943054619102,
  "summary_fg_mean": 69118.25,
  "summary_fg_median": 68397.3828125,
  "summary_fg_n": 88769.0,
  "summary_fg_p05": 45584.14609375,
  "summary_fg_p95": 95541.66718749999,
  "summary_fg_stdv": 15551.103515625,
  "tsnr": 18.469295501708984
}