{
  "aor": 0.00043109565217391306,
  "aqi": 0.030887713217391307,
  "bids_meta": {
    "AcquisitionMatrixPE": 94,
    "AcquisitionNumber": 9,
    "AcquisitionTime": "",
    "BodyPartExamined": "BRAIN",
    "CoilString": "MULTI COIL",
    "ConversionSoftware": "dcm2niix",
    "ConversionSoftwareVersion": "v1.0.20210317",
    "DeviceSerialNumber": "45128",
    "EchoTime": 0.03,
    "EchoTrainLength": 47,
    "EstimatedEffectiveEchoSpacing": 0.000388467,
    "EstimatedTotalReadoutTime": 0.0369044,
    "FlipAngle": 52,
    "ImageOrientationPatientDICOM": [
      0.999849,
      -4.72661e-12,
      0.017387,
      0.000696882,
      0.999196,
      -0.0400747
    ],
    "ImageType": [
      "ORIGINAL",
      "PRIMARY",
      "M",
      "FFE",
      "M",
      "FFE"
    ],
    "ImagingFrequency": 127.764,
    "InPlanePhaseEncodingDirectionDICOM": "COL",
    "InstitutionAddress": "",
    "InstitutionName": "",
    "InstitutionalDepartmentName": "",
    "MRAcquisitionType": "2D",
    "MagneticFieldStrength": 3,
    "Manufacturer": "Philips",
    "ManufacturersModelName": "Ingenia Elition X",
    "Modality": "MR",
    "ParallelReductionFactorInPlane": 2,
    "ParallelReductionOutOfPlane": 6,
    "PatientPosition": "HFS",
    "PercentPhaseFOV": 100,
    "PercentSampling": 100,
    "PhaseEncodingAxis": "j",
    "PhaseEncodingSteps": 94,
    "PhilipsRWVIntercept": 0,
    "PhilipsRWVSlope": 1.13407,
    "PhilipsRescaleIntercept": 0,
    "PhilipsRescaleSlope": 1.13407,
    "PhilipsScaleSlope": 0.0167015,
    "PixelBandwidth": 1850,
    "ProcedureStepDescription": "COLA",
    "ProtocolName": "COLA_R6",
    "ReconMatrixPE": 96,
    "RepetitionTime": 0.8,
    "SAR": 0.0818667,
    "ScanOptions": "FS",
    "ScanningSequence": "GR",
    "SequenceVariant": "SK",
    "SeriesDescription": "COLA_R6",
    "SeriesNumber": 901,
    "SliceThickness": 2.4,
    "SoftwareVersions": "5.6.1\\5.6.1.3",
    "SpacingBetweenSlices": 2.4,
    "StationName": "",
    "TaskName": "PD",
    "UsePhilipsFloatNotDisplayScaling": 1,
    "WaterFatShift": 16.3723,
    "dataset": "ds004073",
    "modality": "bold",
    "subject_id": "BAN11",
    "task_id": "PD"
  },
  "dummy_trs": 0,
  "dvars_nstd": 81.07014114447749,
  "dvars_std": 1.1239621176829262,
  "dvars_vstd": 1.0092042108188155,
  "efc": 0.43813855653252853,
  "fber": 4441462.0,
  "fd_mean": 0.15597320347858804,
  "fd_num": 145,
  "fd_perc": 25.217391304347824,
  "fwhm_avg": 2.306074066365491,
  "fwhm_x": 2.389644601006702,
  "fwhm_y": 2.5214943445107614,
  "fwhm_z": 2.0070832535790104,
  "gcor": 0.00337438,
  "gsr_x": -0.02239246852695942,
  "gsr_y": 0.03215877339243889,
  "provenance": {
    "md5sum": "f25cee0d3a771c8749f3008f35892112",
    "settings": {
      "fd_thres": 0.2,
      "testing": false
    },
    "software": "mriqc",
    "version": "23.0.0",
    "webapi_port": null,
    "webapi_url": "https://mriqc.nimh.nih.gov/api/v1"
  },
  "size_t": 575,
  "size_x": 96,
  "size_y": 96,
  "size_z": 60,
  "snr": 4.318111507425297,
  "spacing_tr": 0.8000001907348633,
  "spacing_x": 2.3958332538604736,
  "spacing_y": 2.3958332538604736,
  "spacing_z": 2.4000000953674316,
  "summary_bg_k": 28.037608468899204,
  "summary_bg_mad": 46.79668155627633,
  "summary_bg_mean": 2127.946044921875,
  "summary_bg_median": 31.927051544189453,
  "summary_bg_n": 392189.0,
  "summary_bg_p05": 0.2634960174560547,
  "summary_bg_p95": 11638.199999999975,
  "summary_bg_stdv": 5148.26123046875,
  "summary_fg_k": 0.5131903703819893,
  "summary_fg_mad": 15401.775698933889,
  "summary_fg_mean": 68356.5234375,
  "summary_fg_median": 67541.171875,
  "summary_fg_n": 88979.0,
  "summary_fg_p05": 44846.004296875,
  "summary_fg_p95": 95224.66875,
  "summary_fg_stdv": 15641.2802734375,
  "tsnr": 19.122203826904297
}