{
  "aor": 0.0005724347826086957,
  "aqi": 0.028252391478260867,
  "bids_meta": {
    "AcquisitionMatrixPE": 94,
    "AcquisitionNumber": 7,
    "AcquisitionTime": "",
    "BodyPartExamined": "BRAIN",
    "CoilString": "MULTI COIL",
    "ConversionSoftware": "dcm2niix",
    "ConversionSoftwareVersion": "v1.0.20210317",
    "DeviceSerialNumber": "45128",
    "EchoTime": 0.03,
    "EchoTrainLength": 47,
    "EstimatedEffectiveEchoSpacing": 0.000388467,
    "EstimatedTotalReadoutTime": 0.0369044,
    "FlipAngle": 52,
    "ImageOrientationPatientDICOM": [
      0.999849,
      -4.72661e-12,
      0.017387,
      0.000696882,
      0.999196,
      -0.0400747
    ],
    "ImageType": [
      "ORIGINAL",
      "PRIMARY",
      "M",
      "FFE",
      "M",
      "FFE"
    ],
    "ImagingFrequency": 127.764,
    "InPlanePhaseEncodingDirectionDICOM": "COL",
    "InstitutionAddress": "",
    "InstitutionName": "",
    "InstitutionalDepartmentName": "",
    "MRAcquisitionType": "2D",
    "MagneticFieldStrength": 3,
    "Manufacturer": "Philips",
    "ManufacturersModelName": "Ingenia Elition X",
    "Modality": "MR",
    "ParallelReductionFactorInPlane": 2,
    "ParallelReductionOutOfPlane": 6,
    "PatientPosition": "HFS",
    "PercentPhaseFOV": 100,
    "PercentSampling": 100,
    "PhaseEncodingAxis": "j",
    "PhaseEncodingSteps": 94,
    "PhilipsRWVIntercept": 0,
    "PhilipsRWVSlope": 0.970452,
    "PhilipsRescaleIntercept": 0,
    "PhilipsRescaleSlope": 0.970452,
    "PhilipsScaleSlope": 0.0165786,
    "PixelBandwidth": 1850,
    "ProcedureStepDescription": "COLA",
    "ProtocolName": "COLA_R4",
    "ReconMatrixPE": 96,
    "RepetitionTime": 0.8,
    "SAR": 0.0818667,
    "ScanOptions": "FS",
    "ScanningSequence": "GR",
    "SequenceVariant": "SK",
    "SeriesDescription": "COLA_R4",
    "SeriesNumber": 701,
    "SliceThickness": 2.4,
    "SoftwareVersions": "5.6.1\\5.6.1.3",
    "SpacingBetweenSlices": 2.4,
    "StationName": "",
    "TaskName": "WG",
    "UsePhilipsFloatNotDisplayScaling": 1,
    "WaterFatShift": 16.3723,
    "dataset": "ds004073",
    "modality": "bold",
    "subject_id": "BAN11",
    "task_id": "WG"
  },
  "dummy_trs": 0,
  "dvars_nstd": 82.32412312994765,
  "dvars_std": 1.121769178414634,
  "dvars_vstd": 1.018441773466899,
  "efc": 0.43553179373906276,
  "fber": 3892871.0,
  "fd_mean": 0.22687153108578065,
  "fd_num": 267,
  "fd_perc": 46.43478260869565,
  "fwhm_avg": 2.380616115344885,
  "fwhm_x": 2.4516021682793054,
  "fwhm_y": 2.6089962604567907,
  "fwhm_z": 2.0812499172985586,
  "gcor": 0.00710305,
  "gsr_x": -0.021354544907808304,
  "gsr_y": 0.03080977313220501,
  "provenance": {
    "md5sum": "bc444ca3203e5378c6842fbba87c2693",
    "settings": {
      "fd_thres": 0.2,
      "testing": false
    },
    "software": "mriqc",
    "version": "23.0.0",
    "webapi_port": null,
    "webapi_url": "https://mriqc.nimh.nih.gov/api/v1"
  },
  "size_t": 575,
  "size_x": 96,
  "size_y": 96,
  "size_z": 60,
  "snr": 4.1859191025869915,
  "spacing_tr": 0.8000001907348633,
  "spacing_x": 2.3958332538604736,
  "spacing_y": 2.3958332538604736,
  "spacing_z": 2.4000000953674316,
  "summary_bg_k": 29.614983489625082,
  "summary_bg_mad": 50.62400432800166,
  "summary_bg_mean": 2091.61669921875,
  "summary_bg_median": 34.546669006347656,
  "summary_bg_n": 392674.0,
  "summary_bg_p05": 0.2710235819220543,
  "summary_bg_p95": 11223.916992187496,
  "summary_bg_stdv": 5090.7607421875,
  "summary_fg_k": 0.2915760162906116,
  "summary_fg_mad": 16493.10413429708,
  "summary_fg_mean": 69615.7421875,
  "summary_fg_median": 68889.0234375,
  "summary_fg_n": 88765.0,
  "summary_fg_p05": 44333.3125,
  "summary_fg_p95": 97615.2328125,
  "summary_fg_stdv": 16457.23046875,
  "tsnr": 19.033838272094727
}