{
  "aor": 0.0012360173913043477,
  "aqi": 0.02984003252173913,
  "bids_meta": {
    "AcquisitionMatrixPE": 94,
    "AcquisitionNumber": 4,
    "AcquisitionTime": "",
    "BodyPartExamined": "BRAIN",
    "CoilString": "MULTI COIL",
    "ConversionSoftware": "dcm2niix",
    "ConversionSoftwareVersion": "v1.0.20210317",
    "DeviceSerialNumber": "45128",
    "EchoTime": 0.03,
    "EchoTrainLength": 47,
    "EstimatedEffectiveEchoSpacing": 0.000388467,
    "EstimatedTotalReadoutTime": 0.0369044,
    "FlipAngle": 52,
    "ImageOrientationPatientDICOM": [
      0.999849,
      -4.72661e-12,
      0.017387,
      0.000696882,
      0.999196,
      -0.0400747
    ],
    "ImageType": [
      "ORIGINAL",
      "PRIMARY",
      "M",
      "FFE",
      "M",
      "FFE"
    ],
    "ImagingFrequency": 127.764,
    "InPlanePhaseEncodingDirectionDICOM": "COL",
    "InstitutionAddress": "",
    "InstitutionName": "",
    "InstitutionalDepartmentName": "",
    "MRAcquisitionType": "2D",
    "MagneticFieldStrength": 3,
    "Manufacturer": "Philips",
    "ManufacturersModelName": "Ingenia Elition X",
    "Modality": "MR",
    "ParallelReductionFactorInPlane": 2,
    "ParallelReductionOutOfPlane": 6,
    "PatientPosition": "HFS",
    "PercentPhaseFOV": 100,
    "PercentSampling": 100,
    "PhaseEncodingAxis": "j",
    "PhaseEncodingSteps": 94,
    "PhilipsRWVIntercept": 0,
    "PhilipsRWVSlope": 1.13382,
    "PhilipsRescaleIntercept": 0,
    "PhilipsRescaleSlope": 1.13382,
    "PhilipsScaleSlope": 0.0164607,
    "PixelBandwidth": 1850,
    "ProcedureStepDescription": "COLA",
    "ProtocolName": "COLA_R3",
    "ReconMatrixPE": 96,
    "RepetitionTime": 0.8,
    "SAR": 0.0818667,
    "ScanOptions": "FS",
    "ScanningSequence": "GR",
    "SequenceVariant": "SK",
    "SeriesDescription": "COLA_R3",
    "SeriesNumber": 401,
    "SliceThickness": 2.4,
    "SoftwareVersions": "5.6.1\\5.6.1.3",
    "SpacingBetweenSlices": 2.4,
    "StationName": "",
    "TaskName": "SC",
    "UsePhilipsFloatNotDisplayScaling": 1,
    "WaterFatShift": 16.3723,
    "dataset": "ds004073",
    "modality": "bold",
    "subject_id": "BAN11",
    "task_id": "SC"
  },
  "dummy_trs": 0,
  "dvars_nstd": 81.41973027630661,
  "dvars_std": 1.12396859379791,
  "dvars_vstd": 1.0306566412543552,
  "efc": 0.4334355182682782,
  "fber": 4806047.5,
  "fd_mean": 0.17642055714435045,
  "fd_num": 170,
  "fd_perc": 29.565217391304348,
  "fwhm_avg": 2.3512169162627536,
  "fwhm_x": 2.3965315577568904,
  "fwhm_y": 2.574252607130386,
  "fwhm_z": 2.0828665839009846,
  "gcor": 0.00295744,
  "gsr_x": -0.0193021222949028,
  "gsr_y": 0.029570795595645905,
  "provenance": {
    "md5sum": "30d9baefa1018def5452de81b53b31ff",
    "settings": {
      "fd_thres": 0.2,
      "testing": false
    },
    "software": "mriqc",
    "version": "23.0.0",
    "webapi_port": null,
    "webapi_url": "https://mriqc.nimh.nih.gov/api/v1"
  },
  "size_t": 575,
  "size_x": 96,
  "size_y": 96,
  "size_z": 60,
  "snr": 4.349282044735871,
  "spacing_tr": 0.8000001907348633,
  "spacing_x": 2.3958332538604736,
  "spacing_y": 2.3958332538604736,
  "spacing_z": 2.4000000953674316,
  "summary_bg_k": 36.45769268329904,
  "summary_bg_mad": 45.8052235290894,
  "summary_bg_mean": 1960.56005859375,
  "summary_bg_median": 31.115554809570312,
  "summary_bg_n": 392514.0,
  "summary_bg_p05": 0.16206064969301226,
  "summary_bg_p95": 10318.733349609347,
  "summary_bg_stdv": 4882.4931640625,
  "summary_fg_k": 0.3267313826869236,
  "summary_fg_mad": 16018.196528352171,
  "summary_fg_mean": 69371.015625,
  "summary_fg_median": 68736.8046875,
  "summary_fg_n": 89042.0,
  "summary_fg_p05": 45332.2890625,
  "summary_fg_p95": 96136.978515625,
  "summary_fg_stdv": 15804.083984375,
  "tsnr": 18.855899810791016
}