{
  "bids_meta": {
    "AcquisitionMatrixPE": 174,
    "AcquisitionNumber": 1,
    "AcquisitionTime": "",
    "BaseResolution": 192,
    "BodyPartExamined": "BRAIN",
    "ConsistencyInfo": "N4_VE11C_LATEST_20160120",
    "ConversionSoftware": "dcm2niix",
    "ConversionSoftwareVersion": "v1.0.20210317",
    "DeviceSerialNumber": "66093",
    "DwellTime": 1.3e-05,
    "EchoTime": 0.00397,
    "FlipAngle": 8,
    "ImageOrientationPatientDICOM": [
      0.999986,
      0.000519683,
      0.00520658,
      -1.999e-11,
      0.995056,
      -0.0993192
    ],
    "ImageType": [
      "ORIGINAL",
      "PRIMARY",
      "M",
      "ND",
      "NORM"
    ],
    "ImagingFrequency": 123.259,
    "InPlanePhaseEncodingDirectionDICOM": "ROW",
    "InstitutionAddress": "",
    "InstitutionName": "",
    "InstitutionalDepartmentName": "",
    "InversionTime": 0.904,
    "MRAcquisitionType": "3D",
    "MagneticFieldStrength": 3,
    "Manufacturer": "Siemens",
    "ManufacturersModelName": "Prisma",
    "Modality": "MR",
    "PartialFourier": 1,
    "PatientPosition": "HFS",
    "PercentPhaseFOV": 90.625,
    "PercentSampling": 100,
    "PhaseEncodingSteps": 174,
    "PhaseResolution": 1,
    "PixelBandwidth": 200,
    "ProtocolName": "t1_mpr_ax_1mm_iso_32ch_v2",
    "PulseSequenceDetails": "%SiemensSeq%\\tfl",
    "ReceiveCoilActiveElements": "HEA;HEP",
    "ReceiveCoilName": "Head_32",
    "ReconMatrixPE": 174,
    "RepetitionTime": 1.9,
    "SAR": 0.0453983,
    "ScanOptions": "IR\\WE",
    "ScanningSequence": "GR\\IR",
    "SequenceName": "*tfl3d1_16",
    "SequenceVariant": "SK\\SP\\MP",
    "SeriesDescription": "t1_mpr_ax_1mm_iso_32ch_v2",
    "SeriesNumber": 15,
    "ShimSetting": [
      4969,
      -11436,
      -1387,
      339,
      39,
      -29,
      -89,
      -40
    ],
    "SliceThickness": 1,
    "SoftwareVersions": "syngo MR E11",
    "StationName": "",
    "TxRefAmp": 269.752,
    "dataset": "ds004073",
    "modality": "T1w",
    "subject_id": "OXF13"
  },
  "cjv": 0.3485636320481483,
  "cnr": 3.901988462773005,
  "efc": 0.6383021002920387,
  "fber": -1.0,
  "fwhm_avg": 4.444036666666666,
  "fwhm_x": 4.23915,
  "fwhm_y": 4.74029,
  "fwhm_z": 4.35267,
  "icvs_csf": 0.20204152668771908,
  "icvs_gm": 0.42815726753377226,
  "icvs_wm": 0.3698012057785086,
  "inu_med": 0.3595290333032608,
  "inu_range": 0.13366788178682326,
  "provenance": {
    "md5sum": "411680029f25aae6de6c873def2609f9",
    "settings": {
      "testing": false
    },
    "software": "mriqc",
    "version": "23.0.0",
    "warnings": {
      "large_rot_frame": true,
      "small_air_mask": false
    },
    "webapi_port": null,
    "webapi_url": "https://mriqc.nimh.nih.gov/api/v1"
  },
  "qi_1": 0.0,
  "qi_2": 0.012298034453363233,
  "rpve_csf": 11.620392232581233,
  "rpve_gm": 5.74462564657776,
  "rpve_wm": 7.8138377409787445,
  "size_x": 174,
  "size_y": 192,
  "size_z": 192,
  "snr_csf": 2.7717054012233757,
  "snr_gm": 12.29060201251343,
  "snr_total": 14.739192178666165,
  "snr_wm": 29.155269122261693,
  "snrd_csf": 34.54392948007777,
  "snrd_gm": 89.12562015073921,
  "snrd_total": 81.85186488154864,
  "snrd_wm": 121.8860450138289,
  "spacing_x": 1.0,
  "spacing_y": 1.0,
  "spacing_z": 1.0,
  "summary_bg_k": 766.9411396338388,
  "summary_bg_mad": 0.0,
  "summary_bg_mean": 2.348867330992796,
  "summary_bg_median": 0.0,
  "summary_bg_n": 1456638.0,
  "summary_bg_p05": 0.0,
  "summary_bg_p95": 11.987381976097822,
  "summary_bg_stdv": 5.375209948090988,
  "summary_csf_k": 2.4043581237696685,
  "summary_csf_mad": 78.84480889512614,
  "summary_csf_mean": 289.77900610393993,
  "summary_csf_median": 283.4232281818986,
  "summary_csf_n": 54544.0,
  "summary_csf_p05": 125.97944725304842,
  "summary_csf_p95": 473.6918801127001,
  "summary_csf_stdv": 102.25496184744328,
  "summary_gm_k": -0.05730139958022207,
  "summary_gm_mad": 60.83089733355311,
  "summary_gm_mean": 731.4217060175753,
  "summary_gm_median": 731.2506526336074,
  "summary_gm_n": 47113.0,
  "summary_gm_p05": 634.4479639559984,
  "summary_gm_p95": 828.9284812517465,
  "summary_gm_stdv": 59.496100454976634,
  "summary_wm_k": 0.7016669060608107,
  "summary_wm_mad": 32.859547220356816,
  "summary_wm_mean": 1000.2747468642498,
  "summary_wm_median": 1000.0407269261777,
  "summary_wm_n": 264224.0,
  "summary_wm_p05": 944.7237418480217,
  "summary_wm_p95": 1055.8868663869798,
  "summary_wm_stdv": 34.30044944260024,
  "tpm_overlap_csf": 0.17168819805959754,
  "tpm_overlap_gm": 0.470049016336693,
  "tpm_overlap_wm": 0.5146078755186547,
  "wm2max": 0.8752297139570493
}