{
  "aor": 0.000539616724738676,
  "aqi": 0.0056193727177700345,
  "bids_meta": {
    "AcquisitionMatrixPE": 90,
    "AcquisitionNumber": 1,
    "AcquisitionTime": "",
    "BandwidthPerPixelPhaseEncode": 21.786,
    "BaseResolution": 90,
    "BodyPartExamined": "BRAIN",
    "ConsistencyInfo": "N4_VE11C_LATEST_20160120",
    "ConversionSoftware": "dcm2niix",
    "ConversionSoftwareVersion": "v1.0.20210317",
    "DerivedVendorReportedEchoSpacing": 0.000510012,
    "DeviceSerialNumber": "66093",
    "DwellTime": 2e-06,
    "EchoTime": 0.03,
    "EchoTrainLength": 90,
    "EffectiveEchoSpacing": 0.000510012,
    "FlipAngle": 52,
    "ImageComments": "Unaliased MB6/PE3/LB",
    "ImageOrientationPatientDICOM": [
      1,
      0,
      0,
      0,
      0.970296,
      -0.241922
    ],
    "ImageType": [
      "ORIGINAL",
      "PRIMARY",
      "M",
      "MB",
      "ND",
      "MOSAIC"
    ],
    "ImagingFrequency": 123.26,
    "InPlanePhaseEncodingDirectionDICOM": "COL",
    "InstitutionAddress": "",
    "InstitutionName": "",
    "InstitutionalDepartmentName": "",
    "MRAcquisitionType": "2D",
    "MagneticFieldStrength": 3,
    "Manufacturer": "Siemens",
    "ManufacturersModelName": "Prisma",
    "Modality": "MR",
    "MultibandAccelerationFactor": 6,
    "PartialFourier": 1,
    "PatientPosition": "HFS",
    "PercentPhaseFOV": 100,
    "PercentSampling": 100,
    "PhaseEncodingDirection": "j-",
    "PhaseEncodingSteps": 90,
    "PhaseResolution": 1,
    "PixelBandwidth": 2780,
    "ProtocolName": "BOLD_2p4_MB6_P1_TE30_TR800_AP",
    "PulseSequenceDetails": "%CustomerSeq%\\cmrr_mbep2d_bold",
    "ReceiveCoilActiveElements": "HEA;HEP",
    "ReceiveCoilName": "Head_32",
    "ReconMatrixPE": 90,
    "RepetitionTime": 0.8,
    "SAR": 0.0732637,
    "ScanOptions": "FS",
    "ScanningSequence": "EP",
    "SequenceName": "epfid2d1_90",
    "SequenceVariant": "SK\\SS",
    "SeriesDescription": "BOLD_2p4_MB6_P1_TE30_TR800_AP",
    "SeriesNumber": 17,
    "ShimSetting": [
      4947,
      -11351,
      -1481,
      434,
      55,
      84,
      0,
      78
    ],
    "SliceThickness": 2.4,
    "SliceTiming": [
      0,
      0.5475,
      0.3125,
      0.08,
      0.625,
      0.39,
      0.1575,
      0.7025,
      0.47,
      0.235,
      0,
      0.5475,
      0.3125,
      0.08,
      0.625,
      0.39,
      0.1575,
      0.7025,
      0.47,
      0.235,
      0,
      0.5475,
      0.3125,
      0.08,
      0.625,
      0.39,
      0.1575,
      0.7025,
      0.47,
      0.235,
      0,
      0.5475,
      0.3125,
      0.08,
      0.625,
      0.39,
      0.1575,
      0.7025,
      0.47,
      0.235,
      0,
      0.5475,
      0.3125,
      0.08,
      0.625,
      0.39,
      0.1575,
      0.7025,
      0.47,
      0.235,
      0,
      0.5475,
      0.3125,
      0.08,
      0.625,
      0.39,
      0.1575,
      0.7025,
      0.47,
      0.235
    ],
    "SoftwareVersions": "syngo MR E11",
    "SpacingBetweenSlices": 2.4,
    "StationName": "",
    "TaskName": "SG",
    "TotalReadoutTime": 0.045391,
    "TxRefAmp": 236.981,
    "VendorReportedEchoSpacing": 0.00051,
    "WipMemBlock": "6080a6c5-0155-46e8-9a46-6c911b566a09||Sequence: R016 ve11c/master r/e634e98; Dec 19 2017 11:00:25 by eja",
    "dataset": "ds004073",
    "modality": "bold",
    "subject_id": "OXF05",
    "task_id": "SG"
  },
  "dummy_trs": 1,
  "dvars_nstd": 32.82417877247819,
  "dvars_std": 1.0507406852356018,
  "dvars_vstd": 0.9946097506980799,
  "efc": 0.5017074529724596,
  "fber": 1128.1378173828125,
  "fd_mean": 0.12023605876064127,
  "fd_num": 90,
  "fd_perc": 15.679442508710801,
  "fwhm_avg": 3.0664998781482424,
  "fwhm_x": 2.8433082203504156,
  "fwhm_y": 3.089849877220397,
  "fwhm_z": 3.2663415368739153,
  "gcor": 0.012307,
  "gsr_x": -0.029354866594076157,
  "gsr_y": 0.08565141260623932,
  "provenance": {
    "md5sum": "1c92397626ad2f6bb510c63296eb38b2",
    "settings": {
      "fd_thres": 0.2,
      "testing": false
    },
    "software": "mriqc",
    "version": "23.0.0",
    "webapi_port": null,
    "webapi_url": "https://mriqc.nimh.nih.gov/api/v1"
  },
  "size_t": 574,
  "size_x": 90,
  "size_y": 90,
  "size_z": 60,
  "snr": 2.3912342625573553,
  "spacing_tr": 0.800000011920929,
  "spacing_x": 2.4000000953674316,
  "spacing_y": 2.4000000953674316,
  "spacing_z": 2.4000000953674316,
  "summary_bg_k": 18.64726343256702,
  "summary_bg_mad": 68.0395671665578,
  "summary_bg_mean": 287.8033447265625,
  "summary_bg_median": 108.94599151611328,
  "summary_bg_n": 325964.0,
  "summary_bg_p05": 57.6602783203125,
  "summary_bg_p95": 1281.9750732421874,
  "summary_bg_stdv": 483.66265869140625,
  "summary_fg_k": 3.037763654157901,
  "summary_fg_mad": 1239.042092431051,
  "summary_fg_mean": 4086.89208984375,
  "summary_fg_median": 3748.15673828125,
  "summary_fg_n": 86473.0,
  "summary_fg_p05": 2214.0154296875003,
  "summary_fg_p95": 7166.805371093748,
  "summary_fg_stdv": 1567.4478759765625,
  "tsnr": 41.31801890162751
}