{
  "aor": 0.0016578919860627177,
  "aqi": 0.004748414390243903,
  "bids_meta": {
    "AcquisitionMatrixPE": 90,
    "AcquisitionNumber": 1,
    "AcquisitionTime": "",
    "BandwidthPerPixelPhaseEncode": 21.786,
    "BaseResolution": 90,
    "BodyPartExamined": "BRAIN",
    "ConsistencyInfo": "N4_VE11C_LATEST_20160120",
    "ConversionSoftware": "dcm2niix",
    "ConversionSoftwareVersion": "v1.0.20210317",
    "DerivedVendorReportedEchoSpacing": 0.000510012,
    "DeviceSerialNumber": "66093",
    "DwellTime": 2e-06,
    "EchoTime": 0.03,
    "EchoTrainLength": 90,
    "EffectiveEchoSpacing": 0.000510012,
    "FlipAngle": 52,
    "ImageComments": "Unaliased MB6/PE3/LB",
    "ImageOrientationPatientDICOM": [
      0.999684,
      0.00777362,
      0.0239168,
      2.21992e-08,
      0.951026,
      -0.30911
    ],
    "ImageType": [
      "ORIGINAL",
      "PRIMARY",
      "M",
      "MB",
      "ND",
      "MOSAIC"
    ],
    "ImagingFrequency": 123.26,
    "InPlanePhaseEncodingDirectionDICOM": "COL",
    "InstitutionAddress": "",
    "InstitutionName": "",
    "InstitutionalDepartmentName": "",
    "MRAcquisitionType": "2D",
    "MagneticFieldStrength": 3,
    "Manufacturer": "Siemens",
    "ManufacturersModelName": "Prisma",
    "Modality": "MR",
    "MultibandAccelerationFactor": 6,
    "PartialFourier": 1,
    "PatientPosition": "HFS",
    "PercentPhaseFOV": 100,
    "PercentSampling": 100,
    "PhaseEncodingDirection": "j-",
    "PhaseEncodingSteps": 90,
    "PhaseResolution": 1,
    "PixelBandwidth": 2780,
    "ProtocolName": "BOLD_2p4_MB6_P1_TE30_TR800_AP",
    "PulseSequenceDetails": "%CustomerSeq%\\cmrr_mbep2d_bold",
    "ReceiveCoilActiveElements": "HEA;HEP",
    "ReceiveCoilName": "Head_32",
    "ReconMatrixPE": 90,
    "RepetitionTime": 0.8,
    "SAR": 0.0756752,
    "ScanOptions": "FS",
    "ScanningSequence": "EP",
    "SequenceName": "epfid2d1_90",
    "SequenceVariant": "SK\\SS",
    "SeriesDescription": "BOLD_2p4_MB6_P1_TE30_TR800_AP",
    "SeriesNumber": 17,
    "ShimSetting": [
      4968,
      -11338,
      -1392,
      606,
      104,
      -105,
      -93,
      -7
    ],
    "SliceThickness": 2.4,
    "SliceTiming": [
      0,
      0.5475,
      0.3125,
      0.08,
      0.625,
      0.39,
      0.1575,
      0.7025,
      0.47,
      0.235,
      0,
      0.5475,
      0.3125,
      0.08,
      0.625,
      0.39,
      0.1575,
      0.7025,
      0.47,
      0.235,
      0,
      0.5475,
      0.3125,
      0.08,
      0.625,
      0.39,
      0.1575,
      0.7025,
      0.47,
      0.235,
      0,
      0.5475,
      0.3125,
      0.08,
      0.625,
      0.39,
      0.1575,
      0.7025,
      0.47,
      0.235,
      0,
      0.5475,
      0.3125,
      0.08,
      0.625,
      0.39,
      0.1575,
      0.7025,
      0.47,
      0.235,
      0,
      0.5475,
      0.3125,
      0.08,
      0.625,
      0.39,
      0.1575,
      0.7025,
      0.47,
      0.235
    ],
    "SoftwareVersions": "syngo MR E11",
    "SpacingBetweenSlices": 2.4,
    "StationName": "",
    "TaskName": "SG",
    "TotalReadoutTime": 0.045391,
    "TxRefAmp": 251.122,
    "VendorReportedEchoSpacing": 0.00051,
    "WipMemBlock": "5bab896a-f448-4eca-b3a5-dc7ded343956||Sequence: R016 ve11c/master r/e634e98; Dec 19 2017 11:00:25 by eja",
    "dataset": "ds004073",
    "modality": "bold",
    "subject_id": "OXF10",
    "task_id": "SG"
  },
  "dummy_trs": 1,
  "dvars_nstd": 36.122099342181485,
  "dvars_std": 1.0789876849563704,
  "dvars_vstd": 1.0204631994240831,
  "efc": 0.5200421910008339,
  "fber": 764.3969116210938,
  "fd_mean": 0.1237536126330493,
  "fd_num": 77,
  "fd_perc": 13.414634146341463,
  "fwhm_avg": 3.1055165432645264,
  "fwhm_x": 2.8206540545839447,
  "fwhm_y": 3.166066540858486,
  "fwhm_z": 3.329829034351149,
  "gcor": 0.0127213,
  "gsr_x": -0.0033334114123135805,
  "gsr_y": 0.08881017565727234,
  "provenance": {
    "md5sum": "e06668d4807d11bd8260fb12794c07c2",
    "settings": {
      "fd_thres": 0.2,
      "testing": false
    },
    "software": "mriqc",
    "version": "23.0.0",
    "webapi_port": null,
    "webapi_url": "https://mriqc.nimh.nih.gov/api/v1"
  },
  "size_t": 574,
  "size_x": 90,
  "size_y": 90,
  "size_z": 60,
  "snr": 2.4120492660596486,
  "spacing_tr": 0.800000011920929,
  "spacing_x": 2.4000000953674316,
  "spacing_y": 2.4000000953674316,
  "spacing_z": 2.4000000953674316,
  "summary_bg_k": 22.25964713579353,
  "summary_bg_mad": 84.30426956988705,
  "summary_bg_mean": 302.93096923828125,
  "summary_bg_median": 119.99041748046875,
  "summary_bg_n": 321082.0,
  "summary_bg_p05": 54.49825668334961,
  "summary_bg_p95": 1304.7665100097656,
  "summary_bg_stdv": 526.0217895507812,
  "summary_fg_k": 2.206158413695576,
  "summary_fg_mad": 1076.2725663986557,
  "summary_fg_mean": 3694.18359375,
  "summary_fg_median": 3373.81982421875,
  "summary_fg_n": 89196.0,
  "summary_fg_p05": 2033.0009460449219,
  "summary_fg_p95": 6574.610595703125,
  "summary_fg_stdv": 1398.72802734375,
  "tsnr": 41.15013319160789
}