{
  "aor": 0.0016092482517482518,
  "aqi": 0.006654480367132867,
  "bids_meta": {
    "AcquisitionMatrixPE": 90,
    "AcquisitionNumber": 1,
    "AcquisitionTime": "",
    "BandwidthPerPixelPhaseEncode": 21.786,
    "BaseResolution": 90,
    "BodyPartExamined": "BRAIN",
    "ConsistencyInfo": "N4_VE11C_LATEST_20160120",
    "ConversionSoftware": "dcm2niix",
    "ConversionSoftwareVersion": "v1.0.20210317",
    "DerivedVendorReportedEchoSpacing": 0.000510012,
    "DeviceSerialNumber": "66093",
    "DwellTime": 2e-06,
    "EchoTime": 0.03,
    "EchoTrainLength": 90,
    "EffectiveEchoSpacing": 0.000510012,
    "FlipAngle": 52,
    "ImageComments": "Unaliased MB6/PE3/LB",
    "ImageOrientationPatientDICOM": [
      0.999986,
      0.000319377,
      0.00522269,
      5.37751e-08,
      0.998135,
      -0.061048
    ],
    "ImageType": [
      "ORIGINAL",
      "PRIMARY",
      "M",
      "MB",
      "ND",
      "MOSAIC"
    ],
    "ImagingFrequency": 123.259,
    "InPlanePhaseEncodingDirectionDICOM": "COL",
    "InstitutionAddress": "",
    "InstitutionName": "",
    "InstitutionalDepartmentName": "",
    "MRAcquisitionType": "2D",
    "MagneticFieldStrength": 3,
    "Manufacturer": "Siemens",
    "ManufacturersModelName": "Prisma",
    "Modality": "MR",
    "MultibandAccelerationFactor": 6,
    "PartialFourier": 1,
    "PatientPosition": "HFS",
    "PercentPhaseFOV": 100,
    "PercentSampling": 100,
    "PhaseEncodingDirection": "j-",
    "PhaseEncodingSteps": 90,
    "PhaseResolution": 1,
    "PixelBandwidth": 2780,
    "ProtocolName": "BOLD_2p4_MB6_P1_TE30_TR800_AP",
    "PulseSequenceDetails": "%CustomerSeq%\\cmrr_mbep2d_bold",
    "ReceiveCoilActiveElements": "HEA;HEP",
    "ReceiveCoilName": "Head_32",
    "ReconMatrixPE": 90,
    "RepetitionTime": 0.8,
    "SAR": 0.0806704,
    "ScanOptions": "FS",
    "ScanningSequence": "EP",
    "SequenceName": "epfid2d1_90",
    "SequenceVariant": "SK\\SS",
    "SeriesDescription": "BOLD_2p4_MB6_P1_TE30_TR800_AP",
    "SeriesNumber": 19,
    "ShimSetting": [
      4926,
      -11439,
      -1388,
      337,
      -55,
      -152,
      39,
      17
    ],
    "SliceThickness": 2.4,
    "SliceTiming": [
      0,
      0.5475,
      0.3125,
      0.08,
      0.625,
      0.39,
      0.1575,
      0.7025,
      0.47,
      0.235,
      0,
      0.5475,
      0.3125,
      0.08,
      0.625,
      0.39,
      0.1575,
      0.7025,
      0.47,
      0.235,
      0,
      0.5475,
      0.3125,
      0.08,
      0.625,
      0.39,
      0.1575,
      0.7025,
      0.47,
      0.235,
      0,
      0.5475,
      0.3125,
      0.08,
      0.625,
      0.39,
      0.1575,
      0.7025,
      0.47,
      0.235,
      0,
      0.5475,
      0.3125,
      0.08,
      0.625,
      0.39,
      0.1575,
      0.7025,
      0.47,
      0.235,
      0,
      0.5475,
      0.3125,
      0.08,
      0.625,
      0.39,
      0.1575,
      0.7025,
      0.47,
      0.235
    ],
    "SoftwareVersions": "syngo MR E11",
    "SpacingBetweenSlices": 2.4,
    "StationName": "",
    "TaskName": "WC",
    "TotalReadoutTime": 0.045391,
    "TxRefAmp": 241.216,
    "VendorReportedEchoSpacing": 0.00051,
    "WipMemBlock": "182247bf-31f2-488c-aa96-569a841f4479||Sequence: R016 ve11c/master r/e634e98; Dec 19 2017 11:00:25 by eja",
    "dataset": "ds004073",
    "modality": "bold",
    "subject_id": "OXF21",
    "task_id": "WC"
  },
  "dummy_trs": 3,
  "dvars_nstd": 31.110422351541168,
  "dvars_std": 1.0728598360420312,
  "dvars_vstd": 0.990141401891419,
  "efc": 0.4901202310386264,
  "fber": 1386.6656494140625,
  "fd_mean": 0.13251194012944564,
  "fd_num": 71,
  "fd_perc": 12.412587412587413,
  "fwhm_avg": 3.2485791522161627,
  "fwhm_x": 3.015987380155429,
  "fwhm_y": 3.2678457034808117,
  "fwhm_z": 3.461904373012247,
  "gcor": 0.011695,
  "gsr_x": -0.023744741454720497,
  "gsr_y": 0.08397391438484192,
  "provenance": {
    "md5sum": "4b005394d61ee1163f5a6aeb57f0b0ec",
    "settings": {
      "fd_thres": 0.2,
      "testing": false
    },
    "software": "mriqc",
    "version": "23.0.0",
    "webapi_port": null,
    "webapi_url": "https://mriqc.nimh.nih.gov/api/v1"
  },
  "size_t": 572,
  "size_x": 90,
  "size_y": 90,
  "size_z": 60,
  "snr": 2.4001388161149793,
  "spacing_tr": 0.800000011920929,
  "spacing_x": 2.4000000953674316,
  "spacing_y": 2.4000000953674316,
  "spacing_z": 2.3999998569488525,
  "summary_bg_k": 26.323367326905043,
  "summary_bg_mad": 66.38015146707556,
  "summary_bg_mean": 273.1781311035156,
  "summary_bg_median": 108.73426818847656,
  "summary_bg_n": 327845.0,
  "summary_bg_p05": 58.03845977783203,
  "summary_bg_p95": 1084.4112060546875,
  "summary_bg_stdv": 466.1463928222656,
  "summary_fg_k": 1.1503342170577096,
  "summary_fg_mad": 1519.024426912562,
  "summary_fg_mean": 4435.8369140625,
  "summary_fg_median": 4060.43359375,
  "summary_fg_n": 88005.0,
  "summary_fg_p05": 2330.73818359375,
  "summary_fg_p95": 7731.1869140625,
  "summary_fg_stdv": 1691.7398681640625,
  "tsnr": 37.84904441982508
}