{
  "aor": 0.00031680069930069927,
  "aqi": 0.004343968618881119,
  "bids_meta": {
    "AcquisitionMatrixPE": 90,
    "AcquisitionNumber": 1,
    "AcquisitionTime": "",
    "BandwidthPerPixelPhaseEncode": 21.786,
    "BaseResolution": 90,
    "BodyPartExamined": "BRAIN",
    "ConsistencyInfo": "N4_VE11C_LATEST_20160120",
    "ConversionSoftware": "dcm2niix",
    "ConversionSoftwareVersion": "v1.0.20210317",
    "DerivedVendorReportedEchoSpacing": 0.000510012,
    "DeviceSerialNumber": "66093",
    "DwellTime": 2e-06,
    "EchoTime": 0.03,
    "EchoTrainLength": 90,
    "EffectiveEchoSpacing": 0.000510012,
    "FlipAngle": 52,
    "ImageComments": "Unaliased MB6/PE3/LB",
    "ImageOrientationPatientDICOM": [
      0.999986,
      0.000319377,
      0.00522269,
      5.37751e-08,
      0.998135,
      -0.061048
    ],
    "ImageType": [
      "ORIGINAL",
      "PRIMARY",
      "M",
      "MB",
      "ND",
      "MOSAIC"
    ],
    "ImagingFrequency": 123.259,
    "InPlanePhaseEncodingDirectionDICOM": "COL",
    "InstitutionAddress": "",
    "InstitutionName": "",
    "InstitutionalDepartmentName": "",
    "MRAcquisitionType": "2D",
    "MagneticFieldStrength": 3,
    "Manufacturer": "Siemens",
    "ManufacturersModelName": "Prisma",
    "Modality": "MR",
    "MultibandAccelerationFactor": 6,
    "PartialFourier": 1,
    "PatientPosition": "HFS",
    "PercentPhaseFOV": 100,
    "PercentSampling": 100,
    "PhaseEncodingDirection": "j-",
    "PhaseEncodingSteps": 90,
    "PhaseResolution": 1,
    "PixelBandwidth": 2780,
    "ProtocolName": "BOLD_2p4_MB6_P1_TE30_TR800_AP",
    "PulseSequenceDetails": "%CustomerSeq%\\cmrr_mbep2d_bold",
    "ReceiveCoilActiveElements": "HEA;HEP",
    "ReceiveCoilName": "Head_32",
    "ReconMatrixPE": 90,
    "RepetitionTime": 0.8,
    "SAR": 0.0806704,
    "ScanOptions": "FS",
    "ScanningSequence": "EP",
    "SequenceName": "epfid2d1_90",
    "SequenceVariant": "SK\\SS",
    "SeriesDescription": "BOLD_2p4_MB6_P1_TE30_TR800_AP",
    "SeriesNumber": 9,
    "ShimSetting": [
      4926,
      -11439,
      -1388,
      337,
      -55,
      -152,
      39,
      17
    ],
    "SliceThickness": 2.4,
    "SliceTiming": [
      0,
      0.5475,
      0.3125,
      0.0775,
      0.625,
      0.39,
      0.1575,
      0.7025,
      0.4675,
      0.235,
      0,
      0.5475,
      0.3125,
      0.0775,
      0.625,
      0.39,
      0.1575,
      0.7025,
      0.4675,
      0.235,
      0,
      0.5475,
      0.3125,
      0.0775,
      0.625,
      0.39,
      0.1575,
      0.7025,
      0.4675,
      0.235,
      0,
      0.5475,
      0.3125,
      0.0775,
      0.625,
      0.39,
      0.1575,
      0.7025,
      0.4675,
      0.235,
      0,
      0.5475,
      0.3125,
      0.0775,
      0.625,
      0.39,
      0.1575,
      0.7025,
      0.4675,
      0.235,
      0,
      0.5475,
      0.3125,
      0.0775,
      0.625,
      0.39,
      0.1575,
      0.7025,
      0.4675,
      0.235
    ],
    "SoftwareVersions": "syngo MR E11",
    "SpacingBetweenSlices": 2.4,
    "StationName": "",
    "TaskName": "SD",
    "TotalReadoutTime": 0.045391,
    "TxRefAmp": 241.216,
    "VendorReportedEchoSpacing": 0.00051,
    "WipMemBlock": "1d4c5267-f9bb-4322-a0bd-c5878c6ecfd5||Sequence: R016 ve11c/master r/e634e98; Dec 19 2017 11:00:25 by eja",
    "dataset": "ds004073",
    "modality": "bold",
    "subject_id": "OXF21",
    "task_id": "SD"
  },
  "dummy_trs": 3,
  "dvars_nstd": 31.732796847583202,
  "dvars_std": 1.100597914938705,
  "dvars_vstd": 0.9799447562346765,
  "efc": 0.4888751208689568,
  "fber": 1410.7628173828125,
  "fd_mean": 0.09993523128460452,
  "fd_num": 11,
  "fd_perc": 1.9230769230769231,
  "fwhm_avg": 3.2575166523388206,
  "fwhm_x": 3.00624154720936,
  "fwhm_y": 3.2899748692681445,
  "fwhm_z": 3.476333540538959,
  "gcor": 0.00695777,
  "gsr_x": -0.024135369807481766,
  "gsr_y": 0.08017374575138092,
  "provenance": {
    "md5sum": "8ec976b336b4f1bf369f8e49f762aa00",
    "settings": {
      "fd_thres": 0.2,
      "testing": false
    },
    "software": "mriqc",
    "version": "23.0.0",
    "webapi_port": null,
    "webapi_url": "https://mriqc.nimh.nih.gov/api/v1"
  },
  "size_t": 572,
  "size_x": 90,
  "size_y": 90,
  "size_z": 60,
  "snr": 2.3760740360850403,
  "spacing_tr": 0.800000011920929,
  "spacing_x": 2.4000000953674316,
  "spacing_y": 2.4000000953674316,
  "spacing_z": 2.3999998569488525,
  "summary_bg_k": 28.277978253849195,
  "summary_bg_mad": 65.49499251621697,
  "summary_bg_mean": 262.91802978515625,
  "summary_bg_median": 107.5,
  "summary_bg_n": 325846.0,
  "summary_bg_p05": 57.01398468017578,
  "summary_bg_p95": 1033.69970703125,
  "summary_bg_stdv": 443.33758544921875,
  "summary_fg_k": 1.1426436218222262,
  "summary_fg_mad": 1555.286285519034,
  "summary_fg_mean": 4465.83984375,
  "summary_fg_median": 4085.856689453125,
  "summary_fg_n": 88571.0,
  "summary_fg_p05": 2318.1187744140625,
  "summary_fg_p95": 7785.91162109375,
  "summary_fg_stdv": 1719.5733642578125,
  "tsnr": 44.87479460891336
}