{
  "aor": 0.0010479232111692844,
  "aqi": 0.0068205864223385695,
  "bids_meta": {
    "AcquisitionMatrixPE": 90,
    "AcquisitionNumber": 1,
    "AcquisitionTime": "",
    "BandwidthPerPixelPhaseEncode": 21.786,
    "BaseResolution": 90,
    "BodyPartExamined": "BRAIN",
    "ConsistencyInfo": "N4_VE11C_LATEST_20160120",
    "ConversionSoftware": "dcm2niix",
    "ConversionSoftwareVersion": "v1.0.20210317",
    "DerivedVendorReportedEchoSpacing": 0.000510012,
    "DeviceSerialNumber": "66093",
    "DwellTime": 2e-06,
    "EchoTime": 0.03,
    "EchoTrainLength": 90,
    "EffectiveEchoSpacing": 0.000510012,
    "FlipAngle": 52,
    "ImageComments": "Unaliased MB6/PE3/LB",
    "ImageOrientationPatientDICOM": [
      0.999986,
      0.000319377,
      0.00522269,
      5.37751e-08,
      0.998135,
      -0.061048
    ],
    "ImageType": [
      "ORIGINAL",
      "PRIMARY",
      "M",
      "MB",
      "ND",
      "MOSAIC"
    ],
    "ImagingFrequency": 123.259,
    "InPlanePhaseEncodingDirectionDICOM": "COL",
    "InstitutionAddress": "",
    "InstitutionName": "",
    "InstitutionalDepartmentName": "",
    "MRAcquisitionType": "2D",
    "MagneticFieldStrength": 3,
    "Manufacturer": "Siemens",
    "ManufacturersModelName": "Prisma",
    "Modality": "MR",
    "MultibandAccelerationFactor": 6,
    "PartialFourier": 1,
    "PatientPosition": "HFS",
    "PercentPhaseFOV": 100,
    "PercentSampling": 100,
    "PhaseEncodingDirection": "j-",
    "PhaseEncodingSteps": 90,
    "PhaseResolution": 1,
    "PixelBandwidth": 2780,
    "ProtocolName": "BOLD_2p4_MB6_P1_TE30_TR800_AP",
    "PulseSequenceDetails": "%CustomerSeq%\\cmrr_mbep2d_bold",
    "ReceiveCoilActiveElements": "HEA;HEP",
    "ReceiveCoilName": "Head_32",
    "ReconMatrixPE": 90,
    "RepetitionTime": 0.8,
    "SAR": 0.0806704,
    "ScanOptions": "FS",
    "ScanningSequence": "EP",
    "SequenceName": "epfid2d1_90",
    "SequenceVariant": "SK\\SS",
    "SeriesDescription": "BOLD_2p4_MB6_P1_TE30_TR800_AP",
    "SeriesNumber": 17,
    "ShimSetting": [
      4926,
      -11439,
      -1388,
      337,
      -55,
      -152,
      39,
      17
    ],
    "SliceThickness": 2.4,
    "SliceTiming": [
      0,
      0.545,
      0.3125,
      0.0775,
      0.6225,
      0.39,
      0.155,
      0.7025,
      0.4675,
      0.2325,
      0,
      0.545,
      0.3125,
      0.0775,
      0.6225,
      0.39,
      0.155,
      0.7025,
      0.4675,
      0.2325,
      0,
      0.545,
      0.3125,
      0.0775,
      0.6225,
      0.39,
      0.155,
      0.7025,
      0.4675,
      0.2325,
      0,
      0.545,
      0.3125,
      0.0775,
      0.6225,
      0.39,
      0.155,
      0.7025,
      0.4675,
      0.2325,
      0,
      0.545,
      0.3125,
      0.0775,
      0.6225,
      0.39,
      0.155,
      0.7025,
      0.4675,
      0.2325,
      0,
      0.545,
      0.3125,
      0.0775,
      0.6225,
      0.39,
      0.155,
      0.7025,
      0.4675,
      0.2325
    ],
    "SoftwareVersions": "syngo MR E11",
    "SpacingBetweenSlices": 2.4,
    "StationName": "",
    "TaskName": "SG",
    "TotalReadoutTime": 0.045391,
    "TxRefAmp": 241.216,
    "VendorReportedEchoSpacing": 0.00051,
    "WipMemBlock": "ba9f2dce-6377-48d7-8750-7feee4182da4||Sequence: R016 ve11c/master r/e634e98; Dec 19 2017 11:00:25 by eja",
    "dataset": "ds004073",
    "modality": "bold",
    "subject_id": "OXF21",
    "task_id": "SG"
  },
  "dummy_trs": 2,
  "dvars_nstd": 32.25517878503497,
  "dvars_std": 1.0712153923426573,
  "dvars_vstd": 0.9853751456818168,
  "efc": 0.4898291864696024,
  "fber": 1419.0927734375,
  "fd_mean": 0.1476793449205617,
  "fd_num": 103,
  "fd_perc": 17.975567190226876,
  "fwhm_avg": 3.237706929220074,
  "fwhm_x": 3.0211248799512833,
  "fwhm_y": 3.2665082035339594,
  "fwhm_z": 3.4254877041749783,
  "gcor": 0.0140249,
  "gsr_x": -0.02395913377404213,
  "gsr_y": 0.08319830149412155,
  "provenance": {
    "md5sum": "8bac0e6f10762164fe17293155924da5",
    "settings": {
      "fd_thres": 0.2,
      "testing": false
    },
    "software": "mriqc",
    "version": "23.0.0",
    "webapi_port": null,
    "webapi_url": "https://mriqc.nimh.nih.gov/api/v1"
  },
  "size_t": 573,
  "size_x": 90,
  "size_y": 90,
  "size_z": 60,
  "snr": 2.3776179770768575,
  "spacing_tr": 0.800000011920929,
  "spacing_x": 2.4000000953674316,
  "spacing_y": 2.4000000953674316,
  "spacing_z": 2.3999998569488525,
  "summary_bg_k": 25.457073279421994,
  "summary_bg_mad": 66.19444160361559,
  "summary_bg_mean": 272.1598815917969,
  "summary_bg_median": 107.46597290039062,
  "summary_bg_n": 327502.0,
  "summary_bg_p05": 56.24616184234619,
  "summary_bg_p95": 1090.8995544433596,
  "summary_bg_stdv": 462.99029541015625,
  "summary_fg_k": 1.2211834804725994,
  "summary_fg_mad": 1534.981041878258,
  "summary_fg_mean": 4440.05908203125,
  "summary_fg_median": 4063.1318359375,
  "summary_fg_n": 88218.0,
  "summary_fg_p05": 2313.7359619140625,
  "summary_fg_p95": 7768.112182617187,
  "summary_fg_stdv": 1708.89892578125,
  "tsnr": 37.47170726000331
}