{
  "aor": 0.000480896309314587,
  "aqi": 0.005056522161687171,
  "bids_meta": {
    "AcquisitionMatrixPE": 90,
    "AcquisitionNumber": 1,
    "AcquisitionTime": "",
    "BandwidthPerPixelPhaseEncode": 21.786,
    "BaseResolution": 90,
    "BodyPartExamined": "BRAIN",
    "ConsistencyInfo": "N4_VE11C_LATEST_20160120",
    "ConversionSoftware": "dcm2niix",
    "ConversionSoftwareVersion": "v1.0.20210317",
    "DerivedVendorReportedEchoSpacing": 0.000510012,
    "DeviceSerialNumber": "66093",
    "DwellTime": 2e-06,
    "EchoTime": 0.03,
    "EchoTrainLength": 90,
    "EffectiveEchoSpacing": 0.000510012,
    "FlipAngle": 52,
    "ImageComments": "Unaliased MB6/PE3/LB",
    "ImageOrientationPatientDICOM": [
      0.999986,
      0.000319377,
      0.00522269,
      5.37751e-08,
      0.998135,
      -0.061048
    ],
    "ImageType": [
      "ORIGINAL",
      "PRIMARY",
      "M",
      "MB",
      "ND",
      "MOSAIC"
    ],
    "ImagingFrequency": 123.259,
    "InPlanePhaseEncodingDirectionDICOM": "COL",
    "InstitutionAddress": "",
    "InstitutionName": "",
    "InstitutionalDepartmentName": "",
    "MRAcquisitionType": "2D",
    "MagneticFieldStrength": 3,
    "Manufacturer": "Siemens",
    "ManufacturersModelName": "Prisma",
    "Modality": "MR",
    "MultibandAccelerationFactor": 6,
    "PartialFourier": 1,
    "PatientPosition": "HFS",
    "PercentPhaseFOV": 100,
    "PercentSampling": 100,
    "PhaseEncodingDirection": "j-",
    "PhaseEncodingSteps": 90,
    "PhaseResolution": 1,
    "PixelBandwidth": 2780,
    "ProtocolName": "BOLD_2p4_MB6_P1_TE30_TR800_AP",
    "PulseSequenceDetails": "%CustomerSeq%\\cmrr_mbep2d_bold",
    "ReceiveCoilActiveElements": "HEA;HEP",
    "ReceiveCoilName": "Head_32",
    "ReconMatrixPE": 90,
    "RepetitionTime": 0.8,
    "SAR": 0.0806704,
    "ScanOptions": "FS",
    "ScanningSequence": "EP",
    "SequenceName": "epfid2d1_90",
    "SequenceVariant": "SK\\SS",
    "SeriesDescription": "BOLD_2p4_MB6_P1_TE30_TR800_AP",
    "SeriesNumber": 5,
    "ShimSetting": [
      4926,
      -11439,
      -1388,
      337,
      -55,
      -152,
      39,
      17
    ],
    "SliceThickness": 2.4,
    "SliceTiming": [
      0,
      0.545,
      0.31,
      0.0775,
      0.6225,
      0.39,
      0.155,
      0.7,
      0.4675,
      0.2325,
      0,
      0.545,
      0.31,
      0.0775,
      0.6225,
      0.39,
      0.155,
      0.7,
      0.4675,
      0.2325,
      0,
      0.545,
      0.31,
      0.0775,
      0.6225,
      0.39,
      0.155,
      0.7,
      0.4675,
      0.2325,
      0,
      0.545,
      0.31,
      0.0775,
      0.6225,
      0.39,
      0.155,
      0.7,
      0.4675,
      0.2325,
      0,
      0.545,
      0.31,
      0.0775,
      0.6225,
      0.39,
      0.155,
      0.7,
      0.4675,
      0.2325,
      0,
      0.545,
      0.31,
      0.0775,
      0.6225,
      0.39,
      0.155,
      0.7,
      0.4675,
      0.2325
    ],
    "SoftwareVersions": "syngo MR E11",
    "SpacingBetweenSlices": 2.4,
    "StationName": "",
    "TaskName": "WG",
    "TotalReadoutTime": 0.045391,
    "TxRefAmp": 241.216,
    "VendorReportedEchoSpacing": 0.00051,
    "WipMemBlock": "970c508c-35f6-44ac-8f5f-a2405895c7c9||Sequence: R016 ve11c/master r/e634e98; Dec 19 2017 11:00:25 by eja",
    "dataset": "ds004073",
    "modality": "bold",
    "subject_id": "OXF21",
    "task_id": "WG"
  },
  "dummy_trs": 6,
  "dvars_nstd": 32.09919078926059,
  "dvars_std": 1.076432520475353,
  "dvars_vstd": 0.9807440047183101,
  "efc": 0.4885104726743167,
  "fber": 1396.5369873046875,
  "fd_mean": 0.1365734349052383,
  "fd_num": 86,
  "fd_perc": 15.114235500878735,
  "fwhm_avg": 3.299413873193807,
  "fwhm_x": 3.0624082116441644,
  "fwhm_y": 3.3505123668626005,
  "fwhm_z": 3.485321041074656,
  "gcor": 0.0082259,
  "gsr_x": -0.026027260348200798,
  "gsr_y": 0.07944782078266144,
  "provenance": {
    "md5sum": "b21e1e0eb2a177d1da6eb9c87d89eaa0",
    "settings": {
      "fd_thres": 0.2,
      "testing": false
    },
    "software": "mriqc",
    "version": "23.0.0",
    "webapi_port": null,
    "webapi_url": "https://mriqc.nimh.nih.gov/api/v1"
  },
  "size_t": 569,
  "size_x": 90,
  "size_y": 90,
  "size_z": 60,
  "snr": 2.323224657790505,
  "spacing_tr": 0.800000011920929,
  "spacing_x": 2.4000000953674316,
  "spacing_y": 2.4000000953674316,
  "spacing_z": 2.3999998569488525,
  "summary_bg_k": 27.166762670436487,
  "summary_bg_mad": 67.02455383437868,
  "summary_bg_mean": 270.1982421875,
  "summary_bg_median": 109.23023223876953,
  "summary_bg_n": 326086.0,
  "summary_bg_p05": 58.017574310302734,
  "summary_bg_p95": 1065.0127868652344,
  "summary_bg_stdv": 451.1052551269531,
  "summary_fg_k": 1.1974792954271232,
  "summary_fg_mad": 1622.5086863032102,
  "summary_fg_mean": 4527.84619140625,
  "summary_fg_median": 4133.34619140625,
  "summary_fg_n": 88925.0,
  "summary_fg_p05": 2310.002197265625,
  "summary_fg_p95": 7940.8626953125,
  "summary_fg_stdv": 1779.1318359375,
  "tsnr": 41.29865615000017
}