{
  "aor": 0.0006786956521739131,
  "aqi": 0.04741873026086956,
  "bids_meta": {
    "AcquisitionMatrixPE": 94,
    "AcquisitionNumber": 8,
    "AcquisitionTime": "",
    "BodyPartExamined": "BRAIN",
    "CoilString": "MULTI COIL",
    "ConversionSoftware": "dcm2niix",
    "ConversionSoftwareVersion": "v1.0.20210317",
    "DeviceSerialNumber": "45128",
    "EchoTime": 0.03,
    "EchoTrainLength": 47,
    "EstimatedEffectiveEchoSpacing": 0.000388368,
    "EstimatedTotalReadoutTime": 0.036895,
    "FlipAngle": 52,
    "ImageOrientationPatientDICOM": [
      0.999849,
      0.00200682,
      0.0172708,
      0.000696882,
      0.987893,
      -0.155135
    ],
    "ImageType": [
      "ORIGINAL",
      "PRIMARY",
      "M",
      "FFE",
      "M",
      "FFE"
    ],
    "ImagingFrequency": 127.764,
    "InPlanePhaseEncodingDirectionDICOM": "COL",
    "InstitutionAddress": "",
    "InstitutionName": "",
    "InstitutionalDepartmentName": "",
    "MRAcquisitionType": "2D",
    "MagneticFieldStrength": 3,
    "Manufacturer": "Philips",
    "ManufacturersModelName": "Ingenia Elition X",
    "Modality": "MR",
    "ParallelReductionFactorInPlane": 2,
    "ParallelReductionOutOfPlane": 6,
    "PatientPosition": "HFS",
    "PercentPhaseFOV": 100,
    "PercentSampling": 100,
    "PhaseEncodingAxis": "j",
    "PhaseEncodingSteps": 94,
    "PhilipsRWVIntercept": 0,
    "PhilipsRWVSlope": 1.15385,
    "PhilipsRescaleIntercept": 0,
    "PhilipsRescaleSlope": 1.15385,
    "PhilipsScaleSlope": 0.0164858,
    "PixelBandwidth": 1851,
    "ProtocolName": "COLA_R5",
    "ReconMatrixPE": 96,
    "RepetitionTime": 0.8,
    "SAR": 0.081931,
    "ScanOptions": "FS",
    "ScanningSequence": "GR",
    "SequenceVariant": "SK",
    "SeriesDescription": "COLA_R5",
    "SeriesNumber": 801,
    "SliceThickness": 2.4,
    "SoftwareVersions": "5.6.1\\5.6.1.3",
    "SpacingBetweenSlices": 2.4,
    "StationName": "",
    "TaskName": "SC",
    "UsePhilipsFloatNotDisplayScaling": 1,
    "WaterFatShift": 16.3681,
    "dataset": "ds004073",
    "modality": "bold",
    "subject_id": "BAN14",
    "task_id": "SC"
  },
  "dummy_trs": 0,
  "dvars_nstd": 93.64021579054005,
  "dvars_std": 1.128626842125436,
  "dvars_vstd": 1.011815337282229,
  "efc": 0.4592646373886522,
  "fber": 3544642.0,
  "fd_mean": 0.23782759901500014,
  "fd_num": 297,
  "fd_perc": 51.65217391304348,
  "fwhm_avg": 2.00540371614917,
  "fwhm_x": 2.148876593020119,
  "fwhm_y": 1.973509630681233,
  "fwhm_z": 1.8938249247461587,
  "gcor": 0.028986,
  "gsr_x": -0.021256618201732635,
  "gsr_y": 0.03557371720671654,
  "provenance": {
    "md5sum": "a45396b37d8ddebf6cc1c5408d0d849d",
    "settings": {
      "fd_thres": 0.2,
      "testing": false
    },
    "software": "mriqc",
    "version": "23.0.0",
    "webapi_port": null,
    "webapi_url": "https://mriqc.nimh.nih.gov/api/v1"
  },
  "size_t": 575,
  "size_x": 96,
  "size_y": 96,
  "size_z": 60,
  "snr": 4.554413795409578,
  "spacing_tr": 0.8000001907348633,
  "spacing_x": 2.3958332538604736,
  "spacing_y": 2.3958332538604736,
  "spacing_z": 2.4000000953674316,
  "summary_bg_k": 31.32385895365116,
  "summary_bg_mad": 50.79846809543292,
  "summary_bg_mean": 2684.413330078125,
  "summary_bg_median": 34.647682189941406,
  "summary_bg_n": 389132.0,
  "summary_bg_p05": 0.2991845220327377,
  "summary_bg_p95": 14744.688183593751,
  "summary_bg_stdv": 6258.77734375,
  "summary_fg_k": 1.7483349284142333,
  "summary_fg_mad": 13361.8308745685,
  "summary_fg_mean": 65398.46875,
  "summary_fg_median": 64764.4609375,
  "summary_fg_n": 91399.0,
  "summary_fg_p05": 44208.441015625,
  "summary_fg_p95": 89058.43671874999,
  "summary_fg_stdv": 14220.0751953125,
  "tsnr": 16.009105682373047
}