{
  "aor": 0.0009126434782608695,
  "aqi": 0.04692325773913043,
  "bids_meta": {
    "AcquisitionMatrixPE": 94,
    "AcquisitionNumber": 9,
    "AcquisitionTime": "",
    "BodyPartExamined": "BRAIN",
    "CoilString": "MULTI COIL",
    "ConversionSoftware": "dcm2niix",
    "ConversionSoftwareVersion": "v1.0.20210317",
    "DeviceSerialNumber": "45128",
    "EchoTime": 0.03,
    "EchoTrainLength": 47,
    "EstimatedEffectiveEchoSpacing": 0.000388368,
    "EstimatedTotalReadoutTime": 0.036895,
    "FlipAngle": 52,
    "ImageOrientationPatientDICOM": [
      0.999849,
      0.00200682,
      0.0172708,
      0.000696882,
      0.987893,
      -0.155135
    ],
    "ImageType": [
      "ORIGINAL",
      "PRIMARY",
      "M",
      "FFE",
      "M",
      "FFE"
    ],
    "ImagingFrequency": 127.764,
    "InPlanePhaseEncodingDirectionDICOM": "COL",
    "InstitutionAddress": "",
    "InstitutionName": "",
    "InstitutionalDepartmentName": "",
    "MRAcquisitionType": "2D",
    "MagneticFieldStrength": 3,
    "Manufacturer": "Philips",
    "ManufacturersModelName": "Ingenia Elition X",
    "Modality": "MR",
    "ParallelReductionFactorInPlane": 2,
    "ParallelReductionOutOfPlane": 6,
    "PatientPosition": "HFS",
    "PercentPhaseFOV": 100,
    "PercentSampling": 100,
    "PhaseEncodingAxis": "j",
    "PhaseEncodingSteps": 94,
    "PhilipsRWVIntercept": 0,
    "PhilipsRWVSlope": 1.01978,
    "PhilipsRescaleIntercept": 0,
    "PhilipsRescaleSlope": 1.01978,
    "PhilipsScaleSlope": 0.0166314,
    "PixelBandwidth": 1851,
    "ProtocolName": "COLA_R6",
    "ReconMatrixPE": 96,
    "RepetitionTime": 0.8,
    "SAR": 0.081931,
    "ScanOptions": "FS",
    "ScanningSequence": "GR",
    "SequenceVariant": "SK",
    "SeriesDescription": "COLA_R6",
    "SeriesNumber": 901,
    "SliceThickness": 2.4,
    "SoftwareVersions": "5.6.1\\5.6.1.3",
    "SpacingBetweenSlices": 2.4,
    "StationName": "",
    "TaskName": "PD",
    "UsePhilipsFloatNotDisplayScaling": 1,
    "WaterFatShift": 16.3681,
    "dataset": "ds004073",
    "modality": "bold",
    "subject_id": "BAN14",
    "task_id": "PD"
  },
  "dummy_trs": 0,
  "dvars_nstd": 94.75486793891983,
  "dvars_std": 1.1327065099128917,
  "dvars_vstd": 1.0251118471080147,
  "efc": 0.45865448585812846,
  "fber": 3629905.75,
  "fd_mean": 0.26494312348556515,
  "fd_num": 302,
  "fd_perc": 52.52173913043478,
  "fwhm_avg": 1.9465640846967316,
  "fwhm_x": 2.1102512004345173,
  "fwhm_y": 1.8740536273821498,
  "fwhm_z": 1.8553874262735277,
  "gcor": 0.0167994,
  "gsr_x": -0.020402634516358376,
  "gsr_y": 0.035486482083797455,
  "provenance": {
    "md5sum": "e6f80ee28ec3f0afb8c323ed6b01210d",
    "settings": {
      "fd_thres": 0.2,
      "testing": false
    },
    "software": "mriqc",
    "version": "23.0.0",
    "webapi_port": null,
    "webapi_url": "https://mriqc.nimh.nih.gov/api/v1"
  },
  "size_t": 575,
  "size_x": 96,
  "size_y": 96,
  "size_z": 60,
  "snr": 4.426105155356947,
  "spacing_tr": 0.8000001907348633,
  "spacing_x": 2.3958332538604736,
  "spacing_y": 2.3958332538604736,
  "spacing_z": 2.4000000953674316,
  "summary_bg_k": 31.89555588131134,
  "summary_bg_mad": 49.8589943488264,
  "summary_bg_mean": 2641.176513671875,
  "summary_bg_median": 33.92233657836914,
  "summary_bg_n": 389423.0,
  "summary_bg_p05": 0.24428093135356907,
  "summary_bg_p95": 14376.636914062452,
  "summary_bg_stdv": 6156.26611328125,
  "summary_fg_k": 2.1128703217819025,
  "summary_fg_mad": 13286.704640277661,
  "summary_fg_mean": 64242.8125,
  "summary_fg_median": 63585.19140625,
  "summary_fg_n": 91289.0,
  "summary_fg_p05": 42892.34765625,
  "summary_fg_p95": 87897.8359375,
  "summary_fg_stdv": 14365.8681640625,
  "tsnr": 15.912190437316895
}