{
  "aor": 0.0006577913043478261,
  "aqi": 0.04423601791304347,
  "bids_meta": {
    "AcquisitionMatrixPE": 94,
    "AcquisitionNumber": 4,
    "AcquisitionTime": "",
    "BodyPartExamined": "BRAIN",
    "CoilString": "MULTI COIL",
    "ConversionSoftware": "dcm2niix",
    "ConversionSoftwareVersion": "v1.0.20210317",
    "DeviceSerialNumber": "45128",
    "EchoTime": 0.03,
    "EchoTrainLength": 47,
    "EstimatedEffectiveEchoSpacing": 0.000388368,
    "EstimatedTotalReadoutTime": 0.036895,
    "FlipAngle": 52,
    "ImageOrientationPatientDICOM": [
      0.999849,
      0.00200682,
      0.0172708,
      0.000696882,
      0.987893,
      -0.155135
    ],
    "ImageType": [
      "ORIGINAL",
      "PRIMARY",
      "M",
      "FFE",
      "M",
      "FFE"
    ],
    "ImagingFrequency": 127.764,
    "InPlanePhaseEncodingDirectionDICOM": "COL",
    "InstitutionAddress": "",
    "InstitutionName": "",
    "InstitutionalDepartmentName": "",
    "MRAcquisitionType": "2D",
    "MagneticFieldStrength": 3,
    "Manufacturer": "Philips",
    "ManufacturersModelName": "Ingenia Elition X",
    "Modality": "MR",
    "ParallelReductionFactorInPlane": 2,
    "ParallelReductionOutOfPlane": 6,
    "PatientPosition": "HFS",
    "PercentPhaseFOV": 100,
    "PercentSampling": 100,
    "PhaseEncodingAxis": "j",
    "PhaseEncodingSteps": 94,
    "PhilipsRWVIntercept": 0,
    "PhilipsRWVSlope": 1.13797,
    "PhilipsRescaleIntercept": 0,
    "PhilipsRescaleSlope": 1.13797,
    "PhilipsScaleSlope": 0.0166693,
    "PixelBandwidth": 1851,
    "ProtocolName": "COLA_R3",
    "ReconMatrixPE": 96,
    "RepetitionTime": 0.8,
    "SAR": 0.081931,
    "ScanOptions": "FS",
    "ScanningSequence": "GR",
    "SequenceVariant": "SK",
    "SeriesDescription": "COLA_R3",
    "SeriesNumber": 401,
    "SliceThickness": 2.4,
    "SoftwareVersions": "5.6.1\\5.6.1.3",
    "SpacingBetweenSlices": 2.4,
    "StationName": "",
    "TaskName": "WC",
    "UsePhilipsFloatNotDisplayScaling": 1,
    "WaterFatShift": 16.3681,
    "dataset": "ds004073",
    "modality": "bold",
    "subject_id": "BAN14",
    "task_id": "WC"
  },
  "dummy_trs": 0,
  "dvars_nstd": 91.65123484268283,
  "dvars_std": 1.132019509041812,
  "dvars_vstd": 1.01520144749129,
  "efc": 0.4581373443232644,
  "fber": 4183475.75,
  "fd_mean": 0.24229397788296775,
  "fd_num": 319,
  "fd_perc": 55.47826086956522,
  "fwhm_avg": 2.1786494376167593,
  "fwhm_x": 2.275721814619042,
  "fwhm_y": 2.2976640762164595,
  "fwhm_z": 1.962562422014776,
  "gcor": 0.0154022,
  "gsr_x": -0.020308367908000946,
  "gsr_y": 0.029091622680425644,
  "provenance": {
    "md5sum": "a4f10884ceaaf83a72b2a402970c660f",
    "settings": {
      "fd_thres": 0.2,
      "testing": false
    },
    "software": "mriqc",
    "version": "23.0.0",
    "webapi_port": null,
    "webapi_url": "https://mriqc.nimh.nih.gov/api/v1"
  },
  "size_t": 575,
  "size_x": 96,
  "size_y": 96,
  "size_z": 60,
  "snr": 4.693643981806027,
  "spacing_tr": 0.8000001907348633,
  "spacing_x": 2.3958332538604736,
  "spacing_y": 2.3958332538604736,
  "spacing_z": 2.4000000953674316,
  "summary_bg_k": 30.931785899683135,
  "summary_bg_mad": 46.14323337285611,
  "summary_bg_mean": 2580.73193359375,
  "summary_bg_median": 31.472759246826172,
  "summary_bg_n": 388796.0,
  "summary_bg_p05": 0.27371569722890854,
  "summary_bg_p95": 14403.3505859375,
  "summary_bg_stdv": 5996.37744140625,
  "summary_fg_k": 0.5726570060581397,
  "summary_fg_mad": 13425.24686789911,
  "summary_fg_mean": 64866.421875,
  "summary_fg_median": 64426.25,
  "summary_fg_n": 91240.0,
  "summary_fg_p05": 43922.378515625,
  "summary_fg_p95": 87890.11171875,
  "summary_fg_stdv": 13726.2001953125,
  "tsnr": 16.350055694580078
}