{
  "bids_meta": {
    "AcquisitionMatrixPE": 174,
    "AcquisitionNumber": 1,
    "AcquisitionTime": "",
    "BaseResolution": 192,
    "BodyPartExamined": "BRAIN",
    "ConsistencyInfo": "N4_VE11C_LATEST_20160120",
    "ConversionSoftware": "dcm2niix",
    "ConversionSoftwareVersion": "v1.0.20210317",
    "DeviceSerialNumber": "66093",
    "DwellTime": 1.3e-05,
    "EchoTime": 0.00397,
    "FlipAngle": 8,
    "ImageOrientationPatientDICOM": [
      0.999986,
      0.00110574,
      0.00511428,
      -2.2657e-11,
      0.977416,
      -0.211324
    ],
    "ImageType": [
      "ORIGINAL",
      "PRIMARY",
      "M",
      "ND",
      "NORM"
    ],
    "ImagingFrequency": 123.26,
    "InPlanePhaseEncodingDirectionDICOM": "ROW",
    "InstitutionAddress": "",
    "InstitutionName": "",
    "InstitutionalDepartmentName": "",
    "InversionTime": 0.904,
    "MRAcquisitionType": "3D",
    "MagneticFieldStrength": 3,
    "Manufacturer": "Siemens",
    "ManufacturersModelName": "Prisma",
    "Modality": "MR",
    "PartialFourier": 1,
    "PatientPosition": "HFS",
    "PercentPhaseFOV": 90.625,
    "PercentSampling": 100,
    "PhaseEncodingSteps": 174,
    "PhaseResolution": 1,
    "PixelBandwidth": 200,
    "ProtocolName": "t1_mpr_ax_1mm_iso_32ch_v2",
    "PulseSequenceDetails": "%SiemensSeq%\\tfl",
    "ReceiveCoilActiveElements": "HEA;HEP",
    "ReceiveCoilName": "Head_32",
    "ReconMatrixPE": 174,
    "RepetitionTime": 1.9,
    "SAR": 0.0491858,
    "ScanOptions": "IR\\WE",
    "ScanningSequence": "GR\\IR",
    "SequenceName": "*tfl3d1_16",
    "SequenceVariant": "SK\\SP\\MP",
    "SeriesDescription": "t1_mpr_ax_1mm_iso_32ch_v2",
    "SeriesNumber": 15,
    "ShimSetting": [
      4941,
      -11457,
      -1359,
      374,
      86,
      -272,
      -31,
      16
    ],
    "SliceThickness": 1,
    "SoftwareVersions": "syngo MR E11",
    "StationName": "",
    "TxRefAmp": 260.215,
    "dataset": "ds004073",
    "modality": "T1w",
    "subject_id": "OXF04"
  },
  "cjv": 0.31874735950124333,
  "cnr": 4.151443896818498,
  "efc": 0.6239103726650481,
  "fber": 11161.248148483477,
  "fwhm_avg": 4.791846666666667,
  "fwhm_x": 4.5989,
  "fwhm_y": 5.1067,
  "fwhm_z": 4.66994,
  "icvs_csf": 0.24608570651848907,
  "icvs_gm": 0.42511951593078334,
  "icvs_wm": 0.3287947775507276,
  "inu_med": 0.4088681638240814,
  "inu_range": 0.15444672852754593,
  "provenance": {
    "md5sum": "3bdc232d9d4b06ad8267c0ceb4079040",
    "settings": {
      "testing": false
    },
    "software": "mriqc",
    "version": "23.0.0",
    "warnings": {
      "large_rot_frame": true,
      "small_air_mask": false
    },
    "webapi_port": null,
    "webapi_url": "https://mriqc.nimh.nih.gov/api/v1"
  },
  "qi_1": 0.0,
  "qi_2": 0.04685617560129356,
  "rpve_csf": 11.83738036140815,
  "rpve_gm": 6.772251765368453,
  "rpve_wm": 10.26239572085162,
  "size_x": 174,
  "size_y": 192,
  "size_z": 192,
  "snr_csf": 2.061501058105534,
  "snr_gm": 13.005921214254968,
  "snr_total": 16.10015892400072,
  "snr_wm": 33.23305449964165,
  "snrd_csf": 35.7322035732008,
  "snrd_gm": 106.5708910409338,
  "snrd_total": 95.8404002053043,
  "snrd_wm": 145.2181060017783,
  "spacing_x": 1.0,
  "spacing_y": 1.0,
  "spacing_z": 1.0,
  "summary_bg_k": 14.322524610294277,
  "summary_bg_mad": 0.0,
  "summary_bg_mean": 3.190214889689873,
  "summary_bg_median": 0.0,
  "summary_bg_n": 1027587.0,
  "summary_bg_p05": 0.0,
  "summary_bg_p95": 12.470739547163248,
  "summary_bg_stdv": 4.511396196346168,
  "summary_csf_k": -0.3493739403625562,
  "summary_csf_mad": 134.43022020430786,
  "summary_csf_mean": 239.8483762904938,
  "summary_csf_median": 246.05887764319777,
  "summary_csf_n": 73955.0,
  "summary_csf_p05": 50.856587355956435,
  "summary_csf_p95": 427.53299667146064,
  "summary_csf_stdv": 119.35827687232859,
  "summary_gm_k": 0.047273873261600485,
  "summary_gm_mad": 56.818804518613106,
  "summary_gm_mean": 732.5370800654579,
  "summary_gm_median": 733.8678059764206,
  "summary_gm_n": 44169.0,
  "summary_gm_p05": 638.0544097080826,
  "summary_gm_p95": 822.447344686836,
  "summary_gm_stdv": 56.425030287475714,
  "summary_wm_k": 0.7825082785317412,
  "summary_wm_mad": 28.01013498431089,
  "summary_wm_mean": 1000.3133074607005,
  "summary_wm_median": 1000.0000168774277,
  "summary_wm_n": 185048.0,
  "summary_wm_p05": 951.8364463672042,
  "summary_wm_p95": 1049.8208285234869,
  "summary_wm_stdv": 30.090442480478934,
  "tpm_overlap_csf": 0.15811844332173483,
  "tpm_overlap_gm": 0.4791640719375517,
  "tpm_overlap_wm": 0.5035671022255997,
  "wm2max": 0.9145038457166673
}