{
  "bids_meta": {
    "AcquisitionMatrixPE": 174,
    "AcquisitionNumber": 1,
    "AcquisitionTime": "",
    "BaseResolution": 192,
    "BodyPartExamined": "BRAIN",
    "ConsistencyInfo": "N4_VE11C_LATEST_20160120",
    "ConversionSoftware": "dcm2niix",
    "ConversionSoftwareVersion": "v1.0.20210317",
    "DeviceSerialNumber": "66093",
    "DwellTime": 1.3e-05,
    "EchoTime": 0.00397,
    "FlipAngle": 8,
    "ImageOrientationPatientDICOM": [
      1,
      0,
      0,
      0,
      0.970296,
      -0.241922
    ],
    "ImageType": [
      "ORIGINAL",
      "PRIMARY",
      "M",
      "ND",
      "NORM"
    ],
    "ImagingFrequency": 123.26,
    "InPlanePhaseEncodingDirectionDICOM": "ROW",
    "InstitutionAddress": "",
    "InstitutionName": "",
    "InstitutionalDepartmentName": "",
    "InversionTime": 0.904,
    "MRAcquisitionType": "3D",
    "MagneticFieldStrength": 3,
    "Manufacturer": "Siemens",
    "ManufacturersModelName": "Prisma",
    "Modality": "MR",
    "PartialFourier": 1,
    "PatientPosition": "HFS",
    "PercentPhaseFOV": 90.625,
    "PercentSampling": 100,
    "PhaseEncodingSteps": 174,
    "PhaseResolution": 1,
    "PixelBandwidth": 200,
    "ProtocolName": "t1_mpr_ax_1mm_iso_32ch_v2",
    "PulseSequenceDetails": "%SiemensSeq%\\tfl",
    "ReceiveCoilActiveElements": "HEA;HEP",
    "ReceiveCoilName": "Head_32",
    "ReconMatrixPE": 174,
    "RepetitionTime": 1.9,
    "SAR": 0.0456282,
    "ScanOptions": "IR\\WE",
    "ScanningSequence": "GR\\IR",
    "SequenceName": "*tfl3d1_16",
    "SequenceVariant": "SK\\SP\\MP",
    "SeriesDescription": "t1_mpr_ax_1mm_iso_32ch_v2",
    "SeriesNumber": 13,
    "ShimSetting": [
      4946,
      -11368,
      -1477,
      506,
      33,
      -90,
      9,
      86
    ],
    "SliceThickness": 1,
    "SoftwareVersions": "syngo MR E11",
    "StationName": "",
    "TxRefAmp": 236.981,
    "dataset": "ds004073",
    "modality": "T1w",
    "subject_id": "OXF05"
  },
  "cjv": 0.3198606935128483,
  "cnr": 4.169401851484625,
  "efc": 0.5659382202750612,
  "fber": 36904.699969299596,
  "fwhm_avg": 4.42374,
  "fwhm_x": 4.04294,
  "fwhm_y": 4.93972,
  "fwhm_z": 4.28856,
  "icvs_csf": 0.23539930001454393,
  "icvs_gm": 0.41471663174834306,
  "icvs_wm": 0.349884068237113,
  "inu_med": 0.3360564708709717,
  "inu_range": 0.10252380222082136,
  "provenance": {
    "md5sum": "8bc754ed3f815e660b2425312f467106",
    "settings": {
      "testing": false
    },
    "software": "mriqc",
    "version": "23.0.0",
    "warnings": {
      "large_rot_frame": true,
      "small_air_mask": false
    },
    "webapi_port": null,
    "webapi_url": "https://mriqc.nimh.nih.gov/api/v1"
  },
  "qi_1": 0.0,
  "qi_2": 0.023933527352004005,
  "rpve_csf": 12.962777933420721,
  "rpve_gm": 7.307253959704628,
  "rpve_wm": 10.181967768397362,
  "size_x": 174,
  "size_y": 192,
  "size_z": 192,
  "snr_csf": 2.609594177088688,
  "snr_gm": 14.029577948022643,
  "snr_total": 17.189749542373825,
  "snr_wm": 34.930076502010145,
  "snrd_csf": 59.38284467960629,
  "snrd_gm": 147.18960581061947,
  "snrd_total": 134.5158389815886,
  "snrd_wm": 196.97506645454004,
  "spacing_x": 1.0,
  "spacing_y": 1.0,
  "spacing_z": 1.0,
  "summary_bg_k": 8.502906981264278,
  "summary_bg_mad": 3.326051739864747,
  "summary_bg_mean": 3.0299919934355635,
  "summary_bg_median": 2.243387807160616,
  "summary_bg_n": 1724866.0,
  "summary_bg_p05": 0.0,
  "summary_bg_p95": 11.453085120767355,
  "summary_bg_stdv": 4.290657745688128,
  "summary_csf_k": 0.37297545965717216,
  "summary_csf_mad": 103.72029767736117,
  "summary_csf_mean": 315.40729463164496,
  "summary_csf_median": 301.4798351377249,
  "summary_csf_n": 57627.0,
  "summary_csf_p05": 138.3028904274106,
  "summary_csf_p95": 517.3193246791137,
  "summary_csf_stdv": 115.5264761038065,
  "summary_gm_k": -0.007348711372822336,
  "summary_gm_mad": 53.30435551520081,
  "summary_gm_mean": 747.5063618854629,
  "summary_gm_median": 747.2646070290357,
  "summary_gm_n": 34542.0,
  "summary_gm_p05": 660.7761034108698,
  "summary_gm_p95": 836.5071643630973,
  "summary_gm_stdv": 53.262741970256336,
  "summary_wm_k": 0.41418731827515565,
  "summary_wm_mad": 27.5420424774765,
  "summary_wm_mean": 999.7094318557296,
  "summary_wm_median": 1000.0196333024651,
  "summary_wm_n": 198997.0,
  "summary_wm_p05": 952.6723432671279,
  "summary_wm_p95": 1046.304265955463,
  "summary_wm_stdv": 28.629113382896165,
  "tpm_overlap_csf": 0.17063667838318233,
  "tpm_overlap_gm": 0.47279236480199277,
  "tpm_overlap_wm": 0.5185495297291942,
  "wm2max": 0.9237299315573245
}