{
  "aor": 0.0007030608695652173,
  "aqi": 0.03651181269565217,
  "bids_meta": {
    "AcquisitionMatrixPE": 94,
    "AcquisitionNumber": 10,
    "AcquisitionTime": "",
    "BodyPartExamined": "BRAIN",
    "CoilString": "MULTI COIL",
    "ConversionSoftware": "dcm2niix",
    "ConversionSoftwareVersion": "v1.0.20210317",
    "DeviceSerialNumber": "45128",
    "EchoTime": 0.03,
    "EchoTrainLength": 47,
    "EstimatedEffectiveEchoSpacing": 0.000388368,
    "EstimatedTotalReadoutTime": 0.036895,
    "FlipAngle": 52,
    "ImageOrientationPatientDICOM": [
      0.999849,
      0.000559546,
      0.017378,
      0.000696882,
      0.997389,
      -0.0722099
    ],
    "ImageType": [
      "ORIGINAL",
      "PRIMARY",
      "M",
      "FFE",
      "M",
      "FFE"
    ],
    "ImagingFrequency": 127.764,
    "InPlanePhaseEncodingDirectionDICOM": "COL",
    "InstitutionAddress": "",
    "InstitutionName": "",
    "InstitutionalDepartmentName": "",
    "MRAcquisitionType": "2D",
    "MagneticFieldStrength": 3,
    "Manufacturer": "Philips",
    "ManufacturersModelName": "Ingenia Elition X",
    "Modality": "MR",
    "ParallelReductionFactorInPlane": 2,
    "ParallelReductionOutOfPlane": 6,
    "PatientPosition": "HFS",
    "PercentPhaseFOV": 100,
    "PercentSampling": 100,
    "PhaseEncodingAxis": "j",
    "PhaseEncodingSteps": 94,
    "PhilipsRWVIntercept": 0,
    "PhilipsRWVSlope": 1.02613,
    "PhilipsRescaleIntercept": 0,
    "PhilipsRescaleSlope": 1.02613,
    "PhilipsScaleSlope": 0.0163748,
    "PixelBandwidth": 1851,
    "ProtocolName": "COLA_R5",
    "ReconMatrixPE": 96,
    "RepetitionTime": 0.8,
    "SAR": 0.0818665,
    "ScanOptions": "FS",
    "ScanningSequence": "GR",
    "SequenceVariant": "SK",
    "SeriesDescription": "COLA_R5",
    "SeriesNumber": 1001,
    "SliceThickness": 2.4,
    "SoftwareVersions": "5.6.1\\5.6.1.2",
    "SpacingBetweenSlices": 2.4,
    "StationName": "",
    "TaskName": "PD",
    "UsePhilipsFloatNotDisplayScaling": 1,
    "WaterFatShift": 16.3681,
    "dataset": "ds004073",
    "modality": "bold",
    "subject_id": "BAN03",
    "task_id": "PD"
  },
  "dummy_trs": 0,
  "dvars_nstd": 72.75946205768295,
  "dvars_std": 1.0919913232055747,
  "dvars_vstd": 1.0226143219860624,
  "efc": 0.380930407381518,
  "fber": 15496331.0,
  "fd_mean": 0.18691551186543176,
  "fd_num": 213,
  "fd_perc": 37.04347826086956,
  "fwhm_avg": 2.2259107079683194,
  "fwhm_x": 2.265704422982404,
  "fwhm_y": 2.3775569484318257,
  "fwhm_z": 2.0344707524907286,
  "gcor": 0.0115344,
  "gsr_x": -0.01984013430774212,
  "gsr_y": 0.019065454602241516,
  "provenance": {
    "md5sum": "75a78ab3a4c0d2f4a44cb65f26328235",
    "settings": {
      "fd_thres": 0.2,
      "testing": false
    },
    "software": "mriqc",
    "version": "23.0.0",
    "webapi_port": null,
    "webapi_url": "https://mriqc.nimh.nih.gov/api/v1"
  },
  "size_t": 575,
  "size_x": 96,
  "size_y": 96,
  "size_z": 60,
  "snr": 5.423032725880383,
  "spacing_tr": 0.8000001907348633,
  "spacing_x": 2.3958332538604736,
  "spacing_y": 2.3958332538604736,
  "spacing_z": 2.4000000953674316,
  "summary_bg_k": 67.79273886016009,
  "summary_bg_mad": 27.79399797853836,
  "summary_bg_mean": 1724.0020751953125,
  "summary_bg_median": 18.8914737701416,
  "summary_bg_n": 420260.0,
  "summary_bg_p05": 0.1132338758558035,
  "summary_bg_p95": 9034.868603515615,
  "summary_bg_stdv": 4462.07275390625,
  "summary_fg_k": 1.101465739065814,
  "summary_fg_mad": 12742.722828629176,
  "summary_fg_mean": 74144.6328125,
  "summary_fg_median": 73725.3984375,
  "summary_fg_n": 65125.0,
  "summary_fg_p05": 53469.9578125,
  "summary_fg_p95": 96783.61718749999,
  "summary_fg_stdv": 13594.7607421875,
  "tsnr": 20.449100494384766
}