{
  "aor": 0.009461968641114983,
  "aqi": 0.04565305696864111,
  "bids_meta": {
    "AcquisitionMatrixPE": 94,
    "AcquisitionNumber": 5,
    "AcquisitionTime": "",
    "BodyPartExamined": "BRAIN",
    "CoilString": "MULTI COIL",
    "ConversionSoftware": "dcm2niix",
    "ConversionSoftwareVersion": "v1.0.20210317",
    "DeviceSerialNumber": "45128",
    "EchoTime": 0.03,
    "EchoTrainLength": 47,
    "EstimatedEffectiveEchoSpacing": 0.000388368,
    "EstimatedTotalReadoutTime": 0.036895,
    "FlipAngle": 52,
    "ImageOrientationPatientDICOM": [
      0.999849,
      0.000559546,
      0.017378,
      0.000696882,
      0.997389,
      -0.0722099
    ],
    "ImageType": [
      "ORIGINAL",
      "PRIMARY",
      "M",
      "FFE",
      "M",
      "FFE"
    ],
    "ImagingFrequency": 127.764,
    "InPlanePhaseEncodingDirectionDICOM": "COL",
    "InstitutionAddress": "",
    "InstitutionName": "",
    "InstitutionalDepartmentName": "",
    "MRAcquisitionType": "2D",
    "MagneticFieldStrength": 3,
    "Manufacturer": "Philips",
    "ManufacturersModelName": "Ingenia Elition X",
    "Modality": "MR",
    "ParallelReductionFactorInPlane": 2,
    "ParallelReductionOutOfPlane": 6,
    "PatientPosition": "HFS",
    "PercentPhaseFOV": 100,
    "PercentSampling": 100,
    "PhaseEncodingAxis": "j",
    "PhaseEncodingSteps": 94,
    "PhilipsRWVIntercept": 0,
    "PhilipsRWVSlope": 1.10061,
    "PhilipsRescaleIntercept": 0,
    "PhilipsRescaleSlope": 1.10061,
    "PhilipsScaleSlope": 0.0164041,
    "PixelBandwidth": 1851,
    "ProtocolName": "COLA_R3",
    "ReconMatrixPE": 96,
    "RepetitionTime": 0.8,
    "SAR": 0.0818665,
    "ScanOptions": "FS",
    "ScanningSequence": "GR",
    "SequenceVariant": "SK",
    "SeriesDescription": "COLA_R3",
    "SeriesNumber": 501,
    "SliceThickness": 2.4,
    "SoftwareVersions": "5.6.1\\5.6.1.2",
    "SpacingBetweenSlices": 2.4,
    "StationName": "",
    "TaskName": "SC",
    "UsePhilipsFloatNotDisplayScaling": 1,
    "WaterFatShift": 16.3681,
    "dataset": "ds004073",
    "modality": "bold",
    "subject_id": "BAN03",
    "task_id": "SC"
  },
  "dummy_trs": 1,
  "dvars_nstd": 73.9579588671204,
  "dvars_std": 1.1730904379406635,
  "dvars_vstd": 1.146089903856894,
  "efc": 0.3812669665088986,
  "fber": 6945313.0,
  "fd_mean": 0.3324911595991169,
  "fd_num": 256,
  "fd_perc": 44.599303135888505,
  "fwhm_avg": 2.1821446851373962,
  "fwhm_x": 2.211059551604546,
  "fwhm_y": 2.315716250728317,
  "fwhm_z": 2.019658253079325,
  "gcor": 0.137892,
  "gsr_x": -0.020252525806427002,
  "gsr_y": 0.017355063930153847,
  "provenance": {
    "md5sum": "3e34b462f78b622881007dc9367287ea",
    "settings": {
      "fd_thres": 0.2,
      "testing": false
    },
    "software": "mriqc",
    "version": "23.0.0",
    "webapi_port": null,
    "webapi_url": "https://mriqc.nimh.nih.gov/api/v1"
  },
  "size_t": 574,
  "size_x": 96,
  "size_y": 96,
  "size_z": 60,
  "snr": 5.5153379585748405,
  "spacing_tr": 0.8000001907348633,
  "spacing_x": 2.3958332538604736,
  "spacing_y": 2.3958332538604736,
  "spacing_z": 2.4000000953674316,
  "summary_bg_k": 55.776205373494015,
  "summary_bg_mad": 43.27615942274098,
  "summary_bg_mean": 1775.759765625,
  "summary_bg_median": 29.47854232788086,
  "summary_bg_n": 420608.0,
  "summary_bg_p05": 0.2015386365354061,
  "summary_bg_p95": 9227.209326171851,
  "summary_bg_stdv": 4474.3330078125,
  "summary_fg_k": 1.2285750226938434,
  "summary_fg_mad": 12818.793063551328,
  "summary_fg_mean": 75679.3125,
  "summary_fg_median": 75112.265625,
  "summary_fg_n": 64756.0,
  "summary_fg_p05": 55150.5078125,
  "summary_fg_p95": 98202.103515625,
  "summary_fg_stdv": 13618.69140625,
  "tsnr": 16.518646240234375
}