{
  "aor": 0.0003270034843205574,
  "aqi": 0.004608049895470384,
  "bids_meta": {
    "AcquisitionMatrixPE": 90,
    "AcquisitionNumber": 1,
    "AcquisitionTime": "",
    "BandwidthPerPixelPhaseEncode": 21.786,
    "BaseResolution": 90,
    "BodyPartExamined": "BRAIN",
    "ConsistencyInfo": "N4_VE11C_LATEST_20160120",
    "ConversionSoftware": "dcm2niix",
    "ConversionSoftwareVersion": "v1.0.20210317",
    "DerivedVendorReportedEchoSpacing": 0.000510012,
    "DeviceSerialNumber": "66093",
    "DwellTime": 2e-06,
    "EchoTime": 0.03,
    "EchoTrainLength": 90,
    "EffectiveEchoSpacing": 0.000510012,
    "FlipAngle": 52,
    "ImageComments": "Unaliased MB6/PE3/LB",
    "ImageOrientationPatientDICOM": [
      0.999986,
      0.000962529,
      0.00514316,
      -1.5099e-08,
      0.982935,
      -0.183951
    ],
    "ImageType": [
      "ORIGINAL",
      "PRIMARY",
      "M",
      "MB",
      "ND",
      "MOSAIC"
    ],
    "ImagingFrequency": 123.259,
    "InPlanePhaseEncodingDirectionDICOM": "COL",
    "InstitutionAddress": "",
    "InstitutionName": "",
    "InstitutionalDepartmentName": "",
    "MRAcquisitionType": "2D",
    "MagneticFieldStrength": 3,
    "Manufacturer": "Siemens",
    "ManufacturersModelName": "Prisma",
    "Modality": "MR",
    "MultibandAccelerationFactor": 6,
    "PartialFourier": 1,
    "PatientPosition": "HFS",
    "PercentPhaseFOV": 100,
    "PercentSampling": 100,
    "PhaseEncodingDirection": "j-",
    "PhaseEncodingSteps": 90,
    "PhaseResolution": 1,
    "PixelBandwidth": 2780,
    "ProtocolName": "BOLD_2p4_MB6_P1_TE30_TR800_AP",
    "PulseSequenceDetails": "%CustomerSeq%\\cmrr_mbep2d_bold",
    "ReceiveCoilActiveElements": "HEA;HEP",
    "ReceiveCoilName": "Head_32",
    "ReconMatrixPE": 90,
    "RepetitionTime": 0.8,
    "SAR": 0.0676554,
    "ScanOptions": "FS",
    "ScanningSequence": "EP",
    "SequenceName": "epfid2d1_90",
    "SequenceVariant": "SK\\SS",
    "SeriesDescription": "BOLD_2p4_MB6_P1_TE30_TR800_AP",
    "SeriesNumber": 7,
    "ShimSetting": [
      4941,
      -11433,
      -1377,
      385,
      58,
      22,
      133,
      17
    ],
    "SliceThickness": 2.4,
    "SliceTiming": [
      0,
      0.545,
      0.3125,
      0.0775,
      0.625,
      0.39,
      0.155,
      0.7025,
      0.4675,
      0.235,
      0,
      0.545,
      0.3125,
      0.0775,
      0.625,
      0.39,
      0.155,
      0.7025,
      0.4675,
      0.235,
      0,
      0.545,
      0.3125,
      0.0775,
      0.625,
      0.39,
      0.155,
      0.7025,
      0.4675,
      0.235,
      0,
      0.545,
      0.3125,
      0.0775,
      0.625,
      0.39,
      0.155,
      0.7025,
      0.4675,
      0.235,
      0,
      0.545,
      0.3125,
      0.0775,
      0.625,
      0.39,
      0.155,
      0.7025,
      0.4675,
      0.235,
      0,
      0.545,
      0.3125,
      0.0775,
      0.625,
      0.39,
      0.155,
      0.7025,
      0.4675,
      0.235
    ],
    "SoftwareVersions": "syngo MR E11",
    "SpacingBetweenSlices": 2.4,
    "StationName": "",
    "TaskName": "WC",
    "TotalReadoutTime": 0.045391,
    "TxRefAmp": 243.617,
    "VendorReportedEchoSpacing": 0.00051,
    "WipMemBlock": "e4cc7b30-cf06-44ca-a725-c041d6d27881||Sequence: R016 ve11c/master r/e634e98; Dec 19 2017 11:00:25 by eja",
    "dataset": "ds004073",
    "modality": "bold",
    "subject_id": "OXF24",
    "task_id": "WC"
  },
  "dummy_trs": 1,
  "dvars_nstd": 31.86904294092494,
  "dvars_std": 1.056017019075043,
  "dvars_vstd": 1.0031964823211172,
  "efc": 0.5191133731554869,
  "fber": 842.2034301757812,
  "fd_mean": 0.10482483722485268,
  "fd_num": 32,
  "fd_perc": 5.574912891986063,
  "fwhm_avg": 2.9434012719286304,
  "fwhm_x": 2.722179058496989,
  "fwhm_y": 3.012466546962001,
  "fwhm_z": 3.0955582103269017,
  "gcor": 0.00899816,
  "gsr_x": -0.026067469269037247,
  "gsr_y": 0.10425868630409241,
  "provenance": {
    "md5sum": "41c13fac0ebb32d7b5ead4e4ddb8ec15",
    "settings": {
      "fd_thres": 0.2,
      "testing": false
    },
    "software": "mriqc",
    "version": "23.0.0",
    "webapi_port": null,
    "webapi_url": "https://mriqc.nimh.nih.gov/api/v1"
  },
  "size_t": 574,
  "size_x": 90,
  "size_y": 90,
  "size_z": 60,
  "snr": 2.8477583727786233,
  "spacing_tr": 0.800000011920929,
  "spacing_x": 2.4000000953674316,
  "spacing_y": 2.4000000953674316,
  "spacing_z": 2.4000000953674316,
  "summary_bg_k": 27.324957291244285,
  "summary_bg_mad": 82.24051243818579,
  "summary_bg_mean": 299.48223876953125,
  "summary_bg_median": 120.64286041259766,
  "summary_bg_n": 326233.0,
  "summary_bg_p05": 60.505226135253906,
  "summary_bg_p95": 1152.9574951171874,
  "summary_bg_stdv": 486.5506896972656,
  "summary_fg_k": 0.9887503040455572,
  "summary_fg_mad": 1098.246642443831,
  "summary_fg_mean": 3847.737548828125,
  "summary_fg_median": 3602.344970703125,
  "summary_fg_n": 85721.0,
  "summary_fg_p05": 2205.925048828125,
  "summary_fg_p95": 6314.50341796875,
  "summary_fg_stdv": 1264.96826171875,
  "tsnr": 44.381590452976525
}