{
  "aor": 0.0005606818181818181,
  "aqi": 0.005073763741258741,
  "bids_meta": {
    "AcquisitionMatrixPE": 90,
    "AcquisitionNumber": 1,
    "AcquisitionTime": "",
    "BandwidthPerPixelPhaseEncode": 21.786,
    "BaseResolution": 90,
    "BodyPartExamined": "BRAIN",
    "ConsistencyInfo": "N4_VE11C_LATEST_20160120",
    "ConversionSoftware": "dcm2niix",
    "ConversionSoftwareVersion": "v1.0.20210317",
    "DerivedVendorReportedEchoSpacing": 0.000510012,
    "DeviceSerialNumber": "66093",
    "DwellTime": 2e-06,
    "EchoTime": 0.03,
    "EchoTrainLength": 90,
    "EffectiveEchoSpacing": 0.000510012,
    "FlipAngle": 52,
    "ImageComments": "Unaliased MB6/PE3/LB",
    "ImageOrientationPatientDICOM": [
      0.999986,
      0.000962529,
      0.00514316,
      -1.5099e-08,
      0.982935,
      -0.183951
    ],
    "ImageType": [
      "ORIGINAL",
      "PRIMARY",
      "M",
      "MB",
      "ND",
      "MOSAIC"
    ],
    "ImagingFrequency": 123.259,
    "InPlanePhaseEncodingDirectionDICOM": "COL",
    "InstitutionAddress": "",
    "InstitutionName": "",
    "InstitutionalDepartmentName": "",
    "MRAcquisitionType": "2D",
    "MagneticFieldStrength": 3,
    "Manufacturer": "Siemens",
    "ManufacturersModelName": "Prisma",
    "Modality": "MR",
    "MultibandAccelerationFactor": 6,
    "PartialFourier": 1,
    "PatientPosition": "HFS",
    "PercentPhaseFOV": 100,
    "PercentSampling": 100,
    "PhaseEncodingDirection": "j-",
    "PhaseEncodingSteps": 90,
    "PhaseResolution": 1,
    "PixelBandwidth": 2780,
    "ProtocolName": "BOLD_2p4_MB6_P1_TE30_TR800_AP",
    "PulseSequenceDetails": "%CustomerSeq%\\cmrr_mbep2d_bold",
    "ReceiveCoilActiveElements": "HEA;HEP",
    "ReceiveCoilName": "Head_32",
    "ReconMatrixPE": 90,
    "RepetitionTime": 0.8,
    "SAR": 0.0676554,
    "ScanOptions": "FS",
    "ScanningSequence": "EP",
    "SequenceName": "epfid2d1_90",
    "SequenceVariant": "SK\\SS",
    "SeriesDescription": "BOLD_2p4_MB6_P1_TE30_TR800_AP",
    "SeriesNumber": 15,
    "ShimSetting": [
      4941,
      -11433,
      -1377,
      385,
      58,
      22,
      133,
      17
    ],
    "SliceThickness": 2.4,
    "SliceTiming": [
      0,
      0.545,
      0.3125,
      0.0775,
      0.6225,
      0.39,
      0.155,
      0.7025,
      0.4675,
      0.2325,
      0,
      0.545,
      0.3125,
      0.0775,
      0.6225,
      0.39,
      0.155,
      0.7025,
      0.4675,
      0.2325,
      0,
      0.545,
      0.3125,
      0.0775,
      0.6225,
      0.39,
      0.155,
      0.7025,
      0.4675,
      0.2325,
      0,
      0.545,
      0.3125,
      0.0775,
      0.6225,
      0.39,
      0.155,
      0.7025,
      0.4675,
      0.2325,
      0,
      0.545,
      0.3125,
      0.0775,
      0.6225,
      0.39,
      0.155,
      0.7025,
      0.4675,
      0.2325,
      0,
      0.545,
      0.3125,
      0.0775,
      0.6225,
      0.39,
      0.155,
      0.7025,
      0.4675,
      0.2325
    ],
    "SoftwareVersions": "syngo MR E11",
    "SpacingBetweenSlices": 2.4,
    "StationName": "",
    "TaskName": "SC",
    "TotalReadoutTime": 0.045391,
    "TxRefAmp": 243.617,
    "VendorReportedEchoSpacing": 0.00051,
    "WipMemBlock": "a8f2ca29-cbc4-4721-afa7-8bee3e1876f0||Sequence: R016 ve11c/master r/e634e98; Dec 19 2017 11:00:25 by eja",
    "dataset": "ds004073",
    "modality": "bold",
    "subject_id": "OXF24",
    "task_id": "SC"
  },
  "dummy_trs": 3,
  "dvars_nstd": 33.271085762381766,
  "dvars_std": 1.042648790140106,
  "dvars_vstd": 0.9875030919439584,
  "efc": 0.520845839889828,
  "fber": 823.2713623046875,
  "fd_mean": 0.11000970395634226,
  "fd_num": 31,
  "fd_perc": 5.419580419580419,
  "fwhm_avg": 2.926106828171406,
  "fwhm_x": 2.6928332263297547,
  "fwhm_y": 3.0287832129803016,
  "fwhm_z": 3.056704045204161,
  "gcor": 0.0100399,
  "gsr_x": -0.030573157593607903,
  "gsr_y": 0.10758183896541595,
  "provenance": {
    "md5sum": "24e5d2746025450f984ab5c5d8f218c6",
    "settings": {
      "fd_thres": 0.2,
      "testing": false
    },
    "software": "mriqc",
    "version": "23.0.0",
    "webapi_port": null,
    "webapi_url": "https://mriqc.nimh.nih.gov/api/v1"
  },
  "size_t": 572,
  "size_x": 90,
  "size_y": 90,
  "size_z": 60,
  "snr": 2.8655558680061803,
  "spacing_tr": 0.800000011920929,
  "spacing_x": 2.4000000953674316,
  "spacing_y": 2.4000000953674316,
  "spacing_z": 2.4000000953674316,
  "summary_bg_k": 30.60280624053764,
  "summary_bg_mad": 83.1773586360343,
  "summary_bg_mean": 298.0973815917969,
  "summary_bg_median": 122.28408813476562,
  "summary_bg_n": 324938.0,
  "summary_bg_p05": 61.11162624359131,
  "summary_bg_p95": 1146.6456787109357,
  "summary_bg_stdv": 472.0362243652344,
  "summary_fg_k": 0.9387635401280039,
  "summary_fg_mad": 1101.3817887122846,
  "summary_fg_mean": 3857.3818359375,
  "summary_fg_median": 3616.806640625,
  "summary_fg_n": 85724.0,
  "summary_fg_p05": 2216.1786254882813,
  "summary_fg_p95": 6323.781298828125,
  "summary_fg_stdv": 1262.158447265625,
  "tsnr": 41.544033301994205
}