{
  "aor": 0.00023445993031358885,
  "aqi": 0.0036317883972125436,
  "bids_meta": {
    "AcquisitionMatrixPE": 90,
    "AcquisitionNumber": 1,
    "AcquisitionTime": "",
    "BandwidthPerPixelPhaseEncode": 21.786,
    "BaseResolution": 90,
    "BodyPartExamined": "BRAIN",
    "ConsistencyInfo": "N4_VE11C_LATEST_20160120",
    "ConversionSoftware": "dcm2niix",
    "ConversionSoftwareVersion": "v1.0.20210317",
    "DerivedVendorReportedEchoSpacing": 0.000510012,
    "DeviceSerialNumber": "66093",
    "DwellTime": 2e-06,
    "EchoTime": 0.03,
    "EchoTrainLength": 90,
    "EffectiveEchoSpacing": 0.000510012,
    "FlipAngle": 52,
    "ImageComments": "Unaliased MB6/PE3/LB",
    "ImageOrientationPatientDICOM": [
      0.999986,
      0.000962529,
      0.00514316,
      -1.5099e-08,
      0.982935,
      -0.183951
    ],
    "ImageType": [
      "ORIGINAL",
      "PRIMARY",
      "M",
      "MB",
      "ND",
      "MOSAIC"
    ],
    "ImagingFrequency": 123.259,
    "InPlanePhaseEncodingDirectionDICOM": "COL",
    "InstitutionAddress": "",
    "InstitutionName": "",
    "InstitutionalDepartmentName": "",
    "MRAcquisitionType": "2D",
    "MagneticFieldStrength": 3,
    "Manufacturer": "Siemens",
    "ManufacturersModelName": "Prisma",
    "Modality": "MR",
    "MultibandAccelerationFactor": 6,
    "PartialFourier": 1,
    "PatientPosition": "HFS",
    "PercentPhaseFOV": 100,
    "PercentSampling": 100,
    "PhaseEncodingDirection": "j-",
    "PhaseEncodingSteps": 90,
    "PhaseResolution": 1,
    "PixelBandwidth": 2780,
    "ProtocolName": "BOLD_2p4_MB6_P1_TE30_TR800_AP",
    "PulseSequenceDetails": "%CustomerSeq%\\cmrr_mbep2d_bold",
    "ReceiveCoilActiveElements": "HEA;HEP",
    "ReceiveCoilName": "Head_32",
    "ReconMatrixPE": 90,
    "RepetitionTime": 0.8,
    "SAR": 0.0676554,
    "ScanOptions": "FS",
    "ScanningSequence": "EP",
    "SequenceName": "epfid2d1_90",
    "SequenceVariant": "SK\\SS",
    "SeriesDescription": "BOLD_2p4_MB6_P1_TE30_TR800_AP",
    "SeriesNumber": 9,
    "ShimSetting": [
      4941,
      -11433,
      -1377,
      385,
      58,
      22,
      133,
      17
    ],
    "SliceThickness": 2.4,
    "SliceTiming": [
      0,
      0.545,
      0.31,
      0.0775,
      0.6225,
      0.39,
      0.155,
      0.7,
      0.4675,
      0.2325,
      0,
      0.545,
      0.31,
      0.0775,
      0.6225,
      0.39,
      0.155,
      0.7,
      0.4675,
      0.2325,
      0,
      0.545,
      0.31,
      0.0775,
      0.6225,
      0.39,
      0.155,
      0.7,
      0.4675,
      0.2325,
      0,
      0.545,
      0.31,
      0.0775,
      0.6225,
      0.39,
      0.155,
      0.7,
      0.4675,
      0.2325,
      0,
      0.545,
      0.31,
      0.0775,
      0.6225,
      0.39,
      0.155,
      0.7,
      0.4675,
      0.2325,
      0,
      0.545,
      0.31,
      0.0775,
      0.6225,
      0.39,
      0.155,
      0.7,
      0.4675,
      0.2325
    ],
    "SoftwareVersions": "syngo MR E11",
    "SpacingBetweenSlices": 2.4,
    "StationName": "",
    "TaskName": "PD",
    "TotalReadoutTime": 0.045391,
    "TxRefAmp": 243.617,
    "VendorReportedEchoSpacing": 0.00051,
    "WipMemBlock": "f2f62a4b-2a96-425a-9f0a-2416870e6c76||Sequence: R016 ve11c/master r/e634e98; Dec 19 2017 11:00:25 by eja",
    "dataset": "ds004073",
    "modality": "bold",
    "subject_id": "OXF24",
    "task_id": "PD"
  },
  "dummy_trs": 1,
  "dvars_nstd": 32.308180241308875,
  "dvars_std": 1.0576588961256537,
  "dvars_vstd": 1.0010068597731254,
  "efc": 0.5192842769228149,
  "fber": 831.1859741210938,
  "fd_mean": 0.10734109389165133,
  "fd_num": 36,
  "fd_perc": 6.2717770034843205,
  "fwhm_avg": 2.9320443279354707,
  "fwhm_x": 2.7090748923510355,
  "fwhm_y": 3.0042165472898263,
  "fwhm_z": 3.0828415441655497,
  "gcor": 0.00759039,
  "gsr_x": -0.02712487243115902,
  "gsr_y": 0.10526999086141586,
  "provenance": {
    "md5sum": "f5cfcf0b3512c3a870e93408fbdf1583",
    "settings": {
      "fd_thres": 0.2,
      "testing": false
    },
    "software": "mriqc",
    "version": "23.0.0",
    "webapi_port": null,
    "webapi_url": "https://mriqc.nimh.nih.gov/api/v1"
  },
  "size_t": 574,
  "size_x": 90,
  "size_y": 90,
  "size_z": 60,
  "snr": 2.8452229518253733,
  "spacing_tr": 0.800000011920929,
  "spacing_x": 2.4000000953674316,
  "spacing_y": 2.4000000953674316,
  "spacing_z": 2.4000000953674316,
  "summary_bg_k": 27.731437944933752,
  "summary_bg_mad": 82.94307214883034,
  "summary_bg_mean": 302.8565673828125,
  "summary_bg_median": 121.77700805664062,
  "summary_bg_n": 326621.0,
  "summary_bg_p05": 60.86933898925781,
  "summary_bg_p95": 1168.486083984375,
  "summary_bg_stdv": 492.6463317871094,
  "summary_fg_k": 0.9693979737203802,
  "summary_fg_mad": 1104.1897200379822,
  "summary_fg_mean": 3857.329833984375,
  "summary_fg_median": 3611.81005859375,
  "summary_fg_n": 85549.0,
  "summary_fg_p05": 2207.417138671875,
  "summary_fg_p95": 6341.74296875,
  "summary_fg_stdv": 1269.422119140625,
  "tsnr": 46.53223442542367
}