{
  "aor": 0.0013359478260869565,
  "aqi": 0.042746395826086955,
  "bids_meta": {
    "AcquisitionMatrixPE": 94,
    "AcquisitionNumber": 8,
    "AcquisitionTime": "",
    "BodyPartExamined": "BRAIN",
    "CoilString": "MULTI COIL",
    "ConversionSoftware": "dcm2niix",
    "ConversionSoftwareVersion": "v1.0.20210317",
    "DeviceSerialNumber": "45128",
    "EchoTime": 0.03,
    "EchoTrainLength": 47,
    "EstimatedEffectiveEchoSpacing": 0.000388467,
    "EstimatedTotalReadoutTime": 0.0369044,
    "FlipAngle": 52,
    "ImageOrientationPatientDICOM": [
      0.999849,
      -4.72661e-12,
      0.017387,
      0.000696882,
      0.999196,
      -0.0400747
    ],
    "ImageType": [
      "ORIGINAL",
      "PRIMARY",
      "M",
      "FFE",
      "M",
      "FFE"
    ],
    "ImagingFrequency": 127.764,
    "InPlanePhaseEncodingDirectionDICOM": "COL",
    "InstitutionAddress": "",
    "InstitutionName": "",
    "InstitutionalDepartmentName": "",
    "MRAcquisitionType": "2D",
    "MagneticFieldStrength": 3,
    "Manufacturer": "Philips",
    "ManufacturersModelName": "Ingenia Elition X",
    "Modality": "MR",
    "ParallelReductionFactorInPlane": 2,
    "ParallelReductionOutOfPlane": 6,
    "PatientPosition": "HFS",
    "PercentPhaseFOV": 100,
    "PercentSampling": 100,
    "PhaseEncodingAxis": "j",
    "PhaseEncodingSteps": 94,
    "PhilipsRWVIntercept": 0,
    "PhilipsRWVSlope": 1.14823,
    "PhilipsRescaleIntercept": 0,
    "PhilipsRescaleSlope": 1.14823,
    "PhilipsScaleSlope": 0.0166289,
    "PixelBandwidth": 1850,
    "ProcedureStepDescription": "R7E65T_XW",
    "ProtocolName": "COLA_R5",
    "ReconMatrixPE": 96,
    "RepetitionTime": 0.8,
    "SAR": 0.0818667,
    "ScanOptions": "FS",
    "ScanningSequence": "GR",
    "SequenceVariant": "SK",
    "SeriesDescription": "COLA_R5",
    "SeriesNumber": 801,
    "SliceThickness": 2.4,
    "SoftwareVersions": "5.6.1\\5.6.1.2",
    "SpacingBetweenSlices": 2.4,
    "StationName": "",
    "TaskName": "SG",
    "UsePhilipsFloatNotDisplayScaling": 1,
    "WaterFatShift": 16.3723,
    "dataset": "ds004073",
    "modality": "bold",
    "subject_id": "BAN06",
    "task_id": "SG"
  },
  "dummy_trs": 0,
  "dvars_nstd": 84.58646214712536,
  "dvars_std": 1.1060382911324047,
  "dvars_vstd": 1.0399484137979085,
  "efc": 0.4252560017466089,
  "fber": 2850081.25,
  "fd_mean": 0.39066181513187376,
  "fd_num": 409,
  "fd_perc": 71.1304347826087,
  "fwhm_avg": 2.271248936166721,
  "fwhm_x": 2.2657294664614955,
  "fwhm_y": 2.4987882568010495,
  "fwhm_z": 2.0492290852376187,
  "gcor": 0.0062783,
  "gsr_x": -0.01363201905041933,
  "gsr_y": 0.03157610818743706,
  "provenance": {
    "md5sum": "06d0e46e5c0f374ea38db3511b7d3d82",
    "settings": {
      "fd_thres": 0.2,
      "testing": false
    },
    "software": "mriqc",
    "version": "23.0.0",
    "webapi_port": null,
    "webapi_url": "https://mriqc.nimh.nih.gov/api/v1"
  },
  "size_t": 575,
  "size_x": 96,
  "size_y": 96,
  "size_z": 60,
  "snr": 5.076471023293624,
  "spacing_tr": 0.8000001907348633,
  "spacing_x": 2.3958332538604736,
  "spacing_y": 2.3958332538604736,
  "spacing_z": 2.4000000953674316,
  "summary_bg_k": 24.223896182607092,
  "summary_bg_mad": 59.98846584174147,
  "summary_bg_mean": 2324.245361328125,
  "summary_bg_median": 40.786415100097656,
  "summary_bg_n": 407233.0,
  "summary_bg_p05": 0.2622196674346924,
  "summary_bg_p95": 11759.693749999999,
  "summary_bg_stdv": 5105.03759765625,
  "summary_fg_k": 0.7621834088260111,
  "summary_fg_mad": 12835.191454886088,
  "summary_fg_mean": 66774.7265625,
  "summary_fg_median": 66031.515625,
  "summary_fg_n": 76034.0,
  "summary_fg_p05": 47379.6529296875,
  "summary_fg_p95": 88047.3484375,
  "summary_fg_stdv": 13007.2802734375,
  "tsnr": 17.5388240814209
}