{
  "aor": 0.0018961565217391304,
  "aqi": 0.03965293130434783,
  "bids_meta": {
    "AcquisitionMatrixPE": 94,
    "AcquisitionNumber": 7,
    "AcquisitionTime": "",
    "BodyPartExamined": "BRAIN",
    "CoilString": "MULTI COIL",
    "ConversionSoftware": "dcm2niix",
    "ConversionSoftwareVersion": "v1.0.20210317",
    "DeviceSerialNumber": "45128",
    "EchoTime": 0.03,
    "EchoTrainLength": 47,
    "EstimatedEffectiveEchoSpacing": 0.000388467,
    "EstimatedTotalReadoutTime": 0.0369044,
    "FlipAngle": 52,
    "ImageOrientationPatientDICOM": [
      0.999849,
      -4.72661e-12,
      0.017387,
      0.000696882,
      0.999196,
      -0.0400747
    ],
    "ImageType": [
      "ORIGINAL",
      "PRIMARY",
      "M",
      "FFE",
      "M",
      "FFE"
    ],
    "ImagingFrequency": 127.764,
    "InPlanePhaseEncodingDirectionDICOM": "COL",
    "InstitutionAddress": "",
    "InstitutionName": "",
    "InstitutionalDepartmentName": "",
    "MRAcquisitionType": "2D",
    "MagneticFieldStrength": 3,
    "Manufacturer": "Philips",
    "ManufacturersModelName": "Ingenia Elition X",
    "Modality": "MR",
    "ParallelReductionFactorInPlane": 2,
    "ParallelReductionOutOfPlane": 6,
    "PatientPosition": "HFS",
    "PercentPhaseFOV": 100,
    "PercentSampling": 100,
    "PhaseEncodingAxis": "j",
    "PhaseEncodingSteps": 94,
    "PhilipsRWVIntercept": 0,
    "PhilipsRWVSlope": 1.12063,
    "PhilipsRescaleIntercept": 0,
    "PhilipsRescaleSlope": 1.12063,
    "PhilipsScaleSlope": 0.0165193,
    "PixelBandwidth": 1850,
    "ProcedureStepDescription": "R7E65T_XW",
    "ProtocolName": "COLA_R4",
    "ReconMatrixPE": 96,
    "RepetitionTime": 0.8,
    "SAR": 0.0818667,
    "ScanOptions": "FS",
    "ScanningSequence": "GR",
    "SequenceVariant": "SK",
    "SeriesDescription": "COLA_R4",
    "SeriesNumber": 701,
    "SliceThickness": 2.4,
    "SoftwareVersions": "5.6.1\\5.6.1.2",
    "SpacingBetweenSlices": 2.4,
    "StationName": "",
    "TaskName": "PD",
    "UsePhilipsFloatNotDisplayScaling": 1,
    "WaterFatShift": 16.3723,
    "dataset": "ds004073",
    "modality": "bold",
    "subject_id": "BAN06",
    "task_id": "PD"
  },
  "dummy_trs": 0,
  "dvars_nstd": 84.70475398205578,
  "dvars_std": 1.1131001454006957,
  "dvars_vstd": 1.0470550895644593,
  "efc": 0.4263435681720993,
  "fber": 3227454.0,
  "fd_mean": 0.35850783399505926,
  "fd_num": 383,
  "fd_perc": 66.6086956521739,
  "fwhm_avg": 2.2765844434090297,
  "fwhm_x": 2.283589640966984,
  "fwhm_y": 2.489484604318523,
  "fwhm_z": 2.056679084941582,
  "gcor": 0.00913762,
  "gsr_x": -0.015025031752884388,
  "gsr_y": 0.031338974833488464,
  "provenance": {
    "md5sum": "5da9f30dfd5a30c757ee9a6c460b0c02",
    "settings": {
      "fd_thres": 0.2,
      "testing": false
    },
    "software": "mriqc",
    "version": "23.0.0",
    "webapi_port": null,
    "webapi_url": "https://mriqc.nimh.nih.gov/api/v1"
  },
  "size_t": 575,
  "size_x": 96,
  "size_y": 96,
  "size_z": 60,
  "snr": 4.861576636766442,
  "spacing_tr": 0.8000001907348633,
  "spacing_x": 2.3958332538604736,
  "spacing_y": 2.3958332538604736,
  "spacing_z": 2.4000000953674316,
  "summary_bg_k": 23.545438858522093,
  "summary_bg_mad": 56.77689016830841,
  "summary_bg_mean": 2386.18408203125,
  "summary_bg_median": 38.513763427734375,
  "summary_bg_n": 406731.0,
  "summary_bg_p05": 0.19734205305576324,
  "summary_bg_p95": 12111.31591796875,
  "summary_bg_stdv": 5212.13671875,
  "summary_fg_k": 0.6893209139041514,
  "summary_fg_mad": 13441.506265275886,
  "summary_fg_mean": 67312.03125,
  "summary_fg_median": 66209.7421875,
  "summary_fg_n": 76416.0,
  "summary_fg_p05": 47521.603515625,
  "summary_fg_p95": 89850.8046875,
  "summary_fg_stdv": 13618.896484375,
  "tsnr": 17.76641845703125
}