{
  "aor": 0.0016545217391304348,
  "aqi": 0.04279277008695652,
  "bids_meta": {
    "AcquisitionMatrixPE": 94,
    "AcquisitionNumber": 2,
    "AcquisitionTime": "",
    "BodyPartExamined": "BRAIN",
    "CoilString": "MULTI COIL",
    "ConversionSoftware": "dcm2niix",
    "ConversionSoftwareVersion": "v1.0.20210317",
    "DeviceSerialNumber": "45128",
    "EchoTime": 0.03,
    "EchoTrainLength": 47,
    "EstimatedEffectiveEchoSpacing": 0.000388467,
    "EstimatedTotalReadoutTime": 0.0369044,
    "FlipAngle": 52,
    "ImageOrientationPatientDICOM": [
      0.999849,
      -4.72661e-12,
      0.017387,
      0.000696882,
      0.999196,
      -0.0400747
    ],
    "ImageType": [
      "ORIGINAL",
      "PRIMARY",
      "M",
      "FFE",
      "M",
      "FFE"
    ],
    "ImagingFrequency": 127.764,
    "InPlanePhaseEncodingDirectionDICOM": "COL",
    "InstitutionAddress": "",
    "InstitutionName": "",
    "InstitutionalDepartmentName": "",
    "MRAcquisitionType": "2D",
    "MagneticFieldStrength": 3,
    "Manufacturer": "Philips",
    "ManufacturersModelName": "Ingenia Elition X",
    "Modality": "MR",
    "ParallelReductionFactorInPlane": 2,
    "ParallelReductionOutOfPlane": 6,
    "PatientPosition": "HFS",
    "PercentPhaseFOV": 100,
    "PercentSampling": 100,
    "PhaseEncodingAxis": "j",
    "PhaseEncodingSteps": 94,
    "PhilipsRWVIntercept": 0,
    "PhilipsRWVSlope": 1.19267,
    "PhilipsRescaleIntercept": 0,
    "PhilipsRescaleSlope": 1.19267,
    "PhilipsScaleSlope": 0.0164832,
    "PixelBandwidth": 1850,
    "ProcedureStepDescription": "R7E65T_XW",
    "ProtocolName": "COLA_R1",
    "ReconMatrixPE": 96,
    "RepetitionTime": 0.8,
    "SAR": 0.0818667,
    "ScanOptions": "FS",
    "ScanningSequence": "GR",
    "SequenceVariant": "SK",
    "SeriesDescription": "COLA_R1",
    "SeriesNumber": 201,
    "SliceThickness": 2.4,
    "SoftwareVersions": "5.6.1\\5.6.1.2",
    "SpacingBetweenSlices": 2.4,
    "StationName": "",
    "TaskName": "WC",
    "UsePhilipsFloatNotDisplayScaling": 1,
    "WaterFatShift": 16.3723,
    "dataset": "ds004073",
    "modality": "bold",
    "subject_id": "BAN06",
    "task_id": "WC"
  },
  "dummy_trs": 0,
  "dvars_nstd": 86.00857308700347,
  "dvars_std": 1.0896274108536583,
  "dvars_vstd": 1.0222492948083617,
  "efc": 0.42591457011950756,
  "fber": 3315288.0,
  "fd_mean": 0.40549975730245347,
  "fd_num": 457,
  "fd_perc": 79.47826086956522,
  "fwhm_avg": 2.337083514280534,
  "fwhm_x": 2.3358345122652304,
  "fwhm_y": 2.5700327809034524,
  "fwhm_z": 2.1053832496729195,
  "gcor": 0.010646,
  "gsr_x": -0.015739163383841515,
  "gsr_y": 0.027444548904895782,
  "provenance": {
    "md5sum": "d8d40b52fac4d986420aa6245536a42e",
    "settings": {
      "fd_thres": 0.2,
      "testing": false
    },
    "software": "mriqc",
    "version": "23.0.0",
    "webapi_port": null,
    "webapi_url": "https://mriqc.nimh.nih.gov/api/v1"
  },
  "size_t": 575,
  "size_x": 96,
  "size_y": 96,
  "size_z": 60,
  "snr": 4.719714270420492,
  "spacing_tr": 0.8000001907348633,
  "spacing_x": 2.3958332538604736,
  "spacing_y": 2.3958332538604736,
  "spacing_z": 2.4000000953674316,
  "summary_bg_k": 24.696185313701587,
  "summary_bg_mad": 55.439918559456345,
  "summary_bg_mean": 2366.44775390625,
  "summary_bg_median": 37.63683319091797,
  "summary_bg_n": 406274.0,
  "summary_bg_p05": 0.21720314174890518,
  "summary_bg_p95": 11923.34155273437,
  "summary_bg_stdv": 5262.150390625,
  "summary_fg_k": 0.45693270811954,
  "summary_fg_mad": 13927.200381501914,
  "summary_fg_mean": 67385.125,
  "summary_fg_median": 65971.5546875,
  "summary_fg_n": 76663.0,
  "summary_fg_p05": 47205.065234375,
  "summary_fg_p95": 90986.915625,
  "summary_fg_stdv": 13977.779296875,
  "tsnr": 16.328998565673828
}