{
  "aor": 0.0004510086956521739,
  "aqi": 0.04823880747826087,
  "bids_meta": {
    "AcquisitionMatrixPE": 94,
    "AcquisitionNumber": 2,
    "AcquisitionTime": "",
    "BodyPartExamined": "BRAIN",
    "CoilString": "MULTI COIL",
    "ConversionSoftware": "dcm2niix",
    "ConversionSoftwareVersion": "v1.0.20210317",
    "DeviceSerialNumber": "45128",
    "EchoTime": 0.03,
    "EchoTrainLength": 47,
    "EstimatedEffectiveEchoSpacing": 0.000388368,
    "EstimatedTotalReadoutTime": 0.036895,
    "FlipAngle": 52,
    "ImageOrientationPatientDICOM": [
      0.999849,
      0.00200682,
      0.0172708,
      0.000696882,
      0.987893,
      -0.155135
    ],
    "ImageType": [
      "ORIGINAL",
      "PRIMARY",
      "M",
      "FFE",
      "M",
      "FFE"
    ],
    "ImagingFrequency": 127.764,
    "InPlanePhaseEncodingDirectionDICOM": "COL",
    "InstitutionAddress": "",
    "InstitutionName": "",
    "InstitutionalDepartmentName": "",
    "MRAcquisitionType": "2D",
    "MagneticFieldStrength": 3,
    "Manufacturer": "Philips",
    "ManufacturersModelName": "Ingenia Elition X",
    "Modality": "MR",
    "ParallelReductionFactorInPlane": 2,
    "ParallelReductionOutOfPlane": 6,
    "PatientPosition": "HFS",
    "PercentPhaseFOV": 100,
    "PercentSampling": 100,
    "PhaseEncodingAxis": "j",
    "PhaseEncodingSteps": 94,
    "PhilipsRWVIntercept": 0,
    "PhilipsRWVSlope": 1.24176,
    "PhilipsRescaleIntercept": 0,
    "PhilipsRescaleSlope": 1.24176,
    "PhilipsScaleSlope": 0.016352,
    "PixelBandwidth": 1851,
    "ProtocolName": "COLA_R1",
    "ReconMatrixPE": 96,
    "RepetitionTime": 0.8,
    "SAR": 0.081931,
    "ScanOptions": "FS",
    "ScanningSequence": "GR",
    "SequenceVariant": "SK",
    "SeriesDescription": "COLA_R1",
    "SeriesNumber": 201,
    "SliceThickness": 2.4,
    "SoftwareVersions": "5.6.1\\5.6.1.3",
    "SpacingBetweenSlices": 2.4,
    "StationName": "",
    "TaskName": "WG",
    "UsePhilipsFloatNotDisplayScaling": 1,
    "WaterFatShift": 16.3681,
    "dataset": "ds004073",
    "modality": "bold",
    "subject_id": "BAN14",
    "task_id": "WG"
  },
  "dummy_trs": 0,
  "dvars_nstd": 91.33390077076658,
  "dvars_std": 1.103474828466899,
  "dvars_vstd": 0.9870726325087111,
  "efc": 0.45689638340947025,
  "fber": 3915860.5,
  "fd_mean": 0.27793701429118184,
  "fd_num": 349,
  "fd_perc": 60.69565217391305,
  "fwhm_avg": 2.363040767560985,
  "fwhm_x": 2.469570864527524,
  "fwhm_y": 2.5640265198346515,
  "fwhm_z": 2.055524918320778,
  "gcor": 0.0105904,
  "gsr_x": -0.020923756062984467,
  "gsr_y": 0.019855616614222527,
  "provenance": {
    "md5sum": "2078973e35f6b72269882871422f06f4",
    "settings": {
      "fd_thres": 0.2,
      "testing": false
    },
    "software": "mriqc",
    "version": "23.0.0",
    "webapi_port": null,
    "webapi_url": "https://mriqc.nimh.nih.gov/api/v1"
  },
  "size_t": 575,
  "size_x": 96,
  "size_y": 96,
  "size_z": 60,
  "snr": 4.390743798178145,
  "spacing_tr": 0.8000001907348633,
  "spacing_x": 2.3958332538604736,
  "spacing_y": 2.3958332538604736,
  "spacing_z": 2.4000000953674316,
  "summary_bg_k": 28.465807235128903,
  "summary_bg_mad": 48.911027253116345,
  "summary_bg_mean": 2612.26171875,
  "summary_bg_median": 33.42366027832031,
  "summary_bg_n": 387888.0,
  "summary_bg_p05": 0.3094463497400286,
  "summary_bg_p95": 14708.224902343727,
  "summary_bg_stdv": 6058.84033203125,
  "summary_fg_k": 0.40906957872938277,
  "summary_fg_mad": 14976.958040597789,
  "summary_fg_mean": 66917.296875,
  "summary_fg_median": 66583.5234375,
  "summary_fg_n": 91579.0,
  "summary_fg_p05": 43254.20859375,
  "summary_fg_p95": 92196.07343749996,
  "summary_fg_stdv": 15164.4375,
  "tsnr": 14.782888412475586
}