{
  "aor": 0.000832208695652174,
  "aqi": 0.052507722434782605,
  "bids_meta": {
    "AcquisitionMatrixPE": 94,
    "AcquisitionNumber": 7,
    "AcquisitionTime": "",
    "BodyPartExamined": "BRAIN",
    "CoilString": "MULTI COIL",
    "ConversionSoftware": "dcm2niix",
    "ConversionSoftwareVersion": "v1.0.20210317",
    "DeviceSerialNumber": "45128",
    "EchoTime": 0.03,
    "EchoTrainLength": 47,
    "EstimatedEffectiveEchoSpacing": 0.000388368,
    "EstimatedTotalReadoutTime": 0.036895,
    "FlipAngle": 52,
    "ImageOrientationPatientDICOM": [
      0.999849,
      0.00200682,
      0.0172708,
      0.000696882,
      0.987893,
      -0.155135
    ],
    "ImageType": [
      "ORIGINAL",
      "PRIMARY",
      "M",
      "FFE",
      "M",
      "FFE"
    ],
    "ImagingFrequency": 127.764,
    "InPlanePhaseEncodingDirectionDICOM": "COL",
    "InstitutionAddress": "",
    "InstitutionName": "",
    "InstitutionalDepartmentName": "",
    "MRAcquisitionType": "2D",
    "MagneticFieldStrength": 3,
    "Manufacturer": "Philips",
    "ManufacturersModelName": "Ingenia Elition X",
    "Modality": "MR",
    "ParallelReductionFactorInPlane": 2,
    "ParallelReductionOutOfPlane": 6,
    "PatientPosition": "HFS",
    "PercentPhaseFOV": 100,
    "PercentSampling": 100,
    "PhaseEncodingAxis": "j",
    "PhaseEncodingSteps": 94,
    "PhilipsRWVIntercept": 0,
    "PhilipsRWVSlope": 1.21148,
    "PhilipsRescaleIntercept": 0,
    "PhilipsRescaleSlope": 1.21148,
    "PhilipsScaleSlope": 0.016448,
    "PixelBandwidth": 1851,
    "ProtocolName": "COLA_R4",
    "ReconMatrixPE": 96,
    "RepetitionTime": 0.8,
    "SAR": 0.081931,
    "ScanOptions": "FS",
    "ScanningSequence": "GR",
    "SequenceVariant": "SK",
    "SeriesDescription": "COLA_R4",
    "SeriesNumber": 701,
    "SliceThickness": 2.4,
    "SoftwareVersions": "5.6.1\\5.6.1.3",
    "SpacingBetweenSlices": 2.4,
    "StationName": "",
    "TaskName": "SG",
    "UsePhilipsFloatNotDisplayScaling": 1,
    "WaterFatShift": 16.3681,
    "dataset": "ds004073",
    "modality": "bold",
    "subject_id": "BAN14",
    "task_id": "SG"
  },
  "dummy_trs": 0,
  "dvars_nstd": 93.53441521519159,
  "dvars_std": 1.132176101951219,
  "dvars_vstd": 1.025417300958189,
  "efc": 0.4593364432902667,
  "fber": 3006147.75,
  "fd_mean": 0.3432682364947592,
  "fd_num": 386,
  "fd_perc": 67.1304347826087,
  "fwhm_avg": 2.1244658398158163,
  "fwhm_x": 2.2302178131096158,
  "fwhm_y": 2.205913116651224,
  "fwhm_z": 1.9372665896866088,
  "gcor": 0.014232,
  "gsr_x": -0.02025291509926319,
  "gsr_y": 0.032168202102184296,
  "provenance": {
    "md5sum": "f32a6fcc057a27b774ab9896dd391e1c",
    "settings": {
      "fd_thres": 0.2,
      "testing": false
    },
    "software": "mriqc",
    "version": "23.0.0",
    "webapi_port": null,
    "webapi_url": "https://mriqc.nimh.nih.gov/api/v1"
  },
  "size_t": 575,
  "size_x": 96,
  "size_y": 96,
  "size_z": 60,
  "snr": 4.800486646999324,
  "spacing_tr": 0.8000001907348633,
  "spacing_x": 2.3958332538604736,
  "spacing_y": 2.3958332538604736,
  "spacing_z": 2.4000000953674316,
  "summary_bg_k": 30.398317960022943,
  "summary_bg_mad": 55.032562959823025,
  "summary_bg_mean": 2642.504638671875,
  "summary_bg_median": 37.73957443237305,
  "summary_bg_n": 389103.0,
  "summary_bg_p05": 0.4192528784275055,
  "summary_bg_p95": 14624.344335937487,
  "summary_bg_stdv": 6125.24951171875,
  "summary_fg_k": 0.6904948620568923,
  "summary_fg_mad": 13049.505659561513,
  "summary_fg_mean": 65443.40234375,
  "summary_fg_median": 65045.984375,
  "summary_fg_n": 91349.0,
  "summary_fg_p05": 44766.40078125,
  "summary_fg_p95": 88017.3640625,
  "summary_fg_stdv": 13549.798828125,
  "tsnr": 15.725253105163574
}