{
  "aor": 0.0009254260869565218,
  "aqi": 0.04447244313043478,
  "bids_meta": {
    "AcquisitionMatrixPE": 94,
    "AcquisitionNumber": 3,
    "AcquisitionTime": "",
    "BodyPartExamined": "BRAIN",
    "CoilString": "MULTI COIL",
    "ConversionSoftware": "dcm2niix",
    "ConversionSoftwareVersion": "v1.0.20210317",
    "DeviceSerialNumber": "45128",
    "EchoTime": 0.03,
    "EchoTrainLength": 47,
    "EstimatedEffectiveEchoSpacing": 0.000388368,
    "EstimatedTotalReadoutTime": 0.036895,
    "FlipAngle": 52,
    "ImageOrientationPatientDICOM": [
      0.999849,
      0.00200682,
      0.0172708,
      0.000696882,
      0.987893,
      -0.155135
    ],
    "ImageType": [
      "ORIGINAL",
      "PRIMARY",
      "M",
      "FFE",
      "M",
      "FFE"
    ],
    "ImagingFrequency": 127.764,
    "InPlanePhaseEncodingDirectionDICOM": "COL",
    "InstitutionAddress": "",
    "InstitutionName": "",
    "InstitutionalDepartmentName": "",
    "MRAcquisitionType": "2D",
    "MagneticFieldStrength": 3,
    "Manufacturer": "Philips",
    "ManufacturersModelName": "Ingenia Elition X",
    "Modality": "MR",
    "ParallelReductionFactorInPlane": 2,
    "ParallelReductionOutOfPlane": 6,
    "PatientPosition": "HFS",
    "PercentPhaseFOV": 100,
    "PercentSampling": 100,
    "PhaseEncodingAxis": "j",
    "PhaseEncodingSteps": 94,
    "PhilipsRWVIntercept": 0,
    "PhilipsRWVSlope": 1.21685,
    "PhilipsRescaleIntercept": 0,
    "PhilipsRescaleSlope": 1.21685,
    "PhilipsScaleSlope": 0.0162781,
    "PixelBandwidth": 1851,
    "ProtocolName": "COLA_R2",
    "ReconMatrixPE": 96,
    "RepetitionTime": 0.8,
    "SAR": 0.081931,
    "ScanOptions": "FS",
    "ScanningSequence": "GR",
    "SequenceVariant": "SK",
    "SeriesDescription": "COLA_R2",
    "SeriesNumber": 301,
    "SliceThickness": 2.4,
    "SoftwareVersions": "5.6.1\\5.6.1.3",
    "SpacingBetweenSlices": 2.4,
    "StationName": "",
    "TaskName": "SD",
    "UsePhilipsFloatNotDisplayScaling": 1,
    "WaterFatShift": 16.3681,
    "dataset": "ds004073",
    "modality": "bold",
    "subject_id": "BAN14",
    "task_id": "SD"
  },
  "dummy_trs": 0,
  "dvars_nstd": 88.83443276806621,
  "dvars_std": 1.1549275250174225,
  "dvars_vstd": 1.0272274034320554,
  "efc": 0.45970465958381546,
  "fber": 4512085.5,
  "fd_mean": 0.20829444815162296,
  "fd_num": 221,
  "fd_perc": 38.43478260869565,
  "fwhm_avg": 2.22427493844944,
  "fwhm_x": 2.307155554792174,
  "fwhm_y": 2.375094339654486,
  "fwhm_z": 1.9905749209016592,
  "gcor": 0.0116897,
  "gsr_x": -0.020720530301332474,
  "gsr_y": 0.024223454296588898,
  "provenance": {
    "md5sum": "fce9b330ae99fb8995f7a7ab3ed19eb5",
    "settings": {
      "fd_thres": 0.2,
      "testing": false
    },
    "software": "mriqc",
    "version": "23.0.0",
    "webapi_port": null,
    "webapi_url": "https://mriqc.nimh.nih.gov/api/v1"
  },
  "size_t": 575,
  "size_x": 96,
  "size_y": 96,
  "size_z": 60,
  "snr": 4.941567754378044,
  "spacing_tr": 0.8000001907348633,
  "spacing_x": 2.3958332538604736,
  "spacing_y": 2.3958332538604736,
  "spacing_z": 2.4000000953674316,
  "summary_bg_k": 29.69737281926779,
  "summary_bg_mad": 44.76888583621226,
  "summary_bg_mean": 2624.47412109375,
  "summary_bg_median": 30.571552276611328,
  "summary_bg_n": 387911.0,
  "summary_bg_p05": 0.30083009600639343,
  "summary_bg_p95": 14746.1552734375,
  "summary_bg_stdv": 6162.162109375,
  "summary_fg_k": 0.4865189823468583,
  "summary_fg_mad": 12940.690764704084,
  "summary_fg_mean": 65901.203125,
  "summary_fg_median": 65490.76171875,
  "summary_fg_n": 91647.0,
  "summary_fg_p05": 45632.744921875,
  "summary_fg_p95": 88387.04687499999,
  "summary_fg_stdv": 13252.9609375,
  "tsnr": 17.206552505493164
}