{
  "bids_meta": {
    "AcquisitionMatrixPE": 174,
    "AcquisitionNumber": 1,
    "AcquisitionTime": "",
    "BaseResolution": 192,
    "BodyPartExamined": "BRAIN",
    "ConsistencyInfo": "N4_VE11C_LATEST_20160120",
    "ConversionSoftware": "dcm2niix",
    "ConversionSoftwareVersion": "v1.0.20210317",
    "DeviceSerialNumber": "66093",
    "DwellTime": 1.3e-05,
    "EchoTime": 0.00397,
    "FlipAngle": 8,
    "ImageOrientationPatientDICOM": [
      0.999986,
      0.000592327,
      0.00519881,
      -1.2535e-11,
      0.993572,
      -0.113203
    ],
    "ImageType": [
      "ORIGINAL",
      "PRIMARY",
      "M",
      "ND",
      "NORM"
    ],
    "ImagingFrequency": 123.259,
    "InPlanePhaseEncodingDirectionDICOM": "ROW",
    "InstitutionAddress": "",
    "InstitutionName": "",
    "InstitutionalDepartmentName": "",
    "InversionTime": 0.904,
    "MRAcquisitionType": "3D",
    "MagneticFieldStrength": 3,
    "Manufacturer": "Siemens",
    "ManufacturersModelName": "Prisma",
    "Modality": "MR",
    "PartialFourier": 1,
    "PatientPosition": "HFS",
    "PercentPhaseFOV": 90.625,
    "PercentSampling": 100,
    "PhaseEncodingSteps": 174,
    "PhaseResolution": 1,
    "PixelBandwidth": 200,
    "ProtocolName": "t1_mpr_ax_1mm_iso_32ch_v2",
    "PulseSequenceDetails": "%SiemensSeq%\\tfl",
    "ReceiveCoilActiveElements": "HEA;HEP",
    "ReceiveCoilName": "Head_32",
    "ReconMatrixPE": 174,
    "RepetitionTime": 1.9,
    "SAR": 0.0502411,
    "ScanOptions": "IR\\WE",
    "ScanningSequence": "GR\\IR",
    "SequenceName": "*tfl3d1_16",
    "SequenceVariant": "SK\\SP\\MP",
    "SeriesDescription": "t1_mpr_ax_1mm_iso_32ch_v2",
    "SeriesNumber": 13,
    "ShimSetting": [
      4937,
      -11475,
      -1371,
      415,
      -1,
      -362,
      13,
      21
    ],
    "SliceThickness": 1,
    "SoftwareVersions": "syngo MR E11",
    "StationName": "",
    "TxRefAmp": 241.216,
    "dataset": "ds004073",
    "modality": "T1w",
    "subject_id": "OXF21"
  },
  "cjv": 0.3554755063305397,
  "cnr": 3.7408408975959824,
  "efc": 0.5784562101892914,
  "fber": 17318.81931131549,
  "fwhm_avg": 4.71828,
  "fwhm_x": 4.37722,
  "fwhm_y": 5.16857,
  "fwhm_z": 4.60905,
  "icvs_csf": 0.24251028636798996,
  "icvs_gm": 0.40493380658732747,
  "icvs_wm": 0.3525559070446826,
  "inu_med": 0.3552287518978119,
  "inu_range": 0.12139316797256472,
  "provenance": {
    "md5sum": "029c8286e897fb6ba853464afa768355",
    "settings": {
      "testing": false
    },
    "software": "mriqc",
    "version": "23.0.0",
    "warnings": {
      "large_rot_frame": true,
      "small_air_mask": false
    },
    "webapi_port": null,
    "webapi_url": "https://mriqc.nimh.nih.gov/api/v1"
  },
  "qi_1": 0.0,
  "qi_2": 0.04517915931977536,
  "rpve_csf": 12.331971309822352,
  "rpve_gm": 7.195860856834058,
  "rpve_wm": 9.938548958040894,
  "size_x": 174,
  "size_y": 192,
  "size_z": 192,
  "snr_csf": 2.6616594094194417,
  "snr_gm": 14.070187395892347,
  "snr_total": 16.34310807930387,
  "snr_wm": 32.29747743259982,
  "snrd_csf": 47.642998647409755,
  "snrd_gm": 127.93510956352294,
  "snrd_total": 114.25348115767952,
  "snrd_wm": 167.18233526210585,
  "spacing_x": 1.0,
  "spacing_y": 1.0,
  "spacing_z": 1.0,
  "summary_bg_k": 13.134871281278897,
  "summary_bg_mad": 3.9189292676292142,
  "summary_bg_mean": 3.4242583436081087,
  "summary_bg_median": 2.643277622759342,
  "summary_bg_n": 1391571.0,
  "summary_bg_p05": 0.0,
  "summary_bg_p95": 12.695742521435022,
  "summary_bg_stdv": 4.651267771318148,
  "summary_csf_k": 0.20674248050609556,
  "summary_csf_mad": 89.51190713562183,
  "summary_csf_mean": 277.4893819457139,
  "summary_csf_median": 284.99338732659817,
  "summary_csf_n": 64097.0,
  "summary_csf_p05": 85.44595163874328,
  "summary_csf_p95": 452.78144188039005,
  "summary_csf_stdv": 107.07273934748068,
  "summary_gm_k": 0.1006427256245086,
  "summary_gm_mad": 53.558699990932595,
  "summary_gm_mean": 762.8962219505507,
  "summary_gm_median": 765.2889462802559,
  "summary_gm_n": 37014.0,
  "summary_gm_p05": 669.7965371919796,
  "summary_gm_p95": 848.6993739011697,
  "summary_gm_stdv": 54.390079310737626,
  "summary_wm_k": 0.5613767678343771,
  "summary_wm_mad": 29.89668009471681,
  "summary_wm_mean": 1001.1155182206502,
  "summary_wm_median": 1000.0600587744266,
  "summary_wm_n": 196731.0,
  "summary_wm_p05": 952.7413843609393,
  "summary_wm_p95": 1053.0257353819907,
  "summary_wm_stdv": 30.963951261024484,
  "tpm_overlap_csf": 0.152779213726506,
  "tpm_overlap_gm": 0.45482613074232847,
  "tpm_overlap_wm": 0.49034453316285614,
  "wm2max": 0.9134991768794586
}