{
  "aor": 0.0005925391304347827,
  "aqi": 0.033050174782608695,
  "bids_meta": {
    "AcquisitionMatrixPE": 94,
    "AcquisitionNumber": 8,
    "AcquisitionTime": "",
    "BodyPartExamined": "BRAIN",
    "CoilString": "MULTI COIL",
    "ConversionSoftware": "dcm2niix",
    "ConversionSoftwareVersion": "v1.0.20210317",
    "DeviceSerialNumber": "45128",
    "EchoTime": 0.03,
    "EchoTrainLength": 47,
    "EstimatedEffectiveEchoSpacing": 0.000388467,
    "EstimatedTotalReadoutTime": 0.0369044,
    "FlipAngle": 52,
    "ImageOrientationPatientDICOM": [
      0.999849,
      -4.72661e-12,
      0.017387,
      0.000696882,
      0.999196,
      -0.0400747
    ],
    "ImageType": [
      "ORIGINAL",
      "PRIMARY",
      "M",
      "FFE",
      "M",
      "FFE"
    ],
    "ImagingFrequency": 127.764,
    "InPlanePhaseEncodingDirectionDICOM": "COL",
    "InstitutionAddress": "",
    "InstitutionName": "",
    "InstitutionalDepartmentName": "",
    "MRAcquisitionType": "2D",
    "MagneticFieldStrength": 3,
    "Manufacturer": "Philips",
    "ManufacturersModelName": "Ingenia Elition X",
    "Modality": "MR",
    "ParallelReductionFactorInPlane": 2,
    "ParallelReductionOutOfPlane": 6,
    "PatientPosition": "HFS",
    "PercentPhaseFOV": 100,
    "PercentSampling": 100,
    "PhaseEncodingAxis": "j",
    "PhaseEncodingSteps": 94,
    "PhilipsRWVIntercept": 0,
    "PhilipsRWVSlope": 1.09646,
    "PhilipsRescaleIntercept": 0,
    "PhilipsRescaleSlope": 1.09646,
    "PhilipsScaleSlope": 0.0166238,
    "PixelBandwidth": 1850,
    "ProcedureStepDescription": "COLA",
    "ProtocolName": "COLA_R4",
    "ReconMatrixPE": 96,
    "RepetitionTime": 0.8,
    "SAR": 0.0818667,
    "ScanOptions": "FS",
    "ScanningSequence": "GR",
    "SequenceVariant": "SK",
    "SeriesDescription": "COLA_R4",
    "SeriesNumber": 801,
    "SliceThickness": 2.4,
    "SoftwareVersions": "5.6.1\\5.6.1.3",
    "SpacingBetweenSlices": 2.4,
    "StationName": "",
    "TaskName": "PD",
    "UsePhilipsFloatNotDisplayScaling": 1,
    "WaterFatShift": 16.3723,
    "dataset": "ds004073",
    "modality": "bold",
    "subject_id": "BAN15",
    "task_id": "PD"
  },
  "dummy_trs": 0,
  "dvars_nstd": 88.6373776826132,
  "dvars_std": 1.1117923156271785,
  "dvars_vstd": 1.01986953912892,
  "efc": 0.4686281567541628,
  "fber": 554453.0625,
  "fd_mean": 0.2762344998614945,
  "fd_num": 369,
  "fd_perc": 64.17391304347827,
  "fwhm_avg": 2.12058246417244,
  "fwhm_x": 2.1053092872271093,
  "fwhm_y": 2.273150684098971,
  "fwhm_z": 1.9832874211912386,
  "gcor": 0.00331835,
  "gsr_x": -0.015112530440092087,
  "gsr_y": 0.025065220892429352,
  "provenance": {
    "md5sum": "2b31471d20f53da26fa7d3cfa3c14f57",
    "settings": {
      "fd_thres": 0.2,
      "testing": false
    },
    "software": "mriqc",
    "version": "23.0.0",
    "webapi_port": null,
    "webapi_url": "https://mriqc.nimh.nih.gov/api/v1"
  },
  "size_t": 575,
  "size_x": 96,
  "size_y": 96,
  "size_z": 60,
  "snr": 4.407278142242506,
  "spacing_tr": 0.8000001907348633,
  "spacing_x": 2.3958332538604736,
  "spacing_y": 2.3958332538604736,
  "spacing_z": 2.4000000953674316,
  "summary_bg_k": 15.37546963617502,
  "summary_bg_mad": 123.16946214633548,
  "summary_bg_mean": 3181.025634765625,
  "summary_bg_median": 83.52359771728516,
  "summary_bg_n": 395759.0,
  "summary_bg_p05": 0.612734442949295,
  "summary_bg_p95": 15944.453710937498,
  "summary_bg_stdv": 6186.63037109375,
  "summary_fg_k": 0.8133423625116065,
  "summary_fg_mad": 12722.658471652563,
  "summary_fg_mean": 60191.05859375,
  "summary_fg_median": 59126.4296875,
  "summary_fg_n": 84770.0,
  "summary_fg_p05": 40416.2568359375,
  "summary_fg_p95": 83177.57500000001,
  "summary_fg_stdv": 13415.5546875,
  "tsnr": 17.847028732299805
}