{
  "aor": 0.0006395826086956521,
  "aqi": 0.0368984704347826,
  "bids_meta": {
    "AcquisitionMatrixPE": 94,
    "AcquisitionNumber": 9,
    "AcquisitionTime": "",
    "BodyPartExamined": "BRAIN",
    "CoilString": "MULTI COIL",
    "ConversionSoftware": "dcm2niix",
    "ConversionSoftwareVersion": "v1.0.20210317",
    "DeviceSerialNumber": "45128",
    "EchoTime": 0.03,
    "EchoTrainLength": 47,
    "EstimatedEffectiveEchoSpacing": 0.000388467,
    "EstimatedTotalReadoutTime": 0.0369044,
    "FlipAngle": 52,
    "ImageOrientationPatientDICOM": [
      0.999849,
      -4.72661e-12,
      0.017387,
      0.000696882,
      0.999196,
      -0.0400747
    ],
    "ImageType": [
      "ORIGINAL",
      "PRIMARY",
      "M",
      "FFE",
      "M",
      "FFE"
    ],
    "ImagingFrequency": 127.764,
    "InPlanePhaseEncodingDirectionDICOM": "COL",
    "InstitutionAddress": "",
    "InstitutionName": "",
    "InstitutionalDepartmentName": "",
    "MRAcquisitionType": "2D",
    "MagneticFieldStrength": 3,
    "Manufacturer": "Philips",
    "ManufacturersModelName": "Ingenia Elition X",
    "Modality": "MR",
    "ParallelReductionFactorInPlane": 2,
    "ParallelReductionOutOfPlane": 6,
    "PatientPosition": "HFS",
    "PercentPhaseFOV": 100,
    "PercentSampling": 100,
    "PhaseEncodingAxis": "j",
    "PhaseEncodingSteps": 94,
    "PhilipsRWVIntercept": 0,
    "PhilipsRWVSlope": 1.21026,
    "PhilipsRescaleIntercept": 0,
    "PhilipsRescaleSlope": 1.21026,
    "PhilipsScaleSlope": 0.0165771,
    "PixelBandwidth": 1850,
    "ProcedureStepDescription": "COLA",
    "ProtocolName": "COLA_R5",
    "ReconMatrixPE": 96,
    "RepetitionTime": 0.8,
    "SAR": 0.0818667,
    "ScanOptions": "FS",
    "ScanningSequence": "GR",
    "SequenceVariant": "SK",
    "SeriesDescription": "COLA_R5",
    "SeriesNumber": 901,
    "SliceThickness": 2.4,
    "SoftwareVersions": "5.6.1\\5.6.1.3",
    "SpacingBetweenSlices": 2.4,
    "StationName": "",
    "TaskName": "SC",
    "UsePhilipsFloatNotDisplayScaling": 1,
    "WaterFatShift": 16.3723,
    "dataset": "ds004073",
    "modality": "bold",
    "subject_id": "BAN15",
    "task_id": "SC"
  },
  "dummy_trs": 0,
  "dvars_nstd": 90.22210174977354,
  "dvars_std": 1.1184246358013932,
  "dvars_vstd": 1.0204509392682923,
  "efc": 0.4727704038379619,
  "fber": 492178.71875,
  "fd_mean": 0.27927936508214757,
  "fd_num": 369,
  "fd_perc": 64.17391304347827,
  "fwhm_avg": 2.117529138125459,
  "fwhm_x": 2.109512417801315,
  "fwhm_y": 2.2656000751528556,
  "fwhm_z": 1.9774749214222065,
  "gcor": 0.00645989,
  "gsr_x": -0.016270605847239494,
  "gsr_y": 0.026917485520243645,
  "provenance": {
    "md5sum": "6a9fecaf3d718e6036674417736912e4",
    "settings": {
      "fd_thres": 0.2,
      "testing": false
    },
    "software": "mriqc",
    "version": "23.0.0",
    "webapi_port": null,
    "webapi_url": "https://mriqc.nimh.nih.gov/api/v1"
  },
  "size_t": 575,
  "size_x": 96,
  "size_y": 96,
  "size_z": 60,
  "snr": 4.693964316870251,
  "spacing_tr": 0.8000001907348633,
  "spacing_x": 2.3958332538604736,
  "spacing_y": 2.3958332538604736,
  "spacing_z": 2.4000000953674316,
  "summary_bg_k": 14.212181047090667,
  "summary_bg_mad": 131.07727389269326,
  "summary_bg_mean": 3273.95166015625,
  "summary_bg_median": 88.89193725585938,
  "summary_bg_n": 395247.0,
  "summary_bg_p05": 0.6628259539604188,
  "summary_bg_p95": 16317.938378906241,
  "summary_bg_stdv": 6312.0947265625,
  "summary_fg_k": 0.6431241697591292,
  "summary_fg_mad": 12260.245843389006,
  "summary_fg_mean": 60139.02734375,
  "summary_fg_median": 59400.8125,
  "summary_fg_n": 85132.0,
  "summary_fg_p05": 41079.811328125,
  "summary_fg_p95": 81419.50390625,
  "summary_fg_stdv": 12654.6474609375,
  "tsnr": 17.40991973876953
}