{
  "aor": 0.0013959999999999999,
  "aqi": 0.04756152069565217,
  "bids_meta": {
    "AcquisitionMatrixPE": 94,
    "AcquisitionNumber": 4,
    "AcquisitionTime": "",
    "BodyPartExamined": "BRAIN",
    "CoilString": "MULTI COIL",
    "ConversionSoftware": "dcm2niix",
    "ConversionSoftwareVersion": "v1.0.20210317",
    "DeviceSerialNumber": "45128",
    "EchoTime": 0.03,
    "EchoTrainLength": 47,
    "EstimatedEffectiveEchoSpacing": 0.000388467,
    "EstimatedTotalReadoutTime": 0.0369044,
    "FlipAngle": 52,
    "ImageOrientationPatientDICOM": [
      0.999849,
      -4.72661e-12,
      0.017387,
      0.000696882,
      0.999196,
      -0.0400747
    ],
    "ImageType": [
      "ORIGINAL",
      "PRIMARY",
      "M",
      "FFE",
      "M",
      "FFE"
    ],
    "ImagingFrequency": 127.764,
    "InPlanePhaseEncodingDirectionDICOM": "COL",
    "InstitutionAddress": "",
    "InstitutionName": "",
    "InstitutionalDepartmentName": "",
    "MRAcquisitionType": "2D",
    "MagneticFieldStrength": 3,
    "Manufacturer": "Philips",
    "ManufacturersModelName": "Ingenia Elition X",
    "Modality": "MR",
    "ParallelReductionFactorInPlane": 2,
    "ParallelReductionOutOfPlane": 6,
    "PatientPosition": "HFS",
    "PercentPhaseFOV": 100,
    "PercentSampling": 100,
    "PhaseEncodingAxis": "j",
    "PhaseEncodingSteps": 94,
    "PhilipsRWVIntercept": 0,
    "PhilipsRWVSlope": 1.0906,
    "PhilipsRescaleIntercept": 0,
    "PhilipsRescaleSlope": 1.0906,
    "PhilipsScaleSlope": 0.016787,
    "PixelBandwidth": 1850,
    "ProcedureStepDescription": "COLA",
    "ProtocolName": "COLA_R3",
    "ReconMatrixPE": 96,
    "RepetitionTime": 0.8,
    "SAR": 0.0818667,
    "ScanOptions": "FS",
    "ScanningSequence": "GR",
    "SequenceVariant": "SK",
    "SeriesDescription": "COLA_R3",
    "SeriesNumber": 401,
    "SliceThickness": 2.4,
    "SoftwareVersions": "5.6.1\\5.6.1.3",
    "SpacingBetweenSlices": 2.4,
    "StationName": "",
    "TaskName": "WG",
    "UsePhilipsFloatNotDisplayScaling": 1,
    "WaterFatShift": 16.3723,
    "dataset": "ds004073",
    "modality": "bold",
    "subject_id": "BAN15",
    "task_id": "WG"
  },
  "dummy_trs": 0,
  "dvars_nstd": 94.4910412165157,
  "dvars_std": 1.1118154881184676,
  "dvars_vstd": 1.035236408902439,
  "efc": 0.4705136327419919,
  "fber": 413349.25,
  "fd_mean": 0.5685955462321711,
  "fd_num": 467,
  "fd_perc": 81.21739130434783,
  "fwhm_avg": 2.163149118877969,
  "fwhm_x": 2.140228244907155,
  "fwhm_y": 2.3126108593209596,
  "fwhm_z": 2.0366082524057925,
  "gcor": 0.0144845,
  "gsr_x": -0.01319849118590355,
  "gsr_y": 0.024435319006443024,
  "provenance": {
    "md5sum": "8adc4cdbbdf76f2da12bd21ab5af480d",
    "settings": {
      "fd_thres": 0.2,
      "testing": false
    },
    "software": "mriqc",
    "version": "23.0.0",
    "webapi_port": null,
    "webapi_url": "https://mriqc.nimh.nih.gov/api/v1"
  },
  "size_t": 575,
  "size_x": 96,
  "size_y": 96,
  "size_z": 60,
  "snr": 4.463276681786088,
  "spacing_tr": 0.8000001907348633,
  "spacing_x": 2.3958332538604736,
  "spacing_y": 2.3958332538604736,
  "spacing_z": 2.4000000953674316,
  "summary_bg_k": 16.399743792896597,
  "summary_bg_mad": 136.33366373131224,
  "summary_bg_mean": 3119.983642578125,
  "summary_bg_median": 93.0092544555664,
  "summary_bg_n": 395044.0,
  "summary_bg_p05": 1.241317301988602,
  "summary_bg_p95": 15495.497119140618,
  "summary_bg_stdv": 6015.4912109375,
  "summary_fg_k": 0.9181466330100143,
  "summary_fg_mad": 12181.291483838668,
  "summary_fg_mean": 58837.4921875,
  "summary_fg_median": 57795.6015625,
  "summary_fg_n": 85049.0,
  "summary_fg_p05": 39603.01875,
  "summary_fg_p95": 80745.71562499998,
  "summary_fg_stdv": 12949.0654296875,
  "tsnr": 14.955284118652344
}