{
  "aor": 0.0012027652173913041,
  "aqi": 0.04291084608695652,
  "bids_meta": {
    "AcquisitionMatrixPE": 94,
    "AcquisitionNumber": 10,
    "AcquisitionTime": "",
    "BodyPartExamined": "BRAIN",
    "CoilString": "MULTI COIL",
    "ConversionSoftware": "dcm2niix",
    "ConversionSoftwareVersion": "v1.0.20210317",
    "DeviceSerialNumber": "45128",
    "EchoTime": 0.03,
    "EchoTrainLength": 47,
    "EstimatedEffectiveEchoSpacing": 0.000388467,
    "EstimatedTotalReadoutTime": 0.0369044,
    "FlipAngle": 52,
    "ImageOrientationPatientDICOM": [
      0.999849,
      -4.72661e-12,
      0.017387,
      0.000696882,
      0.999196,
      -0.0400747
    ],
    "ImageType": [
      "ORIGINAL",
      "PRIMARY",
      "M",
      "FFE",
      "M",
      "FFE"
    ],
    "ImagingFrequency": 127.764,
    "InPlanePhaseEncodingDirectionDICOM": "COL",
    "InstitutionAddress": "",
    "InstitutionName": "",
    "InstitutionalDepartmentName": "",
    "MRAcquisitionType": "2D",
    "MagneticFieldStrength": 3,
    "Manufacturer": "Philips",
    "ManufacturersModelName": "Ingenia Elition X",
    "Modality": "MR",
    "ParallelReductionFactorInPlane": 2,
    "ParallelReductionOutOfPlane": 6,
    "PatientPosition": "HFS",
    "PercentPhaseFOV": 100,
    "PercentSampling": 100,
    "PhaseEncodingAxis": "j",
    "PhaseEncodingSteps": 94,
    "PhilipsRWVIntercept": 0,
    "PhilipsRWVSlope": 1.084,
    "PhilipsRescaleIntercept": 0,
    "PhilipsRescaleSlope": 1.084,
    "PhilipsScaleSlope": 0.0167195,
    "PixelBandwidth": 1850,
    "ProcedureStepDescription": "COLA",
    "ProtocolName": "COLA_R6",
    "ReconMatrixPE": 96,
    "RepetitionTime": 0.8,
    "SAR": 0.0818667,
    "ScanOptions": "FS",
    "ScanningSequence": "GR",
    "SequenceVariant": "SK",
    "SeriesDescription": "COLA_R6",
    "SeriesNumber": 1001,
    "SliceThickness": 2.4,
    "SoftwareVersions": "5.6.1\\5.6.1.3",
    "SpacingBetweenSlices": 2.4,
    "StationName": "",
    "TaskName": "SG",
    "UsePhilipsFloatNotDisplayScaling": 1,
    "WaterFatShift": 16.3723,
    "dataset": "ds004073",
    "modality": "bold",
    "subject_id": "BAN15",
    "task_id": "SG"
  },
  "dummy_trs": 0,
  "dvars_nstd": 95.21545697252611,
  "dvars_std": 1.122732426324041,
  "dvars_vstd": 1.0338045313763067,
  "efc": 0.4717703353368454,
  "fber": 387509.875,
  "fd_mean": 0.4558487649894779,
  "fd_num": 428,
  "fd_perc": 74.43478260869566,
  "fwhm_avg": 2.154724104602734,
  "fwhm_x": 2.134059201224259,
  "fwhm_y": 2.3139548593655417,
  "fwhm_z": 2.016158253218402,
  "gcor": 0.0103959,
  "gsr_x": -0.016044605523347855,
  "gsr_y": 0.024885721504688263,
  "provenance": {
    "md5sum": "aa903b4e1eae8e582f7da040f2e46bda",
    "settings": {
      "fd_thres": 0.2,
      "testing": false
    },
    "software": "mriqc",
    "version": "23.0.0",
    "webapi_port": null,
    "webapi_url": "https://mriqc.nimh.nih.gov/api/v1"
  },
  "size_t": 575,
  "size_x": 96,
  "size_y": 96,
  "size_z": 60,
  "snr": 4.399774977112028,
  "spacing_tr": 0.8000001907348633,
  "spacing_x": 2.3958332538604736,
  "spacing_y": 2.3958332538604736,
  "spacing_z": 2.4000000953674316,
  "summary_bg_k": 15.287908297659524,
  "summary_bg_mad": 142.6586132325246,
  "summary_bg_mean": 3233.998291015625,
  "summary_bg_median": 96.95496368408203,
  "summary_bg_n": 395242.0,
  "summary_bg_p05": 0.9045770466327668,
  "summary_bg_p95": 15937.237109374975,
  "summary_bg_stdv": 6166.80029296875,
  "summary_fg_k": 0.8049136791866265,
  "summary_fg_mad": 12659.366993742648,
  "summary_fg_mean": 59744.64453125,
  "summary_fg_median": 58596.75390625,
  "summary_fg_n": 85041.0,
  "summary_fg_p05": 40155.30078125,
  "summary_fg_p95": 82578.1953125,
  "summary_fg_stdv": 13318.046875,
  "tsnr": 15.530950546264648
}