{
  "aor": 0.0005338260869565218,
  "aqi": 0.03254040434782608,
  "bids_meta": {
    "AcquisitionMatrixPE": 94,
    "AcquisitionNumber": 2,
    "AcquisitionTime": "",
    "BodyPartExamined": "BRAIN",
    "CoilString": "MULTI COIL",
    "ConversionSoftware": "dcm2niix",
    "ConversionSoftwareVersion": "v1.0.20210317",
    "DeviceSerialNumber": "45128",
    "EchoTime": 0.03,
    "EchoTrainLength": 47,
    "EstimatedEffectiveEchoSpacing": 0.000388368,
    "EstimatedTotalReadoutTime": 0.036895,
    "FlipAngle": 52,
    "ImageOrientationPatientDICOM": [
      0.999849,
      0.00154567,
      0.0173181,
      0.000696882,
      0.991678,
      -0.128743
    ],
    "ImageType": [
      "ORIGINAL",
      "PRIMARY",
      "M",
      "FFE",
      "M",
      "FFE"
    ],
    "ImagingFrequency": 127.764,
    "InPlanePhaseEncodingDirectionDICOM": "COL",
    "InstitutionAddress": "",
    "InstitutionName": "",
    "InstitutionalDepartmentName": "",
    "MRAcquisitionType": "2D",
    "MagneticFieldStrength": 3,
    "Manufacturer": "Philips",
    "ManufacturersModelName": "Ingenia Elition X",
    "Modality": "MR",
    "ParallelReductionFactorInPlane": 2,
    "ParallelReductionOutOfPlane": 6,
    "PatientPosition": "HFS",
    "PercentPhaseFOV": 100,
    "PercentSampling": 100,
    "PhaseEncodingAxis": "j",
    "PhaseEncodingSteps": 94,
    "PhilipsRWVIntercept": 0,
    "PhilipsRWVSlope": 1.06471,
    "PhilipsRescaleIntercept": 0,
    "PhilipsRescaleSlope": 1.06471,
    "PhilipsScaleSlope": 0.0163659,
    "PixelBandwidth": 1851,
    "ProcedureStepDescription": "COLA",
    "ProtocolName": "COLA_R1",
    "ReconMatrixPE": 96,
    "RepetitionTime": 0.8,
    "SAR": 0.0819307,
    "ScanOptions": "FS",
    "ScanningSequence": "GR",
    "SequenceVariant": "SK",
    "SeriesDescription": "COLA_R1",
    "SeriesNumber": 201,
    "SliceThickness": 2.4,
    "SoftwareVersions": "5.6.1\\5.6.1.3",
    "SpacingBetweenSlices": 2.4,
    "StationName": "",
    "TaskName": "SC",
    "UsePhilipsFloatNotDisplayScaling": 1,
    "WaterFatShift": 16.3681,
    "dataset": "ds004073",
    "modality": "bold",
    "subject_id": "BAN13",
    "task_id": "SC"
  },
  "dummy_trs": 0,
  "dvars_nstd": 74.62783671250872,
  "dvars_std": 1.0899128117421608,
  "dvars_vstd": 1.012131287351916,
  "efc": 0.46322498612002116,
  "fber": 958464.3125,
  "fd_mean": 0.13920678586719828,
  "fd_num": 106,
  "fd_perc": 18.434782608695652,
  "fwhm_avg": 2.2451655403070387,
  "fwhm_x": 2.295714858760497,
  "fwhm_y": 2.4374943417243737,
  "fwhm_z": 2.002287420436246,
  "gcor": 0.00672799,
  "gsr_x": -0.013406737707555294,
  "gsr_y": 0.03763695806264877,
  "provenance": {
    "md5sum": "d79e4eb962c59df3422751a9933ca46a",
    "settings": {
      "fd_thres": 0.2,
      "testing": false
    },
    "software": "mriqc",
    "version": "23.0.0",
    "webapi_port": null,
    "webapi_url": "https://mriqc.nimh.nih.gov/api/v1"
  },
  "size_t": 575,
  "size_x": 96,
  "size_y": 96,
  "size_z": 60,
  "snr": 4.697994069922661,
  "spacing_tr": 0.8000001907348633,
  "spacing_x": 2.3958332538604736,
  "spacing_y": 2.3958332538604736,
  "spacing_z": 2.4000000953674316,
  "summary_bg_k": 24.03088462238922,
  "summary_bg_mad": 107.11914058324074,
  "summary_bg_mean": 2912.10693359375,
  "summary_bg_median": 72.4610366821289,
  "summary_bg_n": 387185.0,
  "summary_bg_p05": 0.22146472930908204,
  "summary_bg_p95": 14255.567578124997,
  "summary_bg_stdv": 6102.24267578125,
  "summary_fg_k": 0.42889388573535037,
  "summary_fg_mad": 14926.775430350324,
  "summary_fg_mean": 72940.296875,
  "summary_fg_median": 72228.4921875,
  "summary_fg_n": 91763.0,
  "summary_fg_p05": 49232.637500000004,
  "summary_fg_p95": 99105.82343749999,
  "summary_fg_stdv": 15374.2421875,
  "tsnr": 19.481033325195312
}