{
  "aor": 0.0005803304347826087,
  "aqi": 0.03484786869565217,
  "bids_meta": {
    "AcquisitionMatrixPE": 94,
    "AcquisitionNumber": 3,
    "AcquisitionTime": "",
    "BodyPartExamined": "BRAIN",
    "CoilString": "MULTI COIL",
    "ConversionSoftware": "dcm2niix",
    "ConversionSoftwareVersion": "v1.0.20210317",
    "DeviceSerialNumber": "45128",
    "EchoTime": 0.03,
    "EchoTrainLength": 47,
    "EstimatedEffectiveEchoSpacing": 0.000388368,
    "EstimatedTotalReadoutTime": 0.036895,
    "FlipAngle": 52,
    "ImageOrientationPatientDICOM": [
      0.999849,
      0.00154567,
      0.0173181,
      0.000696882,
      0.991678,
      -0.128743
    ],
    "ImageType": [
      "ORIGINAL",
      "PRIMARY",
      "M",
      "FFE",
      "M",
      "FFE"
    ],
    "ImagingFrequency": 127.764,
    "InPlanePhaseEncodingDirectionDICOM": "COL",
    "InstitutionAddress": "",
    "InstitutionName": "",
    "InstitutionalDepartmentName": "",
    "MRAcquisitionType": "2D",
    "MagneticFieldStrength": 3,
    "Manufacturer": "Philips",
    "ManufacturersModelName": "Ingenia Elition X",
    "Modality": "MR",
    "ParallelReductionFactorInPlane": 2,
    "ParallelReductionOutOfPlane": 6,
    "PatientPosition": "HFS",
    "PercentPhaseFOV": 100,
    "PercentSampling": 100,
    "PhaseEncodingAxis": "j",
    "PhaseEncodingSteps": 94,
    "PhilipsRWVIntercept": 0,
    "PhilipsRWVSlope": 1.084,
    "PhilipsRescaleIntercept": 0,
    "PhilipsRescaleSlope": 1.084,
    "PhilipsScaleSlope": 0.0162131,
    "PixelBandwidth": 1851,
    "ProcedureStepDescription": "COLA",
    "ProtocolName": "COLA_R2",
    "ReconMatrixPE": 96,
    "RepetitionTime": 0.8,
    "SAR": 0.0819307,
    "ScanOptions": "FS",
    "ScanningSequence": "GR",
    "SequenceVariant": "SK",
    "SeriesDescription": "COLA_R2",
    "SeriesNumber": 301,
    "SliceThickness": 2.4,
    "SoftwareVersions": "5.6.1\\5.6.1.3",
    "SpacingBetweenSlices": 2.4,
    "StationName": "",
    "TaskName": "SG",
    "UsePhilipsFloatNotDisplayScaling": 1,
    "WaterFatShift": 16.3681,
    "dataset": "ds004073",
    "modality": "bold",
    "subject_id": "BAN13",
    "task_id": "SG"
  },
  "dummy_trs": 0,
  "dvars_nstd": 75.0745800961499,
  "dvars_std": 1.0986290441986062,
  "dvars_vstd": 1.016138790696865,
  "efc": 0.46560793895596514,
  "fber": 847426.0,
  "fd_mean": 0.17567376279221045,
  "fd_num": 184,
  "fd_perc": 32.0,
  "fwhm_avg": 2.21462432475565,
  "fwhm_x": 2.257986857509011,
  "fwhm_y": 2.401602862272938,
  "fwhm_z": 1.9842832544850009,
  "gcor": 0.00435296,
  "gsr_x": -0.012723447754979134,
  "gsr_y": 0.03957866132259369,
  "provenance": {
    "md5sum": "a5f64d811cbccb9acb6a0b4af7a05135",
    "settings": {
      "fd_thres": 0.2,
      "testing": false
    },
    "software": "mriqc",
    "version": "23.0.0",
    "webapi_port": null,
    "webapi_url": "https://mriqc.nimh.nih.gov/api/v1"
  },
  "size_t": 575,
  "size_x": 96,
  "size_y": 96,
  "size_z": 60,
  "snr": 4.909514077136147,
  "spacing_tr": 0.8000001907348633,
  "spacing_x": 2.3958332538604736,
  "spacing_y": 2.3958332538604736,
  "spacing_z": 2.4000000953674316,
  "summary_bg_k": 23.72441709903468,
  "summary_bg_mad": 114.83730642310772,
  "summary_bg_mean": 2980.509033203125,
  "summary_bg_median": 77.91169738769531,
  "summary_bg_n": 386593.0,
  "summary_bg_p05": 0.4654348492622377,
  "summary_bg_p95": 14656.966796874993,
  "summary_bg_stdv": 6180.00927734375,
  "summary_fg_k": 0.540917711015029,
  "summary_fg_mad": 14595.494914323146,
  "summary_fg_mean": 73623.25,
  "summary_fg_median": 73237.125,
  "summary_fg_n": 91994.0,
  "summary_fg_p05": 50402.3828125,
  "summary_fg_p95": 98419.38046874998,
  "summary_fg_stdv": 14917.306640625,
  "tsnr": 19.477294921875
}