{
  "aor": 0.0005953217391304348,
  "aqi": 0.03558352086956521,
  "bids_meta": {
    "AcquisitionMatrixPE": 94,
    "AcquisitionNumber": 4,
    "AcquisitionTime": "",
    "BodyPartExamined": "BRAIN",
    "CoilString": "MULTI COIL",
    "ConversionSoftware": "dcm2niix",
    "ConversionSoftwareVersion": "v1.0.20210317",
    "DeviceSerialNumber": "45128",
    "EchoTime": 0.03,
    "EchoTrainLength": 47,
    "EstimatedEffectiveEchoSpacing": 0.000388368,
    "EstimatedTotalReadoutTime": 0.036895,
    "FlipAngle": 52,
    "ImageOrientationPatientDICOM": [
      0.999849,
      0.00154567,
      0.0173181,
      0.000696882,
      0.991678,
      -0.128743
    ],
    "ImageType": [
      "ORIGINAL",
      "PRIMARY",
      "M",
      "FFE",
      "M",
      "FFE"
    ],
    "ImagingFrequency": 127.764,
    "InPlanePhaseEncodingDirectionDICOM": "COL",
    "InstitutionAddress": "",
    "InstitutionName": "",
    "InstitutionalDepartmentName": "",
    "MRAcquisitionType": "2D",
    "MagneticFieldStrength": 3,
    "Manufacturer": "Philips",
    "ManufacturersModelName": "Ingenia Elition X",
    "Modality": "MR",
    "ParallelReductionFactorInPlane": 2,
    "ParallelReductionOutOfPlane": 6,
    "PatientPosition": "HFS",
    "PercentPhaseFOV": 100,
    "PercentSampling": 100,
    "PhaseEncodingAxis": "j",
    "PhaseEncodingSteps": 94,
    "PhilipsRWVIntercept": 0,
    "PhilipsRWVSlope": 1.09182,
    "PhilipsRescaleIntercept": 0,
    "PhilipsRescaleSlope": 1.09182,
    "PhilipsScaleSlope": 0.0160332,
    "PixelBandwidth": 1851,
    "ProcedureStepDescription": "COLA",
    "ProtocolName": "COLA_R3",
    "ReconMatrixPE": 96,
    "RepetitionTime": 0.8,
    "SAR": 0.0819307,
    "ScanOptions": "FS",
    "ScanningSequence": "GR",
    "SequenceVariant": "SK",
    "SeriesDescription": "COLA_R3",
    "SeriesNumber": 401,
    "SliceThickness": 2.4,
    "SoftwareVersions": "5.6.1\\5.6.1.3",
    "SpacingBetweenSlices": 2.4,
    "StationName": "",
    "TaskName": "WG",
    "UsePhilipsFloatNotDisplayScaling": 1,
    "WaterFatShift": 16.3681,
    "dataset": "ds004073",
    "modality": "bold",
    "subject_id": "BAN13",
    "task_id": "WG"
  },
  "dummy_trs": 0,
  "dvars_nstd": 75.58038968080137,
  "dvars_std": 1.1032186068466912,
  "dvars_vstd": 1.016899646289199,
  "efc": 0.4670764838580713,
  "fber": 814773.75,
  "fd_mean": 0.18107324428445282,
  "fd_num": 188,
  "fd_perc": 32.69565217391305,
  "fwhm_avg": 2.187767609340151,
  "fwhm_x": 2.2363910307056933,
  "fwhm_y": 2.361195208758651,
  "fwhm_z": 1.9657165885561072,
  "gcor": 0.00837406,
  "gsr_x": -0.012302425689995289,
  "gsr_y": 0.04116316884756088,
  "provenance": {
    "md5sum": "f22240c278c5ce94e7e20bdc58ad958f",
    "settings": {
      "fd_thres": 0.2,
      "testing": false
    },
    "software": "mriqc",
    "version": "23.0.0",
    "webapi_port": null,
    "webapi_url": "https://mriqc.nimh.nih.gov/api/v1"
  },
  "size_t": 575,
  "size_x": 96,
  "size_y": 96,
  "size_z": 60,
  "snr": 5.038817913805445,
  "spacing_tr": 0.8000001907348633,
  "spacing_x": 2.3958332538604736,
  "spacing_y": 2.3958332538604736,
  "spacing_z": 2.4000000953674316,
  "summary_bg_k": 22.306206755659375,
  "summary_bg_mad": 118.87574525039402,
  "summary_bg_mean": 3082.3349609375,
  "summary_bg_median": 80.69038391113281,
  "summary_bg_n": 386541.0,
  "summary_bg_p05": 0.5131970643997192,
  "summary_bg_p95": 15230.943359375,
  "summary_bg_stdv": 6376.63232421875,
  "summary_fg_k": 0.5991416547248392,
  "summary_fg_mad": 14453.738451423296,
  "summary_fg_mean": 74700.3125,
  "summary_fg_median": 74360.03125,
  "summary_fg_n": 91995.0,
  "summary_fg_p05": 51758.803125,
  "summary_fg_p95": 99000.81875,
  "summary_fg_stdv": 14757.35546875,
  "tsnr": 19.61266326904297
}