{
  "aor": 0.0006213565217391304,
  "aqi": 0.03219696295652174,
  "bids_meta": {
    "AcquisitionMatrixPE": 94,
    "AcquisitionNumber": 8,
    "AcquisitionTime": "",
    "BodyPartExamined": "BRAIN",
    "CoilString": "MULTI COIL",
    "ConversionSoftware": "dcm2niix",
    "ConversionSoftwareVersion": "v1.0.20210317",
    "DeviceSerialNumber": "45128",
    "EchoTime": 0.03,
    "EchoTrainLength": 47,
    "EstimatedEffectiveEchoSpacing": 0.000388368,
    "EstimatedTotalReadoutTime": 0.036895,
    "FlipAngle": 52,
    "ImageOrientationPatientDICOM": [
      0.999849,
      0.00154567,
      0.0173181,
      0.000696882,
      0.991678,
      -0.128743
    ],
    "ImageType": [
      "ORIGINAL",
      "PRIMARY",
      "M",
      "FFE",
      "M",
      "FFE"
    ],
    "ImagingFrequency": 127.764,
    "InPlanePhaseEncodingDirectionDICOM": "COL",
    "InstitutionAddress": "",
    "InstitutionName": "",
    "InstitutionalDepartmentName": "",
    "MRAcquisitionType": "2D",
    "MagneticFieldStrength": 3,
    "Manufacturer": "Philips",
    "ManufacturersModelName": "Ingenia Elition X",
    "Modality": "MR",
    "ParallelReductionFactorInPlane": 2,
    "ParallelReductionOutOfPlane": 6,
    "PatientPosition": "HFS",
    "PercentPhaseFOV": 100,
    "PercentSampling": 100,
    "PhaseEncodingAxis": "j",
    "PhaseEncodingSteps": 94,
    "PhilipsRWVIntercept": 0,
    "PhilipsRWVSlope": 1.05861,
    "PhilipsRescaleIntercept": 0,
    "PhilipsRescaleSlope": 1.05861,
    "PhilipsScaleSlope": 0.0164325,
    "PixelBandwidth": 1851,
    "ProcedureStepDescription": "COLA",
    "ProtocolName": "COLA_R5",
    "ReconMatrixPE": 96,
    "RepetitionTime": 0.8,
    "SAR": 0.0819307,
    "ScanOptions": "FS",
    "ScanningSequence": "GR",
    "SequenceVariant": "SK",
    "SeriesDescription": "COLA_R5",
    "SeriesNumber": 801,
    "SliceThickness": 2.4,
    "SoftwareVersions": "5.6.1\\5.6.1.3",
    "SpacingBetweenSlices": 2.4,
    "StationName": "",
    "TaskName": "PD",
    "UsePhilipsFloatNotDisplayScaling": 1,
    "WaterFatShift": 16.3681,
    "dataset": "ds004073",
    "modality": "bold",
    "subject_id": "BAN13",
    "task_id": "PD"
  },
  "dummy_trs": 0,
  "dvars_nstd": 76.274342912561,
  "dvars_std": 1.1119302729965153,
  "dvars_vstd": 1.0189657079442505,
  "efc": 0.469054671891761,
  "fber": 757474.625,
  "fd_mean": 0.13753191948685975,
  "fd_num": 106,
  "fd_perc": 18.434782608695652,
  "fwhm_avg": 2.137584396037608,
  "fwhm_x": 2.1962755511141423,
  "fwhm_y": 2.2887193802675787,
  "fwhm_z": 1.9277582567311027,
  "gcor": 0.0025658,
  "gsr_x": -0.014883344061672688,
  "gsr_y": 0.04113053157925606,
  "provenance": {
    "md5sum": "24d3dc90efec43210c78e6c14b212b9d",
    "settings": {
      "fd_thres": 0.2,
      "testing": false
    },
    "software": "mriqc",
    "version": "23.0.0",
    "webapi_port": null,
    "webapi_url": "https://mriqc.nimh.nih.gov/api/v1"
  },
  "size_t": 575,
  "size_x": 96,
  "size_y": 96,
  "size_z": 60,
  "snr": 4.979767461291671,
  "spacing_tr": 0.8000001907348633,
  "spacing_x": 2.3958332538604736,
  "spacing_y": 2.3958332538604736,
  "spacing_z": 2.4000000953674316,
  "summary_bg_k": 21.156845802737624,
  "summary_bg_mad": 120.50967487131463,
  "summary_bg_mean": 3115.59326171875,
  "summary_bg_median": 81.69210052490234,
  "summary_bg_n": 386801.0,
  "summary_bg_p05": 0.4141344428062439,
  "summary_bg_p95": 15527.14453125,
  "summary_bg_stdv": 6412.814453125,
  "summary_fg_k": 0.5065213930207353,
  "summary_fg_mad": 14189.325612016688,
  "summary_fg_mean": 72706.6953125,
  "summary_fg_median": 72224.8046875,
  "summary_fg_n": 92051.0,
  "summary_fg_p05": 50209.779296875,
  "summary_fg_p95": 96943.453125,
  "summary_fg_stdv": 14503.5712890625,
  "tsnr": 20.609760284423828
}