{
  "bids_meta": {
    "AcquisitionMatrixPE": 174,
    "AcquisitionNumber": 1,
    "AcquisitionTime": "",
    "BaseResolution": 192,
    "BodyPartExamined": "BRAIN",
    "ConsistencyInfo": "N4_VE11C_LATEST_20160120",
    "ConversionSoftware": "dcm2niix",
    "ConversionSoftwareVersion": "v1.0.20210317",
    "DeviceSerialNumber": "66093",
    "DwellTime": 1.3e-05,
    "EchoTime": 0.00397,
    "FlipAngle": 8,
    "ImageOrientationPatientDICOM": [
      0.999986,
      0.00102528,
      0.00513102,
      -1.9123e-11,
      0.980615,
      -0.195946
    ],
    "ImageType": [
      "ORIGINAL",
      "PRIMARY",
      "M",
      "ND",
      "NORM"
    ],
    "ImagingFrequency": 123.26,
    "InPlanePhaseEncodingDirectionDICOM": "ROW",
    "InstitutionAddress": "",
    "InstitutionName": "",
    "InstitutionalDepartmentName": "",
    "InversionTime": 0.904,
    "MRAcquisitionType": "3D",
    "MagneticFieldStrength": 3,
    "Manufacturer": "Siemens",
    "ManufacturersModelName": "Prisma",
    "Modality": "MR",
    "PartialFourier": 1,
    "PatientPosition": "HFS",
    "PercentPhaseFOV": 90.625,
    "PercentSampling": 100,
    "PhaseEncodingSteps": 174,
    "PhaseResolution": 1,
    "PixelBandwidth": 200,
    "ProtocolName": "t1_mpr_ax_1mm_iso_32ch_v2",
    "PulseSequenceDetails": "%SiemensSeq%\\tfl",
    "ReceiveCoilActiveElements": "HEA;HEP",
    "ReceiveCoilName": "Head_32",
    "ReconMatrixPE": 174,
    "RepetitionTime": 1.9,
    "SAR": 0.047425,
    "ScanOptions": "IR\\WE",
    "ScanningSequence": "GR\\IR",
    "SequenceName": "*tfl3d1_16",
    "SequenceVariant": "SK\\SP\\MP",
    "SeriesDescription": "t1_mpr_ax_1mm_iso_32ch_v2",
    "SeriesNumber": 13,
    "ShimSetting": [
      4965,
      -11422,
      -1334,
      318,
      60,
      -34,
      114,
      49
    ],
    "SliceThickness": 1,
    "SoftwareVersions": "syngo MR E11",
    "StationName": "",
    "TxRefAmp": 236.421,
    "dataset": "ds004073",
    "modality": "T1w",
    "subject_id": "OXF06"
  },
  "cjv": 0.308309875896423,
  "cnr": 4.436787885115601,
  "efc": 0.583349842510756,
  "fber": 18320.889344560655,
  "fwhm_avg": 4.3739333333333335,
  "fwhm_x": 4.12566,
  "fwhm_y": 4.75703,
  "fwhm_z": 4.23911,
  "icvs_csf": 0.1847028702941188,
  "icvs_gm": 0.4616431797491206,
  "icvs_wm": 0.3536539499567606,
  "inu_med": 0.36656615138053894,
  "inu_range": 0.12487770617008209,
  "provenance": {
    "md5sum": "c8bcb7d3ca3535e595fdf67d9539392c",
    "settings": {
      "testing": false
    },
    "software": "mriqc",
    "version": "23.0.0",
    "warnings": {
      "large_rot_frame": true,
      "small_air_mask": false
    },
    "webapi_port": null,
    "webapi_url": "https://mriqc.nimh.nih.gov/api/v1"
  },
  "qi_1": 0.0,
  "qi_2": 0.017727488824761498,
  "rpve_csf": 15.541435902211418,
  "rpve_gm": 6.7885341949684035,
  "rpve_wm": 9.993635313055254,
  "size_x": 174,
  "size_y": 192,
  "size_z": 192,
  "snr_csf": 2.4926911513232284,
  "snr_gm": 13.763791923741264,
  "snr_total": 15.738674308054186,
  "snr_wm": 30.959539849098064,
  "snrd_csf": 44.946003859394295,
  "snrd_gm": 106.84814754037724,
  "snrd_total": 99.76467749859945,
  "snrd_wm": 147.49988109602683,
  "spacing_x": 1.0,
  "spacing_y": 1.0,
  "spacing_z": 1.0,
  "summary_bg_k": 8.594150390104119,
  "summary_bg_mad": 4.441695689235109,
  "summary_bg_mean": 4.7737568793146385,
  "summary_bg_median": 2.995878215879202,
  "summary_bg_n": 1634992.0,
  "summary_bg_p05": 0.0,
  "summary_bg_p95": 18.31708090379834,
  "summary_bg_stdv": 6.742220917050718,
  "summary_csf_k": 0.06419645134266494,
  "summary_csf_mad": 107.82290810713684,
  "summary_csf_mean": 313.1780579200507,
  "summary_csf_median": 304.72504899837077,
  "summary_csf_n": 34148.0,
  "summary_csf_p05": 92.36956056207418,
  "summary_csf_p95": 517.9782955711707,
  "summary_csf_stdv": 122.24562476394362,
  "summary_gm_k": 0.03678678902177834,
  "summary_gm_mad": 53.017152908084846,
  "summary_gm_mean": 724.1530532476105,
  "summary_gm_median": 724.4093845691532,
  "summary_gm_n": 52864.0,
  "summary_gm_p05": 637.0161988958716,
  "summary_gm_p95": 809.1082905046642,
  "summary_gm_stdv": 52.63102907381785,
  "summary_wm_k": 0.3699168425443653,
  "summary_wm_mad": 31.95636093194656,
  "summary_wm_mean": 999.9623833985057,
  "summary_wm_median": 1000.0201271474361,
  "summary_wm_n": 197932.0,
  "summary_wm_p05": 947.3208197392523,
  "summary_wm_p95": 1051.9041133364658,
  "summary_wm_stdv": 32.30079018769568,
  "tpm_overlap_csf": 0.14810309760453497,
  "tpm_overlap_gm": 0.48796831390032297,
  "tpm_overlap_wm": 0.5106986489606052,
  "wm2max": 0.9085888233216564
}