{
  "aor": 0.0012542882249560632,
  "aqi": 0.046444374692442884,
  "bids_meta": {
    "AcquisitionMatrixPE": 94,
    "AcquisitionNumber": 8,
    "AcquisitionTime": "",
    "BodyPartExamined": "BRAIN",
    "CoilString": "MULTI COIL",
    "ConversionSoftware": "dcm2niix",
    "ConversionSoftwareVersion": "v1.0.20210317",
    "DeviceSerialNumber": "45128",
    "EchoTime": 0.03,
    "EchoTrainLength": 47,
    "EstimatedEffectiveEchoSpacing": 0.000388467,
    "EstimatedTotalReadoutTime": 0.0369044,
    "FlipAngle": 52,
    "ImageOrientationPatientDICOM": [
      0.999849,
      -0.00183124,
      0.0172903,
      0.000696882,
      0.99786,
      0.0653864
    ],
    "ImageType": [
      "ORIGINAL",
      "PRIMARY",
      "M",
      "FFE",
      "M",
      "FFE"
    ],
    "ImagingFrequency": 127.764,
    "InPlanePhaseEncodingDirectionDICOM": "COL",
    "InstitutionAddress": "",
    "InstitutionName": "",
    "InstitutionalDepartmentName": "",
    "MRAcquisitionType": "2D",
    "MagneticFieldStrength": 3,
    "Manufacturer": "Philips",
    "ManufacturersModelName": "Ingenia Elition X",
    "Modality": "MR",
    "ParallelReductionFactorInPlane": 2,
    "ParallelReductionOutOfPlane": 6,
    "PatientPosition": "HFS",
    "PercentPhaseFOV": 100,
    "PercentSampling": 100,
    "PhaseEncodingAxis": "j",
    "PhaseEncodingSteps": 94,
    "PhilipsRWVIntercept": 0,
    "PhilipsRWVSlope": 1.29206,
    "PhilipsRescaleIntercept": 0,
    "PhilipsRescaleSlope": 1.29206,
    "PhilipsScaleSlope": 0.016486,
    "PixelBandwidth": 1850,
    "ProcedureStepDescription": "COLA",
    "ProtocolName": "COLA_R5",
    "ReconMatrixPE": 96,
    "RepetitionTime": 0.8,
    "SAR": 0.0818672,
    "ScanOptions": "FS",
    "ScanningSequence": "GR",
    "SequenceVariant": "SK",
    "SeriesDescription": "COLA_R5",
    "SeriesNumber": 801,
    "SliceThickness": 2.4,
    "SoftwareVersions": "5.6.1\\5.6.1.2",
    "SpacingBetweenSlices": 2.4,
    "StationName": "",
    "TaskName": "WG",
    "UsePhilipsFloatNotDisplayScaling": 1,
    "WaterFatShift": 16.3723,
    "dataset": "ds004073",
    "modality": "bold",
    "subject_id": "BAN04",
    "task_id": "WG"
  },
  "dummy_trs": 6,
  "dvars_nstd": 84.91266605223588,
  "dvars_std": 1.120815469982395,
  "dvars_vstd": 1.0344193620950708,
  "efc": 0.3975494761121349,
  "fber": 4965002.5,
  "fd_mean": 0.309674588860414,
  "fd_num": 389,
  "fd_perc": 68.36555360281196,
  "fwhm_avg": 2.296556674091585,
  "fwhm_x": 2.331255729504651,
  "fwhm_y": 2.425035210876306,
  "fwhm_z": 2.1333790818937985,
  "gcor": 0.0044917,
  "gsr_x": -0.01448596827685833,
  "gsr_y": 0.02180975303053856,
  "provenance": {
    "md5sum": "f61c5994b5060cf10c925041dc757d85",
    "settings": {
      "fd_thres": 0.2,
      "testing": false
    },
    "software": "mriqc",
    "version": "23.0.0",
    "webapi_port": null,
    "webapi_url": "https://mriqc.nimh.nih.gov/api/v1"
  },
  "size_t": 569,
  "size_x": 96,
  "size_y": 96,
  "size_z": 60,
  "snr": 5.285742933768234,
  "spacing_tr": 0.8000001907348633,
  "spacing_x": 2.3958332538604736,
  "spacing_y": 2.3958332538604736,
  "spacing_z": 2.4000000953674316,
  "summary_bg_k": 58.26979672621377,
  "summary_bg_mad": 42.223703156233825,
  "summary_bg_mean": 1657.2625732421875,
  "summary_bg_median": 28.830617904663086,
  "summary_bg_n": 415029.0,
  "summary_bg_p05": 0.24858352839946748,
  "summary_bg_p95": 8286.01699218749,
  "summary_bg_stdv": 4109.04541015625,
  "summary_fg_k": 1.4354253999925977,
  "summary_fg_mad": 10890.645712725129,
  "summary_fg_mean": 63502.90625,
  "summary_fg_median": 63198.41015625,
  "summary_fg_n": 70721.0,
  "summary_fg_p05": 45064.734375,
  "summary_fg_p95": 82907.9765625,
  "summary_fg_stdv": 11956.306640625,
  "tsnr": 18.581634521484375
}