{
  "bids_meta": {
    "AcquisitionMatrixPE": 174,
    "AcquisitionNumber": 1,
    "AcquisitionTime": "",
    "BaseResolution": 192,
    "BodyPartExamined": "BRAIN",
    "ConsistencyInfo": "N4_VE11C_LATEST_20160120",
    "ConversionSoftware": "dcm2niix",
    "ConversionSoftwareVersion": "v1.0.20210317",
    "DeviceSerialNumber": "66093",
    "DwellTime": 1.3e-05,
    "EchoTime": 0.00397,
    "FlipAngle": 8,
    "ImageOrientationPatientDICOM": [
      0.999986,
      0.000872606,
      0.00515917,
      -4.796e-12,
      0.985996,
      -0.166768
    ],
    "ImageType": [
      "ORIGINAL",
      "PRIMARY",
      "M",
      "ND",
      "NORM"
    ],
    "ImagingFrequency": 123.259,
    "InPlanePhaseEncodingDirectionDICOM": "ROW",
    "InstitutionAddress": "",
    "InstitutionName": "",
    "InstitutionalDepartmentName": "",
    "InversionTime": 0.904,
    "MRAcquisitionType": "3D",
    "MagneticFieldStrength": 3,
    "Manufacturer": "Siemens",
    "ManufacturersModelName": "Prisma",
    "Modality": "MR",
    "PartialFourier": 1,
    "PatientPosition": "HFS",
    "PercentPhaseFOV": 90.625,
    "PercentSampling": 100,
    "PhaseEncodingSteps": 174,
    "PhaseResolution": 1,
    "PixelBandwidth": 200,
    "ProtocolName": "t1_mpr_ax_1mm_iso_32ch_v2",
    "PulseSequenceDetails": "%SiemensSeq%\\tfl",
    "ReceiveCoilActiveElements": "HEA;HEP",
    "ReceiveCoilName": "Head_32",
    "ReconMatrixPE": 174,
    "RepetitionTime": 1.9,
    "SAR": 0.0623124,
    "ScanOptions": "IR\\WE",
    "ScanningSequence": "GR\\IR",
    "SequenceName": "*tfl3d1_16",
    "SequenceVariant": "SK\\SP\\MP",
    "SeriesDescription": "t1_mpr_ax_1mm_iso_32ch_v2",
    "SeriesNumber": 13,
    "ShimSetting": [
      4979,
      -11480,
      -1346,
      369,
      35,
      -365,
      122,
      90
    ],
    "SliceThickness": 1,
    "SoftwareVersions": "syngo MR E11",
    "StationName": "",
    "TxRefAmp": 271.506,
    "dataset": "ds004073",
    "modality": "T1w",
    "subject_id": "OXF16"
  },
  "cjv": 0.35074624327491016,
  "cnr": 3.935761027953331,
  "efc": 0.6051512686327256,
  "fber": 18187.93095640623,
  "fwhm_avg": 4.847706666666666,
  "fwhm_x": 4.59118,
  "fwhm_y": 5.21753,
  "fwhm_z": 4.73441,
  "icvs_csf": 0.2558811145359252,
  "icvs_gm": 0.41407820091008224,
  "icvs_wm": 0.33004068455399255,
  "inu_med": 0.39176641404628754,
  "inu_range": 0.16851322948932645,
  "provenance": {
    "md5sum": "dbc0d53c983543dee68fd59ab2a0836c",
    "settings": {
      "testing": false
    },
    "software": "mriqc",
    "version": "23.0.0",
    "warnings": {
      "large_rot_frame": true,
      "small_air_mask": false
    },
    "webapi_port": null,
    "webapi_url": "https://mriqc.nimh.nih.gov/api/v1"
  },
  "qi_1": 0.0,
  "qi_2": 0.009255098043842964,
  "rpve_csf": 11.98692479202401,
  "rpve_gm": 7.204569495001989,
  "rpve_wm": 10.426492858188132,
  "size_x": 174,
  "size_y": 192,
  "size_z": 192,
  "snr_csf": 2.8239582905738807,
  "snr_gm": 13.973451016312843,
  "snr_total": 16.421985116448106,
  "snr_wm": 32.46854604245759,
  "snrd_csf": 32.483234103020315,
  "snrd_gm": 91.69143820420364,
  "snrd_total": 81.90323852743659,
  "snrd_wm": 121.53504327508581,
  "spacing_x": 1.0,
  "spacing_y": 1.0,
  "spacing_z": 1.0,
  "summary_bg_k": 410.03529505456294,
  "summary_bg_mad": 0.0,
  "summary_bg_mean": 3.4071569476387404,
  "summary_bg_median": 0.0,
  "summary_bg_n": 1440343.0,
  "summary_bg_p05": 0.0,
  "summary_bg_p95": 13.941883957013488,
  "summary_bg_stdv": 5.390740265449639,
  "summary_csf_k": 1.2018563666944804,
  "summary_csf_mad": 73.76021979739554,
  "summary_csf_mean": 274.14733830276003,
  "summary_csf_median": 267.28583243303,
  "summary_csf_n": 84240.0,
  "summary_csf_p05": 125.55976830730215,
  "summary_csf_p95": 451.84387990338735,
  "summary_csf_stdv": 94.64879381048992,
  "summary_gm_k": -0.14914466566322915,
  "summary_gm_mad": 56.57126002160129,
  "summary_gm_mean": 753.5903668993216,
  "summary_gm_median": 754.4760570842773,
  "summary_gm_n": 41510.0,
  "summary_gm_p05": 665.2155036388897,
  "summary_gm_p95": 839.8674756661057,
  "summary_gm_stdv": 53.99288753119329,
  "summary_wm_k": 0.6382202255469802,
  "summary_wm_mad": 29.560037516781776,
  "summary_wm_mean": 999.7815026904817,
  "summary_wm_median": 1000.0419018790126,
  "summary_wm_n": 177556.0,
  "summary_wm_p05": 949.6624324824661,
  "summary_wm_p95": 1048.8489783480763,
  "summary_wm_stdv": 30.80024231563591,
  "tpm_overlap_csf": 0.15136242231978742,
  "tpm_overlap_gm": 0.45053095070463733,
  "tpm_overlap_wm": 0.46934328975583084,
  "wm2max": 0.9133586019639136
}