{
  "bids_meta": {
    "AcquisitionMatrixPE": 174,
    "AcquisitionNumber": 1,
    "AcquisitionTime": "",
    "BaseResolution": 192,
    "BodyPartExamined": "BRAIN",
    "ConsistencyInfo": "N4_VE11C_LATEST_20160120",
    "ConversionSoftware": "dcm2niix",
    "ConversionSoftwareVersion": "v1.0.20210317",
    "DeviceSerialNumber": "66093",
    "DwellTime": 1.3e-05,
    "EchoTime": 0.00397,
    "FlipAngle": 8,
    "ImageOrientationPatientDICOM": [
      0.999994,
      7.31375e-05,
      -0.00349149,
      1.112e-12,
      0.999781,
      0.0209428
    ],
    "ImageType": [
      "ORIGINAL",
      "PRIMARY",
      "M",
      "ND",
      "NORM"
    ],
    "ImagingFrequency": 123.26,
    "InPlanePhaseEncodingDirectionDICOM": "ROW",
    "InstitutionAddress": "",
    "InstitutionName": "",
    "InstitutionalDepartmentName": "",
    "InversionTime": 0.904,
    "MRAcquisitionType": "3D",
    "MagneticFieldStrength": 3,
    "Manufacturer": "Siemens",
    "ManufacturersModelName": "Prisma",
    "Modality": "MR",
    "PartialFourier": 1,
    "PatientPosition": "HFS",
    "PercentPhaseFOV": 90.625,
    "PercentSampling": 100,
    "PhaseEncodingSteps": 174,
    "PhaseResolution": 1,
    "PixelBandwidth": 200,
    "ProtocolName": "t1_mpr_ax_1mm_iso_32ch_v2",
    "PulseSequenceDetails": "%SiemensSeq%\\tfl",
    "ReceiveCoilActiveElements": "HEA;HEP",
    "ReceiveCoilName": "Head_32",
    "ReconMatrixPE": 174,
    "RepetitionTime": 1.9,
    "SAR": 0.040739,
    "ScanOptions": "IR\\WE",
    "ScanningSequence": "GR\\IR",
    "SequenceName": "*tfl3d1_16",
    "SequenceVariant": "SK\\SP\\MP",
    "SeriesDescription": "t1_mpr_ax_1mm_iso_32ch_v2",
    "SeriesNumber": 9,
    "ShimSetting": [
      4918,
      -11471,
      -1368,
      646,
      -78,
      -83,
      98,
      97
    ],
    "SliceThickness": 1,
    "SoftwareVersions": "syngo MR E11",
    "StationName": "",
    "TxRefAmp": 231.048,
    "dataset": "ds004073",
    "modality": "T1w",
    "subject_id": "OXF02"
  },
  "cjv": 0.3410804748678599,
  "cnr": 3.943273418088138,
  "efc": 0.5045605150164826,
  "fber": 21703.492548476454,
  "fwhm_avg": 4.3521133333333335,
  "fwhm_x": 3.95711,
  "fwhm_y": 4.82976,
  "fwhm_z": 4.26947,
  "icvs_csf": 0.22850517896739575,
  "icvs_gm": 0.4431258678463715,
  "icvs_wm": 0.32836895318623277,
  "inu_med": 0.360713854432106,
  "inu_range": 0.11432364583015442,
  "provenance": {
    "md5sum": "7539e348221b090ef3136ef2364e8028",
    "settings": {
      "testing": false
    },
    "software": "mriqc",
    "version": "23.0.0",
    "warnings": {
      "large_rot_frame": true,
      "small_air_mask": false
    },
    "webapi_port": null,
    "webapi_url": "https://mriqc.nimh.nih.gov/api/v1"
  },
  "qi_1": 0.0,
  "qi_2": 0.019254466477161843,
  "rpve_csf": 16.507847612313913,
  "rpve_gm": 8.762384661874432,
  "rpve_wm": 13.571542663369593,
  "size_x": 174,
  "size_y": 192,
  "size_z": 192,
  "snr_csf": 2.3126848150340136,
  "snr_gm": 13.892507761648572,
  "snr_total": 17.065381557826775,
  "snr_wm": 34.99095209679774,
  "snrd_csf": 42.43222500589589,
  "snrd_gm": 110.42909084828281,
  "snrd_total": 99.61444004714531,
  "snrd_wm": 145.98200428725718,
  "spacing_x": 1.0,
  "spacing_y": 1.0,
  "spacing_z": 1.0,
  "summary_bg_k": 4.8082623621755705,
  "summary_bg_mad": 4.487876901108549,
  "summary_bg_mean": 4.754588515398982,
  "summary_bg_median": 3.0270269699394703,
  "summary_bg_n": 2066539.0,
  "summary_bg_p05": 0.0,
  "summary_bg_p95": 16.294839987531304,
  "summary_bg_stdv": 5.742838048662069,
  "summary_csf_k": 0.1546460133441716,
  "summary_csf_mad": 116.23309753293148,
  "summary_csf_mean": 293.1478341581224,
  "summary_csf_median": 290.67321319133043,
  "summary_csf_n": 32878.0,
  "summary_csf_p05": 77.97542850486934,
  "summary_csf_p95": 505.31989218993107,
  "summary_csf_stdv": 125.68456833641658,
  "summary_gm_k": 0.015009574331652509,
  "summary_gm_mad": 54.53936117158863,
  "summary_gm_mean": 754.0648522062245,
  "summary_gm_median": 756.4717302052304,
  "summary_gm_n": 30192.0,
  "summary_gm_p05": 661.5233290474862,
  "summary_gm_p95": 840.0088293668813,
  "summary_gm_stdv": 54.45087491725416,
  "summary_wm_k": 0.24546206367860046,
  "summary_wm_mad": 28.53007458561863,
  "summary_wm_mean": 1000.007344249233,
  "summary_wm_median": 1000.0196371600032,
  "summary_wm_n": 137179.0,
  "summary_wm_p05": 953.9655839744955,
  "summary_wm_p95": 1046.7813070397824,
  "summary_wm_stdv": 28.57927356313766,
  "tpm_overlap_csf": 0.14947297037242122,
  "tpm_overlap_gm": 0.4698755826504802,
  "tpm_overlap_wm": 0.5047619334992517,
  "wm2max": 0.9255566875272886
}