{
  "aor": 0.0005792146596858639,
  "aqi": 0.011945720593368236,
  "bids_meta": {
    "AcquisitionMatrixPE": 90,
    "AcquisitionNumber": 1,
    "AcquisitionTime": "",
    "BandwidthPerPixelPhaseEncode": 21.786,
    "BaseResolution": 90,
    "BodyPartExamined": "BRAIN",
    "ConsistencyInfo": "N4_VE11C_LATEST_20160120",
    "ConversionSoftware": "dcm2niix",
    "ConversionSoftwareVersion": "v1.0.20210317",
    "DerivedVendorReportedEchoSpacing": 0.000510012,
    "DeviceSerialNumber": "66093",
    "DwellTime": 2e-06,
    "EchoTime": 0.03,
    "EchoTrainLength": 90,
    "EffectiveEchoSpacing": 0.000510012,
    "FlipAngle": 52,
    "ImageComments": "Unaliased MB6/PE3/LB",
    "ImageOrientationPatientDICOM": [
      0.999456,
      0.00373447,
      0.03276,
      4.82634e-08,
      0.993565,
      -0.113263
    ],
    "ImageType": [
      "ORIGINAL",
      "PRIMARY",
      "M",
      "MB",
      "ND",
      "MOSAIC"
    ],
    "ImagingFrequency": 123.259,
    "InPlanePhaseEncodingDirectionDICOM": "COL",
    "InstitutionAddress": "",
    "InstitutionName": "",
    "InstitutionalDepartmentName": "",
    "MRAcquisitionType": "2D",
    "MagneticFieldStrength": 3,
    "Manufacturer": "Siemens",
    "ManufacturersModelName": "Prisma",
    "Modality": "MR",
    "MultibandAccelerationFactor": 6,
    "PartialFourier": 1,
    "PatientPosition": "HFS",
    "PercentPhaseFOV": 100,
    "PercentSampling": 100,
    "PhaseEncodingDirection": "j-",
    "PhaseEncodingSteps": 90,
    "PhaseResolution": 1,
    "PixelBandwidth": 2780,
    "ProtocolName": "BOLD_2p4_MB6_P1_TE30_TR800_AP",
    "PulseSequenceDetails": "%CustomerSeq%\\cmrr_mbep2d_bold",
    "ReceiveCoilActiveElements": "HEA;HEP",
    "ReceiveCoilName": "Head_32",
    "ReconMatrixPE": 90,
    "RepetitionTime": 0.8,
    "SAR": 0.0703961,
    "ScanOptions": "FS",
    "ScanningSequence": "EP",
    "SequenceName": "epfid2d1_90",
    "SequenceVariant": "SK\\SS",
    "SeriesDescription": "BOLD_2p4_MB6_P1_TE30_TR800_AP",
    "SeriesNumber": 17,
    "ShimSetting": [
      4970,
      -11341,
      -1349,
      551,
      53,
      141,
      -16,
      32
    ],
    "SliceThickness": 2.4,
    "SliceTiming": [
      0,
      0.5475,
      0.3125,
      0.08,
      0.625,
      0.39,
      0.1575,
      0.7025,
      0.47,
      0.235,
      0,
      0.5475,
      0.3125,
      0.08,
      0.625,
      0.39,
      0.1575,
      0.7025,
      0.47,
      0.235,
      0,
      0.5475,
      0.3125,
      0.08,
      0.625,
      0.39,
      0.1575,
      0.7025,
      0.47,
      0.235,
      0,
      0.5475,
      0.3125,
      0.08,
      0.625,
      0.39,
      0.1575,
      0.7025,
      0.47,
      0.235,
      0,
      0.5475,
      0.3125,
      0.08,
      0.625,
      0.39,
      0.1575,
      0.7025,
      0.47,
      0.235,
      0,
      0.5475,
      0.3125,
      0.08,
      0.625,
      0.39,
      0.1575,
      0.7025,
      0.47,
      0.235
    ],
    "SoftwareVersions": "syngo MR E11",
    "SpacingBetweenSlices": 2.4,
    "StationName": "",
    "TaskName": "SD",
    "TotalReadoutTime": 0.045391,
    "TxRefAmp": 226.458,
    "VendorReportedEchoSpacing": 0.00051,
    "WipMemBlock": "27cef92a-ae1e-4747-9dda-8515f1262893||Sequence: R016 ve11c/master r/e634e98; Dec 19 2017 11:00:25 by eja",
    "dataset": "ds004073",
    "modality": "bold",
    "subject_id": "OXF11",
    "task_id": "SD"
  },
  "dummy_trs": 2,
  "dvars_nstd": 34.53070453160842,
  "dvars_std": 1.0203097875349638,
  "dvars_vstd": 0.9620206660839163,
  "efc": 0.4924991365924227,
  "fber": 1159.3421630859375,
  "fd_mean": 0.15852828328056137,
  "fd_num": 121,
  "fd_perc": 21.11692844677138,
  "fwhm_avg": 2.8613763749918513,
  "fwhm_x": 2.615541562734383,
  "fwhm_y": 2.9546123825942523,
  "fwhm_z": 3.01397517964692,
  "gcor": 0.00746337,
  "gsr_x": -0.01902148500084877,
  "gsr_y": 0.08817977458238602,
  "provenance": {
    "md5sum": "97cc8d06b2c514f1aa19496749973f85",
    "settings": {
      "fd_thres": 0.2,
      "testing": false
    },
    "software": "mriqc",
    "version": "23.0.0",
    "webapi_port": null,
    "webapi_url": "https://mriqc.nimh.nih.gov/api/v1"
  },
  "size_t": 573,
  "size_x": 90,
  "size_y": 90,
  "size_z": 60,
  "snr": 2.71643924794867,
  "spacing_tr": 0.800000011920929,
  "spacing_x": 2.4000000953674316,
  "spacing_y": 2.4000000953674316,
  "spacing_z": 2.3999998569488525,
  "summary_bg_k": 26.793892715280073,
  "summary_bg_mad": 67.58648509591455,
  "summary_bg_mean": 263.4261779785156,
  "summary_bg_median": 102.93368530273438,
  "summary_bg_n": 334817.0,
  "summary_bg_p05": 51.40488815307617,
  "summary_bg_p95": 1101.7497314453126,
  "summary_bg_stdv": 476.603271484375,
  "summary_fg_k": 2.1727052662659627,
  "summary_fg_mad": 1054.4700610203681,
  "summary_fg_mean": 3854.261962890625,
  "summary_fg_median": 3567.560302734375,
  "summary_fg_n": 76338.0,
  "summary_fg_p05": 2266.836804199219,
  "summary_fg_p95": 6481.814160156248,
  "summary_fg_stdv": 1313.313720703125,
  "tsnr": 31.87293254584074
}