{
  "aor": 0.001209198606271777,
  "aqi": 0.015525297299651568,
  "bids_meta": {
    "AcquisitionMatrixPE": 90,
    "AcquisitionNumber": 1,
    "AcquisitionTime": "",
    "BandwidthPerPixelPhaseEncode": 21.786,
    "BaseResolution": 90,
    "BodyPartExamined": "BRAIN",
    "ConsistencyInfo": "N4_VE11C_LATEST_20160120",
    "ConversionSoftware": "dcm2niix",
    "ConversionSoftwareVersion": "v1.0.20210317",
    "DerivedVendorReportedEchoSpacing": 0.000510012,
    "DeviceSerialNumber": "66093",
    "DwellTime": 2e-06,
    "EchoTime": 0.03,
    "EchoTrainLength": 90,
    "EffectiveEchoSpacing": 0.000510012,
    "FlipAngle": 52,
    "ImageComments": "Unaliased MB6/PE3/LB",
    "ImageOrientationPatientDICOM": [
      0.999456,
      0.00373447,
      0.03276,
      4.82634e-08,
      0.993565,
      -0.113263
    ],
    "ImageType": [
      "ORIGINAL",
      "PRIMARY",
      "M",
      "MB",
      "ND",
      "MOSAIC"
    ],
    "ImagingFrequency": 123.259,
    "InPlanePhaseEncodingDirectionDICOM": "COL",
    "InstitutionAddress": "",
    "InstitutionName": "",
    "InstitutionalDepartmentName": "",
    "MRAcquisitionType": "2D",
    "MagneticFieldStrength": 3,
    "Manufacturer": "Siemens",
    "ManufacturersModelName": "Prisma",
    "Modality": "MR",
    "MultibandAccelerationFactor": 6,
    "PartialFourier": 1,
    "PatientPosition": "HFS",
    "PercentPhaseFOV": 100,
    "PercentSampling": 100,
    "PhaseEncodingDirection": "j-",
    "PhaseEncodingSteps": 90,
    "PhaseResolution": 1,
    "PixelBandwidth": 2780,
    "ProtocolName": "BOLD_2p4_MB6_P1_TE30_TR800_AP",
    "PulseSequenceDetails": "%CustomerSeq%\\cmrr_mbep2d_bold",
    "ReceiveCoilActiveElements": "HEA;HEP",
    "ReceiveCoilName": "Head_32",
    "ReconMatrixPE": 90,
    "RepetitionTime": 0.8,
    "SAR": 0.0703961,
    "ScanOptions": "FS",
    "ScanningSequence": "EP",
    "SequenceName": "epfid2d1_90",
    "SequenceVariant": "SK\\SS",
    "SeriesDescription": "BOLD_2p4_MB6_P1_TE30_TR800_AP",
    "SeriesNumber": 15,
    "ShimSetting": [
      4970,
      -11341,
      -1349,
      551,
      53,
      141,
      -16,
      32
    ],
    "SliceThickness": 2.4,
    "SliceTiming": [
      0,
      0.545,
      0.31,
      0.0775,
      0.6225,
      0.39,
      0.155,
      0.7,
      0.4675,
      0.2325,
      0,
      0.545,
      0.31,
      0.0775,
      0.6225,
      0.39,
      0.155,
      0.7,
      0.4675,
      0.2325,
      0,
      0.545,
      0.31,
      0.0775,
      0.6225,
      0.39,
      0.155,
      0.7,
      0.4675,
      0.2325,
      0,
      0.545,
      0.31,
      0.0775,
      0.6225,
      0.39,
      0.155,
      0.7,
      0.4675,
      0.2325,
      0,
      0.545,
      0.31,
      0.0775,
      0.6225,
      0.39,
      0.155,
      0.7,
      0.4675,
      0.2325,
      0,
      0.545,
      0.31,
      0.0775,
      0.6225,
      0.39,
      0.155,
      0.7,
      0.4675,
      0.2325
    ],
    "SoftwareVersions": "syngo MR E11",
    "SpacingBetweenSlices": 2.4,
    "StationName": "",
    "TaskName": "WG",
    "TotalReadoutTime": 0.045391,
    "TxRefAmp": 226.458,
    "VendorReportedEchoSpacing": 0.00051,
    "WipMemBlock": "82ed7f09-8876-4812-b983-3ace7a70d506||Sequence: R016 ve11c/master r/e634e98; Dec 19 2017 11:00:25 by eja",
    "dataset": "ds004073",
    "modality": "bold",
    "subject_id": "OXF11",
    "task_id": "WG"
  },
  "dummy_trs": 1,
  "dvars_nstd": 41.40348597888307,
  "dvars_std": 1.0433160633333336,
  "dvars_vstd": 0.9756401380279235,
  "efc": 0.49333894540214107,
  "fber": 1168.164306640625,
  "fd_mean": 0.2738293056394802,
  "fd_num": 251,
  "fd_perc": 43.728222996515676,
  "fwhm_avg": 2.9167194299587007,
  "fwhm_x": 2.665833227402638,
  "fwhm_y": 3.021716546594439,
  "fwhm_z": 3.0626085158790257,
  "gcor": 0.011627,
  "gsr_x": -0.0188360083848238,
  "gsr_y": 0.08867977559566498,
  "provenance": {
    "md5sum": "269ef0052b173095f1cc5d8261140fc8",
    "settings": {
      "fd_thres": 0.2,
      "testing": false
    },
    "software": "mriqc",
    "version": "23.0.0",
    "webapi_port": null,
    "webapi_url": "https://mriqc.nimh.nih.gov/api/v1"
  },
  "size_t": 574,
  "size_x": 90,
  "size_y": 90,
  "size_z": 60,
  "snr": 2.720987679684599,
  "spacing_tr": 0.800000011920929,
  "spacing_x": 2.4000000953674316,
  "spacing_y": 2.4000000953674316,
  "spacing_z": 2.3999998569488525,
  "summary_bg_k": 26.132620034680237,
  "summary_bg_mad": 65.41272501488037,
  "summary_bg_mean": 262.62200927734375,
  "summary_bg_median": 102.66202545166016,
  "summary_bg_n": 334501.0,
  "summary_bg_p05": 53.736934661865234,
  "summary_bg_p95": 1081.360595703125,
  "summary_bg_stdv": 467.80322265625,
  "summary_fg_k": 2.086950326821788,
  "summary_fg_mad": 1063.082437945664,
  "summary_fg_mean": 3869.965576171875,
  "summary_fg_median": 3585.77099609375,
  "summary_fg_n": 76602.0,
  "summary_fg_p05": 2276.5364624023437,
  "summary_fg_p95": 6522.9930419921875,
  "summary_fg_stdv": 1317.81103515625,
  "tsnr": 29.507843752158806
}