{
  "aor": 0.0014318531468531467,
  "aqi": 0.008698304650349651,
  "bids_meta": {
    "AcquisitionMatrixPE": 90,
    "AcquisitionNumber": 1,
    "AcquisitionTime": "",
    "BandwidthPerPixelPhaseEncode": 21.786,
    "BaseResolution": 90,
    "BodyPartExamined": "BRAIN",
    "ConsistencyInfo": "N4_VE11C_LATEST_20160120",
    "ConversionSoftware": "dcm2niix",
    "ConversionSoftwareVersion": "v1.0.20210317",
    "DerivedVendorReportedEchoSpacing": 0.000510012,
    "DeviceSerialNumber": "66093",
    "DwellTime": 2e-06,
    "EchoTime": 0.03,
    "EchoTrainLength": 90,
    "EffectiveEchoSpacing": 0.000510012,
    "FlipAngle": 52,
    "ImageComments": "Unaliased MB6/PE3/LB",
    "ImageOrientationPatientDICOM": [
      0.999456,
      0.00373447,
      0.03276,
      4.82634e-08,
      0.993565,
      -0.113263
    ],
    "ImageType": [
      "ORIGINAL",
      "PRIMARY",
      "M",
      "MB",
      "ND",
      "MOSAIC"
    ],
    "ImagingFrequency": 123.259,
    "InPlanePhaseEncodingDirectionDICOM": "COL",
    "InstitutionAddress": "",
    "InstitutionName": "",
    "InstitutionalDepartmentName": "",
    "MRAcquisitionType": "2D",
    "MagneticFieldStrength": 3,
    "Manufacturer": "Siemens",
    "ManufacturersModelName": "Prisma",
    "Modality": "MR",
    "MultibandAccelerationFactor": 6,
    "PartialFourier": 1,
    "PatientPosition": "HFS",
    "PercentPhaseFOV": 100,
    "PercentSampling": 100,
    "PhaseEncodingDirection": "j-",
    "PhaseEncodingSteps": 90,
    "PhaseResolution": 1,
    "PixelBandwidth": 2780,
    "ProtocolName": "BOLD_2p4_MB6_P1_TE30_TR800_AP",
    "PulseSequenceDetails": "%CustomerSeq%\\cmrr_mbep2d_bold",
    "ReceiveCoilActiveElements": "HEA;HEP",
    "ReceiveCoilName": "Head_32",
    "ReconMatrixPE": 90,
    "RepetitionTime": 0.8,
    "SAR": 0.0703961,
    "ScanOptions": "FS",
    "ScanningSequence": "EP",
    "SequenceName": "epfid2d1_90",
    "SequenceVariant": "SK\\SS",
    "SeriesDescription": "BOLD_2p4_MB6_P1_TE30_TR800_AP",
    "SeriesNumber": 19,
    "ShimSetting": [
      4970,
      -11341,
      -1349,
      551,
      53,
      141,
      -16,
      32
    ],
    "SliceThickness": 2.4,
    "SliceTiming": [
      0,
      0.5475,
      0.3125,
      0.0775,
      0.625,
      0.39,
      0.1575,
      0.7025,
      0.4675,
      0.235,
      0,
      0.5475,
      0.3125,
      0.0775,
      0.625,
      0.39,
      0.1575,
      0.7025,
      0.4675,
      0.235,
      0,
      0.5475,
      0.3125,
      0.0775,
      0.625,
      0.39,
      0.1575,
      0.7025,
      0.4675,
      0.235,
      0,
      0.5475,
      0.3125,
      0.0775,
      0.625,
      0.39,
      0.1575,
      0.7025,
      0.4675,
      0.235,
      0,
      0.5475,
      0.3125,
      0.0775,
      0.625,
      0.39,
      0.1575,
      0.7025,
      0.4675,
      0.235,
      0,
      0.5475,
      0.3125,
      0.0775,
      0.625,
      0.39,
      0.1575,
      0.7025,
      0.4675,
      0.235
    ],
    "SoftwareVersions": "syngo MR E11",
    "SpacingBetweenSlices": 2.4,
    "StationName": "",
    "TaskName": "PD",
    "TotalReadoutTime": 0.045391,
    "TxRefAmp": 226.458,
    "VendorReportedEchoSpacing": 0.00051,
    "WipMemBlock": "e3b49b53-9e16-4204-8170-e5a76eb7c178||Sequence: R016 ve11c/master r/e634e98; Dec 19 2017 11:00:25 by eja",
    "dataset": "ds004073",
    "modality": "bold",
    "subject_id": "OXF11",
    "task_id": "PD"
  },
  "dummy_trs": 3,
  "dvars_nstd": 35.795590091593674,
  "dvars_std": 1.1001338258844138,
  "dvars_vstd": 1.0014597364623463,
  "efc": 0.49238295412524385,
  "fber": 1213.4349365234375,
  "fd_mean": 0.13719590395340356,
  "fd_num": 96,
  "fd_perc": 16.783216783216783,
  "fwhm_avg": 2.8392027634348094,
  "fwhm_x": 2.6018498966117742,
  "fwhm_y": 2.9418582164343907,
  "fwhm_z": 2.9739001772582636,
  "gcor": 0.00786486,
  "gsr_x": -0.01745675690472126,
  "gsr_y": 0.07910474389791489,
  "provenance": {
    "md5sum": "b1684bafd5ee30fe446fd62abcbd8215",
    "settings": {
      "fd_thres": 0.2,
      "testing": false
    },
    "software": "mriqc",
    "version": "23.0.0",
    "webapi_port": null,
    "webapi_url": "https://mriqc.nimh.nih.gov/api/v1"
  },
  "size_t": 572,
  "size_x": 90,
  "size_y": 90,
  "size_z": 60,
  "snr": 2.7101361748474635,
  "spacing_tr": 0.800000011920929,
  "spacing_x": 2.4000000953674316,
  "spacing_y": 2.4000000953674316,
  "spacing_z": 2.3999998569488525,
  "summary_bg_k": 27.303115958003875,
  "summary_bg_mad": 63.86075589799078,
  "summary_bg_mean": 255.48829650878906,
  "summary_bg_median": 100.13461303710938,
  "summary_bg_n": 333446.0,
  "summary_bg_p05": 51.43356704711914,
  "summary_bg_p95": 1052.831298828125,
  "summary_bg_stdv": 455.5334167480469,
  "summary_fg_k": 2.0918771321948446,
  "summary_fg_mad": 1059.4566502447924,
  "summary_fg_mean": 3863.330078125,
  "summary_fg_median": 3577.9248046875,
  "summary_fg_n": 76650.0,
  "summary_fg_p05": 2267.4018798828124,
  "summary_fg_p95": 6496.70869140625,
  "summary_fg_stdv": 1320.1925048828125,
  "tsnr": 35.865425129653886
}