{
  "aor": 0.0012673076923076921,
  "aqi": 0.005663654143356643,
  "bids_meta": {
    "AcquisitionMatrixPE": 90,
    "AcquisitionNumber": 1,
    "AcquisitionTime": "",
    "BandwidthPerPixelPhaseEncode": 21.786,
    "BaseResolution": 90,
    "BodyPartExamined": "BRAIN",
    "ConsistencyInfo": "N4_VE11C_LATEST_20160120",
    "ConversionSoftware": "dcm2niix",
    "ConversionSoftwareVersion": "v1.0.20210317",
    "DerivedVendorReportedEchoSpacing": 0.000510012,
    "DeviceSerialNumber": "66093",
    "DwellTime": 2e-06,
    "EchoTime": 0.03,
    "EchoTrainLength": 90,
    "EffectiveEchoSpacing": 0.000510012,
    "FlipAngle": 52,
    "ImageComments": "Unaliased MB6/PE3/LB",
    "ImageOrientationPatientDICOM": [
      0.999986,
      0.000628653,
      0.00519455,
      -4.57628e-08,
      0.992757,
      -0.120136
    ],
    "ImageType": [
      "ORIGINAL",
      "PRIMARY",
      "M",
      "MB",
      "ND",
      "MOSAIC"
    ],
    "ImagingFrequency": 123.259,
    "InPlanePhaseEncodingDirectionDICOM": "COL",
    "InstitutionAddress": "",
    "InstitutionName": "",
    "InstitutionalDepartmentName": "",
    "MRAcquisitionType": "2D",
    "MagneticFieldStrength": 3,
    "Manufacturer": "Siemens",
    "ManufacturersModelName": "Prisma",
    "Modality": "MR",
    "MultibandAccelerationFactor": 6,
    "PartialFourier": 1,
    "PatientPosition": "HFS",
    "PercentPhaseFOV": 100,
    "PercentSampling": 100,
    "PhaseEncodingDirection": "j-",
    "PhaseEncodingSteps": 90,
    "PhaseResolution": 1,
    "PixelBandwidth": 2780,
    "ProtocolName": "BOLD_2p4_MB6_P1_TE30_TR800_AP",
    "PulseSequenceDetails": "%CustomerSeq%\\cmrr_mbep2d_bold",
    "ReceiveCoilActiveElements": "HEA;HEP",
    "ReceiveCoilName": "Head_32",
    "ReconMatrixPE": 90,
    "RepetitionTime": 0.8,
    "SAR": 0.0820165,
    "ScanOptions": "FS",
    "ScanningSequence": "EP",
    "SequenceName": "epfid2d1_90",
    "SequenceVariant": "SK\\SS",
    "SeriesDescription": "BOLD_2p4_MB6_P1_TE30_TR800_AP",
    "SeriesNumber": 11,
    "ShimSetting": [
      4969,
      -11437,
      -1308,
      515,
      147,
      20,
      13,
      0
    ],
    "SliceThickness": 2.4,
    "SliceTiming": [
      0,
      0.5475,
      0.3125,
      0.08,
      0.625,
      0.39,
      0.1575,
      0.7025,
      0.47,
      0.235,
      0,
      0.5475,
      0.3125,
      0.08,
      0.625,
      0.39,
      0.1575,
      0.7025,
      0.47,
      0.235,
      0,
      0.5475,
      0.3125,
      0.08,
      0.625,
      0.39,
      0.1575,
      0.7025,
      0.47,
      0.235,
      0,
      0.5475,
      0.3125,
      0.08,
      0.625,
      0.39,
      0.1575,
      0.7025,
      0.47,
      0.235,
      0,
      0.5475,
      0.3125,
      0.08,
      0.625,
      0.39,
      0.1575,
      0.7025,
      0.47,
      0.235,
      0,
      0.5475,
      0.3125,
      0.08,
      0.625,
      0.39,
      0.1575,
      0.7025,
      0.47,
      0.235
    ],
    "SoftwareVersions": "syngo MR E11",
    "SpacingBetweenSlices": 2.4,
    "StationName": "",
    "TaskName": "WC",
    "TotalReadoutTime": 0.045391,
    "TxRefAmp": 241.074,
    "VendorReportedEchoSpacing": 0.00051,
    "WipMemBlock": "3c13b55d-ccd5-453f-aaa3-9dce063ec644||Sequence: R016 ve11c/master r/e634e98; Dec 19 2017 11:00:25 by eja",
    "dataset": "ds004073",
    "modality": "bold",
    "subject_id": "OXF01",
    "task_id": "WC"
  },
  "dummy_trs": 3,
  "dvars_nstd": 32.15343134632224,
  "dvars_std": 1.0258141417162876,
  "dvars_vstd": 1.0068161330122591,
  "efc": 0.4921544940343963,
  "fber": 1096.424072265625,
  "fd_mean": 0.16763415594444803,
  "fd_num": 201,
  "fd_perc": 35.13986013986014,
  "fwhm_avg": 2.9174707174034626,
  "fwhm_x": 2.762679056887664,
  "fwhm_y": 2.9532082159833823,
  "fwhm_z": 3.0365248793393422,
  "gcor": 0.00616947,
  "gsr_x": -0.01967616379261017,
  "gsr_y": 0.08802260458469391,
  "provenance": {
    "md5sum": "c8d258faedda6dc3896c1764861dc026",
    "settings": {
      "fd_thres": 0.2,
      "testing": false
    },
    "software": "mriqc",
    "version": "23.0.0",
    "webapi_port": null,
    "webapi_url": "https://mriqc.nimh.nih.gov/api/v1"
  },
  "size_t": 572,
  "size_x": 90,
  "size_y": 90,
  "size_z": 60,
  "snr": 2.7863953352563344,
  "spacing_tr": 0.800000011920929,
  "spacing_x": 2.4000000953674316,
  "spacing_y": 2.4000000953674316,
  "spacing_z": 2.4000000953674316,
  "summary_bg_k": 17.877665922213378,
  "summary_bg_mad": 69.80671788824277,
  "summary_bg_mean": 268.3251647949219,
  "summary_bg_median": 105.95454406738281,
  "summary_bg_n": 342093.0,
  "summary_bg_p05": 55.28496551513672,
  "summary_bg_p95": 1064.9527832031235,
  "summary_bg_stdv": 416.0953369140625,
  "summary_fg_k": 1.4800733560392647,
  "summary_fg_mad": 1004.2451010513294,
  "summary_fg_mean": 3781.05126953125,
  "summary_fg_median": 3494.68603515625,
  "summary_fg_n": 75462.0,
  "summary_fg_p05": 2253.67568359375,
  "summary_fg_p95": 6323.975073242186,
  "summary_fg_stdv": 1254.187744140625,
  "tsnr": 40.21391350030899
}