{
  "aor": 0.001816835664335664,
  "aqi": 0.009424786958041957,
  "bids_meta": {
    "AcquisitionMatrixPE": 90,
    "AcquisitionNumber": 1,
    "AcquisitionTime": "",
    "BandwidthPerPixelPhaseEncode": 21.786,
    "BaseResolution": 90,
    "BodyPartExamined": "BRAIN",
    "ConsistencyInfo": "N4_VE11C_LATEST_20160120",
    "ConversionSoftware": "dcm2niix",
    "ConversionSoftwareVersion": "v1.0.20210317",
    "DerivedVendorReportedEchoSpacing": 0.000510012,
    "DeviceSerialNumber": "66093",
    "DwellTime": 2e-06,
    "EchoTime": 0.03,
    "EchoTrainLength": 90,
    "EffectiveEchoSpacing": 0.000510012,
    "FlipAngle": 52,
    "ImageComments": "Unaliased MB6/PE3/LB",
    "ImageOrientationPatientDICOM": [
      0.999986,
      0.000628653,
      0.00519455,
      -4.57628e-08,
      0.992757,
      -0.120136
    ],
    "ImageType": [
      "ORIGINAL",
      "PRIMARY",
      "M",
      "MB",
      "ND",
      "MOSAIC"
    ],
    "ImagingFrequency": 123.259,
    "InPlanePhaseEncodingDirectionDICOM": "COL",
    "InstitutionAddress": "",
    "InstitutionName": "",
    "InstitutionalDepartmentName": "",
    "MRAcquisitionType": "2D",
    "MagneticFieldStrength": 3,
    "Manufacturer": "Siemens",
    "ManufacturersModelName": "Prisma",
    "Modality": "MR",
    "MultibandAccelerationFactor": 6,
    "PartialFourier": 1,
    "PatientPosition": "HFS",
    "PercentPhaseFOV": 100,
    "PercentSampling": 100,
    "PhaseEncodingDirection": "j-",
    "PhaseEncodingSteps": 90,
    "PhaseResolution": 1,
    "PixelBandwidth": 2780,
    "ProtocolName": "BOLD_2p4_MB6_P1_TE30_TR800_AP",
    "PulseSequenceDetails": "%CustomerSeq%\\cmrr_mbep2d_bold",
    "ReceiveCoilActiveElements": "HEA;HEP",
    "ReceiveCoilName": "Head_32",
    "ReconMatrixPE": 90,
    "RepetitionTime": 0.8,
    "SAR": 0.0820165,
    "ScanOptions": "FS",
    "ScanningSequence": "EP",
    "SequenceName": "epfid2d1_90",
    "SequenceVariant": "SK\\SS",
    "SeriesDescription": "BOLD_2p4_MB6_P1_TE30_TR800_AP",
    "SeriesNumber": 7,
    "ShimSetting": [
      4969,
      -11437,
      -1308,
      515,
      147,
      20,
      13,
      0
    ],
    "SliceThickness": 2.4,
    "SliceTiming": [
      0,
      0.5475,
      0.3125,
      0.0775,
      0.625,
      0.39,
      0.1575,
      0.7025,
      0.4675,
      0.235,
      0,
      0.5475,
      0.3125,
      0.0775,
      0.625,
      0.39,
      0.1575,
      0.7025,
      0.4675,
      0.235,
      0,
      0.5475,
      0.3125,
      0.0775,
      0.625,
      0.39,
      0.1575,
      0.7025,
      0.4675,
      0.235,
      0,
      0.5475,
      0.3125,
      0.0775,
      0.625,
      0.39,
      0.1575,
      0.7025,
      0.4675,
      0.235,
      0,
      0.5475,
      0.3125,
      0.0775,
      0.625,
      0.39,
      0.1575,
      0.7025,
      0.4675,
      0.235,
      0,
      0.5475,
      0.3125,
      0.0775,
      0.625,
      0.39,
      0.1575,
      0.7025,
      0.4675,
      0.235
    ],
    "SoftwareVersions": "syngo MR E11",
    "SpacingBetweenSlices": 2.4,
    "StationName": "",
    "TaskName": "SG",
    "TotalReadoutTime": 0.045391,
    "TxRefAmp": 241.074,
    "VendorReportedEchoSpacing": 0.00051,
    "WipMemBlock": "365a523e-b4b0-4ec7-b2bb-cd43312cbf97||Sequence: R016 ve11c/master r/e634e98; Dec 19 2017 11:00:25 by eja",
    "dataset": "ds004073",
    "modality": "bold",
    "subject_id": "OXF01",
    "task_id": "SG"
  },
  "dummy_trs": 3,
  "dvars_nstd": 34.39831275728547,
  "dvars_std": 0.99015308775832,
  "dvars_vstd": 0.9802758794395795,
  "efc": 0.4906803888638092,
  "fber": 1082.42041015625,
  "fd_mean": 0.2168113461411189,
  "fd_num": 196,
  "fd_perc": 34.26573426573427,
  "fwhm_avg": 2.9748373817905835,
  "fwhm_x": 2.7958248889039004,
  "fwhm_y": 2.996512380929296,
  "fwhm_z": 3.132174875538553,
  "gcor": 0.00606721,
  "gsr_x": -0.019905243068933487,
  "gsr_y": 0.08677875250577927,
  "provenance": {
    "md5sum": "89690a201366d519821c01c01a073b0a",
    "settings": {
      "fd_thres": 0.2,
      "testing": false
    },
    "software": "mriqc",
    "version": "23.0.0",
    "webapi_port": null,
    "webapi_url": "https://mriqc.nimh.nih.gov/api/v1"
  },
  "size_t": 572,
  "size_x": 90,
  "size_y": 90,
  "size_z": 60,
  "snr": 2.7957294300697297,
  "spacing_tr": 0.800000011920929,
  "spacing_x": 2.4000000953674316,
  "spacing_y": 2.4000000953674316,
  "spacing_z": 2.4000000953674316,
  "summary_bg_k": 17.477937149136842,
  "summary_bg_mad": 72.80043825690112,
  "summary_bg_mean": 263.49273681640625,
  "summary_bg_median": 106.89160919189453,
  "summary_bg_n": 342147.0,
  "summary_bg_p05": 53.2115364074707,
  "summary_bg_p95": 1038.1002929687506,
  "summary_bg_stdv": 402.226318359375,
  "summary_fg_k": 1.4440638052814627,
  "summary_fg_mad": 1007.3842289175379,
  "summary_fg_mean": 3794.91259765625,
  "summary_fg_median": 3508.06982421875,
  "summary_fg_n": 75576.0,
  "summary_fg_p05": 2261.660888671875,
  "summary_fg_p95": 6348.6070556640625,
  "summary_fg_stdv": 1254.78759765625,
  "tsnr": 33.07104073872324
}