{
  "aor": 0.0020113532513181018,
  "aqi": 0.00639475,
  "bids_meta": {
    "AcquisitionMatrixPE": 90,
    "AcquisitionNumber": 1,
    "AcquisitionTime": "",
    "BandwidthPerPixelPhaseEncode": 21.786,
    "BaseResolution": 90,
    "BodyPartExamined": "BRAIN",
    "ConsistencyInfo": "N4_VE11C_LATEST_20160120",
    "ConversionSoftware": "dcm2niix",
    "ConversionSoftwareVersion": "v1.0.20210317",
    "DerivedVendorReportedEchoSpacing": 0.000510012,
    "DeviceSerialNumber": "66093",
    "DwellTime": 2e-06,
    "EchoTime": 0.03,
    "EchoTrainLength": 90,
    "EffectiveEchoSpacing": 0.000510012,
    "FlipAngle": 52,
    "ImageComments": "Unaliased MB6/PE3/LB",
    "ImageOrientationPatientDICOM": [
      0.999986,
      0.000628653,
      0.00519455,
      -4.57628e-08,
      0.992757,
      -0.120136
    ],
    "ImageType": [
      "ORIGINAL",
      "PRIMARY",
      "M",
      "MB",
      "ND",
      "MOSAIC"
    ],
    "ImagingFrequency": 123.259,
    "InPlanePhaseEncodingDirectionDICOM": "COL",
    "InstitutionAddress": "",
    "InstitutionName": "",
    "InstitutionalDepartmentName": "",
    "MRAcquisitionType": "2D",
    "MagneticFieldStrength": 3,
    "Manufacturer": "Siemens",
    "ManufacturersModelName": "Prisma",
    "Modality": "MR",
    "MultibandAccelerationFactor": 6,
    "PartialFourier": 1,
    "PatientPosition": "HFS",
    "PercentPhaseFOV": 100,
    "PercentSampling": 100,
    "PhaseEncodingDirection": "j-",
    "PhaseEncodingSteps": 90,
    "PhaseResolution": 1,
    "PixelBandwidth": 2780,
    "ProtocolName": "BOLD_2p4_MB6_P1_TE30_TR800_AP",
    "PulseSequenceDetails": "%CustomerSeq%\\cmrr_mbep2d_bold",
    "ReceiveCoilActiveElements": "HEA;HEP",
    "ReceiveCoilName": "Head_32",
    "ReconMatrixPE": 90,
    "RepetitionTime": 0.8,
    "SAR": 0.0820165,
    "ScanOptions": "FS",
    "ScanningSequence": "EP",
    "SequenceName": "epfid2d1_90",
    "SequenceVariant": "SK\\SS",
    "SeriesDescription": "BOLD_2p4_MB6_P1_TE30_TR800_AP",
    "SeriesNumber": 5,
    "ShimSetting": [
      4969,
      -11437,
      -1308,
      515,
      147,
      20,
      13,
      0
    ],
    "SliceThickness": 2.4,
    "SliceTiming": [
      0,
      0.5475,
      0.3125,
      0.08,
      0.625,
      0.39,
      0.1575,
      0.7025,
      0.47,
      0.235,
      0,
      0.5475,
      0.3125,
      0.08,
      0.625,
      0.39,
      0.1575,
      0.7025,
      0.47,
      0.235,
      0,
      0.5475,
      0.3125,
      0.08,
      0.625,
      0.39,
      0.1575,
      0.7025,
      0.47,
      0.235,
      0,
      0.5475,
      0.3125,
      0.08,
      0.625,
      0.39,
      0.1575,
      0.7025,
      0.47,
      0.235,
      0,
      0.5475,
      0.3125,
      0.08,
      0.625,
      0.39,
      0.1575,
      0.7025,
      0.47,
      0.235,
      0,
      0.5475,
      0.3125,
      0.08,
      0.625,
      0.39,
      0.1575,
      0.7025,
      0.47,
      0.235
    ],
    "SoftwareVersions": "syngo MR E11",
    "SpacingBetweenSlices": 2.4,
    "StationName": "",
    "TaskName": "PD",
    "TotalReadoutTime": 0.045391,
    "TxRefAmp": 241.074,
    "VendorReportedEchoSpacing": 0.00051,
    "WipMemBlock": "98442a85-f890-4190-a6f7-5e7ba77f5022||Sequence: R016 ve11c/master r/e634e98; Dec 19 2017 11:00:25 by eja",
    "dataset": "ds004073",
    "modality": "bold",
    "subject_id": "OXF01",
    "task_id": "PD"
  },
  "dummy_trs": 6,
  "dvars_nstd": 31.844793615158434,
  "dvars_std": 1.0208610249119712,
  "dvars_vstd": 1.011747219471832,
  "efc": 0.4906546061984408,
  "fber": 1151.8524169921875,
  "fd_mean": 0.1861523116060181,
  "fd_num": 251,
  "fd_perc": 44.112478031634446,
  "fwhm_avg": 2.915694328585161,
  "fwhm_x": 2.751095724014611,
  "fwhm_y": 2.9672123820935736,
  "fwhm_z": 3.0287748796472993,
  "gcor": 0.00863951,
  "gsr_x": -0.02053185924887657,
  "gsr_y": 0.0887453481554985,
  "provenance": {
    "md5sum": "41facc1d3065d3940b0cf733429c3ad2",
    "settings": {
      "fd_thres": 0.2,
      "testing": false
    },
    "software": "mriqc",
    "version": "23.0.0",
    "webapi_port": null,
    "webapi_url": "https://mriqc.nimh.nih.gov/api/v1"
  },
  "size_t": 569,
  "size_x": 90,
  "size_y": 90,
  "size_z": 60,
  "snr": 2.8043783164483753,
  "spacing_tr": 0.800000011920929,
  "spacing_x": 2.4000000953674316,
  "spacing_y": 2.4000000953674316,
  "spacing_z": 2.4000000953674316,
  "summary_bg_k": 18.129522584926402,
  "summary_bg_mad": 67.33723368305841,
  "summary_bg_mean": 261.410400390625,
  "summary_bg_median": 103.23550415039062,
  "summary_bg_n": 341929.0,
  "summary_bg_p05": 53.978912353515625,
  "summary_bg_p95": 1037.0386718749992,
  "summary_bg_stdv": 403.70855712890625,
  "summary_fg_k": 1.4802965703130129,
  "summary_fg_mad": 993.4556950627515,
  "summary_fg_mean": 3762.050048828125,
  "summary_fg_median": 3481.02294921875,
  "summary_fg_n": 75745.0,
  "summary_fg_p05": 2244.476025390625,
  "summary_fg_p95": 6286.64638671875,
  "summary_fg_stdv": 1241.2733154296875,
  "tsnr": 38.46252651326358
}