{
  "bids_meta": {
    "AcquisitionMatrixPE": 174,
    "AcquisitionNumber": 1,
    "AcquisitionTime": "",
    "BaseResolution": 192,
    "BodyPartExamined": "BRAIN",
    "ConsistencyInfo": "N4_VE11C_LATEST_20160120",
    "ConversionSoftware": "dcm2niix",
    "ConversionSoftwareVersion": "v1.0.20210317",
    "DeviceSerialNumber": "66093",
    "DwellTime": 1.3e-05,
    "EchoTime": 0.00397,
    "FlipAngle": 8,
    "ImageOrientationPatientDICOM": [
      0.999456,
      0.00373452,
      0.03276,
      -2.7132e-11,
      0.993565,
      -0.113263
    ],
    "ImageType": [
      "ORIGINAL",
      "PRIMARY",
      "M",
      "ND",
      "NORM"
    ],
    "ImagingFrequency": 123.259,
    "InPlanePhaseEncodingDirectionDICOM": "ROW",
    "InstitutionAddress": "",
    "InstitutionName": "",
    "InstitutionalDepartmentName": "",
    "InversionTime": 0.904,
    "MRAcquisitionType": "3D",
    "MagneticFieldStrength": 3,
    "Manufacturer": "Siemens",
    "ManufacturersModelName": "Prisma",
    "Modality": "MR",
    "PartialFourier": 1,
    "PatientPosition": "HFS",
    "PercentPhaseFOV": 90.625,
    "PercentSampling": 100,
    "PhaseEncodingSteps": 174,
    "PhaseResolution": 1,
    "PixelBandwidth": 200,
    "ProtocolName": "t1_mpr_ax_1mm_iso_32ch_v2",
    "PulseSequenceDetails": "%SiemensSeq%\\tfl",
    "ReceiveCoilActiveElements": "HEA;HEP",
    "ReceiveCoilName": "Head_32",
    "ReconMatrixPE": 174,
    "RepetitionTime": 1.9,
    "SAR": 0.0438423,
    "ScanOptions": "IR\\WE",
    "ScanningSequence": "GR\\IR",
    "SequenceName": "*tfl3d1_16",
    "SequenceVariant": "SK\\SP\\MP",
    "SeriesDescription": "t1_mpr_ax_1mm_iso_32ch_v2",
    "SeriesNumber": 13,
    "ShimSetting": [
      4968,
      -11373,
      -1366,
      532,
      48,
      -61,
      6,
      26
    ],
    "SliceThickness": 1,
    "SoftwareVersions": "syngo MR E11",
    "StationName": "",
    "TxRefAmp": 226.458,
    "dataset": "ds004073",
    "modality": "T1w",
    "subject_id": "OXF11"
  },
  "cjv": 0.32428385167252516,
  "cnr": 4.126860833183405,
  "efc": 0.5476184831562145,
  "fber": 30002.61992997754,
  "fwhm_avg": 4.515703333333334,
  "fwhm_x": 4.26653,
  "fwhm_y": 4.95438,
  "fwhm_z": 4.3262,
  "icvs_csf": 0.20041650124655946,
  "icvs_gm": 0.4324643650910452,
  "icvs_wm": 0.36711913366239535,
  "inu_med": 0.3278580605983734,
  "inu_range": 0.1009258836507797,
  "provenance": {
    "md5sum": "960b50b2b3ace7ce5217268282c8c4a1",
    "settings": {
      "testing": false
    },
    "software": "mriqc",
    "version": "23.0.0",
    "warnings": {
      "large_rot_frame": true,
      "small_air_mask": false
    },
    "webapi_port": null,
    "webapi_url": "https://mriqc.nimh.nih.gov/api/v1"
  },
  "qi_1": 0.0,
  "qi_2": 0.020460356850318422,
  "rpve_csf": 15.402645150476486,
  "rpve_gm": 7.5551601123358605,
  "rpve_wm": 10.489844757464537,
  "size_x": 174,
  "size_y": 192,
  "size_z": 192,
  "snr_csf": 2.2444439218073313,
  "snr_gm": 13.640915387586096,
  "snr_total": 16.747087024023894,
  "snr_wm": 34.35590176267825,
  "snrd_csf": 49.30057223312267,
  "snrd_gm": 122.79180797611907,
  "snrd_total": 112.37262041726636,
  "snrd_wm": 165.02548104255732,
  "spacing_x": 1.0,
  "spacing_y": 1.0,
  "spacing_z": 1.0,
  "summary_bg_k": 5.574924242827336,
  "summary_bg_mad": 3.970065682450157,
  "summary_bg_mean": 3.808810334007744,
  "summary_bg_median": 2.677768610417843,
  "summary_bg_n": 1868547.0,
  "summary_bg_p05": 0.0,
  "summary_bg_p95": 13.310660026967525,
  "summary_bg_stdv": 4.8100083683904185,
  "summary_csf_k": -0.060215878286275615,
  "summary_csf_mad": 126.49150878755427,
  "summary_csf_mean": 299.2851870042836,
  "summary_csf_median": 298.7568847462535,
  "summary_csf_n": 28827.0,
  "summary_csf_p05": 70.42922360524535,
  "summary_csf_p95": 522.7375696904952,
  "summary_csf_stdv": 133.10722531543496,
  "summary_gm_k": -0.0026982725440269917,
  "summary_gm_mad": 54.76951926883793,
  "summary_gm_mean": 743.6151632008138,
  "summary_gm_median": 744.1069415956736,
  "summary_gm_n": 38836.0,
  "summary_gm_p05": 653.9179356787354,
  "summary_gm_p95": 832.2973939329386,
  "summary_gm_stdv": 54.54893167162064,
  "summary_wm_k": 0.49421927235426155,
  "summary_wm_mad": 28.225138501506954,
  "summary_wm_mean": 1001.0600652154118,
  "summary_wm_median": 1000.039074331522,
  "summary_wm_n": 199808.0,
  "summary_wm_p05": 955.4747500121593,
  "summary_wm_p95": 1049.8221155777574,
  "summary_wm_stdv": 29.108145049904397,
  "tpm_overlap_csf": 0.14451780700465391,
  "tpm_overlap_gm": 0.4699082938409465,
  "tpm_overlap_wm": 0.5093422785567765,
  "wm2max": 0.9180857363311741
}