{
  "aor": 0.00027858638743455497,
  "aqi": 0.0036919104013961603,
  "bids_meta": {
    "AcquisitionMatrixPE": 90,
    "AcquisitionNumber": 1,
    "AcquisitionTime": "",
    "BandwidthPerPixelPhaseEncode": 21.786,
    "BaseResolution": 90,
    "BodyPartExamined": "BRAIN",
    "ConsistencyInfo": "N4_VE11C_LATEST_20160120",
    "ConversionSoftware": "dcm2niix",
    "ConversionSoftwareVersion": "v1.0.20210317",
    "DerivedVendorReportedEchoSpacing": 0.000510012,
    "DeviceSerialNumber": "66093",
    "DwellTime": 2e-06,
    "EchoTime": 0.03,
    "EchoTrainLength": 90,
    "EffectiveEchoSpacing": 0.000510012,
    "FlipAngle": 52,
    "ImageComments": "Unaliased MB6/PE3/LB",
    "ImageOrientationPatientDICOM": [
      0.999986,
      0.000953546,
      0.00514483,
      -9.95321e-09,
      0.983255,
      -0.182235
    ],
    "ImageType": [
      "ORIGINAL",
      "PRIMARY",
      "M",
      "MB",
      "ND",
      "MOSAIC"
    ],
    "ImagingFrequency": 123.26,
    "InPlanePhaseEncodingDirectionDICOM": "COL",
    "InstitutionAddress": "",
    "InstitutionName": "",
    "InstitutionalDepartmentName": "",
    "MRAcquisitionType": "2D",
    "MagneticFieldStrength": 3,
    "Manufacturer": "Siemens",
    "ManufacturersModelName": "Prisma",
    "Modality": "MR",
    "MultibandAccelerationFactor": 6,
    "PartialFourier": 1,
    "PatientPosition": "HFS",
    "PercentPhaseFOV": 100,
    "PercentSampling": 100,
    "PhaseEncodingDirection": "j-",
    "PhaseEncodingSteps": 90,
    "PhaseResolution": 1,
    "PixelBandwidth": 2780,
    "ProtocolName": "BOLD_2p4_MB6_P1_TE30_TR800_AP",
    "PulseSequenceDetails": "%CustomerSeq%\\cmrr_mbep2d_bold",
    "ReceiveCoilActiveElements": "HEA;HEP",
    "ReceiveCoilName": "Head_32",
    "ReconMatrixPE": 90,
    "RepetitionTime": 0.8,
    "SAR": 0.0789759,
    "ScanOptions": "FS",
    "ScanningSequence": "EP",
    "SequenceName": "epfid2d1_90",
    "SequenceVariant": "SK\\SS",
    "SeriesDescription": "BOLD_2p4_MB6_P1_TE30_TR800_AP",
    "SeriesNumber": 9,
    "ShimSetting": [
      4942,
      -11439,
      -1333,
      492,
      72,
      -138,
      -110,
      19
    ],
    "SliceThickness": 2.4,
    "SliceTiming": [
      0,
      0.545,
      0.3125,
      0.0775,
      0.6225,
      0.39,
      0.155,
      0.7025,
      0.4675,
      0.2325,
      0,
      0.545,
      0.3125,
      0.0775,
      0.6225,
      0.39,
      0.155,
      0.7025,
      0.4675,
      0.2325,
      0,
      0.545,
      0.3125,
      0.0775,
      0.6225,
      0.39,
      0.155,
      0.7025,
      0.4675,
      0.2325,
      0,
      0.545,
      0.3125,
      0.0775,
      0.6225,
      0.39,
      0.155,
      0.7025,
      0.4675,
      0.2325,
      0,
      0.545,
      0.3125,
      0.0775,
      0.6225,
      0.39,
      0.155,
      0.7025,
      0.4675,
      0.2325,
      0,
      0.545,
      0.3125,
      0.0775,
      0.6225,
      0.39,
      0.155,
      0.7025,
      0.4675,
      0.2325
    ],
    "SoftwareVersions": "syngo MR E11",
    "SpacingBetweenSlices": 2.4,
    "StationName": "",
    "TaskName": "WC",
    "TotalReadoutTime": 0.045391,
    "TxRefAmp": 260.215,
    "VendorReportedEchoSpacing": 0.00051,
    "WipMemBlock": "d4fce49e-f616-4f01-a74a-08976fe2c0f7||Sequence: R016 ve11c/master r/e634e98; Dec 19 2017 11:00:25 by eja",
    "dataset": "ds004073",
    "modality": "bold",
    "subject_id": "OXF04",
    "task_id": "WC"
  },
  "dummy_trs": 2,
  "dvars_nstd": 36.79149487625878,
  "dvars_std": 1.161034240506992,
  "dvars_vstd": 1.0018094621153844,
  "efc": 0.5260421702727118,
  "fber": 643.6647338867188,
  "fd_mean": 0.08075648684329222,
  "fd_num": 3,
  "fd_perc": 0.5235602094240838,
  "fwhm_avg": 3.0223026576822605,
  "fwhm_x": 2.7543707238844743,
  "fwhm_y": 3.1278707090429183,
  "fwhm_z": 3.1846665401193883,
  "gcor": 0.0224643,
  "gsr_x": -0.011493655852973461,
  "gsr_y": 0.08082295209169388,
  "provenance": {
    "md5sum": "14a5d487333e65dfb2269587770956ff",
    "settings": {
      "fd_thres": 0.2,
      "testing": false
    },
    "software": "mriqc",
    "version": "23.0.0",
    "webapi_port": null,
    "webapi_url": "https://mriqc.nimh.nih.gov/api/v1"
  },
  "size_t": 573,
  "size_x": 90,
  "size_y": 90,
  "size_z": 60,
  "snr": 2.287687989192702,
  "spacing_tr": 0.800000011920929,
  "spacing_x": 2.4000000953674316,
  "spacing_y": 2.4000000953674316,
  "spacing_z": 2.4000000953674316,
  "summary_bg_k": 22.738211122526135,
  "summary_bg_mad": 106.73182923888827,
  "summary_bg_mean": 343.68115234375,
  "summary_bg_median": 146.36997985839844,
  "summary_bg_n": 314650.0,
  "summary_bg_p05": 63.333335876464844,
  "summary_bg_p95": 1362.5626525878904,
  "summary_bg_stdv": 536.6485595703125,
  "summary_fg_k": 1.0372720136138023,
  "summary_fg_mad": 1522.870288380243,
  "summary_fg_mean": 4253.9990234375,
  "summary_fg_median": 3881.989501953125,
  "summary_fg_n": 91591.0,
  "summary_fg_p05": 2176.171875,
  "summary_fg_p95": 7550.015625,
  "summary_fg_stdv": 1696.8958740234375,
  "tsnr": 45.40857115597464
}