{
  "aor": 0.00042210801393728224,
  "aqi": 0.004021290696864111,
  "bids_meta": {
    "AcquisitionMatrixPE": 90,
    "AcquisitionNumber": 1,
    "AcquisitionTime": "",
    "BandwidthPerPixelPhaseEncode": 21.786,
    "BaseResolution": 90,
    "BodyPartExamined": "BRAIN",
    "ConsistencyInfo": "N4_VE11C_LATEST_20160120",
    "ConversionSoftware": "dcm2niix",
    "ConversionSoftwareVersion": "v1.0.20210317",
    "DerivedVendorReportedEchoSpacing": 0.000510012,
    "DeviceSerialNumber": "66093",
    "DwellTime": 2e-06,
    "EchoTime": 0.03,
    "EchoTrainLength": 90,
    "EffectiveEchoSpacing": 0.000510012,
    "FlipAngle": 52,
    "ImageComments": "Unaliased MB6/PE3/LB",
    "ImageOrientationPatientDICOM": [
      0.999986,
      0.000953546,
      0.00514483,
      -9.95321e-09,
      0.983255,
      -0.182235
    ],
    "ImageType": [
      "ORIGINAL",
      "PRIMARY",
      "M",
      "MB",
      "ND",
      "MOSAIC"
    ],
    "ImagingFrequency": 123.26,
    "InPlanePhaseEncodingDirectionDICOM": "COL",
    "InstitutionAddress": "",
    "InstitutionName": "",
    "InstitutionalDepartmentName": "",
    "MRAcquisitionType": "2D",
    "MagneticFieldStrength": 3,
    "Manufacturer": "Siemens",
    "ManufacturersModelName": "Prisma",
    "Modality": "MR",
    "MultibandAccelerationFactor": 6,
    "PartialFourier": 1,
    "PatientPosition": "HFS",
    "PercentPhaseFOV": 100,
    "PercentSampling": 100,
    "PhaseEncodingDirection": "j-",
    "PhaseEncodingSteps": 90,
    "PhaseResolution": 1,
    "PixelBandwidth": 2780,
    "ProtocolName": "BOLD_2p4_MB6_P1_TE30_TR800_AP",
    "PulseSequenceDetails": "%CustomerSeq%\\cmrr_mbep2d_bold",
    "ReceiveCoilActiveElements": "HEA;HEP",
    "ReceiveCoilName": "Head_32",
    "ReconMatrixPE": 90,
    "RepetitionTime": 0.8,
    "SAR": 0.0789759,
    "ScanOptions": "FS",
    "ScanningSequence": "EP",
    "SequenceName": "epfid2d1_90",
    "SequenceVariant": "SK\\SS",
    "SeriesDescription": "BOLD_2p4_MB6_P1_TE30_TR800_AP",
    "SeriesNumber": 19,
    "ShimSetting": [
      4942,
      -11439,
      -1333,
      492,
      72,
      -138,
      -110,
      19
    ],
    "SliceThickness": 2.4,
    "SliceTiming": [
      0,
      0.5475,
      0.3125,
      0.0775,
      0.625,
      0.39,
      0.1575,
      0.7025,
      0.4675,
      0.235,
      0,
      0.5475,
      0.3125,
      0.0775,
      0.625,
      0.39,
      0.1575,
      0.7025,
      0.4675,
      0.235,
      0,
      0.5475,
      0.3125,
      0.0775,
      0.625,
      0.39,
      0.1575,
      0.7025,
      0.4675,
      0.235,
      0,
      0.5475,
      0.3125,
      0.0775,
      0.625,
      0.39,
      0.1575,
      0.7025,
      0.4675,
      0.235,
      0,
      0.5475,
      0.3125,
      0.0775,
      0.625,
      0.39,
      0.1575,
      0.7025,
      0.4675,
      0.235,
      0,
      0.5475,
      0.3125,
      0.0775,
      0.625,
      0.39,
      0.1575,
      0.7025,
      0.4675,
      0.235
    ],
    "SoftwareVersions": "syngo MR E11",
    "SpacingBetweenSlices": 2.4,
    "StationName": "",
    "TaskName": "SC",
    "TotalReadoutTime": 0.045391,
    "TxRefAmp": 260.215,
    "VendorReportedEchoSpacing": 0.00051,
    "WipMemBlock": "ccdd70de-0ec2-4b46-b4d5-771a04bbb267||Sequence: R016 ve11c/master r/e634e98; Dec 19 2017 11:00:25 by eja",
    "dataset": "ds004073",
    "modality": "bold",
    "subject_id": "OXF04",
    "task_id": "SC"
  },
  "dummy_trs": 1,
  "dvars_nstd": 35.71819791382197,
  "dvars_std": 1.1363906585340318,
  "dvars_vstd": 1.005379183891798,
  "efc": 0.5274155518771397,
  "fber": 609.0704956054688,
  "fd_mean": 0.09136910870497793,
  "fd_num": 27,
  "fd_perc": 4.70383275261324,
  "fwhm_avg": 3.0342054349870637,
  "fwhm_x": 2.778162389605745,
  "fwhm_y": 3.1331457088333083,
  "fwhm_z": 3.1913082065221388,
  "gcor": 0.0291469,
  "gsr_x": -0.011458514258265495,
  "gsr_y": 0.07882092893123627,
  "provenance": {
    "md5sum": "f13c6be27258d85ca47b7b078dd8bbbc",
    "settings": {
      "fd_thres": 0.2,
      "testing": false
    },
    "software": "mriqc",
    "version": "23.0.0",
    "webapi_port": null,
    "webapi_url": "https://mriqc.nimh.nih.gov/api/v1"
  },
  "size_t": 574,
  "size_x": 90,
  "size_y": 90,
  "size_z": 60,
  "snr": 2.2612438237314594,
  "spacing_tr": 0.800000011920929,
  "spacing_x": 2.4000000953674316,
  "spacing_y": 2.4000000953674316,
  "spacing_z": 2.4000000953674316,
  "summary_bg_k": 21.96036975245298,
  "summary_bg_mad": 111.20421547372645,
  "summary_bg_mean": 356.4664001464844,
  "summary_bg_median": 151.9869384765625,
  "summary_bg_n": 314900.0,
  "summary_bg_p05": 64.73693084716797,
  "summary_bg_p95": 1419.339318847656,
  "summary_bg_stdv": 554.254150390625,
  "summary_fg_k": 1.121330653418811,
  "summary_fg_mad": 1550.7114296987966,
  "summary_fg_mean": 4301.66748046875,
  "summary_fg_median": 3919.37890625,
  "summary_fg_n": 91308.0,
  "summary_fg_p05": 2180.912976074219,
  "summary_fg_p95": 7645.6248046875,
  "summary_fg_stdv": 1733.2750244140625,
  "tsnr": 43.39585393900052
}