{
  "aor": 0.00018005253940455343,
  "aqi": 0.004093775831873905,
  "bids_meta": {
    "AcquisitionMatrixPE": 90,
    "AcquisitionNumber": 1,
    "AcquisitionTime": "",
    "BandwidthPerPixelPhaseEncode": 21.786,
    "BaseResolution": 90,
    "BodyPartExamined": "BRAIN",
    "ConsistencyInfo": "N4_VE11C_LATEST_20160120",
    "ConversionSoftware": "dcm2niix",
    "ConversionSoftwareVersion": "v1.0.20210317",
    "DerivedVendorReportedEchoSpacing": 0.000510012,
    "DeviceSerialNumber": "66093",
    "DwellTime": 2e-06,
    "EchoTime": 0.03,
    "EchoTrainLength": 90,
    "EffectiveEchoSpacing": 0.000510012,
    "FlipAngle": 52,
    "ImageComments": "Unaliased MB6/PE3/LB",
    "ImageOrientationPatientDICOM": [
      0.999986,
      0.000953546,
      0.00514483,
      -9.95321e-09,
      0.983255,
      -0.182235
    ],
    "ImageType": [
      "ORIGINAL",
      "PRIMARY",
      "M",
      "MB",
      "ND",
      "MOSAIC"
    ],
    "ImagingFrequency": 123.26,
    "InPlanePhaseEncodingDirectionDICOM": "COL",
    "InstitutionAddress": "",
    "InstitutionName": "",
    "InstitutionalDepartmentName": "",
    "MRAcquisitionType": "2D",
    "MagneticFieldStrength": 3,
    "Manufacturer": "Siemens",
    "ManufacturersModelName": "Prisma",
    "Modality": "MR",
    "MultibandAccelerationFactor": 6,
    "PartialFourier": 1,
    "PatientPosition": "HFS",
    "PercentPhaseFOV": 100,
    "PercentSampling": 100,
    "PhaseEncodingDirection": "j-",
    "PhaseEncodingSteps": 90,
    "PhaseResolution": 1,
    "PixelBandwidth": 2780,
    "ProtocolName": "BOLD_2p4_MB6_P1_TE30_TR800_AP",
    "PulseSequenceDetails": "%CustomerSeq%\\cmrr_mbep2d_bold",
    "ReceiveCoilActiveElements": "HEA;HEP",
    "ReceiveCoilName": "Head_32",
    "ReconMatrixPE": 90,
    "RepetitionTime": 0.8,
    "SAR": 0.0789759,
    "ScanOptions": "FS",
    "ScanningSequence": "EP",
    "SequenceName": "epfid2d1_90",
    "SequenceVariant": "SK\\SS",
    "SeriesDescription": "BOLD_2p4_MB6_P1_TE30_TR800_AP",
    "SeriesNumber": 7,
    "ShimSetting": [
      4942,
      -11439,
      -1333,
      492,
      72,
      -138,
      -110,
      19
    ],
    "SliceThickness": 2.4,
    "SliceTiming": [
      0,
      0.545,
      0.3125,
      0.0775,
      0.6225,
      0.39,
      0.155,
      0.7025,
      0.4675,
      0.235,
      0,
      0.545,
      0.3125,
      0.0775,
      0.6225,
      0.39,
      0.155,
      0.7025,
      0.4675,
      0.235,
      0,
      0.545,
      0.3125,
      0.0775,
      0.6225,
      0.39,
      0.155,
      0.7025,
      0.4675,
      0.235,
      0,
      0.545,
      0.3125,
      0.0775,
      0.6225,
      0.39,
      0.155,
      0.7025,
      0.4675,
      0.235,
      0,
      0.545,
      0.3125,
      0.0775,
      0.6225,
      0.39,
      0.155,
      0.7025,
      0.4675,
      0.235,
      0,
      0.545,
      0.3125,
      0.0775,
      0.6225,
      0.39,
      0.155,
      0.7025,
      0.4675,
      0.235
    ],
    "SoftwareVersions": "syngo MR E11",
    "SpacingBetweenSlices": 2.4,
    "StationName": "",
    "TaskName": "SD",
    "TotalReadoutTime": 0.045391,
    "TxRefAmp": 260.215,
    "VendorReportedEchoSpacing": 0.00051,
    "WipMemBlock": "ce13f9da-1159-4c61-b2d1-019e93e693e6||Sequence: R016 ve11c/master r/e634e98; Dec 19 2017 11:00:25 by eja",
    "dataset": "ds004073",
    "modality": "bold",
    "subject_id": "OXF04",
    "task_id": "SD"
  },
  "dummy_trs": 4,
  "dvars_nstd": 36.533187458105246,
  "dvars_std": 1.1504868049824561,
  "dvars_vstd": 0.9954056395263159,
  "efc": 0.5258701431942371,
  "fber": 653.0128173828125,
  "fd_mean": 0.08354470416876347,
  "fd_num": 2,
  "fd_perc": 0.3502626970227671,
  "fwhm_avg": 3.0253637686717334,
  "fwhm_x": 2.765949890091026,
  "fwhm_y": 3.105124876613423,
  "fwhm_z": 3.205016539310752,
  "gcor": 0.0200665,
  "gsr_x": -0.010811492800712585,
  "gsr_y": 0.08016077429056168,
  "provenance": {
    "md5sum": "8ad82951868e029bc114c1cc31c98a36",
    "settings": {
      "fd_thres": 0.2,
      "testing": false
    },
    "software": "mriqc",
    "version": "23.0.0",
    "webapi_port": null,
    "webapi_url": "https://mriqc.nimh.nih.gov/api/v1"
  },
  "size_t": 571,
  "size_x": 90,
  "size_y": 90,
  "size_z": 60,
  "snr": 2.299538790943077,
  "spacing_tr": 0.800000011920929,
  "spacing_x": 2.4000000953674316,
  "spacing_y": 2.4000000953674316,
  "spacing_z": 2.4000000953674316,
  "summary_bg_k": 22.34270376190815,
  "summary_bg_mad": 105.38419413518375,
  "summary_bg_mean": 339.0399169921875,
  "summary_bg_median": 144.40805053710938,
  "summary_bg_n": 314947.0,
  "summary_bg_p05": 62.64623260498047,
  "summary_bg_p95": 1346.9994506835938,
  "summary_bg_stdv": 529.0338134765625,
  "summary_fg_k": 1.0623877764659762,
  "summary_fg_mad": 1505.848234051712,
  "summary_fg_mean": 4228.22412109375,
  "summary_fg_median": 3858.7373046875,
  "summary_fg_n": 91409.0,
  "summary_fg_p05": 2176.600341796875,
  "summary_fg_p95": 7491.34091796875,
  "summary_fg_stdv": 1678.0391845703125,
  "tsnr": 43.82241074019112
}