{
  "bids_meta": {
    "AcquisitionMatrixPE": 174,
    "AcquisitionNumber": 1,
    "AcquisitionTime": "",
    "BaseResolution": 192,
    "BodyPartExamined": "BRAIN",
    "ConsistencyInfo": "N4_VE11C_LATEST_20160120",
    "ConversionSoftware": "dcm2niix",
    "ConversionSoftwareVersion": "v1.0.20210317",
    "DeviceSerialNumber": "66093",
    "DwellTime": 1.3e-05,
    "EchoTime": 0.00397,
    "FlipAngle": 8,
    "ImageOrientationPatientDICOM": [
      0.999994,
      -0.000651515,
      -0.00326055,
      1.4916e-11,
      0.980615,
      -0.195944
    ],
    "ImageType": [
      "ORIGINAL",
      "PRIMARY",
      "M",
      "ND",
      "NORM"
    ],
    "ImagingFrequency": 123.26,
    "InPlanePhaseEncodingDirectionDICOM": "ROW",
    "InstitutionAddress": "",
    "InstitutionName": "",
    "InstitutionalDepartmentName": "",
    "InversionTime": 0.904,
    "MRAcquisitionType": "3D",
    "MagneticFieldStrength": 3,
    "Manufacturer": "Siemens",
    "ManufacturersModelName": "Prisma",
    "Modality": "MR",
    "PartialFourier": 1,
    "PatientPosition": "HFS",
    "PercentPhaseFOV": 90.625,
    "PercentSampling": 100,
    "PhaseEncodingSteps": 174,
    "PhaseResolution": 1,
    "PixelBandwidth": 200,
    "ProtocolName": "t1_mpr_ax_1mm_iso_32ch_v2",
    "PulseSequenceDetails": "%SiemensSeq%\\tfl",
    "ReceiveCoilActiveElements": "HEA;HEP",
    "ReceiveCoilName": "Head_32",
    "ReconMatrixPE": 174,
    "RepetitionTime": 1.9,
    "SAR": 0.0435462,
    "ScanOptions": "IR\\WE",
    "ScanningSequence": "GR\\IR",
    "SequenceName": "*tfl3d1_16",
    "SequenceVariant": "SK\\SP\\MP",
    "SeriesDescription": "t1_mpr_ax_1mm_iso_32ch_v2",
    "SeriesNumber": 13,
    "ShimSetting": [
      4935,
      -11401,
      -1407,
      539,
      -42,
      -178,
      -98,
      26
    ],
    "SliceThickness": 1,
    "SoftwareVersions": "syngo MR E11",
    "StationName": "",
    "TxRefAmp": 229.145,
    "dataset": "ds004073",
    "modality": "T1w",
    "subject_id": "OXF22"
  },
  "cjv": 0.30356407897099424,
  "cnr": 4.242427949367463,
  "efc": 0.5392272916698649,
  "fber": 30324.17008820854,
  "fwhm_avg": 4.468446666666666,
  "fwhm_x": 4.14865,
  "fwhm_y": 4.87772,
  "fwhm_z": 4.37897,
  "icvs_csf": 0.21911952488063374,
  "icvs_gm": 0.43563686762381787,
  "icvs_wm": 0.3452436074955484,
  "inu_med": 0.33488547801971436,
  "inu_range": 0.10243932157754898,
  "provenance": {
    "md5sum": "011bafbc7f4897dcceab35748ba7f4de",
    "settings": {
      "testing": false
    },
    "software": "mriqc",
    "version": "23.0.0",
    "warnings": {
      "large_rot_frame": true,
      "small_air_mask": false
    },
    "webapi_port": null,
    "webapi_url": "https://mriqc.nimh.nih.gov/api/v1"
  },
  "qi_1": 0.0,
  "qi_2": 0.03195710590176463,
  "rpve_csf": 14.79533389312621,
  "rpve_gm": 7.706883621250469,
  "rpve_wm": 11.27043997806056,
  "size_x": 174,
  "size_y": 192,
  "size_z": 192,
  "snr_csf": 2.4088525887372727,
  "snr_gm": 14.331568538277867,
  "snr_total": 17.105885237475068,
  "snr_wm": 34.57723458541006,
  "snrd_csf": 50.18782545789945,
  "snrd_gm": 132.24509970871415,
  "snrd_total": 119.86519659290018,
  "snrd_wm": 177.16266461208687,
  "spacing_x": 1.0,
  "spacing_y": 1.0,
  "spacing_z": 1.0,
  "summary_bg_k": 8.767321386002568,
  "summary_bg_mad": 3.698086974731721,
  "summary_bg_mean": 3.429462828915407,
  "summary_bg_median": 2.494321759790182,
  "summary_bg_n": 1774752.0,
  "summary_bg_p05": 0.0,
  "summary_bg_p95": 12.268818411976099,
  "summary_bg_stdv": 4.730546578955128,
  "summary_csf_k": 0.9083476929146532,
  "summary_csf_mad": 86.58935355469396,
  "summary_csf_mean": 299.52400125658016,
  "summary_csf_median": 283.29817060381174,
  "summary_csf_n": 45719.0,
  "summary_csf_p05": 106.78536197319627,
  "summary_csf_p95": 513.9945427302271,
  "summary_csf_stdv": 117.60581517407851,
  "summary_gm_k": 0.3025755481107919,
  "summary_gm_mad": 49.30782632975628,
  "summary_gm_mean": 745.0605191943015,
  "summary_gm_median": 746.4916934929788,
  "summary_gm_n": 37316.0,
  "summary_gm_p05": 656.3716455213726,
  "summary_gm_p95": 829.108497146517,
  "summary_gm_stdv": 52.086531151958084,
  "summary_wm_k": 0.600706882412295,
  "summary_wm_mad": 27.660487941082792,
  "summary_wm_mean": 1000.9966905795338,
  "summary_wm_median": 1000.0405143275857,
  "summary_wm_n": 180081.0,
  "summary_wm_p05": 955.0210484191775,
  "summary_wm_p95": 1048.4465796984732,
  "summary_wm_stdv": 28.92185421054088,
  "tpm_overlap_csf": 0.18098251958817635,
  "tpm_overlap_gm": 0.4908160021028166,
  "tpm_overlap_wm": 0.5231028175698137,
  "wm2max": 0.9146110760784896
}