{
  "aor": 0.0003413811188811189,
  "aqi": 0.004986501241258741,
  "bids_meta": {
    "AcquisitionMatrixPE": 90,
    "AcquisitionNumber": 1,
    "AcquisitionTime": "",
    "BandwidthPerPixelPhaseEncode": 21.786,
    "BaseResolution": 90,
    "BodyPartExamined": "BRAIN",
    "ConsistencyInfo": "N4_VE11C_LATEST_20160120",
    "ConversionSoftware": "dcm2niix",
    "ConversionSoftwareVersion": "v1.0.20210317",
    "DerivedVendorReportedEchoSpacing": 0.000510012,
    "DeviceSerialNumber": "66093",
    "DwellTime": 2e-06,
    "EchoTime": 0.03,
    "EchoTrainLength": 90,
    "EffectiveEchoSpacing": 0.000510012,
    "FlipAngle": 52,
    "ImageComments": "Unaliased MB6/PE3/LB",
    "ImageOrientationPatientDICOM": [
      1,
      0,
      0,
      0,
      0.970296,
      -0.241922
    ],
    "ImageType": [
      "ORIGINAL",
      "PRIMARY",
      "M",
      "MB",
      "ND",
      "MOSAIC"
    ],
    "ImagingFrequency": 123.26,
    "InPlanePhaseEncodingDirectionDICOM": "COL",
    "InstitutionAddress": "",
    "InstitutionName": "",
    "InstitutionalDepartmentName": "",
    "MRAcquisitionType": "2D",
    "MagneticFieldStrength": 3,
    "Manufacturer": "Siemens",
    "ManufacturersModelName": "Prisma",
    "Modality": "MR",
    "MultibandAccelerationFactor": 6,
    "PartialFourier": 1,
    "PatientPosition": "HFS",
    "PercentPhaseFOV": 100,
    "PercentSampling": 100,
    "PhaseEncodingDirection": "j-",
    "PhaseEncodingSteps": 90,
    "PhaseResolution": 1,
    "PixelBandwidth": 2780,
    "ProtocolName": "BOLD_2p4_MB6_P1_TE30_TR800_AP",
    "PulseSequenceDetails": "%CustomerSeq%\\cmrr_mbep2d_bold",
    "ReceiveCoilActiveElements": "HEA;HEP",
    "ReceiveCoilName": "Head_32",
    "ReconMatrixPE": 90,
    "RepetitionTime": 0.8,
    "SAR": 0.0732637,
    "ScanOptions": "FS",
    "ScanningSequence": "EP",
    "SequenceName": "epfid2d1_90",
    "SequenceVariant": "SK\\SS",
    "SeriesDescription": "BOLD_2p4_MB6_P1_TE30_TR800_AP",
    "SeriesNumber": 7,
    "ShimSetting": [
      4947,
      -11351,
      -1481,
      434,
      55,
      84,
      0,
      78
    ],
    "SliceThickness": 2.4,
    "SliceTiming": [
      0,
      0.5475,
      0.3125,
      0.0775,
      0.625,
      0.39,
      0.1575,
      0.7025,
      0.4675,
      0.235,
      0,
      0.5475,
      0.3125,
      0.0775,
      0.625,
      0.39,
      0.1575,
      0.7025,
      0.4675,
      0.235,
      0,
      0.5475,
      0.3125,
      0.0775,
      0.625,
      0.39,
      0.1575,
      0.7025,
      0.4675,
      0.235,
      0,
      0.5475,
      0.3125,
      0.0775,
      0.625,
      0.39,
      0.1575,
      0.7025,
      0.4675,
      0.235,
      0,
      0.5475,
      0.3125,
      0.0775,
      0.625,
      0.39,
      0.1575,
      0.7025,
      0.4675,
      0.235,
      0,
      0.5475,
      0.3125,
      0.0775,
      0.625,
      0.39,
      0.1575,
      0.7025,
      0.4675,
      0.235
    ],
    "SoftwareVersions": "syngo MR E11",
    "SpacingBetweenSlices": 2.4,
    "StationName": "",
    "TaskName": "SD",
    "TotalReadoutTime": 0.045391,
    "TxRefAmp": 236.981,
    "VendorReportedEchoSpacing": 0.00051,
    "WipMemBlock": "fcf3bb14-52be-4b5a-b1a1-a319df7ca076||Sequence: R016 ve11c/master r/e634e98; Dec 19 2017 11:00:25 by eja",
    "dataset": "ds004073",
    "modality": "bold",
    "subject_id": "OXF05",
    "task_id": "SD"
  },
  "dummy_trs": 3,
  "dvars_nstd": 32.28562087476357,
  "dvars_std": 1.0556989230297722,
  "dvars_vstd": 0.98235217558669,
  "efc": 0.49930907669211944,
  "fber": 1209.667236328125,
  "fd_mean": 0.08536140488452082,
  "fd_num": 24,
  "fd_perc": 4.195804195804196,
  "fwhm_avg": 3.0812665442281353,
  "fwhm_x": 2.8648165528290845,
  "fwhm_y": 3.1145207095733998,
  "fwhm_z": 3.26446237028192,
  "gcor": 0.010455,
  "gsr_x": -0.028284605592489243,
  "gsr_y": 0.0866854265332222,
  "provenance": {
    "md5sum": "5c1d0be424f2b79d0ca6967553b94fdc",
    "settings": {
      "fd_thres": 0.2,
      "testing": false
    },
    "software": "mriqc",
    "version": "23.0.0",
    "webapi_port": null,
    "webapi_url": "https://mriqc.nimh.nih.gov/api/v1"
  },
  "size_t": 572,
  "size_x": 90,
  "size_y": 90,
  "size_z": 60,
  "snr": 2.3990791260220075,
  "spacing_tr": 0.800000011920929,
  "spacing_x": 2.4000000953674316,
  "spacing_y": 2.4000000953674316,
  "spacing_z": 2.4000000953674316,
  "summary_bg_k": 19.12334772633054,
  "summary_bg_mad": 64.26251268507636,
  "summary_bg_mean": 279.1360168457031,
  "summary_bg_median": 105.30944061279297,
  "summary_bg_n": 326076.0,
  "summary_bg_p05": 56.51180076599121,
  "summary_bg_p95": 1234.095703125,
  "summary_bg_stdv": 471.22100830078125,
  "summary_fg_k": 3.140342824659565,
  "summary_fg_mad": 1218.5227474200979,
  "summary_fg_mean": 4071.793701171875,
  "summary_fg_median": 3729.550537109375,
  "summary_fg_n": 86531.0,
  "summary_fg_p05": 2228.2210693359375,
  "summary_fg_p95": 7121.5078125,
  "summary_fg_stdv": 1554.56689453125,
  "tsnr": 43.74873631913215
}