{
  "aor": 0.0013541361256544503,
  "aqi": 0.00516308520069808,
  "bids_meta": {
    "AcquisitionMatrixPE": 90,
    "AcquisitionNumber": 1,
    "AcquisitionTime": "",
    "BandwidthPerPixelPhaseEncode": 21.786,
    "BaseResolution": 90,
    "BodyPartExamined": "BRAIN",
    "ConsistencyInfo": "N4_VE11C_LATEST_20160120",
    "ConversionSoftware": "dcm2niix",
    "ConversionSoftwareVersion": "v1.0.20210317",
    "DerivedVendorReportedEchoSpacing": 0.000510012,
    "DeviceSerialNumber": "66093",
    "DwellTime": 2e-06,
    "EchoTime": 0.03,
    "EchoTrainLength": 90,
    "EffectiveEchoSpacing": 0.000510012,
    "FlipAngle": 52,
    "ImageComments": "Unaliased MB6/PE3/LB",
    "ImageOrientationPatientDICOM": [
      1,
      0,
      0,
      0,
      0.970296,
      -0.241922
    ],
    "ImageType": [
      "ORIGINAL",
      "PRIMARY",
      "M",
      "MB",
      "ND",
      "MOSAIC"
    ],
    "ImagingFrequency": 123.26,
    "InPlanePhaseEncodingDirectionDICOM": "COL",
    "InstitutionAddress": "",
    "InstitutionName": "",
    "InstitutionalDepartmentName": "",
    "MRAcquisitionType": "2D",
    "MagneticFieldStrength": 3,
    "Manufacturer": "Siemens",
    "ManufacturersModelName": "Prisma",
    "Modality": "MR",
    "MultibandAccelerationFactor": 6,
    "PartialFourier": 1,
    "PatientPosition": "HFS",
    "PercentPhaseFOV": 100,
    "PercentSampling": 100,
    "PhaseEncodingDirection": "j-",
    "PhaseEncodingSteps": 90,
    "PhaseResolution": 1,
    "PixelBandwidth": 2780,
    "ProtocolName": "BOLD_2p4_MB6_P1_TE30_TR800_AP",
    "PulseSequenceDetails": "%CustomerSeq%\\cmrr_mbep2d_bold",
    "ReceiveCoilActiveElements": "HEA;HEP",
    "ReceiveCoilName": "Head_32",
    "ReconMatrixPE": 90,
    "RepetitionTime": 0.8,
    "SAR": 0.0732637,
    "ScanOptions": "FS",
    "ScanningSequence": "EP",
    "SequenceName": "epfid2d1_90",
    "SequenceVariant": "SK\\SS",
    "SeriesDescription": "BOLD_2p4_MB6_P1_TE30_TR800_AP",
    "SeriesNumber": 19,
    "ShimSetting": [
      4947,
      -11351,
      -1481,
      434,
      55,
      84,
      0,
      78
    ],
    "SliceThickness": 2.4,
    "SliceTiming": [
      0,
      0.5475,
      0.3125,
      0.08,
      0.625,
      0.39,
      0.1575,
      0.7025,
      0.47,
      0.235,
      0,
      0.5475,
      0.3125,
      0.08,
      0.625,
      0.39,
      0.1575,
      0.7025,
      0.47,
      0.235,
      0,
      0.5475,
      0.3125,
      0.08,
      0.625,
      0.39,
      0.1575,
      0.7025,
      0.47,
      0.235,
      0,
      0.5475,
      0.3125,
      0.08,
      0.625,
      0.39,
      0.1575,
      0.7025,
      0.47,
      0.235,
      0,
      0.5475,
      0.3125,
      0.08,
      0.625,
      0.39,
      0.1575,
      0.7025,
      0.47,
      0.235,
      0,
      0.5475,
      0.3125,
      0.08,
      0.625,
      0.39,
      0.1575,
      0.7025,
      0.47,
      0.235
    ],
    "SoftwareVersions": "syngo MR E11",
    "SpacingBetweenSlices": 2.4,
    "StationName": "",
    "TaskName": "WG",
    "TotalReadoutTime": 0.045391,
    "TxRefAmp": 236.981,
    "VendorReportedEchoSpacing": 0.00051,
    "WipMemBlock": "a7e8f406-c2f2-47a5-b1df-f0f98a912cf1||Sequence: R016 ve11c/master r/e634e98; Dec 19 2017 11:00:25 by eja",
    "dataset": "ds004073",
    "modality": "bold",
    "subject_id": "OXF05",
    "task_id": "WG"
  },
  "dummy_trs": 2,
  "dvars_nstd": 34.10834465500001,
  "dvars_std": 1.0813901161713289,
  "dvars_vstd": 1.018025504527972,
  "efc": 0.5023228670078614,
  "fber": 1099.46240234375,
  "fd_mean": 0.1363865503051907,
  "fd_num": 115,
  "fd_perc": 20.069808027923212,
  "fwhm_avg": 3.0560415452304865,
  "fwhm_x": 2.8363540539600827,
  "fwhm_y": 3.082974877493585,
  "fwhm_z": 3.2487957042377906,
  "gcor": 0.016539,
  "gsr_x": -0.027822723612189293,
  "gsr_y": 0.08646068722009659,
  "provenance": {
    "md5sum": "5647219256fc430d107adebfc9c9ccb9",
    "settings": {
      "fd_thres": 0.2,
      "testing": false
    },
    "software": "mriqc",
    "version": "23.0.0",
    "webapi_port": null,
    "webapi_url": "https://mriqc.nimh.nih.gov/api/v1"
  },
  "size_t": 573,
  "size_x": 90,
  "size_y": 90,
  "size_z": 60,
  "snr": 2.39087267401777,
  "spacing_tr": 0.800000011920929,
  "spacing_x": 2.4000000953674316,
  "spacing_y": 2.4000000953674316,
  "spacing_z": 2.4000000953674316,
  "summary_bg_k": 19.098510601691146,
  "summary_bg_mad": 68.52054304419899,
  "summary_bg_mean": 287.0567626953125,
  "summary_bg_median": 109.61256408691406,
  "summary_bg_n": 325185.0,
  "summary_bg_p05": 57.93019104003906,
  "summary_bg_p95": 1271.6188476562493,
  "summary_bg_stdv": 483.5669250488281,
  "summary_fg_k": 3.0282221826079603,
  "summary_fg_mad": 1238.1681317238777,
  "summary_fg_mean": 4069.814208984375,
  "summary_fg_median": 3735.630859375,
  "summary_fg_n": 86482.0,
  "summary_fg_p05": 2195.107958984375,
  "summary_fg_p95": 7145.408984375,
  "summary_fg_stdv": 1562.4459228515625,
  "tsnr": 42.05551272863522
}