{
  "aor": 0.0014250348432055747,
  "aqi": 0.005231080174216028,
  "bids_meta": {
    "AcquisitionMatrixPE": 90,
    "AcquisitionNumber": 1,
    "AcquisitionTime": "",
    "BandwidthPerPixelPhaseEncode": 21.786,
    "BaseResolution": 90,
    "BodyPartExamined": "BRAIN",
    "ConsistencyInfo": "N4_VE11C_LATEST_20160120",
    "ConversionSoftware": "dcm2niix",
    "ConversionSoftwareVersion": "v1.0.20210317",
    "DerivedVendorReportedEchoSpacing": 0.000510012,
    "DeviceSerialNumber": "66093",
    "DwellTime": 2e-06,
    "EchoTime": 0.03,
    "EchoTrainLength": 90,
    "EffectiveEchoSpacing": 0.000510012,
    "FlipAngle": 52,
    "ImageComments": "Unaliased MB6/PE3/LB",
    "ImageOrientationPatientDICOM": [
      1,
      0,
      0,
      0,
      0.970296,
      -0.241922
    ],
    "ImageType": [
      "ORIGINAL",
      "PRIMARY",
      "M",
      "MB",
      "ND",
      "MOSAIC"
    ],
    "ImagingFrequency": 123.26,
    "InPlanePhaseEncodingDirectionDICOM": "COL",
    "InstitutionAddress": "",
    "InstitutionName": "",
    "InstitutionalDepartmentName": "",
    "MRAcquisitionType": "2D",
    "MagneticFieldStrength": 3,
    "Manufacturer": "Siemens",
    "ManufacturersModelName": "Prisma",
    "Modality": "MR",
    "MultibandAccelerationFactor": 6,
    "PartialFourier": 1,
    "PatientPosition": "HFS",
    "PercentPhaseFOV": 100,
    "PercentSampling": 100,
    "PhaseEncodingDirection": "j-",
    "PhaseEncodingSteps": 90,
    "PhaseResolution": 1,
    "PixelBandwidth": 2780,
    "ProtocolName": "BOLD_2p4_MB6_P1_TE30_TR800_AP",
    "PulseSequenceDetails": "%CustomerSeq%\\cmrr_mbep2d_bold",
    "ReceiveCoilActiveElements": "HEA;HEP",
    "ReceiveCoilName": "Head_32",
    "ReconMatrixPE": 90,
    "RepetitionTime": 0.8,
    "SAR": 0.0732637,
    "ScanOptions": "FS",
    "ScanningSequence": "EP",
    "SequenceName": "epfid2d1_90",
    "SequenceVariant": "SK\\SS",
    "SeriesDescription": "BOLD_2p4_MB6_P1_TE30_TR800_AP",
    "SeriesNumber": 15,
    "ShimSetting": [
      4947,
      -11351,
      -1481,
      434,
      55,
      84,
      0,
      78
    ],
    "SliceThickness": 2.4,
    "SliceTiming": [
      0,
      0.545,
      0.3125,
      0.0775,
      0.625,
      0.39,
      0.155,
      0.7025,
      0.4675,
      0.235,
      0,
      0.545,
      0.3125,
      0.0775,
      0.625,
      0.39,
      0.155,
      0.7025,
      0.4675,
      0.235,
      0,
      0.545,
      0.3125,
      0.0775,
      0.625,
      0.39,
      0.155,
      0.7025,
      0.4675,
      0.235,
      0,
      0.545,
      0.3125,
      0.0775,
      0.625,
      0.39,
      0.155,
      0.7025,
      0.4675,
      0.235,
      0,
      0.545,
      0.3125,
      0.0775,
      0.625,
      0.39,
      0.155,
      0.7025,
      0.4675,
      0.235,
      0,
      0.545,
      0.3125,
      0.0775,
      0.625,
      0.39,
      0.155,
      0.7025,
      0.4675,
      0.235
    ],
    "SoftwareVersions": "syngo MR E11",
    "SpacingBetweenSlices": 2.4,
    "StationName": "",
    "TaskName": "WC",
    "TotalReadoutTime": 0.045391,
    "TxRefAmp": 236.981,
    "VendorReportedEchoSpacing": 0.00051,
    "WipMemBlock": "2edb3c0a-959e-4adf-b44f-95fdff32bfdc||Sequence: R016 ve11c/master r/e634e98; Dec 19 2017 11:00:25 by eja",
    "dataset": "ds004073",
    "modality": "bold",
    "subject_id": "OXF05",
    "task_id": "WC"
  },
  "dummy_trs": 1,
  "dvars_nstd": 31.694457308760924,
  "dvars_std": 1.0702250489179754,
  "dvars_vstd": 1.0122854993368227,
  "efc": 0.5014642293636832,
  "fber": 1169.3033447265625,
  "fd_mean": 0.09754965081501407,
  "fd_num": 38,
  "fd_perc": 6.620209059233449,
  "fwhm_avg": 3.0708568224195574,
  "fwhm_x": 2.8601915530128657,
  "fwhm_y": 3.1157415428582214,
  "fwhm_z": 3.236637371387586,
  "gcor": 0.013909,
  "gsr_x": -0.02902822382748127,
  "gsr_y": 0.0863075852394104,
  "provenance": {
    "md5sum": "a1c3add04cc93f100127b486cd2a03c7",
    "settings": {
      "fd_thres": 0.2,
      "testing": false
    },
    "software": "mriqc",
    "version": "23.0.0",
    "webapi_port": null,
    "webapi_url": "https://mriqc.nimh.nih.gov/api/v1"
  },
  "size_t": 574,
  "size_x": 90,
  "size_y": 90,
  "size_z": 60,
  "snr": 2.3870888223321187,
  "spacing_tr": 0.800000011920929,
  "spacing_x": 2.4000000953674316,
  "spacing_y": 2.4000000953674316,
  "spacing_z": 2.4000000953674316,
  "summary_bg_k": 18.241447504542432,
  "summary_bg_mad": 66.57116918492879,
  "summary_bg_mean": 286.95977783203125,
  "summary_bg_median": 107.39459991455078,
  "summary_bg_n": 325900.0,
  "summary_bg_p05": 56.56271743774414,
  "summary_bg_p95": 1278.1127014160154,
  "summary_bg_stdv": 481.5179748535156,
  "summary_fg_k": 3.1827858401660523,
  "summary_fg_mad": 1229.6118591305808,
  "summary_fg_mean": 4082.80517578125,
  "summary_fg_median": 3738.60888671875,
  "summary_fg_n": 86584.0,
  "summary_fg_p05": 2222.4601806640626,
  "summary_fg_p95": 7164.386889648433,
  "summary_fg_stdv": 1566.170166015625,
  "tsnr": 42.51266738562845
}