{
  "aor": 0.0019651748251748253,
  "aqi": 0.005306174475524476,
  "bids_meta": {
    "AcquisitionMatrixPE": 90,
    "AcquisitionNumber": 1,
    "AcquisitionTime": "",
    "BandwidthPerPixelPhaseEncode": 21.786,
    "BaseResolution": 90,
    "BodyPartExamined": "BRAIN",
    "ConsistencyInfo": "N4_VE11C_LATEST_20160120",
    "ConversionSoftware": "dcm2niix",
    "ConversionSoftwareVersion": "v1.0.20210317",
    "DerivedVendorReportedEchoSpacing": 0.000510012,
    "DeviceSerialNumber": "66093",
    "DwellTime": 2e-06,
    "EchoTime": 0.03,
    "EchoTrainLength": 90,
    "EffectiveEchoSpacing": 0.000510012,
    "FlipAngle": 52,
    "ImageComments": "Unaliased MB6/PE3/LB",
    "ImageOrientationPatientDICOM": [
      0.999986,
      8.21422e-05,
      0.0052318,
      4.29203e-08,
      0.999877,
      -0.0157068
    ],
    "ImageType": [
      "ORIGINAL",
      "PRIMARY",
      "M",
      "MB",
      "ND",
      "MOSAIC"
    ],
    "ImagingFrequency": 123.26,
    "InPlanePhaseEncodingDirectionDICOM": "COL",
    "InstitutionAddress": "",
    "InstitutionName": "",
    "InstitutionalDepartmentName": "",
    "MRAcquisitionType": "2D",
    "MagneticFieldStrength": 3,
    "Manufacturer": "Siemens",
    "ManufacturersModelName": "Prisma",
    "Modality": "MR",
    "MultibandAccelerationFactor": 6,
    "PartialFourier": 1,
    "PatientPosition": "HFS",
    "PercentPhaseFOV": 100,
    "PercentSampling": 100,
    "PhaseEncodingDirection": "j-",
    "PhaseEncodingSteps": 90,
    "PhaseResolution": 1,
    "PixelBandwidth": 2780,
    "ProtocolName": "BOLD_2p4_MB6_P1_TE30_TR800_AP",
    "PulseSequenceDetails": "%CustomerSeq%\\cmrr_mbep2d_bold",
    "ReceiveCoilActiveElements": "HEA;HEP",
    "ReceiveCoilName": "Head_32",
    "ReconMatrixPE": 90,
    "RepetitionTime": 0.8,
    "SAR": 0.085834,
    "ScanOptions": "FS",
    "ScanningSequence": "EP",
    "SequenceName": "epfid2d1_90",
    "SequenceVariant": "SK\\SS",
    "SeriesDescription": "BOLD_2p4_MB6_P1_TE30_TR800_AP",
    "SeriesNumber": 17,
    "ShimSetting": [
      4952,
      -11447,
      -1402,
      396,
      41,
      -84,
      22,
      14
    ],
    "SliceThickness": 2.4,
    "SliceTiming": [
      0,
      0.5475,
      0.3125,
      0.0775,
      0.625,
      0.39,
      0.1575,
      0.7025,
      0.4675,
      0.235,
      0,
      0.5475,
      0.3125,
      0.0775,
      0.625,
      0.39,
      0.1575,
      0.7025,
      0.4675,
      0.235,
      0,
      0.5475,
      0.3125,
      0.0775,
      0.625,
      0.39,
      0.1575,
      0.7025,
      0.4675,
      0.235,
      0,
      0.5475,
      0.3125,
      0.0775,
      0.625,
      0.39,
      0.1575,
      0.7025,
      0.4675,
      0.235,
      0,
      0.5475,
      0.3125,
      0.0775,
      0.625,
      0.39,
      0.1575,
      0.7025,
      0.4675,
      0.235,
      0,
      0.5475,
      0.3125,
      0.0775,
      0.625,
      0.39,
      0.1575,
      0.7025,
      0.4675,
      0.235
    ],
    "SoftwareVersions": "syngo MR E11",
    "SpacingBetweenSlices": 2.4,
    "StationName": "",
    "TaskName": "PD",
    "TotalReadoutTime": 0.045391,
    "TxRefAmp": 240.884,
    "VendorReportedEchoSpacing": 0.00051,
    "WipMemBlock": "9f70be78-ef17-4270-9fd8-9f9a645e21ae||Sequence: R016 ve11c/master r/e634e98; Dec 19 2017 11:00:25 by eja",
    "dataset": "ds004073",
    "modality": "bold",
    "subject_id": "OXF19",
    "task_id": "PD"
  },
  "dummy_trs": 3,
  "dvars_nstd": 29.869454953397547,
  "dvars_std": 1.0518394373029771,
  "dvars_vstd": 1.0100258906129598,
  "efc": 0.5024484104012632,
  "fber": 886.7103881835938,
  "fd_mean": 0.09259466539303342,
  "fd_num": 20,
  "fd_perc": 3.4965034965034967,
  "fwhm_avg": 3.1783416474319792,
  "fwhm_x": 3.0243123798246234,
  "fwhm_y": 3.277570703094375,
  "fwhm_z": 3.2331418593769388,
  "gcor": 0.0277472,
  "gsr_x": -0.017714666202664375,
  "gsr_y": 0.06720708310604095,
  "provenance": {
    "md5sum": "b3d0fdde721e0a56729a5b061b82950a",
    "settings": {
      "fd_thres": 0.2,
      "testing": false
    },
    "software": "mriqc",
    "version": "23.0.0",
    "webapi_port": null,
    "webapi_url": "https://mriqc.nimh.nih.gov/api/v1"
  },
  "size_t": 572,
  "size_x": 90,
  "size_y": 90,
  "size_z": 60,
  "snr": 2.2737879916884,
  "spacing_tr": 0.800000011920929,
  "spacing_x": 2.4000000953674316,
  "spacing_y": 2.4000000953674316,
  "spacing_z": 2.3999998569488525,
  "summary_bg_k": 22.257762109035035,
  "summary_bg_mad": 90.53981361729818,
  "summary_bg_mean": 292.3009338378906,
  "summary_bg_median": 130.42481994628906,
  "summary_bg_n": 322277.0,
  "summary_bg_p05": 61.40909194946289,
  "summary_bg_p95": 1162.492993164063,
  "summary_bg_stdv": 445.35955810546875,
  "summary_fg_k": 1.1682819686752772,
  "summary_fg_mad": 1539.1043483167605,
  "summary_fg_mean": 4368.36572265625,
  "summary_fg_median": 3968.964111328125,
  "summary_fg_n": 89364.0,
  "summary_fg_p05": 2225.557580566406,
  "summary_fg_p95": 7760.224316406241,
  "summary_fg_stdv": 1745.519775390625,
  "tsnr": 38.834411854622886
}