{
  "aor": 0.00166013986013986,
  "aqi": 0.007140010524475524,
  "bids_meta": {
    "AcquisitionMatrixPE": 90,
    "AcquisitionNumber": 1,
    "AcquisitionTime": "",
    "BandwidthPerPixelPhaseEncode": 21.786,
    "BaseResolution": 90,
    "BodyPartExamined": "BRAIN",
    "ConsistencyInfo": "N4_VE11C_LATEST_20160120",
    "ConversionSoftware": "dcm2niix",
    "ConversionSoftwareVersion": "v1.0.20210317",
    "DerivedVendorReportedEchoSpacing": 0.000510012,
    "DeviceSerialNumber": "66093",
    "DwellTime": 2e-06,
    "EchoTime": 0.03,
    "EchoTrainLength": 90,
    "EffectiveEchoSpacing": 0.000510012,
    "FlipAngle": 52,
    "ImageComments": "Unaliased MB6/PE3/LB",
    "ImageOrientationPatientDICOM": [
      0.999986,
      8.21422e-05,
      0.0052318,
      4.29203e-08,
      0.999877,
      -0.0157068
    ],
    "ImageType": [
      "ORIGINAL",
      "PRIMARY",
      "M",
      "MB",
      "ND",
      "MOSAIC"
    ],
    "ImagingFrequency": 123.26,
    "InPlanePhaseEncodingDirectionDICOM": "COL",
    "InstitutionAddress": "",
    "InstitutionName": "",
    "InstitutionalDepartmentName": "",
    "MRAcquisitionType": "2D",
    "MagneticFieldStrength": 3,
    "Manufacturer": "Siemens",
    "ManufacturersModelName": "Prisma",
    "Modality": "MR",
    "MultibandAccelerationFactor": 6,
    "PartialFourier": 1,
    "PatientPosition": "HFS",
    "PercentPhaseFOV": 100,
    "PercentSampling": 100,
    "PhaseEncodingDirection": "j-",
    "PhaseEncodingSteps": 90,
    "PhaseResolution": 1,
    "PixelBandwidth": 2780,
    "ProtocolName": "BOLD_2p4_MB6_P1_TE30_TR800_AP",
    "PulseSequenceDetails": "%CustomerSeq%\\cmrr_mbep2d_bold",
    "ReceiveCoilActiveElements": "HEA;HEP",
    "ReceiveCoilName": "Head_32",
    "ReconMatrixPE": 90,
    "RepetitionTime": 0.8,
    "SAR": 0.085834,
    "ScanOptions": "FS",
    "ScanningSequence": "EP",
    "SequenceName": "epfid2d1_90",
    "SequenceVariant": "SK\\SS",
    "SeriesDescription": "BOLD_2p4_MB6_P1_TE30_TR800_AP",
    "SeriesNumber": 19,
    "ShimSetting": [
      4952,
      -11447,
      -1402,
      396,
      41,
      -84,
      22,
      14
    ],
    "SliceThickness": 2.4,
    "SliceTiming": [
      0,
      0.5475,
      0.3125,
      0.08,
      0.625,
      0.39,
      0.1575,
      0.7025,
      0.47,
      0.235,
      0,
      0.5475,
      0.3125,
      0.08,
      0.625,
      0.39,
      0.1575,
      0.7025,
      0.47,
      0.235,
      0,
      0.5475,
      0.3125,
      0.08,
      0.625,
      0.39,
      0.1575,
      0.7025,
      0.47,
      0.235,
      0,
      0.5475,
      0.3125,
      0.08,
      0.625,
      0.39,
      0.1575,
      0.7025,
      0.47,
      0.235,
      0,
      0.5475,
      0.3125,
      0.08,
      0.625,
      0.39,
      0.1575,
      0.7025,
      0.47,
      0.235,
      0,
      0.5475,
      0.3125,
      0.08,
      0.625,
      0.39,
      0.1575,
      0.7025,
      0.47,
      0.235
    ],
    "SoftwareVersions": "syngo MR E11",
    "SpacingBetweenSlices": 2.4,
    "StationName": "",
    "TaskName": "WG",
    "TotalReadoutTime": 0.045391,
    "TxRefAmp": 240.884,
    "VendorReportedEchoSpacing": 0.00051,
    "WipMemBlock": "478c343e-0d08-46e1-a570-69b81a3ac344||Sequence: R016 ve11c/master r/e634e98; Dec 19 2017 11:00:25 by eja",
    "dataset": "ds004073",
    "modality": "bold",
    "subject_id": "OXF19",
    "task_id": "WG"
  },
  "dummy_trs": 3,
  "dvars_nstd": 34.16262688105075,
  "dvars_std": 1.0362253283187384,
  "dvars_vstd": 0.989978954570928,
  "efc": 0.5017492829399245,
  "fber": 870.9741821289062,
  "fd_mean": 0.16322370265385006,
  "fd_num": 119,
  "fd_perc": 20.804195804195803,
  "fwhm_avg": 3.2249749814671294,
  "fwhm_x": 3.0618248783340105,
  "fwhm_y": 3.3028040354250257,
  "fwhm_z": 3.3102960306423523,
  "gcor": 0.0141363,
  "gsr_x": -0.01751568354666233,
  "gsr_y": 0.06644193828105927,
  "provenance": {
    "md5sum": "2f8775935d0fd60ceb5990597f8a003e",
    "settings": {
      "fd_thres": 0.2,
      "testing": false
    },
    "software": "mriqc",
    "version": "23.0.0",
    "webapi_port": null,
    "webapi_url": "https://mriqc.nimh.nih.gov/api/v1"
  },
  "size_t": 572,
  "size_x": 90,
  "size_y": 90,
  "size_z": 60,
  "snr": 2.284216435032148,
  "spacing_tr": 0.800000011920929,
  "spacing_x": 2.4000000953674316,
  "spacing_y": 2.4000000953674316,
  "spacing_z": 2.3999998569488525,
  "summary_bg_k": 22.448261598134803,
  "summary_bg_mad": 92.96588483332678,
  "summary_bg_mean": 289.18408203125,
  "summary_bg_median": 131.7971954345703,
  "summary_bg_n": 322565.0,
  "summary_bg_p05": 60.75873947143555,
  "summary_bg_p95": 1145.5324707031248,
  "summary_bg_stdv": 434.5927429199219,
  "summary_fg_k": 1.164171681244345,
  "summary_fg_mad": 1540.7060365044772,
  "summary_fg_mean": 4373.71875,
  "summary_fg_median": 3978.034912109375,
  "summary_fg_n": 88963.0,
  "summary_fg_p05": 2235.290087890625,
  "summary_fg_p95": 7756.195068359374,
  "summary_fg_stdv": 1741.521728515625,
  "tsnr": 34.433536715223454
}