{
  "aor": 0.00046744755244755245,
  "aqi": 0.005897462534965035,
  "bids_meta": {
    "AcquisitionMatrixPE": 90,
    "AcquisitionNumber": 1,
    "AcquisitionTime": "",
    "BandwidthPerPixelPhaseEncode": 21.786,
    "BaseResolution": 90,
    "BodyPartExamined": "BRAIN",
    "ConsistencyInfo": "N4_VE11C_LATEST_20160120",
    "ConversionSoftware": "dcm2niix",
    "ConversionSoftwareVersion": "v1.0.20210317",
    "DerivedVendorReportedEchoSpacing": 0.000510012,
    "DeviceSerialNumber": "66093",
    "DwellTime": 2e-06,
    "EchoTime": 0.03,
    "EchoTrainLength": 90,
    "EffectiveEchoSpacing": 0.000510012,
    "FlipAngle": 52,
    "ImageComments": "Unaliased MB6/PE3/LB",
    "ImageOrientationPatientDICOM": [
      0.999986,
      8.21422e-05,
      0.0052318,
      4.29203e-08,
      0.999877,
      -0.0157068
    ],
    "ImageType": [
      "ORIGINAL",
      "PRIMARY",
      "M",
      "MB",
      "ND",
      "MOSAIC"
    ],
    "ImagingFrequency": 123.26,
    "InPlanePhaseEncodingDirectionDICOM": "COL",
    "InstitutionAddress": "",
    "InstitutionName": "",
    "InstitutionalDepartmentName": "",
    "MRAcquisitionType": "2D",
    "MagneticFieldStrength": 3,
    "Manufacturer": "Siemens",
    "ManufacturersModelName": "Prisma",
    "Modality": "MR",
    "MultibandAccelerationFactor": 6,
    "PartialFourier": 1,
    "PatientPosition": "HFS",
    "PercentPhaseFOV": 100,
    "PercentSampling": 100,
    "PhaseEncodingDirection": "j-",
    "PhaseEncodingSteps": 90,
    "PhaseResolution": 1,
    "PixelBandwidth": 2780,
    "ProtocolName": "BOLD_2p4_MB6_P1_TE30_TR800_AP",
    "PulseSequenceDetails": "%CustomerSeq%\\cmrr_mbep2d_bold",
    "ReceiveCoilActiveElements": "HEA;HEP",
    "ReceiveCoilName": "Head_32",
    "ReconMatrixPE": 90,
    "RepetitionTime": 0.8,
    "SAR": 0.085834,
    "ScanOptions": "FS",
    "ScanningSequence": "EP",
    "SequenceName": "epfid2d1_90",
    "SequenceVariant": "SK\\SS",
    "SeriesDescription": "BOLD_2p4_MB6_P1_TE30_TR800_AP",
    "SeriesNumber": 9,
    "ShimSetting": [
      4952,
      -11447,
      -1402,
      396,
      41,
      -84,
      22,
      14
    ],
    "SliceThickness": 2.4,
    "SliceTiming": [
      0,
      0.545,
      0.3125,
      0.0775,
      0.6225,
      0.39,
      0.155,
      0.7025,
      0.4675,
      0.2325,
      0,
      0.545,
      0.3125,
      0.0775,
      0.6225,
      0.39,
      0.155,
      0.7025,
      0.4675,
      0.2325,
      0,
      0.545,
      0.3125,
      0.0775,
      0.6225,
      0.39,
      0.155,
      0.7025,
      0.4675,
      0.2325,
      0,
      0.545,
      0.3125,
      0.0775,
      0.6225,
      0.39,
      0.155,
      0.7025,
      0.4675,
      0.2325,
      0,
      0.545,
      0.3125,
      0.0775,
      0.6225,
      0.39,
      0.155,
      0.7025,
      0.4675,
      0.2325,
      0,
      0.545,
      0.3125,
      0.0775,
      0.6225,
      0.39,
      0.155,
      0.7025,
      0.4675,
      0.2325
    ],
    "SoftwareVersions": "syngo MR E11",
    "SpacingBetweenSlices": 2.4,
    "StationName": "",
    "TaskName": "WC",
    "TotalReadoutTime": 0.045391,
    "TxRefAmp": 240.884,
    "VendorReportedEchoSpacing": 0.00051,
    "WipMemBlock": "c0417fd6-e848-4d83-91e2-5be86b1bf955||Sequence: R016 ve11c/master r/e634e98; Dec 19 2017 11:00:25 by eja",
    "dataset": "ds004073",
    "modality": "bold",
    "subject_id": "OXF19",
    "task_id": "WC"
  },
  "dummy_trs": 3,
  "dvars_nstd": 29.355530529929954,
  "dvars_std": 1.0029815846409798,
  "dvars_vstd": 0.9627699432399301,
  "efc": 0.501210575008544,
  "fber": 901.7691040039062,
  "fd_mean": 0.0915021172641536,
  "fd_num": 10,
  "fd_perc": 1.7482517482517483,
  "fwhm_avg": 3.197438869051808,
  "fwhm_x": 3.0515623787418056,
  "fwhm_y": 3.3028873687550475,
  "fwhm_z": 3.2378668596585705,
  "gcor": 0.0102295,
  "gsr_x": -0.01730581931769848,
  "gsr_y": 0.06673826277256012,
  "provenance": {
    "md5sum": "9b21b4fb974d6695b92450ff2bc2d001",
    "settings": {
      "fd_thres": 0.2,
      "testing": false
    },
    "software": "mriqc",
    "version": "23.0.0",
    "webapi_port": null,
    "webapi_url": "https://mriqc.nimh.nih.gov/api/v1"
  },
  "size_t": 572,
  "size_x": 90,
  "size_y": 90,
  "size_z": 60,
  "snr": 2.277975572023857,
  "spacing_tr": 0.800000011920929,
  "spacing_x": 2.4000000953674316,
  "spacing_y": 2.4000000953674316,
  "spacing_z": 2.3999998569488525,
  "summary_bg_k": 23.04448420506251,
  "summary_bg_mad": 89.61449934817409,
  "summary_bg_mean": 284.9507751464844,
  "summary_bg_median": 128.91433715820312,
  "summary_bg_n": 322070.0,
  "summary_bg_p05": 59.92307662963867,
  "summary_bg_p95": 1125.0296997070309,
  "summary_bg_stdv": 430.2132568359375,
  "summary_fg_k": 1.1989023632732279,
  "summary_fg_mad": 1526.8573155865026,
  "summary_fg_mean": 4353.22314453125,
  "summary_fg_median": 3952.164306640625,
  "summary_fg_n": 89329.0,
  "summary_fg_p05": 2231.22470703125,
  "summary_fg_p95": 7736.303027343748,
  "summary_fg_stdv": 1734.9361572265625,
  "tsnr": 38.054197169607505
}