{
  "aor": 0.0011920767888307156,
  "aqi": 0.005003254869109948,
  "bids_meta": {
    "AcquisitionMatrixPE": 90,
    "AcquisitionNumber": 1,
    "AcquisitionTime": "",
    "BandwidthPerPixelPhaseEncode": 21.786,
    "BaseResolution": 90,
    "BodyPartExamined": "BRAIN",
    "ConsistencyInfo": "N4_VE11C_LATEST_20160120",
    "ConversionSoftware": "dcm2niix",
    "ConversionSoftwareVersion": "v1.0.20210317",
    "DerivedVendorReportedEchoSpacing": 0.000510012,
    "DeviceSerialNumber": "66093",
    "DwellTime": 2e-06,
    "EchoTime": 0.03,
    "EchoTrainLength": 90,
    "EffectiveEchoSpacing": 0.000510012,
    "FlipAngle": 52,
    "ImageComments": "Unaliased MB6/PE3/LB",
    "ImageOrientationPatientDICOM": [
      0.999986,
      8.21422e-05,
      0.0052318,
      4.29203e-08,
      0.999877,
      -0.0157068
    ],
    "ImageType": [
      "ORIGINAL",
      "PRIMARY",
      "M",
      "MB",
      "ND",
      "MOSAIC"
    ],
    "ImagingFrequency": 123.26,
    "InPlanePhaseEncodingDirectionDICOM": "COL",
    "InstitutionAddress": "",
    "InstitutionName": "",
    "InstitutionalDepartmentName": "",
    "MRAcquisitionType": "2D",
    "MagneticFieldStrength": 3,
    "Manufacturer": "Siemens",
    "ManufacturersModelName": "Prisma",
    "Modality": "MR",
    "MultibandAccelerationFactor": 6,
    "PartialFourier": 1,
    "PatientPosition": "HFS",
    "PercentPhaseFOV": 100,
    "PercentSampling": 100,
    "PhaseEncodingDirection": "j-",
    "PhaseEncodingSteps": 90,
    "PhaseResolution": 1,
    "PixelBandwidth": 2780,
    "ProtocolName": "BOLD_2p4_MB6_P1_TE30_TR800_AP",
    "PulseSequenceDetails": "%CustomerSeq%\\cmrr_mbep2d_bold",
    "ReceiveCoilActiveElements": "HEA;HEP",
    "ReceiveCoilName": "Head_32",
    "ReconMatrixPE": 90,
    "RepetitionTime": 0.8,
    "SAR": 0.085834,
    "ScanOptions": "FS",
    "ScanningSequence": "EP",
    "SequenceName": "epfid2d1_90",
    "SequenceVariant": "SK\\SS",
    "SeriesDescription": "BOLD_2p4_MB6_P1_TE30_TR800_AP",
    "SeriesNumber": 5,
    "ShimSetting": [
      4952,
      -11447,
      -1402,
      396,
      41,
      -84,
      22,
      14
    ],
    "SliceThickness": 2.4,
    "SliceTiming": [
      0,
      0.545,
      0.31,
      0.0775,
      0.6225,
      0.39,
      0.155,
      0.7,
      0.4675,
      0.2325,
      0,
      0.545,
      0.31,
      0.0775,
      0.6225,
      0.39,
      0.155,
      0.7,
      0.4675,
      0.2325,
      0,
      0.545,
      0.31,
      0.0775,
      0.6225,
      0.39,
      0.155,
      0.7,
      0.4675,
      0.2325,
      0,
      0.545,
      0.31,
      0.0775,
      0.6225,
      0.39,
      0.155,
      0.7,
      0.4675,
      0.2325,
      0,
      0.545,
      0.31,
      0.0775,
      0.6225,
      0.39,
      0.155,
      0.7,
      0.4675,
      0.2325,
      0,
      0.545,
      0.31,
      0.0775,
      0.6225,
      0.39,
      0.155,
      0.7,
      0.4675,
      0.2325
    ],
    "SoftwareVersions": "syngo MR E11",
    "SpacingBetweenSlices": 2.4,
    "StationName": "",
    "TaskName": "SG",
    "TotalReadoutTime": 0.045391,
    "TxRefAmp": 240.884,
    "VendorReportedEchoSpacing": 0.00051,
    "WipMemBlock": "129144ce-2440-4a21-96c7-6061e5097846||Sequence: R016 ve11c/master r/e634e98; Dec 19 2017 11:00:25 by eja",
    "dataset": "ds004073",
    "modality": "bold",
    "subject_id": "OXF19",
    "task_id": "SG"
  },
  "dummy_trs": 2,
  "dvars_nstd": 31.75733210482521,
  "dvars_std": 1.0503751538111896,
  "dvars_vstd": 0.9962240180944053,
  "efc": 0.49945612347033064,
  "fber": 937.1178588867188,
  "fd_mean": 0.11891740008665816,
  "fd_num": 70,
  "fd_perc": 12.216404886561955,
  "fwhm_avg": 3.1983874810997333,
  "fwhm_x": 3.0364790460078304,
  "fwhm_y": 3.291387369212017,
  "fwhm_z": 3.2672960280793526,
  "gcor": 0.00798286,
  "gsr_x": -0.016751449555158615,
  "gsr_y": 0.06537951529026031,
  "provenance": {
    "md5sum": "f64d0f9a8f4de6f423d68bf9efceb378",
    "settings": {
      "fd_thres": 0.2,
      "testing": false
    },
    "software": "mriqc",
    "version": "23.0.0",
    "webapi_port": null,
    "webapi_url": "https://mriqc.nimh.nih.gov/api/v1"
  },
  "size_t": 573,
  "size_x": 90,
  "size_y": 90,
  "size_z": 60,
  "snr": 2.283071550328773,
  "spacing_tr": 0.800000011920929,
  "spacing_x": 2.4000000953674316,
  "spacing_y": 2.4000000953674316,
  "spacing_z": 2.3999998569488525,
  "summary_bg_k": 25.071775486253536,
  "summary_bg_mad": 87.05436592592504,
  "summary_bg_mean": 278.88970947265625,
  "summary_bg_median": 126.61431121826172,
  "summary_bg_n": 322043.0,
  "summary_bg_p05": 60.27225112915039,
  "summary_bg_p95": 1092.0677368164038,
  "summary_bg_stdv": 424.4715576171875,
  "summary_fg_k": 1.1138874411264226,
  "summary_fg_mad": 1535.1813886380098,
  "summary_fg_mean": 4359.00634765625,
  "summary_fg_median": 3961.813232421875,
  "summary_fg_n": 89265.0,
  "summary_fg_p05": 2231.797509765625,
  "summary_fg_p95": 7755.423535156251,
  "summary_fg_stdv": 1735.2899169921875,
  "tsnr": 39.478879243601114
}