{
  "aor": 0.000831617391304348,
  "aqi": 0.04549618382608696,
  "bids_meta": {
    "AcquisitionMatrixPE": 94,
    "AcquisitionNumber": 2,
    "AcquisitionTime": "",
    "BodyPartExamined": "BRAIN",
    "CoilString": "MULTI COIL",
    "ConversionSoftware": "dcm2niix",
    "ConversionSoftwareVersion": "v1.0.20210317",
    "DeviceSerialNumber": "45128",
    "EchoTime": 0.03,
    "EchoTrainLength": 47,
    "EstimatedEffectiveEchoSpacing": 0.000388467,
    "EstimatedTotalReadoutTime": 0.0369044,
    "FlipAngle": 52,
    "ImageOrientationPatientDICOM": [
      0.999849,
      -4.72661e-12,
      0.017387,
      0.000696882,
      0.999196,
      -0.0400747
    ],
    "ImageType": [
      "ORIGINAL",
      "PRIMARY",
      "M",
      "FFE",
      "M",
      "FFE"
    ],
    "ImagingFrequency": 127.764,
    "InPlanePhaseEncodingDirectionDICOM": "COL",
    "InstitutionAddress": "",
    "InstitutionName": "",
    "InstitutionalDepartmentName": "",
    "MRAcquisitionType": "2D",
    "MagneticFieldStrength": 3,
    "Manufacturer": "Philips",
    "ManufacturersModelName": "Ingenia Elition X",
    "Modality": "MR",
    "ParallelReductionFactorInPlane": 2,
    "ParallelReductionOutOfPlane": 6,
    "PatientPosition": "HFS",
    "PercentPhaseFOV": 100,
    "PercentSampling": 100,
    "PhaseEncodingAxis": "j",
    "PhaseEncodingSteps": 94,
    "PhilipsRWVIntercept": 0,
    "PhilipsRWVSlope": 1.17534,
    "PhilipsRescaleIntercept": 0,
    "PhilipsRescaleSlope": 1.17534,
    "PhilipsScaleSlope": 0.0163725,
    "PixelBandwidth": 1850,
    "ProcedureStepDescription": "COLA",
    "ProtocolName": "COLA_R1",
    "ReconMatrixPE": 96,
    "RepetitionTime": 0.8,
    "SAR": 0.0818667,
    "ScanOptions": "FS",
    "ScanningSequence": "GR",
    "SequenceVariant": "SK",
    "SeriesDescription": "COLA_R1",
    "SeriesNumber": 201,
    "SliceThickness": 2.4,
    "SoftwareVersions": "5.6.1\\5.6.1.3",
    "SpacingBetweenSlices": 2.4,
    "StationName": "",
    "TaskName": "WG",
    "UsePhilipsFloatNotDisplayScaling": 1,
    "WaterFatShift": 16.3723,
    "dataset": "ds004073",
    "modality": "bold",
    "subject_id": "BAN19",
    "task_id": "WG"
  },
  "dummy_trs": 0,
  "dvars_nstd": 85.73534035759589,
  "dvars_std": 1.0962548660627178,
  "dvars_vstd": 1.0144744559407661,
  "efc": 0.4271407825182398,
  "fber": 2544924.0,
  "fd_mean": 0.3603020578410933,
  "fd_num": 388,
  "fd_perc": 67.47826086956522,
  "fwhm_avg": 2.231756889843259,
  "fwhm_x": 2.282525293105591,
  "fwhm_y": 2.399737123080614,
  "fwhm_z": 2.013008253343572,
  "gcor": 0.00720199,
  "gsr_x": -0.0261554978787899,
  "gsr_y": 0.025076692923903465,
  "provenance": {
    "md5sum": "4fc39ae0f59769dd05543ac97034a30f",
    "settings": {
      "fd_thres": 0.2,
      "testing": false
    },
    "software": "mriqc",
    "version": "23.0.0",
    "webapi_port": null,
    "webapi_url": "https://mriqc.nimh.nih.gov/api/v1"
  },
  "size_t": 575,
  "size_x": 96,
  "size_y": 96,
  "size_z": 60,
  "snr": 4.578399940802875,
  "spacing_tr": 0.8000001907348633,
  "spacing_x": 2.3958332538604736,
  "spacing_y": 2.3958332538604736,
  "spacing_z": 2.4000000953674316,
  "summary_bg_k": 30.634174674427555,
  "summary_bg_mad": 61.528781521186104,
  "summary_bg_mean": 2282.65576171875,
  "summary_bg_median": 42.20331573486328,
  "summary_bg_n": 402888.0,
  "summary_bg_p05": 0.5239980518817902,
  "summary_bg_p95": 11387.357275390603,
  "summary_bg_stdv": 5365.9853515625,
  "summary_fg_k": 0.7032119769357936,
  "summary_fg_mad": 14338.040459938158,
  "summary_fg_mean": 69195.3125,
  "summary_fg_median": 67756.046875,
  "summary_fg_n": 80204.0,
  "summary_fg_p05": 48269.4169921875,
  "summary_fg_p95": 95282.11289062495,
  "summary_fg_stdv": 14798.974609375,
  "tsnr": 16.64813804626465
}