{
  "aor": 0.0011894434782608694,
  "aqi": 0.04132466313043478,
  "bids_meta": {
    "AcquisitionMatrixPE": 94,
    "AcquisitionNumber": 8,
    "AcquisitionTime": "",
    "BodyPartExamined": "BRAIN",
    "CoilString": "MULTI COIL",
    "ConversionSoftware": "dcm2niix",
    "ConversionSoftwareVersion": "v1.0.20210317",
    "DeviceSerialNumber": "45128",
    "EchoTime": 0.03,
    "EchoTrainLength": 47,
    "EstimatedEffectiveEchoSpacing": 0.000388467,
    "EstimatedTotalReadoutTime": 0.0369044,
    "FlipAngle": 52,
    "ImageOrientationPatientDICOM": [
      0.999849,
      -4.72661e-12,
      0.017387,
      0.000696882,
      0.999196,
      -0.0400747
    ],
    "ImageType": [
      "ORIGINAL",
      "PRIMARY",
      "M",
      "FFE",
      "M",
      "FFE"
    ],
    "ImagingFrequency": 127.764,
    "InPlanePhaseEncodingDirectionDICOM": "COL",
    "InstitutionAddress": "",
    "InstitutionName": "",
    "InstitutionalDepartmentName": "",
    "MRAcquisitionType": "2D",
    "MagneticFieldStrength": 3,
    "Manufacturer": "Philips",
    "ManufacturersModelName": "Ingenia Elition X",
    "Modality": "MR",
    "ParallelReductionFactorInPlane": 2,
    "ParallelReductionOutOfPlane": 6,
    "PatientPosition": "HFS",
    "PercentPhaseFOV": 100,
    "PercentSampling": 100,
    "PhaseEncodingAxis": "j",
    "PhaseEncodingSteps": 94,
    "PhilipsRWVIntercept": 0,
    "PhilipsRWVSlope": 1.01172,
    "PhilipsRescaleIntercept": 0,
    "PhilipsRescaleSlope": 1.01172,
    "PhilipsScaleSlope": 0.0165229,
    "PixelBandwidth": 1850,
    "ProcedureStepDescription": "COLA",
    "ProtocolName": "COLA_R4",
    "ReconMatrixPE": 96,
    "RepetitionTime": 0.8,
    "SAR": 0.0818667,
    "ScanOptions": "FS",
    "ScanningSequence": "GR",
    "SequenceVariant": "SK",
    "SeriesDescription": "COLA_R4",
    "SeriesNumber": 801,
    "SliceThickness": 2.4,
    "SoftwareVersions": "5.6.1\\5.6.1.3",
    "SpacingBetweenSlices": 2.4,
    "StationName": "",
    "TaskName": "WC",
    "UsePhilipsFloatNotDisplayScaling": 1,
    "WaterFatShift": 16.3723,
    "dataset": "ds004073",
    "modality": "bold",
    "subject_id": "BAN19",
    "task_id": "WC"
  },
  "dummy_trs": 0,
  "dvars_nstd": 86.92221844249117,
  "dvars_std": 1.0960415362543554,
  "dvars_vstd": 1.0293839487979113,
  "efc": 0.419319500971845,
  "fber": 2437077.25,
  "fd_mean": 0.30351589759496667,
  "fd_num": 350,
  "fd_perc": 60.869565217391305,
  "fwhm_avg": 2.120912979233597,
  "fwhm_x": 2.171111028540272,
  "fwhm_y": 2.2312779870578265,
  "fwhm_z": 1.9603499221026928,
  "gcor": 0.00970981,
  "gsr_x": -0.021300317719578743,
  "gsr_y": 0.05106816813349724,
  "provenance": {
    "md5sum": "351da1bdc8969a554f9e975c22239a01",
    "settings": {
      "fd_thres": 0.2,
      "testing": false
    },
    "software": "mriqc",
    "version": "23.0.0",
    "webapi_port": null,
    "webapi_url": "https://mriqc.nimh.nih.gov/api/v1"
  },
  "size_t": 575,
  "size_x": 96,
  "size_y": 96,
  "size_z": 60,
  "snr": 4.369684093262564,
  "spacing_tr": 0.8000001907348633,
  "spacing_x": 2.3958332538604736,
  "spacing_y": 2.3958332538604736,
  "spacing_z": 2.4000000953674316,
  "summary_bg_k": 27.427520933300634,
  "summary_bg_mad": 64.61896947466863,
  "summary_bg_mean": 2082.775634765625,
  "summary_bg_median": 43.97728729248047,
  "summary_bg_n": 407426.0,
  "summary_bg_p05": 0.3997947499155998,
  "summary_bg_p95": 10213.68310546875,
  "summary_bg_stdv": 4652.326171875,
  "summary_fg_k": 0.6775153435945884,
  "summary_fg_mad": 14123.816022193929,
  "summary_fg_mean": 66626.40625,
  "summary_fg_median": 65461.8984375,
  "summary_fg_n": 77818.0,
  "summary_fg_p05": 44376.040625,
  "summary_fg_p95": 92716.76171874999,
  "summary_fg_stdv": 14980.826171875,
  "tsnr": 15.879886627197266
}