{
  "aor": 0.0015674260869565219,
  "aqi": 0.0076938084,
  "bids_meta": {
    "AcquisitionMatrixPE": 90,
    "AcquisitionNumber": 1,
    "AcquisitionTime": "",
    "BandwidthPerPixelPhaseEncode": 21.786,
    "BaseResolution": 90,
    "BodyPartExamined": "BRAIN",
    "ConsistencyInfo": "N4_VE11C_LATEST_20160120",
    "ConversionSoftware": "dcm2niix",
    "ConversionSoftwareVersion": "v1.0.20210317",
    "DerivedVendorReportedEchoSpacing": 0.000510012,
    "DeviceSerialNumber": "66093",
    "DwellTime": 2e-06,
    "EchoTime": 0.03,
    "EchoTrainLength": 90,
    "EffectiveEchoSpacing": 0.000510012,
    "FlipAngle": 52,
    "ImageComments": "Unaliased MB6/PE3/LB",
    "ImageOrientationPatientDICOM": [
      0.999946,
      -0.000710018,
      -0.0104148,
      -1.20981e-08,
      0.997684,
      -0.0680176
    ],
    "ImageType": [
      "ORIGINAL",
      "PRIMARY",
      "M",
      "MB",
      "ND",
      "MOSAIC"
    ],
    "ImagingFrequency": 123.259,
    "InPlanePhaseEncodingDirectionDICOM": "COL",
    "InstitutionAddress": "",
    "InstitutionName": "",
    "InstitutionalDepartmentName": "",
    "MRAcquisitionType": "2D",
    "MagneticFieldStrength": 3,
    "Manufacturer": "Siemens",
    "ManufacturersModelName": "Prisma",
    "Modality": "MR",
    "MultibandAccelerationFactor": 6,
    "PartialFourier": 1,
    "PatientPosition": "HFS",
    "PercentPhaseFOV": 100,
    "PercentSampling": 100,
    "PhaseEncodingDirection": "j-",
    "PhaseEncodingSteps": 90,
    "PhaseResolution": 1,
    "PixelBandwidth": 2780,
    "ProtocolName": "BOLD_2p4_MB6_P1_TE30_TR800_AP",
    "PulseSequenceDetails": "%CustomerSeq%\\cmrr_mbep2d_bold",
    "ReceiveCoilActiveElements": "HEA;HEP",
    "ReceiveCoilName": "Head_32",
    "ReconMatrixPE": 90,
    "RepetitionTime": 0.8,
    "SAR": 0.0778696,
    "ScanOptions": "FS",
    "ScanningSequence": "EP",
    "SequenceName": "epfid2d1_90",
    "SequenceVariant": "SK\\SS",
    "SeriesDescription": "BOLD_2p4_MB6_P1_TE30_TR800_AP",
    "SeriesNumber": 19,
    "ShimSetting": [
      4960,
      -11410,
      -1360,
      420,
      95,
      29,
      3,
      83
    ],
    "SliceThickness": 2.4,
    "SliceTiming": [
      0,
      0.5475,
      0.3125,
      0.08,
      0.625,
      0.39,
      0.1575,
      0.7025,
      0.4675,
      0.235,
      0,
      0.5475,
      0.3125,
      0.08,
      0.625,
      0.39,
      0.1575,
      0.7025,
      0.4675,
      0.235,
      0,
      0.5475,
      0.3125,
      0.08,
      0.625,
      0.39,
      0.1575,
      0.7025,
      0.4675,
      0.235,
      0,
      0.5475,
      0.3125,
      0.08,
      0.625,
      0.39,
      0.1575,
      0.7025,
      0.4675,
      0.235,
      0,
      0.5475,
      0.3125,
      0.08,
      0.625,
      0.39,
      0.1575,
      0.7025,
      0.4675,
      0.235,
      0,
      0.5475,
      0.3125,
      0.08,
      0.625,
      0.39,
      0.1575,
      0.7025,
      0.4675,
      0.235
    ],
    "SoftwareVersions": "syngo MR E11",
    "SpacingBetweenSlices": 2.4,
    "StationName": "",
    "TaskName": "WG",
    "TotalReadoutTime": 0.045391,
    "TxRefAmp": 241.453,
    "VendorReportedEchoSpacing": 0.00051,
    "WipMemBlock": "d7c97277-1047-4793-85a9-b5a22fb5bfb6||Sequence: R016 ve11c/master r/e634e98; Dec 19 2017 11:00:25 by eja",
    "dataset": "ds004073",
    "modality": "bold",
    "subject_id": "OXF14",
    "task_id": "WG"
  },
  "dummy_trs": 0,
  "dvars_nstd": 39.8170580616028,
  "dvars_std": 1.0951884321080139,
  "dvars_vstd": 1.007943951376307,
  "efc": 0.513801555688515,
  "fber": 940.01708984375,
  "fd_mean": 0.2520541607366368,
  "fd_num": 261,
  "fd_perc": 45.391304347826086,
  "fwhm_avg": 2.972262483647969,
  "fwhm_x": 2.8358457206469487,
  "fwhm_y": 3.0080415471378346,
  "fwhm_z": 3.0729001831591236,
  "gcor": 0.0208018,
  "gsr_x": -0.02223179303109646,
  "gsr_y": 0.07500753551721573,
  "provenance": {
    "md5sum": "603f6dc00ad343289af3bfbaaae82d1c",
    "settings": {
      "fd_thres": 0.2,
      "testing": false
    },
    "software": "mriqc",
    "version": "23.0.0",
    "webapi_port": null,
    "webapi_url": "https://mriqc.nimh.nih.gov/api/v1"
  },
  "size_t": 575,
  "size_x": 90,
  "size_y": 90,
  "size_z": 60,
  "snr": 2.5364039422678686,
  "spacing_tr": 0.800000011920929,
  "spacing_x": 2.4000000953674316,
  "spacing_y": 2.4000000953674316,
  "spacing_z": 2.3999998569488525,
  "summary_bg_k": 24.376669242678602,
  "summary_bg_mad": 83.61747789126001,
  "summary_bg_mean": 296.90899658203125,
  "summary_bg_median": 127.5069580078125,
  "summary_bg_n": 318618.0,
  "summary_bg_p05": 62.180870056152344,
  "summary_bg_p95": 1187.2567199707005,
  "summary_bg_stdv": 482.3531799316406,
  "summary_fg_k": 1.0359215750622184,
  "summary_fg_mad": 1426.4940858904502,
  "summary_fg_mean": 4344.81201171875,
  "summary_fg_median": 4014.312255859375,
  "summary_fg_n": 91124.0,
  "summary_fg_p05": 2370.6283203125,
  "summary_fg_p95": 7411.427441406249,
  "summary_fg_stdv": 1582.669921875,
  "tsnr": 34.87837112462148
}