{
  "aor": 0.0004372125435540069,
  "aqi": 0.003851839773519164,
  "bids_meta": {
    "AcquisitionMatrixPE": 90,
    "AcquisitionNumber": 1,
    "AcquisitionTime": "",
    "BandwidthPerPixelPhaseEncode": 21.786,
    "BaseResolution": 90,
    "BodyPartExamined": "BRAIN",
    "ConsistencyInfo": "N4_VE11C_LATEST_20160120",
    "ConversionSoftware": "dcm2niix",
    "ConversionSoftwareVersion": "v1.0.20210317",
    "DerivedVendorReportedEchoSpacing": 0.000510012,
    "DeviceSerialNumber": "66093",
    "DwellTime": 2e-06,
    "EchoTime": 0.03,
    "EchoTrainLength": 90,
    "EffectiveEchoSpacing": 0.000510012,
    "FlipAngle": 52,
    "ImageComments": "Unaliased MB6/PE3/LB",
    "ImageOrientationPatientDICOM": [
      0.999946,
      -0.000710018,
      -0.0104148,
      -1.20981e-08,
      0.997684,
      -0.0680176
    ],
    "ImageType": [
      "ORIGINAL",
      "PRIMARY",
      "M",
      "MB",
      "ND",
      "MOSAIC"
    ],
    "ImagingFrequency": 123.259,
    "InPlanePhaseEncodingDirectionDICOM": "COL",
    "InstitutionAddress": "",
    "InstitutionName": "",
    "InstitutionalDepartmentName": "",
    "MRAcquisitionType": "2D",
    "MagneticFieldStrength": 3,
    "Manufacturer": "Siemens",
    "ManufacturersModelName": "Prisma",
    "Modality": "MR",
    "MultibandAccelerationFactor": 6,
    "PartialFourier": 1,
    "PatientPosition": "HFS",
    "PercentPhaseFOV": 100,
    "PercentSampling": 100,
    "PhaseEncodingDirection": "j-",
    "PhaseEncodingSteps": 90,
    "PhaseResolution": 1,
    "PixelBandwidth": 2780,
    "ProtocolName": "BOLD_2p4_MB6_P1_TE30_TR800_AP",
    "PulseSequenceDetails": "%CustomerSeq%\\cmrr_mbep2d_bold",
    "ReceiveCoilActiveElements": "HEA;HEP",
    "ReceiveCoilName": "Head_32",
    "ReconMatrixPE": 90,
    "RepetitionTime": 0.8,
    "SAR": 0.0778696,
    "ScanOptions": "FS",
    "ScanningSequence": "EP",
    "SequenceName": "epfid2d1_90",
    "SequenceVariant": "SK\\SS",
    "SeriesDescription": "BOLD_2p4_MB6_P1_TE30_TR800_AP",
    "SeriesNumber": 7,
    "ShimSetting": [
      4960,
      -11410,
      -1360,
      420,
      95,
      29,
      3,
      83
    ],
    "SliceThickness": 2.4,
    "SliceTiming": [
      0,
      0.545,
      0.3125,
      0.0775,
      0.625,
      0.39,
      0.155,
      0.7025,
      0.4675,
      0.235,
      0,
      0.545,
      0.3125,
      0.0775,
      0.625,
      0.39,
      0.155,
      0.7025,
      0.4675,
      0.235,
      0,
      0.545,
      0.3125,
      0.0775,
      0.625,
      0.39,
      0.155,
      0.7025,
      0.4675,
      0.235,
      0,
      0.545,
      0.3125,
      0.0775,
      0.625,
      0.39,
      0.155,
      0.7025,
      0.4675,
      0.235,
      0,
      0.545,
      0.3125,
      0.0775,
      0.625,
      0.39,
      0.155,
      0.7025,
      0.4675,
      0.235,
      0,
      0.545,
      0.3125,
      0.0775,
      0.625,
      0.39,
      0.155,
      0.7025,
      0.4675,
      0.235
    ],
    "SoftwareVersions": "syngo MR E11",
    "SpacingBetweenSlices": 2.4,
    "StationName": "",
    "TaskName": "WC",
    "TotalReadoutTime": 0.045391,
    "TxRefAmp": 241.453,
    "VendorReportedEchoSpacing": 0.00051,
    "WipMemBlock": "1276d646-ed10-4c67-a0be-6991e612b3c1||Sequence: R016 ve11c/master r/e634e98; Dec 19 2017 11:00:25 by eja",
    "dataset": "ds004073",
    "modality": "bold",
    "subject_id": "OXF14",
    "task_id": "WC"
  },
  "dummy_trs": 1,
  "dvars_nstd": 32.71440904443281,
  "dvars_std": 1.1084451463176277,
  "dvars_vstd": 0.9985657010645733,
  "efc": 0.5123747900591127,
  "fber": 953.520751953125,
  "fd_mean": 0.10011847063923196,
  "fd_num": 22,
  "fd_perc": 3.832752613240418,
  "fwhm_avg": 3.063184705021984,
  "fwhm_x": 2.9402332164989624,
  "fwhm_y": 3.0929290437647086,
  "fwhm_z": 3.156391854802282,
  "gcor": 0.0110942,
  "gsr_x": -0.022314710542559624,
  "gsr_y": 0.07492604106664658,
  "provenance": {
    "md5sum": "efd5fb57dd4dc02ac4de6837d1d8b8f1",
    "settings": {
      "fd_thres": 0.2,
      "testing": false
    },
    "software": "mriqc",
    "version": "23.0.0",
    "webapi_port": null,
    "webapi_url": "https://mriqc.nimh.nih.gov/api/v1"
  },
  "size_t": 574,
  "size_x": 90,
  "size_y": 90,
  "size_z": 60,
  "snr": 2.455133085407729,
  "spacing_tr": 0.800000011920929,
  "spacing_x": 2.4000000953674316,
  "spacing_y": 2.4000000953674316,
  "spacing_z": 2.3999998569488525,
  "summary_bg_k": 23.89157912734863,
  "summary_bg_mad": 82.35157865510098,
  "summary_bg_mean": 301.5279235839844,
  "summary_bg_median": 127.09756469726562,
  "summary_bg_n": 318433.0,
  "summary_bg_p05": 64.10209197998047,
  "summary_bg_p95": 1212.9007080078106,
  "summary_bg_stdv": 495.299560546875,
  "summary_fg_k": 1.1918312379965394,
  "summary_fg_mad": 1466.2729621864019,
  "summary_fg_mean": 4398.384765625,
  "summary_fg_median": 4040.937255859375,
  "summary_fg_n": 91997.0,
  "summary_fg_p05": 2363.20146484375,
  "summary_fg_p95": 7578.96806640625,
  "summary_fg_stdv": 1645.90478515625,
  "tsnr": 46.20492693479173
}