{
  "aor": 0.0013806806282722513,
  "aqi": 0.005637645392670157,
  "bids_meta": {
    "AcquisitionMatrixPE": 90,
    "AcquisitionNumber": 1,
    "AcquisitionTime": "",
    "BandwidthPerPixelPhaseEncode": 21.786,
    "BaseResolution": 90,
    "BodyPartExamined": "BRAIN",
    "ConsistencyInfo": "N4_VE11C_LATEST_20160120",
    "ConversionSoftware": "dcm2niix",
    "ConversionSoftwareVersion": "v1.0.20210317",
    "DerivedVendorReportedEchoSpacing": 0.000510012,
    "DeviceSerialNumber": "66093",
    "DwellTime": 2e-06,
    "EchoTime": 0.03,
    "EchoTrainLength": 90,
    "EffectiveEchoSpacing": 0.000510012,
    "FlipAngle": 52,
    "ImageComments": "Unaliased MB6/PE3/LB",
    "ImageOrientationPatientDICOM": [
      0.999946,
      -0.000710018,
      -0.0104148,
      -1.20981e-08,
      0.997684,
      -0.0680176
    ],
    "ImageType": [
      "ORIGINAL",
      "PRIMARY",
      "M",
      "MB",
      "ND",
      "MOSAIC"
    ],
    "ImagingFrequency": 123.259,
    "InPlanePhaseEncodingDirectionDICOM": "COL",
    "InstitutionAddress": "",
    "InstitutionName": "",
    "InstitutionalDepartmentName": "",
    "MRAcquisitionType": "2D",
    "MagneticFieldStrength": 3,
    "Manufacturer": "Siemens",
    "ManufacturersModelName": "Prisma",
    "Modality": "MR",
    "MultibandAccelerationFactor": 6,
    "PartialFourier": 1,
    "PatientPosition": "HFS",
    "PercentPhaseFOV": 100,
    "PercentSampling": 100,
    "PhaseEncodingDirection": "j-",
    "PhaseEncodingSteps": 90,
    "PhaseResolution": 1,
    "PixelBandwidth": 2780,
    "ProtocolName": "BOLD_2p4_MB6_P1_TE30_TR800_AP",
    "PulseSequenceDetails": "%CustomerSeq%\\cmrr_mbep2d_bold",
    "ReceiveCoilActiveElements": "HEA;HEP",
    "ReceiveCoilName": "Head_32",
    "ReconMatrixPE": 90,
    "RepetitionTime": 0.8,
    "SAR": 0.0778696,
    "ScanOptions": "FS",
    "ScanningSequence": "EP",
    "SequenceName": "epfid2d1_90",
    "SequenceVariant": "SK\\SS",
    "SeriesDescription": "BOLD_2p4_MB6_P1_TE30_TR800_AP",
    "SeriesNumber": 15,
    "ShimSetting": [
      4960,
      -11410,
      -1360,
      420,
      95,
      29,
      3,
      83
    ],
    "SliceThickness": 2.4,
    "SliceTiming": [
      0,
      0.545,
      0.3125,
      0.0775,
      0.6225,
      0.39,
      0.155,
      0.7025,
      0.4675,
      0.2325,
      0,
      0.545,
      0.3125,
      0.0775,
      0.6225,
      0.39,
      0.155,
      0.7025,
      0.4675,
      0.2325,
      0,
      0.545,
      0.3125,
      0.0775,
      0.6225,
      0.39,
      0.155,
      0.7025,
      0.4675,
      0.2325,
      0,
      0.545,
      0.3125,
      0.0775,
      0.6225,
      0.39,
      0.155,
      0.7025,
      0.4675,
      0.2325,
      0,
      0.545,
      0.3125,
      0.0775,
      0.6225,
      0.39,
      0.155,
      0.7025,
      0.4675,
      0.2325,
      0,
      0.545,
      0.3125,
      0.0775,
      0.6225,
      0.39,
      0.155,
      0.7025,
      0.4675,
      0.2325
    ],
    "SoftwareVersions": "syngo MR E11",
    "SpacingBetweenSlices": 2.4,
    "StationName": "",
    "TaskName": "SD",
    "TotalReadoutTime": 0.045391,
    "TxRefAmp": 241.453,
    "VendorReportedEchoSpacing": 0.00051,
    "WipMemBlock": "a03858fb-8ac0-420e-b33c-d0a5e70e8748||Sequence: R016 ve11c/master r/e634e98; Dec 19 2017 11:00:25 by eja",
    "dataset": "ds004073",
    "modality": "bold",
    "subject_id": "OXF14",
    "task_id": "SD"
  },
  "dummy_trs": 2,
  "dvars_nstd": 34.64856160085664,
  "dvars_std": 1.0862015009265744,
  "dvars_vstd": 0.9936142825699305,
  "efc": 0.5133143061058575,
  "fber": 965.9510498046875,
  "fd_mean": 0.1400489178191099,
  "fd_num": 79,
  "fd_perc": 13.787085514834207,
  "fwhm_avg": 2.984855537799532,
  "fwhm_x": 2.879387385583425,
  "fwhm_y": 3.029566546282508,
  "fwhm_z": 3.045612681532662,
  "gcor": 0.0228724,
  "gsr_x": -0.021834027022123337,
  "gsr_y": 0.0752979964017868,
  "provenance": {
    "md5sum": "012178e598c8c6fb9cc121167f6fbba7",
    "settings": {
      "fd_thres": 0.2,
      "testing": false
    },
    "software": "mriqc",
    "version": "23.0.0",
    "webapi_port": null,
    "webapi_url": "https://mriqc.nimh.nih.gov/api/v1"
  },
  "size_t": 573,
  "size_x": 90,
  "size_y": 90,
  "size_z": 60,
  "snr": 2.500225186390702,
  "spacing_tr": 0.800000011920929,
  "spacing_x": 2.4000000953674316,
  "spacing_y": 2.4000000953674316,
  "spacing_z": 2.3999998569488525,
  "summary_bg_k": 24.119195518331047,
  "summary_bg_mad": 80.6582119168092,
  "summary_bg_mean": 300.1672668457031,
  "summary_bg_median": 125.9930191040039,
  "summary_bg_n": 318568.0,
  "summary_bg_p05": 64.53926849365234,
  "summary_bg_p95": 1203.7114379882812,
  "summary_bg_stdv": 490.71295166015625,
  "summary_fg_k": 1.135164332335826,
  "summary_fg_mad": 1444.7430152726004,
  "summary_fg_mean": 4368.23095703125,
  "summary_fg_median": 4026.228759765625,
  "summary_fg_n": 91433.0,
  "summary_fg_p05": 2362.810498046875,
  "summary_fg_p95": 7477.53232421875,
  "summary_fg_stdv": 1610.337646484375,
  "tsnr": 39.20436138426885
}