{
  "aor": 0.0007432229965156794,
  "aqi": 0.0041707877003484325,
  "bids_meta": {
    "AcquisitionMatrixPE": 90,
    "AcquisitionNumber": 1,
    "AcquisitionTime": "",
    "BandwidthPerPixelPhaseEncode": 21.786,
    "BaseResolution": 90,
    "BodyPartExamined": "BRAIN",
    "ConsistencyInfo": "N4_VE11C_LATEST_20160120",
    "ConversionSoftware": "dcm2niix",
    "ConversionSoftwareVersion": "v1.0.20210317",
    "DerivedVendorReportedEchoSpacing": 0.000510012,
    "DeviceSerialNumber": "66093",
    "DwellTime": 2e-06,
    "EchoTime": 0.03,
    "EchoTrainLength": 90,
    "EffectiveEchoSpacing": 0.000510012,
    "FlipAngle": 52,
    "ImageComments": "Unaliased MB6/PE3/LB",
    "ImageOrientationPatientDICOM": [
      0.999946,
      -0.000710018,
      -0.0104148,
      -1.20981e-08,
      0.997684,
      -0.0680176
    ],
    "ImageType": [
      "ORIGINAL",
      "PRIMARY",
      "M",
      "MB",
      "ND",
      "MOSAIC"
    ],
    "ImagingFrequency": 123.259,
    "InPlanePhaseEncodingDirectionDICOM": "COL",
    "InstitutionAddress": "",
    "InstitutionName": "",
    "InstitutionalDepartmentName": "",
    "MRAcquisitionType": "2D",
    "MagneticFieldStrength": 3,
    "Manufacturer": "Siemens",
    "ManufacturersModelName": "Prisma",
    "Modality": "MR",
    "MultibandAccelerationFactor": 6,
    "PartialFourier": 1,
    "PatientPosition": "HFS",
    "PercentPhaseFOV": 100,
    "PercentSampling": 100,
    "PhaseEncodingDirection": "j-",
    "PhaseEncodingSteps": 90,
    "PhaseResolution": 1,
    "PixelBandwidth": 2780,
    "ProtocolName": "BOLD_2p4_MB6_P1_TE30_TR800_AP",
    "PulseSequenceDetails": "%CustomerSeq%\\cmrr_mbep2d_bold",
    "ReceiveCoilActiveElements": "HEA;HEP",
    "ReceiveCoilName": "Head_32",
    "ReconMatrixPE": 90,
    "RepetitionTime": 0.8,
    "SAR": 0.0778696,
    "ScanOptions": "FS",
    "ScanningSequence": "EP",
    "SequenceName": "epfid2d1_90",
    "SequenceVariant": "SK\\SS",
    "SeriesDescription": "BOLD_2p4_MB6_P1_TE30_TR800_AP",
    "SeriesNumber": 5,
    "ShimSetting": [
      4960,
      -11410,
      -1360,
      420,
      95,
      29,
      3,
      83
    ],
    "SliceThickness": 2.4,
    "SliceTiming": [
      0,
      0.5475,
      0.3125,
      0.08,
      0.625,
      0.39,
      0.1575,
      0.7025,
      0.47,
      0.235,
      0,
      0.5475,
      0.3125,
      0.08,
      0.625,
      0.39,
      0.1575,
      0.7025,
      0.47,
      0.235,
      0,
      0.5475,
      0.3125,
      0.08,
      0.625,
      0.39,
      0.1575,
      0.7025,
      0.47,
      0.235,
      0,
      0.5475,
      0.3125,
      0.08,
      0.625,
      0.39,
      0.1575,
      0.7025,
      0.47,
      0.235,
      0,
      0.5475,
      0.3125,
      0.08,
      0.625,
      0.39,
      0.1575,
      0.7025,
      0.47,
      0.235,
      0,
      0.5475,
      0.3125,
      0.08,
      0.625,
      0.39,
      0.1575,
      0.7025,
      0.47,
      0.235
    ],
    "SoftwareVersions": "syngo MR E11",
    "SpacingBetweenSlices": 2.4,
    "StationName": "",
    "TaskName": "PD",
    "TotalReadoutTime": 0.045391,
    "TxRefAmp": 241.453,
    "VendorReportedEchoSpacing": 0.00051,
    "WipMemBlock": "188addc1-5621-4eff-b5c4-f4237cf10dc6||Sequence: R016 ve11c/master r/e634e98; Dec 19 2017 11:00:25 by eja",
    "dataset": "ds004073",
    "modality": "bold",
    "subject_id": "OXF14",
    "task_id": "PD"
  },
  "dummy_trs": 1,
  "dvars_nstd": 33.17177969589877,
  "dvars_std": 1.122677748237347,
  "dvars_vstd": 1.0064653658987788,
  "efc": 0.5125553756987057,
  "fber": 983.885986328125,
  "fd_mean": 0.11292293659474245,
  "fd_num": 40,
  "fd_perc": 6.968641114982578,
  "fwhm_avg": 3.0746791497457706,
  "fwhm_x": 2.941508216448298,
  "fwhm_y": 3.1039082099951023,
  "fwhm_z": 3.17862102279391,
  "gcor": 0.00710001,
  "gsr_x": -0.02163694053888321,
  "gsr_y": 0.07584743201732635,
  "provenance": {
    "md5sum": "368598c9d9a443e748d9f533bc57c277",
    "settings": {
      "fd_thres": 0.2,
      "testing": false
    },
    "software": "mriqc",
    "version": "23.0.0",
    "webapi_port": null,
    "webapi_url": "https://mriqc.nimh.nih.gov/api/v1"
  },
  "size_t": 574,
  "size_x": 90,
  "size_y": 90,
  "size_z": 60,
  "snr": 2.4589108657033254,
  "spacing_tr": 0.800000011920929,
  "spacing_x": 2.4000000953674316,
  "spacing_y": 2.4000000953674316,
  "spacing_z": 2.3999998569488525,
  "summary_bg_k": 24.66244977096714,
  "summary_bg_mad": 79.69117005076076,
  "summary_bg_mean": 295.5025939941406,
  "summary_bg_median": 124.33275604248047,
  "summary_bg_n": 317441.0,
  "summary_bg_p05": 64.08187866210938,
  "summary_bg_p95": 1178.3363037109375,
  "summary_bg_stdv": 482.9622802734375,
  "summary_fg_k": 1.187979742583062,
  "summary_fg_mad": 1458.0386560660934,
  "summary_fg_mean": 4388.3486328125,
  "summary_fg_median": 4030.02099609375,
  "summary_fg_n": 92135.0,
  "summary_fg_p05": 2357.5680908203126,
  "summary_fg_p95": 7564.280859375001,
  "summary_fg_stdv": 1638.9366455078125,
  "tsnr": 44.1685526673682
}