{
  "aor": 0.0025325043478260866,
  "aqi": 0.04274639043478261,
  "bids_meta": {
    "AcquisitionMatrixPE": 94,
    "AcquisitionNumber": 9,
    "AcquisitionTime": "",
    "BodyPartExamined": "BRAIN",
    "CoilString": "MULTI COIL",
    "ConversionSoftware": "dcm2niix",
    "ConversionSoftwareVersion": "v1.0.20210317",
    "DeviceSerialNumber": "45128",
    "EchoTime": 0.03,
    "EchoTrainLength": 47,
    "EstimatedEffectiveEchoSpacing": 0.000388368,
    "EstimatedTotalReadoutTime": 0.036895,
    "FlipAngle": 52,
    "ImageOrientationPatientDICOM": [
      0.999849,
      0.00119826,
      0.0173456,
      0.000696882,
      0.994059,
      -0.108841
    ],
    "ImageType": [
      "ORIGINAL",
      "PRIMARY",
      "M",
      "FFE",
      "M",
      "FFE"
    ],
    "ImagingFrequency": 127.764,
    "InPlanePhaseEncodingDirectionDICOM": "COL",
    "InstitutionAddress": "",
    "InstitutionName": "",
    "InstitutionalDepartmentName": "",
    "MRAcquisitionType": "2D",
    "MagneticFieldStrength": 3,
    "Manufacturer": "Philips",
    "ManufacturersModelName": "Ingenia Elition X",
    "Modality": "MR",
    "ParallelReductionFactorInPlane": 2,
    "ParallelReductionOutOfPlane": 6,
    "PatientPosition": "HFS",
    "PercentPhaseFOV": 100,
    "PercentSampling": 100,
    "PhaseEncodingAxis": "j",
    "PhaseEncodingSteps": 94,
    "PhilipsRWVIntercept": 0,
    "PhilipsRWVSlope": 1.3011,
    "PhilipsRescaleIntercept": 0,
    "PhilipsRescaleSlope": 1.3011,
    "PhilipsScaleSlope": 0.0162734,
    "PixelBandwidth": 1851,
    "ProcedureStepDescription": "COLA",
    "ProtocolName": "COLA_R5",
    "ReconMatrixPE": 96,
    "RepetitionTime": 0.8,
    "SAR": 0.0819308,
    "ScanOptions": "FS",
    "ScanningSequence": "GR",
    "SequenceVariant": "SK",
    "SeriesDescription": "COLA_R5",
    "SeriesNumber": 901,
    "SliceThickness": 2.4,
    "SoftwareVersions": "5.6.1\\5.6.1.3",
    "SpacingBetweenSlices": 2.4,
    "StationName": "",
    "TaskName": "PD",
    "UsePhilipsFloatNotDisplayScaling": 1,
    "WaterFatShift": 16.3681,
    "dataset": "ds004073",
    "modality": "bold",
    "subject_id": "BAN09",
    "task_id": "PD"
  },
  "dummy_trs": 0,
  "dvars_nstd": 88.25606033123685,
  "dvars_std": 1.1045332593205583,
  "dvars_vstd": 1.0569250742857141,
  "efc": 0.45687150460123455,
  "fber": 461213.4375,
  "fd_mean": 0.21071549592062747,
  "fd_num": 206,
  "fd_perc": 35.82608695652174,
  "fwhm_avg": 2.146600011927221,
  "fwhm_x": 2.2050783340148374,
  "fwhm_y": 2.2925009456104095,
  "fwhm_z": 1.9422207561564147,
  "gcor": 0.0149307,
  "gsr_x": -0.01634463481605053,
  "gsr_y": 0.019232479855418205,
  "provenance": {
    "md5sum": "453c5299422c71a740dae62010ccda70",
    "settings": {
      "fd_thres": 0.2,
      "testing": false
    },
    "software": "mriqc",
    "version": "23.0.0",
    "webapi_port": null,
    "webapi_url": "https://mriqc.nimh.nih.gov/api/v1"
  },
  "size_t": 575,
  "size_x": 96,
  "size_y": 96,
  "size_z": 60,
  "snr": 4.6655305173397705,
  "spacing_tr": 0.8000001907348633,
  "spacing_x": 2.3958332538604736,
  "spacing_y": 2.3958332538604736,
  "spacing_z": 2.4000000953674316,
  "summary_bg_k": 20.604028112270992,
  "summary_bg_mad": 146.1951193963976,
  "summary_bg_mean": 3004.192626953125,
  "summary_bg_median": 98.76746368408203,
  "summary_bg_n": 400863.0,
  "summary_bg_p05": 0.27711745202541355,
  "summary_bg_p95": 14333.245312499994,
  "summary_bg_stdv": 5743.673828125,
  "summary_fg_k": 0.289504211728024,
  "summary_fg_mad": 13271.780164039033,
  "summary_fg_mean": 62589.87890625,
  "summary_fg_median": 62971.484375,
  "summary_fg_n": 80588.0,
  "summary_fg_p05": 40047.358203125004,
  "summary_fg_p95": 83909.403125,
  "summary_fg_stdv": 13497.091796875,
  "tsnr": 15.579591751098633
}