{
  "aor": 0.0006598780487804879,
  "aqi": 0.033500915853658546,
  "bids_meta": {
    "AcquisitionMatrixPE": 94,
    "AcquisitionNumber": 7,
    "AcquisitionTime": "",
    "BodyPartExamined": "BRAIN",
    "CoilString": "MULTI COIL",
    "ConversionSoftware": "dcm2niix",
    "ConversionSoftwareVersion": "v1.0.20210317",
    "DeviceSerialNumber": "45128",
    "EchoTime": 0.030001,
    "EchoTrainLength": 47,
    "EstimatedEffectiveEchoSpacing": 0.000388665,
    "EstimatedTotalReadoutTime": 0.0369232,
    "FlipAngle": 52,
    "ImageOrientationPatientDICOM": [
      0.999849,
      -0.00222702,
      0.0172438,
      0.000696882,
      0.996099,
      0.088238
    ],
    "ImageType": [
      "ORIGINAL",
      "PRIMARY",
      "M",
      "FFE",
      "M",
      "FFE"
    ],
    "ImagingFrequency": 127.764,
    "InPlanePhaseEncodingDirectionDICOM": "COL",
    "InstitutionAddress": "",
    "InstitutionName": "",
    "InstitutionalDepartmentName": "",
    "MRAcquisitionType": "2D",
    "MagneticFieldStrength": 3,
    "Manufacturer": "Philips",
    "ManufacturersModelName": "Ingenia Elition X",
    "Modality": "MR",
    "ParallelReductionFactorInPlane": 2,
    "ParallelReductionOutOfPlane": 6,
    "PatientPosition": "HFS",
    "PercentPhaseFOV": 100,
    "PercentSampling": 100,
    "PhaseEncodingAxis": "j",
    "PhaseEncodingSteps": 94,
    "PhilipsRWVIntercept": 0,
    "PhilipsRWVSlope": 0.887424,
    "PhilipsRescaleIntercept": 0,
    "PhilipsRescaleSlope": 0.887424,
    "PhilipsScaleSlope": 0.0163427,
    "PixelBandwidth": 1849,
    "ProtocolName": "COLA_R4",
    "ReconMatrixPE": 96,
    "RepetitionTime": 0.8,
    "SAR": 0.0818677,
    "ScanOptions": "FS",
    "ScanningSequence": "GR",
    "SequenceVariant": "SK",
    "SeriesDescription": "COLA_R4",
    "SeriesNumber": 701,
    "SliceThickness": 2.4,
    "SoftwareVersions": "5.6.1\\5.6.1.3",
    "SpacingBetweenSlices": 2.4,
    "StationName": "",
    "TaskName": "PD",
    "UsePhilipsFloatNotDisplayScaling": 1,
    "WaterFatShift": 16.3806,
    "dataset": "ds004073",
    "modality": "bold",
    "subject_id": "BAN10",
    "task_id": "PD"
  },
  "dummy_trs": 1,
  "dvars_nstd": 73.08607982221638,
  "dvars_std": 1.1291907936649208,
  "dvars_vstd": 1.0230969095986027,
  "efc": 0.4082798401816145,
  "fber": 4490983.0,
  "fd_mean": 0.21346856203502107,
  "fd_num": 264,
  "fd_perc": 45.99303135888502,
  "fwhm_avg": 2.394273135553035,
  "fwhm_x": 2.391990340214948,
  "fwhm_y": 2.627941652389581,
  "fwhm_z": 2.162887414054576,
  "gcor": 0.00651314,
  "gsr_x": -0.015796227380633354,
  "gsr_y": 0.02456315979361534,
  "provenance": {
    "md5sum": "54fd630de37ac3719dafbb974d2f2212",
    "settings": {
      "fd_thres": 0.2,
      "testing": false
    },
    "software": "mriqc",
    "version": "23.0.0",
    "webapi_port": null,
    "webapi_url": "https://mriqc.nimh.nih.gov/api/v1"
  },
  "size_t": 574,
  "size_x": 96,
  "size_y": 96,
  "size_z": 60,
  "snr": 5.031267123030306,
  "spacing_tr": 0.8000001907348633,
  "spacing_x": 2.3958332538604736,
  "spacing_y": 2.3958332538604736,
  "spacing_z": 2.4000000953674316,
  "summary_bg_k": 24.762073488747358,
  "summary_bg_mad": 54.16031837554122,
  "summary_bg_mean": 1993.100341796875,
  "summary_bg_median": 36.94821548461914,
  "summary_bg_n": 406308.0,
  "summary_bg_p05": 0.2558299914002419,
  "summary_bg_p95": 10588.199462890623,
  "summary_bg_stdv": 4669.51171875,
  "summary_fg_k": 1.2121277128954286,
  "summary_fg_mad": 14718.556689874027,
  "summary_fg_mean": 80728.9140625,
  "summary_fg_median": 80193.078125,
  "summary_fg_n": 76791.0,
  "summary_fg_p05": 56216.4140625,
  "summary_fg_p95": 106892.8515625,
  "summary_fg_stdv": 15938.8388671875,
  "tsnr": 21.474849700927734
}