{
  "aor": 0.0005158260869565217,
  "aqi": 0.03456935408695652,
  "bids_meta": {
    "AcquisitionMatrixPE": 94,
    "AcquisitionNumber": 9,
    "AcquisitionTime": "",
    "BodyPartExamined": "BRAIN",
    "CoilString": "MULTI COIL",
    "ConversionSoftware": "dcm2niix",
    "ConversionSoftwareVersion": "v1.0.20210317",
    "DeviceSerialNumber": "45128",
    "EchoTime": 0.030001,
    "EchoTrainLength": 47,
    "EstimatedEffectiveEchoSpacing": 0.000388665,
    "EstimatedTotalReadoutTime": 0.0369232,
    "FlipAngle": 52,
    "ImageOrientationPatientDICOM": [
      0.999849,
      -0.00222702,
      0.0172438,
      0.000696882,
      0.996099,
      0.088238
    ],
    "ImageType": [
      "ORIGINAL",
      "PRIMARY",
      "M",
      "FFE",
      "M",
      "FFE"
    ],
    "ImagingFrequency": 127.764,
    "InPlanePhaseEncodingDirectionDICOM": "COL",
    "InstitutionAddress": "",
    "InstitutionName": "",
    "InstitutionalDepartmentName": "",
    "MRAcquisitionType": "2D",
    "MagneticFieldStrength": 3,
    "Manufacturer": "Philips",
    "ManufacturersModelName": "Ingenia Elition X",
    "Modality": "MR",
    "ParallelReductionFactorInPlane": 2,
    "ParallelReductionOutOfPlane": 6,
    "PatientPosition": "HFS",
    "PercentPhaseFOV": 100,
    "PercentSampling": 100,
    "PhaseEncodingAxis": "j",
    "PhaseEncodingSteps": 94,
    "PhilipsRWVIntercept": 0,
    "PhilipsRWVSlope": 0.887668,
    "PhilipsRescaleIntercept": 0,
    "PhilipsRescaleSlope": 0.887668,
    "PhilipsScaleSlope": 0.0164167,
    "PixelBandwidth": 1849,
    "ProtocolName": "COLA_R6",
    "ReconMatrixPE": 96,
    "RepetitionTime": 0.8,
    "SAR": 0.0818677,
    "ScanOptions": "FS",
    "ScanningSequence": "GR",
    "SequenceVariant": "SK",
    "SeriesDescription": "COLA_R6",
    "SeriesNumber": 901,
    "SliceThickness": 2.4,
    "SoftwareVersions": "5.6.1\\5.6.1.3",
    "SpacingBetweenSlices": 2.4,
    "StationName": "",
    "TaskName": "SC",
    "UsePhilipsFloatNotDisplayScaling": 1,
    "WaterFatShift": 16.3806,
    "dataset": "ds004073",
    "modality": "bold",
    "subject_id": "BAN10",
    "task_id": "SC"
  },
  "dummy_trs": 0,
  "dvars_nstd": 72.77682675905918,
  "dvars_std": 1.125438128710802,
  "dvars_vstd": 1.016410016968641,
  "efc": 0.40914712238887396,
  "fber": 4615432.0,
  "fd_mean": 0.19290117942402463,
  "fd_num": 232,
  "fd_perc": 40.34782608695652,
  "fwhm_avg": 2.384310154610826,
  "fwhm_x": 2.3702776438425364,
  "fwhm_y": 2.6224237391630667,
  "fwhm_z": 2.160229080826875,
  "gcor": 0.00264115,
  "gsr_x": -0.015662776306271553,
  "gsr_y": 0.025694802403450012,
  "provenance": {
    "md5sum": "907d7adddda300c01f9c8790baf4797d",
    "settings": {
      "fd_thres": 0.2,
      "testing": false
    },
    "software": "mriqc",
    "version": "23.0.0",
    "webapi_port": null,
    "webapi_url": "https://mriqc.nimh.nih.gov/api/v1"
  },
  "size_t": 575,
  "size_x": 96,
  "size_y": 96,
  "size_z": 60,
  "snr": 5.161040496554668,
  "spacing_tr": 0.8000001907348633,
  "spacing_x": 2.3958332538604736,
  "spacing_y": 2.3958332538604736,
  "spacing_z": 2.4000000953674316,
  "summary_bg_k": 25.247990025422922,
  "summary_bg_mad": 52.593421558852924,
  "summary_bg_mean": 1983.835205078125,
  "summary_bg_median": 35.8199348449707,
  "summary_bg_n": 406149.0,
  "summary_bg_p05": 0.23305361568927765,
  "summary_bg_p95": 10514.295507812498,
  "summary_bg_stdv": 4652.88037109375,
  "summary_fg_k": 1.282513445341297,
  "summary_fg_mad": 14068.250291782007,
  "summary_fg_mean": 79816.7265625,
  "summary_fg_median": 79291.7734375,
  "summary_fg_n": 76855.0,
  "summary_fg_p05": 56376.123828125,
  "summary_fg_p95": 105102.0015625,
  "summary_fg_stdv": 15363.4248046875,
  "tsnr": 21.920095443725586
}