{
  "bids_meta": {
    "AcquisitionMatrixPE": 174,
    "AcquisitionNumber": 1,
    "AcquisitionTime": "",
    "BaseResolution": 192,
    "BodyPartExamined": "BRAIN",
    "ConsistencyInfo": "N4_VE11C_LATEST_20160120",
    "ConversionSoftware": "dcm2niix",
    "ConversionSoftwareVersion": "v1.0.20210317",
    "DeviceSerialNumber": "66093",
    "DwellTime": 1.3e-05,
    "EchoTime": 0.00397,
    "FlipAngle": 8,
    "ImageOrientationPatientDICOM": [
      0.999999,
      -7.59919e-05,
      -0.00174054,
      9.96e-13,
      0.999048,
      -0.0436184
    ],
    "ImageType": [
      "ORIGINAL",
      "PRIMARY",
      "M",
      "ND",
      "NORM"
    ],
    "ImagingFrequency": 123.26,
    "InPlanePhaseEncodingDirectionDICOM": "ROW",
    "InstitutionAddress": "",
    "InstitutionName": "",
    "InstitutionalDepartmentName": "",
    "InversionTime": 0.904,
    "MRAcquisitionType": "3D",
    "MagneticFieldStrength": 3,
    "Manufacturer": "Siemens",
    "ManufacturersModelName": "Prisma",
    "Modality": "MR",
    "PartialFourier": 1,
    "PatientPosition": "HFS",
    "PercentPhaseFOV": 90.625,
    "PercentSampling": 100,
    "PhaseEncodingSteps": 174,
    "PhaseResolution": 1,
    "PixelBandwidth": 200,
    "ProcedureStepDescription": "OHBA Projects VE11C^2021_110 Lateralisation in fTCD and fMRI",
    "ProtocolName": "t1_mpr_ax_1mm_iso_32ch_v2",
    "PulseSequenceDetails": "%SiemensSeq%\\tfl",
    "ReceiveCoilActiveElements": "HEA;HEP",
    "ReceiveCoilName": "Head_32",
    "ReconMatrixPE": 174,
    "RepetitionTime": 1.9,
    "SAR": 0.039877,
    "ScanOptions": "IR\\WE",
    "ScanningSequence": "GR\\IR",
    "SequenceName": "*tfl3d1_16",
    "SequenceVariant": "SK\\SP\\MP",
    "SeriesDescription": "t1_mpr_ax_1mm_iso_32ch_v2",
    "SeriesNumber": 13,
    "ShimSetting": [
      4948,
      -11429,
      -1358,
      491,
      49,
      -92,
      -3,
      23
    ],
    "SliceThickness": 1,
    "SoftwareVersions": "syngo MR E11",
    "StationName": "",
    "TxRefAmp": 236.469,
    "dataset": "ds004073",
    "modality": "T1w",
    "subject_id": "OXF15"
  },
  "cjv": 0.33149204729929205,
  "cnr": 4.088648554332528,
  "efc": 0.5730212956722631,
  "fber": 31522.600805055405,
  "fwhm_avg": 4.48413,
  "fwhm_x": 4.24726,
  "fwhm_y": 4.89743,
  "fwhm_z": 4.3077,
  "icvs_csf": 0.20143787758847753,
  "icvs_gm": 0.4389535123084621,
  "icvs_wm": 0.3596086101030604,
  "inu_med": 0.3228941559791565,
  "inu_range": 0.10193631649017332,
  "provenance": {
    "md5sum": "4426eaf353c440f79d8a381198a770ef",
    "settings": {
      "testing": false
    },
    "software": "mriqc",
    "version": "23.0.0",
    "warnings": {
      "large_rot_frame": true,
      "small_air_mask": false
    },
    "webapi_port": null,
    "webapi_url": "https://mriqc.nimh.nih.gov/api/v1"
  },
  "qi_1": 0.0,
  "qi_2": 0.01667116060913775,
  "rpve_csf": 14.209832626135608,
  "rpve_gm": 6.806714482596711,
  "rpve_wm": 9.617609341303915,
  "size_x": 174,
  "size_y": 192,
  "size_z": 192,
  "snr_csf": 2.1326489036922336,
  "snr_gm": 12.931211778121552,
  "snr_total": 16.757302481469427,
  "snr_wm": 35.20804676259449,
  "snrd_csf": 52.84605292521937,
  "snrd_gm": 142.0086141763609,
  "snrd_total": 129.04280863033068,
  "snrd_wm": 192.27375878941177,
  "spacing_x": 1.0,
  "spacing_y": 1.0,
  "spacing_z": 1.0,
  "summary_bg_k": 9.11210212555057,
  "summary_bg_mad": 3.407449006791063,
  "summary_bg_mean": 3.0809618906073046,
  "summary_bg_median": 2.298289429396391,
  "summary_bg_n": 1696774.0,
  "summary_bg_p05": 0.0,
  "summary_bg_p95": 11.633819058537483,
  "summary_bg_stdv": 4.402360538500159,
  "summary_csf_k": 0.06344465144222378,
  "summary_csf_mad": 125.3217528515368,
  "summary_csf_mean": 284.51064908784645,
  "summary_csf_median": 274.859144680202,
  "summary_csf_n": 40653.0,
  "summary_csf_p05": 76.00626192614436,
  "summary_csf_p95": 510.2487277083099,
  "summary_csf_stdv": 128.8799875271346,
  "summary_gm_k": -0.12763266936458262,
  "summary_gm_mad": 59.645434826838255,
  "summary_gm_mean": 738.5452145353631,
  "summary_gm_median": 738.6051383055747,
  "summary_gm_n": 50216.0,
  "summary_gm_p05": 646.3430549064651,
  "summary_gm_p95": 831.1163725499064,
  "summary_gm_stdv": 57.11744550017443,
  "summary_wm_k": 0.6456102127385122,
  "summary_wm_mad": 27.018356726414094,
  "summary_wm_mean": 1000.0538538740719,
  "summary_wm_median": 1000.0406456105411,
  "summary_wm_n": 201515.0,
  "summary_wm_p05": 954.0545181781054,
  "summary_wm_p95": 1046.582023498043,
  "summary_wm_stdv": 28.403682006131447,
  "tpm_overlap_csf": 0.1577447635943485,
  "tpm_overlap_gm": 0.4827659588372575,
  "tpm_overlap_wm": 0.5147789483835264,
  "wm2max": 0.9204259485463484
}