{
  "bids_meta": {
    "AcquisitionMatrixPE": 250,
    "AcquisitionNumber": 5,
    "AcquisitionTime": "",
    "BodyPartExamined": "BRAIN",
    "CoilString": "MULTI COIL",
    "ConversionSoftware": "dcm2niix",
    "ConversionSoftwareVersion": "v1.0.20210317",
    "DeviceSerialNumber": "45128",
    "EchoTime": 0.003476,
    "EchoTrainLength": 560,
    "EstimatedEffectiveEchoSpacing": 4.9719e-06,
    "EstimatedTotalReadoutTime": 0.00126784,
    "FlipAngle": 8,
    "ImageOrientationPatientDICOM": [
      0.999849,
      0.000378587,
      0.0173829,
      0.000696882,
      0.998087,
      -0.0618219
    ],
    "ImageType": [
      "ORIGINAL",
      "PRIMARY",
      "M",
      "FFE",
      "M",
      "FFE"
    ],
    "ImagingFrequency": 127.764,
    "InPlanePhaseEncodingDirectionDICOM": "COL",
    "InstitutionAddress": "",
    "InstitutionName": "",
    "InstitutionalDepartmentName": "",
    "MRAcquisitionType": "3D",
    "MagneticFieldStrength": 3,
    "Manufacturer": "Philips",
    "ManufacturersModelName": "Ingenia Elition X",
    "Modality": "MR",
    "ParallelReductionFactorInPlane": 1.73205,
    "ParallelReductionOutOfPlane": 1.73205,
    "PatientPosition": "HFS",
    "PercentPhaseFOV": 100,
    "PercentSampling": 77.9165,
    "PhaseEncodingAxis": "j",
    "PhaseEncodingSteps": 250,
    "PhilipsRWVIntercept": 0,
    "PhilipsRWVSlope": 1,
    "PhilipsRescaleIntercept": 0,
    "PhilipsRescaleSlope": 1,
    "PhilipsScaleSlope": 0.000531484,
    "PixelBandwidth": 787,
    "ProcedureStepDescription": "COLA",
    "ProtocolName": "sT1W_1MM_COMBO",
    "ReconMatrixPE": 256,
    "RepetitionTime": 0.0123146,
    "SAR": 0.0170603,
    "ScanOptions": "FC",
    "ScanningSequence": "GR",
    "SequenceVariant": "MP",
    "SeriesDescription": "sT1W_1MM_COMBO",
    "SeriesNumber": 502,
    "SliceThickness": 2,
    "SoftwareVersions": "5.6.1\\5.6.1.2",
    "SpacingBetweenSlices": 1,
    "StationName": "",
    "UsePhilipsFloatNotDisplayScaling": 1,
    "WaterFatShift": 0.551729,
    "dataset": "ds004073",
    "modality": "T1w",
    "subject_id": "BAN05"
  },
  "cjv": 0.20961662744364404,
  "cnr": 6.210349185603116,
  "efc": 0.7480052263594139,
  "fber": -1.0,
  "fwhm_avg": 5.338832106666666,
  "fwhm_x": 4.889354239999999,
  "fwhm_y": 5.59070208,
  "fwhm_z": 5.53644,
  "icvs_csf": 0.23536876006417407,
  "icvs_gm": 0.4562472169904611,
  "icvs_wm": 0.3083840229453648,
  "inu_med": 0.6229942440986633,
  "inu_range": 0.213872241973877,
  "provenance": {
    "md5sum": "febbaeb8c788b1c819ecf0022d3579c5",
    "settings": {
      "testing": false
    },
    "software": "mriqc",
    "version": "23.0.0",
    "warnings": {
      "large_rot_frame": true,
      "small_air_mask": false
    },
    "webapi_port": null,
    "webapi_url": "https://mriqc.nimh.nih.gov/api/v1"
  },
  "qi_1": 0.00011250076904822591,
  "qi_2": 1.3540543399588228e-06,
  "rpve_csf": 19.006454771772788,
  "rpve_gm": 10.270389950196144,
  "rpve_wm": 17.338534410262202,
  "size_x": 256,
  "size_y": 256,
  "size_z": 170,
  "snr_csf": 1.1420281339104494,
  "snr_gm": 10.367923340342115,
  "snr_total": 13.554642566850916,
  "snr_wm": 29.15397622630018,
  "snrd_csf": 8.527125913702958,
  "snrd_gm": 65.53254174419867,
  "snrd_total": 61.8878830875353,
  "snrd_wm": 111.60398160470427,
  "spacing_x": 0.9765625,
  "spacing_y": 0.9765625,
  "spacing_z": 1.0,
  "summary_bg_k": 1014.1145248440534,
  "summary_bg_mad": 0.0,
  "summary_bg_mean": 1.9336821680210952,
  "summary_bg_median": 0.0,
  "summary_bg_n": 336484.0,
  "summary_bg_p05": 0.0,
  "summary_bg_p95": 11.04568937420845,
  "summary_bg_stdv": 5.870322589730222,
  "summary_csf_k": 3.8712328558613907,
  "summary_csf_mad": 36.136273334631646,
  "summary_csf_mean": 97.7950991565685,
  "summary_csf_median": 76.4069587290287,
  "summary_csf_n": 84715.0,
  "summary_csf_p05": 34.52919013053179,
  "summary_csf_p95": 251.4948283135891,
  "summary_csf_stdv": 66.90422546887315,
  "summary_gm_k": 0.08626672347248077,
  "summary_gm_mad": 57.60487392529061,
  "summary_gm_mean": 588.6156489590417,
  "summary_gm_median": 587.2016272693872,
  "summary_gm_n": 68738.0,
  "summary_gm_p05": 499.77180083841085,
  "summary_gm_p95": 682.4627105366437,
  "summary_gm_stdv": 56.635966208026645,
  "summary_wm_k": 1.3586615319549136,
  "summary_wm_mad": 28.929319944859603,
  "summary_wm_mean": 998.7107570159102,
  "summary_wm_median": 1000.0228567942977,
  "summary_wm_n": 181480.0,
  "summary_wm_p05": 938.4728067070246,
  "summary_wm_p95": 1052.193199582398,
  "summary_wm_stdv": 34.30132801922456,
  "tpm_overlap_csf": 0.1602182265885085,
  "tpm_overlap_gm": 0.47316474609054365,
  "tpm_overlap_wm": 0.45833326205768116,
  "wm2max": 0.7937793235874862
}