{
  "bids_meta": {
    "AcquisitionMatrixPE": 250,
    "AcquisitionNumber": 6,
    "AcquisitionTime": "",
    "BodyPartExamined": "BRAIN",
    "CoilString": "MULTI COIL",
    "ConversionSoftware": "dcm2niix",
    "ConversionSoftwareVersion": "v1.0.20210317",
    "DeviceSerialNumber": "45128",
    "EchoTime": 0.003478,
    "EchoTrainLength": 560,
    "EstimatedEffectiveEchoSpacing": 4.97191e-06,
    "EstimatedTotalReadoutTime": 0.00126784,
    "FlipAngle": 8,
    "ImageOrientationPatientDICOM": [
      0.999849,
      -0.00222702,
      0.0172438,
      0.000696882,
      0.996099,
      0.088238
    ],
    "ImageType": [
      "ORIGINAL",
      "PRIMARY",
      "M",
      "FFE",
      "M",
      "FFE"
    ],
    "ImagingFrequency": 127.764,
    "InPlanePhaseEncodingDirectionDICOM": "COL",
    "InstitutionAddress": "",
    "InstitutionName": "",
    "InstitutionalDepartmentName": "",
    "MRAcquisitionType": "3D",
    "MagneticFieldStrength": 3,
    "Manufacturer": "Philips",
    "ManufacturersModelName": "Ingenia Elition X",
    "Modality": "MR",
    "ParallelReductionFactorInPlane": 1.73205,
    "ParallelReductionOutOfPlane": 1.73205,
    "PatientPosition": "HFS",
    "PercentPhaseFOV": 100,
    "PercentSampling": 77.9165,
    "PhaseEncodingAxis": "j",
    "PhaseEncodingSteps": 250,
    "PhilipsRWVIntercept": 0,
    "PhilipsRWVSlope": 1,
    "PhilipsRescaleIntercept": 0,
    "PhilipsRescaleSlope": 1,
    "PhilipsScaleSlope": 0.000521082,
    "PixelBandwidth": 787,
    "ProtocolName": "sT1W_1MM_COMBO",
    "ReconMatrixPE": 256,
    "RepetitionTime": 0.0123331,
    "SAR": 0.0170603,
    "ScanOptions": "FC",
    "ScanningSequence": "GR",
    "SequenceVariant": "MP",
    "SeriesDescription": "sT1W_1MM_COMBO",
    "SeriesNumber": 602,
    "SliceThickness": 2,
    "SoftwareVersions": "5.6.1\\5.6.1.3",
    "SpacingBetweenSlices": 1,
    "StationName": "",
    "UsePhilipsFloatNotDisplayScaling": 1,
    "WaterFatShift": 0.551729,
    "dataset": "ds004073",
    "modality": "T1w",
    "subject_id": "BAN10"
  },
  "cjv": 0.2904477395099559,
  "cnr": 4.651856824800569,
  "efc": 0.8037851843292825,
  "fber": -1.0,
  "fwhm_avg": 5.2689768,
  "fwhm_x": 4.91639808,
  "fwhm_y": 5.5292723200000005,
  "fwhm_z": 5.36126,
  "icvs_csf": 0.32696123024429397,
  "icvs_gm": 0.3362615258034451,
  "icvs_wm": 0.336777243952261,
  "inu_med": 0.8492348790168762,
  "inu_range": 0.16428202390670776,
  "provenance": {
    "md5sum": "2fc2f33619f35bb9306a5aa24bccd11a",
    "settings": {
      "testing": false
    },
    "software": "mriqc",
    "version": "23.0.0",
    "warnings": {
      "large_rot_frame": true,
      "small_air_mask": true
    },
    "webapi_port": null,
    "webapi_url": "https://mriqc.nimh.nih.gov/api/v1"
  },
  "qi_1": -1.0,
  "qi_2": 0.0,
  "rpve_csf": 21.93859763985112,
  "rpve_gm": 17.151521816103035,
  "rpve_wm": 22.92794839799105,
  "size_x": 256,
  "size_y": 256,
  "size_z": 170,
  "snr_csf": 2.735009273290759,
  "snr_gm": 8.462270451645555,
  "snr_total": 8.83295490925395,
  "snr_wm": 15.301585002825533,
  "snrd_csf": -1.0,
  "snrd_gm": -1.0,
  "snrd_total": -1.0,
  "snrd_wm": -1.0,
  "spacing_x": 0.9765625,
  "spacing_y": 0.9765625,
  "spacing_z": 1.0,
  "summary_bg_k": 0.0,
  "summary_bg_mad": 0.0,
  "summary_bg_mean": 0.0,
  "summary_bg_median": 0.0,
  "summary_bg_n": 0.0,
  "summary_bg_p05": 0.0,
  "summary_bg_p95": 0.0,
  "summary_bg_stdv": 0.0,
  "summary_csf_k": -0.11500770663686533,
  "summary_csf_mad": 59.59338638827262,
  "summary_csf_mean": 153.8335859995238,
  "summary_csf_median": 154.0163526777178,
  "summary_csf_n": 18682.0,
  "summary_csf_p05": 61.57809366704897,
  "summary_csf_p95": 245.99523879354822,
  "summary_csf_stdv": 56.311410741654065,
  "summary_gm_k": 0.27587936105608746,
  "summary_gm_mad": 66.49778397244471,
  "summary_gm_mean": 564.6209251837408,
  "summary_gm_median": 565.2815264649689,
  "summary_gm_n": 20564.0,
  "summary_gm_p05": 455.5588354822248,
  "summary_gm_p95": 671.9993286952375,
  "summary_gm_stdv": 66.79859561131525,
  "summary_wm_k": 0.5741576969879292,
  "summary_wm_mad": 59.76521528742623,
  "summary_wm_mean": 996.0597901732485,
  "summary_wm_median": 1000.0000044703484,
  "summary_wm_n": 155483.0,
  "summary_wm_p05": 882.9442048911005,
  "summary_wm_p95": 1098.343733837828,
  "summary_wm_stdv": 65.35249704490478,
  "tpm_overlap_csf": 0.11645325763017646,
  "tpm_overlap_gm": 0.36894291525714745,
  "tpm_overlap_wm": 0.4721282216300296,
  "wm2max": 0.8834703682640295
}