{
  "aor": 0.006592390924956369,
  "aqi": 0.010036416282722513,
  "bids_meta": {
    "AcquisitionMatrixPE": 90,
    "AcquisitionNumber": 1,
    "AcquisitionTime": "",
    "BandwidthPerPixelPhaseEncode": 21.786,
    "BaseResolution": 90,
    "BodyPartExamined": "BRAIN",
    "ConsistencyInfo": "N4_VE11C_LATEST_20160120",
    "ConversionSoftware": "dcm2niix",
    "ConversionSoftwareVersion": "v1.0.20210317",
    "DerivedVendorReportedEchoSpacing": 0.000510012,
    "DeviceSerialNumber": "66093",
    "DwellTime": 2e-06,
    "EchoTime": 0.03,
    "EchoTrainLength": 90,
    "EffectiveEchoSpacing": 0.000510012,
    "FlipAngle": 52,
    "ImageComments": "Unaliased MB6/PE3/LB",
    "ImageOrientationPatientDICOM": [
      0.999745,
      0.00228383,
      0.0224788,
      2.12999e-08,
      0.994878,
      -0.10108
    ],
    "ImageType": [
      "ORIGINAL",
      "PRIMARY",
      "M",
      "MB",
      "ND",
      "MOSAIC"
    ],
    "ImagingFrequency": 123.259,
    "InPlanePhaseEncodingDirectionDICOM": "COL",
    "InstitutionAddress": "",
    "InstitutionName": "",
    "InstitutionalDepartmentName": "",
    "MRAcquisitionType": "2D",
    "MagneticFieldStrength": 3,
    "Manufacturer": "Siemens",
    "ManufacturersModelName": "Prisma",
    "Modality": "MR",
    "MultibandAccelerationFactor": 6,
    "PartialFourier": 1,
    "PatientPosition": "HFS",
    "PercentPhaseFOV": 100,
    "PercentSampling": 100,
    "PhaseEncodingDirection": "j-",
    "PhaseEncodingSteps": 90,
    "PhaseResolution": 1,
    "PixelBandwidth": 2780,
    "ProtocolName": "BOLD_2p4_MB6_P1_TE30_TR800_AP",
    "PulseSequenceDetails": "%CustomerSeq%\\cmrr_mbep2d_bold",
    "ReceiveCoilActiveElements": "HEA;HEP",
    "ReceiveCoilName": "Head_32",
    "ReconMatrixPE": 90,
    "RepetitionTime": 0.8,
    "SAR": 0.0819763,
    "ScanOptions": "FS",
    "ScanningSequence": "EP",
    "SequenceName": "epfid2d1_90",
    "SequenceVariant": "SK\\SS",
    "SeriesDescription": "BOLD_2p4_MB6_P1_TE30_TR800_AP",
    "SeriesNumber": 19,
    "ShimSetting": [
      4952,
      -11406,
      -1338,
      385,
      15,
      50,
      -152,
      36
    ],
    "SliceThickness": 2.4,
    "SliceTiming": [
      0,
      0.5475,
      0.3125,
      0.08,
      0.625,
      0.39,
      0.1575,
      0.7025,
      0.4675,
      0.235,
      0,
      0.5475,
      0.3125,
      0.08,
      0.625,
      0.39,
      0.1575,
      0.7025,
      0.4675,
      0.235,
      0,
      0.5475,
      0.3125,
      0.08,
      0.625,
      0.39,
      0.1575,
      0.7025,
      0.4675,
      0.235,
      0,
      0.5475,
      0.3125,
      0.08,
      0.625,
      0.39,
      0.1575,
      0.7025,
      0.4675,
      0.235,
      0,
      0.5475,
      0.3125,
      0.08,
      0.625,
      0.39,
      0.1575,
      0.7025,
      0.4675,
      0.235,
      0,
      0.5475,
      0.3125,
      0.08,
      0.625,
      0.39,
      0.1575,
      0.7025,
      0.4675,
      0.235
    ],
    "SoftwareVersions": "syngo MR E11",
    "SpacingBetweenSlices": 2.4,
    "StationName": "",
    "TaskName": "SG",
    "TotalReadoutTime": 0.045391,
    "TxRefAmp": 270.16,
    "VendorReportedEchoSpacing": 0.00051,
    "WipMemBlock": "7e36f541-e2f9-44b1-96bb-0311eb656596||Sequence: R016 ve11c/master r/e634e98; Dec 19 2017 11:00:25 by eja",
    "dataset": "ds004073",
    "modality": "bold",
    "subject_id": "OXF23",
    "task_id": "SG"
  },
  "dummy_trs": 2,
  "dvars_nstd": 35.2735247711014,
  "dvars_std": 1.0888164102797193,
  "dvars_vstd": 1.0693325266608398,
  "efc": 0.5459056277898084,
  "fber": 628.871337890625,
  "fd_mean": 0.17687751056869044,
  "fd_num": 151,
  "fd_perc": 26.352530541012218,
  "fwhm_avg": 2.969433215338659,
  "fwhm_x": 2.6538498945454796,
  "fwhm_y": 3.055991545232473,
  "fwhm_z": 3.198458206238023,
  "gcor": 0.0175194,
  "gsr_x": -0.019322434440255165,
  "gsr_y": 0.11814066022634506,
  "provenance": {
    "md5sum": "3da7e3a99fab45a52ea255107cc4797c",
    "settings": {
      "fd_thres": 0.2,
      "testing": false
    },
    "software": "mriqc",
    "version": "23.0.0",
    "webapi_port": null,
    "webapi_url": "https://mriqc.nimh.nih.gov/api/v1"
  },
  "size_t": 573,
  "size_x": 90,
  "size_y": 90,
  "size_z": 60,
  "snr": 2.6749197180862243,
  "spacing_tr": 0.800000011920929,
  "spacing_x": 2.4000000953674316,
  "spacing_y": 2.4000000953674316,
  "spacing_z": 2.4000000953674316,
  "summary_bg_k": 22.033862790439887,
  "summary_bg_mad": 96.50498229217408,
  "summary_bg_mean": 350.0061340332031,
  "summary_bg_median": 135.2434539794922,
  "summary_bg_n": 313160.0,
  "summary_bg_p05": 59.521728897094725,
  "summary_bg_p95": 1468.2402709960934,
  "summary_bg_stdv": 587.1057739257812,
  "summary_fg_k": 1.0215150977746363,
  "summary_fg_mad": 1163.401689084698,
  "summary_fg_mean": 3758.636962890625,
  "summary_fg_median": 3515.6728515625,
  "summary_fg_n": 93114.0,
  "summary_fg_p05": 2062.5206909179688,
  "summary_fg_p95": 6341.087915039061,
  "summary_fg_stdv": 1314.3026123046875,
  "tsnr": 33.86813893774524
}