{
  "aor": 0.0007147386759581881,
  "aqi": 0.012047451184668989,
  "bids_meta": {
    "AcquisitionMatrixPE": 90,
    "AcquisitionNumber": 1,
    "AcquisitionTime": "",
    "BandwidthPerPixelPhaseEncode": 21.786,
    "BaseResolution": 90,
    "BodyPartExamined": "BRAIN",
    "ConsistencyInfo": "N4_VE11C_LATEST_20160120",
    "ConversionSoftware": "dcm2niix",
    "ConversionSoftwareVersion": "v1.0.20210317",
    "DerivedVendorReportedEchoSpacing": 0.000510012,
    "DeviceSerialNumber": "66093",
    "DwellTime": 2e-06,
    "EchoTime": 0.03,
    "EchoTrainLength": 90,
    "EffectiveEchoSpacing": 0.000510012,
    "FlipAngle": 52,
    "ImageComments": "Unaliased MB6/PE3/LB",
    "ImageOrientationPatientDICOM": [
      0.999745,
      0.00228383,
      0.0224788,
      2.12999e-08,
      0.994878,
      -0.10108
    ],
    "ImageType": [
      "ORIGINAL",
      "PRIMARY",
      "M",
      "MB",
      "ND",
      "MOSAIC"
    ],
    "ImagingFrequency": 123.259,
    "InPlanePhaseEncodingDirectionDICOM": "COL",
    "InstitutionAddress": "",
    "InstitutionName": "",
    "InstitutionalDepartmentName": "",
    "MRAcquisitionType": "2D",
    "MagneticFieldStrength": 3,
    "Manufacturer": "Siemens",
    "ManufacturersModelName": "Prisma",
    "Modality": "MR",
    "MultibandAccelerationFactor": 6,
    "PartialFourier": 1,
    "PatientPosition": "HFS",
    "PercentPhaseFOV": 100,
    "PercentSampling": 100,
    "PhaseEncodingDirection": "j-",
    "PhaseEncodingSteps": 90,
    "PhaseResolution": 1,
    "PixelBandwidth": 2780,
    "ProtocolName": "BOLD_2p4_MB6_P1_TE30_TR800_AP",
    "PulseSequenceDetails": "%CustomerSeq%\\cmrr_mbep2d_bold",
    "ReceiveCoilActiveElements": "HEA;HEP",
    "ReceiveCoilName": "Head_32",
    "ReconMatrixPE": 90,
    "RepetitionTime": 0.8,
    "SAR": 0.0819763,
    "ScanOptions": "FS",
    "ScanningSequence": "EP",
    "SequenceName": "epfid2d1_90",
    "SequenceVariant": "SK\\SS",
    "SeriesDescription": "BOLD_2p4_MB6_P1_TE30_TR800_AP",
    "SeriesNumber": 7,
    "ShimSetting": [
      4952,
      -11406,
      -1338,
      385,
      15,
      50,
      -152,
      36
    ],
    "SliceThickness": 2.4,
    "SliceTiming": [
      0,
      0.545,
      0.3125,
      0.0775,
      0.6225,
      0.39,
      0.155,
      0.7025,
      0.4675,
      0.2325,
      0,
      0.545,
      0.3125,
      0.0775,
      0.6225,
      0.39,
      0.155,
      0.7025,
      0.4675,
      0.2325,
      0,
      0.545,
      0.3125,
      0.0775,
      0.6225,
      0.39,
      0.155,
      0.7025,
      0.4675,
      0.2325,
      0,
      0.545,
      0.3125,
      0.0775,
      0.6225,
      0.39,
      0.155,
      0.7025,
      0.4675,
      0.2325,
      0,
      0.545,
      0.3125,
      0.0775,
      0.6225,
      0.39,
      0.155,
      0.7025,
      0.4675,
      0.2325,
      0,
      0.545,
      0.3125,
      0.0775,
      0.6225,
      0.39,
      0.155,
      0.7025,
      0.4675,
      0.2325
    ],
    "SoftwareVersions": "syngo MR E11",
    "SpacingBetweenSlices": 2.4,
    "StationName": "",
    "TaskName": "WG",
    "TotalReadoutTime": 0.045391,
    "TxRefAmp": 270.16,
    "VendorReportedEchoSpacing": 0.00051,
    "WipMemBlock": "19b2e1b6-d15b-4003-83a4-64300a4c541f||Sequence: R016 ve11c/master r/e634e98; Dec 19 2017 11:00:25 by eja",
    "dataset": "ds004073",
    "modality": "bold",
    "subject_id": "OXF23",
    "task_id": "WG"
  },
  "dummy_trs": 1,
  "dvars_nstd": 34.38285928500871,
  "dvars_std": 0.9915804738219879,
  "dvars_vstd": 0.9754493533507863,
  "efc": 0.5439421333962843,
  "fber": 658.48193359375,
  "fd_mean": 0.17417637146009796,
  "fd_num": 168,
  "fd_perc": 29.26829268292683,
  "fwhm_avg": 2.974645715131533,
  "fwhm_x": 2.6688582272824357,
  "fwhm_y": 3.086570710684033,
  "fwhm_z": 3.1685082074281294,
  "gcor": 0.0141167,
  "gsr_x": -0.020153693854808807,
  "gsr_y": 0.11472497880458832,
  "provenance": {
    "md5sum": "7da6651d12be673b8d76a75b2cf62076",
    "settings": {
      "fd_thres": 0.2,
      "testing": false
    },
    "software": "mriqc",
    "version": "23.0.0",
    "webapi_port": null,
    "webapi_url": "https://mriqc.nimh.nih.gov/api/v1"
  },
  "size_t": 574,
  "size_x": 90,
  "size_y": 90,
  "size_z": 60,
  "snr": 2.683653437076587,
  "spacing_tr": 0.800000011920929,
  "spacing_x": 2.4000000953674316,
  "spacing_y": 2.4000000953674316,
  "spacing_z": 2.4000000953674316,
  "summary_bg_k": 22.832273401083405,
  "summary_bg_mad": 94.91237712433553,
  "summary_bg_mean": 342.18621826171875,
  "summary_bg_median": 133.47909545898438,
  "summary_bg_n": 312693.0,
  "summary_bg_p05": 60.12892150878906,
  "summary_bg_p95": 1406.03100585937,
  "summary_bg_stdv": 570.6648559570312,
  "summary_fg_k": 0.9411033416134202,
  "summary_fg_mad": 1171.3715809177463,
  "summary_fg_mean": 3784.600830078125,
  "summary_fg_median": 3542.83984375,
  "summary_fg_n": 93469.0,
  "summary_fg_p05": 2078.498291015625,
  "summary_fg_p95": 6386.1568359375,
  "summary_fg_stdv": 1320.1484375,
  "tsnr": 32.024992658989504
}