{
  "aor": 0.0007722513089005236,
  "aqi": 0.0058569644153577665,
  "bids_meta": {
    "AcquisitionMatrixPE": 90,
    "AcquisitionNumber": 1,
    "AcquisitionTime": "",
    "BandwidthPerPixelPhaseEncode": 21.786,
    "BaseResolution": 90,
    "BodyPartExamined": "BRAIN",
    "ConsistencyInfo": "N4_VE11C_LATEST_20160120",
    "ConversionSoftware": "dcm2niix",
    "ConversionSoftwareVersion": "v1.0.20210317",
    "DerivedVendorReportedEchoSpacing": 0.000510012,
    "DeviceSerialNumber": "66093",
    "DwellTime": 2e-06,
    "EchoTime": 0.03,
    "EchoTrainLength": 90,
    "EffectiveEchoSpacing": 0.000510012,
    "FlipAngle": 52,
    "ImageComments": "Unaliased MB6/PE3/LB",
    "ImageOrientationPatientDICOM": [
      0.999745,
      0.00228383,
      0.0224788,
      2.12999e-08,
      0.994878,
      -0.10108
    ],
    "ImageType": [
      "ORIGINAL",
      "PRIMARY",
      "M",
      "MB",
      "ND",
      "MOSAIC"
    ],
    "ImagingFrequency": 123.259,
    "InPlanePhaseEncodingDirectionDICOM": "COL",
    "InstitutionAddress": "",
    "InstitutionName": "",
    "InstitutionalDepartmentName": "",
    "MRAcquisitionType": "2D",
    "MagneticFieldStrength": 3,
    "Manufacturer": "Siemens",
    "ManufacturersModelName": "Prisma",
    "Modality": "MR",
    "MultibandAccelerationFactor": 6,
    "PartialFourier": 1,
    "PatientPosition": "HFS",
    "PercentPhaseFOV": 100,
    "PercentSampling": 100,
    "PhaseEncodingDirection": "j-",
    "PhaseEncodingSteps": 90,
    "PhaseResolution": 1,
    "PixelBandwidth": 2780,
    "ProtocolName": "BOLD_2p4_MB6_P1_TE30_TR800_AP",
    "PulseSequenceDetails": "%CustomerSeq%\\cmrr_mbep2d_bold",
    "ReceiveCoilActiveElements": "HEA;HEP",
    "ReceiveCoilName": "Head_32",
    "ReconMatrixPE": 90,
    "RepetitionTime": 0.8,
    "SAR": 0.0819763,
    "ScanOptions": "FS",
    "ScanningSequence": "EP",
    "SequenceName": "epfid2d1_90",
    "SequenceVariant": "SK\\SS",
    "SeriesDescription": "BOLD_2p4_MB6_P1_TE30_TR800_AP",
    "SeriesNumber": 5,
    "ShimSetting": [
      4952,
      -11406,
      -1338,
      385,
      15,
      50,
      -152,
      36
    ],
    "SliceThickness": 2.4,
    "SliceTiming": [
      0,
      0.545,
      0.31,
      0.0775,
      0.6225,
      0.39,
      0.155,
      0.7,
      0.4675,
      0.2325,
      0,
      0.545,
      0.31,
      0.0775,
      0.6225,
      0.39,
      0.155,
      0.7,
      0.4675,
      0.2325,
      0,
      0.545,
      0.31,
      0.0775,
      0.6225,
      0.39,
      0.155,
      0.7,
      0.4675,
      0.2325,
      0,
      0.545,
      0.31,
      0.0775,
      0.6225,
      0.39,
      0.155,
      0.7,
      0.4675,
      0.2325,
      0,
      0.545,
      0.31,
      0.0775,
      0.6225,
      0.39,
      0.155,
      0.7,
      0.4675,
      0.2325,
      0,
      0.545,
      0.31,
      0.0775,
      0.6225,
      0.39,
      0.155,
      0.7,
      0.4675,
      0.2325
    ],
    "SoftwareVersions": "syngo MR E11",
    "SpacingBetweenSlices": 2.4,
    "StationName": "",
    "TaskName": "SD",
    "TotalReadoutTime": 0.045391,
    "TxRefAmp": 270.16,
    "VendorReportedEchoSpacing": 0.00051,
    "WipMemBlock": "98fbb2ff-18d0-428a-9113-8b502fe383a3||Sequence: R016 ve11c/master r/e634e98; Dec 19 2017 11:00:25 by eja",
    "dataset": "ds004073",
    "modality": "bold",
    "subject_id": "OXF23",
    "task_id": "SD"
  },
  "dummy_trs": 2,
  "dvars_nstd": 32.38068328202797,
  "dvars_std": 1.0204616266783206,
  "dvars_vstd": 0.9988075692482516,
  "efc": 0.5440482595541493,
  "fber": 650.7858276367188,
  "fd_mean": 0.13861660219875463,
  "fd_num": 75,
  "fd_perc": 13.089005235602095,
  "fwhm_avg": 2.9809234926598536,
  "fwhm_x": 2.6747582270479904,
  "fwhm_y": 3.0761332110987816,
  "fwhm_z": 3.191879039832789,
  "gcor": 0.00489403,
  "gsr_x": -0.02067483961582184,
  "gsr_y": 0.11626303195953369,
  "provenance": {
    "md5sum": "f279681c0bc9aae92956e1795bef6a77",
    "settings": {
      "fd_thres": 0.2,
      "testing": false
    },
    "software": "mriqc",
    "version": "23.0.0",
    "webapi_port": null,
    "webapi_url": "https://mriqc.nimh.nih.gov/api/v1"
  },
  "size_t": 573,
  "size_x": 90,
  "size_y": 90,
  "size_z": 60,
  "snr": 2.665059376455894,
  "spacing_tr": 0.800000011920929,
  "spacing_x": 2.4000000953674316,
  "spacing_y": 2.4000000953674316,
  "spacing_z": 2.4000000953674316,
  "summary_bg_k": 23.110174117799247,
  "summary_bg_mad": 93.6911464379879,
  "summary_bg_mean": 341.7124938964844,
  "summary_bg_median": 133.08726501464844,
  "summary_bg_n": 312063.0,
  "summary_bg_p05": 60.19563598632813,
  "summary_bg_p95": 1404.4385253906235,
  "summary_bg_stdv": 576.393310546875,
  "summary_fg_k": 1.0233934123736486,
  "summary_fg_mad": 1173.5636314634664,
  "summary_fg_mean": 3786.578125,
  "summary_fg_median": 3541.62841796875,
  "summary_fg_n": 93642.0,
  "summary_fg_p05": 2083.4428833007814,
  "summary_fg_p95": 6411.03759765625,
  "summary_fg_stdv": 1328.904541015625,
  "tsnr": 39.604474162799306
}