{
  "aor": 0.000904622144112478,
  "aqi": 0.00524601316344464,
  "bids_meta": {
    "AcquisitionMatrixPE": 90,
    "AcquisitionNumber": 1,
    "AcquisitionTime": "",
    "BandwidthPerPixelPhaseEncode": 21.786,
    "BaseResolution": 90,
    "BodyPartExamined": "BRAIN",
    "ConsistencyInfo": "N4_VE11C_LATEST_20160120",
    "ConversionSoftware": "dcm2niix",
    "ConversionSoftwareVersion": "v1.0.20210317",
    "DerivedVendorReportedEchoSpacing": 0.000510012,
    "DeviceSerialNumber": "66093",
    "DwellTime": 2e-06,
    "EchoTime": 0.03,
    "EchoTrainLength": 90,
    "EffectiveEchoSpacing": 0.000510012,
    "FlipAngle": 52,
    "ImageComments": "Unaliased MB6/PE3/LB",
    "ImageOrientationPatientDICOM": [
      0.999745,
      0.00228383,
      0.0224788,
      2.12999e-08,
      0.994878,
      -0.10108
    ],
    "ImageType": [
      "ORIGINAL",
      "PRIMARY",
      "M",
      "MB",
      "ND",
      "MOSAIC"
    ],
    "ImagingFrequency": 123.259,
    "InPlanePhaseEncodingDirectionDICOM": "COL",
    "InstitutionAddress": "",
    "InstitutionName": "",
    "InstitutionalDepartmentName": "",
    "MRAcquisitionType": "2D",
    "MagneticFieldStrength": 3,
    "Manufacturer": "Siemens",
    "ManufacturersModelName": "Prisma",
    "Modality": "MR",
    "MultibandAccelerationFactor": 6,
    "PartialFourier": 1,
    "PatientPosition": "HFS",
    "PercentPhaseFOV": 100,
    "PercentSampling": 100,
    "PhaseEncodingDirection": "j-",
    "PhaseEncodingSteps": 90,
    "PhaseResolution": 1,
    "PixelBandwidth": 2780,
    "ProtocolName": "BOLD_2p4_MB6_P1_TE30_TR800_AP",
    "PulseSequenceDetails": "%CustomerSeq%\\cmrr_mbep2d_bold",
    "ReceiveCoilActiveElements": "HEA;HEP",
    "ReceiveCoilName": "Head_32",
    "ReconMatrixPE": 90,
    "RepetitionTime": 0.8,
    "SAR": 0.0819763,
    "ScanOptions": "FS",
    "ScanningSequence": "EP",
    "SequenceName": "epfid2d1_90",
    "SequenceVariant": "SK\\SS",
    "SeriesDescription": "BOLD_2p4_MB6_P1_TE30_TR800_AP",
    "SeriesNumber": 17,
    "ShimSetting": [
      4952,
      -11406,
      -1338,
      385,
      15,
      50,
      -152,
      36
    ],
    "SliceThickness": 2.4,
    "SliceTiming": [
      0,
      0.5475,
      0.3125,
      0.0775,
      0.625,
      0.39,
      0.1575,
      0.7025,
      0.4675,
      0.235,
      0,
      0.5475,
      0.3125,
      0.0775,
      0.625,
      0.39,
      0.1575,
      0.7025,
      0.4675,
      0.235,
      0,
      0.5475,
      0.3125,
      0.0775,
      0.625,
      0.39,
      0.1575,
      0.7025,
      0.4675,
      0.235,
      0,
      0.5475,
      0.3125,
      0.0775,
      0.625,
      0.39,
      0.1575,
      0.7025,
      0.4675,
      0.235,
      0,
      0.5475,
      0.3125,
      0.0775,
      0.625,
      0.39,
      0.1575,
      0.7025,
      0.4675,
      0.235,
      0,
      0.5475,
      0.3125,
      0.0775,
      0.625,
      0.39,
      0.1575,
      0.7025,
      0.4675,
      0.235
    ],
    "SoftwareVersions": "syngo MR E11",
    "SpacingBetweenSlices": 2.4,
    "StationName": "",
    "TaskName": "PD",
    "TotalReadoutTime": 0.045391,
    "TxRefAmp": 270.16,
    "VendorReportedEchoSpacing": 0.00051,
    "WipMemBlock": "0ff9fd8c-7785-48bb-a842-e1ae24296890||Sequence: R016 ve11c/master r/e634e98; Dec 19 2017 11:00:25 by eja",
    "dataset": "ds004073",
    "modality": "bold",
    "subject_id": "OXF23",
    "task_id": "PD"
  },
  "dummy_trs": 6,
  "dvars_nstd": 33.74731411070426,
  "dvars_std": 1.0431854431161973,
  "dvars_vstd": 1.005203597887324,
  "efc": 0.5446106105106187,
  "fber": 637.59033203125,
  "fd_mean": 0.14429869172011292,
  "fd_num": 113,
  "fd_perc": 19.85940246045694,
  "fwhm_avg": 2.9248707171094135,
  "fwhm_x": 2.624287395720188,
  "fwhm_y": 3.0176040467578553,
  "fwhm_z": 3.1327207088501967,
  "gcor": 0.00716692,
  "gsr_x": -0.019998133182525635,
  "gsr_y": 0.11819346249103546,
  "provenance": {
    "md5sum": "cdab03257bdbc6d455679d4d453cff2d",
    "settings": {
      "fd_thres": 0.2,
      "testing": false
    },
    "software": "mriqc",
    "version": "23.0.0",
    "webapi_port": null,
    "webapi_url": "https://mriqc.nimh.nih.gov/api/v1"
  },
  "size_t": 569,
  "size_x": 90,
  "size_y": 90,
  "size_z": 60,
  "snr": 2.68026231235373,
  "spacing_tr": 0.800000011920929,
  "spacing_x": 2.4000000953674316,
  "spacing_y": 2.4000000953674316,
  "spacing_z": 2.4000000953674316,
  "summary_bg_k": 23.01051080242742,
  "summary_bg_mad": 94.00844132042886,
  "summary_bg_mean": 348.81707763671875,
  "summary_bg_median": 134.02987670898438,
  "summary_bg_n": 313768.0,
  "summary_bg_p05": 60.43585205078125,
  "summary_bg_p95": 1463.1684875488252,
  "summary_bg_stdv": 592.1676025390625,
  "summary_fg_k": 1.0354175857615138,
  "summary_fg_mad": 1155.757564340677,
  "summary_fg_mean": 3751.13134765625,
  "summary_fg_median": 3507.819091796875,
  "summary_fg_n": 92703.0,
  "summary_fg_p05": 2072.5978759765626,
  "summary_fg_p95": 6328.279492187497,
  "summary_fg_stdv": 1308.7525634765625,
  "tsnr": 41.369610995054245
}