{
  "aor": 0.0022775131348511386,
  "aqi": 0.007968052907180386,
  "bids_meta": {
    "AcquisitionMatrixPE": 90,
    "AcquisitionNumber": 1,
    "AcquisitionTime": "",
    "BandwidthPerPixelPhaseEncode": 21.786,
    "BaseResolution": 90,
    "BodyPartExamined": "BRAIN",
    "ConsistencyInfo": "N4_VE11C_LATEST_20160120",
    "ConversionSoftware": "dcm2niix",
    "ConversionSoftwareVersion": "v1.0.20210317",
    "DerivedVendorReportedEchoSpacing": 0.000510012,
    "DeviceSerialNumber": "66093",
    "DwellTime": 2e-06,
    "EchoTime": 0.03,
    "EchoTrainLength": 90,
    "EffectiveEchoSpacing": 0.000510012,
    "FlipAngle": 52,
    "ImageComments": "Unaliased MB6/PE3/LB",
    "ImageOrientationPatientDICOM": [
      0.999745,
      0.00228383,
      0.0224788,
      2.12999e-08,
      0.994878,
      -0.10108
    ],
    "ImageType": [
      "ORIGINAL",
      "PRIMARY",
      "M",
      "MB",
      "ND",
      "MOSAIC"
    ],
    "ImagingFrequency": 123.259,
    "InPlanePhaseEncodingDirectionDICOM": "COL",
    "InstitutionAddress": "",
    "InstitutionName": "",
    "InstitutionalDepartmentName": "",
    "MRAcquisitionType": "2D",
    "MagneticFieldStrength": 3,
    "Manufacturer": "Siemens",
    "ManufacturersModelName": "Prisma",
    "Modality": "MR",
    "MultibandAccelerationFactor": 6,
    "PartialFourier": 1,
    "PatientPosition": "HFS",
    "PercentPhaseFOV": 100,
    "PercentSampling": 100,
    "PhaseEncodingDirection": "j-",
    "PhaseEncodingSteps": 90,
    "PhaseResolution": 1,
    "PixelBandwidth": 2780,
    "ProtocolName": "BOLD_2p4_MB6_P1_TE30_TR800_AP",
    "PulseSequenceDetails": "%CustomerSeq%\\cmrr_mbep2d_bold",
    "ReceiveCoilActiveElements": "HEA;HEP",
    "ReceiveCoilName": "Head_32",
    "ReconMatrixPE": 90,
    "RepetitionTime": 0.8,
    "SAR": 0.0819763,
    "ScanOptions": "FS",
    "ScanningSequence": "EP",
    "SequenceName": "epfid2d1_90",
    "SequenceVariant": "SK\\SS",
    "SeriesDescription": "BOLD_2p4_MB6_P1_TE30_TR800_AP",
    "SeriesNumber": 15,
    "ShimSetting": [
      4952,
      -11406,
      -1338,
      385,
      15,
      50,
      -152,
      36
    ],
    "SliceThickness": 2.4,
    "SliceTiming": [
      0,
      0.5475,
      0.3125,
      0.0775,
      0.625,
      0.39,
      0.1575,
      0.7025,
      0.4675,
      0.235,
      0,
      0.5475,
      0.3125,
      0.0775,
      0.625,
      0.39,
      0.1575,
      0.7025,
      0.4675,
      0.235,
      0,
      0.5475,
      0.3125,
      0.0775,
      0.625,
      0.39,
      0.1575,
      0.7025,
      0.4675,
      0.235,
      0,
      0.5475,
      0.3125,
      0.0775,
      0.625,
      0.39,
      0.1575,
      0.7025,
      0.4675,
      0.235,
      0,
      0.5475,
      0.3125,
      0.0775,
      0.625,
      0.39,
      0.1575,
      0.7025,
      0.4675,
      0.235,
      0,
      0.5475,
      0.3125,
      0.0775,
      0.625,
      0.39,
      0.1575,
      0.7025,
      0.4675,
      0.235
    ],
    "SoftwareVersions": "syngo MR E11",
    "SpacingBetweenSlices": 2.4,
    "StationName": "",
    "TaskName": "WC",
    "TotalReadoutTime": 0.045391,
    "TxRefAmp": 270.16,
    "VendorReportedEchoSpacing": 0.00051,
    "WipMemBlock": "f7a3bb05-2561-4474-ae3b-dd9e6cc7649d||Sequence: R016 ve11c/master r/e634e98; Dec 19 2017 11:00:25 by eja",
    "dataset": "ds004073",
    "modality": "bold",
    "subject_id": "OXF23",
    "task_id": "WC"
  },
  "dummy_trs": 4,
  "dvars_nstd": 33.217678866210484,
  "dvars_std": 1.0336816935263164,
  "dvars_vstd": 1.0164250234561407,
  "efc": 0.5473628298021872,
  "fber": 618.1720581054688,
  "fd_mean": 0.15648854692864797,
  "fd_num": 109,
  "fd_perc": 19.089316987740805,
  "fwhm_avg": 2.9693623820081405,
  "fwhm_x": 2.6649957274359175,
  "fwhm_y": 3.079420710968148,
  "fwhm_z": 3.163670707620354,
  "gcor": 0.0087962,
  "gsr_x": -0.021420426666736603,
  "gsr_y": 0.11746779084205627,
  "provenance": {
    "md5sum": "6a88f41ff571381b953f258e0399e96c",
    "settings": {
      "fd_thres": 0.2,
      "testing": false
    },
    "software": "mriqc",
    "version": "23.0.0",
    "webapi_port": null,
    "webapi_url": "https://mriqc.nimh.nih.gov/api/v1"
  },
  "size_t": 571,
  "size_x": 90,
  "size_y": 90,
  "size_z": 60,
  "snr": 2.6508427794121694,
  "spacing_tr": 0.800000011920929,
  "spacing_x": 2.4000000953674316,
  "spacing_y": 2.4000000953674316,
  "spacing_z": 2.4000000953674316,
  "summary_bg_k": 22.38259899495409,
  "summary_bg_mad": 98.10749620897053,
  "summary_bg_mean": 358.1973571777344,
  "summary_bg_median": 137.7276611328125,
  "summary_bg_n": 312252.0,
  "summary_bg_p05": 61.25394058227539,
  "summary_bg_p95": 1485.6579406738288,
  "summary_bg_stdv": 599.5940551757812,
  "summary_fg_k": 1.0411203676808318,
  "summary_fg_mad": 1178.7545490453974,
  "summary_fg_mean": 3781.285888671875,
  "summary_fg_median": 3537.094482421875,
  "summary_fg_n": 93815.0,
  "summary_fg_p05": 2055.732568359375,
  "summary_fg_p95": 6404.804199218752,
  "summary_fg_stdv": 1334.3211669921875,
  "tsnr": 35.29060960630886
}