{
  "bids_meta": {
    "AcquisitionMatrixPE": 174,
    "AcquisitionNumber": 1,
    "AcquisitionTime": "",
    "BaseResolution": 192,
    "BodyPartExamined": "BRAIN",
    "ConsistencyInfo": "N4_VE11C_LATEST_20160120",
    "ConversionSoftware": "dcm2niix",
    "ConversionSoftwareVersion": "v1.0.20210317",
    "DeviceSerialNumber": "66093",
    "DwellTime": 1.3e-05,
    "EchoTime": 0.00397,
    "FlipAngle": 8,
    "ImageOrientationPatientDICOM": [
      0.999457,
      0.0038476,
      0.0327356,
      1.8188e-11,
      0.993163,
      -0.116732
    ],
    "ImageType": [
      "ORIGINAL",
      "PRIMARY",
      "M",
      "ND",
      "NORM"
    ],
    "ImagingFrequency": 123.259,
    "InPlanePhaseEncodingDirectionDICOM": "ROW",
    "InstitutionAddress": "",
    "InstitutionName": "",
    "InstitutionalDepartmentName": "",
    "InversionTime": 0.904,
    "MRAcquisitionType": "3D",
    "MagneticFieldStrength": 3,
    "Manufacturer": "Siemens",
    "ManufacturersModelName": "Prisma",
    "Modality": "MR",
    "PartialFourier": 1,
    "PatientPosition": "HFS",
    "PercentPhaseFOV": 90.625,
    "PercentSampling": 100,
    "PhaseEncodingSteps": 174,
    "PhaseResolution": 1,
    "PixelBandwidth": 200,
    "ProtocolName": "t1_mpr_ax_1mm_iso_32ch_v2",
    "PulseSequenceDetails": "%SiemensSeq%\\tfl",
    "ReceiveCoilActiveElements": "HEA;HEP",
    "ReceiveCoilName": "Head_32",
    "ReconMatrixPE": 174,
    "RepetitionTime": 1.9,
    "SAR": 0.0628055,
    "ScanOptions": "IR\\WE",
    "ScanningSequence": "GR\\IR",
    "SequenceName": "*tfl3d1_16",
    "SequenceVariant": "SK\\SP\\MP",
    "SeriesDescription": "t1_mpr_ax_1mm_iso_32ch_v2",
    "SeriesNumber": 13,
    "ShimSetting": [
      4972,
      -11424,
      -1333,
      433,
      91,
      -48,
      -91,
      46
    ],
    "SliceThickness": 1,
    "SoftwareVersions": "syngo MR E11",
    "StationName": "",
    "TxRefAmp": 270.049,
    "dataset": "ds004073",
    "modality": "T1w",
    "subject_id": "OXF27"
  },
  "cjv": 0.33117639417297,
  "cnr": 4.0077894663200135,
  "efc": 0.6001970150115619,
  "fber": 45758.79017013233,
  "fwhm_avg": 4.70497,
  "fwhm_x": 4.53856,
  "fwhm_y": 5.02918,
  "fwhm_z": 4.54717,
  "icvs_csf": 0.25160422854517833,
  "icvs_gm": 0.4097463618997483,
  "icvs_wm": 0.3386494095550734,
  "inu_med": 0.40571674704551697,
  "inu_range": 0.16000577807426453,
  "provenance": {
    "md5sum": "71aee246cc3c6d8dcb61b4f038f582cd",
    "settings": {
      "testing": false
    },
    "software": "mriqc",
    "version": "23.0.0",
    "warnings": {
      "large_rot_frame": true,
      "small_air_mask": false
    },
    "webapi_port": null,
    "webapi_url": "https://mriqc.nimh.nih.gov/api/v1"
  },
  "qi_1": 0.0,
  "qi_2": 0.016511059780190646,
  "rpve_csf": 11.157057690883507,
  "rpve_gm": 6.701856714439956,
  "rpve_wm": 9.559905049828474,
  "size_x": 174,
  "size_y": 192,
  "size_z": 192,
  "snr_csf": 2.871415388902824,
  "snr_gm": 13.253138970850916,
  "snr_total": 16.211568716208006,
  "snr_wm": 32.510151788870274,
  "snrd_csf": 34.367860282988715,
  "snrd_gm": 92.08224503587849,
  "snrd_total": 83.4678404687266,
  "snrd_wm": 123.95341608731262,
  "spacing_x": 1.0,
  "spacing_y": 1.0,
  "spacing_z": 1.0,
  "summary_bg_k": 339.92110340954326,
  "summary_bg_mad": 0.0,
  "summary_bg_mean": 2.9121036251920187,
  "summary_bg_median": 0.0,
  "summary_bg_n": 1684875.0,
  "summary_bg_p05": 0.0,
  "summary_bg_p95": 13.72055858373642,
  "summary_bg_stdv": 5.285444600982463,
  "summary_csf_k": 1.4370223541298506,
  "summary_csf_mad": 74.5595592239133,
  "summary_csf_mean": 286.11045511629317,
  "summary_csf_median": 277.2696213796735,
  "summary_csf_n": 75026.0,
  "summary_csf_p05": 125.90518133714795,
  "summary_csf_p95": 459.8626244487241,
  "summary_csf_stdv": 96.56135946805567,
  "summary_gm_k": 0.07478704433545769,
  "summary_gm_mad": 55.291041076619294,
  "summary_gm_mean": 741.3935863480364,
  "summary_gm_median": 742.8920219838619,
  "summary_gm_n": 40044.0,
  "summary_gm_p05": 647.4988856138662,
  "summary_gm_p95": 831.3133995234966,
  "summary_gm_stdv": 56.053343107102435,
  "summary_wm_k": 0.4242243635365379,
  "summary_wm_mad": 29.863377832389677,
  "summary_wm_mean": 1000.3376204326963,
  "summary_wm_median": 1000.0191011093557,
  "summary_wm_n": 209436.0,
  "summary_wm_p05": 950.4916958883405,
  "summary_wm_p95": 1050.5755482241511,
  "summary_wm_stdv": 30.760136716405537,
  "tpm_overlap_csf": 0.17020629152496494,
  "tpm_overlap_gm": 0.46649488040027537,
  "tpm_overlap_wm": 0.5098754347071006,
  "wm2max": 0.9167889587700908
}