{
  "aor": 0.004322491289198606,
  "aqi": 0.008026519355400698,
  "bids_meta": {
    "AcquisitionMatrixPE": 90,
    "AcquisitionNumber": 1,
    "AcquisitionTime": "",
    "BandwidthPerPixelPhaseEncode": 21.786,
    "BaseResolution": 90,
    "BodyPartExamined": "BRAIN",
    "ConsistencyInfo": "N4_VE11C_LATEST_20160120",
    "ConversionSoftware": "dcm2niix",
    "ConversionSoftwareVersion": "v1.0.20210317",
    "DerivedVendorReportedEchoSpacing": 0.000510012,
    "DeviceSerialNumber": "66093",
    "DwellTime": 2e-06,
    "EchoTime": 0.03,
    "EchoTrainLength": 90,
    "EffectiveEchoSpacing": 0.000510012,
    "FlipAngle": 52,
    "ImageComments": "Unaliased MB6/PE3/LB",
    "ImageOrientationPatientDICOM": [
      0.999999,
      -7.60034e-05,
      -0.00174054,
      1.14261e-08,
      0.999048,
      -0.0436184
    ],
    "ImageType": [
      "ORIGINAL",
      "PRIMARY",
      "M",
      "MB",
      "ND",
      "MOSAIC"
    ],
    "ImagingFrequency": 123.26,
    "InPlanePhaseEncodingDirectionDICOM": "COL",
    "InstitutionAddress": "",
    "InstitutionName": "",
    "InstitutionalDepartmentName": "",
    "MRAcquisitionType": "2D",
    "MagneticFieldStrength": 3,
    "Manufacturer": "Siemens",
    "ManufacturersModelName": "Prisma",
    "Modality": "MR",
    "MultibandAccelerationFactor": 6,
    "PartialFourier": 1,
    "PatientPosition": "HFS",
    "PercentPhaseFOV": 100,
    "PercentSampling": 100,
    "PhaseEncodingDirection": "j-",
    "PhaseEncodingSteps": 90,
    "PhaseResolution": 1,
    "PixelBandwidth": 2780,
    "ProcedureStepDescription": "OHBA Projects VE11C^2021_110 Lateralisation in fTCD and fMRI",
    "ProtocolName": "BOLD_2p4_MB6_P1_TE30_TR800_AP",
    "PulseSequenceDetails": "%CustomerSeq%\\cmrr_mbep2d_bold",
    "ReceiveCoilActiveElements": "HEA;HEP",
    "ReceiveCoilName": "Head_32",
    "ReconMatrixPE": 90,
    "RepetitionTime": 0.8,
    "SAR": 0.0640291,
    "ScanOptions": "FS",
    "ScanningSequence": "EP",
    "SequenceName": "epfid2d1_90",
    "SequenceVariant": "SK\\SS",
    "SeriesDescription": "BOLD_2p4_MB6_P1_TE30_TR800_AP",
    "SeriesNumber": 19,
    "ShimSetting": [
      4954,
      -11409,
      -1358,
      568,
      68,
      75,
      -56,
      28
    ],
    "SliceThickness": 2.4,
    "SliceTiming": [
      0,
      0.545,
      0.31,
      0.0775,
      0.6225,
      0.39,
      0.155,
      0.7,
      0.4675,
      0.2325,
      0,
      0.545,
      0.31,
      0.0775,
      0.6225,
      0.39,
      0.155,
      0.7,
      0.4675,
      0.2325,
      0,
      0.545,
      0.31,
      0.0775,
      0.6225,
      0.39,
      0.155,
      0.7,
      0.4675,
      0.2325,
      0,
      0.545,
      0.31,
      0.0775,
      0.6225,
      0.39,
      0.155,
      0.7,
      0.4675,
      0.2325,
      0,
      0.545,
      0.31,
      0.0775,
      0.6225,
      0.39,
      0.155,
      0.7,
      0.4675,
      0.2325,
      0,
      0.545,
      0.31,
      0.0775,
      0.6225,
      0.39,
      0.155,
      0.7,
      0.4675,
      0.2325
    ],
    "SoftwareVersions": "syngo MR E11",
    "SpacingBetweenSlices": 2.4,
    "StationName": "",
    "TaskName": "SC",
    "TotalReadoutTime": 0.045391,
    "TxRefAmp": 236.469,
    "VendorReportedEchoSpacing": 0.00051,
    "WipMemBlock": "e267fe0d-2569-40e4-adda-fd9689d9c3cf||Sequence: R016 ve11c/master r/e634e98; Dec 19 2017 11:00:25 by eja",
    "dataset": "ds004073",
    "modality": "bold",
    "subject_id": "OXF15",
    "task_id": "SC"
  },
  "dummy_trs": 1,
  "dvars_nstd": 32.51502049357766,
  "dvars_std": 1.0801248074520082,
  "dvars_vstd": 1.0539222457417097,
  "efc": 0.5211197138456088,
  "fber": 871.36474609375,
  "fd_mean": 0.1307093471017301,
  "fd_num": 59,
  "fd_perc": 10.278745644599303,
  "fwhm_avg": 2.7427555388915654,
  "fwhm_x": 2.5598998982787173,
  "fwhm_y": 2.8802957188806646,
  "fwhm_z": 2.788070999515315,
  "gcor": 0.0142588,
  "gsr_x": -0.02475142665207386,
  "gsr_y": 0.09537265449762344,
  "provenance": {
    "md5sum": "6bb3aab6e130f6eabca48e15de2d3298",
    "settings": {
      "fd_thres": 0.2,
      "testing": false
    },
    "software": "mriqc",
    "version": "23.0.0",
    "webapi_port": null,
    "webapi_url": "https://mriqc.nimh.nih.gov/api/v1"
  },
  "size_t": 574,
  "size_x": 90,
  "size_y": 90,
  "size_z": 60,
  "snr": 2.9753543387615284,
  "spacing_tr": 0.800000011920929,
  "spacing_x": 2.4000000953674316,
  "spacing_y": 2.4000000953674316,
  "spacing_z": 2.3999998569488525,
  "summary_bg_k": 23.804732472078456,
  "summary_bg_mad": 78.86462655321253,
  "summary_bg_mean": 289.5734558105469,
  "summary_bg_median": 119.33798217773438,
  "summary_bg_n": 324878.0,
  "summary_bg_p05": 60.03658676147461,
  "summary_bg_p95": 1145.3582092285142,
  "summary_bg_stdv": 460.1952209472656,
  "summary_fg_k": 0.7741371619897857,
  "summary_fg_mad": 1103.4357502086007,
  "summary_fg_mean": 3807.325927734375,
  "summary_fg_median": 3603.64990234375,
  "summary_fg_n": 83979.0,
  "summary_fg_p05": 2161.2052001953125,
  "summary_fg_p95": 6084.8603515625,
  "summary_fg_stdv": 1211.159423828125,
  "tsnr": 34.94354168570135
}