{
  "aor": 0.0009244328097731239,
  "aqi": 0.006908495445026178,
  "bids_meta": {
    "AcquisitionMatrixPE": 90,
    "AcquisitionNumber": 1,
    "AcquisitionTime": "",
    "BandwidthPerPixelPhaseEncode": 21.786,
    "BaseResolution": 90,
    "BodyPartExamined": "BRAIN",
    "ConsistencyInfo": "N4_VE11C_LATEST_20160120",
    "ConversionSoftware": "dcm2niix",
    "ConversionSoftwareVersion": "v1.0.20210317",
    "DerivedVendorReportedEchoSpacing": 0.000510012,
    "DeviceSerialNumber": "66093",
    "DwellTime": 2e-06,
    "EchoTime": 0.03,
    "EchoTrainLength": 90,
    "EffectiveEchoSpacing": 0.000510012,
    "FlipAngle": 52,
    "ImageComments": "Unaliased MB6/PE3/LB",
    "ImageOrientationPatientDICOM": [
      0.999999,
      -7.60034e-05,
      -0.00174054,
      1.14261e-08,
      0.999048,
      -0.0436184
    ],
    "ImageType": [
      "ORIGINAL",
      "PRIMARY",
      "M",
      "MB",
      "ND",
      "MOSAIC"
    ],
    "ImagingFrequency": 123.26,
    "InPlanePhaseEncodingDirectionDICOM": "COL",
    "InstitutionAddress": "",
    "InstitutionName": "",
    "InstitutionalDepartmentName": "",
    "MRAcquisitionType": "2D",
    "MagneticFieldStrength": 3,
    "Manufacturer": "Siemens",
    "ManufacturersModelName": "Prisma",
    "Modality": "MR",
    "MultibandAccelerationFactor": 6,
    "PartialFourier": 1,
    "PatientPosition": "HFS",
    "PercentPhaseFOV": 100,
    "PercentSampling": 100,
    "PhaseEncodingDirection": "j-",
    "PhaseEncodingSteps": 90,
    "PhaseResolution": 1,
    "PixelBandwidth": 2780,
    "ProcedureStepDescription": "OHBA Projects VE11C^2021_110 Lateralisation in fTCD and fMRI",
    "ProtocolName": "BOLD_2p4_MB6_P1_TE30_TR800_AP",
    "PulseSequenceDetails": "%CustomerSeq%\\cmrr_mbep2d_bold",
    "ReceiveCoilActiveElements": "HEA;HEP",
    "ReceiveCoilName": "Head_32",
    "ReconMatrixPE": 90,
    "RepetitionTime": 0.8,
    "SAR": 0.0640291,
    "ScanOptions": "FS",
    "ScanningSequence": "EP",
    "SequenceName": "epfid2d1_90",
    "SequenceVariant": "SK\\SS",
    "SeriesDescription": "BOLD_2p4_MB6_P1_TE30_TR800_AP",
    "SeriesNumber": 5,
    "ShimSetting": [
      4954,
      -11409,
      -1358,
      568,
      68,
      75,
      -56,
      28
    ],
    "SliceThickness": 2.4,
    "SliceTiming": [
      0,
      0.545,
      0.31,
      0.0775,
      0.6225,
      0.39,
      0.155,
      0.7,
      0.4675,
      0.2325,
      0,
      0.545,
      0.31,
      0.0775,
      0.6225,
      0.39,
      0.155,
      0.7,
      0.4675,
      0.2325,
      0,
      0.545,
      0.31,
      0.0775,
      0.6225,
      0.39,
      0.155,
      0.7,
      0.4675,
      0.2325,
      0,
      0.545,
      0.31,
      0.0775,
      0.6225,
      0.39,
      0.155,
      0.7,
      0.4675,
      0.2325,
      0,
      0.545,
      0.31,
      0.0775,
      0.6225,
      0.39,
      0.155,
      0.7,
      0.4675,
      0.2325,
      0,
      0.545,
      0.31,
      0.0775,
      0.6225,
      0.39,
      0.155,
      0.7,
      0.4675,
      0.2325
    ],
    "SoftwareVersions": "syngo MR E11",
    "SpacingBetweenSlices": 2.4,
    "StationName": "",
    "TaskName": "SD",
    "TotalReadoutTime": 0.045391,
    "TxRefAmp": 236.469,
    "VendorReportedEchoSpacing": 0.00051,
    "WipMemBlock": "e2e08c18-2ae8-488c-a872-09b70fce5b08||Sequence: R016 ve11c/master r/e634e98; Dec 19 2017 11:00:25 by eja",
    "dataset": "ds004073",
    "modality": "bold",
    "subject_id": "OXF15",
    "task_id": "SD"
  },
  "dummy_trs": 2,
  "dvars_nstd": 31.077888742185277,
  "dvars_std": 1.0171078192307703,
  "dvars_vstd": 0.983481533146853,
  "efc": 0.520942926067512,
  "fber": 913.5980834960938,
  "fd_mean": 0.12261521123096662,
  "fd_num": 35,
  "fd_perc": 6.108202443280978,
  "fwhm_avg": 2.7411416500200336,
  "fwhm_x": 2.553024898551905,
  "fwhm_y": 2.8837415520770726,
  "fwhm_z": 2.786658499431123,
  "gcor": 0.011728,
  "gsr_x": -0.025557968765497208,
  "gsr_y": 0.09768615663051605,
  "provenance": {
    "md5sum": "160077ae7484e8b72b70ad014bd5a5ab",
    "settings": {
      "fd_thres": 0.2,
      "testing": false
    },
    "software": "mriqc",
    "version": "23.0.0",
    "webapi_port": null,
    "webapi_url": "https://mriqc.nimh.nih.gov/api/v1"
  },
  "size_t": 573,
  "size_x": 90,
  "size_y": 90,
  "size_z": 60,
  "snr": 2.983779261702699,
  "spacing_tr": 0.800000011920929,
  "spacing_x": 2.4000000953674316,
  "spacing_y": 2.4000000953674316,
  "spacing_z": 2.3999998569488525,
  "summary_bg_k": 24.287628676893387,
  "summary_bg_mad": 75.70974762202248,
  "summary_bg_mean": 282.2597351074219,
  "summary_bg_median": 115.76701354980469,
  "summary_bg_n": 323650.0,
  "summary_bg_p05": 59.807068252563475,
  "summary_bg_p95": 1112.2132812499995,
  "summary_bg_stdv": 447.6674499511719,
  "summary_fg_k": 0.733681221169602,
  "summary_fg_mad": 1104.4166711100045,
  "summary_fg_mean": 3821.738525390625,
  "summary_fg_median": 3616.912841796875,
  "summary_fg_n": 84923.0,
  "summary_fg_p05": 2175.0692138671875,
  "summary_fg_p95": 6100.402685546873,
  "summary_fg_stdv": 1212.1846923828125,
  "tsnr": 37.414024002850056
}