{
  "aor": 0.0009125435540069687,
  "aqi": 0.009292591411149825,
  "bids_meta": {
    "AcquisitionMatrixPE": 90,
    "AcquisitionNumber": 1,
    "AcquisitionTime": "",
    "BandwidthPerPixelPhaseEncode": 21.786,
    "BaseResolution": 90,
    "BodyPartExamined": "BRAIN",
    "ConsistencyInfo": "N4_VE11C_LATEST_20160120",
    "ConversionSoftware": "dcm2niix",
    "ConversionSoftwareVersion": "v1.0.20210317",
    "DerivedVendorReportedEchoSpacing": 0.000510012,
    "DeviceSerialNumber": "66093",
    "DwellTime": 2e-06,
    "EchoTime": 0.03,
    "EchoTrainLength": 90,
    "EffectiveEchoSpacing": 0.000510012,
    "FlipAngle": 52,
    "ImageComments": "Unaliased MB6/PE3/LB",
    "ImageOrientationPatientDICOM": [
      0.999999,
      -7.60034e-05,
      -0.00174054,
      1.14261e-08,
      0.999048,
      -0.0436184
    ],
    "ImageType": [
      "ORIGINAL",
      "PRIMARY",
      "M",
      "MB",
      "ND",
      "MOSAIC"
    ],
    "ImagingFrequency": 123.26,
    "InPlanePhaseEncodingDirectionDICOM": "COL",
    "InstitutionAddress": "",
    "InstitutionName": "",
    "InstitutionalDepartmentName": "",
    "MRAcquisitionType": "2D",
    "MagneticFieldStrength": 3,
    "Manufacturer": "Siemens",
    "ManufacturersModelName": "Prisma",
    "Modality": "MR",
    "MultibandAccelerationFactor": 6,
    "PartialFourier": 1,
    "PatientPosition": "HFS",
    "PercentPhaseFOV": 100,
    "PercentSampling": 100,
    "PhaseEncodingDirection": "j-",
    "PhaseEncodingSteps": 90,
    "PhaseResolution": 1,
    "PixelBandwidth": 2780,
    "ProcedureStepDescription": "OHBA Projects VE11C^2021_110 Lateralisation in fTCD and fMRI",
    "ProtocolName": "BOLD_2p4_MB6_P1_TE30_TR800_AP",
    "PulseSequenceDetails": "%CustomerSeq%\\cmrr_mbep2d_bold",
    "ReceiveCoilActiveElements": "HEA;HEP",
    "ReceiveCoilName": "Head_32",
    "ReconMatrixPE": 90,
    "RepetitionTime": 0.8,
    "SAR": 0.0640291,
    "ScanOptions": "FS",
    "ScanningSequence": "EP",
    "SequenceName": "epfid2d1_90",
    "SequenceVariant": "SK\\SS",
    "SeriesDescription": "BOLD_2p4_MB6_P1_TE30_TR800_AP",
    "SeriesNumber": 7,
    "ShimSetting": [
      4954,
      -11409,
      -1358,
      568,
      68,
      75,
      -56,
      28
    ],
    "SliceThickness": 2.4,
    "SliceTiming": [
      0,
      0.545,
      0.3125,
      0.0775,
      0.6225,
      0.39,
      0.155,
      0.7025,
      0.4675,
      0.2325,
      0,
      0.545,
      0.3125,
      0.0775,
      0.6225,
      0.39,
      0.155,
      0.7025,
      0.4675,
      0.2325,
      0,
      0.545,
      0.3125,
      0.0775,
      0.6225,
      0.39,
      0.155,
      0.7025,
      0.4675,
      0.2325,
      0,
      0.545,
      0.3125,
      0.0775,
      0.6225,
      0.39,
      0.155,
      0.7025,
      0.4675,
      0.2325,
      0,
      0.545,
      0.3125,
      0.0775,
      0.6225,
      0.39,
      0.155,
      0.7025,
      0.4675,
      0.2325,
      0,
      0.545,
      0.3125,
      0.0775,
      0.6225,
      0.39,
      0.155,
      0.7025,
      0.4675,
      0.2325
    ],
    "SoftwareVersions": "syngo MR E11",
    "SpacingBetweenSlices": 2.4,
    "StationName": "",
    "TaskName": "WG",
    "TotalReadoutTime": 0.045391,
    "TxRefAmp": 236.469,
    "VendorReportedEchoSpacing": 0.00051,
    "WipMemBlock": "b183cbf2-58b3-43eb-ad52-3f82f1744a40||Sequence: R016 ve11c/master r/e634e98; Dec 19 2017 11:00:25 by eja",
    "dataset": "ds004073",
    "modality": "bold",
    "subject_id": "OXF15",
    "task_id": "WG"
  },
  "dummy_trs": 1,
  "dvars_nstd": 33.26074047305413,
  "dvars_std": 1.0196815905410126,
  "dvars_vstd": 0.9945835872949386,
  "efc": 0.5213219098520251,
  "fber": 889.1100463867188,
  "fd_mean": 0.1876129330985072,
  "fd_num": 175,
  "fd_perc": 30.48780487804878,
  "fwhm_avg": 2.7381027613185407,
  "fwhm_x": 2.5468832321292862,
  "fwhm_y": 2.878754052275258,
  "fwhm_z": 2.7886709995510777,
  "gcor": 0.0093573,
  "gsr_x": -0.025176530703902245,
  "gsr_y": 0.09668059647083282,
  "provenance": {
    "md5sum": "01139fabf1f8f343bf65de3e58d67900",
    "settings": {
      "fd_thres": 0.2,
      "testing": false
    },
    "software": "mriqc",
    "version": "23.0.0",
    "webapi_port": null,
    "webapi_url": "https://mriqc.nimh.nih.gov/api/v1"
  },
  "size_t": 574,
  "size_x": 90,
  "size_y": 90,
  "size_z": 60,
  "snr": 3.007574332482963,
  "spacing_tr": 0.800000011920929,
  "spacing_x": 2.4000000953674316,
  "spacing_y": 2.4000000953674316,
  "spacing_z": 2.3999998569488525,
  "summary_bg_k": 26.300301610625873,
  "summary_bg_mad": 77.79787507293584,
  "summary_bg_mean": 284.91497802734375,
  "summary_bg_median": 117.64808654785156,
  "summary_bg_n": 324097.0,
  "summary_bg_p05": 59.45122146606445,
  "summary_bg_p95": 1121.9509033203128,
  "summary_bg_stdv": 454.0845642089844,
  "summary_fg_k": 0.7341664900365896,
  "summary_fg_mad": 1097.1415680851646,
  "summary_fg_mean": 3814.92529296875,
  "summary_fg_median": 3612.78564453125,
  "summary_fg_n": 84337.0,
  "summary_fg_p05": 2184.400732421875,
  "summary_fg_p95": 6066.59443359375,
  "summary_fg_stdv": 1201.221923828125,
  "tsnr": 34.28249552671332
}