{
  "aor": 0.0006056,
  "aqi": 0.009074498313043477,
  "bids_meta": {
    "AcquisitionMatrixPE": 90,
    "AcquisitionNumber": 1,
    "AcquisitionTime": "",
    "BandwidthPerPixelPhaseEncode": 21.786,
    "BaseResolution": 90,
    "BodyPartExamined": "BRAIN",
    "ConsistencyInfo": "N4_VE11C_LATEST_20160120",
    "ConversionSoftware": "dcm2niix",
    "ConversionSoftwareVersion": "v1.0.20210317",
    "DerivedVendorReportedEchoSpacing": 0.000510012,
    "DeviceSerialNumber": "66093",
    "DwellTime": 2e-06,
    "EchoTime": 0.03,
    "EchoTrainLength": 90,
    "EffectiveEchoSpacing": 0.000510012,
    "FlipAngle": 52,
    "ImageComments": "Unaliased MB6/PE3/LB",
    "ImageOrientationPatientDICOM": [
      0.999999,
      -7.60034e-05,
      -0.00174054,
      1.14261e-08,
      0.999048,
      -0.0436184
    ],
    "ImageType": [
      "ORIGINAL",
      "PRIMARY",
      "M",
      "MB",
      "ND",
      "MOSAIC"
    ],
    "ImagingFrequency": 123.26,
    "InPlanePhaseEncodingDirectionDICOM": "COL",
    "InstitutionAddress": "",
    "InstitutionName": "",
    "InstitutionalDepartmentName": "",
    "MRAcquisitionType": "2D",
    "MagneticFieldStrength": 3,
    "Manufacturer": "Siemens",
    "ManufacturersModelName": "Prisma",
    "Modality": "MR",
    "MultibandAccelerationFactor": 6,
    "PartialFourier": 1,
    "PatientPosition": "HFS",
    "PercentPhaseFOV": 100,
    "PercentSampling": 100,
    "PhaseEncodingDirection": "j-",
    "PhaseEncodingSteps": 90,
    "PhaseResolution": 1,
    "PixelBandwidth": 2780,
    "ProcedureStepDescription": "OHBA Projects VE11C^2021_110 Lateralisation in fTCD and fMRI",
    "ProtocolName": "BOLD_2p4_MB6_P1_TE30_TR800_AP",
    "PulseSequenceDetails": "%CustomerSeq%\\cmrr_mbep2d_bold",
    "ReceiveCoilActiveElements": "HEA;HEP",
    "ReceiveCoilName": "Head_32",
    "ReconMatrixPE": 90,
    "RepetitionTime": 0.8,
    "SAR": 0.0640291,
    "ScanOptions": "FS",
    "ScanningSequence": "EP",
    "SequenceName": "epfid2d1_90",
    "SequenceVariant": "SK\\SS",
    "SeriesDescription": "BOLD_2p4_MB6_P1_TE30_TR800_AP",
    "SeriesNumber": 9,
    "ShimSetting": [
      4954,
      -11409,
      -1358,
      568,
      68,
      75,
      -56,
      28
    ],
    "SliceThickness": 2.4,
    "SliceTiming": [
      0,
      0.545,
      0.31,
      0.0775,
      0.6225,
      0.39,
      0.155,
      0.7,
      0.4675,
      0.2325,
      0,
      0.545,
      0.31,
      0.0775,
      0.6225,
      0.39,
      0.155,
      0.7,
      0.4675,
      0.2325,
      0,
      0.545,
      0.31,
      0.0775,
      0.6225,
      0.39,
      0.155,
      0.7,
      0.4675,
      0.2325,
      0,
      0.545,
      0.31,
      0.0775,
      0.6225,
      0.39,
      0.155,
      0.7,
      0.4675,
      0.2325,
      0,
      0.545,
      0.31,
      0.0775,
      0.6225,
      0.39,
      0.155,
      0.7,
      0.4675,
      0.2325,
      0,
      0.545,
      0.31,
      0.0775,
      0.6225,
      0.39,
      0.155,
      0.7,
      0.4675,
      0.2325
    ],
    "SoftwareVersions": "syngo MR E11",
    "SpacingBetweenSlices": 2.4,
    "StationName": "",
    "TaskName": "SG",
    "TotalReadoutTime": 0.045391,
    "TxRefAmp": 236.469,
    "VendorReportedEchoSpacing": 0.00051,
    "WipMemBlock": "793cdb29-ad2d-430d-ba3f-19cdc50a71e9||Sequence: R016 ve11c/master r/e634e98; Dec 19 2017 11:00:25 by eja",
    "dataset": "ds004073",
    "modality": "bold",
    "subject_id": "OXF15",
    "task_id": "SG"
  },
  "dummy_trs": 0,
  "dvars_nstd": 33.54631420287454,
  "dvars_std": 1.0129451058710819,
  "dvars_vstd": 0.9802369748606278,
  "efc": 0.5208797531882587,
  "fber": 875.88427734375,
  "fd_mean": 0.1591472576397918,
  "fd_num": 114,
  "fd_perc": 19.82608695652174,
  "fwhm_avg": 2.752083317781356,
  "fwhm_x": 2.5557832317756324,
  "fwhm_y": 2.8676207193843237,
  "fwhm_z": 2.832846002184113,
  "gcor": 0.0151375,
  "gsr_x": -0.024799754843115807,
  "gsr_y": 0.09611856937408447,
  "provenance": {
    "md5sum": "585a1e6caaaeb5d28889471a676f4386",
    "settings": {
      "fd_thres": 0.2,
      "testing": false
    },
    "software": "mriqc",
    "version": "23.0.0",
    "webapi_port": null,
    "webapi_url": "https://mriqc.nimh.nih.gov/api/v1"
  },
  "size_t": 575,
  "size_x": 90,
  "size_y": 90,
  "size_z": 60,
  "snr": 3.0040051282999802,
  "spacing_tr": 0.800000011920929,
  "spacing_x": 2.4000000953674316,
  "spacing_y": 2.4000000953674316,
  "spacing_z": 2.3999998569488525,
  "summary_bg_k": 26.07177532541856,
  "summary_bg_mad": 77.99003241003281,
  "summary_bg_mean": 285.8372497558594,
  "summary_bg_median": 118.18087005615234,
  "summary_bg_n": 324830.0,
  "summary_bg_p05": 60.50434875488281,
  "summary_bg_p95": 1131.8071899414056,
  "summary_bg_stdv": 457.5257568359375,
  "summary_fg_k": 0.7280022168428877,
  "summary_fg_mad": 1107.9193912439102,
  "summary_fg_mean": 3828.953125,
  "summary_fg_median": 3630.53564453125,
  "summary_fg_n": 83919.0,
  "summary_fg_p05": 2185.62421875,
  "summary_fg_p95": 6091.637109374998,
  "summary_fg_stdv": 1208.557861328125,
  "tsnr": 34.62263988889754
}