{
  "aor": 0.0006557491289198606,
  "aqi": 0.008557973536585366,
  "bids_meta": {
    "AcquisitionMatrixPE": 90,
    "AcquisitionNumber": 1,
    "AcquisitionTime": "",
    "BandwidthPerPixelPhaseEncode": 21.786,
    "BaseResolution": 90,
    "BodyPartExamined": "BRAIN",
    "ConsistencyInfo": "N4_VE11C_LATEST_20160120",
    "ConversionSoftware": "dcm2niix",
    "ConversionSoftwareVersion": "v1.0.20210317",
    "DerivedVendorReportedEchoSpacing": 0.000510012,
    "DeviceSerialNumber": "66093",
    "DwellTime": 2e-06,
    "EchoTime": 0.03,
    "EchoTrainLength": 90,
    "EffectiveEchoSpacing": 0.000510012,
    "FlipAngle": 52,
    "ImageComments": "Unaliased MB6/PE3/LB",
    "ImageOrientationPatientDICOM": [
      0.999999,
      -7.60034e-05,
      -0.00174054,
      1.14261e-08,
      0.999048,
      -0.0436184
    ],
    "ImageType": [
      "ORIGINAL",
      "PRIMARY",
      "M",
      "MB",
      "ND",
      "MOSAIC"
    ],
    "ImagingFrequency": 123.26,
    "InPlanePhaseEncodingDirectionDICOM": "COL",
    "InstitutionAddress": "",
    "InstitutionName": "",
    "InstitutionalDepartmentName": "",
    "MRAcquisitionType": "2D",
    "MagneticFieldStrength": 3,
    "Manufacturer": "Siemens",
    "ManufacturersModelName": "Prisma",
    "Modality": "MR",
    "MultibandAccelerationFactor": 6,
    "PartialFourier": 1,
    "PatientPosition": "HFS",
    "PercentPhaseFOV": 100,
    "PercentSampling": 100,
    "PhaseEncodingDirection": "j-",
    "PhaseEncodingSteps": 90,
    "PhaseResolution": 1,
    "PixelBandwidth": 2780,
    "ProcedureStepDescription": "OHBA Projects VE11C^2021_110 Lateralisation in fTCD and fMRI",
    "ProtocolName": "BOLD_2p4_MB6_P1_TE30_TR800_AP",
    "PulseSequenceDetails": "%CustomerSeq%\\cmrr_mbep2d_bold",
    "ReceiveCoilActiveElements": "HEA;HEP",
    "ReceiveCoilName": "Head_32",
    "ReconMatrixPE": 90,
    "RepetitionTime": 0.8,
    "SAR": 0.0640291,
    "ScanOptions": "FS",
    "ScanningSequence": "EP",
    "SequenceName": "epfid2d1_90",
    "SequenceVariant": "SK\\SS",
    "SeriesDescription": "BOLD_2p4_MB6_P1_TE30_TR800_AP",
    "SeriesNumber": 17,
    "ShimSetting": [
      4954,
      -11409,
      -1358,
      568,
      68,
      75,
      -56,
      28
    ],
    "SliceThickness": 2.4,
    "SliceTiming": [
      0,
      0.5475,
      0.3125,
      0.08,
      0.625,
      0.39,
      0.1575,
      0.7025,
      0.47,
      0.235,
      0,
      0.5475,
      0.3125,
      0.08,
      0.625,
      0.39,
      0.1575,
      0.7025,
      0.47,
      0.235,
      0,
      0.5475,
      0.3125,
      0.08,
      0.625,
      0.39,
      0.1575,
      0.7025,
      0.47,
      0.235,
      0,
      0.5475,
      0.3125,
      0.08,
      0.625,
      0.39,
      0.1575,
      0.7025,
      0.47,
      0.235,
      0,
      0.5475,
      0.3125,
      0.08,
      0.625,
      0.39,
      0.1575,
      0.7025,
      0.47,
      0.235,
      0,
      0.5475,
      0.3125,
      0.08,
      0.625,
      0.39,
      0.1575,
      0.7025,
      0.47,
      0.235
    ],
    "SoftwareVersions": "syngo MR E11",
    "SpacingBetweenSlices": 2.4,
    "StationName": "",
    "TaskName": "WC",
    "TotalReadoutTime": 0.045391,
    "TxRefAmp": 236.469,
    "VendorReportedEchoSpacing": 0.00051,
    "WipMemBlock": "8ab3ab95-681a-42e3-b798-fc7ab7f93591||Sequence: R016 ve11c/master r/e634e98; Dec 19 2017 11:00:25 by eja",
    "dataset": "ds004073",
    "modality": "bold",
    "subject_id": "OXF15",
    "task_id": "WC"
  },
  "dummy_trs": 1,
  "dvars_nstd": 32.794297099982515,
  "dvars_std": 1.0076628475218146,
  "dvars_vstd": 0.972328654834206,
  "efc": 0.5216924955484409,
  "fber": 874.7536010742188,
  "fd_mean": 0.13423547277637596,
  "fd_num": 78,
  "fd_perc": 13.588850174216027,
  "fwhm_avg": 2.760220817649094,
  "fwhm_x": 2.5640207314483034,
  "fwhm_y": 2.878024885637566,
  "fwhm_z": 2.8386168358614148,
  "gcor": 0.0085812,
  "gsr_x": -0.02524549700319767,
  "gsr_y": 0.09590359777212143,
  "provenance": {
    "md5sum": "5615927a25f17c3db425d755abd9855f",
    "settings": {
      "fd_thres": 0.2,
      "testing": false
    },
    "software": "mriqc",
    "version": "23.0.0",
    "webapi_port": null,
    "webapi_url": "https://mriqc.nimh.nih.gov/api/v1"
  },
  "size_t": 574,
  "size_x": 90,
  "size_y": 90,
  "size_z": 60,
  "snr": 2.972285953851279,
  "spacing_tr": 0.800000011920929,
  "spacing_x": 2.4000000953674316,
  "spacing_y": 2.4000000953674316,
  "spacing_z": 2.3999998569488525,
  "summary_bg_k": 24.62437506240691,
  "summary_bg_mad": 77.33036536611017,
  "summary_bg_mean": 287.23724365234375,
  "summary_bg_median": 117.67770385742188,
  "summary_bg_n": 324414.0,
  "summary_bg_p05": 60.317073822021484,
  "summary_bg_p95": 1142.6212341308587,
  "summary_bg_stdv": 458.7867126464844,
  "summary_fg_k": 0.7474899161759434,
  "summary_fg_mad": 1106.9860685338476,
  "summary_fg_mean": 3801.88330078125,
  "summary_fg_median": 3597.43212890625,
  "summary_fg_n": 84364.0,
  "summary_fg_p05": 2161.024829101563,
  "summary_fg_p95": 6080.309399414061,
  "summary_fg_stdv": 1210.31787109375,
  "tsnr": 35.96892635105178
}