{
  "bids_meta": {
    "AcquisitionMatrixPE": 250,
    "AcquisitionNumber": 6,
    "AcquisitionTime": "",
    "BodyPartExamined": "BRAIN",
    "CoilString": "MULTI COIL",
    "ConversionSoftware": "dcm2niix",
    "ConversionSoftwareVersion": "v1.0.20210317",
    "DeviceSerialNumber": "45128",
    "EchoTime": 0.003475,
    "EchoTrainLength": 560,
    "EstimatedEffectiveEchoSpacing": 4.97191e-06,
    "EstimatedTotalReadoutTime": 0.00126784,
    "FlipAngle": 8,
    "ImageOrientationPatientDICOM": [
      0.999849,
      -4.72661e-12,
      0.017387,
      0.000696882,
      0.999196,
      -0.0400747
    ],
    "ImageType": [
      "ORIGINAL",
      "PRIMARY",
      "M",
      "FFE",
      "M",
      "FFE"
    ],
    "ImagingFrequency": 127.764,
    "InPlanePhaseEncodingDirectionDICOM": "COL",
    "InstitutionAddress": "",
    "InstitutionName": "",
    "InstitutionalDepartmentName": "",
    "MRAcquisitionType": "3D",
    "MagneticFieldStrength": 3,
    "Manufacturer": "Philips",
    "ManufacturersModelName": "Ingenia Elition X",
    "Modality": "MR",
    "ParallelReductionFactorInPlane": 1.73205,
    "ParallelReductionOutOfPlane": 1.73205,
    "PatientPosition": "HFS",
    "PercentPhaseFOV": 100,
    "PercentSampling": 77.9165,
    "PhaseEncodingAxis": "j",
    "PhaseEncodingSteps": 250,
    "PhilipsRWVIntercept": 0,
    "PhilipsRWVSlope": 1,
    "PhilipsRescaleIntercept": 0,
    "PhilipsRescaleSlope": 1,
    "PhilipsScaleSlope": 0.000505167,
    "PixelBandwidth": 787,
    "ProcedureStepDescription": "COLA",
    "ProtocolName": "sT1W_1MM_COMBO",
    "ReconMatrixPE": 256,
    "RepetitionTime": 0.0122991,
    "SAR": 0.0170603,
    "ScanOptions": "FC",
    "ScanningSequence": "GR",
    "SequenceVariant": "MP",
    "SeriesDescription": "sT1W_1MM_COMBO",
    "SeriesNumber": 602,
    "SliceThickness": 2,
    "SoftwareVersions": "5.6.1\\5.6.1.2",
    "SpacingBetweenSlices": 1,
    "StationName": "",
    "UsePhilipsFloatNotDisplayScaling": 1,
    "WaterFatShift": 0.551729,
    "dataset": "ds004073",
    "modality": "T1w",
    "subject_id": "BAN01"
  },
  "cjv": 0.2508992969591284,
  "cnr": 5.21346027733034,
  "efc": 0.7044717073008402,
  "fber": -1.0,
  "fwhm_avg": 5.613361653333333,
  "fwhm_x": 5.13292288,
  "fwhm_y": 5.8710220799999995,
  "fwhm_z": 5.83614,
  "icvs_csf": 0.26617152267711636,
  "icvs_gm": 0.39770706196631883,
  "icvs_wm": 0.3361214153565648,
  "inu_med": 0.47228890657424927,
  "inu_range": 0.1344983994960785,
  "provenance": {
    "md5sum": "f921751f6412dc2e0f72b3c60b5aff81",
    "settings": {
      "testing": false
    },
    "software": "mriqc",
    "version": "23.0.0",
    "warnings": {
      "large_rot_frame": true,
      "small_air_mask": false
    },
    "webapi_port": null,
    "webapi_url": "https://mriqc.nimh.nih.gov/api/v1"
  },
  "qi_1": 0.0006063765791056747,
  "qi_2": 0.0032105781123553806,
  "rpve_csf": 21.046474010905474,
  "rpve_gm": 13.246379226248255,
  "rpve_wm": 19.360011685226585,
  "size_x": 256,
  "size_y": 256,
  "size_z": 170,
  "snr_csf": 1.2916157824552013,
  "snr_gm": 11.282741918415713,
  "snr_total": 15.672232000008568,
  "snr_wm": 34.442338299154784,
  "snrd_csf": 14.852449503109476,
  "snrd_gm": 74.74651822922938,
  "snrd_total": 67.68979055126381,
  "snrd_wm": 113.47040392145259,
  "spacing_x": 0.9765625,
  "spacing_y": 0.9765625,
  "spacing_z": 1.0,
  "summary_bg_k": 770.8465001396446,
  "summary_bg_mad": 0.0,
  "summary_bg_mean": 2.237131095045551,
  "summary_bg_median": 0.0,
  "summary_bg_n": 379324.0,
  "summary_bg_p05": 0.0,
  "summary_bg_p95": 12.294440403580666,
  "summary_bg_stdv": 5.773632540796974,
  "summary_csf_k": -0.3900563255264058,
  "summary_csf_mad": 104.08401897903519,
  "summary_csf_mean": 156.90333955030357,
  "summary_csf_median": 130.89272060245275,
  "summary_csf_n": 65900.0,
  "summary_csf_p05": 32.57635164260864,
  "summary_csf_p95": 345.3220525490119,
  "summary_csf_stdv": 101.3395231464538,
  "summary_gm_k": 0.05578898865521431,
  "summary_gm_mad": 59.96586257966724,
  "summary_gm_mean": 657.5656270524086,
  "summary_gm_median": 658.7314183115959,
  "summary_gm_n": 35369.0,
  "summary_gm_p05": 560.4737807549536,
  "summary_gm_p95": 748.8371371038257,
  "summary_gm_stdv": 58.383158166519245,
  "summary_wm_k": 0.6877002539676567,
  "summary_wm_mad": 25.658190958579784,
  "summary_wm_mean": 997.6617063448366,
  "summary_wm_median": 1000.0000251829624,
  "summary_wm_n": 183156.0,
  "summary_wm_p05": 945.0861631892622,
  "summary_wm_p95": 1042.0908641442657,
  "summary_wm_stdv": 29.033954854639166,
  "tpm_overlap_csf": 0.16025245972143265,
  "tpm_overlap_gm": 0.4872872573743007,
  "tpm_overlap_wm": 0.5246975407650402,
  "wm2max": 0.9392641082691282
}