{
  "bids_meta": {
    "AcquisitionMatrixPE": 250,
    "AcquisitionNumber": 6,
    "AcquisitionTime": "",
    "BodyPartExamined": "BRAIN",
    "CoilString": "MULTI COIL",
    "ConversionSoftware": "dcm2niix",
    "ConversionSoftwareVersion": "v1.0.20210317",
    "DeviceSerialNumber": "45128",
    "EchoTime": 0.003475,
    "EchoTrainLength": 560,
    "EstimatedEffectiveEchoSpacing": 4.97191e-06,
    "EstimatedTotalReadoutTime": 0.00126784,
    "FlipAngle": 8,
    "ImageOrientationPatientDICOM": [
      0.999849,
      -4.72661e-12,
      0.017387,
      0.000696882,
      0.999196,
      -0.0400747
    ],
    "ImageType": [
      "ORIGINAL",
      "PRIMARY",
      "M",
      "FFE",
      "M",
      "FFE"
    ],
    "ImagingFrequency": 127.764,
    "InPlanePhaseEncodingDirectionDICOM": "COL",
    "InstitutionAddress": "",
    "InstitutionName": "",
    "InstitutionalDepartmentName": "",
    "MRAcquisitionType": "3D",
    "MagneticFieldStrength": 3,
    "Manufacturer": "Philips",
    "ManufacturersModelName": "Ingenia Elition X",
    "Modality": "MR",
    "ParallelReductionFactorInPlane": 1.73205,
    "ParallelReductionOutOfPlane": 1.73205,
    "PatientPosition": "HFS",
    "PercentPhaseFOV": 100,
    "PercentSampling": 77.9165,
    "PhaseEncodingAxis": "j",
    "PhaseEncodingSteps": 250,
    "PhilipsRWVIntercept": 0,
    "PhilipsRWVSlope": 1,
    "PhilipsRescaleIntercept": 0,
    "PhilipsRescaleSlope": 1,
    "PhilipsScaleSlope": 0.000506282,
    "PixelBandwidth": 787,
    "ProcedureStepDescription": "COLA",
    "ProtocolName": "sT1W_1MM_COMBO",
    "ReconMatrixPE": 256,
    "RepetitionTime": 0.0122991,
    "SAR": 0.0170603,
    "ScanOptions": "FC",
    "ScanningSequence": "GR",
    "SequenceVariant": "MP",
    "SeriesDescription": "sT1W_1MM_COMBO",
    "SeriesNumber": 602,
    "SliceThickness": 2,
    "SoftwareVersions": "5.6.1\\5.6.1.2",
    "SpacingBetweenSlices": 1,
    "StationName": "",
    "UsePhilipsFloatNotDisplayScaling": 1,
    "WaterFatShift": 0.551728,
    "dataset": "ds004073",
    "modality": "T1w",
    "subject_id": "BAN07"
  },
  "cjv": 0.24213266734346253,
  "cnr": 5.230833705978149,
  "efc": 0.7421665148651814,
  "fber": -1.0,
  "fwhm_avg": 5.556951173333334,
  "fwhm_x": 5.17233664,
  "fwhm_y": 5.55634688,
  "fwhm_z": 5.94217,
  "icvs_csf": 0.25742475977242096,
  "icvs_gm": 0.4157387022426561,
  "icvs_wm": 0.32683653798492296,
  "inu_med": 0.546012282371521,
  "inu_range": 0.2057486817240715,
  "provenance": {
    "md5sum": "ae616de9a1d2645f55115da8b0cdca61",
    "settings": {
      "testing": false
    },
    "software": "mriqc",
    "version": "23.0.0",
    "warnings": {
      "large_rot_frame": true,
      "small_air_mask": false
    },
    "webapi_port": null,
    "webapi_url": "https://mriqc.nimh.nih.gov/api/v1"
  },
  "qi_1": 3.4812335402926676e-05,
  "qi_2": 2.310085116545674e-06,
  "rpve_csf": 17.48126286259221,
  "rpve_gm": 10.587654906898472,
  "rpve_wm": 16.632654197032256,
  "size_x": 256,
  "size_y": 256,
  "size_z": 170,
  "snr_csf": 1.3582185853453743,
  "snr_gm": 10.065441273671922,
  "snr_total": 15.497611550970374,
  "snr_wm": 35.06917479389382,
  "snrd_csf": 10.158638178813504,
  "snrd_gm": 53.76592922428874,
  "snrd_total": 49.51355892698189,
  "snrd_wm": 84.61610937784343,
  "spacing_x": 0.9765625,
  "spacing_y": 0.9765625,
  "spacing_z": 1.0,
  "summary_bg_k": 378.70726494840295,
  "summary_bg_mad": 0.0,
  "summary_bg_mean": 3.008423045477347,
  "summary_bg_median": 0.0,
  "summary_bg_n": 359481.0,
  "summary_bg_p05": 0.0,
  "summary_bg_p95": 15.881374169141054,
  "summary_bg_stdv": 7.74261786656318,
  "summary_csf_k": 0.6070904094767782,
  "summary_csf_mad": 81.87928943036833,
  "summary_csf_mean": 141.47584673552421,
  "summary_csf_median": 120.05813363939524,
  "summary_csf_n": 67609.0,
  "summary_csf_p05": 37.597152376547456,
  "summary_csf_p95": 320.2097863975912,
  "summary_csf_stdv": 88.39316958679808,
  "summary_gm_k": 3.84163252015224,
  "summary_gm_mad": 62.45559834505593,
  "summary_gm_mean": 635.890759855288,
  "summary_gm_median": 635.4234694093466,
  "summary_gm_n": 56686.0,
  "summary_gm_p05": 535.4382132012397,
  "summary_gm_p95": 734.9874690081924,
  "summary_gm_stdv": 63.128664441292514,
  "summary_wm_k": 0.7923353404709834,
  "summary_wm_mad": 25.825389915680628,
  "summary_wm_mean": 1000.0896206778791,
  "summary_wm_median": 1000.0210647247732,
  "summary_wm_n": 215743.0,
  "summary_wm_p05": 952.9056192619726,
  "summary_wm_p95": 1046.9069253355265,
  "summary_wm_stdv": 28.515605313732483,
  "tpm_overlap_csf": 0.15402021461520132,
  "tpm_overlap_gm": 0.48412518810068045,
  "tpm_overlap_wm": 0.519348292613786,
  "wm2max": 0.8985748623123947
}