{
  "aor": 0.0005977661431064572,
  "aqi": 0.011309916038394416,
  "bids_meta": {
    "AcquisitionMatrixPE": 90,
    "AcquisitionNumber": 1,
    "AcquisitionTime": "",
    "BandwidthPerPixelPhaseEncode": 21.786,
    "BaseResolution": 90,
    "BodyPartExamined": "BRAIN",
    "ConsistencyInfo": "N4_VE11C_LATEST_20160120",
    "ConversionSoftware": "dcm2niix",
    "ConversionSoftwareVersion": "v1.0.20210317",
    "DerivedVendorReportedEchoSpacing": 0.000510012,
    "DeviceSerialNumber": "66093",
    "DwellTime": 2e-06,
    "EchoTime": 0.03,
    "EchoTrainLength": 90,
    "EffectiveEchoSpacing": 0.000510012,
    "FlipAngle": 52,
    "ImageComments": "Unaliased MB6/PE3/LB",
    "ImageOrientationPatientDICOM": [
      0.999457,
      0.00384753,
      0.0327356,
      6.90378e-08,
      0.993163,
      -0.116732
    ],
    "ImageType": [
      "ORIGINAL",
      "PRIMARY",
      "M",
      "MB",
      "ND",
      "MOSAIC"
    ],
    "ImagingFrequency": 123.259,
    "InPlanePhaseEncodingDirectionDICOM": "COL",
    "InstitutionAddress": "",
    "InstitutionName": "",
    "InstitutionalDepartmentName": "",
    "MRAcquisitionType": "2D",
    "MagneticFieldStrength": 3,
    "Manufacturer": "Siemens",
    "ManufacturersModelName": "Prisma",
    "Modality": "MR",
    "MultibandAccelerationFactor": 6,
    "PartialFourier": 1,
    "PatientPosition": "HFS",
    "PercentPhaseFOV": 100,
    "PercentSampling": 100,
    "PhaseEncodingDirection": "j-",
    "PhaseEncodingSteps": 90,
    "PhaseResolution": 1,
    "PixelBandwidth": 2780,
    "ProtocolName": "BOLD_2p4_MB6_P1_TE30_TR800_AP",
    "PulseSequenceDetails": "%CustomerSeq%\\cmrr_mbep2d_bold",
    "ReceiveCoilActiveElements": "HEA;HEP",
    "ReceiveCoilName": "Head_32",
    "ReconMatrixPE": 90,
    "RepetitionTime": 0.8,
    "SAR": 0.100845,
    "ScanOptions": "FS",
    "ScanningSequence": "EP",
    "SequenceName": "epfid2d1_90",
    "SequenceVariant": "SK\\SS",
    "SeriesDescription": "BOLD_2p4_MB6_P1_TE30_TR800_AP",
    "SeriesNumber": 5,
    "ShimSetting": [
      4968,
      -11397,
      -1314,
      476,
      72,
      93,
      -128,
      61
    ],
    "SliceThickness": 2.4,
    "SliceTiming": [
      0,
      0.5475,
      0.3125,
      0.08,
      0.625,
      0.39,
      0.1575,
      0.7025,
      0.47,
      0.235,
      0,
      0.5475,
      0.3125,
      0.08,
      0.625,
      0.39,
      0.1575,
      0.7025,
      0.47,
      0.235,
      0,
      0.5475,
      0.3125,
      0.08,
      0.625,
      0.39,
      0.1575,
      0.7025,
      0.47,
      0.235,
      0,
      0.5475,
      0.3125,
      0.08,
      0.625,
      0.39,
      0.1575,
      0.7025,
      0.47,
      0.235,
      0,
      0.5475,
      0.3125,
      0.08,
      0.625,
      0.39,
      0.1575,
      0.7025,
      0.47,
      0.235,
      0,
      0.5475,
      0.3125,
      0.08,
      0.625,
      0.39,
      0.1575,
      0.7025,
      0.47,
      0.235
    ],
    "SoftwareVersions": "syngo MR E11",
    "SpacingBetweenSlices": 2.4,
    "StationName": "",
    "TaskName": "WC",
    "TotalReadoutTime": 0.045391,
    "TxRefAmp": 270.049,
    "VendorReportedEchoSpacing": 0.00051,
    "WipMemBlock": "24a5017f-82a9-4283-82e3-54c0821eee4e||Sequence: R016 ve11c/master r/e634e98; Dec 19 2017 11:00:25 by eja",
    "dataset": "ds004073",
    "modality": "bold",
    "subject_id": "OXF27",
    "task_id": "WC"
  },
  "dummy_trs": 2,
  "dvars_nstd": 34.15437353893358,
  "dvars_std": 1.0065806868181821,
  "dvars_vstd": 0.9726612336013982,
  "efc": 0.5404594409132817,
  "fber": 487.4379577636719,
  "fd_mean": 0.14164402026209238,
  "fd_num": 112,
  "fd_perc": 19.54624781849913,
  "fwhm_avg": 3.028015267167413,
  "fwhm_x": 2.6676332273311125,
  "fwhm_y": 3.1032165433559205,
  "fwhm_z": 3.313196030815206,
  "gcor": 0.00675528,
  "gsr_x": -0.004353710450232029,
  "gsr_y": 0.08535129576921463,
  "provenance": {
    "md5sum": "41f4afb8d4305ea045dd7f7616777ae6",
    "settings": {
      "fd_thres": 0.2,
      "testing": false
    },
    "software": "mriqc",
    "version": "23.0.0",
    "webapi_port": null,
    "webapi_url": "https://mriqc.nimh.nih.gov/api/v1"
  },
  "size_t": 573,
  "size_x": 90,
  "size_y": 90,
  "size_z": 60,
  "snr": 2.2851768726174053,
  "spacing_tr": 0.800000011920929,
  "spacing_x": 2.4000000953674316,
  "spacing_y": 2.4000000953674316,
  "spacing_z": 2.3999998569488525,
  "summary_bg_k": 22.67628597535344,
  "summary_bg_mad": 122.08051530875942,
  "summary_bg_mean": 357.4006042480469,
  "summary_bg_median": 153.50436401367188,
  "summary_bg_n": 309116.0,
  "summary_bg_p05": 54.36474609375,
  "summary_bg_p95": 1466.8892211914062,
  "summary_bg_stdv": 585.8685302734375,
  "summary_fg_k": 1.6048609623540333,
  "summary_fg_mad": 1257.7230251695946,
  "summary_fg_mean": 3853.171630859375,
  "summary_fg_median": 3482.9755859375,
  "summary_fg_n": 95799.0,
  "summary_fg_p05": 2038.0621948242188,
  "summary_fg_p95": 6909.393701171872,
  "summary_fg_stdv": 1524.1522216796875,
  "tsnr": 32.3262319106143
}