{
  "aor": 0.0006572600349040139,
  "aqi": 0.0061430663350785335,
  "bids_meta": {
    "AcquisitionMatrixPE": 90,
    "AcquisitionNumber": 1,
    "AcquisitionTime": "",
    "BandwidthPerPixelPhaseEncode": 21.786,
    "BaseResolution": 90,
    "BodyPartExamined": "BRAIN",
    "ConsistencyInfo": "N4_VE11C_LATEST_20160120",
    "ConversionSoftware": "dcm2niix",
    "ConversionSoftwareVersion": "v1.0.20210317",
    "DerivedVendorReportedEchoSpacing": 0.000510012,
    "DeviceSerialNumber": "66093",
    "DwellTime": 2e-06,
    "EchoTime": 0.03,
    "EchoTrainLength": 90,
    "EffectiveEchoSpacing": 0.000510012,
    "FlipAngle": 52,
    "ImageComments": "Unaliased MB6/PE3/LB",
    "ImageOrientationPatientDICOM": [
      0.999457,
      0.00384753,
      0.0327356,
      6.90378e-08,
      0.993163,
      -0.116732
    ],
    "ImageType": [
      "ORIGINAL",
      "PRIMARY",
      "M",
      "MB",
      "ND",
      "MOSAIC"
    ],
    "ImagingFrequency": 123.259,
    "InPlanePhaseEncodingDirectionDICOM": "COL",
    "InstitutionAddress": "",
    "InstitutionName": "",
    "InstitutionalDepartmentName": "",
    "MRAcquisitionType": "2D",
    "MagneticFieldStrength": 3,
    "Manufacturer": "Siemens",
    "ManufacturersModelName": "Prisma",
    "Modality": "MR",
    "MultibandAccelerationFactor": 6,
    "PartialFourier": 1,
    "PatientPosition": "HFS",
    "PercentPhaseFOV": 100,
    "PercentSampling": 100,
    "PhaseEncodingDirection": "j-",
    "PhaseEncodingSteps": 90,
    "PhaseResolution": 1,
    "PixelBandwidth": 2780,
    "ProtocolName": "BOLD_2p4_MB6_P1_TE30_TR800_AP",
    "PulseSequenceDetails": "%CustomerSeq%\\cmrr_mbep2d_bold",
    "ReceiveCoilActiveElements": "HEA;HEP",
    "ReceiveCoilName": "Head_32",
    "ReconMatrixPE": 90,
    "RepetitionTime": 0.8,
    "SAR": 0.100845,
    "ScanOptions": "FS",
    "ScanningSequence": "EP",
    "SequenceName": "epfid2d1_90",
    "SequenceVariant": "SK\\SS",
    "SeriesDescription": "BOLD_2p4_MB6_P1_TE30_TR800_AP",
    "SeriesNumber": 17,
    "ShimSetting": [
      4968,
      -11397,
      -1314,
      476,
      72,
      93,
      -128,
      61
    ],
    "SliceThickness": 2.4,
    "SliceTiming": [
      0,
      0.545,
      0.3125,
      0.0775,
      0.6225,
      0.39,
      0.155,
      0.7025,
      0.4675,
      0.2325,
      0,
      0.545,
      0.3125,
      0.0775,
      0.6225,
      0.39,
      0.155,
      0.7025,
      0.4675,
      0.2325,
      0,
      0.545,
      0.3125,
      0.0775,
      0.6225,
      0.39,
      0.155,
      0.7025,
      0.4675,
      0.2325,
      0,
      0.545,
      0.3125,
      0.0775,
      0.6225,
      0.39,
      0.155,
      0.7025,
      0.4675,
      0.2325,
      0,
      0.545,
      0.3125,
      0.0775,
      0.6225,
      0.39,
      0.155,
      0.7025,
      0.4675,
      0.2325,
      0,
      0.545,
      0.3125,
      0.0775,
      0.6225,
      0.39,
      0.155,
      0.7025,
      0.4675,
      0.2325
    ],
    "SoftwareVersions": "syngo MR E11",
    "SpacingBetweenSlices": 2.4,
    "StationName": "",
    "TaskName": "SC",
    "TotalReadoutTime": 0.045391,
    "TxRefAmp": 270.049,
    "VendorReportedEchoSpacing": 0.00051,
    "WipMemBlock": "81e22643-5ab9-4023-aab4-77b6f4a64ebb||Sequence: R016 ve11c/master r/e634e98; Dec 19 2017 11:00:25 by eja",
    "dataset": "ds004073",
    "modality": "bold",
    "subject_id": "OXF27",
    "task_id": "SC"
  },
  "dummy_trs": 2,
  "dvars_nstd": 32.87348416804193,
  "dvars_std": 1.036779232954545,
  "dvars_vstd": 1.003084951783217,
  "efc": 0.5395679597908126,
  "fber": 489.83538818359375,
  "fd_mean": 0.10603851121899689,
  "fd_num": 31,
  "fd_perc": 5.4101221640488655,
  "fwhm_avg": 2.9845791562956308,
  "fwhm_x": 2.6437873949453277,
  "fwhm_y": 3.0416498791356927,
  "fwhm_z": 3.268300194805872,
  "gcor": 0.0103859,
  "gsr_x": -0.0022953571751713753,
  "gsr_y": 0.07897736877202988,
  "provenance": {
    "md5sum": "2f4f8d36ce7c499d53f217c24e29d845",
    "settings": {
      "fd_thres": 0.2,
      "testing": false
    },
    "software": "mriqc",
    "version": "23.0.0",
    "webapi_port": null,
    "webapi_url": "https://mriqc.nimh.nih.gov/api/v1"
  },
  "size_t": 573,
  "size_x": 90,
  "size_y": 90,
  "size_z": 60,
  "snr": 2.279155902398547,
  "spacing_tr": 0.800000011920929,
  "spacing_x": 2.4000000953674316,
  "spacing_y": 2.4000000953674316,
  "spacing_z": 2.3999998569488525,
  "summary_bg_k": 20.974188044874943,
  "summary_bg_mad": 116.30277582364668,
  "summary_bg_mean": 357.9792175292969,
  "summary_bg_median": 152.6858673095703,
  "summary_bg_n": 310575.0,
  "summary_bg_p05": 56.01343879699707,
  "summary_bg_p95": 1499.7804565429674,
  "summary_bg_stdv": 582.5355224609375,
  "summary_fg_k": 1.5556983758813834,
  "summary_fg_mad": 1251.2815239292318,
  "summary_fg_mean": 3841.521728515625,
  "summary_fg_median": 3465.93896484375,
  "summary_fg_n": 94446.0,
  "summary_fg_p05": 2043.1731872558594,
  "summary_fg_p95": 6907.062255859375,
  "summary_fg_stdv": 1520.70361328125,
  "tsnr": 39.530275602824986
}