{
  "aor": 0.0012346434782608696,
  "aqi": 0.04884753826086956,
  "bids_meta": {
    "AcquisitionMatrixPE": 94,
    "AcquisitionNumber": 7,
    "AcquisitionTime": "",
    "BodyPartExamined": "BRAIN",
    "CoilString": "MULTI COIL",
    "ConversionSoftware": "dcm2niix",
    "ConversionSoftwareVersion": "v1.0.20210317",
    "DeviceSerialNumber": "45128",
    "EchoTime": 0.03,
    "EchoTrainLength": 47,
    "EstimatedEffectiveEchoSpacing": 0.000388467,
    "EstimatedTotalReadoutTime": 0.0369044,
    "FlipAngle": 52,
    "ImageOrientationPatientDICOM": [
      0.999849,
      -4.72661e-12,
      0.017387,
      0.000696882,
      0.999196,
      -0.0400747
    ],
    "ImageType": [
      "ORIGINAL",
      "PRIMARY",
      "M",
      "FFE",
      "M",
      "FFE"
    ],
    "ImagingFrequency": 127.764,
    "InPlanePhaseEncodingDirectionDICOM": "COL",
    "InstitutionAddress": "",
    "InstitutionName": "",
    "InstitutionalDepartmentName": "",
    "MRAcquisitionType": "2D",
    "MagneticFieldStrength": 3,
    "Manufacturer": "Philips",
    "ManufacturersModelName": "Ingenia Elition X",
    "Modality": "MR",
    "ParallelReductionFactorInPlane": 2,
    "ParallelReductionOutOfPlane": 6,
    "PatientPosition": "HFS",
    "PercentPhaseFOV": 100,
    "PercentSampling": 100,
    "PhaseEncodingAxis": "j",
    "PhaseEncodingSteps": 94,
    "PhilipsRWVIntercept": 0,
    "PhilipsRWVSlope": 1.07253,
    "PhilipsRescaleIntercept": 0,
    "PhilipsRescaleSlope": 1.07253,
    "PhilipsScaleSlope": 0.0165396,
    "PixelBandwidth": 1850,
    "ProcedureStepDescription": "COLA",
    "ProtocolName": "COLA_R4",
    "ReconMatrixPE": 96,
    "RepetitionTime": 0.8,
    "SAR": 0.0818667,
    "ScanOptions": "FS",
    "ScanningSequence": "GR",
    "SequenceVariant": "SK",
    "SeriesDescription": "COLA_R4",
    "SeriesNumber": 701,
    "SliceThickness": 2.4,
    "SoftwareVersions": "5.6.1\\5.6.1.2",
    "SpacingBetweenSlices": 2.4,
    "StationName": "",
    "TaskName": "SG",
    "UsePhilipsFloatNotDisplayScaling": 1,
    "WaterFatShift": 16.3723,
    "dataset": "ds004073",
    "modality": "bold",
    "subject_id": "BAN07",
    "task_id": "SG"
  },
  "dummy_trs": 0,
  "dvars_nstd": 85.08764672357147,
  "dvars_std": 1.1183259085017414,
  "dvars_vstd": 1.0352251662369345,
  "efc": 0.46582171793691285,
  "fber": 528307.3125,
  "fd_mean": 0.35401321642462513,
  "fd_num": 354,
  "fd_perc": 61.56521739130435,
  "fwhm_avg": 2.3049576605895683,
  "fwhm_x": 2.3596717304472463,
  "fwhm_y": 2.451122168263383,
  "fwhm_z": 2.1040790830580756,
  "gcor": 0.0159689,
  "gsr_x": -0.0060701011680066586,
  "gsr_y": 0.024328729137778282,
  "provenance": {
    "md5sum": "60ddcfc47176006acde087a2f9980d51",
    "settings": {
      "fd_thres": 0.2,
      "testing": false
    },
    "software": "mriqc",
    "version": "23.0.0",
    "webapi_port": null,
    "webapi_url": "https://mriqc.nimh.nih.gov/api/v1"
  },
  "size_t": 575,
  "size_x": 96,
  "size_y": 96,
  "size_z": 60,
  "snr": 5.252320692371083,
  "spacing_tr": 0.8000001907348633,
  "spacing_x": 2.3958332538604736,
  "spacing_y": 2.3958332538604736,
  "spacing_z": 2.4000000953674316,
  "summary_bg_k": 13.441322829639997,
  "summary_bg_mad": 141.47043897150837,
  "summary_bg_mean": 3007.912353515625,
  "summary_bg_median": 96.31339263916016,
  "summary_bg_n": 391639.0,
  "summary_bg_p05": 0.6893832325935366,
  "summary_bg_p95": 15525.181933593722,
  "summary_bg_stdv": 5983.4697265625,
  "summary_fg_k": 0.4868653072555782,
  "summary_fg_mad": 12485.943074081904,
  "summary_fg_mean": 67338.25,
  "summary_fg_median": 67435.671875,
  "summary_fg_n": 89286.0,
  "summary_fg_p05": 46547.462890625,
  "summary_fg_p95": 88004.849609375,
  "summary_fg_stdv": 12839.142578125,
  "tsnr": 16.832569122314453
}