{
  "aor": 0.001569617391304348,
  "aqi": 0.0552709147826087,
  "bids_meta": {
    "AcquisitionMatrixPE": 94,
    "AcquisitionNumber": 8,
    "AcquisitionTime": "",
    "BodyPartExamined": "BRAIN",
    "CoilString": "MULTI COIL",
    "ConversionSoftware": "dcm2niix",
    "ConversionSoftwareVersion": "v1.0.20210317",
    "DeviceSerialNumber": "45128",
    "EchoTime": 0.03,
    "EchoTrainLength": 47,
    "EstimatedEffectiveEchoSpacing": 0.000388467,
    "EstimatedTotalReadoutTime": 0.0369044,
    "FlipAngle": 52,
    "ImageOrientationPatientDICOM": [
      0.999849,
      -4.72661e-12,
      0.017387,
      0.000696882,
      0.999196,
      -0.0400747
    ],
    "ImageType": [
      "ORIGINAL",
      "PRIMARY",
      "M",
      "FFE",
      "M",
      "FFE"
    ],
    "ImagingFrequency": 127.764,
    "InPlanePhaseEncodingDirectionDICOM": "COL",
    "InstitutionAddress": "",
    "InstitutionName": "",
    "InstitutionalDepartmentName": "",
    "MRAcquisitionType": "2D",
    "MagneticFieldStrength": 3,
    "Manufacturer": "Philips",
    "ManufacturersModelName": "Ingenia Elition X",
    "Modality": "MR",
    "ParallelReductionFactorInPlane": 2,
    "ParallelReductionOutOfPlane": 6,
    "PatientPosition": "HFS",
    "PercentPhaseFOV": 100,
    "PercentSampling": 100,
    "PhaseEncodingAxis": "j",
    "PhaseEncodingSteps": 94,
    "PhilipsRWVIntercept": 0,
    "PhilipsRWVSlope": 1.06154,
    "PhilipsRescaleIntercept": 0,
    "PhilipsRescaleSlope": 1.06154,
    "PhilipsScaleSlope": 0.0166426,
    "PixelBandwidth": 1850,
    "ProcedureStepDescription": "COLA",
    "ProtocolName": "COLA_R5",
    "ReconMatrixPE": 96,
    "RepetitionTime": 0.8,
    "SAR": 0.0818667,
    "ScanOptions": "FS",
    "ScanningSequence": "GR",
    "SequenceVariant": "SK",
    "SeriesDescription": "COLA_R5",
    "SeriesNumber": 801,
    "SliceThickness": 2.4,
    "SoftwareVersions": "5.6.1\\5.6.1.2",
    "SpacingBetweenSlices": 2.4,
    "StationName": "",
    "TaskName": "WC",
    "UsePhilipsFloatNotDisplayScaling": 1,
    "WaterFatShift": 16.3723,
    "dataset": "ds004073",
    "modality": "bold",
    "subject_id": "BAN07",
    "task_id": "WC"
  },
  "dummy_trs": 0,
  "dvars_nstd": 85.34350645735188,
  "dvars_std": 1.1194543351045307,
  "dvars_vstd": 1.0385613794773516,
  "efc": 0.4657536364077887,
  "fber": 530971.5,
  "fd_mean": 0.34905096606128155,
  "fd_num": 329,
  "fd_perc": 57.21739130434783,
  "fwhm_avg": 2.3140227402811386,
  "fwhm_x": 2.3637246001469023,
  "fwhm_y": 2.4611270381604746,
  "fwhm_z": 2.1172165825360385,
  "gcor": 0.0106164,
  "gsr_x": -0.005350774619728327,
  "gsr_y": 0.024240780621767044,
  "provenance": {
    "md5sum": "de0bc64f6a5a792f1c6f49f6aedb0249",
    "settings": {
      "fd_thres": 0.2,
      "testing": false
    },
    "software": "mriqc",
    "version": "23.0.0",
    "webapi_port": null,
    "webapi_url": "https://mriqc.nimh.nih.gov/api/v1"
  },
  "size_t": 575,
  "size_x": 96,
  "size_y": 96,
  "size_z": 60,
  "snr": 5.265031005313551,
  "spacing_tr": 0.8000001907348633,
  "spacing_x": 2.3958332538604736,
  "spacing_y": 2.3958332538604736,
  "spacing_z": 2.4000000953674316,
  "summary_bg_k": 13.276369131335287,
  "summary_bg_mad": 141.28559071533954,
  "summary_bg_mean": 3004.742919921875,
  "summary_bg_median": 96.1136474609375,
  "summary_bg_n": 391553.0,
  "summary_bg_p05": 0.6296463370323183,
  "summary_bg_p95": 15448.168749999999,
  "summary_bg_stdv": 5949.94970703125,
  "summary_fg_k": 0.49662057028043094,
  "summary_fg_mad": 12562.250757015614,
  "summary_fg_mean": 67665.578125,
  "summary_fg_median": 67577.375,
  "summary_fg_n": 89359.0,
  "summary_fg_p05": 47224.203515625,
  "summary_fg_p95": 88688.66562499994,
  "summary_fg_stdv": 12835.0615234375,
  "tsnr": 15.741036415100098
}