{
  "aor": 0.0014471826086956522,
  "aqi": 0.04944872226086957,
  "bids_meta": {
    "AcquisitionMatrixPE": 94,
    "AcquisitionNumber": 8,
    "AcquisitionTime": "",
    "BodyPartExamined": "BRAIN",
    "CoilString": "MULTI COIL",
    "ConversionSoftware": "dcm2niix",
    "ConversionSoftwareVersion": "v1.0.20210317",
    "DeviceSerialNumber": "45128",
    "EchoTime": 0.03,
    "EchoTrainLength": 47,
    "EstimatedEffectiveEchoSpacing": 0.000387577,
    "EstimatedTotalReadoutTime": 0.0368198,
    "FlipAngle": 52,
    "ImageOrientationPatientDICOM": [
      1,
      -4.48504e-12,
      -7.88012e-05,
      -3.1584e-06,
      0.999196,
      -0.0400807
    ],
    "ImageType": [
      "ORIGINAL",
      "PRIMARY",
      "M",
      "FFE",
      "M",
      "FFE"
    ],
    "ImagingFrequency": 127.764,
    "InPlanePhaseEncodingDirectionDICOM": "COL",
    "InstitutionAddress": "",
    "InstitutionName": "",
    "InstitutionalDepartmentName": "",
    "MRAcquisitionType": "2D",
    "MagneticFieldStrength": 3,
    "Manufacturer": "Philips",
    "ManufacturersModelName": "Ingenia Elition X",
    "Modality": "MR",
    "ParallelReductionFactorInPlane": 2,
    "ParallelReductionOutOfPlane": 6,
    "PatientPosition": "HFS",
    "PercentPhaseFOV": 100,
    "PercentSampling": 100,
    "PhaseEncodingAxis": "j",
    "PhaseEncodingSteps": 94,
    "PhilipsRWVIntercept": 0,
    "PhilipsRWVSlope": 0.905495,
    "PhilipsRescaleIntercept": 0,
    "PhilipsRescaleSlope": 0.905495,
    "PhilipsScaleSlope": 0.016462,
    "PixelBandwidth": 1863,
    "ProcedureStepDescription": "COLA",
    "ProtocolName": "COLA_R5",
    "ReconMatrixPE": 96,
    "RepetitionTime": 0.8,
    "SAR": 0.0818072,
    "ScanOptions": "FS",
    "ScanningSequence": "GR",
    "SequenceVariant": "SK",
    "SeriesDescription": "COLA_R5",
    "SeriesNumber": 801,
    "SliceThickness": 2.4,
    "SoftwareVersions": "5.6.1\\5.6.1.3",
    "SpacingBetweenSlices": 2.4,
    "StationName": "",
    "TaskName": "WC",
    "UsePhilipsFloatNotDisplayScaling": 1,
    "WaterFatShift": 16.3348,
    "dataset": "ds004073",
    "modality": "bold",
    "subject_id": "BAN22",
    "task_id": "WC"
  },
  "dummy_trs": 0,
  "dvars_nstd": 80.70797207139374,
  "dvars_std": 1.146269349790942,
  "dvars_vstd": 1.0302345041986063,
  "efc": 0.4597413074091208,
  "fber": 830778.125,
  "fd_mean": 0.39315415462886877,
  "fd_num": 391,
  "fd_perc": 68.0,
  "fwhm_avg": 2.084317925655658,
  "fwhm_x": 2.148354853872377,
  "fwhm_y": 2.17618233305632,
  "fwhm_z": 1.928416590038276,
  "gcor": 0.0285381,
  "gsr_x": -0.019776541739702225,
  "gsr_y": 0.044485047459602356,
  "provenance": {
    "md5sum": "b6e1d2caa62a1ca92a63990594bd8940",
    "settings": {
      "fd_thres": 0.2,
      "testing": false
    },
    "software": "mriqc",
    "version": "23.0.0",
    "webapi_port": null,
    "webapi_url": "https://mriqc.nimh.nih.gov/api/v1"
  },
  "size_t": 575,
  "size_x": 96,
  "size_y": 96,
  "size_z": 60,
  "snr": 5.196800614654187,
  "spacing_tr": 0.8000001907348633,
  "spacing_x": 2.3958332538604736,
  "spacing_y": 2.3958332538604736,
  "spacing_z": 2.4000000953674316,
  "summary_bg_k": 18.503626080008058,
  "summary_bg_mad": 119.61510310381792,
  "summary_bg_mean": 3010.268310546875,
  "summary_bg_median": 82.29861450195312,
  "summary_bg_n": 391054.0,
  "summary_bg_p05": 1.1708341300487521,
  "summary_bg_p95": 15411.084570312494,
  "summary_bg_stdv": 6363.5341796875,
  "summary_fg_k": 1.4125707316713223,
  "summary_fg_mad": 12833.074692734277,
  "summary_fg_mean": 74273.5625,
  "summary_fg_median": 73633.8671875,
  "summary_fg_n": 89923.0,
  "summary_fg_p05": 53092.162890625004,
  "summary_fg_p95": 98089.82890624998,
  "summary_fg_stdv": 14168.998046875,
  "tsnr": 18.18970489501953
}