{
  "aor": 0.004045721739130434,
  "aqi": 0.05344707495652174,
  "bids_meta": {
    "AcquisitionMatrixPE": 94,
    "AcquisitionNumber": 3,
    "AcquisitionTime": "",
    "BodyPartExamined": "BRAIN",
    "CoilString": "MULTI COIL",
    "ConversionSoftware": "dcm2niix",
    "ConversionSoftwareVersion": "v1.0.20210317",
    "DeviceSerialNumber": "45128",
    "EchoTime": 0.03,
    "EchoTrainLength": 47,
    "EstimatedEffectiveEchoSpacing": 0.000387577,
    "EstimatedTotalReadoutTime": 0.0368198,
    "FlipAngle": 52,
    "ImageOrientationPatientDICOM": [
      1,
      -4.48504e-12,
      -7.88012e-05,
      -3.1584e-06,
      0.999196,
      -0.0400807
    ],
    "ImageType": [
      "ORIGINAL",
      "PRIMARY",
      "M",
      "FFE",
      "M",
      "FFE"
    ],
    "ImagingFrequency": 127.764,
    "InPlanePhaseEncodingDirectionDICOM": "COL",
    "InstitutionAddress": "",
    "InstitutionName": "",
    "InstitutionalDepartmentName": "",
    "MRAcquisitionType": "2D",
    "MagneticFieldStrength": 3,
    "Manufacturer": "Philips",
    "ManufacturersModelName": "Ingenia Elition X",
    "Modality": "MR",
    "ParallelReductionFactorInPlane": 2,
    "ParallelReductionOutOfPlane": 6,
    "PatientPosition": "HFS",
    "PercentPhaseFOV": 100,
    "PercentSampling": 100,
    "PhaseEncodingAxis": "j",
    "PhaseEncodingSteps": 94,
    "PhilipsRWVIntercept": 0,
    "PhilipsRWVSlope": 0.91453,
    "PhilipsRescaleIntercept": 0,
    "PhilipsRescaleSlope": 0.91453,
    "PhilipsScaleSlope": 0.01635,
    "PixelBandwidth": 1863,
    "ProcedureStepDescription": "COLA",
    "ProtocolName": "COLA_R2",
    "ReconMatrixPE": 96,
    "RepetitionTime": 0.8,
    "SAR": 0.0818072,
    "ScanOptions": "FS",
    "ScanningSequence": "GR",
    "SequenceVariant": "SK",
    "SeriesDescription": "COLA_R2",
    "SeriesNumber": 301,
    "SliceThickness": 2.4,
    "SoftwareVersions": "5.6.1\\5.6.1.3",
    "SpacingBetweenSlices": 2.4,
    "StationName": "",
    "TaskName": "PD",
    "UsePhilipsFloatNotDisplayScaling": 1,
    "WaterFatShift": 16.3348,
    "dataset": "ds004073",
    "modality": "bold",
    "subject_id": "BAN22",
    "task_id": "PD"
  },
  "dummy_trs": 0,
  "dvars_nstd": 80.79156587184663,
  "dvars_std": 1.1432247065156784,
  "dvars_vstd": 1.0434475102090597,
  "efc": 0.4561291130181524,
  "fber": 901641.625,
  "fd_mean": 0.5192904490962825,
  "fd_num": 376,
  "fd_perc": 65.3913043478261,
  "fwhm_avg": 2.139285974754933,
  "fwhm_x": 2.1977781598596375,
  "fwhm_y": 2.2491465093896785,
  "fwhm_z": 1.9709332550154823,
  "gcor": 0.0501576,
  "gsr_x": -0.01878504641354084,
  "gsr_y": 0.03970005735754967,
  "provenance": {
    "md5sum": "bbc0ca54268c936d5de5516095f6ecdc",
    "settings": {
      "fd_thres": 0.2,
      "testing": false
    },
    "software": "mriqc",
    "version": "23.0.0",
    "webapi_port": null,
    "webapi_url": "https://mriqc.nimh.nih.gov/api/v1"
  },
  "size_t": 575,
  "size_x": 96,
  "size_y": 96,
  "size_z": 60,
  "snr": 5.15350330374949,
  "spacing_tr": 0.8000001907348633,
  "spacing_x": 2.3958332538604736,
  "spacing_y": 2.3958332538604736,
  "spacing_z": 2.4000000953674316,
  "summary_bg_k": 22.272120075615724,
  "summary_bg_mad": 114.74904540471408,
  "summary_bg_mean": 2874.13525390625,
  "summary_bg_median": 79.10221862792969,
  "summary_bg_n": 391070.0,
  "summary_bg_p05": 1.134311467409134,
  "summary_bg_p95": 14695.419921875,
  "summary_bg_stdv": 6287.1015625,
  "summary_fg_k": 1.6540443191621925,
  "summary_fg_mad": 12800.179456011183,
  "summary_fg_mean": 74514.796875,
  "summary_fg_median": 73617.671875,
  "summary_fg_n": 89636.0,
  "summary_fg_p05": 53853.2568359375,
  "summary_fg_p95": 98477.822265625,
  "summary_fg_stdv": 14284.896484375,
  "tsnr": 16.894105911254883
}