{
  "aor": 0.0016640695652173913,
  "aqi": 0.06269927843478261,
  "bids_meta": {
    "AcquisitionMatrixPE": 94,
    "AcquisitionNumber": 2,
    "AcquisitionTime": "",
    "BodyPartExamined": "BRAIN",
    "CoilString": "MULTI COIL",
    "ConversionSoftware": "dcm2niix",
    "ConversionSoftwareVersion": "v1.0.20210317",
    "DeviceSerialNumber": "45128",
    "EchoTime": 0.03,
    "EchoTrainLength": 47,
    "EstimatedEffectiveEchoSpacing": 0.000387577,
    "EstimatedTotalReadoutTime": 0.0368198,
    "FlipAngle": 52,
    "ImageOrientationPatientDICOM": [
      1,
      -4.48504e-12,
      -7.88012e-05,
      -3.1584e-06,
      0.999196,
      -0.0400807
    ],
    "ImageType": [
      "ORIGINAL",
      "PRIMARY",
      "M",
      "FFE",
      "M",
      "FFE"
    ],
    "ImagingFrequency": 127.764,
    "InPlanePhaseEncodingDirectionDICOM": "COL",
    "InstitutionAddress": "",
    "InstitutionName": "",
    "InstitutionalDepartmentName": "",
    "MRAcquisitionType": "2D",
    "MagneticFieldStrength": 3,
    "Manufacturer": "Philips",
    "ManufacturersModelName": "Ingenia Elition X",
    "Modality": "MR",
    "ParallelReductionFactorInPlane": 2,
    "ParallelReductionOutOfPlane": 6,
    "PatientPosition": "HFS",
    "PercentPhaseFOV": 100,
    "PercentSampling": 100,
    "PhaseEncodingAxis": "j",
    "PhaseEncodingSteps": 94,
    "PhilipsRWVIntercept": 0,
    "PhilipsRWVSlope": 0.887424,
    "PhilipsRescaleIntercept": 0,
    "PhilipsRescaleSlope": 0.887424,
    "PhilipsScaleSlope": 0.0163169,
    "PixelBandwidth": 1863,
    "ProcedureStepDescription": "COLA",
    "ProtocolName": "COLA_R1",
    "ReconMatrixPE": 96,
    "RepetitionTime": 0.8,
    "SAR": 0.0818072,
    "ScanOptions": "FS",
    "ScanningSequence": "GR",
    "SequenceVariant": "SK",
    "SeriesDescription": "COLA_R1",
    "SeriesNumber": 201,
    "SliceThickness": 2.4,
    "SoftwareVersions": "5.6.1\\5.6.1.3",
    "SpacingBetweenSlices": 2.4,
    "StationName": "",
    "TaskName": "SG",
    "UsePhilipsFloatNotDisplayScaling": 1,
    "WaterFatShift": 16.3347,
    "dataset": "ds004073",
    "modality": "bold",
    "subject_id": "BAN22",
    "task_id": "SG"
  },
  "dummy_trs": 0,
  "dvars_nstd": 80.53124538803138,
  "dvars_std": 1.0936807072125425,
  "dvars_vstd": 1.0212088067944245,
  "efc": 0.4502657589190996,
  "fber": 933143.6875,
  "fd_mean": 0.4827698655298641,
  "fd_num": 389,
  "fd_perc": 67.65217391304348,
  "fwhm_avg": 2.382347348845872,
  "fwhm_x": 2.4928696479090697,
  "fwhm_y": 2.5377016493962046,
  "fwhm_z": 2.116470749232342,
  "gcor": 0.058527,
  "gsr_x": -0.018350347876548767,
  "gsr_y": 0.03649696707725525,
  "provenance": {
    "md5sum": "ddc4dc4dcc29232ffa8062b9d84b6edb",
    "settings": {
      "fd_thres": 0.2,
      "testing": false
    },
    "software": "mriqc",
    "version": "23.0.0",
    "webapi_port": null,
    "webapi_url": "https://mriqc.nimh.nih.gov/api/v1"
  },
  "size_t": 575,
  "size_x": 96,
  "size_y": 96,
  "size_z": 60,
  "snr": 4.184593276016464,
  "spacing_tr": 0.8000001907348633,
  "spacing_x": 2.3958332538604736,
  "spacing_y": 2.3958332538604736,
  "spacing_z": 2.4000000953674316,
  "summary_bg_k": 20.86391297847258,
  "summary_bg_mad": 115.55763397838496,
  "summary_bg_mean": 2877.737060546875,
  "summary_bg_median": 79.71729278564453,
  "summary_bg_n": 391876.0,
  "summary_bg_p05": 1.193939596414566,
  "summary_bg_p95": 14375.57470703125,
  "summary_bg_stdv": 6068.833984375,
  "summary_fg_k": 0.6876341761827511,
  "summary_fg_mad": 17377.456087683466,
  "summary_fg_mean": 77538.9296875,
  "summary_fg_median": 76004.4921875,
  "summary_fg_n": 88916.0,
  "summary_fg_p05": 50746.994140625,
  "summary_fg_p95": 108923.208984375,
  "summary_fg_stdv": 18162.83203125,
  "tsnr": 13.31289291381836
}