{
  "aor": 0.0009231478260869566,
  "aqi": 0.04087739026086957,
  "bids_meta": {
    "AcquisitionMatrixPE": 94,
    "AcquisitionNumber": 9,
    "AcquisitionTime": "",
    "BodyPartExamined": "BRAIN",
    "CoilString": "MULTI COIL",
    "ConversionSoftware": "dcm2niix",
    "ConversionSoftwareVersion": "v1.0.20210317",
    "DeviceSerialNumber": "45128",
    "EchoTime": 0.03,
    "EchoTrainLength": 47,
    "EstimatedEffectiveEchoSpacing": 0.000387577,
    "EstimatedTotalReadoutTime": 0.0368198,
    "FlipAngle": 52,
    "ImageOrientationPatientDICOM": [
      1,
      -4.48504e-12,
      -7.88012e-05,
      -3.1584e-06,
      0.999196,
      -0.0400807
    ],
    "ImageType": [
      "ORIGINAL",
      "PRIMARY",
      "M",
      "FFE",
      "M",
      "FFE"
    ],
    "ImagingFrequency": 127.764,
    "InPlanePhaseEncodingDirectionDICOM": "COL",
    "InstitutionAddress": "",
    "InstitutionName": "",
    "InstitutionalDepartmentName": "",
    "MRAcquisitionType": "2D",
    "MagneticFieldStrength": 3,
    "Manufacturer": "Philips",
    "ManufacturersModelName": "Ingenia Elition X",
    "Modality": "MR",
    "ParallelReductionFactorInPlane": 2,
    "ParallelReductionOutOfPlane": 6,
    "PatientPosition": "HFS",
    "PercentPhaseFOV": 100,
    "PercentSampling": 100,
    "PhaseEncodingAxis": "j",
    "PhaseEncodingSteps": 94,
    "PhilipsRWVIntercept": 0,
    "PhilipsRWVSlope": 0.973382,
    "PhilipsRescaleIntercept": 0,
    "PhilipsRescaleSlope": 0.973382,
    "PhilipsScaleSlope": 0.0167136,
    "PixelBandwidth": 1863,
    "ProcedureStepDescription": "COLA",
    "ProtocolName": "COLA_R6",
    "ReconMatrixPE": 96,
    "RepetitionTime": 0.8,
    "SAR": 0.0818072,
    "ScanOptions": "FS",
    "ScanningSequence": "GR",
    "SequenceVariant": "SK",
    "SeriesDescription": "COLA_R6",
    "SeriesNumber": 901,
    "SliceThickness": 2.4,
    "SoftwareVersions": "5.6.1\\5.6.1.3",
    "SpacingBetweenSlices": 2.4,
    "StationName": "",
    "TaskName": "WG",
    "UsePhilipsFloatNotDisplayScaling": 1,
    "WaterFatShift": 16.3348,
    "dataset": "ds004073",
    "modality": "bold",
    "subject_id": "BAN22",
    "task_id": "WG"
  },
  "dummy_trs": 0,
  "dvars_nstd": 77.81365587982577,
  "dvars_std": 1.153262079599302,
  "dvars_vstd": 1.0243525928919865,
  "efc": 0.4606061067013867,
  "fber": 825048.3125,
  "fd_mean": 0.21299031073807037,
  "fd_num": 237,
  "fd_perc": 41.21739130434783,
  "fwhm_avg": 2.02755881385098,
  "fwhm_x": 2.1061649394294055,
  "fwhm_y": 2.097028243474156,
  "fwhm_z": 1.8794832586493788,
  "gcor": 0.0162127,
  "gsr_x": -0.02025786228477955,
  "gsr_y": 0.04394739121198654,
  "provenance": {
    "md5sum": "aefc7c11859f42c7f07b8a0dd53ff10b",
    "settings": {
      "fd_thres": 0.2,
      "testing": false
    },
    "software": "mriqc",
    "version": "23.0.0",
    "webapi_port": null,
    "webapi_url": "https://mriqc.nimh.nih.gov/api/v1"
  },
  "size_t": 575,
  "size_x": 96,
  "size_y": 96,
  "size_z": 60,
  "snr": 5.225866960402807,
  "spacing_tr": 0.8000001907348633,
  "spacing_x": 2.3958332538604736,
  "spacing_y": 2.3958332538604736,
  "spacing_z": 2.4000000953674316,
  "summary_bg_k": 19.450917547831732,
  "summary_bg_mad": 117.86072555557644,
  "summary_bg_mean": 2938.607666015625,
  "summary_bg_median": 80.60658264160156,
  "summary_bg_n": 390712.0,
  "summary_bg_p05": 0.7605326503515243,
  "summary_bg_p95": 15014.858837890628,
  "summary_bg_stdv": 6298.63623046875,
  "summary_fg_k": 1.7337543198680363,
  "summary_fg_mad": 12189.32417632721,
  "summary_fg_mean": 71795.5859375,
  "summary_fg_median": 71035.4609375,
  "summary_fg_n": 90092.0,
  "summary_fg_p05": 51989.0041015625,
  "summary_fg_p95": 94369.651171875,
  "summary_fg_stdv": 13592.97265625,
  "tsnr": 20.842575073242188
}