{
  "aor": 0.0005403141361256545,
  "aqi": 0.0046299303664921465,
  "bids_meta": {
    "AcquisitionMatrixPE": 90,
    "AcquisitionNumber": 1,
    "AcquisitionTime": "",
    "BandwidthPerPixelPhaseEncode": 21.786,
    "BaseResolution": 90,
    "BodyPartExamined": "BRAIN",
    "ConsistencyInfo": "N4_VE11C_LATEST_20160120",
    "ConversionSoftware": "dcm2niix",
    "ConversionSoftwareVersion": "v1.0.20210317",
    "DerivedVendorReportedEchoSpacing": 0.000510012,
    "DeviceSerialNumber": "66093",
    "DwellTime": 2e-06,
    "EchoTime": 0.03,
    "EchoTrainLength": 90,
    "EffectiveEchoSpacing": 0.000510012,
    "FlipAngle": 52,
    "ImageComments": "Unaliased MB6/PE3/LB",
    "ImageOrientationPatientDICOM": [
      0.999882,
      0.00402176,
      0.0148008,
      -3.13737e-08,
      0.965009,
      -0.262216
    ],
    "ImageType": [
      "ORIGINAL",
      "PRIMARY",
      "M",
      "MB",
      "ND",
      "MOSAIC"
    ],
    "ImagingFrequency": 123.26,
    "InPlanePhaseEncodingDirectionDICOM": "COL",
    "InstitutionAddress": "",
    "InstitutionName": "",
    "InstitutionalDepartmentName": "",
    "MRAcquisitionType": "2D",
    "MagneticFieldStrength": 3,
    "Manufacturer": "Siemens",
    "ManufacturersModelName": "Prisma",
    "Modality": "MR",
    "MultibandAccelerationFactor": 6,
    "PartialFourier": 1,
    "PatientPosition": "HFS",
    "PercentPhaseFOV": 100,
    "PercentSampling": 100,
    "PhaseEncodingDirection": "j-",
    "PhaseEncodingSteps": 90,
    "PhaseResolution": 1,
    "PixelBandwidth": 2780,
    "ProtocolName": "BOLD_2p4_MB6_P1_TE30_TR800_AP",
    "PulseSequenceDetails": "%CustomerSeq%\\cmrr_mbep2d_bold",
    "ReceiveCoilActiveElements": "HEA;HEP",
    "ReceiveCoilName": "Head_32",
    "ReconMatrixPE": 90,
    "RepetitionTime": 0.8,
    "SAR": 0.0883559,
    "ScanOptions": "FS",
    "ScanningSequence": "EP",
    "SequenceName": "epfid2d1_90",
    "SequenceVariant": "SK\\SS",
    "SeriesDescription": "BOLD_2p4_MB6_P1_TE30_TR800_AP",
    "SeriesNumber": 19,
    "ShimSetting": [
      4961,
      -11391,
      -1404,
      544,
      94,
      1,
      -59,
      25
    ],
    "SliceThickness": 2.4,
    "SliceTiming": [
      0,
      0.545,
      0.31,
      0.0775,
      0.6225,
      0.39,
      0.155,
      0.7,
      0.4675,
      0.2325,
      0,
      0.545,
      0.31,
      0.0775,
      0.6225,
      0.39,
      0.155,
      0.7,
      0.4675,
      0.2325,
      0,
      0.545,
      0.31,
      0.0775,
      0.6225,
      0.39,
      0.155,
      0.7,
      0.4675,
      0.2325,
      0,
      0.545,
      0.31,
      0.0775,
      0.6225,
      0.39,
      0.155,
      0.7,
      0.4675,
      0.2325,
      0,
      0.545,
      0.31,
      0.0775,
      0.6225,
      0.39,
      0.155,
      0.7,
      0.4675,
      0.2325,
      0,
      0.545,
      0.31,
      0.0775,
      0.6225,
      0.39,
      0.155,
      0.7,
      0.4675,
      0.2325
    ],
    "SoftwareVersions": "syngo MR E11",
    "SpacingBetweenSlices": 2.4,
    "StationName": "",
    "TaskName": "SD",
    "TotalReadoutTime": 0.045391,
    "TxRefAmp": 236.192,
    "VendorReportedEchoSpacing": 0.00051,
    "WipMemBlock": "7d5d2c00-3035-4fd4-bd5d-7f4f9b7ae57b||Sequence: R016 ve11c/master r/e634e98; Dec 19 2017 11:00:25 by eja",
    "dataset": "ds004073",
    "modality": "bold",
    "subject_id": "OXF18",
    "task_id": "SD"
  },
  "dummy_trs": 2,
  "dvars_nstd": 30.950495889982513,
  "dvars_std": 1.023200563094405,
  "dvars_vstd": 0.9968009895104907,
  "efc": 0.5125827096032768,
  "fber": 895.7911987304688,
  "fd_mean": 0.13943443240040695,
  "fd_num": 114,
  "fd_perc": 19.895287958115183,
  "fwhm_avg": 3.045756823416942,
  "fwhm_x": 2.8330832207567207,
  "fwhm_y": 3.133254042162337,
  "fwhm_z": 3.1709332073317684,
  "gcor": 0.00531654,
  "gsr_x": -0.017628030851483345,
  "gsr_y": 0.09184619039297104,
  "provenance": {
    "md5sum": "c890ac74adc39d8bd4c418b3c54cdd26",
    "settings": {
      "fd_thres": 0.2,
      "testing": false
    },
    "software": "mriqc",
    "version": "23.0.0",
    "webapi_port": null,
    "webapi_url": "https://mriqc.nimh.nih.gov/api/v1"
  },
  "size_t": 573,
  "size_x": 90,
  "size_y": 90,
  "size_z": 60,
  "snr": 2.5342577591758078,
  "spacing_tr": 0.800000011920929,
  "spacing_x": 2.4000000953674316,
  "spacing_y": 2.4000000953674316,
  "spacing_z": 2.4000000953674316,
  "summary_bg_k": 17.00791061114895,
  "summary_bg_mad": 79.3489788709952,
  "summary_bg_mean": 290.80322265625,
  "summary_bg_median": 118.21466064453125,
  "summary_bg_n": 325976.0,
  "summary_bg_p05": 59.26003646850586,
  "summary_bg_p95": 1193.3037109375,
  "summary_bg_stdv": 446.98284912109375,
  "summary_fg_k": 0.9562007205362555,
  "summary_fg_mad": 1259.33738207744,
  "summary_fg_mean": 3894.363037109375,
  "summary_fg_median": 3595.74169921875,
  "summary_fg_n": 87032.0,
  "summary_fg_p05": 2127.9187866210937,
  "summary_fg_p95": 6672.782250976562,
  "summary_fg_stdv": 1418.8458251953125,
  "tsnr": 41.149281290359795
}