{
  "aor": 0.0008479965156794426,
  "aqi": 0.008207767595818817,
  "bids_meta": {
    "AcquisitionMatrixPE": 90,
    "AcquisitionNumber": 1,
    "AcquisitionTime": "",
    "BandwidthPerPixelPhaseEncode": 21.786,
    "BaseResolution": 90,
    "BodyPartExamined": "BRAIN",
    "ConsistencyInfo": "N4_VE11C_LATEST_20160120",
    "ConversionSoftware": "dcm2niix",
    "ConversionSoftwareVersion": "v1.0.20210317",
    "DerivedVendorReportedEchoSpacing": 0.000510012,
    "DeviceSerialNumber": "66093",
    "DwellTime": 2e-06,
    "EchoTime": 0.03,
    "EchoTrainLength": 90,
    "EffectiveEchoSpacing": 0.000510012,
    "FlipAngle": 52,
    "ImageComments": "Unaliased MB6/PE3/LB",
    "ImageOrientationPatientDICOM": [
      0.999882,
      0.00402176,
      0.0148008,
      -3.13737e-08,
      0.965009,
      -0.262216
    ],
    "ImageType": [
      "ORIGINAL",
      "PRIMARY",
      "M",
      "MB",
      "ND",
      "MOSAIC"
    ],
    "ImagingFrequency": 123.26,
    "InPlanePhaseEncodingDirectionDICOM": "COL",
    "InstitutionAddress": "",
    "InstitutionName": "",
    "InstitutionalDepartmentName": "",
    "MRAcquisitionType": "2D",
    "MagneticFieldStrength": 3,
    "Manufacturer": "Siemens",
    "ManufacturersModelName": "Prisma",
    "Modality": "MR",
    "MultibandAccelerationFactor": 6,
    "PartialFourier": 1,
    "PatientPosition": "HFS",
    "PercentPhaseFOV": 100,
    "PercentSampling": 100,
    "PhaseEncodingDirection": "j-",
    "PhaseEncodingSteps": 90,
    "PhaseResolution": 1,
    "PixelBandwidth": 2780,
    "ProtocolName": "BOLD_2p4_MB6_P1_TE30_TR800_AP",
    "PulseSequenceDetails": "%CustomerSeq%\\cmrr_mbep2d_bold",
    "ReceiveCoilActiveElements": "HEA;HEP",
    "ReceiveCoilName": "Head_32",
    "ReconMatrixPE": 90,
    "RepetitionTime": 0.8,
    "SAR": 0.0883559,
    "ScanOptions": "FS",
    "ScanningSequence": "EP",
    "SequenceName": "epfid2d1_90",
    "SequenceVariant": "SK\\SS",
    "SeriesDescription": "BOLD_2p4_MB6_P1_TE30_TR800_AP",
    "SeriesNumber": 15,
    "ShimSetting": [
      4961,
      -11391,
      -1404,
      544,
      94,
      1,
      -59,
      25
    ],
    "SliceThickness": 2.4,
    "SliceTiming": [
      0,
      0.5475,
      0.3125,
      0.0775,
      0.625,
      0.39,
      0.1575,
      0.7025,
      0.4675,
      0.235,
      0,
      0.5475,
      0.3125,
      0.0775,
      0.625,
      0.39,
      0.1575,
      0.7025,
      0.4675,
      0.235,
      0,
      0.5475,
      0.3125,
      0.0775,
      0.625,
      0.39,
      0.1575,
      0.7025,
      0.4675,
      0.235,
      0,
      0.5475,
      0.3125,
      0.0775,
      0.625,
      0.39,
      0.1575,
      0.7025,
      0.4675,
      0.235,
      0,
      0.5475,
      0.3125,
      0.0775,
      0.625,
      0.39,
      0.1575,
      0.7025,
      0.4675,
      0.235,
      0,
      0.5475,
      0.3125,
      0.0775,
      0.625,
      0.39,
      0.1575,
      0.7025,
      0.4675,
      0.235
    ],
    "SoftwareVersions": "syngo MR E11",
    "SpacingBetweenSlices": 2.4,
    "StationName": "",
    "TaskName": "SG",
    "TotalReadoutTime": 0.045391,
    "TxRefAmp": 236.192,
    "VendorReportedEchoSpacing": 0.00051,
    "WipMemBlock": "453a0feb-a2c3-410f-8d1c-f888268160a9||Sequence: R016 ve11c/master r/e634e98; Dec 19 2017 11:00:25 by eja",
    "dataset": "ds004073",
    "modality": "bold",
    "subject_id": "OXF18",
    "task_id": "SG"
  },
  "dummy_trs": 1,
  "dvars_nstd": 32.97829188959865,
  "dvars_std": 1.0141616009598602,
  "dvars_vstd": 0.9885214965095985,
  "efc": 0.5102659605996009,
  "fber": 926.869384765625,
  "fd_mean": 0.17271694078307492,
  "fd_num": 163,
  "fd_perc": 28.39721254355401,
  "fwhm_avg": 3.054620711953612,
  "fwhm_x": 2.860383219671916,
  "fwhm_y": 3.1081582098262226,
  "fwhm_z": 3.1953207063626965,
  "gcor": 0.00707663,
  "gsr_x": -0.018292328342795372,
  "gsr_y": 0.09056562185287476,
  "provenance": {
    "md5sum": "9de93624762c746dbe2818caf3f43e89",
    "settings": {
      "fd_thres": 0.2,
      "testing": false
    },
    "software": "mriqc",
    "version": "23.0.0",
    "webapi_port": null,
    "webapi_url": "https://mriqc.nimh.nih.gov/api/v1"
  },
  "size_t": 574,
  "size_x": 90,
  "size_y": 90,
  "size_z": 60,
  "snr": 2.4838102871793453,
  "spacing_tr": 0.800000011920929,
  "spacing_x": 2.4000000953674316,
  "spacing_y": 2.4000000953674316,
  "spacing_z": 2.4000000953674316,
  "summary_bg_k": 15.180271643807053,
  "summary_bg_mad": 81.10918441932384,
  "summary_bg_mean": 288.9518127441406,
  "summary_bg_median": 118.79442596435547,
  "summary_bg_n": 326125.0,
  "summary_bg_p05": 57.963417053222656,
  "summary_bg_p95": 1171.9184570312489,
  "summary_bg_stdv": 431.94677734375,
  "summary_fg_k": 0.9864213217532405,
  "summary_fg_mad": 1297.313137535627,
  "summary_fg_mean": 3936.841552734375,
  "summary_fg_median": 3629.066162109375,
  "summary_fg_n": 87503.0,
  "summary_fg_p05": 2115.5189208984375,
  "summary_fg_p95": 6802.488281249997,
  "summary_fg_stdv": 1461.0799560546875,
  "tsnr": 32.722956761717796
}