{
  "aor": 0.0002226876090750436,
  "aqi": 0.003784524904013962,
  "bids_meta": {
    "AcquisitionMatrixPE": 90,
    "AcquisitionNumber": 1,
    "AcquisitionTime": "",
    "BandwidthPerPixelPhaseEncode": 21.786,
    "BaseResolution": 90,
    "BodyPartExamined": "BRAIN",
    "ConsistencyInfo": "N4_VE11C_LATEST_20160120",
    "ConversionSoftware": "dcm2niix",
    "ConversionSoftwareVersion": "v1.0.20210317",
    "DerivedVendorReportedEchoSpacing": 0.000510012,
    "DeviceSerialNumber": "66093",
    "DwellTime": 2e-06,
    "EchoTime": 0.03,
    "EchoTrainLength": 90,
    "EffectiveEchoSpacing": 0.000510012,
    "FlipAngle": 52,
    "ImageComments": "Unaliased MB6/PE3/LB",
    "ImageOrientationPatientDICOM": [
      0.999882,
      0.00402176,
      0.0148008,
      -3.13737e-08,
      0.965009,
      -0.262216
    ],
    "ImageType": [
      "ORIGINAL",
      "PRIMARY",
      "M",
      "MB",
      "ND",
      "MOSAIC"
    ],
    "ImagingFrequency": 123.26,
    "InPlanePhaseEncodingDirectionDICOM": "COL",
    "InstitutionAddress": "",
    "InstitutionName": "",
    "InstitutionalDepartmentName": "",
    "MRAcquisitionType": "2D",
    "MagneticFieldStrength": 3,
    "Manufacturer": "Siemens",
    "ManufacturersModelName": "Prisma",
    "Modality": "MR",
    "MultibandAccelerationFactor": 6,
    "PartialFourier": 1,
    "PatientPosition": "HFS",
    "PercentPhaseFOV": 100,
    "PercentSampling": 100,
    "PhaseEncodingDirection": "j-",
    "PhaseEncodingSteps": 90,
    "PhaseResolution": 1,
    "PixelBandwidth": 2780,
    "ProtocolName": "BOLD_2p4_MB6_P1_TE30_TR800_AP",
    "PulseSequenceDetails": "%CustomerSeq%\\cmrr_mbep2d_bold",
    "ReceiveCoilActiveElements": "HEA;HEP",
    "ReceiveCoilName": "Head_32",
    "ReconMatrixPE": 90,
    "RepetitionTime": 0.8,
    "SAR": 0.0883559,
    "ScanOptions": "FS",
    "ScanningSequence": "EP",
    "SequenceName": "epfid2d1_90",
    "SequenceVariant": "SK\\SS",
    "SeriesDescription": "BOLD_2p4_MB6_P1_TE30_TR800_AP",
    "SeriesNumber": 7,
    "ShimSetting": [
      4961,
      -11391,
      -1404,
      544,
      94,
      1,
      -59,
      25
    ],
    "SliceThickness": 2.4,
    "SliceTiming": [
      0,
      0.545,
      0.31,
      0.0775,
      0.6225,
      0.39,
      0.155,
      0.7,
      0.4675,
      0.2325,
      0,
      0.545,
      0.31,
      0.0775,
      0.6225,
      0.39,
      0.155,
      0.7,
      0.4675,
      0.2325,
      0,
      0.545,
      0.31,
      0.0775,
      0.6225,
      0.39,
      0.155,
      0.7,
      0.4675,
      0.2325,
      0,
      0.545,
      0.31,
      0.0775,
      0.6225,
      0.39,
      0.155,
      0.7,
      0.4675,
      0.2325,
      0,
      0.545,
      0.31,
      0.0775,
      0.6225,
      0.39,
      0.155,
      0.7,
      0.4675,
      0.2325,
      0,
      0.545,
      0.31,
      0.0775,
      0.6225,
      0.39,
      0.155,
      0.7,
      0.4675,
      0.2325
    ],
    "SoftwareVersions": "syngo MR E11",
    "SpacingBetweenSlices": 2.4,
    "StationName": "",
    "TaskName": "PD",
    "TotalReadoutTime": 0.045391,
    "TxRefAmp": 236.192,
    "VendorReportedEchoSpacing": 0.00051,
    "WipMemBlock": "d79130b7-f6ed-4a19-9963-1b3bf735cac9||Sequence: R016 ve11c/master r/e634e98; Dec 19 2017 11:00:25 by eja",
    "dataset": "ds004073",
    "modality": "bold",
    "subject_id": "OXF18",
    "task_id": "PD"
  },
  "dummy_trs": 2,
  "dvars_nstd": 31.08868532246501,
  "dvars_std": 1.0312249246328666,
  "dvars_vstd": 0.9910184614335666,
  "efc": 0.509322593200353,
  "fber": 953.6403198242188,
  "fd_mean": 0.12350861705088223,
  "fd_num": 64,
  "fd_perc": 11.169284467713787,
  "fwhm_avg": 3.025131824236506,
  "fwhm_x": 2.8268790543365854,
  "fwhm_y": 3.105670709925067,
  "fwhm_z": 3.1428457084478656,
  "gcor": 0.00799929,
  "gsr_x": -0.0184891726821661,
  "gsr_y": 0.09109204262495041,
  "provenance": {
    "md5sum": "4769219b70413324d1bd32490829696b",
    "settings": {
      "fd_thres": 0.2,
      "testing": false
    },
    "software": "mriqc",
    "version": "23.0.0",
    "webapi_port": null,
    "webapi_url": "https://mriqc.nimh.nih.gov/api/v1"
  },
  "size_t": 573,
  "size_x": 90,
  "size_y": 90,
  "size_z": 60,
  "snr": 2.523088010780315,
  "spacing_tr": 0.800000011920929,
  "spacing_x": 2.4000000953674316,
  "spacing_y": 2.4000000953674316,
  "spacing_z": 2.4000000953674316,
  "summary_bg_k": 17.589448699257687,
  "summary_bg_mad": 77.05650609553949,
  "summary_bg_mean": 283.21661376953125,
  "summary_bg_median": 116.09598541259766,
  "summary_bg_n": 326143.0,
  "summary_bg_p05": 59.001747131347656,
  "summary_bg_p95": 1145.8220336914044,
  "summary_bg_stdv": 431.9273986816406,
  "summary_fg_k": 0.9154671230419535,
  "summary_fg_mad": 1274.130103626729,
  "summary_fg_mean": 3920.700439453125,
  "summary_fg_median": 3618.91796875,
  "summary_fg_n": 87497.0,
  "summary_fg_p05": 2128.60595703125,
  "summary_fg_p95": 6720.330371093749,
  "summary_fg_stdv": 1434.312744140625,
  "tsnr": 43.50302910734899
}