{
  "aor": 0.001093791304347826,
  "aqi": 0.051090896347826084,
  "bids_meta": {
    "AcquisitionMatrixPE": 94,
    "AcquisitionNumber": 4,
    "AcquisitionTime": "",
    "BodyPartExamined": "BRAIN",
    "CoilString": "MULTI COIL",
    "ConversionSoftware": "dcm2niix",
    "ConversionSoftwareVersion": "v1.0.20210317",
    "DeviceSerialNumber": "45128",
    "EchoTime": 0.03,
    "EchoTrainLength": 47,
    "EstimatedEffectiveEchoSpacing": 0.000388467,
    "EstimatedTotalReadoutTime": 0.0369044,
    "FlipAngle": 52,
    "ImageOrientationPatientDICOM": [
      0.999849,
      -4.72661e-12,
      0.017387,
      0.000696882,
      0.999196,
      -0.0400747
    ],
    "ImageType": [
      "ORIGINAL",
      "PRIMARY",
      "M",
      "FFE",
      "M",
      "FFE"
    ],
    "ImagingFrequency": 127.764,
    "InPlanePhaseEncodingDirectionDICOM": "COL",
    "InstitutionAddress": "",
    "InstitutionName": "",
    "InstitutionalDepartmentName": "",
    "MRAcquisitionType": "2D",
    "MagneticFieldStrength": 3,
    "Manufacturer": "Philips",
    "ManufacturersModelName": "Ingenia Elition X",
    "Modality": "MR",
    "ParallelReductionFactorInPlane": 2,
    "ParallelReductionOutOfPlane": 6,
    "PatientPosition": "HFS",
    "PercentPhaseFOV": 100,
    "PercentSampling": 100,
    "PhaseEncodingAxis": "j",
    "PhaseEncodingSteps": 94,
    "PhilipsRWVIntercept": 0,
    "PhilipsRWVSlope": 0.994383,
    "PhilipsRescaleIntercept": 0,
    "PhilipsRescaleSlope": 0.994383,
    "PhilipsScaleSlope": 0.0167504,
    "PixelBandwidth": 1850,
    "ProcedureStepDescription": "COLA",
    "ProtocolName": "COLA_R3",
    "ReconMatrixPE": 96,
    "RepetitionTime": 0.8,
    "SAR": 0.0818667,
    "ScanOptions": "FS",
    "ScanningSequence": "GR",
    "SequenceVariant": "SK",
    "SeriesDescription": "COLA_R3",
    "SeriesNumber": 401,
    "SliceThickness": 2.4,
    "SoftwareVersions": "5.6.1\\5.6.1.2",
    "SpacingBetweenSlices": 2.4,
    "StationName": "",
    "TaskName": "WG",
    "UsePhilipsFloatNotDisplayScaling": 1,
    "WaterFatShift": 16.3723,
    "dataset": "ds004073",
    "modality": "bold",
    "subject_id": "BAN07",
    "task_id": "WG"
  },
  "dummy_trs": 0,
  "dvars_nstd": 87.58573020364115,
  "dvars_std": 1.1151994229790942,
  "dvars_vstd": 1.0290589698432053,
  "efc": 0.46425047967067196,
  "fber": 573307.125,
  "fd_mean": 0.3824868468625813,
  "fd_num": 363,
  "fd_perc": 63.130434782608695,
  "fwhm_avg": 2.3337325203352015,
  "fwhm_x": 2.382356948591048,
  "fwhm_y": 2.468994864508417,
  "fwhm_z": 2.1498457479061384,
  "gcor": 0.00713068,
  "gsr_x": -0.006202566437423229,
  "gsr_y": 0.025365155190229416,
  "provenance": {
    "md5sum": "09725488dcae15d6b000eec33d8e391f",
    "settings": {
      "fd_thres": 0.2,
      "testing": false
    },
    "software": "mriqc",
    "version": "23.0.0",
    "webapi_port": null,
    "webapi_url": "https://mriqc.nimh.nih.gov/api/v1"
  },
  "size_t": 575,
  "size_x": 96,
  "size_y": 96,
  "size_z": 60,
  "snr": 5.209258406498666,
  "spacing_tr": 0.8000001907348633,
  "spacing_x": 2.3958332538604736,
  "spacing_y": 2.3958332538604736,
  "spacing_z": 2.4000000953674316,
  "summary_bg_k": 13.022660416216624,
  "summary_bg_mad": 135.23848946134584,
  "summary_bg_mean": 2918.8681640625,
  "summary_bg_median": 92.08361053466797,
  "summary_bg_n": 391659.0,
  "summary_bg_p05": 0.670197427272797,
  "summary_bg_p95": 15096.49648437498,
  "summary_bg_stdv": 5797.01318359375,
  "summary_fg_k": 0.39872332169166524,
  "summary_fg_mad": 12744.602142769429,
  "summary_fg_mean": 67081.703125,
  "summary_fg_median": 67114.15625,
  "summary_fg_n": 89384.0,
  "summary_fg_p05": 46597.950976562504,
  "summary_fg_p95": 88072.78124999999,
  "summary_fg_stdv": 12883.5576171875,
  "tsnr": 16.42531394958496
}