{
  "aor": 0.0005824000000000001,
  "aqi": 0.042936933913043485,
  "bids_meta": {
    "AcquisitionMatrixPE": 94,
    "AcquisitionNumber": 2,
    "AcquisitionTime": "",
    "BodyPartExamined": "BRAIN",
    "CoilString": "MULTI COIL",
    "ConversionSoftware": "dcm2niix",
    "ConversionSoftwareVersion": "v1.0.20210317",
    "DeviceSerialNumber": "45128",
    "EchoTime": 0.03,
    "EchoTrainLength": 47,
    "EstimatedEffectiveEchoSpacing": 0.000388467,
    "EstimatedTotalReadoutTime": 0.0369044,
    "FlipAngle": 52,
    "ImageOrientationPatientDICOM": [
      0.999849,
      -4.72661e-12,
      0.017387,
      0.000696882,
      0.999196,
      -0.0400747
    ],
    "ImageType": [
      "ORIGINAL",
      "PRIMARY",
      "M",
      "FFE",
      "M",
      "FFE"
    ],
    "ImagingFrequency": 127.764,
    "InPlanePhaseEncodingDirectionDICOM": "COL",
    "InstitutionAddress": "",
    "InstitutionName": "",
    "InstitutionalDepartmentName": "",
    "MRAcquisitionType": "2D",
    "MagneticFieldStrength": 3,
    "Manufacturer": "Philips",
    "ManufacturersModelName": "Ingenia Elition X",
    "Modality": "MR",
    "ParallelReductionFactorInPlane": 2,
    "ParallelReductionOutOfPlane": 6,
    "PatientPosition": "HFS",
    "PercentPhaseFOV": 100,
    "PercentSampling": 100,
    "PhaseEncodingAxis": "j",
    "PhaseEncodingSteps": 94,
    "PhilipsRWVIntercept": 0,
    "PhilipsRWVSlope": 0.991209,
    "PhilipsRescaleIntercept": 0,
    "PhilipsRescaleSlope": 0.991209,
    "PhilipsScaleSlope": 0.0166699,
    "PixelBandwidth": 1850,
    "ProcedureStepDescription": "COLA",
    "ProtocolName": "COLA_R1",
    "ReconMatrixPE": 96,
    "RepetitionTime": 0.8,
    "SAR": 0.0818667,
    "ScanOptions": "FS",
    "ScanningSequence": "GR",
    "SequenceVariant": "SK",
    "SeriesDescription": "COLA_R1",
    "SeriesNumber": 201,
    "SliceThickness": 2.4,
    "SoftwareVersions": "5.6.1\\5.6.1.2",
    "SpacingBetweenSlices": 2.4,
    "StationName": "",
    "TaskName": "PD",
    "UsePhilipsFloatNotDisplayScaling": 1,
    "WaterFatShift": 16.3723,
    "dataset": "ds004073",
    "modality": "bold",
    "subject_id": "BAN07",
    "task_id": "PD"
  },
  "dummy_trs": 0,
  "dvars_nstd": 82.88084390350178,
  "dvars_std": 1.1088332476306617,
  "dvars_vstd": 1.0198040007491291,
  "efc": 0.46230471850679855,
  "fber": 630208.125,
  "fd_mean": 0.19949621130603504,
  "fd_num": 228,
  "fd_perc": 39.65217391304348,
  "fwhm_avg": 2.284715015492102,
  "fwhm_x": 2.334348599172463,
  "fwhm_y": 2.4363548634257066,
  "fwhm_z": 2.083441583878136,
  "gcor": 0.00247972,
  "gsr_x": -0.004995247814804316,
  "gsr_y": 0.02487396076321602,
  "provenance": {
    "md5sum": "fd27041ae4054611f52ac352a23b1750",
    "settings": {
      "fd_thres": 0.2,
      "testing": false
    },
    "software": "mriqc",
    "version": "23.0.0",
    "webapi_port": null,
    "webapi_url": "https://mriqc.nimh.nih.gov/api/v1"
  },
  "size_t": 575,
  "size_x": 96,
  "size_y": 96,
  "size_z": 60,
  "snr": 5.274702904065419,
  "spacing_tr": 0.8000001907348633,
  "spacing_x": 2.3958332538604736,
  "spacing_y": 2.3958332538604736,
  "spacing_z": 2.4000000953674316,
  "summary_bg_k": 15.753943238734763,
  "summary_bg_mad": 131.99234851147466,
  "summary_bg_mean": 2886.346923828125,
  "summary_bg_median": 89.4076156616211,
  "summary_bg_n": 391743.0,
  "summary_bg_p05": 0.3233801007270813,
  "summary_bg_p95": 14782.396484374975,
  "summary_bg_stdv": 5904.8017578125,
  "summary_fg_k": 0.4679098262136261,
  "summary_fg_mad": 12582.642328934982,
  "summary_fg_mean": 67708.375,
  "summary_fg_median": 67794.5859375,
  "summary_fg_n": 89207.0,
  "summary_fg_p05": 47092.7046875,
  "summary_fg_p95": 88497.9859375,
  "summary_fg_stdv": 12852.7060546875,
  "tsnr": 18.132614135742188
}