{
  "aor": 0.0008463652173913044,
  "aqi": 0.043082566260869565,
  "bids_meta": {
    "AcquisitionMatrixPE": 94,
    "AcquisitionNumber": 3,
    "AcquisitionTime": "",
    "BodyPartExamined": "BRAIN",
    "CoilString": "MULTI COIL",
    "ConversionSoftware": "dcm2niix",
    "ConversionSoftwareVersion": "v1.0.20210317",
    "DeviceSerialNumber": "45128",
    "EchoTime": 0.03,
    "EchoTrainLength": 47,
    "EstimatedEffectiveEchoSpacing": 0.000388467,
    "EstimatedTotalReadoutTime": 0.0369044,
    "FlipAngle": 52,
    "ImageOrientationPatientDICOM": [
      0.999849,
      -4.72661e-12,
      0.017387,
      0.000696882,
      0.999196,
      -0.0400747
    ],
    "ImageType": [
      "ORIGINAL",
      "PRIMARY",
      "M",
      "FFE",
      "M",
      "FFE"
    ],
    "ImagingFrequency": 127.764,
    "InPlanePhaseEncodingDirectionDICOM": "COL",
    "InstitutionAddress": "",
    "InstitutionName": "",
    "InstitutionalDepartmentName": "",
    "MRAcquisitionType": "2D",
    "MagneticFieldStrength": 3,
    "Manufacturer": "Philips",
    "ManufacturersModelName": "Ingenia Elition X",
    "Modality": "MR",
    "ParallelReductionFactorInPlane": 2,
    "ParallelReductionOutOfPlane": 6,
    "PatientPosition": "HFS",
    "PercentPhaseFOV": 100,
    "PercentSampling": 100,
    "PhaseEncodingAxis": "j",
    "PhaseEncodingSteps": 94,
    "PhilipsRWVIntercept": 0,
    "PhilipsRWVSlope": 1.1326,
    "PhilipsRescaleIntercept": 0,
    "PhilipsRescaleSlope": 1.1326,
    "PhilipsScaleSlope": 0.0165734,
    "PixelBandwidth": 1850,
    "ProcedureStepDescription": "COLA",
    "ProtocolName": "COLA_R2",
    "ReconMatrixPE": 96,
    "RepetitionTime": 0.8,
    "SAR": 0.0818667,
    "ScanOptions": "FS",
    "ScanningSequence": "GR",
    "SequenceVariant": "SK",
    "SeriesDescription": "COLA_R2",
    "SeriesNumber": 301,
    "SliceThickness": 2.4,
    "SoftwareVersions": "5.6.1\\5.6.1.2",
    "SpacingBetweenSlices": 2.4,
    "StationName": "",
    "TaskName": "SD",
    "UsePhilipsFloatNotDisplayScaling": 1,
    "WaterFatShift": 16.3723,
    "dataset": "ds004073",
    "modality": "bold",
    "subject_id": "BAN07",
    "task_id": "SD"
  },
  "dummy_trs": 0,
  "dvars_nstd": 82.53987839322312,
  "dvars_std": 1.1116944560104534,
  "dvars_vstd": 1.0253644915331002,
  "efc": 0.46368283564483836,
  "fber": 594738.5625,
  "fd_mean": 0.20780671106549034,
  "fd_num": 223,
  "fd_perc": 38.78260869565217,
  "fwhm_avg": 2.3073585157191916,
  "fwhm_x": 2.3621552087904956,
  "fwhm_y": 2.4549162553457595,
  "fwhm_z": 2.1050040830213197,
  "gcor": 0.00796751,
  "gsr_x": -0.0059857675805687904,
  "gsr_y": 0.026088912039995193,
  "provenance": {
    "md5sum": "2d4662772709b3ce23b4c3cd6b006d91",
    "settings": {
      "fd_thres": 0.2,
      "testing": false
    },
    "software": "mriqc",
    "version": "23.0.0",
    "webapi_port": null,
    "webapi_url": "https://mriqc.nimh.nih.gov/api/v1"
  },
  "size_t": 575,
  "size_x": 96,
  "size_y": 96,
  "size_z": 60,
  "snr": 5.219574953590567,
  "spacing_tr": 0.8000001907348633,
  "spacing_x": 2.3958332538604736,
  "spacing_y": 2.3958332538604736,
  "spacing_z": 2.4000000953674316,
  "summary_bg_k": 15.159790811891945,
  "summary_bg_mad": 134.72521077755056,
  "summary_bg_mean": 2957.883056640625,
  "summary_bg_median": 91.40569305419922,
  "summary_bg_n": 391824.0,
  "summary_bg_p05": 0.4398360759019853,
  "summary_bg_p95": 15220.465527343747,
  "summary_bg_stdv": 5972.13916015625,
  "summary_fg_k": 0.4021114907051686,
  "summary_fg_mad": 12860.821361597013,
  "summary_fg_mean": 67935.53125,
  "summary_fg_median": 67951.203125,
  "summary_fg_n": 89251.0,
  "summary_fg_p05": 47101.166015625,
  "summary_fg_p95": 89043.6796875,
  "summary_fg_stdv": 13018.458984375,
  "tsnr": 17.932430267333984
}