{
  "aor": 0.0011519304347826086,
  "aqi": 0.0519679347826087,
  "bids_meta": {
    "AcquisitionMatrixPE": 94,
    "AcquisitionNumber": 9,
    "AcquisitionTime": "",
    "BodyPartExamined": "BRAIN",
    "CoilString": "MULTI COIL",
    "ConversionSoftware": "dcm2niix",
    "ConversionSoftwareVersion": "v1.0.20210317",
    "DeviceSerialNumber": "45128",
    "EchoTime": 0.03,
    "EchoTrainLength": 47,
    "EstimatedEffectiveEchoSpacing": 0.000388467,
    "EstimatedTotalReadoutTime": 0.0369044,
    "FlipAngle": 52,
    "ImageOrientationPatientDICOM": [
      0.999849,
      -4.72661e-12,
      0.017387,
      0.000696882,
      0.999196,
      -0.0400747
    ],
    "ImageType": [
      "ORIGINAL",
      "PRIMARY",
      "M",
      "FFE",
      "M",
      "FFE"
    ],
    "ImagingFrequency": 127.764,
    "InPlanePhaseEncodingDirectionDICOM": "COL",
    "InstitutionAddress": "",
    "InstitutionName": "",
    "InstitutionalDepartmentName": "",
    "MRAcquisitionType": "2D",
    "MagneticFieldStrength": 3,
    "Manufacturer": "Philips",
    "ManufacturersModelName": "Ingenia Elition X",
    "Modality": "MR",
    "ParallelReductionFactorInPlane": 2,
    "ParallelReductionOutOfPlane": 6,
    "PatientPosition": "HFS",
    "PercentPhaseFOV": 100,
    "PercentSampling": 100,
    "PhaseEncodingAxis": "j",
    "PhaseEncodingSteps": 94,
    "PhilipsRWVIntercept": 0,
    "PhilipsRWVSlope": 1.09817,
    "PhilipsRescaleIntercept": 0,
    "PhilipsRescaleSlope": 1.09817,
    "PhilipsScaleSlope": 0.0167056,
    "PixelBandwidth": 1850,
    "ProcedureStepDescription": "COLA",
    "ProtocolName": "COLA_R6",
    "ReconMatrixPE": 96,
    "RepetitionTime": 0.8,
    "SAR": 0.0818667,
    "ScanOptions": "FS",
    "ScanningSequence": "GR",
    "SequenceVariant": "SK",
    "SeriesDescription": "COLA_R6",
    "SeriesNumber": 901,
    "SliceThickness": 2.4,
    "SoftwareVersions": "5.6.1\\5.6.1.2",
    "SpacingBetweenSlices": 2.4,
    "StationName": "",
    "TaskName": "SC",
    "UsePhilipsFloatNotDisplayScaling": 1,
    "WaterFatShift": 16.3723,
    "dataset": "ds004073",
    "modality": "bold",
    "subject_id": "BAN07",
    "task_id": "SC"
  },
  "dummy_trs": 0,
  "dvars_nstd": 86.86864947275262,
  "dvars_std": 1.1145801013763057,
  "dvars_vstd": 1.0289150553310094,
  "efc": 0.46718404373559347,
  "fber": 511911.34375,
  "fd_mean": 0.41772263886875877,
  "fd_num": 413,
  "fd_perc": 71.82608695652173,
  "fwhm_avg": 2.3334860569003606,
  "fwhm_x": 2.386000774798875,
  "fwhm_y": 2.478661647437772,
  "fwhm_z": 2.1357957484644357,
  "gcor": 0.0177277,
  "gsr_x": -0.006708507426083088,
  "gsr_y": 0.024433325976133347,
  "provenance": {
    "md5sum": "2e14667ca1aa5fc2663ce8c87f0e74e9",
    "settings": {
      "fd_thres": 0.2,
      "testing": false
    },
    "software": "mriqc",
    "version": "23.0.0",
    "webapi_port": null,
    "webapi_url": "https://mriqc.nimh.nih.gov/api/v1"
  },
  "size_t": 575,
  "size_x": 96,
  "size_y": 96,
  "size_z": 60,
  "snr": 5.170628006374471,
  "spacing_tr": 0.8000001907348633,
  "spacing_x": 2.3958332538604736,
  "spacing_y": 2.3958332538604736,
  "spacing_z": 2.4000000953674316,
  "summary_bg_k": 13.230186761688895,
  "summary_bg_mad": 140.29656664038006,
  "summary_bg_mean": 3021.047119140625,
  "summary_bg_median": 95.72190856933594,
  "summary_bg_n": 391308.0,
  "summary_bg_p05": 0.7811025947332383,
  "summary_bg_p95": 15569.2910644531,
  "summary_bg_stdv": 5959.220703125,
  "summary_fg_k": 0.4990724823234327,
  "summary_fg_mad": 12523.008129544543,
  "summary_fg_mean": 66748.4375,
  "summary_fg_median": 66573.0,
  "summary_fg_n": 89563.0,
  "summary_fg_p05": 46374.938671875,
  "summary_fg_p95": 87934.37734374999,
  "summary_fg_stdv": 12875.1533203125,
  "tsnr": 16.18454933166504
}