{
  "bids_meta": {
    "AcquisitionMatrixPE": 174,
    "AcquisitionNumber": 1,
    "AcquisitionTime": "",
    "BaseResolution": 192,
    "BodyPartExamined": "BRAIN",
    "ConsistencyInfo": "N4_VE11C_LATEST_20160120",
    "ConversionSoftware": "dcm2niix",
    "ConversionSoftwareVersion": "v1.0.20210317",
    "DeviceSerialNumber": "66093",
    "DwellTime": 1.3e-05,
    "EchoTime": 0.00397,
    "FlipAngle": 8,
    "ImageOrientationPatientDICOM": [
      0.999986,
      0.000809511,
      0.00516945,
      -1.8528e-11,
      0.98796,
      -0.15471
    ],
    "ImageType": [
      "ORIGINAL",
      "PRIMARY",
      "M",
      "ND",
      "NORM"
    ],
    "ImagingFrequency": 123.259,
    "InPlanePhaseEncodingDirectionDICOM": "ROW",
    "InstitutionAddress": "",
    "InstitutionName": "",
    "InstitutionalDepartmentName": "",
    "InversionTime": 0.904,
    "MRAcquisitionType": "3D",
    "MagneticFieldStrength": 3,
    "Manufacturer": "Siemens",
    "ManufacturersModelName": "Prisma",
    "Modality": "MR",
    "PartialFourier": 1,
    "PatientPosition": "HFS",
    "PercentPhaseFOV": 90.625,
    "PercentSampling": 100,
    "PhaseEncodingSteps": 174,
    "PhaseResolution": 1,
    "PixelBandwidth": 200,
    "ProtocolName": "t1_mpr_ax_1mm_iso_32ch_v2",
    "PulseSequenceDetails": "%SiemensSeq%\\tfl",
    "ReceiveCoilActiveElements": "HEA;HEP",
    "ReceiveCoilName": "Head_32",
    "ReconMatrixPE": 174,
    "RepetitionTime": 1.9,
    "SAR": 0.0510794,
    "ScanOptions": "IR\\WE",
    "ScanningSequence": "GR\\IR",
    "SequenceName": "*tfl3d1_16",
    "SequenceVariant": "SK\\SP\\MP",
    "SeriesDescription": "t1_mpr_ax_1mm_iso_32ch_v2",
    "SeriesNumber": 15,
    "ShimSetting": [
      4970,
      -11464,
      -1325,
      399,
      157,
      -152,
      43,
      -8
    ],
    "SliceThickness": 1,
    "SoftwareVersions": "syngo MR E11",
    "StationName": "",
    "TxRefAmp": 241.074,
    "dataset": "ds004073",
    "modality": "T1w",
    "subject_id": "OXF01"
  },
  "cjv": 0.3430732268140655,
  "cnr": 3.969090356776627,
  "efc": 0.5484209790928384,
  "fber": 15714.723813024157,
  "fwhm_avg": 4.692623333333334,
  "fwhm_x": 4.39162,
  "fwhm_y": 5.15404,
  "fwhm_z": 4.53221,
  "icvs_csf": 0.24536900506778558,
  "icvs_gm": 0.41781223626013003,
  "icvs_wm": 0.3368187586720844,
  "inu_med": 0.35826802253723145,
  "inu_range": 0.12307649850845337,
  "provenance": {
    "md5sum": "8c967b3ba1382d6a02627599d1e3b3a9",
    "settings": {
      "testing": false
    },
    "software": "mriqc",
    "version": "23.0.0",
    "warnings": {
      "large_rot_frame": true,
      "small_air_mask": false
    },
    "webapi_port": null,
    "webapi_url": "https://mriqc.nimh.nih.gov/api/v1"
  },
  "qi_1": 0.0,
  "qi_2": 0.013130713289264637,
  "rpve_csf": 14.559570005844803,
  "rpve_gm": 8.420007658741476,
  "rpve_wm": 11.959307570469951,
  "size_x": 174,
  "size_y": 192,
  "size_z": 192,
  "snr_csf": 2.6637542721702627,
  "snr_gm": 14.75198475881373,
  "snr_total": 16.90588536920795,
  "snr_wm": 33.30191707663986,
  "snrd_csf": 45.28629045124783,
  "snrd_gm": 126.64963236561643,
  "snrd_total": 112.7414832382669,
  "snrd_wm": 166.28852689793646,
  "spacing_x": 1.0,
  "spacing_y": 1.0,
  "spacing_z": 1.0,
  "summary_bg_k": 1890.2919325620662,
  "summary_bg_mad": 3.9398363011034037,
  "summary_bg_mean": 3.669241941816158,
  "summary_bg_median": 2.657379202544689,
  "summary_bg_n": 1593959.0,
  "summary_bg_p05": 0.0,
  "summary_bg_p95": 13.307027673348784,
  "summary_bg_stdv": 6.307211629195051,
  "summary_csf_k": 0.9206269420568143,
  "summary_csf_mad": 79.54290713970128,
  "summary_csf_mean": 289.4153236252124,
  "summary_csf_median": 272.34110493957996,
  "summary_csf_n": 54878.0,
  "summary_csf_p05": 151.40719981407747,
  "summary_csf_p95": 492.11844398640096,
  "summary_csf_stdv": 102.23864357207334,
  "summary_gm_k": 0.00793664010662809,
  "summary_gm_mad": 51.426802627281546,
  "summary_gm_mean": 761.4418786387901,
  "summary_gm_median": 761.6411164384335,
  "summary_gm_n": 35454.0,
  "summary_gm_p05": 676.678462518286,
  "summary_gm_p95": 846.3692365122959,
  "summary_gm_stdv": 51.62901043872959,
  "summary_wm_k": 0.1561149734799172,
  "summary_wm_mad": 30.354647865319404,
  "summary_wm_mean": 999.6501798605202,
  "summary_wm_median": 1000.0201099030674,
  "summary_wm_n": 161327.0,
  "summary_wm_p05": 949.932538267225,
  "summary_wm_p95": 1047.0678007844836,
  "summary_wm_stdv": 30.02881210229771,
  "tpm_overlap_csf": 0.15483682783890493,
  "tpm_overlap_gm": 0.47720621619604003,
  "tpm_overlap_wm": 0.520797792057622,
  "wm2max": 0.9280696509976832
}