{
  "aor": 0.0006624347826086957,
  "aqi": 0.03758286713043478,
  "bids_meta": {
    "AcquisitionMatrixPE": 94,
    "AcquisitionNumber": 9,
    "AcquisitionTime": "",
    "BodyPartExamined": "BRAIN",
    "CoilString": "MULTI COIL",
    "ConversionSoftware": "dcm2niix",
    "ConversionSoftwareVersion": "v1.0.20210317",
    "DeviceSerialNumber": "45128",
    "EchoTime": 0.030001,
    "EchoTrainLength": 47,
    "EstimatedEffectiveEchoSpacing": 0.000389259,
    "EstimatedTotalReadoutTime": 0.0369796,
    "FlipAngle": 52,
    "ImageOrientationPatientDICOM": [
      0.99907,
      9.78719e-13,
      0.0431282,
      0.00172861,
      0.999196,
      -0.0400434
    ],
    "ImageType": [
      "ORIGINAL",
      "PRIMARY",
      "M",
      "FFE",
      "M",
      "FFE"
    ],
    "ImagingFrequency": 127.764,
    "InPlanePhaseEncodingDirectionDICOM": "COL",
    "InstitutionAddress": "",
    "InstitutionName": "",
    "InstitutionalDepartmentName": "",
    "MRAcquisitionType": "2D",
    "MagneticFieldStrength": 3,
    "Manufacturer": "Philips",
    "ManufacturersModelName": "Ingenia Elition X",
    "Modality": "MR",
    "ParallelReductionFactorInPlane": 2,
    "ParallelReductionOutOfPlane": 6,
    "PatientPosition": "HFS",
    "PercentPhaseFOV": 100,
    "PercentSampling": 100,
    "PhaseEncodingAxis": "j",
    "PhaseEncodingSteps": 94,
    "PhilipsRWVIntercept": 0,
    "PhilipsRWVSlope": 1.11844,
    "PhilipsRescaleIntercept": 0,
    "PhilipsRescaleSlope": 1.11844,
    "PhilipsScaleSlope": 0.0165537,
    "PixelBandwidth": 1832,
    "ProtocolName": "COLA_R6",
    "ReconMatrixPE": 96,
    "RepetitionTime": 0.8,
    "SAR": 0.0818652,
    "ScanOptions": "FS",
    "ScanningSequence": "GR",
    "SequenceVariant": "SK",
    "SeriesDescription": "COLA_R6",
    "SeriesNumber": 901,
    "SliceThickness": 2.4,
    "SoftwareVersions": "5.6.1\\5.6.1.3",
    "SpacingBetweenSlices": 2.4,
    "StationName": "",
    "TaskName": "SG",
    "UsePhilipsFloatNotDisplayScaling": 1,
    "WaterFatShift": 16.4056,
    "dataset": "ds004073",
    "modality": "bold",
    "subject_id": "BAN16",
    "task_id": "SG"
  },
  "dummy_trs": 0,
  "dvars_nstd": 78.02920098916384,
  "dvars_std": 1.1008980909581871,
  "dvars_vstd": 1.0200857697386756,
  "efc": 0.4455224477736533,
  "fber": 1737465.875,
  "fd_mean": 0.28581587609189646,
  "fd_num": 354,
  "fd_perc": 61.56521739130435,
  "fwhm_avg": 2.2743293381947196,
  "fwhm_x": 2.3485565996437603,
  "fwhm_y": 2.365298165416491,
  "fwhm_z": 2.1091332495239077,
  "gcor": 0.0160177,
  "gsr_x": -0.008976997807621956,
  "gsr_y": 0.0386493094265461,
  "provenance": {
    "md5sum": "146e3bb4d55c8cb81061dfc7af8c92fb",
    "settings": {
      "fd_thres": 0.2,
      "testing": false
    },
    "software": "mriqc",
    "version": "23.0.0",
    "webapi_port": null,
    "webapi_url": "https://mriqc.nimh.nih.gov/api/v1"
  },
  "size_t": 575,
  "size_x": 96,
  "size_y": 96,
  "size_z": 60,
  "snr": 4.853648054766386,
  "spacing_tr": 0.8000001907348633,
  "spacing_x": 2.3958332538604736,
  "spacing_y": 2.3958332538604736,
  "spacing_z": 2.4000000953674316,
  "summary_bg_k": 29.161922661695073,
  "summary_bg_mad": 78.10535286817917,
  "summary_bg_mean": 2524.14599609375,
  "summary_bg_median": 53.14360809326172,
  "summary_bg_n": 396582.0,
  "summary_bg_p05": 0.40871074348688125,
  "summary_bg_p95": 12575.523339843725,
  "summary_bg_stdv": 5461.0791015625,
  "summary_fg_k": 0.7143284454400107,
  "summary_fg_mad": 13448.670245527024,
  "summary_fg_mean": 68226.6796875,
  "summary_fg_median": 67146.953125,
  "summary_fg_n": 85760.0,
  "summary_fg_p05": 48147.8962890625,
  "summary_fg_p95": 91964.68593750002,
  "summary_fg_stdv": 13834.24609375,
  "tsnr": 18.64914894104004
}