{
  "aor": 0.0008525565217391304,
  "aqi": 0.047900025565217386,
  "bids_meta": {
    "AcquisitionMatrixPE": 94,
    "AcquisitionNumber": 4,
    "AcquisitionTime": "",
    "BodyPartExamined": "BRAIN",
    "CoilString": "MULTI COIL",
    "ConversionSoftware": "dcm2niix",
    "ConversionSoftwareVersion": "v1.0.20210317",
    "DeviceSerialNumber": "45128",
    "EchoTime": 0.030001,
    "EchoTrainLength": 47,
    "EstimatedEffectiveEchoSpacing": 0.000389259,
    "EstimatedTotalReadoutTime": 0.0369796,
    "FlipAngle": 52,
    "ImageOrientationPatientDICOM": [
      0.99907,
      9.78719e-13,
      0.0431282,
      0.00172861,
      0.999196,
      -0.0400434
    ],
    "ImageType": [
      "ORIGINAL",
      "PRIMARY",
      "M",
      "FFE",
      "M",
      "FFE"
    ],
    "ImagingFrequency": 127.764,
    "InPlanePhaseEncodingDirectionDICOM": "COL",
    "InstitutionAddress": "",
    "InstitutionName": "",
    "InstitutionalDepartmentName": "",
    "MRAcquisitionType": "2D",
    "MagneticFieldStrength": 3,
    "Manufacturer": "Philips",
    "ManufacturersModelName": "Ingenia Elition X",
    "Modality": "MR",
    "ParallelReductionFactorInPlane": 2,
    "ParallelReductionOutOfPlane": 6,
    "PatientPosition": "HFS",
    "PercentPhaseFOV": 100,
    "PercentSampling": 100,
    "PhaseEncodingAxis": "j",
    "PhaseEncodingSteps": 94,
    "PhilipsRWVIntercept": 0,
    "PhilipsRWVSlope": 1.12674,
    "PhilipsRescaleIntercept": 0,
    "PhilipsRescaleSlope": 1.12674,
    "PhilipsScaleSlope": 0.0166447,
    "PixelBandwidth": 1832,
    "ProtocolName": "COLA_R3",
    "ReconMatrixPE": 96,
    "RepetitionTime": 0.8,
    "SAR": 0.0818652,
    "ScanOptions": "FS",
    "ScanningSequence": "GR",
    "SequenceVariant": "SK",
    "SeriesDescription": "COLA_R3",
    "SeriesNumber": 401,
    "SliceThickness": 2.4,
    "SoftwareVersions": "5.6.1\\5.6.1.3",
    "SpacingBetweenSlices": 2.4,
    "StationName": "",
    "TaskName": "WG",
    "UsePhilipsFloatNotDisplayScaling": 1,
    "WaterFatShift": 16.4056,
    "dataset": "ds004073",
    "modality": "bold",
    "subject_id": "BAN16",
    "task_id": "WG"
  },
  "dummy_trs": 0,
  "dvars_nstd": 80.41223466179443,
  "dvars_std": 1.1026715639024405,
  "dvars_vstd": 1.0222814455052256,
  "efc": 0.445487339355644,
  "fber": 1415511.125,
  "fd_mean": 0.29782380893877414,
  "fd_num": 374,
  "fd_perc": 65.04347826086956,
  "fwhm_avg": 2.325242693729676,
  "fwhm_x": 2.401394166613841,
  "fwhm_y": 2.414738167056479,
  "fwhm_z": 2.159595747518708,
  "gcor": 0.00871328,
  "gsr_x": -0.009569678455591202,
  "gsr_y": 0.03902686387300491,
  "provenance": {
    "md5sum": "2ceaaed2b5ede51671d23ee74c1cb69d",
    "settings": {
      "fd_thres": 0.2,
      "testing": false
    },
    "software": "mriqc",
    "version": "23.0.0",
    "webapi_port": null,
    "webapi_url": "https://mriqc.nimh.nih.gov/api/v1"
  },
  "size_t": 575,
  "size_x": 96,
  "size_y": 96,
  "size_z": 60,
  "snr": 4.7718026406962135,
  "spacing_tr": 0.8000001907348633,
  "spacing_x": 2.3958332538604736,
  "spacing_y": 2.3958332538604736,
  "spacing_z": 2.4000000953674316,
  "summary_bg_k": 29.310334588340545,
  "summary_bg_mad": 84.93314780631356,
  "summary_bg_mean": 2461.435302734375,
  "summary_bg_median": 57.85606002807617,
  "summary_bg_n": 396033.0,
  "summary_bg_p05": 0.46611402034759525,
  "summary_bg_p95": 12330.044726562497,
  "summary_bg_stdv": 5334.349609375,
  "summary_fg_k": 0.727590872868785,
  "summary_fg_mad": 13500.743752744576,
  "summary_fg_mean": 67474.078125,
  "summary_fg_median": 66172.1875,
  "summary_fg_n": 86155.0,
  "summary_fg_p05": 47810.54609375,
  "summary_fg_p95": 91398.78984375001,
  "summary_fg_stdv": 13867.2548828125,
  "tsnr": 16.634113311767578
}