{
  "aor": 0.0006983101045296168,
  "aqi": 0.03654640557491289,
  "bids_meta": {
    "AcquisitionMatrixPE": 94,
    "AcquisitionNumber": 8,
    "AcquisitionTime": "",
    "BodyPartExamined": "BRAIN",
    "CoilString": "MULTI COIL",
    "ConversionSoftware": "dcm2niix",
    "ConversionSoftwareVersion": "v1.0.20210317",
    "DeviceSerialNumber": "45128",
    "EchoTime": 0.030001,
    "EchoTrainLength": 47,
    "EstimatedEffectiveEchoSpacing": 0.000389259,
    "EstimatedTotalReadoutTime": 0.0369796,
    "FlipAngle": 52,
    "ImageOrientationPatientDICOM": [
      0.99907,
      9.78719e-13,
      0.0431282,
      0.00172861,
      0.999196,
      -0.0400434
    ],
    "ImageType": [
      "ORIGINAL",
      "PRIMARY",
      "M",
      "FFE",
      "M",
      "FFE"
    ],
    "ImagingFrequency": 127.764,
    "InPlanePhaseEncodingDirectionDICOM": "COL",
    "InstitutionAddress": "",
    "InstitutionName": "",
    "InstitutionalDepartmentName": "",
    "MRAcquisitionType": "2D",
    "MagneticFieldStrength": 3,
    "Manufacturer": "Philips",
    "ManufacturersModelName": "Ingenia Elition X",
    "Modality": "MR",
    "ParallelReductionFactorInPlane": 2,
    "ParallelReductionOutOfPlane": 6,
    "PatientPosition": "HFS",
    "PercentPhaseFOV": 100,
    "PercentSampling": 100,
    "PhaseEncodingAxis": "j",
    "PhaseEncodingSteps": 94,
    "PhilipsRWVIntercept": 0,
    "PhilipsRWVSlope": 1.07302,
    "PhilipsRescaleIntercept": 0,
    "PhilipsRescaleSlope": 1.07302,
    "PhilipsScaleSlope": 0.0166237,
    "PixelBandwidth": 1832,
    "ProtocolName": "COLA_R5",
    "ReconMatrixPE": 96,
    "RepetitionTime": 0.8,
    "SAR": 0.0818652,
    "ScanOptions": "FS",
    "ScanningSequence": "GR",
    "SequenceVariant": "SK",
    "SeriesDescription": "COLA_R5",
    "SeriesNumber": 801,
    "SliceThickness": 2.4,
    "SoftwareVersions": "5.6.1\\5.6.1.3",
    "SpacingBetweenSlices": 2.4,
    "StationName": "",
    "TaskName": "SD",
    "UsePhilipsFloatNotDisplayScaling": 1,
    "WaterFatShift": 16.4056,
    "dataset": "ds004073",
    "modality": "bold",
    "subject_id": "BAN16",
    "task_id": "SD"
  },
  "dummy_trs": 1,
  "dvars_nstd": 78.37104203518324,
  "dvars_std": 1.1092675720069805,
  "dvars_vstd": 1.0241978276439796,
  "efc": 0.44610970682793616,
  "fber": 1604156.375,
  "fd_mean": 0.22280964358748537,
  "fd_num": 272,
  "fd_perc": 47.386759581881535,
  "fwhm_avg": 2.269621915248094,
  "fwhm_x": 2.337303729705271,
  "fwhm_y": 2.35892459998768,
  "fwhm_z": 2.1126374160513315,
  "gcor": 0.00851228,
  "gsr_x": -0.00948659423738718,
  "gsr_y": 0.039691366255283356,
  "provenance": {
    "md5sum": "5a61b0558fa5fd8e20e6d0aac963ab27",
    "settings": {
      "fd_thres": 0.2,
      "testing": false
    },
    "software": "mriqc",
    "version": "23.0.0",
    "webapi_port": null,
    "webapi_url": "https://mriqc.nimh.nih.gov/api/v1"
  },
  "size_t": 574,
  "size_x": 96,
  "size_y": 96,
  "size_z": 60,
  "snr": 4.898292227493688,
  "spacing_tr": 0.8000001907348633,
  "spacing_x": 2.3958332538604736,
  "spacing_y": 2.3958332538604736,
  "spacing_z": 2.4000000953674316,
  "summary_bg_k": 31.009468044224576,
  "summary_bg_mad": 80.54064034392104,
  "summary_bg_mean": 2519.0244140625,
  "summary_bg_median": 54.81952667236328,
  "summary_bg_n": 396323.0,
  "summary_bg_p05": 0.43075768947601334,
  "summary_bg_p95": 12499.184277343742,
  "summary_bg_stdv": 5466.81884765625,
  "summary_fg_k": 0.6811489174859497,
  "summary_fg_mad": 13266.110368836233,
  "summary_fg_mean": 67918.7265625,
  "summary_fg_median": 66877.265625,
  "summary_fg_n": 85929.0,
  "summary_fg_p05": 47978.40390625,
  "summary_fg_p95": 91281.759375,
  "summary_fg_stdv": 13653.1005859375,
  "tsnr": 19.081159591674805
}