{
  "aor": 0.0006651130434782609,
  "aqi": 0.035186571826086956,
  "bids_meta": {
    "AcquisitionMatrixPE": 94,
    "AcquisitionNumber": 2,
    "AcquisitionTime": "",
    "BodyPartExamined": "BRAIN",
    "CoilString": "MULTI COIL",
    "ConversionSoftware": "dcm2niix",
    "ConversionSoftwareVersion": "v1.0.20210317",
    "DeviceSerialNumber": "45128",
    "EchoTime": 0.030001,
    "EchoTrainLength": 47,
    "EstimatedEffectiveEchoSpacing": 0.000389259,
    "EstimatedTotalReadoutTime": 0.0369796,
    "FlipAngle": 52,
    "ImageOrientationPatientDICOM": [
      0.99907,
      9.78719e-13,
      0.0431282,
      0.00172861,
      0.999196,
      -0.0400434
    ],
    "ImageType": [
      "ORIGINAL",
      "PRIMARY",
      "M",
      "FFE",
      "M",
      "FFE"
    ],
    "ImagingFrequency": 127.764,
    "InPlanePhaseEncodingDirectionDICOM": "COL",
    "InstitutionAddress": "",
    "InstitutionName": "",
    "InstitutionalDepartmentName": "",
    "MRAcquisitionType": "2D",
    "MagneticFieldStrength": 3,
    "Manufacturer": "Philips",
    "ManufacturersModelName": "Ingenia Elition X",
    "Modality": "MR",
    "ParallelReductionFactorInPlane": 2,
    "ParallelReductionOutOfPlane": 6,
    "PatientPosition": "HFS",
    "PercentPhaseFOV": 100,
    "PercentSampling": 100,
    "PhaseEncodingAxis": "j",
    "PhaseEncodingSteps": 94,
    "PhilipsRWVIntercept": 0,
    "PhilipsRWVSlope": 1.13504,
    "PhilipsRescaleIntercept": 0,
    "PhilipsRescaleSlope": 1.13504,
    "PhilipsScaleSlope": 0.0163689,
    "PixelBandwidth": 1832,
    "ProtocolName": "COLA_R1",
    "ReconMatrixPE": 96,
    "RepetitionTime": 0.8,
    "SAR": 0.0818652,
    "ScanOptions": "FS",
    "ScanningSequence": "GR",
    "SequenceVariant": "SK",
    "SeriesDescription": "COLA_R1",
    "SeriesNumber": 201,
    "SliceThickness": 2.4,
    "SoftwareVersions": "5.6.1\\5.6.1.3",
    "SpacingBetweenSlices": 2.4,
    "StationName": "",
    "TaskName": "WC",
    "UsePhilipsFloatNotDisplayScaling": 1,
    "WaterFatShift": 16.4056,
    "dataset": "ds004073",
    "modality": "bold",
    "subject_id": "BAN16",
    "task_id": "WC"
  },
  "dummy_trs": 0,
  "dvars_nstd": 79.74151011874561,
  "dvars_std": 1.09918968118467,
  "dvars_vstd": 1.0222442529442515,
  "efc": 0.44250277621675416,
  "fber": 1659884.0,
  "fd_mean": 0.23473038675758137,
  "fd_num": 299,
  "fd_perc": 52.0,
  "fwhm_avg": 2.3451854019352614,
  "fwhm_x": 2.4084146885858515,
  "fwhm_y": 2.4599166033377142,
  "fwhm_z": 2.1672249138822193,
  "gcor": 0.005995,
  "gsr_x": -0.008989357389509678,
  "gsr_y": 0.03470928966999054,
  "provenance": {
    "md5sum": "fc18af8e88b69a9c5233f952a7cb80ac",
    "settings": {
      "fd_thres": 0.2,
      "testing": false
    },
    "software": "mriqc",
    "version": "23.0.0",
    "webapi_port": null,
    "webapi_url": "https://mriqc.nimh.nih.gov/api/v1"
  },
  "size_t": 575,
  "size_x": 96,
  "size_y": 96,
  "size_z": 60,
  "snr": 4.684398347403652,
  "spacing_tr": 0.8000001907348633,
  "spacing_x": 2.3958332538604736,
  "spacing_y": 2.3958332538604736,
  "spacing_z": 2.4000000953674316,
  "summary_bg_k": 31.11861742643753,
  "summary_bg_mad": 80.74716661744216,
  "summary_bg_mean": 2450.977783203125,
  "summary_bg_median": 54.89153289794922,
  "summary_bg_n": 396678.0,
  "summary_bg_p05": 0.38205323517322554,
  "summary_bg_p95": 11975.81811523437,
  "summary_bg_stdv": 5321.50634765625,
  "summary_fg_k": 0.6159580441888024,
  "summary_fg_mad": 14333.10907013715,
  "summary_fg_mean": 69172.203125,
  "summary_fg_median": 67932.4296875,
  "summary_fg_n": 85669.0,
  "summary_fg_p05": 48192.0015625,
  "summary_fg_p95": 94077.34374999999,
  "summary_fg_stdv": 14501.7626953125,
  "tsnr": 18.465505599975586
}