{
  "aor": 0.0006394260869565217,
  "aqi": 0.03595893060869565,
  "bids_meta": {
    "AcquisitionMatrixPE": 94,
    "AcquisitionNumber": 3,
    "AcquisitionTime": "",
    "BodyPartExamined": "BRAIN",
    "CoilString": "MULTI COIL",
    "ConversionSoftware": "dcm2niix",
    "ConversionSoftwareVersion": "v1.0.20210317",
    "DeviceSerialNumber": "45128",
    "EchoTime": 0.030001,
    "EchoTrainLength": 47,
    "EstimatedEffectiveEchoSpacing": 0.000389259,
    "EstimatedTotalReadoutTime": 0.0369796,
    "FlipAngle": 52,
    "ImageOrientationPatientDICOM": [
      0.99907,
      9.78719e-13,
      0.0431282,
      0.00172861,
      0.999196,
      -0.0400434
    ],
    "ImageType": [
      "ORIGINAL",
      "PRIMARY",
      "M",
      "FFE",
      "M",
      "FFE"
    ],
    "ImagingFrequency": 127.764,
    "InPlanePhaseEncodingDirectionDICOM": "COL",
    "InstitutionAddress": "",
    "InstitutionName": "",
    "InstitutionalDepartmentName": "",
    "MRAcquisitionType": "2D",
    "MagneticFieldStrength": 3,
    "Manufacturer": "Philips",
    "ManufacturersModelName": "Ingenia Elition X",
    "Modality": "MR",
    "ParallelReductionFactorInPlane": 2,
    "ParallelReductionOutOfPlane": 6,
    "PatientPosition": "HFS",
    "PercentPhaseFOV": 100,
    "PercentSampling": 100,
    "PhaseEncodingAxis": "j",
    "PhaseEncodingSteps": 94,
    "PhilipsRWVIntercept": 0,
    "PhilipsRWVSlope": 1.1094,
    "PhilipsRescaleIntercept": 0,
    "PhilipsRescaleSlope": 1.1094,
    "PhilipsScaleSlope": 0.0164212,
    "PixelBandwidth": 1832,
    "ProtocolName": "COLA_R2",
    "ReconMatrixPE": 96,
    "RepetitionTime": 0.8,
    "SAR": 0.0818652,
    "ScanOptions": "FS",
    "ScanningSequence": "GR",
    "SequenceVariant": "SK",
    "SeriesDescription": "COLA_R2",
    "SeriesNumber": 301,
    "SliceThickness": 2.4,
    "SoftwareVersions": "5.6.1\\5.6.1.3",
    "SpacingBetweenSlices": 2.4,
    "StationName": "",
    "TaskName": "SC",
    "UsePhilipsFloatNotDisplayScaling": 1,
    "WaterFatShift": 16.4056,
    "dataset": "ds004073",
    "modality": "bold",
    "subject_id": "BAN16",
    "task_id": "SC"
  },
  "dummy_trs": 0,
  "dvars_nstd": 77.67888828790933,
  "dvars_std": 1.1034450542160281,
  "dvars_vstd": 1.0224144948083627,
  "efc": 0.44345353402609805,
  "fber": 1770101.875,
  "fd_mean": 0.20188684814687438,
  "fd_num": 241,
  "fd_perc": 41.91304347826087,
  "fwhm_avg": 2.2898815245337625,
  "fwhm_x": 2.3478720778819238,
  "fwhm_y": 2.4057600798021426,
  "fwhm_z": 2.116012415917221,
  "gcor": 0.0092796,
  "gsr_x": -0.009442629292607307,
  "gsr_y": 0.037422485649585724,
  "provenance": {
    "md5sum": "adf90840990c88026aa4abd145b68922",
    "settings": {
      "fd_thres": 0.2,
      "testing": false
    },
    "software": "mriqc",
    "version": "23.0.0",
    "webapi_port": null,
    "webapi_url": "https://mriqc.nimh.nih.gov/api/v1"
  },
  "size_t": 575,
  "size_x": 96,
  "size_y": 96,
  "size_z": 60,
  "snr": 4.9379360308326605,
  "spacing_tr": 0.8000001907348633,
  "spacing_x": 2.3958332538604736,
  "spacing_y": 2.3958332538604736,
  "spacing_z": 2.4000000953674316,
  "summary_bg_k": 32.27755904343286,
  "summary_bg_mad": 77.48992164837532,
  "summary_bg_mean": 2436.1318359375,
  "summary_bg_median": 52.65612030029297,
  "summary_bg_n": 396773.0,
  "summary_bg_p05": 0.34712944626808173,
  "summary_bg_p95": 12076.52324218749,
  "summary_bg_stdv": 5330.80419921875,
  "summary_fg_k": 0.7218879925371979,
  "summary_fg_mad": 13233.2730462623,
  "summary_fg_mean": 68254.6171875,
  "summary_fg_median": 67142.8828125,
  "summary_fg_n": 85582.0,
  "summary_fg_p05": 48629.2607421875,
  "summary_fg_p95": 91638.619921875,
  "summary_fg_stdv": 13597.2783203125,
  "tsnr": 19.257997512817383
}