{
  "aor": 0.0012728521739130436,
  "aqi": 0.04019014365217391,
  "bids_meta": {
    "AcquisitionMatrixPE": 94,
    "AcquisitionNumber": 4,
    "AcquisitionTime": "",
    "BodyPartExamined": "BRAIN",
    "CoilString": "MULTI COIL",
    "ConversionSoftware": "dcm2niix",
    "ConversionSoftwareVersion": "v1.0.20210317",
    "DeviceSerialNumber": "45128",
    "EchoTime": 0.03,
    "EchoTrainLength": 47,
    "EstimatedEffectiveEchoSpacing": 0.000388467,
    "EstimatedTotalReadoutTime": 0.0369044,
    "FlipAngle": 52,
    "ImageOrientationPatientDICOM": [
      0.999849,
      -4.72661e-12,
      0.017387,
      0.000696882,
      0.999196,
      -0.0400747
    ],
    "ImageType": [
      "ORIGINAL",
      "PRIMARY",
      "M",
      "FFE",
      "M",
      "FFE"
    ],
    "ImagingFrequency": 127.764,
    "InPlanePhaseEncodingDirectionDICOM": "COL",
    "InstitutionAddress": "",
    "InstitutionName": "",
    "InstitutionalDepartmentName": "",
    "MRAcquisitionType": "2D",
    "MagneticFieldStrength": 3,
    "Manufacturer": "Philips",
    "ManufacturersModelName": "Ingenia Elition X",
    "Modality": "MR",
    "ParallelReductionFactorInPlane": 2,
    "ParallelReductionOutOfPlane": 6,
    "PatientPosition": "HFS",
    "PercentPhaseFOV": 100,
    "PercentSampling": 100,
    "PhaseEncodingAxis": "j",
    "PhaseEncodingSteps": 94,
    "PhilipsRWVIntercept": 0,
    "PhilipsRWVSlope": 1.13651,
    "PhilipsRescaleIntercept": 0,
    "PhilipsRescaleSlope": 1.13651,
    "PhilipsScaleSlope": 0.0165921,
    "PixelBandwidth": 1850,
    "ProcedureStepDescription": "R7E65T_XW",
    "ProtocolName": "COLA_R3",
    "ReconMatrixPE": 96,
    "RepetitionTime": 0.8,
    "SAR": 0.0818667,
    "ScanOptions": "FS",
    "ScanningSequence": "GR",
    "SequenceVariant": "SK",
    "SeriesDescription": "COLA_R3",
    "SeriesNumber": 401,
    "SliceThickness": 2.4,
    "SoftwareVersions": "5.6.1\\5.6.1.2",
    "SpacingBetweenSlices": 2.4,
    "StationName": "",
    "TaskName": "SC",
    "UsePhilipsFloatNotDisplayScaling": 1,
    "WaterFatShift": 16.3723,
    "dataset": "ds004073",
    "modality": "bold",
    "subject_id": "BAN06",
    "task_id": "SC"
  },
  "dummy_trs": 0,
  "dvars_nstd": 84.14910888660282,
  "dvars_std": 1.1052465092682935,
  "dvars_vstd": 1.0367124907142868,
  "efc": 0.4247988474379899,
  "fber": 3502379.75,
  "fd_mean": 0.3465780071456168,
  "fd_num": 424,
  "fd_perc": 73.73913043478261,
  "fwhm_avg": 2.2610129407093362,
  "fwhm_x": 2.2605913793345374,
  "fwhm_y": 2.4753266908054083,
  "fwhm_z": 2.0471207519880634,
  "gcor": 0.00422958,
  "gsr_x": -0.014045034535229206,
  "gsr_y": 0.030665066093206406,
  "provenance": {
    "md5sum": "64aac09934a63227c399c350dd9cc872",
    "settings": {
      "fd_thres": 0.2,
      "testing": false
    },
    "software": "mriqc",
    "version": "23.0.0",
    "webapi_port": null,
    "webapi_url": "https://mriqc.nimh.nih.gov/api/v1"
  },
  "size_t": 575,
  "size_x": 96,
  "size_y": 96,
  "size_z": 60,
  "snr": 5.0084774910001375,
  "spacing_tr": 0.8000001907348633,
  "spacing_x": 2.3958332538604736,
  "spacing_y": 2.3958332538604736,
  "spacing_z": 2.4000000953674316,
  "summary_bg_k": 24.212125476725323,
  "summary_bg_mad": 54.48779354579175,
  "summary_bg_mean": 2312.660400390625,
  "summary_bg_median": 36.96115493774414,
  "summary_bg_n": 406913.0,
  "summary_bg_p05": 0.1931814730167389,
  "summary_bg_p95": 11702.079882812499,
  "summary_bg_stdv": 5093.44775390625,
  "summary_fg_k": 0.738178917995731,
  "summary_fg_mad": 13063.567214977653,
  "summary_fg_mean": 67013.4453125,
  "summary_fg_median": 66154.0625,
  "summary_fg_n": 76264.0,
  "summary_fg_p05": 47520.1654296875,
  "summary_fg_p95": 88611.667578125,
  "summary_fg_stdv": 13208.3310546875,
  "tsnr": 17.988845825195312
}