{
  "aor": 0.0012359478260869563,
  "aqi": 0.04368234556521739,
  "bids_meta": {
    "AcquisitionMatrixPE": 94,
    "AcquisitionNumber": 3,
    "AcquisitionTime": "",
    "BodyPartExamined": "BRAIN",
    "CoilString": "MULTI COIL",
    "ConversionSoftware": "dcm2niix",
    "ConversionSoftwareVersion": "v1.0.20210317",
    "DeviceSerialNumber": "45128",
    "EchoTime": 0.03,
    "EchoTrainLength": 47,
    "EstimatedEffectiveEchoSpacing": 0.000388467,
    "EstimatedTotalReadoutTime": 0.0369044,
    "FlipAngle": 52,
    "ImageOrientationPatientDICOM": [
      0.999849,
      -4.72661e-12,
      0.017387,
      0.000696882,
      0.999196,
      -0.0400747
    ],
    "ImageType": [
      "ORIGINAL",
      "PRIMARY",
      "M",
      "FFE",
      "M",
      "FFE"
    ],
    "ImagingFrequency": 127.764,
    "InPlanePhaseEncodingDirectionDICOM": "COL",
    "InstitutionAddress": "",
    "InstitutionName": "",
    "InstitutionalDepartmentName": "",
    "MRAcquisitionType": "2D",
    "MagneticFieldStrength": 3,
    "Manufacturer": "Philips",
    "ManufacturersModelName": "Ingenia Elition X",
    "Modality": "MR",
    "ParallelReductionFactorInPlane": 2,
    "ParallelReductionOutOfPlane": 6,
    "PatientPosition": "HFS",
    "PercentPhaseFOV": 100,
    "PercentSampling": 100,
    "PhaseEncodingAxis": "j",
    "PhaseEncodingSteps": 94,
    "PhilipsRWVIntercept": 0,
    "PhilipsRWVSlope": 1.16581,
    "PhilipsRescaleIntercept": 0,
    "PhilipsRescaleSlope": 1.16581,
    "PhilipsScaleSlope": 0.0165833,
    "PixelBandwidth": 1850,
    "ProcedureStepDescription": "R7E65T_XW",
    "ProtocolName": "COLA_R2",
    "ReconMatrixPE": 96,
    "RepetitionTime": 0.8,
    "SAR": 0.0818667,
    "ScanOptions": "FS",
    "ScanningSequence": "GR",
    "SequenceVariant": "SK",
    "SeriesDescription": "COLA_R2",
    "SeriesNumber": 301,
    "SliceThickness": 2.4,
    "SoftwareVersions": "5.6.1\\5.6.1.2",
    "SpacingBetweenSlices": 2.4,
    "StationName": "",
    "TaskName": "WG",
    "UsePhilipsFloatNotDisplayScaling": 1,
    "WaterFatShift": 16.3723,
    "dataset": "ds004073",
    "modality": "bold",
    "subject_id": "BAN06",
    "task_id": "WG"
  },
  "dummy_trs": 0,
  "dvars_nstd": 84.70766730747387,
  "dvars_std": 1.1009354844947727,
  "dvars_vstd": 1.0368365193379798,
  "efc": 0.42524567282023557,
  "fber": 3121678.75,
  "fd_mean": 0.44092576195418726,
  "fd_num": 484,
  "fd_perc": 84.17391304347827,
  "fwhm_avg": 2.282326622354605,
  "fwhm_x": 2.2803506843378045,
  "fwhm_y": 2.5104084310995494,
  "fwhm_z": 2.0562207516264617,
  "gcor": 0.00681464,
  "gsr_x": -0.013989602215588093,
  "gsr_y": 0.029539499431848526,
  "provenance": {
    "md5sum": "46c346d8481e1db60d5f77dd4f179f68",
    "settings": {
      "fd_thres": 0.2,
      "testing": false
    },
    "software": "mriqc",
    "version": "23.0.0",
    "webapi_port": null,
    "webapi_url": "https://mriqc.nimh.nih.gov/api/v1"
  },
  "size_t": 575,
  "size_x": 96,
  "size_y": 96,
  "size_z": 60,
  "snr": 5.025208260597292,
  "spacing_tr": 0.8000001907348633,
  "spacing_x": 2.3958332538604736,
  "spacing_y": 2.3958332538604736,
  "spacing_z": 2.4000000953674316,
  "summary_bg_k": 23.637105744056477,
  "summary_bg_mad": 57.10436315140197,
  "summary_bg_mean": 2310.06640625,
  "summary_bg_median": 38.84541320800781,
  "summary_bg_n": 406678.0,
  "summary_bg_p05": 0.2732509598135948,
  "summary_bg_p95": 11645.834033203113,
  "summary_bg_stdv": 5146.68212890625,
  "summary_fg_k": 0.7045511175909467,
  "summary_fg_mad": 12935.090466480277,
  "summary_fg_mean": 66891.8671875,
  "summary_fg_median": 66108.40625,
  "summary_fg_n": 76475.0,
  "summary_fg_p05": 47291.03515625,
  "summary_fg_p95": 88493.1453125,
  "summary_fg_stdv": 13155.2705078125,
  "tsnr": 17.210018157958984
}