{
  "aor": 0.0015237913043478263,
  "aqi": 0.03823691495652175,
  "bids_meta": {
    "AcquisitionMatrixPE": 94,
    "AcquisitionNumber": 9,
    "AcquisitionTime": "",
    "BodyPartExamined": "BRAIN",
    "CoilString": "MULTI COIL",
    "ConversionSoftware": "dcm2niix",
    "ConversionSoftwareVersion": "v1.0.20210317",
    "DeviceSerialNumber": "45128",
    "EchoTime": 0.03,
    "EchoTrainLength": 47,
    "EstimatedEffectiveEchoSpacing": 0.000388467,
    "EstimatedTotalReadoutTime": 0.0369044,
    "FlipAngle": 52,
    "ImageOrientationPatientDICOM": [
      0.999849,
      -4.72661e-12,
      0.017387,
      0.000696882,
      0.999196,
      -0.0400747
    ],
    "ImageType": [
      "ORIGINAL",
      "PRIMARY",
      "M",
      "FFE",
      "M",
      "FFE"
    ],
    "ImagingFrequency": 127.764,
    "InPlanePhaseEncodingDirectionDICOM": "COL",
    "InstitutionAddress": "",
    "InstitutionName": "",
    "InstitutionalDepartmentName": "",
    "MRAcquisitionType": "2D",
    "MagneticFieldStrength": 3,
    "Manufacturer": "Philips",
    "ManufacturersModelName": "Ingenia Elition X",
    "Modality": "MR",
    "ParallelReductionFactorInPlane": 2,
    "ParallelReductionOutOfPlane": 6,
    "PatientPosition": "HFS",
    "PercentPhaseFOV": 100,
    "PercentSampling": 100,
    "PhaseEncodingAxis": "j",
    "PhaseEncodingSteps": 94,
    "PhilipsRWVIntercept": 0,
    "PhilipsRWVSlope": 1.20928,
    "PhilipsRescaleIntercept": 0,
    "PhilipsRescaleSlope": 1.20928,
    "PhilipsScaleSlope": 0.0165505,
    "PixelBandwidth": 1850,
    "ProcedureStepDescription": "R7E65T_XW",
    "ProtocolName": "COLA_R6",
    "ReconMatrixPE": 96,
    "RepetitionTime": 0.8,
    "SAR": 0.0818667,
    "ScanOptions": "FS",
    "ScanningSequence": "GR",
    "SequenceVariant": "SK",
    "SeriesDescription": "COLA_R6",
    "SeriesNumber": 901,
    "SliceThickness": 2.4,
    "SoftwareVersions": "5.6.1\\5.6.1.2",
    "SpacingBetweenSlices": 2.4,
    "StationName": "",
    "TaskName": "SD",
    "UsePhilipsFloatNotDisplayScaling": 1,
    "WaterFatShift": 16.3723,
    "dataset": "ds004073",
    "modality": "bold",
    "subject_id": "BAN06",
    "task_id": "SD"
  },
  "dummy_trs": 0,
  "dvars_nstd": 83.42835014958196,
  "dvars_std": 1.1031814581358885,
  "dvars_vstd": 1.0406912138327509,
  "efc": 0.42473692353804987,
  "fber": 3286420.0,
  "fd_mean": 0.30268684344588065,
  "fd_num": 320,
  "fd_perc": 55.65217391304348,
  "fwhm_avg": 2.287165736048277,
  "fwhm_x": 2.2791694669073177,
  "fwhm_y": 2.5263778229336227,
  "fwhm_z": 2.0559499183038903,
  "gcor": 0.00560216,
  "gsr_x": -0.013462902046740055,
  "gsr_y": 0.03226938471198082,
  "provenance": {
    "md5sum": "5457b3ee960ce727054a05cb632a2a86",
    "settings": {
      "fd_thres": 0.2,
      "testing": false
    },
    "software": "mriqc",
    "version": "23.0.0",
    "webapi_port": null,
    "webapi_url": "https://mriqc.nimh.nih.gov/api/v1"
  },
  "size_t": 575,
  "size_x": 96,
  "size_y": 96,
  "size_z": 60,
  "snr": 4.888611167434739,
  "spacing_tr": 0.8000001907348633,
  "spacing_x": 2.3958332538604736,
  "spacing_y": 2.3958332538604736,
  "spacing_z": 2.4000000953674316,
  "summary_bg_k": 24.16920815317138,
  "summary_bg_mad": 56.6482266387267,
  "summary_bg_mean": 2341.833251953125,
  "summary_bg_median": 38.46345901489258,
  "summary_bg_n": 407341.0,
  "summary_bg_p05": 0.2248167097568512,
  "summary_bg_p95": 11841.0693359375,
  "summary_bg_stdv": 5129.10009765625,
  "summary_fg_k": 0.6481552014719534,
  "summary_fg_mad": 13482.480525806852,
  "summary_fg_mean": 67036.4453125,
  "summary_fg_median": 66246.984375,
  "summary_fg_n": 76012.0,
  "summary_fg_p05": 46763.15625,
  "summary_fg_p95": 89187.26874999999,
  "summary_fg_stdv": 13551.2001953125,
  "tsnr": 17.73528289794922
}