{
  "bids_meta": {
    "AcquisitionMatrixPE": 174,
    "AcquisitionNumber": 1,
    "AcquisitionTime": "",
    "BaseResolution": 192,
    "BodyPartExamined": "BRAIN",
    "ConsistencyInfo": "N4_VE11C_LATEST_20160120",
    "ConversionSoftware": "dcm2niix",
    "ConversionSoftwareVersion": "v1.0.20210317",
    "DeviceSerialNumber": "66093",
    "DwellTime": 1.3e-05,
    "EchoTime": 0.00397,
    "FlipAngle": 8,
    "ImageOrientationPatientDICOM": [
      0.999749,
      0.0040815,
      0.0220165,
      -1.2621e-11,
      0.983247,
      -0.182278
    ],
    "ImageType": [
      "ORIGINAL",
      "PRIMARY",
      "M",
      "ND",
      "NORM"
    ],
    "ImagingFrequency": 123.26,
    "InPlanePhaseEncodingDirectionDICOM": "ROW",
    "InstitutionAddress": "",
    "InstitutionName": "",
    "InstitutionalDepartmentName": "",
    "InversionTime": 0.904,
    "MRAcquisitionType": "3D",
    "MagneticFieldStrength": 3,
    "Manufacturer": "Siemens",
    "ManufacturersModelName": "Prisma",
    "Modality": "MR",
    "PartialFourier": 1,
    "PatientPosition": "HFS",
    "PercentPhaseFOV": 90.625,
    "PercentSampling": 100,
    "PhaseEncodingSteps": 174,
    "PhaseResolution": 1,
    "PixelBandwidth": 200,
    "ProtocolName": "t1_mpr_ax_1mm_iso_32ch_v2",
    "PulseSequenceDetails": "%SiemensSeq%\\tfl",
    "ReceiveCoilActiveElements": "HEA;HEP",
    "ReceiveCoilName": "Head_32",
    "ReconMatrixPE": 174,
    "RepetitionTime": 1.9,
    "SAR": 0.0536991,
    "ScanOptions": "IR\\WE",
    "ScanningSequence": "GR\\IR",
    "SequenceName": "*tfl3d1_16",
    "SequenceVariant": "SK\\SP\\MP",
    "SeriesDescription": "t1_mpr_ax_1mm_iso_32ch_v2",
    "SeriesNumber": 13,
    "ShimSetting": [
      4969,
      -11449,
      -1346,
      275,
      21,
      -317,
      129,
      9
    ],
    "SliceThickness": 1,
    "SoftwareVersions": "syngo MR E11",
    "StationName": "",
    "TxRefAmp": 272.146,
    "dataset": "ds004073",
    "modality": "T1w",
    "subject_id": "OXF17"
  },
  "cjv": 0.28516021489712173,
  "cnr": 4.565360730780878,
  "efc": 0.6025214013763732,
  "fber": 19545.89374561216,
  "fwhm_avg": 4.806023333333333,
  "fwhm_x": 4.42389,
  "fwhm_y": 5.34114,
  "fwhm_z": 4.65304,
  "icvs_csf": 0.21630348112914685,
  "icvs_gm": 0.42655249072366264,
  "icvs_wm": 0.3571440281471905,
  "inu_med": 0.3902072012424469,
  "inu_range": 0.16440120339393616,
  "provenance": {
    "md5sum": "5bed40dcff3fce7f235795aaaf952678",
    "settings": {
      "testing": false
    },
    "software": "mriqc",
    "version": "23.0.0",
    "warnings": {
      "large_rot_frame": true,
      "small_air_mask": false
    },
    "webapi_port": null,
    "webapi_url": "https://mriqc.nimh.nih.gov/api/v1"
  },
  "qi_1": 0.0,
  "qi_2": 0.01632209355751697,
  "rpve_csf": 12.553382786435154,
  "rpve_gm": 6.504495122004509,
  "rpve_wm": 9.021619746600301,
  "size_x": 174,
  "size_y": 192,
  "size_z": 192,
  "snr_csf": 2.7389345287679516,
  "snr_gm": 13.733109535258315,
  "snr_total": 16.450420845666038,
  "snr_wm": 32.87921847297185,
  "snrd_csf": 35.85444342094151,
  "snrd_gm": 87.4641465900685,
  "snrd_total": 81.50328846785952,
  "snrd_wm": 121.19127539256856,
  "spacing_x": 1.0,
  "spacing_y": 1.0,
  "spacing_z": 1.0,
  "summary_bg_k": 13.876973574350782,
  "summary_bg_mad": 0.0,
  "summary_bg_mean": 3.270908600579219,
  "summary_bg_median": 0.0,
  "summary_bg_n": 1353788.0,
  "summary_bg_p05": 0.0,
  "summary_bg_p95": 13.696255013346672,
  "summary_bg_stdv": 5.405922056246482,
  "summary_csf_k": 0.10815533436418745,
  "summary_csf_mad": 103.16911534235453,
  "summary_csf_mean": 294.6583906777256,
  "summary_csf_median": 295.8564453199506,
  "summary_csf_n": 64123.0,
  "summary_csf_p05": 117.50389922130854,
  "summary_csf_p95": 478.8011376801876,
  "summary_csf_stdv": 108.01796657009547,
  "summary_gm_k": 0.17013807314855045,
  "summary_gm_mad": 51.15080399409169,
  "summary_gm_mean": 725.0448691900982,
  "summary_gm_median": 721.7189568188041,
  "summary_gm_n": 49592.0,
  "summary_gm_p05": 644.0707262605429,
  "summary_gm_p95": 816.1190942209214,
  "summary_gm_stdv": 52.55267777212824,
  "summary_wm_k": 0.7830579525961814,
  "summary_wm_mad": 28.21005396156564,
  "summary_wm_mean": 1001.2432148697799,
  "summary_wm_median": 1000.0216575805098,
  "summary_wm_n": 225831.0,
  "summary_wm_p05": 953.8834820687771,
  "summary_wm_p95": 1052.8996041510254,
  "summary_wm_stdv": 30.41493958584056,
  "tpm_overlap_csf": 0.18327800880396503,
  "tpm_overlap_gm": 0.4691404034534918,
  "tpm_overlap_wm": 0.5048103638801836,
  "wm2max": 0.9106786919539777
}