{
  "bids_meta": {
    "AcquisitionMatrixPE": 174,
    "AcquisitionNumber": 1,
    "AcquisitionTime": "",
    "BaseResolution": 192,
    "BodyPartExamined": "BRAIN",
    "ConsistencyInfo": "N4_VE11C_LATEST_20160120",
    "ConversionSoftware": "dcm2niix",
    "ConversionSoftwareVersion": "v1.0.20210317",
    "DeviceSerialNumber": "66093",
    "DwellTime": 1.3e-05,
    "EchoTime": 0.00397,
    "FlipAngle": 8,
    "ImageOrientationPatientDICOM": [
      0.999994,
      -0.000502297,
      -0.00336099,
      4.534e-12,
      0.989016,
      -0.147808
    ],
    "ImageType": [
      "ORIGINAL",
      "PRIMARY",
      "M",
      "ND",
      "NORM"
    ],
    "ImagingFrequency": 123.26,
    "InPlanePhaseEncodingDirectionDICOM": "ROW",
    "InstitutionAddress": "",
    "InstitutionName": "",
    "InstitutionalDepartmentName": "",
    "InversionTime": 0.904,
    "MRAcquisitionType": "3D",
    "MagneticFieldStrength": 3,
    "Manufacturer": "Siemens",
    "ManufacturersModelName": "Prisma",
    "Modality": "MR",
    "PartialFourier": 1,
    "PatientPosition": "HFS",
    "PercentPhaseFOV": 90.625,
    "PercentSampling": 100,
    "PhaseEncodingSteps": 174,
    "PhaseResolution": 1,
    "PixelBandwidth": 200,
    "ProtocolName": "t1_mpr_ax_1mm_iso_32ch_v2",
    "PulseSequenceDetails": "%SiemensSeq%\\tfl",
    "ReceiveCoilActiveElements": "HEA;HEP",
    "ReceiveCoilName": "Head_32",
    "ReconMatrixPE": 174,
    "RepetitionTime": 1.9,
    "SAR": 0.0472036,
    "ScanOptions": "IR\\WE",
    "ScanningSequence": "GR\\IR",
    "SequenceName": "*tfl3d1_16",
    "SequenceVariant": "SK\\SP\\MP",
    "SeriesDescription": "t1_mpr_ax_1mm_iso_32ch_v2",
    "SeriesNumber": 17,
    "ShimSetting": [
      4970,
      -11412,
      -1386,
      507,
      65,
      -62,
      -101,
      52
    ],
    "SliceThickness": 1,
    "SoftwareVersions": "syngo MR E11",
    "StationName": "",
    "TxRefAmp": 240.031,
    "dataset": "ds004073",
    "modality": "T1w",
    "subject_id": "OXF03"
  },
  "cjv": 0.3380302536273709,
  "cnr": 4.064092125450243,
  "efc": 0.606621024899747,
  "fber": 12720.157001249481,
  "fwhm_avg": 4.671346666666667,
  "fwhm_x": 4.30992,
  "fwhm_y": 5.18988,
  "fwhm_z": 4.51424,
  "icvs_csf": 0.23017388253331963,
  "icvs_gm": 0.4230405937096868,
  "icvs_wm": 0.34678552375699356,
  "inu_med": 0.368440717458725,
  "inu_range": 0.12250100970268252,
  "provenance": {
    "md5sum": "3dcd8737f2b9be28d5e6159165251280",
    "settings": {
      "testing": false
    },
    "software": "mriqc",
    "version": "23.0.0",
    "warnings": {
      "large_rot_frame": true,
      "small_air_mask": false
    },
    "webapi_port": null,
    "webapi_url": "https://mriqc.nimh.nih.gov/api/v1"
  },
  "qi_1": 0.0,
  "qi_2": 0.020551278805433344,
  "rpve_csf": 12.939834656071152,
  "rpve_gm": 7.033306121440651,
  "rpve_wm": 9.97341628959276,
  "size_x": 174,
  "size_y": 192,
  "size_z": 192,
  "snr_csf": 2.593639553912459,
  "snr_gm": 12.163220870297527,
  "snr_total": 16.14988143404437,
  "snr_wm": 33.69278387792313,
  "snrd_csf": 44.6833809245381,
  "snrd_gm": 117.3021400702784,
  "snrd_total": 107.71887432826686,
  "snrd_wm": 161.1711019899841,
  "spacing_x": 1.0,
  "spacing_y": 1.0,
  "spacing_z": 1.0,
  "summary_bg_k": 164.0199391498672,
  "summary_bg_mad": 4.064850448818558,
  "summary_bg_mean": 3.485041027859117,
  "summary_bg_median": 2.7416999638080597,
  "summary_bg_n": 1135040.0,
  "summary_bg_p05": 0.0,
  "summary_bg_p95": 12.807941436767578,
  "summary_bg_stdv": 4.923391363009692,
  "summary_csf_k": 0.2662604853685253,
  "summary_csf_mad": 79.38326551689089,
  "summary_csf_mean": 264.1354526538584,
  "summary_csf_median": 277.2419010847807,
  "summary_csf_n": 68852.0,
  "summary_csf_p05": 68.24231296777725,
  "summary_csf_p95": 441.63383066654205,
  "summary_csf_stdv": 106.89221921432956,
  "summary_gm_k": -0.2329202110057449,
  "summary_gm_mad": 63.13869894223278,
  "summary_gm_mean": 728.7758172141008,
  "summary_gm_median": 727.8112721443176,
  "summary_gm_n": 43709.0,
  "summary_gm_p05": 633.5328157246113,
  "summary_gm_p95": 827.3129671812057,
  "summary_gm_stdv": 59.83636688112407,
  "summary_wm_k": 0.5675772918355819,
  "summary_wm_mad": 28.869339318981435,
  "summary_wm_mean": 1000.2478522267579,
  "summary_wm_median": 1000.0000400841236,
  "summary_wm_n": 194477.0,
  "summary_wm_p05": 952.7107188105583,
  "summary_wm_p95": 1048.3099941909313,
  "summary_wm_stdv": 29.679870701863887,
  "tpm_overlap_csf": 0.16751449247565897,
  "tpm_overlap_gm": 0.47705482877817246,
  "tpm_overlap_wm": 0.5025993620113218,
  "wm2max": 0.9186491157112917
}