{
  "aor": 0.0006851478260869565,
  "aqi": 0.03723046904347826,
  "bids_meta": {
    "AcquisitionMatrixPE": 94,
    "AcquisitionNumber": 3,
    "AcquisitionTime": "",
    "BodyPartExamined": "BRAIN",
    "CoilString": "MULTI COIL",
    "ConversionSoftware": "dcm2niix",
    "ConversionSoftwareVersion": "v1.0.20210317",
    "DeviceSerialNumber": "45128",
    "EchoTime": 0.03,
    "EchoTrainLength": 47,
    "EstimatedEffectiveEchoSpacing": 0.000388665,
    "EstimatedTotalReadoutTime": 0.0369232,
    "FlipAngle": 52,
    "ImageOrientationPatientDICOM": [
      0.999649,
      -4.57797e-11,
      0.0265015,
      0.0010622,
      0.999196,
      -0.0400666
    ],
    "ImageType": [
      "ORIGINAL",
      "PRIMARY",
      "M",
      "FFE",
      "M",
      "FFE"
    ],
    "ImagingFrequency": 127.764,
    "InPlanePhaseEncodingDirectionDICOM": "COL",
    "InstitutionAddress": "",
    "InstitutionName": "",
    "InstitutionalDepartmentName": "",
    "MRAcquisitionType": "2D",
    "MagneticFieldStrength": 3,
    "Manufacturer": "Philips",
    "ManufacturersModelName": "Ingenia Elition X",
    "Modality": "MR",
    "ParallelReductionFactorInPlane": 2,
    "ParallelReductionOutOfPlane": 6,
    "PatientPosition": "HFS",
    "PercentPhaseFOV": 100,
    "PercentSampling": 100,
    "PhaseEncodingAxis": "j",
    "PhaseEncodingSteps": 94,
    "PhilipsRWVIntercept": 0,
    "PhilipsRWVSlope": 1.16654,
    "PhilipsRescaleIntercept": 0,
    "PhilipsRescaleSlope": 1.16654,
    "PhilipsScaleSlope": 0.0163512,
    "PixelBandwidth": 1843,
    "ProcedureStepDescription": "COLA",
    "ProtocolName": "COLA_R2",
    "ReconMatrixPE": 96,
    "RepetitionTime": 0.8,
    "SAR": 0.0818667,
    "ScanOptions": "FS",
    "ScanningSequence": "GR",
    "SequenceVariant": "SK",
    "SeriesDescription": "COLA_R2",
    "SeriesNumber": 301,
    "SliceThickness": 2.4,
    "SoftwareVersions": "5.6.1\\5.6.1.3",
    "SpacingBetweenSlices": 2.4,
    "StationName": "",
    "TaskName": "SD",
    "UsePhilipsFloatNotDisplayScaling": 1,
    "WaterFatShift": 16.3806,
    "dataset": "ds004073",
    "modality": "bold",
    "subject_id": "BAN18",
    "task_id": "SD"
  },
  "dummy_trs": 0,
  "dvars_nstd": 88.39817522949478,
  "dvars_std": 1.116302719268293,
  "dvars_vstd": 1.021004669547038,
  "efc": 0.45542550456727005,
  "fber": 1640526.75,
  "fd_mean": 0.3737825395238962,
  "fd_num": 443,
  "fd_perc": 77.04347826086956,
  "fwhm_avg": 2.223004810101923,
  "fwhm_x": 2.2574567705349056,
  "fwhm_y": 2.4092119060036006,
  "fwhm_z": 2.0023457537672615,
  "gcor": 0.00722666,
  "gsr_x": -0.024050509557127953,
  "gsr_y": 0.02105451188981533,
  "provenance": {
    "md5sum": "b782d4c855e59bc78566af401fecf06c",
    "settings": {
      "fd_thres": 0.2,
      "testing": false
    },
    "software": "mriqc",
    "version": "23.0.0",
    "webapi_port": null,
    "webapi_url": "https://mriqc.nimh.nih.gov/api/v1"
  },
  "size_t": 575,
  "size_x": 96,
  "size_y": 96,
  "size_z": 60,
  "snr": 4.542425922969755,
  "spacing_tr": 0.8000001907348633,
  "spacing_x": 2.3958332538604736,
  "spacing_y": 2.3958332538604736,
  "spacing_z": 2.4000000953674316,
  "summary_bg_k": 18.300611930983063,
  "summary_bg_mad": 74.08575228898357,
  "summary_bg_mean": 2653.96826171875,
  "summary_bg_median": 50.48046112060547,
  "summary_bg_n": 392044.0,
  "summary_bg_p05": 0.4485443606972695,
  "summary_bg_p95": 13911.078906249997,
  "summary_bg_stdv": 5759.01611328125,
  "summary_fg_k": 0.6881945570897878,
  "summary_fg_mad": 13409.647691822764,
  "summary_fg_mean": 64820.8515625,
  "summary_fg_median": 63810.703125,
  "summary_fg_n": 87940.0,
  "summary_fg_p05": 43722.4498046875,
  "summary_fg_p95": 88855.33984375,
  "summary_fg_stdv": 14047.634765625,
  "tsnr": 17.69920539855957
}