{
  "aor": 0.0010426608695652173,
  "aqi": 0.037786511304347827,
  "bids_meta": {
    "AcquisitionMatrixPE": 94,
    "AcquisitionNumber": 8,
    "AcquisitionTime": "",
    "BodyPartExamined": "BRAIN",
    "CoilString": "MULTI COIL",
    "ConversionSoftware": "dcm2niix",
    "ConversionSoftwareVersion": "v1.0.20210317",
    "DeviceSerialNumber": "45128",
    "EchoTime": 0.03,
    "EchoTrainLength": 47,
    "EstimatedEffectiveEchoSpacing": 0.000388665,
    "EstimatedTotalReadoutTime": 0.0369232,
    "FlipAngle": 52,
    "ImageOrientationPatientDICOM": [
      0.999649,
      -4.57797e-11,
      0.0265015,
      0.0010622,
      0.999196,
      -0.0400666
    ],
    "ImageType": [
      "ORIGINAL",
      "PRIMARY",
      "M",
      "FFE",
      "M",
      "FFE"
    ],
    "ImagingFrequency": 127.764,
    "InPlanePhaseEncodingDirectionDICOM": "COL",
    "InstitutionAddress": "",
    "InstitutionName": "",
    "InstitutionalDepartmentName": "",
    "MRAcquisitionType": "2D",
    "MagneticFieldStrength": 3,
    "Manufacturer": "Philips",
    "ManufacturersModelName": "Ingenia Elition X",
    "Modality": "MR",
    "ParallelReductionFactorInPlane": 2,
    "ParallelReductionOutOfPlane": 6,
    "PatientPosition": "HFS",
    "PercentPhaseFOV": 100,
    "PercentSampling": 100,
    "PhaseEncodingAxis": "j",
    "PhaseEncodingSteps": 94,
    "PhilipsRWVIntercept": 0,
    "PhilipsRWVSlope": 1.13797,
    "PhilipsRescaleIntercept": 0,
    "PhilipsRescaleSlope": 1.13797,
    "PhilipsScaleSlope": 0.0165332,
    "PixelBandwidth": 1843,
    "ProcedureStepDescription": "COLA",
    "ProtocolName": "COLA_R4",
    "ReconMatrixPE": 96,
    "RepetitionTime": 0.8,
    "SAR": 0.0818667,
    "ScanOptions": "FS",
    "ScanningSequence": "GR",
    "SequenceVariant": "SK",
    "SeriesDescription": "COLA_R4",
    "SeriesNumber": 801,
    "SliceThickness": 2.4,
    "SoftwareVersions": "5.6.1\\5.6.1.3",
    "SpacingBetweenSlices": 2.4,
    "StationName": "",
    "TaskName": "SC",
    "UsePhilipsFloatNotDisplayScaling": 1,
    "WaterFatShift": 16.3806,
    "dataset": "ds004073",
    "modality": "bold",
    "subject_id": "BAN18",
    "task_id": "SC"
  },
  "dummy_trs": 0,
  "dvars_nstd": 88.89859335773517,
  "dvars_std": 1.1259325844947743,
  "dvars_vstd": 1.0264860083101046,
  "efc": 0.4565746969429013,
  "fber": 1728272.125,
  "fd_mean": 0.3807616153378765,
  "fd_num": 402,
  "fd_perc": 69.91304347826087,
  "fwhm_avg": 2.269537295999251,
  "fwhm_x": 2.3099604244504324,
  "fwhm_y": 2.448843211666048,
  "fwhm_z": 2.0498082518812715,
  "gcor": 0.0104829,
  "gsr_x": -0.02536134235560894,
  "gsr_y": 0.02196093462407589,
  "provenance": {
    "md5sum": "0cdaad1b6113f94b97591a61d288868c",
    "settings": {
      "fd_thres": 0.2,
      "testing": false
    },
    "software": "mriqc",
    "version": "23.0.0",
    "webapi_port": null,
    "webapi_url": "https://mriqc.nimh.nih.gov/api/v1"
  },
  "size_t": 575,
  "size_x": 96,
  "size_y": 96,
  "size_z": 60,
  "snr": 4.39351407642763,
  "spacing_tr": 0.8000001907348633,
  "spacing_x": 2.3958332538604736,
  "spacing_y": 2.3958332538604736,
  "spacing_z": 2.4000000953674316,
  "summary_bg_k": 16.266053312130037,
  "summary_bg_mad": 71.91036496316386,
  "summary_bg_mean": 2729.549560546875,
  "summary_bg_median": 48.973358154296875,
  "summary_bg_n": 392457.0,
  "summary_bg_p05": 0.4278084099292755,
  "summary_bg_p95": 14360.113867187501,
  "summary_bg_stdv": 5818.79345703125,
  "summary_fg_k": 0.525016064454928,
  "summary_fg_mad": 14143.208575040282,
  "summary_fg_mean": 64469.57421875,
  "summary_fg_median": 63544.16796875,
  "summary_fg_n": 87771.0,
  "summary_fg_p05": 42851.203125,
  "summary_fg_p95": 89181.74609375,
  "summary_fg_stdv": 14463.09375,
  "tsnr": 16.9096622467041
}