{
  "aor": 0.0007468695652173913,
  "aqi": 0.05564318591304348,
  "bids_meta": {
    "AcquisitionMatrixPE": 94,
    "AcquisitionNumber": 2,
    "AcquisitionTime": "",
    "BodyPartExamined": "BRAIN",
    "CoilString": "MULTI COIL",
    "ConversionSoftware": "dcm2niix",
    "ConversionSoftwareVersion": "v1.0.20210317",
    "DeviceSerialNumber": "45128",
    "EchoTime": 0.03,
    "EchoTrainLength": 47,
    "EstimatedEffectiveEchoSpacing": 0.000388665,
    "EstimatedTotalReadoutTime": 0.0369232,
    "FlipAngle": 52,
    "ImageOrientationPatientDICOM": [
      0.999649,
      -4.57797e-11,
      0.0265015,
      0.0010622,
      0.999196,
      -0.0400666
    ],
    "ImageType": [
      "ORIGINAL",
      "PRIMARY",
      "M",
      "FFE",
      "M",
      "FFE"
    ],
    "ImagingFrequency": 127.764,
    "InPlanePhaseEncodingDirectionDICOM": "COL",
    "InstitutionAddress": "",
    "InstitutionName": "",
    "InstitutionalDepartmentName": "",
    "MRAcquisitionType": "2D",
    "MagneticFieldStrength": 3,
    "Manufacturer": "Philips",
    "ManufacturersModelName": "Ingenia Elition X",
    "Modality": "MR",
    "ParallelReductionFactorInPlane": 2,
    "ParallelReductionOutOfPlane": 6,
    "PatientPosition": "HFS",
    "PercentPhaseFOV": 100,
    "PercentSampling": 100,
    "PhaseEncodingAxis": "j",
    "PhaseEncodingSteps": 94,
    "PhilipsRWVIntercept": 0,
    "PhilipsRWVSlope": 1.16361,
    "PhilipsRescaleIntercept": 0,
    "PhilipsRescaleSlope": 1.16361,
    "PhilipsScaleSlope": 0.0164687,
    "PixelBandwidth": 1843,
    "ProcedureStepDescription": "COLA",
    "ProtocolName": "COLA_R1",
    "ReconMatrixPE": 96,
    "RepetitionTime": 0.8,
    "SAR": 0.0818667,
    "ScanOptions": "FS",
    "ScanningSequence": "GR",
    "SequenceVariant": "SK",
    "SeriesDescription": "COLA_R1",
    "SeriesNumber": 201,
    "SliceThickness": 2.4,
    "SoftwareVersions": "5.6.1\\5.6.1.3",
    "SpacingBetweenSlices": 2.4,
    "StationName": "",
    "TaskName": "SG",
    "UsePhilipsFloatNotDisplayScaling": 1,
    "WaterFatShift": 16.3806,
    "dataset": "ds004073",
    "modality": "bold",
    "subject_id": "BAN18",
    "task_id": "SG"
  },
  "dummy_trs": 0,
  "dvars_nstd": 91.2898847201046,
  "dvars_std": 1.0912610714808373,
  "dvars_vstd": 1.0041525259581885,
  "efc": 0.4547133548888098,
  "fber": 1480290.375,
  "fd_mean": 0.4234577244446573,
  "fd_num": 448,
  "fd_perc": 77.91304347826087,
  "fwhm_avg": 2.241165511420935,
  "fwhm_x": 2.266781292583343,
  "fwhm_y": 2.463977820863734,
  "fwhm_z": 1.9927374208157291,
  "gcor": 0.00578835,
  "gsr_x": -0.023270417004823685,
  "gsr_y": 0.017062056809663773,
  "provenance": {
    "md5sum": "9b2cbc58e9fc4fe83fa825a6db7bb638",
    "settings": {
      "fd_thres": 0.2,
      "testing": false
    },
    "software": "mriqc",
    "version": "23.0.0",
    "webapi_port": null,
    "webapi_url": "https://mriqc.nimh.nih.gov/api/v1"
  },
  "size_t": 575,
  "size_x": 96,
  "size_y": 96,
  "size_z": 60,
  "snr": 4.500318627031413,
  "spacing_tr": 0.8000001907348633,
  "spacing_x": 2.3958332538604736,
  "spacing_y": 2.3958332538604736,
  "spacing_z": 2.4000000953674316,
  "summary_bg_k": 16.317914805733235,
  "summary_bg_mad": 78.14288348761845,
  "summary_bg_mean": 2658.37744140625,
  "summary_bg_median": 53.2408561706543,
  "summary_bg_n": 392323.0,
  "summary_bg_p05": 0.4455094188451768,
  "summary_bg_p95": 13759.57646484369,
  "summary_bg_stdv": 5701.36572265625,
  "summary_fg_k": 0.5676239509503258,
  "summary_fg_mad": 13766.013721558758,
  "summary_fg_mean": 65399.9765625,
  "summary_fg_median": 64603.45703125,
  "summary_fg_n": 87793.0,
  "summary_fg_p05": 43612.71015625,
  "summary_fg_p95": 89770.91093749998,
  "summary_fg_stdv": 14355.2255859375,
  "tsnr": 14.40898609161377
}