{
  "aor": 0.000995008695652174,
  "aqi": 0.03846632904347826,
  "bids_meta": {
    "AcquisitionMatrixPE": 94,
    "AcquisitionNumber": 10,
    "AcquisitionTime": "",
    "BodyPartExamined": "BRAIN",
    "CoilString": "MULTI COIL",
    "ConversionSoftware": "dcm2niix",
    "ConversionSoftwareVersion": "v1.0.20210317",
    "DeviceSerialNumber": "45128",
    "EchoTime": 0.03,
    "EchoTrainLength": 47,
    "EstimatedEffectiveEchoSpacing": 0.000388665,
    "EstimatedTotalReadoutTime": 0.0369232,
    "FlipAngle": 52,
    "ImageOrientationPatientDICOM": [
      0.999649,
      -4.57797e-11,
      0.0265015,
      0.0010622,
      0.999196,
      -0.0400666
    ],
    "ImageType": [
      "ORIGINAL",
      "PRIMARY",
      "M",
      "FFE",
      "M",
      "FFE"
    ],
    "ImagingFrequency": 127.764,
    "InPlanePhaseEncodingDirectionDICOM": "COL",
    "InstitutionAddress": "",
    "InstitutionName": "",
    "InstitutionalDepartmentName": "",
    "MRAcquisitionType": "2D",
    "MagneticFieldStrength": 3,
    "Manufacturer": "Philips",
    "ManufacturersModelName": "Ingenia Elition X",
    "Modality": "MR",
    "ParallelReductionFactorInPlane": 2,
    "ParallelReductionOutOfPlane": 6,
    "PatientPosition": "HFS",
    "PercentPhaseFOV": 100,
    "PercentSampling": 100,
    "PhaseEncodingAxis": "j",
    "PhaseEncodingSteps": 94,
    "PhilipsRWVIntercept": 0,
    "PhilipsRWVSlope": 1.15775,
    "PhilipsRescaleIntercept": 0,
    "PhilipsRescaleSlope": 1.15775,
    "PhilipsScaleSlope": 0.0165072,
    "PixelBandwidth": 1843,
    "ProcedureStepDescription": "COLA",
    "ProtocolName": "COLA_R6",
    "ReconMatrixPE": 96,
    "RepetitionTime": 0.8,
    "SAR": 0.0818667,
    "ScanOptions": "FS",
    "ScanningSequence": "GR",
    "SequenceVariant": "SK",
    "SeriesDescription": "COLA_R6",
    "SeriesNumber": 1001,
    "SliceThickness": 2.4,
    "SoftwareVersions": "5.6.1\\5.6.1.3",
    "SpacingBetweenSlices": 2.4,
    "StationName": "",
    "TaskName": "WC",
    "UsePhilipsFloatNotDisplayScaling": 1,
    "WaterFatShift": 16.3806,
    "dataset": "ds004073",
    "modality": "bold",
    "subject_id": "BAN18",
    "task_id": "WC"
  },
  "dummy_trs": 0,
  "dvars_nstd": 89.84034568156795,
  "dvars_std": 1.116332364337979,
  "dvars_vstd": 1.0265722479616717,
  "efc": 0.454381935395466,
  "fber": 1872352.5,
  "fd_mean": 0.38311865652616256,
  "fd_num": 419,
  "fd_perc": 72.8695652173913,
  "fwhm_avg": 2.2685503367740356,
  "fwhm_x": 2.2840028583719953,
  "fwhm_y": 2.4613357338195714,
  "fwhm_z": 2.06031241813054,
  "gcor": 0.0109139,
  "gsr_x": -0.023716207593679428,
  "gsr_y": 0.02125728316605091,
  "provenance": {
    "md5sum": "071b381573558d2db196360be413ce83",
    "settings": {
      "fd_thres": 0.2,
      "testing": false
    },
    "software": "mriqc",
    "version": "23.0.0",
    "webapi_port": null,
    "webapi_url": "https://mriqc.nimh.nih.gov/api/v1"
  },
  "size_t": 575,
  "size_x": 96,
  "size_y": 96,
  "size_z": 60,
  "snr": 4.418388847226366,
  "spacing_tr": 0.8000001907348633,
  "spacing_x": 2.3958332538604736,
  "spacing_y": 2.3958332538604736,
  "spacing_z": 2.4000000953674316,
  "summary_bg_k": 18.87506396203946,
  "summary_bg_mad": 68.67236721844857,
  "summary_bg_mean": 2581.011962890625,
  "summary_bg_median": 46.65190124511719,
  "summary_bg_n": 392329.0,
  "summary_bg_p05": 0.30100231170654296,
  "summary_bg_p95": 13382.239648437477,
  "summary_bg_stdv": 5596.09033203125,
  "summary_fg_k": 0.5462272719593364,
  "summary_fg_mad": 13680.998646298785,
  "summary_fg_mean": 63470.18359375,
  "summary_fg_median": 62460.59375,
  "summary_fg_n": 88024.0,
  "summary_fg_p05": 42449.873828125,
  "summary_fg_p95": 87838.26992187499,
  "summary_fg_stdv": 14136.4287109375,
  "tsnr": 16.732105255126953
}