{
  "aor": 0.0007742260869565218,
  "aqi": 0.035783136521739124,
  "bids_meta": {
    "AcquisitionMatrixPE": 94,
    "AcquisitionNumber": 4,
    "AcquisitionTime": "",
    "BodyPartExamined": "BRAIN",
    "CoilString": "MULTI COIL",
    "ConversionSoftware": "dcm2niix",
    "ConversionSoftwareVersion": "v1.0.20210317",
    "DeviceSerialNumber": "45128",
    "EchoTime": 0.03,
    "EchoTrainLength": 47,
    "EstimatedEffectiveEchoSpacing": 0.000388665,
    "EstimatedTotalReadoutTime": 0.0369232,
    "FlipAngle": 52,
    "ImageOrientationPatientDICOM": [
      0.999649,
      -4.57797e-11,
      0.0265015,
      0.0010622,
      0.999196,
      -0.0400666
    ],
    "ImageType": [
      "ORIGINAL",
      "PRIMARY",
      "M",
      "FFE",
      "M",
      "FFE"
    ],
    "ImagingFrequency": 127.764,
    "InPlanePhaseEncodingDirectionDICOM": "COL",
    "InstitutionAddress": "",
    "InstitutionName": "",
    "InstitutionalDepartmentName": "",
    "MRAcquisitionType": "2D",
    "MagneticFieldStrength": 3,
    "Manufacturer": "Philips",
    "ManufacturersModelName": "Ingenia Elition X",
    "Modality": "MR",
    "ParallelReductionFactorInPlane": 2,
    "ParallelReductionOutOfPlane": 6,
    "PatientPosition": "HFS",
    "PercentPhaseFOV": 100,
    "PercentSampling": 100,
    "PhaseEncodingAxis": "j",
    "PhaseEncodingSteps": 94,
    "PhilipsRWVIntercept": 0,
    "PhilipsRWVSlope": 1.12454,
    "PhilipsRescaleIntercept": 0,
    "PhilipsRescaleSlope": 1.12454,
    "PhilipsScaleSlope": 0.0164213,
    "PixelBandwidth": 1843,
    "ProcedureStepDescription": "COLA",
    "ProtocolName": "COLA_R3",
    "ReconMatrixPE": 96,
    "RepetitionTime": 0.8,
    "SAR": 0.0818667,
    "ScanOptions": "FS",
    "ScanningSequence": "GR",
    "SequenceVariant": "SK",
    "SeriesDescription": "COLA_R3",
    "SeriesNumber": 401,
    "SliceThickness": 2.4,
    "SoftwareVersions": "5.6.1\\5.6.1.3",
    "SpacingBetweenSlices": 2.4,
    "StationName": "",
    "TaskName": "PD",
    "UsePhilipsFloatNotDisplayScaling": 1,
    "WaterFatShift": 16.3806,
    "dataset": "ds004073",
    "modality": "bold",
    "subject_id": "BAN18",
    "task_id": "PD"
  },
  "dummy_trs": 0,
  "dvars_nstd": 88.35605330250871,
  "dvars_std": 1.1214590310452959,
  "dvars_vstd": 1.021510805418119,
  "efc": 0.4563075849478913,
  "fber": 1724333.75,
  "fd_mean": 0.3631633245927661,
  "fd_num": 418,
  "fd_perc": 72.69565217391305,
  "fwhm_avg": 2.2420302762489848,
  "fwhm_x": 2.2760306841945046,
  "fwhm_y": 2.4202435585434476,
  "fwhm_z": 2.029816586009002,
  "gcor": 0.0139762,
  "gsr_x": -0.024851016700267792,
  "gsr_y": 0.021745825186371803,
  "provenance": {
    "md5sum": "431c31063d7fbf4c07691209bb6b1c98",
    "settings": {
      "fd_thres": 0.2,
      "testing": false
    },
    "software": "mriqc",
    "version": "23.0.0",
    "webapi_port": null,
    "webapi_url": "https://mriqc.nimh.nih.gov/api/v1"
  },
  "size_t": 575,
  "size_x": 96,
  "size_y": 96,
  "size_z": 60,
  "snr": 4.482726387052042,
  "spacing_tr": 0.8000001907348633,
  "spacing_x": 2.3958332538604736,
  "spacing_y": 2.3958332538604736,
  "spacing_z": 2.4000000953674316,
  "summary_bg_k": 18.183577110015495,
  "summary_bg_mad": 71.45493819397151,
  "summary_bg_mean": 2672.58251953125,
  "summary_bg_median": 48.633827209472656,
  "summary_bg_n": 392000.0,
  "summary_bg_p05": 0.3984173879027367,
  "summary_bg_p95": 14124.912695312494,
  "summary_bg_stdv": 5812.76025390625,
  "summary_fg_k": 0.5880417557339901,
  "summary_fg_mad": 13523.350540869327,
  "summary_fg_mean": 64004.46875,
  "summary_fg_median": 62944.875,
  "summary_fg_n": 88098.0,
  "summary_fg_p05": 43114.3333984375,
  "summary_fg_p95": 88248.66210937499,
  "summary_fg_stdv": 14041.5703125,
  "tsnr": 17.71809196472168
}