{
  "aor": 0.0015114136125654448,
  "aqi": 0.01215172544502618,
  "bids_meta": {
    "AcquisitionMatrixPE": 90,
    "AcquisitionNumber": 1,
    "AcquisitionTime": "",
    "BandwidthPerPixelPhaseEncode": 21.786,
    "BaseResolution": 90,
    "BodyPartExamined": "BRAIN",
    "ConsistencyInfo": "N4_VE11C_LATEST_20160120",
    "ConversionSoftware": "dcm2niix",
    "ConversionSoftwareVersion": "v1.0.20210317",
    "DerivedVendorReportedEchoSpacing": 0.000510012,
    "DeviceSerialNumber": "66093",
    "DwellTime": 2e-06,
    "EchoTime": 0.03,
    "EchoTrainLength": 90,
    "EffectiveEchoSpacing": 0.000510012,
    "FlipAngle": 52,
    "ImageComments": "Unaliased MB6/PE3/LB",
    "ImageOrientationPatientDICOM": [
      0.999456,
      0.00373447,
      0.03276,
      4.82634e-08,
      0.993565,
      -0.113263
    ],
    "ImageType": [
      "ORIGINAL",
      "PRIMARY",
      "M",
      "MB",
      "ND",
      "MOSAIC"
    ],
    "ImagingFrequency": 123.259,
    "InPlanePhaseEncodingDirectionDICOM": "COL",
    "InstitutionAddress": "",
    "InstitutionName": "",
    "InstitutionalDepartmentName": "",
    "MRAcquisitionType": "2D",
    "MagneticFieldStrength": 3,
    "Manufacturer": "Siemens",
    "ManufacturersModelName": "Prisma",
    "Modality": "MR",
    "MultibandAccelerationFactor": 6,
    "PartialFourier": 1,
    "PatientPosition": "HFS",
    "PercentPhaseFOV": 100,
    "PercentSampling": 100,
    "PhaseEncodingDirection": "j-",
    "PhaseEncodingSteps": 90,
    "PhaseResolution": 1,
    "PixelBandwidth": 2780,
    "ProtocolName": "BOLD_2p4_MB6_P1_TE30_TR800_AP",
    "PulseSequenceDetails": "%CustomerSeq%\\cmrr_mbep2d_bold",
    "ReceiveCoilActiveElements": "HEA;HEP",
    "ReceiveCoilName": "Head_32",
    "ReconMatrixPE": 90,
    "RepetitionTime": 0.8,
    "SAR": 0.0703961,
    "ScanOptions": "FS",
    "ScanningSequence": "EP",
    "SequenceName": "epfid2d1_90",
    "SequenceVariant": "SK\\SS",
    "SeriesDescription": "BOLD_2p4_MB6_P1_TE30_TR800_AP",
    "SeriesNumber": 9,
    "ShimSetting": [
      4970,
      -11341,
      -1349,
      551,
      53,
      141,
      -16,
      32
    ],
    "SliceThickness": 2.4,
    "SliceTiming": [
      0,
      0.5475,
      0.3125,
      0.0775,
      0.625,
      0.39,
      0.1575,
      0.7025,
      0.4675,
      0.235,
      0,
      0.5475,
      0.3125,
      0.0775,
      0.625,
      0.39,
      0.1575,
      0.7025,
      0.4675,
      0.235,
      0,
      0.5475,
      0.3125,
      0.0775,
      0.625,
      0.39,
      0.1575,
      0.7025,
      0.4675,
      0.235,
      0,
      0.5475,
      0.3125,
      0.0775,
      0.625,
      0.39,
      0.1575,
      0.7025,
      0.4675,
      0.235,
      0,
      0.5475,
      0.3125,
      0.0775,
      0.625,
      0.39,
      0.1575,
      0.7025,
      0.4675,
      0.235,
      0,
      0.5475,
      0.3125,
      0.0775,
      0.625,
      0.39,
      0.1575,
      0.7025,
      0.4675,
      0.235
    ],
    "SoftwareVersions": "syngo MR E11",
    "SpacingBetweenSlices": 2.4,
    "StationName": "",
    "TaskName": "SC",
    "TotalReadoutTime": 0.045391,
    "TxRefAmp": 226.458,
    "VendorReportedEchoSpacing": 0.00051,
    "WipMemBlock": "d498ac80-0255-4e1a-8a2c-1e6a97ef1209||Sequence: R016 ve11c/master r/e634e98; Dec 19 2017 11:00:25 by eja",
    "dataset": "ds004073",
    "modality": "bold",
    "subject_id": "OXF11",
    "task_id": "SC"
  },
  "dummy_trs": 2,
  "dvars_nstd": 35.44182268903844,
  "dvars_std": 1.0509592385839148,
  "dvars_vstd": 0.9963496704545458,
  "efc": 0.49398147937808606,
  "fber": 1151.4954833984375,
  "fd_mean": 0.1909717659931704,
  "fd_num": 164,
  "fd_perc": 28.62129144851658,
  "fwhm_avg": 2.8579374853171196,
  "fwhm_x": 2.61549156273637,
  "fwhm_y": 2.972204048561889,
  "fwhm_z": 2.986116844653101,
  "gcor": 0.00771793,
  "gsr_x": -0.019612319767475128,
  "gsr_y": 0.08783125132322311,
  "provenance": {
    "md5sum": "44a51add1322af81b0a2e941099c2887",
    "settings": {
      "fd_thres": 0.2,
      "testing": false
    },
    "software": "mriqc",
    "version": "23.0.0",
    "webapi_port": null,
    "webapi_url": "https://mriqc.nimh.nih.gov/api/v1"
  },
  "size_t": 573,
  "size_x": 90,
  "size_y": 90,
  "size_z": 60,
  "snr": 2.725306342636958,
  "spacing_tr": 0.800000011920929,
  "spacing_x": 2.4000000953674316,
  "spacing_y": 2.4000000953674316,
  "spacing_z": 2.3999998569488525,
  "summary_bg_k": 26.71837883346692,
  "summary_bg_mad": 67.26046350134915,
  "summary_bg_mean": 266.947021484375,
  "summary_bg_median": 103.88307189941406,
  "summary_bg_n": 334491.0,
  "summary_bg_p05": 53.30541229248047,
  "summary_bg_p95": 1108.7801513671875,
  "summary_bg_stdv": 476.2074279785156,
  "summary_fg_k": 2.095298365217417,
  "summary_fg_mad": 1053.760250729721,
  "summary_fg_mean": 3852.501708984375,
  "summary_fg_median": 3573.1640625,
  "summary_fg_n": 76677.0,
  "summary_fg_p05": 2257.48212890625,
  "summary_fg_p95": 6479.846484375,
  "summary_fg_stdv": 1311.096923828125,
  "tsnr": 31.304823971586302
}