{
  "aor": 0.0008944153577661431,
  "aqi": 0.014524983682373472,
  "bids_meta": {
    "AcquisitionMatrixPE": 90,
    "AcquisitionNumber": 1,
    "AcquisitionTime": "",
    "BandwidthPerPixelPhaseEncode": 21.786,
    "BaseResolution": 90,
    "BodyPartExamined": "BRAIN",
    "ConsistencyInfo": "N4_VE11C_LATEST_20160120",
    "ConversionSoftware": "dcm2niix",
    "ConversionSoftwareVersion": "v1.0.20210317",
    "DerivedVendorReportedEchoSpacing": 0.000510012,
    "DeviceSerialNumber": "66093",
    "DwellTime": 2e-06,
    "EchoTime": 0.03,
    "EchoTrainLength": 90,
    "EffectiveEchoSpacing": 0.000510012,
    "FlipAngle": 52,
    "ImageComments": "Unaliased MB6/PE3/LB",
    "ImageOrientationPatientDICOM": [
      0.999456,
      0.00373447,
      0.03276,
      4.82634e-08,
      0.993565,
      -0.113263
    ],
    "ImageType": [
      "ORIGINAL",
      "PRIMARY",
      "M",
      "MB",
      "ND",
      "MOSAIC"
    ],
    "ImagingFrequency": 123.259,
    "InPlanePhaseEncodingDirectionDICOM": "COL",
    "InstitutionAddress": "",
    "InstitutionName": "",
    "InstitutionalDepartmentName": "",
    "MRAcquisitionType": "2D",
    "MagneticFieldStrength": 3,
    "Manufacturer": "Siemens",
    "ManufacturersModelName": "Prisma",
    "Modality": "MR",
    "MultibandAccelerationFactor": 6,
    "PartialFourier": 1,
    "PatientPosition": "HFS",
    "PercentPhaseFOV": 100,
    "PercentSampling": 100,
    "PhaseEncodingDirection": "j-",
    "PhaseEncodingSteps": 90,
    "PhaseResolution": 1,
    "PixelBandwidth": 2780,
    "ProtocolName": "BOLD_2p4_MB6_P1_TE30_TR800_AP",
    "PulseSequenceDetails": "%CustomerSeq%\\cmrr_mbep2d_bold",
    "ReceiveCoilActiveElements": "HEA;HEP",
    "ReceiveCoilName": "Head_32",
    "ReconMatrixPE": 90,
    "RepetitionTime": 0.8,
    "SAR": 0.0703961,
    "ScanOptions": "FS",
    "ScanningSequence": "EP",
    "SequenceName": "epfid2d1_90",
    "SequenceVariant": "SK\\SS",
    "SeriesDescription": "BOLD_2p4_MB6_P1_TE30_TR800_AP",
    "SeriesNumber": 7,
    "ShimSetting": [
      4970,
      -11341,
      -1349,
      551,
      53,
      141,
      -16,
      32
    ],
    "SliceThickness": 2.4,
    "SliceTiming": [
      0,
      0.545,
      0.3125,
      0.0775,
      0.6225,
      0.39,
      0.155,
      0.7,
      0.4675,
      0.2325,
      0,
      0.545,
      0.3125,
      0.0775,
      0.6225,
      0.39,
      0.155,
      0.7,
      0.4675,
      0.2325,
      0,
      0.545,
      0.3125,
      0.0775,
      0.6225,
      0.39,
      0.155,
      0.7,
      0.4675,
      0.2325,
      0,
      0.545,
      0.3125,
      0.0775,
      0.6225,
      0.39,
      0.155,
      0.7,
      0.4675,
      0.2325,
      0,
      0.545,
      0.3125,
      0.0775,
      0.6225,
      0.39,
      0.155,
      0.7,
      0.4675,
      0.2325,
      0,
      0.545,
      0.3125,
      0.0775,
      0.6225,
      0.39,
      0.155,
      0.7,
      0.4675,
      0.2325
    ],
    "SoftwareVersions": "syngo MR E11",
    "SpacingBetweenSlices": 2.4,
    "StationName": "",
    "TaskName": "SG",
    "TotalReadoutTime": 0.045391,
    "TxRefAmp": 226.458,
    "VendorReportedEchoSpacing": 0.00051,
    "WipMemBlock": "6ac4b2a3-467a-40cf-a8b1-277caa1fd8bb||Sequence: R016 ve11c/master r/e634e98; Dec 19 2017 11:00:25 by eja",
    "dataset": "ds004073",
    "modality": "bold",
    "subject_id": "OXF11",
    "task_id": "SG"
  },
  "dummy_trs": 2,
  "dvars_nstd": 37.04447206089164,
  "dvars_std": 1.0168982846153856,
  "dvars_vstd": 0.9704059606818174,
  "efc": 0.4942427294562175,
  "fber": 1172.176513671875,
  "fd_mean": 0.23110970293424998,
  "fd_num": 249,
  "fd_perc": 43.455497382198956,
  "fwhm_avg": 2.846933318668969,
  "fwhm_x": 2.616116562711534,
  "fwhm_y": 2.951212382729356,
  "fwhm_z": 2.9734710105660165,
  "gcor": 0.0084247,
  "gsr_x": -0.019552316516637802,
  "gsr_y": 0.08843296766281128,
  "provenance": {
    "md5sum": "06f2fe9e8cb592eb119d75e02351ffcb",
    "settings": {
      "fd_thres": 0.2,
      "testing": false
    },
    "software": "mriqc",
    "version": "23.0.0",
    "webapi_port": null,
    "webapi_url": "https://mriqc.nimh.nih.gov/api/v1"
  },
  "size_t": 573,
  "size_x": 90,
  "size_y": 90,
  "size_z": 60,
  "snr": 2.733726438019125,
  "spacing_tr": 0.800000011920929,
  "spacing_x": 2.4000000953674316,
  "spacing_y": 2.4000000953674316,
  "spacing_z": 2.3999998569488525,
  "summary_bg_k": 27.43185339558516,
  "summary_bg_mad": 66.24101328928562,
  "summary_bg_mean": 262.143310546875,
  "summary_bg_median": 102.3106460571289,
  "summary_bg_n": 333934.0,
  "summary_bg_p05": 52.35951232910156,
  "summary_bg_p95": 1078.384173583984,
  "summary_bg_stdv": 467.826904296875,
  "summary_fg_k": 2.1036139225273214,
  "summary_fg_mad": 1052.9827532772429,
  "summary_fg_mean": 3852.471435546875,
  "summary_fg_median": 3573.92333984375,
  "summary_fg_n": 77060.0,
  "summary_fg_p05": 2264.185205078125,
  "summary_fg_p95": 6456.438525390625,
  "summary_fg_stdv": 1307.33642578125,
  "tsnr": 29.878207731992006
}