{
  "aor": 0.0014605944055944055,
  "aqi": 0.005603146101398601,
  "bids_meta": {
    "AcquisitionMatrixPE": 90,
    "AcquisitionNumber": 1,
    "AcquisitionTime": "",
    "BandwidthPerPixelPhaseEncode": 21.786,
    "BaseResolution": 90,
    "BodyPartExamined": "BRAIN",
    "ConsistencyInfo": "N4_VE11C_LATEST_20160120",
    "ConversionSoftware": "dcm2niix",
    "ConversionSoftwareVersion": "v1.0.20210317",
    "DerivedVendorReportedEchoSpacing": 0.000510012,
    "DeviceSerialNumber": "66093",
    "DwellTime": 2e-06,
    "EchoTime": 0.03,
    "EchoTrainLength": 90,
    "EffectiveEchoSpacing": 0.000510012,
    "FlipAngle": 52,
    "ImageComments": "Unaliased MB6/PE3/LB",
    "ImageOrientationPatientDICOM": [
      0.999986,
      0.000926581,
      0.00514975,
      2.14052e-09,
      0.984196,
      -0.177084
    ],
    "ImageType": [
      "ORIGINAL",
      "PRIMARY",
      "M",
      "MB",
      "ND",
      "MOSAIC"
    ],
    "ImagingFrequency": 123.259,
    "InPlanePhaseEncodingDirectionDICOM": "COL",
    "InstitutionAddress": "",
    "InstitutionName": "",
    "InstitutionalDepartmentName": "",
    "MRAcquisitionType": "2D",
    "MagneticFieldStrength": 3,
    "Manufacturer": "Siemens",
    "ManufacturersModelName": "Prisma",
    "Modality": "MR",
    "MultibandAccelerationFactor": 6,
    "PartialFourier": 1,
    "PatientPosition": "HFS",
    "PercentPhaseFOV": 100,
    "PercentSampling": 100,
    "PhaseEncodingDirection": "j-",
    "PhaseEncodingSteps": 90,
    "PhaseResolution": 1,
    "PixelBandwidth": 2780,
    "ProtocolName": "BOLD_2p4_MB6_P1_TE30_TR800_AP",
    "PulseSequenceDetails": "%CustomerSeq%\\cmrr_mbep2d_bold",
    "ReceiveCoilActiveElements": "HEA;HEP",
    "ReceiveCoilName": "Head_32",
    "ReconMatrixPE": 90,
    "RepetitionTime": 0.8,
    "SAR": 0.100053,
    "ScanOptions": "FS",
    "ScanningSequence": "EP",
    "SequenceName": "epfid2d1_90",
    "SequenceVariant": "SK\\SS",
    "SeriesDescription": "BOLD_2p4_MB6_P1_TE30_TR800_AP",
    "SeriesNumber": 19,
    "ShimSetting": [
      4970,
      -11424,
      -1301,
      493,
      -20,
      -100,
      13,
      109
    ],
    "SliceThickness": 2.4,
    "SliceTiming": [
      0,
      0.545,
      0.31,
      0.0775,
      0.6225,
      0.39,
      0.155,
      0.7,
      0.4675,
      0.2325,
      0,
      0.545,
      0.31,
      0.0775,
      0.6225,
      0.39,
      0.155,
      0.7,
      0.4675,
      0.2325,
      0,
      0.545,
      0.31,
      0.0775,
      0.6225,
      0.39,
      0.155,
      0.7,
      0.4675,
      0.2325,
      0,
      0.545,
      0.31,
      0.0775,
      0.6225,
      0.39,
      0.155,
      0.7,
      0.4675,
      0.2325,
      0,
      0.545,
      0.31,
      0.0775,
      0.6225,
      0.39,
      0.155,
      0.7,
      0.4675,
      0.2325,
      0,
      0.545,
      0.31,
      0.0775,
      0.6225,
      0.39,
      0.155,
      0.7,
      0.4675,
      0.2325
    ],
    "SoftwareVersions": "syngo MR E11",
    "SpacingBetweenSlices": 2.4,
    "StationName": "",
    "TaskName": "WC",
    "TotalReadoutTime": 0.045391,
    "TxRefAmp": 271.506,
    "VendorReportedEchoSpacing": 0.00051,
    "WipMemBlock": "5b86687b-5457-4072-a196-f92bd7d26cf0||Sequence: R016 ve11c/master r/e634e98; Dec 19 2017 11:00:25 by eja",
    "dataset": "ds004073",
    "modality": "bold",
    "subject_id": "OXF16",
    "task_id": "WC"
  },
  "dummy_trs": 3,
  "dvars_nstd": 34.618588816655,
  "dvars_std": 1.065757526602451,
  "dvars_vstd": 1.0093348202802093,
  "efc": 0.5235865586148941,
  "fber": 587.8884887695312,
  "fd_mean": 0.2051793833272776,
  "fd_num": 288,
  "fd_perc": 50.34965034965035,
  "fwhm_avg": 3.0792998776396168,
  "fwhm_x": 2.8408457204482667,
  "fwhm_y": 3.2490748708933643,
  "fwhm_z": 3.1479790415772184,
  "gcor": 0.0154636,
  "gsr_x": -0.003628944978117943,
  "gsr_y": 0.09054990857839584,
  "provenance": {
    "md5sum": "7b023f020d573773ad6fac25b1677b40",
    "settings": {
      "fd_thres": 0.2,
      "testing": false
    },
    "software": "mriqc",
    "version": "23.0.0",
    "webapi_port": null,
    "webapi_url": "https://mriqc.nimh.nih.gov/api/v1"
  },
  "size_t": 572,
  "size_x": 90,
  "size_y": 90,
  "size_z": 60,
  "snr": 2.0952910998750367,
  "spacing_tr": 0.800000011920929,
  "spacing_x": 2.4000000953674316,
  "spacing_y": 2.4000000953674316,
  "spacing_z": 2.4000000953674316,
  "summary_bg_k": 19.68393717561822,
  "summary_bg_mad": 122.18119204403322,
  "summary_bg_mean": 422.68463134765625,
  "summary_bg_median": 163.08741760253906,
  "summary_bg_n": 319384.0,
  "summary_bg_p05": 70.55594635009766,
  "summary_bg_p95": 1774.3805725097654,
  "summary_bg_stdv": 686.7969970703125,
  "summary_fg_k": 1.968764846688555,
  "summary_fg_mad": 1717.421289654691,
  "summary_fg_mean": 4562.98828125,
  "summary_fg_median": 4116.150390625,
  "summary_fg_n": 88891.0,
  "summary_fg_p05": 2207.5638427734375,
  "summary_fg_p95": 8286.7490234375,
  "summary_fg_stdv": 1964.465576171875,
  "tsnr": 40.23912307526916
}