{
  "aor": 0.002155470383275261,
  "aqi": 0.004501650662020905,
  "bids_meta": {
    "AcquisitionMatrixPE": 90,
    "AcquisitionNumber": 1,
    "AcquisitionTime": "",
    "BandwidthPerPixelPhaseEncode": 21.786,
    "BaseResolution": 90,
    "BodyPartExamined": "BRAIN",
    "ConsistencyInfo": "N4_VE11C_LATEST_20160120",
    "ConversionSoftware": "dcm2niix",
    "ConversionSoftwareVersion": "v1.0.20210317",
    "DerivedVendorReportedEchoSpacing": 0.000510012,
    "DeviceSerialNumber": "66093",
    "DwellTime": 2e-06,
    "EchoTime": 0.03,
    "EchoTrainLength": 90,
    "EffectiveEchoSpacing": 0.000510012,
    "FlipAngle": 52,
    "ImageComments": "Unaliased MB6/PE3/LB",
    "ImageOrientationPatientDICOM": [
      0.999986,
      0.000926581,
      0.00514975,
      2.14052e-09,
      0.984196,
      -0.177084
    ],
    "ImageType": [
      "ORIGINAL",
      "PRIMARY",
      "M",
      "MB",
      "ND",
      "MOSAIC"
    ],
    "ImagingFrequency": 123.259,
    "InPlanePhaseEncodingDirectionDICOM": "COL",
    "InstitutionAddress": "",
    "InstitutionName": "",
    "InstitutionalDepartmentName": "",
    "MRAcquisitionType": "2D",
    "MagneticFieldStrength": 3,
    "Manufacturer": "Siemens",
    "ManufacturersModelName": "Prisma",
    "Modality": "MR",
    "MultibandAccelerationFactor": 6,
    "PartialFourier": 1,
    "PatientPosition": "HFS",
    "PercentPhaseFOV": 100,
    "PercentSampling": 100,
    "PhaseEncodingDirection": "j-",
    "PhaseEncodingSteps": 90,
    "PhaseResolution": 1,
    "PixelBandwidth": 2780,
    "ProtocolName": "BOLD_2p4_MB6_P1_TE30_TR800_AP",
    "PulseSequenceDetails": "%CustomerSeq%\\cmrr_mbep2d_bold",
    "ReceiveCoilActiveElements": "HEA;HEP",
    "ReceiveCoilName": "Head_32",
    "ReconMatrixPE": 90,
    "RepetitionTime": 0.8,
    "SAR": 0.100053,
    "ScanOptions": "FS",
    "ScanningSequence": "EP",
    "SequenceName": "epfid2d1_90",
    "SequenceVariant": "SK\\SS",
    "SeriesDescription": "BOLD_2p4_MB6_P1_TE30_TR800_AP",
    "SeriesNumber": 9,
    "ShimSetting": [
      4970,
      -11424,
      -1301,
      493,
      -20,
      -100,
      13,
      109
    ],
    "SliceThickness": 2.4,
    "SliceTiming": [
      0,
      0.545,
      0.3125,
      0.0775,
      0.6225,
      0.39,
      0.155,
      0.7025,
      0.4675,
      0.2325,
      0,
      0.545,
      0.3125,
      0.0775,
      0.6225,
      0.39,
      0.155,
      0.7025,
      0.4675,
      0.2325,
      0,
      0.545,
      0.3125,
      0.0775,
      0.6225,
      0.39,
      0.155,
      0.7025,
      0.4675,
      0.2325,
      0,
      0.545,
      0.3125,
      0.0775,
      0.6225,
      0.39,
      0.155,
      0.7025,
      0.4675,
      0.2325,
      0,
      0.545,
      0.3125,
      0.0775,
      0.6225,
      0.39,
      0.155,
      0.7025,
      0.4675,
      0.2325,
      0,
      0.545,
      0.3125,
      0.0775,
      0.6225,
      0.39,
      0.155,
      0.7025,
      0.4675,
      0.2325
    ],
    "SoftwareVersions": "syngo MR E11",
    "SpacingBetweenSlices": 2.4,
    "StationName": "",
    "TaskName": "PD",
    "TotalReadoutTime": 0.045391,
    "TxRefAmp": 271.506,
    "VendorReportedEchoSpacing": 0.00051,
    "WipMemBlock": "86279d5a-24d3-47ef-bb15-0b142ac7aa70||Sequence: R016 ve11c/master r/e634e98; Dec 19 2017 11:00:25 by eja",
    "dataset": "ds004073",
    "modality": "bold",
    "subject_id": "OXF16",
    "task_id": "PD"
  },
  "dummy_trs": 1,
  "dvars_nstd": 33.405484673891785,
  "dvars_std": 1.0935601894240843,
  "dvars_vstd": 1.0326538608027922,
  "efc": 0.5220219466604826,
  "fber": 608.056884765625,
  "fd_mean": 0.1701637321742158,
  "fd_num": 212,
  "fd_perc": 36.933797909407666,
  "fwhm_avg": 3.078667933220283,
  "fwhm_x": 2.831112387501701,
  "fwhm_y": 3.247662370949492,
  "fwhm_z": 3.157229041209656,
  "gcor": 0.0174023,
  "gsr_x": -0.004720349330455065,
  "gsr_y": 0.09184643626213074,
  "provenance": {
    "md5sum": "a3d1596461909ee09340c356a280a93f",
    "settings": {
      "fd_thres": 0.2,
      "testing": false
    },
    "software": "mriqc",
    "version": "23.0.0",
    "webapi_port": null,
    "webapi_url": "https://mriqc.nimh.nih.gov/api/v1"
  },
  "size_t": 574,
  "size_x": 90,
  "size_y": 90,
  "size_z": 60,
  "snr": 2.1077263690031844,
  "spacing_tr": 0.800000011920929,
  "spacing_x": 2.4000000953674316,
  "spacing_y": 2.4000000953674316,
  "spacing_z": 2.4000000953674316,
  "summary_bg_k": 20.865537711082006,
  "summary_bg_mad": 117.33479012578441,
  "summary_bg_mean": 409.9396057128906,
  "summary_bg_median": 159.16201782226562,
  "summary_bg_n": 319281.0,
  "summary_bg_p05": 69.86237335205078,
  "summary_bg_p95": 1715.0244140625,
  "summary_bg_stdv": 672.4091186523438,
  "summary_fg_k": 2.0058918321064994,
  "summary_fg_mad": 1694.5730719206263,
  "summary_fg_mean": 4517.123046875,
  "summary_fg_median": 4080.783935546875,
  "summary_fg_n": 88945.0,
  "summary_fg_p05": 2196.253271484375,
  "summary_fg_p95": 8198.3943359375,
  "summary_fg_stdv": 1936.09619140625,
  "tsnr": 43.41819169325754
}