{
  "aor": 0.002564527972027972,
  "aqi": 0.007915042325174825,
  "bids_meta": {
    "AcquisitionMatrixPE": 90,
    "AcquisitionNumber": 1,
    "AcquisitionTime": "",
    "BandwidthPerPixelPhaseEncode": 21.786,
    "BaseResolution": 90,
    "BodyPartExamined": "BRAIN",
    "ConsistencyInfo": "N4_VE11C_LATEST_20160120",
    "ConversionSoftware": "dcm2niix",
    "ConversionSoftwareVersion": "v1.0.20210317",
    "DerivedVendorReportedEchoSpacing": 0.000510012,
    "DeviceSerialNumber": "66093",
    "DwellTime": 2e-06,
    "EchoTime": 0.03,
    "EchoTrainLength": 90,
    "EffectiveEchoSpacing": 0.000510012,
    "FlipAngle": 52,
    "ImageComments": "Unaliased MB6/PE3/LB",
    "ImageOrientationPatientDICOM": [
      0.999986,
      0.000926581,
      0.00514975,
      2.14052e-09,
      0.984196,
      -0.177084
    ],
    "ImageType": [
      "ORIGINAL",
      "PRIMARY",
      "M",
      "MB",
      "ND",
      "MOSAIC"
    ],
    "ImagingFrequency": 123.259,
    "InPlanePhaseEncodingDirectionDICOM": "COL",
    "InstitutionAddress": "",
    "InstitutionName": "",
    "InstitutionalDepartmentName": "",
    "MRAcquisitionType": "2D",
    "MagneticFieldStrength": 3,
    "Manufacturer": "Siemens",
    "ManufacturersModelName": "Prisma",
    "Modality": "MR",
    "MultibandAccelerationFactor": 6,
    "PartialFourier": 1,
    "PatientPosition": "HFS",
    "PercentPhaseFOV": 100,
    "PercentSampling": 100,
    "PhaseEncodingDirection": "j-",
    "PhaseEncodingSteps": 90,
    "PhaseResolution": 1,
    "PixelBandwidth": 2780,
    "ProtocolName": "BOLD_2p4_MB6_P1_TE30_TR800_AP",
    "PulseSequenceDetails": "%CustomerSeq%\\cmrr_mbep2d_bold",
    "ReceiveCoilActiveElements": "HEA;HEP",
    "ReceiveCoilName": "Head_32",
    "ReconMatrixPE": 90,
    "RepetitionTime": 0.8,
    "SAR": 0.100053,
    "ScanOptions": "FS",
    "ScanningSequence": "EP",
    "SequenceName": "epfid2d1_90",
    "SequenceVariant": "SK\\SS",
    "SeriesDescription": "BOLD_2p4_MB6_P1_TE30_TR800_AP",
    "SeriesNumber": 17,
    "ShimSetting": [
      4970,
      -11424,
      -1301,
      493,
      -20,
      -100,
      13,
      109
    ],
    "SliceThickness": 2.4,
    "SliceTiming": [
      0,
      0.5475,
      0.3125,
      0.0775,
      0.625,
      0.39,
      0.1575,
      0.7025,
      0.4675,
      0.235,
      0,
      0.5475,
      0.3125,
      0.0775,
      0.625,
      0.39,
      0.1575,
      0.7025,
      0.4675,
      0.235,
      0,
      0.5475,
      0.3125,
      0.0775,
      0.625,
      0.39,
      0.1575,
      0.7025,
      0.4675,
      0.235,
      0,
      0.5475,
      0.3125,
      0.0775,
      0.625,
      0.39,
      0.1575,
      0.7025,
      0.4675,
      0.235,
      0,
      0.5475,
      0.3125,
      0.0775,
      0.625,
      0.39,
      0.1575,
      0.7025,
      0.4675,
      0.235,
      0,
      0.5475,
      0.3125,
      0.0775,
      0.625,
      0.39,
      0.1575,
      0.7025,
      0.4675,
      0.235
    ],
    "SoftwareVersions": "syngo MR E11",
    "SpacingBetweenSlices": 2.4,
    "StationName": "",
    "TaskName": "SG",
    "TotalReadoutTime": 0.045391,
    "TxRefAmp": 271.506,
    "VendorReportedEchoSpacing": 0.00051,
    "WipMemBlock": "19b5d426-b8b8-4f8f-99f7-a5b869366d51||Sequence: R016 ve11c/master r/e634e98; Dec 19 2017 11:00:25 by eja",
    "dataset": "ds004073",
    "modality": "bold",
    "subject_id": "OXF16",
    "task_id": "SG"
  },
  "dummy_trs": 3,
  "dvars_nstd": 39.292556431996466,
  "dvars_std": 1.0877087200175142,
  "dvars_vstd": 1.0158037966549909,
  "efc": 0.5230420736547589,
  "fber": 583.0619506835938,
  "fd_mean": 0.26689471814763255,
  "fd_num": 345,
  "fd_perc": 60.31468531468531,
  "fwhm_avg": 3.1006248767922373,
  "fwhm_x": 2.8425748870462226,
  "fwhm_y": 3.265895703558298,
  "fwhm_z": 3.193404039772191,
  "gcor": 0.0131007,
  "gsr_x": -0.00494072400033474,
  "gsr_y": 0.0923747718334198,
  "provenance": {
    "md5sum": "9a1f396375b5ab4973dbbdd4690b97c5",
    "settings": {
      "fd_thres": 0.2,
      "testing": false
    },
    "software": "mriqc",
    "version": "23.0.0",
    "webapi_port": null,
    "webapi_url": "https://mriqc.nimh.nih.gov/api/v1"
  },
  "size_t": 572,
  "size_x": 90,
  "size_y": 90,
  "size_z": 60,
  "snr": 2.101417079206279,
  "spacing_tr": 0.800000011920929,
  "spacing_x": 2.4000000953674316,
  "spacing_y": 2.4000000953674316,
  "spacing_z": 2.4000000953674316,
  "summary_bg_k": 20.26407045238896,
  "summary_bg_mad": 121.40750086327246,
  "summary_bg_mean": 415.7345886230469,
  "summary_bg_median": 162.902099609375,
  "summary_bg_n": 319174.0,
  "summary_bg_p05": 70.41721992492675,
  "summary_bg_p95": 1734.4630065917963,
  "summary_bg_stdv": 675.0916137695312,
  "summary_fg_k": 1.9139255337163164,
  "summary_fg_mad": 1708.3827007879177,
  "summary_fg_mean": 4554.6640625,
  "summary_fg_median": 4107.73095703125,
  "summary_fg_n": 88847.0,
  "summary_fg_p05": 2201.9141845703125,
  "summary_fg_p95": 8277.135351562496,
  "summary_fg_stdv": 1954.7322998046875,
  "tsnr": 34.35650395473931
}