{
  "aor": 0.0007370956521739131,
  "aqi": 0.03690990904347826,
  "bids_meta": {
    "AcquisitionMatrixPE": 94,
    "AcquisitionNumber": 3,
    "AcquisitionTime": "",
    "BodyPartExamined": "BRAIN",
    "CoilString": "MULTI COIL",
    "ConversionSoftware": "dcm2niix",
    "ConversionSoftwareVersion": "v1.0.20210317",
    "DeviceSerialNumber": "45128",
    "EchoTime": 0.030001,
    "EchoTrainLength": 47,
    "EstimatedEffectiveEchoSpacing": 0.000388665,
    "EstimatedTotalReadoutTime": 0.0369232,
    "FlipAngle": 52,
    "ImageOrientationPatientDICOM": [
      0.999849,
      -0.00126438,
      0.0173409,
      0.000696882,
      0.999465,
      0.0326929
    ],
    "ImageType": [
      "ORIGINAL",
      "PRIMARY",
      "M",
      "FFE",
      "M",
      "FFE"
    ],
    "ImagingFrequency": 127.764,
    "InPlanePhaseEncodingDirectionDICOM": "COL",
    "InstitutionAddress": "",
    "InstitutionName": "",
    "InstitutionalDepartmentName": "",
    "MRAcquisitionType": "2D",
    "MagneticFieldStrength": 3,
    "Manufacturer": "Philips",
    "ManufacturersModelName": "Ingenia Elition X",
    "Modality": "MR",
    "ParallelReductionFactorInPlane": 2,
    "ParallelReductionOutOfPlane": 6,
    "PatientPosition": "HFS",
    "PercentPhaseFOV": 100,
    "PercentSampling": 100,
    "PhaseEncodingAxis": "j",
    "PhaseEncodingSteps": 94,
    "PhilipsRWVIntercept": 0,
    "PhilipsRWVSlope": 1.2862,
    "PhilipsRescaleIntercept": 0,
    "PhilipsRescaleSlope": 1.2862,
    "PhilipsScaleSlope": 0.0161081,
    "PixelBandwidth": 1846,
    "ProcedureStepDescription": "COLA",
    "ProtocolName": "COLA_R2",
    "ReconMatrixPE": 96,
    "RepetitionTime": 0.8,
    "SAR": 0.0818083,
    "ScanOptions": "FS",
    "ScanningSequence": "GR",
    "SequenceVariant": "SK",
    "SeriesDescription": "COLA_R2",
    "SeriesNumber": 301,
    "SliceThickness": 2.4,
    "SoftwareVersions": "5.6.1\\5.6.1.3",
    "SpacingBetweenSlices": 2.4,
    "StationName": "",
    "TaskName": "PD",
    "UsePhilipsFloatNotDisplayScaling": 1,
    "WaterFatShift": 16.3806,
    "dataset": "ds004073",
    "modality": "bold",
    "subject_id": "BAN08",
    "task_id": "PD"
  },
  "dummy_trs": 0,
  "dvars_nstd": 85.43619566587111,
  "dvars_std": 1.1006602075435545,
  "dvars_vstd": 1.0258029045993025,
  "efc": 0.41421966806246974,
  "fber": 6233007.0,
  "fd_mean": 0.15931142451090685,
  "fd_num": 141,
  "fd_perc": 24.52173913043478,
  "fwhm_avg": 2.3730701449402782,
  "fwhm_x": 2.4600084294277167,
  "fwhm_y": 2.5139562573041916,
  "fwhm_z": 2.1452457480889264,
  "gcor": 0.0124432,
  "gsr_x": -0.03393393009901047,
  "gsr_y": 0.006816632580012083,
  "provenance": {
    "md5sum": "8a4c41452dafde7e747fc8a2518d2aac",
    "settings": {
      "fd_thres": 0.2,
      "testing": false
    },
    "software": "mriqc",
    "version": "23.0.0",
    "webapi_port": null,
    "webapi_url": "https://mriqc.nimh.nih.gov/api/v1"
  },
  "size_t": 575,
  "size_x": 96,
  "size_y": 96,
  "size_z": 60,
  "snr": 4.707785759939559,
  "spacing_tr": 0.8000001907348633,
  "spacing_x": 2.3958332538604736,
  "spacing_y": 2.3958332538604736,
  "spacing_z": 2.4000000953674316,
  "summary_bg_k": 19.994578142290873,
  "summary_bg_mad": 38.51966308818714,
  "summary_bg_mean": 2355.679443359375,
  "summary_bg_median": 26.310630798339844,
  "summary_bg_n": 410378.0,
  "summary_bg_p05": 0.26565366685390474,
  "summary_bg_p95": 13273.666894531249,
  "summary_bg_stdv": 6000.765625,
  "summary_fg_k": 0.3679230646971998,
  "summary_fg_mad": 14137.454804321198,
  "summary_fg_mean": 68868.2421875,
  "summary_fg_median": 68447.875,
  "summary_fg_n": 73200.0,
  "summary_fg_p05": 45925.0486328125,
  "summary_fg_p95": 93180.63515625,
  "summary_fg_stdv": 14539.193359375,
  "tsnr": 17.528505325317383
}