{
  "aor": 0.005097686956521739,
  "aqi": 0.0667343812173913,
  "bids_meta": {
    "AcquisitionMatrixPE": 94,
    "AcquisitionNumber": 10,
    "AcquisitionTime": "",
    "BodyPartExamined": "BRAIN",
    "CoilString": "MULTI COIL",
    "ConversionSoftware": "dcm2niix",
    "ConversionSoftwareVersion": "v1.0.20210317",
    "DeviceSerialNumber": "45128",
    "EchoTime": 0.030001,
    "EchoTrainLength": 47,
    "EstimatedEffectiveEchoSpacing": 0.000388665,
    "EstimatedTotalReadoutTime": 0.0369232,
    "FlipAngle": 52,
    "ImageOrientationPatientDICOM": [
      0.999849,
      -0.00126438,
      0.0173409,
      0.000696882,
      0.999465,
      0.0326929
    ],
    "ImageType": [
      "ORIGINAL",
      "PRIMARY",
      "M",
      "FFE",
      "M",
      "FFE"
    ],
    "ImagingFrequency": 127.764,
    "InPlanePhaseEncodingDirectionDICOM": "COL",
    "InstitutionAddress": "",
    "InstitutionName": "",
    "InstitutionalDepartmentName": "",
    "MRAcquisitionType": "2D",
    "MagneticFieldStrength": 3,
    "Manufacturer": "Philips",
    "ManufacturersModelName": "Ingenia Elition X",
    "Modality": "MR",
    "ParallelReductionFactorInPlane": 2,
    "ParallelReductionOutOfPlane": 6,
    "PatientPosition": "HFS",
    "PercentPhaseFOV": 100,
    "PercentSampling": 100,
    "PhaseEncodingAxis": "j",
    "PhaseEncodingSteps": 94,
    "PhilipsRWVIntercept": 0,
    "PhilipsRWVSlope": 0.974359,
    "PhilipsRescaleIntercept": 0,
    "PhilipsRescaleSlope": 0.974359,
    "PhilipsScaleSlope": 0.01609,
    "PixelBandwidth": 1846,
    "ProcedureStepDescription": "COLA",
    "ProtocolName": "COLA_R6",
    "ReconMatrixPE": 96,
    "RepetitionTime": 0.8,
    "SAR": 0.0818083,
    "ScanOptions": "FS",
    "ScanningSequence": "GR",
    "SequenceVariant": "SK",
    "SeriesDescription": "COLA_R6",
    "SeriesNumber": 1001,
    "SliceThickness": 2.4,
    "SoftwareVersions": "5.6.1\\5.6.1.3",
    "SpacingBetweenSlices": 2.4,
    "StationName": "",
    "TaskName": "SG",
    "UsePhilipsFloatNotDisplayScaling": 1,
    "WaterFatShift": 16.3806,
    "dataset": "ds004073",
    "modality": "bold",
    "subject_id": "BAN08",
    "task_id": "SG"
  },
  "dummy_trs": 0,
  "dvars_nstd": 89.95503870210803,
  "dvars_std": 1.1409096328919848,
  "dvars_vstd": 1.0893008176829269,
  "efc": 0.4160792720760657,
  "fber": 3155404.5,
  "fd_mean": 0.4730363414564202,
  "fd_num": 300,
  "fd_perc": 52.17391304347826,
  "fwhm_avg": 2.3960630608211777,
  "fwhm_x": 2.4579757337081154,
  "fwhm_y": 2.5709468678902954,
  "fwhm_z": 2.159266580865122,
  "gcor": 0.0147021,
  "gsr_x": -0.03427334874868393,
  "gsr_y": 0.006960891652852297,
  "provenance": {
    "md5sum": "746fa66159e821e9ec5b4f77ed5119cb",
    "settings": {
      "fd_thres": 0.2,
      "testing": false
    },
    "software": "mriqc",
    "version": "23.0.0",
    "webapi_port": null,
    "webapi_url": "https://mriqc.nimh.nih.gov/api/v1"
  },
  "size_t": 575,
  "size_x": 96,
  "size_y": 96,
  "size_z": 60,
  "snr": 5.015905353657824,
  "spacing_tr": 0.8000001907348633,
  "spacing_x": 2.3958332538604736,
  "spacing_y": 2.3958332538604736,
  "spacing_z": 2.4000000953674316,
  "summary_bg_k": 19.05772168375962,
  "summary_bg_mad": 54.84222436525516,
  "summary_bg_mean": 2478.0400390625,
  "summary_bg_median": 38.26948547363281,
  "summary_bg_n": 411149.0,
  "summary_bg_p05": 0.7861834168434143,
  "summary_bg_p95": 14024.386718749987,
  "summary_bg_stdv": 6178.75439453125,
  "summary_fg_k": 0.48537800874074355,
  "summary_fg_mad": 13405.205676582164,
  "summary_fg_mean": 70187.09375,
  "summary_fg_median": 70196.296875,
  "summary_fg_n": 72450.0,
  "summary_fg_p05": 47339.7765625,
  "summary_fg_p95": 93118.1125,
  "summary_fg_stdv": 13994.64453125,
  "tsnr": 13.008932113647461
}