{
  "aor": 0.0013483478260869566,
  "aqi": 0.06837424904347826,
  "bids_meta": {
    "AcquisitionMatrixPE": 94,
    "AcquisitionNumber": 2,
    "AcquisitionTime": "",
    "BodyPartExamined": "BRAIN",
    "CoilString": "MULTI COIL",
    "ConversionSoftware": "dcm2niix",
    "ConversionSoftwareVersion": "v1.0.20210317",
    "DeviceSerialNumber": "45128",
    "EchoTime": 0.030001,
    "EchoTrainLength": 47,
    "EstimatedEffectiveEchoSpacing": 0.000388665,
    "EstimatedTotalReadoutTime": 0.0369232,
    "FlipAngle": 52,
    "ImageOrientationPatientDICOM": [
      0.999849,
      -0.00126438,
      0.0173409,
      0.000696882,
      0.999465,
      0.0326929
    ],
    "ImageType": [
      "ORIGINAL",
      "PRIMARY",
      "M",
      "FFE",
      "M",
      "FFE"
    ],
    "ImagingFrequency": 127.764,
    "InPlanePhaseEncodingDirectionDICOM": "COL",
    "InstitutionAddress": "",
    "InstitutionName": "",
    "InstitutionalDepartmentName": "",
    "MRAcquisitionType": "2D",
    "MagneticFieldStrength": 3,
    "Manufacturer": "Philips",
    "ManufacturersModelName": "Ingenia Elition X",
    "Modality": "MR",
    "ParallelReductionFactorInPlane": 2,
    "ParallelReductionOutOfPlane": 6,
    "PatientPosition": "HFS",
    "PercentPhaseFOV": 100,
    "PercentSampling": 100,
    "PhaseEncodingAxis": "j",
    "PhaseEncodingSteps": 94,
    "PhilipsRWVIntercept": 0,
    "PhilipsRWVSlope": 1.28742,
    "PhilipsRescaleIntercept": 0,
    "PhilipsRescaleSlope": 1.28742,
    "PhilipsScaleSlope": 0.015995,
    "PixelBandwidth": 1846,
    "ProcedureStepDescription": "COLA",
    "ProtocolName": "COLA_R1",
    "ReconMatrixPE": 96,
    "RepetitionTime": 0.8,
    "SAR": 0.0818083,
    "ScanOptions": "FS",
    "ScanningSequence": "GR",
    "SequenceVariant": "SK",
    "SeriesDescription": "COLA_R1",
    "SeriesNumber": 201,
    "SliceThickness": 2.4,
    "SoftwareVersions": "5.6.1\\5.6.1.3",
    "SpacingBetweenSlices": 2.4,
    "StationName": "",
    "TaskName": "WG",
    "UsePhilipsFloatNotDisplayScaling": 1,
    "WaterFatShift": 16.3806,
    "dataset": "ds004073",
    "modality": "bold",
    "subject_id": "BAN08",
    "task_id": "WG"
  },
  "dummy_trs": 0,
  "dvars_nstd": 91.64684978853673,
  "dvars_std": 1.0881841989547043,
  "dvars_vstd": 1.02046621531359,
  "efc": 0.41798518245429206,
  "fber": 3324557.5,
  "fd_mean": 0.4031826537085574,
  "fd_num": 295,
  "fd_perc": 51.30434782608695,
  "fwhm_avg": 2.380563393792866,
  "fwhm_x": 2.4503917334565446,
  "fwhm_y": 2.5383068668075848,
  "fwhm_z": 2.1529915811144678,
  "gcor": 0.0182572,
  "gsr_x": -0.03596802428364754,
  "gsr_y": 0.005991430953145027,
  "provenance": {
    "md5sum": "648bbce180c5b05013a1b58b332acc48",
    "settings": {
      "fd_thres": 0.2,
      "testing": false
    },
    "software": "mriqc",
    "version": "23.0.0",
    "webapi_port": null,
    "webapi_url": "https://mriqc.nimh.nih.gov/api/v1"
  },
  "size_t": 575,
  "size_x": 96,
  "size_y": 96,
  "size_z": 60,
  "snr": 4.934826426357238,
  "spacing_tr": 0.8000001907348633,
  "spacing_x": 2.3958332538604736,
  "spacing_y": 2.3958332538604736,
  "spacing_z": 2.4000000953674316,
  "summary_bg_k": 18.28763753047664,
  "summary_bg_mad": 53.21592787797412,
  "summary_bg_mean": 2495.888671875,
  "summary_bg_median": 37.108367919921875,
  "summary_bg_n": 410208.0,
  "summary_bg_p05": 0.7151314586400987,
  "summary_bg_p95": 14484.350732421837,
  "summary_bg_stdv": 6250.71337890625,
  "summary_fg_k": 0.44793669484977583,
  "summary_fg_mad": 13644.894965712207,
  "summary_fg_mean": 69866.734375,
  "summary_fg_median": 69738.734375,
  "summary_fg_n": 73296.0,
  "summary_fg_p05": 47260.12109375,
  "summary_fg_p95": 93132.744140625,
  "summary_fg_stdv": 14131.8564453125,
  "tsnr": 13.000704765319824
}