{
  "aor": 0.0022451826086956517,
  "aqi": 0.043881104869565216,
  "bids_meta": {
    "AcquisitionMatrixPE": 94,
    "AcquisitionNumber": 8,
    "AcquisitionTime": "",
    "BodyPartExamined": "BRAIN",
    "CoilString": "MULTI COIL",
    "ConversionSoftware": "dcm2niix",
    "ConversionSoftwareVersion": "v1.0.20210317",
    "DeviceSerialNumber": "45128",
    "EchoTime": 0.030001,
    "EchoTrainLength": 47,
    "EstimatedEffectiveEchoSpacing": 0.000388665,
    "EstimatedTotalReadoutTime": 0.0369232,
    "FlipAngle": 52,
    "ImageOrientationPatientDICOM": [
      0.999849,
      -0.00126438,
      0.0173409,
      0.000696882,
      0.999465,
      0.0326929
    ],
    "ImageType": [
      "ORIGINAL",
      "PRIMARY",
      "M",
      "FFE",
      "M",
      "FFE"
    ],
    "ImagingFrequency": 127.764,
    "InPlanePhaseEncodingDirectionDICOM": "COL",
    "InstitutionAddress": "",
    "InstitutionName": "",
    "InstitutionalDepartmentName": "",
    "MRAcquisitionType": "2D",
    "MagneticFieldStrength": 3,
    "Manufacturer": "Philips",
    "ManufacturersModelName": "Ingenia Elition X",
    "Modality": "MR",
    "ParallelReductionFactorInPlane": 2,
    "ParallelReductionOutOfPlane": 6,
    "PatientPosition": "HFS",
    "PercentPhaseFOV": 100,
    "PercentSampling": 100,
    "PhaseEncodingAxis": "j",
    "PhaseEncodingSteps": 94,
    "PhilipsRWVIntercept": 0,
    "PhilipsRWVSlope": 1.26813,
    "PhilipsRescaleIntercept": 0,
    "PhilipsRescaleSlope": 1.26813,
    "PhilipsScaleSlope": 0.016123,
    "PixelBandwidth": 1846,
    "ProcedureStepDescription": "COLA",
    "ProtocolName": "COLA_R4",
    "ReconMatrixPE": 96,
    "RepetitionTime": 0.8,
    "SAR": 0.0818083,
    "ScanOptions": "FS",
    "ScanningSequence": "GR",
    "SequenceVariant": "SK",
    "SeriesDescription": "COLA_R4",
    "SeriesNumber": 801,
    "SliceThickness": 2.4,
    "SoftwareVersions": "5.6.1\\5.6.1.3",
    "SpacingBetweenSlices": 2.4,
    "StationName": "",
    "TaskName": "WC",
    "UsePhilipsFloatNotDisplayScaling": 1,
    "WaterFatShift": 16.3806,
    "dataset": "ds004073",
    "modality": "bold",
    "subject_id": "BAN08",
    "task_id": "WC"
  },
  "dummy_trs": 0,
  "dvars_nstd": 92.41355588979096,
  "dvars_std": 1.109187871707317,
  "dvars_vstd": 1.04362179912892,
  "efc": 0.41428995938593816,
  "fber": 3549566.5,
  "fd_mean": 0.31896393403494394,
  "fd_num": 290,
  "fd_perc": 50.43478260869565,
  "fwhm_avg": 2.5166479486341404,
  "fwhm_x": 2.5903179989676435,
  "fwhm_y": 2.6908884370863024,
  "fwhm_z": 2.268737409848475,
  "gcor": 0.0117907,
  "gsr_x": -0.03397850692272186,
  "gsr_y": 0.0060640727169811726,
  "provenance": {
    "md5sum": "b6f5b80fd71dc580273d9ef4c7651a52",
    "settings": {
      "fd_thres": 0.2,
      "testing": false
    },
    "software": "mriqc",
    "version": "23.0.0",
    "webapi_port": null,
    "webapi_url": "https://mriqc.nimh.nih.gov/api/v1"
  },
  "size_t": 575,
  "size_x": 96,
  "size_y": 96,
  "size_z": 60,
  "snr": 4.452565216584467,
  "spacing_tr": 0.8000001907348633,
  "spacing_x": 2.3958332538604736,
  "spacing_y": 2.3958332538604736,
  "spacing_z": 2.4000000953674316,
  "summary_bg_k": 23.23109759667984,
  "summary_bg_mad": 51.19774058149576,
  "summary_bg_mean": 2431.874755859375,
  "summary_bg_median": 35.237186431884766,
  "summary_bg_n": 410091.0,
  "summary_bg_p05": 0.4667424261569977,
  "summary_bg_p95": 13349.173828125,
  "summary_bg_stdv": 6315.0751953125,
  "summary_fg_k": 0.1832035911163601,
  "summary_fg_mad": 15588.913689115809,
  "summary_fg_mean": 69511.1640625,
  "summary_fg_median": 69181.0,
  "summary_fg_n": 73223.0,
  "summary_fg_p05": 45050.851953125,
  "summary_fg_p95": 95238.47265624994,
  "summary_fg_stdv": 15537.2294921875,
  "tsnr": 14.478172302246094
}