{
  "aor": 0.0026690260869565224,
  "aqi": 0.048722523130434785,
  "bids_meta": {
    "AcquisitionMatrixPE": 94,
    "AcquisitionNumber": 9,
    "AcquisitionTime": "",
    "BodyPartExamined": "BRAIN",
    "CoilString": "MULTI COIL",
    "ConversionSoftware": "dcm2niix",
    "ConversionSoftwareVersion": "v1.0.20210317",
    "DeviceSerialNumber": "45128",
    "EchoTime": 0.030001,
    "EchoTrainLength": 47,
    "EstimatedEffectiveEchoSpacing": 0.000388665,
    "EstimatedTotalReadoutTime": 0.0369232,
    "FlipAngle": 52,
    "ImageOrientationPatientDICOM": [
      0.999849,
      -0.00126438,
      0.0173409,
      0.000696882,
      0.999465,
      0.0326929
    ],
    "ImageType": [
      "ORIGINAL",
      "PRIMARY",
      "M",
      "FFE",
      "M",
      "FFE"
    ],
    "ImagingFrequency": 127.764,
    "InPlanePhaseEncodingDirectionDICOM": "COL",
    "InstitutionAddress": "",
    "InstitutionName": "",
    "InstitutionalDepartmentName": "",
    "MRAcquisitionType": "2D",
    "MagneticFieldStrength": 3,
    "Manufacturer": "Philips",
    "ManufacturersModelName": "Ingenia Elition X",
    "Modality": "MR",
    "ParallelReductionFactorInPlane": 2,
    "ParallelReductionOutOfPlane": 6,
    "PatientPosition": "HFS",
    "PercentPhaseFOV": 100,
    "PercentSampling": 100,
    "PhaseEncodingAxis": "j",
    "PhaseEncodingSteps": 94,
    "PhilipsRWVIntercept": 0,
    "PhilipsRWVSlope": 1.22613,
    "PhilipsRescaleIntercept": 0,
    "PhilipsRescaleSlope": 1.22613,
    "PhilipsScaleSlope": 0.0164154,
    "PixelBandwidth": 1846,
    "ProcedureStepDescription": "COLA",
    "ProtocolName": "COLA_R5",
    "ReconMatrixPE": 96,
    "RepetitionTime": 0.8,
    "SAR": 0.0818083,
    "ScanOptions": "FS",
    "ScanningSequence": "GR",
    "SequenceVariant": "SK",
    "SeriesDescription": "COLA_R5",
    "SeriesNumber": 901,
    "SliceThickness": 2.4,
    "SoftwareVersions": "5.6.1\\5.6.1.3",
    "SpacingBetweenSlices": 2.4,
    "StationName": "",
    "TaskName": "SC",
    "UsePhilipsFloatNotDisplayScaling": 1,
    "WaterFatShift": 16.3806,
    "dataset": "ds004073",
    "modality": "bold",
    "subject_id": "BAN08",
    "task_id": "SC"
  },
  "dummy_trs": 0,
  "dvars_nstd": 88.93218413287451,
  "dvars_std": 1.1145279674216002,
  "dvars_vstd": 1.058033339895472,
  "efc": 0.4113772766361127,
  "fber": 3939509.0,
  "fd_mean": 0.3817997761795348,
  "fd_num": 258,
  "fd_perc": 44.869565217391305,
  "fwhm_avg": 2.463300454839382,
  "fwhm_x": 2.5072404309944627,
  "fwhm_y": 2.6438985224841085,
  "fwhm_z": 2.2387624110395743,
  "gcor": 0.0154374,
  "gsr_x": -0.031765226274728775,
  "gsr_y": 0.00657581677660346,
  "provenance": {
    "md5sum": "438a54162846c627b158858d173f1194",
    "settings": {
      "fd_thres": 0.2,
      "testing": false
    },
    "software": "mriqc",
    "version": "23.0.0",
    "webapi_port": null,
    "webapi_url": "https://mriqc.nimh.nih.gov/api/v1"
  },
  "size_t": 575,
  "size_x": 96,
  "size_y": 96,
  "size_z": 60,
  "snr": 4.692782581005224,
  "spacing_tr": 0.8000001907348633,
  "spacing_x": 2.3958332538604736,
  "spacing_y": 2.3958332538604736,
  "spacing_z": 2.4000000953674316,
  "summary_bg_k": 21.995802333045397,
  "summary_bg_mad": 48.46712852436936,
  "summary_bg_mean": 2285.991943359375,
  "summary_bg_median": 33.496543884277344,
  "summary_bg_n": 411022.0,
  "summary_bg_p05": 0.5356025218963625,
  "summary_bg_p95": 12537.054345703113,
  "summary_bg_stdv": 5851.25048828125,
  "summary_fg_k": 0.441160290660358,
  "summary_fg_mad": 14178.05551859008,
  "summary_fg_mean": 69137.125,
  "summary_fg_median": 68719.5234375,
  "summary_fg_n": 72643.0,
  "summary_fg_p05": 46092.336718750004,
  "summary_fg_p95": 93596.04999999999,
  "summary_fg_stdv": 14643.5615234375,
  "tsnr": 14.537989616394043
}