{
  "aor": 0.0003046608695652174,
  "aqi": 0.006002345426086957,
  "bids_meta": {
    "AcquisitionMatrixPE": 90,
    "AcquisitionNumber": 1,
    "AcquisitionTime": "",
    "BandwidthPerPixelPhaseEncode": 21.786,
    "BaseResolution": 90,
    "BodyPartExamined": "BRAIN",
    "ConsistencyInfo": "N4_VE11C_LATEST_20160120",
    "ConversionSoftware": "dcm2niix",
    "ConversionSoftwareVersion": "v1.0.20210317",
    "DerivedVendorReportedEchoSpacing": 0.000510012,
    "DeviceSerialNumber": "66093",
    "DwellTime": 2e-06,
    "EchoTime": 0.03,
    "EchoTrainLength": 90,
    "EffectiveEchoSpacing": 0.000510012,
    "FlipAngle": 52,
    "ImageComments": "Unaliased MB6/PE3/LB",
    "ImageOrientationPatientDICOM": [
      0.999986,
      0.000346851,
      0.00522094,
      -7.86609e-08,
      0.997801,
      -0.0662734
    ],
    "ImageType": [
      "ORIGINAL",
      "PRIMARY",
      "M",
      "MB",
      "ND",
      "MOSAIC"
    ],
    "ImagingFrequency": 123.26,
    "InPlanePhaseEncodingDirectionDICOM": "COL",
    "InstitutionAddress": "",
    "InstitutionName": "",
    "InstitutionalDepartmentName": "",
    "MRAcquisitionType": "2D",
    "MagneticFieldStrength": 3,
    "Manufacturer": "Siemens",
    "ManufacturersModelName": "Prisma",
    "Modality": "MR",
    "MultibandAccelerationFactor": 6,
    "PartialFourier": 1,
    "PatientPosition": "HFS",
    "PercentPhaseFOV": 100,
    "PercentSampling": 100,
    "PhaseEncodingDirection": "j-",
    "PhaseEncodingSteps": 90,
    "PhaseResolution": 1,
    "PixelBandwidth": 2780,
    "ProtocolName": "BOLD_2p4_MB6_P1_TE30_TR800_AP",
    "PulseSequenceDetails": "%CustomerSeq%\\cmrr_mbep2d_bold",
    "ReceiveCoilActiveElements": "HEA;HEP",
    "ReceiveCoilName": "Head_32",
    "ReconMatrixPE": 90,
    "RepetitionTime": 0.8,
    "SAR": 0.0828002,
    "ScanOptions": "FS",
    "ScanningSequence": "EP",
    "SequenceName": "epfid2d1_90",
    "SequenceVariant": "SK\\SS",
    "SeriesDescription": "BOLD_2p4_MB6_P1_TE30_TR800_AP",
    "SeriesNumber": 17,
    "ShimSetting": [
      4969,
      -11480,
      -1340,
      533,
      86,
      -40,
      -41,
      65
    ],
    "SliceThickness": 2.4,
    "SliceTiming": [
      0,
      0.5475,
      0.3125,
      0.08,
      0.625,
      0.39,
      0.1575,
      0.7025,
      0.47,
      0.235,
      0,
      0.5475,
      0.3125,
      0.08,
      0.625,
      0.39,
      0.1575,
      0.7025,
      0.47,
      0.235,
      0,
      0.5475,
      0.3125,
      0.08,
      0.625,
      0.39,
      0.1575,
      0.7025,
      0.47,
      0.235,
      0,
      0.5475,
      0.3125,
      0.08,
      0.625,
      0.39,
      0.1575,
      0.7025,
      0.47,
      0.235,
      0,
      0.5475,
      0.3125,
      0.08,
      0.625,
      0.39,
      0.1575,
      0.7025,
      0.47,
      0.235,
      0,
      0.5475,
      0.3125,
      0.08,
      0.625,
      0.39,
      0.1575,
      0.7025,
      0.47,
      0.235
    ],
    "SoftwareVersions": "syngo MR E11",
    "SpacingBetweenSlices": 2.4,
    "StationName": "",
    "TaskName": "WC",
    "TotalReadoutTime": 0.045391,
    "TxRefAmp": 240.354,
    "VendorReportedEchoSpacing": 0.00051,
    "WipMemBlock": "de120fb9-ceb1-4609-be51-0177291bbd17||Sequence: R016 ve11c/master r/e634e98; Dec 19 2017 11:00:25 by eja",
    "dataset": "ds004073",
    "modality": "bold",
    "subject_id": "OXF09",
    "task_id": "WC"
  },
  "dummy_trs": 0,
  "dvars_nstd": 28.45282962688155,
  "dvars_std": 1.0176002395296169,
  "dvars_vstd": 0.9545676077700346,
  "efc": 0.49557754404460674,
  "fber": 906.0479125976562,
  "fd_mean": 0.06815645673444735,
  "fd_num": 10,
  "fd_perc": 1.7391304347826086,
  "fwhm_avg": 3.0781220999086396,
  "fwhm_x": 2.8573373864596134,
  "fwhm_y": 3.218308205449255,
  "fwhm_z": 3.1587207078170496,
  "gcor": 0.0246105,
  "gsr_x": -0.013973391614854336,
  "gsr_y": 0.06823859363794327,
  "provenance": {
    "md5sum": "a2b60b9069d0571e2c45db4c3909a551",
    "settings": {
      "fd_thres": 0.2,
      "testing": false
    },
    "software": "mriqc",
    "version": "23.0.0",
    "webapi_port": null,
    "webapi_url": "https://mriqc.nimh.nih.gov/api/v1"
  },
  "size_t": 575,
  "size_x": 90,
  "size_y": 90,
  "size_z": 60,
  "snr": 2.678607518426862,
  "spacing_tr": 0.800000011920929,
  "spacing_x": 2.4000000953674316,
  "spacing_y": 2.4000000953674316,
  "spacing_z": 2.4000000953674316,
  "summary_bg_k": 25.110436419382502,
  "summary_bg_mad": 97.64547251041492,
  "summary_bg_mean": 324.8091735839844,
  "summary_bg_median": 138.31130981445312,
  "summary_bg_n": 339137.0,
  "summary_bg_p05": 63.601741790771484,
  "summary_bg_p95": 1281.8796630859379,
  "summary_bg_stdv": 511.7329406738281,
  "summary_fg_k": 0.2851277093731812,
  "summary_fg_mad": 1541.4060737824532,
  "summary_fg_mean": 4466.74853515625,
  "summary_fg_median": 4196.60205078125,
  "summary_fg_n": 77347.0,
  "summary_fg_p05": 2345.7114013671876,
  "summary_fg_p95": 7368.653613281249,
  "summary_fg_stdv": 1566.7001953125,
  "tsnr": 41.27900257834699
}