{
  "aor": 0.0004975435540069687,
  "aqi": 0.003758683205574913,
  "bids_meta": {
    "AcquisitionMatrixPE": 90,
    "AcquisitionNumber": 1,
    "AcquisitionTime": "",
    "BandwidthPerPixelPhaseEncode": 21.786,
    "BaseResolution": 90,
    "BodyPartExamined": "BRAIN",
    "ConsistencyInfo": "N4_VE11C_LATEST_20160120",
    "ConversionSoftware": "dcm2niix",
    "ConversionSoftwareVersion": "v1.0.20210317",
    "DerivedVendorReportedEchoSpacing": 0.000510012,
    "DeviceSerialNumber": "66093",
    "DwellTime": 2e-06,
    "EchoTime": 0.03,
    "EchoTrainLength": 90,
    "EffectiveEchoSpacing": 0.000510012,
    "FlipAngle": 52,
    "ImageComments": "Unaliased MB6/PE3/LB",
    "ImageOrientationPatientDICOM": [
      0.999986,
      0.000346851,
      0.00522094,
      -7.86609e-08,
      0.997801,
      -0.0662734
    ],
    "ImageType": [
      "ORIGINAL",
      "PRIMARY",
      "M",
      "MB",
      "ND",
      "MOSAIC"
    ],
    "ImagingFrequency": 123.26,
    "InPlanePhaseEncodingDirectionDICOM": "COL",
    "InstitutionAddress": "",
    "InstitutionName": "",
    "InstitutionalDepartmentName": "",
    "MRAcquisitionType": "2D",
    "MagneticFieldStrength": 3,
    "Manufacturer": "Siemens",
    "ManufacturersModelName": "Prisma",
    "Modality": "MR",
    "MultibandAccelerationFactor": 6,
    "PartialFourier": 1,
    "PatientPosition": "HFS",
    "PercentPhaseFOV": 100,
    "PercentSampling": 100,
    "PhaseEncodingDirection": "j-",
    "PhaseEncodingSteps": 90,
    "PhaseResolution": 1,
    "PixelBandwidth": 2780,
    "ProtocolName": "BOLD_2p4_MB6_P1_TE30_TR800_AP",
    "PulseSequenceDetails": "%CustomerSeq%\\cmrr_mbep2d_bold",
    "ReceiveCoilActiveElements": "HEA;HEP",
    "ReceiveCoilName": "Head_32",
    "ReconMatrixPE": 90,
    "RepetitionTime": 0.8,
    "SAR": 0.0828002,
    "ScanOptions": "FS",
    "ScanningSequence": "EP",
    "SequenceName": "epfid2d1_90",
    "SequenceVariant": "SK\\SS",
    "SeriesDescription": "BOLD_2p4_MB6_P1_TE30_TR800_AP",
    "SeriesNumber": 5,
    "ShimSetting": [
      4969,
      -11480,
      -1340,
      533,
      86,
      -40,
      -41,
      65
    ],
    "SliceThickness": 2.4,
    "SliceTiming": [
      0,
      0.545,
      0.3125,
      0.0775,
      0.625,
      0.39,
      0.155,
      0.7025,
      0.4675,
      0.235,
      0,
      0.545,
      0.3125,
      0.0775,
      0.625,
      0.39,
      0.155,
      0.7025,
      0.4675,
      0.235,
      0,
      0.545,
      0.3125,
      0.0775,
      0.625,
      0.39,
      0.155,
      0.7025,
      0.4675,
      0.235,
      0,
      0.545,
      0.3125,
      0.0775,
      0.625,
      0.39,
      0.155,
      0.7025,
      0.4675,
      0.235,
      0,
      0.545,
      0.3125,
      0.0775,
      0.625,
      0.39,
      0.155,
      0.7025,
      0.4675,
      0.235,
      0,
      0.545,
      0.3125,
      0.0775,
      0.625,
      0.39,
      0.155,
      0.7025,
      0.4675,
      0.235
    ],
    "SoftwareVersions": "syngo MR E11",
    "SpacingBetweenSlices": 2.4,
    "StationName": "",
    "TaskName": "WG",
    "TotalReadoutTime": 0.045391,
    "TxRefAmp": 240.354,
    "VendorReportedEchoSpacing": 0.00051,
    "WipMemBlock": "b0bc4950-0636-42cb-a66b-0f87d82df936||Sequence: R016 ve11c/master r/e634e98; Dec 19 2017 11:00:25 by eja",
    "dataset": "ds004073",
    "modality": "bold",
    "subject_id": "OXF09",
    "task_id": "WG"
  },
  "dummy_trs": 1,
  "dvars_nstd": 28.88620650209425,
  "dvars_std": 1.088395185933683,
  "dvars_vstd": 1.007690948411867,
  "efc": 0.49429862755852044,
  "fber": 917.9267578125,
  "fd_mean": 0.08063836591093565,
  "fd_num": 20,
  "fd_perc": 3.484320557491289,
  "fwhm_avg": 3.09347765485402,
  "fwhm_x": 2.8668748860806272,
  "fwhm_y": 3.229812371658787,
  "fwhm_z": 3.1837457068226453,
  "gcor": 0.0162842,
  "gsr_x": -0.01360509917140007,
  "gsr_y": 0.0683346539735794,
  "provenance": {
    "md5sum": "fb0f9bc476eb6a09fea2814afe8c6e7d",
    "settings": {
      "fd_thres": 0.2,
      "testing": false
    },
    "software": "mriqc",
    "version": "23.0.0",
    "webapi_port": null,
    "webapi_url": "https://mriqc.nimh.nih.gov/api/v1"
  },
  "size_t": 574,
  "size_x": 90,
  "size_y": 90,
  "size_z": 60,
  "snr": 2.6480302210316227,
  "spacing_tr": 0.800000011920929,
  "spacing_x": 2.4000000953674316,
  "spacing_y": 2.4000000953674316,
  "spacing_z": 2.4000000953674316,
  "summary_bg_k": 29.957815587358823,
  "summary_bg_mad": 95.10609542873408,
  "summary_bg_mean": 315.0457763671875,
  "summary_bg_median": 134.94686889648438,
  "summary_bg_n": 337704.0,
  "summary_bg_p05": 62.397212982177734,
  "summary_bg_p95": 1230.538085937499,
  "summary_bg_stdv": 504.5894775390625,
  "summary_fg_k": 0.34017393074376345,
  "summary_fg_mad": 1550.4376043622976,
  "summary_fg_mean": 4431.8818359375,
  "summary_fg_median": 4160.7607421875,
  "summary_fg_n": 77708.0,
  "summary_fg_p05": 2305.1325805664064,
  "summary_fg_p95": 7337.689135742186,
  "summary_fg_stdv": 1571.2562255859375,
  "tsnr": 47.98985125403851
}