{
  "aor": 0.00042743902439024395,
  "aqi": 0.0032852564634146338,
  "bids_meta": {
    "AcquisitionMatrixPE": 90,
    "AcquisitionNumber": 1,
    "AcquisitionTime": "",
    "BandwidthPerPixelPhaseEncode": 21.786,
    "BaseResolution": 90,
    "BodyPartExamined": "BRAIN",
    "ConsistencyInfo": "N4_VE11C_LATEST_20160120",
    "ConversionSoftware": "dcm2niix",
    "ConversionSoftwareVersion": "v1.0.20210317",
    "DerivedVendorReportedEchoSpacing": 0.000510012,
    "DeviceSerialNumber": "66093",
    "DwellTime": 2e-06,
    "EchoTime": 0.03,
    "EchoTrainLength": 90,
    "EffectiveEchoSpacing": 0.000510012,
    "FlipAngle": 52,
    "ImageComments": "Unaliased MB6/PE3/LB",
    "ImageOrientationPatientDICOM": [
      0.999986,
      0.000346851,
      0.00522094,
      -7.86609e-08,
      0.997801,
      -0.0662734
    ],
    "ImageType": [
      "ORIGINAL",
      "PRIMARY",
      "M",
      "MB",
      "ND",
      "MOSAIC"
    ],
    "ImagingFrequency": 123.26,
    "InPlanePhaseEncodingDirectionDICOM": "COL",
    "InstitutionAddress": "",
    "InstitutionName": "",
    "InstitutionalDepartmentName": "",
    "MRAcquisitionType": "2D",
    "MagneticFieldStrength": 3,
    "Manufacturer": "Siemens",
    "ManufacturersModelName": "Prisma",
    "Modality": "MR",
    "MultibandAccelerationFactor": 6,
    "PartialFourier": 1,
    "PatientPosition": "HFS",
    "PercentPhaseFOV": 100,
    "PercentSampling": 100,
    "PhaseEncodingDirection": "j-",
    "PhaseEncodingSteps": 90,
    "PhaseResolution": 1,
    "PixelBandwidth": 2780,
    "ProtocolName": "BOLD_2p4_MB6_P1_TE30_TR800_AP",
    "PulseSequenceDetails": "%CustomerSeq%\\cmrr_mbep2d_bold",
    "ReceiveCoilActiveElements": "HEA;HEP",
    "ReceiveCoilName": "Head_32",
    "ReconMatrixPE": 90,
    "RepetitionTime": 0.8,
    "SAR": 0.0828002,
    "ScanOptions": "FS",
    "ScanningSequence": "EP",
    "SequenceName": "epfid2d1_90",
    "SequenceVariant": "SK\\SS",
    "SeriesDescription": "BOLD_2p4_MB6_P1_TE30_TR800_AP",
    "SeriesNumber": 7,
    "ShimSetting": [
      4969,
      -11480,
      -1340,
      533,
      86,
      -40,
      -41,
      65
    ],
    "SliceThickness": 2.4,
    "SliceTiming": [
      0,
      0.5475,
      0.3125,
      0.0775,
      0.625,
      0.39,
      0.1575,
      0.7025,
      0.4675,
      0.235,
      0,
      0.5475,
      0.3125,
      0.0775,
      0.625,
      0.39,
      0.1575,
      0.7025,
      0.4675,
      0.235,
      0,
      0.5475,
      0.3125,
      0.0775,
      0.625,
      0.39,
      0.1575,
      0.7025,
      0.4675,
      0.235,
      0,
      0.5475,
      0.3125,
      0.0775,
      0.625,
      0.39,
      0.1575,
      0.7025,
      0.4675,
      0.235,
      0,
      0.5475,
      0.3125,
      0.0775,
      0.625,
      0.39,
      0.1575,
      0.7025,
      0.4675,
      0.235,
      0,
      0.5475,
      0.3125,
      0.0775,
      0.625,
      0.39,
      0.1575,
      0.7025,
      0.4675,
      0.235
    ],
    "SoftwareVersions": "syngo MR E11",
    "SpacingBetweenSlices": 2.4,
    "StationName": "",
    "TaskName": "SG",
    "TotalReadoutTime": 0.045391,
    "TxRefAmp": 240.354,
    "VendorReportedEchoSpacing": 0.00051,
    "WipMemBlock": "faf56457-1f18-4c30-9207-c360cc55eb5d||Sequence: R016 ve11c/master r/e634e98; Dec 19 2017 11:00:25 by eja",
    "dataset": "ds004073",
    "modality": "bold",
    "subject_id": "OXF09",
    "task_id": "SG"
  },
  "dummy_trs": 1,
  "dvars_nstd": 28.353934013507875,
  "dvars_std": 1.079457136771379,
  "dvars_vstd": 1.0062328017626532,
  "efc": 0.4943909530365825,
  "fber": 908.0872192382812,
  "fd_mean": 0.07095150407306054,
  "fd_num": 14,
  "fd_perc": 2.4390243902439024,
  "fwhm_avg": 3.077376266604943,
  "fwhm_x": 2.8586540530739604,
  "fwhm_y": 3.22291653859947,
  "fwhm_z": 3.150558208141398,
  "gcor": 0.0152722,
  "gsr_x": -0.013781645335257053,
  "gsr_y": 0.06778009235858917,
  "provenance": {
    "md5sum": "ed465362fa2e7711439cbdfe33d73b61",
    "settings": {
      "fd_thres": 0.2,
      "testing": false
    },
    "software": "mriqc",
    "version": "23.0.0",
    "webapi_port": null,
    "webapi_url": "https://mriqc.nimh.nih.gov/api/v1"
  },
  "size_t": 574,
  "size_x": 90,
  "size_y": 90,
  "size_z": 60,
  "snr": 2.650403648243739,
  "spacing_tr": 0.800000011920929,
  "spacing_x": 2.4000000953674316,
  "spacing_y": 2.4000000953674316,
  "spacing_z": 2.4000000953674316,
  "summary_bg_k": 28.89272699178196,
  "summary_bg_mad": 94.8038785855179,
  "summary_bg_mean": 316.3701477050781,
  "summary_bg_median": 135.8013916015625,
  "summary_bg_n": 337919.0,
  "summary_bg_p05": 63.219512939453125,
  "summary_bg_p95": 1242.1699951171872,
  "summary_bg_stdv": 504.40228271484375,
  "summary_fg_k": 0.3467827192473649,
  "summary_fg_mad": 1549.303934892483,
  "summary_fg_mean": 4432.1171875,
  "summary_fg_median": 4162.41455078125,
  "summary_fg_n": 77660.0,
  "summary_fg_p05": 2305.2708129882812,
  "summary_fg_p95": 7342.0478515625,
  "summary_fg_stdv": 1570.47314453125,
  "tsnr": 50.73102069203742
}