{
  "aor": 0.00028411867364746944,
  "aqi": 0.004062865916230366,
  "bids_meta": {
    "AcquisitionMatrixPE": 90,
    "AcquisitionNumber": 1,
    "AcquisitionTime": "",
    "BandwidthPerPixelPhaseEncode": 21.786,
    "BaseResolution": 90,
    "BodyPartExamined": "BRAIN",
    "ConsistencyInfo": "N4_VE11C_LATEST_20160120",
    "ConversionSoftware": "dcm2niix",
    "ConversionSoftwareVersion": "v1.0.20210317",
    "DerivedVendorReportedEchoSpacing": 0.000510012,
    "DeviceSerialNumber": "66093",
    "DwellTime": 2e-06,
    "EchoTime": 0.03,
    "EchoTrainLength": 90,
    "EffectiveEchoSpacing": 0.000510012,
    "FlipAngle": 52,
    "ImageComments": "Unaliased MB6/PE3/LB",
    "ImageOrientationPatientDICOM": [
      0.999986,
      0.000346851,
      0.00522094,
      -7.86609e-08,
      0.997801,
      -0.0662734
    ],
    "ImageType": [
      "ORIGINAL",
      "PRIMARY",
      "M",
      "MB",
      "ND",
      "MOSAIC"
    ],
    "ImagingFrequency": 123.26,
    "InPlanePhaseEncodingDirectionDICOM": "COL",
    "InstitutionAddress": "",
    "InstitutionName": "",
    "InstitutionalDepartmentName": "",
    "MRAcquisitionType": "2D",
    "MagneticFieldStrength": 3,
    "Manufacturer": "Siemens",
    "ManufacturersModelName": "Prisma",
    "Modality": "MR",
    "MultibandAccelerationFactor": 6,
    "PartialFourier": 1,
    "PatientPosition": "HFS",
    "PercentPhaseFOV": 100,
    "PercentSampling": 100,
    "PhaseEncodingDirection": "j-",
    "PhaseEncodingSteps": 90,
    "PhaseResolution": 1,
    "PixelBandwidth": 2780,
    "ProtocolName": "BOLD_2p4_MB6_P1_TE30_TR800_AP",
    "PulseSequenceDetails": "%CustomerSeq%\\cmrr_mbep2d_bold",
    "ReceiveCoilActiveElements": "HEA;HEP",
    "ReceiveCoilName": "Head_32",
    "ReconMatrixPE": 90,
    "RepetitionTime": 0.8,
    "SAR": 0.0828002,
    "ScanOptions": "FS",
    "ScanningSequence": "EP",
    "SequenceName": "epfid2d1_90",
    "SequenceVariant": "SK\\SS",
    "SeriesDescription": "BOLD_2p4_MB6_P1_TE30_TR800_AP",
    "SeriesNumber": 19,
    "ShimSetting": [
      4969,
      -11480,
      -1340,
      533,
      86,
      -40,
      -41,
      65
    ],
    "SliceThickness": 2.4,
    "SliceTiming": [
      0,
      0.5475,
      0.3125,
      0.0775,
      0.625,
      0.39,
      0.1575,
      0.7025,
      0.4675,
      0.235,
      0,
      0.5475,
      0.3125,
      0.0775,
      0.625,
      0.39,
      0.1575,
      0.7025,
      0.4675,
      0.235,
      0,
      0.5475,
      0.3125,
      0.0775,
      0.625,
      0.39,
      0.1575,
      0.7025,
      0.4675,
      0.235,
      0,
      0.5475,
      0.3125,
      0.0775,
      0.625,
      0.39,
      0.1575,
      0.7025,
      0.4675,
      0.235,
      0,
      0.5475,
      0.3125,
      0.0775,
      0.625,
      0.39,
      0.1575,
      0.7025,
      0.4675,
      0.235,
      0,
      0.5475,
      0.3125,
      0.0775,
      0.625,
      0.39,
      0.1575,
      0.7025,
      0.4675,
      0.235
    ],
    "SoftwareVersions": "syngo MR E11",
    "SpacingBetweenSlices": 2.4,
    "StationName": "",
    "TaskName": "SD",
    "TotalReadoutTime": 0.045391,
    "TxRefAmp": 240.354,
    "VendorReportedEchoSpacing": 0.00051,
    "WipMemBlock": "77b2fdd7-188b-4eb7-94e9-fdc76509214f||Sequence: R016 ve11c/master r/e634e98; Dec 19 2017 11:00:25 by eja",
    "dataset": "ds004073",
    "modality": "bold",
    "subject_id": "OXF09",
    "task_id": "SD"
  },
  "dummy_trs": 2,
  "dvars_nstd": 28.110081929562952,
  "dvars_std": 1.0767968809965043,
  "dvars_vstd": 0.99952103312937,
  "efc": 0.49517481025299087,
  "fber": 898.2709350585938,
  "fd_mean": 0.06590677750202803,
  "fd_num": 11,
  "fd_perc": 1.9197207678883073,
  "fwhm_avg": 3.0954026547775277,
  "fwhm_x": 2.8644248861779817,
  "fwhm_y": 3.235570704763305,
  "fwhm_z": 3.1862123733912955,
  "gcor": 0.032858,
  "gsr_x": -0.01407058909535408,
  "gsr_y": 0.06885497272014618,
  "provenance": {
    "md5sum": "2194430fd72242d0a60f88be48e0acbf",
    "settings": {
      "fd_thres": 0.2,
      "testing": false
    },
    "software": "mriqc",
    "version": "23.0.0",
    "webapi_port": null,
    "webapi_url": "https://mriqc.nimh.nih.gov/api/v1"
  },
  "size_t": 573,
  "size_x": 90,
  "size_y": 90,
  "size_z": 60,
  "snr": 2.680575468385502,
  "spacing_tr": 0.800000011920929,
  "spacing_x": 2.4000000953674316,
  "spacing_y": 2.4000000953674316,
  "spacing_z": 2.4000000953674316,
  "summary_bg_k": 25.549497943641516,
  "summary_bg_mad": 96.97978782443109,
  "summary_bg_mean": 323.4852600097656,
  "summary_bg_median": 138.21292114257812,
  "summary_bg_n": 338914.0,
  "summary_bg_p05": 63.81850051879883,
  "summary_bg_p95": 1281.46411743164,
  "summary_bg_stdv": 513.0211791992188,
  "summary_fg_k": 0.2562678553744937,
  "summary_fg_mad": 1547.8859431466346,
  "summary_fg_mean": 4465.6826171875,
  "summary_fg_median": 4201.02099609375,
  "summary_fg_n": 77283.0,
  "summary_fg_p05": 2335.5869873046877,
  "summary_fg_p95": 7372.249755859373,
  "summary_fg_stdv": 1567.198486328125,
  "tsnr": 48.8650801833719
}