{
  "bids_meta": {
    "AcquisitionMatrixPE": 250,
    "AcquisitionNumber": 6,
    "AcquisitionTime": "",
    "BodyPartExamined": "BRAIN",
    "CoilString": "MULTI COIL",
    "ConversionSoftware": "dcm2niix",
    "ConversionSoftwareVersion": "v1.0.20210317",
    "DeviceSerialNumber": "45128",
    "EchoTime": 0.003504,
    "EchoTrainLength": 560,
    "EstimatedEffectiveEchoSpacing": 4.97191e-06,
    "EstimatedTotalReadoutTime": 0.00126784,
    "FlipAngle": 8,
    "ImageOrientationPatientDICOM": [
      0.997836,
      1.0887e-10,
      0.065745,
      0.00263511,
      0.999196,
      -0.039994
    ],
    "ImageType": [
      "ORIGINAL",
      "PRIMARY",
      "M",
      "FFE",
      "M",
      "FFE"
    ],
    "ImagingFrequency": 127.764,
    "InPlanePhaseEncodingDirectionDICOM": "COL",
    "InstitutionAddress": "",
    "InstitutionName": "",
    "InstitutionalDepartmentName": "",
    "MRAcquisitionType": "3D",
    "MagneticFieldStrength": 3,
    "Manufacturer": "Philips",
    "ManufacturersModelName": "Ingenia Elition X",
    "Modality": "MR",
    "ParallelReductionFactorInPlane": 1.73205,
    "ParallelReductionOutOfPlane": 1.73205,
    "PatientPosition": "HFS",
    "PercentPhaseFOV": 100,
    "PercentSampling": 77.9165,
    "PhaseEncodingAxis": "j",
    "PhaseEncodingSteps": 250,
    "PhilipsRWVIntercept": 0,
    "PhilipsRWVSlope": 1,
    "PhilipsRescaleIntercept": 0,
    "PhilipsRescaleSlope": 1,
    "PhilipsScaleSlope": 0.000433851,
    "PixelBandwidth": 787,
    "ProcedureStepDescription": "COLA",
    "ProtocolName": "sT1W_1MM_COMBO",
    "ReconMatrixPE": 256,
    "RepetitionTime": 0.0123833,
    "SAR": 0.0170603,
    "ScanOptions": "FC",
    "ScanningSequence": "GR",
    "SequenceVariant": "MP",
    "SeriesDescription": "sT1W_1MM_COMBO",
    "SeriesNumber": 602,
    "SliceThickness": 2,
    "SoftwareVersions": "5.6.1\\5.6.1.3",
    "SpacingBetweenSlices": 1,
    "StationName": "",
    "UsePhilipsFloatNotDisplayScaling": 1,
    "WaterFatShift": 0.551728,
    "dataset": "ds004073",
    "modality": "T1w",
    "subject_id": "BAN17"
  },
  "cjv": 0.230233764877968,
  "cnr": 5.730832327449482,
  "efc": 0.7358014764912549,
  "fber": 9629.055968483766,
  "fwhm_avg": 5.605694799999999,
  "fwhm_x": 5.27919104,
  "fwhm_y": 5.7217433600000005,
  "fwhm_z": 5.81615,
  "icvs_csf": 0.24961794815946028,
  "icvs_gm": 0.43690392202906425,
  "icvs_wm": 0.3134781298114755,
  "inu_med": 0.6109673380851746,
  "inu_range": 0.23331290483474731,
  "provenance": {
    "md5sum": "e4dcaa5eabeca35fbfec864fe4e3718f",
    "settings": {
      "testing": false
    },
    "software": "mriqc",
    "version": "23.0.0",
    "warnings": {
      "large_rot_frame": true,
      "small_air_mask": false
    },
    "webapi_port": null,
    "webapi_url": "https://mriqc.nimh.nih.gov/api/v1"
  },
  "qi_1": 0.0,
  "qi_2": 6.214510743887108e-07,
  "rpve_csf": 20.932071647106742,
  "rpve_gm": 11.982063686419805,
  "rpve_wm": 19.206776806410446,
  "size_x": 256,
  "size_y": 256,
  "size_z": 170,
  "snr_csf": 1.148320047221418,
  "snr_gm": 11.926713459065777,
  "snr_total": 14.778724122056076,
  "snr_wm": 31.261138859881033,
  "snrd_csf": 9.887474537178633,
  "snrd_gm": 56.275420765931585,
  "snrd_total": 51.38227729979858,
  "snrd_wm": 87.98393659628555,
  "spacing_x": 0.9765625,
  "spacing_y": 0.9765625,
  "spacing_z": 1.0,
  "summary_bg_k": 280.12997258656304,
  "summary_bg_mad": 0.0,
  "summary_bg_mean": 3.229402626961695,
  "summary_bg_median": 0.0,
  "summary_bg_n": 327182.0,
  "summary_bg_p05": 0.0,
  "summary_bg_p95": 16.758148930966854,
  "summary_bg_stdv": 7.446090794152259,
  "summary_csf_k": 0.16852415397302556,
  "summary_csf_mad": 83.90395634506339,
  "summary_csf_mean": 143.03150364253395,
  "summary_csf_median": 112.37817518413067,
  "summary_csf_n": 68505.0,
  "summary_csf_p05": 33.52077865041793,
  "summary_csf_p95": 339.979826239869,
  "summary_csf_stdv": 97.86239927995257,
  "summary_gm_k": 0.01252546392018239,
  "summary_gm_mad": 54.275164159870776,
  "summary_gm_mean": 639.4052957375034,
  "summary_gm_median": 639.6101521793753,
  "summary_gm_n": 62295.0,
  "summary_gm_p05": 552.0107373129576,
  "summary_gm_p95": 726.649468485266,
  "summary_gm_stdv": 53.627935359910516,
  "summary_wm_k": 0.8051800709537673,
  "summary_wm_mad": 28.69874041256325,
  "summary_wm_mean": 998.2760789340151,
  "summary_wm_median": 999.999969964847,
  "summary_wm_n": 177046.0,
  "summary_wm_p05": 941.637699957937,
  "summary_wm_p95": 1047.9220028035343,
  "summary_wm_stdv": 31.988506570996556,
  "tpm_overlap_csf": 0.1609218824693305,
  "tpm_overlap_gm": 0.49803885497034206,
  "tpm_overlap_wm": 0.5258979951057728,
  "wm2max": 0.8475107279838985
}