{
  "bids_meta": {
    "AcquisitionMatrixPE": 250,
    "AcquisitionNumber": 7,
    "AcquisitionTime": "",
    "BodyPartExamined": "BRAIN",
    "CoilString": "MULTI COIL",
    "ConversionSoftware": "dcm2niix",
    "ConversionSoftwareVersion": "v1.0.20210317",
    "DeviceSerialNumber": "45128",
    "EchoTime": 0.003479,
    "EchoTrainLength": 560,
    "EstimatedEffectiveEchoSpacing": 4.97191e-06,
    "EstimatedTotalReadoutTime": 0.00126784,
    "FlipAngle": 8,
    "ImageOrientationPatientDICOM": [
      0.999849,
      0.00119826,
      0.0173456,
      0.000696882,
      0.994059,
      -0.108841
    ],
    "ImageType": [
      "ORIGINAL",
      "PRIMARY",
      "M",
      "FFE",
      "M",
      "FFE"
    ],
    "ImagingFrequency": 127.764,
    "InPlanePhaseEncodingDirectionDICOM": "COL",
    "InstitutionAddress": "",
    "InstitutionName": "",
    "InstitutionalDepartmentName": "",
    "MRAcquisitionType": "3D",
    "MagneticFieldStrength": 3,
    "Manufacturer": "Philips",
    "ManufacturersModelName": "Ingenia Elition X",
    "Modality": "MR",
    "ParallelReductionFactorInPlane": 1.73205,
    "ParallelReductionOutOfPlane": 1.73205,
    "PatientPosition": "HFS",
    "PercentPhaseFOV": 100,
    "PercentSampling": 77.9165,
    "PhaseEncodingAxis": "j",
    "PhaseEncodingSteps": 250,
    "PhilipsRWVIntercept": 0,
    "PhilipsRWVSlope": 1,
    "PhilipsRescaleIntercept": 0,
    "PhilipsRescaleSlope": 1,
    "PhilipsScaleSlope": 0.000536038,
    "PixelBandwidth": 787,
    "ProcedureStepDescription": "COLA",
    "ProtocolName": "sT1W_1MM_COMBO",
    "ReconMatrixPE": 256,
    "RepetitionTime": 0.0123475,
    "SAR": 0.0170603,
    "ScanOptions": "FC",
    "ScanningSequence": "GR",
    "SequenceVariant": "MP",
    "SeriesDescription": "sT1W_1MM_COMBO",
    "SeriesNumber": 702,
    "SliceThickness": 2,
    "SoftwareVersions": "5.6.1\\5.6.1.3",
    "SpacingBetweenSlices": 1,
    "StationName": "",
    "UsePhilipsFloatNotDisplayScaling": 1,
    "WaterFatShift": 0.551729,
    "dataset": "ds004073",
    "modality": "T1w",
    "subject_id": "BAN09"
  },
  "cjv": 0.24140601765471797,
  "cnr": 5.387243634633312,
  "efc": 0.7611388595733829,
  "fber": 2862.38341801357,
  "fwhm_avg": 5.4780513866666665,
  "fwhm_x": 5.15987456,
  "fwhm_y": 5.5748096,
  "fwhm_z": 5.69947,
  "icvs_csf": 0.27026670370319084,
  "icvs_gm": 0.41000946171798996,
  "icvs_wm": 0.31972383457881925,
  "inu_med": 0.5464972257614136,
  "inu_range": 0.17310077995061873,
  "provenance": {
    "md5sum": "2e35e89dc57b779a25c6e913c5c2c878",
    "settings": {
      "testing": false
    },
    "software": "mriqc",
    "version": "23.0.0",
    "warnings": {
      "large_rot_frame": true,
      "small_air_mask": true
    },
    "webapi_port": null,
    "webapi_url": "https://mriqc.nimh.nih.gov/api/v1"
  },
  "qi_1": 0.0,
  "qi_2": 5.537638699261042e-07,
  "rpve_csf": 18.301640286240495,
  "rpve_gm": 11.604103811651822,
  "rpve_wm": 18.588351602200664,
  "size_x": 256,
  "size_y": 256,
  "size_z": 170,
  "snr_csf": 1.4643613458934546,
  "snr_gm": 10.089748051813405,
  "snr_total": 15.644334743638174,
  "snr_wm": 35.37889483320766,
  "snrd_csf": 12.930355486252822,
  "snrd_gm": 61.480300083348446,
  "snrd_total": 57.36756478499934,
  "snrd_wm": 97.69203878539676,
  "spacing_x": 0.9765625,
  "spacing_y": 0.9765625,
  "spacing_z": 1.0,
  "summary_bg_k": 761.7919134878277,
  "summary_bg_mad": 0.0,
  "summary_bg_mean": 2.581462705634105,
  "summary_bg_median": 0.0,
  "summary_bg_n": 273810.0,
  "summary_bg_p05": 0.0,
  "summary_bg_p95": 14.474309174343944,
  "summary_bg_stdv": 6.706283995882804,
  "summary_csf_k": 0.19608724424164725,
  "summary_csf_mad": 89.83626957831633,
  "summary_csf_mean": 151.08536368759752,
  "summary_csf_median": 132.3611938804388,
  "summary_csf_n": 57411.0,
  "summary_csf_p05": 37.9869723636657,
  "summary_csf_p95": 325.8876689290628,
  "summary_csf_stdv": 90.38755461241722,
  "summary_gm_k": -0.07567220449008305,
  "summary_gm_mad": 64.66676293604685,
  "summary_gm_mean": 630.3854322334499,
  "summary_gm_median": 629.3412372004241,
  "summary_gm_n": 45586.0,
  "summary_gm_p05": 530.9547630660236,
  "summary_gm_p95": 733.7568758865818,
  "summary_gm_stdv": 62.37364215043216,
  "summary_wm_k": 0.9440177283647642,
  "summary_wm_mad": 24.817709217790483,
  "summary_wm_mean": 999.9562225043986,
  "summary_wm_median": 1000.0216080676764,
  "summary_wm_n": 190439.0,
  "summary_wm_p05": 952.6942841801792,
  "summary_wm_p95": 1046.2078127967195,
  "summary_wm_stdv": 28.265975723928467,
  "tpm_overlap_csf": 0.15730683618128993,
  "tpm_overlap_gm": 0.481547311491828,
  "tpm_overlap_wm": 0.5076776266515941,
  "wm2max": 0.8809311163895487
}