{
  "aor": 0.0007573043478260869,
  "aqi": 0.031726389565217394,
  "bids_meta": {
    "AcquisitionMatrixPE": 94,
    "AcquisitionNumber": 9,
    "AcquisitionTime": "",
    "BodyPartExamined": "BRAIN",
    "CoilString": "MULTI COIL",
    "ConversionSoftware": "dcm2niix",
    "ConversionSoftwareVersion": "v1.0.20210317",
    "DeviceSerialNumber": "45128",
    "EchoTime": 0.03,
    "EchoTrainLength": 47,
    "EstimatedEffectiveEchoSpacing": 0.000388368,
    "EstimatedTotalReadoutTime": 0.036895,
    "FlipAngle": 52,
    "ImageOrientationPatientDICOM": [
      0.999849,
      0.00154567,
      0.0173181,
      0.000696882,
      0.991678,
      -0.128743
    ],
    "ImageType": [
      "ORIGINAL",
      "PRIMARY",
      "M",
      "FFE",
      "M",
      "FFE"
    ],
    "ImagingFrequency": 127.764,
    "InPlanePhaseEncodingDirectionDICOM": "COL",
    "InstitutionAddress": "",
    "InstitutionName": "",
    "InstitutionalDepartmentName": "",
    "MRAcquisitionType": "2D",
    "MagneticFieldStrength": 3,
    "Manufacturer": "Philips",
    "ManufacturersModelName": "Ingenia Elition X",
    "Modality": "MR",
    "ParallelReductionFactorInPlane": 2,
    "ParallelReductionOutOfPlane": 6,
    "PatientPosition": "HFS",
    "PercentPhaseFOV": 100,
    "PercentSampling": 100,
    "PhaseEncodingAxis": "j",
    "PhaseEncodingSteps": 94,
    "PhilipsRWVIntercept": 0,
    "PhilipsRWVSlope": 1.00806,
    "PhilipsRescaleIntercept": 0,
    "PhilipsRescaleSlope": 1.00806,
    "PhilipsScaleSlope": 0.0164913,
    "PixelBandwidth": 1851,
    "ProcedureStepDescription": "COLA",
    "ProtocolName": "COLA_R6",
    "ReconMatrixPE": 96,
    "RepetitionTime": 0.8,
    "SAR": 0.0819307,
    "ScanOptions": "FS",
    "ScanningSequence": "GR",
    "SequenceVariant": "SK",
    "SeriesDescription": "COLA_R6",
    "SeriesNumber": 901,
    "SliceThickness": 2.4,
    "SoftwareVersions": "5.6.1\\5.6.1.3",
    "SpacingBetweenSlices": 2.4,
    "StationName": "",
    "TaskName": "WC",
    "UsePhilipsFloatNotDisplayScaling": 1,
    "WaterFatShift": 16.3681,
    "dataset": "ds004073",
    "modality": "bold",
    "subject_id": "BAN13",
    "task_id": "WC"
  },
  "dummy_trs": 0,
  "dvars_nstd": 75.7091066978224,
  "dvars_std": 1.1167287140766566,
  "dvars_vstd": 1.0228640050696864,
  "efc": 0.4697805769192857,
  "fber": 762879.75,
  "fd_mean": 0.11879825664536825,
  "fd_num": 71,
  "fd_perc": 12.347826086956522,
  "fwhm_avg": 2.1255560550956596,
  "fwhm_x": 2.1872432029884403,
  "fwhm_y": 2.263179205507335,
  "fwhm_z": 1.926245756791204,
  "gcor": 0.00786415,
  "gsr_x": -0.015154226683080196,
  "gsr_y": 0.042099177837371826,
  "provenance": {
    "md5sum": "67b64fd833cc4d81e22e7fde5a1ab070",
    "settings": {
      "fd_thres": 0.2,
      "testing": false
    },
    "software": "mriqc",
    "version": "23.0.0",
    "webapi_port": null,
    "webapi_url": "https://mriqc.nimh.nih.gov/api/v1"
  },
  "size_t": 575,
  "size_x": 96,
  "size_y": 96,
  "size_z": 60,
  "snr": 5.004516583428069,
  "spacing_tr": 0.8000001907348633,
  "spacing_x": 2.3958332538604736,
  "spacing_y": 2.3958332538604736,
  "spacing_z": 2.4000000953674316,
  "summary_bg_k": 21.00749640656035,
  "summary_bg_mad": 119.75012887419228,
  "summary_bg_mean": 3153.19384765625,
  "summary_bg_median": 80.99497985839844,
  "summary_bg_n": 386902.0,
  "summary_bg_p05": 0.22820523902773857,
  "summary_bg_p95": 15763.667187500012,
  "summary_bg_stdv": 6512.97119140625,
  "summary_fg_k": 0.5352093398444211,
  "summary_fg_mad": 14048.145394900985,
  "summary_fg_mean": 72550.28125,
  "summary_fg_median": 72031.953125,
  "summary_fg_n": 91924.0,
  "summary_fg_p05": 50325.49296875,
  "summary_fg_p95": 96639.20195312498,
  "summary_fg_stdv": 14393.310546875,
  "tsnr": 20.919639587402344
}