{
  "aor": 0.0006131478260869565,
  "aqi": 0.0306842652173913,
  "bids_meta": {
    "AcquisitionMatrixPE": 94,
    "AcquisitionNumber": 7,
    "AcquisitionTime": "",
    "BodyPartExamined": "BRAIN",
    "CoilString": "MULTI COIL",
    "ConversionSoftware": "dcm2niix",
    "ConversionSoftwareVersion": "v1.0.20210317",
    "DeviceSerialNumber": "45128",
    "EchoTime": 0.03,
    "EchoTrainLength": 47,
    "EstimatedEffectiveEchoSpacing": 0.000388368,
    "EstimatedTotalReadoutTime": 0.036895,
    "FlipAngle": 52,
    "ImageOrientationPatientDICOM": [
      0.999849,
      0.00154567,
      0.0173181,
      0.000696882,
      0.991678,
      -0.128743
    ],
    "ImageType": [
      "ORIGINAL",
      "PRIMARY",
      "M",
      "FFE",
      "M",
      "FFE"
    ],
    "ImagingFrequency": 127.764,
    "InPlanePhaseEncodingDirectionDICOM": "COL",
    "InstitutionAddress": "",
    "InstitutionName": "",
    "InstitutionalDepartmentName": "",
    "MRAcquisitionType": "2D",
    "MagneticFieldStrength": 3,
    "Manufacturer": "Philips",
    "ManufacturersModelName": "Ingenia Elition X",
    "Modality": "MR",
    "ParallelReductionFactorInPlane": 2,
    "ParallelReductionOutOfPlane": 6,
    "PatientPosition": "HFS",
    "PercentPhaseFOV": 100,
    "PercentSampling": 100,
    "PhaseEncodingAxis": "j",
    "PhaseEncodingSteps": 94,
    "PhilipsRWVIntercept": 0,
    "PhilipsRWVSlope": 0.967766,
    "PhilipsRescaleIntercept": 0,
    "PhilipsRescaleSlope": 0.967766,
    "PhilipsScaleSlope": 0.0163054,
    "PixelBandwidth": 1851,
    "ProcedureStepDescription": "COLA",
    "ProtocolName": "COLA_R4",
    "ReconMatrixPE": 96,
    "RepetitionTime": 0.8,
    "SAR": 0.0819307,
    "ScanOptions": "FS",
    "ScanningSequence": "GR",
    "SequenceVariant": "SK",
    "SeriesDescription": "COLA_R4",
    "SeriesNumber": 701,
    "SliceThickness": 2.4,
    "SoftwareVersions": "5.6.1\\5.6.1.3",
    "SpacingBetweenSlices": 2.4,
    "StationName": "",
    "TaskName": "SD",
    "UsePhilipsFloatNotDisplayScaling": 1,
    "WaterFatShift": 16.3681,
    "dataset": "ds004073",
    "modality": "bold",
    "subject_id": "BAN13",
    "task_id": "SD"
  },
  "dummy_trs": 0,
  "dvars_nstd": 75.9059313598955,
  "dvars_std": 1.1110792226655046,
  "dvars_vstd": 1.0198466598257838,
  "efc": 0.4680498361938568,
  "fber": 767099.625,
  "fd_mean": 0.14492621447582096,
  "fd_num": 117,
  "fd_perc": 20.347826086956523,
  "fwhm_avg": 2.160349961528971,
  "fwhm_x": 2.220388247566165,
  "fwhm_y": 2.313103381076427,
  "fwhm_z": 1.9475582559443214,
  "gcor": 0.00232498,
  "gsr_x": -0.014562061987817287,
  "gsr_y": 0.04100087657570839,
  "provenance": {
    "md5sum": "940663ab4d2b1794c8afb6d3705977f5",
    "settings": {
      "fd_thres": 0.2,
      "testing": false
    },
    "software": "mriqc",
    "version": "23.0.0",
    "webapi_port": null,
    "webapi_url": "https://mriqc.nimh.nih.gov/api/v1"
  },
  "size_t": 575,
  "size_x": 96,
  "size_y": 96,
  "size_z": 60,
  "snr": 4.9152648864998625,
  "spacing_tr": 0.8000001907348633,
  "spacing_x": 2.3958332538604736,
  "spacing_y": 2.3958332538604736,
  "spacing_z": 2.4000000953674316,
  "summary_bg_k": 21.300396840067695,
  "summary_bg_mad": 119.86200321246906,
  "summary_bg_mean": 3090.192626953125,
  "summary_bg_median": 81.2708511352539,
  "summary_bg_n": 386761.0,
  "summary_bg_p05": 0.43744590878486633,
  "summary_bg_p95": 15460.9931640625,
  "summary_bg_stdv": 6383.0322265625,
  "summary_fg_k": 0.510363312060576,
  "summary_fg_mad": 14424.387560628818,
  "summary_fg_mean": 73106.5859375,
  "summary_fg_median": 72515.109375,
  "summary_fg_n": 92093.0,
  "summary_fg_p05": 50353.709375,
  "summary_fg_p95": 97809.7546875,
  "summary_fg_stdv": 14752.9619140625,
  "tsnr": 20.941421508789062
}