{
  "bids_meta": {
    "AcquisitionMatrixPE": 250,
    "AcquisitionNumber": 6,
    "AcquisitionTime": "",
    "BodyPartExamined": "BRAIN",
    "CoilString": "MULTI COIL",
    "ConversionSoftware": "dcm2niix",
    "ConversionSoftwareVersion": "v1.0.20210317",
    "DeviceSerialNumber": "45128",
    "EchoTime": 0.00348,
    "EchoTrainLength": 560,
    "EstimatedEffectiveEchoSpacing": 4.97191e-06,
    "EstimatedTotalReadoutTime": 0.00126784,
    "FlipAngle": 8,
    "ImageOrientationPatientDICOM": [
      0.999849,
      0.00163241,
      0.0173102,
      0.000696882,
      0.99102,
      -0.133709
    ],
    "ImageType": [
      "ORIGINAL",
      "PRIMARY",
      "M",
      "FFE",
      "M",
      "FFE"
    ],
    "ImagingFrequency": 127.764,
    "InPlanePhaseEncodingDirectionDICOM": "COL",
    "InstitutionAddress": "",
    "InstitutionName": "",
    "InstitutionalDepartmentName": "",
    "MRAcquisitionType": "3D",
    "MagneticFieldStrength": 3,
    "Manufacturer": "Philips",
    "ManufacturersModelName": "Ingenia Elition X",
    "Modality": "MR",
    "ParallelReductionFactorInPlane": 1.73205,
    "ParallelReductionOutOfPlane": 1.73205,
    "PatientPosition": "HFS",
    "PercentPhaseFOV": 100,
    "PercentSampling": 77.9165,
    "PhaseEncodingAxis": "j",
    "PhaseEncodingSteps": 250,
    "PhilipsRWVIntercept": 0,
    "PhilipsRWVSlope": 1,
    "PhilipsRescaleIntercept": 0,
    "PhilipsRescaleSlope": 1,
    "PhilipsScaleSlope": 0.000480027,
    "PixelBandwidth": 787,
    "ProcedureStepDescription": "COLA",
    "ProtocolName": "sT1W_1MM_COMBO",
    "ReconMatrixPE": 256,
    "RepetitionTime": 0.0123637,
    "SAR": 0.0170603,
    "ScanOptions": "FC",
    "ScanningSequence": "GR",
    "SequenceVariant": "MP",
    "SeriesDescription": "sT1W_1MM_COMBO",
    "SeriesNumber": 602,
    "SliceThickness": 2,
    "SoftwareVersions": "5.6.1\\5.6.1.2",
    "SpacingBetweenSlices": 1,
    "StationName": "",
    "UsePhilipsFloatNotDisplayScaling": 1,
    "WaterFatShift": 0.551729,
    "dataset": "ds004073",
    "modality": "T1w",
    "subject_id": "BAN02"
  },
  "cjv": 0.24216223540246282,
  "cnr": 5.343944681314398,
  "efc": 0.7409831558261742,
  "fber": -1.0,
  "fwhm_avg": 5.674236026666667,
  "fwhm_x": 5.09391872,
  "fwhm_y": 5.9037593600000005,
  "fwhm_z": 6.02503,
  "icvs_csf": 0.24230724784771793,
  "icvs_gm": 0.42523181659967474,
  "icvs_wm": 0.3324609355526073,
  "inu_med": 0.4870235323905945,
  "inu_range": 0.17492803484201425,
  "provenance": {
    "md5sum": "e6cc8de9680a831e547cf234c4eb3cd7",
    "settings": {
      "testing": false
    },
    "software": "mriqc",
    "version": "23.0.0",
    "warnings": {
      "large_rot_frame": true,
      "small_air_mask": false
    },
    "webapi_port": null,
    "webapi_url": "https://mriqc.nimh.nih.gov/api/v1"
  },
  "qi_1": 0.00027230128624538126,
  "qi_2": 0.0022285052749218977,
  "rpve_csf": 19.882503874975868,
  "rpve_gm": 11.552354359422242,
  "rpve_wm": 18.402936191235007,
  "size_x": 256,
  "size_y": 256,
  "size_z": 170,
  "snr_csf": 1.9119689703187996,
  "snr_gm": 11.49736605751288,
  "snr_total": 16.860584719017663,
  "snr_wm": 37.1724191292213,
  "snrd_csf": 24.32592568565979,
  "snrd_gm": 80.4835056857248,
  "snrd_total": 75.58438411323439,
  "snrd_wm": 121.9437209683186,
  "spacing_x": 0.9765625,
  "spacing_y": 0.9765625,
  "spacing_z": 1.0,
  "summary_bg_k": 328.0955404034193,
  "summary_bg_mad": 0.0,
  "summary_bg_mean": 1.8245013716512952,
  "summary_bg_median": 0.0,
  "summary_bg_n": 289736.0,
  "summary_bg_p05": 0.0,
  "summary_bg_p95": 10.969246443361044,
  "summary_bg_stdv": 5.37256826407701,
  "summary_csf_k": -0.6631089402475854,
  "summary_csf_mad": 121.3142961106976,
  "summary_csf_mean": 210.08193795536064,
  "summary_csf_median": 199.48929159343243,
  "summary_csf_n": 42345.0,
  "summary_csf_p05": 61.01920896023512,
  "summary_csf_p95": 389.56368340551853,
  "summary_csf_stdv": 104.33586483502815,
  "summary_gm_k": 0.20316296877378504,
  "summary_gm_mad": 58.2374463554475,
  "summary_gm_mean": 660.1890261676058,
  "summary_gm_median": 660.0200025960803,
  "summary_gm_n": 45974.0,
  "summary_gm_p05": 567.8838837099262,
  "summary_gm_p95": 752.3703992720693,
  "summary_gm_stdv": 57.40556759415912,
  "summary_wm_k": 0.6628453472846316,
  "summary_wm_mad": 24.098253664323106,
  "summary_wm_mean": 999.0824976906648,
  "summary_wm_median": 1000.0222324356437,
  "summary_wm_n": 195661.0,
  "summary_wm_p05": 952.3704047687352,
  "summary_wm_p95": 1041.8341576438397,
  "summary_wm_stdv": 26.90219523940455,
  "tpm_overlap_csf": 0.1506696450745526,
  "tpm_overlap_gm": 0.4958817292973636,
  "tpm_overlap_wm": 0.5238664209585664,
  "wm2max": 0.8267430333737196
}