{
  "bids_meta": {
    "AcquisitionMatrixPE": 174,
    "AcquisitionNumber": 1,
    "AcquisitionTime": "",
    "BaseResolution": 192,
    "BodyPartExamined": "BRAIN",
    "ConsistencyInfo": "N4_VE11C_LATEST_20160120",
    "ConversionSoftware": "dcm2niix",
    "ConversionSoftwareVersion": "v1.0.20210317",
    "DeviceSerialNumber": "66093",
    "DwellTime": 1.3e-05,
    "EchoTime": 0.00397,
    "FlipAngle": 8,
    "ImageOrientationPatientDICOM": [
      0.999986,
      0.000935571,
      0.00514813,
      3.9606e-11,
      0.983885,
      -0.178802
    ],
    "ImageType": [
      "ORIGINAL",
      "PRIMARY",
      "M",
      "ND",
      "NORM"
    ],
    "ImagingFrequency": 123.259,
    "InPlanePhaseEncodingDirectionDICOM": "ROW",
    "InstitutionAddress": "",
    "InstitutionName": "",
    "InstitutionalDepartmentName": "",
    "InversionTime": 0.904,
    "MRAcquisitionType": "3D",
    "MagneticFieldStrength": 3,
    "Manufacturer": "Siemens",
    "ManufacturersModelName": "Prisma",
    "Modality": "MR",
    "PartialFourier": 1,
    "PatientPosition": "HFS",
    "PercentPhaseFOV": 90.625,
    "PercentSampling": 100,
    "PhaseEncodingSteps": 174,
    "PhaseResolution": 1,
    "PixelBandwidth": 200,
    "ProtocolName": "t1_mpr_ax_1mm_iso_32ch_v2",
    "PulseSequenceDetails": "%SiemensSeq%\\tfl",
    "ReceiveCoilActiveElements": "HEA;HEP",
    "ReceiveCoilName": "Head_32",
    "ReconMatrixPE": 174,
    "RepetitionTime": 1.9,
    "SAR": 0.0421354,
    "ScanOptions": "IR\\WE",
    "ScanningSequence": "GR\\IR",
    "SequenceName": "*tfl3d1_16",
    "SequenceVariant": "SK\\SP\\MP",
    "SeriesDescription": "t1_mpr_ax_1mm_iso_32ch_v2",
    "SeriesNumber": 13,
    "ShimSetting": [
      4942,
      -11441,
      -1382,
      290,
      62,
      -107,
      176,
      28
    ],
    "SliceThickness": 1,
    "SoftwareVersions": "syngo MR E11",
    "StationName": "",
    "TxRefAmp": 243.617,
    "dataset": "ds004073",
    "modality": "T1w",
    "subject_id": "OXF24"
  },
  "cjv": 0.35395574961704096,
  "cnr": 3.8603689607685,
  "efc": 0.5769703222642699,
  "fber": 21723.484567901232,
  "fwhm_avg": 4.457253333333334,
  "fwhm_x": 4.15378,
  "fwhm_y": 4.92381,
  "fwhm_z": 4.29417,
  "icvs_csf": 0.2236276139773416,
  "icvs_gm": 0.434096462603753,
  "icvs_wm": 0.3422759234189054,
  "inu_med": 0.36213770508766174,
  "inu_range": 0.14365391582250597,
  "provenance": {
    "md5sum": "4171dc60d3e270681a2666ce22f3755b",
    "settings": {
      "testing": false
    },
    "software": "mriqc",
    "version": "23.0.0",
    "warnings": {
      "large_rot_frame": true,
      "small_air_mask": false
    },
    "webapi_port": null,
    "webapi_url": "https://mriqc.nimh.nih.gov/api/v1"
  },
  "qi_1": 0.0,
  "qi_2": 0.018981734938718558,
  "rpve_csf": 13.668521767619508,
  "rpve_gm": 7.1433417967325505,
  "rpve_wm": 10.413481452040712,
  "size_x": 174,
  "size_y": 192,
  "size_z": 192,
  "snr_csf": 2.4139117723964842,
  "snr_gm": 14.065565256591432,
  "snr_total": 16.41714698024753,
  "snr_wm": 32.771963911754675,
  "snrd_csf": 44.090498478349176,
  "snrd_gm": 109.46221221539196,
  "snrd_total": 99.20362157628564,
  "snrd_wm": 144.0581540351158,
  "spacing_x": 1.0,
  "spacing_y": 1.0,
  "spacing_z": 1.0,
  "summary_bg_k": 20.497689965579266,
  "summary_bg_mad": 0.0,
  "summary_bg_mean": 2.9924602792608828,
  "summary_bg_median": 0.0,
  "summary_bg_n": 1498527.0,
  "summary_bg_p05": 0.0,
  "summary_bg_p95": 11.928470639511943,
  "summary_bg_stdv": 4.547912247550003,
  "summary_csf_k": -0.18926900342661934,
  "summary_csf_mad": 124.04488847236502,
  "summary_csf_mean": 315.0724792326212,
  "summary_csf_median": 306.0732360929251,
  "summary_csf_n": 45857.0,
  "summary_csf_p05": 89.67526539117098,
  "summary_csf_p95": 521.5026736777276,
  "summary_csf_stdv": 126.79415309091928,
  "summary_gm_k": -0.1108417869572289,
  "summary_gm_mad": 55.60418578728665,
  "summary_gm_mean": 758.2532721445722,
  "summary_gm_median": 759.8792184013873,
  "summary_gm_n": 38007.0,
  "summary_gm_p05": 668.3088146168739,
  "summary_gm_p95": 844.2317444333806,
  "summary_gm_stdv": 54.023368979803,
  "summary_wm_k": 0.4800589187148874,
  "summary_wm_mad": 29.402772361527767,
  "summary_wm_mean": 1000.4270656469974,
  "summary_wm_median": 1000.0418891329318,
  "summary_wm_n": 177940.0,
  "summary_wm_p05": 951.6361972056329,
  "summary_wm_p95": 1050.4181895665824,
  "summary_wm_stdv": 30.51507934550879,
  "tpm_overlap_csf": 0.16181042663795916,
  "tpm_overlap_gm": 0.4909682126591691,
  "tpm_overlap_wm": 0.5238590152533366,
  "wm2max": 0.9124725576073175
}