{
  "aor": 0.0006245739130434783,
  "aqi": 0.035091631826086954,
  "bids_meta": {
    "AcquisitionMatrixPE": 94,
    "AcquisitionNumber": 7,
    "AcquisitionTime": "",
    "BodyPartExamined": "BRAIN",
    "CoilString": "MULTI COIL",
    "ConversionSoftware": "dcm2niix",
    "ConversionSoftwareVersion": "v1.0.20210317",
    "DeviceSerialNumber": "45128",
    "EchoTime": 0.030001,
    "EchoTrainLength": 47,
    "EstimatedEffectiveEchoSpacing": 0.000389259,
    "EstimatedTotalReadoutTime": 0.0369796,
    "FlipAngle": 52,
    "ImageOrientationPatientDICOM": [
      0.99907,
      9.78719e-13,
      0.0431282,
      0.00172861,
      0.999196,
      -0.0400434
    ],
    "ImageType": [
      "ORIGINAL",
      "PRIMARY",
      "M",
      "FFE",
      "M",
      "FFE"
    ],
    "ImagingFrequency": 127.764,
    "InPlanePhaseEncodingDirectionDICOM": "COL",
    "InstitutionAddress": "",
    "InstitutionName": "",
    "InstitutionalDepartmentName": "",
    "MRAcquisitionType": "2D",
    "MagneticFieldStrength": 3,
    "Manufacturer": "Philips",
    "ManufacturersModelName": "Ingenia Elition X",
    "Modality": "MR",
    "ParallelReductionFactorInPlane": 2,
    "ParallelReductionOutOfPlane": 6,
    "PatientPosition": "HFS",
    "PercentPhaseFOV": 100,
    "PercentSampling": 100,
    "PhaseEncodingAxis": "j",
    "PhaseEncodingSteps": 94,
    "PhilipsRWVIntercept": 0,
    "PhilipsRWVSlope": 1.14505,
    "PhilipsRescaleIntercept": 0,
    "PhilipsRescaleSlope": 1.14505,
    "PhilipsScaleSlope": 0.0164461,
    "PixelBandwidth": 1832,
    "ProtocolName": "COLA_R4",
    "ReconMatrixPE": 96,
    "RepetitionTime": 0.8,
    "SAR": 0.0818652,
    "ScanOptions": "FS",
    "ScanningSequence": "GR",
    "SequenceVariant": "SK",
    "SeriesDescription": "COLA_R4",
    "SeriesNumber": 701,
    "SliceThickness": 2.4,
    "SoftwareVersions": "5.6.1\\5.6.1.3",
    "SpacingBetweenSlices": 2.4,
    "StationName": "",
    "TaskName": "PD",
    "UsePhilipsFloatNotDisplayScaling": 1,
    "WaterFatShift": 16.4056,
    "dataset": "ds004073",
    "modality": "bold",
    "subject_id": "BAN16",
    "task_id": "PD"
  },
  "dummy_trs": 0,
  "dvars_nstd": 77.35849748649834,
  "dvars_std": 1.1052334220557487,
  "dvars_vstd": 1.0207844024912884,
  "efc": 0.4452066209864692,
  "fber": 1837056.625,
  "fd_mean": 0.17680031173642086,
  "fd_num": 192,
  "fd_perc": 33.391304347826086,
  "fwhm_avg": 2.2568041276874853,
  "fwhm_x": 2.3240139901339982,
  "fwhm_y": 2.346277643046425,
  "fwhm_z": 2.1001207498820325,
  "gcor": 0.00408392,
  "gsr_x": -0.009540162980556488,
  "gsr_y": 0.03899722173810005,
  "provenance": {
    "md5sum": "df9e4efbf508102490aa9bc0718e6c27",
    "settings": {
      "fd_thres": 0.2,
      "testing": false
    },
    "software": "mriqc",
    "version": "23.0.0",
    "webapi_port": null,
    "webapi_url": "https://mriqc.nimh.nih.gov/api/v1"
  },
  "size_t": 575,
  "size_x": 96,
  "size_y": 96,
  "size_z": 60,
  "snr": 4.909920865365566,
  "spacing_tr": 0.8000001907348633,
  "spacing_x": 2.3958332538604736,
  "spacing_y": 2.3958332538604736,
  "spacing_z": 2.4000000953674316,
  "summary_bg_k": 32.89544986916965,
  "summary_bg_mad": 76.62160674448586,
  "summary_bg_mean": 2515.278076171875,
  "summary_bg_median": 51.98328399658203,
  "summary_bg_n": 396430.0,
  "summary_bg_p05": 0.2616123527288437,
  "summary_bg_p95": 12461.659570312495,
  "summary_bg_stdv": 5496.75439453125,
  "summary_fg_k": 0.702901912728636,
  "summary_fg_mad": 13343.790617105044,
  "summary_fg_mean": 68445.484375,
  "summary_fg_median": 67384.4296875,
  "summary_fg_n": 85767.0,
  "summary_fg_p05": 48437.40234375,
  "summary_fg_p95": 91883.3703125,
  "summary_fg_stdv": 13724.0576171875,
  "tsnr": 19.577835083007812
}