{
  "aor": 0.00015514834205933683,
  "aqi": 0.004830290122164048,
  "bids_meta": {
    "AcquisitionMatrixPE": 90,
    "AcquisitionNumber": 1,
    "AcquisitionTime": "",
    "BandwidthPerPixelPhaseEncode": 21.786,
    "BaseResolution": 90,
    "BodyPartExamined": "BRAIN",
    "ConsistencyInfo": "N4_VE11C_LATEST_20160120",
    "ConversionSoftware": "dcm2niix",
    "ConversionSoftwareVersion": "v1.0.20210317",
    "DerivedVendorReportedEchoSpacing": 0.000510012,
    "DeviceSerialNumber": "66093",
    "DwellTime": 2e-06,
    "EchoTime": 0.03,
    "EchoTrainLength": 90,
    "EffectiveEchoSpacing": 0.000510012,
    "FlipAngle": 52,
    "ImageComments": "Unaliased MB6/PE3/LB",
    "ImageOrientationPatientDICOM": [
      0.999986,
      0.00102525,
      0.00513102,
      2.29006e-08,
      0.980615,
      -0.195946
    ],
    "ImageType": [
      "ORIGINAL",
      "PRIMARY",
      "M",
      "MB",
      "ND",
      "MOSAIC"
    ],
    "ImagingFrequency": 123.26,
    "InPlanePhaseEncodingDirectionDICOM": "COL",
    "InstitutionAddress": "",
    "InstitutionName": "",
    "InstitutionalDepartmentName": "",
    "MRAcquisitionType": "2D",
    "MagneticFieldStrength": 3,
    "Manufacturer": "Siemens",
    "ManufacturersModelName": "Prisma",
    "Modality": "MR",
    "MultibandAccelerationFactor": 6,
    "PartialFourier": 1,
    "PatientPosition": "HFS",
    "PercentPhaseFOV": 100,
    "PercentSampling": 100,
    "PhaseEncodingDirection": "j-",
    "PhaseEncodingSteps": 90,
    "PhaseResolution": 1,
    "PixelBandwidth": 2780,
    "ProtocolName": "BOLD_2p4_MB6_P1_TE30_TR800_AP",
    "PulseSequenceDetails": "%CustomerSeq%\\cmrr_mbep2d_bold",
    "ReceiveCoilActiveElements": "HEA;HEP",
    "ReceiveCoilName": "Head_32",
    "ReconMatrixPE": 90,
    "RepetitionTime": 0.8,
    "SAR": 0.0699206,
    "ScanOptions": "FS",
    "ScanningSequence": "EP",
    "SequenceName": "epfid2d1_90",
    "SequenceVariant": "SK\\SS",
    "SeriesDescription": "BOLD_2p4_MB6_P1_TE30_TR800_AP",
    "SeriesNumber": 7,
    "ShimSetting": [
      4936,
      -11382,
      -1403,
      521,
      -23,
      4,
      -119,
      25
    ],
    "SliceThickness": 2.4,
    "SliceTiming": [
      0,
      0.545,
      0.3125,
      0.0775,
      0.625,
      0.39,
      0.155,
      0.7025,
      0.4675,
      0.235,
      0,
      0.545,
      0.3125,
      0.0775,
      0.625,
      0.39,
      0.155,
      0.7025,
      0.4675,
      0.235,
      0,
      0.545,
      0.3125,
      0.0775,
      0.625,
      0.39,
      0.155,
      0.7025,
      0.4675,
      0.235,
      0,
      0.545,
      0.3125,
      0.0775,
      0.625,
      0.39,
      0.155,
      0.7025,
      0.4675,
      0.235,
      0,
      0.545,
      0.3125,
      0.0775,
      0.625,
      0.39,
      0.155,
      0.7025,
      0.4675,
      0.235,
      0,
      0.545,
      0.3125,
      0.0775,
      0.625,
      0.39,
      0.155,
      0.7025,
      0.4675,
      0.235
    ],
    "SoftwareVersions": "syngo MR E11",
    "SpacingBetweenSlices": 2.4,
    "StationName": "",
    "TaskName": "SD",
    "TotalReadoutTime": 0.045391,
    "TxRefAmp": 229.145,
    "VendorReportedEchoSpacing": 0.00051,
    "WipMemBlock": "3816f49b-d148-4a20-902f-da4ce0828016||Sequence: R016 ve11c/master r/e634e98; Dec 19 2017 11:00:25 by eja",
    "dataset": "ds004073",
    "modality": "bold",
    "subject_id": "OXF22",
    "task_id": "SD"
  },
  "dummy_trs": 2,
  "dvars_nstd": 29.601804893356636,
  "dvars_std": 1.0310124798601408,
  "dvars_vstd": 0.9881073335139842,
  "efc": 0.48174129272194516,
  "fber": 1472.2091064453125,
  "fd_mean": 0.10032218448056485,
  "fd_num": 13,
  "fd_perc": 2.268760907504363,
  "fwhm_avg": 2.8747096079915253,
  "fwhm_x": 2.67380822708574,
  "fwhm_y": 2.9369290499635916,
  "fwhm_z": 3.013391546925245,
  "gcor": 0.00893587,
  "gsr_x": -0.020589306950569153,
  "gsr_y": 0.06309586763381958,
  "provenance": {
    "md5sum": "c233a5590419fad50a57ae2e9af26546",
    "settings": {
      "fd_thres": 0.2,
      "testing": false
    },
    "software": "mriqc",
    "version": "23.0.0",
    "webapi_port": null,
    "webapi_url": "https://mriqc.nimh.nih.gov/api/v1"
  },
  "size_t": 573,
  "size_x": 90,
  "size_y": 90,
  "size_z": 60,
  "snr": 2.928528289232463,
  "spacing_tr": 0.800000011920929,
  "spacing_x": 2.4000000953674316,
  "spacing_y": 2.4000000953674316,
  "spacing_z": 2.4000000953674316,
  "summary_bg_k": 30.804560266497873,
  "summary_bg_mad": 52.19639380280092,
  "summary_bg_mean": 225.26441955566406,
  "summary_bg_median": 92.26701354980469,
  "summary_bg_n": 338868.0,
  "summary_bg_p05": 52.94415283203125,
  "summary_bg_p95": 923.1214813232395,
  "summary_bg_stdv": 382.90887451171875,
  "summary_fg_k": 1.553056214445875,
  "summary_fg_mad": 1006.6170474228791,
  "summary_fg_mean": 3789.456298828125,
  "summary_fg_median": 3549.10986328125,
  "summary_fg_n": 77889.0,
  "summary_fg_p05": 2252.27294921875,
  "summary_fg_p95": 6207.931640624994,
  "summary_fg_stdv": 1211.9012451171875,
  "tsnr": 45.277773724868894
}