{
  "aor": 0.0007264459930313589,
  "aqi": 0.006240238240418118,
  "bids_meta": {
    "AcquisitionMatrixPE": 90,
    "AcquisitionNumber": 1,
    "AcquisitionTime": "",
    "BandwidthPerPixelPhaseEncode": 21.786,
    "BaseResolution": 90,
    "BodyPartExamined": "BRAIN",
    "ConsistencyInfo": "N4_VE11C_LATEST_20160120",
    "ConversionSoftware": "dcm2niix",
    "ConversionSoftwareVersion": "v1.0.20210317",
    "DerivedVendorReportedEchoSpacing": 0.000510012,
    "DeviceSerialNumber": "66093",
    "DwellTime": 2e-06,
    "EchoTime": 0.03,
    "EchoTrainLength": 90,
    "EffectiveEchoSpacing": 0.000510012,
    "FlipAngle": 52,
    "ImageComments": "Unaliased MB6/PE3/LB",
    "ImageOrientationPatientDICOM": [
      0.999986,
      0.00102525,
      0.00513102,
      2.29006e-08,
      0.980615,
      -0.195946
    ],
    "ImageType": [
      "ORIGINAL",
      "PRIMARY",
      "M",
      "MB",
      "ND",
      "MOSAIC"
    ],
    "ImagingFrequency": 123.26,
    "InPlanePhaseEncodingDirectionDICOM": "COL",
    "InstitutionAddress": "",
    "InstitutionName": "",
    "InstitutionalDepartmentName": "",
    "MRAcquisitionType": "2D",
    "MagneticFieldStrength": 3,
    "Manufacturer": "Siemens",
    "ManufacturersModelName": "Prisma",
    "Modality": "MR",
    "MultibandAccelerationFactor": 6,
    "PartialFourier": 1,
    "PatientPosition": "HFS",
    "PercentPhaseFOV": 100,
    "PercentSampling": 100,
    "PhaseEncodingDirection": "j-",
    "PhaseEncodingSteps": 90,
    "PhaseResolution": 1,
    "PixelBandwidth": 2780,
    "ProtocolName": "BOLD_2p4_MB6_P1_TE30_TR800_AP",
    "PulseSequenceDetails": "%CustomerSeq%\\cmrr_mbep2d_bold",
    "ReceiveCoilActiveElements": "HEA;HEP",
    "ReceiveCoilName": "Head_32",
    "ReconMatrixPE": 90,
    "RepetitionTime": 0.8,
    "SAR": 0.0699206,
    "ScanOptions": "FS",
    "ScanningSequence": "EP",
    "SequenceName": "epfid2d1_90",
    "SequenceVariant": "SK\\SS",
    "SeriesDescription": "BOLD_2p4_MB6_P1_TE30_TR800_AP",
    "SeriesNumber": 5,
    "ShimSetting": [
      4936,
      -11382,
      -1403,
      521,
      -23,
      4,
      -119,
      25
    ],
    "SliceThickness": 2.4,
    "SliceTiming": [
      0,
      0.5475,
      0.3125,
      0.08,
      0.625,
      0.39,
      0.1575,
      0.7025,
      0.47,
      0.235,
      0,
      0.5475,
      0.3125,
      0.08,
      0.625,
      0.39,
      0.1575,
      0.7025,
      0.47,
      0.235,
      0,
      0.5475,
      0.3125,
      0.08,
      0.625,
      0.39,
      0.1575,
      0.7025,
      0.47,
      0.235,
      0,
      0.5475,
      0.3125,
      0.08,
      0.625,
      0.39,
      0.1575,
      0.7025,
      0.47,
      0.235,
      0,
      0.5475,
      0.3125,
      0.08,
      0.625,
      0.39,
      0.1575,
      0.7025,
      0.47,
      0.235,
      0,
      0.5475,
      0.3125,
      0.08,
      0.625,
      0.39,
      0.1575,
      0.7025,
      0.47,
      0.235
    ],
    "SoftwareVersions": "syngo MR E11",
    "SpacingBetweenSlices": 2.4,
    "StationName": "",
    "TaskName": "SC",
    "TotalReadoutTime": 0.045391,
    "TxRefAmp": 229.145,
    "VendorReportedEchoSpacing": 0.00051,
    "WipMemBlock": "2e40683b-0909-4959-9064-4dbe24326cd8||Sequence: R016 ve11c/master r/e634e98; Dec 19 2017 11:00:25 by eja",
    "dataset": "ds004073",
    "modality": "bold",
    "subject_id": "OXF22",
    "task_id": "SC"
  },
  "dummy_trs": 1,
  "dvars_nstd": 29.63122168123907,
  "dvars_std": 1.0355308647993022,
  "dvars_vstd": 0.9965682805410123,
  "efc": 0.48151015808074815,
  "fber": 1490.77734375,
  "fd_mean": 0.11075804762196263,
  "fd_num": 30,
  "fd_perc": 5.2264808362369335,
  "fwhm_avg": 2.8659096083412057,
  "fwhm_x": 2.675699893677239,
  "fwhm_y": 2.9228873838548903,
  "fwhm_z": 2.999141547491489,
  "gcor": 0.015102,
  "gsr_x": -0.020304091274738312,
  "gsr_y": 0.06270825862884521,
  "provenance": {
    "md5sum": "374aabf879785e9d47f0a2094eb44913",
    "settings": {
      "fd_thres": 0.2,
      "testing": false
    },
    "software": "mriqc",
    "version": "23.0.0",
    "webapi_port": null,
    "webapi_url": "https://mriqc.nimh.nih.gov/api/v1"
  },
  "size_t": 574,
  "size_x": 90,
  "size_y": 90,
  "size_z": 60,
  "snr": 2.9543693248508216,
  "spacing_tr": 0.800000011920929,
  "spacing_x": 2.4000000953674316,
  "spacing_y": 2.4000000953674316,
  "spacing_z": 2.4000000953674316,
  "summary_bg_k": 31.281436769272517,
  "summary_bg_mad": 52.541978389743846,
  "summary_bg_mean": 223.24046325683594,
  "summary_bg_median": 92.05923461914062,
  "summary_bg_n": 338478.0,
  "summary_bg_p05": 51.6025260925293,
  "summary_bg_p95": 912.8915466308579,
  "summary_bg_stdv": 377.538330078125,
  "summary_fg_k": 1.529149815950415,
  "summary_fg_mad": 1004.4347698898297,
  "summary_fg_mean": 3800.513427734375,
  "summary_fg_median": 3562.69873046875,
  "summary_fg_n": 77835.0,
  "summary_fg_p05": 2269.72998046875,
  "summary_fg_p95": 6198.093603515628,
  "summary_fg_stdv": 1205.900634765625,
  "tsnr": 41.55022305320017
}