{
  "bids_meta": {
    "AcquisitionMatrixPE": 174,
    "AcquisitionNumber": 1,
    "AcquisitionTime": "",
    "BaseResolution": 192,
    "BodyPartExamined": "BRAIN",
    "ConsistencyInfo": "N4_VE11C_LATEST_20160120",
    "ConversionSoftware": "dcm2niix",
    "ConversionSoftwareVersion": "v1.0.20210317",
    "DeviceSerialNumber": "66093",
    "DwellTime": 1.3e-05,
    "EchoTime": 0.00397,
    "FlipAngle": 8,
    "ImageOrientationPatientDICOM": [
      0.999986,
      0.00103423,
      0.00512922,
      -4.2169e-11,
      0.980271,
      -0.197657
    ],
    "ImageType": [
      "ORIGINAL",
      "PRIMARY",
      "M",
      "ND",
      "NORM"
    ],
    "ImagingFrequency": 123.259,
    "InPlanePhaseEncodingDirectionDICOM": "ROW",
    "InstitutionAddress": "",
    "InstitutionName": "",
    "InstitutionalDepartmentName": "",
    "InversionTime": 0.904,
    "MRAcquisitionType": "3D",
    "MagneticFieldStrength": 3,
    "Manufacturer": "Siemens",
    "ManufacturersModelName": "Prisma",
    "Modality": "MR",
    "PartialFourier": 1,
    "PatientPosition": "HFS",
    "PercentPhaseFOV": 90.625,
    "PercentSampling": 100,
    "PhaseEncodingSteps": 174,
    "PhaseResolution": 1,
    "PixelBandwidth": 200,
    "ProtocolName": "t1_mpr_ax_1mm_iso_32ch_v2",
    "PulseSequenceDetails": "%SiemensSeq%\\tfl",
    "ReceiveCoilActiveElements": "HEA;HEP",
    "ReceiveCoilName": "Head_32",
    "ReconMatrixPE": 174,
    "RepetitionTime": 1.9,
    "SAR": 0.0478172,
    "ScanOptions": "IR\\WE",
    "ScanningSequence": "GR\\IR",
    "SequenceName": "*tfl3d1_16",
    "SequenceVariant": "SK\\SP\\MP",
    "SeriesDescription": "t1_mpr_ax_1mm_iso_32ch_v2",
    "SeriesNumber": 13,
    "ShimSetting": [
      4949,
      -11427,
      -1392,
      617,
      -9,
      -60,
      114,
      22
    ],
    "SliceThickness": 1,
    "SoftwareVersions": "syngo MR E11",
    "StationName": "",
    "TxRefAmp": 231.521,
    "dataset": "ds004073",
    "modality": "T1w",
    "subject_id": "OXF25"
  },
  "cjv": 0.34082270762168304,
  "cnr": 3.9730946993987084,
  "efc": 0.5644132890898982,
  "fber": 20375.076879285167,
  "fwhm_avg": 4.531513333333334,
  "fwhm_x": 4.32403,
  "fwhm_y": 4.89575,
  "fwhm_z": 4.37476,
  "icvs_csf": 0.20553770679598923,
  "icvs_gm": 0.4471115845789416,
  "icvs_wm": 0.3473507086250691,
  "inu_med": 0.3524470627307892,
  "inu_range": 0.12304046452045436,
  "provenance": {
    "md5sum": "3af002f69c6598c688d0fa4fa07b118c",
    "settings": {
      "testing": false
    },
    "software": "mriqc",
    "version": "23.0.0",
    "warnings": {
      "large_rot_frame": true,
      "small_air_mask": false
    },
    "webapi_port": null,
    "webapi_url": "https://mriqc.nimh.nih.gov/api/v1"
  },
  "qi_1": 0.0,
  "qi_2": 0.04826306149824133,
  "rpve_csf": 15.496098558115,
  "rpve_gm": 7.505373868934518,
  "rpve_wm": 11.053115240651492,
  "size_x": 174,
  "size_y": 192,
  "size_z": 192,
  "snr_csf": 2.372513323974223,
  "snr_gm": 13.660158393678971,
  "snr_total": 16.722897661714825,
  "snr_wm": 34.13602126749128,
  "snrd_csf": 49.51378456019637,
  "snrd_gm": 125.21976215607009,
  "snrd_total": 113.78645419885676,
  "snrd_wm": 166.62581588030383,
  "spacing_x": 1.0,
  "spacing_y": 1.0,
  "spacing_z": 1.0,
  "summary_bg_k": 10.299175697589403,
  "summary_bg_mad": 3.9318592922615756,
  "summary_bg_mean": 3.7340645513927124,
  "summary_bg_median": 2.6519987918436527,
  "summary_bg_n": 1501488.0,
  "summary_bg_p05": 0.0,
  "summary_bg_p95": 13.908260330557823,
  "summary_bg_stdv": 5.216959192502717,
  "summary_csf_k": -0.13878655048957844,
  "summary_csf_mad": 130.82897733954812,
  "summary_csf_mean": 298.91567085343536,
  "summary_csf_median": 297.1613757349551,
  "summary_csf_n": 44528.0,
  "summary_csf_p05": 100.48816311005503,
  "summary_csf_p95": 508.1681507188827,
  "summary_csf_stdv": 125.25031405351201,
  "summary_gm_k": -0.186256758771977,
  "summary_gm_mad": 57.46339543431177,
  "summary_gm_mean": 751.1360143769903,
  "summary_gm_median": 751.5175243020058,
  "summary_gm_n": 44695.0,
  "summary_gm_p05": 661.6776274520904,
  "summary_gm_p95": 840.7739814177154,
  "summary_gm_stdv": 55.01467079811019,
  "summary_wm_k": 0.8808120930517886,
  "summary_wm_mad": 27.23176620936721,
  "summary_wm_mean": 1000.1934658347129,
  "summary_wm_median": 1000.0196333155036,
  "summary_wm_n": 180576.0,
  "summary_wm_p05": 953.3248101435602,
  "summary_wm_p95": 1048.0109892301261,
  "summary_wm_stdv": 29.295062142828268,
  "tpm_overlap_csf": 0.14378065539321297,
  "tpm_overlap_gm": 0.48465299301550596,
  "tpm_overlap_wm": 0.511399057045903,
  "wm2max": 0.9130848379146904
}