{
  "bids_meta": {
    "AcquisitionMatrixPE": 174,
    "AcquisitionNumber": 1,
    "AcquisitionTime": "",
    "BaseResolution": 192,
    "BodyPartExamined": "BRAIN",
    "ConsistencyInfo": "N4_VE11C_LATEST_20160120",
    "ConversionSoftware": "dcm2niix",
    "ConversionSoftwareVersion": "v1.0.20210317",
    "DeviceSerialNumber": "66093",
    "DwellTime": 1.3e-05,
    "EchoTime": 0.00397,
    "FlipAngle": 8,
    "ImageOrientationPatientDICOM": [
      0.999745,
      0.00228385,
      0.0224788,
      -8.2638e-11,
      0.994878,
      -0.10108
    ],
    "ImageType": [
      "ORIGINAL",
      "PRIMARY",
      "M",
      "ND",
      "NORM"
    ],
    "ImagingFrequency": 123.259,
    "InPlanePhaseEncodingDirectionDICOM": "ROW",
    "InstitutionAddress": "",
    "InstitutionName": "",
    "InstitutionalDepartmentName": "",
    "InversionTime": 0.904,
    "MRAcquisitionType": "3D",
    "MagneticFieldStrength": 3,
    "Manufacturer": "Siemens",
    "ManufacturersModelName": "Prisma",
    "Modality": "MR",
    "PartialFourier": 1,
    "PatientPosition": "HFS",
    "PercentPhaseFOV": 90.625,
    "PercentSampling": 100,
    "PhaseEncodingSteps": 174,
    "PhaseResolution": 1,
    "PixelBandwidth": 200,
    "ProtocolName": "t1_mpr_ax_1mm_iso_32ch_v2",
    "PulseSequenceDetails": "%SiemensSeq%\\tfl",
    "ReceiveCoilActiveElements": "HEA;HEP",
    "ReceiveCoilName": "Head_32",
    "ReconMatrixPE": 174,
    "RepetitionTime": 1.9,
    "SAR": 0.0510544,
    "ScanOptions": "IR\\WE",
    "ScanningSequence": "GR\\IR",
    "SequenceName": "*tfl3d1_16",
    "SequenceVariant": "SK\\SP\\MP",
    "SeriesDescription": "t1_mpr_ax_1mm_iso_32ch_v2",
    "SeriesNumber": 13,
    "ShimSetting": [
      4944,
      -11424,
      -1342,
      376,
      -6,
      -55,
      -118,
      49
    ],
    "SliceThickness": 1,
    "SoftwareVersions": "syngo MR E11",
    "StationName": "",
    "TxRefAmp": 270.16,
    "dataset": "ds004073",
    "modality": "T1w",
    "subject_id": "OXF23"
  },
  "cjv": 0.30282118166354666,
  "cnr": 4.378781657433897,
  "efc": 0.6062482184716579,
  "fber": 20196.96373737065,
  "fwhm_avg": 4.650553333333334,
  "fwhm_x": 4.31082,
  "fwhm_y": 5.10074,
  "fwhm_z": 4.5401,
  "icvs_csf": 0.21830174211043576,
  "icvs_gm": 0.4443017204199456,
  "icvs_wm": 0.3373965374696186,
  "inu_med": 0.3952222466468811,
  "inu_range": 0.1698323160409927,
  "provenance": {
    "md5sum": "a11b1dc38e8217f9715509f60a29b4a5",
    "settings": {
      "testing": false
    },
    "software": "mriqc",
    "version": "23.0.0",
    "warnings": {
      "large_rot_frame": true,
      "small_air_mask": false
    },
    "webapi_port": null,
    "webapi_url": "https://mriqc.nimh.nih.gov/api/v1"
  },
  "qi_1": 0.0,
  "qi_2": 0.017500500336758686,
  "rpve_csf": 12.619344741152233,
  "rpve_gm": 6.4516089106357875,
  "rpve_wm": 9.671695791625385,
  "size_x": 174,
  "size_y": 192,
  "size_z": 192,
  "snr_csf": 2.286738223329436,
  "snr_gm": 15.323710336757532,
  "snr_total": 16.589756796146677,
  "snr_wm": 32.15882182835306,
  "snrd_csf": 40.348469634289444,
  "snrd_gm": 103.08363548712046,
  "snrd_total": 93.8843469421022,
  "snrd_wm": 138.2209357048967,
  "spacing_x": 1.0,
  "spacing_y": 1.0,
  "spacing_z": 1.0,
  "summary_bg_k": 332.0366357915818,
  "summary_bg_mad": 4.7398813066688685,
  "summary_bg_mean": 4.414436304089557,
  "summary_bg_median": 3.1970013584941626,
  "summary_bg_n": 1619555.0,
  "summary_bg_p05": 0.0,
  "summary_bg_p95": 15.830668795853853,
  "summary_bg_stdv": 5.904066941103329,
  "summary_csf_k": -0.055441894530319225,
  "summary_csf_mad": 115.42428202653637,
  "summary_csf_mean": 298.36493812210784,
  "summary_csf_median": 291.91929645836353,
  "summary_csf_n": 45594.0,
  "summary_csf_p05": 84.11310574198143,
  "summary_csf_p95": 518.451095821429,
  "summary_csf_stdv": 127.65610517721878,
  "summary_gm_k": 0.23807688952248407,
  "summary_gm_mad": 47.4315019032864,
  "summary_gm_mean": 744.7985242205667,
  "summary_gm_median": 745.8052962236106,
  "summary_gm_n": 47183.0,
  "summary_gm_p05": 663.6114937109872,
  "summary_gm_p95": 823.1065842434764,
  "summary_gm_stdv": 48.6695047390966,
  "summary_wm_k": 0.4197541661040063,
  "summary_wm_mad": 29.550708284335567,
  "summary_wm_mean": 999.9191201569165,
  "summary_wm_median": 1000.022024936974,
  "summary_wm_n": 201239.0,
  "summary_wm_p05": 949.2448240499943,
  "summary_wm_p95": 1051.1960949581116,
  "summary_wm_stdv": 31.096274161065043,
  "tpm_overlap_csf": 0.16785264071982003,
  "tpm_overlap_gm": 0.48051109189522656,
  "tpm_overlap_wm": 0.49929820617227066,
  "wm2max": 0.9177289466229615
}