{
  "aor": 0.004278504347826087,
  "aqi": 0.010498598626086956,
  "bids_meta": {
    "AcquisitionMatrixPE": 90,
    "AcquisitionNumber": 1,
    "AcquisitionTime": "",
    "BandwidthPerPixelPhaseEncode": 21.786,
    "BaseResolution": 90,
    "BodyPartExamined": "BRAIN",
    "ConsistencyInfo": "N4_VE11C_LATEST_20160120",
    "ConversionSoftware": "dcm2niix",
    "ConversionSoftwareVersion": "v1.0.20210317",
    "DerivedVendorReportedEchoSpacing": 0.000510012,
    "DeviceSerialNumber": "66093",
    "DwellTime": 2e-06,
    "EchoTime": 0.03,
    "EchoTrainLength": 90,
    "EffectiveEchoSpacing": 0.000510012,
    "FlipAngle": 52,
    "ImageComments": "Unaliased MB6/PE3/LB",
    "ImageOrientationPatientDICOM": [
      0.995736,
      0.00484845,
      0.0921201,
      -1.6458e-08,
      0.998618,
      -0.0525588
    ],
    "ImageType": [
      "ORIGINAL",
      "PRIMARY",
      "M",
      "MB",
      "ND",
      "MOSAIC"
    ],
    "ImagingFrequency": 123.259,
    "InPlanePhaseEncodingDirectionDICOM": "COL",
    "InstitutionAddress": "",
    "InstitutionName": "",
    "InstitutionalDepartmentName": "",
    "MRAcquisitionType": "2D",
    "MagneticFieldStrength": 3,
    "Manufacturer": "Siemens",
    "ManufacturersModelName": "Prisma",
    "Modality": "MR",
    "MultibandAccelerationFactor": 6,
    "PartialFourier": 1,
    "PatientPosition": "HFS",
    "PercentPhaseFOV": 100,
    "PercentSampling": 100,
    "PhaseEncodingDirection": "j-",
    "PhaseEncodingSteps": 90,
    "PhaseResolution": 1,
    "PixelBandwidth": 2780,
    "ProtocolName": "BOLD_2p4_MB6_P1_TE30_TR800_AP",
    "PulseSequenceDetails": "%CustomerSeq%\\cmrr_mbep2d_bold",
    "ReceiveCoilActiveElements": "HEA;HEP",
    "ReceiveCoilName": "Head_32",
    "ReconMatrixPE": 90,
    "RepetitionTime": 0.8,
    "SAR": 0.0812683,
    "ScanOptions": "FS",
    "ScanningSequence": "EP",
    "SequenceName": "epfid2d1_90",
    "SequenceVariant": "SK\\SS",
    "SeriesDescription": "BOLD_2p4_MB6_P1_TE30_TR800_AP",
    "SeriesNumber": 16,
    "ShimSetting": [
      4966,
      -11337,
      -1284,
      556,
      37,
      240,
      -54,
      46
    ],
    "SliceThickness": 2.4,
    "SliceTiming": [
      0,
      0.545,
      0.31,
      0.0775,
      0.6225,
      0.39,
      0.155,
      0.7,
      0.4675,
      0.2325,
      0,
      0.545,
      0.31,
      0.0775,
      0.6225,
      0.39,
      0.155,
      0.7,
      0.4675,
      0.2325,
      0,
      0.545,
      0.31,
      0.0775,
      0.6225,
      0.39,
      0.155,
      0.7,
      0.4675,
      0.2325,
      0,
      0.545,
      0.31,
      0.0775,
      0.6225,
      0.39,
      0.155,
      0.7,
      0.4675,
      0.2325,
      0,
      0.545,
      0.31,
      0.0775,
      0.6225,
      0.39,
      0.155,
      0.7,
      0.4675,
      0.2325,
      0,
      0.545,
      0.31,
      0.0775,
      0.6225,
      0.39,
      0.155,
      0.7,
      0.4675,
      0.2325
    ],
    "SoftwareVersions": "syngo MR E11",
    "SpacingBetweenSlices": 2.4,
    "StationName": "",
    "TaskName": "SD",
    "TotalReadoutTime": 0.045391,
    "TxRefAmp": 242.422,
    "VendorReportedEchoSpacing": 0.00051,
    "WipMemBlock": "499c929e-54cc-42b2-a459-b4a262bacceb||Sequence: R016 ve11c/master r/e634e98; Dec 19 2017 11:00:25 by eja",
    "dataset": "ds004073",
    "modality": "bold",
    "subject_id": "OXF08",
    "task_id": "SD"
  },
  "dummy_trs": 0,
  "dvars_nstd": 36.1047955855401,
  "dvars_std": 1.0263114554878043,
  "dvars_vstd": 1.0003243495470386,
  "efc": 0.5155023557467191,
  "fber": 953.161865234375,
  "fd_mean": 0.2467236511328695,
  "fd_num": 168,
  "fd_perc": 29.217391304347824,
  "fwhm_avg": 3.121095709312133,
  "fwhm_x": 2.862012386273846,
  "fwhm_y": 3.154879041303037,
  "fwhm_z": 3.346395700359515,
  "gcor": 0.0145659,
  "gsr_x": -0.019241919741034508,
  "gsr_y": 0.11391020566225052,
  "provenance": {
    "md5sum": "54bdb443dd10eb1f6169a73470f669a0",
    "settings": {
      "fd_thres": 0.2,
      "testing": false
    },
    "software": "mriqc",
    "version": "23.0.0",
    "webapi_port": null,
    "webapi_url": "https://mriqc.nimh.nih.gov/api/v1"
  },
  "size_t": 575,
  "size_x": 90,
  "size_y": 90,
  "size_z": 60,
  "snr": 2.34680255978032,
  "spacing_tr": 0.800000011920929,
  "spacing_x": 2.4000000953674316,
  "spacing_y": 2.4000000953674316,
  "spacing_z": 2.4000000953674316,
  "summary_bg_k": 19.5405462445059,
  "summary_bg_mad": 89.9849349870126,
  "summary_bg_mean": 339.574951171875,
  "summary_bg_median": 122.73565673828125,
  "summary_bg_n": 322221.0,
  "summary_bg_p05": 54.6695671081543,
  "summary_bg_p95": 1470.9600830078125,
  "summary_bg_stdv": 578.2872314453125,
  "summary_fg_k": 2.076485748224801,
  "summary_fg_mad": 1349.1164390510016,
  "summary_fg_mean": 4248.28076171875,
  "summary_fg_median": 3882.26953125,
  "summary_fg_n": 88894.0,
  "summary_fg_p05": 2274.9668579101562,
  "summary_fg_p95": 7602.690722656246,
  "summary_fg_stdv": 1654.2711181640625,
  "tsnr": 31.568867983063683
}