{
  "bids_meta": {
    "AcquisitionMatrixPE": 174,
    "AcquisitionNumber": 1,
    "AcquisitionTime": "",
    "BaseResolution": 192,
    "BodyPartExamined": "BRAIN",
    "ConsistencyInfo": "N4_VE11C_LATEST_20160120",
    "ConversionSoftware": "dcm2niix",
    "ConversionSoftwareVersion": "v1.0.20210317",
    "DeviceSerialNumber": "66093",
    "DwellTime": 1.3e-05,
    "EchoTime": 0.00397,
    "FlipAngle": 8,
    "ImageOrientationPatientDICOM": [
      1,
      0,
      0,
      0,
      0.997185,
      0.0749787
    ],
    "ImageType": [
      "ORIGINAL",
      "PRIMARY",
      "M",
      "ND",
      "NORM"
    ],
    "ImagingFrequency": 123.259,
    "InPlanePhaseEncodingDirectionDICOM": "ROW",
    "InstitutionAddress": "",
    "InstitutionName": "",
    "InstitutionalDepartmentName": "",
    "InversionTime": 0.904,
    "MRAcquisitionType": "3D",
    "MagneticFieldStrength": 3,
    "Manufacturer": "Siemens",
    "ManufacturersModelName": "Prisma",
    "Modality": "MR",
    "PartialFourier": 1,
    "PatientPosition": "HFS",
    "PercentPhaseFOV": 90.625,
    "PercentSampling": 100,
    "PhaseEncodingSteps": 174,
    "PhaseResolution": 1,
    "PixelBandwidth": 200,
    "ProtocolName": "t1_mpr_ax_1mm_iso_32ch_v2",
    "PulseSequenceDetails": "%SiemensSeq%\\tfl",
    "ReceiveCoilActiveElements": "HEA;HEP",
    "ReceiveCoilName": "Head_32",
    "ReconMatrixPE": 174,
    "RepetitionTime": 1.9,
    "SAR": 0.0481106,
    "ScanOptions": "IR\\WE",
    "ScanningSequence": "GR\\IR",
    "SequenceName": "*tfl3d1_16",
    "SequenceVariant": "SK\\SP\\MP",
    "SeriesDescription": "t1_mpr_ax_1mm_iso_32ch_v2",
    "SeriesNumber": 13,
    "ShimSetting": [
      4955,
      -11429,
      -1408,
      466,
      35,
      -186,
      11,
      20
    ],
    "SliceThickness": 1,
    "SoftwareVersions": "syngo MR E11",
    "StationName": "",
    "TxRefAmp": 229.069,
    "dataset": "ds004073",
    "modality": "T1w",
    "subject_id": "OXF12"
  },
  "cjv": 0.32545186749335653,
  "cnr": 4.099860833905564,
  "efc": 0.5113886292947071,
  "fber": 25764.835918367346,
  "fwhm_avg": 4.6809,
  "fwhm_x": 4.36725,
  "fwhm_y": 5.07177,
  "fwhm_z": 4.60368,
  "icvs_csf": 0.27319982064543513,
  "icvs_gm": 0.4060666636350672,
  "icvs_wm": 0.32073351571949765,
  "inu_med": 0.36414432525634766,
  "inu_range": 0.11252593994140625,
  "provenance": {
    "md5sum": "0620486d5e8ff9fd7af96f424a28a8bb",
    "settings": {
      "testing": false
    },
    "software": "mriqc",
    "version": "23.0.0",
    "warnings": {
      "large_rot_frame": true,
      "small_air_mask": false
    },
    "webapi_port": null,
    "webapi_url": "https://mriqc.nimh.nih.gov/api/v1"
  },
  "qi_1": 0.0,
  "qi_2": 0.019784521363153163,
  "rpve_csf": 13.236165840938723,
  "rpve_gm": 8.563575779124623,
  "rpve_wm": 12.7033889496335,
  "size_x": 174,
  "size_y": 192,
  "size_z": 192,
  "snr_csf": 2.8535032320017786,
  "snr_gm": 13.59602718000637,
  "snr_total": 17.661172893533045,
  "snr_wm": 36.53398826859099,
  "snrd_csf": 43.390517136801684,
  "snrd_gm": 122.07234409028986,
  "snrd_total": 109.59385098619929,
  "snrd_wm": 163.3186917315063,
  "spacing_x": 1.0,
  "spacing_y": 1.0,
  "spacing_z": 1.0,
  "summary_bg_k": 7.357225427765567,
  "summary_bg_mad": 4.011471753492129,
  "summary_bg_mean": 3.7574343733726963,
  "summary_bg_median": 2.7056965809315443,
  "summary_bg_n": 2030238.0,
  "summary_bg_p05": 0.0,
  "summary_bg_p95": 13.056347930803895,
  "summary_bg_stdv": 4.809624909779351,
  "summary_csf_k": 1.6896684722174742,
  "summary_csf_mad": 62.54126767357192,
  "summary_csf_mean": 273.0920080909256,
  "summary_csf_median": 265.6848770175129,
  "summary_csf_n": 66041.0,
  "summary_csf_p05": 106.79329927824438,
  "summary_csf_p95": 439.15816183388233,
  "summary_csf_stdv": 93.10760980245144,
  "summary_gm_k": -0.035836533590366315,
  "summary_gm_mad": 55.81061036905493,
  "summary_gm_mean": 746.7563294348929,
  "summary_gm_median": 747.462299760431,
  "summary_gm_n": 32655.0,
  "summary_gm_p05": 655.7046834956855,
  "summary_gm_p95": 835.3211706833914,
  "summary_gm_stdv": 54.97568112654599,
  "summary_wm_k": 0.2957871269217942,
  "summary_wm_mad": 26.384176633706623,
  "summary_wm_mean": 999.6734960371715,
  "summary_wm_median": 1000.0181926973164,
  "summary_wm_n": 150333.0,
  "summary_wm_p05": 954.7295532822609,
  "summary_wm_p95": 1044.4896754268557,
  "summary_wm_stdv": 27.372179005742048,
  "tpm_overlap_csf": 0.14424637075343652,
  "tpm_overlap_gm": 0.4537725886743427,
  "tpm_overlap_wm": 0.48671748966462314,
  "wm2max": 0.928200833872227
}