{
  "aor": 0.0007178434782608696,
  "aqi": 0.038362390260869565,
  "bids_meta": {
    "AcquisitionMatrixPE": 94,
    "AcquisitionNumber": 9,
    "AcquisitionTime": "",
    "BodyPartExamined": "BRAIN",
    "CoilString": "MULTI COIL",
    "ConversionSoftware": "dcm2niix",
    "ConversionSoftwareVersion": "v1.0.20210317",
    "DeviceSerialNumber": "45128",
    "EchoTime": 0.030001,
    "EchoTrainLength": 47,
    "EstimatedEffectiveEchoSpacing": 0.000389556,
    "EstimatedTotalReadoutTime": 0.0370078,
    "FlipAngle": 52,
    "ImageOrientationPatientDICOM": [
      0.997836,
      1.0887e-10,
      0.065745,
      0.00263511,
      0.999196,
      -0.039994
    ],
    "ImageType": [
      "ORIGINAL",
      "PRIMARY",
      "M",
      "FFE",
      "M",
      "FFE"
    ],
    "ImagingFrequency": 127.764,
    "InPlanePhaseEncodingDirectionDICOM": "COL",
    "InstitutionAddress": "",
    "InstitutionName": "",
    "InstitutionalDepartmentName": "",
    "MRAcquisitionType": "2D",
    "MagneticFieldStrength": 3,
    "Manufacturer": "Philips",
    "ManufacturersModelName": "Ingenia Elition X",
    "Modality": "MR",
    "ParallelReductionFactorInPlane": 2,
    "ParallelReductionOutOfPlane": 6,
    "PatientPosition": "HFS",
    "PercentPhaseFOV": 100,
    "PercentSampling": 100,
    "PhaseEncodingAxis": "j",
    "PhaseEncodingSteps": 94,
    "PhilipsRWVIntercept": 0,
    "PhilipsRWVSlope": 0.954823,
    "PhilipsRescaleIntercept": 0,
    "PhilipsRescaleSlope": 0.954823,
    "PhilipsScaleSlope": 0.0166774,
    "PixelBandwidth": 1820,
    "ProcedureStepDescription": "COLA",
    "ProtocolName": "COLA_R6",
    "ReconMatrixPE": 96,
    "RepetitionTime": 0.8,
    "SAR": 0.081862,
    "ScanOptions": "FS",
    "ScanningSequence": "GR",
    "SequenceVariant": "SK",
    "SeriesDescription": "COLA_R6",
    "SeriesNumber": 901,
    "SliceThickness": 2.4,
    "SoftwareVersions": "5.6.1\\5.6.1.3",
    "SpacingBetweenSlices": 2.4,
    "StationName": "",
    "TaskName": "WC",
    "UsePhilipsFloatNotDisplayScaling": 1,
    "WaterFatShift": 16.4181,
    "dataset": "ds004073",
    "modality": "bold",
    "subject_id": "BAN17",
    "task_id": "WC"
  },
  "dummy_trs": 0,
  "dvars_nstd": 79.30419414139374,
  "dvars_std": 1.1600985262892,
  "dvars_vstd": 1.018884779982577,
  "efc": 0.4453482961160032,
  "fber": 751276.5625,
  "fd_mean": 0.16473317022409673,
  "fd_num": 151,
  "fd_perc": 26.26086956521739,
  "fwhm_avg": 2.092572332184672,
  "fwhm_x": 2.2115771168391056,
  "fwhm_y": 2.1565732889276017,
  "fwhm_z": 1.9095665907873078,
  "gcor": 0.00501138,
  "gsr_x": -0.014922146685421467,
  "gsr_y": 0.03635258972644806,
  "provenance": {
    "md5sum": "823abae0d6ccb63fa561a8ac70f24617",
    "settings": {
      "fd_thres": 0.2,
      "testing": false
    },
    "software": "mriqc",
    "version": "23.0.0",
    "webapi_port": null,
    "webapi_url": "https://mriqc.nimh.nih.gov/api/v1"
  },
  "size_t": 575,
  "size_x": 96,
  "size_y": 96,
  "size_z": 60,
  "snr": 5.256519187197711,
  "spacing_tr": 0.8000001907348633,
  "spacing_x": 2.3958332538604736,
  "spacing_y": 2.3958332538604736,
  "spacing_z": 2.4000000953674316,
  "summary_bg_k": 23.24911321215032,
  "summary_bg_mad": 138.63127027230342,
  "summary_bg_mean": 3236.37841796875,
  "summary_bg_median": 94.22742462158203,
  "summary_bg_n": 401072.0,
  "summary_bg_p05": 0.4964705944061282,
  "summary_bg_p95": 16161.373583984365,
  "summary_bg_stdv": 7050.46240234375,
  "summary_fg_k": 0.9615869634557406,
  "summary_fg_mad": 13832.49916479487,
  "summary_fg_mean": 77783.53125,
  "summary_fg_median": 77685.21875,
  "summary_fg_n": 81452.0,
  "summary_fg_p05": 54728.105859375,
  "summary_fg_p95": 102178.82382812498,
  "summary_fg_stdv": 14778.7421875,
  "tsnr": 20.97528839111328
}