{
  "aor": 0.0007549825783972125,
  "aqi": 0.007476003536585366,
  "bids_meta": {
    "AcquisitionMatrixPE": 90,
    "AcquisitionNumber": 1,
    "AcquisitionTime": "",
    "BandwidthPerPixelPhaseEncode": 21.786,
    "BaseResolution": 90,
    "BodyPartExamined": "BRAIN",
    "ConsistencyInfo": "N4_VE11C_LATEST_20160120",
    "ConversionSoftware": "dcm2niix",
    "ConversionSoftwareVersion": "v1.0.20210317",
    "DerivedVendorReportedEchoSpacing": 0.000510012,
    "DeviceSerialNumber": "66093",
    "DwellTime": 2e-06,
    "EchoTime": 0.03,
    "EchoTrainLength": 90,
    "EffectiveEchoSpacing": 0.000510012,
    "FlipAngle": 52,
    "ImageComments": "Unaliased MB6/PE3/LB",
    "ImageOrientationPatientDICOM": [
      0.999749,
      0.00408154,
      0.0220165,
      -3.78873e-08,
      0.983247,
      -0.182278
    ],
    "ImageType": [
      "ORIGINAL",
      "PRIMARY",
      "M",
      "MB",
      "ND",
      "MOSAIC"
    ],
    "ImagingFrequency": 123.26,
    "InPlanePhaseEncodingDirectionDICOM": "COL",
    "InstitutionAddress": "",
    "InstitutionName": "",
    "InstitutionalDepartmentName": "",
    "MRAcquisitionType": "2D",
    "MagneticFieldStrength": 3,
    "Manufacturer": "Siemens",
    "ManufacturersModelName": "Prisma",
    "Modality": "MR",
    "MultibandAccelerationFactor": 6,
    "PartialFourier": 1,
    "PatientPosition": "HFS",
    "PercentPhaseFOV": 100,
    "PercentSampling": 100,
    "PhaseEncodingDirection": "j-",
    "PhaseEncodingSteps": 90,
    "PhaseResolution": 1,
    "PixelBandwidth": 2780,
    "ProtocolName": "BOLD_2p4_MB6_P1_TE30_TR800_AP",
    "PulseSequenceDetails": "%CustomerSeq%\\cmrr_mbep2d_bold",
    "ReceiveCoilActiveElements": "HEA;HEP",
    "ReceiveCoilName": "Head_32",
    "ReconMatrixPE": 90,
    "RepetitionTime": 0.8,
    "SAR": 0.0862229,
    "ScanOptions": "FS",
    "ScanningSequence": "EP",
    "SequenceName": "epfid2d1_90",
    "SequenceVariant": "SK\\SS",
    "SeriesDescription": "BOLD_2p4_MB6_P1_TE30_TR800_AP",
    "SeriesNumber": 9,
    "ShimSetting": [
      4972,
      -11439,
      -1295,
      460,
      71,
      -221,
      -18,
      14
    ],
    "SliceThickness": 2.4,
    "SliceTiming": [
      0,
      0.5475,
      0.3125,
      0.0775,
      0.625,
      0.39,
      0.1575,
      0.7025,
      0.4675,
      0.235,
      0,
      0.5475,
      0.3125,
      0.0775,
      0.625,
      0.39,
      0.1575,
      0.7025,
      0.4675,
      0.235,
      0,
      0.5475,
      0.3125,
      0.0775,
      0.625,
      0.39,
      0.1575,
      0.7025,
      0.4675,
      0.235,
      0,
      0.5475,
      0.3125,
      0.0775,
      0.625,
      0.39,
      0.1575,
      0.7025,
      0.4675,
      0.235,
      0,
      0.5475,
      0.3125,
      0.0775,
      0.625,
      0.39,
      0.1575,
      0.7025,
      0.4675,
      0.235,
      0,
      0.5475,
      0.3125,
      0.0775,
      0.625,
      0.39,
      0.1575,
      0.7025,
      0.4675,
      0.235
    ],
    "SoftwareVersions": "syngo MR E11",
    "SpacingBetweenSlices": 2.4,
    "StationName": "",
    "TaskName": "SD",
    "TotalReadoutTime": 0.045391,
    "TxRefAmp": 272.146,
    "VendorReportedEchoSpacing": 0.00051,
    "WipMemBlock": "bd64e211-21e6-43da-a4e5-bbfa773eb071||Sequence: R016 ve11c/master r/e634e98; Dec 19 2017 11:00:25 by eja",
    "dataset": "ds004073",
    "modality": "bold",
    "subject_id": "OXF17",
    "task_id": "SD"
  },
  "dummy_trs": 1,
  "dvars_nstd": 33.499279185445026,
  "dvars_std": 1.0420540075218154,
  "dvars_vstd": 0.9902829359685855,
  "efc": 0.5289686632650487,
  "fber": 709.5636596679688,
  "fd_mean": 0.1906373392135887,
  "fd_num": 235,
  "fd_perc": 40.940766550522646,
  "fwhm_avg": 3.0582180382249877,
  "fwhm_x": 2.846504053556758,
  "fwhm_y": 3.1816540402390943,
  "fwhm_z": 3.146496020879111,
  "gcor": 0.0234408,
  "gsr_x": -0.01973055489361286,
  "gsr_y": 0.08674014359712601,
  "provenance": {
    "md5sum": "29f7ad6f9801a6ecbc1d06668aca82c3",
    "settings": {
      "fd_thres": 0.2,
      "testing": false
    },
    "software": "mriqc",
    "version": "23.0.0",
    "webapi_port": null,
    "webapi_url": "https://mriqc.nimh.nih.gov/api/v1"
  },
  "size_t": 574,
  "size_x": 90,
  "size_y": 90,
  "size_z": 60,
  "snr": 2.2469011623578603,
  "spacing_tr": 0.800000011920929,
  "spacing_x": 2.4000000953674316,
  "spacing_y": 2.4000000953674316,
  "spacing_z": 2.3999998569488525,
  "summary_bg_k": 19.702316635847723,
  "summary_bg_mad": 97.88790883052319,
  "summary_bg_mean": 328.1947937011719,
  "summary_bg_median": 139.10975646972656,
  "summary_bg_n": 308529.0,
  "summary_bg_p05": 64.53658294677734,
  "summary_bg_p95": 1305.3028320312492,
  "summary_bg_stdv": 494.0856018066406,
  "summary_fg_k": 1.7253628717535943,
  "summary_fg_mad": 1464.5178015034103,
  "summary_fg_mean": 4207.3134765625,
  "summary_fg_median": 3832.8056640625,
  "summary_fg_n": 97730.0,
  "summary_fg_p05": 2106.1548095703124,
  "summary_fg_p95": 7525.552392578126,
  "summary_fg_stdv": 1705.809814453125,
  "tsnr": 34.21735304687172
}