{
  "bids_meta": {
    "AcquisitionMatrixPE": 174,
    "AcquisitionNumber": 1,
    "AcquisitionTime": "",
    "BaseResolution": 192,
    "BodyPartExamined": "BRAIN",
    "ConsistencyInfo": "N4_VE11C_LATEST_20160120",
    "ConversionSoftware": "dcm2niix",
    "ConversionSoftwareVersion": "v1.0.20210317",
    "DeviceSerialNumber": "66093",
    "DwellTime": 1.3e-05,
    "EchoTime": 0.00397,
    "FlipAngle": 8,
    "ImageOrientationPatientDICOM": [
      0.999999,
      -0.000394489,
      -0.00145198,
      -4.79e-13,
      0.965017,
      -0.262185
    ],
    "ImageType": [
      "ORIGINAL",
      "PRIMARY",
      "M",
      "ND",
      "NORM"
    ],
    "ImagingFrequency": 123.26,
    "InPlanePhaseEncodingDirectionDICOM": "ROW",
    "InstitutionAddress": "",
    "InstitutionName": "",
    "InstitutionalDepartmentName": "",
    "InversionTime": 0.904,
    "MRAcquisitionType": "3D",
    "MagneticFieldStrength": 3,
    "Manufacturer": "Siemens",
    "ManufacturersModelName": "Prisma",
    "Modality": "MR",
    "PartialFourier": 1,
    "PatientPosition": "HFS",
    "PercentPhaseFOV": 90.625,
    "PercentSampling": 100,
    "PhaseEncodingSteps": 174,
    "PhaseResolution": 1,
    "PixelBandwidth": 200,
    "ProtocolName": "t1_mpr_ax_1mm_iso_32ch_v2",
    "PulseSequenceDetails": "%SiemensSeq%\\tfl",
    "ReceiveCoilActiveElements": "HEA;HEP",
    "ReceiveCoilName": "Head_32",
    "ReconMatrixPE": 174,
    "RepetitionTime": 1.9,
    "SAR": 0.0550276,
    "ScanOptions": "IR\\WE",
    "ScanningSequence": "GR\\IR",
    "SequenceName": "*tfl3d1_16",
    "SequenceVariant": "SK\\SP\\MP",
    "SeriesDescription": "t1_mpr_ax_1mm_iso_32ch_v2",
    "SeriesNumber": 13,
    "ShimSetting": [
      4965,
      -11425,
      -1412,
      532,
      127,
      -248,
      -15,
      21
    ],
    "SliceThickness": 1,
    "SoftwareVersions": "syngo MR E11",
    "StationName": "",
    "TxRefAmp": 236.192,
    "dataset": "ds004073",
    "modality": "T1w",
    "subject_id": "OXF18"
  },
  "cjv": 0.35673217217032843,
  "cnr": 3.7615406142237684,
  "efc": 0.5728053665260324,
  "fber": 26606.3263536072,
  "fwhm_avg": 4.58933,
  "fwhm_x": 4.42195,
  "fwhm_y": 4.89691,
  "fwhm_z": 4.44913,
  "icvs_csf": 0.23209453777566255,
  "icvs_gm": 0.41191002093326073,
  "icvs_wm": 0.35599544129107674,
  "inu_med": 0.34431692957878113,
  "inu_range": 0.11222781240940094,
  "provenance": {
    "md5sum": "88dec2790e8b8ba80e4d83ec85c57757",
    "settings": {
      "testing": false
    },
    "software": "mriqc",
    "version": "23.0.0",
    "warnings": {
      "large_rot_frame": true,
      "small_air_mask": false
    },
    "webapi_port": null,
    "webapi_url": "https://mriqc.nimh.nih.gov/api/v1"
  },
  "qi_1": 0.0,
  "qi_2": 0.023593220603287713,
  "rpve_csf": 12.824597219492327,
  "rpve_gm": 7.236945481642273,
  "rpve_wm": 10.101938096892098,
  "size_x": 174,
  "size_y": 192,
  "size_z": 192,
  "snr_csf": 2.408836776000639,
  "snr_gm": 13.534706815483574,
  "snr_total": 16.103974369427604,
  "snr_wm": 32.3683795167986,
  "snrd_csf": 50.950534111797765,
  "snrd_gm": 136.09627633829538,
  "snrd_total": 122.15040729430648,
  "snrd_wm": 179.40441143282627,
  "spacing_x": 1.0,
  "spacing_y": 1.0,
  "spacing_z": 1.0,
  "summary_bg_k": 10.927882108617489,
  "summary_bg_mad": 3.651950930963582,
  "summary_bg_mean": 3.351030829185871,
  "summary_bg_median": 2.4632034711539745,
  "summary_bg_n": 1723215.0,
  "summary_bg_p05": 0.0,
  "summary_bg_p95": 12.517919279634953,
  "summary_bg_stdv": 4.76719504047419,
  "summary_csf_k": 0.03313321961557314,
  "summary_csf_mad": 113.56968714816254,
  "summary_csf_mean": 297.59012929380316,
  "summary_csf_median": 284.01543630100787,
  "summary_csf_n": 45292.0,
  "summary_csf_p05": 124.11113161910326,
  "summary_csf_p95": 512.5280337315053,
  "summary_csf_stdv": 117.90433612248238,
  "summary_gm_k": 0.08403834669544663,
  "summary_gm_mad": 55.46774651701244,
  "summary_gm_mean": 757.2360105201335,
  "summary_gm_median": 758.6464789230376,
  "summary_gm_n": 32261.0,
  "summary_gm_p05": 663.9948570150882,
  "summary_gm_p95": 847.2006627302617,
  "summary_gm_stdv": 56.051064217630476,
  "summary_wm_k": 0.20353070986008825,
  "summary_wm_mad": 30.652440600874655,
  "summary_wm_mean": 1000.7870388272619,
  "summary_wm_median": 1000.0606092885137,
  "summary_wm_n": 199296.0,
  "summary_wm_p05": 951.4022456370294,
  "summary_wm_p95": 1051.6869312208146,
  "summary_wm_stdv": 30.89614355835177,
  "tpm_overlap_csf": 0.15121341096795057,
  "tpm_overlap_gm": 0.4501171549842831,
  "tpm_overlap_wm": 0.49282439726145205,
  "wm2max": 0.9182114785703692
}