{
  "bids_meta": {
    "AcquisitionMatrixPE": 250,
    "AcquisitionNumber": 4,
    "AcquisitionTime": "",
    "BodyPartExamined": "BRAIN",
    "CoilString": "MULTI COIL",
    "ConversionSoftware": "dcm2niix",
    "ConversionSoftwareVersion": "v1.0.20210317",
    "DeviceSerialNumber": "45128",
    "EchoTime": 0.003475,
    "EchoTrainLength": 560,
    "EstimatedEffectiveEchoSpacing": 4.9719e-06,
    "EstimatedTotalReadoutTime": 0.00126784,
    "FlipAngle": 8,
    "ImageOrientationPatientDICOM": [
      0.999849,
      -4.72661e-12,
      0.017387,
      0.000696882,
      0.999196,
      -0.0400747
    ],
    "ImageType": [
      "ORIGINAL",
      "PRIMARY",
      "M",
      "FFE",
      "M",
      "FFE"
    ],
    "ImagingFrequency": 127.764,
    "InPlanePhaseEncodingDirectionDICOM": "COL",
    "InstitutionAddress": "",
    "InstitutionName": "",
    "InstitutionalDepartmentName": "",
    "MRAcquisitionType": "3D",
    "MagneticFieldStrength": 3,
    "Manufacturer": "Philips",
    "ManufacturersModelName": "Ingenia Elition X",
    "Modality": "MR",
    "ParallelReductionFactorInPlane": 1.73205,
    "ParallelReductionOutOfPlane": 1.73205,
    "PatientPosition": "HFS",
    "PercentPhaseFOV": 100,
    "PercentSampling": 77.9165,
    "PhaseEncodingAxis": "j",
    "PhaseEncodingSteps": 250,
    "PhilipsRWVIntercept": 0,
    "PhilipsRWVSlope": 1,
    "PhilipsRescaleIntercept": 0,
    "PhilipsRescaleSlope": 1,
    "PhilipsScaleSlope": 0.00044919,
    "PixelBandwidth": 787,
    "ProcedureStepDescription": "COLA",
    "ProtocolName": "sT1W_1MM_COMBO",
    "ReconMatrixPE": 256,
    "RepetitionTime": 0.0122991,
    "SAR": 0.0170603,
    "ScanOptions": "FC",
    "ScanningSequence": "GR",
    "SequenceVariant": "MP",
    "SeriesDescription": "sT1W_1MM_COMBO",
    "SeriesNumber": 402,
    "SliceThickness": 2,
    "SoftwareVersions": "5.6.1\\5.6.1.3",
    "SpacingBetweenSlices": 1,
    "StationName": "",
    "UsePhilipsFloatNotDisplayScaling": 1,
    "WaterFatShift": 0.55173,
    "dataset": "ds004073",
    "modality": "T1w",
    "subject_id": "BAN20"
  },
  "cjv": 0.22277048719084175,
  "cnr": 5.8023167958299835,
  "efc": 0.7386766462239661,
  "fber": 3129.3169971040325,
  "fwhm_avg": 5.77869248,
  "fwhm_x": 5.24893184,
  "fwhm_y": 5.9078656,
  "fwhm_z": 6.17928,
  "icvs_csf": 0.23668640728102022,
  "icvs_gm": 0.4313217566736444,
  "icvs_wm": 0.3319918360453354,
  "inu_med": 0.5394198298454285,
  "inu_range": 0.21827675104141236,
  "provenance": {
    "md5sum": "99a5224f50251de35fc891c7a5561228",
    "settings": {
      "testing": false
    },
    "software": "mriqc",
    "version": "23.0.0",
    "warnings": {
      "large_rot_frame": true,
      "small_air_mask": true
    },
    "webapi_port": null,
    "webapi_url": "https://mriqc.nimh.nih.gov/api/v1"
  },
  "qi_1": 0.00010047881229942686,
  "qi_2": 9.425397992949242e-07,
  "rpve_csf": 21.311963973211444,
  "rpve_gm": 11.937148698654072,
  "rpve_wm": 18.217389084681006,
  "size_x": 256,
  "size_y": 256,
  "size_z": 170,
  "snr_csf": 1.7189886874404776,
  "snr_gm": 11.534756892221688,
  "snr_total": 15.512541489490912,
  "snr_wm": 33.28387888881057,
  "snrd_csf": 11.963563436886888,
  "snrd_gm": 45.4082347143431,
  "snrd_total": 43.03194128116562,
  "snrd_wm": 71.72402569226688,
  "spacing_x": 0.9765625,
  "spacing_y": 0.9765625,
  "spacing_z": 1.0,
  "summary_bg_k": 158.70655282346252,
  "summary_bg_mad": 0.0,
  "summary_bg_mean": 4.12958036711232,
  "summary_bg_median": 0.0,
  "summary_bg_n": 309357.0,
  "summary_bg_p05": 0.0,
  "summary_bg_p95": 22.69627002067864,
  "summary_bg_stdv": 9.13412764564983,
  "summary_csf_k": -0.09403607190965912,
  "summary_csf_mad": 105.44684955461975,
  "summary_csf_mean": 181.4617361071239,
  "summary_csf_median": 166.79994506388903,
  "summary_csf_n": 64788.0,
  "summary_csf_p05": 46.30979862250388,
  "summary_csf_p95": 353.42678715102375,
  "summary_csf_stdv": 97.03301656527043,
  "summary_gm_k": 0.2908344328354646,
  "summary_gm_mad": 56.07094381078986,
  "summary_gm_mean": 634.2182148475265,
  "summary_gm_median": 633.0965765975416,
  "summary_gm_n": 69178.0,
  "summary_gm_p05": 547.6504118461162,
  "summary_gm_p95": 724.9400319661945,
  "summary_gm_stdv": 54.885595478474436,
  "summary_wm_k": 0.9461265931504039,
  "summary_wm_mad": 25.66431259001327,
  "summary_wm_mean": 998.7420500035271,
  "summary_wm_median": 1000.0000090561807,
  "summary_wm_n": 201880.0,
  "summary_wm_p05": 946.0699083749205,
  "summary_wm_p95": 1046.7096383422613,
  "summary_wm_stdv": 30.044500993255,
  "tpm_overlap_csf": 0.1464066282243468,
  "tpm_overlap_gm": 0.505163342665293,
  "tpm_overlap_wm": 0.5293571737288926,
  "wm2max": 0.7918298239673025
}