{
  "bids_meta": {
    "AcquisitionMatrixPE": 174,
    "AcquisitionNumber": 1,
    "AcquisitionTime": "",
    "BaseResolution": 192,
    "BodyPartExamined": "BRAIN",
    "ConsistencyInfo": "N4_VE11C_LATEST_20160120",
    "ConversionSoftware": "dcm2niix",
    "ConversionSoftwareVersion": "v1.0.20210317",
    "DeviceSerialNumber": "66093",
    "DwellTime": 1.3e-05,
    "EchoTime": 0.00397,
    "FlipAngle": 8,
    "ImageOrientationPatientDICOM": [
      0.999882,
      0.00387361,
      0.0148694,
      -1.17246e-10,
      0.967702,
      -0.252095
    ],
    "ImageType": [
      "ORIGINAL",
      "PRIMARY",
      "M",
      "ND",
      "NORM"
    ],
    "ImagingFrequency": 123.26,
    "InPlanePhaseEncodingDirectionDICOM": "ROW",
    "InstitutionAddress": "",
    "InstitutionName": "",
    "InstitutionalDepartmentName": "",
    "InversionTime": 0.904,
    "MRAcquisitionType": "3D",
    "MagneticFieldStrength": 3,
    "Manufacturer": "Siemens",
    "ManufacturersModelName": "Prisma",
    "Modality": "MR",
    "PartialFourier": 1,
    "PatientPosition": "HFS",
    "PercentPhaseFOV": 90.625,
    "PercentSampling": 100,
    "PhaseEncodingSteps": 174,
    "PhaseResolution": 1,
    "PixelBandwidth": 200,
    "ProtocolName": "t1_mpr_ax_1mm_iso_32ch_v2",
    "PulseSequenceDetails": "%SiemensSeq%\\tfl",
    "ReceiveCoilActiveElements": "HEA;HEP",
    "ReceiveCoilName": "Head_32",
    "ReconMatrixPE": 174,
    "RepetitionTime": 1.9,
    "SAR": 0.0502577,
    "ScanOptions": "IR\\WE",
    "ScanningSequence": "GR\\IR",
    "SequenceName": "*tfl3d1_16",
    "SequenceVariant": "SK\\SP\\MP",
    "SeriesDescription": "t1_mpr_ax_1mm_iso_32ch_v2",
    "SeriesNumber": 13,
    "ShimSetting": [
      4950,
      -11411,
      -1338,
      474,
      29,
      -227,
      -44,
      11
    ],
    "SliceThickness": 1,
    "SoftwareVersions": "syngo MR E11",
    "StationName": "",
    "TxRefAmp": 255.166,
    "dataset": "ds004073",
    "modality": "T1w",
    "subject_id": "OXF07"
  },
  "cjv": 0.3502404609027318,
  "cnr": 3.847479762224863,
  "efc": 0.5810383770157225,
  "fber": 26490.305548541848,
  "fwhm_avg": 4.3727833333333335,
  "fwhm_x": 4.09773,
  "fwhm_y": 4.8113,
  "fwhm_z": 4.20932,
  "icvs_csf": 0.2098129434185363,
  "icvs_gm": 0.4333503937201685,
  "icvs_wm": 0.35683666286129523,
  "inu_med": 0.34999287128448486,
  "inu_range": 0.14463249742984768,
  "provenance": {
    "md5sum": "da4d72bdc4cdb599e8bed462fd9d664d",
    "settings": {
      "testing": false
    },
    "software": "mriqc",
    "version": "23.0.0",
    "warnings": {
      "large_rot_frame": true,
      "small_air_mask": false
    },
    "webapi_port": null,
    "webapi_url": "https://mriqc.nimh.nih.gov/api/v1"
  },
  "qi_1": 0.0,
  "qi_2": 0.01312207116327873,
  "rpve_csf": 12.891192200920464,
  "rpve_gm": 6.58685279637528,
  "rpve_wm": 9.485103321469694,
  "size_x": 174,
  "size_y": 192,
  "size_z": 192,
  "snr_csf": 2.4229224617103675,
  "snr_gm": 14.633017057218684,
  "snr_total": 16.857206235080284,
  "snr_wm": 33.5156791863118,
  "snrd_csf": 50.42198227725897,
  "snrd_gm": 118.27150603457335,
  "snrd_total": 107.64422501250569,
  "snrd_wm": 154.23918672568476,
  "spacing_x": 1.0,
  "spacing_y": 1.0,
  "spacing_z": 1.0,
  "summary_bg_k": 25.771461477022513,
  "summary_bg_mad": 4.247622209323285,
  "summary_bg_mean": 4.327532448808636,
  "summary_bg_median": 2.864977642893791,
  "summary_bg_n": 1986584.0,
  "summary_bg_p05": 0.0,
  "summary_bg_p95": 15.614128153771162,
  "summary_bg_stdv": 6.112509262423097,
  "summary_csf_k": 0.19116891934618163,
  "summary_csf_mad": 118.11423757782535,
  "summary_csf_mean": 332.24293072364816,
  "summary_csf_median": 326.91441318020225,
  "summary_csf_n": 31254.0,
  "summary_csf_p05": 87.29279916007071,
  "summary_csf_p95": 556.3786582499743,
  "summary_csf_stdv": 134.92350182201977,
  "summary_gm_k": -0.0009652079098159128,
  "summary_gm_mad": 52.67051539560873,
  "summary_gm_mean": 764.6454202258516,
  "summary_gm_median": 766.8214981835335,
  "summary_gm_n": 32826.0,
  "summary_gm_p05": 675.7049770765007,
  "summary_gm_p95": 847.1278447201476,
  "summary_gm_stdv": 52.40271469667994,
  "summary_wm_k": 0.45877682912548723,
  "summary_wm_mad": 29.005191657950434,
  "summary_wm_mean": 1000.357084807639,
  "summary_wm_median": 1000.0204462520778,
  "summary_wm_n": 206724.0,
  "summary_wm_p05": 952.464886998944,
  "summary_wm_p95": 1049.6254877261817,
  "summary_wm_stdv": 29.837319481333086,
  "tpm_overlap_csf": 0.16235346722643346,
  "tpm_overlap_gm": 0.46641708575426893,
  "tpm_overlap_wm": 0.5022389620211506,
  "wm2max": 0.9135726303982052
}