{
  "bids_meta": {
    "AcquisitionMatrixPE": 250,
    "AcquisitionNumber": 6,
    "AcquisitionTime": "",
    "BodyPartExamined": "BRAIN",
    "CoilString": "MULTI COIL",
    "ConversionSoftware": "dcm2niix",
    "ConversionSoftwareVersion": "v1.0.20210317",
    "DeviceSerialNumber": "45128",
    "EchoTime": 0.003475,
    "EchoTrainLength": 560,
    "EstimatedEffectiveEchoSpacing": 4.97191e-06,
    "EstimatedTotalReadoutTime": 0.00126784,
    "FlipAngle": 8,
    "ImageOrientationPatientDICOM": [
      0.999849,
      -4.72661e-12,
      0.017387,
      0.000696882,
      0.999196,
      -0.0400747
    ],
    "ImageType": [
      "ORIGINAL",
      "PRIMARY",
      "M",
      "FFE",
      "M",
      "FFE"
    ],
    "ImagingFrequency": 127.764,
    "InPlanePhaseEncodingDirectionDICOM": "COL",
    "InstitutionAddress": "",
    "InstitutionName": "",
    "InstitutionalDepartmentName": "",
    "MRAcquisitionType": "3D",
    "MagneticFieldStrength": 3,
    "Manufacturer": "Philips",
    "ManufacturersModelName": "Ingenia Elition X",
    "Modality": "MR",
    "ParallelReductionFactorInPlane": 1.73205,
    "ParallelReductionOutOfPlane": 1.73205,
    "PatientPosition": "HFS",
    "PercentPhaseFOV": 100,
    "PercentSampling": 77.9165,
    "PhaseEncodingAxis": "j",
    "PhaseEncodingSteps": 250,
    "PhilipsRWVIntercept": 0,
    "PhilipsRWVSlope": 1,
    "PhilipsRescaleIntercept": 0,
    "PhilipsRescaleSlope": 1,
    "PhilipsScaleSlope": 0.000527398,
    "PixelBandwidth": 787,
    "ProcedureStepDescription": "R7E65T_XW",
    "ProtocolName": "sT1W_1MM_COMBO",
    "ReconMatrixPE": 256,
    "RepetitionTime": 0.0122991,
    "SAR": 0.0170603,
    "ScanOptions": "FC",
    "ScanningSequence": "GR",
    "SequenceVariant": "MP",
    "SeriesDescription": "sT1W_1MM_COMBO",
    "SeriesNumber": 602,
    "SliceThickness": 2,
    "SoftwareVersions": "5.6.1\\5.6.1.2",
    "SpacingBetweenSlices": 1,
    "StationName": "",
    "UsePhilipsFloatNotDisplayScaling": 1,
    "WaterFatShift": 0.551729,
    "dataset": "ds004073",
    "modality": "T1w",
    "subject_id": "BAN06"
  },
  "cjv": 0.22620569716135738,
  "cnr": 5.779161252869791,
  "efc": 0.743009221193061,
  "fber": 11004.686784599377,
  "fwhm_avg": 5.64759232,
  "fwhm_x": 5.24491776,
  "fwhm_y": 5.7390592,
  "fwhm_z": 5.9588,
  "icvs_csf": 0.2509040325133492,
  "icvs_gm": 0.4397139232778673,
  "icvs_wm": 0.3093820442087835,
  "inu_med": 0.5652669072151184,
  "inu_range": 0.1994123294949532,
  "provenance": {
    "md5sum": "c9030a08f67d64027014ded029883f2c",
    "settings": {
      "testing": false
    },
    "software": "mriqc",
    "version": "23.0.0",
    "warnings": {
      "large_rot_frame": true,
      "small_air_mask": false
    },
    "webapi_port": null,
    "webapi_url": "https://mriqc.nimh.nih.gov/api/v1"
  },
  "qi_1": 0.0013169710725978094,
  "qi_2": 1.4732247705481688e-06,
  "rpve_csf": 20.1845861780752,
  "rpve_gm": 11.698151983601656,
  "rpve_wm": 19.446072451795477,
  "size_x": 256,
  "size_y": 256,
  "size_z": 170,
  "snr_csf": 1.3085816209970447,
  "snr_gm": 10.91227279043274,
  "snr_total": 14.859350506954284,
  "snr_wm": 32.357197109433066,
  "snrd_csf": 9.094903283915789,
  "snrd_gm": 45.08045104338995,
  "snrd_total": 42.22622453378199,
  "snrd_wm": 72.50331927404024,
  "spacing_x": 0.9765625,
  "spacing_y": 0.9765625,
  "spacing_z": 1.0,
  "summary_bg_k": 587.7681938262137,
  "summary_bg_mad": 0.0,
  "summary_bg_mean": 4.496941045982305,
  "summary_bg_median": 0.0,
  "summary_bg_n": 378436.0,
  "summary_bg_p05": 0.0,
  "summary_bg_p95": 19.72715419717133,
  "summary_bg_stdv": 9.036145922052633,
  "summary_csf_k": 0.2399756216879836,
  "summary_csf_mad": 94.74142604422178,
  "summary_csf_mean": 148.9496861524653,
  "summary_csf_median": 125.44391247443855,
  "summary_csf_n": 52707.0,
  "summary_csf_p05": 37.035512429662056,
  "summary_csf_p95": 336.3447309024631,
  "summary_csf_stdv": 95.86159582566523,
  "summary_gm_k": -0.026303126206836946,
  "summary_gm_mad": 59.040827683945736,
  "summary_gm_mean": 623.2836617221976,
  "summary_gm_median": 621.784309130162,
  "summary_gm_n": 57221.0,
  "summary_gm_p05": 533.1745232082903,
  "summary_gm_p95": 716.565597737208,
  "summary_gm_stdv": 56.97977752799005,
  "summary_wm_k": 1.1232797810803277,
  "summary_wm_mad": 26.51860993308275,
  "summary_wm_mean": 998.3745049477961,
  "summary_wm_median": 1000.0216333474964,
  "summary_wm_n": 181376.0,
  "summary_wm_p05": 943.0272646900266,
  "summary_wm_p95": 1045.8260931889527,
  "summary_wm_stdv": 30.905608826304068,
  "tpm_overlap_csf": 0.15398207328984126,
  "tpm_overlap_gm": 0.48915461960452666,
  "tpm_overlap_wm": 0.5235855225158722,
  "wm2max": 0.8488305503196796
}