{
  "bids_meta": {
    "AcquisitionMatrixPE": 250,
    "AcquisitionNumber": 6,
    "AcquisitionTime": "",
    "BodyPartExamined": "BRAIN",
    "CoilString": "MULTI COIL",
    "ConversionSoftware": "dcm2niix",
    "ConversionSoftwareVersion": "v1.0.20210317",
    "DeviceSerialNumber": "45128",
    "EchoTime": 0.003475,
    "EchoTrainLength": 560,
    "EstimatedEffectiveEchoSpacing": 4.97191e-06,
    "EstimatedTotalReadoutTime": 0.00126784,
    "FlipAngle": 8,
    "ImageOrientationPatientDICOM": [
      0.999849,
      -4.72661e-12,
      0.017387,
      0.000696882,
      0.999196,
      -0.0400747
    ],
    "ImageType": [
      "ORIGINAL",
      "PRIMARY",
      "M",
      "FFE",
      "M",
      "FFE"
    ],
    "ImagingFrequency": 127.764,
    "InPlanePhaseEncodingDirectionDICOM": "COL",
    "InstitutionAddress": "",
    "InstitutionName": "",
    "InstitutionalDepartmentName": "",
    "MRAcquisitionType": "3D",
    "MagneticFieldStrength": 3,
    "Manufacturer": "Philips",
    "ManufacturersModelName": "Ingenia Elition X",
    "Modality": "MR",
    "ParallelReductionFactorInPlane": 1.73205,
    "ParallelReductionOutOfPlane": 1.73205,
    "PatientPosition": "HFS",
    "PercentPhaseFOV": 100,
    "PercentSampling": 77.9165,
    "PhaseEncodingAxis": "j",
    "PhaseEncodingSteps": 250,
    "PhilipsRWVIntercept": 0,
    "PhilipsRWVSlope": 1,
    "PhilipsRescaleIntercept": 0,
    "PhilipsRescaleSlope": 1,
    "PhilipsScaleSlope": 0.000739444,
    "PixelBandwidth": 787,
    "ProcedureStepDescription": "COLA",
    "ProtocolName": "sT1W_1MM_COMBO",
    "ReconMatrixPE": 256,
    "RepetitionTime": 0.0122991,
    "SAR": 0.0170603,
    "ScanOptions": "FC",
    "ScanningSequence": "GR",
    "SequenceVariant": "MP",
    "SeriesDescription": "sT1W_1MM_COMBO",
    "SeriesNumber": 602,
    "SliceThickness": 2,
    "SoftwareVersions": "5.6.1\\5.6.1.3",
    "SpacingBetweenSlices": 1,
    "StationName": "",
    "UsePhilipsFloatNotDisplayScaling": 1,
    "WaterFatShift": 0.551729,
    "dataset": "ds004073",
    "modality": "T1w",
    "subject_id": "BAN11"
  },
  "cjv": 0.2415726089223972,
  "cnr": 5.435904081318248,
  "efc": 0.7089211438020943,
  "fber": 16141.845253124608,
  "fwhm_avg": 5.926868853333333,
  "fwhm_x": 5.47456,
  "fwhm_y": 6.18950656,
  "fwhm_z": 6.11654,
  "icvs_csf": 0.2788102010960545,
  "icvs_gm": 0.39695210151515714,
  "icvs_wm": 0.3242376973887884,
  "inu_med": 0.542262613773346,
  "inu_range": 0.15025992691516865,
  "provenance": {
    "md5sum": "b9a1c790d56cd901dc460e82960730d5",
    "settings": {
      "testing": false
    },
    "software": "mriqc",
    "version": "23.0.0",
    "warnings": {
      "large_rot_frame": true,
      "small_air_mask": false
    },
    "webapi_port": null,
    "webapi_url": "https://mriqc.nimh.nih.gov/api/v1"
  },
  "qi_1": 0.0,
  "qi_2": 1.0708611281295336e-06,
  "rpve_csf": 18.823333867213723,
  "rpve_gm": 12.095297515810286,
  "rpve_wm": 17.905603157949276,
  "size_x": 256,
  "size_y": 256,
  "size_z": 170,
  "snr_csf": 0.9166097565311159,
  "snr_gm": 11.072057397013673,
  "snr_total": 15.08808899304627,
  "snr_wm": 33.27559982559402,
  "snrd_csf": 6.8941339283695875,
  "snrd_gm": 60.1148002738395,
  "snrd_total": 53.516224990856564,
  "snrd_wm": 93.53974077036062,
  "spacing_x": 0.9765625,
  "spacing_y": 0.9765625,
  "spacing_z": 1.0,
  "summary_bg_k": 12.296863106437144,
  "summary_bg_mad": 0.0,
  "summary_bg_mean": 3.4138448619225557,
  "summary_bg_median": 0.0,
  "summary_bg_n": 364387.0,
  "summary_bg_p05": 0.0,
  "summary_bg_p95": 17.023355966433883,
  "summary_bg_stdv": 7.003829609092807,
  "summary_csf_k": 1.3843287397009156,
  "summary_csf_mad": 60.61963978661019,
  "summary_csf_mean": 100.74408567011481,
  "summary_csf_median": 73.70272715203464,
  "summary_csf_n": 106476.0,
  "summary_csf_p05": 20.71728739887476,
  "summary_csf_p95": 278.4325247965753,
  "summary_csf_stdv": 80.40758951765801,
  "summary_gm_k": -0.07509741654087554,
  "summary_gm_mad": 59.63442575566147,
  "summary_gm_mean": 640.8380123071021,
  "summary_gm_median": 642.665890801698,
  "summary_gm_n": 52623.0,
  "summary_gm_p05": 543.5356250591576,
  "summary_gm_p95": 731.8674942813814,
  "summary_gm_stdv": 58.043393509207384,
  "summary_wm_k": 0.8706009948828073,
  "summary_wm_mad": 26.68770948540535,
  "summary_wm_mean": 998.0469601682605,
  "summary_wm_median": 1000.0000092107803,
  "summary_wm_n": 195054.0,
  "summary_wm_p05": 945.0141785469838,
  "summary_wm_p95": 1043.9362941849977,
  "summary_wm_stdv": 30.05197354986878,
  "tpm_overlap_csf": 0.14942310191856417,
  "tpm_overlap_gm": 0.4648460607867017,
  "tpm_overlap_wm": 0.5092737841124806,
  "wm2max": 0.9302896416298478
}