{
  "aor": 0.0008345026178010471,
  "aqi": 0.006451850471204188,
  "bids_meta": {
    "AcquisitionMatrixPE": 90,
    "AcquisitionNumber": 1,
    "AcquisitionTime": "",
    "BandwidthPerPixelPhaseEncode": 21.786,
    "BaseResolution": 90,
    "BodyPartExamined": "BRAIN",
    "ConsistencyInfo": "N4_VE11C_LATEST_20160120",
    "ConversionSoftware": "dcm2niix",
    "ConversionSoftwareVersion": "v1.0.20210317",
    "DerivedVendorReportedEchoSpacing": 0.000510012,
    "DeviceSerialNumber": "66093",
    "DwellTime": 2e-06,
    "EchoTime": 0.03,
    "EchoTrainLength": 90,
    "EffectiveEchoSpacing": 0.000510012,
    "FlipAngle": 52,
    "ImageComments": "Unaliased MB6/PE3/LB",
    "ImageOrientationPatientDICOM": [
      0.999986,
      0.000710124,
      0.00518404,
      -1.48591e-09,
      0.990748,
      -0.135715
    ],
    "ImageType": [
      "ORIGINAL",
      "PRIMARY",
      "M",
      "MB",
      "ND",
      "MOSAIC"
    ],
    "ImagingFrequency": 123.26,
    "InPlanePhaseEncodingDirectionDICOM": "COL",
    "InstitutionAddress": "",
    "InstitutionName": "",
    "InstitutionalDepartmentName": "",
    "MRAcquisitionType": "2D",
    "MagneticFieldStrength": 3,
    "Manufacturer": "Siemens",
    "ManufacturersModelName": "Prisma",
    "Modality": "MR",
    "MultibandAccelerationFactor": 6,
    "PartialFourier": 1,
    "PatientPosition": "HFS",
    "PercentPhaseFOV": 100,
    "PercentSampling": 100,
    "PhaseEncodingDirection": "j-",
    "PhaseEncodingSteps": 90,
    "PhaseResolution": 1,
    "PixelBandwidth": 2780,
    "ProtocolName": "BOLD_2p4_MB6_P1_TE30_TR800_AP",
    "PulseSequenceDetails": "%CustomerSeq%\\cmrr_mbep2d_bold",
    "ReceiveCoilActiveElements": "HEA;HEP",
    "ReceiveCoilName": "Head_32",
    "ReconMatrixPE": 90,
    "RepetitionTime": 0.8,
    "SAR": 0.0757932,
    "ScanOptions": "FS",
    "ScanningSequence": "EP",
    "SequenceName": "epfid2d1_90",
    "SequenceVariant": "SK\\SS",
    "SeriesDescription": "BOLD_2p4_MB6_P1_TE30_TR800_AP",
    "SeriesNumber": 13,
    "ShimSetting": [
      4971,
      -11389,
      -1380,
      544,
      71,
      96,
      -106,
      56
    ],
    "SliceThickness": 2.4,
    "SliceTiming": [
      0,
      0.545,
      0.31,
      0.0775,
      0.6225,
      0.39,
      0.155,
      0.7,
      0.4675,
      0.2325,
      0,
      0.545,
      0.31,
      0.0775,
      0.6225,
      0.39,
      0.155,
      0.7,
      0.4675,
      0.2325,
      0,
      0.545,
      0.31,
      0.0775,
      0.6225,
      0.39,
      0.155,
      0.7,
      0.4675,
      0.2325,
      0,
      0.545,
      0.31,
      0.0775,
      0.6225,
      0.39,
      0.155,
      0.7,
      0.4675,
      0.2325,
      0,
      0.545,
      0.31,
      0.0775,
      0.6225,
      0.39,
      0.155,
      0.7,
      0.4675,
      0.2325,
      0,
      0.545,
      0.31,
      0.0775,
      0.6225,
      0.39,
      0.155,
      0.7,
      0.4675,
      0.2325
    ],
    "SoftwareVersions": "syngo MR E11",
    "SpacingBetweenSlices": 2.4,
    "StationName": "",
    "TaskName": "SC",
    "TotalReadoutTime": 0.045391,
    "TxRefAmp": 240.031,
    "VendorReportedEchoSpacing": 0.00051,
    "WipMemBlock": "e582ebec-bdf6-415b-aad2-aec4b5aa5e33||Sequence: R016 ve11c/master r/e634e98; Dec 19 2017 11:00:25 by eja",
    "dataset": "ds004073",
    "modality": "bold",
    "subject_id": "OXF03",
    "task_id": "SC"
  },
  "dummy_trs": 2,
  "dvars_nstd": 35.0859673107692,
  "dvars_std": 1.0553794294055951,
  "dvars_vstd": 1.0023735572202797,
  "efc": 0.5345827584125121,
  "fber": 650.8935546875,
  "fd_mean": 0.08400004763451754,
  "fd_num": 18,
  "fd_perc": 3.141361256544503,
  "fwhm_avg": 2.95193460492288,
  "fwhm_x": 2.639295728457144,
  "fwhm_y": 3.0365873793368587,
  "fwhm_z": 3.179920706974637,
  "gcor": 0.00917682,
  "gsr_x": -0.018800005316734314,
  "gsr_y": 0.11920851469039917,
  "provenance": {
    "md5sum": "2a6e229963b1d3af722f132c9a28335a",
    "settings": {
      "fd_thres": 0.2,
      "testing": false
    },
    "software": "mriqc",
    "version": "23.0.0",
    "webapi_port": null,
    "webapi_url": "https://mriqc.nimh.nih.gov/api/v1"
  },
  "size_t": 573,
  "size_x": 90,
  "size_y": 90,
  "size_z": 60,
  "snr": 2.4527446925596457,
  "spacing_tr": 0.800000011920929,
  "spacing_x": 2.4000000953674316,
  "spacing_y": 2.4000000953674316,
  "spacing_z": 2.4000000953674316,
  "summary_bg_k": 23.773428069617374,
  "summary_bg_mad": 82.73075797309983,
  "summary_bg_mean": 318.65264892578125,
  "summary_bg_median": 126.5235595703125,
  "summary_bg_n": 312633.0,
  "summary_bg_p05": 62.71727752685547,
  "summary_bg_p95": 1327.9274169921862,
  "summary_bg_stdv": 543.4793701171875,
  "summary_fg_k": 1.69152823612316,
  "summary_fg_mad": 1139.3901208793743,
  "summary_fg_mean": 3657.049560546875,
  "summary_fg_median": 3380.49658203125,
  "summary_fg_n": 89552.0,
  "summary_fg_p05": 1955.6682556152343,
  "summary_fg_p95": 6404.880688476562,
  "summary_fg_stdv": 1378.2427978515625,
  "tsnr": 38.05384646402672
}