{
  "aor": 0.0024002094240837698,
  "aqi": 0.007298600261780103,
  "bids_meta": {
    "AcquisitionMatrixPE": 90,
    "AcquisitionNumber": 1,
    "AcquisitionTime": "",
    "BandwidthPerPixelPhaseEncode": 21.786,
    "BaseResolution": 90,
    "BodyPartExamined": "BRAIN",
    "ConsistencyInfo": "N4_VE11C_LATEST_20160120",
    "ConversionSoftware": "dcm2niix",
    "ConversionSoftwareVersion": "v1.0.20210317",
    "DerivedVendorReportedEchoSpacing": 0.000510012,
    "DeviceSerialNumber": "66093",
    "DwellTime": 2e-06,
    "EchoTime": 0.03,
    "EchoTrainLength": 90,
    "EffectiveEchoSpacing": 0.000510012,
    "FlipAngle": 52,
    "ImageComments": "Unaliased MB6/PE3/LB",
    "ImageOrientationPatientDICOM": [
      0.999986,
      0.000710124,
      0.00518404,
      -1.48591e-09,
      0.990748,
      -0.135715
    ],
    "ImageType": [
      "ORIGINAL",
      "PRIMARY",
      "M",
      "MB",
      "ND",
      "MOSAIC"
    ],
    "ImagingFrequency": 123.26,
    "InPlanePhaseEncodingDirectionDICOM": "COL",
    "InstitutionAddress": "",
    "InstitutionName": "",
    "InstitutionalDepartmentName": "",
    "MRAcquisitionType": "2D",
    "MagneticFieldStrength": 3,
    "Manufacturer": "Siemens",
    "ManufacturersModelName": "Prisma",
    "Modality": "MR",
    "MultibandAccelerationFactor": 6,
    "PartialFourier": 1,
    "PatientPosition": "HFS",
    "PercentPhaseFOV": 100,
    "PercentSampling": 100,
    "PhaseEncodingDirection": "j-",
    "PhaseEncodingSteps": 90,
    "PhaseResolution": 1,
    "PixelBandwidth": 2780,
    "ProtocolName": "BOLD_2p4_MB6_P1_TE30_TR800_AP",
    "PulseSequenceDetails": "%CustomerSeq%\\cmrr_mbep2d_bold",
    "ReceiveCoilActiveElements": "HEA;HEP",
    "ReceiveCoilName": "Head_32",
    "ReconMatrixPE": 90,
    "RepetitionTime": 0.8,
    "SAR": 0.0757932,
    "ScanOptions": "FS",
    "ScanningSequence": "EP",
    "SequenceName": "epfid2d1_90",
    "SequenceVariant": "SK\\SS",
    "SeriesDescription": "BOLD_2p4_MB6_P1_TE30_TR800_AP",
    "SeriesNumber": 21,
    "ShimSetting": [
      4971,
      -11389,
      -1380,
      544,
      71,
      96,
      -106,
      56
    ],
    "SliceThickness": 2.4,
    "SliceTiming": [
      0,
      0.5475,
      0.3125,
      0.0775,
      0.625,
      0.39,
      0.1575,
      0.7025,
      0.4675,
      0.235,
      0,
      0.5475,
      0.3125,
      0.0775,
      0.625,
      0.39,
      0.1575,
      0.7025,
      0.4675,
      0.235,
      0,
      0.5475,
      0.3125,
      0.0775,
      0.625,
      0.39,
      0.1575,
      0.7025,
      0.4675,
      0.235,
      0,
      0.5475,
      0.3125,
      0.0775,
      0.625,
      0.39,
      0.1575,
      0.7025,
      0.4675,
      0.235,
      0,
      0.5475,
      0.3125,
      0.0775,
      0.625,
      0.39,
      0.1575,
      0.7025,
      0.4675,
      0.235,
      0,
      0.5475,
      0.3125,
      0.0775,
      0.625,
      0.39,
      0.1575,
      0.7025,
      0.4675,
      0.235
    ],
    "SoftwareVersions": "syngo MR E11",
    "SpacingBetweenSlices": 2.4,
    "StationName": "",
    "TaskName": "SD",
    "TotalReadoutTime": 0.045391,
    "TxRefAmp": 240.031,
    "VendorReportedEchoSpacing": 0.00051,
    "WipMemBlock": "047f0c04-7e43-4383-b9f8-3cd2d7509efa||Sequence: R016 ve11c/master r/e634e98; Dec 19 2017 11:00:25 by eja",
    "dataset": "ds004073",
    "modality": "bold",
    "subject_id": "OXF03",
    "task_id": "SD"
  },
  "dummy_trs": 2,
  "dvars_nstd": 34.90310873688811,
  "dvars_std": 1.0683913543706278,
  "dvars_vstd": 1.044047352255245,
  "efc": 0.5349399178661739,
  "fber": 661.5652465820312,
  "fd_mean": 0.08745150946409631,
  "fd_num": 15,
  "fd_perc": 2.6178010471204187,
  "fwhm_avg": 2.9331234945592546,
  "fwhm_x": 2.6206623958642323,
  "fwhm_y": 3.035937379362687,
  "fwhm_z": 3.1427707084508456,
  "gcor": 0.00658928,
  "gsr_x": -0.01948085054755211,
  "gsr_y": 0.12060406059026718,
  "provenance": {
    "md5sum": "351a64b46496538b68d3d86725d6dd4b",
    "settings": {
      "fd_thres": 0.2,
      "testing": false
    },
    "software": "mriqc",
    "version": "23.0.0",
    "webapi_port": null,
    "webapi_url": "https://mriqc.nimh.nih.gov/api/v1"
  },
  "size_t": 573,
  "size_x": 90,
  "size_y": 90,
  "size_z": 60,
  "snr": 2.443319385764704,
  "spacing_tr": 0.800000011920929,
  "spacing_x": 2.4000000953674316,
  "spacing_y": 2.4000000953674316,
  "spacing_z": 2.4000000953674316,
  "summary_bg_k": 23.918045407539015,
  "summary_bg_mad": 85.11895876502902,
  "summary_bg_mean": 319.353271484375,
  "summary_bg_median": 126.06282806396484,
  "summary_bg_n": 311829.0,
  "summary_bg_p05": 60.514835357666016,
  "summary_bg_p95": 1322.5222167968727,
  "summary_bg_stdv": 546.8059692382812,
  "summary_fg_k": 1.744019552417484,
  "summary_fg_mad": 1140.4573700593703,
  "summary_fg_mean": 3660.9072265625,
  "summary_fg_median": 3383.93896484375,
  "summary_fg_n": 89693.0,
  "summary_fg_p05": 1947.628662109375,
  "summary_fg_p95": 6409.055664062498,
  "summary_fg_stdv": 1384.9683837890625,
  "tsnr": 35.546892979415134
}